CONTENT: NONE
NUGET
  remote: https://api.nuget.org/v3/index.json
    Argu (5.2)
      FSharp.Core (>= 4.0.0.1) - restriction: >= net45
      FSharp.Core (>= 4.3.2) - restriction: && (< net45) (>= netstandard2.0)
      System.Configuration.ConfigurationManager (>= 4.4) - restriction: && (< net45) (>= netstandard2.0)
    AspNetMvc (4.0.20710)
      Microsoft.AspNet.Mvc (>= 4.0.20710 < 4.1)
    bootstrap (4.3.1)
      jQuery (>= 3.0 < 4.0)
      popper.js (>= 1.14 < 2.0)
    Chessie (0.6) - restriction: || (>= net45) (>= netstandard2.0)
      FSharp.Core  - restriction: < netstandard1.6
      FSharp.Core (>= 4.0.1.7-alpha) - restriction: >= netstandard1.6
      NETStandard.Library (>= 1.6) - restriction: >= netstandard1.6
    CsQuery (1.3.4)
    FluentMigrator (2.0.6)
      FluentMigrator.Abstractions (>= 2.0.6) - restriction: || (&& (>= net40) (< netstandard2.0)) (&& (< net40) (>= netstandard2.0)) (>= net45)
    FluentMigrator.Abstractions (2.0.6)
    FluentMigrator.Extensions.SqlAnywhere (2.0.6)
      FluentMigrator.Abstractions (>= 2.0.6) - restriction: || (&& (>= net40) (< netstandard2.0)) (&& (< net40) (>= netstandard2.0)) (>= net45)
    FluentMigrator.Extensions.SqlServer (2.0.6)
      FluentMigrator.Abstractions (>= 2.0.6) - restriction: || (&& (>= net40) (< netstandard2.0)) (&& (< net40) (>= netstandard2.0)) (>= net45)
    FluentMigrator.Runner (2.0.6)
      FluentMigrator (>= 2.0.6) - restriction: || (&& (>= net40) (< netstandard2.0)) (&& (< net40) (>= netstandard2.0)) (>= net45)
      FluentMigrator.Runner.Core (>= 2.0.6) - restriction: || (&& (>= net40) (< netstandard2.0)) (&& (< net40) (>= netstandard2.0)) (>= net45)
      FluentMigrator.Runner.Db2 (>= 2.0.6) - restriction: || (&& (>= net40) (< netstandard2.0)) (&& (< net40) (>= netstandard2.0)) (>= net45)
      FluentMigrator.Runner.Firebird (>= 2.0.6) - restriction: || (&& (>= net40) (< netstandard2.0)) (&& (< net40) (>= netstandard2.0)) (>= net45)
      FluentMigrator.Runner.Hana (>= 2.0.6) - restriction: || (&& (>= net40) (< netstandard2.0)) (&& (< net40) (>= netstandard2.0)) (>= net45)
      FluentMigrator.Runner.Jet (>= 2.0.6) - restriction: || (&& (>= net40) (< netstandard2.0)) (>= net45)
      FluentMigrator.Runner.MySql (>= 2.0.6) - restriction: || (&& (>= net40) (< netstandard2.0)) (&& (< net40) (>= netstandard2.0)) (>= net45)
      FluentMigrator.Runner.Oracle (>= 2.0.6) - restriction: || (&& (>= net40) (< netstandard2.0)) (&& (< net40) (>= netstandard2.0)) (>= net45)
      FluentMigrator.Runner.Postgres (>= 2.0.6) - restriction: || (&& (>= net40) (< netstandard2.0)) (&& (< net40) (>= netstandard2.0)) (>= net45)
      FluentMigrator.Runner.Redshift (>= 2.0.6) - restriction: || (&& (>= net40) (< netstandard2.0)) (&& (< net40) (>= netstandard2.0)) (>= net45)
      FluentMigrator.Runner.SqlAnywhere (>= 2.0.6) - restriction: || (&& (>= net40) (< netstandard2.0)) (&& (< net40) (>= netstandard2.0)) (>= net45)
      FluentMigrator.Runner.SQLite (>= 2.0.6) - restriction: || (&& (>= net40) (< netstandard2.0)) (&& (< net40) (>= netstandard2.0)) (>= net45)
      FluentMigrator.Runner.SqlServer (>= 2.0.6) - restriction: || (&& (>= net40) (< netstandard2.0)) (&& (< net40) (>= netstandard2.0)) (>= net45)
      FluentMigrator.Runner.SqlServerCe (>= 2.0.6) - restriction: || (&& (>= net40) (< netstandard2.0)) (&& (< net40) (>= netstandard2.0)) (>= net45)
    FluentMigrator.Runner.Core (2.0.6)
      FluentMigrator.Abstractions (>= 2.0.6) - restriction: || (&& (>= net40) (< netstandard2.0)) (&& (< net40) (>= netstandard2.0)) (>= net45)
    FluentMigrator.Runner.Db2 (2.0.6)
      FluentMigrator.Runner.Core (>= 2.0.6) - restriction: || (&& (>= net40) (< netstandard2.0)) (&& (< net40) (>= netstandard2.0)) (>= net45)
    FluentMigrator.Runner.Firebird (2.0.6)
      FluentMigrator.Runner.Core (>= 2.0.6) - restriction: || (&& (>= net40) (< netstandard2.0)) (&& (< net40) (>= netstandard2.0)) (>= net45)
    FluentMigrator.Runner.Hana (2.0.6)
      FluentMigrator.Runner.Core (>= 2.0.6) - restriction: || (&& (>= net40) (< netstandard2.0)) (&& (< net40) (>= netstandard2.0)) (>= net45)
    FluentMigrator.Runner.Jet (2.0.6)
      FluentMigrator.Runner.Core (>= 2.0.6) - restriction: >= net40
    FluentMigrator.Runner.MySql (2.0.6)
      FluentMigrator.Runner.Core (>= 2.0.6) - restriction: || (&& (>= net40) (< netstandard2.0)) (&& (< net40) (>= netstandard2.0)) (>= net45)
    FluentMigrator.Runner.Oracle (2.0.6)
      FluentMigrator.Runner.Core (>= 2.0.6) - restriction: || (&& (>= net40) (< netstandard2.0)) (&& (< net40) (>= netstandard2.0)) (>= net45)
    FluentMigrator.Runner.Postgres (2.0.6)
      FluentMigrator.Runner.Core (>= 2.0.6) - restriction: || (&& (>= net40) (< netstandard2.0)) (&& (< net40) (>= netstandard2.0)) (>= net45)
    FluentMigrator.Runner.Redshift (2.0.6)
      FluentMigrator.Runner.Core (>= 2.0.6) - restriction: || (&& (>= net40) (< netstandard2.0)) (&& (< net40) (>= netstandard2.0)) (>= net45)
    FluentMigrator.Runner.SqlAnywhere (2.0.6)
      FluentMigrator.Extensions.SqlAnywhere (>= 2.0.6) - restriction: || (&& (>= net40) (< netstandard2.0)) (&& (< net40) (>= netstandard2.0)) (>= net45)
      FluentMigrator.Runner.Core (>= 2.0.6) - restriction: || (&& (>= net40) (< netstandard2.0)) (&& (< net40) (>= netstandard2.0)) (>= net45)
    FluentMigrator.Runner.SQLite (2.0.6)
      FluentMigrator.Runner.Core (>= 2.0.6) - restriction: || (&& (>= net40) (< netstandard2.0)) (&& (< net40) (>= netstandard2.0)) (>= net45)
    FluentMigrator.Runner.SqlServer (2.0.6)
      FluentMigrator.Extensions.SqlServer (>= 2.0.6) - restriction: || (&& (>= net40) (< netstandard2.0)) (&& (< net40) (>= netstandard2.0)) (>= net45)
      FluentMigrator.Runner.Core (>= 2.0.6) - restriction: || (&& (>= net40) (< netstandard2.0)) (&& (< net40) (>= netstandard2.0)) (>= net45)
      System.Data.SqlClient (>= 4.4.3) - restriction: && (< net40) (>= netstandard2.0)
    FluentMigrator.Runner.SqlServerCe (2.0.6)
      FluentMigrator.Runner.SqlServer (>= 2.0.6) - restriction: || (&& (>= net40) (< netstandard2.0)) (&& (< net40) (>= netstandard2.0)) (>= net45)
      Microsoft.SqlServer.Compact (>= 4.0.8876.1) - restriction: || (&& (>= net40) (< netstandard2.0)) (>= net45)
      System.Security.Permissions (>= 4.4.1) - restriction: && (< net40) (>= netstandard2.0)
    FParsec (1.0.3)
      FSharp.Core (>= 4.0.0.1) - restriction: >= net40
      FSharp.Core (>= 4.2.3) - restriction: && (< net40) (>= netstandard1.6)
      NETStandard.Library (>= 1.6.1) - restriction: && (< net40) (>= netstandard1.6)
    FsCheck (2.13)
      FSharp.Core (>= 4.0.0.1) - restriction: && (< net452) (>= netstandard1.0) (< netstandard1.6)
      FSharp.Core (>= 4.2.3) - restriction: || (>= net452) (>= netstandard1.6)
    FsCheck.Xunit (2.13)
      FsCheck (2.13)
      xunit.extensibility.execution (>= 2.2 < 3.0)
    FSharp.Compiler.Service (27.0.1)
      FSharp.Core (>= 4.5.2) - restriction: || (>= net45) (>= netstandard2.0)
      System.Collections.Immutable (>= 1.5) - restriction: || (>= net45) (>= netstandard2.0)
      System.Diagnostics.Process (>= 4.1) - restriction: && (< net45) (>= netstandard2.0)
      System.Diagnostics.TraceSource (>= 4.0) - restriction: && (< net45) (>= netstandard2.0)
      System.Reflection.Emit (>= 4.3) - restriction: && (< net45) (>= netstandard2.0)
      System.Reflection.Metadata (>= 1.6) - restriction: || (>= net45) (>= netstandard2.0)
      System.Reflection.TypeExtensions (>= 4.3) - restriction: && (< net45) (>= netstandard2.0)
      System.Runtime.Loader (>= 4.0) - restriction: && (< net45) (>= netstandard2.0)
      System.Security.Cryptography.Algorithms (>= 4.3) - restriction: && (< net45) (>= netstandard2.0)
      System.ValueTuple (>= 4.4) - restriction: >= net45
    FSharp.Compiler.Tools (10.2.1) - restriction: >= net45
    FSharp.Control.Reactive (4.1)
      FSharp.Core (>= 4.2.3) - restriction: || (>= net46) (>= netstandard2.0)
      System.Reactive (>= 4.0) - restriction: || (>= net46) (>= netstandard2.0)
    FSharp.Core (4.6.2) - redirects: force
      System.Collections (>= 4.0.11) - restriction: && (< net45) (>= netstandard1.6) (< netstandard2.0)
      System.Console (>= 4.0) - restriction: && (< net45) (>= netstandard1.6) (< netstandard2.0)
      System.Diagnostics.Debug (>= 4.0.11) - restriction: && (< net45) (>= netstandard1.6) (< netstandard2.0)
      System.Diagnostics.Tools (>= 4.0.1) - restriction: && (< net45) (>= netstandard1.6) (< netstandard2.0)
      System.Globalization (>= 4.0.11) - restriction: && (< net45) (>= netstandard1.6) (< netstandard2.0)
      System.IO (>= 4.1) - restriction: && (< net45) (>= netstandard1.6) (< netstandard2.0)
      System.Linq (>= 4.1) - restriction: && (< net45) (>= netstandard1.6) (< netstandard2.0)
      System.Linq.Expressions (>= 4.1) - restriction: && (< net45) (>= netstandard1.6) (< netstandard2.0)
      System.Linq.Queryable (>= 4.0.1) - restriction: && (< net45) (>= netstandard1.6) (< netstandard2.0)
      System.Net.Requests (>= 4.0.11) - restriction: && (< net45) (>= netstandard1.6) (< netstandard2.0)
      System.Reflection (>= 4.1) - restriction: && (< net45) (>= netstandard1.6) (< netstandard2.0)
      System.Reflection.Extensions (>= 4.0.1) - restriction: && (< net45) (>= netstandard1.6) (< netstandard2.0)
      System.Resources.ResourceManager (>= 4.0.1) - restriction: && (< net45) (>= netstandard1.6) (< netstandard2.0)
      System.Runtime (>= 4.1) - restriction: && (< net45) (>= netstandard1.6) (< netstandard2.0)
      System.Runtime.Extensions (>= 4.1) - restriction: && (< net45) (>= netstandard1.6) (< netstandard2.0)
      System.Runtime.Numerics (>= 4.0.1) - restriction: && (< net45) (>= netstandard1.6) (< netstandard2.0)
      System.Text.RegularExpressions (>= 4.1) - restriction: && (< net45) (>= netstandard1.6) (< netstandard2.0)
      System.Threading (>= 4.0.11) - restriction: && (< net45) (>= netstandard1.6) (< netstandard2.0)
      System.Threading.Tasks (>= 4.0.11) - restriction: && (< net45) (>= netstandard1.6) (< netstandard2.0)
      System.Threading.Tasks.Parallel (>= 4.0.1) - restriction: && (< net45) (>= netstandard1.6) (< netstandard2.0)
      System.Threading.Thread (>= 4.0) - restriction: && (< net45) (>= netstandard1.6) (< netstandard2.0)
      System.Threading.ThreadPool (>= 4.0.10) - restriction: && (< net45) (>= netstandard1.6) (< netstandard2.0)
      System.Threading.Timer (>= 4.0.1) - restriction: && (< net45) (>= netstandard1.6) (< netstandard2.0)
    HashLib (2.0.1)
    jQuery (3.3.1)
    Knockout (0.0.1)
      AspNetMvc (>= 4.0)
    Knockout.Mapping (2.4)
      knockoutjs (>= 2.0)
    knockoutjs (3.5)
    log4net (2.0.5)
    Machine.Specifications (0.9.3)
    Machine.Specifications.Runner.Console (0.9.3)
    Machine.Specifications.Should (0.8)
      Machine.Specifications (>= 0.9 < 1.0)
    Microsoft.AspNet.Mvc (4.0.40804)
      Microsoft.AspNet.Razor (>= 2.0.20710)
      Microsoft.AspNet.WebPages (>= 2.0.20710)
    Microsoft.AspNet.Razor (2.0.30506)
    Microsoft.AspNet.WebPages (2.0.30506)
      Microsoft.AspNet.Razor (>= 2.0.20710)
      Microsoft.Web.Infrastructure (>= 1.0)
    Microsoft.CompilerServices.AsyncTargetingPack (1.0.1) - restriction: < net45
    Microsoft.CSharp (4.5) - redirects: force, restriction: || (&& (< net20) (>= netstandard1.0) (< netstandard1.3)) (&& (< net20) (>= netstandard1.3) (< netstandard2.0)) (&& (< net35) (>= netstandard1.3) (< uap10.0))
      NETStandard.Library (>= 1.6.1) - restriction: || (>= dnxcore50) (&& (< monoandroid) (< monotouch) (< net45) (>= netstandard1.3) (< netstandard2.0) (< win8) (< wpa81) (< xamarinmac) (< xamarintvos) (< xamarinwatchos)) (&& (< monoandroid) (< net45) (>= netstandard1.0) (< netstandard1.3) (< win8) (< wp8) (< wpa81))
      System.Dynamic.Runtime (>= 4.3) - restriction: || (>= dnxcore50) (&& (< monoandroid) (< monotouch) (< net45) (>= netstandard1.3) (< netstandard2.0) (< win8) (< wpa81) (< xamarinmac) (< xamarintvos) (< xamarinwatchos)) (&& (< monoandroid) (< net45) (>= netstandard1.0) (< netstandard1.3) (< win8) (< wp8) (< wpa81))
      System.Reflection.TypeExtensions (>= 4.4) - restriction: || (>= dnxcore50) (&& (< monoandroid) (< monotouch) (< net45) (>= netstandard1.3) (< netstandard2.0) (< win8) (< wpa81) (< xamarinmac) (< xamarintvos) (< xamarinwatchos))
    Microsoft.DotNet.PlatformAbstractions (2.1)
      System.AppContext (>= 4.1) - restriction: && (< net45) (>= netstandard1.3)
      System.Collections (>= 4.0.11) - restriction: && (< net45) (>= netstandard1.3)
      System.IO (>= 4.1) - restriction: && (< net45) (>= netstandard1.3)
      System.IO.FileSystem (>= 4.0.1) - restriction: && (< net45) (>= netstandard1.3)
      System.Reflection.TypeExtensions (>= 4.1) - restriction: && (< net45) (>= netstandard1.3)
      System.Runtime.Extensions (>= 4.1) - restriction: && (< net45) (>= netstandard1.3)
      System.Runtime.InteropServices (>= 4.1) - restriction: && (< net45) (>= netstandard1.3)
      System.Runtime.InteropServices.RuntimeInformation (>= 4.0) - restriction: || (>= net45) (>= netstandard1.3)
    Microsoft.Extensions.PlatformAbstractions (1.1) - restriction: && (< monoandroid4.4) (< net35) (>= netstandard1.3) (< netstandard1.5)
      NETStandard.Library (>= 1.6.1) - restriction: || (>= net451) (>= netstandard1.3)
      System.Reflection.TypeExtensions (>= 4.3) - restriction: && (< net451) (>= netstandard1.3)
    Microsoft.NETCore.Platforms (2.2) - restriction: || (>= dnxcore50) (&& (< monoandroid) (< monotouch) (< net35) (>= netstandard1.3) (< xamarinios) (< xamarinmac) (< xamarintvos) (< xamarinwatchos)) (&& (< monoandroid) (< monotouch) (< net35) (>= netstandard1.5) (< netstandard2.0) (< xamarinmac) (< xamarintvos) (< xamarinwatchos)) (&& (< monoandroid) (< monotouch) (< net45) (>= netstandard1.6) (< netstandard2.0) (< win8) (< wpa81) (< xamarinmac) (< xamarintvos) (< xamarinwatchos)) (&& (< monoandroid) (< monotouch) (< net45) (>= netstandard1.6) (< xamarinios) (< xamarinmac) (< xamarintvos) (< xamarinwatchos)) (&& (< monoandroid) (< net45) (>= netstandard1.1) (< netstandard1.2) (< win8)) (&& (< monoandroid) (< net45) (>= netstandard1.2) (< netstandard1.3) (< win8) (< wpa81)) (&& (< monoandroid) (< net45) (< netstandard1.2) (>= netstandard1.3) (< win8)) (&& (< monoandroid) (< net45) (< netstandard1.2) (>= netstandard1.6) (< win8)) (&& (< monoandroid) (< net45) (>= netstandard1.3) (< netstandard1.5) (< win8) (< wpa81)) (&& (< monoandroid) (< net45) (>= netstandard1.3) (< netstandard1.6) (< win8) (< wpa81)) (&& (< monoandroid) (< net45) (< netstandard1.3) (>= netstandard1.5) (< win8) (< wpa81)) (&& (< monoandroid) (< net45) (< netstandard1.3) (>= netstandard1.6) (< win8) (< wpa81)) (&& (< monoandroid) (< net45) (>= netstandard1.5) (< netstandard1.6) (< win8) (< wpa81)) (&& (< monoandroid) (< net45) (< netstandard1.5) (>= netstandard1.6) (< win8) (< wpa81)) (&& (< net20) (>= net45) (< netstandard1.3) (>= netstandard1.4)) (&& (< net20) (>= net461) (< netstandard2.0)) (&& (< net20) (< netstandard1.0) (>= netstandard1.4) (< portable-net45+win8)) (&& (< net20) (< netstandard1.0) (>= netstandard1.4) (< win8)) (&& (< net20) (< netstandard1.2) (>= netstandard1.4) (< win8)) (&& (< net20) (< netstandard1.3) (>= netstandard1.4) (< win8) (< wpa81)) (&& (< net20) (>= netstandard1.4) (< netstandard1.5) (< win8) (< wpa81)) (&& (< net20) (>= netstandard1.4) (< portable-net45+win8+wpa81)) (&& (< net20) (>= netstandard1.5) (< netstandard1.6) (< win8) (< wpa81)) (&& (< net20) (>= netstandard1.6) (< netstandard2.0) (< win8) (< wpa81)) (&& (< net20) (>= netstandard2.0)) (&& (< net45) (>= netstandard2.0) (< xamarinios)) (>= netcoreapp2.0) (&& (< netstandard1.0) (>= netstandard1.4) (>= win8)) (&& (< netstandard1.0) (>= netstandard2.0) (>= win8)) (&& (< netstandard1.3) (>= netstandard1.4) (< win8) (>= wpa81)) (&& (< netstandard1.3) (>= netstandard2.0) (< win8) (>= wpa81)) (&& (>= netstandard1.4) (>= wp8)) (&& (< netstandard1.5) (>= uap10.0)) (&& (>= netstandard2.0) (>= wp8)) (>= uap10.1)
    Microsoft.NETCore.Targets (2.1) - restriction: || (>= dnxcore50) (&& (< monoandroid) (< monotouch) (< net20) (>= netstandard1.6) (< netstandard2.0) (< win8) (< wpa81) (< xamarinmac) (< xamarintvos) (< xamarinwatchos)) (&& (< monoandroid) (< monotouch) (< net45) (>= netstandard1.6) (< netstandard2.0) (< xamarinmac) (< xamarintvos) (< xamarinwatchos)) (&& (< monoandroid) (< monotouch) (< net45) (>= netstandard1.6) (< xamarinios) (< xamarinmac) (< xamarintvos) (< xamarinwatchos)) (&& (< monoandroid) (< net20) (< netstandard1.2) (>= netstandard1.4) (< win8)) (&& (< monoandroid) (< net20) (< netstandard1.2) (>= netstandard2.0) (< win8)) (&& (< monoandroid) (< net20) (< netstandard1.3) (>= netstandard1.4) (< win8) (< wpa81)) (&& (< monoandroid) (< net20) (< netstandard1.3) (>= netstandard2.0) (< win8) (< wpa81)) (&& (< monoandroid) (< net20) (>= netstandard1.4) (< netstandard1.5) (< win8) (< wpa81)) (&& (< monoandroid) (< net20) (< netstandard1.4) (>= netstandard2.0) (< win8) (< wpa81)) (&& (< monoandroid) (< net20) (>= netstandard1.5) (< netstandard1.6) (< win8) (< wpa81)) (&& (< monoandroid) (< net20) (< netstandard1.5) (>= netstandard2.0) (< win8) (< wpa81)) (&& (< monoandroid) (< net20) (< netstandard1.6) (>= netstandard2.0) (< win8) (< wpa81)) (&& (< monoandroid) (< net45) (>= netstandard1.1) (< netstandard1.2) (< win8)) (&& (< monoandroid) (< net45) (>= netstandard1.2) (< netstandard1.3) (< win8) (< wpa81)) (&& (< monoandroid) (< net45) (< netstandard1.2) (>= netstandard1.3) (< win8)) (&& (< monoandroid) (< net45) (< netstandard1.2) (>= netstandard1.6) (< win8)) (&& (< monoandroid) (< net45) (>= netstandard1.3) (< netstandard1.5) (< win8) (< wpa81)) (&& (< monoandroid) (< net45) (>= netstandard1.3) (< netstandard1.6) (< win8) (< wpa81)) (&& (< monoandroid) (< net45) (< netstandard1.3) (>= netstandard1.5) (< win8) (< wpa81)) (&& (< monoandroid) (< net45) (< netstandard1.3) (>= netstandard1.6) (< win8) (< wpa81)) (&& (< monoandroid) (< net45) (>= netstandard1.5) (< netstandard1.6) (< win8) (< wpa81)) (&& (< monoandroid) (< net45) (< netstandard1.5) (>= netstandard1.6) (< win8) (< wpa81)) (&& (< net20) (>= net46) (< netstandard1.4) (>= netstandard2.0)) (&& (< net20) (>= netstandard1.4) (< portable-net45+win8+wpa81)) (&& (< net20) (>= netstandard2.0) (< portable-net45+win8+wpa81)) (&& (< netstandard1.5) (>= netstandard2.0) (>= uap10.0)) (&& (< netstandard1.5) (>= uap10.0) (< uap10.1)) (&& (< netstandard1.5) (>= uap10.0) (< win8) (< wpa81))
    Microsoft.SqlServer.Compact (4.0.8876.1) - restriction: || (&& (>= net40) (< netstandard2.0)) (>= net45)
    Microsoft.Web.Administration (7.0)
    Microsoft.Web.Infrastructure (1.0)
    Microsoft.Web.Xdt (3.0)
    Microsoft.Win32.Primitives (4.3) - restriction: || (&& (< monoandroid) (< monotouch) (< net35) (>= netstandard1.5) (< netstandard2.0) (< xamarinmac) (< xamarintvos) (< xamarinwatchos)) (&& (< monoandroid) (< net45) (>= netstandard1.3) (< netstandard1.6) (< win8) (< wpa81)) (&& (< monoandroid) (< net45) (>= netstandard2.0) (< xamarinios)) (&& (< net20) (>= net46) (< netstandard1.4) (>= netstandard2.0)) (&& (< net20) (>= netstandard1.4) (< netstandard1.5) (< win8) (< wpa81)) (&& (< net20) (< netstandard1.4) (>= netstandard2.0) (< win8) (< wpa81)) (&& (< net20) (>= netstandard1.5) (< netstandard1.6) (< win8) (< wpa81)) (&& (< net20) (< netstandard1.5) (>= netstandard2.0) (< win8) (< wpa81)) (&& (< net20) (>= netstandard1.6) (< netstandard2.0) (< win8) (< wpa81)) (&& (< net20) (< netstandard1.6) (>= netstandard2.0) (< win8) (< wpa81)) (&& (< netstandard1.5) (>= netstandard2.0) (>= uap10.0)) (&& (< netstandard1.5) (>= uap10.0) (< uap10.1))
      Microsoft.NETCore.Platforms (>= 1.1) - restriction: && (< monoandroid) (< monotouch) (< net46) (>= netstandard1.3) (< xamarinios) (< xamarinmac) (< xamarintvos) (< xamarinwatchos)
      Microsoft.NETCore.Targets (>= 1.1) - restriction: && (< monoandroid) (< monotouch) (< net46) (>= netstandard1.3) (< xamarinios) (< xamarinmac) (< xamarintvos) (< xamarinwatchos)
      System.Runtime (>= 4.3) - restriction: && (< monoandroid) (< monotouch) (< net46) (>= netstandard1.3) (< xamarinios) (< xamarinmac) (< xamarintvos) (< xamarinwatchos)
    Microsoft.Win32.Registry (4.5) - restriction: || (&& (< monoandroid) (< net45) (>= netstandard2.0) (< xamarinios)) (&& (< net40) (>= netstandard2.0) (< xamarinios)) (>= netcoreapp2.0)
      System.Buffers (>= 4.4) - restriction: || (&& (>= monoandroid) (< netstandard2.0)) (>= monotouch) (&& (< net46) (< netcoreapp2.0) (>= netstandard2.0)) (>= xamarinios) (>= xamarinmac) (>= xamarintvos) (>= xamarinwatchos)
      System.Memory (>= 4.5) - restriction: || (&& (< net46) (< netcoreapp2.0) (>= netstandard2.0) (< xamarinios)) (&& (>= netcoreapp2.0) (< netcoreapp2.1)) (>= uap10.1)
      System.Security.AccessControl (>= 4.5) - restriction: || (&& (>= monoandroid) (< netstandard2.0)) (>= monotouch) (&& (< net46) (>= netstandard2.0)) (>= net461) (>= netcoreapp2.0) (>= xamarinios) (>= xamarinmac) (>= xamarintvos) (>= xamarinwatchos)
      System.Security.Principal.Windows (>= 4.5) - restriction: || (&& (>= monoandroid) (< netstandard2.0)) (>= monotouch) (&& (< net46) (>= netstandard2.0)) (>= net461) (>= netcoreapp2.0) (>= xamarinios) (>= xamarinmac) (>= xamarintvos) (>= xamarinwatchos)
    Mono.Cecil (0.10.3)
      System.Collections (>= 4.0.11) - restriction: && (< net35) (>= netstandard1.3)
      System.IO.FileSystem (>= 4.0.1) - restriction: && (< net35) (>= netstandard1.3)
      System.IO.FileSystem.Primitives (>= 4.0.1) - restriction: && (< net35) (>= netstandard1.3)
      System.Reflection (>= 4.1) - restriction: && (< net35) (>= netstandard1.3)
      System.Runtime.Extensions (>= 4.1) - restriction: && (< net35) (>= netstandard1.3)
      System.Security.Cryptography.Algorithms (>= 4.2) - restriction: && (< net35) (>= netstandard1.3)
      System.Security.Cryptography.Csp (>= 4.0) - restriction: && (< net35) (>= netstandard1.3)
      System.Threading (>= 4.0.11) - restriction: && (< net35) (>= netstandard1.3)
    Mono.Web.Xdt (1.0)
    Nancy (1.4.5)
    Nancy.Authentication.Forms (1.4.1)
      Nancy (>= 1.4.1)
    Nancy.Authentication.Stateless (1.4.1)
      Nancy (>= 1.4.1)
    Nancy.Hosting.Aspnet (1.4.1)
      Nancy (>= 1.4.1)
    Nancy.Hosting.Self (1.4.1)
      Nancy (>= 1.4.1)
    Nancy.Serialization.JsonNet (1.4.1)
      Nancy (>= 1.4.1)
      Newtonsoft.Json
    Nancy.Testing (1.4.1)
      CsQuery (>= 1.3.3)
      Nancy (>= 1.4.1)
    Nancy.Viewengines.Razor (1.4.3)
      Microsoft.AspNet.Razor  - restriction: < net40
      Microsoft.AspNet.Razor (>= 2.0.30506) - restriction: >= net40
      Nancy (>= 1.4.3)
    NETStandard.Library (2.0.3) - restriction: || (&& (< monoandroid) (< monotouch) (< net45) (>= netstandard1.0) (< win8) (< wp8) (< wpa81) (< xamarinmac) (< xamarintvos) (< xamarinwatchos)) (&& (< monoandroid4.4) (< net35) (>= netstandard1.3) (< netstandard1.5)) (&& (< monoandroid4.4) (< net35) (>= netstandard1.5)) (&& (< net20) (>= netstandard1.0) (< netstandard1.3)) (&& (< net20) (>= netstandard1.3)) (&& (< net20) (>= netstandard1.4)) (&& (< net35) (>= net451) (>= netstandard1.3) (< netstandard1.5)) (&& (< net35) (>= netstandard1.1)) (&& (< net40) (>= netstandard1.6)) (&& (>= net45) (>= netstandard1.6)) (&& (< net45) (>= netstandard1.1)) (&& (< net452) (>= netstandard1.1)) (>= netstandard2.0)
      Microsoft.NETCore.Platforms (>= 1.1) - restriction: || (&& (>= net45) (< netstandard1.3)) (&& (< net45) (>= netstandard1.1) (< netstandard1.2) (< win8)) (&& (< net45) (>= netstandard1.2) (< netstandard1.3) (< win8) (< wpa81)) (&& (< net45) (>= netstandard1.3) (< netstandard1.4) (< win8) (< wpa81)) (&& (< net45) (>= netstandard1.4) (< netstandard1.5) (< win8) (< wpa81)) (&& (< net45) (>= netstandard1.5) (< netstandard1.6) (< win8) (< wpa81)) (&& (< net45) (>= netstandard1.6) (< netstandard2.0) (< win8) (< wpa81)) (&& (< net45) (>= netstandard2.0)) (&& (>= net46) (< netstandard1.4)) (>= net461) (>= netcoreapp2.0) (&& (>= netstandard1.0) (< portable-net45+win8+wpa81)) (&& (< netstandard1.0) (>= portable-net45+win8) (< win8)) (&& (< netstandard1.0) (< portable-net45+win8) (>= portable-net45+win8+wpa81)) (&& (< netstandard1.0) (>= portable-net45+win8+wp8+wpa81) (< portable-net45+win8+wpa81)) (&& (< netstandard1.0) (>= win8)) (&& (< netstandard1.3) (< win8) (>= wpa81)) (&& (< netstandard1.5) (>= uap10.0)) (>= uap10.1) (>= wp8)
      Microsoft.Win32.Primitives (>= 4.3) - restriction: || (&& (< net45) (>= netstandard1.3) (< netstandard1.4) (< win8) (< wpa81)) (&& (< net45) (>= netstandard1.4) (< netstandard1.5) (< win8) (< wpa81)) (&& (< net45) (>= netstandard1.5) (< netstandard1.6) (< win8) (< wpa81)) (&& (< net45) (>= netstandard1.6) (< netstandard2.0) (< win8) (< wpa81)) (&& (>= net46) (< netstandard1.4)) (&& (< netstandard1.5) (>= uap10.0) (< uap10.1))
      System.AppContext (>= 4.3) - restriction: || (&& (< net45) (>= netstandard1.3) (< netstandard1.4) (< win8) (< wpa81)) (&& (< net45) (>= netstandard1.4) (< netstandard1.5) (< win8) (< wpa81)) (&& (< net45) (>= netstandard1.5) (< netstandard1.6) (< win8) (< wpa81)) (&& (< net45) (>= netstandard1.6) (< netstandard2.0) (< win8) (< wpa81)) (&& (>= net46) (< netstandard1.4)) (&& (< netstandard1.5) (>= uap10.0) (< uap10.1))
      System.Collections (>= 4.3) - restriction: || (&& (< net45) (>= netstandard1.1) (< netstandard1.2) (< win8)) (&& (< net45) (>= netstandard1.2) (< netstandard1.3) (< win8) (< wpa81)) (&& (< net45) (>= netstandard1.3) (< netstandard1.4) (< win8) (< wpa81)) (&& (< net45) (>= netstandard1.4) (< netstandard1.5) (< win8) (< wpa81)) (&& (< net45) (>= netstandard1.5) (< netstandard1.6) (< win8) (< wpa81)) (&& (< net45) (>= netstandard1.6) (< netstandard2.0) (< win8) (< wpa81)) (&& (>= netstandard1.0) (< portable-net45+win8+wpa81) (< wp8)) (&& (< netstandard1.5) (>= uap10.0) (< uap10.1))
      System.Collections.Concurrent (>= 4.3) - restriction: || (&& (< net45) (>= netstandard1.1) (< netstandard1.2) (< win8)) (&& (< net45) (>= netstandard1.2) (< netstandard1.3) (< win8) (< wpa81)) (&& (< net45) (>= netstandard1.3) (< netstandard1.4) (< win8) (< wpa81)) (&& (< net45) (>= netstandard1.4) (< netstandard1.5) (< win8) (< wpa81)) (&& (< net45) (>= netstandard1.5) (< netstandard1.6) (< win8) (< wpa81)) (&& (< net45) (>= netstandard1.6) (< netstandard2.0) (< win8) (< wpa81)) (&& (< netstandard1.5) (>= uap10.0) (< uap10.1))
      System.Console (>= 4.3) - restriction: || (&& (< net45) (>= netstandard1.3) (< netstandard1.4) (< win8) (< wpa81)) (&& (< net45) (>= netstandard1.4) (< netstandard1.5) (< win8) (< wpa81)) (&& (< net45) (>= netstandard1.5) (< netstandard1.6) (< win8) (< wpa81)) (&& (< net45) (>= netstandard1.6) (< netstandard2.0) (< win8) (< wpa81)) (&& (>= net46) (< netstandard1.4)) (&& (< netstandard1.5) (>= uap10.0) (< uap10.1))
      System.Diagnostics.Debug (>= 4.3) - restriction: || (&& (< net45) (>= netstandard1.1) (< netstandard1.2) (< win8)) (&& (< net45) (>= netstandard1.2) (< netstandard1.3) (< win8) (< wpa81)) (&& (< net45) (>= netstandard1.3) (< netstandard1.4) (< win8) (< wpa81)) (&& (< net45) (>= netstandard1.4) (< netstandard1.5) (< win8) (< wpa81)) (&& (< net45) (>= netstandard1.5) (< netstandard1.6) (< win8) (< wpa81)) (&& (< net45) (>= netstandard1.6) (< netstandard2.0) (< win8) (< wpa81)) (&& (>= netstandard1.0) (< portable-net45+win8+wpa81) (< wp8)) (&& (< netstandard1.5) (>= uap10.0) (< uap10.1))
      System.Diagnostics.Tools (>= 4.3) - restriction: || (&& (< net45) (>= netstandard1.1) (< netstandard1.2) (< win8)) (&& (< net45) (>= netstandard1.2) (< netstandard1.3) (< win8) (< wpa81)) (&& (< net45) (>= netstandard1.3) (< netstandard1.4) (< win8) (< wpa81)) (&& (< net45) (>= netstandard1.4) (< netstandard1.5) (< win8) (< wpa81)) (&& (< net45) (>= netstandard1.5) (< netstandard1.6) (< win8) (< wpa81)) (&& (< net45) (>= netstandard1.6) (< netstandard2.0) (< win8) (< wpa81)) (&& (>= netstandard1.0) (< portable-net45+win8+wpa81) (< wp8)) (&& (< netstandard1.5) (>= uap10.0) (< uap10.1))
      System.Diagnostics.Tracing (>= 4.3) - restriction: || (&& (< net45) (>= netstandard1.1) (< netstandard1.2) (< win8)) (&& (< net45) (>= netstandard1.2) (< netstandard1.3) (< win8) (< wpa81)) (&& (< net45) (>= netstandard1.3) (< netstandard1.4) (< win8) (< wpa81)) (&& (< net45) (>= netstandard1.4) (< netstandard1.5) (< win8) (< wpa81)) (&& (< net45) (>= netstandard1.5) (< netstandard1.6) (< win8) (< wpa81)) (&& (< net45) (>= netstandard1.6) (< netstandard2.0) (< win8) (< wpa81)) (&& (< netstandard1.5) (>= uap10.0) (< uap10.1))
      System.Globalization (>= 4.3) - restriction: || (&& (< net45) (>= netstandard1.1) (< netstandard1.2) (< win8)) (&& (< net45) (>= netstandard1.2) (< netstandard1.3) (< win8) (< wpa81)) (&& (< net45) (>= netstandard1.3) (< netstandard1.4) (< win8) (< wpa81)) (&& (< net45) (>= netstandard1.4) (< netstandard1.5) (< win8) (< wpa81)) (&& (< net45) (>= netstandard1.5) (< netstandard1.6) (< win8) (< wpa81)) (&& (< net45) (>= netstandard1.6) (< netstandard2.0) (< win8) (< wpa81)) (&& (>= netstandard1.0) (< portable-net45+win8+wpa81) (< wp8)) (&& (< netstandard1.5) (>= uap10.0) (< uap10.1))
      System.Globalization.Calendars (>= 4.3) - restriction: || (&& (< net45) (>= netstandard1.3) (< netstandard1.4) (< win8) (< wpa81)) (&& (< net45) (>= netstandard1.4) (< netstandard1.5) (< win8) (< wpa81)) (&& (< net45) (>= netstandard1.5) (< netstandard1.6) (< win8) (< wpa81)) (&& (< net45) (>= netstandard1.6) (< netstandard2.0) (< win8) (< wpa81)) (&& (>= net46) (< netstandard1.4)) (&& (< netstandard1.5) (>= uap10.0) (< uap10.1))
      System.IO (>= 4.3) - restriction: || (&& (< net45) (>= netstandard1.1) (< netstandard1.2) (< win8)) (&& (< net45) (>= netstandard1.2) (< netstandard1.3) (< win8) (< wpa81)) (&& (< net45) (>= netstandard1.3) (< netstandard1.4) (< win8) (< wpa81)) (&& (< net45) (>= netstandard1.4) (< netstandard1.5) (< win8) (< wpa81)) (&& (< net45) (>= netstandard1.5) (< netstandard1.6) (< win8) (< wpa81)) (&& (< net45) (>= netstandard1.6) (< netstandard2.0) (< win8) (< wpa81)) (&& (>= netstandard1.0) (< portable-net45+win8+wpa81) (< wp8)) (&& (< netstandard1.5) (>= uap10.0) (< uap10.1))
      System.IO.Compression (>= 4.3) - restriction: || (&& (< net45) (>= netstandard1.1) (< netstandard1.2) (< win8)) (&& (< net45) (>= netstandard1.2) (< netstandard1.3) (< win8) (< wpa81)) (&& (< net45) (>= netstandard1.3) (< netstandard1.4) (< win8) (< wpa81)) (&& (< net45) (>= netstandard1.4) (< netstandard1.5) (< win8) (< wpa81)) (&& (< net45) (>= netstandard1.5) (< netstandard1.6) (< win8) (< wpa81)) (&& (< net45) (>= netstandard1.6) (< netstandard2.0) (< win8) (< wpa81)) (&& (>= net46) (< netstandard1.4)) (&& (< netstandard1.5) (>= uap10.0) (< uap10.1))
      System.IO.Compression.ZipFile (>= 4.3) - restriction: || (&& (< net45) (>= netstandard1.3) (< netstandard1.4) (< win8) (< wpa81)) (&& (< net45) (>= netstandard1.4) (< netstandard1.5) (< win8) (< wpa81)) (&& (< net45) (>= netstandard1.5) (< netstandard1.6) (< win8) (< wpa81)) (&& (< net45) (>= netstandard1.6) (< netstandard2.0) (< win8) (< wpa81)) (&& (>= net46) (< netstandard1.4)) (&& (< netstandard1.5) (>= uap10.0) (< uap10.1))
      System.IO.FileSystem (>= 4.3) - restriction: || (&& (< net45) (>= netstandard1.3) (< netstandard1.4) (< win8) (< wpa81)) (&& (< net45) (>= netstandard1.4) (< netstandard1.5) (< win8) (< wpa81)) (&& (< net45) (>= netstandard1.5) (< netstandard1.6) (< win8) (< wpa81)) (&& (< net45) (>= netstandard1.6) (< netstandard2.0) (< win8) (< wpa81)) (&& (>= net46) (< netstandard1.4)) (&& (< netstandard1.5) (>= uap10.0) (< uap10.1))
      System.IO.FileSystem.Primitives (>= 4.3) - restriction: || (&& (< net45) (>= netstandard1.3) (< netstandard1.4) (< win8) (< wpa81)) (&& (< net45) (>= netstandard1.4) (< netstandard1.5) (< win8) (< wpa81)) (&& (< net45) (>= netstandard1.5) (< netstandard1.6) (< win8) (< wpa81)) (&& (< net45) (>= netstandard1.6) (< netstandard2.0) (< win8) (< wpa81)) (&& (>= net46) (< netstandard1.4)) (&& (< netstandard1.5) (>= uap10.0) (< uap10.1))
      System.Linq (>= 4.3) - restriction: || (&& (< net45) (>= netstandard1.1) (< netstandard1.2) (< win8)) (&& (< net45) (>= netstandard1.2) (< netstandard1.3) (< win8) (< wpa81)) (&& (< net45) (>= netstandard1.3) (< netstandard1.4) (< win8) (< wpa81)) (&& (< net45) (>= netstandard1.4) (< netstandard1.5) (< win8) (< wpa81)) (&& (< net45) (>= netstandard1.5) (< netstandard1.6) (< win8) (< wpa81)) (&& (< net45) (>= netstandard1.6) (< netstandard2.0) (< win8) (< wpa81)) (&& (>= netstandard1.0) (< portable-net45+win8+wpa81) (< wp8)) (&& (< netstandard1.5) (>= uap10.0) (< uap10.1))
      System.Linq.Expressions (>= 4.3) - restriction: || (&& (< net45) (>= netstandard1.1) (< netstandard1.2) (< win8)) (&& (< net45) (>= netstandard1.2) (< netstandard1.3) (< win8) (< wpa81)) (&& (< net45) (>= netstandard1.3) (< netstandard1.4) (< win8) (< wpa81)) (&& (< net45) (>= netstandard1.4) (< netstandard1.5) (< win8) (< wpa81)) (&& (< net45) (>= netstandard1.5) (< netstandard1.6) (< win8) (< wpa81)) (&& (< net45) (>= netstandard1.6) (< netstandard2.0) (< win8) (< wpa81)) (&& (>= netstandard1.0) (< portable-net45+win8+wpa81) (< wp8)) (&& (< netstandard1.5) (>= uap10.0) (< uap10.1))
      System.Net.Http (>= 4.3.2) - restriction: || (&& (< net45) (>= netstandard1.1) (< netstandard1.2) (< win8)) (&& (< net45) (>= netstandard1.2) (< netstandard1.3) (< win8) (< wpa81)) (&& (< net45) (>= netstandard1.3) (< netstandard1.4) (< win8) (< wpa81)) (&& (< net45) (>= netstandard1.4) (< netstandard1.5) (< win8) (< wpa81)) (&& (< net45) (>= netstandard1.5) (< netstandard1.6) (< win8) (< wpa81)) (&& (< net45) (>= netstandard1.6) (< netstandard2.0) (< win8) (< wpa81)) (&& (>= net46) (< netstandard1.4)) (&& (< netstandard1.5) (>= uap10.0) (< uap10.1))
      System.Net.Primitives (>= 4.3) - restriction: || (&& (< net45) (>= netstandard1.1) (< netstandard1.2) (< win8)) (&& (< net45) (>= netstandard1.2) (< netstandard1.3) (< win8) (< wpa81)) (&& (< net45) (>= netstandard1.3) (< netstandard1.4) (< win8) (< wpa81)) (&& (< net45) (>= netstandard1.4) (< netstandard1.5) (< win8) (< wpa81)) (&& (< net45) (>= netstandard1.5) (< netstandard1.6) (< win8) (< wpa81)) (&& (< net45) (>= netstandard1.6) (< netstandard2.0) (< win8) (< wpa81)) (&& (>= netstandard1.0) (< portable-net45+win8+wpa81) (< wp8)) (&& (< netstandard1.5) (>= uap10.0) (< uap10.1))
      System.Net.Sockets (>= 4.3) - restriction: || (&& (< net45) (>= netstandard1.3) (< netstandard1.4) (< win8) (< wpa81)) (&& (< net45) (>= netstandard1.4) (< netstandard1.5) (< win8) (< wpa81)) (&& (< net45) (>= netstandard1.5) (< netstandard1.6) (< win8) (< wpa81)) (&& (< net45) (>= netstandard1.6) (< netstandard2.0) (< win8) (< wpa81)) (&& (>= net46) (< netstandard1.4)) (&& (< netstandard1.5) (>= uap10.0) (< uap10.1))
      System.ObjectModel (>= 4.3) - restriction: || (&& (< net45) (>= netstandard1.1) (< netstandard1.2) (< win8)) (&& (< net45) (>= netstandard1.2) (< netstandard1.3) (< win8) (< wpa81)) (&& (< net45) (>= netstandard1.3) (< netstandard1.4) (< win8) (< wpa81)) (&& (< net45) (>= netstandard1.4) (< netstandard1.5) (< win8) (< wpa81)) (&& (< net45) (>= netstandard1.5) (< netstandard1.6) (< win8) (< wpa81)) (&& (< net45) (>= netstandard1.6) (< netstandard2.0) (< win8) (< wpa81)) (&& (>= netstandard1.0) (< portable-net45+win8+wpa81) (< wp8)) (&& (< netstandard1.5) (>= uap10.0) (< uap10.1))
      System.Reflection (>= 4.3) - restriction: || (&& (< net45) (>= netstandard1.1) (< netstandard1.2) (< win8)) (&& (< net45) (>= netstandard1.2) (< netstandard1.3) (< win8) (< wpa81)) (&& (< net45) (>= netstandard1.3) (< netstandard1.4) (< win8) (< wpa81)) (&& (< net45) (>= netstandard1.4) (< netstandard1.5) (< win8) (< wpa81)) (&& (< net45) (>= netstandard1.5) (< netstandard1.6) (< win8) (< wpa81)) (&& (< net45) (>= netstandard1.6) (< netstandard2.0) (< win8) (< wpa81)) (&& (>= netstandard1.0) (< portable-net45+win8+wpa81) (< wp8)) (&& (< netstandard1.5) (>= uap10.0) (< uap10.1))
      System.Reflection.Extensions (>= 4.3) - restriction: || (&& (< net45) (>= netstandard1.1) (< netstandard1.2) (< win8)) (&& (< net45) (>= netstandard1.2) (< netstandard1.3) (< win8) (< wpa81)) (&& (< net45) (>= netstandard1.3) (< netstandard1.4) (< win8) (< wpa81)) (&& (< net45) (>= netstandard1.4) (< netstandard1.5) (< win8) (< wpa81)) (&& (< net45) (>= netstandard1.5) (< netstandard1.6) (< win8) (< wpa81)) (&& (< net45) (>= netstandard1.6) (< netstandard2.0) (< win8) (< wpa81)) (&& (>= netstandard1.0) (< portable-net45+win8+wpa81) (< wp8)) (&& (< netstandard1.5) (>= uap10.0) (< uap10.1))
      System.Reflection.Primitives (>= 4.3) - restriction: || (&& (< net45) (>= netstandard1.1) (< netstandard1.2) (< win8)) (&& (< net45) (>= netstandard1.2) (< netstandard1.3) (< win8) (< wpa81)) (&& (< net45) (>= netstandard1.3) (< netstandard1.4) (< win8) (< wpa81)) (&& (< net45) (>= netstandard1.4) (< netstandard1.5) (< win8) (< wpa81)) (&& (< net45) (>= netstandard1.5) (< netstandard1.6) (< win8) (< wpa81)) (&& (< net45) (>= netstandard1.6) (< netstandard2.0) (< win8) (< wpa81)) (&& (>= netstandard1.0) (< portable-net45+win8+wpa81) (< wp8)) (&& (< netstandard1.5) (>= uap10.0) (< uap10.1))
      System.Resources.ResourceManager (>= 4.3) - restriction: || (&& (< net45) (>= netstandard1.1) (< netstandard1.2) (< win8)) (&& (< net45) (>= netstandard1.2) (< netstandard1.3) (< win8) (< wpa81)) (&& (< net45) (>= netstandard1.3) (< netstandard1.4) (< win8) (< wpa81)) (&& (< net45) (>= netstandard1.4) (< netstandard1.5) (< win8) (< wpa81)) (&& (< net45) (>= netstandard1.5) (< netstandard1.6) (< win8) (< wpa81)) (&& (< net45) (>= netstandard1.6) (< netstandard2.0) (< win8) (< wpa81)) (&& (>= netstandard1.0) (< portable-net45+win8+wpa81) (< wp8)) (&& (< netstandard1.5) (>= uap10.0) (< uap10.1))
      System.Runtime (>= 4.3) - restriction: || (&& (< net45) (>= netstandard1.1) (< netstandard1.2) (< win8)) (&& (< net45) (>= netstandard1.2) (< netstandard1.3) (< win8) (< wpa81)) (&& (< net45) (>= netstandard1.3) (< netstandard1.4) (< win8) (< wpa81)) (&& (< net45) (>= netstandard1.4) (< netstandard1.5) (< win8) (< wpa81)) (&& (< net45) (>= netstandard1.5) (< netstandard1.6) (< win8) (< wpa81)) (&& (< net45) (>= netstandard1.6) (< netstandard2.0) (< win8) (< wpa81)) (&& (>= netstandard1.0) (< portable-net45+win8+wpa81) (< wp8)) (&& (< netstandard1.5) (>= uap10.0) (< uap10.1))
      System.Runtime.Extensions (>= 4.3) - restriction: || (&& (< net45) (>= netstandard1.1) (< netstandard1.2) (< win8)) (&& (< net45) (>= netstandard1.2) (< netstandard1.3) (< win8) (< wpa81)) (&& (< net45) (>= netstandard1.3) (< netstandard1.4) (< win8) (< wpa81)) (&& (< net45) (>= netstandard1.4) (< netstandard1.5) (< win8) (< wpa81)) (&& (< net45) (>= netstandard1.5) (< netstandard1.6) (< win8) (< wpa81)) (&& (< net45) (>= netstandard1.6) (< netstandard2.0) (< win8) (< wpa81)) (&& (>= netstandard1.0) (< portable-net45+win8+wpa81) (< wp8)) (&& (< netstandard1.5) (>= uap10.0) (< uap10.1))
      System.Runtime.Handles (>= 4.3) - restriction: || (&& (< net45) (>= netstandard1.3) (< netstandard1.4) (< win8) (< wpa81)) (&& (< net45) (>= netstandard1.4) (< netstandard1.5) (< win8) (< wpa81)) (&& (< net45) (>= netstandard1.5) (< netstandard1.6) (< win8) (< wpa81)) (&& (< net45) (>= netstandard1.6) (< netstandard2.0) (< win8) (< wpa81)) (&& (< netstandard1.5) (>= uap10.0) (< uap10.1))
      System.Runtime.InteropServices (>= 4.3) - restriction: || (&& (< net45) (>= netstandard1.1) (< netstandard1.2) (< win8)) (&& (< net45) (>= netstandard1.2) (< netstandard1.3) (< win8) (< wpa81)) (&& (< net45) (>= netstandard1.3) (< netstandard1.4) (< win8) (< wpa81)) (&& (< net45) (>= netstandard1.4) (< netstandard1.5) (< win8) (< wpa81)) (&& (< net45) (>= netstandard1.5) (< netstandard1.6) (< win8) (< wpa81)) (&& (< net45) (>= netstandard1.6) (< netstandard2.0) (< win8) (< wpa81)) (&& (< netstandard1.5) (>= uap10.0) (< uap10.1))
      System.Runtime.InteropServices.RuntimeInformation (>= 4.3) - restriction: || (&& (>= net45) (< netstandard1.3)) (&& (< net45) (>= netstandard1.1) (< netstandard1.2) (< win8)) (&& (< net45) (>= netstandard1.2) (< netstandard1.3) (< win8) (< wpa81)) (&& (< net45) (>= netstandard1.3) (< netstandard1.4) (< win8) (< wpa81)) (&& (< net45) (>= netstandard1.4) (< netstandard1.5) (< win8) (< wpa81)) (&& (< net45) (>= netstandard1.5) (< netstandard1.6) (< win8) (< wpa81)) (&& (< net45) (>= netstandard1.6) (< netstandard2.0) (< win8) (< wpa81)) (&& (>= net46) (< netstandard1.4)) (&& (< netstandard1.0) (>= portable-net45+win8) (< win8)) (&& (< netstandard1.0) (< portable-net45+win8) (>= portable-net45+win8+wpa81)) (&& (< netstandard1.0) (>= win8)) (&& (< netstandard1.3) (< win8) (>= wpa81)) (&& (< netstandard1.5) (>= uap10.0) (< uap10.1))
      System.Runtime.Numerics (>= 4.3) - restriction: || (&& (< net45) (>= netstandard1.1) (< netstandard1.2) (< win8)) (&& (< net45) (>= netstandard1.2) (< netstandard1.3) (< win8) (< wpa81)) (&& (< net45) (>= netstandard1.3) (< netstandard1.4) (< win8) (< wpa81)) (&& (< net45) (>= netstandard1.4) (< netstandard1.5) (< win8) (< wpa81)) (&& (< net45) (>= netstandard1.5) (< netstandard1.6) (< win8) (< wpa81)) (&& (< net45) (>= netstandard1.6) (< netstandard2.0) (< win8) (< wpa81)) (&& (< netstandard1.5) (>= uap10.0) (< uap10.1))
      System.Security.Cryptography.Algorithms (>= 4.3) - restriction: || (&& (< net45) (>= netstandard1.3) (< netstandard1.4) (< win8) (< wpa81)) (&& (< net45) (>= netstandard1.4) (< netstandard1.5) (< win8) (< wpa81)) (&& (< net45) (>= netstandard1.5) (< netstandard1.6) (< win8) (< wpa81)) (&& (< net45) (>= netstandard1.6) (< netstandard2.0) (< win8) (< wpa81)) (&& (>= net46) (< netstandard1.4)) (&& (< netstandard1.5) (>= uap10.0) (< uap10.1))
      System.Security.Cryptography.Encoding (>= 4.3) - restriction: || (&& (< net45) (>= netstandard1.3) (< netstandard1.4) (< win8) (< wpa81)) (&& (< net45) (>= netstandard1.4) (< netstandard1.5) (< win8) (< wpa81)) (&& (< net45) (>= netstandard1.5) (< netstandard1.6) (< win8) (< wpa81)) (&& (< net45) (>= netstandard1.6) (< netstandard2.0) (< win8) (< wpa81)) (&& (>= net46) (< netstandard1.4)) (&& (< netstandard1.5) (>= uap10.0) (< uap10.1))
      System.Security.Cryptography.Primitives (>= 4.3) - restriction: || (&& (< net45) (>= netstandard1.3) (< netstandard1.4) (< win8) (< wpa81)) (&& (< net45) (>= netstandard1.4) (< netstandard1.5) (< win8) (< wpa81)) (&& (< net45) (>= netstandard1.5) (< netstandard1.6) (< win8) (< wpa81)) (&& (< net45) (>= netstandard1.6) (< netstandard2.0) (< win8) (< wpa81)) (&& (>= net46) (< netstandard1.4)) (&& (< netstandard1.5) (>= uap10.0) (< uap10.1))
      System.Security.Cryptography.X509Certificates (>= 4.3) - restriction: || (&& (< net45) (>= netstandard1.3) (< netstandard1.4) (< win8) (< wpa81)) (&& (< net45) (>= netstandard1.4) (< netstandard1.5) (< win8) (< wpa81)) (&& (< net45) (>= netstandard1.5) (< netstandard1.6) (< win8) (< wpa81)) (&& (< net45) (>= netstandard1.6) (< netstandard2.0) (< win8) (< wpa81)) (&& (>= net46) (< netstandard1.4)) (&& (< netstandard1.5) (>= uap10.0) (< uap10.1))
      System.Text.Encoding (>= 4.3) - restriction: || (&& (< net45) (>= netstandard1.1) (< netstandard1.2) (< win8)) (&& (< net45) (>= netstandard1.2) (< netstandard1.3) (< win8) (< wpa81)) (&& (< net45) (>= netstandard1.3) (< netstandard1.4) (< win8) (< wpa81)) (&& (< net45) (>= netstandard1.4) (< netstandard1.5) (< win8) (< wpa81)) (&& (< net45) (>= netstandard1.5) (< netstandard1.6) (< win8) (< wpa81)) (&& (< net45) (>= netstandard1.6) (< netstandard2.0) (< win8) (< wpa81)) (&& (>= netstandard1.0) (< portable-net45+win8+wpa81) (< wp8)) (&& (< netstandard1.5) (>= uap10.0) (< uap10.1))
      System.Text.Encoding.Extensions (>= 4.3) - restriction: || (&& (< net45) (>= netstandard1.1) (< netstandard1.2) (< win8)) (&& (< net45) (>= netstandard1.2) (< netstandard1.3) (< win8) (< wpa81)) (&& (< net45) (>= netstandard1.3) (< netstandard1.4) (< win8) (< wpa81)) (&& (< net45) (>= netstandard1.4) (< netstandard1.5) (< win8) (< wpa81)) (&& (< net45) (>= netstandard1.5) (< netstandard1.6) (< win8) (< wpa81)) (&& (< net45) (>= netstandard1.6) (< netstandard2.0) (< win8) (< wpa81)) (&& (>= netstandard1.0) (< portable-net45+win8+wpa81) (< wp8)) (&& (< netstandard1.5) (>= uap10.0) (< uap10.1))
      System.Text.RegularExpressions (>= 4.3) - restriction: || (&& (< net45) (>= netstandard1.1) (< netstandard1.2) (< win8)) (&& (< net45) (>= netstandard1.2) (< netstandard1.3) (< win8) (< wpa81)) (&& (< net45) (>= netstandard1.3) (< netstandard1.4) (< win8) (< wpa81)) (&& (< net45) (>= netstandard1.4) (< netstandard1.5) (< win8) (< wpa81)) (&& (< net45) (>= netstandard1.5) (< netstandard1.6) (< win8) (< wpa81)) (&& (< net45) (>= netstandard1.6) (< netstandard2.0) (< win8) (< wpa81)) (&& (>= netstandard1.0) (< portable-net45+win8+wpa81) (< wp8)) (&& (< netstandard1.5) (>= uap10.0) (< uap10.1))
      System.Threading (>= 4.3) - restriction: || (&& (< net45) (>= netstandard1.1) (< netstandard1.2) (< win8)) (&& (< net45) (>= netstandard1.2) (< netstandard1.3) (< win8) (< wpa81)) (&& (< net45) (>= netstandard1.3) (< netstandard1.4) (< win8) (< wpa81)) (&& (< net45) (>= netstandard1.4) (< netstandard1.5) (< win8) (< wpa81)) (&& (< net45) (>= netstandard1.5) (< netstandard1.6) (< win8) (< wpa81)) (&& (< net45) (>= netstandard1.6) (< netstandard2.0) (< win8) (< wpa81)) (&& (>= netstandard1.0) (< portable-net45+win8+wpa81) (< wp8)) (&& (< netstandard1.5) (>= uap10.0) (< uap10.1))
      System.Threading.Tasks (>= 4.3) - restriction: || (&& (< net45) (>= netstandard1.1) (< netstandard1.2) (< win8)) (&& (< net45) (>= netstandard1.2) (< netstandard1.3) (< win8) (< wpa81)) (&& (< net45) (>= netstandard1.3) (< netstandard1.4) (< win8) (< wpa81)) (&& (< net45) (>= netstandard1.4) (< netstandard1.5) (< win8) (< wpa81)) (&& (< net45) (>= netstandard1.5) (< netstandard1.6) (< win8) (< wpa81)) (&& (< net45) (>= netstandard1.6) (< netstandard2.0) (< win8) (< wpa81)) (&& (>= netstandard1.0) (< portable-net45+win8+wpa81) (< wp8)) (&& (< netstandard1.5) (>= uap10.0) (< uap10.1))
      System.Threading.Timer (>= 4.3) - restriction: || (&& (< net45) (>= netstandard1.2) (< netstandard1.3) (< win8) (< wpa81)) (&& (< net45) (>= netstandard1.3) (< netstandard1.4) (< win8) (< wpa81)) (&& (< net45) (>= netstandard1.4) (< netstandard1.5) (< win8) (< wpa81)) (&& (< net45) (>= netstandard1.5) (< netstandard1.6) (< win8) (< wpa81)) (&& (< net45) (>= netstandard1.6) (< netstandard2.0) (< win8) (< wpa81)) (&& (< netstandard1.5) (>= uap10.0) (< uap10.1))
      System.Xml.ReaderWriter (>= 4.3) - restriction: || (&& (< net45) (>= netstandard1.1) (< netstandard1.2) (< win8)) (&& (< net45) (>= netstandard1.2) (< netstandard1.3) (< win8) (< wpa81)) (&& (< net45) (>= netstandard1.3) (< netstandard1.4) (< win8) (< wpa81)) (&& (< net45) (>= netstandard1.4) (< netstandard1.5) (< win8) (< wpa81)) (&& (< net45) (>= netstandard1.5) (< netstandard1.6) (< win8) (< wpa81)) (&& (< net45) (>= netstandard1.6) (< netstandard2.0) (< win8) (< wpa81)) (&& (>= net46) (< netstandard1.4)) (&& (>= netstandard1.0) (< portable-net45+win8+wpa81) (< wp8)) (&& (< netstandard1.5) (>= uap10.0) (< uap10.1))
      System.Xml.XDocument (>= 4.3) - restriction: || (&& (< net45) (>= netstandard1.1) (< netstandard1.2) (< win8)) (&& (< net45) (>= netstandard1.2) (< netstandard1.3) (< win8) (< wpa81)) (&& (< net45) (>= netstandard1.3) (< netstandard1.4) (< win8) (< wpa81)) (&& (< net45) (>= netstandard1.4) (< netstandard1.5) (< win8) (< wpa81)) (&& (< net45) (>= netstandard1.5) (< netstandard1.6) (< win8) (< wpa81)) (&& (< net45) (>= netstandard1.6) (< netstandard2.0) (< win8) (< wpa81)) (&& (>= netstandard1.0) (< portable-net45+win8+wpa81) (< wp8)) (&& (< netstandard1.5) (>= uap10.0) (< uap10.1))
    Newtonsoft.Json (12.0.1) - redirects: force
      Microsoft.CSharp (>= 4.3) - restriction: || (&& (< net20) (>= netstandard1.0) (< netstandard1.3)) (&& (< net20) (>= netstandard1.3) (< netstandard2.0))
      NETStandard.Library (>= 1.6.1) - restriction: || (&& (< net20) (>= netstandard1.0) (< netstandard1.3)) (&& (< net20) (>= netstandard1.3) (< netstandard2.0))
      System.ComponentModel.TypeConverter (>= 4.3) - restriction: || (&& (< net20) (>= netstandard1.0) (< netstandard1.3)) (&& (< net20) (>= netstandard1.3) (< netstandard2.0))
      System.Runtime.Serialization.Formatters (>= 4.3) - restriction: && (< net20) (>= netstandard1.3) (< netstandard2.0)
      System.Runtime.Serialization.Primitives (>= 4.3) - restriction: || (&& (< net20) (>= netstandard1.0) (< netstandard1.3)) (&& (< net20) (>= netstandard1.3) (< netstandard2.0))
      System.Xml.XmlDocument (>= 4.3) - restriction: && (< net20) (>= netstandard1.3) (< netstandard2.0)
    NLog (4.5.11)
      Microsoft.Extensions.PlatformAbstractions (>= 1.0) - restriction: && (< monoandroid4.4) (< net35) (>= netstandard1.3) (< netstandard1.5)
      NETStandard.Library (>= 1.6) - restriction: || (&& (< monoandroid4.4) (< net35) (>= netstandard1.3) (< netstandard1.5)) (&& (< monoandroid4.4) (< net35) (>= netstandard1.5) (< netstandard2.0))
      System.Collections.NonGeneric (>= 4.0.1) - restriction: && (< monoandroid4.4) (< net35) (>= netstandard1.3) (< netstandard1.5)
      System.ComponentModel.Primitives (>= 4.1) - restriction: || (&& (< monoandroid4.4) (< net35) (>= netstandard1.3) (< netstandard1.5)) (&& (< monoandroid4.4) (< net35) (>= netstandard1.5) (< netstandard2.0))
      System.ComponentModel.TypeConverter (>= 4.1) - restriction: && (< monoandroid4.4) (< net35) (>= netstandard1.5) (< netstandard2.0)
      System.Data.Common (>= 4.1) - restriction: || (&& (< monoandroid4.4) (< net35) (>= netstandard1.3) (< netstandard1.5)) (&& (< monoandroid4.4) (< net35) (>= netstandard1.5) (< netstandard2.0))
      System.Diagnostics.Process (>= 4.1) - restriction: && (< monoandroid4.4) (< net35) (>= netstandard1.5) (< netstandard2.0)
      System.Diagnostics.StackTrace (>= 4.0.1) - restriction: || (&& (< monoandroid4.4) (< net35) (>= netstandard1.3) (< netstandard1.5)) (&& (< monoandroid4.4) (< net35) (>= netstandard1.5) (< netstandard2.0))
      System.Diagnostics.TraceSource (>= 4.0) - restriction: && (< monoandroid4.4) (< net35) (>= netstandard1.5) (< netstandard2.0)
      System.IO.FileSystem.Watcher (>= 4.0) - restriction: && (< monoandroid4.4) (< net35) (>= netstandard1.5) (< netstandard2.0)
      System.Net.NameResolution (>= 4.0) - restriction: || (&& (< monoandroid4.4) (< net35) (>= netstandard1.3) (< netstandard1.5)) (&& (< monoandroid4.4) (< net35) (>= netstandard1.5) (< netstandard2.0))
      System.Net.Requests (>= 4.0.11) - restriction: || (&& (< monoandroid4.4) (< net35) (>= netstandard1.3) (< netstandard1.5)) (&& (< monoandroid4.4) (< net35) (>= netstandard1.5) (< netstandard2.0))
      System.Reflection.TypeExtensions (>= 4.1) - restriction: || (&& (< monoandroid4.4) (< net35) (>= netstandard1.3) (< netstandard1.5)) (&& (< monoandroid4.4) (< net35) (>= netstandard1.5) (< netstandard2.0))
      System.Runtime.Loader (>= 4.0) - restriction: && (< monoandroid4.4) (< net35) (>= netstandard1.5) (< netstandard2.0)
      System.Threading.Thread (>= 4.0) - restriction: && (< monoandroid4.4) (< net35) (>= netstandard1.5) (< netstandard2.0)
      System.Xml.XmlDocument (>= 4.0.1) - restriction: || (&& (< monoandroid4.4) (< net35) (>= netstandard1.3) (< netstandard1.5)) (&& (< monoandroid4.4) (< net35) (>= netstandard1.5) (< netstandard2.0))
    NuGet.CommandLine (4.9.3)
    Nuget.Core (2.14)
      Microsoft.Web.Xdt (>= 2.1)
    NUnit (3.11)
      NETStandard.Library (>= 1.6.1) - restriction: && (< net20) (>= netstandard1.4) (< netstandard2.0)
      NETStandard.Library (>= 2.0) - restriction: && (< net20) (>= netstandard2.0)
      System.Reflection.TypeExtensions (>= 4.4) - restriction: && (< net20) (>= netstandard1.4) (< netstandard2.0)
    NUnit.Console (3.9)
      NUnit.ConsoleRunner (>= 3.9)
      NUnit.Extension.NUnitProjectLoader (>= 3.5)
      NUnit.Extension.NUnitV2Driver (>= 3.6)
      NUnit.Extension.NUnitV2ResultWriter (>= 3.5)
      NUnit.Extension.TeamCityEventListener (>= 1.0.3)
      NUnit.Extension.VSProjectLoader (>= 3.8)
    NUnit.ConsoleRunner (3.9)
    NUnit.Extension.NUnitProjectLoader (3.6)
    NUnit.Extension.NUnitV2Driver (3.7)
    NUnit.Extension.NUnitV2ResultWriter (3.6)
    NUnit.Extension.TeamCityEventListener (1.0.5)
    NUnit.Extension.VSProjectLoader (3.8)
    Octokit (0.32)
      NETStandard.Library (>= 1.6) - restriction: && (< net45) (>= netstandard1.1)
    Paket.Core (5.198)
      Chessie (>= 0.6) - restriction: || (>= net45) (>= netstandard2.0)
      FSharp.Compiler.Tools  - restriction: >= net45
      FSharp.Core (> 4.3) - restriction: >= net45
      Mono.Cecil (>= 0.10.0-beta6) - restriction: || (>= net45) (>= netstandard2.0)
      Newtonsoft.Json  - restriction: >= net45
      Newtonsoft.Json (>= 10.0.3) - restriction: && (< net45) (>= netstandard2.0)
      System.Net.Http.WinHttpHandler (>= 4.5) - restriction: && (< net45) (>= netstandard2.0)
      System.Security.Cryptography.ProtectedData (>= 4.4) - restriction: && (< net45) (>= netstandard2.0)
    popper.js (1.14.3)
    RavenDB.Client (2.5.25040)
      Microsoft.CompilerServices.AsyncTargetingPack (>= 1.0) - restriction: < net45
    RavenDB.Server (3.5.8)
    runtime.debian.8-x64.runtime.native.System.Security.Cryptography.OpenSsl (4.3.3) - restriction: && (< monoandroid) (< monotouch) (< net45) (>= netstandard1.6) (< xamarinios) (< xamarinmac) (< xamarintvos) (< xamarinwatchos)
    runtime.debian.9-x64.runtime.native.System.Security.Cryptography.OpenSsl (4.3.3) - restriction: && (< monoandroid) (< monotouch) (< net45) (>= netstandard1.6) (< xamarinios) (< xamarinmac) (< xamarintvos) (< xamarinwatchos)
    runtime.fedora.23-x64.runtime.native.System.Security.Cryptography.OpenSsl (4.3.3) - restriction: && (< monoandroid) (< monotouch) (< net45) (>= netstandard1.6) (< xamarinios) (< xamarinmac) (< xamarintvos) (< xamarinwatchos)
    runtime.fedora.24-x64.runtime.native.System.Security.Cryptography.OpenSsl (4.3.3) - restriction: && (< monoandroid) (< monotouch) (< net45) (>= netstandard1.6) (< xamarinios) (< xamarinmac) (< xamarintvos) (< xamarinwatchos)
    runtime.fedora.27-x64.runtime.native.System.Security.Cryptography.OpenSsl (4.3.3) - restriction: && (< monoandroid) (< monotouch) (< net45) (>= netstandard1.6) (< xamarinios) (< xamarinmac) (< xamarintvos) (< xamarinwatchos)
    runtime.fedora.28-x64.runtime.native.System.Security.Cryptography.OpenSsl (4.3.3) - restriction: && (< monoandroid) (< monotouch) (< net45) (>= netstandard1.6) (< xamarinios) (< xamarinmac) (< xamarintvos) (< xamarinwatchos)
    runtime.native.System (4.3.1) - restriction: || (&& (< monoandroid) (< monotouch) (< net35) (>= netstandard1.5) (< netstandard2.0) (< xamarinmac) (< xamarintvos) (< xamarinwatchos)) (&& (< monoandroid) (< monotouch) (< net45) (>= netstandard1.3) (< win8) (< wpa81) (< xamarinios) (< xamarinmac) (< xamarintvos) (< xamarinwatchos)) (&& (< monoandroid) (< monotouch) (< net45) (>= netstandard1.6) (< xamarinios) (< xamarinmac) (< xamarintvos) (< xamarinwatchos)) (&& (< monoandroid) (< net45) (>= netstandard1.3) (< netstandard1.6) (< win8) (< wpa81)) (&& (< monoandroid) (< net45) (>= netstandard2.0) (< xamarinios))
      Microsoft.NETCore.Platforms (>= 1.1.1)
      Microsoft.NETCore.Targets (>= 1.1.3)
    runtime.native.System.Data.SqlClient.sni (4.5) - restriction: || (&& (< net40) (>= netstandard2.0) (< xamarinios)) (>= netcoreapp2.0)
      runtime.win-arm64.runtime.native.System.Data.SqlClient.sni (>= 4.4)
      runtime.win-x64.runtime.native.System.Data.SqlClient.sni (>= 4.4)
      runtime.win-x86.runtime.native.System.Data.SqlClient.sni (>= 4.4)
    runtime.native.System.IO.Compression (4.3.2) - restriction: || (&& (>= dnxcore50) (>= netstandard1.3)) (&& (< monoandroid) (< net45) (>= netstandard1.3) (< netstandard1.6) (< win8) (< wpa81))
      Microsoft.NETCore.Platforms (>= 1.1.1)
      Microsoft.NETCore.Targets (>= 1.1.3)
    runtime.native.System.Net.Http (4.3.1) - restriction: && (< monoandroid) (< monotouch) (< net45) (>= netstandard1.6) (< xamarinios) (< xamarinmac) (< xamarintvos) (< xamarinwatchos)
      Microsoft.NETCore.Platforms (>= 1.1.1)
      Microsoft.NETCore.Targets (>= 1.1.3)
    runtime.native.System.Security.Cryptography.Apple (4.3.1) - restriction: && (< net45) (>= netstandard2.0) (< xamarinios)
      runtime.osx.10.10-x64.runtime.native.System.Security.Cryptography.Apple (>= 4.3.1)
    runtime.native.System.Security.Cryptography.OpenSsl (4.3.3) - restriction: || (&& (< monoandroid) (< monotouch) (< net45) (>= netstandard1.6) (< xamarinios) (< xamarinmac) (< xamarintvos) (< xamarinwatchos)) (&& (< monoandroid) (< net45) (>= netstandard1.3) (< netstandard1.6) (< win8) (< wpa81)) (&& (< net45) (>= netstandard2.0) (< xamarinios))
      runtime.debian.8-x64.runtime.native.System.Security.Cryptography.OpenSsl (>= 4.3.3)
      runtime.debian.9-x64.runtime.native.System.Security.Cryptography.OpenSsl (>= 4.3.3)
      runtime.fedora.23-x64.runtime.native.System.Security.Cryptography.OpenSsl (>= 4.3.3)
      runtime.fedora.24-x64.runtime.native.System.Security.Cryptography.OpenSsl (>= 4.3.3)
      runtime.fedora.27-x64.runtime.native.System.Security.Cryptography.OpenSsl (>= 4.3.3)
      runtime.fedora.28-x64.runtime.native.System.Security.Cryptography.OpenSsl (>= 4.3.3)
      runtime.opensuse.13.2-x64.runtime.native.System.Security.Cryptography.OpenSsl (>= 4.3.3)
      runtime.opensuse.42.1-x64.runtime.native.System.Security.Cryptography.OpenSsl (>= 4.3.3)
      runtime.opensuse.42.3-x64.runtime.native.System.Security.Cryptography.OpenSsl (>= 4.3.3)
      runtime.osx.10.10-x64.runtime.native.System.Security.Cryptography.OpenSsl (>= 4.3.3)
      runtime.rhel.7-x64.runtime.native.System.Security.Cryptography.OpenSsl (>= 4.3.3)
      runtime.ubuntu.14.04-x64.runtime.native.System.Security.Cryptography.OpenSsl (>= 4.3.3)
      runtime.ubuntu.16.04-x64.runtime.native.System.Security.Cryptography.OpenSsl (>= 4.3.3)
      runtime.ubuntu.16.10-x64.runtime.native.System.Security.Cryptography.OpenSsl (>= 4.3.3)
      runtime.ubuntu.18.04-x64.runtime.native.System.Security.Cryptography.OpenSsl (>= 4.3.3)
    runtime.opensuse.13.2-x64.runtime.native.System.Security.Cryptography.OpenSsl (4.3.3) - restriction: && (< monoandroid) (< monotouch) (< net45) (>= netstandard1.6) (< xamarinios) (< xamarinmac) (< xamarintvos) (< xamarinwatchos)
    runtime.opensuse.42.1-x64.runtime.native.System.Security.Cryptography.OpenSsl (4.3.3) - restriction: && (< monoandroid) (< monotouch) (< net45) (>= netstandard1.6) (< xamarinios) (< xamarinmac) (< xamarintvos) (< xamarinwatchos)
    runtime.opensuse.42.3-x64.runtime.native.System.Security.Cryptography.OpenSsl (4.3.3) - restriction: && (< monoandroid) (< monotouch) (< net45) (>= netstandard1.6) (< xamarinios) (< xamarinmac) (< xamarintvos) (< xamarinwatchos)
    runtime.osx.10.10-x64.runtime.native.System.Security.Cryptography.Apple (4.3.1) - restriction: && (< net45) (>= netstandard2.0) (< xamarinios)
    runtime.osx.10.10-x64.runtime.native.System.Security.Cryptography.OpenSsl (4.3.3) - restriction: && (< monoandroid) (< monotouch) (< net45) (>= netstandard1.6) (< xamarinios) (< xamarinmac) (< xamarintvos) (< xamarinwatchos)
    runtime.rhel.7-x64.runtime.native.System.Security.Cryptography.OpenSsl (4.3.3) - restriction: && (< monoandroid) (< monotouch) (< net45) (>= netstandard1.6) (< xamarinios) (< xamarinmac) (< xamarintvos) (< xamarinwatchos)
    runtime.ubuntu.14.04-x64.runtime.native.System.Security.Cryptography.OpenSsl (4.3.3) - restriction: && (< monoandroid) (< monotouch) (< net45) (>= netstandard1.6) (< xamarinios) (< xamarinmac) (< xamarintvos) (< xamarinwatchos)
    runtime.ubuntu.16.04-x64.runtime.native.System.Security.Cryptography.OpenSsl (4.3.3) - restriction: && (< monoandroid) (< monotouch) (< net45) (>= netstandard1.6) (< xamarinios) (< xamarinmac) (< xamarintvos) (< xamarinwatchos)
    runtime.ubuntu.16.10-x64.runtime.native.System.Security.Cryptography.OpenSsl (4.3.3) - restriction: && (< monoandroid) (< monotouch) (< net45) (>= netstandard1.6) (< xamarinios) (< xamarinmac) (< xamarintvos) (< xamarinwatchos)
    runtime.ubuntu.18.04-x64.runtime.native.System.Security.Cryptography.OpenSsl (4.3.3) - restriction: && (< monoandroid) (< monotouch) (< net45) (>= netstandard1.6) (< xamarinios) (< xamarinmac) (< xamarintvos) (< xamarinwatchos)
    runtime.win-arm64.runtime.native.System.Data.SqlClient.sni (4.4) - restriction: || (&& (< net40) (>= netstandard2.0) (< xamarinios)) (>= netcoreapp2.0)
    runtime.win-x64.runtime.native.System.Data.SqlClient.sni (4.4) - restriction: || (&& (< net40) (>= netstandard2.0) (< xamarinios)) (>= netcoreapp2.0)
    runtime.win-x86.runtime.native.System.Data.SqlClient.sni (4.4) - restriction: || (&& (< net40) (>= netstandard2.0) (< xamarinios)) (>= netcoreapp2.0)
    Serilog (1.5.14)
    serilog.sinks.nlog (1.5.4)
      NLog (>= 3.0)
      Serilog (>= 1.4.204 < 2.0)
    SSH.NET (2016.1)
      Microsoft.CSharp (>= 4.0.1) - restriction: && (< net35) (>= netstandard1.3) (< uap10.0)
      SshNet.Security.Cryptography (1.2) - restriction: || (&& (< net35) (>= netstandard1.3)) (>= sl4) (>= uap10.0) (>= wp71)
      System.Diagnostics.Debug (>= 4.0.11) - restriction: && (< net35) (>= netstandard1.3) (< uap10.0)
      System.Diagnostics.Tools (>= 4.0.1) - restriction: && (< net35) (>= netstandard1.3) (< uap10.0)
      System.Diagnostics.TraceSource (>= 4.0) - restriction: && (< net35) (>= netstandard1.3) (< uap10.0)
      System.Globalization (>= 4.0.11) - restriction: && (< net35) (>= netstandard1.3) (< uap10.0)
      System.IO (>= 4.1) - restriction: && (< net35) (>= netstandard1.3) (< uap10.0)
      System.IO.FileSystem (>= 4.0.1) - restriction: && (< net35) (>= netstandard1.3) (< uap10.0)
      System.IO.FileSystem.Primitives (>= 4.0.1) - restriction: && (< net35) (>= netstandard1.3) (< uap10.0)
      System.Linq (>= 4.1) - restriction: && (< net35) (>= netstandard1.3) (< uap10.0)
      System.Net.NameResolution (>= 4.0) - restriction: && (< net35) (>= netstandard1.3) (< uap10.0)
      System.Net.Sockets (>= 4.1) - restriction: && (< net35) (>= netstandard1.3) (< uap10.0)
      System.Reflection.Extensions (>= 4.0.1) - restriction: && (< net35) (>= netstandard1.3) (< uap10.0)
      System.Runtime.Extensions (>= 4.1) - restriction: && (< net35) (>= netstandard1.3) (< uap10.0)
      System.Security.Cryptography.Algorithms (>= 4.2) - restriction: && (< net35) (>= netstandard1.3) (< uap10.0)
      System.Text.RegularExpressions (>= 4.1) - restriction: && (< net35) (>= netstandard1.3) (< uap10.0)
      System.Threading (>= 4.0.11) - restriction: && (< net35) (>= netstandard1.3) (< uap10.0)
      System.Threading.Thread (>= 4.0) - restriction: && (< net35) (>= netstandard1.3) (< uap10.0)
      System.Threading.ThreadPool (>= 4.0.10) - restriction: && (< net35) (>= netstandard1.3) (< uap10.0)
      System.Threading.Timer (>= 4.0.1) - restriction: && (< net35) (>= netstandard1.3) (< uap10.0)
      System.Xml.XmlDocument (>= 4.0.1) - restriction: && (< net35) (>= netstandard1.3) (< uap10.0)
      System.Xml.XPath.XmlDocument (>= 4.0.1) - restriction: || (&& (< net35) (>= netstandard1.3)) (>= uap10.0)
    SshNet.Security.Cryptography (1.2) - restriction: || (&& (< net35) (>= netstandard1.3)) (>= sl4) (>= uap10.0) (>= wp71)
      System.IO (>= 4.1) - restriction: || (&& (< net20) (>= netstandard1.0) (< portable-net45+win8+wpa81) (< wp71)) (&& (< net20) (>= netstandard1.3)) (>= uap10.0)
      System.Security.Cryptography.Primitives (>= 4.0) - restriction: || (&& (< net20) (>= netstandard1.3)) (>= uap10.0)
    System.AppContext (4.3) - restriction: || (&& (< net20) (>= net46) (< netstandard1.4) (>= netstandard2.0)) (&& (< net20) (>= netstandard1.4) (< netstandard1.5) (< win8) (< wpa81)) (&& (< net20) (< netstandard1.4) (>= netstandard2.0) (< win8) (< wpa81)) (&& (< net20) (>= netstandard1.5) (< netstandard1.6) (< win8) (< wpa81)) (&& (< net20) (< netstandard1.5) (>= netstandard2.0) (< win8) (< wpa81)) (&& (< net20) (>= netstandard1.6) (< netstandard2.0) (< win8) (< wpa81)) (&& (< net20) (< netstandard1.6) (>= netstandard2.0) (< win8) (< wpa81)) (&& (< net45) (>= netstandard1.3)) (&& (< netstandard1.5) (>= netstandard2.0) (>= uap10.0)) (&& (< netstandard1.5) (>= uap10.0) (< uap10.1))
      System.Runtime (>= 4.3) - restriction: || (>= dnxcore50) (&& (< monoandroid) (< net46) (>= netstandard1.3) (< netstandard1.6)) (&& (< monotouch) (< net46) (>= netstandard1.6) (< xamarinios) (< xamarinmac) (< xamarintvos) (< xamarinwatchos))
    System.Buffers (4.5) - restriction: || (&& (>= dnxcore50) (>= netstandard1.3)) (&& (< monoandroid) (< monotouch) (< net20) (>= netstandard1.6) (< netstandard2.0) (< win8) (< wpa81) (< xamarinmac) (< xamarintvos) (< xamarinwatchos)) (&& (< monoandroid) (< net20) (>= netstandard1.4) (< netstandard1.5) (< win8) (< wpa81)) (&& (< monoandroid) (< net20) (< netstandard1.4) (>= netstandard2.0) (< win8) (< wpa81)) (&& (< monoandroid) (< net20) (>= netstandard1.5) (< netstandard1.6) (< win8) (< wpa81)) (&& (< monoandroid) (< net20) (< netstandard1.5) (>= netstandard2.0) (< win8) (< wpa81)) (&& (< monoandroid) (< net20) (< netstandard1.6) (>= netstandard2.0) (< win8) (< wpa81)) (&& (< monoandroid) (< net45) (>= netstandard1.3) (< netstandard1.6) (< win8) (< wpa81)) (&& (< net20) (>= net46) (< netstandard1.4) (>= netstandard2.0)) (&& (< net40) (< netcoreapp2.0) (>= netstandard2.0) (< xamarinios)) (&& (< net45) (< netcoreapp2.0) (>= netstandard2.0)) (&& (< netstandard1.5) (>= netstandard2.0) (>= uap10.0)) (&& (< netstandard1.5) (>= uap10.0) (< uap10.1))
    System.Collections (4.3) - restriction: || (>= dnxcore50) (&& (< monoandroid) (< monotouch) (< net20) (>= netstandard1.3) (< netstandard2.0) (< xamarinmac) (< xamarintvos) (< xamarinwatchos)) (&& (< monoandroid) (< monotouch) (< net20) (>= netstandard1.4) (< netstandard2.0) (< xamarinmac) (< xamarintvos) (< xamarinwatchos)) (&& (< monoandroid) (< monotouch) (< net20) (>= netstandard1.5) (< netstandard2.0) (< win8) (< wpa81) (< xamarinmac) (< xamarintvos) (< xamarinwatchos)) (&& (< monoandroid) (< monotouch) (< net35) (>= netstandard1.5) (< netstandard2.0) (< xamarinmac) (< xamarintvos) (< xamarinwatchos)) (&& (< monoandroid) (< monotouch) (< net45) (>= netstandard1.6) (< xamarinios) (< xamarinmac) (< xamarintvos) (< xamarinwatchos)) (&& (< monoandroid) (< net20) (>= netstandard1.0) (< netstandard1.3) (< win8) (< wp8) (< wpa81)) (&& (< monoandroid) (< net20) (>= netstandard1.3) (< netstandard1.5) (< win8) (< wpa81)) (&& (< monoandroid) (< net20) (< netstandard1.3) (>= netstandard1.5) (< win8) (< wpa81)) (&& (< monoandroid) (< net45) (>= netstandard1.3) (< netstandard1.6) (< win8) (< wpa81)) (&& (< monoandroid) (< net45) (< netstandard1.3) (>= netstandard1.6) (< win8) (< wpa81)) (&& (< net20) (< netstandard1.2) (>= netstandard1.4) (< win8)) (&& (< net20) (< netstandard1.2) (>= netstandard2.0) (< win8)) (&& (< net20) (< netstandard1.3) (>= netstandard1.4) (< win8) (< wpa81)) (&& (< net20) (< netstandard1.3) (>= netstandard2.0) (< win8) (< wpa81)) (&& (< net20) (>= netstandard1.4) (< netstandard1.5) (< win8) (< wpa81)) (&& (< net20) (>= netstandard1.4) (< portable-net45+win8+wpa81)) (&& (< net20) (< netstandard1.4) (>= netstandard2.0) (< win8) (< wpa81)) (&& (< net20) (>= netstandard1.5) (< netstandard1.6) (< win8) (< wpa81)) (&& (< net20) (< netstandard1.5) (>= netstandard2.0) (< win8) (< wpa81)) (&& (< net20) (>= netstandard1.6) (< netstandard2.0) (< win8) (< wpa81)) (&& (< net20) (< netstandard1.6) (>= netstandard2.0) (< win8) (< wpa81)) (&& (< net20) (>= netstandard2.0) (< portable-net45+win8+wpa81)) (&& (< net35) (>= netstandard1.3)) (&& (< net45) (>= netstandard1.6) (< netstandard2.0)) (&& (< net45) (>= netstandard2.0) (< xamarinios)) (>= uap10.0)
      Microsoft.NETCore.Platforms (>= 1.1) - restriction: || (>= dnxcore50) (&& (< monoandroid) (< monotouch) (< net45) (>= netstandard1.3) (< win8) (< wpa81) (< xamarinios) (< xamarinmac) (< xamarintvos) (< xamarinwatchos)) (&& (< monoandroid) (< net45) (>= netstandard1.0) (< netstandard1.3) (< win8) (< wp8) (< wpa81))
      Microsoft.NETCore.Targets (>= 1.1) - restriction: || (>= dnxcore50) (&& (< monoandroid) (< monotouch) (< net45) (>= netstandard1.3) (< win8) (< wpa81) (< xamarinios) (< xamarinmac) (< xamarintvos) (< xamarinwatchos)) (&& (< monoandroid) (< net45) (>= netstandard1.0) (< netstandard1.3) (< win8) (< wp8) (< wpa81))
      System.Runtime (>= 4.3) - restriction: || (>= dnxcore50) (&& (< monoandroid) (< monotouch) (< net45) (>= netstandard1.3) (< win8) (< wpa81) (< xamarinios) (< xamarinmac) (< xamarintvos) (< xamarinwatchos)) (&& (< monoandroid) (< net45) (>= netstandard1.0) (< netstandard1.3) (< win8) (< wp8) (< wpa81))
    System.Collections.Concurrent (4.3) - restriction: || (&& (>= dnxcore50) (>= netstandard1.6)) (&& (< monoandroid) (< monotouch) (< net45) (>= netstandard1.6) (< netstandard2.0) (< win8) (< wpa81) (< xamarinmac) (< xamarintvos) (< xamarinwatchos)) (&& (< monoandroid) (< monotouch) (< net45) (>= netstandard1.6) (< xamarinios) (< xamarinmac) (< xamarintvos) (< xamarinwatchos)) (&& (< monoandroid) (< net45) (>= netstandard1.3) (< netstandard1.6) (< win8) (< wpa81)) (&& (< monoandroid) (< net45) (< netstandard1.3) (>= netstandard1.6) (< win8) (< wpa81)) (&& (< net20) (< netstandard1.2) (>= netstandard1.4) (< win8)) (&& (< net20) (< netstandard1.2) (>= netstandard2.0) (< win8)) (&& (< net20) (< netstandard1.3) (>= netstandard1.4) (< win8) (< wpa81)) (&& (< net20) (< netstandard1.3) (>= netstandard2.0) (< win8) (< wpa81)) (&& (< net20) (>= netstandard1.4) (< netstandard1.5) (< win8) (< wpa81)) (&& (< net20) (< netstandard1.4) (>= netstandard2.0) (< win8) (< wpa81)) (&& (< net20) (>= netstandard1.5) (< netstandard1.6) (< win8) (< wpa81)) (&& (< net20) (< netstandard1.5) (>= netstandard2.0) (< win8) (< wpa81)) (&& (< net20) (>= netstandard1.6) (< netstandard2.0) (< win8) (< wpa81)) (&& (< net20) (< netstandard1.6) (>= netstandard2.0) (< win8) (< wpa81)) (&& (< netstandard1.5) (>= netstandard2.0) (>= uap10.0)) (&& (< netstandard1.5) (>= uap10.0) (< uap10.1))
      System.Collections (>= 4.3) - restriction: || (>= dnxcore50) (&& (< monoandroid) (< monotouch) (< net45) (>= netstandard1.3) (< win8) (< wpa81) (< xamarinios) (< xamarinmac) (< xamarintvos) (< xamarinwatchos))
      System.Diagnostics.Debug (>= 4.3) - restriction: || (>= dnxcore50) (&& (< monoandroid) (< monotouch) (< net45) (>= netstandard1.3) (< win8) (< wpa81) (< xamarinios) (< xamarinmac) (< xamarintvos) (< xamarinwatchos))
      System.Diagnostics.Tracing (>= 4.3) - restriction: || (>= dnxcore50) (&& (< monoandroid) (< monotouch) (< net45) (>= netstandard1.3) (< win8) (< wpa81) (< xamarinios) (< xamarinmac) (< xamarintvos) (< xamarinwatchos))
      System.Globalization (>= 4.3) - restriction: || (>= dnxcore50) (&& (< monoandroid) (< monotouch) (< net45) (>= netstandard1.3) (< win8) (< wpa81) (< xamarinios) (< xamarinmac) (< xamarintvos) (< xamarinwatchos))
      System.Reflection (>= 4.3) - restriction: && (< monoandroid) (< monotouch) (< net45) (>= netstandard1.3) (< win8) (< wpa81) (< xamarinios) (< xamarinmac) (< xamarintvos) (< xamarinwatchos)
      System.Resources.ResourceManager (>= 4.3) - restriction: || (>= dnxcore50) (&& (< monoandroid) (< monotouch) (< net45) (>= netstandard1.3) (< win8) (< wpa81) (< xamarinios) (< xamarinmac) (< xamarintvos) (< xamarinwatchos))
      System.Runtime (>= 4.3) - restriction: || (>= dnxcore50) (&& (< monoandroid) (< monotouch) (< net45) (>= netstandard1.3) (< win8) (< wpa81) (< xamarinios) (< xamarinmac) (< xamarintvos) (< xamarinwatchos)) (&& (< monoandroid) (< net45) (>= netstandard1.1) (< netstandard1.3) (< win8) (< wpa81))
      System.Runtime.Extensions (>= 4.3) - restriction: || (>= dnxcore50) (&& (< monoandroid) (< monotouch) (< net45) (>= netstandard1.3) (< win8) (< wpa81) (< xamarinios) (< xamarinmac) (< xamarintvos) (< xamarinwatchos))
      System.Threading (>= 4.3) - restriction: || (>= dnxcore50) (&& (< monoandroid) (< monotouch) (< net45) (>= netstandard1.3) (< win8) (< wpa81) (< xamarinios) (< xamarinmac) (< xamarintvos) (< xamarinwatchos))
      System.Threading.Tasks (>= 4.3) - restriction: || (>= dnxcore50) (&& (< monoandroid) (< monotouch) (< net45) (>= netstandard1.3) (< win8) (< wpa81) (< xamarinios) (< xamarinmac) (< xamarintvos) (< xamarinwatchos)) (&& (< monoandroid) (< net45) (>= netstandard1.1) (< netstandard1.3) (< win8) (< wpa81))
    System.Collections.Immutable (1.5) - restriction: || (>= net45) (>= netstandard2.0)
    System.Collections.NonGeneric (4.3) - redirects: force, restriction: || (&& (< monoandroid) (< monotouch) (< net20) (>= netstandard1.5) (< netstandard2.0) (< win8) (< wpa81) (< xamarinmac) (< xamarintvos) (< xamarinwatchos)) (&& (< monoandroid) (< net20) (< netstandard1.3) (>= netstandard1.5) (< win8) (< wpa81)) (&& (< monoandroid4.4) (< net35) (>= netstandard1.3) (< netstandard1.5)) (&& (< net20) (>= net462) (< netstandard1.3)) (&& (< net20) (>= net462) (< netstandard2.0))
      System.Diagnostics.Debug (>= 4.3) - restriction: && (< monoandroid) (< monotouch) (< net46) (>= netstandard1.3) (< xamarinios) (< xamarinmac) (< xamarintvos) (< xamarinwatchos)
      System.Globalization (>= 4.3) - restriction: && (< monoandroid) (< monotouch) (< net46) (>= netstandard1.3) (< xamarinios) (< xamarinmac) (< xamarintvos) (< xamarinwatchos)
      System.Resources.ResourceManager (>= 4.3) - restriction: && (< monoandroid) (< monotouch) (< net46) (>= netstandard1.3) (< xamarinios) (< xamarinmac) (< xamarintvos) (< xamarinwatchos)
      System.Runtime (>= 4.3) - restriction: && (< monoandroid) (< monotouch) (< net46) (>= netstandard1.3) (< xamarinios) (< xamarinmac) (< xamarintvos) (< xamarinwatchos)
      System.Runtime.Extensions (>= 4.3) - restriction: && (< monoandroid) (< monotouch) (< net46) (>= netstandard1.3) (< xamarinios) (< xamarinmac) (< xamarintvos) (< xamarinwatchos)
      System.Threading (>= 4.3) - restriction: && (< monoandroid) (< monotouch) (< net46) (>= netstandard1.3) (< xamarinios) (< xamarinmac) (< xamarintvos) (< xamarinwatchos)
    System.Collections.Specialized (4.3) - redirects: force, restriction: || (&& (< monoandroid) (< monotouch) (< net20) (>= netstandard1.5) (< netstandard2.0) (< win8) (< wpa81) (< xamarinmac) (< xamarintvos) (< xamarinwatchos)) (&& (< monoandroid) (< net20) (< netstandard1.3) (>= netstandard1.5) (< win8) (< wpa81))
      System.Collections.NonGeneric (>= 4.3) - restriction: && (< monoandroid) (< monotouch) (< net46) (>= netstandard1.3) (< xamarinios) (< xamarinmac) (< xamarintvos) (< xamarinwatchos)
      System.Globalization (>= 4.3) - restriction: && (< monoandroid) (< monotouch) (< net46) (>= netstandard1.3) (< xamarinios) (< xamarinmac) (< xamarintvos) (< xamarinwatchos)
      System.Globalization.Extensions (>= 4.3) - restriction: && (< monoandroid) (< monotouch) (< net46) (>= netstandard1.3) (< xamarinios) (< xamarinmac) (< xamarintvos) (< xamarinwatchos)
      System.Resources.ResourceManager (>= 4.3) - restriction: && (< monoandroid) (< monotouch) (< net46) (>= netstandard1.3) (< xamarinios) (< xamarinmac) (< xamarintvos) (< xamarinwatchos)
      System.Runtime (>= 4.3) - restriction: && (< monoandroid) (< monotouch) (< net46) (>= netstandard1.3) (< xamarinios) (< xamarinmac) (< xamarintvos) (< xamarinwatchos)
      System.Runtime.Extensions (>= 4.3) - restriction: && (< monoandroid) (< monotouch) (< net46) (>= netstandard1.3) (< xamarinios) (< xamarinmac) (< xamarintvos) (< xamarinwatchos)
      System.Threading (>= 4.3) - restriction: && (< monoandroid) (< monotouch) (< net46) (>= netstandard1.3) (< xamarinios) (< xamarinmac) (< xamarintvos) (< xamarinwatchos)
    System.ComponentModel (4.3) - redirects: force, restriction: || (&& (< monoandroid) (< monotouch) (< net20) (>= netstandard1.5) (< netstandard2.0) (< win8) (< wpa81) (< xamarinmac) (< xamarintvos) (< xamarinwatchos)) (&& (< monoandroid) (< net20) (>= netstandard1.0) (< netstandard1.3) (< win8) (< wp8) (< wpa81)) (&& (< monoandroid) (< net20) (>= netstandard1.3) (< netstandard1.5) (< win8) (< wpa81)) (&& (< monoandroid) (< net20) (< netstandard1.3) (>= netstandard1.5) (< win8) (< wpa81)) (&& (>= net46) (>= uap10.0)) (&& (>= netstandard2.0) (>= uap10.0))
      System.Runtime (>= 4.3) - restriction: || (>= dnxcore50) (&& (< monoandroid) (< monotouch) (< net45) (>= netstandard1.3) (< win8) (< wpa81) (< xamarinios) (< xamarinmac) (< xamarintvos) (< xamarinwatchos)) (&& (< monoandroid) (< net45) (>= netstandard1.0) (< netstandard1.3) (< win8) (< wp8) (< wpa81))
    System.ComponentModel.Primitives (4.3) - redirects: force, restriction: || (&& (< monoandroid) (< monotouch) (< net20) (>= netstandard1.5) (< netstandard2.0) (< win8) (< xamarinmac) (< xamarintvos) (< xamarinwatchos)) (&& (< monoandroid) (< net20) (>= netstandard1.0) (< netstandard1.3) (< win8)) (&& (< monoandroid) (< net20) (>= netstandard1.3) (< netstandard1.5) (< win8)) (&& (< monoandroid) (< net20) (< netstandard1.3) (>= netstandard1.5) (< win8)) (&& (< monoandroid4.4) (< net35) (>= netstandard1.3) (< netstandard1.5)) (&& (< monoandroid4.4) (< net35) (>= netstandard1.5) (< netstandard2.0)) (&& (< net20) (>= net45) (>= netstandard1.3) (< netstandard1.5)) (&& (< net20) (>= net45) (< netstandard1.3)) (&& (< net20) (>= net462) (< netstandard1.3)) (&& (< net20) (>= net462) (< netstandard2.0)) (&& (< netstandard1.0) (>= netstandard1.3) (>= win8)) (&& (>= netstandard1.3) (< netstandard2.0) (>= wpa81)) (&& (< netstandard1.3) (>= wpa81)) (>= wp8)
      System.ComponentModel (>= 4.3) - restriction: && (< monoandroid) (< monotouch) (< net45) (>= netstandard1.0) (< win8) (< wp8) (< wpa81) (< xamarinios) (< xamarinmac) (< xamarintvos) (< xamarinwatchos)
      System.Resources.ResourceManager (>= 4.3) - restriction: && (< monoandroid) (< monotouch) (< net45) (>= netstandard1.0) (< win8) (< wp8) (< wpa81) (< xamarinios) (< xamarinmac) (< xamarintvos) (< xamarinwatchos)
      System.Runtime (>= 4.3) - restriction: && (< monoandroid) (< monotouch) (< net45) (>= netstandard1.0) (< win8) (< wp8) (< wpa81) (< xamarinios) (< xamarinmac) (< xamarintvos) (< xamarinwatchos)
    System.ComponentModel.TypeConverter (4.3) - redirects: force, restriction: || (&& (< monoandroid4.4) (< net35) (>= netstandard1.5) (< netstandard2.0)) (&& (< net20) (>= netstandard1.0) (< netstandard1.3)) (&& (< net20) (>= netstandard1.3) (< netstandard2.0))
      System.Collections (>= 4.3) - restriction: || (&& (< monoandroid) (< monotouch) (< net45) (>= netstandard1.5) (< win8) (< wpa81) (< xamarinios) (< xamarinmac) (< xamarintvos) (< xamarinwatchos)) (&& (< monoandroid) (< net45) (>= netstandard1.0) (< netstandard1.5) (< win8) (< wp8) (< wpa81))
      System.Collections.NonGeneric (>= 4.3) - restriction: || (&& (< monoandroid) (< monotouch) (< net45) (>= netstandard1.5) (< win8) (< wpa81) (< xamarinios) (< xamarinmac) (< xamarintvos) (< xamarinwatchos)) (>= net462)
      System.Collections.Specialized (>= 4.3) - restriction: && (< monoandroid) (< monotouch) (< net45) (>= netstandard1.5) (< win8) (< wpa81) (< xamarinios) (< xamarinmac) (< xamarintvos) (< xamarinwatchos)
      System.ComponentModel (>= 4.3) - restriction: || (&& (< monoandroid) (< monotouch) (< net45) (>= netstandard1.5) (< win8) (< wpa81) (< xamarinios) (< xamarinmac) (< xamarintvos) (< xamarinwatchos)) (&& (< monoandroid) (< net45) (>= netstandard1.0) (< netstandard1.5) (< win8) (< wp8) (< wpa81))
      System.ComponentModel.Primitives (>= 4.3) - restriction: || (&& (< monoandroid) (< monotouch) (< net45) (>= netstandard1.5) (< win8) (< xamarinios) (< xamarinmac) (< xamarintvos) (< xamarinwatchos)) (&& (< monoandroid) (< net45) (>= netstandard1.0) (< netstandard1.5) (< win8)) (&& (>= net45) (< netstandard1.5)) (>= net462) (&& (< netstandard1.0) (>= win8)) (>= wp8) (>= wpa81)
      System.Globalization (>= 4.3) - restriction: || (&& (< monoandroid) (< monotouch) (< net45) (>= netstandard1.5) (< win8) (< wpa81) (< xamarinios) (< xamarinmac) (< xamarintvos) (< xamarinwatchos)) (&& (< monoandroid) (< net45) (>= netstandard1.0) (< netstandard1.5) (< win8) (< wp8) (< wpa81))
      System.Linq (>= 4.3) - restriction: && (< monoandroid) (< monotouch) (< net45) (>= netstandard1.5) (< win8) (< wpa81) (< xamarinios) (< xamarinmac) (< xamarintvos) (< xamarinwatchos)
      System.Reflection (>= 4.3) - restriction: || (&& (< monoandroid) (< monotouch) (< net45) (>= netstandard1.5) (< win8) (< wpa81) (< xamarinios) (< xamarinmac) (< xamarintvos) (< xamarinwatchos)) (&& (< monoandroid) (< net45) (>= netstandard1.0) (< netstandard1.5) (< win8) (< wp8) (< wpa81))
      System.Reflection.Extensions (>= 4.3) - restriction: || (&& (< monoandroid) (< monotouch) (< net45) (>= netstandard1.5) (< win8) (< wpa81) (< xamarinios) (< xamarinmac) (< xamarintvos) (< xamarinwatchos)) (&& (< monoandroid) (< net45) (>= netstandard1.0) (< netstandard1.5) (< win8) (< wp8) (< wpa81))
      System.Reflection.Primitives (>= 4.3) - restriction: || (&& (< monoandroid) (< monotouch) (< net45) (>= netstandard1.5) (< win8) (< wpa81) (< xamarinios) (< xamarinmac) (< xamarintvos) (< xamarinwatchos)) (&& (< monoandroid) (< net45) (>= netstandard1.0) (< netstandard1.5) (< win8) (< wp8) (< wpa81))
      System.Reflection.TypeExtensions (>= 4.3) - restriction: && (< monoandroid) (< monotouch) (< net45) (>= netstandard1.5) (< win8) (< wpa81) (< xamarinios) (< xamarinmac) (< xamarintvos) (< xamarinwatchos)
      System.Resources.ResourceManager (>= 4.3) - restriction: || (&& (< monoandroid) (< monotouch) (< net45) (>= netstandard1.5) (< win8) (< wpa81) (< xamarinios) (< xamarinmac) (< xamarintvos) (< xamarinwatchos)) (&& (< monoandroid) (< net45) (>= netstandard1.0) (< netstandard1.5) (< win8) (< wp8) (< wpa81))
      System.Runtime (>= 4.3) - restriction: || (&& (< monoandroid) (< monotouch) (< net45) (>= netstandard1.5) (< win8) (< wpa81) (< xamarinios) (< xamarinmac) (< xamarintvos) (< xamarinwatchos)) (&& (< monoandroid) (< net45) (>= netstandard1.0) (< netstandard1.5) (< win8) (< wp8) (< wpa81))
      System.Runtime.Extensions (>= 4.3) - restriction: || (&& (< monoandroid) (< monotouch) (< net45) (>= netstandard1.5) (< win8) (< wpa81) (< xamarinios) (< xamarinmac) (< xamarintvos) (< xamarinwatchos)) (&& (< monoandroid) (< net45) (>= netstandard1.0) (< netstandard1.5) (< win8) (< wp8) (< wpa81))
      System.Threading (>= 4.3) - restriction: || (&& (< monoandroid) (< monotouch) (< net45) (>= netstandard1.5) (< win8) (< wpa81) (< xamarinios) (< xamarinmac) (< xamarintvos) (< xamarinwatchos)) (&& (< monoandroid) (< net45) (>= netstandard1.0) (< netstandard1.5) (< win8) (< wp8) (< wpa81))
    System.Configuration.ConfigurationManager (4.5) - restriction: && (< net45) (>= netstandard2.0)
      System.Security.Cryptography.ProtectedData (>= 4.5) - restriction: && (< net461) (>= netstandard2.0) (< xamarinios)
      System.Security.Permissions (>= 4.5) - restriction: || (>= monoandroid) (>= monotouch) (>= net461) (>= netstandard2.0) (>= xamarinmac) (>= xamarintvos) (>= xamarinwatchos)
    System.Console (4.3.1) - redirects: force, restriction: || (&& (< net20) (>= net46) (< netstandard1.4) (>= netstandard2.0)) (&& (< net20) (>= netstandard1.4) (< netstandard1.5) (< win8) (< wpa81)) (&& (< net20) (< netstandard1.4) (>= netstandard2.0) (< win8) (< wpa81)) (&& (< net20) (>= netstandard1.5) (< netstandard1.6) (< win8) (< wpa81)) (&& (< net20) (< netstandard1.5) (>= netstandard2.0) (< win8) (< wpa81)) (&& (< net20) (>= netstandard1.6) (< netstandard2.0) (< win8) (< wpa81)) (&& (< net20) (< netstandard1.6) (>= netstandard2.0) (< win8) (< wpa81)) (&& (< net45) (>= netstandard1.6) (< netstandard2.0)) (&& (< netstandard1.5) (>= netstandard2.0) (>= uap10.0)) (&& (< netstandard1.5) (>= uap10.0) (< uap10.1))
      Microsoft.NETCore.Platforms (>= 1.1) - restriction: && (< monoandroid) (< monotouch) (< net46) (>= netstandard1.3) (< xamarinios) (< xamarinmac) (< xamarintvos) (< xamarinwatchos)
      Microsoft.NETCore.Targets (>= 1.1.2) - restriction: && (< monoandroid) (< monotouch) (< net46) (>= netstandard1.3) (< xamarinios) (< xamarinmac) (< xamarintvos) (< xamarinwatchos)
      System.IO (>= 4.3) - restriction: && (< monoandroid) (< monotouch) (< net46) (>= netstandard1.3) (< xamarinios) (< xamarinmac) (< xamarintvos) (< xamarinwatchos)
      System.Runtime (>= 4.3) - restriction: && (< monoandroid) (< monotouch) (< net46) (>= netstandard1.3) (< xamarinios) (< xamarinmac) (< xamarintvos) (< xamarinwatchos)
      System.Text.Encoding (>= 4.3) - restriction: && (< monoandroid) (< monotouch) (< net46) (>= netstandard1.3) (< xamarinios) (< xamarinmac) (< xamarintvos) (< xamarinwatchos)
    System.Data.Common (4.3) - restriction: || (&& (< monoandroid4.4) (< net35) (>= netstandard1.3) (< netstandard1.5)) (&& (< monoandroid4.4) (< net35) (>= netstandard1.5) (< netstandard2.0))
      System.Collections (>= 4.3) - restriction: && (< monoandroid) (< monotouch) (< net451) (>= netstandard1.2) (< win81) (< wpa81) (< xamarinios) (< xamarinmac) (< xamarintvos) (< xamarinwatchos)
      System.Globalization (>= 4.3) - restriction: && (< monoandroid) (< monotouch) (< net451) (>= netstandard1.2) (< win81) (< wpa81) (< xamarinios) (< xamarinmac) (< xamarintvos) (< xamarinwatchos)
      System.IO (>= 4.3) - restriction: && (< monoandroid) (< monotouch) (< net451) (>= netstandard1.2) (< win81) (< wpa81) (< xamarinios) (< xamarinmac) (< xamarintvos) (< xamarinwatchos)
      System.Resources.ResourceManager (>= 4.3) - restriction: && (< monoandroid) (< monotouch) (< net451) (>= netstandard1.2) (< win81) (< wpa81) (< xamarinios) (< xamarinmac) (< xamarintvos) (< xamarinwatchos)
      System.Runtime (>= 4.3) - restriction: && (< monoandroid) (< monotouch) (< net451) (>= netstandard1.2) (< win81) (< wpa81) (< xamarinios) (< xamarinmac) (< xamarintvos) (< xamarinwatchos)
      System.Runtime.Extensions (>= 4.3) - restriction: && (< monoandroid) (< monotouch) (< net451) (>= netstandard1.2) (< win81) (< wpa81) (< xamarinios) (< xamarinmac) (< xamarintvos) (< xamarinwatchos)
      System.Text.RegularExpressions (>= 4.3) - restriction: && (< monoandroid) (< monotouch) (< net451) (>= netstandard1.2) (< win81) (< wpa81) (< xamarinios) (< xamarinmac) (< xamarintvos) (< xamarinwatchos)
      System.Threading.Tasks (>= 4.3) - restriction: && (< monoandroid) (< monotouch) (< net451) (>= netstandard1.2) (< win81) (< wpa81) (< xamarinios) (< xamarinmac) (< xamarintvos) (< xamarinwatchos)
    System.Data.SqlClient (4.6) - restriction: && (< net40) (>= netstandard2.0)
      Microsoft.Win32.Registry (>= 4.5) - restriction: || (&& (< net451) (>= netstandard2.0) (< xamarinios)) (>= netcoreapp2.0)
      runtime.native.System.Data.SqlClient.sni (>= 4.5) - restriction: || (&& (< net451) (>= netstandard2.0) (< xamarinios)) (>= netcoreapp2.0)
      System.Buffers (>= 4.4) - restriction: && (< net451) (< netcoreapp2.0) (>= netstandard2.0) (< xamarinios)
      System.Diagnostics.DiagnosticSource (>= 4.5) - restriction: || (&& (< net451) (< netcoreapp2.0) (>= netstandard2.0) (< xamarinios)) (&& (>= netcoreapp2.0) (< netcoreapp2.1)) (>= uap10.1)
      System.Memory (>= 4.5.1) - restriction: || (&& (< net451) (< netcoreapp2.0) (>= netstandard2.0) (< xamarinios)) (&& (>= netcoreapp2.0) (< netcoreapp2.1)) (>= uap10.1)
      System.Security.Principal.Windows (>= 4.5) - restriction: || (&& (< net451) (>= netstandard2.0) (< xamarinios)) (>= netcoreapp2.0)
      System.Text.Encoding.CodePages (>= 4.5) - restriction: || (&& (< net451) (>= netstandard2.0) (< xamarinios)) (>= netcoreapp2.0)
    System.Diagnostics.Debug (4.3) - restriction: || (>= dnxcore50) (&& (< monoandroid) (< monotouch) (< net20) (>= netstandard1.3) (< netstandard2.0) (< xamarinmac) (< xamarintvos) (< xamarinwatchos)) (&& (< monoandroid) (< monotouch) (< net20) (>= netstandard1.5) (< netstandard2.0) (< win8) (< wpa81) (< xamarinmac) (< xamarintvos) (< xamarinwatchos)) (&& (< monoandroid) (< monotouch) (< net45) (>= netstandard1.6) (< xamarinios) (< xamarinmac) (< xamarintvos) (< xamarinwatchos)) (&& (< monoandroid) (< net20) (< netstandard1.3) (>= netstandard1.5) (< win8) (< wpa81)) (&& (< monoandroid) (< net45) (>= netstandard1.3) (< netstandard1.6) (< win8) (< wpa81)) (&& (< monoandroid) (< net45) (>= netstandard2.0) (< xamarinios)) (&& (< net20) (>= net462) (< netstandard1.3)) (&& (< net20) (>= net462) (< netstandard2.0)) (&& (< net20) (< netstandard1.2) (>= netstandard1.4) (< win8)) (&& (< net20) (< netstandard1.2) (>= netstandard2.0) (< win8)) (&& (< net20) (< netstandard1.3) (>= netstandard1.4) (< win8) (< wpa81)) (&& (< net20) (< netstandard1.3) (>= netstandard2.0) (< win8) (< wpa81)) (&& (< net20) (>= netstandard1.4) (< netstandard1.5) (< win8) (< wpa81)) (&& (< net20) (>= netstandard1.4) (< portable-net45+win8+wpa81)) (&& (< net20) (< netstandard1.4) (>= netstandard2.0) (< win8) (< wpa81)) (&& (< net20) (>= netstandard1.5) (< netstandard1.6) (< win8) (< wpa81)) (&& (< net20) (< netstandard1.5) (>= netstandard2.0) (< win8) (< wpa81)) (&& (< net20) (>= netstandard1.6) (< netstandard2.0) (< win8) (< wpa81)) (&& (< net20) (< netstandard1.6) (>= netstandard2.0) (< win8) (< wpa81)) (&& (< net20) (>= netstandard2.0) (< portable-net45+win8+wpa81)) (&& (< net35) (>= net46)) (&& (< net35) (>= netstandard1.3)) (&& (< net45) (>= netstandard1.6) (< netstandard2.0)) (>= uap10.0)
      Microsoft.NETCore.Platforms (>= 1.1) - restriction: || (>= dnxcore50) (&& (< monoandroid) (< monotouch) (< net45) (>= netstandard1.3) (< win8) (< wpa81) (< xamarinios) (< xamarinmac) (< xamarintvos) (< xamarinwatchos)) (&& (< monoandroid) (< net45) (>= netstandard1.0) (< netstandard1.3) (< win8) (< wp8) (< wpa81))
      Microsoft.NETCore.Targets (>= 1.1) - restriction: || (>= dnxcore50) (&& (< monoandroid) (< monotouch) (< net45) (>= netstandard1.3) (< win8) (< wpa81) (< xamarinios) (< xamarinmac) (< xamarintvos) (< xamarinwatchos)) (&& (< monoandroid) (< net45) (>= netstandard1.0) (< netstandard1.3) (< win8) (< wp8) (< wpa81))
      System.Runtime (>= 4.3) - restriction: || (>= dnxcore50) (&& (< monoandroid) (< monotouch) (< net45) (>= netstandard1.3) (< win8) (< wpa81) (< xamarinios) (< xamarinmac) (< xamarintvos) (< xamarinwatchos)) (&& (< monoandroid) (< net45) (>= netstandard1.0) (< netstandard1.3) (< win8) (< wp8) (< wpa81))
    System.Diagnostics.DiagnosticSource (4.5.1) - restriction: || (>= dnxcore50) (&& (< monoandroid) (< monotouch) (< net45) (>= netstandard1.6) (< xamarinios) (< xamarinmac) (< xamarintvos) (< xamarinwatchos)) (&& (< monoandroid) (< net45) (>= netstandard1.3) (< netstandard1.6) (< win8) (< wpa81)) (&& (< net40) (< netcoreapp2.0) (>= netstandard2.0) (< xamarinios)) (&& (>= netcoreapp2.0) (< netcoreapp2.1)) (&& (>= netstandard2.0) (>= uap10.1))
      System.Collections (>= 4.3) - restriction: || (&& (< net45) (>= netstandard1.1) (< netstandard1.3) (< win8) (< wpa81)) (&& (< net45) (>= netstandard1.3) (< netstandard2.0) (< win8) (< wpa81))
      System.Diagnostics.Debug (>= 4.3) - restriction: && (< net45) (>= netstandard1.3) (< netstandard2.0) (< win8) (< wpa81)
      System.Diagnostics.Tracing (>= 4.3) - restriction: || (&& (< net45) (>= netstandard1.1) (< netstandard1.3) (< win8) (< wpa81)) (&& (< net45) (>= netstandard1.3) (< netstandard2.0) (< win8) (< wpa81))
      System.Reflection (>= 4.3) - restriction: || (&& (< net45) (>= netstandard1.1) (< netstandard1.3) (< win8) (< wpa81)) (&& (< net45) (>= netstandard1.3) (< netstandard2.0) (< win8) (< wpa81))
      System.Runtime (>= 4.3) - restriction: || (&& (< net45) (>= netstandard1.1) (< netstandard1.3) (< win8) (< wpa81)) (&& (< net45) (>= netstandard1.3) (< netstandard2.0) (< win8) (< wpa81))
      System.Runtime.Extensions (>= 4.3) - restriction: && (< net45) (>= netstandard1.3) (< netstandard2.0) (< win8) (< wpa81)
      System.Threading (>= 4.3) - restriction: || (&& (< net45) (>= netstandard1.1) (< netstandard1.3) (< win8) (< wpa81)) (&& (< net45) (>= netstandard1.3) (< netstandard2.0) (< win8) (< wpa81))
    System.Diagnostics.Process (4.3) - restriction: || (&& (< monoandroid4.4) (< net35) (>= netstandard1.5) (< netstandard2.0)) (&& (< net45) (>= netstandard2.0))
      Microsoft.NETCore.Platforms (>= 1.1) - restriction: && (< monoandroid) (< monotouch) (< net46) (>= netstandard1.4) (< xamarinios) (< xamarinmac) (< xamarintvos) (< xamarinwatchos)
      Microsoft.Win32.Primitives (>= 4.3) - restriction: && (< monoandroid) (< monotouch) (< net46) (>= netstandard1.4) (< xamarinios) (< xamarinmac) (< xamarintvos) (< xamarinwatchos)
      Microsoft.Win32.Registry (>= 4.3) - restriction: && (< monoandroid) (< monotouch) (< net46) (>= netstandard1.4) (< xamarinios) (< xamarinmac) (< xamarintvos) (< xamarinwatchos)
      runtime.native.System (>= 4.3) - restriction: && (< monoandroid) (< monotouch) (< net46) (>= netstandard1.4) (< xamarinios) (< xamarinmac) (< xamarintvos) (< xamarinwatchos)
      System.Collections (>= 4.3) - restriction: && (< monoandroid) (< monotouch) (< net46) (>= netstandard1.4) (< xamarinios) (< xamarinmac) (< xamarintvos) (< xamarinwatchos)
      System.Diagnostics.Debug (>= 4.3) - restriction: && (< monoandroid) (< monotouch) (< net46) (>= netstandard1.4) (< xamarinios) (< xamarinmac) (< xamarintvos) (< xamarinwatchos)
      System.Globalization (>= 4.3) - restriction: && (< monoandroid) (< monotouch) (< net46) (>= netstandard1.4) (< xamarinios) (< xamarinmac) (< xamarintvos) (< xamarinwatchos)
      System.IO (>= 4.3) - restriction: || (&& (< monoandroid) (< monotouch) (< net46) (>= netstandard1.4) (< xamarinios) (< xamarinmac) (< xamarintvos) (< xamarinwatchos)) (&& (< monoandroid) (< net46) (>= netstandard1.3) (< netstandard1.4))
      System.IO.FileSystem (>= 4.3) - restriction: && (< monoandroid) (< monotouch) (< net46) (>= netstandard1.4) (< xamarinios) (< xamarinmac) (< xamarintvos) (< xamarinwatchos)
      System.IO.FileSystem.Primitives (>= 4.3) - restriction: && (< monoandroid) (< monotouch) (< net46) (>= netstandard1.4) (< xamarinios) (< xamarinmac) (< xamarintvos) (< xamarinwatchos)
      System.Resources.ResourceManager (>= 4.3) - restriction: && (< monoandroid) (< monotouch) (< net46) (>= netstandard1.4) (< xamarinios) (< xamarinmac) (< xamarintvos) (< xamarinwatchos)
      System.Runtime (>= 4.3) - restriction: || (&& (< monoandroid) (< monotouch) (< net46) (>= netstandard1.4) (< xamarinios) (< xamarinmac) (< xamarintvos) (< xamarinwatchos)) (&& (< monoandroid) (< net46) (>= netstandard1.3) (< netstandard1.4))
      System.Runtime.Extensions (>= 4.3) - restriction: && (< monoandroid) (< monotouch) (< net46) (>= netstandard1.4) (< xamarinios) (< xamarinmac) (< xamarintvos) (< xamarinwatchos)
      System.Runtime.Handles (>= 4.3) - restriction: || (&& (< monoandroid) (< monotouch) (< net46) (>= netstandard1.4) (< xamarinios) (< xamarinmac) (< xamarintvos) (< xamarinwatchos)) (&& (< monoandroid) (< net46) (>= netstandard1.3) (< netstandard1.4))
      System.Runtime.InteropServices (>= 4.3) - restriction: && (< monoandroid) (< monotouch) (< net46) (>= netstandard1.4) (< xamarinios) (< xamarinmac) (< xamarintvos) (< xamarinwatchos)
      System.Text.Encoding (>= 4.3) - restriction: || (&& (< monoandroid) (< monotouch) (< net46) (>= netstandard1.4) (< xamarinios) (< xamarinmac) (< xamarintvos) (< xamarinwatchos)) (&& (< monoandroid) (< net46) (>= netstandard1.3) (< netstandard1.4))
      System.Text.Encoding.Extensions (>= 4.3) - restriction: && (< monoandroid) (< monotouch) (< net46) (>= netstandard1.4) (< xamarinios) (< xamarinmac) (< xamarintvos) (< xamarinwatchos)
      System.Threading (>= 4.3) - restriction: && (< monoandroid) (< monotouch) (< net46) (>= netstandard1.4) (< xamarinios) (< xamarinmac) (< xamarintvos) (< xamarinwatchos)
      System.Threading.Tasks (>= 4.3) - restriction: && (< monoandroid) (< monotouch) (< net46) (>= netstandard1.4) (< xamarinios) (< xamarinmac) (< xamarintvos) (< xamarinwatchos)
      System.Threading.Thread (>= 4.3) - restriction: && (< monoandroid) (< monotouch) (< net46) (>= netstandard1.4) (< xamarinios) (< xamarinmac) (< xamarintvos) (< xamarinwatchos)
      System.Threading.ThreadPool (>= 4.3) - restriction: && (< monoandroid) (< monotouch) (< net46) (>= netstandard1.4) (< xamarinios) (< xamarinmac) (< xamarintvos) (< xamarinwatchos)
    System.Diagnostics.StackTrace (4.3) - restriction: || (&& (< monoandroid4.4) (< net35) (>= netstandard1.3) (< netstandard1.5)) (&& (< monoandroid4.4) (< net35) (>= netstandard1.5) (< netstandard2.0))
      System.IO.FileSystem (>= 4.3) - restriction: && (< monoandroid) (< monotouch) (< net46) (>= netstandard1.3) (< xamarinios) (< xamarinmac) (< xamarintvos) (< xamarinwatchos)
      System.Reflection (>= 4.3) - restriction: && (< monoandroid) (< monotouch) (< net46) (>= netstandard1.3) (< xamarinios) (< xamarinmac) (< xamarintvos) (< xamarinwatchos)
      System.Reflection.Metadata (>= 1.4.1) - restriction: && (< monoandroid) (< monotouch) (< net46) (>= netstandard1.3) (< xamarinios) (< xamarinmac) (< xamarintvos) (< xamarinwatchos)
      System.Runtime (>= 4.3) - restriction: && (< monoandroid) (< monotouch) (< net46) (>= netstandard1.3) (< xamarinios) (< xamarinmac) (< xamarintvos) (< xamarinwatchos)
    System.Diagnostics.Tools (4.3) - redirects: force, restriction: || (&& (>= dnxcore50) (>= netstandard1.4)) (&& (>= dnxcore50) (>= netstandard1.5)) (&& (>= dnxcore50) (>= netstandard1.6)) (&& (>= dnxcore50) (>= netstandard2.0)) (&& (>= dnxcore50) (>= uap10.0)) (&& (< net20) (< netstandard1.2) (>= netstandard1.4) (< win8)) (&& (< net20) (< netstandard1.2) (>= netstandard2.0) (< win8)) (&& (< net20) (< netstandard1.3) (>= netstandard1.4) (< win8) (< wpa81)) (&& (< net20) (< netstandard1.3) (>= netstandard2.0) (< win8) (< wpa81)) (&& (< net20) (>= netstandard1.4) (< netstandard1.5) (< win8) (< wpa81)) (&& (< net20) (>= netstandard1.4) (< portable-net45+win8+wpa81)) (&& (< net20) (< netstandard1.4) (>= netstandard2.0) (< win8) (< wpa81)) (&& (< net20) (>= netstandard1.5) (< netstandard1.6) (< win8) (< wpa81)) (&& (< net20) (< netstandard1.5) (>= netstandard2.0) (< win8) (< wpa81)) (&& (< net20) (>= netstandard1.6) (< netstandard2.0) (< win8) (< wpa81)) (&& (< net20) (< netstandard1.6) (>= netstandard2.0) (< win8) (< wpa81)) (&& (< net20) (>= netstandard2.0) (< portable-net45+win8+wpa81)) (&& (< net35) (>= netstandard1.3) (< uap10.0)) (&& (< net45) (>= netstandard1.6) (< netstandard2.0)) (&& (< netstandard1.5) (>= netstandard2.0) (>= uap10.0)) (&& (< netstandard1.5) (>= uap10.0) (< uap10.1)) (&& (< netstandard1.5) (>= uap10.0) (< win8) (< wpa81))
      Microsoft.NETCore.Platforms (>= 1.1) - restriction: || (>= dnxcore50) (&& (< monoandroid) (< monotouch) (< net45) (>= netstandard1.0) (< win8) (< wp8) (< wpa81) (< xamarinios) (< xamarinmac) (< xamarintvos) (< xamarinwatchos))
      Microsoft.NETCore.Targets (>= 1.1) - restriction: || (>= dnxcore50) (&& (< monoandroid) (< monotouch) (< net45) (>= netstandard1.0) (< win8) (< wp8) (< wpa81) (< xamarinios) (< xamarinmac) (< xamarintvos) (< xamarinwatchos))
      System.Runtime (>= 4.3) - restriction: || (>= dnxcore50) (&& (< monoandroid) (< monotouch) (< net45) (>= netstandard1.0) (< win8) (< wp8) (< wpa81) (< xamarinios) (< xamarinmac) (< xamarintvos) (< xamarinwatchos))
    System.Diagnostics.TraceSource (4.3) - restriction: || (&& (< monoandroid4.4) (< net35) (>= netstandard1.5) (< netstandard2.0)) (&& (< net35) (>= netstandard1.3) (< uap10.0)) (&& (< net45) (>= netstandard2.0))
      Microsoft.NETCore.Platforms (>= 1.1) - restriction: && (< monoandroid) (< monotouch) (< net46) (>= netstandard1.3) (< xamarinios) (< xamarinmac) (< xamarintvos) (< xamarinwatchos)
      runtime.native.System (>= 4.3) - restriction: && (< monoandroid) (< monotouch) (< net46) (>= netstandard1.3) (< xamarinios) (< xamarinmac) (< xamarintvos) (< xamarinwatchos)
      System.Collections (>= 4.3) - restriction: && (< monoandroid) (< monotouch) (< net46) (>= netstandard1.3) (< xamarinios) (< xamarinmac) (< xamarintvos) (< xamarinwatchos)
      System.Diagnostics.Debug (>= 4.3) - restriction: && (< monoandroid) (< monotouch) (< net46) (>= netstandard1.3) (< xamarinios) (< xamarinmac) (< xamarintvos) (< xamarinwatchos)
      System.Globalization (>= 4.3) - restriction: && (< monoandroid) (< monotouch) (< net46) (>= netstandard1.3) (< xamarinios) (< xamarinmac) (< xamarintvos) (< xamarinwatchos)
      System.Resources.ResourceManager (>= 4.3) - restriction: && (< monoandroid) (< monotouch) (< net46) (>= netstandard1.3) (< xamarinios) (< xamarinmac) (< xamarintvos) (< xamarinwatchos)
      System.Runtime (>= 4.3) - restriction: && (< monoandroid) (< monotouch) (< net46) (>= netstandard1.3) (< xamarinios) (< xamarinmac) (< xamarintvos) (< xamarinwatchos)
      System.Runtime.Extensions (>= 4.3) - restriction: && (< monoandroid) (< monotouch) (< net46) (>= netstandard1.3) (< xamarinios) (< xamarinmac) (< xamarintvos) (< xamarinwatchos)
      System.Threading (>= 4.3) - restriction: && (< monoandroid) (< monotouch) (< net46) (>= netstandard1.3) (< xamarinios) (< xamarinmac) (< xamarintvos) (< xamarinwatchos)
    System.Diagnostics.Tracing (4.3) - restriction: || (>= dnxcore50) (&& (< monoandroid) (< monotouch) (< net35) (>= netstandard1.3) (< uap10.0) (< xamarinios) (< xamarinmac) (< xamarintvos) (< xamarinwatchos)) (&& (< monoandroid) (< monotouch) (< net45) (>= netstandard1.6) (< netstandard2.0) (< win8) (< wpa81) (< xamarinmac) (< xamarintvos) (< xamarinwatchos)) (&& (< monoandroid) (< monotouch) (< net45) (>= netstandard1.6) (< xamarinios) (< xamarinmac) (< xamarintvos) (< xamarinwatchos)) (&& (< monoandroid) (< net45) (>= netstandard1.3) (< netstandard1.6) (< win8) (< wpa81)) (&& (< monoandroid) (< net45) (< netstandard1.3) (>= netstandard1.6) (< win8) (< wpa81)) (&& (< net20) (< netstandard1.2) (>= netstandard1.4) (< win8)) (&& (< net20) (< netstandard1.2) (>= netstandard2.0) (< win8)) (&& (< net20) (< netstandard1.3) (>= netstandard1.4) (< win8) (< wpa81)) (&& (< net20) (< netstandard1.3) (>= netstandard2.0) (< win8) (< wpa81)) (&& (< net20) (>= netstandard1.4) (< netstandard1.5) (< win8) (< wpa81)) (&& (< net20) (< netstandard1.4) (>= netstandard2.0) (< win8) (< wpa81)) (&& (< net20) (>= netstandard1.5) (< netstandard1.6) (< win8) (< wpa81)) (&& (< net20) (< netstandard1.5) (>= netstandard2.0) (< win8) (< wpa81)) (&& (< net20) (>= netstandard1.6) (< netstandard2.0) (< win8) (< wpa81)) (&& (< net20) (< netstandard1.6) (>= netstandard2.0) (< win8) (< wpa81)) (&& (< netstandard1.5) (>= netstandard2.0) (>= uap10.0)) (&& (< netstandard1.5) (>= uap10.0) (< uap10.1)) (&& (< netstandard1.5) (>= uap10.0) (< win8) (< wpa81))
      Microsoft.NETCore.Platforms (>= 1.1) - restriction: || (>= dnxcore50) (&& (< monoandroid) (< monotouch) (< net45) (>= netstandard1.5) (< win8) (< wpa81) (< xamarinios) (< xamarinmac) (< xamarintvos) (< xamarinwatchos)) (&& (< monoandroid) (< net45) (>= netstandard1.1) (< netstandard1.2) (< win8)) (&& (< monoandroid) (< net45) (>= netstandard1.2) (< netstandard1.3) (< win8) (< wpa81)) (&& (< monoandroid) (< net45) (>= netstandard1.3) (< netstandard1.5) (< win8) (< wpa81))
      Microsoft.NETCore.Targets (>= 1.1) - restriction: || (>= dnxcore50) (&& (< monoandroid) (< monotouch) (< net45) (>= netstandard1.5) (< win8) (< wpa81) (< xamarinios) (< xamarinmac) (< xamarintvos) (< xamarinwatchos)) (&& (< monoandroid) (< net45) (>= netstandard1.1) (< netstandard1.2) (< win8)) (&& (< monoandroid) (< net45) (>= netstandard1.2) (< netstandard1.3) (< win8) (< wpa81)) (&& (< monoandroid) (< net45) (>= netstandard1.3) (< netstandard1.5) (< win8) (< wpa81))
      System.Runtime (>= 4.3) - restriction: || (>= dnxcore50) (&& (< monoandroid) (< monotouch) (< net45) (>= netstandard1.5) (< win8) (< wpa81) (< xamarinios) (< xamarinmac) (< xamarintvos) (< xamarinwatchos)) (&& (< monoandroid) (< net45) (>= netstandard1.1) (< netstandard1.2) (< win8)) (&& (< monoandroid) (< net45) (>= netstandard1.2) (< netstandard1.3) (< win8) (< wpa81)) (&& (< monoandroid) (< net45) (>= netstandard1.3) (< netstandard1.5) (< win8) (< wpa81))
    System.Dynamic.Runtime (4.3) - redirects: force, restriction: || (&& (>= dnxcore50) (>= netstandard1.0)) (&& (>= dnxcore50) (>= netstandard1.3)) (&& (< monoandroid) (< monotouch) (< net20) (>= netstandard1.3) (< netstandard2.0) (< win8) (< wpa81) (< xamarinmac) (< xamarintvos) (< xamarinwatchos)) (&& (< monoandroid) (< net20) (>= netstandard1.0) (< netstandard1.3) (< win8) (< wp8) (< wpa81)) (&& (>= net46) (>= uap10.0)) (&& (>= netstandard2.0) (>= uap10.0))
      System.Collections (>= 4.3) - restriction: || (>= dnxcore50) (&& (< monoandroid) (< monotouch) (< net45) (>= netstandard1.3) (< win8) (< wpa81) (< xamarinios) (< xamarinmac) (< xamarintvos) (< xamarinwatchos))
      System.Diagnostics.Debug (>= 4.3) - restriction: || (>= dnxcore50) (&& (< monoandroid) (< monotouch) (< net45) (>= netstandard1.3) (< win8) (< wpa81) (< xamarinios) (< xamarinmac) (< xamarintvos) (< xamarinwatchos))
      System.Linq (>= 4.3) - restriction: || (>= dnxcore50) (&& (< monoandroid) (< monotouch) (< net45) (>= netstandard1.3) (< win8) (< wpa81) (< xamarinios) (< xamarinmac) (< xamarintvos) (< xamarinwatchos))
      System.Linq.Expressions (>= 4.3) - restriction: || (>= dnxcore50) (&& (< monoandroid) (< monotouch) (< net45) (>= netstandard1.3) (< win8) (< wpa81) (< xamarinios) (< xamarinmac) (< xamarintvos) (< xamarinwatchos)) (&& (< monoandroid) (< net45) (>= netstandard1.0) (< netstandard1.3) (< win8) (< wp8) (< wpa81))
      System.ObjectModel (>= 4.3) - restriction: || (>= dnxcore50) (&& (< monoandroid) (< monotouch) (< net45) (>= netstandard1.3) (< win8) (< wpa81) (< xamarinios) (< xamarinmac) (< xamarintvos) (< xamarinwatchos)) (&& (< monoandroid) (< net45) (>= netstandard1.0) (< netstandard1.3) (< win8) (< wp8) (< wpa81))
      System.Reflection (>= 4.3) - restriction: || (>= dnxcore50) (&& (< monoandroid) (< monotouch) (< net45) (>= netstandard1.3) (< win8) (< wpa81) (< xamarinios) (< xamarinmac) (< xamarintvos) (< xamarinwatchos)) (&& (< monoandroid) (< net45) (>= netstandard1.0) (< netstandard1.3) (< win8) (< wp8) (< wpa81))
      System.Reflection.Emit (>= 4.3) - restriction: && (< monoandroid) (< monotouch) (< net45) (>= netstandard1.3) (< win8) (< wpa81) (< xamarinios) (< xamarinmac) (< xamarintvos) (< xamarinwatchos)
      System.Reflection.Emit.ILGeneration (>= 4.3) - restriction: && (< monoandroid) (< monotouch) (< net45) (>= netstandard1.3) (< win8) (< wpa81) (< xamarinios) (< xamarinmac) (< xamarintvos) (< xamarinwatchos)
      System.Reflection.Primitives (>= 4.3) - restriction: && (< monoandroid) (< monotouch) (< net45) (>= netstandard1.3) (< win8) (< wpa81) (< xamarinios) (< xamarinmac) (< xamarintvos) (< xamarinwatchos)
      System.Reflection.TypeExtensions (>= 4.3) - restriction: || (>= dnxcore50) (&& (< monoandroid) (< monotouch) (< net45) (>= netstandard1.3) (< win8) (< wpa81) (< xamarinios) (< xamarinmac) (< xamarintvos) (< xamarinwatchos))
      System.Resources.ResourceManager (>= 4.3) - restriction: || (>= dnxcore50) (&& (< monoandroid) (< monotouch) (< net45) (>= netstandard1.3) (< win8) (< wpa81) (< xamarinios) (< xamarinmac) (< xamarintvos) (< xamarinwatchos))
      System.Runtime (>= 4.3) - restriction: || (>= dnxcore50) (&& (< monoandroid) (< monotouch) (< net45) (>= netstandard1.3) (< win8) (< wpa81) (< xamarinios) (< xamarinmac) (< xamarintvos) (< xamarinwatchos)) (&& (< monoandroid) (< net45) (>= netstandard1.0) (< netstandard1.3) (< win8) (< wp8) (< wpa81))
      System.Runtime.Extensions (>= 4.3) - restriction: || (>= dnxcore50) (&& (< monoandroid) (< monotouch) (< net45) (>= netstandard1.3) (< win8) (< wpa81) (< xamarinios) (< xamarinmac) (< xamarintvos) (< xamarinwatchos))
      System.Threading (>= 4.3) - restriction: || (>= dnxcore50) (&& (< monoandroid) (< monotouch) (< net45) (>= netstandard1.3) (< win8) (< wpa81) (< xamarinios) (< xamarinmac) (< xamarintvos) (< xamarinwatchos))
    System.Globalization (4.3) - restriction: || (>= dnxcore50) (&& (< monoandroid) (< monotouch) (< net20) (>= netstandard1.3) (< netstandard2.0) (< xamarinmac) (< xamarintvos) (< xamarinwatchos)) (&& (< monoandroid) (< monotouch) (< net20) (>= netstandard1.5) (< netstandard2.0) (< win8) (< wpa81) (< xamarinmac) (< xamarintvos) (< xamarinwatchos)) (&& (< monoandroid) (< monotouch) (< net35) (>= netstandard1.5) (< netstandard2.0) (< win81) (< wpa81) (< xamarinmac) (< xamarintvos) (< xamarinwatchos)) (&& (< monoandroid) (< monotouch) (< net45) (>= netstandard1.6) (< xamarinios) (< xamarinmac) (< xamarintvos) (< xamarinwatchos)) (&& (< monoandroid) (< net20) (>= netstandard1.0) (< netstandard1.3) (< win8) (< wp8) (< wpa81)) (&& (< monoandroid) (< net20) (>= netstandard1.3) (< netstandard1.5) (< win8) (< wpa81)) (&& (< monoandroid) (< net20) (< netstandard1.3) (>= netstandard1.5) (< win8) (< wpa81)) (&& (< monoandroid) (< net45) (>= netstandard1.3) (< netstandard1.6) (< win8) (< wpa81)) (&& (< monoandroid) (< net45) (>= netstandard2.0) (< xamarinios)) (&& (< net20) (>= net46) (< netstandard1.4) (>= netstandard2.0)) (&& (< net20) (>= net462) (< netstandard1.3)) (&& (< net20) (>= net462) (< netstandard2.0)) (&& (< net20) (< netstandard1.2) (>= netstandard1.4) (< win8)) (&& (< net20) (< netstandard1.2) (>= netstandard2.0) (< win8)) (&& (< net20) (< netstandard1.3) (>= netstandard1.4) (< win8) (< wpa81)) (&& (< net20) (< netstandard1.3) (>= netstandard2.0) (< win8) (< wpa81)) (&& (< net20) (>= netstandard1.4) (< netstandard1.5) (< win8) (< wpa81)) (&& (< net20) (>= netstandard1.4) (< portable-net45+win8+wpa81)) (&& (< net20) (< netstandard1.4) (>= netstandard2.0) (< win8) (< wpa81)) (&& (< net20) (>= netstandard1.5) (< netstandard1.6) (< win8) (< wpa81)) (&& (< net20) (< netstandard1.5) (>= netstandard2.0) (< win8) (< wpa81)) (&& (< net20) (>= netstandard1.6) (< netstandard2.0) (< win8) (< wpa81)) (&& (< net20) (< netstandard1.6) (>= netstandard2.0) (< win8) (< wpa81)) (&& (< net20) (>= netstandard2.0) (< portable-net45+win8+wpa81)) (&& (< net35) (>= netstandard1.3)) (&& (< net45) (>= netstandard1.6) (< netstandard2.0)) (>= uap10.0)
      Microsoft.NETCore.Platforms (>= 1.1) - restriction: || (>= dnxcore50) (&& (< monoandroid) (< monotouch) (< net45) (>= netstandard1.3) (< win8) (< wpa81) (< xamarinios) (< xamarinmac) (< xamarintvos) (< xamarinwatchos)) (&& (< monoandroid) (< net45) (>= netstandard1.0) (< netstandard1.3) (< win8) (< wp8) (< wpa81))
      Microsoft.NETCore.Targets (>= 1.1) - restriction: || (>= dnxcore50) (&& (< monoandroid) (< monotouch) (< net45) (>= netstandard1.3) (< win8) (< wpa81) (< xamarinios) (< xamarinmac) (< xamarintvos) (< xamarinwatchos)) (&& (< monoandroid) (< net45) (>= netstandard1.0) (< netstandard1.3) (< win8) (< wp8) (< wpa81))
      System.Runtime (>= 4.3) - restriction: || (>= dnxcore50) (&& (< monoandroid) (< monotouch) (< net45) (>= netstandard1.3) (< win8) (< wpa81) (< xamarinios) (< xamarinmac) (< xamarintvos) (< xamarinwatchos)) (&& (< monoandroid) (< net45) (>= netstandard1.0) (< netstandard1.3) (< win8) (< wp8) (< wpa81))
    System.Globalization.Calendars (4.3) - restriction: || (>= dnxcore50) (&& (< monoandroid) (< monotouch) (< net45) (>= netstandard1.6) (< xamarinios) (< xamarinmac) (< xamarintvos) (< xamarinwatchos)) (&& (< net20) (>= net46) (< netstandard1.4) (>= netstandard2.0)) (&& (< net20) (>= netstandard1.4) (< netstandard1.5) (< win8) (< wpa81)) (&& (< net20) (< netstandard1.4) (>= netstandard2.0) (< win8) (< wpa81)) (&& (< net20) (>= netstandard1.5) (< netstandard1.6) (< win8) (< wpa81)) (&& (< net20) (< netstandard1.5) (>= netstandard2.0) (< win8) (< wpa81)) (&& (< net20) (>= netstandard1.6) (< netstandard2.0) (< win8) (< wpa81)) (&& (< net20) (< netstandard1.6) (>= netstandard2.0) (< win8) (< wpa81)) (&& (< netstandard1.5) (>= netstandard2.0) (>= uap10.0)) (&& (< netstandard1.5) (>= uap10.0) (< uap10.1))
      Microsoft.NETCore.Platforms (>= 1.1) - restriction: && (< monoandroid) (< monotouch) (< net46) (>= netstandard1.3) (< xamarinios) (< xamarinmac) (< xamarintvos) (< xamarinwatchos)
      Microsoft.NETCore.Targets (>= 1.1) - restriction: && (< monoandroid) (< monotouch) (< net46) (>= netstandard1.3) (< xamarinios) (< xamarinmac) (< xamarintvos) (< xamarinwatchos)
      System.Globalization (>= 4.3) - restriction: && (< monoandroid) (< monotouch) (< net46) (>= netstandard1.3) (< xamarinios) (< xamarinmac) (< xamarintvos) (< xamarinwatchos)
      System.Runtime (>= 4.3) - restriction: && (< monoandroid) (< monotouch) (< net46) (>= netstandard1.3) (< xamarinios) (< xamarinmac) (< xamarintvos) (< xamarinwatchos)
    System.Globalization.Extensions (4.3) - restriction: || (&& (< monoandroid) (< monotouch) (< net20) (>= netstandard1.5) (< netstandard2.0) (< win8) (< wpa81) (< xamarinmac) (< xamarintvos) (< xamarinwatchos)) (&& (< monoandroid) (< monotouch) (< net45) (>= netstandard1.6) (< xamarinios) (< xamarinmac) (< xamarintvos) (< xamarinwatchos)) (&& (< monoandroid) (< net20) (< netstandard1.3) (>= netstandard1.5) (< win8) (< wpa81))
      Microsoft.NETCore.Platforms (>= 1.1) - restriction: && (< monoandroid) (< monotouch) (< net46) (>= netstandard1.3) (< xamarinios) (< xamarinmac) (< xamarintvos) (< xamarinwatchos)
      System.Globalization (>= 4.3) - restriction: && (< monoandroid) (< monotouch) (< net46) (>= netstandard1.3) (< xamarinios) (< xamarinmac) (< xamarintvos) (< xamarinwatchos)
      System.Resources.ResourceManager (>= 4.3) - restriction: && (< monoandroid) (< monotouch) (< net46) (>= netstandard1.3) (< xamarinios) (< xamarinmac) (< xamarintvos) (< xamarinwatchos)
      System.Runtime (>= 4.3) - restriction: && (< monoandroid) (< monotouch) (< net46) (>= netstandard1.3) (< xamarinios) (< xamarinmac) (< xamarintvos) (< xamarinwatchos)
      System.Runtime.Extensions (>= 4.3) - restriction: && (< monoandroid) (< monotouch) (< net46) (>= netstandard1.3) (< xamarinios) (< xamarinmac) (< xamarintvos) (< xamarinwatchos)
      System.Runtime.InteropServices (>= 4.3) - restriction: && (< monoandroid) (< monotouch) (< net46) (>= netstandard1.3) (< xamarinios) (< xamarinmac) (< xamarintvos) (< xamarinwatchos)
    System.IO (4.3) - restriction: || (>= dnxcore50) (&& (< monoandroid) (< monotouch) (< net20) (>= netstandard1.3) (< netstandard2.0) (< xamarinmac) (< xamarintvos) (< xamarinwatchos)) (&& (< monoandroid) (< monotouch) (< net35) (>= netstandard1.5) (< netstandard2.0) (< win81) (< wpa81) (< xamarinmac) (< xamarintvos) (< xamarinwatchos)) (&& (< monoandroid) (< monotouch) (< net45) (>= netstandard1.6) (< xamarinios) (< xamarinmac) (< xamarintvos) (< xamarinwatchos)) (&& (< monoandroid) (< net20) (< netstandard1.3) (>= netstandard1.5) (< win8) (< wpa81)) (&& (< monoandroid) (< net20) (< netstandard1.3) (>= netstandard1.6) (< win8) (< wpa81)) (&& (< monoandroid) (< net45) (>= netstandard1.1) (< netstandard1.3) (< win8) (< wpa81)) (&& (< monoandroid) (< net45) (< netstandard1.4) (>= netstandard2.0)) (&& (< monoandroid) (< net45) (< netstandard1.6) (>= netstandard2.0)) (&& (< net20) (>= net46) (< netstandard1.3) (>= netstandard2.0)) (&& (< net20) (>= net46) (< netstandard1.4) (>= netstandard2.0)) (&& (< net20) (< netstandard1.2) (>= netstandard1.4) (< win8)) (&& (< net20) (< netstandard1.2) (>= netstandard2.0) (< win8)) (&& (< net20) (< netstandard1.3) (>= netstandard1.4) (< win8) (< wpa81)) (&& (< net20) (< netstandard1.3) (>= netstandard2.0) (< win8) (< wpa81)) (&& (< net20) (>= netstandard1.4) (< netstandard1.5) (< win8) (< wpa81)) (&& (< net20) (>= netstandard1.4) (< portable-net45+win8+wpa81)) (&& (< net20) (< netstandard1.4) (>= netstandard2.0) (< win8) (< wpa81)) (&& (< net20) (>= netstandard1.5) (< netstandard1.6) (< win8) (< wpa81)) (&& (< net20) (< netstandard1.5) (>= netstandard2.0) (< win8) (< wpa81)) (&& (< net20) (>= netstandard1.6) (< netstandard2.0) (< win8) (< wpa81)) (&& (< net20) (< netstandard1.6) (>= netstandard2.0) (< win8) (< wpa81)) (&& (< net20) (>= netstandard2.0) (< portable-net45+win8+wpa81)) (&& (< net35) (>= netstandard1.3)) (&& (< net45) (>= net463) (>= netstandard2.0)) (&& (< net45) (>= netstandard1.3)) (&& (< net45) (>= netstandard1.6) (< netstandard2.0)) (&& (< net45) (>= netstandard2.0) (< xamarinios)) (>= uap10.0)
      Microsoft.NETCore.Platforms (>= 1.1) - restriction: || (>= dnxcore50) (&& (< monoandroid) (< monotouch) (< net45) (>= netstandard1.5) (< win8) (< wpa81) (< xamarinios) (< xamarinmac) (< xamarintvos) (< xamarinwatchos)) (&& (< monoandroid) (< net45) (>= netstandard1.0) (< netstandard1.3) (< win8) (< wp8) (< wpa81)) (&& (< monoandroid) (< net45) (>= netstandard1.3) (< netstandard1.5) (< win8) (< wpa81))
      Microsoft.NETCore.Targets (>= 1.1) - restriction: || (>= dnxcore50) (&& (< monoandroid) (< monotouch) (< net45) (>= netstandard1.5) (< win8) (< wpa81) (< xamarinios) (< xamarinmac) (< xamarintvos) (< xamarinwatchos)) (&& (< monoandroid) (< net45) (>= netstandard1.0) (< netstandard1.3) (< win8) (< wp8) (< wpa81)) (&& (< monoandroid) (< net45) (>= netstandard1.3) (< netstandard1.5) (< win8) (< wpa81))
      System.Runtime (>= 4.3) - restriction: || (>= dnxcore50) (&& (< monoandroid) (< monotouch) (< net45) (>= netstandard1.5) (< win8) (< wpa81) (< xamarinios) (< xamarinmac) (< xamarintvos) (< xamarinwatchos)) (&& (< monoandroid) (< net45) (>= netstandard1.0) (< netstandard1.3) (< win8) (< wp8) (< wpa81)) (&& (< monoandroid) (< net45) (>= netstandard1.3) (< netstandard1.5) (< win8) (< wpa81))
      System.Text.Encoding (>= 4.3) - restriction: || (>= dnxcore50) (&& (< monoandroid) (< monotouch) (< net45) (>= netstandard1.5) (< win8) (< wpa81) (< xamarinios) (< xamarinmac) (< xamarintvos) (< xamarinwatchos)) (&& (< monoandroid) (< net45) (>= netstandard1.0) (< netstandard1.3) (< win8) (< wp8) (< wpa81)) (&& (< monoandroid) (< net45) (>= netstandard1.3) (< netstandard1.5) (< win8) (< wpa81))
      System.Threading.Tasks (>= 4.3) - restriction: || (>= dnxcore50) (&& (< monoandroid) (< monotouch) (< net45) (>= netstandard1.5) (< win8) (< wpa81) (< xamarinios) (< xamarinmac) (< xamarintvos) (< xamarinwatchos)) (&& (< monoandroid) (< net45) (>= netstandard1.0) (< netstandard1.3) (< win8) (< wp8) (< wpa81)) (&& (< monoandroid) (< net45) (>= netstandard1.3) (< netstandard1.5) (< win8) (< wpa81))
    System.IO.Compression (4.3) - restriction: || (&& (< monoandroid) (< net45) (>= netstandard1.3) (< netstandard1.6) (< win8) (< wpa81)) (&& (< net20) (>= net46) (< netstandard1.4) (>= netstandard2.0)) (&& (< net20) (< netstandard1.2) (>= netstandard1.4) (< win8)) (&& (< net20) (< netstandard1.2) (>= netstandard2.0) (< win8)) (&& (< net20) (< netstandard1.3) (>= netstandard1.4) (< win8) (< wpa81)) (&& (< net20) (< netstandard1.3) (>= netstandard2.0) (< win8) (< wpa81)) (&& (< net20) (>= netstandard1.4) (< netstandard1.5) (< win8) (< wpa81)) (&& (< net20) (< netstandard1.4) (>= netstandard2.0) (< win8) (< wpa81)) (&& (< net20) (>= netstandard1.5) (< netstandard1.6) (< win8) (< wpa81)) (&& (< net20) (< netstandard1.5) (>= netstandard2.0) (< win8) (< wpa81)) (&& (< net20) (>= netstandard1.6) (< netstandard2.0) (< win8) (< wpa81)) (&& (< net20) (< netstandard1.6) (>= netstandard2.0) (< win8) (< wpa81)) (&& (< netstandard1.5) (>= netstandard2.0) (>= uap10.0)) (&& (< netstandard1.5) (>= uap10.0) (< uap10.1))
      Microsoft.NETCore.Platforms (>= 1.1) - restriction: && (< monoandroid) (< monotouch) (< net45) (>= netstandard1.3) (< win8) (< wpa81) (< xamarinios) (< xamarinmac) (< xamarintvos) (< xamarinwatchos)
      runtime.native.System (>= 4.3) - restriction: && (< monoandroid) (< monotouch) (< net45) (>= netstandard1.3) (< win8) (< wpa81) (< xamarinios) (< xamarinmac) (< xamarintvos) (< xamarinwatchos)
      runtime.native.System.IO.Compression (>= 4.3) - restriction: || (>= dnxcore50) (&& (< monoandroid) (< monotouch) (< net45) (>= netstandard1.3) (< win8) (< wpa81) (< xamarinios) (< xamarinmac) (< xamarintvos) (< xamarinwatchos))
      System.Buffers (>= 4.3) - restriction: || (>= dnxcore50) (&& (< monoandroid) (< monotouch) (< net45) (>= netstandard1.3) (< win8) (< wpa81) (< xamarinios) (< xamarinmac) (< xamarintvos) (< xamarinwatchos))
      System.Collections (>= 4.3) - restriction: || (>= dnxcore50) (&& (< monoandroid) (< monotouch) (< net45) (>= netstandard1.3) (< win8) (< wpa81) (< xamarinios) (< xamarinmac) (< xamarintvos) (< xamarinwatchos))
      System.Diagnostics.Debug (>= 4.3) - restriction: || (>= dnxcore50) (&& (< monoandroid) (< monotouch) (< net45) (>= netstandard1.3) (< win8) (< wpa81) (< xamarinios) (< xamarinmac) (< xamarintvos) (< xamarinwatchos))
      System.IO (>= 4.3) - restriction: || (>= dnxcore50) (&& (< monoandroid) (< monotouch) (< net45) (>= netstandard1.3) (< win8) (< wpa81) (< xamarinios) (< xamarinmac) (< xamarintvos) (< xamarinwatchos)) (&& (< monoandroid) (< net45) (>= netstandard1.1) (< netstandard1.3) (< win8) (< wpa81))
      System.Resources.ResourceManager (>= 4.3) - restriction: || (>= dnxcore50) (&& (< monoandroid) (< monotouch) (< net45) (>= netstandard1.3) (< win8) (< wpa81) (< xamarinios) (< xamarinmac) (< xamarintvos) (< xamarinwatchos))
      System.Runtime (>= 4.3) - restriction: || (>= dnxcore50) (&& (< monoandroid) (< monotouch) (< net45) (>= netstandard1.3) (< win8) (< wpa81) (< xamarinios) (< xamarinmac) (< xamarintvos) (< xamarinwatchos)) (&& (< monoandroid) (< net45) (>= netstandard1.1) (< netstandard1.3) (< win8) (< wpa81))
      System.Runtime.Extensions (>= 4.3) - restriction: || (>= dnxcore50) (&& (< monoandroid) (< monotouch) (< net45) (>= netstandard1.3) (< win8) (< wpa81) (< xamarinios) (< xamarinmac) (< xamarintvos) (< xamarinwatchos))
      System.Runtime.Handles (>= 4.3) - restriction: || (>= dnxcore50) (&& (< monoandroid) (< monotouch) (< net45) (>= netstandard1.3) (< win8) (< wpa81) (< xamarinios) (< xamarinmac) (< xamarintvos) (< xamarinwatchos))
      System.Runtime.InteropServices (>= 4.3) - restriction: || (>= dnxcore50) (&& (< monoandroid) (< monotouch) (< net45) (>= netstandard1.3) (< win8) (< wpa81) (< xamarinios) (< xamarinmac) (< xamarintvos) (< xamarinwatchos))
      System.Text.Encoding (>= 4.3) - restriction: || (>= dnxcore50) (&& (< monoandroid) (< monotouch) (< net45) (>= netstandard1.3) (< win8) (< wpa81) (< xamarinios) (< xamarinmac) (< xamarintvos) (< xamarinwatchos)) (&& (< monoandroid) (< net45) (>= netstandard1.1) (< netstandard1.3) (< win8) (< wpa81))
      System.Threading (>= 4.3) - restriction: || (>= dnxcore50) (&& (< monoandroid) (< monotouch) (< net45) (>= netstandard1.3) (< win8) (< wpa81) (< xamarinios) (< xamarinmac) (< xamarintvos) (< xamarinwatchos))
      System.Threading.Tasks (>= 4.3) - restriction: || (>= dnxcore50) (&& (< monoandroid) (< monotouch) (< net45) (>= netstandard1.3) (< win8) (< wpa81) (< xamarinios) (< xamarinmac) (< xamarintvos) (< xamarinwatchos))
    System.IO.Compression.ZipFile (4.3) - restriction: || (&& (< net20) (>= net46) (< netstandard1.4) (>= netstandard2.0)) (&& (< net20) (>= netstandard1.4) (< netstandard1.5) (< win8) (< wpa81)) (&& (< net20) (< netstandard1.4) (>= netstandard2.0) (< win8) (< wpa81)) (&& (< net20) (>= netstandard1.5) (< netstandard1.6) (< win8) (< wpa81)) (&& (< net20) (< netstandard1.5) (>= netstandard2.0) (< win8) (< wpa81)) (&& (< net20) (>= netstandard1.6) (< netstandard2.0) (< win8) (< wpa81)) (&& (< net20) (< netstandard1.6) (>= netstandard2.0) (< win8) (< wpa81)) (&& (< netstandard1.5) (>= netstandard2.0) (>= uap10.0)) (&& (< netstandard1.5) (>= uap10.0) (< uap10.1))
      System.Buffers (>= 4.3) - restriction: && (< monoandroid) (< monotouch) (< net46) (>= netstandard1.3) (< xamarinios) (< xamarinmac) (< xamarintvos) (< xamarinwatchos)
      System.IO (>= 4.3) - restriction: && (< monoandroid) (< monotouch) (< net46) (>= netstandard1.3) (< xamarinios) (< xamarinmac) (< xamarintvos) (< xamarinwatchos)
      System.IO.Compression (>= 4.3) - restriction: && (< monoandroid) (< monotouch) (< net46) (>= netstandard1.3) (< xamarinios) (< xamarinmac) (< xamarintvos) (< xamarinwatchos)
      System.IO.FileSystem (>= 4.3) - restriction: && (< monoandroid) (< monotouch) (< net46) (>= netstandard1.3) (< xamarinios) (< xamarinmac) (< xamarintvos) (< xamarinwatchos)
      System.IO.FileSystem.Primitives (>= 4.3) - restriction: && (< monoandroid) (< monotouch) (< net46) (>= netstandard1.3) (< xamarinios) (< xamarinmac) (< xamarintvos) (< xamarinwatchos)
      System.Resources.ResourceManager (>= 4.3) - restriction: && (< monoandroid) (< monotouch) (< net46) (>= netstandard1.3) (< xamarinios) (< xamarinmac) (< xamarintvos) (< xamarinwatchos)
      System.Runtime (>= 4.3) - restriction: && (< monoandroid) (< monotouch) (< net46) (>= netstandard1.3) (< xamarinios) (< xamarinmac) (< xamarintvos) (< xamarinwatchos)
      System.Runtime.Extensions (>= 4.3) - restriction: && (< monoandroid) (< monotouch) (< net46) (>= netstandard1.3) (< xamarinios) (< xamarinmac) (< xamarintvos) (< xamarinwatchos)
      System.Text.Encoding (>= 4.3) - restriction: && (< monoandroid) (< monotouch) (< net46) (>= netstandard1.3) (< xamarinios) (< xamarinmac) (< xamarintvos) (< xamarinwatchos)
    System.IO.FileSystem (4.3) - restriction: || (&& (>= dnxcore50) (>= netstandard1.4)) (&& (>= dnxcore50) (>= netstandard1.5)) (&& (>= dnxcore50) (>= netstandard1.6)) (&& (>= dnxcore50) (>= netstandard2.0)) (&& (>= dnxcore50) (>= uap10.0)) (&& (< monoandroid) (< monotouch) (< net35) (>= netstandard1.5) (< netstandard2.0) (< xamarinmac) (< xamarintvos) (< xamarinwatchos)) (&& (< monoandroid) (< monotouch) (< net45) (>= netstandard1.6) (< xamarinios) (< xamarinmac) (< xamarintvos) (< xamarinwatchos)) (&& (< monoandroid) (< net20) (< netstandard1.2) (>= netstandard1.4) (< win8)) (&& (< monoandroid) (< net20) (< netstandard1.2) (>= netstandard2.0) (< win8)) (&& (< monoandroid) (< net20) (< netstandard1.3) (>= netstandard1.4) (< win8) (< wpa81)) (&& (< monoandroid) (< net20) (< netstandard1.3) (>= netstandard2.0) (< win8) (< wpa81)) (&& (< monoandroid) (< net45) (>= netstandard2.0) (< xamarinios)) (&& (< net20) (>= net46) (< netstandard1.4) (>= netstandard2.0)) (&& (< net20) (>= netstandard1.4) (< netstandard1.5) (< win8) (< wpa81)) (&& (< net20) (>= netstandard1.4) (< portable-net45+win8+wpa81)) (&& (< net20) (< netstandard1.4) (>= netstandard2.0) (< win8) (< wpa81)) (&& (< net20) (>= netstandard1.5) (< netstandard1.6) (< win8) (< wpa81)) (&& (< net20) (< netstandard1.5) (>= netstandard2.0) (< win8) (< wpa81)) (&& (< net20) (>= netstandard1.6) (< netstandard2.0) (< win8) (< wpa81)) (&& (< net20) (< netstandard1.6) (>= netstandard2.0) (< win8) (< wpa81)) (&& (< net20) (>= netstandard2.0) (< portable-net45+win8+wpa81)) (&& (< net35) (>= netstandard1.3)) (&& (< netstandard1.5) (>= netstandard2.0) (>= uap10.0)) (&& (< netstandard1.5) (>= uap10.0) (< uap10.1)) (&& (< netstandard1.5) (>= uap10.0) (< win8) (< wpa81))
      Microsoft.NETCore.Platforms (>= 1.1) - restriction: && (< monoandroid) (< monotouch) (< net46) (>= netstandard1.3) (< xamarinios) (< xamarinmac) (< xamarintvos) (< xamarinwatchos)
      Microsoft.NETCore.Targets (>= 1.1) - restriction: && (< monoandroid) (< monotouch) (< net46) (>= netstandard1.3) (< xamarinios) (< xamarinmac) (< xamarintvos) (< xamarinwatchos)
      System.IO (>= 4.3) - restriction: && (< monoandroid) (< monotouch) (< net46) (>= netstandard1.3) (< xamarinios) (< xamarinmac) (< xamarintvos) (< xamarinwatchos)
      System.IO.FileSystem.Primitives (>= 4.3) - restriction: || (&& (< monoandroid) (< monotouch) (>= netstandard1.3) (< xamarinios) (< xamarinmac) (< xamarintvos) (< xamarinwatchos)) (>= net46)
      System.Runtime (>= 4.3) - restriction: && (< monoandroid) (< monotouch) (< net46) (>= netstandard1.3) (< xamarinios) (< xamarinmac) (< xamarintvos) (< xamarinwatchos)
      System.Runtime.Handles (>= 4.3) - restriction: && (< monoandroid) (< monotouch) (< net46) (>= netstandard1.3) (< xamarinios) (< xamarinmac) (< xamarintvos) (< xamarinwatchos)
      System.Text.Encoding (>= 4.3) - restriction: && (< monoandroid) (< monotouch) (< net46) (>= netstandard1.3) (< xamarinios) (< xamarinmac) (< xamarintvos) (< xamarinwatchos)
      System.Threading.Tasks (>= 4.3) - restriction: && (< monoandroid) (< monotouch) (< net46) (>= netstandard1.3) (< xamarinios) (< xamarinmac) (< xamarintvos) (< xamarinwatchos)
    System.IO.FileSystem.Primitives (4.3) - restriction: || (&& (>= dnxcore50) (>= netstandard1.4)) (&& (>= dnxcore50) (>= netstandard1.5)) (&& (>= dnxcore50) (>= netstandard1.6)) (&& (>= dnxcore50) (>= netstandard2.0)) (&& (>= dnxcore50) (>= uap10.0)) (&& (< monoandroid) (< monotouch) (< net35) (>= netstandard1.5) (< netstandard2.0) (< xamarinmac) (< xamarintvos) (< xamarinwatchos)) (&& (< monoandroid) (< monotouch) (< net45) (>= netstandard1.6) (< xamarinios) (< xamarinmac) (< xamarintvos) (< xamarinwatchos)) (&& (< monoandroid) (< net20) (< netstandard1.2) (>= netstandard1.4) (< win8)) (&& (< monoandroid) (< net20) (< netstandard1.2) (>= netstandard2.0) (< win8)) (&& (< monoandroid) (< net20) (< netstandard1.3) (>= netstandard1.4) (< win8) (< wpa81)) (&& (< monoandroid) (< net20) (< netstandard1.3) (>= netstandard2.0) (< win8) (< wpa81)) (&& (< monoandroid) (< net45) (>= netstandard2.0) (< xamarinios)) (&& (< net20) (>= net46) (< netstandard1.4) (>= netstandard2.0)) (&& (< net20) (>= netstandard1.4) (< netstandard1.5) (< win8) (< wpa81)) (&& (< net20) (>= netstandard1.4) (< portable-net45+win8+wpa81)) (&& (< net20) (< netstandard1.4) (>= netstandard2.0) (< win8) (< wpa81)) (&& (< net20) (>= netstandard1.5) (< netstandard1.6) (< win8) (< wpa81)) (&& (< net20) (< netstandard1.5) (>= netstandard2.0) (< win8) (< wpa81)) (&& (< net20) (>= netstandard1.6) (< netstandard2.0) (< win8) (< wpa81)) (&& (< net20) (< netstandard1.6) (>= netstandard2.0) (< win8) (< wpa81)) (&& (< net20) (>= netstandard2.0) (< portable-net45+win8+wpa81)) (&& (< net35) (>= netstandard1.3)) (&& (< net45) (>= net46) (>= netstandard1.6)) (&& (< netstandard1.5) (>= netstandard2.0) (>= uap10.0)) (&& (< netstandard1.5) (>= uap10.0) (< uap10.1)) (&& (< netstandard1.5) (>= uap10.0) (< win8) (< wpa81))
      System.Runtime (>= 4.3) - restriction: && (< monoandroid) (< monotouch) (< net46) (>= netstandard1.3) (< xamarinios) (< xamarinmac) (< xamarintvos) (< xamarinwatchos)
    System.IO.FileSystem.Watcher (4.3) - restriction: && (< monoandroid4.4) (< net35) (>= netstandard1.5) (< netstandard2.0)
      Microsoft.NETCore.Platforms (>= 1.1) - restriction: && (< monoandroid) (< monotouch) (< net46) (>= netstandard1.3) (< xamarinios) (< xamarinmac) (< xamarintvos) (< xamarinwatchos)
      Microsoft.Win32.Primitives (>= 4.3) - restriction: && (< monoandroid) (< monotouch) (< net46) (>= netstandard1.3) (< xamarinios) (< xamarinmac) (< xamarintvos) (< xamarinwatchos)
      runtime.native.System (>= 4.3) - restriction: && (< monoandroid) (< monotouch) (< net46) (>= netstandard1.3) (< xamarinios) (< xamarinmac) (< xamarintvos) (< xamarinwatchos)
      System.Collections (>= 4.3) - restriction: && (< monoandroid) (< monotouch) (< net46) (>= netstandard1.3) (< xamarinios) (< xamarinmac) (< xamarintvos) (< xamarinwatchos)
      System.IO.FileSystem (>= 4.3) - restriction: && (< monoandroid) (< monotouch) (< net46) (>= netstandard1.3) (< xamarinios) (< xamarinmac) (< xamarintvos) (< xamarinwatchos)
      System.IO.FileSystem.Primitives (>= 4.3) - restriction: && (< monoandroid) (< monotouch) (< net46) (>= netstandard1.3) (< xamarinios) (< xamarinmac) (< xamarintvos) (< xamarinwatchos)
      System.Resources.ResourceManager (>= 4.3) - restriction: && (< monoandroid) (< monotouch) (< net46) (>= netstandard1.3) (< xamarinios) (< xamarinmac) (< xamarintvos) (< xamarinwatchos)
      System.Runtime (>= 4.3) - restriction: && (< monoandroid) (< monotouch) (< net46) (>= netstandard1.3) (< xamarinios) (< xamarinmac) (< xamarintvos) (< xamarinwatchos)
      System.Runtime.Extensions (>= 4.3) - restriction: && (< monoandroid) (< monotouch) (< net46) (>= netstandard1.3) (< xamarinios) (< xamarinmac) (< xamarintvos) (< xamarinwatchos)
      System.Runtime.Handles (>= 4.3) - restriction: && (< monoandroid) (< monotouch) (< net46) (>= netstandard1.3) (< xamarinios) (< xamarinmac) (< xamarintvos) (< xamarinwatchos)
      System.Runtime.InteropServices (>= 4.3) - restriction: && (< monoandroid) (< monotouch) (< net46) (>= netstandard1.3) (< xamarinios) (< xamarinmac) (< xamarintvos) (< xamarinwatchos)
      System.Text.Encoding (>= 4.3) - restriction: && (< monoandroid) (< monotouch) (< net46) (>= netstandard1.3) (< xamarinios) (< xamarinmac) (< xamarintvos) (< xamarinwatchos)
      System.Threading (>= 4.3) - restriction: && (< monoandroid) (< monotouch) (< net46) (>= netstandard1.3) (< xamarinios) (< xamarinmac) (< xamarintvos) (< xamarinwatchos)
      System.Threading.Overlapped (>= 4.3) - restriction: && (< monoandroid) (< monotouch) (< net46) (>= netstandard1.3) (< xamarinios) (< xamarinmac) (< xamarintvos) (< xamarinwatchos)
      System.Threading.Tasks (>= 4.3) - restriction: && (< monoandroid) (< monotouch) (< net46) (>= netstandard1.3) (< xamarinios) (< xamarinmac) (< xamarintvos) (< xamarinwatchos)
      System.Threading.Thread (>= 4.3) - restriction: && (< monoandroid) (< monotouch) (< net46) (>= netstandard1.3) (< xamarinios) (< xamarinmac) (< xamarintvos) (< xamarinwatchos)
    System.Linq (4.3) - redirects: force, restriction: || (&& (>= dnxcore50) (>= netstandard1.0)) (&& (>= dnxcore50) (>= netstandard1.3)) (&& (>= dnxcore50) (>= netstandard1.6)) (&& (< monoandroid) (< monotouch) (< net20) (>= netstandard1.3) (< netstandard2.0) (< win8) (< wpa81) (< xamarinmac) (< xamarintvos) (< xamarinwatchos)) (&& (< monoandroid) (< monotouch) (< net20) (>= netstandard1.5) (< netstandard2.0) (< win8) (< wpa81) (< xamarinmac) (< xamarintvos) (< xamarinwatchos)) (&& (< monoandroid) (< monotouch) (< net45) (>= netstandard1.6) (< xamarinios) (< xamarinmac) (< xamarintvos) (< xamarinwatchos)) (&& (< monoandroid) (< net20) (< netstandard1.3) (>= netstandard1.5) (< win8) (< wpa81)) (&& (< monoandroid) (< net45) (>= netstandard1.3) (< netstandard1.6) (< win8) (< wpa81)) (&& (< net20) (< netstandard1.2) (>= netstandard1.4) (< win8)) (&& (< net20) (< netstandard1.2) (>= netstandard2.0) (< win8)) (&& (< net20) (< netstandard1.3) (>= netstandard1.4) (< win8) (< wpa81)) (&& (< net20) (< netstandard1.3) (>= netstandard2.0) (< win8) (< wpa81)) (&& (< net20) (>= netstandard1.4) (< netstandard1.5) (< win8) (< wpa81)) (&& (< net20) (>= netstandard1.4) (< portable-net45+win8+wpa81)) (&& (< net20) (< netstandard1.4) (>= netstandard2.0) (< win8) (< wpa81)) (&& (< net20) (>= netstandard1.5) (< netstandard1.6) (< win8) (< wpa81)) (&& (< net20) (< netstandard1.5) (>= netstandard2.0) (< win8) (< wpa81)) (&& (< net20) (>= netstandard1.6) (< netstandard2.0) (< win8) (< wpa81)) (&& (< net20) (< netstandard1.6) (>= netstandard2.0) (< win8) (< wpa81)) (&& (< net20) (>= netstandard2.0) (< portable-net45+win8+wpa81)) (&& (< net35) (>= netstandard1.3) (< uap10.0)) (&& (< net45) (>= netstandard1.6) (< netstandard2.0)) (&& (< netstandard1.5) (>= netstandard2.0) (>= uap10.0)) (&& (< netstandard1.5) (>= uap10.0) (< uap10.1))
      System.Collections (>= 4.3) - restriction: || (>= dnxcore50) (&& (< monoandroid) (< monotouch) (< net45) (>= netstandard1.6) (< win8) (< wpa81) (< xamarinios) (< xamarinmac) (< xamarintvos) (< xamarinwatchos)) (&& (< monoandroid) (< net45) (>= netstandard1.0) (< netstandard1.6) (< win8) (< wp8) (< wpa81))
      System.Diagnostics.Debug (>= 4.3) - restriction: || (>= dnxcore50) (&& (< monoandroid) (< monotouch) (< net45) (>= netstandard1.6) (< win8) (< wpa81) (< xamarinios) (< xamarinmac) (< xamarintvos) (< xamarinwatchos))
      System.Resources.ResourceManager (>= 4.3) - restriction: || (>= dnxcore50) (&& (< monoandroid) (< monotouch) (< net45) (>= netstandard1.6) (< win8) (< wpa81) (< xamarinios) (< xamarinmac) (< xamarintvos) (< xamarinwatchos))
      System.Runtime (>= 4.3) - restriction: || (>= dnxcore50) (&& (< monoandroid) (< monotouch) (< net45) (>= netstandard1.6) (< win8) (< wpa81) (< xamarinios) (< xamarinmac) (< xamarintvos) (< xamarinwatchos)) (&& (< monoandroid) (< net45) (>= netstandard1.0) (< netstandard1.6) (< win8) (< wp8) (< wpa81))
      System.Runtime.Extensions (>= 4.3) - restriction: || (>= dnxcore50) (&& (< monoandroid) (< monotouch) (< net45) (>= netstandard1.6) (< win8) (< wpa81) (< xamarinios) (< xamarinmac) (< xamarintvos) (< xamarinwatchos))
    System.Linq.Expressions (4.3) - redirects: force, restriction: || (&& (>= dnxcore50) (>= netstandard1.0)) (&& (>= dnxcore50) (>= netstandard1.3)) (&& (>= dnxcore50) (>= netstandard1.6)) (&& (< monoandroid) (< monotouch) (< net20) (>= netstandard1.3) (< netstandard2.0) (< win8) (< wpa81) (< xamarinmac) (< xamarintvos) (< xamarinwatchos)) (&& (< monoandroid) (< net20) (>= netstandard1.0) (< netstandard1.3) (< win8) (< wp8) (< wpa81)) (&& (< monoandroid) (< net45) (< netstandard1.3) (>= netstandard1.6) (< win8) (< wpa81)) (&& (< net20) (< netstandard1.2) (>= netstandard1.4) (< win8)) (&& (< net20) (< netstandard1.2) (>= netstandard2.0) (< win8)) (&& (< net20) (< netstandard1.3) (>= netstandard1.4) (< win8) (< wpa81)) (&& (< net20) (< netstandard1.3) (>= netstandard2.0) (< win8) (< wpa81)) (&& (< net20) (>= netstandard1.4) (< netstandard1.5) (< win8) (< wpa81)) (&& (< net20) (>= netstandard1.4) (< portable-net45+win8+wpa81)) (&& (< net20) (< netstandard1.4) (>= netstandard2.0) (< win8) (< wpa81)) (&& (< net20) (>= netstandard1.5) (< netstandard1.6) (< win8) (< wpa81)) (&& (< net20) (< netstandard1.5) (>= netstandard2.0) (< win8) (< wpa81)) (&& (< net20) (>= netstandard1.6) (< netstandard2.0) (< win8) (< wpa81)) (&& (< net20) (< netstandard1.6) (>= netstandard2.0) (< win8) (< wpa81)) (&& (< net20) (>= netstandard2.0) (< portable-net45+win8+wpa81)) (&& (< net45) (>= netstandard1.6) (< netstandard2.0)) (&& (< netstandard1.5) (>= netstandard2.0) (>= uap10.0)) (&& (< netstandard1.5) (>= uap10.0) (< uap10.1))
      System.Collections (>= 4.3) - restriction: || (>= dnxcore50) (&& (< monoandroid) (< monotouch) (< net45) (>= netstandard1.6) (< win8) (< wpa81) (< xamarinios) (< xamarinmac) (< xamarintvos) (< xamarinwatchos))
      System.Diagnostics.Debug (>= 4.3) - restriction: || (>= dnxcore50) (&& (< monoandroid) (< monotouch) (< net45) (>= netstandard1.6) (< win8) (< wpa81) (< xamarinios) (< xamarinmac) (< xamarintvos) (< xamarinwatchos))
      System.Globalization (>= 4.3) - restriction: || (>= dnxcore50) (&& (< monoandroid) (< monotouch) (< net45) (>= netstandard1.6) (< win8) (< wpa81) (< xamarinios) (< xamarinmac) (< xamarintvos) (< xamarinwatchos))
      System.IO (>= 4.3) - restriction: || (>= dnxcore50) (&& (< monoandroid) (< monotouch) (< net45) (>= netstandard1.6) (< win8) (< wpa81) (< xamarinios) (< xamarinmac) (< xamarintvos) (< xamarinwatchos))
      System.Linq (>= 4.3) - restriction: || (>= dnxcore50) (&& (< monoandroid) (< monotouch) (< net45) (>= netstandard1.6) (< win8) (< wpa81) (< xamarinios) (< xamarinmac) (< xamarintvos) (< xamarinwatchos))
      System.ObjectModel (>= 4.3) - restriction: && (< monoandroid) (< monotouch) (< net45) (>= netstandard1.6) (< win8) (< wpa81) (< xamarinios) (< xamarinmac) (< xamarintvos) (< xamarinwatchos)
      System.Reflection (>= 4.3) - restriction: || (>= dnxcore50) (&& (< monoandroid) (< monotouch) (< net45) (>= netstandard1.6) (< win8) (< wpa81) (< xamarinios) (< xamarinmac) (< xamarintvos) (< xamarinwatchos)) (&& (< monoandroid) (< net45) (>= netstandard1.0) (< netstandard1.3) (< win8) (< wp8) (< wpa81)) (&& (< monoandroid) (< net45) (>= netstandard1.3) (< netstandard1.6) (< win8) (< wpa81))
      System.Reflection.Emit (>= 4.3) - restriction: && (< monoandroid) (< monotouch) (< net45) (>= netstandard1.6) (< win8) (< wpa81) (< xamarinios) (< xamarinmac) (< xamarintvos) (< xamarinwatchos)
      System.Reflection.Emit.ILGeneration (>= 4.3) - restriction: || (>= dnxcore50) (&& (< monoandroid) (< monotouch) (< net45) (>= netstandard1.6) (< win8) (< wpa81) (< xamarinios) (< xamarinmac) (< xamarintvos) (< xamarinwatchos))
      System.Reflection.Emit.Lightweight (>= 4.3) - restriction: || (>= dnxcore50) (&& (< monoandroid) (< monotouch) (< net45) (>= netstandard1.6) (< win8) (< wpa81) (< xamarinios) (< xamarinmac) (< xamarintvos) (< xamarinwatchos))
      System.Reflection.Extensions (>= 4.3) - restriction: || (>= dnxcore50) (&& (< monoandroid) (< monotouch) (< net45) (>= netstandard1.6) (< win8) (< wpa81) (< xamarinios) (< xamarinmac) (< xamarintvos) (< xamarinwatchos))
      System.Reflection.Primitives (>= 4.3) - restriction: || (>= dnxcore50) (&& (< monoandroid) (< monotouch) (< net45) (>= netstandard1.6) (< win8) (< wpa81) (< xamarinios) (< xamarinmac) (< xamarintvos) (< xamarinwatchos))
      System.Reflection.TypeExtensions (>= 4.3) - restriction: || (>= dnxcore50) (&& (< monoandroid) (< monotouch) (< net45) (>= netstandard1.6) (< win8) (< wpa81) (< xamarinios) (< xamarinmac) (< xamarintvos) (< xamarinwatchos))
      System.Resources.ResourceManager (>= 4.3) - restriction: || (>= dnxcore50) (&& (< monoandroid) (< monotouch) (< net45) (>= netstandard1.6) (< win8) (< wpa81) (< xamarinios) (< xamarinmac) (< xamarintvos) (< xamarinwatchos))
      System.Runtime (>= 4.3) - restriction: || (>= dnxcore50) (&& (< monoandroid) (< monotouch) (< net45) (>= netstandard1.6) (< win8) (< wpa81) (< xamarinios) (< xamarinmac) (< xamarintvos) (< xamarinwatchos)) (&& (< monoandroid) (< net45) (>= netstandard1.0) (< netstandard1.3) (< win8) (< wp8) (< wpa81)) (&& (< monoandroid) (< net45) (>= netstandard1.3) (< netstandard1.6) (< win8) (< wpa81))
      System.Runtime.Extensions (>= 4.3) - restriction: || (>= dnxcore50) (&& (< monoandroid) (< monotouch) (< net45) (>= netstandard1.6) (< win8) (< wpa81) (< xamarinios) (< xamarinmac) (< xamarintvos) (< xamarinwatchos))
      System.Threading (>= 4.3) - restriction: || (>= dnxcore50) (&& (< monoandroid) (< monotouch) (< net45) (>= netstandard1.6) (< win8) (< wpa81) (< xamarinios) (< xamarinmac) (< xamarintvos) (< xamarinwatchos))
    System.Linq.Queryable (4.3) - redirects: force, restriction: || (&& (< net45) (>= netstandard1.6) (< netstandard2.0)) (&& (>= net46) (>= uap10.0)) (&& (>= netstandard2.0) (>= uap10.0))
      System.Collections (>= 4.3) - restriction: || (>= dnxcore50) (&& (< monoandroid) (< monotouch) (< net45) (>= netstandard1.3) (< win8) (< wpa81) (< xamarinios) (< xamarinmac) (< xamarintvos) (< xamarinwatchos))
      System.Diagnostics.Debug (>= 4.3) - restriction: || (>= dnxcore50) (&& (< monoandroid) (< monotouch) (< net45) (>= netstandard1.3) (< win8) (< wpa81) (< xamarinios) (< xamarinmac) (< xamarintvos) (< xamarinwatchos))
      System.Linq (>= 4.3) - restriction: || (>= dnxcore50) (&& (< monoandroid) (< monotouch) (< net45) (>= netstandard1.3) (< win8) (< wpa81) (< xamarinios) (< xamarinmac) (< xamarintvos) (< xamarinwatchos)) (&& (< monoandroid) (< net45) (>= netstandard1.0) (< netstandard1.3) (< win8) (< wp8) (< wpa81))
      System.Linq.Expressions (>= 4.3) - restriction: || (>= dnxcore50) (&& (< monoandroid) (< monotouch) (< net45) (>= netstandard1.3) (< win8) (< wpa81) (< xamarinios) (< xamarinmac) (< xamarintvos) (< xamarinwatchos)) (&& (< monoandroid) (< net45) (>= netstandard1.0) (< netstandard1.3) (< win8) (< wp8) (< wpa81))
      System.Reflection (>= 4.3) - restriction: || (>= dnxcore50) (&& (< monoandroid) (< monotouch) (< net45) (>= netstandard1.3) (< win8) (< wpa81) (< xamarinios) (< xamarinmac) (< xamarintvos) (< xamarinwatchos))
      System.Reflection.Extensions (>= 4.3) - restriction: || (>= dnxcore50) (&& (< monoandroid) (< monotouch) (< net45) (>= netstandard1.3) (< win8) (< wpa81) (< xamarinios) (< xamarinmac) (< xamarintvos) (< xamarinwatchos))
      System.Resources.ResourceManager (>= 4.3) - restriction: || (>= dnxcore50) (&& (< monoandroid) (< monotouch) (< net45) (>= netstandard1.3) (< win8) (< wpa81) (< xamarinios) (< xamarinmac) (< xamarintvos) (< xamarinwatchos))
      System.Runtime (>= 4.3) - restriction: || (>= dnxcore50) (&& (< monoandroid) (< monotouch) (< net45) (>= netstandard1.3) (< win8) (< wpa81) (< xamarinios) (< xamarinmac) (< xamarintvos) (< xamarinwatchos)) (&& (< monoandroid) (< net45) (>= netstandard1.0) (< netstandard1.3) (< win8) (< wp8) (< wpa81))
    System.Memory (4.5.2) - restriction: || (&& (< net40) (< netcoreapp2.0) (>= netstandard2.0) (< xamarinios)) (&& (< net45) (>= net461) (>= netstandard2.0)) (&& (< net45) (< netcoreapp2.0) (>= netstandard2.0)) (&& (>= netcoreapp2.0) (< netcoreapp2.1)) (&& (>= netstandard2.0) (>= uap10.1))
      System.Buffers (>= 4.4) - restriction: || (&& (>= monoandroid) (< netstandard2.0)) (&& (< monoandroid) (< net45) (>= netstandard1.1) (< netstandard2.0) (< win8) (< wpa81)) (&& (< monoandroid) (< netstandard1.1) (>= portable-net45+win8+wpa81) (< win8)) (>= monotouch) (&& (>= net45) (< netstandard2.0)) (&& (< net45) (< netcoreapp2.0) (>= netstandard2.0)) (>= net461) (&& (< netstandard1.1) (>= win8)) (&& (< netstandard2.0) (< uap10.1) (>= wpa81)) (>= xamarinios) (>= xamarinmac) (>= xamarintvos) (>= xamarinwatchos)
      System.Numerics.Vectors (>= 4.4) - restriction: || (&& (< net45) (< netcoreapp2.0) (>= netstandard2.0) (< xamarinios)) (>= net461)
      System.Runtime.CompilerServices.Unsafe (>= 4.5.2) - restriction: || (&& (>= monoandroid) (< netstandard2.0)) (&& (< monoandroid) (< net45) (>= netstandard1.1) (< netstandard2.0) (< win8) (< wpa81)) (&& (< monoandroid) (< netstandard1.1) (>= portable-net45+win8+wpa81) (< win8)) (>= monotouch) (&& (>= net45) (< netstandard2.0)) (&& (< net45) (< netcoreapp2.0) (>= netstandard2.0)) (>= net461) (&& (>= netcoreapp2.0) (< netcoreapp2.1)) (&& (< netstandard1.1) (>= win8)) (&& (< netstandard2.0) (>= wpa81)) (>= uap10.1) (>= xamarinios) (>= xamarinmac) (>= xamarintvos) (>= xamarinwatchos)
    System.Net.Http (4.3.4)
      Microsoft.NETCore.Platforms (>= 1.1.1) - restriction: || (>= dnxcore50) (&& (< monoandroid) (< monotouch) (< net45) (>= netstandard1.6) (< xamarinios) (< xamarinmac) (< xamarintvos) (< xamarinwatchos)) (&& (< monoandroid) (< net45) (>= netstandard1.3) (< netstandard1.6) (< win8) (< wpa81))
      Microsoft.Win32.Primitives (>= 4.3) - restriction: && (< monoandroid) (< net45) (>= netstandard1.3) (< netstandard1.6) (< win8) (< wpa81)
      runtime.native.System (>= 4.3) - restriction: && (< monoandroid) (< monotouch) (< net45) (>= netstandard1.6) (< xamarinios) (< xamarinmac) (< xamarintvos) (< xamarinwatchos)
      runtime.native.System.Net.Http (>= 4.3) - restriction: && (< monoandroid) (< monotouch) (< net45) (>= netstandard1.6) (< xamarinios) (< xamarinmac) (< xamarintvos) (< xamarinwatchos)
      runtime.native.System.Security.Cryptography.OpenSsl (>= 4.3.2) - restriction: && (< monoandroid) (< monotouch) (< net45) (>= netstandard1.6) (< xamarinios) (< xamarinmac) (< xamarintvos) (< xamarinwatchos)
      System.Collections (>= 4.3) - restriction: || (>= dnxcore50) (&& (< monoandroid) (< monotouch) (< net45) (>= netstandard1.6) (< xamarinios) (< xamarinmac) (< xamarintvos) (< xamarinwatchos)) (&& (< monoandroid) (< net45) (>= netstandard1.3) (< netstandard1.6) (< win8) (< wpa81))
      System.Diagnostics.Debug (>= 4.3) - restriction: || (>= dnxcore50) (&& (< monoandroid) (< monotouch) (< net45) (>= netstandard1.6) (< xamarinios) (< xamarinmac) (< xamarintvos) (< xamarinwatchos)) (&& (< monoandroid) (< net45) (>= netstandard1.3) (< netstandard1.6) (< win8) (< wpa81))
      System.Diagnostics.DiagnosticSource (>= 4.3) - restriction: || (>= dnxcore50) (&& (< monoandroid) (< monotouch) (< net45) (>= netstandard1.6) (< xamarinios) (< xamarinmac) (< xamarintvos) (< xamarinwatchos)) (&& (< monoandroid) (< net45) (>= netstandard1.3) (< netstandard1.6) (< win8) (< wpa81))
      System.Diagnostics.Tracing (>= 4.3) - restriction: || (>= dnxcore50) (&& (< monoandroid) (< monotouch) (< net45) (>= netstandard1.6) (< xamarinios) (< xamarinmac) (< xamarintvos) (< xamarinwatchos)) (&& (< monoandroid) (< net45) (>= netstandard1.3) (< netstandard1.6) (< win8) (< wpa81))
      System.Globalization (>= 4.3) - restriction: || (>= dnxcore50) (&& (< monoandroid) (< monotouch) (< net45) (>= netstandard1.6) (< xamarinios) (< xamarinmac) (< xamarintvos) (< xamarinwatchos)) (&& (< monoandroid) (< net45) (>= netstandard1.3) (< netstandard1.6) (< win8) (< wpa81))
      System.Globalization.Extensions (>= 4.3) - restriction: && (< monoandroid) (< monotouch) (< net45) (>= netstandard1.6) (< xamarinios) (< xamarinmac) (< xamarintvos) (< xamarinwatchos)
      System.IO (>= 4.3) - restriction: || (>= dnxcore50) (&& (< monoandroid) (< monotouch) (< net45) (>= netstandard1.6) (< xamarinios) (< xamarinmac) (< xamarintvos) (< xamarinwatchos)) (&& (< monoandroid) (< net45) (>= netstandard1.1) (< netstandard1.3) (< win8) (< wpa81)) (&& (< monoandroid) (< net45) (>= netstandard1.3) (< netstandard1.6) (< win8) (< wpa81))
      System.IO.Compression (>= 4.3) - restriction: && (< monoandroid) (< net45) (>= netstandard1.3) (< netstandard1.6) (< win8) (< wpa81)
      System.IO.FileSystem (>= 4.3) - restriction: && (< monoandroid) (< monotouch) (< net45) (>= netstandard1.6) (< xamarinios) (< xamarinmac) (< xamarintvos) (< xamarinwatchos)
      System.Net.Primitives (>= 4.3) - restriction: || (>= dnxcore50) (&& (< monoandroid) (< monotouch) (< net45) (>= netstandard1.6) (< xamarinios) (< xamarinmac) (< xamarintvos) (< xamarinwatchos)) (&& (< monoandroid) (< net45) (>= netstandard1.1) (< netstandard1.3) (< win8) (< wpa81)) (&& (< monoandroid) (< net45) (>= netstandard1.3) (< netstandard1.6) (< win8) (< wpa81))
      System.Resources.ResourceManager (>= 4.3) - restriction: || (>= dnxcore50) (&& (< monoandroid) (< monotouch) (< net45) (>= netstandard1.6) (< xamarinios) (< xamarinmac) (< xamarintvos) (< xamarinwatchos)) (&& (< monoandroid) (< net45) (>= netstandard1.3) (< netstandard1.6) (< win8) (< wpa81))
      System.Runtime (>= 4.3) - restriction: || (>= dnxcore50) (&& (< monoandroid) (< monotouch) (< net45) (>= netstandard1.6) (< xamarinios) (< xamarinmac) (< xamarintvos) (< xamarinwatchos)) (&& (< monoandroid) (< net45) (>= netstandard1.1) (< netstandard1.3) (< win8) (< wpa81)) (&& (< monoandroid) (< net45) (>= netstandard1.3) (< netstandard1.6) (< win8) (< wpa81))
      System.Runtime.Extensions (>= 4.3) - restriction: || (>= dnxcore50) (&& (< monoandroid) (< monotouch) (< net45) (>= netstandard1.6) (< xamarinios) (< xamarinmac) (< xamarintvos) (< xamarinwatchos)) (&& (< monoandroid) (< net45) (>= netstandard1.3) (< netstandard1.6) (< win8) (< wpa81))
      System.Runtime.Handles (>= 4.3) - restriction: || (&& (< monoandroid) (< monotouch) (< net45) (>= netstandard1.6) (< xamarinios) (< xamarinmac) (< xamarintvos) (< xamarinwatchos)) (&& (< monoandroid) (< net45) (>= netstandard1.3) (< netstandard1.6) (< win8) (< wpa81))
      System.Runtime.InteropServices (>= 4.3) - restriction: || (>= dnxcore50) (&& (< monoandroid) (< monotouch) (< net45) (>= netstandard1.6) (< xamarinios) (< xamarinmac) (< xamarintvos) (< xamarinwatchos)) (&& (< monoandroid) (< net45) (>= netstandard1.3) (< netstandard1.6) (< win8) (< wpa81))
      System.Runtime.WindowsRuntime (>= 4.3) - restriction: >= dnxcore50
      System.Security.Cryptography.Algorithms (>= 4.3) - restriction: && (< monoandroid) (< monotouch) (< net45) (>= netstandard1.6) (< xamarinios) (< xamarinmac) (< xamarintvos) (< xamarinwatchos)
      System.Security.Cryptography.Encoding (>= 4.3) - restriction: || (&& (< monoandroid) (< monotouch) (< net45) (>= netstandard1.6) (< xamarinios) (< xamarinmac) (< xamarintvos) (< xamarinwatchos)) (&& (< monoandroid) (< net45) (>= netstandard1.3) (< netstandard1.6) (< win8) (< wpa81))
      System.Security.Cryptography.OpenSsl (>= 4.3) - restriction: && (< monoandroid) (< monotouch) (< net45) (>= netstandard1.6) (< xamarinios) (< xamarinmac) (< xamarintvos) (< xamarinwatchos)
      System.Security.Cryptography.Primitives (>= 4.3) - restriction: && (< monoandroid) (< monotouch) (< net45) (>= netstandard1.6) (< xamarinios) (< xamarinmac) (< xamarintvos) (< xamarinwatchos)
      System.Security.Cryptography.X509Certificates (>= 4.3) - restriction: || (>= dnxcore50) (&& (< monoandroid) (< monotouch) (< net45) (>= netstandard1.6) (< xamarinios) (< xamarinmac) (< xamarintvos) (< xamarinwatchos)) (&& (< monoandroid) (< net45) (>= netstandard1.3) (< netstandard1.6) (< win8) (< wpa81)) (>= net46)
      System.Text.Encoding (>= 4.3) - restriction: || (>= dnxcore50) (&& (< monoandroid) (< monotouch) (< net45) (>= netstandard1.6) (< xamarinios) (< xamarinmac) (< xamarintvos) (< xamarinwatchos)) (&& (< monoandroid) (< net45) (>= netstandard1.1) (< netstandard1.3) (< win8) (< wpa81)) (&& (< monoandroid) (< net45) (>= netstandard1.3) (< netstandard1.6) (< win8) (< wpa81))
      System.Text.Encoding.Extensions (>= 4.3) - restriction: >= dnxcore50
      System.Threading (>= 4.3) - restriction: || (>= dnxcore50) (&& (< monoandroid) (< monotouch) (< net45) (>= netstandard1.6) (< xamarinios) (< xamarinmac) (< xamarintvos) (< xamarinwatchos)) (&& (< monoandroid) (< net45) (>= netstandard1.3) (< netstandard1.6) (< win8) (< wpa81))
      System.Threading.Tasks (>= 4.3) - restriction: || (>= dnxcore50) (&& (< monoandroid) (< monotouch) (< net45) (>= netstandard1.6) (< xamarinios) (< xamarinmac) (< xamarintvos) (< xamarinwatchos)) (&& (< monoandroid) (< net45) (>= netstandard1.1) (< netstandard1.3) (< win8) (< wpa81)) (&& (< monoandroid) (< net45) (>= netstandard1.3) (< netstandard1.6) (< win8) (< wpa81))
    System.Net.Http.WinHttpHandler (4.5.2) - restriction: && (< net45) (>= netstandard2.0)
      System.Buffers (>= 4.4) - restriction: && (< net46) (< netcoreapp2.0) (>= netstandard2.0)
      System.Memory (>= 4.5.1) - restriction: || (&& (< net46) (< netcoreapp2.0) (>= netstandard2.0)) (>= net461) (&& (>= netcoreapp2.0) (< netcoreapp2.1)) (>= uap10.1)
    System.Net.NameResolution (4.3) - restriction: || (&& (< monoandroid4.4) (< net35) (>= netstandard1.3) (< netstandard1.5)) (&& (< monoandroid4.4) (< net35) (>= netstandard1.5) (< netstandard2.0)) (&& (< net35) (>= netstandard1.3) (< uap10.0))
      Microsoft.NETCore.Platforms (>= 1.1) - restriction: || (>= dnxcore50) (&& (< monoandroid) (< monotouch) (< net46) (>= netstandard1.3) (< xamarinios) (< xamarinmac) (< xamarintvos) (< xamarinwatchos))
      runtime.native.System (>= 4.3) - restriction: && (< monoandroid) (< monotouch) (< net46) (>= netstandard1.3) (< xamarinios) (< xamarinmac) (< xamarintvos) (< xamarinwatchos)
      System.Collections (>= 4.3) - restriction: || (>= dnxcore50) (&& (< monoandroid) (< monotouch) (< net46) (>= netstandard1.3) (< xamarinios) (< xamarinmac) (< xamarintvos) (< xamarinwatchos))
      System.Diagnostics.Tracing (>= 4.3) - restriction: || (>= dnxcore50) (&& (< monoandroid) (< monotouch) (< net46) (>= netstandard1.3) (< xamarinios) (< xamarinmac) (< xamarintvos) (< xamarinwatchos))
      System.Globalization (>= 4.3) - restriction: || (>= dnxcore50) (&& (< monoandroid) (< monotouch) (< net46) (>= netstandard1.3) (< xamarinios) (< xamarinmac) (< xamarintvos) (< xamarinwatchos))
      System.Net.Primitives (>= 4.3) - restriction: || (>= dnxcore50) (&& (< monoandroid) (< monotouch) (< net46) (>= netstandard1.3) (< xamarinios) (< xamarinmac) (< xamarintvos) (< xamarinwatchos))
      System.Resources.ResourceManager (>= 4.3) - restriction: || (>= dnxcore50) (&& (< monoandroid) (< monotouch) (< net46) (>= netstandard1.3) (< xamarinios) (< xamarinmac) (< xamarintvos) (< xamarinwatchos))
      System.Runtime (>= 4.3) - restriction: || (>= dnxcore50) (&& (< monoandroid) (< monotouch) (< net46) (>= netstandard1.3) (< xamarinios) (< xamarinmac) (< xamarintvos) (< xamarinwatchos))
      System.Runtime.Extensions (>= 4.3) - restriction: || (>= dnxcore50) (&& (< monoandroid) (< monotouch) (< net46) (>= netstandard1.3) (< xamarinios) (< xamarinmac) (< xamarintvos) (< xamarinwatchos))
      System.Runtime.Handles (>= 4.3) - restriction: || (>= dnxcore50) (&& (< monoandroid) (< monotouch) (< net46) (>= netstandard1.3) (< xamarinios) (< xamarinmac) (< xamarintvos) (< xamarinwatchos))
      System.Runtime.InteropServices (>= 4.3) - restriction: || (>= dnxcore50) (&& (< monoandroid) (< monotouch) (< net46) (>= netstandard1.3) (< xamarinios) (< xamarinmac) (< xamarintvos) (< xamarinwatchos))
      System.Security.Principal.Windows (>= 4.3) - restriction: && (< monoandroid) (< monotouch) (< net46) (>= netstandard1.3) (< xamarinios) (< xamarinmac) (< xamarintvos) (< xamarinwatchos)
      System.Threading (>= 4.3) - restriction: || (>= dnxcore50) (&& (< monoandroid) (< monotouch) (< net46) (>= netstandard1.3) (< xamarinios) (< xamarinmac) (< xamarintvos) (< xamarinwatchos))
      System.Threading.Tasks (>= 4.3) - restriction: || (>= dnxcore50) (&& (< monoandroid) (< monotouch) (< net46) (>= netstandard1.3) (< xamarinios) (< xamarinmac) (< xamarintvos) (< xamarinwatchos))
    System.Net.Primitives (4.3) - restriction: || (>= dnxcore50) (&& (< monoandroid) (< monotouch) (< net35) (>= netstandard1.3) (< uap10.0) (< xamarinios) (< xamarinmac) (< xamarintvos) (< xamarinwatchos)) (&& (< monoandroid) (< monotouch) (< net45) (>= netstandard1.6) (< netstandard2.0) (< win8) (< wpa81) (< xamarinmac) (< xamarintvos) (< xamarinwatchos)) (&& (< monoandroid) (< monotouch) (< net45) (>= netstandard1.6) (< xamarinios) (< xamarinmac) (< xamarintvos) (< xamarinwatchos)) (&& (< monoandroid) (< net45) (>= netstandard1.1) (< netstandard1.3) (< win8) (< wpa81)) (&& (< monoandroid) (< net45) (>= netstandard1.3) (< netstandard1.6) (< win8) (< wpa81)) (&& (< monoandroid) (< net45) (< netstandard1.3) (>= netstandard1.6) (< win8) (< wpa81)) (&& (< monoandroid) (< netstandard1.1) (>= netstandard1.6) (< win8)) (&& (< net20) (< netstandard1.2) (>= netstandard1.4) (< win8)) (&& (< net20) (< netstandard1.2) (>= netstandard2.0) (< win8)) (&& (< net20) (< netstandard1.3) (>= netstandard1.4) (< win8) (< wpa81)) (&& (< net20) (< netstandard1.3) (>= netstandard2.0) (< win8) (< wpa81)) (&& (< net20) (>= netstandard1.4) (< netstandard1.5) (< win8) (< wpa81)) (&& (< net20) (>= netstandard1.4) (< portable-net45+win8+wpa81)) (&& (< net20) (< netstandard1.4) (>= netstandard2.0) (< win8) (< wpa81)) (&& (< net20) (>= netstandard1.5) (< netstandard1.6) (< win8) (< wpa81)) (&& (< net20) (< netstandard1.5) (>= netstandard2.0) (< win8) (< wpa81)) (&& (< net20) (>= netstandard1.6) (< netstandard2.0) (< win8) (< wpa81)) (&& (< net20) (< netstandard1.6) (>= netstandard2.0) (< win8) (< wpa81)) (&& (< net20) (>= netstandard2.0) (< portable-net45+win8+wpa81)) (&& (< netstandard1.5) (>= netstandard2.0) (>= uap10.0)) (&& (< netstandard1.5) (>= uap10.0) (< uap10.1))
      Microsoft.NETCore.Platforms (>= 1.1) - restriction: || (>= dnxcore50) (&& (< monoandroid) (< monotouch) (< net45) (>= netstandard1.3) (< win8) (< wpa81) (< xamarinios) (< xamarinmac) (< xamarintvos) (< xamarinwatchos)) (&& (< monoandroid) (< net45) (>= netstandard1.1) (< netstandard1.3) (< win8) (< wpa81)) (&& (< monoandroid) (>= netstandard1.0) (< netstandard1.1) (< win8) (< wp8))
      Microsoft.NETCore.Targets (>= 1.1) - restriction: || (>= dnxcore50) (&& (< monoandroid) (< monotouch) (< net45) (>= netstandard1.3) (< win8) (< wpa81) (< xamarinios) (< xamarinmac) (< xamarintvos) (< xamarinwatchos)) (&& (< monoandroid) (< net45) (>= netstandard1.1) (< netstandard1.3) (< win8) (< wpa81)) (&& (< monoandroid) (>= netstandard1.0) (< netstandard1.1) (< win8) (< wp8))
      System.Runtime (>= 4.3) - restriction: || (>= dnxcore50) (&& (< monoandroid) (< monotouch) (< net45) (>= netstandard1.3) (< win8) (< wpa81) (< xamarinios) (< xamarinmac) (< xamarintvos) (< xamarinwatchos)) (&& (< monoandroid) (< net45) (>= netstandard1.1) (< netstandard1.3) (< win8) (< wpa81)) (&& (< monoandroid) (>= netstandard1.0) (< netstandard1.1) (< win8) (< wp8))
      System.Runtime.Handles (>= 4.3) - restriction: || (>= dnxcore50) (&& (< monoandroid) (< monotouch) (< net45) (>= netstandard1.3) (< win8) (< wpa81) (< xamarinios) (< xamarinmac) (< xamarintvos) (< xamarinwatchos))
    System.Net.Requests (4.3) - redirects: force, restriction: || (&& (< monoandroid4.4) (< net35) (>= netstandard1.3) (< netstandard1.5)) (&& (< monoandroid4.4) (< net35) (>= netstandard1.5) (< netstandard2.0)) (&& (< net45) (>= netstandard1.6) (< netstandard2.0))
      Microsoft.NETCore.Platforms (>= 1.1) - restriction: && (< monoandroid) (< monotouch) (< net45) (>= netstandard1.3) (< win8) (< wpa81) (< xamarinios) (< xamarinmac) (< xamarintvos) (< xamarinwatchos)
      System.Collections (>= 4.3) - restriction: || (>= dnxcore50) (&& (< monoandroid) (< monotouch) (< net45) (>= netstandard1.3) (< win8) (< wpa81) (< xamarinios) (< xamarinmac) (< xamarintvos) (< xamarinwatchos))
      System.Diagnostics.Debug (>= 4.3) - restriction: || (>= dnxcore50) (&& (< monoandroid) (< monotouch) (< net45) (>= netstandard1.3) (< win8) (< wpa81) (< xamarinios) (< xamarinmac) (< xamarintvos) (< xamarinwatchos))
      System.Diagnostics.Tracing (>= 4.3) - restriction: || (>= dnxcore50) (&& (< monoandroid) (< monotouch) (< net45) (>= netstandard1.3) (< win8) (< wpa81) (< xamarinios) (< xamarinmac) (< xamarintvos) (< xamarinwatchos))
      System.Globalization (>= 4.3) - restriction: || (>= dnxcore50) (&& (< monoandroid) (< monotouch) (< net45) (>= netstandard1.3) (< win8) (< wpa81) (< xamarinios) (< xamarinmac) (< xamarintvos) (< xamarinwatchos))
      System.IO (>= 4.3) - restriction: || (>= dnxcore50) (&& (< monoandroid) (< monotouch) (< net45) (>= netstandard1.3) (< win8) (< wpa81) (< xamarinios) (< xamarinmac) (< xamarintvos) (< xamarinwatchos)) (&& (< monoandroid) (< net45) (>= netstandard1.1) (< netstandard1.3) (< win8) (< wpa81)) (&& (< monoandroid) (>= netstandard1.0) (< netstandard1.1) (< win8) (< wp8))
      System.Net.Http (>= 4.3) - restriction: || (>= dnxcore50) (&& (< monoandroid) (< monotouch) (< net45) (>= netstandard1.3) (< win8) (< wpa81) (< xamarinios) (< xamarinmac) (< xamarintvos) (< xamarinwatchos))
      System.Net.Primitives (>= 4.3) - restriction: || (>= dnxcore50) (&& (< monoandroid) (< monotouch) (< net45) (>= netstandard1.3) (< win8) (< wpa81) (< xamarinios) (< xamarinmac) (< xamarintvos) (< xamarinwatchos)) (&& (< monoandroid) (< net45) (>= netstandard1.1) (< netstandard1.3) (< win8) (< wpa81)) (&& (< monoandroid) (>= netstandard1.0) (< netstandard1.1) (< win8) (< wp8))
      System.Net.WebHeaderCollection (>= 4.3) - restriction: || (>= dnxcore50) (&& (< monoandroid) (< monotouch) (< net45) (>= netstandard1.3) (< win8) (< wpa81) (< xamarinios) (< xamarinmac) (< xamarintvos) (< xamarinwatchos))
      System.Resources.ResourceManager (>= 4.3) - restriction: || (>= dnxcore50) (&& (< monoandroid) (< monotouch) (< net45) (>= netstandard1.3) (< win8) (< wpa81) (< xamarinios) (< xamarinmac) (< xamarintvos) (< xamarinwatchos))
      System.Runtime (>= 4.3) - restriction: || (>= dnxcore50) (&& (< monoandroid) (< monotouch) (< net45) (>= netstandard1.3) (< win8) (< wpa81) (< xamarinios) (< xamarinmac) (< xamarintvos) (< xamarinwatchos)) (&& (< monoandroid) (< net45) (>= netstandard1.1) (< netstandard1.3) (< win8) (< wpa81)) (&& (< monoandroid) (>= netstandard1.0) (< netstandard1.1) (< win8) (< wp8))
      System.Threading (>= 4.3) - restriction: || (>= dnxcore50) (&& (< monoandroid) (< monotouch) (< net45) (>= netstandard1.3) (< win8) (< wpa81) (< xamarinios) (< xamarinmac) (< xamarintvos) (< xamarinwatchos))
      System.Threading.Tasks (>= 4.3) - restriction: || (>= dnxcore50) (&& (< monoandroid) (< monotouch) (< net45) (>= netstandard1.3) (< win8) (< wpa81) (< xamarinios) (< xamarinmac) (< xamarintvos) (< xamarinwatchos)) (&& (< monoandroid) (< net45) (>= netstandard1.1) (< netstandard1.3) (< win8) (< wpa81))
    System.Net.Sockets (4.3) - restriction: || (&& (< net20) (>= net46) (< netstandard1.4) (>= netstandard2.0)) (&& (< net20) (>= netstandard1.4) (< netstandard1.5) (< win8) (< wpa81)) (&& (< net20) (< netstandard1.4) (>= netstandard2.0) (< win8) (< wpa81)) (&& (< net20) (>= netstandard1.5) (< netstandard1.6) (< win8) (< wpa81)) (&& (< net20) (< netstandard1.5) (>= netstandard2.0) (< win8) (< wpa81)) (&& (< net20) (>= netstandard1.6) (< netstandard2.0) (< win8) (< wpa81)) (&& (< net20) (< netstandard1.6) (>= netstandard2.0) (< win8) (< wpa81)) (&& (< net35) (>= netstandard1.3) (< uap10.0)) (&& (< netstandard1.5) (>= netstandard2.0) (>= uap10.0)) (&& (< netstandard1.5) (>= uap10.0) (< uap10.1))
      Microsoft.NETCore.Platforms (>= 1.1) - restriction: && (< monoandroid) (< monotouch) (< net46) (>= netstandard1.3) (< xamarinios) (< xamarinmac) (< xamarintvos) (< xamarinwatchos)
      Microsoft.NETCore.Targets (>= 1.1) - restriction: && (< monoandroid) (< monotouch) (< net46) (>= netstandard1.3) (< xamarinios) (< xamarinmac) (< xamarintvos) (< xamarinwatchos)
      System.IO (>= 4.3) - restriction: && (< monoandroid) (< monotouch) (< net46) (>= netstandard1.3) (< xamarinios) (< xamarinmac) (< xamarintvos) (< xamarinwatchos)
      System.Net.Primitives (>= 4.3) - restriction: && (< monoandroid) (< monotouch) (< net46) (>= netstandard1.3) (< xamarinios) (< xamarinmac) (< xamarintvos) (< xamarinwatchos)
      System.Runtime (>= 4.3) - restriction: && (< monoandroid) (< monotouch) (< net46) (>= netstandard1.3) (< xamarinios) (< xamarinmac) (< xamarintvos) (< xamarinwatchos)
      System.Threading.Tasks (>= 4.3) - restriction: && (< monoandroid) (< monotouch) (< net46) (>= netstandard1.3) (< xamarinios) (< xamarinmac) (< xamarintvos) (< xamarinwatchos)
    System.Net.WebHeaderCollection (4.3) - redirects: force, restriction: || (&& (>= dnxcore50) (>= netstandard1.6)) (&& (< monoandroid) (< monotouch) (< net45) (>= netstandard1.6) (< netstandard2.0) (< win8) (< wpa81) (< xamarinmac) (< xamarintvos) (< xamarinwatchos))
      System.Collections (>= 4.3) - restriction: && (< monoandroid) (< monotouch) (< net46) (>= netstandard1.3) (< xamarinios) (< xamarinmac) (< xamarintvos) (< xamarinwatchos)
      System.Resources.ResourceManager (>= 4.3) - restriction: && (< monoandroid) (< monotouch) (< net46) (>= netstandard1.3) (< xamarinios) (< xamarinmac) (< xamarintvos) (< xamarinwatchos)
      System.Runtime (>= 4.3) - restriction: && (< monoandroid) (< monotouch) (< net46) (>= netstandard1.3) (< xamarinios) (< xamarinmac) (< xamarintvos) (< xamarinwatchos)
      System.Runtime.Extensions (>= 4.3) - restriction: && (< monoandroid) (< monotouch) (< net46) (>= netstandard1.3) (< xamarinios) (< xamarinmac) (< xamarintvos) (< xamarinwatchos)
    System.Numerics.Vectors (4.5) - restriction: || (&& (< net40) (>= net461) (>= netstandard2.0)) (&& (< net40) (< netcoreapp2.0) (>= netstandard2.0) (< xamarinios)) (&& (>= net461) (>= netcoreapp2.0)) (&& (>= netstandard2.0) (>= uap10.1))
    System.ObjectModel (4.3) - restriction: || (&& (>= dnxcore50) (>= netstandard1.0)) (&& (>= dnxcore50) (>= netstandard1.3)) (&& (< monoandroid) (< monotouch) (< net20) (>= netstandard1.3) (< netstandard2.0) (< win8) (< wpa81) (< xamarinmac) (< xamarintvos) (< xamarinwatchos)) (&& (< monoandroid) (< monotouch) (< net45) (>= netstandard1.6) (< netstandard2.0) (< win8) (< wpa81) (< xamarinmac) (< xamarintvos) (< xamarinwatchos)) (&& (< monoandroid) (< net20) (>= netstandard1.0) (< netstandard1.3) (< win8) (< wp8) (< wpa81)) (&& (< net20) (< netstandard1.2) (>= netstandard1.4) (< win8)) (&& (< net20) (< netstandard1.2) (>= netstandard2.0) (< win8)) (&& (< net20) (< netstandard1.3) (>= netstandard1.4) (< win8) (< wpa81)) (&& (< net20) (< netstandard1.3) (>= netstandard2.0) (< win8) (< wpa81)) (&& (< net20) (>= netstandard1.4) (< netstandard1.5) (< win8) (< wpa81)) (&& (< net20) (>= netstandard1.4) (< portable-net45+win8+wpa81)) (&& (< net20) (< netstandard1.4) (>= netstandard2.0) (< win8) (< wpa81)) (&& (< net20) (>= netstandard1.5) (< netstandard1.6) (< win8) (< wpa81)) (&& (< net20) (< netstandard1.5) (>= netstandard2.0) (< win8) (< wpa81)) (&& (< net20) (>= netstandard1.6) (< netstandard2.0) (< win8) (< wpa81)) (&& (< net20) (< netstandard1.6) (>= netstandard2.0) (< win8) (< wpa81)) (&& (< net20) (>= netstandard2.0) (< portable-net45+win8+wpa81)) (&& (< netstandard1.5) (>= netstandard2.0) (>= uap10.0)) (&& (< netstandard1.5) (>= uap10.0) (< uap10.1))
      System.Collections (>= 4.3) - restriction: || (>= dnxcore50) (&& (< monoandroid) (< monotouch) (< net45) (>= netstandard1.3) (< win8) (< wpa81) (< xamarinios) (< xamarinmac) (< xamarintvos) (< xamarinwatchos))
      System.Diagnostics.Debug (>= 4.3) - restriction: || (>= dnxcore50) (&& (< monoandroid) (< monotouch) (< net45) (>= netstandard1.3) (< win8) (< wpa81) (< xamarinios) (< xamarinmac) (< xamarintvos) (< xamarinwatchos))
      System.Resources.ResourceManager (>= 4.3) - restriction: || (>= dnxcore50) (&& (< monoandroid) (< monotouch) (< net45) (>= netstandard1.3) (< win8) (< wpa81) (< xamarinios) (< xamarinmac) (< xamarintvos) (< xamarinwatchos))
      System.Runtime (>= 4.3) - restriction: || (>= dnxcore50) (&& (< monoandroid) (< monotouch) (< net45) (>= netstandard1.3) (< win8) (< wpa81) (< xamarinios) (< xamarinmac) (< xamarintvos) (< xamarinwatchos)) (&& (< monoandroid) (< net45) (>= netstandard1.0) (< netstandard1.3) (< win8) (< wp8) (< wpa81))
      System.Threading (>= 4.3) - restriction: || (>= dnxcore50) (&& (< monoandroid) (< monotouch) (< net45) (>= netstandard1.3) (< win8) (< wpa81) (< xamarinios) (< xamarinmac) (< xamarintvos) (< xamarinwatchos))
    System.Reactive (4.1.3) - restriction: || (>= net46) (>= netstandard2.0) (>= uap10.0)
      System.ComponentModel (>= 4.0.1) - restriction: && (>= uap10.0) (< uap10.1)
      System.Dynamic.Runtime (>= 4.0.11) - restriction: && (>= uap10.0) (< uap10.1)
      System.Linq.Queryable (>= 4.0.1) - restriction: && (>= uap10.0) (< uap10.1)
      System.Runtime.InteropServices.WindowsRuntime (>= 4.3) - restriction: && (< net46) (>= netstandard2.0) (< uap10.0)
      System.Threading.Tasks.Extensions (>= 4.5.2) - restriction: || (>= net46) (>= netstandard2.0) (>= uap10.0)
      System.ValueTuple (>= 4.5) - restriction: || (>= net46) (&& (>= uap10.0) (< uap10.1))
    System.Reactive.Compatibility (4.1.3)
      System.Reactive.Core (>= 4.1.3) - restriction: || (>= net45) (>= netstandard1.3)
      System.Reactive.Experimental (>= 4.1.3) - restriction: >= net45
      System.Reactive.Interfaces (>= 4.1.3) - restriction: || (>= net45) (>= netstandard1.3)
      System.Reactive.Linq (>= 4.1.3) - restriction: || (>= net45) (>= netstandard1.3)
      System.Reactive.PlatformServices (>= 4.1.3) - restriction: || (>= net45) (>= netstandard1.3)
      System.Reactive.Providers (>= 4.1.3) - restriction: || (>= net45) (>= netstandard1.3)
      System.Reactive.Runtime.Remoting (>= 4.1.3) - restriction: >= net45
      System.Reactive.Windows.Forms (>= 4.1.3) - restriction: >= net45
      System.Reactive.Windows.Threading (>= 4.1.3) - restriction: || (>= net45) (>= uap10.0)
      System.Reactive.WindowsRuntime (>= 4.1.3) - restriction: >= uap10.0
    System.Reactive.Core (4.1.3) - restriction: || (>= net45) (>= netstandard1.3)
      System.Reactive (>= 4.1.3) - restriction: || (>= net46) (>= netstandard2.0) (>= uap10.0)
      System.Threading.Tasks.Extensions (>= 4.5.2) - restriction: || (>= net46) (>= netstandard2.0) (>= uap10.0)
    System.Reactive.Experimental (4.1.3) - restriction: >= net45
      System.Reactive (>= 4.1.3) - restriction: >= net46
      System.Threading.Tasks.Extensions (>= 4.5.2) - restriction: >= net46
    System.Reactive.Interfaces (4.1.3) - restriction: || (>= net45) (>= netstandard1.3)
      System.Reactive (>= 4.1.3) - restriction: || (>= net46) (>= netstandard2.0) (>= uap10.0)
      System.Threading.Tasks.Extensions (>= 4.5.2) - restriction: || (>= net46) (>= netstandard2.0) (>= uap10.0)
    System.Reactive.Linq (4.1.3) - restriction: || (>= net45) (>= netstandard1.3)
      System.Reactive (>= 4.1.3) - restriction: || (>= net46) (>= netstandard2.0) (>= uap10.0)
      System.Threading.Tasks.Extensions (>= 4.5.2) - restriction: || (>= net46) (>= netstandard2.0) (>= uap10.0)
    System.Reactive.PlatformServices (4.1.3) - restriction: || (>= net45) (>= netstandard1.3)
      System.Reactive (>= 4.1.3) - restriction: || (>= net46) (>= netstandard2.0) (>= uap10.0)
      System.Threading.Tasks.Extensions (>= 4.5.2) - restriction: || (>= net46) (>= netstandard2.0) (>= uap10.0)
    System.Reactive.Providers (4.1.3) - restriction: || (>= net45) (>= netstandard1.3)
      System.Reactive (>= 4.1.3) - restriction: || (>= net46) (>= netstandard2.0) (>= uap10.0)
      System.Threading.Tasks.Extensions (>= 4.5.2) - restriction: || (>= net46) (>= netstandard2.0) (>= uap10.0)
    System.Reactive.Runtime.Remoting (4.1.3) - restriction: >= net45
      System.Reactive (>= 4.1.3) - restriction: >= net46
      System.Threading.Tasks.Extensions (>= 4.5.2) - restriction: >= net46
    System.Reactive.Windows.Forms (4.1.3) - restriction: >= net45
      System.Reactive (>= 4.1.3) - restriction: >= net46
      System.Threading.Tasks.Extensions (>= 4.5.2) - restriction: >= net46
    System.Reactive.Windows.Threading (4.1.3) - restriction: || (>= net45) (>= uap10.0)
      System.Reactive (>= 4.1.3) - restriction: || (>= net46) (>= uap10.0)
      System.Threading.Tasks.Extensions (>= 4.5.2) - restriction: || (>= net46) (>= uap10.0)
    System.Reactive.WindowsRuntime (4.1.3) - restriction: >= uap10.0
      System.Reactive (>= 4.1.3) - restriction: >= uap10.0
      System.Threading.Tasks.Extensions (>= 4.5.2) - restriction: >= uap10.0
    System.Reflection (4.3) - redirects: force, restriction: || (>= dnxcore50) (&& (< monoandroid) (< monotouch) (< net20) (>= netstandard1.4) (< netstandard2.0) (< xamarinmac) (< xamarintvos) (< xamarinwatchos)) (&& (< monoandroid) (< monotouch) (< net20) (>= netstandard1.5) (< netstandard2.0) (< xamarinmac) (< xamarintvos) (< xamarinwatchos)) (&& (< monoandroid) (< monotouch) (< net35) (>= netstandard1.5) (< netstandard2.0) (< xamarinmac) (< xamarintvos) (< xamarinwatchos)) (&& (< monoandroid) (< monotouch) (< net45) (>= netstandard1.6) (< win8) (< wpa81) (< xamarinios) (< xamarinmac) (< xamarintvos) (< xamarinwatchos)) (&& (< monoandroid) (< net20) (>= netstandard1.0) (< netstandard1.3) (< win8) (< wp8) (< wpa81)) (&& (< monoandroid) (< net20) (>= netstandard1.3) (< netstandard1.5) (< win8) (< wpa81)) (&& (< monoandroid) (< net20) (< netstandard1.3) (>= netstandard1.5) (< win8) (< wpa81)) (&& (< monoandroid) (< net20) (>= netstandard1.4) (< netstandard1.5) (< uap10.1)) (&& (< monoandroid) (< net45) (>= netstandard1.3) (< netstandard1.6) (< win8) (< wpa81)) (&& (< monoandroid) (< net45) (< netstandard1.3) (>= netstandard1.6) (< win8) (< wpa81)) (&& (< monoandroid) (< net45) (>= netstandard2.0) (< xamarinios)) (&& (< net20) (< netstandard1.2) (>= netstandard1.4) (< win8)) (&& (< net20) (< netstandard1.2) (>= netstandard2.0) (< win8)) (&& (< net20) (< netstandard1.3) (>= netstandard1.4) (< win8) (< wpa81)) (&& (< net20) (< netstandard1.3) (>= netstandard2.0) (< win8) (< wpa81)) (&& (< net20) (>= netstandard1.4) (< netstandard1.5) (< win8) (< wpa81)) (&& (< net20) (>= netstandard1.4) (< portable-net45+win8+wpa81)) (&& (< net20) (< netstandard1.4) (>= netstandard2.0) (< win8) (< wpa81)) (&& (< net20) (>= netstandard1.5) (< netstandard1.6) (< win8) (< wpa81)) (&& (< net20) (< netstandard1.5) (>= netstandard2.0) (< win8) (< wpa81)) (&& (< net20) (>= netstandard1.6) (< netstandard2.0) (< win8) (< wpa81)) (&& (< net20) (< netstandard1.6) (>= netstandard2.0) (< win8) (< wpa81)) (&& (< net20) (>= netstandard2.0) (< portable-net45+win8+wpa81)) (&& (< net35) (>= netstandard1.3)) (&& (< net45) (>= netstandard1.6) (< netstandard2.0)) (&& (< netstandard1.5) (>= netstandard2.0) (>= uap10.0)) (&& (< netstandard1.5) (>= uap10.0) (< uap10.1)) (&& (< netstandard1.5) (>= uap10.0) (< win8) (< wpa81))
      Microsoft.NETCore.Platforms (>= 1.1) - restriction: || (>= dnxcore50) (&& (< monoandroid) (< monotouch) (< net45) (>= netstandard1.5) (< win8) (< wpa81) (< xamarinios) (< xamarinmac) (< xamarintvos) (< xamarinwatchos)) (&& (< monoandroid) (< net45) (>= netstandard1.0) (< netstandard1.3) (< win8) (< wp8) (< wpa81)) (&& (< monoandroid) (< net45) (>= netstandard1.3) (< netstandard1.5) (< win8) (< wpa81))
      Microsoft.NETCore.Targets (>= 1.1) - restriction: || (>= dnxcore50) (&& (< monoandroid) (< monotouch) (< net45) (>= netstandard1.5) (< win8) (< wpa81) (< xamarinios) (< xamarinmac) (< xamarintvos) (< xamarinwatchos)) (&& (< monoandroid) (< net45) (>= netstandard1.0) (< netstandard1.3) (< win8) (< wp8) (< wpa81)) (&& (< monoandroid) (< net45) (>= netstandard1.3) (< netstandard1.5) (< win8) (< wpa81))
      System.IO (>= 4.3) - restriction: || (>= dnxcore50) (&& (< monoandroid) (< monotouch) (< net45) (>= netstandard1.5) (< win8) (< wpa81) (< xamarinios) (< xamarinmac) (< xamarintvos) (< xamarinwatchos)) (&& (< monoandroid) (< net45) (>= netstandard1.0) (< netstandard1.3) (< win8) (< wp8) (< wpa81)) (&& (< monoandroid) (< net45) (>= netstandard1.3) (< netstandard1.5) (< win8) (< wpa81))
      System.Reflection.Primitives (>= 4.3) - restriction: || (>= dnxcore50) (&& (< monoandroid) (< monotouch) (< net45) (>= netstandard1.5) (< win8) (< wpa81) (< xamarinios) (< xamarinmac) (< xamarintvos) (< xamarinwatchos)) (&& (< monoandroid) (< net45) (>= netstandard1.0) (< netstandard1.3) (< win8) (< wp8) (< wpa81)) (&& (< monoandroid) (< net45) (>= netstandard1.3) (< netstandard1.5) (< win8) (< wpa81))
      System.Runtime (>= 4.3) - restriction: || (>= dnxcore50) (&& (< monoandroid) (< monotouch) (< net45) (>= netstandard1.5) (< win8) (< wpa81) (< xamarinios) (< xamarinmac) (< xamarintvos) (< xamarinwatchos)) (&& (< monoandroid) (< net45) (>= netstandard1.0) (< netstandard1.3) (< win8) (< wp8) (< wpa81)) (&& (< monoandroid) (< net45) (>= netstandard1.3) (< netstandard1.5) (< win8) (< wpa81))
    System.Reflection.Emit (4.3) - restriction: || (&& (>= dnxcore50) (>= netstandard1.3)) (&& (< monoandroid) (< monotouch) (< net20) (>= netstandard1.3) (< netstandard2.0) (< win8) (< wpa81) (< xamarinmac) (< xamarintvos) (< xamarinwatchos)) (&& (< monoandroid) (< monotouch) (< net45) (>= netstandard1.6) (< netstandard2.0) (< win8) (< wpa81) (< xamarinmac) (< xamarintvos) (< xamarinwatchos)) (&& (< net45) (>= netstandard2.0))
      System.IO (>= 4.3) - restriction: && (< monoandroid) (< monotouch) (< net45) (>= netstandard1.1) (< xamarinios) (< xamarinmac) (< xamarintvos) (< xamarinwatchos)
      System.Reflection (>= 4.3) - restriction: && (< monoandroid) (< monotouch) (< net45) (>= netstandard1.1) (< xamarinios) (< xamarinmac) (< xamarintvos) (< xamarinwatchos)
      System.Reflection.Emit.ILGeneration (>= 4.3) - restriction: && (< monoandroid) (< monotouch) (< net45) (>= netstandard1.1) (< xamarinios) (< xamarinmac) (< xamarintvos) (< xamarinwatchos)
      System.Reflection.Primitives (>= 4.3) - restriction: && (< monoandroid) (< monotouch) (< net45) (>= netstandard1.1) (< xamarinios) (< xamarinmac) (< xamarintvos) (< xamarinwatchos)
      System.Runtime (>= 4.3) - restriction: && (< monoandroid) (< monotouch) (< net45) (>= netstandard1.1) (< xamarinios) (< xamarinmac) (< xamarintvos) (< xamarinwatchos)
    System.Reflection.Emit.ILGeneration (4.3) - redirects: force, restriction: || (&& (>= dnxcore50) (>= netstandard1.3)) (&& (>= dnxcore50) (>= netstandard1.6)) (&& (< monoandroid) (< monotouch) (< net20) (>= netstandard1.3) (< netstandard2.0) (< win8) (< wpa81) (< xamarinmac) (< xamarintvos) (< xamarinwatchos)) (&& (< monoandroid) (< monotouch) (< net45) (>= netstandard1.6) (< netstandard2.0) (< win8) (< wpa81) (< xamarinmac) (< xamarintvos) (< xamarinwatchos)) (&& (< monoandroid) (< net45) (>= netstandard2.0) (< xamarinios))
      System.Reflection (>= 4.3) - restriction: && (< monoandroid) (< monotouch) (< net45) (>= netstandard1.0) (< wp8) (< xamarinios) (< xamarinmac) (< xamarintvos) (< xamarinwatchos)
      System.Reflection.Primitives (>= 4.3) - restriction: && (< monoandroid) (< monotouch) (< net45) (>= netstandard1.0) (< wp8) (< xamarinios) (< xamarinmac) (< xamarintvos) (< xamarinwatchos)
      System.Runtime (>= 4.3) - restriction: && (< monoandroid) (< monotouch) (< net45) (>= netstandard1.0) (< wp8) (< xamarinios) (< xamarinmac) (< xamarintvos) (< xamarinwatchos)
    System.Reflection.Emit.Lightweight (4.3) - redirects: force, restriction: || (&& (>= dnxcore50) (>= netstandard1.6)) (&& (< monoandroid) (< monotouch) (< net45) (>= netstandard1.6) (< netstandard2.0) (< win8) (< wpa81) (< xamarinmac) (< xamarintvos) (< xamarinwatchos))
      System.Reflection (>= 4.3) - restriction: && (< monoandroid) (< monotouch) (< net45) (>= netstandard1.0) (< wp8) (< xamarinios) (< xamarinmac) (< xamarintvos) (< xamarinwatchos)
      System.Reflection.Emit.ILGeneration (>= 4.3) - restriction: && (< monoandroid) (< monotouch) (< net45) (>= netstandard1.0) (< wp8) (< xamarinios) (< xamarinmac) (< xamarintvos) (< xamarinwatchos)
      System.Reflection.Primitives (>= 4.3) - restriction: && (< monoandroid) (< monotouch) (< net45) (>= netstandard1.0) (< wp8) (< xamarinios) (< xamarinmac) (< xamarintvos) (< xamarinwatchos)
      System.Runtime (>= 4.3) - restriction: && (< monoandroid) (< monotouch) (< net45) (>= netstandard1.0) (< wp8) (< xamarinios) (< xamarinmac) (< xamarintvos) (< xamarinwatchos)
    System.Reflection.Extensions (4.3) - redirects: force, restriction: || (&& (>= dnxcore50) (>= net45)) (&& (>= dnxcore50) (>= netstandard1.3)) (&& (>= dnxcore50) (>= netstandard1.6)) (&& (< monoandroid) (< monotouch) (< net20) (>= netstandard1.5) (< netstandard2.0) (< win8) (< wpa81) (< xamarinmac) (< xamarintvos) (< xamarinwatchos)) (&& (< monoandroid) (< monotouch) (< net45) (>= netstandard1.3) (< win8) (< wpa81) (< xamarinios) (< xamarinmac) (< xamarintvos) (< xamarinwatchos)) (&& (< monoandroid) (< net20) (>= netstandard1.0) (< netstandard1.3) (< win8) (< wp8) (< wpa81)) (&& (< monoandroid) (< net20) (>= netstandard1.3) (< netstandard1.5) (< win8) (< wpa81)) (&& (< monoandroid) (< net20) (< netstandard1.3) (>= netstandard1.5) (< win8) (< wpa81)) (&& (< net20) (< netstandard1.2) (>= netstandard1.4) (< win8)) (&& (< net20) (< netstandard1.2) (>= netstandard2.0) (< win8)) (&& (< net20) (< netstandard1.3) (>= netstandard1.4) (< win8) (< wpa81)) (&& (< net20) (< netstandard1.3) (>= netstandard2.0) (< win8) (< wpa81)) (&& (< net20) (>= netstandard1.4) (< netstandard1.5) (< win8) (< wpa81)) (&& (< net20) (>= netstandard1.4) (< portable-net45+win8+wpa81)) (&& (< net20) (< netstandard1.4) (>= netstandard2.0) (< win8) (< wpa81)) (&& (< net20) (>= netstandard1.5) (< netstandard1.6) (< win8) (< wpa81)) (&& (< net20) (< netstandard1.5) (>= netstandard2.0) (< win8) (< wpa81)) (&& (< net20) (>= netstandard1.6) (< netstandard2.0) (< win8) (< wpa81)) (&& (< net20) (< netstandard1.6) (>= netstandard2.0) (< win8) (< wpa81)) (&& (< net20) (>= netstandard2.0) (< portable-net45+win8+wpa81)) (&& (< net35) (>= netstandard1.3) (< uap10.0)) (&& (< net45) (>= netstandard1.6) (< netstandard2.0)) (&& (< netstandard1.5) (>= netstandard2.0) (>= uap10.0)) (&& (< netstandard1.5) (>= uap10.0) (< uap10.1))
      Microsoft.NETCore.Platforms (>= 1.1) - restriction: || (>= dnxcore50) (&& (< monoandroid) (< monotouch) (< net45) (>= netstandard1.0) (< win8) (< wp8) (< wpa81) (< xamarinios) (< xamarinmac) (< xamarintvos) (< xamarinwatchos))
      Microsoft.NETCore.Targets (>= 1.1) - restriction: || (>= dnxcore50) (&& (< monoandroid) (< monotouch) (< net45) (>= netstandard1.0) (< win8) (< wp8) (< wpa81) (< xamarinios) (< xamarinmac) (< xamarintvos) (< xamarinwatchos))
      System.Reflection (>= 4.3) - restriction: || (>= dnxcore50) (&& (< monoandroid) (< monotouch) (< net45) (>= netstandard1.0) (< win8) (< wp8) (< wpa81) (< xamarinios) (< xamarinmac) (< xamarintvos) (< xamarinwatchos))
      System.Runtime (>= 4.3) - restriction: || (>= dnxcore50) (&& (< monoandroid) (< monotouch) (< net45) (>= netstandard1.0) (< win8) (< wp8) (< wpa81) (< xamarinios) (< xamarinmac) (< xamarintvos) (< xamarinwatchos))
    System.Reflection.Metadata (1.6) - restriction: || (&& (< monoandroid) (< monotouch) (< net35) (>= netstandard1.5) (< xamarinmac) (< xamarintvos) (< xamarinwatchos)) (&& (< monoandroid) (< net35) (>= netstandard1.3) (< netstandard1.5)) (>= net45) (>= netstandard2.0)
      System.Collections.Immutable (>= 1.5) - restriction: || (>= net45) (&& (< netcoreapp2.1) (>= netstandard2.0)) (&& (>= netstandard1.1) (< netstandard2.0) (< win8) (< wpa81)) (&& (< netstandard1.1) (>= portable-net45+win8+wpa81) (< win8)) (&& (< netstandard1.1) (>= win8)) (&& (< netstandard2.0) (< uap10.1) (>= wpa81))
    System.Reflection.Primitives (4.3) - restriction: || (>= dnxcore50) (&& (< monoandroid) (< monotouch) (< net20) (>= netstandard1.3) (< netstandard2.0) (< win8) (< wpa81) (< xamarinmac) (< xamarintvos) (< xamarinwatchos)) (&& (< monoandroid) (< monotouch) (< net20) (>= netstandard1.5) (< netstandard2.0) (< win8) (< wpa81) (< xamarinmac) (< xamarintvos) (< xamarinwatchos)) (&& (< monoandroid) (< monotouch) (< net45) (>= netstandard1.6) (< netstandard2.0) (< win8) (< wpa81) (< xamarinmac) (< xamarintvos) (< xamarinwatchos)) (&& (< monoandroid) (< monotouch) (< net45) (>= netstandard1.6) (< win8) (< wpa81) (< xamarinios) (< xamarinmac) (< xamarintvos) (< xamarinwatchos)) (&& (< monoandroid) (< net20) (>= netstandard1.0) (< netstandard1.3) (< win8) (< wp8) (< wpa81)) (&& (< monoandroid) (< net20) (>= netstandard1.3) (< netstandard1.5) (< win8) (< wpa81)) (&& (< monoandroid) (< net20) (< netstandard1.3) (>= netstandard1.5) (< win8) (< wpa81)) (&& (< monoandroid) (< net45) (< netstandard1.2) (>= netstandard1.3) (< win8)) (&& (< monoandroid) (< net45) (< netstandard1.2) (>= netstandard1.6) (< win8)) (&& (< monoandroid) (< net45) (>= netstandard1.3) (< netstandard1.5) (< win8) (< wpa81)) (&& (< monoandroid) (< net45) (< netstandard1.3) (>= netstandard1.6) (< win8) (< wpa81)) (&& (< monoandroid) (< net45) (>= netstandard1.5) (< netstandard1.6) (< win8) (< wpa81)) (&& (< monoandroid) (< net45) (< netstandard1.5) (>= netstandard1.6) (< win8) (< wpa81)) (&& (< monoandroid) (< net45) (>= netstandard2.0) (< xamarinios)) (&& (< net20) (< netstandard1.2) (>= netstandard1.4) (< win8)) (&& (< net20) (< netstandard1.2) (>= netstandard2.0) (< win8)) (&& (< net20) (< netstandard1.3) (>= netstandard1.4) (< win8) (< wpa81)) (&& (< net20) (< netstandard1.3) (>= netstandard2.0) (< win8) (< wpa81)) (&& (< net20) (>= netstandard1.4) (< netstandard1.5) (< win8) (< wpa81)) (&& (< net20) (>= netstandard1.4) (< portable-net45+win8+wpa81)) (&& (< net20) (< netstandard1.4) (>= netstandard2.0) (< win8) (< wpa81)) (&& (< net20) (>= netstandard1.5) (< netstandard1.6) (< win8) (< wpa81)) (&& (< net20) (< netstandard1.5) (>= netstandard2.0) (< win8) (< wpa81)) (&& (< net20) (>= netstandard1.6) (< netstandard2.0) (< win8) (< wpa81)) (&& (< net20) (< netstandard1.6) (>= netstandard2.0) (< win8) (< wpa81)) (&& (< net20) (>= netstandard2.0) (< portable-net45+win8+wpa81)) (>= netcoreapp1.1) (&& (< netstandard1.5) (>= netstandard2.0) (>= uap10.0)) (&& (< netstandard1.5) (>= uap10.0) (< uap10.1))
      Microsoft.NETCore.Platforms (>= 1.1) - restriction: || (>= dnxcore50) (&& (< monoandroid) (< monotouch) (< net45) (>= netstandard1.0) (< win8) (< wp8) (< wpa81) (< xamarinios) (< xamarinmac) (< xamarintvos) (< xamarinwatchos))
      Microsoft.NETCore.Targets (>= 1.1) - restriction: || (>= dnxcore50) (&& (< monoandroid) (< monotouch) (< net45) (>= netstandard1.0) (< win8) (< wp8) (< wpa81) (< xamarinios) (< xamarinmac) (< xamarintvos) (< xamarinwatchos))
      System.Runtime (>= 4.3) - restriction: || (>= dnxcore50) (&& (< monoandroid) (< monotouch) (< net45) (>= netstandard1.0) (< win8) (< wp8) (< wpa81) (< xamarinios) (< xamarinmac) (< xamarintvos) (< xamarinwatchos))
    System.Reflection.TypeExtensions (4.5.1) - restriction: || (&& (>= dnxcore50) (>= netstandard1.0)) (&& (>= dnxcore50) (>= netstandard1.3)) (&& (>= dnxcore50) (>= netstandard1.6)) (&& (< monoandroid) (< monotouch) (< net20) (>= netstandard1.3) (< netstandard2.0) (< win8) (< wpa81) (< xamarinmac) (< xamarintvos) (< xamarinwatchos)) (&& (< monoandroid) (< monotouch) (< net20) (>= netstandard1.5) (< netstandard2.0) (< win8) (< wpa81) (< xamarinmac) (< xamarintvos) (< xamarinwatchos)) (&& (< monoandroid) (< monotouch) (< net45) (>= netstandard1.6) (< netstandard2.0) (< win8) (< wpa81) (< xamarinmac) (< xamarintvos) (< xamarinwatchos)) (&& (< monoandroid) (< net20) (< netstandard1.3) (>= netstandard1.5) (< win8) (< wpa81)) (&& (< monoandroid4.4) (< net35) (>= netstandard1.3) (< netstandard1.5)) (&& (< monoandroid4.4) (< net35) (>= netstandard1.5) (< netstandard2.0)) (&& (< net20) (>= netstandard1.4) (< netstandard2.0)) (&& (< net45) (>= netstandard1.3)) (&& (< net45) (>= netstandard2.0))
      System.Reflection (>= 4.3) - restriction: || (>= dnxcore50) (&& (< monoandroid) (< monotouch) (< net46) (>= netstandard1.5) (< netstandard2.0) (< xamarinmac) (< xamarintvos) (< xamarinwatchos)) (&& (< monoandroid) (< net46) (>= netstandard1.3) (< netstandard1.5) (< uap10.1))
      System.Resources.ResourceManager (>= 4.3) - restriction: || (>= dnxcore50) (&& (< monoandroid) (< monotouch) (< net46) (>= netstandard1.5) (< netstandard2.0) (< xamarinmac) (< xamarintvos) (< xamarinwatchos)) (&& (< monoandroid) (< net46) (>= netstandard1.3) (< netstandard1.5) (< uap10.1))
      System.Runtime (>= 4.3) - restriction: || (>= dnxcore50) (&& (< monoandroid) (< monotouch) (< net46) (>= netstandard1.5) (< netstandard2.0) (< xamarinmac) (< xamarintvos) (< xamarinwatchos)) (&& (< monoandroid) (< net46) (>= netstandard1.3) (< netstandard1.5) (< uap10.1))
    System.Resources.ResourceManager (4.3) - restriction: || (>= dnxcore50) (&& (< monoandroid) (< monotouch) (< net20) (>= netstandard1.3) (< netstandard2.0) (< xamarinmac) (< xamarintvos) (< xamarinwatchos)) (&& (< monoandroid) (< monotouch) (< net20) (>= netstandard1.4) (< netstandard2.0) (< xamarinmac) (< xamarintvos) (< xamarinwatchos)) (&& (< monoandroid) (< monotouch) (< net20) (>= netstandard1.5) (< netstandard2.0) (< xamarinmac) (< xamarintvos) (< xamarinwatchos)) (&& (< monoandroid) (< monotouch) (< net35) (>= netstandard1.3) (< xamarinios) (< xamarinmac) (< xamarintvos) (< xamarinwatchos)) (&& (< monoandroid) (< monotouch) (< net45) (>= netstandard1.3) (< win8) (< wpa81) (< xamarinios) (< xamarinmac) (< xamarintvos) (< xamarinwatchos)) (&& (< monoandroid) (< monotouch) (< net45) (>= netstandard1.6) (< xamarinios) (< xamarinmac) (< xamarintvos) (< xamarinwatchos)) (&& (< monoandroid) (< net20) (>= netstandard1.0) (< netstandard1.3) (< win8) (< wp8) (< wpa81)) (&& (< monoandroid) (< net20) (>= netstandard1.3) (< netstandard1.5) (< win8) (< wpa81)) (&& (< monoandroid) (< net20) (< netstandard1.3) (>= netstandard1.5) (< win8) (< wpa81)) (&& (< monoandroid) (< net20) (>= netstandard1.4) (< netstandard1.5) (< uap10.1)) (&& (< monoandroid) (< net45) (>= netstandard1.3) (< netstandard1.6) (< win8) (< wpa81)) (&& (< net20) (>= net462) (< netstandard1.3)) (&& (< net20) (>= net462) (< netstandard2.0)) (&& (< net20) (< netstandard1.2) (>= netstandard1.4) (< win8)) (&& (< net20) (< netstandard1.2) (>= netstandard2.0) (< win8)) (&& (< net20) (< netstandard1.3) (>= netstandard1.4) (< win8) (< wpa81)) (&& (< net20) (< netstandard1.3) (>= netstandard2.0) (< win8) (< wpa81)) (&& (< net20) (>= netstandard1.4) (< netstandard1.5) (< win8) (< wpa81)) (&& (< net20) (>= netstandard1.4) (< portable-net45+win8+wpa81)) (&& (< net20) (< netstandard1.4) (>= netstandard2.0) (< win8) (< wpa81)) (&& (< net20) (>= netstandard1.5) (< netstandard1.6) (< win8) (< wpa81)) (&& (< net20) (< netstandard1.5) (>= netstandard2.0) (< win8) (< wpa81)) (&& (< net20) (>= netstandard1.6) (< netstandard2.0) (< win8) (< wpa81)) (&& (< net20) (< netstandard1.6) (>= netstandard2.0) (< win8) (< wpa81)) (&& (< net20) (>= netstandard2.0) (< portable-net45+win8+wpa81)) (&& (< net45) (>= netstandard1.6) (< netstandard2.0)) (&& (< net45) (>= netstandard2.0) (< xamarinios)) (>= uap10.0)
      Microsoft.NETCore.Platforms (>= 1.1) - restriction: || (>= dnxcore50) (&& (< monoandroid) (< monotouch) (< net45) (>= netstandard1.0) (< win8) (< wp8) (< wpa81) (< xamarinios) (< xamarinmac) (< xamarintvos) (< xamarinwatchos))
      Microsoft.NETCore.Targets (>= 1.1) - restriction: || (>= dnxcore50) (&& (< monoandroid) (< monotouch) (< net45) (>= netstandard1.0) (< win8) (< wp8) (< wpa81) (< xamarinios) (< xamarinmac) (< xamarintvos) (< xamarinwatchos))
      System.Globalization (>= 4.3) - restriction: || (>= dnxcore50) (&& (< monoandroid) (< monotouch) (< net45) (>= netstandard1.0) (< win8) (< wp8) (< wpa81) (< xamarinios) (< xamarinmac) (< xamarintvos) (< xamarinwatchos))
      System.Reflection (>= 4.3) - restriction: || (>= dnxcore50) (&& (< monoandroid) (< monotouch) (< net45) (>= netstandard1.0) (< win8) (< wp8) (< wpa81) (< xamarinios) (< xamarinmac) (< xamarintvos) (< xamarinwatchos))
      System.Runtime (>= 4.3) - restriction: || (>= dnxcore50) (&& (< monoandroid) (< monotouch) (< net45) (>= netstandard1.0) (< win8) (< wp8) (< wpa81) (< xamarinios) (< xamarinmac) (< xamarintvos) (< xamarinwatchos))
    System.Runtime (4.3.1) - restriction: || (>= dnxcore50) (&& (< monoandroid) (< monotouch) (< net20) (>= netstandard1.4) (< netstandard2.0) (< xamarinmac) (< xamarintvos) (< xamarinwatchos)) (&& (< monoandroid) (< monotouch) (< net20) (>= netstandard1.5) (< netstandard2.0) (< xamarinmac) (< xamarintvos) (< xamarinwatchos)) (&& (< monoandroid) (< monotouch) (< net35) (>= netstandard1.3) (< xamarinios) (< xamarinmac) (< xamarintvos) (< xamarinwatchos)) (&& (< monoandroid) (< net20) (>= netstandard1.0) (< netstandard1.3) (< win8) (< wp8) (< wpa81)) (&& (< monoandroid) (< net20) (>= netstandard1.3) (< netstandard1.4)) (&& (< monoandroid) (< net20) (>= netstandard1.3) (< netstandard1.5) (< win8) (< wpa81)) (&& (< monoandroid) (< net20) (< netstandard1.3) (>= netstandard1.5) (< win8) (< wpa81)) (&& (< monoandroid) (< net20) (< netstandard1.3) (>= netstandard1.6) (< win8) (< wpa81)) (&& (< monoandroid) (< net20) (>= netstandard1.4) (< netstandard1.5) (< uap10.1)) (&& (< monoandroid) (< net45) (>= netstandard1.1) (< netstandard1.3) (< win8) (< wpa81)) (&& (< monoandroid) (< net45) (>= netstandard1.3) (< netstandard1.5) (< win8) (< wpa81)) (&& (< monoandroid) (< net45) (>= netstandard1.3) (< netstandard1.6)) (&& (< monoandroid) (< net45) (< netstandard1.3) (>= netstandard1.5) (< win8) (< wpa81)) (&& (< monoandroid) (< net45) (< netstandard1.3) (>= netstandard1.6) (< win8) (< wpa81)) (&& (< monoandroid) (< net45) (< netstandard1.4) (>= netstandard2.0)) (&& (< monoandroid) (< net45) (>= netstandard1.5) (< netstandard1.6) (< win8) (< wpa81)) (&& (< monoandroid) (< net45) (< netstandard1.5) (>= netstandard1.6) (< win8) (< wpa81)) (&& (< monoandroid) (< net45) (< netstandard1.6) (>= netstandard2.0)) (&& (< monotouch) (< net45) (>= netstandard1.6) (< xamarinios) (< xamarinmac) (< xamarintvos) (< xamarinwatchos)) (&& (< net20) (>= net462) (< netstandard1.3)) (&& (< net20) (>= net462) (< netstandard2.0)) (&& (< net20) (< netstandard1.2) (>= netstandard1.4) (< win8)) (&& (< net20) (< netstandard1.2) (>= netstandard2.0) (< win8)) (&& (< net20) (< netstandard1.3) (>= netstandard1.4) (< win8) (< wpa81)) (&& (< net20) (< netstandard1.3) (>= netstandard2.0) (< win8) (< wpa81)) (&& (< net20) (>= netstandard1.4) (< netstandard1.5) (< win8) (< wpa81)) (&& (< net20) (>= netstandard1.4) (< portable-net45+win8+wpa81)) (&& (< net20) (< netstandard1.4) (>= netstandard2.0) (< win8) (< wpa81)) (&& (< net20) (>= netstandard1.5) (< netstandard1.6) (< win8) (< wpa81)) (&& (< net20) (< netstandard1.5) (>= netstandard2.0) (< win8) (< wpa81)) (&& (< net20) (>= netstandard1.6) (< netstandard2.0) (< win8) (< wpa81)) (&& (< net20) (< netstandard1.6) (>= netstandard2.0) (< win8) (< wpa81)) (&& (< net20) (>= netstandard2.0) (< portable-net45+win8+wpa81)) (&& (< net45) (>= net463) (>= netstandard2.0)) (&& (< net45) (>= netstandard1.6) (< netstandard2.0)) (&& (< net45) (>= netstandard2.0) (< xamarinios)) (&& (< netstandard1.3) (>= uap10.0) (< win8) (< wpa81)) (&& (< netstandard1.5) (>= netstandard2.0) (>= uap10.0)) (&& (< netstandard1.5) (>= uap10.0) (< uap10.1)) (&& (< netstandard1.5) (>= uap10.0) (< win8) (< wpa81))
      Microsoft.NETCore.Platforms (>= 1.1.1) - restriction: || (>= dnxcore50) (&& (< monoandroid) (< monotouch) (< net45) (>= netstandard1.5) (< win8) (< wpa81) (< xamarinios) (< xamarinmac) (< xamarintvos) (< xamarinwatchos)) (&& (< monoandroid) (< net45) (>= netstandard1.0) (< netstandard1.2) (< win8) (< wp8)) (&& (< monoandroid) (< net45) (>= netstandard1.2) (< netstandard1.3) (< win8) (< wpa81)) (&& (< monoandroid) (< net45) (>= netstandard1.3) (< netstandard1.5) (< win8) (< wpa81))
      Microsoft.NETCore.Targets (>= 1.1.3) - restriction: || (>= dnxcore50) (&& (< monoandroid) (< monotouch) (< net45) (>= netstandard1.5) (< win8) (< wpa81) (< xamarinios) (< xamarinmac) (< xamarintvos) (< xamarinwatchos)) (&& (< monoandroid) (< net45) (>= netstandard1.0) (< netstandard1.2) (< win8) (< wp8)) (&& (< monoandroid) (< net45) (>= netstandard1.2) (< netstandard1.3) (< win8) (< wpa81)) (&& (< monoandroid) (< net45) (>= netstandard1.3) (< netstandard1.5) (< win8) (< wpa81))
    System.Runtime.CompilerServices.Unsafe (4.5.2) - restriction: || (&& (< monoandroid) (< net40) (< netstandard1.1) (>= netstandard2.0) (< win8)) (&& (< monoandroid) (< netstandard1.0) (>= netstandard2.0) (< win8)) (&& (>= monotouch) (>= netstandard2.0)) (&& (< net40) (>= net461) (>= netstandard2.0)) (&& (< net40) (>= netstandard2.0) (< xamarinios)) (&& (>= net45) (>= netstandard2.0)) (>= net46) (>= netcoreapp2.0) (&& (< netcoreapp2.1) (>= netstandard2.0) (< xamarinios)) (&& (< netstandard1.0) (>= netstandard2.0) (>= win8)) (&& (< netstandard1.1) (>= netstandard2.0) (>= win8)) (&& (>= netstandard2.0) (>= uap10.1)) (&& (>= netstandard2.0) (>= wp8)) (&& (>= netstandard2.0) (>= xamarinmac)) (&& (>= netstandard2.0) (>= xamarintvos)) (&& (>= netstandard2.0) (>= xamarinwatchos)) (&& (>= uap10.1) (>= xamarinios))
    System.Runtime.Extensions (4.3.1) - restriction: || (>= dnxcore50) (&& (< monoandroid) (< monotouch) (< net20) (>= netstandard1.3) (< netstandard2.0) (< xamarinmac) (< xamarintvos) (< xamarinwatchos)) (&& (< monoandroid) (< monotouch) (< net20) (>= netstandard1.5) (< netstandard2.0) (< win8) (< wpa81) (< xamarinmac) (< xamarintvos) (< xamarinwatchos)) (&& (< monoandroid) (< monotouch) (< net45) (>= netstandard1.6) (< xamarinios) (< xamarinmac) (< xamarintvos) (< xamarinwatchos)) (&& (< monoandroid) (< net20) (>= netstandard1.0) (< netstandard1.3) (< win8) (< wp8) (< wpa81)) (&& (< monoandroid) (< net20) (>= netstandard1.3) (< netstandard1.5) (< win8) (< wpa81)) (&& (< monoandroid) (< net20) (< netstandard1.3) (>= netstandard1.5) (< win8) (< wpa81)) (&& (< monoandroid) (< net45) (>= netstandard1.3) (< netstandard1.6) (< win8) (< wpa81)) (&& (< net20) (>= net46) (< netstandard1.4) (>= netstandard2.0)) (&& (< net20) (>= net462) (< netstandard1.3)) (&& (< net20) (>= net462) (< netstandard2.0)) (&& (< net20) (< netstandard1.2) (>= netstandard1.4) (< win8)) (&& (< net20) (< netstandard1.2) (>= netstandard2.0) (< win8)) (&& (< net20) (< netstandard1.3) (>= netstandard1.4) (< win8) (< wpa81)) (&& (< net20) (< netstandard1.3) (>= netstandard2.0) (< win8) (< wpa81)) (&& (< net20) (>= netstandard1.4) (< netstandard1.5) (< win8) (< wpa81)) (&& (< net20) (>= netstandard1.4) (< portable-net45+win8+wpa81)) (&& (< net20) (< netstandard1.4) (>= netstandard2.0) (< win8) (< wpa81)) (&& (< net20) (>= netstandard1.5) (< netstandard1.6) (< win8) (< wpa81)) (&& (< net20) (< netstandard1.5) (>= netstandard2.0) (< win8) (< wpa81)) (&& (< net20) (>= netstandard1.6) (< netstandard2.0) (< win8) (< wpa81)) (&& (< net20) (< netstandard1.6) (>= netstandard2.0) (< win8) (< wpa81)) (&& (< net20) (>= netstandard2.0) (< portable-net45+win8+wpa81)) (&& (< net35) (>= netstandard1.3)) (&& (< net45) (>= netstandard1.6) (< netstandard2.0)) (&& (< net45) (>= netstandard2.0) (< xamarinios)) (>= uap10.0)
      Microsoft.NETCore.Platforms (>= 1.1.1) - restriction: || (>= dnxcore50) (&& (< monoandroid) (< monotouch) (< net45) (>= netstandard1.5) (< win8) (< wpa81) (< xamarinios) (< xamarinmac) (< xamarintvos) (< xamarinwatchos)) (&& (< monoandroid) (< net45) (>= netstandard1.0) (< netstandard1.3) (< win8) (< wp8) (< wpa81)) (&& (< monoandroid) (< net45) (>= netstandard1.3) (< netstandard1.5) (< win8) (< wpa81))
      Microsoft.NETCore.Targets (>= 1.1.3) - restriction: || (>= dnxcore50) (&& (< monoandroid) (< monotouch) (< net45) (>= netstandard1.5) (< win8) (< wpa81) (< xamarinios) (< xamarinmac) (< xamarintvos) (< xamarinwatchos)) (&& (< monoandroid) (< net45) (>= netstandard1.0) (< netstandard1.3) (< win8) (< wp8) (< wpa81)) (&& (< monoandroid) (< net45) (>= netstandard1.3) (< netstandard1.5) (< win8) (< wpa81))
      System.Runtime (>= 4.3.1) - restriction: || (>= dnxcore50) (&& (< monoandroid) (< monotouch) (< net45) (>= netstandard1.5) (< win8) (< wpa81) (< xamarinios) (< xamarinmac) (< xamarintvos) (< xamarinwatchos)) (&& (< monoandroid) (< net45) (>= netstandard1.0) (< netstandard1.3) (< win8) (< wp8) (< wpa81)) (&& (< monoandroid) (< net45) (>= netstandard1.3) (< netstandard1.5) (< win8) (< wpa81))
    System.Runtime.Handles (4.3) - restriction: || (>= dnxcore50) (&& (< monoandroid) (< monotouch) (< net35) (>= netstandard1.3) (< xamarinios) (< xamarinmac) (< xamarintvos) (< xamarinwatchos)) (&& (< monoandroid) (< monotouch) (< net35) (>= netstandard1.5) (< netstandard2.0) (< xamarinmac) (< xamarintvos) (< xamarinwatchos)) (&& (< monoandroid) (< monotouch) (< net45) (>= netstandard1.6) (< netstandard2.0) (< xamarinmac) (< xamarintvos) (< xamarinwatchos)) (&& (< monoandroid) (< monotouch) (< net45) (>= netstandard1.6) (< xamarinios) (< xamarinmac) (< xamarintvos) (< xamarinwatchos)) (&& (< monoandroid) (< net45) (>= netstandard1.3) (< netstandard1.6) (< win8) (< wpa81)) (&& (< monoandroid) (< net45) (< netstandard1.4) (>= netstandard2.0)) (&& (< net20) (>= netstandard1.4) (< netstandard1.5) (< win8) (< wpa81)) (&& (< net20) (< netstandard1.4) (>= netstandard2.0) (< win8) (< wpa81)) (&& (< net20) (>= netstandard1.5) (< netstandard1.6) (< win8) (< wpa81)) (&& (< net20) (< netstandard1.5) (>= netstandard2.0) (< win8) (< wpa81)) (&& (< net20) (>= netstandard1.6) (< netstandard2.0) (< win8) (< wpa81)) (&& (< net20) (< netstandard1.6) (>= netstandard2.0) (< win8) (< wpa81)) (&& (< net45) (>= netstandard2.0) (< xamarinios)) (&& (< netstandard1.5) (>= netstandard2.0) (>= uap10.0)) (&& (< netstandard1.5) (>= uap10.0) (< uap10.1))
      Microsoft.NETCore.Platforms (>= 1.1) - restriction: && (< monoandroid) (< monotouch) (< net46) (>= netstandard1.3) (< xamarinios) (< xamarinmac) (< xamarintvos) (< xamarinwatchos)
      Microsoft.NETCore.Targets (>= 1.1) - restriction: && (< monoandroid) (< monotouch) (< net46) (>= netstandard1.3) (< xamarinios) (< xamarinmac) (< xamarintvos) (< xamarinwatchos)
      System.Runtime (>= 4.3) - restriction: && (< monoandroid) (< monotouch) (< net46) (>= netstandard1.3) (< xamarinios) (< xamarinmac) (< xamarintvos) (< xamarinwatchos)
    System.Runtime.InteropServices (4.3) - restriction: || (>= dnxcore50) (&& (< monoandroid) (< monotouch) (< net35) (>= netstandard1.3) (< xamarinios) (< xamarinmac) (< xamarintvos) (< xamarinwatchos)) (&& (< monoandroid) (< monotouch) (< net35) (>= netstandard1.5) (< netstandard2.0) (< xamarinmac) (< xamarintvos) (< xamarinwatchos)) (&& (< monoandroid) (< monotouch) (< net45) (>= netstandard1.6) (< netstandard2.0) (< xamarinmac) (< xamarintvos) (< xamarinwatchos)) (&& (< monoandroid) (< monotouch) (< net45) (>= netstandard1.6) (< xamarinios) (< xamarinmac) (< xamarintvos) (< xamarinwatchos)) (&& (< net20) (>= net46) (< netstandard1.4) (>= netstandard2.0)) (&& (< net20) (< netstandard1.2) (>= netstandard1.4) (< win8)) (&& (< net20) (< netstandard1.2) (>= netstandard2.0) (< win8)) (&& (< net20) (< netstandard1.3) (>= netstandard1.4) (< win8) (< wpa81)) (&& (< net20) (< netstandard1.3) (>= netstandard2.0) (< win8) (< wpa81)) (&& (< net20) (>= netstandard1.4) (< netstandard1.5) (< win8) (< wpa81)) (&& (< net20) (>= netstandard1.4) (< portable-net45+win8+wpa81)) (&& (< net20) (< netstandard1.4) (>= netstandard2.0) (< win8) (< wpa81)) (&& (< net20) (>= netstandard1.5) (< netstandard1.6) (< win8) (< wpa81)) (&& (< net20) (< netstandard1.5) (>= netstandard2.0) (< win8) (< wpa81)) (&& (< net20) (>= netstandard1.6) (< netstandard2.0) (< win8) (< wpa81)) (&& (< net20) (< netstandard1.6) (>= netstandard2.0) (< win8) (< wpa81)) (&& (< net20) (>= netstandard2.0) (< portable-net45+win8+wpa81)) (&& (< net45) (>= netstandard1.3)) (&& (< net45) (>= netstandard2.0) (< xamarinios)) (&& (< netstandard1.5) (>= netstandard2.0) (>= uap10.0)) (&& (< netstandard1.5) (>= uap10.0) (< uap10.1)) (&& (< netstandard1.5) (>= uap10.0) (< win8) (< wpa81))
      Microsoft.NETCore.Platforms (>= 1.1) - restriction: || (>= dnxcore50) (&& (< monoandroid) (< monotouch) (< net45) (>= netstandard1.5) (< win8) (< wpa81) (< xamarinios) (< xamarinmac) (< xamarintvos) (< xamarinwatchos)) (&& (< monoandroid) (< net45) (>= netstandard1.1) (< netstandard1.2) (< win8)) (&& (< monoandroid) (< net45) (>= netstandard1.2) (< netstandard1.3) (< win8) (< wpa81)) (&& (< monoandroid) (< net45) (>= netstandard1.3) (< netstandard1.5) (< win8) (< wpa81)) (>= netcoreapp1.1)
      Microsoft.NETCore.Targets (>= 1.1) - restriction: || (>= dnxcore50) (&& (< monoandroid) (< monotouch) (< net45) (>= netstandard1.5) (< win8) (< wpa81) (< xamarinios) (< xamarinmac) (< xamarintvos) (< xamarinwatchos)) (&& (< monoandroid) (< net45) (>= netstandard1.1) (< netstandard1.2) (< win8)) (&& (< monoandroid) (< net45) (>= netstandard1.2) (< netstandard1.3) (< win8) (< wpa81)) (&& (< monoandroid) (< net45) (>= netstandard1.3) (< netstandard1.5) (< win8) (< wpa81)) (>= netcoreapp1.1)
      System.Reflection (>= 4.3) - restriction: || (>= dnxcore50) (&& (< monoandroid) (< monotouch) (< net45) (>= netstandard1.5) (< win8) (< wpa81) (< xamarinios) (< xamarinmac) (< xamarintvos) (< xamarinwatchos)) (&& (< monoandroid) (< net45) (>= netstandard1.1) (< netstandard1.2) (< win8)) (&& (< monoandroid) (< net45) (>= netstandard1.2) (< netstandard1.3) (< win8) (< wpa81)) (&& (< monoandroid) (< net45) (>= netstandard1.3) (< netstandard1.5) (< win8) (< wpa81)) (>= netcoreapp1.1)
      System.Reflection.Primitives (>= 4.3) - restriction: || (>= dnxcore50) (&& (< monoandroid) (< monotouch) (< net45) (>= netstandard1.5) (< win8) (< wpa81) (< xamarinios) (< xamarinmac) (< xamarintvos) (< xamarinwatchos)) (&& (< monoandroid) (< net45) (>= netstandard1.1) (< netstandard1.2) (< win8)) (&& (< monoandroid) (< net45) (>= netstandard1.2) (< netstandard1.3) (< win8) (< wpa81)) (&& (< monoandroid) (< net45) (>= netstandard1.3) (< netstandard1.5) (< win8) (< wpa81)) (>= netcoreapp1.1)
      System.Runtime (>= 4.3) - restriction: || (>= dnxcore50) (&& (< monoandroid) (< monotouch) (< net45) (>= netstandard1.5) (< win8) (< wpa81) (< xamarinios) (< xamarinmac) (< xamarintvos) (< xamarinwatchos)) (&& (< monoandroid) (< net45) (>= netstandard1.1) (< netstandard1.2) (< win8)) (&& (< monoandroid) (< net45) (>= netstandard1.2) (< netstandard1.3) (< win8) (< wpa81)) (&& (< monoandroid) (< net45) (>= netstandard1.3) (< netstandard1.5) (< win8) (< wpa81)) (>= net462) (>= netcoreapp1.1)
      System.Runtime.Handles (>= 4.3) - restriction: || (>= dnxcore50) (&& (< monoandroid) (< monotouch) (< net45) (>= netstandard1.5) (< win8) (< wpa81) (< xamarinios) (< xamarinmac) (< xamarintvos) (< xamarinwatchos)) (&& (< monoandroid) (< net45) (>= netstandard1.3) (< netstandard1.5) (< win8) (< wpa81)) (>= netcoreapp1.1)
    System.Runtime.InteropServices.RuntimeInformation (4.3) - restriction: || (&& (< net20) (>= net46) (< netstandard1.4) (>= netstandard2.0)) (&& (< net20) (< netstandard1.0) (>= netstandard1.4) (< portable-net45+win8)) (&& (< net20) (< netstandard1.0) (>= netstandard1.4) (< win8)) (&& (< net20) (< netstandard1.0) (>= netstandard2.0) (< portable-net45+win8)) (&& (< net20) (< netstandard1.0) (>= netstandard2.0) (< win8)) (&& (< net20) (< netstandard1.2) (>= netstandard1.4) (< win8)) (&& (< net20) (< netstandard1.2) (>= netstandard2.0) (< win8)) (&& (< net20) (>= netstandard1.4) (< win8) (< wpa81)) (&& (< net20) (>= netstandard1.5) (< netstandard1.6) (< win8) (< wpa81)) (&& (< net20) (>= netstandard1.6) (< netstandard2.0) (< win8) (< wpa81)) (&& (< net20) (>= netstandard2.0) (< win8) (< wpa81)) (>= net45) (&& (< netstandard1.0) (>= netstandard1.4) (>= win8)) (&& (< netstandard1.0) (>= netstandard2.0) (>= win8)) (>= netstandard1.3) (&& (>= netstandard1.4) (< win8) (>= wpa81)) (&& (< netstandard1.5) (>= netstandard2.0) (>= uap10.0)) (&& (< netstandard1.5) (>= uap10.0) (< uap10.1)) (&& (>= netstandard2.0) (< win8) (>= wpa81))
      runtime.native.System (>= 4.3) - restriction: && (< monoandroid) (< monotouch) (< net45) (>= netstandard1.1) (< win8) (< wpa81) (< xamarinios) (< xamarinmac) (< xamarintvos) (< xamarinwatchos)
      System.Reflection (>= 4.3) - restriction: || (>= dnxcore50) (&& (< monoandroid) (< monotouch) (< net45) (>= netstandard1.1) (< win8) (< wpa81) (< xamarinios) (< xamarinmac) (< xamarintvos) (< xamarinwatchos))
      System.Reflection.Extensions (>= 4.3) - restriction: || (>= dnxcore50) (&& (< monoandroid) (< monotouch) (< net45) (>= netstandard1.1) (< win8) (< wpa81) (< xamarinios) (< xamarinmac) (< xamarintvos) (< xamarinwatchos))
      System.Resources.ResourceManager (>= 4.3) - restriction: || (>= dnxcore50) (&& (< monoandroid) (< monotouch) (< net45) (>= netstandard1.1) (< win8) (< wpa81) (< xamarinios) (< xamarinmac) (< xamarintvos) (< xamarinwatchos))
      System.Runtime (>= 4.3) - restriction: || (>= dnxcore50) (&& (< monoandroid) (< monotouch) (< net45) (>= netstandard1.1) (< win8) (< wpa81) (< xamarinios) (< xamarinmac) (< xamarintvos) (< xamarinwatchos))
      System.Runtime.InteropServices (>= 4.3) - restriction: && (< monoandroid) (< monotouch) (< net45) (>= netstandard1.1) (< win8) (< wpa81) (< xamarinios) (< xamarinmac) (< xamarintvos) (< xamarinwatchos)
      System.Threading (>= 4.3) - restriction: || (>= dnxcore50) (&& (< monoandroid) (< monotouch) (< net45) (>= netstandard1.1) (< win8) (< wpa81) (< xamarinios) (< xamarinmac) (< xamarintvos) (< xamarinwatchos))
    System.Runtime.InteropServices.WindowsRuntime (4.3) - restriction: && (< net46) (>= netstandard2.0) (< uap10.0)
      System.Runtime (>= 4.3) - restriction: || (>= dnxcore50) (&& (< monoandroid) (< monotouch) (< net45) (>= netstandard1.0) (< win8) (< wp8) (< wpa81) (< xamarinios) (< xamarinmac) (< xamarintvos) (< xamarinwatchos))
    System.Runtime.Loader (4.3) - restriction: || (&& (< monoandroid4.4) (< net35) (>= netstandard1.5) (< netstandard2.0)) (&& (< net45) (>= netstandard2.0))
      System.IO (>= 4.3) - restriction: && (< monoandroid) (< monotouch) (< net462) (>= netstandard1.5) (< xamarinios) (< xamarinmac) (< xamarintvos) (< xamarinwatchos)
      System.Reflection (>= 4.3) - restriction: && (< monoandroid) (< monotouch) (< net462) (>= netstandard1.5) (< xamarinios) (< xamarinmac) (< xamarintvos) (< xamarinwatchos)
      System.Runtime (>= 4.3) - restriction: && (< monoandroid) (< monotouch) (< net462) (>= netstandard1.5) (< xamarinios) (< xamarinmac) (< xamarintvos) (< xamarinwatchos)
    System.Runtime.Numerics (4.3) - redirects: force, restriction: || (>= dnxcore50) (&& (< monoandroid) (< monotouch) (< net45) (>= netstandard1.6) (< xamarinios) (< xamarinmac) (< xamarintvos) (< xamarinwatchos)) (&& (< net20) (< netstandard1.2) (>= netstandard1.4) (< win8)) (&& (< net20) (< netstandard1.2) (>= netstandard2.0) (< win8)) (&& (< net20) (< netstandard1.3) (>= netstandard1.4) (< win8) (< wpa81)) (&& (< net20) (< netstandard1.3) (>= netstandard2.0) (< win8) (< wpa81)) (&& (< net20) (>= netstandard1.4) (< netstandard1.5) (< win8) (< wpa81)) (&& (< net20) (< netstandard1.4) (>= netstandard2.0) (< win8) (< wpa81)) (&& (< net20) (>= netstandard1.5) (< netstandard1.6) (< win8) (< wpa81)) (&& (< net20) (< netstandard1.5) (>= netstandard2.0) (< win8) (< wpa81)) (&& (< net20) (>= netstandard1.6) (< netstandard2.0) (< win8) (< wpa81)) (&& (< net20) (< netstandard1.6) (>= netstandard2.0) (< win8) (< wpa81)) (&& (< net45) (>= netstandard1.6) (< netstandard2.0)) (&& (< net45) (>= netstandard2.0) (< xamarinios)) (&& (< netstandard1.5) (>= netstandard2.0) (>= uap10.0)) (&& (< netstandard1.5) (>= uap10.0) (< uap10.1))
      System.Globalization (>= 4.3) - restriction: || (>= dnxcore50) (&& (< monoandroid) (< monotouch) (< net45) (>= netstandard1.3) (< win8) (< wpa81) (< xamarinios) (< xamarinmac) (< xamarintvos) (< xamarinwatchos))
      System.Resources.ResourceManager (>= 4.3) - restriction: || (>= dnxcore50) (&& (< monoandroid) (< monotouch) (< net45) (>= netstandard1.3) (< win8) (< wpa81) (< xamarinios) (< xamarinmac) (< xamarintvos) (< xamarinwatchos))
      System.Runtime (>= 4.3) - restriction: || (>= dnxcore50) (&& (< monoandroid) (< monotouch) (< net45) (>= netstandard1.3) (< win8) (< wpa81) (< xamarinios) (< xamarinmac) (< xamarintvos) (< xamarinwatchos)) (&& (< monoandroid) (< net45) (>= netstandard1.1) (< netstandard1.3) (< win8) (< wpa81))
      System.Runtime.Extensions (>= 4.3) - restriction: || (>= dnxcore50) (&& (< monoandroid) (< monotouch) (< net45) (>= netstandard1.3) (< win8) (< wpa81) (< xamarinios) (< xamarinmac) (< xamarintvos) (< xamarinwatchos))
    System.Runtime.Serialization.Formatters (4.3) - redirects: force, restriction: && (< net20) (>= netstandard1.3) (< netstandard2.0)
      System.Collections (>= 4.3) - restriction: && (< monoandroid) (< monotouch) (< net46) (>= netstandard1.4) (< xamarinios) (< xamarinmac) (< xamarintvos) (< xamarinwatchos)
      System.Reflection (>= 4.3) - restriction: && (< monoandroid) (< monotouch) (< net46) (>= netstandard1.4) (< xamarinios) (< xamarinmac) (< xamarintvos) (< xamarinwatchos)
      System.Resources.ResourceManager (>= 4.3) - restriction: && (< monoandroid) (< monotouch) (< net46) (>= netstandard1.4) (< xamarinios) (< xamarinmac) (< xamarintvos) (< xamarinwatchos)
      System.Runtime (>= 4.3) - restriction: || (&& (< monoandroid) (< monotouch) (< net46) (>= netstandard1.4) (< xamarinios) (< xamarinmac) (< xamarintvos) (< xamarinwatchos)) (&& (< monoandroid) (< net46) (>= netstandard1.3) (< netstandard1.4))
      System.Runtime.Serialization.Primitives (>= 4.3) - restriction: || (&& (< monoandroid) (< monotouch) (>= netstandard1.4) (< xamarinios) (< xamarinmac) (< xamarintvos) (< xamarinwatchos)) (&& (< monoandroid) (>= netstandard1.3) (< netstandard1.4)) (>= net46)
    System.Runtime.Serialization.Primitives (4.3) - redirects: force, restriction: || (&& (< monoandroid) (< monotouch) (< net20) (>= netstandard1.4) (< netstandard2.0) (< xamarinmac) (< xamarintvos) (< xamarinwatchos)) (&& (< monoandroid) (< net20) (>= netstandard1.3) (< netstandard1.4)) (&& (< net20) (>= net46) (< netstandard2.0)) (&& (< net20) (>= netstandard1.0) (< netstandard1.3)) (&& (< net20) (>= netstandard1.3) (< netstandard2.0))
      System.Resources.ResourceManager (>= 4.3) - restriction: || (>= dnxcore50) (&& (< monoandroid) (< monotouch) (< net45) (>= netstandard1.3) (< win8) (< wpa81) (< xamarinios) (< xamarinmac) (< xamarintvos) (< xamarinwatchos))
      System.Runtime (>= 4.3) - restriction: || (>= dnxcore50) (&& (< monoandroid) (< monotouch) (< net45) (>= netstandard1.3) (< win8) (< wpa81) (< xamarinios) (< xamarinmac) (< xamarintvos) (< xamarinwatchos)) (&& (< monoandroid) (< net45) (>= netstandard1.0) (< netstandard1.3) (< win8) (< wp8) (< wpa81))
    System.Runtime.WindowsRuntime (4.3) - restriction: >= dnxcore50
    System.Security.AccessControl (4.5) - restriction: || (&& (>= monotouch) (>= netstandard2.0)) (&& (< net40) (>= netstandard2.0)) (>= netcoreapp2.0) (&& (>= netstandard2.0) (>= xamarinmac)) (&& (>= netstandard2.0) (>= xamarintvos)) (&& (>= netstandard2.0) (>= xamarinwatchos))
      Microsoft.NETCore.Platforms (>= 2.0) - restriction: >= netcoreapp2.0
      System.Security.Principal.Windows (>= 4.5) - restriction: || (&& (< net46) (>= netstandard2.0)) (>= net461) (>= netcoreapp2.0)
    System.Security.Cryptography.Algorithms (4.3.1) - restriction: || (>= dnxcore50) (&& (< monoandroid) (< monotouch) (< net45) (>= netstandard1.6) (< netstandard2.0) (< xamarinmac) (< xamarintvos) (< xamarinwatchos)) (&& (< monoandroid) (< monotouch) (< net45) (>= netstandard1.6) (< xamarinios) (< xamarinmac) (< xamarintvos) (< xamarinwatchos)) (&& (< monoandroid) (< net45) (>= netstandard1.3) (< netstandard1.4) (< win8) (< wpa81)) (&& (< monoandroid) (< net45) (>= netstandard1.4) (< netstandard1.6) (< win8) (< wpa81)) (&& (< monoandroid) (< net45) (< netstandard1.4) (>= netstandard1.6)) (&& (< net20) (>= netstandard1.4) (< netstandard1.5) (< win8) (< wpa81)) (&& (< net20) (< netstandard1.4) (>= netstandard2.0) (< win8) (< wpa81)) (&& (< net20) (>= netstandard1.5) (< netstandard1.6) (< win8) (< wpa81)) (&& (< net20) (< netstandard1.5) (>= netstandard2.0) (< win8) (< wpa81)) (&& (< net20) (>= netstandard1.6) (< netstandard2.0) (< win8) (< wpa81)) (&& (< net20) (< netstandard1.6) (>= netstandard2.0) (< win8) (< wpa81)) (&& (< net35) (>= net46)) (&& (< net35) (>= netstandard1.3)) (&& (< net45) (>= netstandard2.0)) (&& (>= net46) (< netstandard1.4)) (>= net461) (&& (< netstandard1.5) (>= netstandard2.0) (>= uap10.0)) (&& (< netstandard1.5) (>= uap10.0) (< uap10.1))
      Microsoft.NETCore.Platforms (>= 1.1) - restriction: || (>= dnxcore50) (&& (< monotouch) (< net46) (>= netstandard1.6) (< xamarinios) (< xamarinmac) (< xamarintvos) (< xamarinwatchos))
      runtime.native.System.Security.Cryptography.Apple (>= 4.3.1) - restriction: && (< monotouch) (< net46) (>= netstandard1.6) (< xamarinios) (< xamarinmac) (< xamarintvos) (< xamarinwatchos)
      runtime.native.System.Security.Cryptography.OpenSsl (>= 4.3.2) - restriction: && (< monotouch) (< net46) (>= netstandard1.6) (< xamarinios) (< xamarinmac) (< xamarintvos) (< xamarinwatchos)
      System.Collections (>= 4.3) - restriction: && (< monotouch) (< net46) (>= netstandard1.6) (< xamarinios) (< xamarinmac) (< xamarintvos) (< xamarinwatchos)
      System.IO (>= 4.3) - restriction: || (>= dnxcore50) (&& (< monoandroid) (< net46) (>= netstandard1.3) (< netstandard1.4)) (&& (< monoandroid) (< net46) (>= netstandard1.4) (< netstandard1.6)) (&& (< monotouch) (< net46) (>= netstandard1.6) (< xamarinios) (< xamarinmac) (< xamarintvos) (< xamarinwatchos)) (>= net463)
      System.Resources.ResourceManager (>= 4.3) - restriction: || (>= dnxcore50) (&& (< monotouch) (< net46) (>= netstandard1.6) (< xamarinios) (< xamarinmac) (< xamarintvos) (< xamarinwatchos))
      System.Runtime (>= 4.3) - restriction: || (>= dnxcore50) (&& (< monoandroid) (< net46) (>= netstandard1.3) (< netstandard1.4)) (&& (< monoandroid) (< net46) (>= netstandard1.4) (< netstandard1.6)) (&& (< monotouch) (< net46) (>= netstandard1.6) (< xamarinios) (< xamarinmac) (< xamarintvos) (< xamarinwatchos)) (>= net463)
      System.Runtime.Extensions (>= 4.3) - restriction: || (>= dnxcore50) (&& (< monotouch) (< net46) (>= netstandard1.6) (< xamarinios) (< xamarinmac) (< xamarintvos) (< xamarinwatchos))
      System.Runtime.Handles (>= 4.3) - restriction: || (>= dnxcore50) (&& (< monotouch) (< net46) (>= netstandard1.6) (< xamarinios) (< xamarinmac) (< xamarintvos) (< xamarinwatchos))
      System.Runtime.InteropServices (>= 4.3) - restriction: || (>= dnxcore50) (&& (< monotouch) (< net46) (>= netstandard1.6) (< xamarinios) (< xamarinmac) (< xamarintvos) (< xamarinwatchos))
      System.Runtime.Numerics (>= 4.3) - restriction: && (< monotouch) (< net46) (>= netstandard1.6) (< xamarinios) (< xamarinmac) (< xamarintvos) (< xamarinwatchos)
      System.Security.Cryptography.Encoding (>= 4.3) - restriction: || (>= dnxcore50) (&& (< monotouch) (< net46) (>= netstandard1.6) (< xamarinios) (< xamarinmac) (< xamarintvos) (< xamarinwatchos)) (>= net463)
      System.Security.Cryptography.Primitives (>= 4.3) - restriction: || (>= dnxcore50) (&& (< monoandroid) (< net46) (>= netstandard1.3) (< netstandard1.4)) (&& (< monoandroid) (< net46) (>= netstandard1.4) (< netstandard1.6)) (&& (< monotouch) (< net46) (>= netstandard1.6) (< xamarinios) (< xamarinmac) (< xamarintvos) (< xamarinwatchos)) (&& (>= net46) (< netstandard1.4)) (&& (>= net461) (< netstandard1.6)) (>= net463)
      System.Text.Encoding (>= 4.3) - restriction: || (>= dnxcore50) (&& (< monotouch) (< net46) (>= netstandard1.6) (< xamarinios) (< xamarinmac) (< xamarintvos) (< xamarinwatchos))
    System.Security.Cryptography.Cng (4.5) - restriction: || (>= dnxcore50) (&& (< monoandroid) (< monotouch) (< net45) (>= netstandard1.6) (< xamarinios) (< xamarinmac) (< xamarintvos) (< xamarinwatchos))
      Microsoft.NETCore.Platforms (>= 2.0) - restriction: && (>= netcoreapp2.0) (< netcoreapp2.1)
      System.IO (>= 4.3) - restriction: || (&& (< monoandroid) (< monotouch) (< net46) (>= netstandard1.6) (< netstandard2.0) (< xamarinmac) (< xamarintvos) (< xamarinwatchos)) (&& (< monoandroid) (< net46) (>= netstandard1.3) (< netstandard1.4)) (&& (< monoandroid) (< net46) (>= netstandard1.4) (< netstandard1.6) (< uap10.1))
      System.Resources.ResourceManager (>= 4.3) - restriction: || (&& (< monoandroid) (< monotouch) (< net46) (>= netstandard1.6) (< netstandard2.0) (< xamarinmac) (< xamarintvos) (< xamarinwatchos)) (&& (< monoandroid) (< net46) (>= netstandard1.3) (< netstandard1.4)) (&& (< monoandroid) (< net46) (>= netstandard1.4) (< netstandard1.6) (< uap10.1))
      System.Runtime (>= 4.3) - restriction: || (&& (< monoandroid) (< monotouch) (< net46) (>= netstandard1.6) (< netstandard2.0) (< xamarinmac) (< xamarintvos) (< xamarinwatchos)) (&& (< monoandroid) (< net46) (>= netstandard1.3) (< netstandard1.4)) (&& (< monoandroid) (< net46) (>= netstandard1.4) (< netstandard1.6) (< uap10.1))
      System.Runtime.Extensions (>= 4.3) - restriction: || (&& (< monoandroid) (< monotouch) (< net46) (>= netstandard1.6) (< netstandard2.0) (< xamarinmac) (< xamarintvos) (< xamarinwatchos)) (&& (< monoandroid) (< net46) (>= netstandard1.4) (< netstandard1.6) (< uap10.1))
      System.Runtime.Handles (>= 4.3) - restriction: || (&& (< monoandroid) (< monotouch) (< net46) (>= netstandard1.6) (< netstandard2.0) (< xamarinmac) (< xamarintvos) (< xamarinwatchos)) (&& (< monoandroid) (< net46) (>= netstandard1.3) (< netstandard1.4)) (&& (< monoandroid) (< net46) (>= netstandard1.4) (< netstandard1.6) (< uap10.1))
      System.Runtime.InteropServices (>= 4.3) - restriction: || (&& (< monoandroid) (< monotouch) (< net46) (>= netstandard1.6) (< netstandard2.0) (< xamarinmac) (< xamarintvos) (< xamarinwatchos)) (&& (< monoandroid) (< net46) (>= netstandard1.3) (< netstandard1.4)) (&& (< monoandroid) (< net46) (>= netstandard1.4) (< netstandard1.6) (< uap10.1))
      System.Security.Cryptography.Algorithms (>= 4.3) - restriction: || (&& (< monoandroid) (< monotouch) (< net46) (>= netstandard1.6) (< netstandard2.0) (< xamarinmac) (< xamarintvos) (< xamarinwatchos)) (&& (< monoandroid) (< net46) (>= netstandard1.3) (< netstandard1.4)) (&& (< monoandroid) (< net46) (>= netstandard1.4) (< netstandard1.6) (< uap10.1)) (&& (>= net46) (< netstandard1.4))
      System.Security.Cryptography.Encoding (>= 4.3) - restriction: || (&& (< monoandroid) (< monotouch) (< net46) (>= netstandard1.6) (< netstandard2.0) (< xamarinmac) (< xamarintvos) (< xamarinwatchos)) (&& (< monoandroid) (< net46) (>= netstandard1.4) (< netstandard1.6) (< uap10.1))
      System.Security.Cryptography.Primitives (>= 4.3) - restriction: || (&& (< monoandroid) (< monotouch) (< net46) (>= netstandard1.6) (< netstandard2.0) (< xamarinmac) (< xamarintvos) (< xamarinwatchos)) (&& (< monoandroid) (< net46) (>= netstandard1.3) (< netstandard1.4)) (&& (< monoandroid) (< net46) (>= netstandard1.4) (< netstandard1.6) (< uap10.1)) (&& (>= net46) (< netstandard1.4))
      System.Text.Encoding (>= 4.3) - restriction: || (&& (< monoandroid) (< monotouch) (< net46) (>= netstandard1.6) (< netstandard2.0) (< xamarinmac) (< xamarintvos) (< xamarinwatchos)) (&& (< monoandroid) (< net46) (>= netstandard1.4) (< netstandard1.6) (< uap10.1))
    System.Security.Cryptography.Csp (4.3) - restriction: || (&& (>= dnxcore50) (>= netstandard1.6)) (&& (< monoandroid) (< monotouch) (< net45) (>= netstandard1.6) (< xamarinios) (< xamarinmac) (< xamarintvos) (< xamarinwatchos)) (&& (< net35) (>= netstandard1.3))
      Microsoft.NETCore.Platforms (>= 1.1) - restriction: && (< monoandroid) (< monotouch) (< net46) (>= netstandard1.3) (< xamarinios) (< xamarinmac) (< xamarintvos) (< xamarinwatchos)
      System.IO (>= 4.3) - restriction: && (< monoandroid) (< monotouch) (< net46) (>= netstandard1.3) (< xamarinios) (< xamarinmac) (< xamarintvos) (< xamarinwatchos)
      System.Reflection (>= 4.3) - restriction: && (< monoandroid) (< monotouch) (< net46) (>= netstandard1.3) (< xamarinios) (< xamarinmac) (< xamarintvos) (< xamarinwatchos)
      System.Resources.ResourceManager (>= 4.3) - restriction: && (< monoandroid) (< monotouch) (< net46) (>= netstandard1.3) (< xamarinios) (< xamarinmac) (< xamarintvos) (< xamarinwatchos)
      System.Runtime (>= 4.3) - restriction: && (< monoandroid) (< monotouch) (< net46) (>= netstandard1.3) (< xamarinios) (< xamarinmac) (< xamarintvos) (< xamarinwatchos)
      System.Runtime.Extensions (>= 4.3) - restriction: && (< monoandroid) (< monotouch) (< net46) (>= netstandard1.3) (< xamarinios) (< xamarinmac) (< xamarintvos) (< xamarinwatchos)
      System.Runtime.Handles (>= 4.3) - restriction: && (< monoandroid) (< monotouch) (< net46) (>= netstandard1.3) (< xamarinios) (< xamarinmac) (< xamarintvos) (< xamarinwatchos)
      System.Runtime.InteropServices (>= 4.3) - restriction: && (< monoandroid) (< monotouch) (< net46) (>= netstandard1.3) (< xamarinios) (< xamarinmac) (< xamarintvos) (< xamarinwatchos)
      System.Security.Cryptography.Algorithms (>= 4.3) - restriction: || (&& (< monoandroid) (< monotouch) (>= netstandard1.3) (< xamarinios) (< xamarinmac) (< xamarintvos) (< xamarinwatchos)) (>= net46)
      System.Security.Cryptography.Encoding (>= 4.3) - restriction: && (< monoandroid) (< monotouch) (< net46) (>= netstandard1.3) (< xamarinios) (< xamarinmac) (< xamarintvos) (< xamarinwatchos)
      System.Security.Cryptography.Primitives (>= 4.3) - restriction: || (&& (< monoandroid) (< monotouch) (>= netstandard1.3) (< xamarinios) (< xamarinmac) (< xamarintvos) (< xamarinwatchos)) (>= net46)
      System.Text.Encoding (>= 4.3) - restriction: && (< monoandroid) (< monotouch) (< net46) (>= netstandard1.3) (< xamarinios) (< xamarinmac) (< xamarintvos) (< xamarinwatchos)
      System.Threading (>= 4.3) - restriction: && (< monoandroid) (< monotouch) (< net46) (>= netstandard1.3) (< xamarinios) (< xamarinmac) (< xamarintvos) (< xamarinwatchos)
    System.Security.Cryptography.Encoding (4.3) - restriction: || (>= dnxcore50) (&& (< monoandroid) (< monotouch) (< net35) (>= netstandard1.3) (< xamarinios) (< xamarinmac) (< xamarintvos) (< xamarinwatchos)) (&& (< monoandroid) (< monotouch) (< net45) (>= netstandard1.6) (< netstandard2.0) (< xamarinmac) (< xamarintvos) (< xamarinwatchos)) (&& (< monoandroid) (< monotouch) (< net45) (>= netstandard1.6) (< xamarinios) (< xamarinmac) (< xamarintvos) (< xamarinwatchos)) (&& (< monoandroid) (< net45) (>= netstandard1.3) (< netstandard1.4) (< win8) (< wpa81)) (&& (< monoandroid) (< net45) (>= netstandard1.3) (< netstandard1.6) (< win8) (< wpa81)) (&& (< monoandroid) (< net45) (>= netstandard1.4) (< netstandard1.6) (< win8) (< wpa81)) (&& (< monoandroid) (< net45) (< netstandard1.4) (>= netstandard1.6)) (&& (< net20) (>= netstandard1.4) (< netstandard1.5) (< win8) (< wpa81)) (&& (< net20) (< netstandard1.4) (>= netstandard2.0) (< win8) (< wpa81)) (&& (< net20) (>= netstandard1.5) (< netstandard1.6) (< win8) (< wpa81)) (&& (< net20) (< netstandard1.5) (>= netstandard2.0) (< win8) (< wpa81)) (&& (< net20) (>= netstandard1.6) (< netstandard2.0) (< win8) (< wpa81)) (&& (< net20) (< netstandard1.6) (>= netstandard2.0) (< win8) (< wpa81)) (&& (< net45) (>= net463) (>= netstandard2.0)) (&& (< net45) (>= netstandard2.0) (< xamarinios)) (&& (>= net46) (< netstandard1.4)) (>= net461) (&& (< netstandard1.5) (>= netstandard2.0) (>= uap10.0)) (&& (< netstandard1.5) (>= uap10.0) (< uap10.1))
      Microsoft.NETCore.Platforms (>= 1.1) - restriction: && (< monoandroid) (< monotouch) (< net46) (>= netstandard1.3) (< xamarinios) (< xamarinmac) (< xamarintvos) (< xamarinwatchos)
      runtime.native.System.Security.Cryptography.OpenSsl (>= 4.3) - restriction: && (< monoandroid) (< monotouch) (< net46) (>= netstandard1.3) (< xamarinios) (< xamarinmac) (< xamarintvos) (< xamarinwatchos)
      System.Collections (>= 4.3) - restriction: && (< monoandroid) (< monotouch) (< net46) (>= netstandard1.3) (< xamarinios) (< xamarinmac) (< xamarintvos) (< xamarinwatchos)
      System.Collections.Concurrent (>= 4.3) - restriction: && (< monoandroid) (< monotouch) (< net46) (>= netstandard1.3) (< xamarinios) (< xamarinmac) (< xamarintvos) (< xamarinwatchos)
      System.Linq (>= 4.3) - restriction: && (< monoandroid) (< monotouch) (< net46) (>= netstandard1.3) (< xamarinios) (< xamarinmac) (< xamarintvos) (< xamarinwatchos)
      System.Resources.ResourceManager (>= 4.3) - restriction: && (< monoandroid) (< monotouch) (< net46) (>= netstandard1.3) (< xamarinios) (< xamarinmac) (< xamarintvos) (< xamarinwatchos)
      System.Runtime (>= 4.3) - restriction: && (< monoandroid) (< monotouch) (< net46) (>= netstandard1.3) (< xamarinios) (< xamarinmac) (< xamarintvos) (< xamarinwatchos)
      System.Runtime.Extensions (>= 4.3) - restriction: && (< monoandroid) (< monotouch) (< net46) (>= netstandard1.3) (< xamarinios) (< xamarinmac) (< xamarintvos) (< xamarinwatchos)
      System.Runtime.Handles (>= 4.3) - restriction: && (< monoandroid) (< monotouch) (< net46) (>= netstandard1.3) (< xamarinios) (< xamarinmac) (< xamarintvos) (< xamarinwatchos)
      System.Runtime.InteropServices (>= 4.3) - restriction: && (< monoandroid) (< monotouch) (< net46) (>= netstandard1.3) (< xamarinios) (< xamarinmac) (< xamarintvos) (< xamarinwatchos)
      System.Security.Cryptography.Primitives (>= 4.3) - restriction: && (< monoandroid) (< monotouch) (< net46) (>= netstandard1.3) (< xamarinios) (< xamarinmac) (< xamarintvos) (< xamarinwatchos)
      System.Text.Encoding (>= 4.3) - restriction: && (< monoandroid) (< monotouch) (< net46) (>= netstandard1.3) (< xamarinios) (< xamarinmac) (< xamarintvos) (< xamarinwatchos)
    System.Security.Cryptography.OpenSsl (4.5) - restriction: && (< monoandroid) (< monotouch) (< net45) (>= netstandard1.6) (< xamarinios) (< xamarinmac) (< xamarintvos) (< xamarinwatchos)
      Microsoft.NETCore.Platforms (>= 2.0) - restriction: && (>= netcoreapp2.0) (< netcoreapp2.1)
      System.Collections (>= 4.3) - restriction: && (>= netstandard1.6) (< netstandard2.0)
      System.IO (>= 4.3) - restriction: && (>= netstandard1.6) (< netstandard2.0)
      System.Resources.ResourceManager (>= 4.3) - restriction: && (>= netstandard1.6) (< netstandard2.0)
      System.Runtime (>= 4.3) - restriction: && (>= netstandard1.6) (< netstandard2.0)
      System.Runtime.Extensions (>= 4.3) - restriction: && (>= netstandard1.6) (< netstandard2.0)
      System.Runtime.Handles (>= 4.3) - restriction: && (>= netstandard1.6) (< netstandard2.0)
      System.Runtime.InteropServices (>= 4.3) - restriction: && (>= netstandard1.6) (< netstandard2.0)
      System.Runtime.Numerics (>= 4.3) - restriction: && (>= netstandard1.6) (< netstandard2.0)
      System.Security.Cryptography.Algorithms (>= 4.3) - restriction: && (>= netstandard1.6) (< netstandard2.0)
      System.Security.Cryptography.Encoding (>= 4.3) - restriction: && (>= netstandard1.6) (< netstandard2.0)
      System.Security.Cryptography.Primitives (>= 4.3) - restriction: && (>= netstandard1.6) (< netstandard2.0)
      System.Text.Encoding (>= 4.3) - restriction: && (>= netstandard1.6) (< netstandard2.0)
    System.Security.Cryptography.Primitives (4.3) - restriction: || (&& (>= dnxcore50) (>= netstandard2.0)) (&& (< monoandroid) (< monotouch) (< net35) (>= netstandard1.3) (< xamarinios) (< xamarinmac) (< xamarintvos) (< xamarinwatchos)) (&& (< monoandroid) (< monotouch) (< net45) (>= netstandard1.6) (< netstandard2.0) (< xamarinmac) (< xamarintvos) (< xamarinwatchos)) (&& (< monoandroid) (< monotouch) (< net45) (>= netstandard1.6) (< xamarinios) (< xamarinmac) (< xamarintvos) (< xamarinwatchos)) (&& (< monoandroid) (< net45) (>= netstandard1.3) (< netstandard1.6) (< win8) (< wpa81)) (&& (< monoandroid) (< net45) (< netstandard1.4) (>= netstandard2.0)) (&& (< monoandroid) (< net45) (< netstandard1.6) (>= netstandard2.0)) (&& (< net20) (>= net46) (< netstandard1.4) (>= netstandard2.0)) (&& (< net20) (>= netstandard1.3)) (&& (< net20) (>= netstandard1.4) (< netstandard1.5) (< win8) (< wpa81)) (&& (< net20) (< netstandard1.4) (>= netstandard2.0) (< win8) (< wpa81)) (&& (< net20) (>= netstandard1.5) (< netstandard1.6) (< win8) (< wpa81)) (&& (< net20) (< netstandard1.5) (>= netstandard2.0) (< win8) (< wpa81)) (&& (< net20) (>= netstandard1.6) (< netstandard2.0) (< win8) (< wpa81)) (&& (< net20) (< netstandard1.6) (>= netstandard2.0) (< win8) (< wpa81)) (&& (< net35) (>= net46)) (&& (< net45) (>= net46) (< netstandard1.4) (>= netstandard2.0)) (&& (< net45) (>= net461) (< netstandard1.6) (>= netstandard2.0)) (&& (< net45) (>= net463) (>= netstandard2.0)) (&& (< net45) (>= netstandard2.0) (< xamarinios)) (&& (>= netstandard1.3) (>= sl4)) (&& (>= netstandard1.3) (>= wp71)) (>= uap10.0)
      System.Diagnostics.Debug (>= 4.3) - restriction: && (< monoandroid) (< monotouch) (< net46) (>= netstandard1.3) (< xamarinios) (< xamarinmac) (< xamarintvos) (< xamarinwatchos)
      System.Globalization (>= 4.3) - restriction: && (< monoandroid) (< monotouch) (< net46) (>= netstandard1.3) (< xamarinios) (< xamarinmac) (< xamarintvos) (< xamarinwatchos)
      System.IO (>= 4.3) - restriction: && (< monoandroid) (< monotouch) (< net46) (>= netstandard1.3) (< xamarinios) (< xamarinmac) (< xamarintvos) (< xamarinwatchos)
      System.Resources.ResourceManager (>= 4.3) - restriction: && (< monoandroid) (< monotouch) (< net46) (>= netstandard1.3) (< xamarinios) (< xamarinmac) (< xamarintvos) (< xamarinwatchos)
      System.Runtime (>= 4.3) - restriction: && (< monoandroid) (< monotouch) (< net46) (>= netstandard1.3) (< xamarinios) (< xamarinmac) (< xamarintvos) (< xamarinwatchos)
      System.Threading (>= 4.3) - restriction: && (< monoandroid) (< monotouch) (< net46) (>= netstandard1.3) (< xamarinios) (< xamarinmac) (< xamarintvos) (< xamarinwatchos)
      System.Threading.Tasks (>= 4.3) - restriction: && (< monoandroid) (< monotouch) (< net46) (>= netstandard1.3) (< xamarinios) (< xamarinmac) (< xamarintvos) (< xamarinwatchos)
    System.Security.Cryptography.ProtectedData (4.5) - restriction: && (< net45) (>= netstandard2.0)
      System.Memory (>= 4.5) - restriction: && (< net46) (< netcoreapp2.1) (>= netstandard2.0) (< xamarinios)
    System.Security.Cryptography.X509Certificates (4.3.2) - restriction: || (>= dnxcore50) (&& (< monoandroid) (< monotouch) (< net45) (>= netstandard1.6) (< xamarinios) (< xamarinmac) (< xamarintvos) (< xamarinwatchos)) (&& (< monoandroid) (< net45) (>= netstandard1.3) (< netstandard1.6) (< win8) (< wpa81)) (&& (< net20) (>= netstandard1.4) (< netstandard1.5) (< win8) (< wpa81)) (&& (< net20) (< netstandard1.4) (>= netstandard2.0) (< win8) (< wpa81)) (&& (< net20) (>= netstandard1.5) (< netstandard1.6) (< win8) (< wpa81)) (&& (< net20) (< netstandard1.5) (>= netstandard2.0) (< win8) (< wpa81)) (&& (< net20) (>= netstandard1.6) (< netstandard2.0) (< win8) (< wpa81)) (&& (< net20) (< netstandard1.6) (>= netstandard2.0) (< win8) (< wpa81)) (>= net46) (&& (< netstandard1.5) (>= netstandard2.0) (>= uap10.0)) (&& (< netstandard1.5) (>= uap10.0) (< uap10.1))
      Microsoft.NETCore.Platforms (>= 1.1) - restriction: || (>= dnxcore50) (&& (< monotouch) (< net46) (>= netstandard1.6) (< xamarinios) (< xamarinmac) (< xamarintvos) (< xamarinwatchos))
      runtime.native.System (>= 4.3) - restriction: && (< monotouch) (< net46) (>= netstandard1.6) (< xamarinios) (< xamarinmac) (< xamarintvos) (< xamarinwatchos)
      runtime.native.System.Net.Http (>= 4.3) - restriction: && (< monotouch) (< net46) (>= netstandard1.6) (< xamarinios) (< xamarinmac) (< xamarintvos) (< xamarinwatchos)
      runtime.native.System.Security.Cryptography.OpenSsl (>= 4.3.2) - restriction: && (< monotouch) (< net46) (>= netstandard1.6) (< xamarinios) (< xamarinmac) (< xamarintvos) (< xamarinwatchos)
      System.Collections (>= 4.3) - restriction: || (>= dnxcore50) (&& (< monotouch) (< net46) (>= netstandard1.6) (< xamarinios) (< xamarinmac) (< xamarintvos) (< xamarinwatchos))
      System.Diagnostics.Debug (>= 4.3) - restriction: && (< monotouch) (< net46) (>= netstandard1.6) (< xamarinios) (< xamarinmac) (< xamarintvos) (< xamarinwatchos)
      System.Globalization (>= 4.3) - restriction: || (>= dnxcore50) (&& (< monotouch) (< net46) (>= netstandard1.6) (< xamarinios) (< xamarinmac) (< xamarintvos) (< xamarinwatchos))
      System.Globalization.Calendars (>= 4.3) - restriction: || (>= dnxcore50) (&& (< monotouch) (< net46) (>= netstandard1.6) (< xamarinios) (< xamarinmac) (< xamarintvos) (< xamarinwatchos))
      System.IO (>= 4.3) - restriction: || (>= dnxcore50) (&& (< monotouch) (< net46) (>= netstandard1.6) (< xamarinios) (< xamarinmac) (< xamarintvos) (< xamarinwatchos))
      System.IO.FileSystem (>= 4.3) - restriction: || (>= dnxcore50) (&& (< monotouch) (< net46) (>= netstandard1.6) (< xamarinios) (< xamarinmac) (< xamarintvos) (< xamarinwatchos))
      System.IO.FileSystem.Primitives (>= 4.3) - restriction: && (< monotouch) (< net46) (>= netstandard1.6) (< xamarinios) (< xamarinmac) (< xamarintvos) (< xamarinwatchos)
      System.Resources.ResourceManager (>= 4.3) - restriction: || (>= dnxcore50) (&& (< monotouch) (< net46) (>= netstandard1.6) (< xamarinios) (< xamarinmac) (< xamarintvos) (< xamarinwatchos))
      System.Runtime (>= 4.3) - restriction: || (>= dnxcore50) (&& (< monoandroid) (< net46) (>= netstandard1.3) (< netstandard1.4)) (&& (< monoandroid) (< net46) (>= netstandard1.4) (< netstandard1.6)) (&& (< monotouch) (< net46) (>= netstandard1.6) (< xamarinios) (< xamarinmac) (< xamarintvos) (< xamarinwatchos))
      System.Runtime.Extensions (>= 4.3) - restriction: || (>= dnxcore50) (&& (< monotouch) (< net46) (>= netstandard1.6) (< xamarinios) (< xamarinmac) (< xamarintvos) (< xamarinwatchos))
      System.Runtime.Handles (>= 4.3) - restriction: || (>= dnxcore50) (&& (< monoandroid) (< net46) (>= netstandard1.3) (< netstandard1.4)) (&& (< monoandroid) (< net46) (>= netstandard1.4) (< netstandard1.6)) (&& (< monotouch) (< net46) (>= netstandard1.6) (< xamarinios) (< xamarinmac) (< xamarintvos) (< xamarinwatchos))
      System.Runtime.InteropServices (>= 4.3) - restriction: || (>= dnxcore50) (&& (< monotouch) (< net46) (>= netstandard1.6) (< xamarinios) (< xamarinmac) (< xamarintvos) (< xamarinwatchos))
      System.Runtime.Numerics (>= 4.3) - restriction: || (>= dnxcore50) (&& (< monotouch) (< net46) (>= netstandard1.6) (< xamarinios) (< xamarinmac) (< xamarintvos) (< xamarinwatchos))
      System.Security.Cryptography.Algorithms (>= 4.3) - restriction: || (>= dnxcore50) (&& (< monoandroid) (< net46) (>= netstandard1.3) (< netstandard1.4)) (&& (< monoandroid) (< net46) (>= netstandard1.4) (< netstandard1.6)) (&& (< monotouch) (< net46) (>= netstandard1.6) (< xamarinios) (< xamarinmac) (< xamarintvos) (< xamarinwatchos)) (&& (>= net46) (< netstandard1.4)) (>= net461)
      System.Security.Cryptography.Cng (>= 4.3) - restriction: || (>= dnxcore50) (&& (< monotouch) (< net46) (>= netstandard1.6) (< xamarinios) (< xamarinmac) (< xamarintvos) (< xamarinwatchos))
      System.Security.Cryptography.Csp (>= 4.3) - restriction: && (< monotouch) (< net46) (>= netstandard1.6) (< xamarinios) (< xamarinmac) (< xamarintvos) (< xamarinwatchos)
      System.Security.Cryptography.Encoding (>= 4.3) - restriction: || (>= dnxcore50) (&& (< monoandroid) (< net46) (>= netstandard1.3) (< netstandard1.4)) (&& (< monoandroid) (< net46) (>= netstandard1.4) (< netstandard1.6)) (&& (< monotouch) (< net46) (>= netstandard1.6) (< xamarinios) (< xamarinmac) (< xamarintvos) (< xamarinwatchos)) (&& (>= net46) (< netstandard1.4)) (>= net461)
      System.Security.Cryptography.OpenSsl (>= 4.3) - restriction: && (< monotouch) (< net46) (>= netstandard1.6) (< xamarinios) (< xamarinmac) (< xamarintvos) (< xamarinwatchos)
      System.Security.Cryptography.Primitives (>= 4.3) - restriction: || (>= dnxcore50) (&& (< monotouch) (< net46) (>= netstandard1.6) (< xamarinios) (< xamarinmac) (< xamarintvos) (< xamarinwatchos))
      System.Text.Encoding (>= 4.3) - restriction: || (>= dnxcore50) (&& (< monotouch) (< net46) (>= netstandard1.6) (< xamarinios) (< xamarinmac) (< xamarintvos) (< xamarinwatchos))
      System.Threading (>= 4.3) - restriction: || (>= dnxcore50) (&& (< monotouch) (< net46) (>= netstandard1.6) (< xamarinios) (< xamarinmac) (< xamarintvos) (< xamarinwatchos))
    System.Security.Permissions (4.5) - restriction: || (&& (>= monoandroid) (>= netstandard2.0)) (&& (>= monotouch) (>= netstandard2.0)) (&& (< net40) (>= netstandard2.0)) (&& (< net45) (>= netstandard2.0)) (&& (>= netstandard2.0) (>= xamarinmac)) (&& (>= netstandard2.0) (>= xamarintvos)) (&& (>= netstandard2.0) (>= xamarinwatchos))
      System.Security.AccessControl (>= 4.5) - restriction: || (>= net461) (>= netstandard2.0)
    System.Security.Principal.Windows (4.5.1) - restriction: || (&& (< monoandroid) (< monotouch) (< net35) (>= netstandard1.3) (< uap10.0) (< xamarinios) (< xamarinmac) (< xamarintvos) (< xamarinwatchos)) (&& (< net40) (>= netstandard2.0)) (>= netcoreapp2.0)
      Microsoft.NETCore.Platforms (>= 2.0) - restriction: >= netcoreapp2.0
    System.Text.Encoding (4.3) - restriction: || (>= dnxcore50) (&& (< monoandroid) (< monotouch) (< net20) (>= netstandard1.3) (< netstandard2.0) (< xamarinmac) (< xamarintvos) (< xamarinwatchos)) (&& (< monoandroid) (< monotouch) (< net35) (>= netstandard1.3) (< xamarinios) (< xamarinmac) (< xamarintvos) (< xamarinwatchos)) (&& (< monoandroid) (< monotouch) (< net35) (>= netstandard1.5) (< netstandard2.0) (< xamarinmac) (< xamarintvos) (< xamarinwatchos)) (&& (< monoandroid) (< monotouch) (< net45) (>= netstandard1.6) (< netstandard2.0) (< xamarinmac) (< xamarintvos) (< xamarinwatchos)) (&& (< monoandroid) (< monotouch) (< net45) (>= netstandard1.6) (< xamarinios) (< xamarinmac) (< xamarintvos) (< xamarinwatchos)) (&& (< monoandroid) (< net20) (< netstandard1.3) (>= netstandard1.5) (< win8) (< wpa81)) (&& (< monoandroid) (< net20) (< netstandard1.3) (>= netstandard1.6) (< win8) (< wpa81)) (&& (< monoandroid) (< net45) (>= netstandard1.1) (< netstandard1.3) (< win8) (< wpa81)) (&& (< monoandroid) (< net45) (>= netstandard1.3) (< netstandard1.5) (< win8) (< wpa81)) (&& (< monoandroid) (< net45) (>= netstandard1.3) (< netstandard1.6) (< win8) (< wpa81)) (&& (< monoandroid) (< net45) (< netstandard1.3) (>= netstandard1.5) (< win8) (< wpa81)) (&& (< monoandroid) (< net45) (< netstandard1.3) (>= netstandard1.6) (< win8) (< wpa81)) (&& (< monoandroid) (< net45) (< netstandard1.4) (>= netstandard2.0)) (&& (< monoandroid) (< net45) (>= netstandard1.5) (< netstandard1.6) (< win8) (< wpa81)) (&& (< monoandroid) (< net45) (< netstandard1.5) (>= netstandard1.6) (< win8) (< wpa81)) (&& (< net20) (>= net46) (< netstandard1.3) (>= netstandard2.0)) (&& (< net20) (>= net46) (< netstandard1.4) (>= netstandard2.0)) (&& (< net20) (< netstandard1.2) (>= netstandard1.4) (< win8)) (&& (< net20) (< netstandard1.2) (>= netstandard2.0) (< win8)) (&& (< net20) (< netstandard1.3) (>= netstandard1.4) (< win8) (< wpa81)) (&& (< net20) (< netstandard1.3) (>= netstandard2.0) (< win8) (< wpa81)) (&& (< net20) (>= netstandard1.4) (< netstandard1.5) (< win8) (< wpa81)) (&& (< net20) (>= netstandard1.4) (< portable-net45+win8+wpa81)) (&& (< net20) (< netstandard1.4) (>= netstandard2.0) (< win8) (< wpa81)) (&& (< net20) (>= netstandard1.5) (< netstandard1.6) (< win8) (< wpa81)) (&& (< net20) (< netstandard1.5) (>= netstandard2.0) (< win8) (< wpa81)) (&& (< net20) (>= netstandard1.6) (< netstandard2.0) (< win8) (< wpa81)) (&& (< net20) (< netstandard1.6) (>= netstandard2.0) (< win8) (< wpa81)) (&& (< net20) (>= netstandard2.0) (< portable-net45+win8+wpa81)) (&& (< net45) (>= netstandard2.0) (< xamarinios)) (&& (< netstandard1.3) (>= uap10.0) (< win8) (< wpa81)) (&& (< netstandard1.5) (>= netstandard2.0) (>= uap10.0)) (&& (< netstandard1.5) (>= uap10.0) (< uap10.1)) (&& (< netstandard1.5) (>= uap10.0) (< win8) (< wpa81))
      Microsoft.NETCore.Platforms (>= 1.1) - restriction: || (>= dnxcore50) (&& (< monoandroid) (< monotouch) (< net45) (>= netstandard1.3) (< win8) (< wpa81) (< xamarinios) (< xamarinmac) (< xamarintvos) (< xamarinwatchos)) (&& (< monoandroid) (< net45) (>= netstandard1.0) (< netstandard1.3) (< win8) (< wp8) (< wpa81))
      Microsoft.NETCore.Targets (>= 1.1) - restriction: || (>= dnxcore50) (&& (< monoandroid) (< monotouch) (< net45) (>= netstandard1.3) (< win8) (< wpa81) (< xamarinios) (< xamarinmac) (< xamarintvos) (< xamarinwatchos)) (&& (< monoandroid) (< net45) (>= netstandard1.0) (< netstandard1.3) (< win8) (< wp8) (< wpa81))
      System.Runtime (>= 4.3) - restriction: || (>= dnxcore50) (&& (< monoandroid) (< monotouch) (< net45) (>= netstandard1.3) (< win8) (< wpa81) (< xamarinios) (< xamarinmac) (< xamarintvos) (< xamarinwatchos)) (&& (< monoandroid) (< net45) (>= netstandard1.0) (< netstandard1.3) (< win8) (< wp8) (< wpa81))
    System.Text.Encoding.CodePages (4.5.1) - restriction: || (&& (< net40) (>= netstandard2.0) (< xamarinios)) (>= netcoreapp2.0)
      Microsoft.NETCore.Platforms (>= 2.1.2) - restriction: >= netcoreapp2.0
      System.Runtime.CompilerServices.Unsafe (>= 4.5.2) - restriction: || (&& (< net46) (>= netstandard2.0) (< xamarinios)) (>= net461) (>= netcoreapp2.0)
    System.Text.Encoding.Extensions (4.3) - restriction: || (>= dnxcore50) (&& (< monoandroid) (< net45) (>= netstandard2.0) (< xamarinios)) (&& (< net20) (>= net46) (< netstandard1.4) (>= netstandard2.0)) (&& (< net20) (< netstandard1.2) (>= netstandard1.4) (< win8)) (&& (< net20) (< netstandard1.2) (>= netstandard2.0) (< win8)) (&& (< net20) (< netstandard1.3) (>= netstandard1.4) (< win8) (< wpa81)) (&& (< net20) (< netstandard1.3) (>= netstandard2.0) (< win8) (< wpa81)) (&& (< net20) (>= netstandard1.4) (< netstandard1.5) (< win8) (< wpa81)) (&& (< net20) (>= netstandard1.4) (< portable-net45+win8+wpa81)) (&& (< net20) (< netstandard1.4) (>= netstandard2.0) (< win8) (< wpa81)) (&& (< net20) (>= netstandard1.5) (< netstandard1.6) (< win8) (< wpa81)) (&& (< net20) (< netstandard1.5) (>= netstandard2.0) (< win8) (< wpa81)) (&& (< net20) (>= netstandard1.6) (< netstandard2.0) (< win8) (< wpa81)) (&& (< net20) (< netstandard1.6) (>= netstandard2.0) (< win8) (< wpa81)) (&& (< net20) (>= netstandard2.0) (< portable-net45+win8+wpa81)) (&& (< netstandard1.5) (>= netstandard2.0) (>= uap10.0)) (&& (< netstandard1.5) (>= uap10.0) (< uap10.1)) (&& (< netstandard1.5) (>= uap10.0) (< win8) (< wpa81))
    System.Text.RegularExpressions (4.3) - redirects: force, restriction: || (&& (>= dnxcore50) (>= netstandard1.4)) (&& (>= dnxcore50) (>= netstandard1.5)) (&& (>= dnxcore50) (>= netstandard1.6)) (&& (>= dnxcore50) (>= netstandard2.0)) (&& (>= dnxcore50) (>= uap10.0)) (&& (< monoandroid) (< monotouch) (< net35) (>= netstandard1.5) (< netstandard2.0) (< win81) (< wpa81) (< xamarinmac) (< xamarintvos) (< xamarinwatchos)) (&& (< monoandroid) (< net35) (>= netstandard1.3) (< netstandard1.5) (< win81) (< wpa81)) (&& (< net20) (>= net46) (< netstandard1.4) (>= netstandard2.0)) (&& (< net20) (< netstandard1.2) (>= netstandard1.4) (< win8)) (&& (< net20) (< netstandard1.2) (>= netstandard2.0) (< win8)) (&& (< net20) (< netstandard1.3) (>= netstandard1.4) (< win8) (< wpa81)) (&& (< net20) (< netstandard1.3) (>= netstandard2.0) (< win8) (< wpa81)) (&& (< net20) (>= netstandard1.4) (< netstandard1.5) (< win8) (< wpa81)) (&& (< net20) (>= netstandard1.4) (< portable-net45+win8+wpa81)) (&& (< net20) (< netstandard1.4) (>= netstandard2.0) (< win8) (< wpa81)) (&& (< net20) (>= netstandard1.5) (< netstandard1.6) (< win8) (< wpa81)) (&& (< net20) (< netstandard1.5) (>= netstandard2.0) (< win8) (< wpa81)) (&& (< net20) (>= netstandard1.6) (< netstandard2.0) (< win8) (< wpa81)) (&& (< net20) (< netstandard1.6) (>= netstandard2.0) (< win8) (< wpa81)) (&& (< net20) (>= netstandard2.0) (< portable-net45+win8+wpa81)) (&& (< net35) (>= netstandard1.3) (< uap10.0)) (&& (< net45) (>= netstandard1.6) (< netstandard2.0)) (&& (< netstandard1.5) (>= netstandard2.0) (>= uap10.0)) (&& (< netstandard1.5) (>= uap10.0) (< uap10.1)) (&& (< netstandard1.5) (>= uap10.0) (< win8) (< wpa81))
      System.Collections (>= 4.3) - restriction: || (>= dnxcore50) (&& (< monoandroid) (< monotouch) (< net45) (< netcoreapp1.1) (>= netstandard1.6) (< win8) (< wpa81) (< xamarinios) (< xamarinmac) (< xamarintvos) (< xamarinwatchos))
      System.Globalization (>= 4.3) - restriction: || (>= dnxcore50) (&& (< monoandroid) (< monotouch) (< net45) (< netcoreapp1.1) (>= netstandard1.6) (< win8) (< wpa81) (< xamarinios) (< xamarinmac) (< xamarintvos) (< xamarinwatchos))
      System.Resources.ResourceManager (>= 4.3) - restriction: || (>= dnxcore50) (&& (< monoandroid) (< monotouch) (< net45) (< netcoreapp1.1) (>= netstandard1.6) (< win8) (< wpa81) (< xamarinios) (< xamarinmac) (< xamarintvos) (< xamarinwatchos))
      System.Runtime (>= 4.3) - restriction: || (>= dnxcore50) (&& (< monoandroid) (< monotouch) (< net45) (>= netstandard1.6) (< win8) (< wpa81) (< xamarinios) (< xamarinmac) (< xamarintvos) (< xamarinwatchos)) (&& (< monoandroid) (< net45) (>= netstandard1.0) (< netstandard1.3) (< win8) (< wp8) (< wpa81)) (&& (< monoandroid) (< net45) (>= netstandard1.3) (< netstandard1.6) (< win8) (< wpa81)) (>= netcoreapp1.1)
      System.Runtime.Extensions (>= 4.3) - restriction: || (>= dnxcore50) (&& (< monoandroid) (< monotouch) (< net45) (< netcoreapp1.1) (>= netstandard1.6) (< win8) (< wpa81) (< xamarinios) (< xamarinmac) (< xamarintvos) (< xamarinwatchos))
      System.Threading (>= 4.3) - restriction: || (>= dnxcore50) (&& (< monoandroid) (< monotouch) (< net45) (< netcoreapp1.1) (>= netstandard1.6) (< win8) (< wpa81) (< xamarinios) (< xamarinmac) (< xamarintvos) (< xamarinwatchos))
    System.Threading (4.3) - restriction: || (>= dnxcore50) (&& (< monoandroid) (< monotouch) (< net20) (>= netstandard1.3) (< netstandard2.0) (< xamarinmac) (< xamarintvos) (< xamarinwatchos)) (&& (< monoandroid) (< monotouch) (< net20) (>= netstandard1.5) (< netstandard2.0) (< win8) (< wpa81) (< xamarinmac) (< xamarintvos) (< xamarinwatchos)) (&& (< monoandroid) (< monotouch) (< net45) (>= netstandard1.3) (< win8) (< wpa81) (< xamarinios) (< xamarinmac) (< xamarintvos) (< xamarinwatchos)) (&& (< monoandroid) (< monotouch) (< net45) (>= netstandard1.6) (< xamarinios) (< xamarinmac) (< xamarintvos) (< xamarinwatchos)) (&& (< monoandroid) (< net20) (>= netstandard1.0) (< netstandard1.3) (< win8) (< wp8) (< wpa81)) (&& (< monoandroid) (< net20) (>= netstandard1.3) (< netstandard1.5) (< win8) (< wpa81)) (&& (< monoandroid) (< net20) (< netstandard1.3) (>= netstandard1.5) (< win8) (< wpa81)) (&& (< monoandroid) (< net45) (>= netstandard1.3) (< netstandard1.6) (< win8) (< wpa81)) (&& (< monoandroid) (< net45) (< netstandard1.3) (>= netstandard1.6) (< win8) (< wpa81)) (&& (< monoandroid) (< net45) (>= netstandard2.0) (< xamarinios)) (&& (< net20) (>= net462) (< netstandard1.3)) (&& (< net20) (>= net462) (< netstandard2.0)) (&& (< net20) (< netstandard1.2) (>= netstandard1.4) (< win8)) (&& (< net20) (< netstandard1.2) (>= netstandard2.0) (< win8)) (&& (< net20) (< netstandard1.3) (>= netstandard1.4) (< win8) (< wpa81)) (&& (< net20) (< netstandard1.3) (>= netstandard2.0) (< win8) (< wpa81)) (&& (< net20) (>= netstandard1.4) (< netstandard1.5) (< win8) (< wpa81)) (&& (< net20) (>= netstandard1.4) (< portable-net45+win8+wpa81)) (&& (< net20) (< netstandard1.4) (>= netstandard2.0) (< win8) (< wpa81)) (&& (< net20) (>= netstandard1.5) (< netstandard1.6) (< win8) (< wpa81)) (&& (< net20) (< netstandard1.5) (>= netstandard2.0) (< win8) (< wpa81)) (&& (< net20) (>= netstandard1.6) (< netstandard2.0) (< win8) (< wpa81)) (&& (< net20) (< netstandard1.6) (>= netstandard2.0) (< win8) (< wpa81)) (&& (< net20) (>= netstandard2.0) (< portable-net45+win8+wpa81)) (&& (< net35) (>= netstandard1.3)) (&& (< net45) (>= netstandard1.6) (< netstandard2.0)) (>= uap10.0)
      System.Runtime (>= 4.3) - restriction: || (>= dnxcore50) (&& (< monoandroid) (< monotouch) (< net45) (>= netstandard1.3) (< win8) (< wpa81) (< xamarinios) (< xamarinmac) (< xamarintvos) (< xamarinwatchos)) (&& (< monoandroid) (< net45) (>= netstandard1.0) (< netstandard1.3) (< win8) (< wp8) (< wpa81))
      System.Threading.Tasks (>= 4.3) - restriction: || (>= dnxcore50) (&& (< monoandroid) (< monotouch) (< net45) (>= netstandard1.3) (< win8) (< wpa81) (< xamarinios) (< xamarinmac) (< xamarintvos) (< xamarinwatchos)) (&& (< monoandroid) (< net45) (>= netstandard1.0) (< netstandard1.3) (< win8) (< wp8) (< wpa81))
    System.Threading.Overlapped (4.3) - restriction: && (< monoandroid) (< monotouch) (< net35) (>= netstandard1.5) (< netstandard2.0) (< xamarinmac) (< xamarintvos) (< xamarinwatchos)
      Microsoft.NETCore.Platforms (>= 1.1) - restriction: || (>= dnxcore50) (&& (< net46) (>= netstandard1.3))
      System.Resources.ResourceManager (>= 4.3) - restriction: || (>= dnxcore50) (&& (< net46) (>= netstandard1.3))
      System.Runtime (>= 4.3) - restriction: || (>= dnxcore50) (&& (< net46) (>= netstandard1.3))
      System.Runtime.Handles (>= 4.3) - restriction: || (>= dnxcore50) (&& (< net46) (>= netstandard1.3))
    System.Threading.Tasks (4.3) - restriction: || (>= dnxcore50) (&& (< monoandroid) (< monotouch) (< net35) (>= netstandard1.5) (< netstandard2.0) (< xamarinmac) (< xamarintvos) (< xamarinwatchos)) (&& (< monoandroid) (< monotouch) (< net45) (>= netstandard1.6) (< xamarinios) (< xamarinmac) (< xamarintvos) (< xamarinwatchos)) (&& (< monoandroid) (< net20) (< netstandard1.3) (>= netstandard1.5) (< win8) (< wpa81)) (&& (< monoandroid) (< net20) (< netstandard1.3) (>= netstandard1.6) (< win8) (< wpa81)) (&& (< monoandroid) (< net35) (>= netstandard1.3) (< netstandard1.5) (< win81) (< wpa81)) (&& (< monoandroid) (< net45) (>= netstandard1.1) (< netstandard1.3) (< win8) (< wpa81)) (&& (< monoandroid) (< net45) (>= netstandard1.3) (< netstandard1.5) (< win8) (< wpa81)) (&& (< monoandroid) (< net45) (>= netstandard1.3) (< netstandard1.6) (< win8) (< wpa81)) (&& (< monoandroid) (< net45) (< netstandard1.3) (>= netstandard1.5) (< win8) (< wpa81)) (&& (< monoandroid) (< net45) (< netstandard1.3) (>= netstandard1.6) (< win8) (< wpa81)) (&& (< monoandroid) (< net45) (>= netstandard1.5) (< netstandard1.6) (< win8) (< wpa81)) (&& (< monoandroid) (< net45) (< netstandard1.5) (>= netstandard1.6) (< win8) (< wpa81)) (&& (< monoandroid) (< net45) (>= netstandard2.0) (< xamarinios)) (&& (< net20) (< netstandard1.2) (>= netstandard1.4) (< win8)) (&& (< net20) (< netstandard1.2) (>= netstandard2.0) (< win8)) (&& (< net20) (< netstandard1.3) (>= netstandard1.4) (< win8) (< wpa81)) (&& (< net20) (< netstandard1.3) (>= netstandard2.0) (< win8) (< wpa81)) (&& (< net20) (>= netstandard1.4) (< netstandard1.5) (< win8) (< wpa81)) (&& (< net20) (>= netstandard1.4) (< portable-net45+win8+wpa81)) (&& (< net20) (< netstandard1.4) (>= netstandard2.0) (< win8) (< wpa81)) (&& (< net20) (>= netstandard1.5) (< netstandard1.6) (< win8) (< wpa81)) (&& (< net20) (< netstandard1.5) (>= netstandard2.0) (< win8) (< wpa81)) (&& (< net20) (>= netstandard1.6) (< netstandard2.0) (< win8) (< wpa81)) (&& (< net20) (< netstandard1.6) (>= netstandard2.0) (< win8) (< wpa81)) (&& (< net20) (>= netstandard2.0) (< portable-net45+win8+wpa81)) (&& (< net45) (>= netstandard1.6) (< netstandard2.0)) (&& (< netstandard1.3) (>= uap10.0) (< win8) (< wpa81)) (&& (< netstandard1.5) (>= netstandard2.0) (>= uap10.0)) (&& (< netstandard1.5) (>= uap10.0) (< uap10.1)) (&& (< netstandard1.5) (>= uap10.0) (< win8) (< wpa81))
      Microsoft.NETCore.Platforms (>= 1.1) - restriction: || (>= dnxcore50) (&& (< monoandroid) (< monotouch) (< net45) (>= netstandard1.3) (< win8) (< wpa81) (< xamarinios) (< xamarinmac) (< xamarintvos) (< xamarinwatchos)) (&& (< monoandroid) (< net45) (>= netstandard1.0) (< netstandard1.3) (< win8) (< wp8) (< wpa81))
      Microsoft.NETCore.Targets (>= 1.1) - restriction: || (>= dnxcore50) (&& (< monoandroid) (< monotouch) (< net45) (>= netstandard1.3) (< win8) (< wpa81) (< xamarinios) (< xamarinmac) (< xamarintvos) (< xamarinwatchos)) (&& (< monoandroid) (< net45) (>= netstandard1.0) (< netstandard1.3) (< win8) (< wp8) (< wpa81))
      System.Runtime (>= 4.3) - restriction: || (>= dnxcore50) (&& (< monoandroid) (< monotouch) (< net45) (>= netstandard1.3) (< win8) (< wpa81) (< xamarinios) (< xamarinmac) (< xamarintvos) (< xamarinwatchos)) (&& (< monoandroid) (< net45) (>= netstandard1.0) (< netstandard1.3) (< win8) (< wp8) (< wpa81))
    System.Threading.Tasks.Extensions (4.5.2) - restriction: || (&& (>= dnxcore50) (>= netstandard1.4)) (&& (>= dnxcore50) (>= netstandard1.5)) (&& (>= dnxcore50) (>= netstandard1.6)) (&& (< monoandroid) (< monotouch) (< net20) (>= netstandard1.6) (< win8) (< wpa81) (< xamarinmac) (< xamarintvos) (< xamarinwatchos)) (&& (< monoandroid) (< net20) (< netstandard1.2) (>= netstandard1.4) (< win8)) (&& (< monoandroid) (< net20) (< netstandard1.3) (>= netstandard1.4) (< win8) (< wpa81)) (&& (< monoandroid) (< net20) (>= netstandard1.4) (< netstandard1.5) (< win8) (< wpa81)) (&& (< monoandroid) (< net20) (>= netstandard1.5) (< netstandard1.6) (< win8) (< wpa81)) (&& (< net20) (>= netstandard1.4) (< portable-net45+win8+wpa81)) (>= net46) (>= netstandard2.0) (>= uap10.0)
      System.Runtime.CompilerServices.Unsafe (>= 4.5.2) - restriction: || (&& (< monoandroid) (< monotouch) (>= netstandard1.0) (< netstandard2.0) (< win8) (< wpa81) (< xamarinmac) (< xamarintvos) (< xamarinwatchos)) (&& (< monoandroid) (< netstandard1.0) (>= portable-net45+win8+wp8+wpa81) (< win8)) (>= net45) (&& (< netcoreapp2.1) (>= netstandard2.0) (< xamarinios)) (&& (< netstandard1.0) (>= win8)) (&& (< netstandard2.0) (>= wpa81)) (>= wp8)
    System.Threading.Tasks.Parallel (4.3) - redirects: force, restriction: && (< net45) (>= netstandard1.6) (< netstandard2.0)
      System.Collections.Concurrent (>= 4.3) - restriction: || (>= dnxcore50) (&& (< monoandroid) (< monotouch) (< net45) (>= netstandard1.3) (< win8) (< wpa81) (< xamarinios) (< xamarinmac) (< xamarintvos) (< xamarinwatchos)) (&& (< monoandroid) (< net45) (>= netstandard1.1) (< netstandard1.3) (< win8) (< wpa81))
      System.Diagnostics.Debug (>= 4.3) - restriction: || (>= dnxcore50) (&& (< monoandroid) (< monotouch) (< net45) (>= netstandard1.3) (< win8) (< wpa81) (< xamarinios) (< xamarinmac) (< xamarintvos) (< xamarinwatchos))
      System.Diagnostics.Tracing (>= 4.3) - restriction: || (>= dnxcore50) (&& (< monoandroid) (< monotouch) (< net45) (>= netstandard1.3) (< win8) (< wpa81) (< xamarinios) (< xamarinmac) (< xamarintvos) (< xamarinwatchos))
      System.Resources.ResourceManager (>= 4.3) - restriction: || (>= dnxcore50) (&& (< monoandroid) (< monotouch) (< net45) (>= netstandard1.3) (< win8) (< wpa81) (< xamarinios) (< xamarinmac) (< xamarintvos) (< xamarinwatchos))
      System.Runtime (>= 4.3) - restriction: || (>= dnxcore50) (&& (< monoandroid) (< monotouch) (< net45) (>= netstandard1.3) (< win8) (< wpa81) (< xamarinios) (< xamarinmac) (< xamarintvos) (< xamarinwatchos)) (&& (< monoandroid) (< net45) (>= netstandard1.1) (< netstandard1.3) (< win8) (< wpa81))
      System.Runtime.Extensions (>= 4.3) - restriction: || (>= dnxcore50) (&& (< monoandroid) (< monotouch) (< net45) (>= netstandard1.3) (< win8) (< wpa81) (< xamarinios) (< xamarinmac) (< xamarintvos) (< xamarinwatchos))
      System.Threading (>= 4.3) - restriction: || (>= dnxcore50) (&& (< monoandroid) (< monotouch) (< net45) (>= netstandard1.3) (< win8) (< wpa81) (< xamarinios) (< xamarinmac) (< xamarintvos) (< xamarinwatchos))
      System.Threading.Tasks (>= 4.3) - restriction: || (>= dnxcore50) (&& (< monoandroid) (< monotouch) (< net45) (>= netstandard1.3) (< win8) (< wpa81) (< xamarinios) (< xamarinmac) (< xamarintvos) (< xamarinwatchos)) (&& (< monoandroid) (< net45) (>= netstandard1.1) (< netstandard1.3) (< win8) (< wpa81))
    System.Threading.Thread (4.3) - redirects: force, restriction: || (&& (< monoandroid) (< monotouch) (< net35) (>= netstandard1.5) (< netstandard2.0) (< xamarinmac) (< xamarintvos) (< xamarinwatchos)) (&& (< monoandroid) (< net45) (>= netstandard2.0) (< xamarinios)) (&& (< monoandroid4.4) (< net35) (>= netstandard1.5) (< netstandard2.0)) (&& (< net35) (>= netstandard1.3) (< uap10.0)) (&& (< net45) (>= netstandard1.6) (< netstandard2.0))
      System.Runtime (>= 4.3) - restriction: && (< monoandroid) (< monotouch) (< net46) (>= netstandard1.3) (< xamarinios) (< xamarinmac) (< xamarintvos) (< xamarinwatchos)
    System.Threading.ThreadPool (4.3) - redirects: force, restriction: || (&& (< monoandroid) (< net45) (>= netstandard2.0) (< xamarinios)) (&& (< net35) (>= netstandard1.3) (< uap10.0)) (&& (< net45) (>= netstandard1.6) (< netstandard2.0))
      System.Runtime (>= 4.3) - restriction: && (< monoandroid) (< monotouch) (< net46) (>= netstandard1.3) (< xamarinios) (< xamarinmac) (< xamarintvos) (< xamarinwatchos)
      System.Runtime.Handles (>= 4.3) - restriction: && (< monoandroid) (< monotouch) (< net46) (>= netstandard1.3) (< xamarinios) (< xamarinmac) (< xamarintvos) (< xamarinwatchos)
    System.Threading.Timer (4.3) - redirects: force, restriction: || (&& (< net20) (< netstandard1.3) (>= netstandard1.4) (< win8) (< wpa81)) (&& (< net20) (< netstandard1.3) (>= netstandard2.0) (< win8) (< wpa81)) (&& (< net20) (>= netstandard1.4) (< netstandard1.5) (< win8) (< wpa81)) (&& (< net20) (< netstandard1.4) (>= netstandard2.0) (< win8) (< wpa81)) (&& (< net20) (>= netstandard1.5) (< netstandard1.6) (< win8) (< wpa81)) (&& (< net20) (< netstandard1.5) (>= netstandard2.0) (< win8) (< wpa81)) (&& (< net20) (>= netstandard1.6) (< netstandard2.0) (< win8) (< wpa81)) (&& (< net20) (< netstandard1.6) (>= netstandard2.0) (< win8) (< wpa81)) (&& (< net35) (>= netstandard1.3) (< uap10.0)) (&& (< net45) (>= netstandard1.6) (< netstandard2.0)) (&& (< netstandard1.5) (>= netstandard2.0) (>= uap10.0)) (&& (< netstandard1.5) (>= uap10.0) (< uap10.1))
      Microsoft.NETCore.Platforms (>= 1.1) - restriction: || (>= dnxcore50) (&& (< monoandroid) (< monotouch) (< net451) (>= netstandard1.2) (< win81) (< wpa81) (< xamarinios) (< xamarinmac) (< xamarintvos) (< xamarinwatchos))
      Microsoft.NETCore.Targets (>= 1.1) - restriction: || (>= dnxcore50) (&& (< monoandroid) (< monotouch) (< net451) (>= netstandard1.2) (< win81) (< wpa81) (< xamarinios) (< xamarinmac) (< xamarintvos) (< xamarinwatchos))
      System.Runtime (>= 4.3) - restriction: || (>= dnxcore50) (&& (< monoandroid) (< monotouch) (< net451) (>= netstandard1.2) (< win81) (< wpa81) (< xamarinios) (< xamarinmac) (< xamarintvos) (< xamarinwatchos))
    System.ValueTuple (4.5) - copy_local: true, redirects: force
      NETStandard.Library (>= 1.6.1) - restriction: && (< monoandroid) (< monotouch) (< net45) (>= netstandard1.0) (< netstandard2.0) (< win8) (< wp8) (< wpa81) (< xamarinmac) (< xamarintvos) (< xamarinwatchos)
    System.Web.Razor.Unofficial (2.0.2)
    System.Xml.ReaderWriter (4.3.1) - restriction: || (&& (>= dnxcore50) (>= netstandard1.4)) (&& (>= dnxcore50) (>= netstandard1.5)) (&& (>= dnxcore50) (>= netstandard1.6)) (&& (>= dnxcore50) (>= netstandard2.0)) (&& (< monoandroid) (< monotouch) (< net20) (>= netstandard1.3) (< netstandard2.0) (< xamarinmac) (< xamarintvos) (< xamarinwatchos)) (&& (< monoandroid) (< monotouch) (< net35) (>= netstandard1.3) (< xamarinios) (< xamarinmac) (< xamarintvos) (< xamarinwatchos)) (&& (< monoandroid) (< net20) (< netstandard1.3) (>= netstandard1.5) (< win8) (< wpa81)) (&& (< monoandroid) (< net20) (< netstandard1.3) (>= netstandard1.6) (< win8) (< wpa81)) (&& (< net20) (>= net46) (< netstandard1.4) (>= netstandard2.0)) (&& (< net20) (< netstandard1.2) (>= netstandard1.4) (< win8)) (&& (< net20) (< netstandard1.2) (>= netstandard2.0) (< win8)) (&& (< net20) (< netstandard1.3) (>= netstandard1.4) (< win8) (< wpa81)) (&& (< net20) (< netstandard1.3) (>= netstandard2.0) (< win8) (< wpa81)) (&& (< net20) (>= netstandard1.4) (< netstandard1.5) (< win8) (< wpa81)) (&& (< net20) (>= netstandard1.4) (< portable-net45+win8+wpa81)) (&& (< net20) (< netstandard1.4) (>= netstandard2.0) (< win8) (< wpa81)) (&& (< net20) (>= netstandard1.5) (< netstandard1.6) (< win8) (< wpa81)) (&& (< net20) (< netstandard1.5) (>= netstandard2.0) (< win8) (< wpa81)) (&& (< net20) (>= netstandard1.6) (< netstandard2.0) (< win8) (< wpa81)) (&& (< net20) (< netstandard1.6) (>= netstandard2.0) (< win8) (< wpa81)) (&& (< net20) (>= netstandard2.0) (< portable-net45+win8+wpa81)) (>= uap10.0)
      System.Collections (>= 4.3) - restriction: || (>= dnxcore50) (&& (< monoandroid) (< monotouch) (< net45) (>= netstandard1.3) (< win8) (< wpa81) (< xamarinios) (< xamarinmac) (< xamarintvos) (< xamarinwatchos))
      System.Diagnostics.Debug (>= 4.3) - restriction: || (>= dnxcore50) (&& (< monoandroid) (< monotouch) (< net45) (>= netstandard1.3) (< win8) (< wpa81) (< xamarinios) (< xamarinmac) (< xamarintvos) (< xamarinwatchos))
      System.Globalization (>= 4.3) - restriction: || (>= dnxcore50) (&& (< monoandroid) (< monotouch) (< net45) (>= netstandard1.3) (< win8) (< wpa81) (< xamarinios) (< xamarinmac) (< xamarintvos) (< xamarinwatchos))
      System.IO (>= 4.3) - restriction: || (>= dnxcore50) (&& (< monoandroid) (< monotouch) (< net45) (>= netstandard1.3) (< win8) (< wpa81) (< xamarinios) (< xamarinmac) (< xamarintvos) (< xamarinwatchos)) (&& (< monoandroid) (< net45) (>= netstandard1.0) (< netstandard1.3) (< win8) (< wp8) (< wpa81))
      System.IO.FileSystem (>= 4.3) - restriction: || (>= dnxcore50) (&& (< monoandroid) (< monotouch) (< net45) (>= netstandard1.3) (< win8) (< wpa81) (< xamarinios) (< xamarinmac) (< xamarintvos) (< xamarinwatchos))
      System.IO.FileSystem.Primitives (>= 4.3) - restriction: || (>= dnxcore50) (&& (< monoandroid) (< monotouch) (< net45) (>= netstandard1.3) (< win8) (< wpa81) (< xamarinios) (< xamarinmac) (< xamarintvos) (< xamarinwatchos))
      System.Resources.ResourceManager (>= 4.3) - restriction: || (>= dnxcore50) (&& (< monoandroid) (< monotouch) (< net45) (>= netstandard1.3) (< win8) (< wpa81) (< xamarinios) (< xamarinmac) (< xamarintvos) (< xamarinwatchos))
      System.Runtime (>= 4.3) - restriction: || (>= dnxcore50) (&& (< monoandroid) (< monotouch) (< net45) (>= netstandard1.3) (< win8) (< wpa81) (< xamarinios) (< xamarinmac) (< xamarintvos) (< xamarinwatchos)) (&& (< monoandroid) (< net45) (>= netstandard1.0) (< netstandard1.3) (< win8) (< wp8) (< wpa81))
      System.Runtime.Extensions (>= 4.3) - restriction: || (>= dnxcore50) (&& (< monoandroid) (< monotouch) (< net45) (>= netstandard1.3) (< win8) (< wpa81) (< xamarinios) (< xamarinmac) (< xamarintvos) (< xamarinwatchos))
      System.Runtime.InteropServices (>= 4.3) - restriction: || (>= dnxcore50) (&& (< monoandroid) (< monotouch) (< net45) (>= netstandard1.3) (< win8) (< wpa81) (< xamarinios) (< xamarinmac) (< xamarintvos) (< xamarinwatchos))
      System.Text.Encoding (>= 4.3) - restriction: || (>= dnxcore50) (&& (< monoandroid) (< monotouch) (< net45) (>= netstandard1.3) (< win8) (< wpa81) (< xamarinios) (< xamarinmac) (< xamarintvos) (< xamarinwatchos)) (&& (< monoandroid) (< net45) (>= netstandard1.0) (< netstandard1.3) (< win8) (< wp8) (< wpa81))
      System.Text.Encoding.Extensions (>= 4.3) - restriction: || (>= dnxcore50) (&& (< monoandroid) (< monotouch) (< net45) (>= netstandard1.3) (< win8) (< wpa81) (< xamarinios) (< xamarinmac) (< xamarintvos) (< xamarinwatchos))
      System.Text.RegularExpressions (>= 4.3) - restriction: || (>= dnxcore50) (&& (< monoandroid) (< monotouch) (< net45) (>= netstandard1.3) (< win8) (< wpa81) (< xamarinios) (< xamarinmac) (< xamarintvos) (< xamarinwatchos))
      System.Threading.Tasks (>= 4.3) - restriction: || (>= dnxcore50) (&& (< monoandroid) (< monotouch) (< net45) (>= netstandard1.3) (< win8) (< wpa81) (< xamarinios) (< xamarinmac) (< xamarintvos) (< xamarinwatchos)) (&& (< monoandroid) (< net45) (>= netstandard1.0) (< netstandard1.3) (< win8) (< wp8) (< wpa81))
      System.Threading.Tasks.Extensions (>= 4.3) - restriction: || (>= dnxcore50) (&& (< monoandroid) (< monotouch) (< net45) (>= netstandard1.3) (< win8) (< wpa81) (< xamarinios) (< xamarinmac) (< xamarintvos) (< xamarinwatchos))
    System.Xml.XDocument (4.3) - restriction: || (&& (< net20) (< netstandard1.2) (>= netstandard1.4) (< win8)) (&& (< net20) (< netstandard1.2) (>= netstandard2.0) (< win8)) (&& (< net20) (< netstandard1.3) (>= netstandard1.4) (< win8) (< wpa81)) (&& (< net20) (< netstandard1.3) (>= netstandard2.0) (< win8) (< wpa81)) (&& (< net20) (>= netstandard1.4) (< netstandard1.5) (< win8) (< wpa81)) (&& (< net20) (>= netstandard1.4) (< portable-net45+win8+wpa81)) (&& (< net20) (< netstandard1.4) (>= netstandard2.0) (< win8) (< wpa81)) (&& (< net20) (>= netstandard1.5) (< netstandard1.6) (< win8) (< wpa81)) (&& (< net20) (< netstandard1.5) (>= netstandard2.0) (< win8) (< wpa81)) (&& (< net20) (>= netstandard1.6) (< netstandard2.0) (< win8) (< wpa81)) (&& (< net20) (< netstandard1.6) (>= netstandard2.0) (< win8) (< wpa81)) (&& (< net20) (>= netstandard2.0) (< portable-net45+win8+wpa81)) (&& (< netstandard1.5) (>= netstandard2.0) (>= uap10.0)) (&& (< netstandard1.5) (>= uap10.0) (< uap10.1))
      System.Collections (>= 4.3) - restriction: || (>= dnxcore50) (&& (< monoandroid) (< monotouch) (< net45) (>= netstandard1.3) (< win8) (< wpa81) (< xamarinios) (< xamarinmac) (< xamarintvos) (< xamarinwatchos))
      System.Diagnostics.Debug (>= 4.3) - restriction: || (>= dnxcore50) (&& (< monoandroid) (< monotouch) (< net45) (>= netstandard1.3) (< win8) (< wpa81) (< xamarinios) (< xamarinmac) (< xamarintvos) (< xamarinwatchos))
      System.Diagnostics.Tools (>= 4.3) - restriction: || (>= dnxcore50) (&& (< monoandroid) (< monotouch) (< net45) (>= netstandard1.3) (< win8) (< wpa81) (< xamarinios) (< xamarinmac) (< xamarintvos) (< xamarinwatchos))
      System.Globalization (>= 4.3) - restriction: || (>= dnxcore50) (&& (< monoandroid) (< monotouch) (< net45) (>= netstandard1.3) (< win8) (< wpa81) (< xamarinios) (< xamarinmac) (< xamarintvos) (< xamarinwatchos))
      System.IO (>= 4.3) - restriction: || (>= dnxcore50) (&& (< monoandroid) (< monotouch) (< net45) (>= netstandard1.3) (< win8) (< wpa81) (< xamarinios) (< xamarinmac) (< xamarintvos) (< xamarinwatchos)) (&& (< monoandroid) (< net45) (>= netstandard1.0) (< netstandard1.3) (< win8) (< wp8) (< wpa81))
      System.Reflection (>= 4.3) - restriction: || (>= dnxcore50) (&& (< monoandroid) (< monotouch) (< net45) (>= netstandard1.3) (< win8) (< wpa81) (< xamarinios) (< xamarinmac) (< xamarintvos) (< xamarinwatchos))
      System.Resources.ResourceManager (>= 4.3) - restriction: || (>= dnxcore50) (&& (< monoandroid) (< monotouch) (< net45) (>= netstandard1.3) (< win8) (< wpa81) (< xamarinios) (< xamarinmac) (< xamarintvos) (< xamarinwatchos))
      System.Runtime (>= 4.3) - restriction: || (>= dnxcore50) (&& (< monoandroid) (< monotouch) (< net45) (>= netstandard1.3) (< win8) (< wpa81) (< xamarinios) (< xamarinmac) (< xamarintvos) (< xamarinwatchos)) (&& (< monoandroid) (< net45) (>= netstandard1.0) (< netstandard1.3) (< win8) (< wp8) (< wpa81))
      System.Runtime.Extensions (>= 4.3) - restriction: || (>= dnxcore50) (&& (< monoandroid) (< monotouch) (< net45) (>= netstandard1.3) (< win8) (< wpa81) (< xamarinios) (< xamarinmac) (< xamarintvos) (< xamarinwatchos))
      System.Text.Encoding (>= 4.3) - restriction: || (>= dnxcore50) (&& (< monoandroid) (< monotouch) (< net45) (>= netstandard1.3) (< win8) (< wpa81) (< xamarinios) (< xamarinmac) (< xamarintvos) (< xamarinwatchos))
      System.Threading (>= 4.3) - restriction: || (>= dnxcore50) (&& (< monoandroid) (< monotouch) (< net45) (>= netstandard1.3) (< win8) (< wpa81) (< xamarinios) (< xamarinmac) (< xamarintvos) (< xamarinwatchos))
      System.Xml.ReaderWriter (>= 4.3) - restriction: || (>= dnxcore50) (&& (< monoandroid) (< monotouch) (< net45) (>= netstandard1.3) (< win8) (< wpa81) (< xamarinios) (< xamarinmac) (< xamarintvos) (< xamarinwatchos)) (&& (< monoandroid) (< net45) (>= netstandard1.0) (< netstandard1.3) (< win8) (< wp8) (< wpa81))
    System.Xml.XmlDocument (4.3) - redirects: force, restriction: || (&& (< monoandroid4.4) (< net35) (>= netstandard1.5) (< netstandard2.0)) (&& (< net20) (>= netstandard1.3) (< netstandard2.0)) (&& (< net35) (>= net46)) (&& (< net35) (>= netstandard1.3)) (>= uap10.0)
      System.Collections (>= 4.3) - restriction: && (< monoandroid) (< monotouch) (< net46) (>= netstandard1.3) (< xamarinios) (< xamarinmac) (< xamarintvos) (< xamarinwatchos)
      System.Diagnostics.Debug (>= 4.3) - restriction: && (< monoandroid) (< monotouch) (< net46) (>= netstandard1.3) (< xamarinios) (< xamarinmac) (< xamarintvos) (< xamarinwatchos)
      System.Globalization (>= 4.3) - restriction: && (< monoandroid) (< monotouch) (< net46) (>= netstandard1.3) (< xamarinios) (< xamarinmac) (< xamarintvos) (< xamarinwatchos)
      System.IO (>= 4.3) - restriction: && (< monoandroid) (< monotouch) (< net46) (>= netstandard1.3) (< xamarinios) (< xamarinmac) (< xamarintvos) (< xamarinwatchos)
      System.Resources.ResourceManager (>= 4.3) - restriction: && (< monoandroid) (< monotouch) (< net46) (>= netstandard1.3) (< xamarinios) (< xamarinmac) (< xamarintvos) (< xamarinwatchos)
      System.Runtime (>= 4.3) - restriction: && (< monoandroid) (< monotouch) (< net46) (>= netstandard1.3) (< xamarinios) (< xamarinmac) (< xamarintvos) (< xamarinwatchos)
      System.Runtime.Extensions (>= 4.3) - restriction: && (< monoandroid) (< monotouch) (< net46) (>= netstandard1.3) (< xamarinios) (< xamarinmac) (< xamarintvos) (< xamarinwatchos)
      System.Text.Encoding (>= 4.3) - restriction: && (< monoandroid) (< monotouch) (< net46) (>= netstandard1.3) (< xamarinios) (< xamarinmac) (< xamarintvos) (< xamarinwatchos)
      System.Threading (>= 4.3) - restriction: && (< monoandroid) (< monotouch) (< net46) (>= netstandard1.3) (< xamarinios) (< xamarinmac) (< xamarintvos) (< xamarinwatchos)
      System.Xml.ReaderWriter (>= 4.3) - restriction: && (< monoandroid) (< monotouch) (< net46) (>= netstandard1.3) (< xamarinios) (< xamarinmac) (< xamarintvos) (< xamarinwatchos)
    System.Xml.XPath (4.3) - restriction: || (&& (< monoandroid) (< monotouch) (< net35) (>= netstandard1.3) (< xamarinios) (< xamarinmac) (< xamarintvos) (< xamarinwatchos)) (&& (< net35) (>= net46)) (>= uap10.0)
      System.Collections (>= 4.3) - restriction: && (< monoandroid) (< monotouch) (< net46) (>= netstandard1.3) (< xamarinios) (< xamarinmac) (< xamarintvos) (< xamarinwatchos)
      System.Diagnostics.Debug (>= 4.3) - restriction: && (< monoandroid) (< monotouch) (< net46) (>= netstandard1.3) (< xamarinios) (< xamarinmac) (< xamarintvos) (< xamarinwatchos)
      System.Globalization (>= 4.3) - restriction: && (< monoandroid) (< monotouch) (< net46) (>= netstandard1.3) (< xamarinios) (< xamarinmac) (< xamarintvos) (< xamarinwatchos)
      System.IO (>= 4.3) - restriction: && (< monoandroid) (< monotouch) (< net46) (>= netstandard1.3) (< xamarinios) (< xamarinmac) (< xamarintvos) (< xamarinwatchos)
      System.Resources.ResourceManager (>= 4.3) - restriction: && (< monoandroid) (< monotouch) (< net46) (>= netstandard1.3) (< xamarinios) (< xamarinmac) (< xamarintvos) (< xamarinwatchos)
      System.Runtime (>= 4.3) - restriction: && (< monoandroid) (< monotouch) (< net46) (>= netstandard1.3) (< xamarinios) (< xamarinmac) (< xamarintvos) (< xamarinwatchos)
      System.Runtime.Extensions (>= 4.3) - restriction: && (< monoandroid) (< monotouch) (< net46) (>= netstandard1.3) (< xamarinios) (< xamarinmac) (< xamarintvos) (< xamarinwatchos)
      System.Threading (>= 4.3) - restriction: && (< monoandroid) (< monotouch) (< net46) (>= netstandard1.3) (< xamarinios) (< xamarinmac) (< xamarintvos) (< xamarinwatchos)
      System.Xml.ReaderWriter (>= 4.3) - restriction: && (< monoandroid) (< monotouch) (< net46) (>= netstandard1.3) (< xamarinios) (< xamarinmac) (< xamarintvos) (< xamarinwatchos)
    System.Xml.XPath.XmlDocument (4.3) - restriction: || (&& (< net35) (>= netstandard1.3)) (>= uap10.0)
      System.Collections (>= 4.3) - restriction: && (< monoandroid) (< monotouch) (< net46) (>= netstandard1.3) (< xamarinios) (< xamarinmac) (< xamarintvos) (< xamarinwatchos)
      System.Globalization (>= 4.3) - restriction: && (< monoandroid) (< monotouch) (< net46) (>= netstandard1.3) (< xamarinios) (< xamarinmac) (< xamarintvos) (< xamarinwatchos)
      System.IO (>= 4.3) - restriction: && (< monoandroid) (< monotouch) (< net46) (>= netstandard1.3) (< xamarinios) (< xamarinmac) (< xamarintvos) (< xamarinwatchos)
      System.Resources.ResourceManager (>= 4.3) - restriction: && (< monoandroid) (< monotouch) (< net46) (>= netstandard1.3) (< xamarinios) (< xamarinmac) (< xamarintvos) (< xamarinwatchos)
      System.Runtime (>= 4.3) - restriction: && (< monoandroid) (< monotouch) (< net46) (>= netstandard1.3) (< xamarinios) (< xamarinmac) (< xamarintvos) (< xamarinwatchos)
      System.Runtime.Extensions (>= 4.3) - restriction: && (< monoandroid) (< monotouch) (< net46) (>= netstandard1.3) (< xamarinios) (< xamarinmac) (< xamarintvos) (< xamarinwatchos)
      System.Threading (>= 4.3) - restriction: && (< monoandroid) (< monotouch) (< net46) (>= netstandard1.3) (< xamarinios) (< xamarinmac) (< xamarintvos) (< xamarinwatchos)
      System.Xml.ReaderWriter (>= 4.3) - restriction: && (< monoandroid) (< monotouch) (< net46) (>= netstandard1.3) (< xamarinios) (< xamarinmac) (< xamarintvos) (< xamarinwatchos)
      System.Xml.XmlDocument (>= 4.3) - restriction: || (&& (< monoandroid) (< monotouch) (>= netstandard1.3) (< xamarinios) (< xamarinmac) (< xamarintvos) (< xamarinwatchos)) (>= net46)
      System.Xml.XPath (>= 4.3) - restriction: || (&& (< monoandroid) (< monotouch) (>= netstandard1.3) (< xamarinios) (< xamarinmac) (< xamarintvos) (< xamarinwatchos)) (>= net46)
    toastr (2.1.1)
      jQuery (>= 1.6.3)
    Unquote (4.0)
      FSharp.Core (>= 4.2.3) - restriction: >= netstandard2.0
    xunit (2.4.1)
      xunit.analyzers (>= 0.10)
      xunit.assert (2.4.1)
      xunit.core (2.4.1)
    xunit.abstractions (2.0.3) - restriction: >= netstandard1.1
      NETStandard.Library (>= 1.6) - restriction: && (< net35) (>= netstandard1.0) (< netstandard2.0)
    xunit.analyzers (0.10)
    xunit.assert (2.4.1)
      NETStandard.Library (>= 1.6.1) - restriction: && (< net452) (>= netstandard1.1)
    xunit.core (2.4.1)
      xunit.extensibility.core (2.4.1)
      xunit.extensibility.execution (2.4.1)
    xunit.extensibility.core (2.4.1)
      NETStandard.Library (>= 1.6.1) - restriction: && (< net452) (>= netstandard1.1)
      xunit.abstractions (>= 2.0.3) - restriction: >= netstandard1.1
    xunit.extensibility.execution (2.4.1)
      NETStandard.Library (>= 1.6.1) - restriction: && (< net452) (>= netstandard1.1)
      xunit.extensibility.core (2.4.1) - restriction: >= netstandard1.1
    xunit.runner.console (2.4.1)
GITHUB
  remote: matthid/Yaaf.FSharp.Scripting
    src/source/Yaaf.FSharp.Scripting/YaafFSharpScripting.fs (cb0ca0f74e3f7356b88c5fd4246b0a4dbd2624eb)
GROUP Build
CONTENT: NONE
NUGET
  remote: https://api.nuget.org/v3/index.json
    FAKE (5.8.4)
    FSharp.Compiler.Service (25.0.1)
      FSharp.Core (>= 4.1.18) - restriction: || (>= net45) (>= netstandard2.0)
      System.Collections.Immutable (>= 1.5) - restriction: || (>= net45) (>= netstandard2.0)
      System.Diagnostics.Process (>= 4.1) - restriction: && (< net45) (>= netstandard2.0)
      System.Diagnostics.TraceSource (>= 4.0) - restriction: && (< net45) (>= netstandard2.0)
      System.Reflection.Emit (>= 4.3) - restriction: && (< net45) (>= netstandard2.0)
      System.Reflection.Metadata (>= 1.6) - restriction: || (>= net45) (>= netstandard2.0)
      System.Reflection.TypeExtensions (>= 4.3) - restriction: && (< net45) (>= netstandard2.0)
      System.Runtime.Loader (>= 4.0) - restriction: && (< net45) (>= netstandard2.0)
      System.Security.Cryptography.Algorithms (>= 4.3) - restriction: && (< net45) (>= netstandard2.0)
      System.ValueTuple (>= 4.4) - restriction: >= net45
    FSharp.Core (4.6.2)
      System.Collections (>= 4.0.11) - restriction: && (< net45) (>= netstandard1.6) (< netstandard2.0)
      System.Console (>= 4.0) - restriction: && (< net45) (>= netstandard1.6) (< netstandard2.0)
      System.Diagnostics.Debug (>= 4.0.11) - restriction: && (< net45) (>= netstandard1.6) (< netstandard2.0)
      System.Diagnostics.Tools (>= 4.0.1) - restriction: && (< net45) (>= netstandard1.6) (< netstandard2.0)
      System.Globalization (>= 4.0.11) - restriction: && (< net45) (>= netstandard1.6) (< netstandard2.0)
      System.IO (>= 4.1) - restriction: && (< net45) (>= netstandard1.6) (< netstandard2.0)
      System.Linq (>= 4.1) - restriction: && (< net45) (>= netstandard1.6) (< netstandard2.0)
      System.Linq.Expressions (>= 4.1) - restriction: && (< net45) (>= netstandard1.6) (< netstandard2.0)
      System.Linq.Queryable (>= 4.0.1) - restriction: && (< net45) (>= netstandard1.6) (< netstandard2.0)
      System.Net.Requests (>= 4.0.11) - restriction: && (< net45) (>= netstandard1.6) (< netstandard2.0)
      System.Reflection (>= 4.1) - restriction: && (< net45) (>= netstandard1.6) (< netstandard2.0)
      System.Reflection.Extensions (>= 4.0.1) - restriction: && (< net45) (>= netstandard1.6) (< netstandard2.0)
      System.Resources.ResourceManager (>= 4.0.1) - restriction: && (< net45) (>= netstandard1.6) (< netstandard2.0)
      System.Runtime (>= 4.1) - restriction: && (< net45) (>= netstandard1.6) (< netstandard2.0)
      System.Runtime.Extensions (>= 4.1) - restriction: && (< net45) (>= netstandard1.6) (< netstandard2.0)
      System.Runtime.Numerics (>= 4.0.1) - restriction: && (< net45) (>= netstandard1.6) (< netstandard2.0)
      System.Text.RegularExpressions (>= 4.1) - restriction: && (< net45) (>= netstandard1.6) (< netstandard2.0)
      System.Threading (>= 4.0.11) - restriction: && (< net45) (>= netstandard1.6) (< netstandard2.0)
      System.Threading.Tasks (>= 4.0.11) - restriction: && (< net45) (>= netstandard1.6) (< netstandard2.0)
      System.Threading.Tasks.Parallel (>= 4.0.1) - restriction: && (< net45) (>= netstandard1.6) (< netstandard2.0)
      System.Threading.Thread (>= 4.0) - restriction: && (< net45) (>= netstandard1.6) (< netstandard2.0)
      System.Threading.ThreadPool (>= 4.0.10) - restriction: && (< net45) (>= netstandard1.6) (< netstandard2.0)
      System.Threading.Timer (>= 4.0.1) - restriction: && (< net45) (>= netstandard1.6) (< netstandard2.0)
    ILRepack (2.0.16)
    Microsoft.AspNet.Razor (3.2.7)
    Microsoft.CSharp (4.5) - restriction: || (&& (< net20) (>= netstandard1.0) (< netstandard1.3)) (&& (< net20) (>= netstandard1.3) (< netstandard2.0))
      NETStandard.Library (>= 1.6.1) - restriction: || (>= dnxcore50) (&& (< monoandroid) (< monotouch) (< net45) (>= netstandard1.3) (< netstandard2.0) (< win8) (< wpa81) (< xamarinmac) (< xamarintvos) (< xamarinwatchos)) (&& (< monoandroid) (< net45) (>= netstandard1.0) (< netstandard1.3) (< win8) (< wp8) (< wpa81))
      System.Dynamic.Runtime (>= 4.3) - restriction: || (>= dnxcore50) (&& (< monoandroid) (< monotouch) (< net45) (>= netstandard1.3) (< netstandard2.0) (< win8) (< wpa81) (< xamarinmac) (< xamarintvos) (< xamarinwatchos)) (&& (< monoandroid) (< net45) (>= netstandard1.0) (< netstandard1.3) (< win8) (< wp8) (< wpa81))
      System.Reflection.TypeExtensions (>= 4.4) - restriction: || (>= dnxcore50) (&& (< monoandroid) (< monotouch) (< net45) (>= netstandard1.3) (< netstandard2.0) (< win8) (< wpa81) (< xamarinmac) (< xamarintvos) (< xamarinwatchos))
    Microsoft.NETCore.Platforms (2.2) - restriction: || (&& (>= dnxcore50) (>= net46)) (&& (>= dnxcore50) (>= netstandard1.1)) (&& (>= dnxcore50) (>= netstandard1.2)) (&& (>= dnxcore50) (>= netstandard1.3)) (&& (>= dnxcore50) (>= netstandard1.4)) (&& (>= dnxcore50) (>= netstandard1.5)) (&& (>= dnxcore50) (>= netstandard1.6)) (&& (>= dnxcore50) (>= uap10.0)) (&& (< monoandroid) (< net45) (< netstandard1.2) (>= netstandard1.3) (< win8)) (&& (< monoandroid) (< net45) (< netstandard1.2) (>= netstandard1.4) (< win8)) (&& (< monoandroid) (< net45) (< netstandard1.2) (>= netstandard1.5) (< win8)) (&& (< monoandroid) (< net45) (< netstandard1.2) (>= netstandard1.6) (< win8)) (&& (< monoandroid) (< net45) (< netstandard1.3) (>= netstandard1.4) (< win8) (< wpa81)) (&& (< monoandroid) (< net45) (< netstandard1.3) (>= netstandard1.5) (< win8) (< wpa81)) (&& (< monoandroid) (< net45) (< netstandard1.3) (>= netstandard1.6) (< win8) (< wpa81)) (&& (< monoandroid) (< net45) (< netstandard1.4) (>= netstandard1.5) (< win8) (< wpa81)) (&& (< net45) (>= net46) (< netstandard1.4)) (&& (< net45) (>= net461)) (&& (< net45) (>= netstandard1.1) (< netstandard1.2) (< win8)) (&& (< net45) (>= netstandard1.2) (< netstandard1.3) (< win8) (< wpa81)) (&& (< net45) (>= netstandard1.3) (< netstandard1.4) (< win8) (< wpa81)) (&& (< net45) (>= netstandard1.4) (< netstandard1.5) (< win8) (< wpa81)) (&& (< net45) (< netstandard1.4) (>= netstandard1.6) (< win8) (< wpa81)) (&& (< net45) (>= netstandard1.5) (< netstandard1.6) (< win8) (< wpa81)) (&& (< net45) (< netstandard1.5) (>= netstandard1.6) (< win8) (< wpa81)) (&& (< net45) (>= netstandard1.6) (< netstandard2.0) (< win8) (< wpa81)) (&& (< net45) (>= netstandard2.0)) (>= netcoreapp2.0) (&& (< netstandard1.0) (>= netstandard1.1) (< portable-net45+win8)) (&& (< netstandard1.0) (>= netstandard1.1) (>= win8)) (&& (< netstandard1.0) (>= netstandard1.1) (< win8)) (&& (>= netstandard1.1) (< portable-net45+win8+wpa81)) (&& (>= netstandard1.1) (>= wp8)) (&& (< netstandard1.2) (>= uap10.0) (< win8)) (&& (< netstandard1.3) (>= uap10.0) (< win8) (< wpa81)) (&& (< netstandard1.3) (< win8) (>= wpa81)) (&& (< netstandard1.5) (>= uap10.0)) (>= uap10.1)
    Microsoft.NETCore.Targets (2.1) - restriction: || (&& (>= dnxcore50) (>= netstandard1.1)) (&& (>= dnxcore50) (>= netstandard1.2)) (&& (>= dnxcore50) (>= netstandard1.3)) (&& (>= dnxcore50) (>= netstandard1.4)) (&& (>= dnxcore50) (>= netstandard1.5)) (&& (>= dnxcore50) (>= netstandard1.6)) (&& (>= dnxcore50) (>= uap10.0)) (&& (< monoandroid) (< monotouch) (< net45) (>= netstandard1.6) (< netstandard2.0) (< win8) (< wpa81) (< xamarinmac) (< xamarintvos) (< xamarinwatchos)) (&& (< monoandroid) (< net45) (>= netstandard1.1) (< netstandard1.2) (< win8)) (&& (< monoandroid) (< net45) (>= netstandard1.2) (< netstandard1.3) (< win8) (< wpa81)) (&& (< monoandroid) (< net45) (< netstandard1.2) (>= netstandard1.3) (< win8)) (&& (< monoandroid) (< net45) (< netstandard1.2) (>= netstandard1.4) (< win8)) (&& (< monoandroid) (< net45) (< netstandard1.2) (>= netstandard1.5) (< win8)) (&& (< monoandroid) (< net45) (< netstandard1.2) (>= netstandard1.6) (< win8)) (&& (< monoandroid) (< net45) (>= netstandard1.3) (< netstandard1.4) (< win8) (< wpa81)) (&& (< monoandroid) (< net45) (< netstandard1.3) (>= netstandard1.4) (< win8) (< wpa81)) (&& (< monoandroid) (< net45) (< netstandard1.3) (>= netstandard1.5) (< win8) (< wpa81)) (&& (< monoandroid) (< net45) (< netstandard1.3) (>= netstandard1.6) (< win8) (< wpa81)) (&& (< monoandroid) (< net45) (>= netstandard1.4) (< netstandard1.5) (< win8) (< wpa81)) (&& (< monoandroid) (< net45) (< netstandard1.4) (>= netstandard1.5) (< win8) (< wpa81)) (&& (< monoandroid) (< net45) (< netstandard1.4) (>= netstandard1.6) (< win8) (< wpa81)) (&& (< monoandroid) (< net45) (>= netstandard1.5) (< netstandard1.6) (< win8) (< wpa81)) (&& (< monoandroid) (< net45) (< netstandard1.5) (>= netstandard1.6) (< win8) (< wpa81)) (&& (< net45) (>= net46) (< netstandard1.4)) (&& (< netstandard1.2) (>= uap10.0) (< win8)) (&& (< netstandard1.3) (>= uap10.0) (< win8) (< wpa81)) (&& (< netstandard1.5) (>= netstandard1.6) (>= uap10.0)) (&& (< netstandard1.5) (>= uap10.0) (< uap10.1)) (&& (< netstandard1.5) (>= uap10.0) (< win8) (< wpa81))
    Microsoft.Win32.Primitives (4.3) - restriction: || (&& (< monoandroid) (< net45) (< netstandard1.2) (>= netstandard1.3) (< win8)) (&& (< monoandroid) (< net45) (>= netstandard2.0) (< xamarinios)) (&& (< net45) (>= net46) (< netstandard1.4)) (&& (< net45) (>= netstandard1.3) (< netstandard1.4) (< win8) (< wpa81)) (&& (< net45) (>= netstandard1.4) (< netstandard1.5) (< win8) (< wpa81)) (&& (< net45) (>= netstandard1.5) (< netstandard1.6) (< win8) (< wpa81)) (&& (< net45) (>= netstandard1.6) (< netstandard2.0) (< win8) (< wpa81)) (&& (< netstandard1.5) (>= uap10.0) (< uap10.1)) (&& (< netstandard1.5) (>= uap10.0) (< win8) (< wpa81))
      Microsoft.NETCore.Platforms (>= 1.1) - restriction: && (< monoandroid) (< monotouch) (< net46) (>= netstandard1.3) (< xamarinios) (< xamarinmac) (< xamarintvos) (< xamarinwatchos)
      Microsoft.NETCore.Targets (>= 1.1) - restriction: && (< monoandroid) (< monotouch) (< net46) (>= netstandard1.3) (< xamarinios) (< xamarinmac) (< xamarintvos) (< xamarinwatchos)
      System.Runtime (>= 4.3) - restriction: && (< monoandroid) (< monotouch) (< net46) (>= netstandard1.3) (< xamarinios) (< xamarinmac) (< xamarintvos) (< xamarinwatchos)
    Microsoft.Win32.Registry (4.5) - restriction: && (< monoandroid) (< net45) (>= netstandard2.0) (< xamarinios)
      System.Buffers (>= 4.4) - restriction: || (&& (>= monoandroid) (< netstandard2.0)) (>= monotouch) (&& (< net46) (< netcoreapp2.0) (>= netstandard2.0)) (>= xamarinios) (>= xamarinmac) (>= xamarintvos) (>= xamarinwatchos)
      System.Memory (>= 4.5) - restriction: || (&& (< net46) (< netcoreapp2.0) (>= netstandard2.0) (< xamarinios)) (&& (>= netcoreapp2.0) (< netcoreapp2.1)) (>= uap10.1)
      System.Security.AccessControl (>= 4.5) - restriction: || (&& (>= monoandroid) (< netstandard2.0)) (>= monotouch) (&& (< net46) (>= netstandard2.0)) (>= net461) (>= netcoreapp2.0) (>= xamarinios) (>= xamarinmac) (>= xamarintvos) (>= xamarinwatchos)
      System.Security.Principal.Windows (>= 4.5) - restriction: || (&& (>= monoandroid) (< netstandard2.0)) (>= monotouch) (&& (< net46) (>= netstandard2.0)) (>= net461) (>= netcoreapp2.0) (>= xamarinios) (>= xamarinmac) (>= xamarintvos) (>= xamarinwatchos)
    NETStandard.Library (2.0.3) - restriction: || (&& (< monoandroid) (< monotouch) (< net45) (>= netstandard1.0) (< netstandard2.0) (< win8) (< wp8) (< wpa81) (< xamarinmac) (< xamarintvos) (< xamarinwatchos)) (&& (< net20) (>= netstandard1.0) (< netstandard1.3)) (&& (< net20) (>= netstandard1.3) (< netstandard2.0)) (&& (< net45) (>= netstandard1.1))
      Microsoft.NETCore.Platforms (>= 1.1) - restriction: || (&& (>= net45) (< netstandard1.3)) (&& (< net45) (>= netstandard1.1) (< netstandard1.2) (< win8)) (&& (< net45) (>= netstandard1.2) (< netstandard1.3) (< win8) (< wpa81)) (&& (< net45) (>= netstandard1.3) (< netstandard1.4) (< win8) (< wpa81)) (&& (< net45) (>= netstandard1.4) (< netstandard1.5) (< win8) (< wpa81)) (&& (< net45) (>= netstandard1.5) (< netstandard1.6) (< win8) (< wpa81)) (&& (< net45) (>= netstandard1.6) (< netstandard2.0) (< win8) (< wpa81)) (&& (< net45) (>= netstandard2.0)) (&& (>= net46) (< netstandard1.4)) (>= net461) (>= netcoreapp2.0) (&& (>= netstandard1.0) (< portable-net45+win8+wpa81)) (&& (< netstandard1.0) (>= portable-net45+win8) (< win8)) (&& (< netstandard1.0) (< portable-net45+win8) (>= portable-net45+win8+wpa81)) (&& (< netstandard1.0) (>= portable-net45+win8+wp8+wpa81) (< portable-net45+win8+wpa81)) (&& (< netstandard1.0) (>= win8)) (&& (< netstandard1.3) (< win8) (>= wpa81)) (&& (< netstandard1.5) (>= uap10.0)) (>= uap10.1) (>= wp8)
      Microsoft.Win32.Primitives (>= 4.3) - restriction: || (&& (< net45) (>= netstandard1.3) (< netstandard1.4) (< win8) (< wpa81)) (&& (< net45) (>= netstandard1.4) (< netstandard1.5) (< win8) (< wpa81)) (&& (< net45) (>= netstandard1.5) (< netstandard1.6) (< win8) (< wpa81)) (&& (< net45) (>= netstandard1.6) (< netstandard2.0) (< win8) (< wpa81)) (&& (>= net46) (< netstandard1.4)) (&& (< netstandard1.5) (>= uap10.0) (< uap10.1))
      System.AppContext (>= 4.3) - restriction: || (&& (< net45) (>= netstandard1.3) (< netstandard1.4) (< win8) (< wpa81)) (&& (< net45) (>= netstandard1.4) (< netstandard1.5) (< win8) (< wpa81)) (&& (< net45) (>= netstandard1.5) (< netstandard1.6) (< win8) (< wpa81)) (&& (< net45) (>= netstandard1.6) (< netstandard2.0) (< win8) (< wpa81)) (&& (>= net46) (< netstandard1.4)) (&& (< netstandard1.5) (>= uap10.0) (< uap10.1))
      System.Collections (>= 4.3) - restriction: || (&& (< net45) (>= netstandard1.1) (< netstandard1.2) (< win8)) (&& (< net45) (>= netstandard1.2) (< netstandard1.3) (< win8) (< wpa81)) (&& (< net45) (>= netstandard1.3) (< netstandard1.4) (< win8) (< wpa81)) (&& (< net45) (>= netstandard1.4) (< netstandard1.5) (< win8) (< wpa81)) (&& (< net45) (>= netstandard1.5) (< netstandard1.6) (< win8) (< wpa81)) (&& (< net45) (>= netstandard1.6) (< netstandard2.0) (< win8) (< wpa81)) (&& (>= netstandard1.0) (< portable-net45+win8+wpa81) (< wp8)) (&& (< netstandard1.5) (>= uap10.0) (< uap10.1))
      System.Collections.Concurrent (>= 4.3) - restriction: || (&& (< net45) (>= netstandard1.1) (< netstandard1.2) (< win8)) (&& (< net45) (>= netstandard1.2) (< netstandard1.3) (< win8) (< wpa81)) (&& (< net45) (>= netstandard1.3) (< netstandard1.4) (< win8) (< wpa81)) (&& (< net45) (>= netstandard1.4) (< netstandard1.5) (< win8) (< wpa81)) (&& (< net45) (>= netstandard1.5) (< netstandard1.6) (< win8) (< wpa81)) (&& (< net45) (>= netstandard1.6) (< netstandard2.0) (< win8) (< wpa81)) (&& (< netstandard1.5) (>= uap10.0) (< uap10.1))
      System.Console (>= 4.3) - restriction: || (&& (< net45) (>= netstandard1.3) (< netstandard1.4) (< win8) (< wpa81)) (&& (< net45) (>= netstandard1.4) (< netstandard1.5) (< win8) (< wpa81)) (&& (< net45) (>= netstandard1.5) (< netstandard1.6) (< win8) (< wpa81)) (&& (< net45) (>= netstandard1.6) (< netstandard2.0) (< win8) (< wpa81)) (&& (>= net46) (< netstandard1.4)) (&& (< netstandard1.5) (>= uap10.0) (< uap10.1))
      System.Diagnostics.Debug (>= 4.3) - restriction: || (&& (< net45) (>= netstandard1.1) (< netstandard1.2) (< win8)) (&& (< net45) (>= netstandard1.2) (< netstandard1.3) (< win8) (< wpa81)) (&& (< net45) (>= netstandard1.3) (< netstandard1.4) (< win8) (< wpa81)) (&& (< net45) (>= netstandard1.4) (< netstandard1.5) (< win8) (< wpa81)) (&& (< net45) (>= netstandard1.5) (< netstandard1.6) (< win8) (< wpa81)) (&& (< net45) (>= netstandard1.6) (< netstandard2.0) (< win8) (< wpa81)) (&& (>= netstandard1.0) (< portable-net45+win8+wpa81) (< wp8)) (&& (< netstandard1.5) (>= uap10.0) (< uap10.1))
      System.Diagnostics.Tools (>= 4.3) - restriction: || (&& (< net45) (>= netstandard1.1) (< netstandard1.2) (< win8)) (&& (< net45) (>= netstandard1.2) (< netstandard1.3) (< win8) (< wpa81)) (&& (< net45) (>= netstandard1.3) (< netstandard1.4) (< win8) (< wpa81)) (&& (< net45) (>= netstandard1.4) (< netstandard1.5) (< win8) (< wpa81)) (&& (< net45) (>= netstandard1.5) (< netstandard1.6) (< win8) (< wpa81)) (&& (< net45) (>= netstandard1.6) (< netstandard2.0) (< win8) (< wpa81)) (&& (>= netstandard1.0) (< portable-net45+win8+wpa81) (< wp8)) (&& (< netstandard1.5) (>= uap10.0) (< uap10.1))
      System.Diagnostics.Tracing (>= 4.3) - restriction: || (&& (< net45) (>= netstandard1.1) (< netstandard1.2) (< win8)) (&& (< net45) (>= netstandard1.2) (< netstandard1.3) (< win8) (< wpa81)) (&& (< net45) (>= netstandard1.3) (< netstandard1.4) (< win8) (< wpa81)) (&& (< net45) (>= netstandard1.4) (< netstandard1.5) (< win8) (< wpa81)) (&& (< net45) (>= netstandard1.5) (< netstandard1.6) (< win8) (< wpa81)) (&& (< net45) (>= netstandard1.6) (< netstandard2.0) (< win8) (< wpa81)) (&& (< netstandard1.5) (>= uap10.0) (< uap10.1))
      System.Globalization (>= 4.3) - restriction: || (&& (< net45) (>= netstandard1.1) (< netstandard1.2) (< win8)) (&& (< net45) (>= netstandard1.2) (< netstandard1.3) (< win8) (< wpa81)) (&& (< net45) (>= netstandard1.3) (< netstandard1.4) (< win8) (< wpa81)) (&& (< net45) (>= netstandard1.4) (< netstandard1.5) (< win8) (< wpa81)) (&& (< net45) (>= netstandard1.5) (< netstandard1.6) (< win8) (< wpa81)) (&& (< net45) (>= netstandard1.6) (< netstandard2.0) (< win8) (< wpa81)) (&& (>= netstandard1.0) (< portable-net45+win8+wpa81) (< wp8)) (&& (< netstandard1.5) (>= uap10.0) (< uap10.1))
      System.Globalization.Calendars (>= 4.3) - restriction: || (&& (< net45) (>= netstandard1.3) (< netstandard1.4) (< win8) (< wpa81)) (&& (< net45) (>= netstandard1.4) (< netstandard1.5) (< win8) (< wpa81)) (&& (< net45) (>= netstandard1.5) (< netstandard1.6) (< win8) (< wpa81)) (&& (< net45) (>= netstandard1.6) (< netstandard2.0) (< win8) (< wpa81)) (&& (>= net46) (< netstandard1.4)) (&& (< netstandard1.5) (>= uap10.0) (< uap10.1))
      System.IO (>= 4.3) - restriction: || (&& (< net45) (>= netstandard1.1) (< netstandard1.2) (< win8)) (&& (< net45) (>= netstandard1.2) (< netstandard1.3) (< win8) (< wpa81)) (&& (< net45) (>= netstandard1.3) (< netstandard1.4) (< win8) (< wpa81)) (&& (< net45) (>= netstandard1.4) (< netstandard1.5) (< win8) (< wpa81)) (&& (< net45) (>= netstandard1.5) (< netstandard1.6) (< win8) (< wpa81)) (&& (< net45) (>= netstandard1.6) (< netstandard2.0) (< win8) (< wpa81)) (&& (>= netstandard1.0) (< portable-net45+win8+wpa81) (< wp8)) (&& (< netstandard1.5) (>= uap10.0) (< uap10.1))
      System.IO.Compression (>= 4.3) - restriction: || (&& (< net45) (>= netstandard1.1) (< netstandard1.2) (< win8)) (&& (< net45) (>= netstandard1.2) (< netstandard1.3) (< win8) (< wpa81)) (&& (< net45) (>= netstandard1.3) (< netstandard1.4) (< win8) (< wpa81)) (&& (< net45) (>= netstandard1.4) (< netstandard1.5) (< win8) (< wpa81)) (&& (< net45) (>= netstandard1.5) (< netstandard1.6) (< win8) (< wpa81)) (&& (< net45) (>= netstandard1.6) (< netstandard2.0) (< win8) (< wpa81)) (&& (>= net46) (< netstandard1.4)) (&& (< netstandard1.5) (>= uap10.0) (< uap10.1))
      System.IO.Compression.ZipFile (>= 4.3) - restriction: || (&& (< net45) (>= netstandard1.3) (< netstandard1.4) (< win8) (< wpa81)) (&& (< net45) (>= netstandard1.4) (< netstandard1.5) (< win8) (< wpa81)) (&& (< net45) (>= netstandard1.5) (< netstandard1.6) (< win8) (< wpa81)) (&& (< net45) (>= netstandard1.6) (< netstandard2.0) (< win8) (< wpa81)) (&& (>= net46) (< netstandard1.4)) (&& (< netstandard1.5) (>= uap10.0) (< uap10.1))
      System.IO.FileSystem (>= 4.3) - restriction: || (&& (< net45) (>= netstandard1.3) (< netstandard1.4) (< win8) (< wpa81)) (&& (< net45) (>= netstandard1.4) (< netstandard1.5) (< win8) (< wpa81)) (&& (< net45) (>= netstandard1.5) (< netstandard1.6) (< win8) (< wpa81)) (&& (< net45) (>= netstandard1.6) (< netstandard2.0) (< win8) (< wpa81)) (&& (>= net46) (< netstandard1.4)) (&& (< netstandard1.5) (>= uap10.0) (< uap10.1))
      System.IO.FileSystem.Primitives (>= 4.3) - restriction: || (&& (< net45) (>= netstandard1.3) (< netstandard1.4) (< win8) (< wpa81)) (&& (< net45) (>= netstandard1.4) (< netstandard1.5) (< win8) (< wpa81)) (&& (< net45) (>= netstandard1.5) (< netstandard1.6) (< win8) (< wpa81)) (&& (< net45) (>= netstandard1.6) (< netstandard2.0) (< win8) (< wpa81)) (&& (>= net46) (< netstandard1.4)) (&& (< netstandard1.5) (>= uap10.0) (< uap10.1))
      System.Linq (>= 4.3) - restriction: || (&& (< net45) (>= netstandard1.1) (< netstandard1.2) (< win8)) (&& (< net45) (>= netstandard1.2) (< netstandard1.3) (< win8) (< wpa81)) (&& (< net45) (>= netstandard1.3) (< netstandard1.4) (< win8) (< wpa81)) (&& (< net45) (>= netstandard1.4) (< netstandard1.5) (< win8) (< wpa81)) (&& (< net45) (>= netstandard1.5) (< netstandard1.6) (< win8) (< wpa81)) (&& (< net45) (>= netstandard1.6) (< netstandard2.0) (< win8) (< wpa81)) (&& (>= netstandard1.0) (< portable-net45+win8+wpa81) (< wp8)) (&& (< netstandard1.5) (>= uap10.0) (< uap10.1))
      System.Linq.Expressions (>= 4.3) - restriction: || (&& (< net45) (>= netstandard1.1) (< netstandard1.2) (< win8)) (&& (< net45) (>= netstandard1.2) (< netstandard1.3) (< win8) (< wpa81)) (&& (< net45) (>= netstandard1.3) (< netstandard1.4) (< win8) (< wpa81)) (&& (< net45) (>= netstandard1.4) (< netstandard1.5) (< win8) (< wpa81)) (&& (< net45) (>= netstandard1.5) (< netstandard1.6) (< win8) (< wpa81)) (&& (< net45) (>= netstandard1.6) (< netstandard2.0) (< win8) (< wpa81)) (&& (>= netstandard1.0) (< portable-net45+win8+wpa81) (< wp8)) (&& (< netstandard1.5) (>= uap10.0) (< uap10.1))
      System.Net.Http (>= 4.3.2) - restriction: || (&& (< net45) (>= netstandard1.1) (< netstandard1.2) (< win8)) (&& (< net45) (>= netstandard1.2) (< netstandard1.3) (< win8) (< wpa81)) (&& (< net45) (>= netstandard1.3) (< netstandard1.4) (< win8) (< wpa81)) (&& (< net45) (>= netstandard1.4) (< netstandard1.5) (< win8) (< wpa81)) (&& (< net45) (>= netstandard1.5) (< netstandard1.6) (< win8) (< wpa81)) (&& (< net45) (>= netstandard1.6) (< netstandard2.0) (< win8) (< wpa81)) (&& (>= net46) (< netstandard1.4)) (&& (< netstandard1.5) (>= uap10.0) (< uap10.1))
      System.Net.Primitives (>= 4.3) - restriction: || (&& (< net45) (>= netstandard1.1) (< netstandard1.2) (< win8)) (&& (< net45) (>= netstandard1.2) (< netstandard1.3) (< win8) (< wpa81)) (&& (< net45) (>= netstandard1.3) (< netstandard1.4) (< win8) (< wpa81)) (&& (< net45) (>= netstandard1.4) (< netstandard1.5) (< win8) (< wpa81)) (&& (< net45) (>= netstandard1.5) (< netstandard1.6) (< win8) (< wpa81)) (&& (< net45) (>= netstandard1.6) (< netstandard2.0) (< win8) (< wpa81)) (&& (>= netstandard1.0) (< portable-net45+win8+wpa81) (< wp8)) (&& (< netstandard1.5) (>= uap10.0) (< uap10.1))
      System.Net.Sockets (>= 4.3) - restriction: || (&& (< net45) (>= netstandard1.3) (< netstandard1.4) (< win8) (< wpa81)) (&& (< net45) (>= netstandard1.4) (< netstandard1.5) (< win8) (< wpa81)) (&& (< net45) (>= netstandard1.5) (< netstandard1.6) (< win8) (< wpa81)) (&& (< net45) (>= netstandard1.6) (< netstandard2.0) (< win8) (< wpa81)) (&& (>= net46) (< netstandard1.4)) (&& (< netstandard1.5) (>= uap10.0) (< uap10.1))
      System.ObjectModel (>= 4.3) - restriction: || (&& (< net45) (>= netstandard1.1) (< netstandard1.2) (< win8)) (&& (< net45) (>= netstandard1.2) (< netstandard1.3) (< win8) (< wpa81)) (&& (< net45) (>= netstandard1.3) (< netstandard1.4) (< win8) (< wpa81)) (&& (< net45) (>= netstandard1.4) (< netstandard1.5) (< win8) (< wpa81)) (&& (< net45) (>= netstandard1.5) (< netstandard1.6) (< win8) (< wpa81)) (&& (< net45) (>= netstandard1.6) (< netstandard2.0) (< win8) (< wpa81)) (&& (>= netstandard1.0) (< portable-net45+win8+wpa81) (< wp8)) (&& (< netstandard1.5) (>= uap10.0) (< uap10.1))
      System.Reflection (>= 4.3) - restriction: || (&& (< net45) (>= netstandard1.1) (< netstandard1.2) (< win8)) (&& (< net45) (>= netstandard1.2) (< netstandard1.3) (< win8) (< wpa81)) (&& (< net45) (>= netstandard1.3) (< netstandard1.4) (< win8) (< wpa81)) (&& (< net45) (>= netstandard1.4) (< netstandard1.5) (< win8) (< wpa81)) (&& (< net45) (>= netstandard1.5) (< netstandard1.6) (< win8) (< wpa81)) (&& (< net45) (>= netstandard1.6) (< netstandard2.0) (< win8) (< wpa81)) (&& (>= netstandard1.0) (< portable-net45+win8+wpa81) (< wp8)) (&& (< netstandard1.5) (>= uap10.0) (< uap10.1))
      System.Reflection.Extensions (>= 4.3) - restriction: || (&& (< net45) (>= netstandard1.1) (< netstandard1.2) (< win8)) (&& (< net45) (>= netstandard1.2) (< netstandard1.3) (< win8) (< wpa81)) (&& (< net45) (>= netstandard1.3) (< netstandard1.4) (< win8) (< wpa81)) (&& (< net45) (>= netstandard1.4) (< netstandard1.5) (< win8) (< wpa81)) (&& (< net45) (>= netstandard1.5) (< netstandard1.6) (< win8) (< wpa81)) (&& (< net45) (>= netstandard1.6) (< netstandard2.0) (< win8) (< wpa81)) (&& (>= netstandard1.0) (< portable-net45+win8+wpa81) (< wp8)) (&& (< netstandard1.5) (>= uap10.0) (< uap10.1))
      System.Reflection.Primitives (>= 4.3) - restriction: || (&& (< net45) (>= netstandard1.1) (< netstandard1.2) (< win8)) (&& (< net45) (>= netstandard1.2) (< netstandard1.3) (< win8) (< wpa81)) (&& (< net45) (>= netstandard1.3) (< netstandard1.4) (< win8) (< wpa81)) (&& (< net45) (>= netstandard1.4) (< netstandard1.5) (< win8) (< wpa81)) (&& (< net45) (>= netstandard1.5) (< netstandard1.6) (< win8) (< wpa81)) (&& (< net45) (>= netstandard1.6) (< netstandard2.0) (< win8) (< wpa81)) (&& (>= netstandard1.0) (< portable-net45+win8+wpa81) (< wp8)) (&& (< netstandard1.5) (>= uap10.0) (< uap10.1))
      System.Resources.ResourceManager (>= 4.3) - restriction: || (&& (< net45) (>= netstandard1.1) (< netstandard1.2) (< win8)) (&& (< net45) (>= netstandard1.2) (< netstandard1.3) (< win8) (< wpa81)) (&& (< net45) (>= netstandard1.3) (< netstandard1.4) (< win8) (< wpa81)) (&& (< net45) (>= netstandard1.4) (< netstandard1.5) (< win8) (< wpa81)) (&& (< net45) (>= netstandard1.5) (< netstandard1.6) (< win8) (< wpa81)) (&& (< net45) (>= netstandard1.6) (< netstandard2.0) (< win8) (< wpa81)) (&& (>= netstandard1.0) (< portable-net45+win8+wpa81) (< wp8)) (&& (< netstandard1.5) (>= uap10.0) (< uap10.1))
      System.Runtime (>= 4.3) - restriction: || (&& (< net45) (>= netstandard1.1) (< netstandard1.2) (< win8)) (&& (< net45) (>= netstandard1.2) (< netstandard1.3) (< win8) (< wpa81)) (&& (< net45) (>= netstandard1.3) (< netstandard1.4) (< win8) (< wpa81)) (&& (< net45) (>= netstandard1.4) (< netstandard1.5) (< win8) (< wpa81)) (&& (< net45) (>= netstandard1.5) (< netstandard1.6) (< win8) (< wpa81)) (&& (< net45) (>= netstandard1.6) (< netstandard2.0) (< win8) (< wpa81)) (&& (>= netstandard1.0) (< portable-net45+win8+wpa81) (< wp8)) (&& (< netstandard1.5) (>= uap10.0) (< uap10.1))
      System.Runtime.Extensions (>= 4.3) - restriction: || (&& (< net45) (>= netstandard1.1) (< netstandard1.2) (< win8)) (&& (< net45) (>= netstandard1.2) (< netstandard1.3) (< win8) (< wpa81)) (&& (< net45) (>= netstandard1.3) (< netstandard1.4) (< win8) (< wpa81)) (&& (< net45) (>= netstandard1.4) (< netstandard1.5) (< win8) (< wpa81)) (&& (< net45) (>= netstandard1.5) (< netstandard1.6) (< win8) (< wpa81)) (&& (< net45) (>= netstandard1.6) (< netstandard2.0) (< win8) (< wpa81)) (&& (>= netstandard1.0) (< portable-net45+win8+wpa81) (< wp8)) (&& (< netstandard1.5) (>= uap10.0) (< uap10.1))
      System.Runtime.Handles (>= 4.3) - restriction: || (&& (< net45) (>= netstandard1.3) (< netstandard1.4) (< win8) (< wpa81)) (&& (< net45) (>= netstandard1.4) (< netstandard1.5) (< win8) (< wpa81)) (&& (< net45) (>= netstandard1.5) (< netstandard1.6) (< win8) (< wpa81)) (&& (< net45) (>= netstandard1.6) (< netstandard2.0) (< win8) (< wpa81)) (&& (< netstandard1.5) (>= uap10.0) (< uap10.1))
      System.Runtime.InteropServices (>= 4.3) - restriction: || (&& (< net45) (>= netstandard1.1) (< netstandard1.2) (< win8)) (&& (< net45) (>= netstandard1.2) (< netstandard1.3) (< win8) (< wpa81)) (&& (< net45) (>= netstandard1.3) (< netstandard1.4) (< win8) (< wpa81)) (&& (< net45) (>= netstandard1.4) (< netstandard1.5) (< win8) (< wpa81)) (&& (< net45) (>= netstandard1.5) (< netstandard1.6) (< win8) (< wpa81)) (&& (< net45) (>= netstandard1.6) (< netstandard2.0) (< win8) (< wpa81)) (&& (< netstandard1.5) (>= uap10.0) (< uap10.1))
      System.Runtime.InteropServices.RuntimeInformation (>= 4.3) - restriction: || (&& (>= net45) (< netstandard1.3)) (&& (< net45) (>= netstandard1.1) (< netstandard1.2) (< win8)) (&& (< net45) (>= netstandard1.2) (< netstandard1.3) (< win8) (< wpa81)) (&& (< net45) (>= netstandard1.3) (< netstandard1.4) (< win8) (< wpa81)) (&& (< net45) (>= netstandard1.4) (< netstandard1.5) (< win8) (< wpa81)) (&& (< net45) (>= netstandard1.5) (< netstandard1.6) (< win8) (< wpa81)) (&& (< net45) (>= netstandard1.6) (< netstandard2.0) (< win8) (< wpa81)) (&& (>= net46) (< netstandard1.4)) (&& (< netstandard1.0) (>= portable-net45+win8) (< win8)) (&& (< netstandard1.0) (< portable-net45+win8) (>= portable-net45+win8+wpa81)) (&& (< netstandard1.0) (>= win8)) (&& (< netstandard1.3) (< win8) (>= wpa81)) (&& (< netstandard1.5) (>= uap10.0) (< uap10.1))
      System.Runtime.Numerics (>= 4.3) - restriction: || (&& (< net45) (>= netstandard1.1) (< netstandard1.2) (< win8)) (&& (< net45) (>= netstandard1.2) (< netstandard1.3) (< win8) (< wpa81)) (&& (< net45) (>= netstandard1.3) (< netstandard1.4) (< win8) (< wpa81)) (&& (< net45) (>= netstandard1.4) (< netstandard1.5) (< win8) (< wpa81)) (&& (< net45) (>= netstandard1.5) (< netstandard1.6) (< win8) (< wpa81)) (&& (< net45) (>= netstandard1.6) (< netstandard2.0) (< win8) (< wpa81)) (&& (< netstandard1.5) (>= uap10.0) (< uap10.1))
      System.Security.Cryptography.Algorithms (>= 4.3) - restriction: || (&& (< net45) (>= netstandard1.3) (< netstandard1.4) (< win8) (< wpa81)) (&& (< net45) (>= netstandard1.4) (< netstandard1.5) (< win8) (< wpa81)) (&& (< net45) (>= netstandard1.5) (< netstandard1.6) (< win8) (< wpa81)) (&& (< net45) (>= netstandard1.6) (< netstandard2.0) (< win8) (< wpa81)) (&& (>= net46) (< netstandard1.4)) (&& (< netstandard1.5) (>= uap10.0) (< uap10.1))
      System.Security.Cryptography.Encoding (>= 4.3) - restriction: || (&& (< net45) (>= netstandard1.3) (< netstandard1.4) (< win8) (< wpa81)) (&& (< net45) (>= netstandard1.4) (< netstandard1.5) (< win8) (< wpa81)) (&& (< net45) (>= netstandard1.5) (< netstandard1.6) (< win8) (< wpa81)) (&& (< net45) (>= netstandard1.6) (< netstandard2.0) (< win8) (< wpa81)) (&& (>= net46) (< netstandard1.4)) (&& (< netstandard1.5) (>= uap10.0) (< uap10.1))
      System.Security.Cryptography.Primitives (>= 4.3) - restriction: || (&& (< net45) (>= netstandard1.3) (< netstandard1.4) (< win8) (< wpa81)) (&& (< net45) (>= netstandard1.4) (< netstandard1.5) (< win8) (< wpa81)) (&& (< net45) (>= netstandard1.5) (< netstandard1.6) (< win8) (< wpa81)) (&& (< net45) (>= netstandard1.6) (< netstandard2.0) (< win8) (< wpa81)) (&& (>= net46) (< netstandard1.4)) (&& (< netstandard1.5) (>= uap10.0) (< uap10.1))
      System.Security.Cryptography.X509Certificates (>= 4.3) - restriction: || (&& (< net45) (>= netstandard1.3) (< netstandard1.4) (< win8) (< wpa81)) (&& (< net45) (>= netstandard1.4) (< netstandard1.5) (< win8) (< wpa81)) (&& (< net45) (>= netstandard1.5) (< netstandard1.6) (< win8) (< wpa81)) (&& (< net45) (>= netstandard1.6) (< netstandard2.0) (< win8) (< wpa81)) (&& (>= net46) (< netstandard1.4)) (&& (< netstandard1.5) (>= uap10.0) (< uap10.1))
      System.Text.Encoding (>= 4.3) - restriction: || (&& (< net45) (>= netstandard1.1) (< netstandard1.2) (< win8)) (&& (< net45) (>= netstandard1.2) (< netstandard1.3) (< win8) (< wpa81)) (&& (< net45) (>= netstandard1.3) (< netstandard1.4) (< win8) (< wpa81)) (&& (< net45) (>= netstandard1.4) (< netstandard1.5) (< win8) (< wpa81)) (&& (< net45) (>= netstandard1.5) (< netstandard1.6) (< win8) (< wpa81)) (&& (< net45) (>= netstandard1.6) (< netstandard2.0) (< win8) (< wpa81)) (&& (>= netstandard1.0) (< portable-net45+win8+wpa81) (< wp8)) (&& (< netstandard1.5) (>= uap10.0) (< uap10.1))
      System.Text.Encoding.Extensions (>= 4.3) - restriction: || (&& (< net45) (>= netstandard1.1) (< netstandard1.2) (< win8)) (&& (< net45) (>= netstandard1.2) (< netstandard1.3) (< win8) (< wpa81)) (&& (< net45) (>= netstandard1.3) (< netstandard1.4) (< win8) (< wpa81)) (&& (< net45) (>= netstandard1.4) (< netstandard1.5) (< win8) (< wpa81)) (&& (< net45) (>= netstandard1.5) (< netstandard1.6) (< win8) (< wpa81)) (&& (< net45) (>= netstandard1.6) (< netstandard2.0) (< win8) (< wpa81)) (&& (>= netstandard1.0) (< portable-net45+win8+wpa81) (< wp8)) (&& (< netstandard1.5) (>= uap10.0) (< uap10.1))
      System.Text.RegularExpressions (>= 4.3) - restriction: || (&& (< net45) (>= netstandard1.1) (< netstandard1.2) (< win8)) (&& (< net45) (>= netstandard1.2) (< netstandard1.3) (< win8) (< wpa81)) (&& (< net45) (>= netstandard1.3) (< netstandard1.4) (< win8) (< wpa81)) (&& (< net45) (>= netstandard1.4) (< netstandard1.5) (< win8) (< wpa81)) (&& (< net45) (>= netstandard1.5) (< netstandard1.6) (< win8) (< wpa81)) (&& (< net45) (>= netstandard1.6) (< netstandard2.0) (< win8) (< wpa81)) (&& (>= netstandard1.0) (< portable-net45+win8+wpa81) (< wp8)) (&& (< netstandard1.5) (>= uap10.0) (< uap10.1))
      System.Threading (>= 4.3) - restriction: || (&& (< net45) (>= netstandard1.1) (< netstandard1.2) (< win8)) (&& (< net45) (>= netstandard1.2) (< netstandard1.3) (< win8) (< wpa81)) (&& (< net45) (>= netstandard1.3) (< netstandard1.4) (< win8) (< wpa81)) (&& (< net45) (>= netstandard1.4) (< netstandard1.5) (< win8) (< wpa81)) (&& (< net45) (>= netstandard1.5) (< netstandard1.6) (< win8) (< wpa81)) (&& (< net45) (>= netstandard1.6) (< netstandard2.0) (< win8) (< wpa81)) (&& (>= netstandard1.0) (< portable-net45+win8+wpa81) (< wp8)) (&& (< netstandard1.5) (>= uap10.0) (< uap10.1))
      System.Threading.Tasks (>= 4.3) - restriction: || (&& (< net45) (>= netstandard1.1) (< netstandard1.2) (< win8)) (&& (< net45) (>= netstandard1.2) (< netstandard1.3) (< win8) (< wpa81)) (&& (< net45) (>= netstandard1.3) (< netstandard1.4) (< win8) (< wpa81)) (&& (< net45) (>= netstandard1.4) (< netstandard1.5) (< win8) (< wpa81)) (&& (< net45) (>= netstandard1.5) (< netstandard1.6) (< win8) (< wpa81)) (&& (< net45) (>= netstandard1.6) (< netstandard2.0) (< win8) (< wpa81)) (&& (>= netstandard1.0) (< portable-net45+win8+wpa81) (< wp8)) (&& (< netstandard1.5) (>= uap10.0) (< uap10.1))
      System.Threading.Timer (>= 4.3) - restriction: || (&& (< net45) (>= netstandard1.2) (< netstandard1.3) (< win8) (< wpa81)) (&& (< net45) (>= netstandard1.3) (< netstandard1.4) (< win8) (< wpa81)) (&& (< net45) (>= netstandard1.4) (< netstandard1.5) (< win8) (< wpa81)) (&& (< net45) (>= netstandard1.5) (< netstandard1.6) (< win8) (< wpa81)) (&& (< net45) (>= netstandard1.6) (< netstandard2.0) (< win8) (< wpa81)) (&& (< netstandard1.5) (>= uap10.0) (< uap10.1))
      System.Xml.ReaderWriter (>= 4.3) - restriction: || (&& (< net45) (>= netstandard1.1) (< netstandard1.2) (< win8)) (&& (< net45) (>= netstandard1.2) (< netstandard1.3) (< win8) (< wpa81)) (&& (< net45) (>= netstandard1.3) (< netstandard1.4) (< win8) (< wpa81)) (&& (< net45) (>= netstandard1.4) (< netstandard1.5) (< win8) (< wpa81)) (&& (< net45) (>= netstandard1.5) (< netstandard1.6) (< win8) (< wpa81)) (&& (< net45) (>= netstandard1.6) (< netstandard2.0) (< win8) (< wpa81)) (&& (>= net46) (< netstandard1.4)) (&& (>= netstandard1.0) (< portable-net45+win8+wpa81) (< wp8)) (&& (< netstandard1.5) (>= uap10.0) (< uap10.1))
      System.Xml.XDocument (>= 4.3) - restriction: || (&& (< net45) (>= netstandard1.1) (< netstandard1.2) (< win8)) (&& (< net45) (>= netstandard1.2) (< netstandard1.3) (< win8) (< wpa81)) (&& (< net45) (>= netstandard1.3) (< netstandard1.4) (< win8) (< wpa81)) (&& (< net45) (>= netstandard1.4) (< netstandard1.5) (< win8) (< wpa81)) (&& (< net45) (>= netstandard1.5) (< netstandard1.6) (< win8) (< wpa81)) (&& (< net45) (>= netstandard1.6) (< netstandard2.0) (< win8) (< wpa81)) (&& (>= netstandard1.0) (< portable-net45+win8+wpa81) (< wp8)) (&& (< netstandard1.5) (>= uap10.0) (< uap10.1))
    Newtonsoft.Json (12.0.1)
      Microsoft.CSharp (>= 4.3) - restriction: || (&& (< net20) (>= netstandard1.0) (< netstandard1.3)) (&& (< net20) (>= netstandard1.3) (< netstandard2.0))
      NETStandard.Library (>= 1.6.1) - restriction: || (&& (< net20) (>= netstandard1.0) (< netstandard1.3)) (&& (< net20) (>= netstandard1.3) (< netstandard2.0))
      System.ComponentModel.TypeConverter (>= 4.3) - restriction: || (&& (< net20) (>= netstandard1.0) (< netstandard1.3)) (&& (< net20) (>= netstandard1.3) (< netstandard2.0))
      System.Runtime.Serialization.Formatters (>= 4.3) - restriction: && (< net20) (>= netstandard1.3) (< netstandard2.0)
      System.Runtime.Serialization.Primitives (>= 4.3) - restriction: || (&& (< net20) (>= netstandard1.0) (< netstandard1.3)) (&& (< net20) (>= netstandard1.3) (< netstandard2.0))
      System.Xml.XmlDocument (>= 4.3) - restriction: && (< net20) (>= netstandard1.3) (< netstandard2.0)
    NuGet.CommandLine (4.9.3)
    Octokit (0.32)
      NETStandard.Library (>= 1.6) - restriction: && (< net45) (>= netstandard1.1)
    runtime.debian.8-x64.runtime.native.System.Security.Cryptography.OpenSsl (4.3.3) - restriction: || (&& (< monoandroid) (< monotouch) (< net45) (>= netstandard1.6) (< netstandard2.0) (< win8) (< wpa81) (< xamarinmac) (< xamarintvos) (< xamarinwatchos)) (&& (< monoandroid) (< net45) (< netstandard1.2) (>= netstandard1.6) (< win8)) (&& (< monoandroid) (< net45) (< netstandard1.3) (>= netstandard1.6) (< win8) (< wpa81)) (&& (< monoandroid) (< net45) (< netstandard1.4) (>= netstandard1.6) (< win8) (< wpa81)) (&& (< monoandroid) (< net45) (< netstandard1.5) (>= netstandard1.6) (< win8) (< wpa81)) (&& (< net45) (>= net46) (< netstandard1.4) (>= netstandard1.6)) (&& (< netstandard1.5) (>= netstandard1.6) (>= uap10.0))
    runtime.debian.9-x64.runtime.native.System.Security.Cryptography.OpenSsl (4.3.3) - restriction: || (&& (< monoandroid) (< monotouch) (< net45) (>= netstandard1.6) (< netstandard2.0) (< win8) (< wpa81) (< xamarinmac) (< xamarintvos) (< xamarinwatchos)) (&& (< monoandroid) (< net45) (< netstandard1.2) (>= netstandard1.6) (< win8)) (&& (< monoandroid) (< net45) (< netstandard1.3) (>= netstandard1.6) (< win8) (< wpa81)) (&& (< monoandroid) (< net45) (< netstandard1.4) (>= netstandard1.6) (< win8) (< wpa81)) (&& (< monoandroid) (< net45) (< netstandard1.5) (>= netstandard1.6) (< win8) (< wpa81)) (&& (< net45) (>= net46) (< netstandard1.4) (>= netstandard1.6)) (&& (< netstandard1.5) (>= netstandard1.6) (>= uap10.0))
    runtime.fedora.23-x64.runtime.native.System.Security.Cryptography.OpenSsl (4.3.3) - restriction: || (&& (< monoandroid) (< monotouch) (< net45) (>= netstandard1.6) (< netstandard2.0) (< win8) (< wpa81) (< xamarinmac) (< xamarintvos) (< xamarinwatchos)) (&& (< monoandroid) (< net45) (< netstandard1.2) (>= netstandard1.6) (< win8)) (&& (< monoandroid) (< net45) (< netstandard1.3) (>= netstandard1.6) (< win8) (< wpa81)) (&& (< monoandroid) (< net45) (< netstandard1.4) (>= netstandard1.6) (< win8) (< wpa81)) (&& (< monoandroid) (< net45) (< netstandard1.5) (>= netstandard1.6) (< win8) (< wpa81)) (&& (< net45) (>= net46) (< netstandard1.4) (>= netstandard1.6)) (&& (< netstandard1.5) (>= netstandard1.6) (>= uap10.0))
    runtime.fedora.24-x64.runtime.native.System.Security.Cryptography.OpenSsl (4.3.3) - restriction: || (&& (< monoandroid) (< monotouch) (< net45) (>= netstandard1.6) (< netstandard2.0) (< win8) (< wpa81) (< xamarinmac) (< xamarintvos) (< xamarinwatchos)) (&& (< monoandroid) (< net45) (< netstandard1.2) (>= netstandard1.6) (< win8)) (&& (< monoandroid) (< net45) (< netstandard1.3) (>= netstandard1.6) (< win8) (< wpa81)) (&& (< monoandroid) (< net45) (< netstandard1.4) (>= netstandard1.6) (< win8) (< wpa81)) (&& (< monoandroid) (< net45) (< netstandard1.5) (>= netstandard1.6) (< win8) (< wpa81)) (&& (< net45) (>= net46) (< netstandard1.4) (>= netstandard1.6)) (&& (< netstandard1.5) (>= netstandard1.6) (>= uap10.0))
    runtime.fedora.27-x64.runtime.native.System.Security.Cryptography.OpenSsl (4.3.3) - restriction: || (&& (< monoandroid) (< monotouch) (< net45) (>= netstandard1.6) (< netstandard2.0) (< win8) (< wpa81) (< xamarinmac) (< xamarintvos) (< xamarinwatchos)) (&& (< monoandroid) (< net45) (< netstandard1.2) (>= netstandard1.6) (< win8)) (&& (< monoandroid) (< net45) (< netstandard1.3) (>= netstandard1.6) (< win8) (< wpa81)) (&& (< monoandroid) (< net45) (< netstandard1.4) (>= netstandard1.6) (< win8) (< wpa81)) (&& (< monoandroid) (< net45) (< netstandard1.5) (>= netstandard1.6) (< win8) (< wpa81)) (&& (< net45) (>= net46) (< netstandard1.4) (>= netstandard1.6)) (&& (< netstandard1.5) (>= netstandard1.6) (>= uap10.0))
    runtime.fedora.28-x64.runtime.native.System.Security.Cryptography.OpenSsl (4.3.3) - restriction: || (&& (< monoandroid) (< monotouch) (< net45) (>= netstandard1.6) (< netstandard2.0) (< win8) (< wpa81) (< xamarinmac) (< xamarintvos) (< xamarinwatchos)) (&& (< monoandroid) (< net45) (< netstandard1.2) (>= netstandard1.6) (< win8)) (&& (< monoandroid) (< net45) (< netstandard1.3) (>= netstandard1.6) (< win8) (< wpa81)) (&& (< monoandroid) (< net45) (< netstandard1.4) (>= netstandard1.6) (< win8) (< wpa81)) (&& (< monoandroid) (< net45) (< netstandard1.5) (>= netstandard1.6) (< win8) (< wpa81)) (&& (< net45) (>= net46) (< netstandard1.4) (>= netstandard1.6)) (&& (< netstandard1.5) (>= netstandard1.6) (>= uap10.0))
    runtime.native.System (4.3.1) - restriction: || (&& (< monoandroid) (< net45) (>= netstandard1.1) (< netstandard1.2) (< win8)) (&& (< monoandroid) (< net45) (>= netstandard1.2) (< netstandard1.3) (< win8) (< wpa81)) (&& (< monoandroid) (< net45) (< netstandard1.2) (>= netstandard1.3) (< win8)) (&& (< monoandroid) (< net45) (< netstandard1.2) (>= netstandard1.6) (< win8)) (&& (< monoandroid) (< net45) (>= netstandard1.3) (< netstandard1.4) (< win8) (< wpa81)) (&& (< monoandroid) (< net45) (< netstandard1.3) (>= netstandard1.6) (< win8) (< wpa81)) (&& (< monoandroid) (< net45) (>= netstandard1.4) (< netstandard1.5) (< win8) (< wpa81)) (&& (< monoandroid) (< net45) (>= netstandard1.5) (< netstandard1.6) (< win8) (< wpa81)) (&& (< monoandroid) (< net45) (>= netstandard2.0) (< xamarinios)) (&& (< monoandroid) (< netstandard1.0) (>= netstandard1.1) (< win8)) (&& (< monotouch) (< net45) (>= netstandard1.6) (< netstandard2.0) (< win8) (< wpa81) (< xamarinmac) (< xamarintvos) (< xamarinwatchos)) (&& (< net45) (>= net46) (< netstandard1.4)) (&& (< net45) (< netstandard1.4) (>= netstandard1.6) (< win8) (< wpa81)) (&& (< net45) (< netstandard1.5) (>= netstandard1.6) (< win8) (< wpa81)) (&& (< netstandard1.0) (>= netstandard1.1) (< portable-net45+win8)) (&& (< netstandard1.5) (>= netstandard1.6) (>= uap10.0)) (&& (< netstandard1.5) (>= uap10.0) (< win8) (< wpa81))
      Microsoft.NETCore.Platforms (>= 1.1.1)
      Microsoft.NETCore.Targets (>= 1.1.3)
    runtime.native.System.IO.Compression (4.3.2) - restriction: || (&& (>= dnxcore50) (>= net46)) (&& (>= dnxcore50) (>= netstandard1.1)) (&& (>= dnxcore50) (>= netstandard1.2)) (&& (>= dnxcore50) (>= netstandard1.3)) (&& (>= dnxcore50) (>= netstandard1.4)) (&& (>= dnxcore50) (>= netstandard1.5)) (&& (>= dnxcore50) (>= netstandard1.6)) (&& (>= dnxcore50) (>= uap10.0)) (&& (< monoandroid) (< monotouch) (< net45) (>= netstandard1.6) (< netstandard2.0) (< win8) (< wpa81) (< xamarinmac) (< xamarintvos) (< xamarinwatchos)) (&& (< monoandroid) (< net45) (< netstandard1.2) (>= netstandard1.3) (< win8)) (&& (< monoandroid) (< net45) (>= netstandard1.3) (< netstandard1.4) (< win8) (< wpa81)) (&& (< monoandroid) (< net45) (>= netstandard1.4) (< netstandard1.5) (< win8) (< wpa81)) (&& (< monoandroid) (< net45) (>= netstandard1.5) (< netstandard1.6) (< win8) (< wpa81)) (&& (< net45) (>= net46) (< netstandard1.4)) (&& (< netstandard1.5) (>= uap10.0) (< win8) (< wpa81))
      Microsoft.NETCore.Platforms (>= 1.1.1)
      Microsoft.NETCore.Targets (>= 1.1.3)
    runtime.native.System.Net.Http (4.3.1) - restriction: || (&& (< monoandroid) (< net45) (< netstandard1.2) (>= netstandard1.6) (< win8)) (&& (< monoandroid) (< net45) (< netstandard1.3) (>= netstandard1.6) (< win8) (< wpa81)) (&& (< monotouch) (< net45) (>= netstandard1.6) (< netstandard2.0) (< win8) (< wpa81) (< xamarinmac) (< xamarintvos) (< xamarinwatchos)) (&& (< net45) (>= net46) (< netstandard1.4) (>= netstandard1.6)) (&& (< net45) (< netstandard1.4) (>= netstandard1.6) (< win8) (< wpa81)) (&& (< net45) (< netstandard1.5) (>= netstandard1.6) (< win8) (< wpa81)) (&& (< netstandard1.5) (>= netstandard1.6) (>= uap10.0))
      Microsoft.NETCore.Platforms (>= 1.1.1)
      Microsoft.NETCore.Targets (>= 1.1.3)
    runtime.native.System.Security.Cryptography.Apple (4.3.1) - restriction: || (&& (< monotouch) (< net45) (>= netstandard1.6) (< netstandard2.0) (< win8) (< wpa81) (< xamarinmac) (< xamarintvos) (< xamarinwatchos)) (&& (< net45) (>= net46) (< netstandard1.4) (>= netstandard1.6)) (&& (< net45) (< netstandard1.4) (>= netstandard1.6) (< win8) (< wpa81)) (&& (< net45) (< netstandard1.5) (>= netstandard1.6) (< win8) (< wpa81)) (&& (< netstandard1.5) (>= netstandard1.6) (>= uap10.0))
      runtime.osx.10.10-x64.runtime.native.System.Security.Cryptography.Apple (>= 4.3.1)
    runtime.native.System.Security.Cryptography.OpenSsl (4.3.3) - restriction: || (&& (< monoandroid) (< net45) (< netstandard1.2) (>= netstandard1.6) (< win8)) (&& (< monoandroid) (< net45) (>= netstandard1.3) (< netstandard1.4) (< win8) (< wpa81)) (&& (< monoandroid) (< net45) (< netstandard1.3) (>= netstandard1.6) (< win8) (< wpa81)) (&& (< monoandroid) (< net45) (>= netstandard1.4) (< netstandard1.5) (< win8) (< wpa81)) (&& (< monoandroid) (< net45) (>= netstandard1.5) (< netstandard1.6) (< win8) (< wpa81)) (&& (< monotouch) (< net45) (>= netstandard1.6) (< netstandard2.0) (< win8) (< wpa81) (< xamarinmac) (< xamarintvos) (< xamarinwatchos)) (&& (< net45) (>= net46) (< netstandard1.4)) (&& (< net45) (< netstandard1.4) (>= netstandard1.6) (< win8) (< wpa81)) (&& (< net45) (< netstandard1.5) (>= netstandard1.6) (< win8) (< wpa81)) (&& (< netstandard1.5) (>= netstandard1.6) (>= uap10.0)) (&& (< netstandard1.5) (>= uap10.0) (< uap10.1))
      runtime.debian.8-x64.runtime.native.System.Security.Cryptography.OpenSsl (>= 4.3.3)
      runtime.debian.9-x64.runtime.native.System.Security.Cryptography.OpenSsl (>= 4.3.3)
      runtime.fedora.23-x64.runtime.native.System.Security.Cryptography.OpenSsl (>= 4.3.3)
      runtime.fedora.24-x64.runtime.native.System.Security.Cryptography.OpenSsl (>= 4.3.3)
      runtime.fedora.27-x64.runtime.native.System.Security.Cryptography.OpenSsl (>= 4.3.3)
      runtime.fedora.28-x64.runtime.native.System.Security.Cryptography.OpenSsl (>= 4.3.3)
      runtime.opensuse.13.2-x64.runtime.native.System.Security.Cryptography.OpenSsl (>= 4.3.3)
      runtime.opensuse.42.1-x64.runtime.native.System.Security.Cryptography.OpenSsl (>= 4.3.3)
      runtime.opensuse.42.3-x64.runtime.native.System.Security.Cryptography.OpenSsl (>= 4.3.3)
      runtime.osx.10.10-x64.runtime.native.System.Security.Cryptography.OpenSsl (>= 4.3.3)
      runtime.rhel.7-x64.runtime.native.System.Security.Cryptography.OpenSsl (>= 4.3.3)
      runtime.ubuntu.14.04-x64.runtime.native.System.Security.Cryptography.OpenSsl (>= 4.3.3)
      runtime.ubuntu.16.04-x64.runtime.native.System.Security.Cryptography.OpenSsl (>= 4.3.3)
      runtime.ubuntu.16.10-x64.runtime.native.System.Security.Cryptography.OpenSsl (>= 4.3.3)
      runtime.ubuntu.18.04-x64.runtime.native.System.Security.Cryptography.OpenSsl (>= 4.3.3)
    runtime.opensuse.13.2-x64.runtime.native.System.Security.Cryptography.OpenSsl (4.3.3) - restriction: || (&& (< monoandroid) (< monotouch) (< net45) (>= netstandard1.6) (< netstandard2.0) (< win8) (< wpa81) (< xamarinmac) (< xamarintvos) (< xamarinwatchos)) (&& (< monoandroid) (< net45) (< netstandard1.2) (>= netstandard1.6) (< win8)) (&& (< monoandroid) (< net45) (< netstandard1.3) (>= netstandard1.6) (< win8) (< wpa81)) (&& (< monoandroid) (< net45) (< netstandard1.4) (>= netstandard1.6) (< win8) (< wpa81)) (&& (< monoandroid) (< net45) (< netstandard1.5) (>= netstandard1.6) (< win8) (< wpa81)) (&& (< net45) (>= net46) (< netstandard1.4) (>= netstandard1.6)) (&& (< netstandard1.5) (>= netstandard1.6) (>= uap10.0))
    runtime.opensuse.42.1-x64.runtime.native.System.Security.Cryptography.OpenSsl (4.3.3) - restriction: || (&& (< monoandroid) (< monotouch) (< net45) (>= netstandard1.6) (< netstandard2.0) (< win8) (< wpa81) (< xamarinmac) (< xamarintvos) (< xamarinwatchos)) (&& (< monoandroid) (< net45) (< netstandard1.2) (>= netstandard1.6) (< win8)) (&& (< monoandroid) (< net45) (< netstandard1.3) (>= netstandard1.6) (< win8) (< wpa81)) (&& (< monoandroid) (< net45) (< netstandard1.4) (>= netstandard1.6) (< win8) (< wpa81)) (&& (< monoandroid) (< net45) (< netstandard1.5) (>= netstandard1.6) (< win8) (< wpa81)) (&& (< net45) (>= net46) (< netstandard1.4) (>= netstandard1.6)) (&& (< netstandard1.5) (>= netstandard1.6) (>= uap10.0))
    runtime.opensuse.42.3-x64.runtime.native.System.Security.Cryptography.OpenSsl (4.3.3) - restriction: || (&& (< monoandroid) (< monotouch) (< net45) (>= netstandard1.6) (< netstandard2.0) (< win8) (< wpa81) (< xamarinmac) (< xamarintvos) (< xamarinwatchos)) (&& (< monoandroid) (< net45) (< netstandard1.2) (>= netstandard1.6) (< win8)) (&& (< monoandroid) (< net45) (< netstandard1.3) (>= netstandard1.6) (< win8) (< wpa81)) (&& (< monoandroid) (< net45) (< netstandard1.4) (>= netstandard1.6) (< win8) (< wpa81)) (&& (< monoandroid) (< net45) (< netstandard1.5) (>= netstandard1.6) (< win8) (< wpa81)) (&& (< net45) (>= net46) (< netstandard1.4) (>= netstandard1.6)) (&& (< netstandard1.5) (>= netstandard1.6) (>= uap10.0))
    runtime.osx.10.10-x64.runtime.native.System.Security.Cryptography.Apple (4.3.1) - restriction: || (&& (< monotouch) (< net45) (>= netstandard1.6) (< netstandard2.0) (< win8) (< wpa81) (< xamarinmac) (< xamarintvos) (< xamarinwatchos)) (&& (< net45) (>= net46) (< netstandard1.4) (>= netstandard1.6)) (&& (< net45) (< netstandard1.4) (>= netstandard1.6) (< win8) (< wpa81)) (&& (< net45) (< netstandard1.5) (>= netstandard1.6) (< win8) (< wpa81)) (&& (< netstandard1.5) (>= netstandard1.6) (>= uap10.0))
    runtime.osx.10.10-x64.runtime.native.System.Security.Cryptography.OpenSsl (4.3.3) - restriction: || (&& (< monoandroid) (< monotouch) (< net45) (>= netstandard1.6) (< netstandard2.0) (< win8) (< wpa81) (< xamarinmac) (< xamarintvos) (< xamarinwatchos)) (&& (< monoandroid) (< net45) (< netstandard1.2) (>= netstandard1.6) (< win8)) (&& (< monoandroid) (< net45) (< netstandard1.3) (>= netstandard1.6) (< win8) (< wpa81)) (&& (< monoandroid) (< net45) (< netstandard1.4) (>= netstandard1.6) (< win8) (< wpa81)) (&& (< monoandroid) (< net45) (< netstandard1.5) (>= netstandard1.6) (< win8) (< wpa81)) (&& (< net45) (>= net46) (< netstandard1.4) (>= netstandard1.6)) (&& (< netstandard1.5) (>= netstandard1.6) (>= uap10.0))
    runtime.rhel.7-x64.runtime.native.System.Security.Cryptography.OpenSsl (4.3.3) - restriction: || (&& (< monoandroid) (< monotouch) (< net45) (>= netstandard1.6) (< netstandard2.0) (< win8) (< wpa81) (< xamarinmac) (< xamarintvos) (< xamarinwatchos)) (&& (< monoandroid) (< net45) (< netstandard1.2) (>= netstandard1.6) (< win8)) (&& (< monoandroid) (< net45) (< netstandard1.3) (>= netstandard1.6) (< win8) (< wpa81)) (&& (< monoandroid) (< net45) (< netstandard1.4) (>= netstandard1.6) (< win8) (< wpa81)) (&& (< monoandroid) (< net45) (< netstandard1.5) (>= netstandard1.6) (< win8) (< wpa81)) (&& (< net45) (>= net46) (< netstandard1.4) (>= netstandard1.6)) (&& (< netstandard1.5) (>= netstandard1.6) (>= uap10.0))
    runtime.ubuntu.14.04-x64.runtime.native.System.Security.Cryptography.OpenSsl (4.3.3) - restriction: || (&& (< monoandroid) (< monotouch) (< net45) (>= netstandard1.6) (< netstandard2.0) (< win8) (< wpa81) (< xamarinmac) (< xamarintvos) (< xamarinwatchos)) (&& (< monoandroid) (< net45) (< netstandard1.2) (>= netstandard1.6) (< win8)) (&& (< monoandroid) (< net45) (< netstandard1.3) (>= netstandard1.6) (< win8) (< wpa81)) (&& (< monoandroid) (< net45) (< netstandard1.4) (>= netstandard1.6) (< win8) (< wpa81)) (&& (< monoandroid) (< net45) (< netstandard1.5) (>= netstandard1.6) (< win8) (< wpa81)) (&& (< net45) (>= net46) (< netstandard1.4) (>= netstandard1.6)) (&& (< netstandard1.5) (>= netstandard1.6) (>= uap10.0))
    runtime.ubuntu.16.04-x64.runtime.native.System.Security.Cryptography.OpenSsl (4.3.3) - restriction: || (&& (< monoandroid) (< monotouch) (< net45) (>= netstandard1.6) (< netstandard2.0) (< win8) (< wpa81) (< xamarinmac) (< xamarintvos) (< xamarinwatchos)) (&& (< monoandroid) (< net45) (< netstandard1.2) (>= netstandard1.6) (< win8)) (&& (< monoandroid) (< net45) (< netstandard1.3) (>= netstandard1.6) (< win8) (< wpa81)) (&& (< monoandroid) (< net45) (< netstandard1.4) (>= netstandard1.6) (< win8) (< wpa81)) (&& (< monoandroid) (< net45) (< netstandard1.5) (>= netstandard1.6) (< win8) (< wpa81)) (&& (< net45) (>= net46) (< netstandard1.4) (>= netstandard1.6)) (&& (< netstandard1.5) (>= netstandard1.6) (>= uap10.0))
    runtime.ubuntu.16.10-x64.runtime.native.System.Security.Cryptography.OpenSsl (4.3.3) - restriction: || (&& (< monoandroid) (< monotouch) (< net45) (>= netstandard1.6) (< netstandard2.0) (< win8) (< wpa81) (< xamarinmac) (< xamarintvos) (< xamarinwatchos)) (&& (< monoandroid) (< net45) (< netstandard1.2) (>= netstandard1.6) (< win8)) (&& (< monoandroid) (< net45) (< netstandard1.3) (>= netstandard1.6) (< win8) (< wpa81)) (&& (< monoandroid) (< net45) (< netstandard1.4) (>= netstandard1.6) (< win8) (< wpa81)) (&& (< monoandroid) (< net45) (< netstandard1.5) (>= netstandard1.6) (< win8) (< wpa81)) (&& (< net45) (>= net46) (< netstandard1.4) (>= netstandard1.6)) (&& (< netstandard1.5) (>= netstandard1.6) (>= uap10.0))
    runtime.ubuntu.18.04-x64.runtime.native.System.Security.Cryptography.OpenSsl (4.3.3) - restriction: || (&& (< monoandroid) (< monotouch) (< net45) (>= netstandard1.6) (< netstandard2.0) (< win8) (< wpa81) (< xamarinmac) (< xamarintvos) (< xamarinwatchos)) (&& (< monoandroid) (< net45) (< netstandard1.2) (>= netstandard1.6) (< win8)) (&& (< monoandroid) (< net45) (< netstandard1.3) (>= netstandard1.6) (< win8) (< wpa81)) (&& (< monoandroid) (< net45) (< netstandard1.4) (>= netstandard1.6) (< win8) (< wpa81)) (&& (< monoandroid) (< net45) (< netstandard1.5) (>= netstandard1.6) (< win8) (< wpa81)) (&& (< net45) (>= net46) (< netstandard1.4) (>= netstandard1.6)) (&& (< netstandard1.5) (>= netstandard1.6) (>= uap10.0))
    SourceLink.Fake (1.1)
    System.AppContext (4.3) - restriction: || (&& (< net45) (>= net46) (< netstandard1.4)) (&& (< net45) (>= netstandard1.3) (< netstandard1.4) (< win8) (< wpa81)) (&& (< net45) (>= netstandard1.4) (< netstandard1.5) (< win8) (< wpa81)) (&& (< net45) (>= netstandard1.5) (< netstandard1.6) (< win8) (< wpa81)) (&& (< net45) (>= netstandard1.6) (< netstandard2.0) (< win8) (< wpa81)) (&& (< netstandard1.5) (>= uap10.0) (< uap10.1))
      System.Runtime (>= 4.3) - restriction: || (>= dnxcore50) (&& (< monoandroid) (< net46) (>= netstandard1.3) (< netstandard1.6)) (&& (< monotouch) (< net46) (>= netstandard1.6) (< xamarinios) (< xamarinmac) (< xamarintvos) (< xamarinwatchos))
    System.Buffers (4.5) - restriction: || (&& (>= dnxcore50) (>= net46)) (&& (>= dnxcore50) (>= netstandard1.1)) (&& (>= dnxcore50) (>= netstandard1.2)) (&& (>= dnxcore50) (>= netstandard1.3)) (&& (>= dnxcore50) (>= netstandard1.4)) (&& (>= dnxcore50) (>= netstandard1.5)) (&& (>= dnxcore50) (>= netstandard1.6)) (&& (>= dnxcore50) (>= uap10.0)) (&& (< monoandroid) (< monotouch) (< net45) (>= netstandard1.6) (< netstandard2.0) (< win8) (< wpa81) (< xamarinmac) (< xamarintvos) (< xamarinwatchos)) (&& (< monoandroid) (< net45) (< netcoreapp2.0) (>= netstandard2.0) (< xamarinios)) (&& (< monoandroid) (< net45) (< netstandard1.2) (>= netstandard1.3) (< win8)) (&& (< monoandroid) (< net45) (>= netstandard1.3) (< netstandard1.4) (< win8) (< wpa81)) (&& (< monoandroid) (< net45) (>= netstandard1.4) (< netstandard1.5) (< win8) (< wpa81)) (&& (< monoandroid) (< net45) (>= netstandard1.5) (< netstandard1.6) (< win8) (< wpa81)) (&& (>= monotouch) (>= netstandard2.0)) (&& (< net45) (>= net46) (< netstandard1.4)) (&& (< netstandard1.5) (>= uap10.0) (< uap10.1)) (&& (< netstandard1.5) (>= uap10.0) (< win8) (< wpa81)) (&& (>= netstandard2.0) (>= xamarinmac)) (&& (>= netstandard2.0) (>= xamarintvos)) (&& (>= netstandard2.0) (>= xamarinwatchos))
      System.Diagnostics.Debug (>= 4.3) - restriction: && (< net45) (>= netstandard1.1) (< netstandard2.0) (< win8) (< wpa81)
      System.Diagnostics.Tracing (>= 4.3) - restriction: && (< net45) (>= netstandard1.1) (< netstandard2.0) (< win8) (< wpa81)
      System.Resources.ResourceManager (>= 4.3) - restriction: && (< net45) (>= netstandard1.1) (< netstandard2.0) (< win8) (< wpa81)
      System.Runtime (>= 4.3) - restriction: && (< net45) (>= netstandard1.1) (< netstandard2.0) (< win8) (< wpa81)
      System.Threading (>= 4.3) - restriction: && (< net45) (>= netstandard1.1) (< netstandard2.0) (< win8) (< wpa81)
    System.Collections (4.3) - restriction: || (&& (>= dnxcore50) (>= net46)) (&& (>= dnxcore50) (>= netstandard1.0)) (&& (>= dnxcore50) (>= netstandard1.1)) (&& (>= dnxcore50) (>= netstandard1.2)) (&& (>= dnxcore50) (>= netstandard1.3)) (&& (>= dnxcore50) (>= netstandard1.4)) (&& (>= dnxcore50) (>= netstandard1.5)) (&& (>= dnxcore50) (>= netstandard1.6)) (&& (>= dnxcore50) (>= uap10.0)) (&& (< monoandroid) (< monotouch) (< net20) (>= netstandard1.3) (< netstandard2.0) (< xamarinmac) (< xamarintvos) (< xamarinwatchos)) (&& (< monoandroid) (< monotouch) (< net20) (>= netstandard1.4) (< netstandard2.0) (< xamarinmac) (< xamarintvos) (< xamarinwatchos)) (&& (< monoandroid) (< monotouch) (< net20) (>= netstandard1.5) (< netstandard2.0) (< win8) (< wpa81) (< xamarinmac) (< xamarintvos) (< xamarinwatchos)) (&& (< monoandroid) (< net20) (>= netstandard1.0) (< netstandard1.3) (< win8) (< wp8) (< wpa81)) (&& (< monoandroid) (< net20) (>= netstandard1.3) (< netstandard1.5) (< win8) (< wpa81)) (&& (< monoandroid) (< net20) (< netstandard1.3) (>= netstandard1.5) (< win8) (< wpa81)) (&& (< monoandroid) (< net45) (< netstandard1.2) (>= netstandard1.3) (< win8)) (&& (< monoandroid) (< net45) (< netstandard1.2) (>= netstandard1.6) (< win8)) (&& (< monoandroid) (< net45) (< netstandard1.3) (>= netstandard1.6) (< win8) (< wpa81)) (&& (< monoandroid) (< net45) (>= netstandard2.0) (< xamarinios)) (&& (< net45) (>= net46) (< netstandard1.4)) (&& (< net45) (>= netstandard1.1) (< netstandard1.2) (< win8)) (&& (< net45) (>= netstandard1.2) (< netstandard1.3) (< win8) (< wpa81)) (&& (< net45) (>= netstandard1.3) (< netstandard1.4) (< win8) (< wpa81)) (&& (< net45) (>= netstandard1.4) (< netstandard1.5) (< win8) (< wpa81)) (&& (< net45) (< netstandard1.4) (>= netstandard1.6) (< win8) (< wpa81)) (&& (< net45) (>= netstandard1.5) (< netstandard1.6) (< win8) (< wpa81)) (&& (< net45) (< netstandard1.5) (>= netstandard1.6) (< win8) (< wpa81)) (&& (< net45) (>= netstandard1.6) (< netstandard2.0)) (&& (>= netstandard1.1) (< portable-net45+win8+wpa81)) (&& (< netstandard1.5) (>= netstandard1.6) (>= uap10.0)) (&& (< netstandard1.5) (>= uap10.0) (< uap10.1)) (&& (< netstandard1.5) (>= uap10.0) (< win8) (< wpa81))
      Microsoft.NETCore.Platforms (>= 1.1) - restriction: || (>= dnxcore50) (&& (< monoandroid) (< monotouch) (< net45) (>= netstandard1.3) (< win8) (< wpa81) (< xamarinios) (< xamarinmac) (< xamarintvos) (< xamarinwatchos)) (&& (< monoandroid) (< net45) (>= netstandard1.0) (< netstandard1.3) (< win8) (< wp8) (< wpa81))
      Microsoft.NETCore.Targets (>= 1.1) - restriction: || (>= dnxcore50) (&& (< monoandroid) (< monotouch) (< net45) (>= netstandard1.3) (< win8) (< wpa81) (< xamarinios) (< xamarinmac) (< xamarintvos) (< xamarinwatchos)) (&& (< monoandroid) (< net45) (>= netstandard1.0) (< netstandard1.3) (< win8) (< wp8) (< wpa81))
      System.Runtime (>= 4.3) - restriction: || (>= dnxcore50) (&& (< monoandroid) (< monotouch) (< net45) (>= netstandard1.3) (< win8) (< wpa81) (< xamarinios) (< xamarinmac) (< xamarintvos) (< xamarinwatchos)) (&& (< monoandroid) (< net45) (>= netstandard1.0) (< netstandard1.3) (< win8) (< wp8) (< wpa81))
    System.Collections.Concurrent (4.3) - restriction: || (&& (>= dnxcore50) (>= netstandard1.6)) (&& (< monoandroid) (< net45) (< netstandard1.3) (>= netstandard1.6) (< win8) (< wpa81)) (&& (< net45) (>= net46) (< netstandard1.4)) (&& (< net45) (>= netstandard1.1) (< netstandard1.2) (< win8)) (&& (< net45) (>= netstandard1.2) (< netstandard1.3) (< win8) (< wpa81)) (&& (< net45) (>= netstandard1.3) (< netstandard1.4) (< win8) (< wpa81)) (&& (< net45) (>= netstandard1.4) (< netstandard1.5) (< win8) (< wpa81)) (&& (< net45) (>= netstandard1.5) (< netstandard1.6) (< win8) (< wpa81)) (&& (< net45) (>= netstandard1.6) (< netstandard2.0) (< win8) (< wpa81)) (&& (< netstandard1.5) (>= uap10.0) (< uap10.1))
      System.Collections (>= 4.3) - restriction: || (>= dnxcore50) (&& (< monoandroid) (< monotouch) (< net45) (>= netstandard1.3) (< win8) (< wpa81) (< xamarinios) (< xamarinmac) (< xamarintvos) (< xamarinwatchos))
      System.Diagnostics.Debug (>= 4.3) - restriction: || (>= dnxcore50) (&& (< monoandroid) (< monotouch) (< net45) (>= netstandard1.3) (< win8) (< wpa81) (< xamarinios) (< xamarinmac) (< xamarintvos) (< xamarinwatchos))
      System.Diagnostics.Tracing (>= 4.3) - restriction: || (>= dnxcore50) (&& (< monoandroid) (< monotouch) (< net45) (>= netstandard1.3) (< win8) (< wpa81) (< xamarinios) (< xamarinmac) (< xamarintvos) (< xamarinwatchos))
      System.Globalization (>= 4.3) - restriction: || (>= dnxcore50) (&& (< monoandroid) (< monotouch) (< net45) (>= netstandard1.3) (< win8) (< wpa81) (< xamarinios) (< xamarinmac) (< xamarintvos) (< xamarinwatchos))
      System.Reflection (>= 4.3) - restriction: && (< monoandroid) (< monotouch) (< net45) (>= netstandard1.3) (< win8) (< wpa81) (< xamarinios) (< xamarinmac) (< xamarintvos) (< xamarinwatchos)
      System.Resources.ResourceManager (>= 4.3) - restriction: || (>= dnxcore50) (&& (< monoandroid) (< monotouch) (< net45) (>= netstandard1.3) (< win8) (< wpa81) (< xamarinios) (< xamarinmac) (< xamarintvos) (< xamarinwatchos))
      System.Runtime (>= 4.3) - restriction: || (>= dnxcore50) (&& (< monoandroid) (< monotouch) (< net45) (>= netstandard1.3) (< win8) (< wpa81) (< xamarinios) (< xamarinmac) (< xamarintvos) (< xamarinwatchos)) (&& (< monoandroid) (< net45) (>= netstandard1.1) (< netstandard1.3) (< win8) (< wpa81))
      System.Runtime.Extensions (>= 4.3) - restriction: || (>= dnxcore50) (&& (< monoandroid) (< monotouch) (< net45) (>= netstandard1.3) (< win8) (< wpa81) (< xamarinios) (< xamarinmac) (< xamarintvos) (< xamarinwatchos))
      System.Threading (>= 4.3) - restriction: || (>= dnxcore50) (&& (< monoandroid) (< monotouch) (< net45) (>= netstandard1.3) (< win8) (< wpa81) (< xamarinios) (< xamarinmac) (< xamarintvos) (< xamarinwatchos))
      System.Threading.Tasks (>= 4.3) - restriction: || (>= dnxcore50) (&& (< monoandroid) (< monotouch) (< net45) (>= netstandard1.3) (< win8) (< wpa81) (< xamarinios) (< xamarinmac) (< xamarintvos) (< xamarinwatchos)) (&& (< monoandroid) (< net45) (>= netstandard1.1) (< netstandard1.3) (< win8) (< wpa81))
    System.Collections.Immutable (1.5) - restriction: || (>= net45) (>= netstandard2.0)
    System.Collections.NonGeneric (4.3) - restriction: || (&& (< monoandroid) (< monotouch) (< net20) (>= netstandard1.5) (< netstandard2.0) (< win8) (< wpa81) (< xamarinmac) (< xamarintvos) (< xamarinwatchos)) (&& (< monoandroid) (< net20) (< netstandard1.3) (>= netstandard1.5) (< win8) (< wpa81)) (&& (< net20) (>= net462) (< netstandard1.3)) (&& (< net20) (>= net462) (< netstandard2.0))
      System.Diagnostics.Debug (>= 4.3) - restriction: && (< monoandroid) (< monotouch) (< net46) (>= netstandard1.3) (< xamarinios) (< xamarinmac) (< xamarintvos) (< xamarinwatchos)
      System.Globalization (>= 4.3) - restriction: && (< monoandroid) (< monotouch) (< net46) (>= netstandard1.3) (< xamarinios) (< xamarinmac) (< xamarintvos) (< xamarinwatchos)
      System.Resources.ResourceManager (>= 4.3) - restriction: && (< monoandroid) (< monotouch) (< net46) (>= netstandard1.3) (< xamarinios) (< xamarinmac) (< xamarintvos) (< xamarinwatchos)
      System.Runtime (>= 4.3) - restriction: && (< monoandroid) (< monotouch) (< net46) (>= netstandard1.3) (< xamarinios) (< xamarinmac) (< xamarintvos) (< xamarinwatchos)
      System.Runtime.Extensions (>= 4.3) - restriction: && (< monoandroid) (< monotouch) (< net46) (>= netstandard1.3) (< xamarinios) (< xamarinmac) (< xamarintvos) (< xamarinwatchos)
      System.Threading (>= 4.3) - restriction: && (< monoandroid) (< monotouch) (< net46) (>= netstandard1.3) (< xamarinios) (< xamarinmac) (< xamarintvos) (< xamarinwatchos)
    System.Collections.Specialized (4.3) - restriction: || (&& (< monoandroid) (< monotouch) (< net20) (>= netstandard1.5) (< netstandard2.0) (< win8) (< wpa81) (< xamarinmac) (< xamarintvos) (< xamarinwatchos)) (&& (< monoandroid) (< net20) (< netstandard1.3) (>= netstandard1.5) (< win8) (< wpa81))
      System.Collections.NonGeneric (>= 4.3) - restriction: && (< monoandroid) (< monotouch) (< net46) (>= netstandard1.3) (< xamarinios) (< xamarinmac) (< xamarintvos) (< xamarinwatchos)
      System.Globalization (>= 4.3) - restriction: && (< monoandroid) (< monotouch) (< net46) (>= netstandard1.3) (< xamarinios) (< xamarinmac) (< xamarintvos) (< xamarinwatchos)
      System.Globalization.Extensions (>= 4.3) - restriction: && (< monoandroid) (< monotouch) (< net46) (>= netstandard1.3) (< xamarinios) (< xamarinmac) (< xamarintvos) (< xamarinwatchos)
      System.Resources.ResourceManager (>= 4.3) - restriction: && (< monoandroid) (< monotouch) (< net46) (>= netstandard1.3) (< xamarinios) (< xamarinmac) (< xamarintvos) (< xamarinwatchos)
      System.Runtime (>= 4.3) - restriction: && (< monoandroid) (< monotouch) (< net46) (>= netstandard1.3) (< xamarinios) (< xamarinmac) (< xamarintvos) (< xamarinwatchos)
      System.Runtime.Extensions (>= 4.3) - restriction: && (< monoandroid) (< monotouch) (< net46) (>= netstandard1.3) (< xamarinios) (< xamarinmac) (< xamarintvos) (< xamarinwatchos)
      System.Threading (>= 4.3) - restriction: && (< monoandroid) (< monotouch) (< net46) (>= netstandard1.3) (< xamarinios) (< xamarinmac) (< xamarintvos) (< xamarinwatchos)
    System.ComponentModel (4.3) - restriction: || (&& (< monoandroid) (< monotouch) (< net20) (>= netstandard1.5) (< netstandard2.0) (< win8) (< wpa81) (< xamarinmac) (< xamarintvos) (< xamarinwatchos)) (&& (< monoandroid) (< net20) (>= netstandard1.0) (< netstandard1.3) (< win8) (< wp8) (< wpa81)) (&& (< monoandroid) (< net20) (>= netstandard1.3) (< netstandard1.5) (< win8) (< wpa81)) (&& (< monoandroid) (< net20) (< netstandard1.3) (>= netstandard1.5) (< win8) (< wpa81))
      System.Runtime (>= 4.3) - restriction: || (>= dnxcore50) (&& (< monoandroid) (< monotouch) (< net45) (>= netstandard1.3) (< win8) (< wpa81) (< xamarinios) (< xamarinmac) (< xamarintvos) (< xamarinwatchos)) (&& (< monoandroid) (< net45) (>= netstandard1.0) (< netstandard1.3) (< win8) (< wp8) (< wpa81))
    System.ComponentModel.Primitives (4.3) - restriction: || (&& (< monoandroid) (< monotouch) (< net20) (>= netstandard1.5) (< netstandard2.0) (< win8) (< xamarinmac) (< xamarintvos) (< xamarinwatchos)) (&& (< monoandroid) (< net20) (>= netstandard1.0) (< netstandard1.3) (< win8)) (&& (< monoandroid) (< net20) (>= netstandard1.3) (< netstandard1.5) (< win8)) (&& (< monoandroid) (< net20) (< netstandard1.3) (>= netstandard1.5) (< win8)) (&& (< net20) (>= net45) (>= netstandard1.3) (< netstandard1.5)) (&& (< net20) (>= net45) (< netstandard1.3)) (&& (< net20) (>= net462) (< netstandard1.3)) (&& (< net20) (>= net462) (< netstandard2.0)) (&& (< netstandard1.0) (>= netstandard1.3) (>= win8)) (&& (>= netstandard1.3) (< netstandard2.0) (>= wpa81)) (&& (< netstandard1.3) (>= wpa81)) (>= wp8)
      System.ComponentModel (>= 4.3) - restriction: && (< monoandroid) (< monotouch) (< net45) (>= netstandard1.0) (< win8) (< wp8) (< wpa81) (< xamarinios) (< xamarinmac) (< xamarintvos) (< xamarinwatchos)
      System.Resources.ResourceManager (>= 4.3) - restriction: && (< monoandroid) (< monotouch) (< net45) (>= netstandard1.0) (< win8) (< wp8) (< wpa81) (< xamarinios) (< xamarinmac) (< xamarintvos) (< xamarinwatchos)
      System.Runtime (>= 4.3) - restriction: && (< monoandroid) (< monotouch) (< net45) (>= netstandard1.0) (< win8) (< wp8) (< wpa81) (< xamarinios) (< xamarinmac) (< xamarintvos) (< xamarinwatchos)
    System.ComponentModel.TypeConverter (4.3) - restriction: || (&& (< net20) (>= netstandard1.0) (< netstandard1.3)) (&& (< net20) (>= netstandard1.3) (< netstandard2.0))
      System.Collections (>= 4.3) - restriction: || (&& (< monoandroid) (< monotouch) (< net45) (>= netstandard1.5) (< win8) (< wpa81) (< xamarinios) (< xamarinmac) (< xamarintvos) (< xamarinwatchos)) (&& (< monoandroid) (< net45) (>= netstandard1.0) (< netstandard1.5) (< win8) (< wp8) (< wpa81))
      System.Collections.NonGeneric (>= 4.3) - restriction: || (&& (< monoandroid) (< monotouch) (< net45) (>= netstandard1.5) (< win8) (< wpa81) (< xamarinios) (< xamarinmac) (< xamarintvos) (< xamarinwatchos)) (>= net462)
      System.Collections.Specialized (>= 4.3) - restriction: && (< monoandroid) (< monotouch) (< net45) (>= netstandard1.5) (< win8) (< wpa81) (< xamarinios) (< xamarinmac) (< xamarintvos) (< xamarinwatchos)
      System.ComponentModel (>= 4.3) - restriction: || (&& (< monoandroid) (< monotouch) (< net45) (>= netstandard1.5) (< win8) (< wpa81) (< xamarinios) (< xamarinmac) (< xamarintvos) (< xamarinwatchos)) (&& (< monoandroid) (< net45) (>= netstandard1.0) (< netstandard1.5) (< win8) (< wp8) (< wpa81))
      System.ComponentModel.Primitives (>= 4.3) - restriction: || (&& (< monoandroid) (< monotouch) (< net45) (>= netstandard1.5) (< win8) (< xamarinios) (< xamarinmac) (< xamarintvos) (< xamarinwatchos)) (&& (< monoandroid) (< net45) (>= netstandard1.0) (< netstandard1.5) (< win8)) (&& (>= net45) (< netstandard1.5)) (>= net462) (&& (< netstandard1.0) (>= win8)) (>= wp8) (>= wpa81)
      System.Globalization (>= 4.3) - restriction: || (&& (< monoandroid) (< monotouch) (< net45) (>= netstandard1.5) (< win8) (< wpa81) (< xamarinios) (< xamarinmac) (< xamarintvos) (< xamarinwatchos)) (&& (< monoandroid) (< net45) (>= netstandard1.0) (< netstandard1.5) (< win8) (< wp8) (< wpa81))
      System.Linq (>= 4.3) - restriction: && (< monoandroid) (< monotouch) (< net45) (>= netstandard1.5) (< win8) (< wpa81) (< xamarinios) (< xamarinmac) (< xamarintvos) (< xamarinwatchos)
      System.Reflection (>= 4.3) - restriction: || (&& (< monoandroid) (< monotouch) (< net45) (>= netstandard1.5) (< win8) (< wpa81) (< xamarinios) (< xamarinmac) (< xamarintvos) (< xamarinwatchos)) (&& (< monoandroid) (< net45) (>= netstandard1.0) (< netstandard1.5) (< win8) (< wp8) (< wpa81))
      System.Reflection.Extensions (>= 4.3) - restriction: || (&& (< monoandroid) (< monotouch) (< net45) (>= netstandard1.5) (< win8) (< wpa81) (< xamarinios) (< xamarinmac) (< xamarintvos) (< xamarinwatchos)) (&& (< monoandroid) (< net45) (>= netstandard1.0) (< netstandard1.5) (< win8) (< wp8) (< wpa81))
      System.Reflection.Primitives (>= 4.3) - restriction: || (&& (< monoandroid) (< monotouch) (< net45) (>= netstandard1.5) (< win8) (< wpa81) (< xamarinios) (< xamarinmac) (< xamarintvos) (< xamarinwatchos)) (&& (< monoandroid) (< net45) (>= netstandard1.0) (< netstandard1.5) (< win8) (< wp8) (< wpa81))
      System.Reflection.TypeExtensions (>= 4.3) - restriction: && (< monoandroid) (< monotouch) (< net45) (>= netstandard1.5) (< win8) (< wpa81) (< xamarinios) (< xamarinmac) (< xamarintvos) (< xamarinwatchos)
      System.Resources.ResourceManager (>= 4.3) - restriction: || (&& (< monoandroid) (< monotouch) (< net45) (>= netstandard1.5) (< win8) (< wpa81) (< xamarinios) (< xamarinmac) (< xamarintvos) (< xamarinwatchos)) (&& (< monoandroid) (< net45) (>= netstandard1.0) (< netstandard1.5) (< win8) (< wp8) (< wpa81))
      System.Runtime (>= 4.3) - restriction: || (&& (< monoandroid) (< monotouch) (< net45) (>= netstandard1.5) (< win8) (< wpa81) (< xamarinios) (< xamarinmac) (< xamarintvos) (< xamarinwatchos)) (&& (< monoandroid) (< net45) (>= netstandard1.0) (< netstandard1.5) (< win8) (< wp8) (< wpa81))
      System.Runtime.Extensions (>= 4.3) - restriction: || (&& (< monoandroid) (< monotouch) (< net45) (>= netstandard1.5) (< win8) (< wpa81) (< xamarinios) (< xamarinmac) (< xamarintvos) (< xamarinwatchos)) (&& (< monoandroid) (< net45) (>= netstandard1.0) (< netstandard1.5) (< win8) (< wp8) (< wpa81))
      System.Threading (>= 4.3) - restriction: || (&& (< monoandroid) (< monotouch) (< net45) (>= netstandard1.5) (< win8) (< wpa81) (< xamarinios) (< xamarinmac) (< xamarintvos) (< xamarinwatchos)) (&& (< monoandroid) (< net45) (>= netstandard1.0) (< netstandard1.5) (< win8) (< wp8) (< wpa81))
    System.Console (4.3.1) - restriction: || (&& (< net45) (>= net46) (< netstandard1.4)) (&& (< net45) (>= netstandard1.3) (< netstandard1.4) (< win8) (< wpa81)) (&& (< net45) (>= netstandard1.4) (< netstandard1.5) (< win8) (< wpa81)) (&& (< net45) (>= netstandard1.5) (< netstandard1.6) (< win8) (< wpa81)) (&& (< net45) (>= netstandard1.6) (< netstandard2.0)) (&& (< netstandard1.5) (>= uap10.0) (< uap10.1))
      Microsoft.NETCore.Platforms (>= 1.1) - restriction: && (< monoandroid) (< monotouch) (< net46) (>= netstandard1.3) (< xamarinios) (< xamarinmac) (< xamarintvos) (< xamarinwatchos)
      Microsoft.NETCore.Targets (>= 1.1.2) - restriction: && (< monoandroid) (< monotouch) (< net46) (>= netstandard1.3) (< xamarinios) (< xamarinmac) (< xamarintvos) (< xamarinwatchos)
      System.IO (>= 4.3) - restriction: && (< monoandroid) (< monotouch) (< net46) (>= netstandard1.3) (< xamarinios) (< xamarinmac) (< xamarintvos) (< xamarinwatchos)
      System.Runtime (>= 4.3) - restriction: && (< monoandroid) (< monotouch) (< net46) (>= netstandard1.3) (< xamarinios) (< xamarinmac) (< xamarintvos) (< xamarinwatchos)
      System.Text.Encoding (>= 4.3) - restriction: && (< monoandroid) (< monotouch) (< net46) (>= netstandard1.3) (< xamarinios) (< xamarinmac) (< xamarintvos) (< xamarinwatchos)
    System.Diagnostics.Debug (4.3) - restriction: || (&& (>= dnxcore50) (>= net46)) (&& (>= dnxcore50) (>= netstandard1.0)) (&& (>= dnxcore50) (>= netstandard1.1)) (&& (>= dnxcore50) (>= netstandard1.2)) (&& (>= dnxcore50) (>= netstandard1.3)) (&& (>= dnxcore50) (>= netstandard1.4)) (&& (>= dnxcore50) (>= netstandard1.5)) (&& (>= dnxcore50) (>= netstandard1.6)) (&& (>= dnxcore50) (>= uap10.0)) (&& (< monoandroid) (< monotouch) (< net20) (>= netstandard1.3) (< netstandard2.0) (< xamarinmac) (< xamarintvos) (< xamarinwatchos)) (&& (< monoandroid) (< monotouch) (< net20) (>= netstandard1.5) (< netstandard2.0) (< win8) (< wpa81) (< xamarinmac) (< xamarintvos) (< xamarinwatchos)) (&& (< monoandroid) (< net20) (< netstandard1.3) (>= netstandard1.5) (< win8) (< wpa81)) (&& (< monoandroid) (< net45) (< netstandard1.2) (>= netstandard1.3) (< win8)) (&& (< monoandroid) (< net45) (< netstandard1.2) (>= netstandard1.6) (< win8)) (&& (< monoandroid) (< net45) (< netstandard1.3) (>= netstandard1.6) (< win8) (< wpa81)) (&& (< monoandroid) (< net45) (>= netstandard2.0) (< xamarinios)) (&& (< net20) (>= net462) (< netstandard1.3)) (&& (< net20) (>= net462) (< netstandard2.0)) (&& (< net45) (>= net46) (< netstandard1.4)) (&& (< net45) (>= netstandard1.1) (< netstandard1.2) (< win8)) (&& (< net45) (>= netstandard1.2) (< netstandard1.3) (< win8) (< wpa81)) (&& (< net45) (>= netstandard1.3) (< netstandard1.4) (< win8) (< wpa81)) (&& (< net45) (>= netstandard1.4) (< netstandard1.5) (< win8) (< wpa81)) (&& (< net45) (< netstandard1.4) (>= netstandard1.6) (< win8) (< wpa81)) (&& (< net45) (>= netstandard1.5) (< netstandard1.6) (< win8) (< wpa81)) (&& (< net45) (< netstandard1.5) (>= netstandard1.6) (< win8) (< wpa81)) (&& (< net45) (>= netstandard1.6) (< netstandard2.0)) (&& (>= netstandard1.1) (< portable-net45+win8+wpa81)) (&& (< netstandard1.5) (>= netstandard1.6) (>= uap10.0)) (&& (< netstandard1.5) (>= uap10.0) (< uap10.1)) (&& (< netstandard1.5) (>= uap10.0) (< win8) (< wpa81))
      Microsoft.NETCore.Platforms (>= 1.1) - restriction: || (>= dnxcore50) (&& (< monoandroid) (< monotouch) (< net45) (>= netstandard1.3) (< win8) (< wpa81) (< xamarinios) (< xamarinmac) (< xamarintvos) (< xamarinwatchos)) (&& (< monoandroid) (< net45) (>= netstandard1.0) (< netstandard1.3) (< win8) (< wp8) (< wpa81))
      Microsoft.NETCore.Targets (>= 1.1) - restriction: || (>= dnxcore50) (&& (< monoandroid) (< monotouch) (< net45) (>= netstandard1.3) (< win8) (< wpa81) (< xamarinios) (< xamarinmac) (< xamarintvos) (< xamarinwatchos)) (&& (< monoandroid) (< net45) (>= netstandard1.0) (< netstandard1.3) (< win8) (< wp8) (< wpa81))
      System.Runtime (>= 4.3) - restriction: || (>= dnxcore50) (&& (< monoandroid) (< monotouch) (< net45) (>= netstandard1.3) (< win8) (< wpa81) (< xamarinios) (< xamarinmac) (< xamarintvos) (< xamarinwatchos)) (&& (< monoandroid) (< net45) (>= netstandard1.0) (< netstandard1.3) (< win8) (< wp8) (< wpa81))
    System.Diagnostics.DiagnosticSource (4.5.1) - restriction: || (&& (>= dnxcore50) (>= net46)) (&& (>= dnxcore50) (>= netstandard1.1)) (&& (>= dnxcore50) (>= netstandard1.2)) (&& (>= dnxcore50) (>= netstandard1.3)) (&& (>= dnxcore50) (>= netstandard1.4)) (&& (>= dnxcore50) (>= netstandard1.5)) (&& (>= dnxcore50) (>= netstandard1.6)) (&& (>= dnxcore50) (>= uap10.0)) (&& (< monoandroid) (< monotouch) (< net45) (>= netstandard1.6) (< netstandard2.0) (< win8) (< wpa81) (< xamarinmac) (< xamarintvos) (< xamarinwatchos)) (&& (< monoandroid) (< net45) (< netstandard1.2) (>= netstandard1.3) (< win8)) (&& (< monoandroid) (< net45) (< netstandard1.2) (>= netstandard1.6) (< win8)) (&& (< monoandroid) (< net45) (>= netstandard1.3) (< netstandard1.4) (< win8) (< wpa81)) (&& (< monoandroid) (< net45) (< netstandard1.3) (>= netstandard1.6) (< win8) (< wpa81)) (&& (< monoandroid) (< net45) (>= netstandard1.4) (< netstandard1.5) (< win8) (< wpa81)) (&& (< monoandroid) (< net45) (< netstandard1.4) (>= netstandard1.6) (< win8) (< wpa81)) (&& (< monoandroid) (< net45) (>= netstandard1.5) (< netstandard1.6) (< win8) (< wpa81)) (&& (< monoandroid) (< net45) (< netstandard1.5) (>= netstandard1.6) (< win8) (< wpa81)) (&& (< net45) (>= net46) (< netstandard1.4)) (&& (< netstandard1.5) (>= netstandard1.6) (>= uap10.0)) (&& (< netstandard1.5) (>= uap10.0) (< win8) (< wpa81))
      System.Collections (>= 4.3) - restriction: || (&& (< net45) (>= netstandard1.1) (< netstandard1.3) (< win8) (< wpa81)) (&& (< net45) (>= netstandard1.3) (< netstandard2.0) (< win8) (< wpa81))
      System.Diagnostics.Debug (>= 4.3) - restriction: && (< net45) (>= netstandard1.3) (< netstandard2.0) (< win8) (< wpa81)
      System.Diagnostics.Tracing (>= 4.3) - restriction: || (&& (< net45) (>= netstandard1.1) (< netstandard1.3) (< win8) (< wpa81)) (&& (< net45) (>= netstandard1.3) (< netstandard2.0) (< win8) (< wpa81))
      System.Reflection (>= 4.3) - restriction: || (&& (< net45) (>= netstandard1.1) (< netstandard1.3) (< win8) (< wpa81)) (&& (< net45) (>= netstandard1.3) (< netstandard2.0) (< win8) (< wpa81))
      System.Runtime (>= 4.3) - restriction: || (&& (< net45) (>= netstandard1.1) (< netstandard1.3) (< win8) (< wpa81)) (&& (< net45) (>= netstandard1.3) (< netstandard2.0) (< win8) (< wpa81))
      System.Runtime.Extensions (>= 4.3) - restriction: && (< net45) (>= netstandard1.3) (< netstandard2.0) (< win8) (< wpa81)
      System.Threading (>= 4.3) - restriction: || (&& (< net45) (>= netstandard1.1) (< netstandard1.3) (< win8) (< wpa81)) (&& (< net45) (>= netstandard1.3) (< netstandard2.0) (< win8) (< wpa81))
    System.Diagnostics.Process (4.3) - restriction: && (< net45) (>= netstandard2.0)
      Microsoft.NETCore.Platforms (>= 1.1) - restriction: && (< monoandroid) (< monotouch) (< net46) (>= netstandard1.4) (< xamarinios) (< xamarinmac) (< xamarintvos) (< xamarinwatchos)
      Microsoft.Win32.Primitives (>= 4.3) - restriction: && (< monoandroid) (< monotouch) (< net46) (>= netstandard1.4) (< xamarinios) (< xamarinmac) (< xamarintvos) (< xamarinwatchos)
      Microsoft.Win32.Registry (>= 4.3) - restriction: && (< monoandroid) (< monotouch) (< net46) (>= netstandard1.4) (< xamarinios) (< xamarinmac) (< xamarintvos) (< xamarinwatchos)
      runtime.native.System (>= 4.3) - restriction: && (< monoandroid) (< monotouch) (< net46) (>= netstandard1.4) (< xamarinios) (< xamarinmac) (< xamarintvos) (< xamarinwatchos)
      System.Collections (>= 4.3) - restriction: && (< monoandroid) (< monotouch) (< net46) (>= netstandard1.4) (< xamarinios) (< xamarinmac) (< xamarintvos) (< xamarinwatchos)
      System.Diagnostics.Debug (>= 4.3) - restriction: && (< monoandroid) (< monotouch) (< net46) (>= netstandard1.4) (< xamarinios) (< xamarinmac) (< xamarintvos) (< xamarinwatchos)
      System.Globalization (>= 4.3) - restriction: && (< monoandroid) (< monotouch) (< net46) (>= netstandard1.4) (< xamarinios) (< xamarinmac) (< xamarintvos) (< xamarinwatchos)
      System.IO (>= 4.3) - restriction: || (&& (< monoandroid) (< monotouch) (< net46) (>= netstandard1.4) (< xamarinios) (< xamarinmac) (< xamarintvos) (< xamarinwatchos)) (&& (< monoandroid) (< net46) (>= netstandard1.3) (< netstandard1.4))
      System.IO.FileSystem (>= 4.3) - restriction: && (< monoandroid) (< monotouch) (< net46) (>= netstandard1.4) (< xamarinios) (< xamarinmac) (< xamarintvos) (< xamarinwatchos)
      System.IO.FileSystem.Primitives (>= 4.3) - restriction: && (< monoandroid) (< monotouch) (< net46) (>= netstandard1.4) (< xamarinios) (< xamarinmac) (< xamarintvos) (< xamarinwatchos)
      System.Resources.ResourceManager (>= 4.3) - restriction: && (< monoandroid) (< monotouch) (< net46) (>= netstandard1.4) (< xamarinios) (< xamarinmac) (< xamarintvos) (< xamarinwatchos)
      System.Runtime (>= 4.3) - restriction: || (&& (< monoandroid) (< monotouch) (< net46) (>= netstandard1.4) (< xamarinios) (< xamarinmac) (< xamarintvos) (< xamarinwatchos)) (&& (< monoandroid) (< net46) (>= netstandard1.3) (< netstandard1.4))
      System.Runtime.Extensions (>= 4.3) - restriction: && (< monoandroid) (< monotouch) (< net46) (>= netstandard1.4) (< xamarinios) (< xamarinmac) (< xamarintvos) (< xamarinwatchos)
      System.Runtime.Handles (>= 4.3) - restriction: || (&& (< monoandroid) (< monotouch) (< net46) (>= netstandard1.4) (< xamarinios) (< xamarinmac) (< xamarintvos) (< xamarinwatchos)) (&& (< monoandroid) (< net46) (>= netstandard1.3) (< netstandard1.4))
      System.Runtime.InteropServices (>= 4.3) - restriction: && (< monoandroid) (< monotouch) (< net46) (>= netstandard1.4) (< xamarinios) (< xamarinmac) (< xamarintvos) (< xamarinwatchos)
      System.Text.Encoding (>= 4.3) - restriction: || (&& (< monoandroid) (< monotouch) (< net46) (>= netstandard1.4) (< xamarinios) (< xamarinmac) (< xamarintvos) (< xamarinwatchos)) (&& (< monoandroid) (< net46) (>= netstandard1.3) (< netstandard1.4))
      System.Text.Encoding.Extensions (>= 4.3) - restriction: && (< monoandroid) (< monotouch) (< net46) (>= netstandard1.4) (< xamarinios) (< xamarinmac) (< xamarintvos) (< xamarinwatchos)
      System.Threading (>= 4.3) - restriction: && (< monoandroid) (< monotouch) (< net46) (>= netstandard1.4) (< xamarinios) (< xamarinmac) (< xamarintvos) (< xamarinwatchos)
      System.Threading.Tasks (>= 4.3) - restriction: && (< monoandroid) (< monotouch) (< net46) (>= netstandard1.4) (< xamarinios) (< xamarinmac) (< xamarintvos) (< xamarinwatchos)
      System.Threading.Thread (>= 4.3) - restriction: && (< monoandroid) (< monotouch) (< net46) (>= netstandard1.4) (< xamarinios) (< xamarinmac) (< xamarintvos) (< xamarinwatchos)
      System.Threading.ThreadPool (>= 4.3) - restriction: && (< monoandroid) (< monotouch) (< net46) (>= netstandard1.4) (< xamarinios) (< xamarinmac) (< xamarintvos) (< xamarinwatchos)
    System.Diagnostics.Tools (4.3) - restriction: || (&& (>= dnxcore50) (>= netstandard1.1)) (&& (>= dnxcore50) (>= netstandard1.2)) (&& (>= dnxcore50) (>= netstandard1.3)) (&& (>= dnxcore50) (>= netstandard1.4)) (&& (>= dnxcore50) (>= netstandard1.5)) (&& (>= dnxcore50) (>= netstandard1.6)) (&& (>= dnxcore50) (>= uap10.0)) (&& (< monoandroid) (< net45) (< netstandard1.2) (>= netstandard1.3) (< win8)) (&& (< net45) (>= netstandard1.1) (< netstandard1.2) (< win8)) (&& (< net45) (>= netstandard1.2) (< netstandard1.3) (< win8) (< wpa81)) (&& (< net45) (>= netstandard1.3) (< netstandard1.4) (< win8) (< wpa81)) (&& (< net45) (>= netstandard1.4) (< netstandard1.5) (< win8) (< wpa81)) (&& (< net45) (>= netstandard1.5) (< netstandard1.6) (< win8) (< wpa81)) (&& (< net45) (>= netstandard1.6) (< netstandard2.0)) (&& (>= netstandard1.1) (< portable-net45+win8+wpa81)) (&& (>= netstandard1.3) (< portable-net45+win8+wpa81)) (&& (< netstandard1.5) (>= uap10.0) (< uap10.1)) (&& (< netstandard1.5) (>= uap10.0) (< win8) (< wpa81))
      Microsoft.NETCore.Platforms (>= 1.1) - restriction: || (>= dnxcore50) (&& (< monoandroid) (< monotouch) (< net45) (>= netstandard1.0) (< win8) (< wp8) (< wpa81) (< xamarinios) (< xamarinmac) (< xamarintvos) (< xamarinwatchos))
      Microsoft.NETCore.Targets (>= 1.1) - restriction: || (>= dnxcore50) (&& (< monoandroid) (< monotouch) (< net45) (>= netstandard1.0) (< win8) (< wp8) (< wpa81) (< xamarinios) (< xamarinmac) (< xamarintvos) (< xamarinwatchos))
      System.Runtime (>= 4.3) - restriction: || (>= dnxcore50) (&& (< monoandroid) (< monotouch) (< net45) (>= netstandard1.0) (< win8) (< wp8) (< wpa81) (< xamarinios) (< xamarinmac) (< xamarintvos) (< xamarinwatchos))
    System.Diagnostics.TraceSource (4.3) - restriction: && (< net45) (>= netstandard2.0)
      Microsoft.NETCore.Platforms (>= 1.1) - restriction: && (< monoandroid) (< monotouch) (< net46) (>= netstandard1.3) (< xamarinios) (< xamarinmac) (< xamarintvos) (< xamarinwatchos)
      runtime.native.System (>= 4.3) - restriction: && (< monoandroid) (< monotouch) (< net46) (>= netstandard1.3) (< xamarinios) (< xamarinmac) (< xamarintvos) (< xamarinwatchos)
      System.Collections (>= 4.3) - restriction: && (< monoandroid) (< monotouch) (< net46) (>= netstandard1.3) (< xamarinios) (< xamarinmac) (< xamarintvos) (< xamarinwatchos)
      System.Diagnostics.Debug (>= 4.3) - restriction: && (< monoandroid) (< monotouch) (< net46) (>= netstandard1.3) (< xamarinios) (< xamarinmac) (< xamarintvos) (< xamarinwatchos)
      System.Globalization (>= 4.3) - restriction: && (< monoandroid) (< monotouch) (< net46) (>= netstandard1.3) (< xamarinios) (< xamarinmac) (< xamarintvos) (< xamarinwatchos)
      System.Resources.ResourceManager (>= 4.3) - restriction: && (< monoandroid) (< monotouch) (< net46) (>= netstandard1.3) (< xamarinios) (< xamarinmac) (< xamarintvos) (< xamarinwatchos)
      System.Runtime (>= 4.3) - restriction: && (< monoandroid) (< monotouch) (< net46) (>= netstandard1.3) (< xamarinios) (< xamarinmac) (< xamarintvos) (< xamarinwatchos)
      System.Runtime.Extensions (>= 4.3) - restriction: && (< monoandroid) (< monotouch) (< net46) (>= netstandard1.3) (< xamarinios) (< xamarinmac) (< xamarintvos) (< xamarinwatchos)
      System.Threading (>= 4.3) - restriction: && (< monoandroid) (< monotouch) (< net46) (>= netstandard1.3) (< xamarinios) (< xamarinmac) (< xamarintvos) (< xamarinwatchos)
    System.Diagnostics.Tracing (4.3) - restriction: || (&& (>= dnxcore50) (>= net46)) (&& (>= dnxcore50) (>= netstandard1.1)) (&& (>= dnxcore50) (>= netstandard1.2)) (&& (>= dnxcore50) (>= netstandard1.3)) (&& (>= dnxcore50) (>= netstandard1.4)) (&& (>= dnxcore50) (>= netstandard1.5)) (&& (>= dnxcore50) (>= netstandard1.6)) (&& (>= dnxcore50) (>= uap10.0)) (&& (< monoandroid) (< net45) (< netstandard1.2) (>= netstandard1.3) (< win8)) (&& (< monoandroid) (< net45) (< netstandard1.2) (>= netstandard1.6) (< win8)) (&& (< monoandroid) (< net45) (< netstandard1.3) (>= netstandard1.6) (< win8) (< wpa81)) (&& (< monoandroid) (< net45) (< netstandard1.4) (>= netstandard1.6) (< win8) (< wpa81)) (&& (< monoandroid) (< net45) (< netstandard1.5) (>= netstandard1.6) (< win8) (< wpa81)) (&& (< net45) (>= net46) (< netstandard1.4)) (&& (< net45) (>= netstandard1.1) (< netstandard1.2) (< win8)) (&& (< net45) (>= netstandard1.2) (< netstandard1.3) (< win8) (< wpa81)) (&& (< net45) (>= netstandard1.3) (< netstandard1.4) (< win8) (< wpa81)) (&& (< net45) (>= netstandard1.4) (< netstandard1.5) (< win8) (< wpa81)) (&& (< net45) (>= netstandard1.5) (< netstandard1.6) (< win8) (< wpa81)) (&& (< net45) (>= netstandard1.6) (< netstandard2.0) (< win8) (< wpa81)) (&& (< netstandard1.5) (>= netstandard1.6) (>= uap10.0)) (&& (< netstandard1.5) (>= uap10.0) (< uap10.1)) (&& (< netstandard1.5) (>= uap10.0) (< win8) (< wpa81))
      Microsoft.NETCore.Platforms (>= 1.1) - restriction: || (>= dnxcore50) (&& (< monoandroid) (< monotouch) (< net45) (>= netstandard1.5) (< win8) (< wpa81) (< xamarinios) (< xamarinmac) (< xamarintvos) (< xamarinwatchos)) (&& (< monoandroid) (< net45) (>= netstandard1.1) (< netstandard1.2) (< win8)) (&& (< monoandroid) (< net45) (>= netstandard1.2) (< netstandard1.3) (< win8) (< wpa81)) (&& (< monoandroid) (< net45) (>= netstandard1.3) (< netstandard1.5) (< win8) (< wpa81))
      Microsoft.NETCore.Targets (>= 1.1) - restriction: || (>= dnxcore50) (&& (< monoandroid) (< monotouch) (< net45) (>= netstandard1.5) (< win8) (< wpa81) (< xamarinios) (< xamarinmac) (< xamarintvos) (< xamarinwatchos)) (&& (< monoandroid) (< net45) (>= netstandard1.1) (< netstandard1.2) (< win8)) (&& (< monoandroid) (< net45) (>= netstandard1.2) (< netstandard1.3) (< win8) (< wpa81)) (&& (< monoandroid) (< net45) (>= netstandard1.3) (< netstandard1.5) (< win8) (< wpa81))
      System.Runtime (>= 4.3) - restriction: || (>= dnxcore50) (&& (< monoandroid) (< monotouch) (< net45) (>= netstandard1.5) (< win8) (< wpa81) (< xamarinios) (< xamarinmac) (< xamarintvos) (< xamarinwatchos)) (&& (< monoandroid) (< net45) (>= netstandard1.1) (< netstandard1.2) (< win8)) (&& (< monoandroid) (< net45) (>= netstandard1.2) (< netstandard1.3) (< win8) (< wpa81)) (&& (< monoandroid) (< net45) (>= netstandard1.3) (< netstandard1.5) (< win8) (< wpa81))
    System.Dynamic.Runtime (4.3) - restriction: || (&& (>= dnxcore50) (>= netstandard1.0)) (&& (>= dnxcore50) (>= netstandard1.3)) (&& (< monoandroid) (< monotouch) (< net20) (>= netstandard1.3) (< netstandard2.0) (< win8) (< wpa81) (< xamarinmac) (< xamarintvos) (< xamarinwatchos)) (&& (< monoandroid) (< net20) (>= netstandard1.0) (< netstandard1.3) (< win8) (< wp8) (< wpa81))
      System.Collections (>= 4.3) - restriction: || (>= dnxcore50) (&& (< monoandroid) (< monotouch) (< net45) (>= netstandard1.3) (< win8) (< wpa81) (< xamarinios) (< xamarinmac) (< xamarintvos) (< xamarinwatchos))
      System.Diagnostics.Debug (>= 4.3) - restriction: || (>= dnxcore50) (&& (< monoandroid) (< monotouch) (< net45) (>= netstandard1.3) (< win8) (< wpa81) (< xamarinios) (< xamarinmac) (< xamarintvos) (< xamarinwatchos))
      System.Linq (>= 4.3) - restriction: || (>= dnxcore50) (&& (< monoandroid) (< monotouch) (< net45) (>= netstandard1.3) (< win8) (< wpa81) (< xamarinios) (< xamarinmac) (< xamarintvos) (< xamarinwatchos))
      System.Linq.Expressions (>= 4.3) - restriction: || (>= dnxcore50) (&& (< monoandroid) (< monotouch) (< net45) (>= netstandard1.3) (< win8) (< wpa81) (< xamarinios) (< xamarinmac) (< xamarintvos) (< xamarinwatchos)) (&& (< monoandroid) (< net45) (>= netstandard1.0) (< netstandard1.3) (< win8) (< wp8) (< wpa81))
      System.ObjectModel (>= 4.3) - restriction: || (>= dnxcore50) (&& (< monoandroid) (< monotouch) (< net45) (>= netstandard1.3) (< win8) (< wpa81) (< xamarinios) (< xamarinmac) (< xamarintvos) (< xamarinwatchos)) (&& (< monoandroid) (< net45) (>= netstandard1.0) (< netstandard1.3) (< win8) (< wp8) (< wpa81))
      System.Reflection (>= 4.3) - restriction: || (>= dnxcore50) (&& (< monoandroid) (< monotouch) (< net45) (>= netstandard1.3) (< win8) (< wpa81) (< xamarinios) (< xamarinmac) (< xamarintvos) (< xamarinwatchos)) (&& (< monoandroid) (< net45) (>= netstandard1.0) (< netstandard1.3) (< win8) (< wp8) (< wpa81))
      System.Reflection.Emit (>= 4.3) - restriction: && (< monoandroid) (< monotouch) (< net45) (>= netstandard1.3) (< win8) (< wpa81) (< xamarinios) (< xamarinmac) (< xamarintvos) (< xamarinwatchos)
      System.Reflection.Emit.ILGeneration (>= 4.3) - restriction: && (< monoandroid) (< monotouch) (< net45) (>= netstandard1.3) (< win8) (< wpa81) (< xamarinios) (< xamarinmac) (< xamarintvos) (< xamarinwatchos)
      System.Reflection.Primitives (>= 4.3) - restriction: && (< monoandroid) (< monotouch) (< net45) (>= netstandard1.3) (< win8) (< wpa81) (< xamarinios) (< xamarinmac) (< xamarintvos) (< xamarinwatchos)
      System.Reflection.TypeExtensions (>= 4.3) - restriction: || (>= dnxcore50) (&& (< monoandroid) (< monotouch) (< net45) (>= netstandard1.3) (< win8) (< wpa81) (< xamarinios) (< xamarinmac) (< xamarintvos) (< xamarinwatchos))
      System.Resources.ResourceManager (>= 4.3) - restriction: || (>= dnxcore50) (&& (< monoandroid) (< monotouch) (< net45) (>= netstandard1.3) (< win8) (< wpa81) (< xamarinios) (< xamarinmac) (< xamarintvos) (< xamarinwatchos))
      System.Runtime (>= 4.3) - restriction: || (>= dnxcore50) (&& (< monoandroid) (< monotouch) (< net45) (>= netstandard1.3) (< win8) (< wpa81) (< xamarinios) (< xamarinmac) (< xamarintvos) (< xamarinwatchos)) (&& (< monoandroid) (< net45) (>= netstandard1.0) (< netstandard1.3) (< win8) (< wp8) (< wpa81))
      System.Runtime.Extensions (>= 4.3) - restriction: || (>= dnxcore50) (&& (< monoandroid) (< monotouch) (< net45) (>= netstandard1.3) (< win8) (< wpa81) (< xamarinios) (< xamarinmac) (< xamarintvos) (< xamarinwatchos))
      System.Threading (>= 4.3) - restriction: || (>= dnxcore50) (&& (< monoandroid) (< monotouch) (< net45) (>= netstandard1.3) (< win8) (< wpa81) (< xamarinios) (< xamarinmac) (< xamarintvos) (< xamarinwatchos))
    System.Globalization (4.3) - restriction: || (&& (>= dnxcore50) (>= net46)) (&& (>= dnxcore50) (>= netstandard1.1)) (&& (>= dnxcore50) (>= netstandard1.2)) (&& (>= dnxcore50) (>= netstandard1.3)) (&& (>= dnxcore50) (>= netstandard1.4)) (&& (>= dnxcore50) (>= netstandard1.5)) (&& (>= dnxcore50) (>= netstandard1.6)) (&& (>= dnxcore50) (>= uap10.0)) (&& (< monoandroid) (< monotouch) (< net20) (>= netstandard1.3) (< netstandard2.0) (< xamarinmac) (< xamarintvos) (< xamarinwatchos)) (&& (< monoandroid) (< monotouch) (< net20) (>= netstandard1.5) (< netstandard2.0) (< win8) (< wpa81) (< xamarinmac) (< xamarintvos) (< xamarinwatchos)) (&& (< monoandroid) (< net20) (>= netstandard1.0) (< netstandard1.3) (< win8) (< wp8) (< wpa81)) (&& (< monoandroid) (< net20) (>= netstandard1.3) (< netstandard1.5) (< win8) (< wpa81)) (&& (< monoandroid) (< net20) (< netstandard1.3) (>= netstandard1.5) (< win8) (< wpa81)) (&& (< monoandroid) (< net45) (< netstandard1.2) (>= netstandard1.3) (< win8)) (&& (< monoandroid) (< net45) (< netstandard1.2) (>= netstandard1.6) (< win8)) (&& (< monoandroid) (< net45) (< netstandard1.3) (>= netstandard1.6) (< win8) (< wpa81)) (&& (< monoandroid) (< net45) (>= netstandard2.0) (< xamarinios)) (&& (< net20) (>= net462) (< netstandard1.3)) (&& (< net20) (>= net462) (< netstandard2.0)) (&& (< net45) (>= net46) (< netstandard1.4)) (&& (< net45) (>= netstandard1.1) (< netstandard1.2) (< win8)) (&& (< net45) (>= netstandard1.2) (< netstandard1.3) (< win8) (< wpa81)) (&& (< net45) (>= netstandard1.3) (< netstandard1.4) (< win8) (< wpa81)) (&& (< net45) (>= netstandard1.4) (< netstandard1.5) (< win8) (< wpa81)) (&& (< net45) (< netstandard1.4) (>= netstandard1.6) (< win8) (< wpa81)) (&& (< net45) (>= netstandard1.5) (< netstandard1.6) (< win8) (< wpa81)) (&& (< net45) (< netstandard1.5) (>= netstandard1.6) (< win8) (< wpa81)) (&& (< net45) (>= netstandard1.6) (< netstandard2.0)) (&& (>= netstandard1.1) (< portable-net45+win8+wpa81)) (&& (< netstandard1.5) (>= netstandard1.6) (>= uap10.0)) (&& (< netstandard1.5) (>= uap10.0) (< uap10.1)) (&& (< netstandard1.5) (>= uap10.0) (< win8) (< wpa81))
      Microsoft.NETCore.Platforms (>= 1.1) - restriction: || (>= dnxcore50) (&& (< monoandroid) (< monotouch) (< net45) (>= netstandard1.3) (< win8) (< wpa81) (< xamarinios) (< xamarinmac) (< xamarintvos) (< xamarinwatchos)) (&& (< monoandroid) (< net45) (>= netstandard1.0) (< netstandard1.3) (< win8) (< wp8) (< wpa81))
      Microsoft.NETCore.Targets (>= 1.1) - restriction: || (>= dnxcore50) (&& (< monoandroid) (< monotouch) (< net45) (>= netstandard1.3) (< win8) (< wpa81) (< xamarinios) (< xamarinmac) (< xamarintvos) (< xamarinwatchos)) (&& (< monoandroid) (< net45) (>= netstandard1.0) (< netstandard1.3) (< win8) (< wp8) (< wpa81))
      System.Runtime (>= 4.3) - restriction: || (>= dnxcore50) (&& (< monoandroid) (< monotouch) (< net45) (>= netstandard1.3) (< win8) (< wpa81) (< xamarinios) (< xamarinmac) (< xamarintvos) (< xamarinwatchos)) (&& (< monoandroid) (< net45) (>= netstandard1.0) (< netstandard1.3) (< win8) (< wp8) (< wpa81))
    System.Globalization.Calendars (4.3) - restriction: || (&& (>= dnxcore50) (>= net46)) (&& (>= dnxcore50) (>= netstandard1.3)) (&& (>= dnxcore50) (>= netstandard1.4)) (&& (>= dnxcore50) (>= netstandard1.5)) (&& (>= dnxcore50) (>= netstandard1.6)) (&& (>= dnxcore50) (>= uap10.0)) (&& (< net45) (>= net46) (< netstandard1.4)) (&& (< net45) (>= netstandard1.3) (< netstandard1.4) (< win8) (< wpa81)) (&& (< net45) (>= netstandard1.4) (< netstandard1.5) (< win8) (< wpa81)) (&& (< net45) (< netstandard1.4) (>= netstandard1.6) (< win8) (< wpa81)) (&& (< net45) (>= netstandard1.5) (< netstandard1.6) (< win8) (< wpa81)) (&& (< net45) (< netstandard1.5) (>= netstandard1.6) (< win8) (< wpa81)) (&& (< net45) (>= netstandard1.6) (< netstandard2.0) (< win8) (< wpa81)) (&& (< netstandard1.5) (>= netstandard1.6) (>= uap10.0)) (&& (< netstandard1.5) (>= uap10.0) (< uap10.1))
      Microsoft.NETCore.Platforms (>= 1.1) - restriction: && (< monoandroid) (< monotouch) (< net46) (>= netstandard1.3) (< xamarinios) (< xamarinmac) (< xamarintvos) (< xamarinwatchos)
      Microsoft.NETCore.Targets (>= 1.1) - restriction: && (< monoandroid) (< monotouch) (< net46) (>= netstandard1.3) (< xamarinios) (< xamarinmac) (< xamarintvos) (< xamarinwatchos)
      System.Globalization (>= 4.3) - restriction: && (< monoandroid) (< monotouch) (< net46) (>= netstandard1.3) (< xamarinios) (< xamarinmac) (< xamarintvos) (< xamarinwatchos)
      System.Runtime (>= 4.3) - restriction: && (< monoandroid) (< monotouch) (< net46) (>= netstandard1.3) (< xamarinios) (< xamarinmac) (< xamarintvos) (< xamarinwatchos)
    System.Globalization.Extensions (4.3) - restriction: || (&& (< monoandroid) (< monotouch) (< net20) (>= netstandard1.5) (< netstandard2.0) (< win8) (< wpa81) (< xamarinmac) (< xamarintvos) (< xamarinwatchos)) (&& (< monoandroid) (< monotouch) (< net45) (>= netstandard1.6) (< netstandard2.0) (< win8) (< wpa81) (< xamarinmac) (< xamarintvos) (< xamarinwatchos)) (&& (< monoandroid) (< net20) (< netstandard1.3) (>= netstandard1.5) (< win8) (< wpa81)) (&& (< monoandroid) (< net45) (< netstandard1.2) (>= netstandard1.6) (< win8)) (&& (< monoandroid) (< net45) (< netstandard1.3) (>= netstandard1.6) (< win8) (< wpa81)) (&& (< monoandroid) (< net45) (< netstandard1.4) (>= netstandard1.6) (< win8) (< wpa81)) (&& (< monoandroid) (< net45) (< netstandard1.5) (>= netstandard1.6) (< win8) (< wpa81)) (&& (< net45) (>= net46) (< netstandard1.4) (>= netstandard1.6)) (&& (< netstandard1.5) (>= netstandard1.6) (>= uap10.0))
      Microsoft.NETCore.Platforms (>= 1.1) - restriction: && (< monoandroid) (< monotouch) (< net46) (>= netstandard1.3) (< xamarinios) (< xamarinmac) (< xamarintvos) (< xamarinwatchos)
      System.Globalization (>= 4.3) - restriction: && (< monoandroid) (< monotouch) (< net46) (>= netstandard1.3) (< xamarinios) (< xamarinmac) (< xamarintvos) (< xamarinwatchos)
      System.Resources.ResourceManager (>= 4.3) - restriction: && (< monoandroid) (< monotouch) (< net46) (>= netstandard1.3) (< xamarinios) (< xamarinmac) (< xamarintvos) (< xamarinwatchos)
      System.Runtime (>= 4.3) - restriction: && (< monoandroid) (< monotouch) (< net46) (>= netstandard1.3) (< xamarinios) (< xamarinmac) (< xamarintvos) (< xamarinwatchos)
      System.Runtime.Extensions (>= 4.3) - restriction: && (< monoandroid) (< monotouch) (< net46) (>= netstandard1.3) (< xamarinios) (< xamarinmac) (< xamarintvos) (< xamarinwatchos)
      System.Runtime.InteropServices (>= 4.3) - restriction: && (< monoandroid) (< monotouch) (< net46) (>= netstandard1.3) (< xamarinios) (< xamarinmac) (< xamarintvos) (< xamarinwatchos)
    System.IO (4.3) - restriction: || (&& (>= dnxcore50) (>= net46)) (&& (>= dnxcore50) (>= netstandard1.1)) (&& (>= dnxcore50) (>= netstandard1.2)) (&& (>= dnxcore50) (>= netstandard1.3)) (&& (>= dnxcore50) (>= netstandard1.4)) (&& (>= dnxcore50) (>= netstandard1.5)) (&& (>= dnxcore50) (>= netstandard1.6)) (&& (>= dnxcore50) (>= uap10.0)) (&& (< monoandroid) (< monotouch) (< net20) (>= netstandard1.3) (< netstandard2.0) (< xamarinmac) (< xamarintvos) (< xamarinwatchos)) (&& (< monoandroid) (< net45) (< netstandard1.2) (>= netstandard1.3) (< win8)) (&& (< monoandroid) (< net45) (< netstandard1.2) (>= netstandard1.6) (< win8)) (&& (< monoandroid) (< net45) (< netstandard1.3) (>= netstandard1.4) (< win8) (< wpa81)) (&& (< monoandroid) (< net45) (< netstandard1.3) (>= netstandard1.5) (< win8) (< wpa81)) (&& (< monoandroid) (< net45) (< netstandard1.3) (>= netstandard1.6) (< win8) (< wpa81)) (&& (< monoandroid) (< net45) (< netstandard1.4) (>= netstandard1.5) (< win8) (< wpa81)) (&& (< monoandroid) (< net45) (>= netstandard2.0) (< xamarinios)) (&& (< net45) (>= net46) (< netstandard1.3)) (&& (< net45) (>= net46) (< netstandard1.4)) (&& (< net45) (>= net463) (< netstandard1.4)) (&& (< net45) (>= net463) (< netstandard1.5)) (&& (< net45) (>= net463) (< netstandard1.6)) (&& (< net45) (>= netstandard1.1) (< netstandard1.2) (< win8)) (&& (< net45) (>= netstandard1.2) (< netstandard1.3) (< win8) (< wpa81)) (&& (< net45) (>= netstandard1.3) (< netstandard1.4) (< win8) (< wpa81)) (&& (< net45) (>= netstandard1.4) (< netstandard1.5) (< win8) (< wpa81)) (&& (< net45) (< netstandard1.4) (>= netstandard1.6) (< win8) (< wpa81)) (&& (< net45) (>= netstandard1.5) (< netstandard1.6) (< win8) (< wpa81)) (&& (< net45) (< netstandard1.5) (>= netstandard1.6) (< win8) (< wpa81)) (&& (< net45) (>= netstandard1.6) (< netstandard2.0)) (&& (>= net463) (< netstandard1.5) (>= uap10.0)) (&& (>= netstandard1.1) (< portable-net45+win8+wpa81)) (&& (< netstandard1.3) (>= uap10.0) (< win8) (< wpa81)) (&& (< netstandard1.4) (>= uap10.0)) (&& (< netstandard1.5) (>= netstandard1.6) (>= uap10.0)) (&& (< netstandard1.5) (>= uap10.0) (< uap10.1)) (&& (< netstandard1.5) (>= uap10.0) (< win8) (< wpa81))
      Microsoft.NETCore.Platforms (>= 1.1) - restriction: || (>= dnxcore50) (&& (< monoandroid) (< monotouch) (< net45) (>= netstandard1.5) (< win8) (< wpa81) (< xamarinios) (< xamarinmac) (< xamarintvos) (< xamarinwatchos)) (&& (< monoandroid) (< net45) (>= netstandard1.0) (< netstandard1.3) (< win8) (< wp8) (< wpa81)) (&& (< monoandroid) (< net45) (>= netstandard1.3) (< netstandard1.5) (< win8) (< wpa81))
      Microsoft.NETCore.Targets (>= 1.1) - restriction: || (>= dnxcore50) (&& (< monoandroid) (< monotouch) (< net45) (>= netstandard1.5) (< win8) (< wpa81) (< xamarinios) (< xamarinmac) (< xamarintvos) (< xamarinwatchos)) (&& (< monoandroid) (< net45) (>= netstandard1.0) (< netstandard1.3) (< win8) (< wp8) (< wpa81)) (&& (< monoandroid) (< net45) (>= netstandard1.3) (< netstandard1.5) (< win8) (< wpa81))
      System.Runtime (>= 4.3) - restriction: || (>= dnxcore50) (&& (< monoandroid) (< monotouch) (< net45) (>= netstandard1.5) (< win8) (< wpa81) (< xamarinios) (< xamarinmac) (< xamarintvos) (< xamarinwatchos)) (&& (< monoandroid) (< net45) (>= netstandard1.0) (< netstandard1.3) (< win8) (< wp8) (< wpa81)) (&& (< monoandroid) (< net45) (>= netstandard1.3) (< netstandard1.5) (< win8) (< wpa81))
      System.Text.Encoding (>= 4.3) - restriction: || (>= dnxcore50) (&& (< monoandroid) (< monotouch) (< net45) (>= netstandard1.5) (< win8) (< wpa81) (< xamarinios) (< xamarinmac) (< xamarintvos) (< xamarinwatchos)) (&& (< monoandroid) (< net45) (>= netstandard1.0) (< netstandard1.3) (< win8) (< wp8) (< wpa81)) (&& (< monoandroid) (< net45) (>= netstandard1.3) (< netstandard1.5) (< win8) (< wpa81))
      System.Threading.Tasks (>= 4.3) - restriction: || (>= dnxcore50) (&& (< monoandroid) (< monotouch) (< net45) (>= netstandard1.5) (< win8) (< wpa81) (< xamarinios) (< xamarinmac) (< xamarintvos) (< xamarinwatchos)) (&& (< monoandroid) (< net45) (>= netstandard1.0) (< netstandard1.3) (< win8) (< wp8) (< wpa81)) (&& (< monoandroid) (< net45) (>= netstandard1.3) (< netstandard1.5) (< win8) (< wpa81))
    System.IO.Compression (4.3) - restriction: || (&& (< monoandroid) (< net45) (< netstandard1.2) (>= netstandard1.3) (< win8)) (&& (< net45) (>= net46) (< netstandard1.4)) (&& (< net45) (>= netstandard1.1) (< netstandard1.2) (< win8)) (&& (< net45) (>= netstandard1.2) (< netstandard1.3) (< win8) (< wpa81)) (&& (< net45) (>= netstandard1.3) (< netstandard1.4) (< win8) (< wpa81)) (&& (< net45) (>= netstandard1.4) (< netstandard1.5) (< win8) (< wpa81)) (&& (< net45) (>= netstandard1.5) (< netstandard1.6) (< win8) (< wpa81)) (&& (< net45) (>= netstandard1.6) (< netstandard2.0) (< win8) (< wpa81)) (&& (< netstandard1.5) (>= uap10.0) (< uap10.1)) (&& (< netstandard1.5) (>= uap10.0) (< win8) (< wpa81))
      Microsoft.NETCore.Platforms (>= 1.1) - restriction: && (< monoandroid) (< monotouch) (< net45) (>= netstandard1.3) (< win8) (< wpa81) (< xamarinios) (< xamarinmac) (< xamarintvos) (< xamarinwatchos)
      runtime.native.System (>= 4.3) - restriction: && (< monoandroid) (< monotouch) (< net45) (>= netstandard1.3) (< win8) (< wpa81) (< xamarinios) (< xamarinmac) (< xamarintvos) (< xamarinwatchos)
      runtime.native.System.IO.Compression (>= 4.3) - restriction: || (>= dnxcore50) (&& (< monoandroid) (< monotouch) (< net45) (>= netstandard1.3) (< win8) (< wpa81) (< xamarinios) (< xamarinmac) (< xamarintvos) (< xamarinwatchos))
      System.Buffers (>= 4.3) - restriction: || (>= dnxcore50) (&& (< monoandroid) (< monotouch) (< net45) (>= netstandard1.3) (< win8) (< wpa81) (< xamarinios) (< xamarinmac) (< xamarintvos) (< xamarinwatchos))
      System.Collections (>= 4.3) - restriction: || (>= dnxcore50) (&& (< monoandroid) (< monotouch) (< net45) (>= netstandard1.3) (< win8) (< wpa81) (< xamarinios) (< xamarinmac) (< xamarintvos) (< xamarinwatchos))
      System.Diagnostics.Debug (>= 4.3) - restriction: || (>= dnxcore50) (&& (< monoandroid) (< monotouch) (< net45) (>= netstandard1.3) (< win8) (< wpa81) (< xamarinios) (< xamarinmac) (< xamarintvos) (< xamarinwatchos))
      System.IO (>= 4.3) - restriction: || (>= dnxcore50) (&& (< monoandroid) (< monotouch) (< net45) (>= netstandard1.3) (< win8) (< wpa81) (< xamarinios) (< xamarinmac) (< xamarintvos) (< xamarinwatchos)) (&& (< monoandroid) (< net45) (>= netstandard1.1) (< netstandard1.3) (< win8) (< wpa81))
      System.Resources.ResourceManager (>= 4.3) - restriction: || (>= dnxcore50) (&& (< monoandroid) (< monotouch) (< net45) (>= netstandard1.3) (< win8) (< wpa81) (< xamarinios) (< xamarinmac) (< xamarintvos) (< xamarinwatchos))
      System.Runtime (>= 4.3) - restriction: || (>= dnxcore50) (&& (< monoandroid) (< monotouch) (< net45) (>= netstandard1.3) (< win8) (< wpa81) (< xamarinios) (< xamarinmac) (< xamarintvos) (< xamarinwatchos)) (&& (< monoandroid) (< net45) (>= netstandard1.1) (< netstandard1.3) (< win8) (< wpa81))
      System.Runtime.Extensions (>= 4.3) - restriction: || (>= dnxcore50) (&& (< monoandroid) (< monotouch) (< net45) (>= netstandard1.3) (< win8) (< wpa81) (< xamarinios) (< xamarinmac) (< xamarintvos) (< xamarinwatchos))
      System.Runtime.Handles (>= 4.3) - restriction: || (>= dnxcore50) (&& (< monoandroid) (< monotouch) (< net45) (>= netstandard1.3) (< win8) (< wpa81) (< xamarinios) (< xamarinmac) (< xamarintvos) (< xamarinwatchos))
      System.Runtime.InteropServices (>= 4.3) - restriction: || (>= dnxcore50) (&& (< monoandroid) (< monotouch) (< net45) (>= netstandard1.3) (< win8) (< wpa81) (< xamarinios) (< xamarinmac) (< xamarintvos) (< xamarinwatchos))
      System.Text.Encoding (>= 4.3) - restriction: || (>= dnxcore50) (&& (< monoandroid) (< monotouch) (< net45) (>= netstandard1.3) (< win8) (< wpa81) (< xamarinios) (< xamarinmac) (< xamarintvos) (< xamarinwatchos)) (&& (< monoandroid) (< net45) (>= netstandard1.1) (< netstandard1.3) (< win8) (< wpa81))
      System.Threading (>= 4.3) - restriction: || (>= dnxcore50) (&& (< monoandroid) (< monotouch) (< net45) (>= netstandard1.3) (< win8) (< wpa81) (< xamarinios) (< xamarinmac) (< xamarintvos) (< xamarinwatchos))
      System.Threading.Tasks (>= 4.3) - restriction: || (>= dnxcore50) (&& (< monoandroid) (< monotouch) (< net45) (>= netstandard1.3) (< win8) (< wpa81) (< xamarinios) (< xamarinmac) (< xamarintvos) (< xamarinwatchos))
    System.IO.Compression.ZipFile (4.3) - restriction: || (&& (< net45) (>= net46) (< netstandard1.4)) (&& (< net45) (>= netstandard1.3) (< netstandard1.4) (< win8) (< wpa81)) (&& (< net45) (>= netstandard1.4) (< netstandard1.5) (< win8) (< wpa81)) (&& (< net45) (>= netstandard1.5) (< netstandard1.6) (< win8) (< wpa81)) (&& (< net45) (>= netstandard1.6) (< netstandard2.0) (< win8) (< wpa81)) (&& (< netstandard1.5) (>= uap10.0) (< uap10.1))
      System.Buffers (>= 4.3) - restriction: && (< monoandroid) (< monotouch) (< net46) (>= netstandard1.3) (< xamarinios) (< xamarinmac) (< xamarintvos) (< xamarinwatchos)
      System.IO (>= 4.3) - restriction: && (< monoandroid) (< monotouch) (< net46) (>= netstandard1.3) (< xamarinios) (< xamarinmac) (< xamarintvos) (< xamarinwatchos)
      System.IO.Compression (>= 4.3) - restriction: && (< monoandroid) (< monotouch) (< net46) (>= netstandard1.3) (< xamarinios) (< xamarinmac) (< xamarintvos) (< xamarinwatchos)
      System.IO.FileSystem (>= 4.3) - restriction: && (< monoandroid) (< monotouch) (< net46) (>= netstandard1.3) (< xamarinios) (< xamarinmac) (< xamarintvos) (< xamarinwatchos)
      System.IO.FileSystem.Primitives (>= 4.3) - restriction: && (< monoandroid) (< monotouch) (< net46) (>= netstandard1.3) (< xamarinios) (< xamarinmac) (< xamarintvos) (< xamarinwatchos)
      System.Resources.ResourceManager (>= 4.3) - restriction: && (< monoandroid) (< monotouch) (< net46) (>= netstandard1.3) (< xamarinios) (< xamarinmac) (< xamarintvos) (< xamarinwatchos)
      System.Runtime (>= 4.3) - restriction: && (< monoandroid) (< monotouch) (< net46) (>= netstandard1.3) (< xamarinios) (< xamarinmac) (< xamarintvos) (< xamarinwatchos)
      System.Runtime.Extensions (>= 4.3) - restriction: && (< monoandroid) (< monotouch) (< net46) (>= netstandard1.3) (< xamarinios) (< xamarinmac) (< xamarintvos) (< xamarinwatchos)
      System.Text.Encoding (>= 4.3) - restriction: && (< monoandroid) (< monotouch) (< net46) (>= netstandard1.3) (< xamarinios) (< xamarinmac) (< xamarintvos) (< xamarinwatchos)
    System.IO.FileSystem (4.3) - restriction: || (&& (>= dnxcore50) (>= net46)) (&& (>= dnxcore50) (>= netstandard1.1)) (&& (>= dnxcore50) (>= netstandard1.2)) (&& (>= dnxcore50) (>= netstandard1.3)) (&& (>= dnxcore50) (>= netstandard1.4)) (&& (>= dnxcore50) (>= netstandard1.5)) (&& (>= dnxcore50) (>= netstandard1.6)) (&& (>= dnxcore50) (>= uap10.0)) (&& (< monoandroid) (< net45) (< netstandard1.2) (>= netstandard1.3) (< win8)) (&& (< monoandroid) (< net45) (< netstandard1.2) (>= netstandard1.6) (< win8)) (&& (< monoandroid) (< net45) (< netstandard1.3) (>= netstandard1.6) (< win8) (< wpa81)) (&& (< monoandroid) (< net45) (>= netstandard2.0) (< xamarinios)) (&& (< net45) (>= net46) (< netstandard1.4)) (&& (< net45) (>= netstandard1.3) (< netstandard1.4) (< win8) (< wpa81)) (&& (< net45) (>= netstandard1.4) (< netstandard1.5) (< win8) (< wpa81)) (&& (< net45) (< netstandard1.4) (>= netstandard1.6) (< win8) (< wpa81)) (&& (< net45) (>= netstandard1.5) (< netstandard1.6) (< win8) (< wpa81)) (&& (< net45) (< netstandard1.5) (>= netstandard1.6) (< win8) (< wpa81)) (&& (< net45) (>= netstandard1.6) (< netstandard2.0) (< win8) (< wpa81)) (&& (>= netstandard1.3) (< portable-net45+win8+wpa81)) (&& (< netstandard1.5) (>= netstandard1.6) (>= uap10.0)) (&& (< netstandard1.5) (>= uap10.0) (< uap10.1)) (&& (< netstandard1.5) (>= uap10.0) (< win8) (< wpa81))
      Microsoft.NETCore.Platforms (>= 1.1) - restriction: && (< monoandroid) (< monotouch) (< net46) (>= netstandard1.3) (< xamarinios) (< xamarinmac) (< xamarintvos) (< xamarinwatchos)
      Microsoft.NETCore.Targets (>= 1.1) - restriction: && (< monoandroid) (< monotouch) (< net46) (>= netstandard1.3) (< xamarinios) (< xamarinmac) (< xamarintvos) (< xamarinwatchos)
      System.IO (>= 4.3) - restriction: && (< monoandroid) (< monotouch) (< net46) (>= netstandard1.3) (< xamarinios) (< xamarinmac) (< xamarintvos) (< xamarinwatchos)
      System.IO.FileSystem.Primitives (>= 4.3) - restriction: || (&& (< monoandroid) (< monotouch) (>= netstandard1.3) (< xamarinios) (< xamarinmac) (< xamarintvos) (< xamarinwatchos)) (>= net46)
      System.Runtime (>= 4.3) - restriction: && (< monoandroid) (< monotouch) (< net46) (>= netstandard1.3) (< xamarinios) (< xamarinmac) (< xamarintvos) (< xamarinwatchos)
      System.Runtime.Handles (>= 4.3) - restriction: && (< monoandroid) (< monotouch) (< net46) (>= netstandard1.3) (< xamarinios) (< xamarinmac) (< xamarintvos) (< xamarinwatchos)
      System.Text.Encoding (>= 4.3) - restriction: && (< monoandroid) (< monotouch) (< net46) (>= netstandard1.3) (< xamarinios) (< xamarinmac) (< xamarintvos) (< xamarinwatchos)
      System.Threading.Tasks (>= 4.3) - restriction: && (< monoandroid) (< monotouch) (< net46) (>= netstandard1.3) (< xamarinios) (< xamarinmac) (< xamarintvos) (< xamarinwatchos)
    System.IO.FileSystem.Primitives (4.3) - restriction: || (&& (>= dnxcore50) (>= net46)) (&& (>= dnxcore50) (>= netstandard1.1)) (&& (>= dnxcore50) (>= netstandard1.2)) (&& (>= dnxcore50) (>= netstandard1.3)) (&& (>= dnxcore50) (>= netstandard1.4)) (&& (>= dnxcore50) (>= netstandard1.5)) (&& (>= dnxcore50) (>= netstandard1.6)) (&& (>= dnxcore50) (>= uap10.0)) (&& (< monoandroid) (< net45) (< netstandard1.2) (>= netstandard1.3) (< win8)) (&& (< monoandroid) (< net45) (>= netstandard2.0) (< xamarinios)) (&& (< net45) (>= net46) (< netstandard1.4)) (&& (< net45) (>= netstandard1.3) (< netstandard1.4) (< win8) (< wpa81)) (&& (< net45) (>= netstandard1.4) (< netstandard1.5) (< win8) (< wpa81)) (&& (< net45) (< netstandard1.4) (>= netstandard1.6) (< win8) (< wpa81)) (&& (< net45) (>= netstandard1.5) (< netstandard1.6) (< win8) (< wpa81)) (&& (< net45) (< netstandard1.5) (>= netstandard1.6) (< win8) (< wpa81)) (&& (< net45) (>= netstandard1.6) (< netstandard2.0) (< win8) (< wpa81)) (&& (>= netstandard1.3) (< portable-net45+win8+wpa81)) (&& (< netstandard1.5) (>= netstandard1.6) (>= uap10.0)) (&& (< netstandard1.5) (>= uap10.0) (< uap10.1)) (&& (< netstandard1.5) (>= uap10.0) (< win8) (< wpa81))
      System.Runtime (>= 4.3) - restriction: && (< monoandroid) (< monotouch) (< net46) (>= netstandard1.3) (< xamarinios) (< xamarinmac) (< xamarintvos) (< xamarinwatchos)
    System.Linq (4.3) - restriction: || (&& (>= dnxcore50) (>= netstandard1.0)) (&& (>= dnxcore50) (>= netstandard1.3)) (&& (>= dnxcore50) (>= netstandard1.6)) (&& (< monoandroid) (< monotouch) (< net20) (>= netstandard1.3) (< netstandard2.0) (< win8) (< wpa81) (< xamarinmac) (< xamarintvos) (< xamarinwatchos)) (&& (< monoandroid) (< monotouch) (< net20) (>= netstandard1.5) (< netstandard2.0) (< win8) (< wpa81) (< xamarinmac) (< xamarintvos) (< xamarinwatchos)) (&& (< monoandroid) (< net20) (< netstandard1.3) (>= netstandard1.5) (< win8) (< wpa81)) (&& (< net45) (>= net46) (< netstandard1.4)) (&& (< net45) (>= netstandard1.1) (< netstandard1.2) (< win8)) (&& (< net45) (>= netstandard1.2) (< netstandard1.3) (< win8) (< wpa81)) (&& (< net45) (>= netstandard1.3) (< netstandard1.4) (< win8) (< wpa81)) (&& (< net45) (>= netstandard1.4) (< netstandard1.5) (< win8) (< wpa81)) (&& (< net45) (>= netstandard1.5) (< netstandard1.6) (< win8) (< wpa81)) (&& (< net45) (>= netstandard1.6) (< netstandard2.0)) (&& (>= netstandard1.1) (< portable-net45+win8+wpa81)) (&& (< netstandard1.5) (>= uap10.0) (< uap10.1))
      System.Collections (>= 4.3) - restriction: || (>= dnxcore50) (&& (< monoandroid) (< monotouch) (< net45) (>= netstandard1.6) (< win8) (< wpa81) (< xamarinios) (< xamarinmac) (< xamarintvos) (< xamarinwatchos)) (&& (< monoandroid) (< net45) (>= netstandard1.0) (< netstandard1.6) (< win8) (< wp8) (< wpa81))
      System.Diagnostics.Debug (>= 4.3) - restriction: || (>= dnxcore50) (&& (< monoandroid) (< monotouch) (< net45) (>= netstandard1.6) (< win8) (< wpa81) (< xamarinios) (< xamarinmac) (< xamarintvos) (< xamarinwatchos))
      System.Resources.ResourceManager (>= 4.3) - restriction: || (>= dnxcore50) (&& (< monoandroid) (< monotouch) (< net45) (>= netstandard1.6) (< win8) (< wpa81) (< xamarinios) (< xamarinmac) (< xamarintvos) (< xamarinwatchos))
      System.Runtime (>= 4.3) - restriction: || (>= dnxcore50) (&& (< monoandroid) (< monotouch) (< net45) (>= netstandard1.6) (< win8) (< wpa81) (< xamarinios) (< xamarinmac) (< xamarintvos) (< xamarinwatchos)) (&& (< monoandroid) (< net45) (>= netstandard1.0) (< netstandard1.6) (< win8) (< wp8) (< wpa81))
      System.Runtime.Extensions (>= 4.3) - restriction: || (>= dnxcore50) (&& (< monoandroid) (< monotouch) (< net45) (>= netstandard1.6) (< win8) (< wpa81) (< xamarinios) (< xamarinmac) (< xamarintvos) (< xamarinwatchos))
    System.Linq.Expressions (4.3) - restriction: || (&& (>= dnxcore50) (>= netstandard1.0)) (&& (>= dnxcore50) (>= netstandard1.3)) (&& (>= dnxcore50) (>= netstandard1.6)) (&& (< monoandroid) (< monotouch) (< net20) (>= netstandard1.3) (< netstandard2.0) (< win8) (< wpa81) (< xamarinmac) (< xamarintvos) (< xamarinwatchos)) (&& (< monoandroid) (< net20) (>= netstandard1.0) (< netstandard1.3) (< win8) (< wp8) (< wpa81)) (&& (< monoandroid) (< net45) (< netstandard1.3) (>= netstandard1.6) (< win8) (< wpa81)) (&& (< net45) (>= netstandard1.1) (< netstandard1.2) (< win8)) (&& (< net45) (>= netstandard1.2) (< netstandard1.3) (< win8) (< wpa81)) (&& (< net45) (>= netstandard1.3) (< netstandard1.4) (< win8) (< wpa81)) (&& (< net45) (>= netstandard1.4) (< netstandard1.5) (< win8) (< wpa81)) (&& (< net45) (>= netstandard1.5) (< netstandard1.6) (< win8) (< wpa81)) (&& (< net45) (>= netstandard1.6) (< netstandard2.0)) (&& (>= netstandard1.1) (< portable-net45+win8+wpa81)) (&& (< netstandard1.5) (>= uap10.0) (< uap10.1))
      System.Collections (>= 4.3) - restriction: || (>= dnxcore50) (&& (< monoandroid) (< monotouch) (< net45) (>= netstandard1.6) (< win8) (< wpa81) (< xamarinios) (< xamarinmac) (< xamarintvos) (< xamarinwatchos))
      System.Diagnostics.Debug (>= 4.3) - restriction: || (>= dnxcore50) (&& (< monoandroid) (< monotouch) (< net45) (>= netstandard1.6) (< win8) (< wpa81) (< xamarinios) (< xamarinmac) (< xamarintvos) (< xamarinwatchos))
      System.Globalization (>= 4.3) - restriction: || (>= dnxcore50) (&& (< monoandroid) (< monotouch) (< net45) (>= netstandard1.6) (< win8) (< wpa81) (< xamarinios) (< xamarinmac) (< xamarintvos) (< xamarinwatchos))
      System.IO (>= 4.3) - restriction: || (>= dnxcore50) (&& (< monoandroid) (< monotouch) (< net45) (>= netstandard1.6) (< win8) (< wpa81) (< xamarinios) (< xamarinmac) (< xamarintvos) (< xamarinwatchos))
      System.Linq (>= 4.3) - restriction: || (>= dnxcore50) (&& (< monoandroid) (< monotouch) (< net45) (>= netstandard1.6) (< win8) (< wpa81) (< xamarinios) (< xamarinmac) (< xamarintvos) (< xamarinwatchos))
      System.ObjectModel (>= 4.3) - restriction: && (< monoandroid) (< monotouch) (< net45) (>= netstandard1.6) (< win8) (< wpa81) (< xamarinios) (< xamarinmac) (< xamarintvos) (< xamarinwatchos)
      System.Reflection (>= 4.3) - restriction: || (>= dnxcore50) (&& (< monoandroid) (< monotouch) (< net45) (>= netstandard1.6) (< win8) (< wpa81) (< xamarinios) (< xamarinmac) (< xamarintvos) (< xamarinwatchos)) (&& (< monoandroid) (< net45) (>= netstandard1.0) (< netstandard1.3) (< win8) (< wp8) (< wpa81)) (&& (< monoandroid) (< net45) (>= netstandard1.3) (< netstandard1.6) (< win8) (< wpa81))
      System.Reflection.Emit (>= 4.3) - restriction: && (< monoandroid) (< monotouch) (< net45) (>= netstandard1.6) (< win8) (< wpa81) (< xamarinios) (< xamarinmac) (< xamarintvos) (< xamarinwatchos)
      System.Reflection.Emit.ILGeneration (>= 4.3) - restriction: || (>= dnxcore50) (&& (< monoandroid) (< monotouch) (< net45) (>= netstandard1.6) (< win8) (< wpa81) (< xamarinios) (< xamarinmac) (< xamarintvos) (< xamarinwatchos))
      System.Reflection.Emit.Lightweight (>= 4.3) - restriction: || (>= dnxcore50) (&& (< monoandroid) (< monotouch) (< net45) (>= netstandard1.6) (< win8) (< wpa81) (< xamarinios) (< xamarinmac) (< xamarintvos) (< xamarinwatchos))
      System.Reflection.Extensions (>= 4.3) - restriction: || (>= dnxcore50) (&& (< monoandroid) (< monotouch) (< net45) (>= netstandard1.6) (< win8) (< wpa81) (< xamarinios) (< xamarinmac) (< xamarintvos) (< xamarinwatchos))
      System.Reflection.Primitives (>= 4.3) - restriction: || (>= dnxcore50) (&& (< monoandroid) (< monotouch) (< net45) (>= netstandard1.6) (< win8) (< wpa81) (< xamarinios) (< xamarinmac) (< xamarintvos) (< xamarinwatchos))
      System.Reflection.TypeExtensions (>= 4.3) - restriction: || (>= dnxcore50) (&& (< monoandroid) (< monotouch) (< net45) (>= netstandard1.6) (< win8) (< wpa81) (< xamarinios) (< xamarinmac) (< xamarintvos) (< xamarinwatchos))
      System.Resources.ResourceManager (>= 4.3) - restriction: || (>= dnxcore50) (&& (< monoandroid) (< monotouch) (< net45) (>= netstandard1.6) (< win8) (< wpa81) (< xamarinios) (< xamarinmac) (< xamarintvos) (< xamarinwatchos))
      System.Runtime (>= 4.3) - restriction: || (>= dnxcore50) (&& (< monoandroid) (< monotouch) (< net45) (>= netstandard1.6) (< win8) (< wpa81) (< xamarinios) (< xamarinmac) (< xamarintvos) (< xamarinwatchos)) (&& (< monoandroid) (< net45) (>= netstandard1.0) (< netstandard1.3) (< win8) (< wp8) (< wpa81)) (&& (< monoandroid) (< net45) (>= netstandard1.3) (< netstandard1.6) (< win8) (< wpa81))
      System.Runtime.Extensions (>= 4.3) - restriction: || (>= dnxcore50) (&& (< monoandroid) (< monotouch) (< net45) (>= netstandard1.6) (< win8) (< wpa81) (< xamarinios) (< xamarinmac) (< xamarintvos) (< xamarinwatchos))
      System.Threading (>= 4.3) - restriction: || (>= dnxcore50) (&& (< monoandroid) (< monotouch) (< net45) (>= netstandard1.6) (< win8) (< wpa81) (< xamarinios) (< xamarinmac) (< xamarintvos) (< xamarinwatchos))
    System.Linq.Queryable (4.3) - restriction: && (< net45) (>= netstandard1.6) (< netstandard2.0)
      System.Collections (>= 4.3) - restriction: || (>= dnxcore50) (&& (< monoandroid) (< monotouch) (< net45) (>= netstandard1.3) (< win8) (< wpa81) (< xamarinios) (< xamarinmac) (< xamarintvos) (< xamarinwatchos))
      System.Diagnostics.Debug (>= 4.3) - restriction: || (>= dnxcore50) (&& (< monoandroid) (< monotouch) (< net45) (>= netstandard1.3) (< win8) (< wpa81) (< xamarinios) (< xamarinmac) (< xamarintvos) (< xamarinwatchos))
      System.Linq (>= 4.3) - restriction: || (>= dnxcore50) (&& (< monoandroid) (< monotouch) (< net45) (>= netstandard1.3) (< win8) (< wpa81) (< xamarinios) (< xamarinmac) (< xamarintvos) (< xamarinwatchos)) (&& (< monoandroid) (< net45) (>= netstandard1.0) (< netstandard1.3) (< win8) (< wp8) (< wpa81))
      System.Linq.Expressions (>= 4.3) - restriction: || (>= dnxcore50) (&& (< monoandroid) (< monotouch) (< net45) (>= netstandard1.3) (< win8) (< wpa81) (< xamarinios) (< xamarinmac) (< xamarintvos) (< xamarinwatchos)) (&& (< monoandroid) (< net45) (>= netstandard1.0) (< netstandard1.3) (< win8) (< wp8) (< wpa81))
      System.Reflection (>= 4.3) - restriction: || (>= dnxcore50) (&& (< monoandroid) (< monotouch) (< net45) (>= netstandard1.3) (< win8) (< wpa81) (< xamarinios) (< xamarinmac) (< xamarintvos) (< xamarinwatchos))
      System.Reflection.Extensions (>= 4.3) - restriction: || (>= dnxcore50) (&& (< monoandroid) (< monotouch) (< net45) (>= netstandard1.3) (< win8) (< wpa81) (< xamarinios) (< xamarinmac) (< xamarintvos) (< xamarinwatchos))
      System.Resources.ResourceManager (>= 4.3) - restriction: || (>= dnxcore50) (&& (< monoandroid) (< monotouch) (< net45) (>= netstandard1.3) (< win8) (< wpa81) (< xamarinios) (< xamarinmac) (< xamarintvos) (< xamarinwatchos))
      System.Runtime (>= 4.3) - restriction: || (>= dnxcore50) (&& (< monoandroid) (< monotouch) (< net45) (>= netstandard1.3) (< win8) (< wpa81) (< xamarinios) (< xamarinmac) (< xamarintvos) (< xamarinwatchos)) (&& (< monoandroid) (< net45) (>= netstandard1.0) (< netstandard1.3) (< win8) (< wp8) (< wpa81))
    System.Memory (4.5.2) - restriction: || (&& (< monoandroid) (< net45) (< netcoreapp2.0) (>= netstandard2.0) (< xamarinios)) (&& (>= netcoreapp2.0) (< netcoreapp2.1)) (&& (>= netstandard2.0) (>= uap10.1))
      System.Buffers (>= 4.4) - restriction: || (&& (>= monoandroid) (< netstandard2.0)) (&& (< monoandroid) (< net45) (>= netstandard1.1) (< netstandard2.0) (< win8) (< wpa81)) (&& (< monoandroid) (< netstandard1.1) (>= portable-net45+win8+wpa81) (< win8)) (>= monotouch) (&& (>= net45) (< netstandard2.0)) (&& (< net45) (< netcoreapp2.0) (>= netstandard2.0)) (>= net461) (&& (< netstandard1.1) (>= win8)) (&& (< netstandard2.0) (< uap10.1) (>= wpa81)) (>= xamarinios) (>= xamarinmac) (>= xamarintvos) (>= xamarinwatchos)
      System.Numerics.Vectors (>= 4.4) - restriction: || (&& (< net45) (< netcoreapp2.0) (>= netstandard2.0) (< xamarinios)) (>= net461)
      System.Runtime.CompilerServices.Unsafe (>= 4.5.2) - restriction: || (&& (>= monoandroid) (< netstandard2.0)) (&& (< monoandroid) (< net45) (>= netstandard1.1) (< netstandard2.0) (< win8) (< wpa81)) (&& (< monoandroid) (< netstandard1.1) (>= portable-net45+win8+wpa81) (< win8)) (>= monotouch) (&& (>= net45) (< netstandard2.0)) (&& (< net45) (< netcoreapp2.0) (>= netstandard2.0)) (>= net461) (&& (>= netcoreapp2.0) (< netcoreapp2.1)) (&& (< netstandard1.1) (>= win8)) (&& (< netstandard2.0) (>= wpa81)) (>= uap10.1) (>= xamarinios) (>= xamarinmac) (>= xamarintvos) (>= xamarinwatchos)
    System.Net.Http (4.3.4) - restriction: || (&& (>= dnxcore50) (>= netstandard1.6)) (&& (< net45) (>= net46) (< netstandard1.4)) (&& (< net45) (>= netstandard1.1) (< netstandard1.2) (< win8)) (&& (< net45) (>= netstandard1.2) (< netstandard1.3) (< win8) (< wpa81)) (&& (< net45) (>= netstandard1.3) (< netstandard1.4) (< win8) (< wpa81)) (&& (< net45) (>= netstandard1.4) (< netstandard1.5) (< win8) (< wpa81)) (&& (< net45) (>= netstandard1.5) (< netstandard1.6) (< win8) (< wpa81)) (&& (< net45) (>= netstandard1.6) (< netstandard2.0) (< win8) (< wpa81)) (&& (< netstandard1.5) (>= uap10.0) (< uap10.1))
      Microsoft.NETCore.Platforms (>= 1.1.1) - restriction: || (>= dnxcore50) (&& (< monoandroid) (< monotouch) (< net45) (>= netstandard1.6) (< xamarinios) (< xamarinmac) (< xamarintvos) (< xamarinwatchos)) (&& (< monoandroid) (< net45) (>= netstandard1.3) (< netstandard1.6) (< win8) (< wpa81))
      Microsoft.Win32.Primitives (>= 4.3) - restriction: && (< monoandroid) (< net45) (>= netstandard1.3) (< netstandard1.6) (< win8) (< wpa81)
      runtime.native.System (>= 4.3) - restriction: && (< monoandroid) (< monotouch) (< net45) (>= netstandard1.6) (< xamarinios) (< xamarinmac) (< xamarintvos) (< xamarinwatchos)
      runtime.native.System.Net.Http (>= 4.3) - restriction: && (< monoandroid) (< monotouch) (< net45) (>= netstandard1.6) (< xamarinios) (< xamarinmac) (< xamarintvos) (< xamarinwatchos)
      runtime.native.System.Security.Cryptography.OpenSsl (>= 4.3.2) - restriction: && (< monoandroid) (< monotouch) (< net45) (>= netstandard1.6) (< xamarinios) (< xamarinmac) (< xamarintvos) (< xamarinwatchos)
      System.Collections (>= 4.3) - restriction: || (>= dnxcore50) (&& (< monoandroid) (< monotouch) (< net45) (>= netstandard1.6) (< xamarinios) (< xamarinmac) (< xamarintvos) (< xamarinwatchos)) (&& (< monoandroid) (< net45) (>= netstandard1.3) (< netstandard1.6) (< win8) (< wpa81))
      System.Diagnostics.Debug (>= 4.3) - restriction: || (>= dnxcore50) (&& (< monoandroid) (< monotouch) (< net45) (>= netstandard1.6) (< xamarinios) (< xamarinmac) (< xamarintvos) (< xamarinwatchos)) (&& (< monoandroid) (< net45) (>= netstandard1.3) (< netstandard1.6) (< win8) (< wpa81))
      System.Diagnostics.DiagnosticSource (>= 4.3) - restriction: || (>= dnxcore50) (&& (< monoandroid) (< monotouch) (< net45) (>= netstandard1.6) (< xamarinios) (< xamarinmac) (< xamarintvos) (< xamarinwatchos)) (&& (< monoandroid) (< net45) (>= netstandard1.3) (< netstandard1.6) (< win8) (< wpa81))
      System.Diagnostics.Tracing (>= 4.3) - restriction: || (>= dnxcore50) (&& (< monoandroid) (< monotouch) (< net45) (>= netstandard1.6) (< xamarinios) (< xamarinmac) (< xamarintvos) (< xamarinwatchos)) (&& (< monoandroid) (< net45) (>= netstandard1.3) (< netstandard1.6) (< win8) (< wpa81))
      System.Globalization (>= 4.3) - restriction: || (>= dnxcore50) (&& (< monoandroid) (< monotouch) (< net45) (>= netstandard1.6) (< xamarinios) (< xamarinmac) (< xamarintvos) (< xamarinwatchos)) (&& (< monoandroid) (< net45) (>= netstandard1.3) (< netstandard1.6) (< win8) (< wpa81))
      System.Globalization.Extensions (>= 4.3) - restriction: && (< monoandroid) (< monotouch) (< net45) (>= netstandard1.6) (< xamarinios) (< xamarinmac) (< xamarintvos) (< xamarinwatchos)
      System.IO (>= 4.3) - restriction: || (>= dnxcore50) (&& (< monoandroid) (< monotouch) (< net45) (>= netstandard1.6) (< xamarinios) (< xamarinmac) (< xamarintvos) (< xamarinwatchos)) (&& (< monoandroid) (< net45) (>= netstandard1.1) (< netstandard1.3) (< win8) (< wpa81)) (&& (< monoandroid) (< net45) (>= netstandard1.3) (< netstandard1.6) (< win8) (< wpa81))
      System.IO.Compression (>= 4.3) - restriction: && (< monoandroid) (< net45) (>= netstandard1.3) (< netstandard1.6) (< win8) (< wpa81)
      System.IO.FileSystem (>= 4.3) - restriction: && (< monoandroid) (< monotouch) (< net45) (>= netstandard1.6) (< xamarinios) (< xamarinmac) (< xamarintvos) (< xamarinwatchos)
      System.Net.Primitives (>= 4.3) - restriction: || (>= dnxcore50) (&& (< monoandroid) (< monotouch) (< net45) (>= netstandard1.6) (< xamarinios) (< xamarinmac) (< xamarintvos) (< xamarinwatchos)) (&& (< monoandroid) (< net45) (>= netstandard1.1) (< netstandard1.3) (< win8) (< wpa81)) (&& (< monoandroid) (< net45) (>= netstandard1.3) (< netstandard1.6) (< win8) (< wpa81))
      System.Resources.ResourceManager (>= 4.3) - restriction: || (>= dnxcore50) (&& (< monoandroid) (< monotouch) (< net45) (>= netstandard1.6) (< xamarinios) (< xamarinmac) (< xamarintvos) (< xamarinwatchos)) (&& (< monoandroid) (< net45) (>= netstandard1.3) (< netstandard1.6) (< win8) (< wpa81))
      System.Runtime (>= 4.3) - restriction: || (>= dnxcore50) (&& (< monoandroid) (< monotouch) (< net45) (>= netstandard1.6) (< xamarinios) (< xamarinmac) (< xamarintvos) (< xamarinwatchos)) (&& (< monoandroid) (< net45) (>= netstandard1.1) (< netstandard1.3) (< win8) (< wpa81)) (&& (< monoandroid) (< net45) (>= netstandard1.3) (< netstandard1.6) (< win8) (< wpa81))
      System.Runtime.Extensions (>= 4.3) - restriction: || (>= dnxcore50) (&& (< monoandroid) (< monotouch) (< net45) (>= netstandard1.6) (< xamarinios) (< xamarinmac) (< xamarintvos) (< xamarinwatchos)) (&& (< monoandroid) (< net45) (>= netstandard1.3) (< netstandard1.6) (< win8) (< wpa81))
      System.Runtime.Handles (>= 4.3) - restriction: || (&& (< monoandroid) (< monotouch) (< net45) (>= netstandard1.6) (< xamarinios) (< xamarinmac) (< xamarintvos) (< xamarinwatchos)) (&& (< monoandroid) (< net45) (>= netstandard1.3) (< netstandard1.6) (< win8) (< wpa81))
      System.Runtime.InteropServices (>= 4.3) - restriction: || (>= dnxcore50) (&& (< monoandroid) (< monotouch) (< net45) (>= netstandard1.6) (< xamarinios) (< xamarinmac) (< xamarintvos) (< xamarinwatchos)) (&& (< monoandroid) (< net45) (>= netstandard1.3) (< netstandard1.6) (< win8) (< wpa81))
      System.Security.Cryptography.Algorithms (>= 4.3) - restriction: && (< monoandroid) (< monotouch) (< net45) (>= netstandard1.6) (< xamarinios) (< xamarinmac) (< xamarintvos) (< xamarinwatchos)
      System.Security.Cryptography.Encoding (>= 4.3) - restriction: || (&& (< monoandroid) (< monotouch) (< net45) (>= netstandard1.6) (< xamarinios) (< xamarinmac) (< xamarintvos) (< xamarinwatchos)) (&& (< monoandroid) (< net45) (>= netstandard1.3) (< netstandard1.6) (< win8) (< wpa81))
      System.Security.Cryptography.OpenSsl (>= 4.3) - restriction: && (< monoandroid) (< monotouch) (< net45) (>= netstandard1.6) (< xamarinios) (< xamarinmac) (< xamarintvos) (< xamarinwatchos)
      System.Security.Cryptography.Primitives (>= 4.3) - restriction: && (< monoandroid) (< monotouch) (< net45) (>= netstandard1.6) (< xamarinios) (< xamarinmac) (< xamarintvos) (< xamarinwatchos)
      System.Security.Cryptography.X509Certificates (>= 4.3) - restriction: || (>= dnxcore50) (&& (< monoandroid) (< monotouch) (< net45) (>= netstandard1.6) (< xamarinios) (< xamarinmac) (< xamarintvos) (< xamarinwatchos)) (&& (< monoandroid) (< net45) (>= netstandard1.3) (< netstandard1.6) (< win8) (< wpa81)) (>= net46)
      System.Text.Encoding (>= 4.3) - restriction: || (>= dnxcore50) (&& (< monoandroid) (< monotouch) (< net45) (>= netstandard1.6) (< xamarinios) (< xamarinmac) (< xamarintvos) (< xamarinwatchos)) (&& (< monoandroid) (< net45) (>= netstandard1.1) (< netstandard1.3) (< win8) (< wpa81)) (&& (< monoandroid) (< net45) (>= netstandard1.3) (< netstandard1.6) (< win8) (< wpa81))
      System.Threading (>= 4.3) - restriction: || (>= dnxcore50) (&& (< monoandroid) (< monotouch) (< net45) (>= netstandard1.6) (< xamarinios) (< xamarinmac) (< xamarintvos) (< xamarinwatchos)) (&& (< monoandroid) (< net45) (>= netstandard1.3) (< netstandard1.6) (< win8) (< wpa81))
      System.Threading.Tasks (>= 4.3) - restriction: || (>= dnxcore50) (&& (< monoandroid) (< monotouch) (< net45) (>= netstandard1.6) (< xamarinios) (< xamarinmac) (< xamarintvos) (< xamarinwatchos)) (&& (< monoandroid) (< net45) (>= netstandard1.1) (< netstandard1.3) (< win8) (< wpa81)) (&& (< monoandroid) (< net45) (>= netstandard1.3) (< netstandard1.6) (< win8) (< wpa81))
    System.Net.Primitives (4.3) - restriction: || (&& (>= dnxcore50) (>= net46)) (&& (>= dnxcore50) (>= netstandard1.1)) (&& (>= dnxcore50) (>= netstandard1.2)) (&& (>= dnxcore50) (>= netstandard1.3)) (&& (>= dnxcore50) (>= netstandard1.4)) (&& (>= dnxcore50) (>= netstandard1.5)) (&& (>= dnxcore50) (>= netstandard1.6)) (&& (>= dnxcore50) (>= uap10.0)) (&& (< monoandroid) (< net45) (< netstandard1.2) (>= netstandard1.3) (< win8)) (&& (< monoandroid) (< net45) (< netstandard1.2) (>= netstandard1.6) (< win8)) (&& (< monoandroid) (< net45) (< netstandard1.3) (>= netstandard1.4) (< win8) (< wpa81)) (&& (< monoandroid) (< net45) (< netstandard1.3) (>= netstandard1.5) (< win8) (< wpa81)) (&& (< monoandroid) (< net45) (< netstandard1.3) (>= netstandard1.6) (< win8) (< wpa81)) (&& (< monoandroid) (< net45) (< netstandard1.4) (>= netstandard1.6) (< win8) (< wpa81)) (&& (< monoandroid) (< net45) (< netstandard1.5) (>= netstandard1.6) (< win8) (< wpa81)) (&& (< monoandroid) (< netstandard1.1) (>= netstandard1.6) (< win8)) (&& (< net45) (>= net46) (< netstandard1.3)) (&& (< net45) (>= net46) (< netstandard1.4)) (&& (< net45) (>= netstandard1.1) (< netstandard1.2) (< win8)) (&& (< net45) (>= netstandard1.2) (< netstandard1.3) (< win8) (< wpa81)) (&& (< net45) (>= netstandard1.3) (< netstandard1.4) (< win8) (< wpa81)) (&& (< net45) (>= netstandard1.4) (< netstandard1.5) (< win8) (< wpa81)) (&& (< net45) (>= netstandard1.5) (< netstandard1.6) (< win8) (< wpa81)) (&& (< net45) (>= netstandard1.6) (< netstandard2.0) (< win8) (< wpa81)) (&& (>= netstandard1.1) (< portable-net45+win8+wpa81)) (&& (< netstandard1.3) (>= uap10.0) (< win8) (< wpa81)) (&& (< netstandard1.5) (>= netstandard1.6) (>= uap10.0)) (&& (< netstandard1.5) (>= uap10.0) (< uap10.1)) (&& (< netstandard1.5) (>= uap10.0) (< win8) (< wpa81))
      Microsoft.NETCore.Platforms (>= 1.1) - restriction: || (>= dnxcore50) (&& (< monoandroid) (< monotouch) (< net45) (>= netstandard1.3) (< win8) (< wpa81) (< xamarinios) (< xamarinmac) (< xamarintvos) (< xamarinwatchos)) (&& (< monoandroid) (< net45) (>= netstandard1.1) (< netstandard1.3) (< win8) (< wpa81)) (&& (< monoandroid) (>= netstandard1.0) (< netstandard1.1) (< win8) (< wp8))
      Microsoft.NETCore.Targets (>= 1.1) - restriction: || (>= dnxcore50) (&& (< monoandroid) (< monotouch) (< net45) (>= netstandard1.3) (< win8) (< wpa81) (< xamarinios) (< xamarinmac) (< xamarintvos) (< xamarinwatchos)) (&& (< monoandroid) (< net45) (>= netstandard1.1) (< netstandard1.3) (< win8) (< wpa81)) (&& (< monoandroid) (>= netstandard1.0) (< netstandard1.1) (< win8) (< wp8))
      System.Runtime (>= 4.3) - restriction: || (>= dnxcore50) (&& (< monoandroid) (< monotouch) (< net45) (>= netstandard1.3) (< win8) (< wpa81) (< xamarinios) (< xamarinmac) (< xamarintvos) (< xamarinwatchos)) (&& (< monoandroid) (< net45) (>= netstandard1.1) (< netstandard1.3) (< win8) (< wpa81)) (&& (< monoandroid) (>= netstandard1.0) (< netstandard1.1) (< win8) (< wp8))
      System.Runtime.Handles (>= 4.3) - restriction: || (>= dnxcore50) (&& (< monoandroid) (< monotouch) (< net45) (>= netstandard1.3) (< win8) (< wpa81) (< xamarinios) (< xamarinmac) (< xamarintvos) (< xamarinwatchos))
    System.Net.Requests (4.3) - restriction: && (< net45) (>= netstandard1.6) (< netstandard2.0)
      Microsoft.NETCore.Platforms (>= 1.1) - restriction: && (< monoandroid) (< monotouch) (< net45) (>= netstandard1.3) (< win8) (< wpa81) (< xamarinios) (< xamarinmac) (< xamarintvos) (< xamarinwatchos)
      System.Collections (>= 4.3) - restriction: || (>= dnxcore50) (&& (< monoandroid) (< monotouch) (< net45) (>= netstandard1.3) (< win8) (< wpa81) (< xamarinios) (< xamarinmac) (< xamarintvos) (< xamarinwatchos))
      System.Diagnostics.Debug (>= 4.3) - restriction: || (>= dnxcore50) (&& (< monoandroid) (< monotouch) (< net45) (>= netstandard1.3) (< win8) (< wpa81) (< xamarinios) (< xamarinmac) (< xamarintvos) (< xamarinwatchos))
      System.Diagnostics.Tracing (>= 4.3) - restriction: || (>= dnxcore50) (&& (< monoandroid) (< monotouch) (< net45) (>= netstandard1.3) (< win8) (< wpa81) (< xamarinios) (< xamarinmac) (< xamarintvos) (< xamarinwatchos))
      System.Globalization (>= 4.3) - restriction: || (>= dnxcore50) (&& (< monoandroid) (< monotouch) (< net45) (>= netstandard1.3) (< win8) (< wpa81) (< xamarinios) (< xamarinmac) (< xamarintvos) (< xamarinwatchos))
      System.IO (>= 4.3) - restriction: || (>= dnxcore50) (&& (< monoandroid) (< monotouch) (< net45) (>= netstandard1.3) (< win8) (< wpa81) (< xamarinios) (< xamarinmac) (< xamarintvos) (< xamarinwatchos)) (&& (< monoandroid) (< net45) (>= netstandard1.1) (< netstandard1.3) (< win8) (< wpa81)) (&& (< monoandroid) (>= netstandard1.0) (< netstandard1.1) (< win8) (< wp8))
      System.Net.Http (>= 4.3) - restriction: || (>= dnxcore50) (&& (< monoandroid) (< monotouch) (< net45) (>= netstandard1.3) (< win8) (< wpa81) (< xamarinios) (< xamarinmac) (< xamarintvos) (< xamarinwatchos))
      System.Net.Primitives (>= 4.3) - restriction: || (>= dnxcore50) (&& (< monoandroid) (< monotouch) (< net45) (>= netstandard1.3) (< win8) (< wpa81) (< xamarinios) (< xamarinmac) (< xamarintvos) (< xamarinwatchos)) (&& (< monoandroid) (< net45) (>= netstandard1.1) (< netstandard1.3) (< win8) (< wpa81)) (&& (< monoandroid) (>= netstandard1.0) (< netstandard1.1) (< win8) (< wp8))
      System.Net.WebHeaderCollection (>= 4.3) - restriction: || (>= dnxcore50) (&& (< monoandroid) (< monotouch) (< net45) (>= netstandard1.3) (< win8) (< wpa81) (< xamarinios) (< xamarinmac) (< xamarintvos) (< xamarinwatchos))
      System.Resources.ResourceManager (>= 4.3) - restriction: || (>= dnxcore50) (&& (< monoandroid) (< monotouch) (< net45) (>= netstandard1.3) (< win8) (< wpa81) (< xamarinios) (< xamarinmac) (< xamarintvos) (< xamarinwatchos))
      System.Runtime (>= 4.3) - restriction: || (>= dnxcore50) (&& (< monoandroid) (< monotouch) (< net45) (>= netstandard1.3) (< win8) (< wpa81) (< xamarinios) (< xamarinmac) (< xamarintvos) (< xamarinwatchos)) (&& (< monoandroid) (< net45) (>= netstandard1.1) (< netstandard1.3) (< win8) (< wpa81)) (&& (< monoandroid) (>= netstandard1.0) (< netstandard1.1) (< win8) (< wp8))
      System.Threading (>= 4.3) - restriction: || (>= dnxcore50) (&& (< monoandroid) (< monotouch) (< net45) (>= netstandard1.3) (< win8) (< wpa81) (< xamarinios) (< xamarinmac) (< xamarintvos) (< xamarinwatchos))
      System.Threading.Tasks (>= 4.3) - restriction: || (>= dnxcore50) (&& (< monoandroid) (< monotouch) (< net45) (>= netstandard1.3) (< win8) (< wpa81) (< xamarinios) (< xamarinmac) (< xamarintvos) (< xamarinwatchos)) (&& (< monoandroid) (< net45) (>= netstandard1.1) (< netstandard1.3) (< win8) (< wpa81))
    System.Net.Sockets (4.3) - restriction: || (&& (< net45) (>= net46) (< netstandard1.4)) (&& (< net45) (>= netstandard1.3) (< netstandard1.4) (< win8) (< wpa81)) (&& (< net45) (>= netstandard1.4) (< netstandard1.5) (< win8) (< wpa81)) (&& (< net45) (>= netstandard1.5) (< netstandard1.6) (< win8) (< wpa81)) (&& (< net45) (>= netstandard1.6) (< netstandard2.0) (< win8) (< wpa81)) (&& (< netstandard1.5) (>= uap10.0) (< uap10.1))
      Microsoft.NETCore.Platforms (>= 1.1) - restriction: && (< monoandroid) (< monotouch) (< net46) (>= netstandard1.3) (< xamarinios) (< xamarinmac) (< xamarintvos) (< xamarinwatchos)
      Microsoft.NETCore.Targets (>= 1.1) - restriction: && (< monoandroid) (< monotouch) (< net46) (>= netstandard1.3) (< xamarinios) (< xamarinmac) (< xamarintvos) (< xamarinwatchos)
      System.IO (>= 4.3) - restriction: && (< monoandroid) (< monotouch) (< net46) (>= netstandard1.3) (< xamarinios) (< xamarinmac) (< xamarintvos) (< xamarinwatchos)
      System.Net.Primitives (>= 4.3) - restriction: && (< monoandroid) (< monotouch) (< net46) (>= netstandard1.3) (< xamarinios) (< xamarinmac) (< xamarintvos) (< xamarinwatchos)
      System.Runtime (>= 4.3) - restriction: && (< monoandroid) (< monotouch) (< net46) (>= netstandard1.3) (< xamarinios) (< xamarinmac) (< xamarintvos) (< xamarinwatchos)
      System.Threading.Tasks (>= 4.3) - restriction: && (< monoandroid) (< monotouch) (< net46) (>= netstandard1.3) (< xamarinios) (< xamarinmac) (< xamarintvos) (< xamarinwatchos)
    System.Net.WebHeaderCollection (4.3) - restriction: || (&& (>= dnxcore50) (>= netstandard1.6)) (&& (< monoandroid) (< monotouch) (< net45) (>= netstandard1.6) (< netstandard2.0) (< win8) (< wpa81) (< xamarinmac) (< xamarintvos) (< xamarinwatchos))
      System.Collections (>= 4.3) - restriction: && (< monoandroid) (< monotouch) (< net46) (>= netstandard1.3) (< xamarinios) (< xamarinmac) (< xamarintvos) (< xamarinwatchos)
      System.Resources.ResourceManager (>= 4.3) - restriction: && (< monoandroid) (< monotouch) (< net46) (>= netstandard1.3) (< xamarinios) (< xamarinmac) (< xamarintvos) (< xamarinwatchos)
      System.Runtime (>= 4.3) - restriction: && (< monoandroid) (< monotouch) (< net46) (>= netstandard1.3) (< xamarinios) (< xamarinmac) (< xamarintvos) (< xamarinwatchos)
      System.Runtime.Extensions (>= 4.3) - restriction: && (< monoandroid) (< monotouch) (< net46) (>= netstandard1.3) (< xamarinios) (< xamarinmac) (< xamarintvos) (< xamarinwatchos)
    System.Numerics.Vectors (4.5) - restriction: || (&& (< monoandroid) (< net45) (< netcoreapp2.0) (>= netstandard2.0) (< xamarinios)) (&& (< net45) (>= net461) (>= netstandard2.0)) (&& (>= net461) (>= netcoreapp2.0)) (&& (>= netstandard2.0) (>= uap10.1))
    System.ObjectModel (4.3) - restriction: || (&& (>= dnxcore50) (>= netstandard1.0)) (&& (>= dnxcore50) (>= netstandard1.3)) (&& (< monoandroid) (< monotouch) (< net20) (>= netstandard1.3) (< netstandard2.0) (< win8) (< wpa81) (< xamarinmac) (< xamarintvos) (< xamarinwatchos)) (&& (< monoandroid) (< net20) (>= netstandard1.0) (< netstandard1.3) (< win8) (< wp8) (< wpa81)) (&& (< net45) (>= netstandard1.1) (< netstandard1.2) (< win8)) (&& (< net45) (>= netstandard1.2) (< netstandard1.3) (< win8) (< wpa81)) (&& (< net45) (>= netstandard1.3) (< netstandard1.4) (< win8) (< wpa81)) (&& (< net45) (>= netstandard1.4) (< netstandard1.5) (< win8) (< wpa81)) (&& (< net45) (>= netstandard1.5) (< netstandard1.6) (< win8) (< wpa81)) (&& (< net45) (>= netstandard1.6) (< netstandard2.0) (< win8) (< wpa81)) (&& (>= netstandard1.1) (< portable-net45+win8+wpa81)) (&& (< netstandard1.5) (>= uap10.0) (< uap10.1))
      System.Collections (>= 4.3) - restriction: || (>= dnxcore50) (&& (< monoandroid) (< monotouch) (< net45) (>= netstandard1.3) (< win8) (< wpa81) (< xamarinios) (< xamarinmac) (< xamarintvos) (< xamarinwatchos))
      System.Diagnostics.Debug (>= 4.3) - restriction: || (>= dnxcore50) (&& (< monoandroid) (< monotouch) (< net45) (>= netstandard1.3) (< win8) (< wpa81) (< xamarinios) (< xamarinmac) (< xamarintvos) (< xamarinwatchos))
      System.Resources.ResourceManager (>= 4.3) - restriction: || (>= dnxcore50) (&& (< monoandroid) (< monotouch) (< net45) (>= netstandard1.3) (< win8) (< wpa81) (< xamarinios) (< xamarinmac) (< xamarintvos) (< xamarinwatchos))
      System.Runtime (>= 4.3) - restriction: || (>= dnxcore50) (&& (< monoandroid) (< monotouch) (< net45) (>= netstandard1.3) (< win8) (< wpa81) (< xamarinios) (< xamarinmac) (< xamarintvos) (< xamarinwatchos)) (&& (< monoandroid) (< net45) (>= netstandard1.0) (< netstandard1.3) (< win8) (< wp8) (< wpa81))
      System.Threading (>= 4.3) - restriction: || (>= dnxcore50) (&& (< monoandroid) (< monotouch) (< net45) (>= netstandard1.3) (< win8) (< wpa81) (< xamarinios) (< xamarinmac) (< xamarintvos) (< xamarinwatchos))
    System.Reflection (4.3) - restriction: || (&& (>= dnxcore50) (>= netstandard1.0)) (&& (>= dnxcore50) (>= netstandard1.1)) (&& (>= dnxcore50) (>= netstandard1.2)) (&& (>= dnxcore50) (>= netstandard1.3)) (&& (>= dnxcore50) (>= netstandard1.4)) (&& (>= dnxcore50) (>= netstandard1.5)) (&& (>= dnxcore50) (>= netstandard1.6)) (&& (>= dnxcore50) (>= uap10.0)) (&& (< monoandroid) (< monotouch) (< net20) (>= netstandard1.4) (< netstandard2.0) (< xamarinmac) (< xamarintvos) (< xamarinwatchos)) (&& (< monoandroid) (< monotouch) (< net20) (>= netstandard1.5) (< netstandard2.0) (< win8) (< wpa81) (< xamarinmac) (< xamarintvos) (< xamarinwatchos)) (&& (< monoandroid) (< net20) (>= netstandard1.0) (< netstandard1.3) (< win8) (< wp8) (< wpa81)) (&& (< monoandroid) (< net20) (>= netstandard1.3) (< netstandard1.5) (< win8) (< wpa81)) (&& (< monoandroid) (< net20) (< netstandard1.3) (>= netstandard1.5) (< win8) (< wpa81)) (&& (< monoandroid) (< net45) (< netstandard1.2) (>= netstandard1.3) (< win8)) (&& (< monoandroid) (< net45) (< netstandard1.2) (>= netstandard1.4) (< win8)) (&& (< monoandroid) (< net45) (< netstandard1.2) (>= netstandard1.5) (< win8)) (&& (< monoandroid) (< net45) (< netstandard1.2) (>= netstandard1.6) (< win8)) (&& (< monoandroid) (< net45) (< netstandard1.3) (>= netstandard1.4) (< win8) (< wpa81)) (&& (< monoandroid) (< net45) (< netstandard1.3) (>= netstandard1.5) (< win8) (< wpa81)) (&& (< monoandroid) (< net45) (< netstandard1.3) (>= netstandard1.6) (< win8) (< wpa81)) (&& (< monoandroid) (< net45) (< netstandard1.4) (>= netstandard1.5) (< win8) (< wpa81)) (&& (< monoandroid) (< net45) (< netstandard1.4) (>= netstandard1.6) (< win8) (< wpa81)) (&& (< monoandroid) (< net45) (< netstandard1.5) (>= netstandard1.6) (< win8) (< wpa81)) (&& (< monoandroid) (< net45) (>= netstandard2.0) (< xamarinios)) (&& (< net45) (>= net46) (< netstandard1.4) (>= netstandard1.6)) (&& (< net45) (>= netstandard1.1) (< netstandard1.2) (< win8)) (&& (< net45) (>= netstandard1.2) (< netstandard1.3) (< win8) (< wpa81)) (&& (< net45) (>= netstandard1.3) (< netstandard1.4) (< win8) (< wpa81)) (&& (< net45) (>= netstandard1.4) (< netstandard1.5) (< win8) (< wpa81)) (&& (< net45) (>= netstandard1.5) (< netstandard1.6) (< win8) (< wpa81)) (&& (< net45) (>= netstandard1.6) (< netstandard2.0)) (&& (>= netcoreapp1.1) (< netstandard1.2)) (&& (>= netcoreapp1.1) (< netstandard1.3)) (&& (>= netcoreapp1.1) (< netstandard1.4)) (&& (>= netcoreapp1.1) (< netstandard1.5)) (&& (>= netcoreapp1.1) (< netstandard1.6)) (&& (>= netcoreapp1.1) (< netstandard2.0)) (&& (>= netstandard1.1) (< portable-net45+win8+wpa81)) (&& (< netstandard1.2) (>= uap10.0) (< win8)) (&& (< netstandard1.3) (>= uap10.0) (< win8) (< wpa81)) (&& (< netstandard1.5) (>= netstandard1.6) (>= uap10.0)) (&& (< netstandard1.5) (>= uap10.0) (< uap10.1)) (&& (< netstandard1.5) (>= uap10.0) (< win8) (< wpa81))
      Microsoft.NETCore.Platforms (>= 1.1) - restriction: || (>= dnxcore50) (&& (< monoandroid) (< monotouch) (< net45) (>= netstandard1.5) (< win8) (< wpa81) (< xamarinios) (< xamarinmac) (< xamarintvos) (< xamarinwatchos)) (&& (< monoandroid) (< net45) (>= netstandard1.0) (< netstandard1.3) (< win8) (< wp8) (< wpa81)) (&& (< monoandroid) (< net45) (>= netstandard1.3) (< netstandard1.5) (< win8) (< wpa81))
      Microsoft.NETCore.Targets (>= 1.1) - restriction: || (>= dnxcore50) (&& (< monoandroid) (< monotouch) (< net45) (>= netstandard1.5) (< win8) (< wpa81) (< xamarinios) (< xamarinmac) (< xamarintvos) (< xamarinwatchos)) (&& (< monoandroid) (< net45) (>= netstandard1.0) (< netstandard1.3) (< win8) (< wp8) (< wpa81)) (&& (< monoandroid) (< net45) (>= netstandard1.3) (< netstandard1.5) (< win8) (< wpa81))
      System.IO (>= 4.3) - restriction: || (>= dnxcore50) (&& (< monoandroid) (< monotouch) (< net45) (>= netstandard1.5) (< win8) (< wpa81) (< xamarinios) (< xamarinmac) (< xamarintvos) (< xamarinwatchos)) (&& (< monoandroid) (< net45) (>= netstandard1.0) (< netstandard1.3) (< win8) (< wp8) (< wpa81)) (&& (< monoandroid) (< net45) (>= netstandard1.3) (< netstandard1.5) (< win8) (< wpa81))
      System.Reflection.Primitives (>= 4.3) - restriction: || (>= dnxcore50) (&& (< monoandroid) (< monotouch) (< net45) (>= netstandard1.5) (< win8) (< wpa81) (< xamarinios) (< xamarinmac) (< xamarintvos) (< xamarinwatchos)) (&& (< monoandroid) (< net45) (>= netstandard1.0) (< netstandard1.3) (< win8) (< wp8) (< wpa81)) (&& (< monoandroid) (< net45) (>= netstandard1.3) (< netstandard1.5) (< win8) (< wpa81))
      System.Runtime (>= 4.3) - restriction: || (>= dnxcore50) (&& (< monoandroid) (< monotouch) (< net45) (>= netstandard1.5) (< win8) (< wpa81) (< xamarinios) (< xamarinmac) (< xamarintvos) (< xamarinwatchos)) (&& (< monoandroid) (< net45) (>= netstandard1.0) (< netstandard1.3) (< win8) (< wp8) (< wpa81)) (&& (< monoandroid) (< net45) (>= netstandard1.3) (< netstandard1.5) (< win8) (< wpa81))
    System.Reflection.Emit (4.3) - restriction: || (&& (>= dnxcore50) (>= netstandard1.3)) (&& (< monoandroid) (< monotouch) (< net20) (>= netstandard1.3) (< netstandard2.0) (< win8) (< wpa81) (< xamarinmac) (< xamarintvos) (< xamarinwatchos)) (&& (< monoandroid) (< monotouch) (< net45) (>= netstandard1.6) (< netstandard2.0) (< win8) (< wpa81) (< xamarinmac) (< xamarintvos) (< xamarinwatchos)) (&& (< net45) (>= netstandard2.0))
      System.IO (>= 4.3) - restriction: && (< monoandroid) (< monotouch) (< net45) (>= netstandard1.1) (< xamarinios) (< xamarinmac) (< xamarintvos) (< xamarinwatchos)
      System.Reflection (>= 4.3) - restriction: && (< monoandroid) (< monotouch) (< net45) (>= netstandard1.1) (< xamarinios) (< xamarinmac) (< xamarintvos) (< xamarinwatchos)
      System.Reflection.Emit.ILGeneration (>= 4.3) - restriction: && (< monoandroid) (< monotouch) (< net45) (>= netstandard1.1) (< xamarinios) (< xamarinmac) (< xamarintvos) (< xamarinwatchos)
      System.Reflection.Primitives (>= 4.3) - restriction: && (< monoandroid) (< monotouch) (< net45) (>= netstandard1.1) (< xamarinios) (< xamarinmac) (< xamarintvos) (< xamarinwatchos)
      System.Runtime (>= 4.3) - restriction: && (< monoandroid) (< monotouch) (< net45) (>= netstandard1.1) (< xamarinios) (< xamarinmac) (< xamarintvos) (< xamarinwatchos)
    System.Reflection.Emit.ILGeneration (4.3) - restriction: || (&& (>= dnxcore50) (>= netstandard1.3)) (&& (>= dnxcore50) (>= netstandard1.6)) (&& (< monoandroid) (< monotouch) (< net20) (>= netstandard1.3) (< netstandard2.0) (< win8) (< wpa81) (< xamarinmac) (< xamarintvos) (< xamarinwatchos)) (&& (< monoandroid) (< monotouch) (< net45) (>= netstandard1.6) (< netstandard2.0) (< win8) (< wpa81) (< xamarinmac) (< xamarintvos) (< xamarinwatchos)) (&& (< monoandroid) (< net45) (>= netstandard2.0) (< xamarinios))
      System.Reflection (>= 4.3) - restriction: && (< monoandroid) (< monotouch) (< net45) (>= netstandard1.0) (< wp8) (< xamarinios) (< xamarinmac) (< xamarintvos) (< xamarinwatchos)
      System.Reflection.Primitives (>= 4.3) - restriction: && (< monoandroid) (< monotouch) (< net45) (>= netstandard1.0) (< wp8) (< xamarinios) (< xamarinmac) (< xamarintvos) (< xamarinwatchos)
      System.Runtime (>= 4.3) - restriction: && (< monoandroid) (< monotouch) (< net45) (>= netstandard1.0) (< wp8) (< xamarinios) (< xamarinmac) (< xamarintvos) (< xamarinwatchos)
    System.Reflection.Emit.Lightweight (4.3) - restriction: || (&& (>= dnxcore50) (>= netstandard1.6)) (&& (< monoandroid) (< monotouch) (< net45) (>= netstandard1.6) (< netstandard2.0) (< win8) (< wpa81) (< xamarinmac) (< xamarintvos) (< xamarinwatchos))
      System.Reflection (>= 4.3) - restriction: && (< monoandroid) (< monotouch) (< net45) (>= netstandard1.0) (< wp8) (< xamarinios) (< xamarinmac) (< xamarintvos) (< xamarinwatchos)
      System.Reflection.Emit.ILGeneration (>= 4.3) - restriction: && (< monoandroid) (< monotouch) (< net45) (>= netstandard1.0) (< wp8) (< xamarinios) (< xamarinmac) (< xamarintvos) (< xamarinwatchos)
      System.Reflection.Primitives (>= 4.3) - restriction: && (< monoandroid) (< monotouch) (< net45) (>= netstandard1.0) (< wp8) (< xamarinios) (< xamarinmac) (< xamarintvos) (< xamarinwatchos)
      System.Runtime (>= 4.3) - restriction: && (< monoandroid) (< monotouch) (< net45) (>= netstandard1.0) (< wp8) (< xamarinios) (< xamarinmac) (< xamarintvos) (< xamarinwatchos)
    System.Reflection.Extensions (4.3) - restriction: || (&& (>= dnxcore50) (>= net46)) (&& (>= dnxcore50) (>= netstandard1.1)) (&& (>= dnxcore50) (>= netstandard1.2)) (&& (>= dnxcore50) (>= netstandard1.3)) (&& (>= dnxcore50) (>= netstandard1.4)) (&& (>= dnxcore50) (>= netstandard1.5)) (&& (>= dnxcore50) (>= netstandard1.6)) (&& (>= dnxcore50) (>= uap10.0)) (&& (>= dnxcore50) (>= wpa81)) (&& (< monoandroid) (< monotouch) (< net20) (>= netstandard1.5) (< netstandard2.0) (< win8) (< wpa81) (< xamarinmac) (< xamarintvos) (< xamarinwatchos)) (&& (< monoandroid) (< net20) (>= netstandard1.0) (< netstandard1.3) (< win8) (< wp8) (< wpa81)) (&& (< monoandroid) (< net20) (>= netstandard1.3) (< netstandard1.5) (< win8) (< wpa81)) (&& (< monoandroid) (< net20) (< netstandard1.3) (>= netstandard1.5) (< win8) (< wpa81)) (&& (< monoandroid) (< netstandard1.0) (>= netstandard1.1) (< win8)) (&& (< net45) (>= net46) (< netstandard1.4)) (&& (< net45) (>= netstandard1.1) (< netstandard1.2) (< win8)) (&& (< net45) (>= netstandard1.2) (< netstandard1.3) (< win8) (< wpa81)) (&& (< net45) (>= netstandard1.3) (< netstandard1.4) (< win8) (< wpa81)) (&& (< net45) (>= netstandard1.4) (< netstandard1.5) (< win8) (< wpa81)) (&& (< net45) (>= netstandard1.5) (< netstandard1.6) (< win8) (< wpa81)) (&& (< net45) (>= netstandard1.6) (< netstandard2.0)) (&& (< netstandard1.0) (>= netstandard1.1) (< portable-net45+win8)) (&& (>= netstandard1.1) (< portable-net45+win8+wpa81)) (&& (< netstandard1.5) (>= uap10.0) (< uap10.1)) (&& (< netstandard1.5) (>= uap10.0) (< win8) (< wpa81))
      Microsoft.NETCore.Platforms (>= 1.1) - restriction: || (>= dnxcore50) (&& (< monoandroid) (< monotouch) (< net45) (>= netstandard1.0) (< win8) (< wp8) (< wpa81) (< xamarinios) (< xamarinmac) (< xamarintvos) (< xamarinwatchos))
      Microsoft.NETCore.Targets (>= 1.1) - restriction: || (>= dnxcore50) (&& (< monoandroid) (< monotouch) (< net45) (>= netstandard1.0) (< win8) (< wp8) (< wpa81) (< xamarinios) (< xamarinmac) (< xamarintvos) (< xamarinwatchos))
      System.Reflection (>= 4.3) - restriction: || (>= dnxcore50) (&& (< monoandroid) (< monotouch) (< net45) (>= netstandard1.0) (< win8) (< wp8) (< wpa81) (< xamarinios) (< xamarinmac) (< xamarintvos) (< xamarinwatchos))
      System.Runtime (>= 4.3) - restriction: || (>= dnxcore50) (&& (< monoandroid) (< monotouch) (< net45) (>= netstandard1.0) (< win8) (< wp8) (< wpa81) (< xamarinios) (< xamarinmac) (< xamarintvos) (< xamarinwatchos))
    System.Reflection.Metadata (1.6) - restriction: || (>= net45) (>= netstandard2.0)
      System.Collections.Immutable (>= 1.5) - restriction: || (>= net45) (&& (< netcoreapp2.1) (>= netstandard2.0)) (&& (>= netstandard1.1) (< netstandard2.0) (< win8) (< wpa81)) (&& (< netstandard1.1) (>= portable-net45+win8+wpa81) (< win8)) (&& (< netstandard1.1) (>= win8)) (&& (< netstandard2.0) (< uap10.1) (>= wpa81))
    System.Reflection.Primitives (4.3) - restriction: || (&& (>= dnxcore50) (>= netstandard1.1)) (&& (>= dnxcore50) (>= netstandard1.2)) (&& (>= dnxcore50) (>= netstandard1.3)) (&& (>= dnxcore50) (>= netstandard1.4)) (&& (>= dnxcore50) (>= netstandard1.5)) (&& (>= dnxcore50) (>= netstandard1.6)) (&& (>= dnxcore50) (>= uap10.0)) (&& (< monoandroid) (< monotouch) (< net20) (>= netstandard1.3) (< netstandard2.0) (< win8) (< wpa81) (< xamarinmac) (< xamarintvos) (< xamarinwatchos)) (&& (< monoandroid) (< monotouch) (< net20) (>= netstandard1.5) (< netstandard2.0) (< win8) (< wpa81) (< xamarinmac) (< xamarintvos) (< xamarinwatchos)) (&& (< monoandroid) (< net20) (>= netstandard1.0) (< netstandard1.3) (< win8) (< wp8) (< wpa81)) (&& (< monoandroid) (< net20) (>= netstandard1.3) (< netstandard1.5) (< win8) (< wpa81)) (&& (< monoandroid) (< net20) (< netstandard1.3) (>= netstandard1.5) (< win8) (< wpa81)) (&& (< monoandroid) (< net45) (< netstandard1.2) (>= netstandard1.3) (< win8)) (&& (< monoandroid) (< net45) (< netstandard1.2) (>= netstandard1.4) (< win8)) (&& (< monoandroid) (< net45) (< netstandard1.2) (>= netstandard1.5) (< win8)) (&& (< monoandroid) (< net45) (< netstandard1.2) (>= netstandard1.6) (< win8)) (&& (< monoandroid) (< net45) (< netstandard1.3) (>= netstandard1.4) (< win8) (< wpa81)) (&& (< monoandroid) (< net45) (< netstandard1.3) (>= netstandard1.5) (< win8) (< wpa81)) (&& (< monoandroid) (< net45) (< netstandard1.3) (>= netstandard1.6) (< win8) (< wpa81)) (&& (< monoandroid) (< net45) (< netstandard1.4) (>= netstandard1.5) (< win8) (< wpa81)) (&& (< monoandroid) (< net45) (< netstandard1.5) (>= netstandard1.6) (< win8) (< wpa81)) (&& (< monoandroid) (< net45) (>= netstandard2.0) (< xamarinios)) (&& (< net45) (>= netstandard1.1) (< netstandard1.2) (< win8)) (&& (< net45) (>= netstandard1.2) (< netstandard1.3) (< win8) (< wpa81)) (&& (< net45) (>= netstandard1.3) (< netstandard1.4) (< win8) (< wpa81)) (&& (< net45) (>= netstandard1.4) (< netstandard1.5) (< win8) (< wpa81)) (&& (< net45) (>= netstandard1.5) (< netstandard1.6) (< win8) (< wpa81)) (&& (< net45) (>= netstandard1.6) (< netstandard2.0) (< win8) (< wpa81)) (&& (>= netcoreapp1.1) (< netstandard1.2)) (&& (>= netcoreapp1.1) (< netstandard1.3)) (&& (>= netcoreapp1.1) (< netstandard1.4)) (&& (>= netcoreapp1.1) (< netstandard1.5)) (&& (>= netcoreapp1.1) (< netstandard1.6)) (&& (>= netcoreapp1.1) (< netstandard2.0)) (&& (>= netstandard1.1) (< portable-net45+win8+wpa81)) (&& (< netstandard1.2) (>= uap10.0) (< win8)) (&& (< netstandard1.3) (>= uap10.0) (< win8) (< wpa81)) (&& (< netstandard1.5) (>= uap10.0) (< uap10.1)) (&& (< netstandard1.5) (>= uap10.0) (< win8) (< wpa81))
      Microsoft.NETCore.Platforms (>= 1.1) - restriction: || (>= dnxcore50) (&& (< monoandroid) (< monotouch) (< net45) (>= netstandard1.0) (< win8) (< wp8) (< wpa81) (< xamarinios) (< xamarinmac) (< xamarintvos) (< xamarinwatchos))
      Microsoft.NETCore.Targets (>= 1.1) - restriction: || (>= dnxcore50) (&& (< monoandroid) (< monotouch) (< net45) (>= netstandard1.0) (< win8) (< wp8) (< wpa81) (< xamarinios) (< xamarinmac) (< xamarintvos) (< xamarinwatchos))
      System.Runtime (>= 4.3) - restriction: || (>= dnxcore50) (&& (< monoandroid) (< monotouch) (< net45) (>= netstandard1.0) (< win8) (< wp8) (< wpa81) (< xamarinios) (< xamarinmac) (< xamarintvos) (< xamarinwatchos))
    System.Reflection.TypeExtensions (4.5.1) - restriction: || (&& (>= dnxcore50) (>= netstandard1.0)) (&& (>= dnxcore50) (>= netstandard1.3)) (&& (>= dnxcore50) (>= netstandard1.6)) (&& (< monoandroid) (< monotouch) (< net20) (>= netstandard1.3) (< netstandard2.0) (< win8) (< wpa81) (< xamarinmac) (< xamarintvos) (< xamarinwatchos)) (&& (< monoandroid) (< monotouch) (< net20) (>= netstandard1.5) (< netstandard2.0) (< win8) (< wpa81) (< xamarinmac) (< xamarintvos) (< xamarinwatchos)) (&& (< monoandroid) (< monotouch) (< net45) (>= netstandard1.6) (< netstandard2.0) (< win8) (< wpa81) (< xamarinmac) (< xamarintvos) (< xamarinwatchos)) (&& (< monoandroid) (< net20) (< netstandard1.3) (>= netstandard1.5) (< win8) (< wpa81)) (&& (< net45) (>= netstandard2.0))
      System.Reflection (>= 4.3) - restriction: || (>= dnxcore50) (&& (< monoandroid) (< monotouch) (< net46) (>= netstandard1.5) (< netstandard2.0) (< xamarinmac) (< xamarintvos) (< xamarinwatchos)) (&& (< monoandroid) (< net46) (>= netstandard1.3) (< netstandard1.5) (< uap10.1))
      System.Resources.ResourceManager (>= 4.3) - restriction: || (>= dnxcore50) (&& (< monoandroid) (< monotouch) (< net46) (>= netstandard1.5) (< netstandard2.0) (< xamarinmac) (< xamarintvos) (< xamarinwatchos)) (&& (< monoandroid) (< net46) (>= netstandard1.3) (< netstandard1.5) (< uap10.1))
      System.Runtime (>= 4.3) - restriction: || (>= dnxcore50) (&& (< monoandroid) (< monotouch) (< net46) (>= netstandard1.5) (< netstandard2.0) (< xamarinmac) (< xamarintvos) (< xamarinwatchos)) (&& (< monoandroid) (< net46) (>= netstandard1.3) (< netstandard1.5) (< uap10.1))
    System.Resources.ResourceManager (4.3) - restriction: || (&& (>= dnxcore50) (>= net46)) (&& (>= dnxcore50) (>= netstandard1.0)) (&& (>= dnxcore50) (>= netstandard1.1)) (&& (>= dnxcore50) (>= netstandard1.2)) (&& (>= dnxcore50) (>= netstandard1.3)) (&& (>= dnxcore50) (>= netstandard1.4)) (&& (>= dnxcore50) (>= netstandard1.5)) (&& (>= dnxcore50) (>= netstandard1.6)) (&& (>= dnxcore50) (>= uap10.0)) (&& (>= dnxcore50) (>= wpa81)) (&& (< monoandroid) (< monotouch) (< net20) (>= netstandard1.3) (< netstandard2.0) (< xamarinmac) (< xamarintvos) (< xamarinwatchos)) (&& (< monoandroid) (< monotouch) (< net20) (>= netstandard1.4) (< netstandard2.0) (< xamarinmac) (< xamarintvos) (< xamarinwatchos)) (&& (< monoandroid) (< monotouch) (< net20) (>= netstandard1.5) (< netstandard2.0) (< win8) (< wpa81) (< xamarinmac) (< xamarintvos) (< xamarinwatchos)) (&& (< monoandroid) (< net20) (>= netstandard1.0) (< netstandard1.3) (< win8) (< wp8) (< wpa81)) (&& (< monoandroid) (< net20) (>= netstandard1.3) (< netstandard1.5) (< win8) (< wpa81)) (&& (< monoandroid) (< net20) (< netstandard1.3) (>= netstandard1.5) (< win8) (< wpa81)) (&& (< monoandroid) (< net45) (< netstandard1.2) (>= netstandard1.3) (< win8)) (&& (< monoandroid) (< net45) (< netstandard1.2) (>= netstandard1.6) (< win8)) (&& (< monoandroid) (< net45) (< netstandard1.3) (>= netstandard1.6) (< win8) (< wpa81)) (&& (< monoandroid) (< net45) (>= netstandard2.0) (< xamarinios)) (&& (< monoandroid) (< netstandard1.0) (>= netstandard1.1) (< win8)) (&& (< net20) (>= net462) (< netstandard1.3)) (&& (< net20) (>= net462) (< netstandard2.0)) (&& (< net45) (>= net46) (< netstandard1.4)) (&& (< net45) (>= netstandard1.1) (< netstandard1.2) (< win8)) (&& (< net45) (>= netstandard1.2) (< netstandard1.3) (< win8) (< wpa81)) (&& (< net45) (>= netstandard1.3) (< netstandard1.4) (< win8) (< wpa81)) (&& (< net45) (>= netstandard1.4) (< netstandard1.5) (< win8) (< wpa81)) (&& (< net45) (< netstandard1.4) (>= netstandard1.6) (< win8) (< wpa81)) (&& (< net45) (>= netstandard1.5) (< netstandard1.6) (< win8) (< wpa81)) (&& (< net45) (< netstandard1.5) (>= netstandard1.6) (< win8) (< wpa81)) (&& (< net45) (>= netstandard1.6) (< netstandard2.0)) (&& (< netstandard1.0) (>= netstandard1.1) (< portable-net45+win8)) (&& (>= netstandard1.1) (< portable-net45+win8+wpa81)) (&& (< netstandard1.5) (>= netstandard1.6) (>= uap10.0)) (&& (< netstandard1.5) (>= uap10.0) (< uap10.1)) (&& (< netstandard1.5) (>= uap10.0) (< win8) (< wpa81))
      Microsoft.NETCore.Platforms (>= 1.1) - restriction: || (>= dnxcore50) (&& (< monoandroid) (< monotouch) (< net45) (>= netstandard1.0) (< win8) (< wp8) (< wpa81) (< xamarinios) (< xamarinmac) (< xamarintvos) (< xamarinwatchos))
      Microsoft.NETCore.Targets (>= 1.1) - restriction: || (>= dnxcore50) (&& (< monoandroid) (< monotouch) (< net45) (>= netstandard1.0) (< win8) (< wp8) (< wpa81) (< xamarinios) (< xamarinmac) (< xamarintvos) (< xamarinwatchos))
      System.Globalization (>= 4.3) - restriction: || (>= dnxcore50) (&& (< monoandroid) (< monotouch) (< net45) (>= netstandard1.0) (< win8) (< wp8) (< wpa81) (< xamarinios) (< xamarinmac) (< xamarintvos) (< xamarinwatchos))
      System.Reflection (>= 4.3) - restriction: || (>= dnxcore50) (&& (< monoandroid) (< monotouch) (< net45) (>= netstandard1.0) (< win8) (< wp8) (< wpa81) (< xamarinios) (< xamarinmac) (< xamarintvos) (< xamarinwatchos))
      System.Runtime (>= 4.3) - restriction: || (>= dnxcore50) (&& (< monoandroid) (< monotouch) (< net45) (>= netstandard1.0) (< win8) (< wp8) (< wpa81) (< xamarinios) (< xamarinmac) (< xamarintvos) (< xamarinwatchos))
    System.Runtime (4.3.1) - restriction: || (&& (>= dnxcore50) (>= net46)) (&& (>= dnxcore50) (>= netstandard1.0)) (&& (>= dnxcore50) (>= netstandard1.1)) (&& (>= dnxcore50) (>= netstandard1.2)) (&& (>= dnxcore50) (>= netstandard1.3)) (&& (>= dnxcore50) (>= netstandard1.4)) (&& (>= dnxcore50) (>= netstandard1.5)) (&& (>= dnxcore50) (>= netstandard1.6)) (&& (>= dnxcore50) (>= uap10.0)) (&& (< monoandroid) (< monotouch) (< net20) (>= netstandard1.4) (< netstandard2.0) (< xamarinmac) (< xamarintvos) (< xamarinwatchos)) (&& (< monoandroid) (< monotouch) (< net20) (>= netstandard1.5) (< netstandard2.0) (< win8) (< wpa81) (< xamarinmac) (< xamarintvos) (< xamarinwatchos)) (&& (< monoandroid) (< net20) (>= netstandard1.0) (< netstandard1.3) (< win8) (< wp8) (< wpa81)) (&& (< monoandroid) (< net20) (>= netstandard1.3) (< netstandard1.4)) (&& (< monoandroid) (< net20) (>= netstandard1.3) (< netstandard1.5) (< win8) (< wpa81)) (&& (< monoandroid) (< net20) (< netstandard1.3) (>= netstandard1.5) (< win8) (< wpa81)) (&& (< monoandroid) (< net45) (< netstandard1.2) (>= netstandard1.3) (< win8)) (&& (< monoandroid) (< net45) (< netstandard1.2) (>= netstandard1.6) (< win8)) (&& (< monoandroid) (< net45) (< netstandard1.3) (>= netstandard1.4) (< win8) (< wpa81)) (&& (< monoandroid) (< net45) (< netstandard1.3) (>= netstandard1.5) (< win8) (< wpa81)) (&& (< monoandroid) (< net45) (< netstandard1.3) (>= netstandard1.6) (< win8) (< wpa81)) (&& (< monoandroid) (< net45) (>= netstandard2.0) (< xamarinios)) (&& (< net20) (>= net462) (< netstandard1.3)) (&& (< net20) (>= net462) (< netstandard2.0)) (&& (< net45) (>= net46) (< netstandard1.3)) (&& (< net45) (>= net46) (< netstandard1.4)) (&& (< net45) (>= netstandard1.1) (< netstandard1.2) (< win8)) (&& (< net45) (>= netstandard1.2) (< netstandard1.3) (< win8) (< wpa81)) (&& (< net45) (>= netstandard1.3) (< netstandard1.4) (< win8) (< wpa81)) (&& (< net45) (>= netstandard1.4) (< netstandard1.5) (< win8) (< wpa81)) (&& (< net45) (< netstandard1.4) (>= netstandard1.6) (< win8) (< wpa81)) (&& (< net45) (>= netstandard1.5) (< netstandard1.6) (< win8) (< wpa81)) (&& (< net45) (< netstandard1.5) (>= netstandard1.6) (< win8) (< wpa81)) (&& (< net45) (>= netstandard1.6) (< netstandard2.0)) (&& (>= netstandard1.1) (< portable-net45+win8+wpa81)) (&& (< netstandard1.3) (>= uap10.0) (< win8) (< wpa81)) (&& (< netstandard1.5) (>= netstandard1.6) (>= uap10.0)) (&& (< netstandard1.5) (>= uap10.0) (< uap10.1)) (&& (< netstandard1.5) (>= uap10.0) (< win8) (< wpa81))
      Microsoft.NETCore.Platforms (>= 1.1.1) - restriction: || (>= dnxcore50) (&& (< monoandroid) (< monotouch) (< net45) (>= netstandard1.5) (< win8) (< wpa81) (< xamarinios) (< xamarinmac) (< xamarintvos) (< xamarinwatchos)) (&& (< monoandroid) (< net45) (>= netstandard1.0) (< netstandard1.2) (< win8) (< wp8)) (&& (< monoandroid) (< net45) (>= netstandard1.2) (< netstandard1.3) (< win8) (< wpa81)) (&& (< monoandroid) (< net45) (>= netstandard1.3) (< netstandard1.5) (< win8) (< wpa81))
      Microsoft.NETCore.Targets (>= 1.1.3) - restriction: || (>= dnxcore50) (&& (< monoandroid) (< monotouch) (< net45) (>= netstandard1.5) (< win8) (< wpa81) (< xamarinios) (< xamarinmac) (< xamarintvos) (< xamarinwatchos)) (&& (< monoandroid) (< net45) (>= netstandard1.0) (< netstandard1.2) (< win8) (< wp8)) (&& (< monoandroid) (< net45) (>= netstandard1.2) (< netstandard1.3) (< win8) (< wpa81)) (&& (< monoandroid) (< net45) (>= netstandard1.3) (< netstandard1.5) (< win8) (< wpa81))
    System.Runtime.CompilerServices.Unsafe (4.5.2) - restriction: || (&& (>= dnxcore50) (>= net45)) (&& (>= dnxcore50) (>= net46)) (&& (>= dnxcore50) (>= netstandard1.1)) (&& (>= dnxcore50) (>= netstandard1.2)) (&& (>= dnxcore50) (>= netstandard1.3)) (&& (>= dnxcore50) (>= netstandard1.4)) (&& (>= dnxcore50) (>= netstandard1.5)) (&& (>= dnxcore50) (>= netstandard1.6)) (&& (>= dnxcore50) (>= netstandard2.0)) (&& (>= dnxcore50) (>= uap10.0)) (&& (>= dnxcore50) (>= wpa81)) (&& (< monoandroid) (< monotouch) (< net45) (>= netstandard1.6) (< netstandard2.0) (< win8) (< wpa81) (< xamarinmac) (< xamarintvos) (< xamarinwatchos)) (&& (< monoandroid) (< net45) (< netcoreapp2.0) (>= netstandard2.0) (< xamarinios)) (&& (< monoandroid) (< net45) (< netstandard1.2) (>= netstandard1.3) (< win8)) (&& (< monoandroid) (< net45) (< netstandard1.2) (>= netstandard2.0) (< win8)) (&& (< monoandroid) (< net45) (>= netstandard1.3) (< netstandard1.4) (< win8) (< wpa81)) (&& (< monoandroid) (< net45) (>= netstandard1.4) (< netstandard1.5) (< win8) (< wpa81)) (&& (< monoandroid) (< net45) (< netstandard1.4) (>= netstandard2.0) (< win8) (< wpa81)) (&& (< monoandroid) (< net45) (>= netstandard1.5) (< netstandard1.6) (< win8) (< wpa81)) (&& (< monoandroid) (< net45) (< netstandard1.5) (>= netstandard2.0) (< win8) (< wpa81)) (&& (< monoandroid) (< net45) (< netstandard1.6) (>= netstandard2.0) (< win8) (< wpa81)) (&& (< monoandroid) (< netstandard1.0) (>= netstandard1.3) (< win8)) (&& (< monoandroid) (< netstandard1.0) (>= netstandard1.4) (< win8)) (&& (< monoandroid) (< netstandard1.0) (>= netstandard1.5) (< win8)) (&& (< monoandroid) (< netstandard1.0) (>= netstandard1.6) (< win8)) (&& (< monoandroid) (< netstandard1.1) (>= netstandard2.0) (< win8)) (&& (>= monotouch) (>= netcoreapp2.0)) (&& (>= monotouch) (>= netstandard2.0)) (&& (>= net45) (< netstandard1.5) (>= uap10.0)) (&& (< net45) (>= net46) (< netstandard1.4)) (&& (< net45) (>= net461) (>= netstandard2.0)) (&& (>= net46) (< netstandard1.0)) (&& (>= net46) (< netstandard1.4) (>= wpa81)) (&& (>= net46) (>= wp8)) (&& (>= net461) (>= netcoreapp2.0)) (&& (>= netcoreapp2.0) (< netcoreapp2.1)) (&& (>= netcoreapp2.0) (< netstandard1.1)) (&& (>= netcoreapp2.0) (< netstandard2.0)) (&& (>= netcoreapp2.0) (>= uap10.1)) (&& (>= netcoreapp2.0) (>= xamarinios)) (&& (>= netcoreapp2.0) (>= xamarinmac)) (&& (>= netcoreapp2.0) (>= xamarintvos)) (&& (>= netcoreapp2.0) (>= xamarinwatchos)) (&& (< netstandard1.0) (>= uap10.0) (< win8)) (&& (< netstandard1.1) (>= netstandard2.0) (>= win8)) (&& (< netstandard1.2) (>= netstandard1.3) (< win8) (>= wpa81)) (&& (>= netstandard1.3) (< portable-net45+win8+wpa81)) (&& (>= netstandard1.3) (>= wp8)) (&& (>= netstandard1.4) (>= wp8)) (&& (>= netstandard1.5) (>= wp8)) (&& (< netstandard1.5) (>= uap10.0) (< win8) (< wpa81)) (&& (>= netstandard1.6) (>= wp8)) (&& (>= netstandard2.0) (< portable-net45+win8+wpa81)) (&& (>= netstandard2.0) (>= uap10.1)) (&& (>= netstandard2.0) (>= xamarinmac)) (&& (>= netstandard2.0) (>= xamarintvos)) (&& (>= netstandard2.0) (>= xamarinwatchos)) (&& (>= uap10.0) (>= wp8)) (&& (>= uap10.1) (>= xamarinios))
      System.Runtime (>= 4.3) - restriction: && (< net45) (>= netstandard1.0) (< netstandard2.0) (< win8) (< wp8) (< wpa81)
    System.Runtime.Extensions (4.3.1) - restriction: || (&& (>= dnxcore50) (>= net46)) (&& (>= dnxcore50) (>= netstandard1.0)) (&& (>= dnxcore50) (>= netstandard1.1)) (&& (>= dnxcore50) (>= netstandard1.2)) (&& (>= dnxcore50) (>= netstandard1.3)) (&& (>= dnxcore50) (>= netstandard1.4)) (&& (>= dnxcore50) (>= netstandard1.5)) (&& (>= dnxcore50) (>= netstandard1.6)) (&& (>= dnxcore50) (>= uap10.0)) (&& (< monoandroid) (< monotouch) (< net20) (>= netstandard1.3) (< netstandard2.0) (< xamarinmac) (< xamarintvos) (< xamarinwatchos)) (&& (< monoandroid) (< monotouch) (< net20) (>= netstandard1.5) (< netstandard2.0) (< win8) (< wpa81) (< xamarinmac) (< xamarintvos) (< xamarinwatchos)) (&& (< monoandroid) (< net20) (>= netstandard1.0) (< netstandard1.3) (< win8) (< wp8) (< wpa81)) (&& (< monoandroid) (< net20) (>= netstandard1.3) (< netstandard1.5) (< win8) (< wpa81)) (&& (< monoandroid) (< net20) (< netstandard1.3) (>= netstandard1.5) (< win8) (< wpa81)) (&& (< monoandroid) (< net45) (< netstandard1.2) (>= netstandard1.3) (< win8)) (&& (< monoandroid) (< net45) (< netstandard1.2) (>= netstandard1.6) (< win8)) (&& (< monoandroid) (< net45) (< netstandard1.3) (>= netstandard1.6) (< win8) (< wpa81)) (&& (< monoandroid) (< net45) (>= netstandard2.0) (< xamarinios)) (&& (< net20) (>= net462) (< netstandard1.3)) (&& (< net20) (>= net462) (< netstandard2.0)) (&& (< net45) (>= net46) (< netstandard1.4)) (&& (< net45) (>= netstandard1.1) (< netstandard1.2) (< win8)) (&& (< net45) (>= netstandard1.2) (< netstandard1.3) (< win8) (< wpa81)) (&& (< net45) (>= netstandard1.3) (< netstandard1.4) (< win8) (< wpa81)) (&& (< net45) (>= netstandard1.4) (< netstandard1.5) (< win8) (< wpa81)) (&& (< net45) (< netstandard1.4) (>= netstandard1.6) (< win8) (< wpa81)) (&& (< net45) (>= netstandard1.5) (< netstandard1.6) (< win8) (< wpa81)) (&& (< net45) (< netstandard1.5) (>= netstandard1.6) (< win8) (< wpa81)) (&& (< net45) (>= netstandard1.6) (< netstandard2.0)) (&& (>= netstandard1.1) (< portable-net45+win8+wpa81)) (&& (< netstandard1.5) (>= netstandard1.6) (>= uap10.0)) (&& (< netstandard1.5) (>= uap10.0) (< uap10.1)) (&& (< netstandard1.5) (>= uap10.0) (< win8) (< wpa81))
      Microsoft.NETCore.Platforms (>= 1.1.1) - restriction: || (>= dnxcore50) (&& (< monoandroid) (< monotouch) (< net45) (>= netstandard1.5) (< win8) (< wpa81) (< xamarinios) (< xamarinmac) (< xamarintvos) (< xamarinwatchos)) (&& (< monoandroid) (< net45) (>= netstandard1.0) (< netstandard1.3) (< win8) (< wp8) (< wpa81)) (&& (< monoandroid) (< net45) (>= netstandard1.3) (< netstandard1.5) (< win8) (< wpa81))
      Microsoft.NETCore.Targets (>= 1.1.3) - restriction: || (>= dnxcore50) (&& (< monoandroid) (< monotouch) (< net45) (>= netstandard1.5) (< win8) (< wpa81) (< xamarinios) (< xamarinmac) (< xamarintvos) (< xamarinwatchos)) (&& (< monoandroid) (< net45) (>= netstandard1.0) (< netstandard1.3) (< win8) (< wp8) (< wpa81)) (&& (< monoandroid) (< net45) (>= netstandard1.3) (< netstandard1.5) (< win8) (< wpa81))
      System.Runtime (>= 4.3.1) - restriction: || (>= dnxcore50) (&& (< monoandroid) (< monotouch) (< net45) (>= netstandard1.5) (< win8) (< wpa81) (< xamarinios) (< xamarinmac) (< xamarintvos) (< xamarinwatchos)) (&& (< monoandroid) (< net45) (>= netstandard1.0) (< netstandard1.3) (< win8) (< wp8) (< wpa81)) (&& (< monoandroid) (< net45) (>= netstandard1.3) (< netstandard1.5) (< win8) (< wpa81))
    System.Runtime.Handles (4.3) - restriction: || (&& (>= dnxcore50) (>= net46)) (&& (>= dnxcore50) (>= netstandard1.3)) (&& (>= dnxcore50) (>= netstandard1.4)) (&& (>= dnxcore50) (>= netstandard1.5)) (&& (>= dnxcore50) (>= netstandard1.6)) (&& (>= dnxcore50) (>= uap10.0)) (&& (< monoandroid) (< monotouch) (< net45) (>= netstandard1.6) (< netstandard2.0) (< xamarinmac) (< xamarintvos) (< xamarinwatchos)) (&& (< monoandroid) (< net45) (< netstandard1.2) (>= netstandard1.3) (< win8)) (&& (< monoandroid) (< net45) (< netstandard1.2) (>= netstandard1.6) (< win8)) (&& (< monoandroid) (< net45) (< netstandard1.3) (>= netstandard1.6) (< win8) (< wpa81)) (&& (< monoandroid) (< net45) (< netstandard1.4) (>= netstandard1.5) (< win8) (< wpa81)) (&& (< monoandroid) (< net45) (< netstandard1.4) (>= netstandard2.0)) (&& (< monoandroid) (< net45) (>= netstandard2.0) (< xamarinios)) (&& (< net45) (>= net46) (< netstandard1.4)) (&& (< net45) (>= netstandard1.3) (< netstandard1.4) (< win8) (< wpa81)) (&& (< net45) (>= netstandard1.4) (< netstandard1.5) (< win8) (< wpa81)) (&& (< net45) (< netstandard1.4) (>= netstandard1.6) (< win8) (< wpa81)) (&& (< net45) (>= netstandard1.5) (< netstandard1.6) (< win8) (< wpa81)) (&& (< net45) (< netstandard1.5) (>= netstandard1.6) (< win8) (< wpa81)) (&& (< net45) (>= netstandard1.6) (< netstandard2.0) (< win8) (< wpa81)) (&& (< netstandard1.4) (>= uap10.0)) (&& (< netstandard1.5) (>= netstandard1.6) (>= uap10.0)) (&& (< netstandard1.5) (>= uap10.0) (< uap10.1)) (&& (< netstandard1.5) (>= uap10.0) (< win8) (< wpa81))
      Microsoft.NETCore.Platforms (>= 1.1) - restriction: && (< monoandroid) (< monotouch) (< net46) (>= netstandard1.3) (< xamarinios) (< xamarinmac) (< xamarintvos) (< xamarinwatchos)
      Microsoft.NETCore.Targets (>= 1.1) - restriction: && (< monoandroid) (< monotouch) (< net46) (>= netstandard1.3) (< xamarinios) (< xamarinmac) (< xamarintvos) (< xamarinwatchos)
      System.Runtime (>= 4.3) - restriction: && (< monoandroid) (< monotouch) (< net46) (>= netstandard1.3) (< xamarinios) (< xamarinmac) (< xamarintvos) (< xamarinwatchos)
    System.Runtime.InteropServices (4.3) - restriction: || (&& (>= dnxcore50) (>= net46)) (&& (>= dnxcore50) (>= netstandard1.1)) (&& (>= dnxcore50) (>= netstandard1.2)) (&& (>= dnxcore50) (>= netstandard1.3)) (&& (>= dnxcore50) (>= netstandard1.4)) (&& (>= dnxcore50) (>= netstandard1.5)) (&& (>= dnxcore50) (>= netstandard1.6)) (&& (>= dnxcore50) (>= uap10.0)) (&& (< monoandroid) (< net45) (< netstandard1.2) (>= netstandard1.3) (< win8)) (&& (< monoandroid) (< net45) (< netstandard1.2) (>= netstandard1.6) (< win8)) (&& (< monoandroid) (< net45) (< netstandard1.3) (>= netstandard1.6) (< win8) (< wpa81)) (&& (< monoandroid) (< net45) (>= netstandard2.0) (< xamarinios)) (&& (< monoandroid) (< netstandard1.0) (>= netstandard1.1) (< win8)) (&& (< net45) (>= net46) (< netstandard1.4)) (&& (< net45) (>= netstandard1.1) (< netstandard1.2) (< win8)) (&& (< net45) (>= netstandard1.2) (< netstandard1.3) (< win8) (< wpa81)) (&& (< net45) (>= netstandard1.3) (< netstandard1.4) (< win8) (< wpa81)) (&& (< net45) (>= netstandard1.4) (< netstandard1.5) (< win8) (< wpa81)) (&& (< net45) (< netstandard1.4) (>= netstandard1.6) (< win8) (< wpa81)) (&& (< net45) (>= netstandard1.5) (< netstandard1.6) (< win8) (< wpa81)) (&& (< net45) (< netstandard1.5) (>= netstandard1.6) (< win8) (< wpa81)) (&& (< net45) (>= netstandard1.6) (< netstandard2.0) (< win8) (< wpa81)) (&& (< netstandard1.0) (>= netstandard1.1) (< portable-net45+win8)) (&& (< netstandard1.5) (>= netstandard1.6) (>= uap10.0)) (&& (< netstandard1.5) (>= uap10.0) (< uap10.1)) (&& (< netstandard1.5) (>= uap10.0) (< win8) (< wpa81))
      Microsoft.NETCore.Platforms (>= 1.1) - restriction: || (>= dnxcore50) (&& (< monoandroid) (< monotouch) (< net45) (>= netstandard1.5) (< win8) (< wpa81) (< xamarinios) (< xamarinmac) (< xamarintvos) (< xamarinwatchos)) (&& (< monoandroid) (< net45) (>= netstandard1.1) (< netstandard1.2) (< win8)) (&& (< monoandroid) (< net45) (>= netstandard1.2) (< netstandard1.3) (< win8) (< wpa81)) (&& (< monoandroid) (< net45) (>= netstandard1.3) (< netstandard1.5) (< win8) (< wpa81)) (>= netcoreapp1.1)
      Microsoft.NETCore.Targets (>= 1.1) - restriction: || (>= dnxcore50) (&& (< monoandroid) (< monotouch) (< net45) (>= netstandard1.5) (< win8) (< wpa81) (< xamarinios) (< xamarinmac) (< xamarintvos) (< xamarinwatchos)) (&& (< monoandroid) (< net45) (>= netstandard1.1) (< netstandard1.2) (< win8)) (&& (< monoandroid) (< net45) (>= netstandard1.2) (< netstandard1.3) (< win8) (< wpa81)) (&& (< monoandroid) (< net45) (>= netstandard1.3) (< netstandard1.5) (< win8) (< wpa81)) (>= netcoreapp1.1)
      System.Reflection (>= 4.3) - restriction: || (>= dnxcore50) (&& (< monoandroid) (< monotouch) (< net45) (>= netstandard1.5) (< win8) (< wpa81) (< xamarinios) (< xamarinmac) (< xamarintvos) (< xamarinwatchos)) (&& (< monoandroid) (< net45) (>= netstandard1.1) (< netstandard1.2) (< win8)) (&& (< monoandroid) (< net45) (>= netstandard1.2) (< netstandard1.3) (< win8) (< wpa81)) (&& (< monoandroid) (< net45) (>= netstandard1.3) (< netstandard1.5) (< win8) (< wpa81)) (>= netcoreapp1.1)
      System.Reflection.Primitives (>= 4.3) - restriction: || (>= dnxcore50) (&& (< monoandroid) (< monotouch) (< net45) (>= netstandard1.5) (< win8) (< wpa81) (< xamarinios) (< xamarinmac) (< xamarintvos) (< xamarinwatchos)) (&& (< monoandroid) (< net45) (>= netstandard1.1) (< netstandard1.2) (< win8)) (&& (< monoandroid) (< net45) (>= netstandard1.2) (< netstandard1.3) (< win8) (< wpa81)) (&& (< monoandroid) (< net45) (>= netstandard1.3) (< netstandard1.5) (< win8) (< wpa81)) (>= netcoreapp1.1)
      System.Runtime (>= 4.3) - restriction: || (>= dnxcore50) (&& (< monoandroid) (< monotouch) (< net45) (>= netstandard1.5) (< win8) (< wpa81) (< xamarinios) (< xamarinmac) (< xamarintvos) (< xamarinwatchos)) (&& (< monoandroid) (< net45) (>= netstandard1.1) (< netstandard1.2) (< win8)) (&& (< monoandroid) (< net45) (>= netstandard1.2) (< netstandard1.3) (< win8) (< wpa81)) (&& (< monoandroid) (< net45) (>= netstandard1.3) (< netstandard1.5) (< win8) (< wpa81)) (>= net462) (>= netcoreapp1.1)
      System.Runtime.Handles (>= 4.3) - restriction: || (>= dnxcore50) (&& (< monoandroid) (< monotouch) (< net45) (>= netstandard1.5) (< win8) (< wpa81) (< xamarinios) (< xamarinmac) (< xamarintvos) (< xamarinwatchos)) (&& (< monoandroid) (< net45) (>= netstandard1.3) (< netstandard1.5) (< win8) (< wpa81)) (>= netcoreapp1.1)
    System.Runtime.InteropServices.RuntimeInformation (4.3) - restriction: || (&& (< net45) (>= net46) (< netstandard1.4)) (&& (< net45) (>= netstandard1.1) (< netstandard1.2) (< win8)) (&& (< net45) (>= netstandard1.2) (< netstandard1.3) (< win8) (< wpa81)) (&& (< net45) (>= netstandard1.3) (< netstandard1.4) (< win8) (< wpa81)) (&& (< net45) (>= netstandard1.4) (< netstandard1.5) (< win8) (< wpa81)) (&& (< net45) (>= netstandard1.5) (< netstandard1.6) (< win8) (< wpa81)) (&& (< net45) (>= netstandard1.6) (< netstandard2.0) (< win8) (< wpa81)) (&& (< netstandard1.0) (>= netstandard1.1) (< portable-net45+win8)) (&& (< netstandard1.0) (>= netstandard1.1) (>= win8)) (&& (< netstandard1.0) (>= netstandard1.1) (< win8)) (&& (< netstandard1.3) (< win8) (>= wpa81)) (&& (< netstandard1.5) (>= uap10.0) (< uap10.1))
      runtime.native.System (>= 4.3) - restriction: && (< monoandroid) (< monotouch) (< net45) (>= netstandard1.1) (< win8) (< wpa81) (< xamarinios) (< xamarinmac) (< xamarintvos) (< xamarinwatchos)
      System.Reflection (>= 4.3) - restriction: || (>= dnxcore50) (&& (< monoandroid) (< monotouch) (< net45) (>= netstandard1.1) (< win8) (< wpa81) (< xamarinios) (< xamarinmac) (< xamarintvos) (< xamarinwatchos))
      System.Reflection.Extensions (>= 4.3) - restriction: || (>= dnxcore50) (&& (< monoandroid) (< monotouch) (< net45) (>= netstandard1.1) (< win8) (< wpa81) (< xamarinios) (< xamarinmac) (< xamarintvos) (< xamarinwatchos))
      System.Resources.ResourceManager (>= 4.3) - restriction: || (>= dnxcore50) (&& (< monoandroid) (< monotouch) (< net45) (>= netstandard1.1) (< win8) (< wpa81) (< xamarinios) (< xamarinmac) (< xamarintvos) (< xamarinwatchos))
      System.Runtime (>= 4.3) - restriction: || (>= dnxcore50) (&& (< monoandroid) (< monotouch) (< net45) (>= netstandard1.1) (< win8) (< wpa81) (< xamarinios) (< xamarinmac) (< xamarintvos) (< xamarinwatchos))
      System.Runtime.InteropServices (>= 4.3) - restriction: && (< monoandroid) (< monotouch) (< net45) (>= netstandard1.1) (< win8) (< wpa81) (< xamarinios) (< xamarinmac) (< xamarintvos) (< xamarinwatchos)
      System.Threading (>= 4.3) - restriction: || (>= dnxcore50) (&& (< monoandroid) (< monotouch) (< net45) (>= netstandard1.1) (< win8) (< wpa81) (< xamarinios) (< xamarinmac) (< xamarintvos) (< xamarinwatchos))
    System.Runtime.Loader (4.3) - restriction: && (< net45) (>= netstandard2.0)
      System.IO (>= 4.3) - restriction: && (< monoandroid) (< monotouch) (< net462) (>= netstandard1.5) (< xamarinios) (< xamarinmac) (< xamarintvos) (< xamarinwatchos)
      System.Reflection (>= 4.3) - restriction: && (< monoandroid) (< monotouch) (< net462) (>= netstandard1.5) (< xamarinios) (< xamarinmac) (< xamarintvos) (< xamarinwatchos)
      System.Runtime (>= 4.3) - restriction: && (< monoandroid) (< monotouch) (< net462) (>= netstandard1.5) (< xamarinios) (< xamarinmac) (< xamarintvos) (< xamarinwatchos)
    System.Runtime.Numerics (4.3) - restriction: || (&& (< monoandroid) (< net45) (< netstandard1.2) (>= netstandard1.6) (< win8)) (&& (< monoandroid) (< net45) (< netstandard1.3) (>= netstandard1.6) (< win8) (< wpa81)) (&& (< net45) (>= net46) (< netstandard1.4) (>= netstandard1.6)) (&& (< net45) (>= netstandard1.1) (< netstandard1.2) (< win8)) (&& (< net45) (>= netstandard1.2) (< netstandard1.3) (< win8) (< wpa81)) (&& (< net45) (>= netstandard1.3) (< netstandard1.4) (< win8) (< wpa81)) (&& (< net45) (>= netstandard1.4) (< netstandard1.5) (< win8) (< wpa81)) (&& (< net45) (< netstandard1.4) (>= netstandard1.6) (< win8) (< wpa81)) (&& (< net45) (>= netstandard1.5) (< netstandard1.6) (< win8) (< wpa81)) (&& (< net45) (< netstandard1.5) (>= netstandard1.6) (< win8) (< wpa81)) (&& (< net45) (>= netstandard1.6) (< netstandard2.0)) (&& (< netstandard1.5) (>= netstandard1.6) (>= uap10.0)) (&& (< netstandard1.5) (>= uap10.0) (< uap10.1))
      System.Globalization (>= 4.3) - restriction: || (>= dnxcore50) (&& (< monoandroid) (< monotouch) (< net45) (>= netstandard1.3) (< win8) (< wpa81) (< xamarinios) (< xamarinmac) (< xamarintvos) (< xamarinwatchos))
      System.Resources.ResourceManager (>= 4.3) - restriction: || (>= dnxcore50) (&& (< monoandroid) (< monotouch) (< net45) (>= netstandard1.3) (< win8) (< wpa81) (< xamarinios) (< xamarinmac) (< xamarintvos) (< xamarinwatchos))
      System.Runtime (>= 4.3) - restriction: || (>= dnxcore50) (&& (< monoandroid) (< monotouch) (< net45) (>= netstandard1.3) (< win8) (< wpa81) (< xamarinios) (< xamarinmac) (< xamarintvos) (< xamarinwatchos)) (&& (< monoandroid) (< net45) (>= netstandard1.1) (< netstandard1.3) (< win8) (< wpa81))
      System.Runtime.Extensions (>= 4.3) - restriction: || (>= dnxcore50) (&& (< monoandroid) (< monotouch) (< net45) (>= netstandard1.3) (< win8) (< wpa81) (< xamarinios) (< xamarinmac) (< xamarintvos) (< xamarinwatchos))
    System.Runtime.Serialization.Formatters (4.3) - restriction: && (< net20) (>= netstandard1.3) (< netstandard2.0)
      System.Collections (>= 4.3) - restriction: && (< monoandroid) (< monotouch) (< net46) (>= netstandard1.4) (< xamarinios) (< xamarinmac) (< xamarintvos) (< xamarinwatchos)
      System.Reflection (>= 4.3) - restriction: && (< monoandroid) (< monotouch) (< net46) (>= netstandard1.4) (< xamarinios) (< xamarinmac) (< xamarintvos) (< xamarinwatchos)
      System.Resources.ResourceManager (>= 4.3) - restriction: && (< monoandroid) (< monotouch) (< net46) (>= netstandard1.4) (< xamarinios) (< xamarinmac) (< xamarintvos) (< xamarinwatchos)
      System.Runtime (>= 4.3) - restriction: || (&& (< monoandroid) (< monotouch) (< net46) (>= netstandard1.4) (< xamarinios) (< xamarinmac) (< xamarintvos) (< xamarinwatchos)) (&& (< monoandroid) (< net46) (>= netstandard1.3) (< netstandard1.4))
      System.Runtime.Serialization.Primitives (>= 4.3) - restriction: || (&& (< monoandroid) (< monotouch) (>= netstandard1.4) (< xamarinios) (< xamarinmac) (< xamarintvos) (< xamarinwatchos)) (&& (< monoandroid) (>= netstandard1.3) (< netstandard1.4)) (>= net46)
    System.Runtime.Serialization.Primitives (4.3) - restriction: || (&& (< monoandroid) (< monotouch) (< net20) (>= netstandard1.4) (< netstandard2.0) (< xamarinmac) (< xamarintvos) (< xamarinwatchos)) (&& (< monoandroid) (< net20) (>= netstandard1.3) (< netstandard1.4)) (&& (< net20) (>= net46) (< netstandard2.0)) (&& (< net20) (>= netstandard1.0) (< netstandard1.3)) (&& (< net20) (>= netstandard1.3) (< netstandard2.0))
      System.Resources.ResourceManager (>= 4.3) - restriction: || (>= dnxcore50) (&& (< monoandroid) (< monotouch) (< net45) (>= netstandard1.3) (< win8) (< wpa81) (< xamarinios) (< xamarinmac) (< xamarintvos) (< xamarinwatchos))
      System.Runtime (>= 4.3) - restriction: || (>= dnxcore50) (&& (< monoandroid) (< monotouch) (< net45) (>= netstandard1.3) (< win8) (< wpa81) (< xamarinios) (< xamarinmac) (< xamarintvos) (< xamarinwatchos)) (&& (< monoandroid) (< net45) (>= netstandard1.0) (< netstandard1.3) (< win8) (< wp8) (< wpa81))
    System.Security.AccessControl (4.5) - restriction: || (&& (< monoandroid) (< net45) (>= netstandard2.0) (< xamarinios)) (&& (>= monotouch) (>= netstandard2.0)) (&& (< net45) (>= net461) (>= netstandard2.0)) (>= netcoreapp2.0) (&& (>= netstandard2.0) (>= xamarinmac)) (&& (>= netstandard2.0) (>= xamarintvos)) (&& (>= netstandard2.0) (>= xamarinwatchos))
      Microsoft.NETCore.Platforms (>= 2.0) - restriction: >= netcoreapp2.0
      System.Security.Principal.Windows (>= 4.5) - restriction: || (&& (< net46) (>= netstandard2.0)) (>= net461) (>= netcoreapp2.0)
    System.Security.Cryptography.Algorithms (4.3.1) - restriction: || (&& (>= dnxcore50) (>= net46)) (&& (>= dnxcore50) (>= netstandard1.3)) (&& (>= dnxcore50) (>= netstandard1.4)) (&& (>= dnxcore50) (>= netstandard1.5)) (&& (>= dnxcore50) (>= netstandard1.6)) (&& (>= dnxcore50) (>= uap10.0)) (&& (< monoandroid) (< net45) (< netstandard1.2) (>= netstandard1.6) (< win8)) (&& (< monoandroid) (< net45) (< netstandard1.3) (>= netstandard1.6) (< win8) (< wpa81)) (&& (< monoandroid) (< net45) (< netstandard1.4) (>= netstandard1.5) (< win8) (< wpa81)) (&& (< net45) (>= net46) (< netstandard1.4)) (&& (< net45) (>= net461) (< netstandard1.4)) (&& (< net45) (>= net461) (>= netstandard1.5) (< netstandard1.6)) (&& (< net45) (>= net461) (< netstandard1.5)) (&& (< net45) (>= net461) (>= netstandard1.6) (< netstandard2.0)) (&& (< net45) (>= netstandard1.3) (< netstandard1.4) (< win8) (< wpa81)) (&& (< net45) (>= netstandard1.4) (< netstandard1.5) (< win8) (< wpa81)) (&& (< net45) (< netstandard1.4) (>= netstandard1.6) (< win8) (< wpa81)) (&& (< net45) (>= netstandard1.5) (< netstandard1.6) (< win8) (< wpa81)) (&& (< net45) (< netstandard1.5) (>= netstandard1.6) (< win8) (< wpa81)) (&& (< net45) (>= netstandard1.6) (< netstandard2.0) (< win8) (< wpa81)) (&& (< net45) (>= netstandard2.0)) (&& (>= net461) (< netstandard1.5) (>= uap10.0)) (&& (< netstandard1.4) (>= uap10.0)) (&& (< netstandard1.5) (>= netstandard1.6) (>= uap10.0)) (&& (< netstandard1.5) (>= uap10.0) (< uap10.1))
      Microsoft.NETCore.Platforms (>= 1.1) - restriction: || (>= dnxcore50) (&& (< monotouch) (< net46) (>= netstandard1.6) (< xamarinios) (< xamarinmac) (< xamarintvos) (< xamarinwatchos))
      runtime.native.System.Security.Cryptography.Apple (>= 4.3.1) - restriction: && (< monotouch) (< net46) (>= netstandard1.6) (< xamarinios) (< xamarinmac) (< xamarintvos) (< xamarinwatchos)
      runtime.native.System.Security.Cryptography.OpenSsl (>= 4.3.2) - restriction: && (< monotouch) (< net46) (>= netstandard1.6) (< xamarinios) (< xamarinmac) (< xamarintvos) (< xamarinwatchos)
      System.Collections (>= 4.3) - restriction: && (< monotouch) (< net46) (>= netstandard1.6) (< xamarinios) (< xamarinmac) (< xamarintvos) (< xamarinwatchos)
      System.IO (>= 4.3) - restriction: || (>= dnxcore50) (&& (< monoandroid) (< net46) (>= netstandard1.3) (< netstandard1.4)) (&& (< monoandroid) (< net46) (>= netstandard1.4) (< netstandard1.6)) (&& (< monotouch) (< net46) (>= netstandard1.6) (< xamarinios) (< xamarinmac) (< xamarintvos) (< xamarinwatchos)) (>= net463)
      System.Resources.ResourceManager (>= 4.3) - restriction: || (>= dnxcore50) (&& (< monotouch) (< net46) (>= netstandard1.6) (< xamarinios) (< xamarinmac) (< xamarintvos) (< xamarinwatchos))
      System.Runtime (>= 4.3) - restriction: || (>= dnxcore50) (&& (< monoandroid) (< net46) (>= netstandard1.3) (< netstandard1.4)) (&& (< monoandroid) (< net46) (>= netstandard1.4) (< netstandard1.6)) (&& (< monotouch) (< net46) (>= netstandard1.6) (< xamarinios) (< xamarinmac) (< xamarintvos) (< xamarinwatchos)) (>= net463)
      System.Runtime.Extensions (>= 4.3) - restriction: || (>= dnxcore50) (&& (< monotouch) (< net46) (>= netstandard1.6) (< xamarinios) (< xamarinmac) (< xamarintvos) (< xamarinwatchos))
      System.Runtime.Handles (>= 4.3) - restriction: || (>= dnxcore50) (&& (< monotouch) (< net46) (>= netstandard1.6) (< xamarinios) (< xamarinmac) (< xamarintvos) (< xamarinwatchos))
      System.Runtime.InteropServices (>= 4.3) - restriction: || (>= dnxcore50) (&& (< monotouch) (< net46) (>= netstandard1.6) (< xamarinios) (< xamarinmac) (< xamarintvos) (< xamarinwatchos))
      System.Runtime.Numerics (>= 4.3) - restriction: && (< monotouch) (< net46) (>= netstandard1.6) (< xamarinios) (< xamarinmac) (< xamarintvos) (< xamarinwatchos)
      System.Security.Cryptography.Encoding (>= 4.3) - restriction: || (>= dnxcore50) (&& (< monotouch) (< net46) (>= netstandard1.6) (< xamarinios) (< xamarinmac) (< xamarintvos) (< xamarinwatchos)) (>= net463)
      System.Security.Cryptography.Primitives (>= 4.3) - restriction: || (>= dnxcore50) (&& (< monoandroid) (< net46) (>= netstandard1.3) (< netstandard1.4)) (&& (< monoandroid) (< net46) (>= netstandard1.4) (< netstandard1.6)) (&& (< monotouch) (< net46) (>= netstandard1.6) (< xamarinios) (< xamarinmac) (< xamarintvos) (< xamarinwatchos)) (&& (>= net46) (< netstandard1.4)) (&& (>= net461) (< netstandard1.6)) (>= net463)
      System.Text.Encoding (>= 4.3) - restriction: || (>= dnxcore50) (&& (< monotouch) (< net46) (>= netstandard1.6) (< xamarinios) (< xamarinmac) (< xamarintvos) (< xamarinwatchos))
    System.Security.Cryptography.Cng (4.5) - restriction: || (&& (>= dnxcore50) (>= net46)) (&& (>= dnxcore50) (>= netstandard1.3)) (&& (>= dnxcore50) (>= netstandard1.4)) (&& (>= dnxcore50) (>= netstandard1.5)) (&& (>= dnxcore50) (>= netstandard1.6)) (&& (>= dnxcore50) (>= uap10.0)) (&& (< monotouch) (< net45) (>= netstandard1.6) (< netstandard2.0) (< win8) (< wpa81) (< xamarinmac) (< xamarintvos) (< xamarinwatchos)) (&& (< net45) (>= net46) (< netstandard1.4) (>= netstandard1.6)) (&& (< net45) (< netstandard1.4) (>= netstandard1.6) (< win8) (< wpa81)) (&& (< net45) (< netstandard1.5) (>= netstandard1.6) (< win8) (< wpa81)) (&& (< netstandard1.5) (>= netstandard1.6) (>= uap10.0))
      System.IO (>= 4.3) - restriction: || (&& (< monoandroid) (< monotouch) (< net46) (>= netstandard1.6) (< netstandard2.0) (< xamarinmac) (< xamarintvos) (< xamarinwatchos)) (&& (< monoandroid) (< net46) (>= netstandard1.3) (< netstandard1.4)) (&& (< monoandroid) (< net46) (>= netstandard1.4) (< netstandard1.6) (< uap10.1))
      System.Resources.ResourceManager (>= 4.3) - restriction: || (&& (< monoandroid) (< monotouch) (< net46) (>= netstandard1.6) (< netstandard2.0) (< xamarinmac) (< xamarintvos) (< xamarinwatchos)) (&& (< monoandroid) (< net46) (>= netstandard1.3) (< netstandard1.4)) (&& (< monoandroid) (< net46) (>= netstandard1.4) (< netstandard1.6) (< uap10.1))
      System.Runtime (>= 4.3) - restriction: || (&& (< monoandroid) (< monotouch) (< net46) (>= netstandard1.6) (< netstandard2.0) (< xamarinmac) (< xamarintvos) (< xamarinwatchos)) (&& (< monoandroid) (< net46) (>= netstandard1.3) (< netstandard1.4)) (&& (< monoandroid) (< net46) (>= netstandard1.4) (< netstandard1.6) (< uap10.1))
      System.Runtime.Extensions (>= 4.3) - restriction: || (&& (< monoandroid) (< monotouch) (< net46) (>= netstandard1.6) (< netstandard2.0) (< xamarinmac) (< xamarintvos) (< xamarinwatchos)) (&& (< monoandroid) (< net46) (>= netstandard1.4) (< netstandard1.6) (< uap10.1))
      System.Runtime.Handles (>= 4.3) - restriction: || (&& (< monoandroid) (< monotouch) (< net46) (>= netstandard1.6) (< netstandard2.0) (< xamarinmac) (< xamarintvos) (< xamarinwatchos)) (&& (< monoandroid) (< net46) (>= netstandard1.3) (< netstandard1.4)) (&& (< monoandroid) (< net46) (>= netstandard1.4) (< netstandard1.6) (< uap10.1))
      System.Runtime.InteropServices (>= 4.3) - restriction: || (&& (< monoandroid) (< monotouch) (< net46) (>= netstandard1.6) (< netstandard2.0) (< xamarinmac) (< xamarintvos) (< xamarinwatchos)) (&& (< monoandroid) (< net46) (>= netstandard1.3) (< netstandard1.4)) (&& (< monoandroid) (< net46) (>= netstandard1.4) (< netstandard1.6) (< uap10.1))
      System.Security.Cryptography.Algorithms (>= 4.3) - restriction: || (&& (< monoandroid) (< monotouch) (< net46) (>= netstandard1.6) (< netstandard2.0) (< xamarinmac) (< xamarintvos) (< xamarinwatchos)) (&& (< monoandroid) (< net46) (>= netstandard1.3) (< netstandard1.4)) (&& (< monoandroid) (< net46) (>= netstandard1.4) (< netstandard1.6) (< uap10.1)) (&& (>= net46) (< netstandard1.4))
      System.Security.Cryptography.Encoding (>= 4.3) - restriction: || (&& (< monoandroid) (< monotouch) (< net46) (>= netstandard1.6) (< netstandard2.0) (< xamarinmac) (< xamarintvos) (< xamarinwatchos)) (&& (< monoandroid) (< net46) (>= netstandard1.4) (< netstandard1.6) (< uap10.1))
      System.Security.Cryptography.Primitives (>= 4.3) - restriction: || (&& (< monoandroid) (< monotouch) (< net46) (>= netstandard1.6) (< netstandard2.0) (< xamarinmac) (< xamarintvos) (< xamarinwatchos)) (&& (< monoandroid) (< net46) (>= netstandard1.3) (< netstandard1.4)) (&& (< monoandroid) (< net46) (>= netstandard1.4) (< netstandard1.6) (< uap10.1)) (&& (>= net46) (< netstandard1.4))
      System.Text.Encoding (>= 4.3) - restriction: || (&& (< monoandroid) (< monotouch) (< net46) (>= netstandard1.6) (< netstandard2.0) (< xamarinmac) (< xamarintvos) (< xamarinwatchos)) (&& (< monoandroid) (< net46) (>= netstandard1.4) (< netstandard1.6) (< uap10.1))
    System.Security.Cryptography.Csp (4.3) - restriction: || (&& (< monotouch) (< net45) (>= netstandard1.6) (< netstandard2.0) (< win8) (< wpa81) (< xamarinmac) (< xamarintvos) (< xamarinwatchos)) (&& (< net45) (>= net46) (< netstandard1.4) (>= netstandard1.6)) (&& (< net45) (< netstandard1.4) (>= netstandard1.6) (< win8) (< wpa81)) (&& (< net45) (< netstandard1.5) (>= netstandard1.6) (< win8) (< wpa81)) (&& (< netstandard1.5) (>= netstandard1.6) (>= uap10.0))
      Microsoft.NETCore.Platforms (>= 1.1) - restriction: && (< monoandroid) (< monotouch) (< net46) (>= netstandard1.3) (< xamarinios) (< xamarinmac) (< xamarintvos) (< xamarinwatchos)
      System.IO (>= 4.3) - restriction: && (< monoandroid) (< monotouch) (< net46) (>= netstandard1.3) (< xamarinios) (< xamarinmac) (< xamarintvos) (< xamarinwatchos)
      System.Reflection (>= 4.3) - restriction: && (< monoandroid) (< monotouch) (< net46) (>= netstandard1.3) (< xamarinios) (< xamarinmac) (< xamarintvos) (< xamarinwatchos)
      System.Resources.ResourceManager (>= 4.3) - restriction: && (< monoandroid) (< monotouch) (< net46) (>= netstandard1.3) (< xamarinios) (< xamarinmac) (< xamarintvos) (< xamarinwatchos)
      System.Runtime (>= 4.3) - restriction: && (< monoandroid) (< monotouch) (< net46) (>= netstandard1.3) (< xamarinios) (< xamarinmac) (< xamarintvos) (< xamarinwatchos)
      System.Runtime.Extensions (>= 4.3) - restriction: && (< monoandroid) (< monotouch) (< net46) (>= netstandard1.3) (< xamarinios) (< xamarinmac) (< xamarintvos) (< xamarinwatchos)
      System.Runtime.Handles (>= 4.3) - restriction: && (< monoandroid) (< monotouch) (< net46) (>= netstandard1.3) (< xamarinios) (< xamarinmac) (< xamarintvos) (< xamarinwatchos)
      System.Runtime.InteropServices (>= 4.3) - restriction: && (< monoandroid) (< monotouch) (< net46) (>= netstandard1.3) (< xamarinios) (< xamarinmac) (< xamarintvos) (< xamarinwatchos)
      System.Security.Cryptography.Algorithms (>= 4.3) - restriction: || (&& (< monoandroid) (< monotouch) (>= netstandard1.3) (< xamarinios) (< xamarinmac) (< xamarintvos) (< xamarinwatchos)) (>= net46)
      System.Security.Cryptography.Encoding (>= 4.3) - restriction: && (< monoandroid) (< monotouch) (< net46) (>= netstandard1.3) (< xamarinios) (< xamarinmac) (< xamarintvos) (< xamarinwatchos)
      System.Security.Cryptography.Primitives (>= 4.3) - restriction: || (&& (< monoandroid) (< monotouch) (>= netstandard1.3) (< xamarinios) (< xamarinmac) (< xamarintvos) (< xamarinwatchos)) (>= net46)
      System.Text.Encoding (>= 4.3) - restriction: && (< monoandroid) (< monotouch) (< net46) (>= netstandard1.3) (< xamarinios) (< xamarinmac) (< xamarintvos) (< xamarinwatchos)
      System.Threading (>= 4.3) - restriction: && (< monoandroid) (< monotouch) (< net46) (>= netstandard1.3) (< xamarinios) (< xamarinmac) (< xamarintvos) (< xamarinwatchos)
    System.Security.Cryptography.Encoding (4.3) - restriction: || (&& (>= dnxcore50) (>= net46)) (&& (>= dnxcore50) (>= netstandard1.3)) (&& (>= dnxcore50) (>= netstandard1.4)) (&& (>= dnxcore50) (>= netstandard1.5)) (&& (>= dnxcore50) (>= netstandard1.6)) (&& (>= dnxcore50) (>= uap10.0)) (&& (< monoandroid) (< net45) (< netstandard1.2) (>= netstandard1.3) (< win8)) (&& (< monoandroid) (< net45) (< netstandard1.2) (>= netstandard1.6) (< win8)) (&& (< monoandroid) (< net45) (< netstandard1.3) (>= netstandard1.6) (< win8) (< wpa81)) (&& (< monoandroid) (< net45) (< netstandard1.4) (>= netstandard1.5) (< win8) (< wpa81)) (&& (< net45) (>= net46) (< netstandard1.4)) (&& (< net45) (>= net461) (< netstandard1.4)) (&& (< net45) (>= net461) (>= netstandard1.5) (< netstandard1.6)) (&& (< net45) (>= net461) (< netstandard1.5)) (&& (< net45) (>= net461) (>= netstandard1.6) (< netstandard2.0)) (&& (< net45) (>= net463) (< netstandard1.4)) (&& (< net45) (>= net463) (< netstandard1.5)) (&& (< net45) (>= net463) (>= netstandard1.6) (< netstandard2.0)) (&& (< net45) (>= net463) (< netstandard1.6)) (&& (< net45) (>= netstandard1.3) (< netstandard1.4) (< win8) (< wpa81)) (&& (< net45) (>= netstandard1.4) (< netstandard1.5) (< win8) (< wpa81)) (&& (< net45) (< netstandard1.4) (>= netstandard1.6) (< win8) (< wpa81)) (&& (< net45) (>= netstandard1.5) (< netstandard1.6) (< win8) (< wpa81)) (&& (< net45) (< netstandard1.5) (>= netstandard1.6) (< win8) (< wpa81)) (&& (< net45) (>= netstandard1.6) (< netstandard2.0) (< win8) (< wpa81)) (&& (>= net461) (< netstandard1.5) (>= uap10.0)) (&& (>= net463) (< netstandard1.5) (>= uap10.0)) (&& (< netstandard1.4) (>= uap10.0)) (&& (< netstandard1.5) (>= netstandard1.6) (>= uap10.0)) (&& (< netstandard1.5) (>= uap10.0) (< uap10.1)) (&& (< netstandard1.5) (>= uap10.0) (< win8) (< wpa81))
      Microsoft.NETCore.Platforms (>= 1.1) - restriction: && (< monoandroid) (< monotouch) (< net46) (>= netstandard1.3) (< xamarinios) (< xamarinmac) (< xamarintvos) (< xamarinwatchos)
      runtime.native.System.Security.Cryptography.OpenSsl (>= 4.3) - restriction: && (< monoandroid) (< monotouch) (< net46) (>= netstandard1.3) (< xamarinios) (< xamarinmac) (< xamarintvos) (< xamarinwatchos)
      System.Collections (>= 4.3) - restriction: && (< monoandroid) (< monotouch) (< net46) (>= netstandard1.3) (< xamarinios) (< xamarinmac) (< xamarintvos) (< xamarinwatchos)
      System.Collections.Concurrent (>= 4.3) - restriction: && (< monoandroid) (< monotouch) (< net46) (>= netstandard1.3) (< xamarinios) (< xamarinmac) (< xamarintvos) (< xamarinwatchos)
      System.Linq (>= 4.3) - restriction: && (< monoandroid) (< monotouch) (< net46) (>= netstandard1.3) (< xamarinios) (< xamarinmac) (< xamarintvos) (< xamarinwatchos)
      System.Resources.ResourceManager (>= 4.3) - restriction: && (< monoandroid) (< monotouch) (< net46) (>= netstandard1.3) (< xamarinios) (< xamarinmac) (< xamarintvos) (< xamarinwatchos)
      System.Runtime (>= 4.3) - restriction: && (< monoandroid) (< monotouch) (< net46) (>= netstandard1.3) (< xamarinios) (< xamarinmac) (< xamarintvos) (< xamarinwatchos)
      System.Runtime.Extensions (>= 4.3) - restriction: && (< monoandroid) (< monotouch) (< net46) (>= netstandard1.3) (< xamarinios) (< xamarinmac) (< xamarintvos) (< xamarinwatchos)
      System.Runtime.Handles (>= 4.3) - restriction: && (< monoandroid) (< monotouch) (< net46) (>= netstandard1.3) (< xamarinios) (< xamarinmac) (< xamarintvos) (< xamarinwatchos)
      System.Runtime.InteropServices (>= 4.3) - restriction: && (< monoandroid) (< monotouch) (< net46) (>= netstandard1.3) (< xamarinios) (< xamarinmac) (< xamarintvos) (< xamarinwatchos)
      System.Security.Cryptography.Primitives (>= 4.3) - restriction: && (< monoandroid) (< monotouch) (< net46) (>= netstandard1.3) (< xamarinios) (< xamarinmac) (< xamarintvos) (< xamarinwatchos)
      System.Text.Encoding (>= 4.3) - restriction: && (< monoandroid) (< monotouch) (< net46) (>= netstandard1.3) (< xamarinios) (< xamarinmac) (< xamarintvos) (< xamarinwatchos)
    System.Security.Cryptography.OpenSsl (4.5) - restriction: || (&& (< monoandroid) (< net45) (< netstandard1.2) (>= netstandard1.6) (< win8)) (&& (< monoandroid) (< net45) (< netstandard1.3) (>= netstandard1.6) (< win8) (< wpa81)) (&& (< monotouch) (< net45) (>= netstandard1.6) (< netstandard2.0) (< win8) (< wpa81) (< xamarinmac) (< xamarintvos) (< xamarinwatchos)) (&& (< net45) (>= net46) (< netstandard1.4) (>= netstandard1.6)) (&& (< net45) (< netstandard1.4) (>= netstandard1.6) (< win8) (< wpa81)) (&& (< net45) (< netstandard1.5) (>= netstandard1.6) (< win8) (< wpa81)) (&& (< netstandard1.5) (>= netstandard1.6) (>= uap10.0))
      System.Collections (>= 4.3) - restriction: && (>= netstandard1.6) (< netstandard2.0)
      System.IO (>= 4.3) - restriction: && (>= netstandard1.6) (< netstandard2.0)
      System.Resources.ResourceManager (>= 4.3) - restriction: && (>= netstandard1.6) (< netstandard2.0)
      System.Runtime (>= 4.3) - restriction: && (>= netstandard1.6) (< netstandard2.0)
      System.Runtime.Extensions (>= 4.3) - restriction: && (>= netstandard1.6) (< netstandard2.0)
      System.Runtime.Handles (>= 4.3) - restriction: && (>= netstandard1.6) (< netstandard2.0)
      System.Runtime.InteropServices (>= 4.3) - restriction: && (>= netstandard1.6) (< netstandard2.0)
      System.Runtime.Numerics (>= 4.3) - restriction: && (>= netstandard1.6) (< netstandard2.0)
      System.Security.Cryptography.Algorithms (>= 4.3) - restriction: && (>= netstandard1.6) (< netstandard2.0)
      System.Security.Cryptography.Encoding (>= 4.3) - restriction: && (>= netstandard1.6) (< netstandard2.0)
      System.Security.Cryptography.Primitives (>= 4.3) - restriction: && (>= netstandard1.6) (< netstandard2.0)
      System.Text.Encoding (>= 4.3) - restriction: && (>= netstandard1.6) (< netstandard2.0)
    System.Security.Cryptography.Primitives (4.3) - restriction: || (&& (>= dnxcore50) (>= net46)) (&& (>= dnxcore50) (>= netstandard1.3)) (&& (>= dnxcore50) (>= netstandard1.4)) (&& (>= dnxcore50) (>= netstandard1.5)) (&& (>= dnxcore50) (>= netstandard1.6)) (&& (>= dnxcore50) (>= uap10.0)) (&& (< monoandroid) (< net45) (< netstandard1.2) (>= netstandard1.6) (< win8)) (&& (< monoandroid) (< net45) (< netstandard1.3) (>= netstandard1.6) (< win8) (< wpa81)) (&& (< monoandroid) (< net45) (< netstandard1.4) (>= netstandard1.5) (< win8) (< wpa81)) (&& (< net45) (>= net46) (< netstandard1.4)) (&& (< net45) (>= net461) (< netstandard1.4)) (&& (< net45) (>= net461) (>= netstandard1.5) (< netstandard1.6)) (&& (< net45) (>= net461) (< netstandard1.5)) (&& (< net45) (>= net463) (< netstandard1.4)) (&& (< net45) (>= net463) (< netstandard1.5)) (&& (< net45) (>= net463) (>= netstandard1.6) (< netstandard2.0)) (&& (< net45) (>= net463) (< netstandard1.6)) (&& (< net45) (>= netstandard1.3) (< netstandard1.4) (< win8) (< wpa81)) (&& (< net45) (>= netstandard1.4) (< netstandard1.5) (< win8) (< wpa81)) (&& (< net45) (< netstandard1.4) (>= netstandard1.6) (< win8) (< wpa81)) (&& (< net45) (>= netstandard1.5) (< netstandard1.6) (< win8) (< wpa81)) (&& (< net45) (< netstandard1.5) (>= netstandard1.6) (< win8) (< wpa81)) (&& (< net45) (>= netstandard1.6) (< netstandard2.0) (< win8) (< wpa81)) (&& (>= net461) (< netstandard1.5) (>= uap10.0)) (&& (>= net463) (< netstandard1.5) (>= uap10.0)) (&& (< netstandard1.4) (>= uap10.0)) (&& (< netstandard1.5) (>= netstandard1.6) (>= uap10.0)) (&& (< netstandard1.5) (>= uap10.0) (< uap10.1))
      System.Diagnostics.Debug (>= 4.3) - restriction: && (< monoandroid) (< monotouch) (< net46) (>= netstandard1.3) (< xamarinios) (< xamarinmac) (< xamarintvos) (< xamarinwatchos)
      System.Globalization (>= 4.3) - restriction: && (< monoandroid) (< monotouch) (< net46) (>= netstandard1.3) (< xamarinios) (< xamarinmac) (< xamarintvos) (< xamarinwatchos)
      System.IO (>= 4.3) - restriction: && (< monoandroid) (< monotouch) (< net46) (>= netstandard1.3) (< xamarinios) (< xamarinmac) (< xamarintvos) (< xamarinwatchos)
      System.Resources.ResourceManager (>= 4.3) - restriction: && (< monoandroid) (< monotouch) (< net46) (>= netstandard1.3) (< xamarinios) (< xamarinmac) (< xamarintvos) (< xamarinwatchos)
      System.Runtime (>= 4.3) - restriction: && (< monoandroid) (< monotouch) (< net46) (>= netstandard1.3) (< xamarinios) (< xamarinmac) (< xamarintvos) (< xamarinwatchos)
      System.Threading (>= 4.3) - restriction: && (< monoandroid) (< monotouch) (< net46) (>= netstandard1.3) (< xamarinios) (< xamarinmac) (< xamarintvos) (< xamarinwatchos)
      System.Threading.Tasks (>= 4.3) - restriction: && (< monoandroid) (< monotouch) (< net46) (>= netstandard1.3) (< xamarinios) (< xamarinmac) (< xamarintvos) (< xamarinwatchos)
    System.Security.Cryptography.X509Certificates (4.3.2) - restriction: || (&& (>= dnxcore50) (>= net46)) (&& (>= dnxcore50) (>= netstandard1.1)) (&& (>= dnxcore50) (>= netstandard1.2)) (&& (>= dnxcore50) (>= netstandard1.3)) (&& (>= dnxcore50) (>= netstandard1.4)) (&& (>= dnxcore50) (>= netstandard1.5)) (&& (>= dnxcore50) (>= netstandard1.6)) (&& (>= dnxcore50) (>= uap10.0)) (&& (< monoandroid) (< net45) (< netstandard1.2) (>= netstandard1.3) (< win8)) (&& (< monoandroid) (< net45) (< netstandard1.2) (>= netstandard1.6) (< win8)) (&& (< monoandroid) (< net45) (< netstandard1.3) (>= netstandard1.6) (< win8) (< wpa81)) (&& (< monoandroid) (< net45) (< netstandard1.4) (>= netstandard1.6) (< win8) (< wpa81)) (&& (< monoandroid) (< net45) (< netstandard1.5) (>= netstandard1.6) (< win8) (< wpa81)) (&& (< net45) (>= net46) (< netstandard1.2)) (&& (< net45) (>= net46) (< netstandard1.3)) (&& (< net45) (>= net46) (>= netstandard1.4) (< netstandard1.5)) (&& (< net45) (>= net46) (< netstandard1.4)) (&& (< net45) (>= net46) (>= netstandard1.5) (< netstandard1.6)) (&& (< net45) (>= net46) (>= netstandard1.6) (< netstandard2.0)) (&& (< net45) (>= netstandard1.3) (< netstandard1.4) (< win8) (< wpa81)) (&& (< net45) (>= netstandard1.4) (< netstandard1.5) (< win8) (< wpa81)) (&& (< net45) (>= netstandard1.5) (< netstandard1.6) (< win8) (< wpa81)) (&& (< net45) (>= netstandard1.6) (< netstandard2.0) (< win8) (< wpa81)) (&& (>= net46) (< netstandard1.5) (>= uap10.0)) (&& (< netstandard1.5) (>= netstandard1.6) (>= uap10.0)) (&& (< netstandard1.5) (>= uap10.0) (< uap10.1)) (&& (< netstandard1.5) (>= uap10.0) (< win8) (< wpa81))
      Microsoft.NETCore.Platforms (>= 1.1) - restriction: || (>= dnxcore50) (&& (< monotouch) (< net46) (>= netstandard1.6) (< xamarinios) (< xamarinmac) (< xamarintvos) (< xamarinwatchos))
      runtime.native.System (>= 4.3) - restriction: && (< monotouch) (< net46) (>= netstandard1.6) (< xamarinios) (< xamarinmac) (< xamarintvos) (< xamarinwatchos)
      runtime.native.System.Net.Http (>= 4.3) - restriction: && (< monotouch) (< net46) (>= netstandard1.6) (< xamarinios) (< xamarinmac) (< xamarintvos) (< xamarinwatchos)
      runtime.native.System.Security.Cryptography.OpenSsl (>= 4.3.2) - restriction: && (< monotouch) (< net46) (>= netstandard1.6) (< xamarinios) (< xamarinmac) (< xamarintvos) (< xamarinwatchos)
      System.Collections (>= 4.3) - restriction: || (>= dnxcore50) (&& (< monotouch) (< net46) (>= netstandard1.6) (< xamarinios) (< xamarinmac) (< xamarintvos) (< xamarinwatchos))
      System.Diagnostics.Debug (>= 4.3) - restriction: && (< monotouch) (< net46) (>= netstandard1.6) (< xamarinios) (< xamarinmac) (< xamarintvos) (< xamarinwatchos)
      System.Globalization (>= 4.3) - restriction: || (>= dnxcore50) (&& (< monotouch) (< net46) (>= netstandard1.6) (< xamarinios) (< xamarinmac) (< xamarintvos) (< xamarinwatchos))
      System.Globalization.Calendars (>= 4.3) - restriction: || (>= dnxcore50) (&& (< monotouch) (< net46) (>= netstandard1.6) (< xamarinios) (< xamarinmac) (< xamarintvos) (< xamarinwatchos))
      System.IO (>= 4.3) - restriction: || (>= dnxcore50) (&& (< monotouch) (< net46) (>= netstandard1.6) (< xamarinios) (< xamarinmac) (< xamarintvos) (< xamarinwatchos))
      System.IO.FileSystem (>= 4.3) - restriction: || (>= dnxcore50) (&& (< monotouch) (< net46) (>= netstandard1.6) (< xamarinios) (< xamarinmac) (< xamarintvos) (< xamarinwatchos))
      System.IO.FileSystem.Primitives (>= 4.3) - restriction: && (< monotouch) (< net46) (>= netstandard1.6) (< xamarinios) (< xamarinmac) (< xamarintvos) (< xamarinwatchos)
      System.Resources.ResourceManager (>= 4.3) - restriction: || (>= dnxcore50) (&& (< monotouch) (< net46) (>= netstandard1.6) (< xamarinios) (< xamarinmac) (< xamarintvos) (< xamarinwatchos))
      System.Runtime (>= 4.3) - restriction: || (>= dnxcore50) (&& (< monoandroid) (< net46) (>= netstandard1.3) (< netstandard1.4)) (&& (< monoandroid) (< net46) (>= netstandard1.4) (< netstandard1.6)) (&& (< monotouch) (< net46) (>= netstandard1.6) (< xamarinios) (< xamarinmac) (< xamarintvos) (< xamarinwatchos))
      System.Runtime.Extensions (>= 4.3) - restriction: || (>= dnxcore50) (&& (< monotouch) (< net46) (>= netstandard1.6) (< xamarinios) (< xamarinmac) (< xamarintvos) (< xamarinwatchos))
      System.Runtime.Handles (>= 4.3) - restriction: || (>= dnxcore50) (&& (< monoandroid) (< net46) (>= netstandard1.3) (< netstandard1.4)) (&& (< monoandroid) (< net46) (>= netstandard1.4) (< netstandard1.6)) (&& (< monotouch) (< net46) (>= netstandard1.6) (< xamarinios) (< xamarinmac) (< xamarintvos) (< xamarinwatchos))
      System.Runtime.InteropServices (>= 4.3) - restriction: || (>= dnxcore50) (&& (< monotouch) (< net46) (>= netstandard1.6) (< xamarinios) (< xamarinmac) (< xamarintvos) (< xamarinwatchos))
      System.Runtime.Numerics (>= 4.3) - restriction: || (>= dnxcore50) (&& (< monotouch) (< net46) (>= netstandard1.6) (< xamarinios) (< xamarinmac) (< xamarintvos) (< xamarinwatchos))
      System.Security.Cryptography.Algorithms (>= 4.3) - restriction: || (>= dnxcore50) (&& (< monoandroid) (< net46) (>= netstandard1.3) (< netstandard1.4)) (&& (< monoandroid) (< net46) (>= netstandard1.4) (< netstandard1.6)) (&& (< monotouch) (< net46) (>= netstandard1.6) (< xamarinios) (< xamarinmac) (< xamarintvos) (< xamarinwatchos)) (&& (>= net46) (< netstandard1.4)) (>= net461)
      System.Security.Cryptography.Cng (>= 4.3) - restriction: || (>= dnxcore50) (&& (< monotouch) (< net46) (>= netstandard1.6) (< xamarinios) (< xamarinmac) (< xamarintvos) (< xamarinwatchos))
      System.Security.Cryptography.Csp (>= 4.3) - restriction: && (< monotouch) (< net46) (>= netstandard1.6) (< xamarinios) (< xamarinmac) (< xamarintvos) (< xamarinwatchos)
      System.Security.Cryptography.Encoding (>= 4.3) - restriction: || (>= dnxcore50) (&& (< monoandroid) (< net46) (>= netstandard1.3) (< netstandard1.4)) (&& (< monoandroid) (< net46) (>= netstandard1.4) (< netstandard1.6)) (&& (< monotouch) (< net46) (>= netstandard1.6) (< xamarinios) (< xamarinmac) (< xamarintvos) (< xamarinwatchos)) (&& (>= net46) (< netstandard1.4)) (>= net461)
      System.Security.Cryptography.OpenSsl (>= 4.3) - restriction: && (< monotouch) (< net46) (>= netstandard1.6) (< xamarinios) (< xamarinmac) (< xamarintvos) (< xamarinwatchos)
      System.Security.Cryptography.Primitives (>= 4.3) - restriction: || (>= dnxcore50) (&& (< monotouch) (< net46) (>= netstandard1.6) (< xamarinios) (< xamarinmac) (< xamarintvos) (< xamarinwatchos))
      System.Text.Encoding (>= 4.3) - restriction: || (>= dnxcore50) (&& (< monotouch) (< net46) (>= netstandard1.6) (< xamarinios) (< xamarinmac) (< xamarintvos) (< xamarinwatchos))
      System.Threading (>= 4.3) - restriction: || (>= dnxcore50) (&& (< monotouch) (< net46) (>= netstandard1.6) (< xamarinios) (< xamarinmac) (< xamarintvos) (< xamarinwatchos))
    System.Security.Principal.Windows (4.5.1) - restriction: || (&& (< monoandroid) (< net45) (>= netstandard2.0) (< xamarinios)) (&& (>= monotouch) (>= netstandard2.0)) (&& (< net45) (>= net461) (>= netstandard2.0)) (>= netcoreapp2.0) (&& (>= netstandard2.0) (>= xamarinmac)) (&& (>= netstandard2.0) (>= xamarintvos)) (&& (>= netstandard2.0) (>= xamarinwatchos))
      Microsoft.NETCore.Platforms (>= 2.0) - restriction: >= netcoreapp2.0
    System.Text.Encoding (4.3) - restriction: || (&& (>= dnxcore50) (>= net46)) (&& (>= dnxcore50) (>= netstandard1.1)) (&& (>= dnxcore50) (>= netstandard1.2)) (&& (>= dnxcore50) (>= netstandard1.3)) (&& (>= dnxcore50) (>= netstandard1.4)) (&& (>= dnxcore50) (>= netstandard1.5)) (&& (>= dnxcore50) (>= netstandard1.6)) (&& (>= dnxcore50) (>= uap10.0)) (&& (< monoandroid) (< monotouch) (< net20) (>= netstandard1.3) (< netstandard2.0) (< xamarinmac) (< xamarintvos) (< xamarinwatchos)) (&& (< monoandroid) (< net45) (< netstandard1.2) (>= netstandard1.3) (< win8)) (&& (< monoandroid) (< net45) (< netstandard1.2) (>= netstandard1.6) (< win8)) (&& (< monoandroid) (< net45) (< netstandard1.3) (>= netstandard1.4) (< win8) (< wpa81)) (&& (< monoandroid) (< net45) (< netstandard1.3) (>= netstandard1.5) (< win8) (< wpa81)) (&& (< monoandroid) (< net45) (< netstandard1.3) (>= netstandard1.6) (< win8) (< wpa81)) (&& (< monoandroid) (< net45) (< netstandard1.4) (>= netstandard2.0)) (&& (< monoandroid) (< net45) (>= netstandard2.0) (< xamarinios)) (&& (< net45) (>= net46) (< netstandard1.3)) (&& (< net45) (>= net46) (< netstandard1.4)) (&& (< net45) (>= netstandard1.1) (< netstandard1.2) (< win8)) (&& (< net45) (>= netstandard1.2) (< netstandard1.3) (< win8) (< wpa81)) (&& (< net45) (>= netstandard1.3) (< netstandard1.4) (< win8) (< wpa81)) (&& (< net45) (>= netstandard1.4) (< netstandard1.5) (< win8) (< wpa81)) (&& (< net45) (< netstandard1.4) (>= netstandard1.6) (< win8) (< wpa81)) (&& (< net45) (>= netstandard1.5) (< netstandard1.6) (< win8) (< wpa81)) (&& (< net45) (< netstandard1.5) (>= netstandard1.6) (< win8) (< wpa81)) (&& (< net45) (>= netstandard1.6) (< netstandard2.0) (< win8) (< wpa81)) (&& (>= netstandard1.1) (< portable-net45+win8+wpa81)) (&& (>= netstandard1.3) (< portable-net45+win8+wpa81)) (&& (< netstandard1.3) (>= uap10.0) (< win8) (< wpa81)) (&& (< netstandard1.5) (>= netstandard1.6) (>= uap10.0)) (&& (< netstandard1.5) (>= uap10.0) (< uap10.1)) (&& (< netstandard1.5) (>= uap10.0) (< win8) (< wpa81))
      Microsoft.NETCore.Platforms (>= 1.1) - restriction: || (>= dnxcore50) (&& (< monoandroid) (< monotouch) (< net45) (>= netstandard1.3) (< win8) (< wpa81) (< xamarinios) (< xamarinmac) (< xamarintvos) (< xamarinwatchos)) (&& (< monoandroid) (< net45) (>= netstandard1.0) (< netstandard1.3) (< win8) (< wp8) (< wpa81))
      Microsoft.NETCore.Targets (>= 1.1) - restriction: || (>= dnxcore50) (&& (< monoandroid) (< monotouch) (< net45) (>= netstandard1.3) (< win8) (< wpa81) (< xamarinios) (< xamarinmac) (< xamarintvos) (< xamarinwatchos)) (&& (< monoandroid) (< net45) (>= netstandard1.0) (< netstandard1.3) (< win8) (< wp8) (< wpa81))
      System.Runtime (>= 4.3) - restriction: || (>= dnxcore50) (&& (< monoandroid) (< monotouch) (< net45) (>= netstandard1.3) (< win8) (< wpa81) (< xamarinios) (< xamarinmac) (< xamarintvos) (< xamarinwatchos)) (&& (< monoandroid) (< net45) (>= netstandard1.0) (< netstandard1.3) (< win8) (< wp8) (< wpa81))
    System.Text.Encoding.Extensions (4.3) - restriction: || (&& (>= dnxcore50) (>= net46)) (&& (>= dnxcore50) (>= netstandard1.1)) (&& (>= dnxcore50) (>= netstandard1.2)) (&& (>= dnxcore50) (>= netstandard1.3)) (&& (>= dnxcore50) (>= netstandard1.4)) (&& (>= dnxcore50) (>= netstandard1.5)) (&& (>= dnxcore50) (>= netstandard1.6)) (&& (>= dnxcore50) (>= uap10.0)) (&& (< monoandroid) (< net45) (< netstandard1.2) (>= netstandard1.3) (< win8)) (&& (< monoandroid) (< net45) (>= netstandard2.0) (< xamarinios)) (&& (< net45) (>= net46) (< netstandard1.4)) (&& (< net45) (>= netstandard1.1) (< netstandard1.2) (< win8)) (&& (< net45) (>= netstandard1.2) (< netstandard1.3) (< win8) (< wpa81)) (&& (< net45) (>= netstandard1.3) (< netstandard1.4) (< win8) (< wpa81)) (&& (< net45) (>= netstandard1.4) (< netstandard1.5) (< win8) (< wpa81)) (&& (< net45) (>= netstandard1.5) (< netstandard1.6) (< win8) (< wpa81)) (&& (< net45) (>= netstandard1.6) (< netstandard2.0) (< win8) (< wpa81)) (&& (>= netstandard1.1) (< portable-net45+win8+wpa81)) (&& (>= netstandard1.3) (< portable-net45+win8+wpa81)) (&& (< netstandard1.5) (>= uap10.0) (< uap10.1)) (&& (< netstandard1.5) (>= uap10.0) (< win8) (< wpa81))
      Microsoft.NETCore.Platforms (>= 1.1) - restriction: || (>= dnxcore50) (&& (< monoandroid) (< monotouch) (< net45) (>= netstandard1.3) (< win8) (< wpa81) (< xamarinios) (< xamarinmac) (< xamarintvos) (< xamarinwatchos)) (&& (< monoandroid) (< net45) (>= netstandard1.0) (< netstandard1.3) (< win8) (< wp8) (< wpa81))
      Microsoft.NETCore.Targets (>= 1.1) - restriction: || (>= dnxcore50) (&& (< monoandroid) (< monotouch) (< net45) (>= netstandard1.3) (< win8) (< wpa81) (< xamarinios) (< xamarinmac) (< xamarintvos) (< xamarinwatchos)) (&& (< monoandroid) (< net45) (>= netstandard1.0) (< netstandard1.3) (< win8) (< wp8) (< wpa81))
      System.Runtime (>= 4.3) - restriction: || (>= dnxcore50) (&& (< monoandroid) (< monotouch) (< net45) (>= netstandard1.3) (< win8) (< wpa81) (< xamarinios) (< xamarinmac) (< xamarintvos) (< xamarinwatchos)) (&& (< monoandroid) (< net45) (>= netstandard1.0) (< netstandard1.3) (< win8) (< wp8) (< wpa81))
      System.Text.Encoding (>= 4.3) - restriction: || (>= dnxcore50) (&& (< monoandroid) (< monotouch) (< net45) (>= netstandard1.3) (< win8) (< wpa81) (< xamarinios) (< xamarinmac) (< xamarintvos) (< xamarinwatchos)) (&& (< monoandroid) (< net45) (>= netstandard1.0) (< netstandard1.3) (< win8) (< wp8) (< wpa81))
    System.Text.RegularExpressions (4.3) - restriction: || (&& (>= dnxcore50) (>= net46)) (&& (>= dnxcore50) (>= netstandard1.1)) (&& (>= dnxcore50) (>= netstandard1.2)) (&& (>= dnxcore50) (>= netstandard1.3)) (&& (>= dnxcore50) (>= netstandard1.4)) (&& (>= dnxcore50) (>= netstandard1.5)) (&& (>= dnxcore50) (>= netstandard1.6)) (&& (>= dnxcore50) (>= uap10.0)) (&& (< monoandroid) (< net45) (< netstandard1.2) (>= netstandard1.3) (< win8)) (&& (< net45) (>= net46) (< netstandard1.4)) (&& (< net45) (>= netstandard1.1) (< netstandard1.2) (< win8)) (&& (< net45) (>= netstandard1.2) (< netstandard1.3) (< win8) (< wpa81)) (&& (< net45) (>= netstandard1.3) (< netstandard1.4) (< win8) (< wpa81)) (&& (< net45) (>= netstandard1.4) (< netstandard1.5) (< win8) (< wpa81)) (&& (< net45) (>= netstandard1.5) (< netstandard1.6) (< win8) (< wpa81)) (&& (< net45) (>= netstandard1.6) (< netstandard2.0)) (&& (>= netstandard1.1) (< portable-net45+win8+wpa81)) (&& (>= netstandard1.3) (< portable-net45+win8+wpa81)) (&& (< netstandard1.5) (>= uap10.0) (< uap10.1)) (&& (< netstandard1.5) (>= uap10.0) (< win8) (< wpa81))
      System.Collections (>= 4.3) - restriction: || (>= dnxcore50) (&& (< monoandroid) (< monotouch) (< net45) (< netcoreapp1.1) (>= netstandard1.6) (< win8) (< wpa81) (< xamarinios) (< xamarinmac) (< xamarintvos) (< xamarinwatchos))
      System.Globalization (>= 4.3) - restriction: || (>= dnxcore50) (&& (< monoandroid) (< monotouch) (< net45) (< netcoreapp1.1) (>= netstandard1.6) (< win8) (< wpa81) (< xamarinios) (< xamarinmac) (< xamarintvos) (< xamarinwatchos))
      System.Resources.ResourceManager (>= 4.3) - restriction: || (>= dnxcore50) (&& (< monoandroid) (< monotouch) (< net45) (< netcoreapp1.1) (>= netstandard1.6) (< win8) (< wpa81) (< xamarinios) (< xamarinmac) (< xamarintvos) (< xamarinwatchos))
      System.Runtime (>= 4.3) - restriction: || (>= dnxcore50) (&& (< monoandroid) (< monotouch) (< net45) (>= netstandard1.6) (< win8) (< wpa81) (< xamarinios) (< xamarinmac) (< xamarintvos) (< xamarinwatchos)) (&& (< monoandroid) (< net45) (>= netstandard1.0) (< netstandard1.3) (< win8) (< wp8) (< wpa81)) (&& (< monoandroid) (< net45) (>= netstandard1.3) (< netstandard1.6) (< win8) (< wpa81)) (>= netcoreapp1.1)
      System.Runtime.Extensions (>= 4.3) - restriction: || (>= dnxcore50) (&& (< monoandroid) (< monotouch) (< net45) (< netcoreapp1.1) (>= netstandard1.6) (< win8) (< wpa81) (< xamarinios) (< xamarinmac) (< xamarintvos) (< xamarinwatchos))
      System.Threading (>= 4.3) - restriction: || (>= dnxcore50) (&& (< monoandroid) (< monotouch) (< net45) (< netcoreapp1.1) (>= netstandard1.6) (< win8) (< wpa81) (< xamarinios) (< xamarinmac) (< xamarintvos) (< xamarinwatchos))
    System.Threading (4.3) - restriction: || (&& (>= dnxcore50) (>= net46)) (&& (>= dnxcore50) (>= netstandard1.0)) (&& (>= dnxcore50) (>= netstandard1.1)) (&& (>= dnxcore50) (>= netstandard1.2)) (&& (>= dnxcore50) (>= netstandard1.3)) (&& (>= dnxcore50) (>= netstandard1.4)) (&& (>= dnxcore50) (>= netstandard1.5)) (&& (>= dnxcore50) (>= netstandard1.6)) (&& (>= dnxcore50) (>= uap10.0)) (&& (>= dnxcore50) (>= wpa81)) (&& (< monoandroid) (< monotouch) (< net20) (>= netstandard1.3) (< netstandard2.0) (< xamarinmac) (< xamarintvos) (< xamarinwatchos)) (&& (< monoandroid) (< monotouch) (< net20) (>= netstandard1.5) (< netstandard2.0) (< win8) (< wpa81) (< xamarinmac) (< xamarintvos) (< xamarinwatchos)) (&& (< monoandroid) (< net20) (>= netstandard1.0) (< netstandard1.3) (< win8) (< wp8) (< wpa81)) (&& (< monoandroid) (< net20) (>= netstandard1.3) (< netstandard1.5) (< win8) (< wpa81)) (&& (< monoandroid) (< net20) (< netstandard1.3) (>= netstandard1.5) (< win8) (< wpa81)) (&& (< monoandroid) (< net45) (< netstandard1.2) (>= netstandard1.3) (< win8)) (&& (< monoandroid) (< net45) (< netstandard1.2) (>= netstandard1.6) (< win8)) (&& (< monoandroid) (< net45) (< netstandard1.3) (>= netstandard1.6) (< win8) (< wpa81)) (&& (< monoandroid) (< net45) (>= netstandard2.0) (< xamarinios)) (&& (< monoandroid) (< netstandard1.0) (>= netstandard1.1) (< win8)) (&& (< net20) (>= net462) (< netstandard1.3)) (&& (< net20) (>= net462) (< netstandard2.0)) (&& (< net45) (>= net46) (< netstandard1.4)) (&& (< net45) (>= netstandard1.1) (< netstandard1.2) (< win8)) (&& (< net45) (>= netstandard1.2) (< netstandard1.3) (< win8) (< wpa81)) (&& (< net45) (>= netstandard1.3) (< netstandard1.4) (< win8) (< wpa81)) (&& (< net45) (>= netstandard1.4) (< netstandard1.5) (< win8) (< wpa81)) (&& (< net45) (< netstandard1.4) (>= netstandard1.6) (< win8) (< wpa81)) (&& (< net45) (>= netstandard1.5) (< netstandard1.6) (< win8) (< wpa81)) (&& (< net45) (< netstandard1.5) (>= netstandard1.6) (< win8) (< wpa81)) (&& (< net45) (>= netstandard1.6) (< netstandard2.0)) (&& (< netstandard1.0) (>= netstandard1.1) (< portable-net45+win8)) (&& (>= netstandard1.1) (< portable-net45+win8+wpa81)) (&& (< netstandard1.5) (>= netstandard1.6) (>= uap10.0)) (&& (< netstandard1.5) (>= uap10.0) (< uap10.1)) (&& (< netstandard1.5) (>= uap10.0) (< win8) (< wpa81))
      System.Runtime (>= 4.3) - restriction: || (>= dnxcore50) (&& (< monoandroid) (< monotouch) (< net45) (>= netstandard1.3) (< win8) (< wpa81) (< xamarinios) (< xamarinmac) (< xamarintvos) (< xamarinwatchos)) (&& (< monoandroid) (< net45) (>= netstandard1.0) (< netstandard1.3) (< win8) (< wp8) (< wpa81))
      System.Threading.Tasks (>= 4.3) - restriction: || (>= dnxcore50) (&& (< monoandroid) (< monotouch) (< net45) (>= netstandard1.3) (< win8) (< wpa81) (< xamarinios) (< xamarinmac) (< xamarintvos) (< xamarinwatchos)) (&& (< monoandroid) (< net45) (>= netstandard1.0) (< netstandard1.3) (< win8) (< wp8) (< wpa81))
    System.Threading.Tasks (4.3) - restriction: || (&& (>= dnxcore50) (>= net46)) (&& (>= dnxcore50) (>= netstandard1.1)) (&& (>= dnxcore50) (>= netstandard1.2)) (&& (>= dnxcore50) (>= netstandard1.3)) (&& (>= dnxcore50) (>= netstandard1.4)) (&& (>= dnxcore50) (>= netstandard1.5)) (&& (>= dnxcore50) (>= netstandard1.6)) (&& (>= dnxcore50) (>= uap10.0)) (&& (< monoandroid) (< net45) (< netstandard1.2) (>= netstandard1.3) (< win8)) (&& (< monoandroid) (< net45) (< netstandard1.2) (>= netstandard1.6) (< win8)) (&& (< monoandroid) (< net45) (< netstandard1.3) (>= netstandard1.4) (< win8) (< wpa81)) (&& (< monoandroid) (< net45) (< netstandard1.3) (>= netstandard1.5) (< win8) (< wpa81)) (&& (< monoandroid) (< net45) (< netstandard1.3) (>= netstandard1.6) (< win8) (< wpa81)) (&& (< monoandroid) (< net45) (< netstandard1.4) (>= netstandard1.6) (< win8) (< wpa81)) (&& (< monoandroid) (< net45) (< netstandard1.5) (>= netstandard1.6) (< win8) (< wpa81)) (&& (< monoandroid) (< net45) (>= netstandard2.0) (< xamarinios)) (&& (< net45) (>= net46) (< netstandard1.3)) (&& (< net45) (>= net46) (< netstandard1.4)) (&& (< net45) (>= netstandard1.1) (< netstandard1.2) (< win8)) (&& (< net45) (>= netstandard1.2) (< netstandard1.3) (< win8) (< wpa81)) (&& (< net45) (>= netstandard1.3) (< netstandard1.4) (< win8) (< wpa81)) (&& (< net45) (>= netstandard1.4) (< netstandard1.5) (< win8) (< wpa81)) (&& (< net45) (>= netstandard1.5) (< netstandard1.6) (< win8) (< wpa81)) (&& (< net45) (>= netstandard1.6) (< netstandard2.0)) (&& (>= netstandard1.1) (< portable-net45+win8+wpa81)) (&& (< netstandard1.3) (>= uap10.0) (< win8) (< wpa81)) (&& (< netstandard1.5) (>= netstandard1.6) (>= uap10.0)) (&& (< netstandard1.5) (>= uap10.0) (< uap10.1)) (&& (< netstandard1.5) (>= uap10.0) (< win8) (< wpa81))
      Microsoft.NETCore.Platforms (>= 1.1) - restriction: || (>= dnxcore50) (&& (< monoandroid) (< monotouch) (< net45) (>= netstandard1.3) (< win8) (< wpa81) (< xamarinios) (< xamarinmac) (< xamarintvos) (< xamarinwatchos)) (&& (< monoandroid) (< net45) (>= netstandard1.0) (< netstandard1.3) (< win8) (< wp8) (< wpa81))
      Microsoft.NETCore.Targets (>= 1.1) - restriction: || (>= dnxcore50) (&& (< monoandroid) (< monotouch) (< net45) (>= netstandard1.3) (< win8) (< wpa81) (< xamarinios) (< xamarinmac) (< xamarintvos) (< xamarinwatchos)) (&& (< monoandroid) (< net45) (>= netstandard1.0) (< netstandard1.3) (< win8) (< wp8) (< wpa81))
      System.Runtime (>= 4.3) - restriction: || (>= dnxcore50) (&& (< monoandroid) (< monotouch) (< net45) (>= netstandard1.3) (< win8) (< wpa81) (< xamarinios) (< xamarinmac) (< xamarintvos) (< xamarinwatchos)) (&& (< monoandroid) (< net45) (>= netstandard1.0) (< netstandard1.3) (< win8) (< wp8) (< wpa81))
    System.Threading.Tasks.Extensions (4.5.2) - restriction: || (&& (>= dnxcore50) (>= net46)) (&& (>= dnxcore50) (>= netstandard1.1)) (&& (>= dnxcore50) (>= netstandard1.2)) (&& (>= dnxcore50) (>= netstandard1.3)) (&& (>= dnxcore50) (>= netstandard1.4)) (&& (>= dnxcore50) (>= netstandard1.5)) (&& (>= dnxcore50) (>= netstandard1.6)) (&& (>= dnxcore50) (>= uap10.0)) (&& (< monoandroid) (< monotouch) (< net45) (>= netstandard1.6) (< netstandard2.0) (< win8) (< wpa81) (< xamarinmac) (< xamarintvos) (< xamarinwatchos)) (&& (< monoandroid) (< net45) (< netstandard1.2) (>= netstandard1.3) (< win8)) (&& (< monoandroid) (< net45) (>= netstandard1.3) (< netstandard1.4) (< win8) (< wpa81)) (&& (< monoandroid) (< net45) (>= netstandard1.4) (< netstandard1.5) (< win8) (< wpa81)) (&& (< monoandroid) (< net45) (>= netstandard1.5) (< netstandard1.6) (< win8) (< wpa81)) (&& (< net45) (>= net46) (< netstandard1.4)) (&& (>= netstandard1.3) (< portable-net45+win8+wpa81)) (&& (< netstandard1.5) (>= uap10.0) (< win8) (< wpa81))
      System.Collections (>= 4.3) - restriction: && (< monoandroid) (< monotouch) (< net45) (>= netstandard1.0) (< netstandard2.0) (< win8) (< wp8) (< wpa81) (< xamarinmac) (< xamarintvos) (< xamarinwatchos)
      System.Runtime (>= 4.3) - restriction: && (< monoandroid) (< monotouch) (< net45) (>= netstandard1.0) (< netstandard2.0) (< win8) (< wp8) (< wpa81) (< xamarinmac) (< xamarintvos) (< xamarinwatchos)
      System.Runtime.CompilerServices.Unsafe (>= 4.5.2) - restriction: || (&& (< monoandroid) (< monotouch) (>= netstandard1.0) (< netstandard2.0) (< win8) (< wpa81) (< xamarinmac) (< xamarintvos) (< xamarinwatchos)) (&& (< monoandroid) (< netstandard1.0) (>= portable-net45+win8+wp8+wpa81) (< win8)) (>= net45) (&& (< netcoreapp2.1) (>= netstandard2.0) (< xamarinios)) (&& (< netstandard1.0) (>= win8)) (&& (< netstandard2.0) (>= wpa81)) (>= wp8)
      System.Threading.Tasks (>= 4.3) - restriction: && (< monoandroid) (< monotouch) (< net45) (>= netstandard1.0) (< netstandard2.0) (< win8) (< wp8) (< wpa81) (< xamarinmac) (< xamarintvos) (< xamarinwatchos)
    System.Threading.Tasks.Parallel (4.3) - restriction: && (< net45) (>= netstandard1.6) (< netstandard2.0)
      System.Collections.Concurrent (>= 4.3) - restriction: || (>= dnxcore50) (&& (< monoandroid) (< monotouch) (< net45) (>= netstandard1.3) (< win8) (< wpa81) (< xamarinios) (< xamarinmac) (< xamarintvos) (< xamarinwatchos)) (&& (< monoandroid) (< net45) (>= netstandard1.1) (< netstandard1.3) (< win8) (< wpa81))
      System.Diagnostics.Debug (>= 4.3) - restriction: || (>= dnxcore50) (&& (< monoandroid) (< monotouch) (< net45) (>= netstandard1.3) (< win8) (< wpa81) (< xamarinios) (< xamarinmac) (< xamarintvos) (< xamarinwatchos))
      System.Diagnostics.Tracing (>= 4.3) - restriction: || (>= dnxcore50) (&& (< monoandroid) (< monotouch) (< net45) (>= netstandard1.3) (< win8) (< wpa81) (< xamarinios) (< xamarinmac) (< xamarintvos) (< xamarinwatchos))
      System.Resources.ResourceManager (>= 4.3) - restriction: || (>= dnxcore50) (&& (< monoandroid) (< monotouch) (< net45) (>= netstandard1.3) (< win8) (< wpa81) (< xamarinios) (< xamarinmac) (< xamarintvos) (< xamarinwatchos))
      System.Runtime (>= 4.3) - restriction: || (>= dnxcore50) (&& (< monoandroid) (< monotouch) (< net45) (>= netstandard1.3) (< win8) (< wpa81) (< xamarinios) (< xamarinmac) (< xamarintvos) (< xamarinwatchos)) (&& (< monoandroid) (< net45) (>= netstandard1.1) (< netstandard1.3) (< win8) (< wpa81))
      System.Runtime.Extensions (>= 4.3) - restriction: || (>= dnxcore50) (&& (< monoandroid) (< monotouch) (< net45) (>= netstandard1.3) (< win8) (< wpa81) (< xamarinios) (< xamarinmac) (< xamarintvos) (< xamarinwatchos))
      System.Threading (>= 4.3) - restriction: || (>= dnxcore50) (&& (< monoandroid) (< monotouch) (< net45) (>= netstandard1.3) (< win8) (< wpa81) (< xamarinios) (< xamarinmac) (< xamarintvos) (< xamarinwatchos))
      System.Threading.Tasks (>= 4.3) - restriction: || (>= dnxcore50) (&& (< monoandroid) (< monotouch) (< net45) (>= netstandard1.3) (< win8) (< wpa81) (< xamarinios) (< xamarinmac) (< xamarintvos) (< xamarinwatchos)) (&& (< monoandroid) (< net45) (>= netstandard1.1) (< netstandard1.3) (< win8) (< wpa81))
    System.Threading.Thread (4.3) - restriction: || (&& (< monoandroid) (< net45) (>= netstandard2.0) (< xamarinios)) (&& (< net45) (>= netstandard1.6) (< netstandard2.0))
      System.Runtime (>= 4.3) - restriction: && (< monoandroid) (< monotouch) (< net46) (>= netstandard1.3) (< xamarinios) (< xamarinmac) (< xamarintvos) (< xamarinwatchos)
    System.Threading.ThreadPool (4.3) - restriction: || (&& (< monoandroid) (< net45) (>= netstandard2.0) (< xamarinios)) (&& (< net45) (>= netstandard1.6) (< netstandard2.0))
      System.Runtime (>= 4.3) - restriction: && (< monoandroid) (< monotouch) (< net46) (>= netstandard1.3) (< xamarinios) (< xamarinmac) (< xamarintvos) (< xamarinwatchos)
      System.Runtime.Handles (>= 4.3) - restriction: && (< monoandroid) (< monotouch) (< net46) (>= netstandard1.3) (< xamarinios) (< xamarinmac) (< xamarintvos) (< xamarinwatchos)
    System.Threading.Timer (4.3) - restriction: || (&& (< net45) (>= netstandard1.2) (< netstandard1.3) (< win8) (< wpa81)) (&& (< net45) (>= netstandard1.3) (< netstandard1.4) (< win8) (< wpa81)) (&& (< net45) (>= netstandard1.4) (< netstandard1.5) (< win8) (< wpa81)) (&& (< net45) (>= netstandard1.5) (< netstandard1.6) (< win8) (< wpa81)) (&& (< net45) (>= netstandard1.6) (< netstandard2.0)) (&& (< netstandard1.5) (>= uap10.0) (< uap10.1))
      Microsoft.NETCore.Platforms (>= 1.1) - restriction: || (>= dnxcore50) (&& (< monoandroid) (< monotouch) (< net451) (>= netstandard1.2) (< win81) (< wpa81) (< xamarinios) (< xamarinmac) (< xamarintvos) (< xamarinwatchos))
      Microsoft.NETCore.Targets (>= 1.1) - restriction: || (>= dnxcore50) (&& (< monoandroid) (< monotouch) (< net451) (>= netstandard1.2) (< win81) (< wpa81) (< xamarinios) (< xamarinmac) (< xamarintvos) (< xamarinwatchos))
      System.Runtime (>= 4.3) - restriction: || (>= dnxcore50) (&& (< monoandroid) (< monotouch) (< net451) (>= netstandard1.2) (< win81) (< wpa81) (< xamarinios) (< xamarinmac) (< xamarintvos) (< xamarinwatchos))
    System.ValueTuple (4.5)
      NETStandard.Library (>= 1.6.1) - restriction: && (< monoandroid) (< monotouch) (< net45) (>= netstandard1.0) (< netstandard2.0) (< win8) (< wp8) (< wpa81) (< xamarinmac) (< xamarintvos) (< xamarinwatchos)
    System.Xml.ReaderWriter (4.3.1) - restriction: || (&& (>= dnxcore50) (>= netstandard1.1)) (&& (>= dnxcore50) (>= netstandard1.2)) (&& (>= dnxcore50) (>= netstandard1.3)) (&& (>= dnxcore50) (>= netstandard1.4)) (&& (>= dnxcore50) (>= netstandard1.5)) (&& (>= dnxcore50) (>= netstandard1.6)) (&& (>= dnxcore50) (>= uap10.0)) (&& (< monoandroid) (< monotouch) (< net20) (>= netstandard1.3) (< netstandard2.0) (< xamarinmac) (< xamarintvos) (< xamarinwatchos)) (&& (< monoandroid) (< net45) (< netstandard1.2) (>= netstandard1.3) (< win8)) (&& (< monoandroid) (< net45) (< netstandard1.3) (>= netstandard1.4) (< win8) (< wpa81)) (&& (< monoandroid) (< net45) (< netstandard1.3) (>= netstandard1.5) (< win8) (< wpa81)) (&& (< monoandroid) (< net45) (< netstandard1.3) (>= netstandard1.6) (< win8) (< wpa81)) (&& (< net45) (>= net46) (< netstandard1.4)) (&& (< net45) (>= netstandard1.1) (< netstandard1.2) (< win8)) (&& (< net45) (>= netstandard1.2) (< netstandard1.3) (< win8) (< wpa81)) (&& (< net45) (>= netstandard1.3) (< netstandard1.4) (< win8) (< wpa81)) (&& (< net45) (>= netstandard1.4) (< netstandard1.5) (< win8) (< wpa81)) (&& (< net45) (>= netstandard1.5) (< netstandard1.6) (< win8) (< wpa81)) (&& (< net45) (>= netstandard1.6) (< netstandard2.0) (< win8) (< wpa81)) (&& (>= netstandard1.1) (< portable-net45+win8+wpa81)) (&& (>= netstandard1.3) (< portable-net45+win8+wpa81)) (&& (< netstandard1.3) (>= uap10.0) (< win8) (< wpa81)) (&& (< netstandard1.5) (>= uap10.0) (< uap10.1)) (&& (< netstandard1.5) (>= uap10.0) (< win8) (< wpa81))
      System.Collections (>= 4.3) - restriction: || (>= dnxcore50) (&& (< monoandroid) (< monotouch) (< net45) (>= netstandard1.3) (< win8) (< wpa81) (< xamarinios) (< xamarinmac) (< xamarintvos) (< xamarinwatchos))
      System.Diagnostics.Debug (>= 4.3) - restriction: || (>= dnxcore50) (&& (< monoandroid) (< monotouch) (< net45) (>= netstandard1.3) (< win8) (< wpa81) (< xamarinios) (< xamarinmac) (< xamarintvos) (< xamarinwatchos))
      System.Globalization (>= 4.3) - restriction: || (>= dnxcore50) (&& (< monoandroid) (< monotouch) (< net45) (>= netstandard1.3) (< win8) (< wpa81) (< xamarinios) (< xamarinmac) (< xamarintvos) (< xamarinwatchos))
      System.IO (>= 4.3) - restriction: || (>= dnxcore50) (&& (< monoandroid) (< monotouch) (< net45) (>= netstandard1.3) (< win8) (< wpa81) (< xamarinios) (< xamarinmac) (< xamarintvos) (< xamarinwatchos)) (&& (< monoandroid) (< net45) (>= netstandard1.0) (< netstandard1.3) (< win8) (< wp8) (< wpa81))
      System.IO.FileSystem (>= 4.3) - restriction: || (>= dnxcore50) (&& (< monoandroid) (< monotouch) (< net45) (>= netstandard1.3) (< win8) (< wpa81) (< xamarinios) (< xamarinmac) (< xamarintvos) (< xamarinwatchos))
      System.IO.FileSystem.Primitives (>= 4.3) - restriction: || (>= dnxcore50) (&& (< monoandroid) (< monotouch) (< net45) (>= netstandard1.3) (< win8) (< wpa81) (< xamarinios) (< xamarinmac) (< xamarintvos) (< xamarinwatchos))
      System.Resources.ResourceManager (>= 4.3) - restriction: || (>= dnxcore50) (&& (< monoandroid) (< monotouch) (< net45) (>= netstandard1.3) (< win8) (< wpa81) (< xamarinios) (< xamarinmac) (< xamarintvos) (< xamarinwatchos))
      System.Runtime (>= 4.3) - restriction: || (>= dnxcore50) (&& (< monoandroid) (< monotouch) (< net45) (>= netstandard1.3) (< win8) (< wpa81) (< xamarinios) (< xamarinmac) (< xamarintvos) (< xamarinwatchos)) (&& (< monoandroid) (< net45) (>= netstandard1.0) (< netstandard1.3) (< win8) (< wp8) (< wpa81))
      System.Runtime.Extensions (>= 4.3) - restriction: || (>= dnxcore50) (&& (< monoandroid) (< monotouch) (< net45) (>= netstandard1.3) (< win8) (< wpa81) (< xamarinios) (< xamarinmac) (< xamarintvos) (< xamarinwatchos))
      System.Runtime.InteropServices (>= 4.3) - restriction: || (>= dnxcore50) (&& (< monoandroid) (< monotouch) (< net45) (>= netstandard1.3) (< win8) (< wpa81) (< xamarinios) (< xamarinmac) (< xamarintvos) (< xamarinwatchos))
      System.Text.Encoding (>= 4.3) - restriction: || (>= dnxcore50) (&& (< monoandroid) (< monotouch) (< net45) (>= netstandard1.3) (< win8) (< wpa81) (< xamarinios) (< xamarinmac) (< xamarintvos) (< xamarinwatchos)) (&& (< monoandroid) (< net45) (>= netstandard1.0) (< netstandard1.3) (< win8) (< wp8) (< wpa81))
      System.Text.Encoding.Extensions (>= 4.3) - restriction: || (>= dnxcore50) (&& (< monoandroid) (< monotouch) (< net45) (>= netstandard1.3) (< win8) (< wpa81) (< xamarinios) (< xamarinmac) (< xamarintvos) (< xamarinwatchos))
      System.Text.RegularExpressions (>= 4.3) - restriction: || (>= dnxcore50) (&& (< monoandroid) (< monotouch) (< net45) (>= netstandard1.3) (< win8) (< wpa81) (< xamarinios) (< xamarinmac) (< xamarintvos) (< xamarinwatchos))
      System.Threading.Tasks (>= 4.3) - restriction: || (>= dnxcore50) (&& (< monoandroid) (< monotouch) (< net45) (>= netstandard1.3) (< win8) (< wpa81) (< xamarinios) (< xamarinmac) (< xamarintvos) (< xamarinwatchos)) (&& (< monoandroid) (< net45) (>= netstandard1.0) (< netstandard1.3) (< win8) (< wp8) (< wpa81))
      System.Threading.Tasks.Extensions (>= 4.3) - restriction: || (>= dnxcore50) (&& (< monoandroid) (< monotouch) (< net45) (>= netstandard1.3) (< win8) (< wpa81) (< xamarinios) (< xamarinmac) (< xamarintvos) (< xamarinwatchos))
    System.Xml.XDocument (4.3) - restriction: || (&& (< net45) (>= netstandard1.1) (< netstandard1.2) (< win8)) (&& (< net45) (>= netstandard1.2) (< netstandard1.3) (< win8) (< wpa81)) (&& (< net45) (>= netstandard1.3) (< netstandard1.4) (< win8) (< wpa81)) (&& (< net45) (>= netstandard1.4) (< netstandard1.5) (< win8) (< wpa81)) (&& (< net45) (>= netstandard1.5) (< netstandard1.6) (< win8) (< wpa81)) (&& (< net45) (>= netstandard1.6) (< netstandard2.0) (< win8) (< wpa81)) (&& (>= netstandard1.1) (< portable-net45+win8+wpa81)) (&& (< netstandard1.5) (>= uap10.0) (< uap10.1))
      System.Collections (>= 4.3) - restriction: || (>= dnxcore50) (&& (< monoandroid) (< monotouch) (< net45) (>= netstandard1.3) (< win8) (< wpa81) (< xamarinios) (< xamarinmac) (< xamarintvos) (< xamarinwatchos))
      System.Diagnostics.Debug (>= 4.3) - restriction: || (>= dnxcore50) (&& (< monoandroid) (< monotouch) (< net45) (>= netstandard1.3) (< win8) (< wpa81) (< xamarinios) (< xamarinmac) (< xamarintvos) (< xamarinwatchos))
      System.Diagnostics.Tools (>= 4.3) - restriction: || (>= dnxcore50) (&& (< monoandroid) (< monotouch) (< net45) (>= netstandard1.3) (< win8) (< wpa81) (< xamarinios) (< xamarinmac) (< xamarintvos) (< xamarinwatchos))
      System.Globalization (>= 4.3) - restriction: || (>= dnxcore50) (&& (< monoandroid) (< monotouch) (< net45) (>= netstandard1.3) (< win8) (< wpa81) (< xamarinios) (< xamarinmac) (< xamarintvos) (< xamarinwatchos))
      System.IO (>= 4.3) - restriction: || (>= dnxcore50) (&& (< monoandroid) (< monotouch) (< net45) (>= netstandard1.3) (< win8) (< wpa81) (< xamarinios) (< xamarinmac) (< xamarintvos) (< xamarinwatchos)) (&& (< monoandroid) (< net45) (>= netstandard1.0) (< netstandard1.3) (< win8) (< wp8) (< wpa81))
      System.Reflection (>= 4.3) - restriction: || (>= dnxcore50) (&& (< monoandroid) (< monotouch) (< net45) (>= netstandard1.3) (< win8) (< wpa81) (< xamarinios) (< xamarinmac) (< xamarintvos) (< xamarinwatchos))
      System.Resources.ResourceManager (>= 4.3) - restriction: || (>= dnxcore50) (&& (< monoandroid) (< monotouch) (< net45) (>= netstandard1.3) (< win8) (< wpa81) (< xamarinios) (< xamarinmac) (< xamarintvos) (< xamarinwatchos))
      System.Runtime (>= 4.3) - restriction: || (>= dnxcore50) (&& (< monoandroid) (< monotouch) (< net45) (>= netstandard1.3) (< win8) (< wpa81) (< xamarinios) (< xamarinmac) (< xamarintvos) (< xamarinwatchos)) (&& (< monoandroid) (< net45) (>= netstandard1.0) (< netstandard1.3) (< win8) (< wp8) (< wpa81))
      System.Runtime.Extensions (>= 4.3) - restriction: || (>= dnxcore50) (&& (< monoandroid) (< monotouch) (< net45) (>= netstandard1.3) (< win8) (< wpa81) (< xamarinios) (< xamarinmac) (< xamarintvos) (< xamarinwatchos))
      System.Text.Encoding (>= 4.3) - restriction: || (>= dnxcore50) (&& (< monoandroid) (< monotouch) (< net45) (>= netstandard1.3) (< win8) (< wpa81) (< xamarinios) (< xamarinmac) (< xamarintvos) (< xamarinwatchos))
      System.Threading (>= 4.3) - restriction: || (>= dnxcore50) (&& (< monoandroid) (< monotouch) (< net45) (>= netstandard1.3) (< win8) (< wpa81) (< xamarinios) (< xamarinmac) (< xamarintvos) (< xamarinwatchos))
      System.Xml.ReaderWriter (>= 4.3) - restriction: || (>= dnxcore50) (&& (< monoandroid) (< monotouch) (< net45) (>= netstandard1.3) (< win8) (< wpa81) (< xamarinios) (< xamarinmac) (< xamarintvos) (< xamarinwatchos)) (&& (< monoandroid) (< net45) (>= netstandard1.0) (< netstandard1.3) (< win8) (< wp8) (< wpa81))
    System.Xml.XmlDocument (4.3) - restriction: && (< net20) (>= netstandard1.3) (< netstandard2.0)
      System.Collections (>= 4.3) - restriction: && (< monoandroid) (< monotouch) (< net46) (>= netstandard1.3) (< xamarinios) (< xamarinmac) (< xamarintvos) (< xamarinwatchos)
      System.Diagnostics.Debug (>= 4.3) - restriction: && (< monoandroid) (< monotouch) (< net46) (>= netstandard1.3) (< xamarinios) (< xamarinmac) (< xamarintvos) (< xamarinwatchos)
      System.Globalization (>= 4.3) - restriction: && (< monoandroid) (< monotouch) (< net46) (>= netstandard1.3) (< xamarinios) (< xamarinmac) (< xamarintvos) (< xamarinwatchos)
      System.IO (>= 4.3) - restriction: && (< monoandroid) (< monotouch) (< net46) (>= netstandard1.3) (< xamarinios) (< xamarinmac) (< xamarintvos) (< xamarinwatchos)
      System.Resources.ResourceManager (>= 4.3) - restriction: && (< monoandroid) (< monotouch) (< net46) (>= netstandard1.3) (< xamarinios) (< xamarinmac) (< xamarintvos) (< xamarinwatchos)
      System.Runtime (>= 4.3) - restriction: && (< monoandroid) (< monotouch) (< net46) (>= netstandard1.3) (< xamarinios) (< xamarinmac) (< xamarintvos) (< xamarinwatchos)
      System.Runtime.Extensions (>= 4.3) - restriction: && (< monoandroid) (< monotouch) (< net46) (>= netstandard1.3) (< xamarinios) (< xamarinmac) (< xamarintvos) (< xamarinwatchos)
      System.Text.Encoding (>= 4.3) - restriction: && (< monoandroid) (< monotouch) (< net46) (>= netstandard1.3) (< xamarinios) (< xamarinmac) (< xamarintvos) (< xamarinwatchos)
      System.Threading (>= 4.3) - restriction: && (< monoandroid) (< monotouch) (< net46) (>= netstandard1.3) (< xamarinios) (< xamarinmac) (< xamarintvos) (< xamarinwatchos)
      System.Xml.ReaderWriter (>= 4.3) - restriction: && (< monoandroid) (< monotouch) (< net46) (>= netstandard1.3) (< xamarinios) (< xamarinmac) (< xamarintvos) (< xamarinwatchos)
  remote: https://ci.appveyor.com/nuget/fsharp-formatting
    FSharp.Formatting (3.0.0-beta13)
      FSharp.Compiler.Service (>= 25.0.1 < 26.0)
      Microsoft.AspNet.Razor (>= 3.2.6 < 4.0)
      System.ValueTuple (>= 4.5 < 5.0)
    FSharp.Formatting.CommandTool (3.0.0-beta13)
  remote: https://dotnet.myget.org/F/roslyn-tools/api/v3/index.json
    RoslynTools.ReferenceAssemblies (0.1.3)
GITHUB
  remote: fsharp/FAKE
    modules/Octokit/Octokit.fsx (917a1c03b20151af3ef897542662fb4267e4f276)
      Octokit (>= 0.20)
GROUP DocsLegacyV4
NUGET
  remote: https://api.nuget.org/v3/index.json
    FAKE (4.64.16)

GROUP DocsLegacyV5
NUGET
  remote: https://api.nuget.org/v3/index.json
    FAKE (5.8.4)

GROUP netcore
STORAGE: NONE
RESTRICTION: || (== net46) (== net462) (== netcoreapp2.0) (== netcoreapp2.1) (== netstandard1.6) (== netstandard2.0)
NUGET
  remote: https://api.nuget.org/v3/index.json
    BlackFox.VsWhere (1.0)
      FSharp.Core (>= 4.0.0.1) - restriction: || (== net46) (== net462) (&& (== netcoreapp2.0) (>= net45)) (&& (== netcoreapp2.1) (>= net45)) (&& (== netstandard1.6) (>= net45)) (&& (== netstandard2.0) (>= net45))
      FSharp.Core (>= 4.2.3) - restriction: || (&& (== net46) (< net45) (>= netstandard2.0)) (&& (== net462) (< net45) (>= netstandard2.0)) (== netcoreapp2.0) (== netcoreapp2.1) (&& (== netstandard1.6) (>= netstandard2.0)) (== netstandard2.0)
    Chessie (0.6) - restriction: || (== net46) (== net462) (== netcoreapp2.0) (== netcoreapp2.1) (&& (== netstandard1.6) (>= net45)) (&& (== netstandard1.6) (>= netstandard2.0)) (== netstandard2.0)
      FSharp.Core  - restriction: || (== net46) (== net462) (&& (== netcoreapp2.0) (< netstandard1.6)) (&& (== netcoreapp2.1) (< netstandard1.6)) (&& (== netstandard2.0) (< netstandard1.6))
      FSharp.Core (>= 4.0.1.7-alpha) - restriction: || (&& (== net46) (>= netstandard1.6)) (&& (== net462) (>= netstandard1.6)) (== netcoreapp2.0) (== netcoreapp2.1) (== netstandard1.6) (== netstandard2.0)
      NETStandard.Library (>= 1.6) - restriction: || (&& (== net46) (>= netstandard1.6)) (&& (== net462) (>= netstandard1.6)) (== netcoreapp2.0) (== netcoreapp2.1) (== netstandard1.6) (== netstandard2.0)
    DotNet.Xdt (2.1)
    Expecto (8.9.1)
      FSharp.Core (>= 4.3.4) - restriction: || (&& (== net46) (>= net461)) (&& (== net46) (>= netstandard2.0)) (== net462) (== netcoreapp2.0) (== netcoreapp2.1) (&& (== netstandard1.6) (>= net461)) (&& (== netstandard1.6) (>= netstandard2.0)) (== netstandard2.0)
      Mono.Cecil (>= 0.10.3) - restriction: || (&& (== net46) (>= net461)) (&& (== net46) (>= netstandard2.0)) (== net462) (== netcoreapp2.0) (== netcoreapp2.1) (&& (== netstandard1.6) (>= net461)) (&& (== netstandard1.6) (>= netstandard2.0)) (== netstandard2.0)
    Expecto.FsCheck (8.9.1)
      Expecto (>= 8.9.1) - restriction: || (&& (== net46) (>= net461)) (&& (== net46) (>= netstandard2.0)) (== net462) (== netcoreapp2.0) (== netcoreapp2.1) (&& (== netstandard1.6) (>= net461)) (&& (== netstandard1.6) (>= netstandard2.0)) (== netstandard2.0)
      FsCheck (>= 2.13) - restriction: || (&& (== net46) (>= net461)) (&& (== net46) (>= netstandard2.0)) (== net462) (== netcoreapp2.0) (== netcoreapp2.1) (&& (== netstandard1.6) (>= net461)) (&& (== netstandard1.6) (>= netstandard2.0)) (== netstandard2.0)
    Expecto.TestResults (8.9.1)
      Expecto (>= 8.9.1) - restriction: || (&& (== net46) (>= net461)) (&& (== net46) (>= netstandard2.0)) (== net462) (== netcoreapp2.0) (== netcoreapp2.1) (&& (== netstandard1.6) (>= net461)) (&& (== netstandard1.6) (>= netstandard2.0)) (== netstandard2.0)
      FSharp.Core (>= 4.3.4) - restriction: || (&& (== net46) (>= net461)) (&& (== net46) (>= netstandard2.0)) (== net462) (== netcoreapp2.0) (== netcoreapp2.1) (&& (== netstandard1.6) (>= net461)) (&& (== netstandard1.6) (>= netstandard2.0)) (== netstandard2.0)
    FParsec (1.0.3)
      FSharp.Core (>= 4.0.0.1) - restriction: || (== net46) (== net462) (&& (== netcoreapp2.0) (>= net40)) (&& (== netcoreapp2.1) (>= net40)) (&& (== netstandard1.6) (>= net40)) (&& (== netstandard2.0) (>= net40))
      FSharp.Core (>= 4.2.3) - restriction: || (&& (== net46) (< net40) (>= netstandard1.6)) (&& (== net462) (< net40) (>= netstandard1.6)) (== netcoreapp2.0) (== netcoreapp2.1) (== netstandard1.6) (== netstandard2.0)
      NETStandard.Library (>= 1.6.1) - restriction: || (&& (== net46) (< net40) (>= netstandard1.6)) (&& (== net462) (< net40) (>= netstandard1.6)) (== netcoreapp2.0) (== netcoreapp2.1) (== netstandard1.6) (== netstandard2.0)
    FsCheck (2.13)
      FSharp.Core (>= 4.2.3)
    FSharp.Compiler.Service (25.0.1) - storage: packages, content: none
      FSharp.Core (>= 4.1.18) - restriction: || (== net46) (== net462) (== netcoreapp2.0) (== netcoreapp2.1) (&& (== netstandard1.6) (>= net45)) (&& (== netstandard1.6) (>= netstandard2.0)) (== netstandard2.0)
      System.Collections.Immutable (>= 1.5) - restriction: || (== net46) (== net462) (== netcoreapp2.0) (== netcoreapp2.1) (&& (== netstandard1.6) (>= net45)) (&& (== netstandard1.6) (>= netstandard2.0)) (== netstandard2.0)
      System.Diagnostics.Process (>= 4.1) - restriction: || (&& (== net46) (< net45) (>= netstandard2.0)) (&& (== net462) (< net45) (>= netstandard2.0)) (== netcoreapp2.0) (== netcoreapp2.1) (&& (== netstandard1.6) (>= netstandard2.0)) (== netstandard2.0)
      System.Diagnostics.TraceSource (>= 4.0) - restriction: || (&& (== net46) (< net45) (>= netstandard2.0)) (&& (== net462) (< net45) (>= netstandard2.0)) (== netcoreapp2.0) (== netcoreapp2.1) (&& (== netstandard1.6) (>= netstandard2.0)) (== netstandard2.0)
      System.Reflection.Emit (>= 4.3) - restriction: || (&& (== net46) (< net45) (>= netstandard2.0)) (&& (== net462) (< net45) (>= netstandard2.0)) (== netcoreapp2.0) (== netcoreapp2.1) (&& (== netstandard1.6) (>= netstandard2.0)) (== netstandard2.0)
      System.Reflection.Metadata (>= 1.6) - restriction: || (== net46) (== net462) (== netcoreapp2.0) (== netcoreapp2.1) (&& (== netstandard1.6) (>= net45)) (&& (== netstandard1.6) (>= netstandard2.0)) (== netstandard2.0)
      System.Reflection.TypeExtensions (>= 4.3) - restriction: || (&& (== net46) (< net45) (>= netstandard2.0)) (&& (== net462) (< net45) (>= netstandard2.0)) (== netcoreapp2.0) (== netcoreapp2.1) (&& (== netstandard1.6) (>= netstandard2.0)) (== netstandard2.0)
      System.Runtime.Loader (>= 4.0) - restriction: || (&& (== net46) (< net45) (>= netstandard2.0)) (&& (== net462) (< net45) (>= netstandard2.0)) (== netcoreapp2.0) (== netcoreapp2.1) (&& (== netstandard1.6) (>= netstandard2.0)) (== netstandard2.0)
      System.Security.Cryptography.Algorithms (>= 4.3) - restriction: || (&& (== net46) (< net45) (>= netstandard2.0)) (&& (== net462) (< net45) (>= netstandard2.0)) (== netcoreapp2.0) (== netcoreapp2.1) (&& (== netstandard1.6) (>= netstandard2.0)) (== netstandard2.0)
      System.ValueTuple (>= 4.4) - restriction: || (== net46) (== net462) (&& (== netcoreapp2.0) (>= net45)) (&& (== netcoreapp2.1) (>= net45)) (&& (== netstandard1.6) (>= net45)) (&& (== netstandard2.0) (>= net45))
    FSharp.Compiler.Tools (10.2.1) - restriction: || (== net46) (== net462) (&& (== netcoreapp2.0) (>= net45)) (&& (== netcoreapp2.1) (>= net45)) (&& (== netstandard1.6) (>= net45)) (&& (== netstandard2.0) (>= net45))
    FSharp.Control.Reactive (4.1)
      FSharp.Core (>= 4.2.3) - restriction: || (== net46) (== net462) (== netcoreapp2.0) (== netcoreapp2.1) (&& (== netstandard1.6) (>= net46)) (&& (== netstandard1.6) (>= netstandard2.0)) (== netstandard2.0)
      System.Reactive (>= 4.0) - restriction: || (== net46) (== net462) (== netcoreapp2.0) (== netcoreapp2.1) (&& (== netstandard1.6) (>= net46)) (&& (== netstandard1.6) (>= netstandard2.0)) (== netstandard2.0)
    FSharp.Core (4.3.4)
      System.Collections (>= 4.0.11) - restriction: || (&& (== net46) (== netcoreapp2.0)) (&& (== net46) (== netcoreapp2.1)) (&& (== net46) (== netstandard2.0)) (&& (== net46) (< net45) (>= netstandard1.6)) (&& (== net462) (== netcoreapp2.0)) (&& (== net462) (== netcoreapp2.1)) (&& (== net462) (== netstandard2.0)) (&& (== net462) (< net45) (>= netstandard1.6)) (&& (== netcoreapp2.0) (< netstandard2.0)) (&& (== netcoreapp2.1) (< netstandard2.0)) (== netstandard1.6)
      System.Console (>= 4.0) - restriction: || (&& (== net46) (== netcoreapp2.0)) (&& (== net46) (== netcoreapp2.1)) (&& (== net46) (== netstandard2.0)) (&& (== net46) (< net45) (>= netstandard1.6)) (&& (== net462) (== netcoreapp2.0)) (&& (== net462) (== netcoreapp2.1)) (&& (== net462) (== netstandard2.0)) (&& (== net462) (< net45) (>= netstandard1.6)) (&& (== netcoreapp2.0) (< netstandard2.0)) (&& (== netcoreapp2.1) (< netstandard2.0)) (== netstandard1.6)
      System.Diagnostics.Debug (>= 4.0.11) - restriction: || (&& (== net46) (== netcoreapp2.0)) (&& (== net46) (== netcoreapp2.1)) (&& (== net46) (== netstandard2.0)) (&& (== net46) (< net45) (>= netstandard1.6)) (&& (== net462) (== netcoreapp2.0)) (&& (== net462) (== netcoreapp2.1)) (&& (== net462) (== netstandard2.0)) (&& (== net462) (< net45) (>= netstandard1.6)) (&& (== netcoreapp2.0) (< netstandard2.0)) (&& (== netcoreapp2.1) (< netstandard2.0)) (== netstandard1.6)
      System.Diagnostics.Tools (>= 4.0.1) - restriction: || (&& (== net46) (== netcoreapp2.0)) (&& (== net46) (== netcoreapp2.1)) (&& (== net46) (== netstandard2.0)) (&& (== net46) (< net45) (>= netstandard1.6)) (&& (== net462) (== netcoreapp2.0)) (&& (== net462) (== netcoreapp2.1)) (&& (== net462) (== netstandard2.0)) (&& (== net462) (< net45) (>= netstandard1.6)) (&& (== netcoreapp2.0) (< netstandard2.0)) (&& (== netcoreapp2.1) (< netstandard2.0)) (== netstandard1.6)
      System.Globalization (>= 4.0.11) - restriction: || (&& (== net46) (== netcoreapp2.0)) (&& (== net46) (== netcoreapp2.1)) (&& (== net46) (== netstandard2.0)) (&& (== net46) (< net45) (>= netstandard1.6)) (&& (== net462) (== netcoreapp2.0)) (&& (== net462) (== netcoreapp2.1)) (&& (== net462) (== netstandard2.0)) (&& (== net462) (< net45) (>= netstandard1.6)) (&& (== netcoreapp2.0) (< netstandard2.0)) (&& (== netcoreapp2.1) (< netstandard2.0)) (== netstandard1.6)
      System.IO (>= 4.1) - restriction: || (&& (== net46) (== netcoreapp2.0)) (&& (== net46) (== netcoreapp2.1)) (&& (== net46) (== netstandard2.0)) (&& (== net46) (< net45) (>= netstandard1.6)) (&& (== net462) (== netcoreapp2.0)) (&& (== net462) (== netcoreapp2.1)) (&& (== net462) (== netstandard2.0)) (&& (== net462) (< net45) (>= netstandard1.6)) (&& (== netcoreapp2.0) (< netstandard2.0)) (&& (== netcoreapp2.1) (< netstandard2.0)) (== netstandard1.6)
      System.Linq (>= 4.1) - restriction: || (&& (== net46) (== netcoreapp2.0)) (&& (== net46) (== netcoreapp2.1)) (&& (== net46) (== netstandard2.0)) (&& (== net46) (< net45) (>= netstandard1.6)) (&& (== net462) (== netcoreapp2.0)) (&& (== net462) (== netcoreapp2.1)) (&& (== net462) (== netstandard2.0)) (&& (== net462) (< net45) (>= netstandard1.6)) (&& (== netcoreapp2.0) (< netstandard2.0)) (&& (== netcoreapp2.1) (< netstandard2.0)) (== netstandard1.6)
      System.Linq.Expressions (>= 4.1) - restriction: || (&& (== net46) (== netcoreapp2.0)) (&& (== net46) (== netcoreapp2.1)) (&& (== net46) (== netstandard2.0)) (&& (== net46) (< net45) (>= netstandard1.6)) (&& (== net462) (== netcoreapp2.0)) (&& (== net462) (== netcoreapp2.1)) (&& (== net462) (== netstandard2.0)) (&& (== net462) (< net45) (>= netstandard1.6)) (&& (== netcoreapp2.0) (< netstandard2.0)) (&& (== netcoreapp2.1) (< netstandard2.0)) (== netstandard1.6)
      System.Linq.Queryable (>= 4.0.1) - restriction: || (&& (== net46) (== netcoreapp2.0)) (&& (== net46) (== netcoreapp2.1)) (&& (== net46) (== netstandard2.0)) (&& (== net46) (< net45) (>= netstandard1.6)) (&& (== net462) (== netcoreapp2.0)) (&& (== net462) (== netcoreapp2.1)) (&& (== net462) (== netstandard2.0)) (&& (== net462) (< net45) (>= netstandard1.6)) (&& (== netcoreapp2.0) (< netstandard2.0)) (&& (== netcoreapp2.1) (< netstandard2.0)) (== netstandard1.6)
      System.Net.Requests (>= 4.0.11) - restriction: || (&& (== net46) (== netcoreapp2.0)) (&& (== net46) (== netcoreapp2.1)) (&& (== net46) (== netstandard2.0)) (&& (== net46) (< net45) (>= netstandard1.6)) (&& (== net462) (== netcoreapp2.0)) (&& (== net462) (== netcoreapp2.1)) (&& (== net462) (== netstandard2.0)) (&& (== net462) (< net45) (>= netstandard1.6)) (&& (== netcoreapp2.0) (< netstandard2.0)) (&& (== netcoreapp2.1) (< netstandard2.0)) (== netstandard1.6)
      System.Reflection (>= 4.1) - restriction: || (&& (== net46) (== netcoreapp2.0)) (&& (== net46) (== netcoreapp2.1)) (&& (== net46) (== netstandard2.0)) (&& (== net46) (< net45) (>= netstandard1.6)) (&& (== net462) (== netcoreapp2.0)) (&& (== net462) (== netcoreapp2.1)) (&& (== net462) (== netstandard2.0)) (&& (== net462) (< net45) (>= netstandard1.6)) (&& (== netcoreapp2.0) (< netstandard2.0)) (&& (== netcoreapp2.1) (< netstandard2.0)) (== netstandard1.6)
      System.Reflection.Extensions (>= 4.0.1) - restriction: || (&& (== net46) (== netcoreapp2.0)) (&& (== net46) (== netcoreapp2.1)) (&& (== net46) (== netstandard2.0)) (&& (== net46) (< net45) (>= netstandard1.6)) (&& (== net462) (== netcoreapp2.0)) (&& (== net462) (== netcoreapp2.1)) (&& (== net462) (== netstandard2.0)) (&& (== net462) (< net45) (>= netstandard1.6)) (&& (== netcoreapp2.0) (< netstandard2.0)) (&& (== netcoreapp2.1) (< netstandard2.0)) (== netstandard1.6)
      System.Resources.ResourceManager (>= 4.0.1) - restriction: || (&& (== net46) (== netcoreapp2.0)) (&& (== net46) (== netcoreapp2.1)) (&& (== net46) (== netstandard2.0)) (&& (== net46) (< net45) (>= netstandard1.6)) (&& (== net462) (== netcoreapp2.0)) (&& (== net462) (== netcoreapp2.1)) (&& (== net462) (== netstandard2.0)) (&& (== net462) (< net45) (>= netstandard1.6)) (&& (== netcoreapp2.0) (< netstandard2.0)) (&& (== netcoreapp2.1) (< netstandard2.0)) (== netstandard1.6)
      System.Runtime (>= 4.1) - restriction: || (&& (== net46) (== netcoreapp2.0)) (&& (== net46) (== netcoreapp2.1)) (&& (== net46) (== netstandard2.0)) (&& (== net46) (< net45) (>= netstandard1.6)) (&& (== net462) (== netcoreapp2.0)) (&& (== net462) (== netcoreapp2.1)) (&& (== net462) (== netstandard2.0)) (&& (== net462) (< net45) (>= netstandard1.6)) (&& (== netcoreapp2.0) (< netstandard2.0)) (&& (== netcoreapp2.1) (< netstandard2.0)) (== netstandard1.6)
      System.Runtime.Extensions (>= 4.1) - restriction: || (&& (== net46) (== netcoreapp2.0)) (&& (== net46) (== netcoreapp2.1)) (&& (== net46) (== netstandard2.0)) (&& (== net46) (< net45) (>= netstandard1.6)) (&& (== net462) (== netcoreapp2.0)) (&& (== net462) (== netcoreapp2.1)) (&& (== net462) (== netstandard2.0)) (&& (== net462) (< net45) (>= netstandard1.6)) (&& (== netcoreapp2.0) (< netstandard2.0)) (&& (== netcoreapp2.1) (< netstandard2.0)) (== netstandard1.6)
      System.Runtime.Numerics (>= 4.0.1) - restriction: || (&& (== net46) (== netcoreapp2.0)) (&& (== net46) (== netcoreapp2.1)) (&& (== net46) (== netstandard2.0)) (&& (== net46) (< net45) (>= netstandard1.6)) (&& (== net462) (== netcoreapp2.0)) (&& (== net462) (== netcoreapp2.1)) (&& (== net462) (== netstandard2.0)) (&& (== net462) (< net45) (>= netstandard1.6)) (&& (== netcoreapp2.0) (< netstandard2.0)) (&& (== netcoreapp2.1) (< netstandard2.0)) (== netstandard1.6)
      System.Text.RegularExpressions (>= 4.1) - restriction: || (&& (== net46) (== netcoreapp2.0)) (&& (== net46) (== netcoreapp2.1)) (&& (== net46) (== netstandard2.0)) (&& (== net46) (< net45) (>= netstandard1.6)) (&& (== net462) (== netcoreapp2.0)) (&& (== net462) (== netcoreapp2.1)) (&& (== net462) (== netstandard2.0)) (&& (== net462) (< net45) (>= netstandard1.6)) (&& (== netcoreapp2.0) (< netstandard2.0)) (&& (== netcoreapp2.1) (< netstandard2.0)) (== netstandard1.6)
      System.Threading (>= 4.0.11) - restriction: || (&& (== net46) (== netcoreapp2.0)) (&& (== net46) (== netcoreapp2.1)) (&& (== net46) (== netstandard2.0)) (&& (== net46) (< net45) (>= netstandard1.6)) (&& (== net462) (== netcoreapp2.0)) (&& (== net462) (== netcoreapp2.1)) (&& (== net462) (== netstandard2.0)) (&& (== net462) (< net45) (>= netstandard1.6)) (&& (== netcoreapp2.0) (< netstandard2.0)) (&& (== netcoreapp2.1) (< netstandard2.0)) (== netstandard1.6)
      System.Threading.Tasks (>= 4.0.11) - restriction: || (&& (== net46) (== netcoreapp2.0)) (&& (== net46) (== netcoreapp2.1)) (&& (== net46) (== netstandard2.0)) (&& (== net46) (< net45) (>= netstandard1.6)) (&& (== net462) (== netcoreapp2.0)) (&& (== net462) (== netcoreapp2.1)) (&& (== net462) (== netstandard2.0)) (&& (== net462) (< net45) (>= netstandard1.6)) (&& (== netcoreapp2.0) (< netstandard2.0)) (&& (== netcoreapp2.1) (< netstandard2.0)) (== netstandard1.6)
      System.Threading.Tasks.Parallel (>= 4.0.1) - restriction: || (&& (== net46) (== netcoreapp2.0)) (&& (== net46) (== netcoreapp2.1)) (&& (== net46) (== netstandard2.0)) (&& (== net46) (< net45) (>= netstandard1.6)) (&& (== net462) (== netcoreapp2.0)) (&& (== net462) (== netcoreapp2.1)) (&& (== net462) (== netstandard2.0)) (&& (== net462) (< net45) (>= netstandard1.6)) (&& (== netcoreapp2.0) (< netstandard2.0)) (&& (== netcoreapp2.1) (< netstandard2.0)) (== netstandard1.6)
      System.Threading.Thread (>= 4.0) - restriction: || (&& (== net46) (== netcoreapp2.0)) (&& (== net46) (== netcoreapp2.1)) (&& (== net46) (== netstandard2.0)) (&& (== net46) (< net45) (>= netstandard1.6)) (&& (== net462) (== netcoreapp2.0)) (&& (== net462) (== netcoreapp2.1)) (&& (== net462) (== netstandard2.0)) (&& (== net462) (< net45) (>= netstandard1.6)) (&& (== netcoreapp2.0) (< netstandard2.0)) (&& (== netcoreapp2.1) (< netstandard2.0)) (== netstandard1.6)
      System.Threading.ThreadPool (>= 4.0.10) - restriction: || (&& (== net46) (== netcoreapp2.0)) (&& (== net46) (== netcoreapp2.1)) (&& (== net46) (== netstandard2.0)) (&& (== net46) (< net45) (>= netstandard1.6)) (&& (== net462) (== netcoreapp2.0)) (&& (== net462) (== netcoreapp2.1)) (&& (== net462) (== netstandard2.0)) (&& (== net462) (< net45) (>= netstandard1.6)) (&& (== netcoreapp2.0) (< netstandard2.0)) (&& (== netcoreapp2.1) (< netstandard2.0)) (== netstandard1.6)
      System.Threading.Timer (>= 4.0.1) - restriction: || (&& (== net46) (== netcoreapp2.0)) (&& (== net46) (== netcoreapp2.1)) (&& (== net46) (== netstandard2.0)) (&& (== net46) (< net45) (>= netstandard1.6)) (&& (== net462) (== netcoreapp2.0)) (&& (== net462) (== netcoreapp2.1)) (&& (== net462) (== netstandard2.0)) (&& (== net462) (< net45) (>= netstandard1.6)) (&& (== netcoreapp2.0) (< netstandard2.0)) (&& (== netcoreapp2.1) (< netstandard2.0)) (== netstandard1.6)
    Microsoft.Build (15.9.20) - restriction: || (== net46) (== net462) (== netcoreapp2.0) (== netcoreapp2.1) (&& (== netstandard1.6) (>= net46)) (&& (== netstandard1.6) (>= netstandard2.0)) (== netstandard2.0)
      Microsoft.Build.Framework (>= 15.9.20) - restriction: || (== net46) (== net462) (== netcoreapp2.0) (== netcoreapp2.1) (&& (== netstandard1.6) (>= net46)) (&& (== netstandard1.6) (>= netstandard2.0)) (== netstandard2.0)
      Microsoft.VisualStudio.Setup.Configuration.Interop (>= 1.16.30) - restriction: || (== net46) (== net462) (&& (== netcoreapp2.0) (>= net46)) (&& (== netcoreapp2.1) (>= net46)) (&& (== netstandard1.6) (>= net46)) (&& (== netstandard2.0) (>= net46))
      Microsoft.Win32.Registry (>= 4.3) - restriction: || (&& (== net46) (>= netcoreapp2.1)) (&& (== net462) (< net46) (>= netstandard2.0)) (&& (== net462) (>= netcoreapp2.1)) (== netcoreapp2.0) (== netcoreapp2.1) (&& (== netstandard1.6) (>= netcoreapp2.1)) (&& (== netstandard1.6) (>= netstandard2.0)) (== netstandard2.0)
      System.Collections.Immutable (>= 1.5) - restriction: || (== net46) (== net462) (== netcoreapp2.0) (== netcoreapp2.1) (&& (== netstandard1.6) (>= net46)) (&& (== netstandard1.6) (>= netstandard2.0)) (== netstandard2.0)
      System.Diagnostics.TraceSource (>= 4.0) - restriction: || (&& (== net46) (>= netcoreapp2.1)) (&& (== net462) (< net46) (>= netstandard2.0)) (&& (== net462) (>= netcoreapp2.1)) (== netcoreapp2.0) (== netcoreapp2.1) (&& (== netstandard1.6) (>= netcoreapp2.1)) (&& (== netstandard1.6) (>= netstandard2.0)) (== netstandard2.0)
      System.IO.Compression (>= 4.3) - restriction: || (== net46) (== net462) (== netcoreapp2.0) (== netcoreapp2.1) (&& (== netstandard1.6) (>= net46)) (&& (== netstandard1.6) (>= netstandard2.0)) (== netstandard2.0)
      System.Reflection.Metadata (>= 1.6) - restriction: || (&& (== net46) (>= netcoreapp2.1)) (&& (== net462) (< net46) (>= netstandard2.0)) (&& (== net462) (>= netcoreapp2.1)) (== netcoreapp2.0) (== netcoreapp2.1) (&& (== netstandard1.6) (>= netcoreapp2.1)) (&& (== netstandard1.6) (>= netstandard2.0)) (== netstandard2.0)
      System.Reflection.TypeExtensions (>= 4.1) - restriction: || (&& (== net46) (>= netcoreapp2.1)) (&& (== net462) (< net46) (>= netstandard2.0)) (&& (== net462) (>= netcoreapp2.1)) (== netcoreapp2.0) (== netcoreapp2.1) (&& (== netstandard1.6) (>= netcoreapp2.1)) (&& (== netstandard1.6) (>= netstandard2.0)) (== netstandard2.0)
      System.Runtime.InteropServices.RuntimeInformation (>= 4.3) - restriction: || (== net46) (== net462) (== netcoreapp2.0) (== netcoreapp2.1) (&& (== netstandard1.6) (>= net46)) (&& (== netstandard1.6) (>= netstandard2.0)) (== netstandard2.0)
      System.Runtime.Loader (>= 4.0) - restriction: || (&& (== net46) (>= netcoreapp2.1)) (&& (== net462) (< net46) (>= netstandard2.0)) (&& (== net462) (>= netcoreapp2.1)) (== netcoreapp2.0) (== netcoreapp2.1) (&& (== netstandard1.6) (>= netcoreapp2.1)) (&& (== netstandard1.6) (>= netstandard2.0)) (== netstandard2.0)
      System.Security.Principal.Windows (>= 4.3) - restriction: || (&& (== net46) (>= netcoreapp2.1)) (&& (== net462) (>= netcoreapp2.1)) (&& (== netcoreapp2.0) (>= netcoreapp2.1)) (== netcoreapp2.1) (&& (== netstandard1.6) (>= netcoreapp2.1)) (&& (== netstandard2.0) (>= netcoreapp2.1))
      System.Text.Encoding.CodePages (>= 4.0.1) - restriction: || (&& (== net46) (>= netcoreapp2.1)) (&& (== net462) (< net46) (>= netstandard2.0)) (&& (== net462) (>= netcoreapp2.1)) (== netcoreapp2.0) (== netcoreapp2.1) (&& (== netstandard1.6) (>= netcoreapp2.1)) (&& (== netstandard1.6) (>= netstandard2.0)) (== netstandard2.0)
      System.Threading.Tasks.Dataflow (>= 4.5.24) - restriction: || (== net46) (== net462) (&& (== netcoreapp2.0) (>= net46)) (&& (== netcoreapp2.1) (>= net46)) (&& (== netstandard1.6) (>= net46)) (&& (== netstandard2.0) (>= net46))
      System.Threading.Tasks.Dataflow (>= 4.6) - restriction: || (&& (== net46) (>= netcoreapp2.1)) (&& (== net462) (< net46) (>= netstandard2.0)) (&& (== net462) (>= netcoreapp2.1)) (== netcoreapp2.0) (== netcoreapp2.1) (&& (== netstandard1.6) (>= netcoreapp2.1)) (&& (== netstandard1.6) (>= netstandard2.0)) (== netstandard2.0)
    Microsoft.Build.Framework (15.9.20) - restriction: || (== net46) (== net462) (== netcoreapp2.0) (== netcoreapp2.1) (&& (== netstandard1.6) (>= net46)) (&& (== netstandard1.6) (>= netstandard2.0)) (== netstandard2.0)
      System.Runtime.Serialization.Primitives (>= 4.1.1) - restriction: || (&& (== net462) (< net46) (>= netstandard2.0)) (== netcoreapp2.0) (== netcoreapp2.1) (&& (== netstandard1.6) (>= netstandard2.0)) (== netstandard2.0)
      System.Threading.Thread (>= 4.0) - restriction: || (&& (== net462) (< net46) (>= netstandard2.0)) (== netcoreapp2.0) (== netcoreapp2.1) (&& (== netstandard1.6) (>= netstandard2.0)) (== netstandard2.0)
    Microsoft.Build.Tasks.Core (15.9.20) - restriction: || (== net46) (== net462) (== netcoreapp2.0) (== netcoreapp2.1) (&& (== netstandard1.6) (>= net46)) (&& (== netstandard1.6) (>= netstandard2.0)) (== netstandard2.0)
      Microsoft.Build.Framework (>= 15.9.20) - restriction: || (== net46) (== net462) (== netcoreapp2.0) (== netcoreapp2.1) (&& (== netstandard1.6) (>= net46)) (&& (== netstandard1.6) (>= netstandard2.0)) (== netstandard2.0)
      Microsoft.Build.Utilities.Core (>= 15.9.20) - restriction: || (== net46) (== net462) (== netcoreapp2.0) (== netcoreapp2.1) (&& (== netstandard1.6) (>= net46)) (&& (== netstandard1.6) (>= netstandard2.0)) (== netstandard2.0)
      Microsoft.VisualStudio.Setup.Configuration.Interop (>= 1.16.30) - restriction: || (== net46) (== net462) (&& (== netcoreapp2.0) (>= net46)) (&& (== netcoreapp2.1) (>= net46)) (&& (== netstandard1.6) (>= net46)) (&& (== netstandard2.0) (>= net46))
      Microsoft.Win32.Registry (>= 4.3) - restriction: || (&& (== net462) (< net46) (>= netstandard2.0)) (== netcoreapp2.0) (== netcoreapp2.1) (&& (== netstandard1.6) (>= netstandard2.0)) (== netstandard2.0)
      System.CodeDom (>= 4.4) - restriction: || (&& (== net462) (< net46) (>= netstandard2.0)) (== netcoreapp2.0) (== netcoreapp2.1) (&& (== netstandard1.6) (>= netstandard2.0)) (== netstandard2.0)
      System.Collections.Immutable (>= 1.5) - restriction: || (== net46) (== net462) (== netcoreapp2.0) (== netcoreapp2.1) (&& (== netstandard1.6) (>= net46)) (&& (== netstandard1.6) (>= netstandard2.0)) (== netstandard2.0)
      System.Linq.Parallel (>= 4.0.1) - restriction: || (&& (== net462) (< net46) (>= netstandard2.0)) (== netcoreapp2.0) (== netcoreapp2.1) (&& (== netstandard1.6) (>= netstandard2.0)) (== netstandard2.0)
      System.Net.Http (>= 4.3) - restriction: || (&& (== net462) (< net46) (>= netstandard2.0)) (== netcoreapp2.0) (== netcoreapp2.1) (&& (== netstandard1.6) (>= netstandard2.0)) (== netstandard2.0)
      System.Reflection.Metadata (>= 1.6) - restriction: || (&& (== net462) (< net46) (>= netstandard2.0)) (== netcoreapp2.0) (== netcoreapp2.1) (&& (== netstandard1.6) (>= netstandard2.0)) (== netstandard2.0)
      System.Reflection.TypeExtensions (>= 4.1) - restriction: || (&& (== net462) (< net46) (>= netstandard2.0)) (== netcoreapp2.0) (== netcoreapp2.1) (&& (== netstandard1.6) (>= netstandard2.0)) (== netstandard2.0)
      System.Resources.Writer (>= 4.0) - restriction: || (&& (== net462) (< net46) (>= netstandard2.0)) (== netcoreapp2.0) (== netcoreapp2.1) (&& (== netstandard1.6) (>= netstandard2.0)) (== netstandard2.0)
      System.Threading.Tasks.Dataflow (>= 4.5.24) - restriction: || (== net46) (== net462) (&& (== netcoreapp2.0) (>= net46)) (&& (== netcoreapp2.1) (>= net46)) (&& (== netstandard1.6) (>= net46)) (&& (== netstandard2.0) (>= net46))
      System.Threading.Tasks.Dataflow (>= 4.6) - restriction: || (&& (== net462) (< net46) (>= netstandard2.0)) (== netcoreapp2.0) (== netcoreapp2.1) (&& (== netstandard1.6) (>= netstandard2.0)) (== netstandard2.0)
    Microsoft.Build.Utilities.Core (15.9.20) - restriction: || (== net46) (== net462) (== netcoreapp2.0) (== netcoreapp2.1) (&& (== netstandard1.6) (>= net46)) (&& (== netstandard1.6) (>= netstandard2.0)) (== netstandard2.0)
      Microsoft.Build.Framework (>= 15.9.20) - restriction: || (== net46) (== net462) (== netcoreapp2.0) (== netcoreapp2.1) (&& (== netstandard1.6) (>= net46)) (&& (== netstandard1.6) (>= netstandard2.0)) (== netstandard2.0)
      Microsoft.VisualStudio.Setup.Configuration.Interop (>= 1.16.30) - restriction: || (== net46) (== net462) (&& (== netcoreapp2.0) (>= net46)) (&& (== netcoreapp2.1) (>= net46)) (&& (== netstandard1.6) (>= net46)) (&& (== netstandard2.0) (>= net46))
      Microsoft.Win32.Registry (>= 4.3) - restriction: || (&& (== net462) (< net46) (>= netstandard2.0)) (== netcoreapp2.0) (== netcoreapp2.1) (&& (== netstandard1.6) (>= netstandard2.0)) (== netstandard2.0)
      System.Collections.Immutable (>= 1.5) - restriction: || (== net46) (== net462) (== netcoreapp2.0) (== netcoreapp2.1) (&& (== netstandard1.6) (>= net46)) (&& (== netstandard1.6) (>= netstandard2.0)) (== netstandard2.0)
      System.Runtime.InteropServices.RuntimeInformation (>= 4.3) - restriction: || (== net46) (== net462) (== netcoreapp2.0) (== netcoreapp2.1) (&& (== netstandard1.6) (>= net46)) (&& (== netstandard1.6) (>= netstandard2.0)) (== netstandard2.0)
      System.Text.Encoding.CodePages (>= 4.4) - restriction: || (&& (== net462) (< net46) (>= netstandard2.0)) (== netcoreapp2.0) (== netcoreapp2.1) (&& (== netstandard1.6) (>= netstandard2.0)) (== netstandard2.0)
    Microsoft.CSharp (4.5) - restriction: || (&& (== net46) (== netcoreapp2.0)) (&& (== net46) (== netcoreapp2.1)) (&& (== net46) (== netstandard2.0)) (&& (== net46) (< net20)) (&& (== net462) (== netcoreapp2.0)) (&& (== net462) (== netcoreapp2.1)) (&& (== net462) (== netstandard2.0)) (&& (== net462) (< net20)) (&& (== netcoreapp2.0) (< netstandard1.3)) (&& (== netcoreapp2.0) (< netstandard2.0)) (&& (== netcoreapp2.1) (< netstandard1.3)) (&& (== netcoreapp2.1) (< netstandard2.0)) (== netstandard1.6) (&& (== netstandard2.0) (< netstandard1.3))
      NETStandard.Library (>= 1.6.1) - restriction: || (&& (== net46) (== netcoreapp2.0)) (&& (== net46) (== netcoreapp2.1)) (&& (== net46) (== netstandard2.0)) (&& (== net46) (>= dnxcore50)) (&& (== net46) (< net45)) (&& (== net462) (== netcoreapp2.0)) (&& (== net462) (== netcoreapp2.1)) (&& (== net462) (== netstandard2.0)) (&& (== net462) (>= dnxcore50)) (&& (== net462) (< net45)) (&& (== netcoreapp2.0) (>= dnxcore50)) (&& (== netcoreapp2.0) (< netstandard1.3)) (&& (== netcoreapp2.0) (< netstandard2.0)) (&& (== netcoreapp2.1) (>= dnxcore50)) (&& (== netcoreapp2.1) (< netstandard1.3)) (&& (== netcoreapp2.1) (< netstandard2.0)) (== netstandard1.6) (&& (== netstandard2.0) (>= dnxcore50)) (&& (== netstandard2.0) (< netstandard1.3))
      System.Dynamic.Runtime (>= 4.3) - restriction: || (&& (== net46) (== netcoreapp2.0)) (&& (== net46) (== netcoreapp2.1)) (&& (== net46) (== netstandard2.0)) (&& (== net46) (>= dnxcore50)) (&& (== net46) (< net45)) (&& (== net462) (== netcoreapp2.0)) (&& (== net462) (== netcoreapp2.1)) (&& (== net462) (== netstandard2.0)) (&& (== net462) (>= dnxcore50)) (&& (== net462) (< net45)) (&& (== netcoreapp2.0) (>= dnxcore50)) (&& (== netcoreapp2.0) (< netstandard1.3)) (&& (== netcoreapp2.0) (< netstandard2.0)) (&& (== netcoreapp2.1) (>= dnxcore50)) (&& (== netcoreapp2.1) (< netstandard1.3)) (&& (== netcoreapp2.1) (< netstandard2.0)) (== netstandard1.6) (&& (== netstandard2.0) (>= dnxcore50)) (&& (== netstandard2.0) (< netstandard1.3))
      System.Reflection.TypeExtensions (>= 4.4) - restriction: || (&& (== net46) (== netcoreapp2.0)) (&& (== net46) (== netcoreapp2.1)) (&& (== net46) (== netstandard2.0)) (&& (== net46) (>= dnxcore50)) (&& (== net46) (< net45)) (&& (== net462) (== netcoreapp2.0)) (&& (== net462) (== netcoreapp2.1)) (&& (== net462) (== netstandard2.0)) (&& (== net462) (>= dnxcore50)) (&& (== net462) (< net45)) (&& (== netcoreapp2.0) (>= dnxcore50)) (&& (== netcoreapp2.0) (< netstandard2.0)) (&& (== netcoreapp2.1) (>= dnxcore50)) (&& (== netcoreapp2.1) (< netstandard2.0)) (== netstandard1.6) (&& (== netstandard2.0) (>= dnxcore50))
    Microsoft.DotNet.PlatformAbstractions (2.1)
      System.AppContext (>= 4.1) - restriction: || (&& (== net46) (< net45)) (&& (== net462) (< net45)) (== netcoreapp2.0) (== netcoreapp2.1) (== netstandard1.6) (== netstandard2.0)
      System.Collections (>= 4.0.11) - restriction: || (&& (== net46) (< net45)) (&& (== net462) (< net45)) (== netcoreapp2.0) (== netcoreapp2.1) (== netstandard1.6) (== netstandard2.0)
      System.IO (>= 4.1) - restriction: || (&& (== net46) (< net45)) (&& (== net462) (< net45)) (== netcoreapp2.0) (== netcoreapp2.1) (== netstandard1.6) (== netstandard2.0)
      System.IO.FileSystem (>= 4.0.1) - restriction: || (&& (== net46) (< net45)) (&& (== net462) (< net45)) (== netcoreapp2.0) (== netcoreapp2.1) (== netstandard1.6) (== netstandard2.0)
      System.Reflection.TypeExtensions (>= 4.1) - restriction: || (&& (== net46) (< net45)) (&& (== net462) (< net45)) (== netcoreapp2.0) (== netcoreapp2.1) (== netstandard1.6) (== netstandard2.0)
      System.Runtime.Extensions (>= 4.1) - restriction: || (&& (== net46) (< net45)) (&& (== net462) (< net45)) (== netcoreapp2.0) (== netcoreapp2.1) (== netstandard1.6) (== netstandard2.0)
      System.Runtime.InteropServices (>= 4.1) - restriction: || (&& (== net46) (< net45)) (&& (== net462) (< net45)) (== netcoreapp2.0) (== netcoreapp2.1) (== netstandard1.6) (== netstandard2.0)
      System.Runtime.InteropServices.RuntimeInformation (>= 4.0)
    Microsoft.NETCore.App (2.2.2) - restriction: || (&& (== net46) (== netcoreapp1.1)) (&& (== net462) (== netcoreapp1.1)) (&& (== netcoreapp1.1) (== netcoreapp2.0)) (&& (== netcoreapp1.1) (== netcoreapp2.1)) (== netstandard1.6) (== netstandard2.0)
    Microsoft.NETCore.Platforms (2.2)
    Microsoft.NETCore.Targets (2.1) - restriction: || (&& (== net46) (>= dnxcore50)) (&& (== net46) (< net45)) (&& (== net46) (< portable-net45+win8+wpa81)) (&& (== net46) (>= uap10.0)) (&& (== net462) (>= dnxcore50)) (&& (== net462) (< net45)) (&& (== net462) (< net46)) (&& (== net462) (< netstandard1.2) (>= uap10.0)) (&& (== net462) (< netstandard1.3) (>= uap10.0)) (&& (== net462) (< netstandard1.5) (>= uap10.0)) (&& (== net462) (< portable-net45+win8+wpa81)) (== netcoreapp2.0) (== netcoreapp2.1) (== netstandard1.6) (== netstandard2.0)
    Microsoft.SqlServer.SqlManagementObjects (140.17283)
      System.Data.SqlClient (>= 4.4) - restriction: || (&& (== net46) (>= netcoreapp2.0)) (&& (== net462) (>= netcoreapp2.0)) (== netcoreapp2.0) (== netcoreapp2.1) (&& (== netstandard1.6) (>= netcoreapp2.0)) (&& (== netstandard2.0) (>= netcoreapp2.0))
    Microsoft.VisualStudio.Setup.Configuration.Interop (1.16.30) - restriction: || (== net46) (== net462) (&& (== netcoreapp2.0) (>= net46)) (&& (== netcoreapp2.1) (>= net46)) (&& (== netstandard1.6) (>= net46)) (&& (== netstandard2.0) (>= net46))
    Microsoft.Win32.Primitives (4.3) - restriction: || (== net46) (&& (== net462) (< net45)) (&& (== net462) (< net451)) (&& (== net462) (< net46)) (&& (== net462) (>= netcoreapp2.0)) (&& (== net462) (< netstandard1.4)) (&& (== net462) (< netstandard1.5) (>= uap10.0)) (== netcoreapp2.0) (== netcoreapp2.1) (== netstandard1.6) (== netstandard2.0)
      Microsoft.NETCore.Platforms (>= 1.1) - restriction: || (&& (== net462) (< net46)) (== netcoreapp2.0) (== netcoreapp2.1) (== netstandard1.6) (== netstandard2.0)
      Microsoft.NETCore.Targets (>= 1.1) - restriction: || (&& (== net462) (< net46)) (== netcoreapp2.0) (== netcoreapp2.1) (== netstandard1.6) (== netstandard2.0)
      System.Runtime (>= 4.3) - restriction: || (&& (== net462) (< net46)) (== netcoreapp2.0) (== netcoreapp2.1) (== netstandard1.6) (== netstandard2.0)
    Microsoft.Win32.Registry (4.5) - restriction: || (&& (== net46) (< net451) (>= netstandard2.0)) (&& (== net46) (>= netcoreapp2.0)) (&& (== net462) (< net451) (>= netstandard2.0)) (&& (== net462) (< net46)) (&& (== net462) (>= netcoreapp2.0)) (== netcoreapp2.0) (== netcoreapp2.1) (== netstandard1.6) (== netstandard2.0)
      System.Buffers (>= 4.4) - restriction: || (&& (== net46) (== netcoreapp2.1)) (&& (== net46) (>= monoandroid)) (&& (== net46) (>= monotouch)) (&& (== net46) (>= xamarinios)) (&& (== net46) (>= xamarinmac)) (&& (== net46) (>= xamarintvos)) (&& (== net46) (>= xamarinwatchos)) (&& (== net462) (== netcoreapp2.0)) (&& (== net462) (== netcoreapp2.1)) (&& (== net462) (>= monoandroid)) (&& (== net462) (>= monotouch)) (&& (== net462) (< net46) (>= netstandard2.0)) (&& (== net462) (>= xamarinios)) (&& (== net462) (>= xamarinmac)) (&& (== net462) (>= xamarintvos)) (&& (== net462) (>= xamarinwatchos)) (&& (== netcoreapp2.0) (== netstandard1.6)) (&& (== netcoreapp2.0) (>= monoandroid) (< netstandard2.0)) (&& (== netcoreapp2.0) (>= monotouch)) (&& (== netcoreapp2.0) (>= xamarinios)) (&& (== netcoreapp2.0) (>= xamarinmac)) (&& (== netcoreapp2.0) (>= xamarintvos)) (&& (== netcoreapp2.0) (>= xamarinwatchos)) (&& (== netcoreapp2.1) (== netstandard1.6)) (&& (== netcoreapp2.1) (>= monoandroid) (< netstandard2.0)) (&& (== netcoreapp2.1) (>= monotouch)) (&& (== netcoreapp2.1) (< netcoreapp2.0)) (&& (== netcoreapp2.1) (>= xamarinios)) (&& (== netcoreapp2.1) (>= xamarinmac)) (&& (== netcoreapp2.1) (>= xamarintvos)) (&& (== netcoreapp2.1) (>= xamarinwatchos)) (&& (== netstandard1.6) (>= monoandroid)) (&& (== netstandard1.6) (>= monotouch)) (&& (== netstandard1.6) (>= netstandard2.0)) (&& (== netstandard1.6) (>= xamarinios)) (&& (== netstandard1.6) (>= xamarinmac)) (&& (== netstandard1.6) (>= xamarintvos)) (&& (== netstandard1.6) (>= xamarinwatchos)) (== netstandard2.0)
      System.Memory (>= 4.5) - restriction: || (&& (== net46) (== netcoreapp2.1)) (&& (== net46) (>= netcoreapp2.0)) (&& (== net46) (>= uap10.1)) (&& (== net462) (== netcoreapp2.1)) (&& (== net462) (< net46) (>= netstandard2.0)) (&& (== net462) (>= netcoreapp2.0)) (&& (== net462) (>= uap10.1)) (== netcoreapp2.0) (&& (== netcoreapp2.1) (== netstandard1.6)) (&& (== netcoreapp2.1) (< netcoreapp2.0)) (&& (== netcoreapp2.1) (>= uap10.1)) (&& (== netstandard1.6) (>= netcoreapp2.0)) (&& (== netstandard1.6) (>= netstandard2.0)) (&& (== netstandard1.6) (>= uap10.1)) (== netstandard2.0)
      System.Security.AccessControl (>= 4.5) - restriction: || (&& (== net46) (>= monoandroid)) (&& (== net46) (>= monotouch)) (&& (== net46) (>= net461)) (&& (== net46) (>= netcoreapp2.0)) (&& (== net46) (>= xamarinios)) (&& (== net46) (>= xamarinmac)) (&& (== net46) (>= xamarintvos)) (&& (== net46) (>= xamarinwatchos)) (== net462) (== netcoreapp2.0) (== netcoreapp2.1) (&& (== netstandard1.6) (>= monoandroid)) (&& (== netstandard1.6) (>= monotouch)) (&& (== netstandard1.6) (>= net461)) (&& (== netstandard1.6) (>= netcoreapp2.0)) (&& (== netstandard1.6) (>= netstandard2.0)) (&& (== netstandard1.6) (>= xamarinios)) (&& (== netstandard1.6) (>= xamarinmac)) (&& (== netstandard1.6) (>= xamarintvos)) (&& (== netstandard1.6) (>= xamarinwatchos)) (== netstandard2.0)
      System.Security.Principal.Windows (>= 4.5) - restriction: || (&& (== net46) (>= monoandroid)) (&& (== net46) (>= monotouch)) (&& (== net46) (>= net461)) (&& (== net46) (>= netcoreapp2.0)) (&& (== net46) (>= xamarinios)) (&& (== net46) (>= xamarinmac)) (&& (== net46) (>= xamarintvos)) (&& (== net46) (>= xamarinwatchos)) (== net462) (== netcoreapp2.0) (== netcoreapp2.1) (&& (== netstandard1.6) (>= monoandroid)) (&& (== netstandard1.6) (>= monotouch)) (&& (== netstandard1.6) (>= net461)) (&& (== netstandard1.6) (>= netcoreapp2.0)) (&& (== netstandard1.6) (>= netstandard2.0)) (&& (== netstandard1.6) (>= xamarinios)) (&& (== netstandard1.6) (>= xamarinmac)) (&& (== netstandard1.6) (>= xamarintvos)) (&& (== netstandard1.6) (>= xamarinwatchos)) (== netstandard2.0)
    Mono.Cecil (0.10.3)
      System.Collections (>= 4.0.11) - restriction: || (&& (== net46) (< net35)) (&& (== net462) (< net35)) (== netcoreapp2.0) (== netcoreapp2.1) (== netstandard1.6) (== netstandard2.0)
      System.IO.FileSystem (>= 4.0.1) - restriction: || (&& (== net46) (< net35)) (&& (== net462) (< net35)) (== netcoreapp2.0) (== netcoreapp2.1) (== netstandard1.6) (== netstandard2.0)
      System.IO.FileSystem.Primitives (>= 4.0.1) - restriction: || (&& (== net46) (< net35)) (&& (== net462) (< net35)) (== netcoreapp2.0) (== netcoreapp2.1) (== netstandard1.6) (== netstandard2.0)
      System.Reflection (>= 4.1) - restriction: || (&& (== net46) (< net35)) (&& (== net462) (< net35)) (== netcoreapp2.0) (== netcoreapp2.1) (== netstandard1.6) (== netstandard2.0)
      System.Runtime.Extensions (>= 4.1) - restriction: || (&& (== net46) (< net35)) (&& (== net462) (< net35)) (== netcoreapp2.0) (== netcoreapp2.1) (== netstandard1.6) (== netstandard2.0)
      System.Security.Cryptography.Algorithms (>= 4.2) - restriction: || (&& (== net46) (< net35)) (&& (== net462) (< net35)) (== netcoreapp2.0) (== netcoreapp2.1) (== netstandard1.6) (== netstandard2.0)
      System.Security.Cryptography.Csp (>= 4.0) - restriction: || (&& (== net46) (< net35)) (&& (== net462) (< net35)) (== netcoreapp2.0) (== netcoreapp2.1) (== netstandard1.6) (== netstandard2.0)
      System.Threading (>= 4.0.11) - restriction: || (&& (== net46) (< net35)) (&& (== net462) (< net35)) (== netcoreapp2.0) (== netcoreapp2.1) (== netstandard1.6) (== netstandard2.0)
    MSBuild.StructuredLogger (2.0.68)
      Microsoft.Build (>= 14.3) - restriction: || (== net46) (== net462) (&& (== netcoreapp2.0) (>= net46)) (&& (== netcoreapp2.1) (>= net46)) (&& (== netstandard1.6) (>= net46)) (&& (== netstandard2.0) (>= net46))
      Microsoft.Build (>= 15.8.166) - restriction: || (&& (== net462) (< net46) (>= netstandard2.0)) (== netcoreapp2.0) (== netcoreapp2.1) (&& (== netstandard1.6) (>= netstandard2.0)) (== netstandard2.0)
      Microsoft.Build.Framework (>= 14.3) - restriction: || (== net46) (== net462) (&& (== netcoreapp2.0) (>= net46)) (&& (== netcoreapp2.1) (>= net46)) (&& (== netstandard1.6) (>= net46)) (&& (== netstandard2.0) (>= net46))
      Microsoft.Build.Framework (>= 15.8.166) - restriction: || (&& (== net462) (< net46) (>= netstandard2.0)) (== netcoreapp2.0) (== netcoreapp2.1) (&& (== netstandard1.6) (>= netstandard2.0)) (== netstandard2.0)
      Microsoft.Build.Tasks.Core (>= 14.3) - restriction: || (== net46) (== net462) (&& (== netcoreapp2.0) (>= net46)) (&& (== netcoreapp2.1) (>= net46)) (&& (== netstandard1.6) (>= net46)) (&& (== netstandard2.0) (>= net46))
      Microsoft.Build.Tasks.Core (>= 15.8.166) - restriction: || (&& (== net462) (< net46) (>= netstandard2.0)) (== netcoreapp2.0) (== netcoreapp2.1) (&& (== netstandard1.6) (>= netstandard2.0)) (== netstandard2.0)
      Microsoft.Build.Utilities.Core (>= 14.3) - restriction: || (== net46) (== net462) (&& (== netcoreapp2.0) (>= net46)) (&& (== netcoreapp2.1) (>= net46)) (&& (== netstandard1.6) (>= net46)) (&& (== netstandard2.0) (>= net46))
      Microsoft.Build.Utilities.Core (>= 15.8.166) - restriction: || (&& (== net462) (< net46) (>= netstandard2.0)) (== netcoreapp2.0) (== netcoreapp2.1) (&& (== netstandard1.6) (>= netstandard2.0)) (== netstandard2.0)
    NETStandard.Library (2.0.3)
      Microsoft.NETCore.Platforms (>= 1.1)
      Microsoft.Win32.Primitives (>= 4.3) - restriction: || (== net46) (&& (== net462) (== netcoreapp2.0)) (&& (== net462) (== netcoreapp2.1)) (&& (== net462) (== netstandard2.0)) (&& (== net462) (< net45)) (&& (== net462) (< netstandard1.4)) (&& (== net462) (< netstandard1.5) (>= uap10.0)) (&& (== netcoreapp2.0) (< netstandard1.4)) (&& (== netcoreapp2.0) (< netstandard1.5)) (&& (== netcoreapp2.0) (< netstandard1.6)) (&& (== netcoreapp2.0) (< netstandard2.0)) (&& (== netcoreapp2.1) (< netstandard1.4)) (&& (== netcoreapp2.1) (< netstandard1.5)) (&& (== netcoreapp2.1) (< netstandard1.6)) (&& (== netcoreapp2.1) (< netstandard2.0)) (== netstandard1.6) (&& (== netstandard2.0) (< netstandard1.4)) (&& (== netstandard2.0) (< netstandard1.5)) (&& (== netstandard2.0) (< netstandard1.6))
      System.AppContext (>= 4.3) - restriction: || (== net46) (&& (== net462) (== netcoreapp2.0)) (&& (== net462) (== netcoreapp2.1)) (&& (== net462) (== netstandard2.0)) (&& (== net462) (< net45)) (&& (== net462) (< netstandard1.4)) (&& (== net462) (< netstandard1.5) (>= uap10.0)) (&& (== netcoreapp2.0) (< netstandard1.4)) (&& (== netcoreapp2.0) (< netstandard1.5)) (&& (== netcoreapp2.0) (< netstandard1.6)) (&& (== netcoreapp2.0) (< netstandard2.0)) (&& (== netcoreapp2.1) (< netstandard1.4)) (&& (== netcoreapp2.1) (< netstandard1.5)) (&& (== netcoreapp2.1) (< netstandard1.6)) (&& (== netcoreapp2.1) (< netstandard2.0)) (== netstandard1.6) (&& (== netstandard2.0) (< netstandard1.4)) (&& (== netstandard2.0) (< netstandard1.5)) (&& (== netstandard2.0) (< netstandard1.6))
      System.Collections (>= 4.3) - restriction: || (&& (== net46) (== netcoreapp2.0)) (&& (== net46) (== netcoreapp2.1)) (&& (== net46) (== netstandard2.0)) (&& (== net46) (< net45)) (&& (== net46) (< portable-net45+win8+wpa81)) (&& (== net46) (>= uap10.0)) (&& (== net462) (== netcoreapp2.0)) (&& (== net462) (== netcoreapp2.1)) (&& (== net462) (== netstandard2.0)) (&& (== net462) (< net45)) (&& (== net462) (< netstandard1.5) (>= uap10.0)) (&& (== net462) (< portable-net45+win8+wpa81)) (&& (== netcoreapp2.0) (< netstandard1.2)) (&& (== netcoreapp2.0) (< netstandard1.3)) (&& (== netcoreapp2.0) (< netstandard1.4)) (&& (== netcoreapp2.0) (< netstandard1.5)) (&& (== netcoreapp2.0) (< netstandard1.6)) (&& (== netcoreapp2.0) (< netstandard2.0)) (&& (== netcoreapp2.0) (< portable-net45+win8+wpa81)) (&& (== netcoreapp2.1) (< netstandard1.2)) (&& (== netcoreapp2.1) (< netstandard1.3)) (&& (== netcoreapp2.1) (< netstandard1.4)) (&& (== netcoreapp2.1) (< netstandard1.5)) (&& (== netcoreapp2.1) (< netstandard1.6)) (&& (== netcoreapp2.1) (< netstandard2.0)) (&& (== netcoreapp2.1) (< portable-net45+win8+wpa81)) (== netstandard1.6) (&& (== netstandard2.0) (< netstandard1.2)) (&& (== netstandard2.0) (< netstandard1.3)) (&& (== netstandard2.0) (< netstandard1.4)) (&& (== netstandard2.0) (< netstandard1.5)) (&& (== netstandard2.0) (< netstandard1.6)) (&& (== netstandard2.0) (< portable-net45+win8+wpa81))
      System.Collections.Concurrent (>= 4.3) - restriction: || (&& (== net46) (== netcoreapp2.0)) (&& (== net46) (== netcoreapp2.1)) (&& (== net46) (== netstandard2.0)) (&& (== net46) (< net45)) (&& (== net46) (>= uap10.0)) (&& (== net462) (== netcoreapp2.0)) (&& (== net462) (== netcoreapp2.1)) (&& (== net462) (== netstandard2.0)) (&& (== net462) (< net45)) (&& (== net462) (< netstandard1.5) (>= uap10.0)) (&& (== netcoreapp2.0) (< netstandard1.2)) (&& (== netcoreapp2.0) (< netstandard1.3)) (&& (== netcoreapp2.0) (< netstandard1.4)) (&& (== netcoreapp2.0) (< netstandard1.5)) (&& (== netcoreapp2.0) (< netstandard1.6)) (&& (== netcoreapp2.0) (< netstandard2.0)) (&& (== netcoreapp2.1) (< netstandard1.2)) (&& (== netcoreapp2.1) (< netstandard1.3)) (&& (== netcoreapp2.1) (< netstandard1.4)) (&& (== netcoreapp2.1) (< netstandard1.5)) (&& (== netcoreapp2.1) (< netstandard1.6)) (&& (== netcoreapp2.1) (< netstandard2.0)) (== netstandard1.6) (&& (== netstandard2.0) (< netstandard1.2)) (&& (== netstandard2.0) (< netstandard1.3)) (&& (== netstandard2.0) (< netstandard1.4)) (&& (== netstandard2.0) (< netstandard1.5)) (&& (== netstandard2.0) (< netstandard1.6))
      System.Console (>= 4.3) - restriction: || (== net46) (&& (== net462) (== netcoreapp2.0)) (&& (== net462) (== netcoreapp2.1)) (&& (== net462) (== netstandard2.0)) (&& (== net462) (< net45)) (&& (== net462) (< netstandard1.4)) (&& (== net462) (< netstandard1.5) (>= uap10.0)) (&& (== netcoreapp2.0) (< netstandard1.4)) (&& (== netcoreapp2.0) (< netstandard1.5)) (&& (== netcoreapp2.0) (< netstandard1.6)) (&& (== netcoreapp2.0) (< netstandard2.0)) (&& (== netcoreapp2.1) (< netstandard1.4)) (&& (== netcoreapp2.1) (< netstandard1.5)) (&& (== netcoreapp2.1) (< netstandard1.6)) (&& (== netcoreapp2.1) (< netstandard2.0)) (== netstandard1.6) (&& (== netstandard2.0) (< netstandard1.4)) (&& (== netstandard2.0) (< netstandard1.5)) (&& (== netstandard2.0) (< netstandard1.6))
      System.Diagnostics.Debug (>= 4.3) - restriction: || (&& (== net46) (== netcoreapp2.0)) (&& (== net46) (== netcoreapp2.1)) (&& (== net46) (== netstandard2.0)) (&& (== net46) (< net45)) (&& (== net46) (< portable-net45+win8+wpa81)) (&& (== net46) (>= uap10.0)) (&& (== net462) (== netcoreapp2.0)) (&& (== net462) (== netcoreapp2.1)) (&& (== net462) (== netstandard2.0)) (&& (== net462) (< net45)) (&& (== net462) (< netstandard1.5) (>= uap10.0)) (&& (== net462) (< portable-net45+win8+wpa81)) (&& (== netcoreapp2.0) (< netstandard1.2)) (&& (== netcoreapp2.0) (< netstandard1.3)) (&& (== netcoreapp2.0) (< netstandard1.4)) (&& (== netcoreapp2.0) (< netstandard1.5)) (&& (== netcoreapp2.0) (< netstandard1.6)) (&& (== netcoreapp2.0) (< netstandard2.0)) (&& (== netcoreapp2.0) (< portable-net45+win8+wpa81)) (&& (== netcoreapp2.1) (< netstandard1.2)) (&& (== netcoreapp2.1) (< netstandard1.3)) (&& (== netcoreapp2.1) (< netstandard1.4)) (&& (== netcoreapp2.1) (< netstandard1.5)) (&& (== netcoreapp2.1) (< netstandard1.6)) (&& (== netcoreapp2.1) (< netstandard2.0)) (&& (== netcoreapp2.1) (< portable-net45+win8+wpa81)) (== netstandard1.6) (&& (== netstandard2.0) (< netstandard1.2)) (&& (== netstandard2.0) (< netstandard1.3)) (&& (== netstandard2.0) (< netstandard1.4)) (&& (== netstandard2.0) (< netstandard1.5)) (&& (== netstandard2.0) (< netstandard1.6)) (&& (== netstandard2.0) (< portable-net45+win8+wpa81))
      System.Diagnostics.Tools (>= 4.3) - restriction: || (&& (== net46) (== netcoreapp2.0)) (&& (== net46) (== netcoreapp2.1)) (&& (== net46) (== netstandard2.0)) (&& (== net46) (< net45)) (&& (== net46) (< portable-net45+win8+wpa81)) (&& (== net46) (>= uap10.0)) (&& (== net462) (== netcoreapp2.0)) (&& (== net462) (== netcoreapp2.1)) (&& (== net462) (== netstandard2.0)) (&& (== net462) (< net45)) (&& (== net462) (< netstandard1.5) (>= uap10.0)) (&& (== net462) (< portable-net45+win8+wpa81)) (&& (== netcoreapp2.0) (< netstandard1.2)) (&& (== netcoreapp2.0) (< netstandard1.3)) (&& (== netcoreapp2.0) (< netstandard1.4)) (&& (== netcoreapp2.0) (< netstandard1.5)) (&& (== netcoreapp2.0) (< netstandard1.6)) (&& (== netcoreapp2.0) (< netstandard2.0)) (&& (== netcoreapp2.0) (< portable-net45+win8+wpa81)) (&& (== netcoreapp2.1) (< netstandard1.2)) (&& (== netcoreapp2.1) (< netstandard1.3)) (&& (== netcoreapp2.1) (< netstandard1.4)) (&& (== netcoreapp2.1) (< netstandard1.5)) (&& (== netcoreapp2.1) (< netstandard1.6)) (&& (== netcoreapp2.1) (< netstandard2.0)) (&& (== netcoreapp2.1) (< portable-net45+win8+wpa81)) (== netstandard1.6) (&& (== netstandard2.0) (< netstandard1.2)) (&& (== netstandard2.0) (< netstandard1.3)) (&& (== netstandard2.0) (< netstandard1.4)) (&& (== netstandard2.0) (< netstandard1.5)) (&& (== netstandard2.0) (< netstandard1.6)) (&& (== netstandard2.0) (< portable-net45+win8+wpa81))
      System.Diagnostics.Tracing (>= 4.3) - restriction: || (&& (== net46) (== netcoreapp2.0)) (&& (== net46) (== netcoreapp2.1)) (&& (== net46) (== netstandard2.0)) (&& (== net46) (< net45)) (&& (== net46) (>= uap10.0)) (&& (== net462) (== netcoreapp2.0)) (&& (== net462) (== netcoreapp2.1)) (&& (== net462) (== netstandard2.0)) (&& (== net462) (< net45)) (&& (== net462) (< netstandard1.5) (>= uap10.0)) (&& (== netcoreapp2.0) (< netstandard1.2)) (&& (== netcoreapp2.0) (< netstandard1.3)) (&& (== netcoreapp2.0) (< netstandard1.4)) (&& (== netcoreapp2.0) (< netstandard1.5)) (&& (== netcoreapp2.0) (< netstandard1.6)) (&& (== netcoreapp2.0) (< netstandard2.0)) (&& (== netcoreapp2.1) (< netstandard1.2)) (&& (== netcoreapp2.1) (< netstandard1.3)) (&& (== netcoreapp2.1) (< netstandard1.4)) (&& (== netcoreapp2.1) (< netstandard1.5)) (&& (== netcoreapp2.1) (< netstandard1.6)) (&& (== netcoreapp2.1) (< netstandard2.0)) (== netstandard1.6) (&& (== netstandard2.0) (< netstandard1.2)) (&& (== netstandard2.0) (< netstandard1.3)) (&& (== netstandard2.0) (< netstandard1.4)) (&& (== netstandard2.0) (< netstandard1.5)) (&& (== netstandard2.0) (< netstandard1.6))
      System.Globalization (>= 4.3) - restriction: || (&& (== net46) (== netcoreapp2.0)) (&& (== net46) (== netcoreapp2.1)) (&& (== net46) (== netstandard2.0)) (&& (== net46) (< net45)) (&& (== net46) (< portable-net45+win8+wpa81)) (&& (== net46) (>= uap10.0)) (&& (== net462) (== netcoreapp2.0)) (&& (== net462) (== netcoreapp2.1)) (&& (== net462) (== netstandard2.0)) (&& (== net462) (< net45)) (&& (== net462) (< netstandard1.5) (>= uap10.0)) (&& (== net462) (< portable-net45+win8+wpa81)) (&& (== netcoreapp2.0) (< netstandard1.2)) (&& (== netcoreapp2.0) (< netstandard1.3)) (&& (== netcoreapp2.0) (< netstandard1.4)) (&& (== netcoreapp2.0) (< netstandard1.5)) (&& (== netcoreapp2.0) (< netstandard1.6)) (&& (== netcoreapp2.0) (< netstandard2.0)) (&& (== netcoreapp2.0) (< portable-net45+win8+wpa81)) (&& (== netcoreapp2.1) (< netstandard1.2)) (&& (== netcoreapp2.1) (< netstandard1.3)) (&& (== netcoreapp2.1) (< netstandard1.4)) (&& (== netcoreapp2.1) (< netstandard1.5)) (&& (== netcoreapp2.1) (< netstandard1.6)) (&& (== netcoreapp2.1) (< netstandard2.0)) (&& (== netcoreapp2.1) (< portable-net45+win8+wpa81)) (== netstandard1.6) (&& (== netstandard2.0) (< netstandard1.2)) (&& (== netstandard2.0) (< netstandard1.3)) (&& (== netstandard2.0) (< netstandard1.4)) (&& (== netstandard2.0) (< netstandard1.5)) (&& (== netstandard2.0) (< netstandard1.6)) (&& (== netstandard2.0) (< portable-net45+win8+wpa81))
      System.Globalization.Calendars (>= 4.3) - restriction: || (== net46) (&& (== net462) (== netcoreapp2.0)) (&& (== net462) (== netcoreapp2.1)) (&& (== net462) (== netstandard2.0)) (&& (== net462) (< net45)) (&& (== net462) (< netstandard1.4)) (&& (== net462) (< netstandard1.5) (>= uap10.0)) (&& (== netcoreapp2.0) (< netstandard1.4)) (&& (== netcoreapp2.0) (< netstandard1.5)) (&& (== netcoreapp2.0) (< netstandard1.6)) (&& (== netcoreapp2.0) (< netstandard2.0)) (&& (== netcoreapp2.1) (< netstandard1.4)) (&& (== netcoreapp2.1) (< netstandard1.5)) (&& (== netcoreapp2.1) (< netstandard1.6)) (&& (== netcoreapp2.1) (< netstandard2.0)) (== netstandard1.6) (&& (== netstandard2.0) (< netstandard1.4)) (&& (== netstandard2.0) (< netstandard1.5)) (&& (== netstandard2.0) (< netstandard1.6))
      System.IO (>= 4.3) - restriction: || (&& (== net46) (== netcoreapp2.0)) (&& (== net46) (== netcoreapp2.1)) (&& (== net46) (== netstandard2.0)) (&& (== net46) (< net45)) (&& (== net46) (< portable-net45+win8+wpa81)) (&& (== net46) (>= uap10.0)) (&& (== net462) (== netcoreapp2.0)) (&& (== net462) (== netcoreapp2.1)) (&& (== net462) (== netstandard2.0)) (&& (== net462) (< net45)) (&& (== net462) (< netstandard1.5) (>= uap10.0)) (&& (== net462) (< portable-net45+win8+wpa81)) (&& (== netcoreapp2.0) (< netstandard1.2)) (&& (== netcoreapp2.0) (< netstandard1.3)) (&& (== netcoreapp2.0) (< netstandard1.4)) (&& (== netcoreapp2.0) (< netstandard1.5)) (&& (== netcoreapp2.0) (< netstandard1.6)) (&& (== netcoreapp2.0) (< netstandard2.0)) (&& (== netcoreapp2.0) (< portable-net45+win8+wpa81)) (&& (== netcoreapp2.1) (< netstandard1.2)) (&& (== netcoreapp2.1) (< netstandard1.3)) (&& (== netcoreapp2.1) (< netstandard1.4)) (&& (== netcoreapp2.1) (< netstandard1.5)) (&& (== netcoreapp2.1) (< netstandard1.6)) (&& (== netcoreapp2.1) (< netstandard2.0)) (&& (== netcoreapp2.1) (< portable-net45+win8+wpa81)) (== netstandard1.6) (&& (== netstandard2.0) (< netstandard1.2)) (&& (== netstandard2.0) (< netstandard1.3)) (&& (== netstandard2.0) (< netstandard1.4)) (&& (== netstandard2.0) (< netstandard1.5)) (&& (== netstandard2.0) (< netstandard1.6)) (&& (== netstandard2.0) (< portable-net45+win8+wpa81))
      System.IO.Compression (>= 4.3) - restriction: || (== net46) (&& (== net462) (== netcoreapp2.0)) (&& (== net462) (== netcoreapp2.1)) (&& (== net462) (== netstandard2.0)) (&& (== net462) (< net45)) (&& (== net462) (< netstandard1.4)) (&& (== net462) (< netstandard1.5) (>= uap10.0)) (&& (== netcoreapp2.0) (< netstandard1.2)) (&& (== netcoreapp2.0) (< netstandard1.3)) (&& (== netcoreapp2.0) (< netstandard1.4)) (&& (== netcoreapp2.0) (< netstandard1.5)) (&& (== netcoreapp2.0) (< netstandard1.6)) (&& (== netcoreapp2.0) (< netstandard2.0)) (&& (== netcoreapp2.1) (< netstandard1.2)) (&& (== netcoreapp2.1) (< netstandard1.3)) (&& (== netcoreapp2.1) (< netstandard1.4)) (&& (== netcoreapp2.1) (< netstandard1.5)) (&& (== netcoreapp2.1) (< netstandard1.6)) (&& (== netcoreapp2.1) (< netstandard2.0)) (== netstandard1.6) (&& (== netstandard2.0) (< netstandard1.2)) (&& (== netstandard2.0) (< netstandard1.3)) (&& (== netstandard2.0) (< netstandard1.4)) (&& (== netstandard2.0) (< netstandard1.5)) (&& (== netstandard2.0) (< netstandard1.6))
      System.IO.Compression.ZipFile (>= 4.3) - restriction: || (== net46) (&& (== net462) (== netcoreapp2.0)) (&& (== net462) (== netcoreapp2.1)) (&& (== net462) (== netstandard2.0)) (&& (== net462) (< net45)) (&& (== net462) (< netstandard1.4)) (&& (== net462) (< netstandard1.5) (>= uap10.0)) (&& (== netcoreapp2.0) (< netstandard1.4)) (&& (== netcoreapp2.0) (< netstandard1.5)) (&& (== netcoreapp2.0) (< netstandard1.6)) (&& (== netcoreapp2.0) (< netstandard2.0)) (&& (== netcoreapp2.1) (< netstandard1.4)) (&& (== netcoreapp2.1) (< netstandard1.5)) (&& (== netcoreapp2.1) (< netstandard1.6)) (&& (== netcoreapp2.1) (< netstandard2.0)) (== netstandard1.6) (&& (== netstandard2.0) (< netstandard1.4)) (&& (== netstandard2.0) (< netstandard1.5)) (&& (== netstandard2.0) (< netstandard1.6))
      System.IO.FileSystem (>= 4.3) - restriction: || (== net46) (&& (== net462) (== netcoreapp2.0)) (&& (== net462) (== netcoreapp2.1)) (&& (== net462) (== netstandard2.0)) (&& (== net462) (< net45)) (&& (== net462) (< netstandard1.4)) (&& (== net462) (< netstandard1.5) (>= uap10.0)) (&& (== netcoreapp2.0) (< netstandard1.4)) (&& (== netcoreapp2.0) (< netstandard1.5)) (&& (== netcoreapp2.0) (< netstandard1.6)) (&& (== netcoreapp2.0) (< netstandard2.0)) (&& (== netcoreapp2.1) (< netstandard1.4)) (&& (== netcoreapp2.1) (< netstandard1.5)) (&& (== netcoreapp2.1) (< netstandard1.6)) (&& (== netcoreapp2.1) (< netstandard2.0)) (== netstandard1.6) (&& (== netstandard2.0) (< netstandard1.4)) (&& (== netstandard2.0) (< netstandard1.5)) (&& (== netstandard2.0) (< netstandard1.6))
      System.IO.FileSystem.Primitives (>= 4.3) - restriction: || (== net46) (&& (== net462) (== netcoreapp2.0)) (&& (== net462) (== netcoreapp2.1)) (&& (== net462) (== netstandard2.0)) (&& (== net462) (< net45)) (&& (== net462) (< netstandard1.4)) (&& (== net462) (< netstandard1.5) (>= uap10.0)) (&& (== netcoreapp2.0) (< netstandard1.4)) (&& (== netcoreapp2.0) (< netstandard1.5)) (&& (== netcoreapp2.0) (< netstandard1.6)) (&& (== netcoreapp2.0) (< netstandard2.0)) (&& (== netcoreapp2.1) (< netstandard1.4)) (&& (== netcoreapp2.1) (< netstandard1.5)) (&& (== netcoreapp2.1) (< netstandard1.6)) (&& (== netcoreapp2.1) (< netstandard2.0)) (== netstandard1.6) (&& (== netstandard2.0) (< netstandard1.4)) (&& (== netstandard2.0) (< netstandard1.5)) (&& (== netstandard2.0) (< netstandard1.6))
      System.Linq (>= 4.3) - restriction: || (&& (== net46) (== netcoreapp2.0)) (&& (== net46) (== netcoreapp2.1)) (&& (== net46) (== netstandard2.0)) (&& (== net46) (< net45)) (&& (== net46) (< portable-net45+win8+wpa81)) (&& (== net46) (>= uap10.0)) (&& (== net462) (== netcoreapp2.0)) (&& (== net462) (== netcoreapp2.1)) (&& (== net462) (== netstandard2.0)) (&& (== net462) (< net45)) (&& (== net462) (< netstandard1.5) (>= uap10.0)) (&& (== net462) (< portable-net45+win8+wpa81)) (&& (== netcoreapp2.0) (< netstandard1.2)) (&& (== netcoreapp2.0) (< netstandard1.3)) (&& (== netcoreapp2.0) (< netstandard1.4)) (&& (== netcoreapp2.0) (< netstandard1.5)) (&& (== netcoreapp2.0) (< netstandard1.6)) (&& (== netcoreapp2.0) (< netstandard2.0)) (&& (== netcoreapp2.0) (< portable-net45+win8+wpa81)) (&& (== netcoreapp2.1) (< netstandard1.2)) (&& (== netcoreapp2.1) (< netstandard1.3)) (&& (== netcoreapp2.1) (< netstandard1.4)) (&& (== netcoreapp2.1) (< netstandard1.5)) (&& (== netcoreapp2.1) (< netstandard1.6)) (&& (== netcoreapp2.1) (< netstandard2.0)) (&& (== netcoreapp2.1) (< portable-net45+win8+wpa81)) (== netstandard1.6) (&& (== netstandard2.0) (< netstandard1.2)) (&& (== netstandard2.0) (< netstandard1.3)) (&& (== netstandard2.0) (< netstandard1.4)) (&& (== netstandard2.0) (< netstandard1.5)) (&& (== netstandard2.0) (< netstandard1.6)) (&& (== netstandard2.0) (< portable-net45+win8+wpa81))
      System.Linq.Expressions (>= 4.3) - restriction: || (&& (== net46) (== netcoreapp2.0)) (&& (== net46) (== netcoreapp2.1)) (&& (== net46) (== netstandard2.0)) (&& (== net46) (< net45)) (&& (== net46) (< portable-net45+win8+wpa81)) (&& (== net46) (>= uap10.0)) (&& (== net462) (== netcoreapp2.0)) (&& (== net462) (== netcoreapp2.1)) (&& (== net462) (== netstandard2.0)) (&& (== net462) (< net45)) (&& (== net462) (< netstandard1.5) (>= uap10.0)) (&& (== net462) (< portable-net45+win8+wpa81)) (&& (== netcoreapp2.0) (< netstandard1.2)) (&& (== netcoreapp2.0) (< netstandard1.3)) (&& (== netcoreapp2.0) (< netstandard1.4)) (&& (== netcoreapp2.0) (< netstandard1.5)) (&& (== netcoreapp2.0) (< netstandard1.6)) (&& (== netcoreapp2.0) (< netstandard2.0)) (&& (== netcoreapp2.0) (< portable-net45+win8+wpa81)) (&& (== netcoreapp2.1) (< netstandard1.2)) (&& (== netcoreapp2.1) (< netstandard1.3)) (&& (== netcoreapp2.1) (< netstandard1.4)) (&& (== netcoreapp2.1) (< netstandard1.5)) (&& (== netcoreapp2.1) (< netstandard1.6)) (&& (== netcoreapp2.1) (< netstandard2.0)) (&& (== netcoreapp2.1) (< portable-net45+win8+wpa81)) (== netstandard1.6) (&& (== netstandard2.0) (< netstandard1.2)) (&& (== netstandard2.0) (< netstandard1.3)) (&& (== netstandard2.0) (< netstandard1.4)) (&& (== netstandard2.0) (< netstandard1.5)) (&& (== netstandard2.0) (< netstandard1.6)) (&& (== netstandard2.0) (< portable-net45+win8+wpa81))
      System.Net.Http (>= 4.3.2) - restriction: || (== net46) (&& (== net462) (== netcoreapp2.0)) (&& (== net462) (== netcoreapp2.1)) (&& (== net462) (== netstandard2.0)) (&& (== net462) (< net45)) (&& (== net462) (< netstandard1.4)) (&& (== net462) (< netstandard1.5) (>= uap10.0)) (&& (== netcoreapp2.0) (< netstandard1.2)) (&& (== netcoreapp2.0) (< netstandard1.3)) (&& (== netcoreapp2.0) (< netstandard1.4)) (&& (== netcoreapp2.0) (< netstandard1.5)) (&& (== netcoreapp2.0) (< netstandard1.6)) (&& (== netcoreapp2.0) (< netstandard2.0)) (&& (== netcoreapp2.1) (< netstandard1.2)) (&& (== netcoreapp2.1) (< netstandard1.3)) (&& (== netcoreapp2.1) (< netstandard1.4)) (&& (== netcoreapp2.1) (< netstandard1.5)) (&& (== netcoreapp2.1) (< netstandard1.6)) (&& (== netcoreapp2.1) (< netstandard2.0)) (== netstandard1.6) (&& (== netstandard2.0) (< netstandard1.2)) (&& (== netstandard2.0) (< netstandard1.3)) (&& (== netstandard2.0) (< netstandard1.4)) (&& (== netstandard2.0) (< netstandard1.5)) (&& (== netstandard2.0) (< netstandard1.6))
      System.Net.Primitives (>= 4.3) - restriction: || (&& (== net46) (== netcoreapp2.0)) (&& (== net46) (== netcoreapp2.1)) (&& (== net46) (== netstandard2.0)) (&& (== net46) (< net45)) (&& (== net46) (< portable-net45+win8+wpa81)) (&& (== net46) (>= uap10.0)) (&& (== net462) (== netcoreapp2.0)) (&& (== net462) (== netcoreapp2.1)) (&& (== net462) (== netstandard2.0)) (&& (== net462) (< net45)) (&& (== net462) (< netstandard1.5) (>= uap10.0)) (&& (== net462) (< portable-net45+win8+wpa81)) (&& (== netcoreapp2.0) (< netstandard1.2)) (&& (== netcoreapp2.0) (< netstandard1.3)) (&& (== netcoreapp2.0) (< netstandard1.4)) (&& (== netcoreapp2.0) (< netstandard1.5)) (&& (== netcoreapp2.0) (< netstandard1.6)) (&& (== netcoreapp2.0) (< netstandard2.0)) (&& (== netcoreapp2.0) (< portable-net45+win8+wpa81)) (&& (== netcoreapp2.1) (< netstandard1.2)) (&& (== netcoreapp2.1) (< netstandard1.3)) (&& (== netcoreapp2.1) (< netstandard1.4)) (&& (== netcoreapp2.1) (< netstandard1.5)) (&& (== netcoreapp2.1) (< netstandard1.6)) (&& (== netcoreapp2.1) (< netstandard2.0)) (&& (== netcoreapp2.1) (< portable-net45+win8+wpa81)) (== netstandard1.6) (&& (== netstandard2.0) (< netstandard1.2)) (&& (== netstandard2.0) (< netstandard1.3)) (&& (== netstandard2.0) (< netstandard1.4)) (&& (== netstandard2.0) (< netstandard1.5)) (&& (== netstandard2.0) (< netstandard1.6)) (&& (== netstandard2.0) (< portable-net45+win8+wpa81))
      System.Net.Sockets (>= 4.3) - restriction: || (== net46) (&& (== net462) (== netcoreapp2.0)) (&& (== net462) (== netcoreapp2.1)) (&& (== net462) (== netstandard2.0)) (&& (== net462) (< net45)) (&& (== net462) (< netstandard1.4)) (&& (== net462) (< netstandard1.5) (>= uap10.0)) (&& (== netcoreapp2.0) (< netstandard1.4)) (&& (== netcoreapp2.0) (< netstandard1.5)) (&& (== netcoreapp2.0) (< netstandard1.6)) (&& (== netcoreapp2.0) (< netstandard2.0)) (&& (== netcoreapp2.1) (< netstandard1.4)) (&& (== netcoreapp2.1) (< netstandard1.5)) (&& (== netcoreapp2.1) (< netstandard1.6)) (&& (== netcoreapp2.1) (< netstandard2.0)) (== netstandard1.6) (&& (== netstandard2.0) (< netstandard1.4)) (&& (== netstandard2.0) (< netstandard1.5)) (&& (== netstandard2.0) (< netstandard1.6))
      System.ObjectModel (>= 4.3) - restriction: || (&& (== net46) (== netcoreapp2.0)) (&& (== net46) (== netcoreapp2.1)) (&& (== net46) (== netstandard2.0)) (&& (== net46) (< net45)) (&& (== net46) (< portable-net45+win8+wpa81)) (&& (== net46) (>= uap10.0)) (&& (== net462) (== netcoreapp2.0)) (&& (== net462) (== netcoreapp2.1)) (&& (== net462) (== netstandard2.0)) (&& (== net462) (< net45)) (&& (== net462) (< netstandard1.5) (>= uap10.0)) (&& (== net462) (< portable-net45+win8+wpa81)) (&& (== netcoreapp2.0) (< netstandard1.2)) (&& (== netcoreapp2.0) (< netstandard1.3)) (&& (== netcoreapp2.0) (< netstandard1.4)) (&& (== netcoreapp2.0) (< netstandard1.5)) (&& (== netcoreapp2.0) (< netstandard1.6)) (&& (== netcoreapp2.0) (< netstandard2.0)) (&& (== netcoreapp2.0) (< portable-net45+win8+wpa81)) (&& (== netcoreapp2.1) (< netstandard1.2)) (&& (== netcoreapp2.1) (< netstandard1.3)) (&& (== netcoreapp2.1) (< netstandard1.4)) (&& (== netcoreapp2.1) (< netstandard1.5)) (&& (== netcoreapp2.1) (< netstandard1.6)) (&& (== netcoreapp2.1) (< netstandard2.0)) (&& (== netcoreapp2.1) (< portable-net45+win8+wpa81)) (== netstandard1.6) (&& (== netstandard2.0) (< netstandard1.2)) (&& (== netstandard2.0) (< netstandard1.3)) (&& (== netstandard2.0) (< netstandard1.4)) (&& (== netstandard2.0) (< netstandard1.5)) (&& (== netstandard2.0) (< netstandard1.6)) (&& (== netstandard2.0) (< portable-net45+win8+wpa81))
      System.Reflection (>= 4.3) - restriction: || (&& (== net46) (== netcoreapp2.0)) (&& (== net46) (== netcoreapp2.1)) (&& (== net46) (== netstandard2.0)) (&& (== net46) (< net45)) (&& (== net46) (< portable-net45+win8+wpa81)) (&& (== net46) (>= uap10.0)) (&& (== net462) (== netcoreapp2.0)) (&& (== net462) (== netcoreapp2.1)) (&& (== net462) (== netstandard2.0)) (&& (== net462) (< net45)) (&& (== net462) (< netstandard1.5) (>= uap10.0)) (&& (== net462) (< portable-net45+win8+wpa81)) (&& (== netcoreapp2.0) (< netstandard1.2)) (&& (== netcoreapp2.0) (< netstandard1.3)) (&& (== netcoreapp2.0) (< netstandard1.4)) (&& (== netcoreapp2.0) (< netstandard1.5)) (&& (== netcoreapp2.0) (< netstandard1.6)) (&& (== netcoreapp2.0) (< netstandard2.0)) (&& (== netcoreapp2.0) (< portable-net45+win8+wpa81)) (&& (== netcoreapp2.1) (< netstandard1.2)) (&& (== netcoreapp2.1) (< netstandard1.3)) (&& (== netcoreapp2.1) (< netstandard1.4)) (&& (== netcoreapp2.1) (< netstandard1.5)) (&& (== netcoreapp2.1) (< netstandard1.6)) (&& (== netcoreapp2.1) (< netstandard2.0)) (&& (== netcoreapp2.1) (< portable-net45+win8+wpa81)) (== netstandard1.6) (&& (== netstandard2.0) (< netstandard1.2)) (&& (== netstandard2.0) (< netstandard1.3)) (&& (== netstandard2.0) (< netstandard1.4)) (&& (== netstandard2.0) (< netstandard1.5)) (&& (== netstandard2.0) (< netstandard1.6)) (&& (== netstandard2.0) (< portable-net45+win8+wpa81))
      System.Reflection.Extensions (>= 4.3) - restriction: || (&& (== net46) (== netcoreapp2.0)) (&& (== net46) (== netcoreapp2.1)) (&& (== net46) (== netstandard2.0)) (&& (== net46) (< net45)) (&& (== net46) (< portable-net45+win8+wpa81)) (&& (== net46) (>= uap10.0)) (&& (== net462) (== netcoreapp2.0)) (&& (== net462) (== netcoreapp2.1)) (&& (== net462) (== netstandard2.0)) (&& (== net462) (< net45)) (&& (== net462) (< netstandard1.5) (>= uap10.0)) (&& (== net462) (< portable-net45+win8+wpa81)) (&& (== netcoreapp2.0) (< netstandard1.2)) (&& (== netcoreapp2.0) (< netstandard1.3)) (&& (== netcoreapp2.0) (< netstandard1.4)) (&& (== netcoreapp2.0) (< netstandard1.5)) (&& (== netcoreapp2.0) (< netstandard1.6)) (&& (== netcoreapp2.0) (< netstandard2.0)) (&& (== netcoreapp2.0) (< portable-net45+win8+wpa81)) (&& (== netcoreapp2.1) (< netstandard1.2)) (&& (== netcoreapp2.1) (< netstandard1.3)) (&& (== netcoreapp2.1) (< netstandard1.4)) (&& (== netcoreapp2.1) (< netstandard1.5)) (&& (== netcoreapp2.1) (< netstandard1.6)) (&& (== netcoreapp2.1) (< netstandard2.0)) (&& (== netcoreapp2.1) (< portable-net45+win8+wpa81)) (== netstandard1.6) (&& (== netstandard2.0) (< netstandard1.2)) (&& (== netstandard2.0) (< netstandard1.3)) (&& (== netstandard2.0) (< netstandard1.4)) (&& (== netstandard2.0) (< netstandard1.5)) (&& (== netstandard2.0) (< netstandard1.6)) (&& (== netstandard2.0) (< portable-net45+win8+wpa81))
      System.Reflection.Primitives (>= 4.3) - restriction: || (&& (== net46) (== netcoreapp2.0)) (&& (== net46) (== netcoreapp2.1)) (&& (== net46) (== netstandard2.0)) (&& (== net46) (< net45)) (&& (== net46) (< portable-net45+win8+wpa81)) (&& (== net46) (>= uap10.0)) (&& (== net462) (== netcoreapp2.0)) (&& (== net462) (== netcoreapp2.1)) (&& (== net462) (== netstandard2.0)) (&& (== net462) (< net45)) (&& (== net462) (< netstandard1.5) (>= uap10.0)) (&& (== net462) (< portable-net45+win8+wpa81)) (&& (== netcoreapp2.0) (< netstandard1.2)) (&& (== netcoreapp2.0) (< netstandard1.3)) (&& (== netcoreapp2.0) (< netstandard1.4)) (&& (== netcoreapp2.0) (< netstandard1.5)) (&& (== netcoreapp2.0) (< netstandard1.6)) (&& (== netcoreapp2.0) (< netstandard2.0)) (&& (== netcoreapp2.0) (< portable-net45+win8+wpa81)) (&& (== netcoreapp2.1) (< netstandard1.2)) (&& (== netcoreapp2.1) (< netstandard1.3)) (&& (== netcoreapp2.1) (< netstandard1.4)) (&& (== netcoreapp2.1) (< netstandard1.5)) (&& (== netcoreapp2.1) (< netstandard1.6)) (&& (== netcoreapp2.1) (< netstandard2.0)) (&& (== netcoreapp2.1) (< portable-net45+win8+wpa81)) (== netstandard1.6) (&& (== netstandard2.0) (< netstandard1.2)) (&& (== netstandard2.0) (< netstandard1.3)) (&& (== netstandard2.0) (< netstandard1.4)) (&& (== netstandard2.0) (< netstandard1.5)) (&& (== netstandard2.0) (< netstandard1.6)) (&& (== netstandard2.0) (< portable-net45+win8+wpa81))
      System.Resources.ResourceManager (>= 4.3) - restriction: || (&& (== net46) (== netcoreapp2.0)) (&& (== net46) (== netcoreapp2.1)) (&& (== net46) (== netstandard2.0)) (&& (== net46) (< net45)) (&& (== net46) (< portable-net45+win8+wpa81)) (&& (== net46) (>= uap10.0)) (&& (== net462) (== netcoreapp2.0)) (&& (== net462) (== netcoreapp2.1)) (&& (== net462) (== netstandard2.0)) (&& (== net462) (< net45)) (&& (== net462) (< netstandard1.5) (>= uap10.0)) (&& (== net462) (< portable-net45+win8+wpa81)) (&& (== netcoreapp2.0) (< netstandard1.2)) (&& (== netcoreapp2.0) (< netstandard1.3)) (&& (== netcoreapp2.0) (< netstandard1.4)) (&& (== netcoreapp2.0) (< netstandard1.5)) (&& (== netcoreapp2.0) (< netstandard1.6)) (&& (== netcoreapp2.0) (< netstandard2.0)) (&& (== netcoreapp2.0) (< portable-net45+win8+wpa81)) (&& (== netcoreapp2.1) (< netstandard1.2)) (&& (== netcoreapp2.1) (< netstandard1.3)) (&& (== netcoreapp2.1) (< netstandard1.4)) (&& (== netcoreapp2.1) (< netstandard1.5)) (&& (== netcoreapp2.1) (< netstandard1.6)) (&& (== netcoreapp2.1) (< netstandard2.0)) (&& (== netcoreapp2.1) (< portable-net45+win8+wpa81)) (== netstandard1.6) (&& (== netstandard2.0) (< netstandard1.2)) (&& (== netstandard2.0) (< netstandard1.3)) (&& (== netstandard2.0) (< netstandard1.4)) (&& (== netstandard2.0) (< netstandard1.5)) (&& (== netstandard2.0) (< netstandard1.6)) (&& (== netstandard2.0) (< portable-net45+win8+wpa81))
      System.Runtime (>= 4.3) - restriction: || (&& (== net46) (== netcoreapp2.0)) (&& (== net46) (== netcoreapp2.1)) (&& (== net46) (== netstandard2.0)) (&& (== net46) (< net45)) (&& (== net46) (< portable-net45+win8+wpa81)) (&& (== net46) (>= uap10.0)) (&& (== net462) (== netcoreapp2.0)) (&& (== net462) (== netcoreapp2.1)) (&& (== net462) (== netstandard2.0)) (&& (== net462) (< net45)) (&& (== net462) (< netstandard1.5) (>= uap10.0)) (&& (== net462) (< portable-net45+win8+wpa81)) (&& (== netcoreapp2.0) (< netstandard1.2)) (&& (== netcoreapp2.0) (< netstandard1.3)) (&& (== netcoreapp2.0) (< netstandard1.4)) (&& (== netcoreapp2.0) (< netstandard1.5)) (&& (== netcoreapp2.0) (< netstandard1.6)) (&& (== netcoreapp2.0) (< netstandard2.0)) (&& (== netcoreapp2.0) (< portable-net45+win8+wpa81)) (&& (== netcoreapp2.1) (< netstandard1.2)) (&& (== netcoreapp2.1) (< netstandard1.3)) (&& (== netcoreapp2.1) (< netstandard1.4)) (&& (== netcoreapp2.1) (< netstandard1.5)) (&& (== netcoreapp2.1) (< netstandard1.6)) (&& (== netcoreapp2.1) (< netstandard2.0)) (&& (== netcoreapp2.1) (< portable-net45+win8+wpa81)) (== netstandard1.6) (&& (== netstandard2.0) (< netstandard1.2)) (&& (== netstandard2.0) (< netstandard1.3)) (&& (== netstandard2.0) (< netstandard1.4)) (&& (== netstandard2.0) (< netstandard1.5)) (&& (== netstandard2.0) (< netstandard1.6)) (&& (== netstandard2.0) (< portable-net45+win8+wpa81))
      System.Runtime.Extensions (>= 4.3) - restriction: || (&& (== net46) (== netcoreapp2.0)) (&& (== net46) (== netcoreapp2.1)) (&& (== net46) (== netstandard2.0)) (&& (== net46) (< net45)) (&& (== net46) (< portable-net45+win8+wpa81)) (&& (== net46) (>= uap10.0)) (&& (== net462) (== netcoreapp2.0)) (&& (== net462) (== netcoreapp2.1)) (&& (== net462) (== netstandard2.0)) (&& (== net462) (< net45)) (&& (== net462) (< netstandard1.5) (>= uap10.0)) (&& (== net462) (< portable-net45+win8+wpa81)) (&& (== netcoreapp2.0) (< netstandard1.2)) (&& (== netcoreapp2.0) (< netstandard1.3)) (&& (== netcoreapp2.0) (< netstandard1.4)) (&& (== netcoreapp2.0) (< netstandard1.5)) (&& (== netcoreapp2.0) (< netstandard1.6)) (&& (== netcoreapp2.0) (< netstandard2.0)) (&& (== netcoreapp2.0) (< portable-net45+win8+wpa81)) (&& (== netcoreapp2.1) (< netstandard1.2)) (&& (== netcoreapp2.1) (< netstandard1.3)) (&& (== netcoreapp2.1) (< netstandard1.4)) (&& (== netcoreapp2.1) (< netstandard1.5)) (&& (== netcoreapp2.1) (< netstandard1.6)) (&& (== netcoreapp2.1) (< netstandard2.0)) (&& (== netcoreapp2.1) (< portable-net45+win8+wpa81)) (== netstandard1.6) (&& (== netstandard2.0) (< netstandard1.2)) (&& (== netstandard2.0) (< netstandard1.3)) (&& (== netstandard2.0) (< netstandard1.4)) (&& (== netstandard2.0) (< netstandard1.5)) (&& (== netstandard2.0) (< netstandard1.6)) (&& (== netstandard2.0) (< portable-net45+win8+wpa81))
      System.Runtime.Handles (>= 4.3) - restriction: || (&& (== net46) (== netcoreapp2.0)) (&& (== net46) (== netcoreapp2.1)) (&& (== net46) (== netstandard2.0)) (&& (== net46) (< net45)) (&& (== net46) (>= uap10.0)) (&& (== net462) (== netcoreapp2.0)) (&& (== net462) (== netcoreapp2.1)) (&& (== net462) (== netstandard2.0)) (&& (== net462) (< net45)) (&& (== net462) (< netstandard1.5) (>= uap10.0)) (&& (== netcoreapp2.0) (< netstandard1.4)) (&& (== netcoreapp2.0) (< netstandard1.5)) (&& (== netcoreapp2.0) (< netstandard1.6)) (&& (== netcoreapp2.0) (< netstandard2.0)) (&& (== netcoreapp2.1) (< netstandard1.4)) (&& (== netcoreapp2.1) (< netstandard1.5)) (&& (== netcoreapp2.1) (< netstandard1.6)) (&& (== netcoreapp2.1) (< netstandard2.0)) (== netstandard1.6) (&& (== netstandard2.0) (< netstandard1.4)) (&& (== netstandard2.0) (< netstandard1.5)) (&& (== netstandard2.0) (< netstandard1.6))
      System.Runtime.InteropServices (>= 4.3) - restriction: || (&& (== net46) (== netcoreapp2.0)) (&& (== net46) (== netcoreapp2.1)) (&& (== net46) (== netstandard2.0)) (&& (== net46) (< net45)) (&& (== net46) (>= uap10.0)) (&& (== net462) (== netcoreapp2.0)) (&& (== net462) (== netcoreapp2.1)) (&& (== net462) (== netstandard2.0)) (&& (== net462) (< net45)) (&& (== net462) (< netstandard1.5) (>= uap10.0)) (&& (== netcoreapp2.0) (< netstandard1.2)) (&& (== netcoreapp2.0) (< netstandard1.3)) (&& (== netcoreapp2.0) (< netstandard1.4)) (&& (== netcoreapp2.0) (< netstandard1.5)) (&& (== netcoreapp2.0) (< netstandard1.6)) (&& (== netcoreapp2.0) (< netstandard2.0)) (&& (== netcoreapp2.1) (< netstandard1.2)) (&& (== netcoreapp2.1) (< netstandard1.3)) (&& (== netcoreapp2.1) (< netstandard1.4)) (&& (== netcoreapp2.1) (< netstandard1.5)) (&& (== netcoreapp2.1) (< netstandard1.6)) (&& (== netcoreapp2.1) (< netstandard2.0)) (== netstandard1.6) (&& (== netstandard2.0) (< netstandard1.2)) (&& (== netstandard2.0) (< netstandard1.3)) (&& (== netstandard2.0) (< netstandard1.4)) (&& (== netstandard2.0) (< netstandard1.5)) (&& (== netstandard2.0) (< netstandard1.6))
      System.Runtime.InteropServices.RuntimeInformation (>= 4.3) - restriction: || (== net46) (&& (== net462) (== netcoreapp2.0)) (&& (== net462) (== netcoreapp2.1)) (&& (== net462) (== netstandard2.0)) (&& (== net462) (< net45)) (&& (== net462) (< netstandard1.0)) (&& (== net462) (< netstandard1.3)) (&& (== net462) (< netstandard1.4)) (&& (== net462) (< netstandard1.5) (>= uap10.0)) (&& (== netcoreapp2.0) (< netstandard1.0)) (&& (== netcoreapp2.0) (< netstandard1.2)) (&& (== netcoreapp2.0) (< netstandard1.3)) (&& (== netcoreapp2.0) (< netstandard1.4)) (&& (== netcoreapp2.0) (< netstandard1.5)) (&& (== netcoreapp2.0) (< netstandard1.6)) (&& (== netcoreapp2.0) (< netstandard2.0)) (&& (== netcoreapp2.1) (< netstandard1.0)) (&& (== netcoreapp2.1) (< netstandard1.2)) (&& (== netcoreapp2.1) (< netstandard1.3)) (&& (== netcoreapp2.1) (< netstandard1.4)) (&& (== netcoreapp2.1) (< netstandard1.5)) (&& (== netcoreapp2.1) (< netstandard1.6)) (&& (== netcoreapp2.1) (< netstandard2.0)) (== netstandard1.6) (&& (== netstandard2.0) (< netstandard1.0)) (&& (== netstandard2.0) (< netstandard1.2)) (&& (== netstandard2.0) (< netstandard1.3)) (&& (== netstandard2.0) (< netstandard1.4)) (&& (== netstandard2.0) (< netstandard1.5)) (&& (== netstandard2.0) (< netstandard1.6))
      System.Runtime.Numerics (>= 4.3) - restriction: || (&& (== net46) (== netcoreapp2.0)) (&& (== net46) (== netcoreapp2.1)) (&& (== net46) (== netstandard2.0)) (&& (== net46) (< net45)) (&& (== net46) (>= uap10.0)) (&& (== net462) (== netcoreapp2.0)) (&& (== net462) (== netcoreapp2.1)) (&& (== net462) (== netstandard2.0)) (&& (== net462) (< net45)) (&& (== net462) (< netstandard1.5) (>= uap10.0)) (&& (== netcoreapp2.0) (< netstandard1.2)) (&& (== netcoreapp2.0) (< netstandard1.3)) (&& (== netcoreapp2.0) (< netstandard1.4)) (&& (== netcoreapp2.0) (< netstandard1.5)) (&& (== netcoreapp2.0) (< netstandard1.6)) (&& (== netcoreapp2.0) (< netstandard2.0)) (&& (== netcoreapp2.1) (< netstandard1.2)) (&& (== netcoreapp2.1) (< netstandard1.3)) (&& (== netcoreapp2.1) (< netstandard1.4)) (&& (== netcoreapp2.1) (< netstandard1.5)) (&& (== netcoreapp2.1) (< netstandard1.6)) (&& (== netcoreapp2.1) (< netstandard2.0)) (== netstandard1.6) (&& (== netstandard2.0) (< netstandard1.2)) (&& (== netstandard2.0) (< netstandard1.3)) (&& (== netstandard2.0) (< netstandard1.4)) (&& (== netstandard2.0) (< netstandard1.5)) (&& (== netstandard2.0) (< netstandard1.6))
      System.Security.Cryptography.Algorithms (>= 4.3) - restriction: || (== net46) (&& (== net462) (== netcoreapp2.0)) (&& (== net462) (== netcoreapp2.1)) (&& (== net462) (== netstandard2.0)) (&& (== net462) (< net45)) (&& (== net462) (< netstandard1.4)) (&& (== net462) (< netstandard1.5) (>= uap10.0)) (&& (== netcoreapp2.0) (< netstandard1.4)) (&& (== netcoreapp2.0) (< netstandard1.5)) (&& (== netcoreapp2.0) (< netstandard1.6)) (&& (== netcoreapp2.0) (< netstandard2.0)) (&& (== netcoreapp2.1) (< netstandard1.4)) (&& (== netcoreapp2.1) (< netstandard1.5)) (&& (== netcoreapp2.1) (< netstandard1.6)) (&& (== netcoreapp2.1) (< netstandard2.0)) (== netstandard1.6) (&& (== netstandard2.0) (< netstandard1.4)) (&& (== netstandard2.0) (< netstandard1.5)) (&& (== netstandard2.0) (< netstandard1.6))
      System.Security.Cryptography.Encoding (>= 4.3) - restriction: || (== net46) (&& (== net462) (== netcoreapp2.0)) (&& (== net462) (== netcoreapp2.1)) (&& (== net462) (== netstandard2.0)) (&& (== net462) (< net45)) (&& (== net462) (< netstandard1.4)) (&& (== net462) (< netstandard1.5) (>= uap10.0)) (&& (== netcoreapp2.0) (< netstandard1.4)) (&& (== netcoreapp2.0) (< netstandard1.5)) (&& (== netcoreapp2.0) (< netstandard1.6)) (&& (== netcoreapp2.0) (< netstandard2.0)) (&& (== netcoreapp2.1) (< netstandard1.4)) (&& (== netcoreapp2.1) (< netstandard1.5)) (&& (== netcoreapp2.1) (< netstandard1.6)) (&& (== netcoreapp2.1) (< netstandard2.0)) (== netstandard1.6) (&& (== netstandard2.0) (< netstandard1.4)) (&& (== netstandard2.0) (< netstandard1.5)) (&& (== netstandard2.0) (< netstandard1.6))
      System.Security.Cryptography.Primitives (>= 4.3) - restriction: || (== net46) (&& (== net462) (== netcoreapp2.0)) (&& (== net462) (== netcoreapp2.1)) (&& (== net462) (== netstandard2.0)) (&& (== net462) (< net45)) (&& (== net462) (< netstandard1.4)) (&& (== net462) (< netstandard1.5) (>= uap10.0)) (&& (== netcoreapp2.0) (< netstandard1.4)) (&& (== netcoreapp2.0) (< netstandard1.5)) (&& (== netcoreapp2.0) (< netstandard1.6)) (&& (== netcoreapp2.0) (< netstandard2.0)) (&& (== netcoreapp2.1) (< netstandard1.4)) (&& (== netcoreapp2.1) (< netstandard1.5)) (&& (== netcoreapp2.1) (< netstandard1.6)) (&& (== netcoreapp2.1) (< netstandard2.0)) (== netstandard1.6) (&& (== netstandard2.0) (< netstandard1.4)) (&& (== netstandard2.0) (< netstandard1.5)) (&& (== netstandard2.0) (< netstandard1.6))
      System.Security.Cryptography.X509Certificates (>= 4.3) - restriction: || (== net46) (&& (== net462) (== netcoreapp2.0)) (&& (== net462) (== netcoreapp2.1)) (&& (== net462) (== netstandard2.0)) (&& (== net462) (< net45)) (&& (== net462) (< netstandard1.4)) (&& (== net462) (< netstandard1.5) (>= uap10.0)) (&& (== netcoreapp2.0) (< netstandard1.4)) (&& (== netcoreapp2.0) (< netstandard1.5)) (&& (== netcoreapp2.0) (< netstandard1.6)) (&& (== netcoreapp2.0) (< netstandard2.0)) (&& (== netcoreapp2.1) (< netstandard1.4)) (&& (== netcoreapp2.1) (< netstandard1.5)) (&& (== netcoreapp2.1) (< netstandard1.6)) (&& (== netcoreapp2.1) (< netstandard2.0)) (== netstandard1.6) (&& (== netstandard2.0) (< netstandard1.4)) (&& (== netstandard2.0) (< netstandard1.5)) (&& (== netstandard2.0) (< netstandard1.6))
      System.Text.Encoding (>= 4.3) - restriction: || (&& (== net46) (== netcoreapp2.0)) (&& (== net46) (== netcoreapp2.1)) (&& (== net46) (== netstandard2.0)) (&& (== net46) (< net45)) (&& (== net46) (< portable-net45+win8+wpa81)) (&& (== net46) (>= uap10.0)) (&& (== net462) (== netcoreapp2.0)) (&& (== net462) (== netcoreapp2.1)) (&& (== net462) (== netstandard2.0)) (&& (== net462) (< net45)) (&& (== net462) (< netstandard1.5) (>= uap10.0)) (&& (== net462) (< portable-net45+win8+wpa81)) (&& (== netcoreapp2.0) (< netstandard1.2)) (&& (== netcoreapp2.0) (< netstandard1.3)) (&& (== netcoreapp2.0) (< netstandard1.4)) (&& (== netcoreapp2.0) (< netstandard1.5)) (&& (== netcoreapp2.0) (< netstandard1.6)) (&& (== netcoreapp2.0) (< netstandard2.0)) (&& (== netcoreapp2.0) (< portable-net45+win8+wpa81)) (&& (== netcoreapp2.1) (< netstandard1.2)) (&& (== netcoreapp2.1) (< netstandard1.3)) (&& (== netcoreapp2.1) (< netstandard1.4)) (&& (== netcoreapp2.1) (< netstandard1.5)) (&& (== netcoreapp2.1) (< netstandard1.6)) (&& (== netcoreapp2.1) (< netstandard2.0)) (&& (== netcoreapp2.1) (< portable-net45+win8+wpa81)) (== netstandard1.6) (&& (== netstandard2.0) (< netstandard1.2)) (&& (== netstandard2.0) (< netstandard1.3)) (&& (== netstandard2.0) (< netstandard1.4)) (&& (== netstandard2.0) (< netstandard1.5)) (&& (== netstandard2.0) (< netstandard1.6)) (&& (== netstandard2.0) (< portable-net45+win8+wpa81))
      System.Text.Encoding.Extensions (>= 4.3) - restriction: || (&& (== net46) (== netcoreapp2.0)) (&& (== net46) (== netcoreapp2.1)) (&& (== net46) (== netstandard2.0)) (&& (== net46) (< net45)) (&& (== net46) (< portable-net45+win8+wpa81)) (&& (== net46) (>= uap10.0)) (&& (== net462) (== netcoreapp2.0)) (&& (== net462) (== netcoreapp2.1)) (&& (== net462) (== netstandard2.0)) (&& (== net462) (< net45)) (&& (== net462) (< netstandard1.5) (>= uap10.0)) (&& (== net462) (< portable-net45+win8+wpa81)) (&& (== netcoreapp2.0) (< netstandard1.2)) (&& (== netcoreapp2.0) (< netstandard1.3)) (&& (== netcoreapp2.0) (< netstandard1.4)) (&& (== netcoreapp2.0) (< netstandard1.5)) (&& (== netcoreapp2.0) (< netstandard1.6)) (&& (== netcoreapp2.0) (< netstandard2.0)) (&& (== netcoreapp2.0) (< portable-net45+win8+wpa81)) (&& (== netcoreapp2.1) (< netstandard1.2)) (&& (== netcoreapp2.1) (< netstandard1.3)) (&& (== netcoreapp2.1) (< netstandard1.4)) (&& (== netcoreapp2.1) (< netstandard1.5)) (&& (== netcoreapp2.1) (< netstandard1.6)) (&& (== netcoreapp2.1) (< netstandard2.0)) (&& (== netcoreapp2.1) (< portable-net45+win8+wpa81)) (== netstandard1.6) (&& (== netstandard2.0) (< netstandard1.2)) (&& (== netstandard2.0) (< netstandard1.3)) (&& (== netstandard2.0) (< netstandard1.4)) (&& (== netstandard2.0) (< netstandard1.5)) (&& (== netstandard2.0) (< netstandard1.6)) (&& (== netstandard2.0) (< portable-net45+win8+wpa81))
      System.Text.RegularExpressions (>= 4.3) - restriction: || (&& (== net46) (== netcoreapp2.0)) (&& (== net46) (== netcoreapp2.1)) (&& (== net46) (== netstandard2.0)) (&& (== net46) (< net45)) (&& (== net46) (< portable-net45+win8+wpa81)) (&& (== net46) (>= uap10.0)) (&& (== net462) (== netcoreapp2.0)) (&& (== net462) (== netcoreapp2.1)) (&& (== net462) (== netstandard2.0)) (&& (== net462) (< net45)) (&& (== net462) (< netstandard1.5) (>= uap10.0)) (&& (== net462) (< portable-net45+win8+wpa81)) (&& (== netcoreapp2.0) (< netstandard1.2)) (&& (== netcoreapp2.0) (< netstandard1.3)) (&& (== netcoreapp2.0) (< netstandard1.4)) (&& (== netcoreapp2.0) (< netstandard1.5)) (&& (== netcoreapp2.0) (< netstandard1.6)) (&& (== netcoreapp2.0) (< netstandard2.0)) (&& (== netcoreapp2.0) (< portable-net45+win8+wpa81)) (&& (== netcoreapp2.1) (< netstandard1.2)) (&& (== netcoreapp2.1) (< netstandard1.3)) (&& (== netcoreapp2.1) (< netstandard1.4)) (&& (== netcoreapp2.1) (< netstandard1.5)) (&& (== netcoreapp2.1) (< netstandard1.6)) (&& (== netcoreapp2.1) (< netstandard2.0)) (&& (== netcoreapp2.1) (< portable-net45+win8+wpa81)) (== netstandard1.6) (&& (== netstandard2.0) (< netstandard1.2)) (&& (== netstandard2.0) (< netstandard1.3)) (&& (== netstandard2.0) (< netstandard1.4)) (&& (== netstandard2.0) (< netstandard1.5)) (&& (== netstandard2.0) (< netstandard1.6)) (&& (== netstandard2.0) (< portable-net45+win8+wpa81))
      System.Threading (>= 4.3) - restriction: || (&& (== net46) (== netcoreapp2.0)) (&& (== net46) (== netcoreapp2.1)) (&& (== net46) (== netstandard2.0)) (&& (== net46) (< net45)) (&& (== net46) (< portable-net45+win8+wpa81)) (&& (== net46) (>= uap10.0)) (&& (== net462) (== netcoreapp2.0)) (&& (== net462) (== netcoreapp2.1)) (&& (== net462) (== netstandard2.0)) (&& (== net462) (< net45)) (&& (== net462) (< netstandard1.5) (>= uap10.0)) (&& (== net462) (< portable-net45+win8+wpa81)) (&& (== netcoreapp2.0) (< netstandard1.2)) (&& (== netcoreapp2.0) (< netstandard1.3)) (&& (== netcoreapp2.0) (< netstandard1.4)) (&& (== netcoreapp2.0) (< netstandard1.5)) (&& (== netcoreapp2.0) (< netstandard1.6)) (&& (== netcoreapp2.0) (< netstandard2.0)) (&& (== netcoreapp2.0) (< portable-net45+win8+wpa81)) (&& (== netcoreapp2.1) (< netstandard1.2)) (&& (== netcoreapp2.1) (< netstandard1.3)) (&& (== netcoreapp2.1) (< netstandard1.4)) (&& (== netcoreapp2.1) (< netstandard1.5)) (&& (== netcoreapp2.1) (< netstandard1.6)) (&& (== netcoreapp2.1) (< netstandard2.0)) (&& (== netcoreapp2.1) (< portable-net45+win8+wpa81)) (== netstandard1.6) (&& (== netstandard2.0) (< netstandard1.2)) (&& (== netstandard2.0) (< netstandard1.3)) (&& (== netstandard2.0) (< netstandard1.4)) (&& (== netstandard2.0) (< netstandard1.5)) (&& (== netstandard2.0) (< netstandard1.6)) (&& (== netstandard2.0) (< portable-net45+win8+wpa81))
      System.Threading.Tasks (>= 4.3) - restriction: || (&& (== net46) (== netcoreapp2.0)) (&& (== net46) (== netcoreapp2.1)) (&& (== net46) (== netstandard2.0)) (&& (== net46) (< net45)) (&& (== net46) (< portable-net45+win8+wpa81)) (&& (== net46) (>= uap10.0)) (&& (== net462) (== netcoreapp2.0)) (&& (== net462) (== netcoreapp2.1)) (&& (== net462) (== netstandard2.0)) (&& (== net462) (< net45)) (&& (== net462) (< netstandard1.5) (>= uap10.0)) (&& (== net462) (< portable-net45+win8+wpa81)) (&& (== netcoreapp2.0) (< netstandard1.2)) (&& (== netcoreapp2.0) (< netstandard1.3)) (&& (== netcoreapp2.0) (< netstandard1.4)) (&& (== netcoreapp2.0) (< netstandard1.5)) (&& (== netcoreapp2.0) (< netstandard1.6)) (&& (== netcoreapp2.0) (< netstandard2.0)) (&& (== netcoreapp2.0) (< portable-net45+win8+wpa81)) (&& (== netcoreapp2.1) (< netstandard1.2)) (&& (== netcoreapp2.1) (< netstandard1.3)) (&& (== netcoreapp2.1) (< netstandard1.4)) (&& (== netcoreapp2.1) (< netstandard1.5)) (&& (== netcoreapp2.1) (< netstandard1.6)) (&& (== netcoreapp2.1) (< netstandard2.0)) (&& (== netcoreapp2.1) (< portable-net45+win8+wpa81)) (== netstandard1.6) (&& (== netstandard2.0) (< netstandard1.2)) (&& (== netstandard2.0) (< netstandard1.3)) (&& (== netstandard2.0) (< netstandard1.4)) (&& (== netstandard2.0) (< netstandard1.5)) (&& (== netstandard2.0) (< netstandard1.6)) (&& (== netstandard2.0) (< portable-net45+win8+wpa81))
      System.Threading.Timer (>= 4.3) - restriction: || (&& (== net46) (== netcoreapp2.0)) (&& (== net46) (== netcoreapp2.1)) (&& (== net46) (== netstandard2.0)) (&& (== net46) (< net45)) (&& (== net46) (>= uap10.0)) (&& (== net462) (== netcoreapp2.0)) (&& (== net462) (== netcoreapp2.1)) (&& (== net462) (== netstandard2.0)) (&& (== net462) (< net45)) (&& (== net462) (< netstandard1.5) (>= uap10.0)) (&& (== netcoreapp2.0) (< netstandard1.3)) (&& (== netcoreapp2.0) (< netstandard1.4)) (&& (== netcoreapp2.0) (< netstandard1.5)) (&& (== netcoreapp2.0) (< netstandard1.6)) (&& (== netcoreapp2.0) (< netstandard2.0)) (&& (== netcoreapp2.1) (< netstandard1.3)) (&& (== netcoreapp2.1) (< netstandard1.4)) (&& (== netcoreapp2.1) (< netstandard1.5)) (&& (== netcoreapp2.1) (< netstandard1.6)) (&& (== netcoreapp2.1) (< netstandard2.0)) (== netstandard1.6) (&& (== netstandard2.0) (< netstandard1.3)) (&& (== netstandard2.0) (< netstandard1.4)) (&& (== netstandard2.0) (< netstandard1.5)) (&& (== netstandard2.0) (< netstandard1.6))
      System.Xml.ReaderWriter (>= 4.3) - restriction: || (== net46) (&& (== net462) (== netcoreapp2.0)) (&& (== net462) (== netcoreapp2.1)) (&& (== net462) (== netstandard2.0)) (&& (== net462) (< net45)) (&& (== net462) (< netstandard1.4)) (&& (== net462) (< netstandard1.5) (>= uap10.0)) (&& (== net462) (< portable-net45+win8+wpa81)) (&& (== netcoreapp2.0) (< netstandard1.2)) (&& (== netcoreapp2.0) (< netstandard1.3)) (&& (== netcoreapp2.0) (< netstandard1.4)) (&& (== netcoreapp2.0) (< netstandard1.5)) (&& (== netcoreapp2.0) (< netstandard1.6)) (&& (== netcoreapp2.0) (< netstandard2.0)) (&& (== netcoreapp2.0) (< portable-net45+win8+wpa81)) (&& (== netcoreapp2.1) (< netstandard1.2)) (&& (== netcoreapp2.1) (< netstandard1.3)) (&& (== netcoreapp2.1) (< netstandard1.4)) (&& (== netcoreapp2.1) (< netstandard1.5)) (&& (== netcoreapp2.1) (< netstandard1.6)) (&& (== netcoreapp2.1) (< netstandard2.0)) (&& (== netcoreapp2.1) (< portable-net45+win8+wpa81)) (== netstandard1.6) (&& (== netstandard2.0) (< netstandard1.2)) (&& (== netstandard2.0) (< netstandard1.3)) (&& (== netstandard2.0) (< netstandard1.4)) (&& (== netstandard2.0) (< netstandard1.5)) (&& (== netstandard2.0) (< netstandard1.6)) (&& (== netstandard2.0) (< portable-net45+win8+wpa81))
      System.Xml.XDocument (>= 4.3) - restriction: || (&& (== net46) (== netcoreapp2.0)) (&& (== net46) (== netcoreapp2.1)) (&& (== net46) (== netstandard2.0)) (&& (== net46) (< net45)) (&& (== net46) (< portable-net45+win8+wpa81)) (&& (== net46) (>= uap10.0)) (&& (== net462) (== netcoreapp2.0)) (&& (== net462) (== netcoreapp2.1)) (&& (== net462) (== netstandard2.0)) (&& (== net462) (< net45)) (&& (== net462) (< netstandard1.5) (>= uap10.0)) (&& (== net462) (< portable-net45+win8+wpa81)) (&& (== netcoreapp2.0) (< netstandard1.2)) (&& (== netcoreapp2.0) (< netstandard1.3)) (&& (== netcoreapp2.0) (< netstandard1.4)) (&& (== netcoreapp2.0) (< netstandard1.5)) (&& (== netcoreapp2.0) (< netstandard1.6)) (&& (== netcoreapp2.0) (< netstandard2.0)) (&& (== netcoreapp2.0) (< portable-net45+win8+wpa81)) (&& (== netcoreapp2.1) (< netstandard1.2)) (&& (== netcoreapp2.1) (< netstandard1.3)) (&& (== netcoreapp2.1) (< netstandard1.4)) (&& (== netcoreapp2.1) (< netstandard1.5)) (&& (== netcoreapp2.1) (< netstandard1.6)) (&& (== netcoreapp2.1) (< netstandard2.0)) (&& (== netcoreapp2.1) (< portable-net45+win8+wpa81)) (== netstandard1.6) (&& (== netstandard2.0) (< netstandard1.2)) (&& (== netstandard2.0) (< netstandard1.3)) (&& (== netstandard2.0) (< netstandard1.4)) (&& (== netstandard2.0) (< netstandard1.5)) (&& (== netstandard2.0) (< netstandard1.6)) (&& (== netstandard2.0) (< portable-net45+win8+wpa81))
    Newtonsoft.Json (12.0.1)
      Microsoft.CSharp (>= 4.3) - restriction: || (&& (== net46) (== netcoreapp2.0)) (&& (== net46) (== netcoreapp2.1)) (&& (== net46) (== netstandard2.0)) (&& (== net46) (< net20)) (&& (== net462) (== netcoreapp2.0)) (&& (== net462) (== netcoreapp2.1)) (&& (== net462) (== netstandard2.0)) (&& (== net462) (< net20)) (&& (== netcoreapp2.0) (< netstandard1.3)) (&& (== netcoreapp2.0) (< netstandard2.0)) (&& (== netcoreapp2.1) (< netstandard1.3)) (&& (== netcoreapp2.1) (< netstandard2.0)) (== netstandard1.6) (&& (== netstandard2.0) (< netstandard1.3))
      NETStandard.Library (>= 1.6.1) - restriction: || (&& (== net46) (== netcoreapp2.0)) (&& (== net46) (== netcoreapp2.1)) (&& (== net46) (== netstandard2.0)) (&& (== net46) (< net20)) (&& (== net462) (== netcoreapp2.0)) (&& (== net462) (== netcoreapp2.1)) (&& (== net462) (== netstandard2.0)) (&& (== net462) (< net20)) (&& (== netcoreapp2.0) (< netstandard1.3)) (&& (== netcoreapp2.0) (< netstandard2.0)) (&& (== netcoreapp2.1) (< netstandard1.3)) (&& (== netcoreapp2.1) (< netstandard2.0)) (== netstandard1.6) (&& (== netstandard2.0) (< netstandard1.3))
      System.ComponentModel.TypeConverter (>= 4.3) - restriction: || (&& (== net46) (== netcoreapp2.0)) (&& (== net46) (== netcoreapp2.1)) (&& (== net46) (== netstandard2.0)) (&& (== net46) (< net20)) (&& (== net462) (== netcoreapp2.0)) (&& (== net462) (== netcoreapp2.1)) (&& (== net462) (== netstandard2.0)) (&& (== net462) (< net20)) (&& (== netcoreapp2.0) (< netstandard1.3)) (&& (== netcoreapp2.0) (< netstandard2.0)) (&& (== netcoreapp2.1) (< netstandard1.3)) (&& (== netcoreapp2.1) (< netstandard2.0)) (== netstandard1.6) (&& (== netstandard2.0) (< netstandard1.3))
      System.Runtime.Serialization.Formatters (>= 4.3) - restriction: || (&& (== net46) (== netcoreapp2.0)) (&& (== net46) (== netcoreapp2.1)) (&& (== net46) (== netstandard2.0)) (&& (== net46) (< net20)) (&& (== net462) (== netcoreapp2.0)) (&& (== net462) (== netcoreapp2.1)) (&& (== net462) (== netstandard2.0)) (&& (== net462) (< net20)) (&& (== netcoreapp2.0) (< netstandard2.0)) (&& (== netcoreapp2.1) (< netstandard2.0)) (== netstandard1.6)
      System.Runtime.Serialization.Primitives (>= 4.3) - restriction: || (&& (== net46) (== netcoreapp2.0)) (&& (== net46) (== netcoreapp2.1)) (&& (== net46) (== netstandard2.0)) (&& (== net46) (< net20)) (&& (== net462) (== netcoreapp2.0)) (&& (== net462) (== netcoreapp2.1)) (&& (== net462) (== netstandard2.0)) (&& (== net462) (< net20)) (&& (== netcoreapp2.0) (< netstandard1.3)) (&& (== netcoreapp2.0) (< netstandard2.0)) (&& (== netcoreapp2.1) (< netstandard1.3)) (&& (== netcoreapp2.1) (< netstandard2.0)) (== netstandard1.6) (&& (== netstandard2.0) (< netstandard1.3))
      System.Xml.XmlDocument (>= 4.3) - restriction: || (&& (== net46) (== netcoreapp2.0)) (&& (== net46) (== netcoreapp2.1)) (&& (== net46) (== netstandard2.0)) (&& (== net46) (< net20)) (&& (== net462) (== netcoreapp2.0)) (&& (== net462) (== netcoreapp2.1)) (&& (== net462) (== netstandard2.0)) (&& (== net462) (< net20)) (&& (== netcoreapp2.0) (< netstandard2.0)) (&& (== netcoreapp2.1) (< netstandard2.0)) (== netstandard1.6)
    Octokit (0.32)
      NETStandard.Library (>= 1.6) - restriction: || (&& (== net46) (< net45)) (&& (== net462) (< net45)) (== netcoreapp2.0) (== netcoreapp2.1) (== netstandard1.6) (== netstandard2.0)
    Paket.Core (5.198)
      Chessie (>= 0.6) - restriction: || (== net46) (== net462) (== netcoreapp2.0) (== netcoreapp2.1) (&& (== netstandard1.6) (>= net45)) (&& (== netstandard1.6) (>= netstandard2.0)) (== netstandard2.0)
      FSharp.Compiler.Tools  - restriction: || (== net46) (== net462) (&& (== netcoreapp2.0) (>= net45)) (&& (== netcoreapp2.1) (>= net45)) (&& (== netstandard1.6) (>= net45)) (&& (== netstandard2.0) (>= net45))
      FSharp.Core (> 4.3) - restriction: || (== net46) (== net462) (&& (== netcoreapp2.0) (>= net45)) (&& (== netcoreapp2.1) (>= net45)) (&& (== netstandard1.6) (>= net45)) (&& (== netstandard2.0) (>= net45))
      Mono.Cecil (>= 0.10.0-beta6) - restriction: || (== net46) (== net462) (== netcoreapp2.0) (== netcoreapp2.1) (&& (== netstandard1.6) (>= net45)) (&& (== netstandard1.6) (>= netstandard2.0)) (== netstandard2.0)
      Newtonsoft.Json  - restriction: || (== net46) (== net462) (&& (== netcoreapp2.0) (>= net45)) (&& (== netcoreapp2.1) (>= net45)) (&& (== netstandard1.6) (>= net45)) (&& (== netstandard2.0) (>= net45))
      Newtonsoft.Json (>= 10.0.3) - restriction: || (&& (== net46) (< net45) (>= netstandard2.0)) (&& (== net462) (< net45) (>= netstandard2.0)) (== netcoreapp2.0) (== netcoreapp2.1) (&& (== netstandard1.6) (>= netstandard2.0)) (== netstandard2.0)
      System.Net.Http.WinHttpHandler (>= 4.5) - restriction: || (&& (== net46) (< net45) (>= netstandard2.0)) (&& (== net462) (< net45) (>= netstandard2.0)) (== netcoreapp2.0) (== netcoreapp2.1) (&& (== netstandard1.6) (>= netstandard2.0)) (== netstandard2.0)
      System.Security.Cryptography.ProtectedData (>= 4.4) - restriction: || (&& (== net46) (< net45) (>= netstandard2.0)) (&& (== net462) (< net45) (>= netstandard2.0)) (== netcoreapp2.0) (== netcoreapp2.1) (&& (== netstandard1.6) (>= netstandard2.0)) (== netstandard2.0)
    runtime.debian.8-x64.runtime.native.System.Security.Cryptography.OpenSsl (4.3.3) - restriction: || (&& (== net462) (< net46) (>= netstandard1.6)) (== netcoreapp2.0) (== netcoreapp2.1) (== netstandard1.6) (== netstandard2.0)
    runtime.debian.9-x64.runtime.native.System.Security.Cryptography.OpenSsl (4.3.3) - restriction: || (&& (== net462) (< net46) (>= netstandard1.6)) (== netcoreapp2.0) (== netcoreapp2.1) (== netstandard1.6) (== netstandard2.0)
    runtime.fedora.23-x64.runtime.native.System.Security.Cryptography.OpenSsl (4.3.3) - restriction: || (&& (== net462) (< net46) (>= netstandard1.6)) (== netcoreapp2.0) (== netcoreapp2.1) (== netstandard1.6) (== netstandard2.0)
    runtime.fedora.24-x64.runtime.native.System.Security.Cryptography.OpenSsl (4.3.3) - restriction: || (&& (== net462) (< net46) (>= netstandard1.6)) (== netcoreapp2.0) (== netcoreapp2.1) (== netstandard1.6) (== netstandard2.0)
    runtime.fedora.27-x64.runtime.native.System.Security.Cryptography.OpenSsl (4.3.3) - restriction: || (&& (== net462) (< net46) (>= netstandard1.6)) (== netcoreapp2.0) (== netcoreapp2.1) (== netstandard1.6) (== netstandard2.0)
    runtime.fedora.28-x64.runtime.native.System.Security.Cryptography.OpenSsl (4.3.3) - restriction: || (&& (== net462) (< net46) (>= netstandard1.6)) (== netcoreapp2.0) (== netcoreapp2.1) (== netstandard1.6) (== netstandard2.0)
    runtime.native.System (4.3.1) - restriction: || (&& (== net46) (== net462) (>= netstandard1.6) (>= uap10.0)) (&& (== net46) (< net45) (>= netstandard1.6)) (&& (== net46) (< net45) (>= netstandard2.0)) (&& (== net462) (< net45) (>= netstandard1.6)) (&& (== net462) (< net45) (>= netstandard2.0)) (&& (== net462) (< net46)) (&& (== net462) (< netstandard1.5) (>= netstandard1.6) (>= uap10.0)) (== netcoreapp2.0) (== netcoreapp2.1) (== netstandard1.6) (== netstandard2.0)
      Microsoft.NETCore.Platforms (>= 1.1.1)
      Microsoft.NETCore.Targets (>= 1.1.3)
    runtime.native.System.Data.SqlClient.sni (4.5) - restriction: || (&& (== net46) (< net451)) (&& (== net46) (>= netcoreapp2.0)) (&& (== net462) (< net451)) (&& (== net462) (>= netcoreapp2.0)) (== netcoreapp2.0) (== netcoreapp2.1) (== netstandard1.6) (== netstandard2.0)
      runtime.win-arm64.runtime.native.System.Data.SqlClient.sni (>= 4.4)
      runtime.win-x64.runtime.native.System.Data.SqlClient.sni (>= 4.4)
      runtime.win-x86.runtime.native.System.Data.SqlClient.sni (>= 4.4)
    runtime.native.System.IO.Compression (4.3.2) - restriction: || (&& (== net46) (>= dnxcore50)) (&& (== net46) (< net45)) (&& (== net462) (>= dnxcore50)) (&& (== net462) (< net45)) (== netcoreapp2.0) (== netcoreapp2.1) (== netstandard1.6) (== netstandard2.0)
      Microsoft.NETCore.Platforms (>= 1.1.1)
      Microsoft.NETCore.Targets (>= 1.1.3)
    runtime.native.System.Net.Http (4.3.1) - restriction: || (&& (== net46) (== net462) (>= netstandard1.6) (>= uap10.0)) (&& (== net46) (== netcoreapp2.0)) (&& (== net46) (== netcoreapp2.1)) (&& (== net46) (== netstandard2.0)) (&& (== net46) (< net45) (>= netstandard1.6)) (&& (== net462) (== netcoreapp2.0)) (&& (== net462) (== netcoreapp2.1)) (&& (== net462) (== netstandard2.0)) (&& (== net462) (< net45) (>= netstandard1.6)) (&& (== net462) (< netstandard1.5) (>= netstandard1.6) (>= uap10.0)) (&& (== netcoreapp2.0) (< netstandard1.2)) (&& (== netcoreapp2.0) (< netstandard1.3)) (&& (== netcoreapp2.0) (< netstandard1.4)) (&& (== netcoreapp2.0) (< netstandard1.5)) (&& (== netcoreapp2.0) (< netstandard1.6)) (&& (== netcoreapp2.0) (< netstandard2.0)) (&& (== netcoreapp2.1) (< netstandard1.2)) (&& (== netcoreapp2.1) (< netstandard1.3)) (&& (== netcoreapp2.1) (< netstandard1.4)) (&& (== netcoreapp2.1) (< netstandard1.5)) (&& (== netcoreapp2.1) (< netstandard1.6)) (&& (== netcoreapp2.1) (< netstandard2.0)) (== netstandard1.6) (&& (== netstandard2.0) (< netstandard1.2)) (&& (== netstandard2.0) (< netstandard1.3)) (&& (== netstandard2.0) (< netstandard1.4)) (&& (== netstandard2.0) (< netstandard1.5)) (&& (== netstandard2.0) (< netstandard1.6))
      Microsoft.NETCore.Platforms (>= 1.1.1)
      Microsoft.NETCore.Targets (>= 1.1.3)
    runtime.native.System.Net.Security (4.3.1) - restriction: || (&& (== net46) (== netcoreapp2.0)) (&& (== net46) (== netcoreapp2.1)) (&& (== net46) (== netstandard2.0)) (&& (== net46) (< net451) (>= netstandard1.6)) (&& (== net462) (== netcoreapp2.0)) (&& (== net462) (== netcoreapp2.1)) (&& (== net462) (== netstandard2.0)) (&& (== net462) (< net451) (>= netstandard1.6)) (&& (== netcoreapp2.0) (< netstandard2.0)) (&& (== netcoreapp2.1) (< netstandard2.0)) (== netstandard1.6)
      Microsoft.NETCore.Platforms (>= 1.1.1)
      Microsoft.NETCore.Targets (>= 1.1.3)
    runtime.native.System.Security.Cryptography.Apple (4.3.1) - restriction: || (&& (== net462) (< net46) (>= netstandard1.6)) (== netcoreapp2.0) (== netcoreapp2.1) (== netstandard1.6) (== netstandard2.0)
      runtime.osx.10.10-x64.runtime.native.System.Security.Cryptography.Apple (>= 4.3.1)
    runtime.native.System.Security.Cryptography.OpenSsl (4.3.3) - restriction: || (&& (== net46) (== net462) (>= netstandard1.6) (>= uap10.0)) (&& (== net46) (< net45) (>= netstandard1.6)) (&& (== net462) (< net45) (>= netstandard1.6)) (&& (== net462) (< net46) (>= netstandard1.6)) (&& (== net462) (< netstandard1.5) (>= netstandard1.6) (>= uap10.0)) (== netcoreapp2.0) (== netcoreapp2.1) (== netstandard1.6) (== netstandard2.0)
      runtime.debian.8-x64.runtime.native.System.Security.Cryptography.OpenSsl (>= 4.3.3)
      runtime.debian.9-x64.runtime.native.System.Security.Cryptography.OpenSsl (>= 4.3.3)
      runtime.fedora.23-x64.runtime.native.System.Security.Cryptography.OpenSsl (>= 4.3.3)
      runtime.fedora.24-x64.runtime.native.System.Security.Cryptography.OpenSsl (>= 4.3.3)
      runtime.fedora.27-x64.runtime.native.System.Security.Cryptography.OpenSsl (>= 4.3.3)
      runtime.fedora.28-x64.runtime.native.System.Security.Cryptography.OpenSsl (>= 4.3.3)
      runtime.opensuse.13.2-x64.runtime.native.System.Security.Cryptography.OpenSsl (>= 4.3.3)
      runtime.opensuse.42.1-x64.runtime.native.System.Security.Cryptography.OpenSsl (>= 4.3.3)
      runtime.opensuse.42.3-x64.runtime.native.System.Security.Cryptography.OpenSsl (>= 4.3.3)
      runtime.osx.10.10-x64.runtime.native.System.Security.Cryptography.OpenSsl (>= 4.3.3)
      runtime.rhel.7-x64.runtime.native.System.Security.Cryptography.OpenSsl (>= 4.3.3)
      runtime.ubuntu.14.04-x64.runtime.native.System.Security.Cryptography.OpenSsl (>= 4.3.3)
      runtime.ubuntu.16.04-x64.runtime.native.System.Security.Cryptography.OpenSsl (>= 4.3.3)
      runtime.ubuntu.16.10-x64.runtime.native.System.Security.Cryptography.OpenSsl (>= 4.3.3)
      runtime.ubuntu.18.04-x64.runtime.native.System.Security.Cryptography.OpenSsl (>= 4.3.3)
    runtime.opensuse.13.2-x64.runtime.native.System.Security.Cryptography.OpenSsl (4.3.3) - restriction: || (&& (== net462) (< net46) (>= netstandard1.6)) (== netcoreapp2.0) (== netcoreapp2.1) (== netstandard1.6) (== netstandard2.0)
    runtime.opensuse.42.1-x64.runtime.native.System.Security.Cryptography.OpenSsl (4.3.3) - restriction: || (&& (== net462) (< net46) (>= netstandard1.6)) (== netcoreapp2.0) (== netcoreapp2.1) (== netstandard1.6) (== netstandard2.0)
    runtime.opensuse.42.3-x64.runtime.native.System.Security.Cryptography.OpenSsl (4.3.3) - restriction: || (&& (== net462) (< net46) (>= netstandard1.6)) (== netcoreapp2.0) (== netcoreapp2.1) (== netstandard1.6) (== netstandard2.0)
    runtime.osx.10.10-x64.runtime.native.System.Security.Cryptography.Apple (4.3.1) - restriction: || (&& (== net462) (< net46) (>= netstandard1.6)) (== netcoreapp2.0) (== netcoreapp2.1) (== netstandard1.6) (== netstandard2.0)
    runtime.osx.10.10-x64.runtime.native.System.Security.Cryptography.OpenSsl (4.3.3) - restriction: || (&& (== net462) (< net46) (>= netstandard1.6)) (== netcoreapp2.0) (== netcoreapp2.1) (== netstandard1.6) (== netstandard2.0)
    runtime.rhel.7-x64.runtime.native.System.Security.Cryptography.OpenSsl (4.3.3) - restriction: || (&& (== net462) (< net46) (>= netstandard1.6)) (== netcoreapp2.0) (== netcoreapp2.1) (== netstandard1.6) (== netstandard2.0)
    runtime.ubuntu.14.04-x64.runtime.native.System.Security.Cryptography.OpenSsl (4.3.3) - restriction: || (&& (== net462) (< net46) (>= netstandard1.6)) (== netcoreapp2.0) (== netcoreapp2.1) (== netstandard1.6) (== netstandard2.0)
    runtime.ubuntu.16.04-x64.runtime.native.System.Security.Cryptography.OpenSsl (4.3.3) - restriction: || (&& (== net462) (< net46) (>= netstandard1.6)) (== netcoreapp2.0) (== netcoreapp2.1) (== netstandard1.6) (== netstandard2.0)
    runtime.ubuntu.16.10-x64.runtime.native.System.Security.Cryptography.OpenSsl (4.3.3) - restriction: || (&& (== net462) (< net46) (>= netstandard1.6)) (== netcoreapp2.0) (== netcoreapp2.1) (== netstandard1.6) (== netstandard2.0)
    runtime.ubuntu.18.04-x64.runtime.native.System.Security.Cryptography.OpenSsl (4.3.3) - restriction: || (&& (== net462) (< net46) (>= netstandard1.6)) (== netcoreapp2.0) (== netcoreapp2.1) (== netstandard1.6) (== netstandard2.0)
    runtime.win-arm64.runtime.native.System.Data.SqlClient.sni (4.4) - restriction: || (&& (== net46) (< net451)) (&& (== net46) (>= netcoreapp2.0)) (&& (== net462) (< net451)) (&& (== net462) (>= netcoreapp2.0)) (== netcoreapp2.0) (== netcoreapp2.1) (== netstandard1.6) (== netstandard2.0)
    runtime.win-x64.runtime.native.System.Data.SqlClient.sni (4.4) - restriction: || (&& (== net46) (< net451)) (&& (== net46) (>= netcoreapp2.0)) (&& (== net462) (< net451)) (&& (== net462) (>= netcoreapp2.0)) (== netcoreapp2.0) (== netcoreapp2.1) (== netstandard1.6) (== netstandard2.0)
    runtime.win-x86.runtime.native.System.Data.SqlClient.sni (4.4) - restriction: || (&& (== net46) (< net451)) (&& (== net46) (>= netcoreapp2.0)) (&& (== net462) (< net451)) (&& (== net462) (>= netcoreapp2.0)) (== netcoreapp2.0) (== netcoreapp2.1) (== netstandard1.6) (== netstandard2.0)
    System.AppContext (4.3) - restriction: || (== net46) (&& (== net462) (< net45)) (&& (== net462) (< netstandard1.4)) (&& (== net462) (< netstandard1.5) (>= uap10.0)) (== netcoreapp2.0) (== netcoreapp2.1) (== netstandard1.6) (== netstandard2.0)
      System.Runtime (>= 4.3) - restriction: || (&& (== net46) (>= dnxcore50)) (&& (== net462) (>= dnxcore50)) (&& (== net462) (< net46)) (== netcoreapp2.0) (== netcoreapp2.1) (== netstandard1.6) (== netstandard2.0)
    System.Buffers (4.5) - restriction: || (&& (== net46) (>= dnxcore50)) (&& (== net46) (< net45)) (&& (== net46) (< net451)) (&& (== net462) (>= dnxcore50)) (&& (== net462) (< net45)) (&& (== net462) (< net451)) (== netcoreapp2.0) (== netcoreapp2.1) (== netstandard1.6) (== netstandard2.0)
    System.CodeDom (4.5) - restriction: || (&& (== net462) (< net46) (>= netstandard2.0)) (== netcoreapp2.0) (== netcoreapp2.1) (&& (== netstandard1.6) (>= netstandard2.0)) (== netstandard2.0)
    System.Collections (4.3) - restriction: || (&& (== net46) (< net45)) (&& (== net46) (< portable-net45+win8+wpa81)) (&& (== net46) (>= uap10.0)) (&& (== net462) (< net45)) (&& (== net462) (< net46) (>= netstandard1.6)) (&& (== net462) (< netstandard1.5) (>= uap10.0)) (&& (== net462) (< portable-net45+win8+wpa81)) (== netcoreapp2.0) (== netcoreapp2.1) (== netstandard1.6) (== netstandard2.0)
      Microsoft.NETCore.Platforms (>= 1.1) - restriction: || (&& (== net46) (>= dnxcore50)) (&& (== net46) (< net45)) (&& (== net462) (>= dnxcore50)) (&& (== net462) (< net45)) (== netcoreapp2.0) (== netcoreapp2.1) (== netstandard1.6) (== netstandard2.0)
      Microsoft.NETCore.Targets (>= 1.1) - restriction: || (&& (== net46) (>= dnxcore50)) (&& (== net46) (< net45)) (&& (== net462) (>= dnxcore50)) (&& (== net462) (< net45)) (== netcoreapp2.0) (== netcoreapp2.1) (== netstandard1.6) (== netstandard2.0)
      System.Runtime (>= 4.3) - restriction: || (&& (== net46) (>= dnxcore50)) (&& (== net46) (< net45)) (&& (== net462) (>= dnxcore50)) (&& (== net462) (< net45)) (== netcoreapp2.0) (== netcoreapp2.1) (== netstandard1.6) (== netstandard2.0)
    System.Collections.Concurrent (4.3) - restriction: || (&& (== net46) (>= dnxcore50)) (&& (== net46) (< net45)) (&& (== net46) (>= uap10.0)) (&& (== net462) (>= dnxcore50)) (&& (== net462) (< net45)) (&& (== net462) (< netstandard1.5) (>= uap10.0)) (== netcoreapp2.0) (== netcoreapp2.1) (== netstandard1.6) (== netstandard2.0)
      System.Collections (>= 4.3) - restriction: || (&& (== net46) (>= dnxcore50)) (&& (== net46) (< net45)) (&& (== net462) (>= dnxcore50)) (&& (== net462) (< net45)) (== netcoreapp2.0) (== netcoreapp2.1) (== netstandard1.6) (== netstandard2.0)
      System.Diagnostics.Debug (>= 4.3) - restriction: || (&& (== net46) (>= dnxcore50)) (&& (== net46) (< net45)) (&& (== net462) (>= dnxcore50)) (&& (== net462) (< net45)) (== netcoreapp2.0) (== netcoreapp2.1) (== netstandard1.6) (== netstandard2.0)
      System.Diagnostics.Tracing (>= 4.3) - restriction: || (&& (== net46) (>= dnxcore50)) (&& (== net46) (< net45)) (&& (== net462) (>= dnxcore50)) (&& (== net462) (< net45)) (== netcoreapp2.0) (== netcoreapp2.1) (== netstandard1.6) (== netstandard2.0)
      System.Globalization (>= 4.3) - restriction: || (&& (== net46) (>= dnxcore50)) (&& (== net46) (< net45)) (&& (== net462) (>= dnxcore50)) (&& (== net462) (< net45)) (== netcoreapp2.0) (== netcoreapp2.1) (== netstandard1.6) (== netstandard2.0)
      System.Reflection (>= 4.3) - restriction: || (&& (== net46) (< net45)) (&& (== net462) (< net45)) (== netcoreapp2.0) (== netcoreapp2.1) (== netstandard1.6) (== netstandard2.0)
      System.Resources.ResourceManager (>= 4.3) - restriction: || (&& (== net46) (>= dnxcore50)) (&& (== net46) (< net45)) (&& (== net462) (>= dnxcore50)) (&& (== net462) (< net45)) (== netcoreapp2.0) (== netcoreapp2.1) (== netstandard1.6) (== netstandard2.0)
      System.Runtime (>= 4.3) - restriction: || (&& (== net46) (>= dnxcore50)) (&& (== net46) (< net45)) (&& (== net462) (>= dnxcore50)) (&& (== net462) (< net45)) (== netcoreapp2.0) (== netcoreapp2.1) (== netstandard1.6) (== netstandard2.0)
      System.Runtime.Extensions (>= 4.3) - restriction: || (&& (== net46) (>= dnxcore50)) (&& (== net46) (< net45)) (&& (== net462) (>= dnxcore50)) (&& (== net462) (< net45)) (== netcoreapp2.0) (== netcoreapp2.1) (== netstandard1.6) (== netstandard2.0)
      System.Threading (>= 4.3) - restriction: || (&& (== net46) (>= dnxcore50)) (&& (== net46) (< net45)) (&& (== net462) (>= dnxcore50)) (&& (== net462) (< net45)) (== netcoreapp2.0) (== netcoreapp2.1) (== netstandard1.6) (== netstandard2.0)
      System.Threading.Tasks (>= 4.3) - restriction: || (&& (== net46) (>= dnxcore50)) (&& (== net46) (< net45)) (&& (== net462) (>= dnxcore50)) (&& (== net462) (< net45)) (== netcoreapp2.0) (== netcoreapp2.1) (== netstandard1.6) (== netstandard2.0)
    System.Collections.Immutable (1.5) - storage: packages, content: none, restriction: || (== net46) (== net462) (== netcoreapp2.0) (== netcoreapp2.1) (&& (== netstandard1.6) (>= net45)) (&& (== netstandard1.6) (>= netstandard2.0)) (== netstandard2.0)
    System.Collections.NonGeneric (4.3) - restriction: || (&& (== net46) (== netcoreapp2.0)) (&& (== net46) (== netcoreapp2.1)) (&& (== net46) (== netstandard2.0)) (&& (== net46) (< net20) (>= net462)) (&& (== net46) (< net20) (>= netstandard1.5)) (&& (== net462) (== netcoreapp2.0)) (&& (== net462) (== netcoreapp2.1)) (&& (== net462) (== netstandard2.0)) (&& (== net462) (< net20)) (&& (== netcoreapp2.0) (< netstandard1.3)) (&& (== netcoreapp2.0) (< netstandard2.0)) (&& (== netcoreapp2.1) (< netstandard1.3)) (&& (== netcoreapp2.1) (< netstandard2.0)) (== netstandard1.6) (&& (== netstandard2.0) (< netstandard1.3))
      System.Diagnostics.Debug (>= 4.3) - restriction: || (&& (== net462) (< net46)) (== netcoreapp2.0) (== netcoreapp2.1) (== netstandard1.6) (== netstandard2.0)
      System.Globalization (>= 4.3) - restriction: || (&& (== net462) (< net46)) (== netcoreapp2.0) (== netcoreapp2.1) (== netstandard1.6) (== netstandard2.0)
      System.Resources.ResourceManager (>= 4.3) - restriction: || (&& (== net462) (< net46)) (== netcoreapp2.0) (== netcoreapp2.1) (== netstandard1.6) (== netstandard2.0)
      System.Runtime (>= 4.3) - restriction: || (&& (== net462) (< net46)) (== netcoreapp2.0) (== netcoreapp2.1) (== netstandard1.6) (== netstandard2.0)
      System.Runtime.Extensions (>= 4.3) - restriction: || (&& (== net462) (< net46)) (== netcoreapp2.0) (== netcoreapp2.1) (== netstandard1.6) (== netstandard2.0)
      System.Threading (>= 4.3) - restriction: || (&& (== net462) (< net46)) (== netcoreapp2.0) (== netcoreapp2.1) (== netstandard1.6) (== netstandard2.0)
    System.Collections.Specialized (4.3) - restriction: || (&& (== net46) (== netcoreapp2.0)) (&& (== net46) (== netcoreapp2.1)) (&& (== net46) (== netstandard2.0)) (&& (== net46) (< net20) (>= netstandard1.5)) (&& (== net462) (== netcoreapp2.0)) (&& (== net462) (== netcoreapp2.1)) (&& (== net462) (== netstandard2.0)) (&& (== net462) (< net20)) (&& (== netcoreapp2.0) (< netstandard1.3)) (&& (== netcoreapp2.0) (< netstandard2.0)) (&& (== netcoreapp2.1) (< netstandard1.3)) (&& (== netcoreapp2.1) (< netstandard2.0)) (== netstandard1.6) (&& (== netstandard2.0) (< netstandard1.3))
      System.Collections.NonGeneric (>= 4.3) - restriction: || (&& (== net462) (< net46)) (== netcoreapp2.0) (== netcoreapp2.1) (== netstandard1.6) (== netstandard2.0)
      System.Globalization (>= 4.3) - restriction: || (&& (== net462) (< net46)) (== netcoreapp2.0) (== netcoreapp2.1) (== netstandard1.6) (== netstandard2.0)
      System.Globalization.Extensions (>= 4.3) - restriction: || (&& (== net462) (< net46)) (== netcoreapp2.0) (== netcoreapp2.1) (== netstandard1.6) (== netstandard2.0)
      System.Resources.ResourceManager (>= 4.3) - restriction: || (&& (== net462) (< net46)) (== netcoreapp2.0) (== netcoreapp2.1) (== netstandard1.6) (== netstandard2.0)
      System.Runtime (>= 4.3) - restriction: || (&& (== net462) (< net46)) (== netcoreapp2.0) (== netcoreapp2.1) (== netstandard1.6) (== netstandard2.0)
      System.Runtime.Extensions (>= 4.3) - restriction: || (&& (== net462) (< net46)) (== netcoreapp2.0) (== netcoreapp2.1) (== netstandard1.6) (== netstandard2.0)
      System.Threading (>= 4.3) - restriction: || (&& (== net462) (< net46)) (== netcoreapp2.0) (== netcoreapp2.1) (== netstandard1.6) (== netstandard2.0)
    System.ComponentModel (4.3) - restriction: || (&& (== net46) (== netcoreapp2.0)) (&& (== net46) (== netcoreapp2.1)) (&& (== net46) (== netstandard2.0)) (&& (== net46) (< net20)) (&& (== net462) (== netcoreapp2.0)) (&& (== net462) (== netcoreapp2.1)) (&& (== net462) (== netstandard2.0)) (&& (== net462) (< net20)) (&& (== netcoreapp2.0) (< netstandard1.3)) (&& (== netcoreapp2.0) (< netstandard1.5)) (&& (== netcoreapp2.0) (< netstandard2.0)) (&& (== netcoreapp2.1) (< netstandard1.3)) (&& (== netcoreapp2.1) (< netstandard1.5)) (&& (== netcoreapp2.1) (< netstandard2.0)) (== netstandard1.6) (&& (== netstandard2.0) (< netstandard1.3))
      System.Runtime (>= 4.3) - restriction: || (&& (== net46) (>= dnxcore50)) (&& (== net46) (< net45)) (&& (== net462) (>= dnxcore50)) (&& (== net462) (< net45)) (== netcoreapp2.0) (== netcoreapp2.1) (== netstandard1.6) (== netstandard2.0)
    System.ComponentModel.Primitives (4.3) - restriction: || (&& (== net46) (== netcoreapp2.0)) (&& (== net46) (== netcoreapp2.1)) (&& (== net46) (== netstandard2.0)) (&& (== net46) (< net20)) (&& (== net46) (< netstandard1.0) (>= win8)) (&& (== net46) (>= wp8)) (&& (== net46) (>= wpa81)) (&& (== net462) (== netcoreapp2.0)) (&& (== net462) (== netcoreapp2.1)) (&& (== net462) (== netstandard2.0)) (&& (== net462) (< net20)) (&& (== net462) (< netstandard1.0) (>= win8)) (&& (== net462) (>= wp8)) (&& (== net462) (>= wpa81)) (&& (== netcoreapp2.0) (< netstandard1.0) (>= win8)) (&& (== netcoreapp2.0) (< netstandard1.3)) (&& (== netcoreapp2.0) (< netstandard1.5)) (&& (== netcoreapp2.0) (< netstandard2.0)) (&& (== netcoreapp2.0) (>= wp8)) (&& (== netcoreapp2.1) (< netstandard1.0) (>= win8)) (&& (== netcoreapp2.1) (< netstandard1.3)) (&& (== netcoreapp2.1) (< netstandard1.5)) (&& (== netcoreapp2.1) (< netstandard2.0)) (&& (== netcoreapp2.1) (>= wp8)) (== netstandard1.6) (&& (== netstandard2.0) (< netstandard1.0) (>= win8)) (&& (== netstandard2.0) (< netstandard1.3)) (&& (== netstandard2.0) (>= wp8))
      System.ComponentModel (>= 4.3) - restriction: || (&& (== net46) (< net45)) (&& (== net462) (< net45)) (== netcoreapp2.0) (== netcoreapp2.1) (== netstandard1.6) (== netstandard2.0)
      System.Resources.ResourceManager (>= 4.3) - restriction: || (&& (== net46) (< net45)) (&& (== net462) (< net45)) (== netcoreapp2.0) (== netcoreapp2.1) (== netstandard1.6) (== netstandard2.0)
      System.Runtime (>= 4.3) - restriction: || (&& (== net46) (< net45)) (&& (== net462) (< net45)) (== netcoreapp2.0) (== netcoreapp2.1) (== netstandard1.6) (== netstandard2.0)
    System.ComponentModel.TypeConverter (4.3) - restriction: || (&& (== net46) (== netcoreapp2.0)) (&& (== net46) (== netcoreapp2.1)) (&& (== net46) (== netstandard2.0)) (&& (== net46) (< net20)) (&& (== net462) (== netcoreapp2.0)) (&& (== net462) (== netcoreapp2.1)) (&& (== net462) (== netstandard2.0)) (&& (== net462) (< net20)) (&& (== netcoreapp2.0) (< netstandard1.3)) (&& (== netcoreapp2.0) (< netstandard2.0)) (&& (== netcoreapp2.1) (< netstandard1.3)) (&& (== netcoreapp2.1) (< netstandard2.0)) (== netstandard1.6) (&& (== netstandard2.0) (< netstandard1.3))
      System.Collections (>= 4.3) - restriction: || (&& (== net46) (< net45)) (&& (== net462) (< net45)) (== netcoreapp2.0) (== netcoreapp2.1) (== netstandard1.6) (== netstandard2.0)
      System.Collections.NonGeneric (>= 4.3) - restriction: || (&& (== net46) (< net45) (>= netstandard1.5)) (&& (== net46) (>= net462)) (== net462) (== netcoreapp2.0) (== netcoreapp2.1) (== netstandard1.6) (== netstandard2.0)
      System.Collections.Specialized (>= 4.3) - restriction: || (&& (== net46) (< net45) (>= netstandard1.5)) (&& (== net462) (< net45)) (== netcoreapp2.0) (== netcoreapp2.1) (== netstandard1.6) (== netstandard2.0)
      System.ComponentModel (>= 4.3) - restriction: || (&& (== net46) (< net45)) (&& (== net462) (< net45)) (== netcoreapp2.0) (== netcoreapp2.1) (== netstandard1.6) (== netstandard2.0)
      System.ComponentModel.Primitives (>= 4.3)
      System.Globalization (>= 4.3) - restriction: || (&& (== net46) (< net45)) (&& (== net462) (< net45)) (== netcoreapp2.0) (== netcoreapp2.1) (== netstandard1.6) (== netstandard2.0)
      System.Linq (>= 4.3) - restriction: || (&& (== net46) (< net45) (>= netstandard1.5)) (&& (== net462) (< net45)) (== netcoreapp2.0) (== netcoreapp2.1) (== netstandard1.6) (== netstandard2.0)
      System.Reflection (>= 4.3) - restriction: || (&& (== net46) (< net45)) (&& (== net462) (< net45)) (== netcoreapp2.0) (== netcoreapp2.1) (== netstandard1.6) (== netstandard2.0)
      System.Reflection.Extensions (>= 4.3) - restriction: || (&& (== net46) (< net45)) (&& (== net462) (< net45)) (== netcoreapp2.0) (== netcoreapp2.1) (== netstandard1.6) (== netstandard2.0)
      System.Reflection.Primitives (>= 4.3) - restriction: || (&& (== net46) (< net45)) (&& (== net462) (< net45)) (== netcoreapp2.0) (== netcoreapp2.1) (== netstandard1.6) (== netstandard2.0)
      System.Reflection.TypeExtensions (>= 4.3) - restriction: || (&& (== net46) (< net45) (>= netstandard1.5)) (&& (== net462) (< net45)) (== netcoreapp2.0) (== netcoreapp2.1) (== netstandard1.6) (== netstandard2.0)
      System.Resources.ResourceManager (>= 4.3) - restriction: || (&& (== net46) (< net45)) (&& (== net462) (< net45)) (== netcoreapp2.0) (== netcoreapp2.1) (== netstandard1.6) (== netstandard2.0)
      System.Runtime (>= 4.3) - restriction: || (&& (== net46) (< net45)) (&& (== net462) (< net45)) (== netcoreapp2.0) (== netcoreapp2.1) (== netstandard1.6) (== netstandard2.0)
      System.Runtime.Extensions (>= 4.3) - restriction: || (&& (== net46) (< net45)) (&& (== net462) (< net45)) (== netcoreapp2.0) (== netcoreapp2.1) (== netstandard1.6) (== netstandard2.0)
      System.Threading (>= 4.3) - restriction: || (&& (== net46) (< net45)) (&& (== net462) (< net45)) (== netcoreapp2.0) (== netcoreapp2.1) (== netstandard1.6) (== netstandard2.0)
    System.Console (4.3.1) - restriction: || (== net46) (&& (== net462) (== netcoreapp2.0)) (&& (== net462) (== netcoreapp2.1)) (&& (== net462) (== netstandard2.0)) (&& (== net462) (< net45)) (&& (== net462) (< netstandard1.4)) (&& (== net462) (< netstandard1.5) (>= uap10.0)) (&& (== netcoreapp2.0) (< netstandard1.4)) (&& (== netcoreapp2.0) (< netstandard1.5)) (&& (== netcoreapp2.0) (< netstandard1.6)) (&& (== netcoreapp2.0) (< netstandard2.0)) (&& (== netcoreapp2.1) (< netstandard1.4)) (&& (== netcoreapp2.1) (< netstandard1.5)) (&& (== netcoreapp2.1) (< netstandard1.6)) (&& (== netcoreapp2.1) (< netstandard2.0)) (== netstandard1.6) (&& (== netstandard2.0) (< netstandard1.4)) (&& (== netstandard2.0) (< netstandard1.5)) (&& (== netstandard2.0) (< netstandard1.6))
      Microsoft.NETCore.Platforms (>= 1.1) - restriction: || (&& (== net462) (< net46)) (== netcoreapp2.0) (== netcoreapp2.1) (== netstandard1.6) (== netstandard2.0)
      Microsoft.NETCore.Targets (>= 1.1.2) - restriction: || (&& (== net462) (< net46)) (== netcoreapp2.0) (== netcoreapp2.1) (== netstandard1.6) (== netstandard2.0)
      System.IO (>= 4.3) - restriction: || (&& (== net462) (< net46)) (== netcoreapp2.0) (== netcoreapp2.1) (== netstandard1.6) (== netstandard2.0)
      System.Runtime (>= 4.3) - restriction: || (&& (== net462) (< net46)) (== netcoreapp2.0) (== netcoreapp2.1) (== netstandard1.6) (== netstandard2.0)
      System.Text.Encoding (>= 4.3) - restriction: || (&& (== net462) (< net46)) (== netcoreapp2.0) (== netcoreapp2.1) (== netstandard1.6) (== netstandard2.0)
    System.Data.Common (4.3) - restriction: || (== net46) (&& (== net462) (== netcoreapp2.0)) (&& (== net462) (== netcoreapp2.1)) (&& (== net462) (== netstandard2.0)) (&& (== net462) (< net451)) (&& (== net462) (< net461)) (&& (== net462) (< netstandard1.2)) (&& (== net462) (< netstandard1.3)) (&& (== net462) (>= win81)) (&& (== netcoreapp2.0) (< netstandard1.2)) (&& (== netcoreapp2.0) (< netstandard1.3)) (&& (== netcoreapp2.0) (< netstandard2.0)) (&& (== netcoreapp2.1) (< netstandard1.2)) (&& (== netcoreapp2.1) (< netstandard1.3)) (&& (== netcoreapp2.1) (< netstandard2.0)) (== netstandard1.6) (&& (== netstandard2.0) (< netstandard1.2)) (&& (== netstandard2.0) (< netstandard1.3))
      System.Collections (>= 4.3) - restriction: || (&& (== net46) (< net451)) (&& (== net462) (< net451)) (== netcoreapp2.0) (== netcoreapp2.1) (== netstandard1.6) (== netstandard2.0)
      System.Globalization (>= 4.3) - restriction: || (&& (== net46) (< net451)) (&& (== net462) (< net451)) (== netcoreapp2.0) (== netcoreapp2.1) (== netstandard1.6) (== netstandard2.0)
      System.IO (>= 4.3) - restriction: || (&& (== net46) (< net451)) (&& (== net462) (< net451)) (== netcoreapp2.0) (== netcoreapp2.1) (== netstandard1.6) (== netstandard2.0)
      System.Resources.ResourceManager (>= 4.3) - restriction: || (&& (== net46) (< net451)) (&& (== net462) (< net451)) (== netcoreapp2.0) (== netcoreapp2.1) (== netstandard1.6) (== netstandard2.0)
      System.Runtime (>= 4.3) - restriction: || (&& (== net46) (< net451)) (&& (== net462) (< net451)) (== netcoreapp2.0) (== netcoreapp2.1) (== netstandard1.6) (== netstandard2.0)
      System.Runtime.Extensions (>= 4.3) - restriction: || (&& (== net46) (< net451)) (&& (== net462) (< net451)) (== netcoreapp2.0) (== netcoreapp2.1) (== netstandard1.6) (== netstandard2.0)
      System.Text.RegularExpressions (>= 4.3) - restriction: || (&& (== net46) (< net451)) (&& (== net462) (< net451)) (== netcoreapp2.0) (== netcoreapp2.1) (== netstandard1.6) (== netstandard2.0)
      System.Threading.Tasks (>= 4.3) - restriction: || (&& (== net46) (< net451)) (&& (== net462) (< net451)) (== netcoreapp2.0) (== netcoreapp2.1) (== netstandard1.6) (== netstandard2.0)
    System.Data.SqlClient (4.6)
      Microsoft.Win32.Registry (>= 4.5) - restriction: || (&& (== net46) (< net451) (>= netstandard2.0)) (&& (== net46) (>= netcoreapp2.0)) (&& (== net462) (< net451) (>= netstandard2.0)) (&& (== net462) (>= netcoreapp2.0)) (== netcoreapp2.0) (== netcoreapp2.1) (&& (== netstandard1.6) (>= netcoreapp2.0)) (&& (== netstandard1.6) (>= netstandard2.0)) (== netstandard2.0)
      NETStandard.Library (>= 1.6.1) - restriction: || (&& (== net46) (== netcoreapp2.0)) (&& (== net46) (== netcoreapp2.1)) (&& (== net46) (== netstandard2.0)) (&& (== net46) (< net451)) (&& (== net462) (== netcoreapp2.0)) (&& (== net462) (== netcoreapp2.1)) (&& (== net462) (== netstandard2.0)) (&& (== net462) (< net451)) (&& (== netcoreapp2.0) (< netstandard1.3)) (&& (== netcoreapp2.0) (< netstandard2.0)) (&& (== netcoreapp2.1) (< netstandard1.3)) (&& (== netcoreapp2.1) (< netstandard2.0)) (== netstandard1.6) (&& (== netstandard2.0) (< netstandard1.3))
      runtime.native.System.Data.SqlClient.sni (>= 4.4) - restriction: || (&& (== net46) (== netcoreapp2.0)) (&& (== net46) (== netcoreapp2.1)) (&& (== net46) (== netstandard2.0)) (&& (== net46) (< net451)) (&& (== net462) (== netcoreapp2.0)) (&& (== net462) (== netcoreapp2.1)) (&& (== net462) (== netstandard2.0)) (&& (== net462) (< net451)) (&& (== netcoreapp2.0) (< netstandard2.0)) (&& (== netcoreapp2.1) (< netstandard2.0)) (== netstandard1.6)
      runtime.native.System.Data.SqlClient.sni (>= 4.5) - restriction: || (&& (== net46) (< net451) (>= netstandard2.0)) (&& (== net46) (>= netcoreapp2.0)) (&& (== net462) (< net451) (>= netstandard2.0)) (&& (== net462) (>= netcoreapp2.0)) (== netcoreapp2.0) (== netcoreapp2.1) (&& (== netstandard1.6) (>= netcoreapp2.0)) (&& (== netstandard1.6) (>= netstandard2.0)) (== netstandard2.0)
      System.Buffers (>= 4.4) - restriction: || (&& (== net46) (== netcoreapp2.0)) (&& (== net46) (== netcoreapp2.1)) (&& (== net46) (< net451) (>= netstandard2.0)) (&& (== net462) (== netcoreapp2.0)) (&& (== net462) (== netcoreapp2.1)) (&& (== net462) (< net451) (>= netstandard2.0)) (&& (== netcoreapp2.0) (== netstandard1.6)) (&& (== netcoreapp2.1) (== netstandard1.6)) (&& (== netcoreapp2.1) (< netcoreapp2.0)) (&& (== netstandard1.6) (>= netstandard2.0)) (== netstandard2.0)
      System.Data.Common (>= 4.3) - restriction: || (== net46) (&& (== net462) (== netcoreapp2.0)) (&& (== net462) (== netcoreapp2.1)) (&& (== net462) (== netstandard2.0)) (&& (== net462) (< net451)) (&& (== net462) (< net461)) (&& (== net462) (< netstandard1.2)) (&& (== net462) (< netstandard1.3)) (&& (== net462) (>= win81)) (&& (== netcoreapp2.0) (< netstandard1.2)) (&& (== netcoreapp2.0) (< netstandard1.3)) (&& (== netcoreapp2.0) (< netstandard2.0)) (&& (== netcoreapp2.1) (< netstandard1.2)) (&& (== netcoreapp2.1) (< netstandard1.3)) (&& (== netcoreapp2.1) (< netstandard2.0)) (== netstandard1.6) (&& (== netstandard2.0) (< netstandard1.2)) (&& (== netstandard2.0) (< netstandard1.3))
      System.Diagnostics.DiagnosticSource (>= 4.4.1) - restriction: || (&& (== net46) (== netcoreapp2.0)) (&& (== net46) (== netcoreapp2.1)) (&& (== net46) (== netstandard2.0)) (&& (== net46) (< net451)) (&& (== net462) (== netcoreapp2.0)) (&& (== net462) (== netcoreapp2.1)) (&& (== net462) (== netstandard2.0)) (&& (== net462) (< net451)) (&& (== netcoreapp2.0) (< netstandard2.0)) (&& (== netcoreapp2.1) (< netstandard2.0)) (== netstandard1.6)
      System.Diagnostics.DiagnosticSource (>= 4.5) - restriction: || (&& (== net46) (== netcoreapp2.1)) (&& (== net46) (< net451) (>= netstandard2.0)) (&& (== net46) (>= netcoreapp2.0)) (&& (== net46) (>= uap10.1)) (&& (== net462) (== netcoreapp2.1)) (&& (== net462) (< net451) (>= netstandard2.0)) (&& (== net462) (>= netcoreapp2.0)) (&& (== net462) (>= uap10.1)) (== netcoreapp2.0) (&& (== netcoreapp2.1) (== netstandard1.6)) (&& (== netcoreapp2.1) (< netcoreapp2.0)) (&& (== netcoreapp2.1) (>= uap10.1)) (&& (== netstandard1.6) (>= netcoreapp2.0)) (&& (== netstandard1.6) (>= netstandard2.0)) (&& (== netstandard1.6) (>= uap10.1)) (== netstandard2.0)
      System.IO.Pipes (>= 4.3) - restriction: || (&& (== net46) (== netcoreapp2.0)) (&& (== net46) (== netcoreapp2.1)) (&& (== net46) (== netstandard2.0)) (&& (== net46) (< net451)) (&& (== net462) (== netcoreapp2.0)) (&& (== net462) (== netcoreapp2.1)) (&& (== net462) (== netstandard2.0)) (&& (== net462) (< net451)) (&& (== netcoreapp2.0) (< netstandard2.0)) (&& (== netcoreapp2.1) (< netstandard2.0)) (== netstandard1.6)
      System.Memory (>= 4.5.1) - restriction: || (&& (== net46) (== netcoreapp2.1)) (&& (== net46) (< net451) (>= netstandard2.0)) (&& (== net46) (>= netcoreapp2.0)) (&& (== net46) (>= uap10.1)) (&& (== net462) (== netcoreapp2.1)) (&& (== net462) (< net451) (>= netstandard2.0)) (&& (== net462) (>= netcoreapp2.0)) (&& (== net462) (>= uap10.1)) (== netcoreapp2.0) (&& (== netcoreapp2.1) (== netstandard1.6)) (&& (== netcoreapp2.1) (< netcoreapp2.0)) (&& (== netcoreapp2.1) (>= uap10.1)) (&& (== netstandard1.6) (>= netcoreapp2.0)) (&& (== netstandard1.6) (>= netstandard2.0)) (&& (== netstandard1.6) (>= uap10.1)) (== netstandard2.0)
      System.Net.NameResolution (>= 4.3) - restriction: || (&& (== net46) (== netcoreapp2.0)) (&& (== net46) (== netcoreapp2.1)) (&& (== net46) (== netstandard2.0)) (&& (== net46) (< net451)) (&& (== net462) (== netcoreapp2.0)) (&& (== net462) (== netcoreapp2.1)) (&& (== net462) (== netstandard2.0)) (&& (== net462) (< net451)) (&& (== netcoreapp2.0) (< netstandard2.0)) (&& (== netcoreapp2.1) (< netstandard2.0)) (== netstandard1.6)
      System.Net.Security (>= 4.3) - restriction: || (&& (== net46) (== netcoreapp2.0)) (&& (== net46) (== netcoreapp2.1)) (&& (== net46) (== netstandard2.0)) (&& (== net46) (< net451)) (&& (== net462) (== netcoreapp2.0)) (&& (== net462) (== netcoreapp2.1)) (&& (== net462) (== netstandard2.0)) (&& (== net462) (< net451)) (&& (== netcoreapp2.0) (< netstandard2.0)) (&& (== netcoreapp2.1) (< netstandard2.0)) (== netstandard1.6)
      System.Reflection.TypeExtensions (>= 4.4) - restriction: || (&& (== net46) (== netcoreapp2.0)) (&& (== net46) (== netcoreapp2.1)) (&& (== net46) (== netstandard2.0)) (&& (== net46) (< net451)) (&& (== net462) (== netcoreapp2.0)) (&& (== net462) (== netcoreapp2.1)) (&& (== net462) (== netstandard2.0)) (&& (== net462) (< net451)) (&& (== netcoreapp2.0) (< netstandard2.0)) (&& (== netcoreapp2.1) (< netstandard2.0)) (== netstandard1.6)
      System.Security.Principal (>= 4.3) - restriction: || (&& (== net46) (== netcoreapp2.0)) (&& (== net46) (== netcoreapp2.1)) (&& (== net46) (== netstandard2.0)) (&& (== net46) (< net451)) (&& (== net462) (== netcoreapp2.0)) (&& (== net462) (== netcoreapp2.1)) (&& (== net462) (== netstandard2.0)) (&& (== net462) (< net451)) (&& (== netcoreapp2.0) (< netstandard2.0)) (&& (== netcoreapp2.1) (< netstandard2.0)) (== netstandard1.6)
      System.Security.Principal.Windows (>= 4.4) - restriction: || (&& (== net46) (== netcoreapp2.0)) (&& (== net46) (== netcoreapp2.1)) (&& (== net46) (== netstandard2.0)) (&& (== net46) (< net451)) (&& (== net462) (== netcoreapp2.0)) (&& (== net462) (== netcoreapp2.1)) (&& (== net462) (== netstandard2.0)) (&& (== net462) (< net451)) (&& (== netcoreapp2.0) (< netstandard2.0)) (&& (== netcoreapp2.1) (< netstandard2.0)) (== netstandard1.6)
      System.Security.Principal.Windows (>= 4.5) - restriction: || (&& (== net46) (< net451) (>= netstandard2.0)) (&& (== net46) (>= netcoreapp2.0)) (&& (== net462) (< net451) (>= netstandard2.0)) (&& (== net462) (>= netcoreapp2.0)) (== netcoreapp2.0) (== netcoreapp2.1) (&& (== netstandard1.6) (>= netcoreapp2.0)) (&& (== netstandard1.6) (>= netstandard2.0)) (== netstandard2.0)
      System.Text.Encoding.CodePages (>= 4.4) - restriction: || (&& (== net46) (== netcoreapp2.0)) (&& (== net46) (== netcoreapp2.1)) (&& (== net46) (== netstandard2.0)) (&& (== net46) (< net451)) (&& (== net462) (== netcoreapp2.0)) (&& (== net462) (== netcoreapp2.1)) (&& (== net462) (== netstandard2.0)) (&& (== net462) (< net451)) (&& (== netcoreapp2.0) (< netstandard2.0)) (&& (== netcoreapp2.1) (< netstandard2.0)) (== netstandard1.6)
      System.Text.Encoding.CodePages (>= 4.5) - restriction: || (&& (== net46) (< net451) (>= netstandard2.0)) (&& (== net46) (>= netcoreapp2.0)) (&& (== net462) (< net451) (>= netstandard2.0)) (&& (== net462) (>= netcoreapp2.0)) (== netcoreapp2.0) (== netcoreapp2.1) (&& (== netstandard1.6) (>= netcoreapp2.0)) (&& (== netstandard1.6) (>= netstandard2.0)) (== netstandard2.0)
      System.Threading.Thread (>= 4.3) - restriction: || (&& (== net46) (== netcoreapp2.0)) (&& (== net46) (== netcoreapp2.1)) (&& (== net46) (== netstandard2.0)) (&& (== net46) (< net451)) (&& (== net462) (== netcoreapp2.0)) (&& (== net462) (== netcoreapp2.1)) (&& (== net462) (== netstandard2.0)) (&& (== net462) (< net451)) (&& (== netcoreapp2.0) (< netstandard2.0)) (&& (== netcoreapp2.1) (< netstandard2.0)) (== netstandard1.6)
      System.Threading.ThreadPool (>= 4.3) - restriction: || (&& (== net46) (== netcoreapp2.0)) (&& (== net46) (== netcoreapp2.1)) (&& (== net46) (== netstandard2.0)) (&& (== net46) (< net451)) (&& (== net462) (== netcoreapp2.0)) (&& (== net462) (== netcoreapp2.1)) (&& (== net462) (== netstandard2.0)) (&& (== net462) (< net451)) (&& (== netcoreapp2.0) (< netstandard2.0)) (&& (== netcoreapp2.1) (< netstandard2.0)) (== netstandard1.6)
    System.Diagnostics.Debug (4.3) - restriction: || (&& (== net46) (< net45)) (&& (== net46) (< portable-net45+win8+wpa81)) (&& (== net46) (>= uap10.0)) (&& (== net462) (< net45)) (&& (== net462) (< net46)) (&& (== net462) (< netstandard1.5) (>= uap10.0)) (&& (== net462) (< portable-net45+win8+wpa81)) (== netcoreapp2.0) (== netcoreapp2.1) (== netstandard1.6) (== netstandard2.0)
      Microsoft.NETCore.Platforms (>= 1.1) - restriction: || (&& (== net46) (>= dnxcore50)) (&& (== net46) (< net45)) (&& (== net462) (>= dnxcore50)) (&& (== net462) (< net45)) (== netcoreapp2.0) (== netcoreapp2.1) (== netstandard1.6) (== netstandard2.0)
      Microsoft.NETCore.Targets (>= 1.1) - restriction: || (&& (== net46) (>= dnxcore50)) (&& (== net46) (< net45)) (&& (== net462) (>= dnxcore50)) (&& (== net462) (< net45)) (== netcoreapp2.0) (== netcoreapp2.1) (== netstandard1.6) (== netstandard2.0)
      System.Runtime (>= 4.3) - restriction: || (&& (== net46) (>= dnxcore50)) (&& (== net46) (< net45)) (&& (== net462) (>= dnxcore50)) (&& (== net462) (< net45)) (== netcoreapp2.0) (== netcoreapp2.1) (== netstandard1.6) (== netstandard2.0)
    System.Diagnostics.DiagnosticSource (4.5.1) - restriction: || (&& (== net46) (== net462) (>= uap10.0)) (&& (== net46) (== netcoreapp2.1)) (&& (== net46) (>= dnxcore50)) (&& (== net46) (< net45)) (&& (== net46) (< net451)) (&& (== net46) (>= netcoreapp2.0)) (&& (== net46) (>= uap10.1)) (&& (== net462) (== netcoreapp2.1)) (&& (== net462) (>= dnxcore50)) (&& (== net462) (< net45)) (&& (== net462) (< net451)) (&& (== net462) (>= netcoreapp2.0)) (&& (== net462) (< netstandard1.5) (>= uap10.0)) (&& (== net462) (>= uap10.1)) (== netcoreapp2.0) (&& (== netcoreapp2.1) (>= dnxcore50)) (&& (== netcoreapp2.1) (< netcoreapp2.0)) (&& (== netcoreapp2.1) (< netstandard1.2)) (&& (== netcoreapp2.1) (< netstandard1.3)) (&& (== netcoreapp2.1) (< netstandard1.4)) (&& (== netcoreapp2.1) (< netstandard1.5)) (&& (== netcoreapp2.1) (< netstandard1.6)) (&& (== netcoreapp2.1) (< netstandard2.0)) (&& (== netcoreapp2.1) (>= uap10.1)) (== netstandard1.6) (== netstandard2.0)
      System.Collections (>= 4.3) - restriction: || (&& (== net46) (== netcoreapp2.0)) (&& (== net46) (== netcoreapp2.1)) (&& (== net46) (== netstandard2.0)) (&& (== net46) (< net45)) (&& (== net462) (== netcoreapp2.0)) (&& (== net462) (== netcoreapp2.1)) (&& (== net462) (== netstandard2.0)) (&& (== net462) (< net45)) (&& (== netcoreapp2.0) (< netstandard1.3)) (&& (== netcoreapp2.0) (< netstandard2.0)) (&& (== netcoreapp2.1) (< netstandard1.3)) (&& (== netcoreapp2.1) (< netstandard2.0)) (== netstandard1.6) (&& (== netstandard2.0) (< netstandard1.3))
      System.Diagnostics.Debug (>= 4.3) - restriction: || (&& (== net46) (== netcoreapp2.0)) (&& (== net46) (== netcoreapp2.1)) (&& (== net46) (== netstandard2.0)) (&& (== net46) (< net45)) (&& (== net462) (== netcoreapp2.0)) (&& (== net462) (== netcoreapp2.1)) (&& (== net462) (== netstandard2.0)) (&& (== net462) (< net45)) (&& (== netcoreapp2.0) (< netstandard2.0)) (&& (== netcoreapp2.1) (< netstandard2.0)) (== netstandard1.6)
      System.Diagnostics.Tracing (>= 4.3) - restriction: || (&& (== net46) (== netcoreapp2.0)) (&& (== net46) (== netcoreapp2.1)) (&& (== net46) (== netstandard2.0)) (&& (== net46) (< net45)) (&& (== net462) (== netcoreapp2.0)) (&& (== net462) (== netcoreapp2.1)) (&& (== net462) (== netstandard2.0)) (&& (== net462) (< net45)) (&& (== netcoreapp2.0) (< netstandard1.3)) (&& (== netcoreapp2.0) (< netstandard2.0)) (&& (== netcoreapp2.1) (< netstandard1.3)) (&& (== netcoreapp2.1) (< netstandard2.0)) (== netstandard1.6) (&& (== netstandard2.0) (< netstandard1.3))
      System.Reflection (>= 4.3) - restriction: || (&& (== net46) (== netcoreapp2.0)) (&& (== net46) (== netcoreapp2.1)) (&& (== net46) (== netstandard2.0)) (&& (== net46) (< net45)) (&& (== net462) (== netcoreapp2.0)) (&& (== net462) (== netcoreapp2.1)) (&& (== net462) (== netstandard2.0)) (&& (== net462) (< net45)) (&& (== netcoreapp2.0) (< netstandard1.3)) (&& (== netcoreapp2.0) (< netstandard2.0)) (&& (== netcoreapp2.1) (< netstandard1.3)) (&& (== netcoreapp2.1) (< netstandard2.0)) (== netstandard1.6) (&& (== netstandard2.0) (< netstandard1.3))
      System.Runtime (>= 4.3) - restriction: || (&& (== net46) (== netcoreapp2.0)) (&& (== net46) (== netcoreapp2.1)) (&& (== net46) (== netstandard2.0)) (&& (== net46) (< net45)) (&& (== net462) (== netcoreapp2.0)) (&& (== net462) (== netcoreapp2.1)) (&& (== net462) (== netstandard2.0)) (&& (== net462) (< net45)) (&& (== netcoreapp2.0) (< netstandard1.3)) (&& (== netcoreapp2.0) (< netstandard2.0)) (&& (== netcoreapp2.1) (< netstandard1.3)) (&& (== netcoreapp2.1) (< netstandard2.0)) (== netstandard1.6) (&& (== netstandard2.0) (< netstandard1.3))
      System.Runtime.Extensions (>= 4.3) - restriction: || (&& (== net46) (== netcoreapp2.0)) (&& (== net46) (== netcoreapp2.1)) (&& (== net46) (== netstandard2.0)) (&& (== net46) (< net45)) (&& (== net462) (== netcoreapp2.0)) (&& (== net462) (== netcoreapp2.1)) (&& (== net462) (== netstandard2.0)) (&& (== net462) (< net45)) (&& (== netcoreapp2.0) (< netstandard2.0)) (&& (== netcoreapp2.1) (< netstandard2.0)) (== netstandard1.6)
      System.Threading (>= 4.3) - restriction: || (&& (== net46) (== netcoreapp2.0)) (&& (== net46) (== netcoreapp2.1)) (&& (== net46) (== netstandard2.0)) (&& (== net46) (< net45)) (&& (== net462) (== netcoreapp2.0)) (&& (== net462) (== netcoreapp2.1)) (&& (== net462) (== netstandard2.0)) (&& (== net462) (< net45)) (&& (== netcoreapp2.0) (< netstandard1.3)) (&& (== netcoreapp2.0) (< netstandard2.0)) (&& (== netcoreapp2.1) (< netstandard1.3)) (&& (== netcoreapp2.1) (< netstandard2.0)) (== netstandard1.6) (&& (== netstandard2.0) (< netstandard1.3))
    System.Diagnostics.FileVersionInfo (4.3)
      Microsoft.NETCore.Platforms (>= 1.1) - restriction: || (&& (== net46) (>= dnxcore50)) (&& (== net462) (>= dnxcore50)) (&& (== net462) (< net46)) (== netcoreapp2.0) (== netcoreapp2.1) (== netstandard1.6) (== netstandard2.0)
      System.Globalization (>= 4.3) - restriction: || (&& (== net462) (< net46)) (== netcoreapp2.0) (== netcoreapp2.1) (== netstandard1.6) (== netstandard2.0)
      System.IO (>= 4.3) - restriction: || (&& (== net46) (>= dnxcore50)) (&& (== net462) (>= dnxcore50)) (&& (== net462) (< net46)) (== netcoreapp2.0) (== netcoreapp2.1) (== netstandard1.6) (== netstandard2.0)
      System.IO.FileSystem (>= 4.3) - restriction: || (&& (== net46) (>= dnxcore50)) (&& (== net462) (>= dnxcore50)) (&& (== net462) (< net46)) (== netcoreapp2.0) (== netcoreapp2.1) (== netstandard1.6) (== netstandard2.0)
      System.IO.FileSystem.Primitives (>= 4.3) - restriction: || (&& (== net46) (>= dnxcore50)) (&& (== net462) (>= dnxcore50)) (&& (== net462) (< net46)) (== netcoreapp2.0) (== netcoreapp2.1) (== netstandard1.6) (== netstandard2.0)
      System.Reflection.Metadata (>= 1.4.1) - restriction: || (&& (== net46) (>= dnxcore50)) (&& (== net462) (>= dnxcore50)) (&& (== net462) (< net46)) (== netcoreapp2.0) (== netcoreapp2.1) (== netstandard1.6) (== netstandard2.0)
      System.Runtime (>= 4.3) - restriction: || (&& (== net46) (>= dnxcore50)) (&& (== net462) (>= dnxcore50)) (&& (== net462) (< net46)) (== netcoreapp2.0) (== netcoreapp2.1) (== netstandard1.6) (== netstandard2.0)
      System.Runtime.Extensions (>= 4.3) - restriction: || (&& (== net46) (>= dnxcore50)) (&& (== net462) (>= dnxcore50)) (&& (== net462) (< net46)) (== netcoreapp2.0) (== netcoreapp2.1) (== netstandard1.6) (== netstandard2.0)
      System.Runtime.InteropServices (>= 4.3) - restriction: || (&& (== net462) (< net46)) (== netcoreapp2.0) (== netcoreapp2.1) (== netstandard1.6) (== netstandard2.0)
    System.Diagnostics.Process (4.3)
      Microsoft.NETCore.Platforms (>= 1.1) - restriction: || (&& (== net462) (< net46)) (== netcoreapp2.0) (== netcoreapp2.1) (== netstandard1.6) (== netstandard2.0)
      Microsoft.Win32.Primitives (>= 4.3) - restriction: || (&& (== net462) (< net46)) (== netcoreapp2.0) (== netcoreapp2.1) (== netstandard1.6) (== netstandard2.0)
      Microsoft.Win32.Registry (>= 4.3) - restriction: || (&& (== net462) (< net46)) (== netcoreapp2.0) (== netcoreapp2.1) (== netstandard1.6) (== netstandard2.0)
      runtime.native.System (>= 4.3) - restriction: || (&& (== net462) (< net46)) (== netcoreapp2.0) (== netcoreapp2.1) (== netstandard1.6) (== netstandard2.0)
      System.Collections (>= 4.3) - restriction: || (&& (== net462) (< net46)) (== netcoreapp2.0) (== netcoreapp2.1) (== netstandard1.6) (== netstandard2.0)
      System.Diagnostics.Debug (>= 4.3) - restriction: || (&& (== net462) (< net46)) (== netcoreapp2.0) (== netcoreapp2.1) (== netstandard1.6) (== netstandard2.0)
      System.Globalization (>= 4.3) - restriction: || (&& (== net462) (< net46)) (== netcoreapp2.0) (== netcoreapp2.1) (== netstandard1.6) (== netstandard2.0)
      System.IO (>= 4.3) - restriction: || (&& (== net462) (< net46)) (== netcoreapp2.0) (== netcoreapp2.1) (== netstandard1.6) (== netstandard2.0)
      System.IO.FileSystem (>= 4.3) - restriction: || (&& (== net462) (< net46)) (== netcoreapp2.0) (== netcoreapp2.1) (== netstandard1.6) (== netstandard2.0)
      System.IO.FileSystem.Primitives (>= 4.3) - restriction: || (&& (== net462) (< net46)) (== netcoreapp2.0) (== netcoreapp2.1) (== netstandard1.6) (== netstandard2.0)
      System.Resources.ResourceManager (>= 4.3) - restriction: || (&& (== net462) (< net46)) (== netcoreapp2.0) (== netcoreapp2.1) (== netstandard1.6) (== netstandard2.0)
      System.Runtime (>= 4.3) - restriction: || (&& (== net462) (< net46)) (== netcoreapp2.0) (== netcoreapp2.1) (== netstandard1.6) (== netstandard2.0)
      System.Runtime.Extensions (>= 4.3) - restriction: || (&& (== net462) (< net46)) (== netcoreapp2.0) (== netcoreapp2.1) (== netstandard1.6) (== netstandard2.0)
      System.Runtime.Handles (>= 4.3) - restriction: || (&& (== net462) (< net46)) (== netcoreapp2.0) (== netcoreapp2.1) (== netstandard1.6) (== netstandard2.0)
      System.Runtime.InteropServices (>= 4.3) - restriction: || (&& (== net462) (< net46)) (== netcoreapp2.0) (== netcoreapp2.1) (== netstandard1.6) (== netstandard2.0)
      System.Text.Encoding (>= 4.3) - restriction: || (&& (== net462) (< net46)) (== netcoreapp2.0) (== netcoreapp2.1) (== netstandard1.6) (== netstandard2.0)
      System.Text.Encoding.Extensions (>= 4.3) - restriction: || (&& (== net462) (< net46)) (== netcoreapp2.0) (== netcoreapp2.1) (== netstandard1.6) (== netstandard2.0)
      System.Threading (>= 4.3) - restriction: || (&& (== net462) (< net46)) (== netcoreapp2.0) (== netcoreapp2.1) (== netstandard1.6) (== netstandard2.0)
      System.Threading.Tasks (>= 4.3) - restriction: || (&& (== net462) (< net46)) (== netcoreapp2.0) (== netcoreapp2.1) (== netstandard1.6) (== netstandard2.0)
      System.Threading.Thread (>= 4.3) - restriction: || (&& (== net462) (< net46)) (== netcoreapp2.0) (== netcoreapp2.1) (== netstandard1.6) (== netstandard2.0)
      System.Threading.ThreadPool (>= 4.3) - restriction: || (&& (== net462) (< net46)) (== netcoreapp2.0) (== netcoreapp2.1) (== netstandard1.6) (== netstandard2.0)
    System.Diagnostics.Tools (4.3) - restriction: || (&& (== net46) (== netcoreapp2.0)) (&& (== net46) (== netcoreapp2.1)) (&& (== net46) (== netstandard2.0)) (&& (== net46) (< net45)) (&& (== net46) (< portable-net45+win8+wpa81)) (&& (== net46) (>= uap10.0)) (&& (== net462) (== netcoreapp2.0)) (&& (== net462) (== netcoreapp2.1)) (&& (== net462) (== netstandard2.0)) (&& (== net462) (< net45)) (&& (== net462) (< netstandard1.5) (>= uap10.0)) (&& (== net462) (< portable-net45+win8+wpa81)) (&& (== netcoreapp2.0) (< netstandard1.2)) (&& (== netcoreapp2.0) (< netstandard1.3)) (&& (== netcoreapp2.0) (< netstandard1.4)) (&& (== netcoreapp2.0) (< netstandard1.5)) (&& (== netcoreapp2.0) (< netstandard1.6)) (&& (== netcoreapp2.0) (< netstandard2.0)) (&& (== netcoreapp2.0) (< portable-net45+win8+wpa81)) (&& (== netcoreapp2.1) (< netstandard1.2)) (&& (== netcoreapp2.1) (< netstandard1.3)) (&& (== netcoreapp2.1) (< netstandard1.4)) (&& (== netcoreapp2.1) (< netstandard1.5)) (&& (== netcoreapp2.1) (< netstandard1.6)) (&& (== netcoreapp2.1) (< netstandard2.0)) (&& (== netcoreapp2.1) (< portable-net45+win8+wpa81)) (== netstandard1.6) (&& (== netstandard2.0) (< netstandard1.2)) (&& (== netstandard2.0) (< netstandard1.3)) (&& (== netstandard2.0) (< netstandard1.4)) (&& (== netstandard2.0) (< netstandard1.5)) (&& (== netstandard2.0) (< netstandard1.6)) (&& (== netstandard2.0) (< portable-net45+win8+wpa81))
      Microsoft.NETCore.Platforms (>= 1.1) - restriction: || (&& (== net46) (>= dnxcore50)) (&& (== net46) (< net45)) (&& (== net462) (>= dnxcore50)) (&& (== net462) (< net45)) (== netcoreapp2.0) (== netcoreapp2.1) (== netstandard1.6) (== netstandard2.0)
      Microsoft.NETCore.Targets (>= 1.1) - restriction: || (&& (== net46) (>= dnxcore50)) (&& (== net46) (< net45)) (&& (== net462) (>= dnxcore50)) (&& (== net462) (< net45)) (== netcoreapp2.0) (== netcoreapp2.1) (== netstandard1.6) (== netstandard2.0)
      System.Runtime (>= 4.3) - restriction: || (&& (== net46) (>= dnxcore50)) (&& (== net46) (< net45)) (&& (== net462) (>= dnxcore50)) (&& (== net462) (< net45)) (== netcoreapp2.0) (== netcoreapp2.1) (== netstandard1.6) (== netstandard2.0)
    System.Diagnostics.TraceSource (4.3) - storage: packages, content: none, restriction: || (&& (== net46) (< net45) (>= netstandard2.0)) (&& (== net462) (< net45) (>= netstandard2.0)) (== netcoreapp2.0) (== netcoreapp2.1) (&& (== netstandard1.6) (>= netstandard2.0)) (== netstandard2.0)
      Microsoft.NETCore.Platforms (>= 1.1) - restriction: || (&& (== net462) (< net46)) (== netcoreapp2.0) (== netcoreapp2.1) (== netstandard1.6) (== netstandard2.0)
      runtime.native.System (>= 4.3) - restriction: || (&& (== net462) (< net46)) (== netcoreapp2.0) (== netcoreapp2.1) (== netstandard1.6) (== netstandard2.0)
      System.Collections (>= 4.3) - restriction: || (&& (== net462) (< net46)) (== netcoreapp2.0) (== netcoreapp2.1) (== netstandard1.6) (== netstandard2.0)
      System.Diagnostics.Debug (>= 4.3) - restriction: || (&& (== net462) (< net46)) (== netcoreapp2.0) (== netcoreapp2.1) (== netstandard1.6) (== netstandard2.0)
      System.Globalization (>= 4.3) - restriction: || (&& (== net462) (< net46)) (== netcoreapp2.0) (== netcoreapp2.1) (== netstandard1.6) (== netstandard2.0)
      System.Resources.ResourceManager (>= 4.3) - restriction: || (&& (== net462) (< net46)) (== netcoreapp2.0) (== netcoreapp2.1) (== netstandard1.6) (== netstandard2.0)
      System.Runtime (>= 4.3) - restriction: || (&& (== net462) (< net46)) (== netcoreapp2.0) (== netcoreapp2.1) (== netstandard1.6) (== netstandard2.0)
      System.Runtime.Extensions (>= 4.3) - restriction: || (&& (== net462) (< net46)) (== netcoreapp2.0) (== netcoreapp2.1) (== netstandard1.6) (== netstandard2.0)
      System.Threading (>= 4.3) - restriction: || (&& (== net462) (< net46)) (== netcoreapp2.0) (== netcoreapp2.1) (== netstandard1.6) (== netstandard2.0)
    System.Diagnostics.Tracing (4.3) - restriction: || (&& (== net46) (>= dnxcore50)) (&& (== net46) (< net45)) (&& (== net46) (>= uap10.0)) (&& (== net462) (>= dnxcore50)) (&& (== net462) (< net45)) (&& (== net462) (< netstandard1.5) (>= uap10.0)) (== netcoreapp2.0) (== netcoreapp2.1) (== netstandard1.6) (== netstandard2.0)
      Microsoft.NETCore.Platforms (>= 1.1) - restriction: || (&& (== net46) (>= dnxcore50)) (&& (== net46) (< net45)) (&& (== net462) (>= dnxcore50)) (&& (== net462) (< net45)) (== netcoreapp2.0) (== netcoreapp2.1) (== netstandard1.6) (== netstandard2.0)
      Microsoft.NETCore.Targets (>= 1.1) - restriction: || (&& (== net46) (>= dnxcore50)) (&& (== net46) (< net45)) (&& (== net462) (>= dnxcore50)) (&& (== net462) (< net45)) (== netcoreapp2.0) (== netcoreapp2.1) (== netstandard1.6) (== netstandard2.0)
      System.Runtime (>= 4.3) - restriction: || (&& (== net46) (>= dnxcore50)) (&& (== net46) (< net45)) (&& (== net462) (>= dnxcore50)) (&& (== net462) (< net45)) (== netcoreapp2.0) (== netcoreapp2.1) (== netstandard1.6) (== netstandard2.0)
    System.Dynamic.Runtime (4.3) - restriction: || (&& (== net46) (== netcoreapp2.0)) (&& (== net46) (== netcoreapp2.1)) (&& (== net46) (== netstandard2.0)) (&& (== net46) (>= dnxcore50)) (&& (== net46) (< net20)) (&& (== net462) (== netcoreapp2.0)) (&& (== net462) (== netcoreapp2.1)) (&& (== net462) (== netstandard2.0)) (&& (== net462) (>= dnxcore50)) (&& (== net462) (< net20)) (&& (== netcoreapp2.0) (>= dnxcore50)) (&& (== netcoreapp2.0) (< netstandard1.3)) (&& (== netcoreapp2.0) (< netstandard2.0)) (&& (== netcoreapp2.1) (>= dnxcore50)) (&& (== netcoreapp2.1) (< netstandard1.3)) (&& (== netcoreapp2.1) (< netstandard2.0)) (== netstandard1.6) (&& (== netstandard2.0) (>= dnxcore50)) (&& (== netstandard2.0) (< netstandard1.3))
      System.Collections (>= 4.3) - restriction: || (&& (== net46) (>= dnxcore50)) (&& (== net46) (< net45)) (&& (== net462) (>= dnxcore50)) (&& (== net462) (< net45)) (== netcoreapp2.0) (== netcoreapp2.1) (== netstandard1.6) (== netstandard2.0)
      System.Diagnostics.Debug (>= 4.3) - restriction: || (&& (== net46) (>= dnxcore50)) (&& (== net46) (< net45)) (&& (== net462) (>= dnxcore50)) (&& (== net462) (< net45)) (== netcoreapp2.0) (== netcoreapp2.1) (== netstandard1.6) (== netstandard2.0)
      System.Linq (>= 4.3) - restriction: || (&& (== net46) (>= dnxcore50)) (&& (== net46) (< net45)) (&& (== net462) (>= dnxcore50)) (&& (== net462) (< net45)) (== netcoreapp2.0) (== netcoreapp2.1) (== netstandard1.6) (== netstandard2.0)
      System.Linq.Expressions (>= 4.3) - restriction: || (&& (== net46) (>= dnxcore50)) (&& (== net46) (< net45)) (&& (== net462) (>= dnxcore50)) (&& (== net462) (< net45)) (== netcoreapp2.0) (== netcoreapp2.1) (== netstandard1.6) (== netstandard2.0)
      System.ObjectModel (>= 4.3) - restriction: || (&& (== net46) (>= dnxcore50)) (&& (== net46) (< net45)) (&& (== net462) (>= dnxcore50)) (&& (== net462) (< net45)) (== netcoreapp2.0) (== netcoreapp2.1) (== netstandard1.6) (== netstandard2.0)
      System.Reflection (>= 4.3) - restriction: || (&& (== net46) (>= dnxcore50)) (&& (== net46) (< net45)) (&& (== net462) (>= dnxcore50)) (&& (== net462) (< net45)) (== netcoreapp2.0) (== netcoreapp2.1) (== netstandard1.6) (== netstandard2.0)
      System.Reflection.Emit (>= 4.3) - restriction: || (&& (== net46) (< net45)) (&& (== net462) (< net45)) (== netcoreapp2.0) (== netcoreapp2.1) (== netstandard1.6) (== netstandard2.0)
      System.Reflection.Emit.ILGeneration (>= 4.3) - restriction: || (&& (== net46) (< net45)) (&& (== net462) (< net45)) (== netcoreapp2.0) (== netcoreapp2.1) (== netstandard1.6) (== netstandard2.0)
      System.Reflection.Primitives (>= 4.3) - restriction: || (&& (== net46) (< net45)) (&& (== net462) (< net45)) (== netcoreapp2.0) (== netcoreapp2.1) (== netstandard1.6) (== netstandard2.0)
      System.Reflection.TypeExtensions (>= 4.3) - restriction: || (&& (== net46) (>= dnxcore50)) (&& (== net46) (< net45)) (&& (== net462) (>= dnxcore50)) (&& (== net462) (< net45)) (== netcoreapp2.0) (== netcoreapp2.1) (== netstandard1.6) (== netstandard2.0)
      System.Resources.ResourceManager (>= 4.3) - restriction: || (&& (== net46) (>= dnxcore50)) (&& (== net46) (< net45)) (&& (== net462) (>= dnxcore50)) (&& (== net462) (< net45)) (== netcoreapp2.0) (== netcoreapp2.1) (== netstandard1.6) (== netstandard2.0)
      System.Runtime (>= 4.3) - restriction: || (&& (== net46) (>= dnxcore50)) (&& (== net46) (< net45)) (&& (== net462) (>= dnxcore50)) (&& (== net462) (< net45)) (== netcoreapp2.0) (== netcoreapp2.1) (== netstandard1.6) (== netstandard2.0)
      System.Runtime.Extensions (>= 4.3) - restriction: || (&& (== net46) (>= dnxcore50)) (&& (== net46) (< net45)) (&& (== net462) (>= dnxcore50)) (&& (== net462) (< net45)) (== netcoreapp2.0) (== netcoreapp2.1) (== netstandard1.6) (== netstandard2.0)
      System.Threading (>= 4.3) - restriction: || (&& (== net46) (>= dnxcore50)) (&& (== net46) (< net45)) (&& (== net462) (>= dnxcore50)) (&& (== net462) (< net45)) (== netcoreapp2.0) (== netcoreapp2.1) (== netstandard1.6) (== netstandard2.0)
    System.Globalization (4.3) - restriction: || (&& (== net46) (>= dnxcore50)) (&& (== net46) (< net45)) (&& (== net46) (< portable-net45+win8+wpa81)) (&& (== net46) (>= uap10.0)) (&& (== net462) (>= dnxcore50)) (&& (== net462) (< net45)) (&& (== net462) (< netstandard1.5) (>= uap10.0)) (&& (== net462) (< portable-net45+win8+wpa81)) (== netcoreapp2.0) (== netcoreapp2.1) (== netstandard1.6) (== netstandard2.0)
      Microsoft.NETCore.Platforms (>= 1.1) - restriction: || (&& (== net46) (>= dnxcore50)) (&& (== net46) (< net45)) (&& (== net462) (>= dnxcore50)) (&& (== net462) (< net45)) (== netcoreapp2.0) (== netcoreapp2.1) (== netstandard1.6) (== netstandard2.0)
      Microsoft.NETCore.Targets (>= 1.1) - restriction: || (&& (== net46) (>= dnxcore50)) (&& (== net46) (< net45)) (&& (== net462) (>= dnxcore50)) (&& (== net462) (< net45)) (== netcoreapp2.0) (== netcoreapp2.1) (== netstandard1.6) (== netstandard2.0)
      System.Runtime (>= 4.3) - restriction: || (&& (== net46) (>= dnxcore50)) (&& (== net46) (< net45)) (&& (== net462) (>= dnxcore50)) (&& (== net462) (< net45)) (== netcoreapp2.0) (== netcoreapp2.1) (== netstandard1.6) (== netstandard2.0)
    System.Globalization.Calendars (4.3) - restriction: || (== net46) (&& (== net462) (== netcoreapp2.0)) (&& (== net462) (== netcoreapp2.1)) (&& (== net462) (== netstandard2.0)) (&& (== net462) (>= dnxcore50)) (&& (== net462) (< net45)) (&& (== net462) (< netstandard1.4)) (&& (== net462) (< netstandard1.5) (>= uap10.0)) (&& (== netcoreapp2.0) (>= dnxcore50)) (&& (== netcoreapp2.0) (< netstandard1.4)) (&& (== netcoreapp2.0) (< netstandard1.5)) (&& (== netcoreapp2.0) (< netstandard1.6)) (&& (== netcoreapp2.0) (< netstandard2.0)) (&& (== netcoreapp2.1) (>= dnxcore50)) (&& (== netcoreapp2.1) (< netstandard1.4)) (&& (== netcoreapp2.1) (< netstandard1.5)) (&& (== netcoreapp2.1) (< netstandard1.6)) (&& (== netcoreapp2.1) (< netstandard2.0)) (== netstandard1.6) (&& (== netstandard2.0) (>= dnxcore50)) (&& (== netstandard2.0) (< netstandard1.4)) (&& (== netstandard2.0) (< netstandard1.5)) (&& (== netstandard2.0) (< netstandard1.6))
      Microsoft.NETCore.Platforms (>= 1.1) - restriction: || (&& (== net462) (< net46)) (== netcoreapp2.0) (== netcoreapp2.1) (== netstandard1.6) (== netstandard2.0)
      Microsoft.NETCore.Targets (>= 1.1) - restriction: || (&& (== net462) (< net46)) (== netcoreapp2.0) (== netcoreapp2.1) (== netstandard1.6) (== netstandard2.0)
      System.Globalization (>= 4.3) - restriction: || (&& (== net462) (< net46)) (== netcoreapp2.0) (== netcoreapp2.1) (== netstandard1.6) (== netstandard2.0)
      System.Runtime (>= 4.3) - restriction: || (&& (== net462) (< net46)) (== netcoreapp2.0) (== netcoreapp2.1) (== netstandard1.6) (== netstandard2.0)
    System.Globalization.Extensions (4.3) - restriction: || (&& (== net46) (== net462) (>= netstandard1.6) (>= uap10.0)) (&& (== net46) (== netcoreapp2.0)) (&& (== net46) (== netcoreapp2.1)) (&& (== net46) (== netstandard2.0)) (&& (== net46) (< net45) (>= netstandard1.6)) (&& (== net462) (== netcoreapp2.0)) (&& (== net462) (== netcoreapp2.1)) (&& (== net462) (== netstandard2.0)) (&& (== net462) (< net45) (>= netstandard1.6)) (&& (== net462) (< netstandard1.5) (>= netstandard1.6) (>= uap10.0)) (&& (== netcoreapp2.0) (< netstandard1.2)) (&& (== netcoreapp2.0) (< netstandard1.3)) (&& (== netcoreapp2.0) (< netstandard1.4)) (&& (== netcoreapp2.0) (< netstandard1.5)) (&& (== netcoreapp2.0) (< netstandard1.6)) (&& (== netcoreapp2.0) (< netstandard2.0)) (&& (== netcoreapp2.1) (< netstandard1.2)) (&& (== netcoreapp2.1) (< netstandard1.3)) (&& (== netcoreapp2.1) (< netstandard1.4)) (&& (== netcoreapp2.1) (< netstandard1.5)) (&& (== netcoreapp2.1) (< netstandard1.6)) (&& (== netcoreapp2.1) (< netstandard2.0)) (== netstandard1.6) (&& (== netstandard2.0) (< netstandard1.2)) (&& (== netstandard2.0) (< netstandard1.3)) (&& (== netstandard2.0) (< netstandard1.4)) (&& (== netstandard2.0) (< netstandard1.5)) (&& (== netstandard2.0) (< netstandard1.6))
      Microsoft.NETCore.Platforms (>= 1.1) - restriction: || (&& (== net462) (< net46)) (== netcoreapp2.0) (== netcoreapp2.1) (== netstandard1.6) (== netstandard2.0)
      System.Globalization (>= 4.3) - restriction: || (&& (== net462) (< net46)) (== netcoreapp2.0) (== netcoreapp2.1) (== netstandard1.6) (== netstandard2.0)
      System.Resources.ResourceManager (>= 4.3) - restriction: || (&& (== net462) (< net46)) (== netcoreapp2.0) (== netcoreapp2.1) (== netstandard1.6) (== netstandard2.0)
      System.Runtime (>= 4.3) - restriction: || (&& (== net462) (< net46)) (== netcoreapp2.0) (== netcoreapp2.1) (== netstandard1.6) (== netstandard2.0)
      System.Runtime.Extensions (>= 4.3) - restriction: || (&& (== net462) (< net46)) (== netcoreapp2.0) (== netcoreapp2.1) (== netstandard1.6) (== netstandard2.0)
      System.Runtime.InteropServices (>= 4.3) - restriction: || (&& (== net462) (< net46)) (== netcoreapp2.0) (== netcoreapp2.1) (== netstandard1.6) (== netstandard2.0)
    System.IO (4.3) - restriction: || (&& (== net46) (>= dnxcore50)) (&& (== net46) (< net45)) (&& (== net46) (>= net463)) (&& (== net46) (< portable-net45+win8+wpa81)) (&& (== net46) (>= uap10.0)) (&& (== net462) (>= dnxcore50)) (&& (== net462) (< net45)) (&& (== net462) (< net46)) (&& (== net462) (>= net463)) (&& (== net462) (< netstandard1.5) (>= uap10.0)) (&& (== net462) (< portable-net45+win8+wpa81)) (== netcoreapp2.0) (== netcoreapp2.1) (== netstandard1.6) (== netstandard2.0)
      Microsoft.NETCore.Platforms (>= 1.1) - restriction: || (&& (== net46) (>= dnxcore50)) (&& (== net46) (< net45)) (&& (== net462) (>= dnxcore50)) (&& (== net462) (< net45)) (== netcoreapp2.0) (== netcoreapp2.1) (== netstandard1.6) (== netstandard2.0)
      Microsoft.NETCore.Targets (>= 1.1) - restriction: || (&& (== net46) (>= dnxcore50)) (&& (== net46) (< net45)) (&& (== net462) (>= dnxcore50)) (&& (== net462) (< net45)) (== netcoreapp2.0) (== netcoreapp2.1) (== netstandard1.6) (== netstandard2.0)
      System.Runtime (>= 4.3) - restriction: || (&& (== net46) (>= dnxcore50)) (&& (== net46) (< net45)) (&& (== net462) (>= dnxcore50)) (&& (== net462) (< net45)) (== netcoreapp2.0) (== netcoreapp2.1) (== netstandard1.6) (== netstandard2.0)
      System.Text.Encoding (>= 4.3) - restriction: || (&& (== net46) (>= dnxcore50)) (&& (== net46) (< net45)) (&& (== net462) (>= dnxcore50)) (&& (== net462) (< net45)) (== netcoreapp2.0) (== netcoreapp2.1) (== netstandard1.6) (== netstandard2.0)
      System.Threading.Tasks (>= 4.3) - restriction: || (&& (== net46) (>= dnxcore50)) (&& (== net46) (< net45)) (&& (== net462) (>= dnxcore50)) (&& (== net462) (< net45)) (== netcoreapp2.0) (== netcoreapp2.1) (== netstandard1.6) (== netstandard2.0)
    System.IO.Compression (4.3)
      Microsoft.NETCore.Platforms (>= 1.1) - restriction: || (&& (== net46) (< net45)) (&& (== net462) (< net45)) (== netcoreapp2.0) (== netcoreapp2.1) (== netstandard1.6) (== netstandard2.0)
      runtime.native.System (>= 4.3) - restriction: || (&& (== net46) (< net45)) (&& (== net462) (< net45)) (== netcoreapp2.0) (== netcoreapp2.1) (== netstandard1.6) (== netstandard2.0)
      runtime.native.System.IO.Compression (>= 4.3) - restriction: || (&& (== net46) (>= dnxcore50)) (&& (== net46) (< net45)) (&& (== net462) (>= dnxcore50)) (&& (== net462) (< net45)) (== netcoreapp2.0) (== netcoreapp2.1) (== netstandard1.6) (== netstandard2.0)
      System.Buffers (>= 4.3) - restriction: || (&& (== net46) (>= dnxcore50)) (&& (== net46) (< net45)) (&& (== net462) (>= dnxcore50)) (&& (== net462) (< net45)) (== netcoreapp2.0) (== netcoreapp2.1) (== netstandard1.6) (== netstandard2.0)
      System.Collections (>= 4.3) - restriction: || (&& (== net46) (>= dnxcore50)) (&& (== net46) (< net45)) (&& (== net462) (>= dnxcore50)) (&& (== net462) (< net45)) (== netcoreapp2.0) (== netcoreapp2.1) (== netstandard1.6) (== netstandard2.0)
      System.Diagnostics.Debug (>= 4.3) - restriction: || (&& (== net46) (>= dnxcore50)) (&& (== net46) (< net45)) (&& (== net462) (>= dnxcore50)) (&& (== net462) (< net45)) (== netcoreapp2.0) (== netcoreapp2.1) (== netstandard1.6) (== netstandard2.0)
      System.IO (>= 4.3) - restriction: || (&& (== net46) (>= dnxcore50)) (&& (== net46) (< net45)) (&& (== net462) (>= dnxcore50)) (&& (== net462) (< net45)) (== netcoreapp2.0) (== netcoreapp2.1) (== netstandard1.6) (== netstandard2.0)
      System.Resources.ResourceManager (>= 4.3) - restriction: || (&& (== net46) (>= dnxcore50)) (&& (== net46) (< net45)) (&& (== net462) (>= dnxcore50)) (&& (== net462) (< net45)) (== netcoreapp2.0) (== netcoreapp2.1) (== netstandard1.6) (== netstandard2.0)
      System.Runtime (>= 4.3) - restriction: || (&& (== net46) (>= dnxcore50)) (&& (== net46) (< net45)) (&& (== net462) (>= dnxcore50)) (&& (== net462) (< net45)) (== netcoreapp2.0) (== netcoreapp2.1) (== netstandard1.6) (== netstandard2.0)
      System.Runtime.Extensions (>= 4.3) - restriction: || (&& (== net46) (>= dnxcore50)) (&& (== net46) (< net45)) (&& (== net462) (>= dnxcore50)) (&& (== net462) (< net45)) (== netcoreapp2.0) (== netcoreapp2.1) (== netstandard1.6) (== netstandard2.0)
      System.Runtime.Handles (>= 4.3) - restriction: || (&& (== net46) (>= dnxcore50)) (&& (== net46) (< net45)) (&& (== net462) (>= dnxcore50)) (&& (== net462) (< net45)) (== netcoreapp2.0) (== netcoreapp2.1) (== netstandard1.6) (== netstandard2.0)
      System.Runtime.InteropServices (>= 4.3) - restriction: || (&& (== net46) (>= dnxcore50)) (&& (== net46) (< net45)) (&& (== net462) (>= dnxcore50)) (&& (== net462) (< net45)) (== netcoreapp2.0) (== netcoreapp2.1) (== netstandard1.6) (== netstandard2.0)
      System.Text.Encoding (>= 4.3) - restriction: || (&& (== net46) (>= dnxcore50)) (&& (== net46) (< net45)) (&& (== net462) (>= dnxcore50)) (&& (== net462) (< net45)) (== netcoreapp2.0) (== netcoreapp2.1) (== netstandard1.6) (== netstandard2.0)
      System.Threading (>= 4.3) - restriction: || (&& (== net46) (>= dnxcore50)) (&& (== net46) (< net45)) (&& (== net462) (>= dnxcore50)) (&& (== net462) (< net45)) (== netcoreapp2.0) (== netcoreapp2.1) (== netstandard1.6) (== netstandard2.0)
      System.Threading.Tasks (>= 4.3) - restriction: || (&& (== net46) (>= dnxcore50)) (&& (== net46) (< net45)) (&& (== net462) (>= dnxcore50)) (&& (== net462) (< net45)) (== netcoreapp2.0) (== netcoreapp2.1) (== netstandard1.6) (== netstandard2.0)
    System.IO.Compression.ZipFile (4.3)
      System.Buffers (>= 4.3) - restriction: || (&& (== net462) (< net46)) (== netcoreapp2.0) (== netcoreapp2.1) (== netstandard1.6) (== netstandard2.0)
      System.IO (>= 4.3) - restriction: || (&& (== net462) (< net46)) (== netcoreapp2.0) (== netcoreapp2.1) (== netstandard1.6) (== netstandard2.0)
      System.IO.Compression (>= 4.3) - restriction: || (&& (== net462) (< net46)) (== netcoreapp2.0) (== netcoreapp2.1) (== netstandard1.6) (== netstandard2.0)
      System.IO.FileSystem (>= 4.3) - restriction: || (&& (== net462) (< net46)) (== netcoreapp2.0) (== netcoreapp2.1) (== netstandard1.6) (== netstandard2.0)
      System.IO.FileSystem.Primitives (>= 4.3) - restriction: || (&& (== net462) (< net46)) (== netcoreapp2.0) (== netcoreapp2.1) (== netstandard1.6) (== netstandard2.0)
      System.Resources.ResourceManager (>= 4.3) - restriction: || (&& (== net462) (< net46)) (== netcoreapp2.0) (== netcoreapp2.1) (== netstandard1.6) (== netstandard2.0)
      System.Runtime (>= 4.3) - restriction: || (&& (== net462) (< net46)) (== netcoreapp2.0) (== netcoreapp2.1) (== netstandard1.6) (== netstandard2.0)
      System.Runtime.Extensions (>= 4.3) - restriction: || (&& (== net462) (< net46)) (== netcoreapp2.0) (== netcoreapp2.1) (== netstandard1.6) (== netstandard2.0)
      System.Text.Encoding (>= 4.3) - restriction: || (&& (== net462) (< net46)) (== netcoreapp2.0) (== netcoreapp2.1) (== netstandard1.6) (== netstandard2.0)
    System.IO.FileSystem (4.3) - restriction: || (== net46) (&& (== net462) (>= dnxcore50)) (&& (== net462) (< net45)) (&& (== net462) (< net46)) (&& (== net462) (< netstandard1.4)) (&& (== net462) (< netstandard1.5) (>= uap10.0)) (== netcoreapp2.0) (== netcoreapp2.1) (== netstandard1.6) (== netstandard2.0)
      Microsoft.NETCore.Platforms (>= 1.1) - restriction: || (&& (== net462) (< net46)) (== netcoreapp2.0) (== netcoreapp2.1) (== netstandard1.6) (== netstandard2.0)
      Microsoft.NETCore.Targets (>= 1.1) - restriction: || (&& (== net462) (< net46)) (== netcoreapp2.0) (== netcoreapp2.1) (== netstandard1.6) (== netstandard2.0)
      System.IO (>= 4.3) - restriction: || (&& (== net462) (< net46)) (== netcoreapp2.0) (== netcoreapp2.1) (== netstandard1.6) (== netstandard2.0)
      System.IO.FileSystem.Primitives (>= 4.3)
      System.Runtime (>= 4.3) - restriction: || (&& (== net462) (< net46)) (== netcoreapp2.0) (== netcoreapp2.1) (== netstandard1.6) (== netstandard2.0)
      System.Runtime.Handles (>= 4.3) - restriction: || (&& (== net462) (< net46)) (== netcoreapp2.0) (== netcoreapp2.1) (== netstandard1.6) (== netstandard2.0)
      System.Text.Encoding (>= 4.3) - restriction: || (&& (== net462) (< net46)) (== netcoreapp2.0) (== netcoreapp2.1) (== netstandard1.6) (== netstandard2.0)
      System.Threading.Tasks (>= 4.3) - restriction: || (&& (== net462) (< net46)) (== netcoreapp2.0) (== netcoreapp2.1) (== netstandard1.6) (== netstandard2.0)
    System.IO.FileSystem.Primitives (4.3) - restriction: || (== net46) (&& (== net462) (>= dnxcore50)) (&& (== net462) (< net45)) (&& (== net462) (< net46)) (&& (== net462) (< netstandard1.4)) (&& (== net462) (< netstandard1.5) (>= uap10.0)) (== netcoreapp2.0) (== netcoreapp2.1) (== netstandard1.6) (== netstandard2.0)
      System.Runtime (>= 4.3) - restriction: || (&& (== net462) (< net46)) (== netcoreapp2.0) (== netcoreapp2.1) (== netstandard1.6) (== netstandard2.0)
    System.IO.FileSystem.Watcher (4.3)
      Microsoft.NETCore.Platforms (>= 1.1) - restriction: || (&& (== net462) (< net46)) (== netcoreapp2.0) (== netcoreapp2.1) (== netstandard1.6) (== netstandard2.0)
      Microsoft.Win32.Primitives (>= 4.3) - restriction: || (&& (== net462) (< net46)) (== netcoreapp2.0) (== netcoreapp2.1) (== netstandard1.6) (== netstandard2.0)
      runtime.native.System (>= 4.3) - restriction: || (&& (== net462) (< net46)) (== netcoreapp2.0) (== netcoreapp2.1) (== netstandard1.6) (== netstandard2.0)
      System.Collections (>= 4.3) - restriction: || (&& (== net462) (< net46)) (== netcoreapp2.0) (== netcoreapp2.1) (== netstandard1.6) (== netstandard2.0)
      System.IO.FileSystem (>= 4.3) - restriction: || (&& (== net462) (< net46)) (== netcoreapp2.0) (== netcoreapp2.1) (== netstandard1.6) (== netstandard2.0)
      System.IO.FileSystem.Primitives (>= 4.3) - restriction: || (&& (== net462) (< net46)) (== netcoreapp2.0) (== netcoreapp2.1) (== netstandard1.6) (== netstandard2.0)
      System.Resources.ResourceManager (>= 4.3) - restriction: || (&& (== net462) (< net46)) (== netcoreapp2.0) (== netcoreapp2.1) (== netstandard1.6) (== netstandard2.0)
      System.Runtime (>= 4.3) - restriction: || (&& (== net462) (< net46)) (== netcoreapp2.0) (== netcoreapp2.1) (== netstandard1.6) (== netstandard2.0)
      System.Runtime.Extensions (>= 4.3) - restriction: || (&& (== net462) (< net46)) (== netcoreapp2.0) (== netcoreapp2.1) (== netstandard1.6) (== netstandard2.0)
      System.Runtime.Handles (>= 4.3) - restriction: || (&& (== net462) (< net46)) (== netcoreapp2.0) (== netcoreapp2.1) (== netstandard1.6) (== netstandard2.0)
      System.Runtime.InteropServices (>= 4.3) - restriction: || (&& (== net462) (< net46)) (== netcoreapp2.0) (== netcoreapp2.1) (== netstandard1.6) (== netstandard2.0)
      System.Text.Encoding (>= 4.3) - restriction: || (&& (== net462) (< net46)) (== netcoreapp2.0) (== netcoreapp2.1) (== netstandard1.6) (== netstandard2.0)
      System.Threading (>= 4.3) - restriction: || (&& (== net462) (< net46)) (== netcoreapp2.0) (== netcoreapp2.1) (== netstandard1.6) (== netstandard2.0)
      System.Threading.Overlapped (>= 4.3) - restriction: || (&& (== net462) (< net46)) (== netcoreapp2.0) (== netcoreapp2.1) (== netstandard1.6) (== netstandard2.0)
      System.Threading.Tasks (>= 4.3) - restriction: || (&& (== net462) (< net46)) (== netcoreapp2.0) (== netcoreapp2.1) (== netstandard1.6) (== netstandard2.0)
      System.Threading.Thread (>= 4.3) - restriction: || (&& (== net462) (< net46)) (== netcoreapp2.0) (== netcoreapp2.1) (== netstandard1.6) (== netstandard2.0)
    System.IO.Pipes (4.3) - restriction: || (&& (== net46) (== netcoreapp2.0)) (&& (== net46) (== netcoreapp2.1)) (&& (== net46) (== netstandard2.0)) (&& (== net46) (< net451)) (&& (== net462) (== netcoreapp2.0)) (&& (== net462) (== netcoreapp2.1)) (&& (== net462) (== netstandard2.0)) (&& (== net462) (< net451)) (&& (== netcoreapp2.0) (< netstandard2.0)) (&& (== netcoreapp2.1) (< netstandard2.0)) (== netstandard1.6)
      Microsoft.NETCore.Platforms (>= 1.1) - restriction: || (&& (== net462) (< net46)) (== netcoreapp2.0) (== netcoreapp2.1) (== netstandard1.6) (== netstandard2.0)
      runtime.native.System (>= 4.3) - restriction: || (&& (== net462) (< net46)) (== netcoreapp2.0) (== netcoreapp2.1) (== netstandard1.6) (== netstandard2.0)
      System.Buffers (>= 4.3) - restriction: || (&& (== net462) (< net46)) (== netcoreapp2.0) (== netcoreapp2.1) (== netstandard1.6) (== netstandard2.0)
      System.Diagnostics.Debug (>= 4.3) - restriction: || (&& (== net462) (< net46)) (== netcoreapp2.0) (== netcoreapp2.1) (== netstandard1.6) (== netstandard2.0)
      System.IO (>= 4.3) - restriction: || (&& (== net462) (< net46)) (== netcoreapp2.0) (== netcoreapp2.1) (== netstandard1.6) (== netstandard2.0)
      System.IO.FileSystem.Primitives (>= 4.3) - restriction: || (&& (== net462) (< net46)) (== netcoreapp2.0) (== netcoreapp2.1) (== netstandard1.6) (== netstandard2.0)
      System.Net.Primitives (>= 4.3) - restriction: || (&& (== net462) (< net46)) (== netcoreapp2.0) (== netcoreapp2.1) (== netstandard1.6) (== netstandard2.0)
      System.Net.Sockets (>= 4.3) - restriction: || (&& (== net462) (< net46)) (== netcoreapp2.0) (== netcoreapp2.1) (== netstandard1.6) (== netstandard2.0)
      System.Reflection (>= 4.3) - restriction: || (&& (== net462) (< net46)) (== netcoreapp2.0) (== netcoreapp2.1) (== netstandard1.6) (== netstandard2.0)
      System.Resources.ResourceManager (>= 4.3) - restriction: || (&& (== net462) (< net46)) (== netcoreapp2.0) (== netcoreapp2.1) (== netstandard1.6) (== netstandard2.0)
      System.Runtime (>= 4.3) - restriction: || (&& (== net462) (< net46)) (== netcoreapp2.0) (== netcoreapp2.1) (== netstandard1.6) (== netstandard2.0)
      System.Runtime.Extensions (>= 4.3) - restriction: || (&& (== net462) (< net46)) (== netcoreapp2.0) (== netcoreapp2.1) (== netstandard1.6) (== netstandard2.0)
      System.Runtime.Handles (>= 4.3) - restriction: || (&& (== net462) (< net46)) (== netcoreapp2.0) (== netcoreapp2.1) (== netstandard1.6) (== netstandard2.0)
      System.Runtime.InteropServices (>= 4.3) - restriction: || (&& (== net462) (< net46)) (== netcoreapp2.0) (== netcoreapp2.1) (== netstandard1.6) (== netstandard2.0)
      System.Security.Principal (>= 4.3) - restriction: || (&& (== net462) (< net46)) (== netcoreapp2.0) (== netcoreapp2.1) (== netstandard1.6) (== netstandard2.0)
      System.Text.Encoding (>= 4.3) - restriction: || (&& (== net462) (< net46)) (== netcoreapp2.0) (== netcoreapp2.1) (== netstandard1.6) (== netstandard2.0)
      System.Threading (>= 4.3) - restriction: || (&& (== net462) (< net46)) (== netcoreapp2.0) (== netcoreapp2.1) (== netstandard1.6) (== netstandard2.0)
      System.Threading.Overlapped (>= 4.3) - restriction: || (&& (== net462) (< net46)) (== netcoreapp2.0) (== netcoreapp2.1) (== netstandard1.6) (== netstandard2.0)
      System.Threading.Tasks (>= 4.3) - restriction: || (&& (== net462) (< net46)) (== netcoreapp2.0) (== netcoreapp2.1) (== netstandard1.6) (== netstandard2.0)
    System.Linq (4.3) - restriction: || (&& (== net46) (< net45)) (&& (== net46) (< portable-net45+win8+wpa81)) (&& (== net46) (>= uap10.0)) (&& (== net462) (< net45)) (&& (== net462) (< net46)) (&& (== net462) (< netstandard1.5) (>= uap10.0)) (&& (== net462) (< portable-net45+win8+wpa81)) (== netcoreapp2.0) (== netcoreapp2.1) (== netstandard1.6) (== netstandard2.0)
      System.Collections (>= 4.3) - restriction: || (&& (== net46) (>= dnxcore50)) (&& (== net46) (< net45)) (&& (== net462) (>= dnxcore50)) (&& (== net462) (< net45)) (== netcoreapp2.0) (== netcoreapp2.1) (== netstandard1.6) (== netstandard2.0)
      System.Diagnostics.Debug (>= 4.3) - restriction: || (&& (== net46) (>= dnxcore50)) (&& (== net46) (< net45) (>= netstandard1.6)) (&& (== net462) (>= dnxcore50)) (&& (== net462) (< net45) (>= netstandard1.6)) (== netcoreapp2.0) (== netcoreapp2.1) (== netstandard1.6) (== netstandard2.0)
      System.Resources.ResourceManager (>= 4.3) - restriction: || (&& (== net46) (>= dnxcore50)) (&& (== net46) (< net45) (>= netstandard1.6)) (&& (== net462) (>= dnxcore50)) (&& (== net462) (< net45) (>= netstandard1.6)) (== netcoreapp2.0) (== netcoreapp2.1) (== netstandard1.6) (== netstandard2.0)
      System.Runtime (>= 4.3) - restriction: || (&& (== net46) (>= dnxcore50)) (&& (== net46) (< net45)) (&& (== net462) (>= dnxcore50)) (&& (== net462) (< net45)) (== netcoreapp2.0) (== netcoreapp2.1) (== netstandard1.6) (== netstandard2.0)
      System.Runtime.Extensions (>= 4.3) - restriction: || (&& (== net46) (>= dnxcore50)) (&& (== net46) (< net45) (>= netstandard1.6)) (&& (== net462) (>= dnxcore50)) (&& (== net462) (< net45) (>= netstandard1.6)) (== netcoreapp2.0) (== netcoreapp2.1) (== netstandard1.6) (== netstandard2.0)
    System.Linq.Expressions (4.3) - restriction: || (&& (== net46) (== netcoreapp2.0)) (&& (== net46) (== netcoreapp2.1)) (&& (== net46) (== netstandard2.0)) (&& (== net46) (< net45)) (&& (== net46) (< portable-net45+win8+wpa81)) (&& (== net46) (>= uap10.0)) (&& (== net462) (== netcoreapp2.0)) (&& (== net462) (== netcoreapp2.1)) (&& (== net462) (== netstandard2.0)) (&& (== net462) (< net45)) (&& (== net462) (< netstandard1.5) (>= uap10.0)) (&& (== net462) (< portable-net45+win8+wpa81)) (&& (== netcoreapp2.0) (< netstandard1.2)) (&& (== netcoreapp2.0) (< netstandard1.3)) (&& (== netcoreapp2.0) (< netstandard1.4)) (&& (== netcoreapp2.0) (< netstandard1.5)) (&& (== netcoreapp2.0) (< netstandard1.6)) (&& (== netcoreapp2.0) (< netstandard2.0)) (&& (== netcoreapp2.0) (< portable-net45+win8+wpa81)) (&& (== netcoreapp2.1) (< netstandard1.2)) (&& (== netcoreapp2.1) (< netstandard1.3)) (&& (== netcoreapp2.1) (< netstandard1.4)) (&& (== netcoreapp2.1) (< netstandard1.5)) (&& (== netcoreapp2.1) (< netstandard1.6)) (&& (== netcoreapp2.1) (< netstandard2.0)) (&& (== netcoreapp2.1) (< portable-net45+win8+wpa81)) (== netstandard1.6) (&& (== netstandard2.0) (< netstandard1.2)) (&& (== netstandard2.0) (< netstandard1.3)) (&& (== netstandard2.0) (< netstandard1.4)) (&& (== netstandard2.0) (< netstandard1.5)) (&& (== netstandard2.0) (< netstandard1.6)) (&& (== netstandard2.0) (< portable-net45+win8+wpa81))
      System.Collections (>= 4.3) - restriction: || (&& (== net46) (>= dnxcore50)) (&& (== net46) (< net45) (>= netstandard1.6)) (&& (== net462) (>= dnxcore50)) (&& (== net462) (< net45) (>= netstandard1.6)) (== netcoreapp2.0) (== netcoreapp2.1) (== netstandard1.6) (== netstandard2.0)
      System.Diagnostics.Debug (>= 4.3) - restriction: || (&& (== net46) (>= dnxcore50)) (&& (== net46) (< net45) (>= netstandard1.6)) (&& (== net462) (>= dnxcore50)) (&& (== net462) (< net45) (>= netstandard1.6)) (== netcoreapp2.0) (== netcoreapp2.1) (== netstandard1.6) (== netstandard2.0)
      System.Globalization (>= 4.3) - restriction: || (&& (== net46) (>= dnxcore50)) (&& (== net46) (< net45) (>= netstandard1.6)) (&& (== net462) (>= dnxcore50)) (&& (== net462) (< net45) (>= netstandard1.6)) (== netcoreapp2.0) (== netcoreapp2.1) (== netstandard1.6) (== netstandard2.0)
      System.IO (>= 4.3) - restriction: || (&& (== net46) (>= dnxcore50)) (&& (== net46) (< net45) (>= netstandard1.6)) (&& (== net462) (>= dnxcore50)) (&& (== net462) (< net45) (>= netstandard1.6)) (== netcoreapp2.0) (== netcoreapp2.1) (== netstandard1.6) (== netstandard2.0)
      System.Linq (>= 4.3) - restriction: || (&& (== net46) (>= dnxcore50)) (&& (== net46) (< net45) (>= netstandard1.6)) (&& (== net462) (>= dnxcore50)) (&& (== net462) (< net45) (>= netstandard1.6)) (== netcoreapp2.0) (== netcoreapp2.1) (== netstandard1.6) (== netstandard2.0)
      System.ObjectModel (>= 4.3) - restriction: || (&& (== net46) (< net45) (>= netstandard1.6)) (&& (== net462) (< net45) (>= netstandard1.6)) (== netcoreapp2.0) (== netcoreapp2.1) (== netstandard1.6) (== netstandard2.0)
      System.Reflection (>= 4.3) - restriction: || (&& (== net46) (>= dnxcore50)) (&& (== net46) (< net45)) (&& (== net462) (>= dnxcore50)) (&& (== net462) (< net45)) (== netcoreapp2.0) (== netcoreapp2.1) (== netstandard1.6) (== netstandard2.0)
      System.Reflection.Emit (>= 4.3) - restriction: || (&& (== net46) (< net45) (>= netstandard1.6)) (&& (== net462) (< net45) (>= netstandard1.6)) (== netcoreapp2.0) (== netcoreapp2.1) (== netstandard1.6) (== netstandard2.0)
      System.Reflection.Emit.ILGeneration (>= 4.3) - restriction: || (&& (== net46) (>= dnxcore50)) (&& (== net46) (< net45) (>= netstandard1.6)) (&& (== net462) (>= dnxcore50)) (&& (== net462) (< net45) (>= netstandard1.6)) (== netcoreapp2.0) (== netcoreapp2.1) (== netstandard1.6) (== netstandard2.0)
      System.Reflection.Emit.Lightweight (>= 4.3) - restriction: || (&& (== net46) (>= dnxcore50)) (&& (== net46) (< net45) (>= netstandard1.6)) (&& (== net462) (>= dnxcore50)) (&& (== net462) (< net45) (>= netstandard1.6)) (== netcoreapp2.0) (== netcoreapp2.1) (== netstandard1.6) (== netstandard2.0)
      System.Reflection.Extensions (>= 4.3) - restriction: || (&& (== net46) (>= dnxcore50)) (&& (== net46) (< net45) (>= netstandard1.6)) (&& (== net462) (>= dnxcore50)) (&& (== net462) (< net45) (>= netstandard1.6)) (== netcoreapp2.0) (== netcoreapp2.1) (== netstandard1.6) (== netstandard2.0)
      System.Reflection.Primitives (>= 4.3) - restriction: || (&& (== net46) (>= dnxcore50)) (&& (== net46) (< net45) (>= netstandard1.6)) (&& (== net462) (>= dnxcore50)) (&& (== net462) (< net45) (>= netstandard1.6)) (== netcoreapp2.0) (== netcoreapp2.1) (== netstandard1.6) (== netstandard2.0)
      System.Reflection.TypeExtensions (>= 4.3) - restriction: || (&& (== net46) (>= dnxcore50)) (&& (== net46) (< net45) (>= netstandard1.6)) (&& (== net462) (>= dnxcore50)) (&& (== net462) (< net45) (>= netstandard1.6)) (== netcoreapp2.0) (== netcoreapp2.1) (== netstandard1.6) (== netstandard2.0)
      System.Resources.ResourceManager (>= 4.3) - restriction: || (&& (== net46) (>= dnxcore50)) (&& (== net46) (< net45) (>= netstandard1.6)) (&& (== net462) (>= dnxcore50)) (&& (== net462) (< net45) (>= netstandard1.6)) (== netcoreapp2.0) (== netcoreapp2.1) (== netstandard1.6) (== netstandard2.0)
      System.Runtime (>= 4.3) - restriction: || (&& (== net46) (>= dnxcore50)) (&& (== net46) (< net45)) (&& (== net462) (>= dnxcore50)) (&& (== net462) (< net45)) (== netcoreapp2.0) (== netcoreapp2.1) (== netstandard1.6) (== netstandard2.0)
      System.Runtime.Extensions (>= 4.3) - restriction: || (&& (== net46) (>= dnxcore50)) (&& (== net46) (< net45) (>= netstandard1.6)) (&& (== net462) (>= dnxcore50)) (&& (== net462) (< net45) (>= netstandard1.6)) (== netcoreapp2.0) (== netcoreapp2.1) (== netstandard1.6) (== netstandard2.0)
      System.Threading (>= 4.3) - restriction: || (&& (== net46) (>= dnxcore50)) (&& (== net46) (< net45) (>= netstandard1.6)) (&& (== net462) (>= dnxcore50)) (&& (== net462) (< net45) (>= netstandard1.6)) (== netcoreapp2.0) (== netcoreapp2.1) (== netstandard1.6) (== netstandard2.0)
    System.Linq.Parallel (4.3)
      System.Collections (>= 4.3) - restriction: || (&& (== net46) (>= dnxcore50)) (&& (== net46) (< net45)) (&& (== net462) (>= dnxcore50)) (&& (== net462) (< net45)) (== netcoreapp2.0) (== netcoreapp2.1) (== netstandard1.6) (== netstandard2.0)
      System.Collections.Concurrent (>= 4.3) - restriction: || (&& (== net46) (>= dnxcore50)) (&& (== net46) (< net45)) (&& (== net462) (>= dnxcore50)) (&& (== net462) (< net45)) (== netcoreapp2.0) (== netcoreapp2.1) (== netstandard1.6) (== netstandard2.0)
      System.Diagnostics.Debug (>= 4.3) - restriction: || (&& (== net46) (>= dnxcore50)) (&& (== net46) (< net45)) (&& (== net462) (>= dnxcore50)) (&& (== net462) (< net45)) (== netcoreapp2.0) (== netcoreapp2.1) (== netstandard1.6) (== netstandard2.0)
      System.Diagnostics.Tracing (>= 4.3) - restriction: || (&& (== net46) (>= dnxcore50)) (&& (== net46) (< net45)) (&& (== net462) (>= dnxcore50)) (&& (== net462) (< net45)) (== netcoreapp2.0) (== netcoreapp2.1) (== netstandard1.6) (== netstandard2.0)
      System.Linq (>= 4.3) - restriction: || (&& (== net46) (>= dnxcore50)) (&& (== net46) (< net45)) (&& (== net462) (>= dnxcore50)) (&& (== net462) (< net45)) (== netcoreapp2.0) (== netcoreapp2.1) (== netstandard1.6) (== netstandard2.0)
      System.Resources.ResourceManager (>= 4.3) - restriction: || (&& (== net46) (>= dnxcore50)) (&& (== net46) (< net45)) (&& (== net462) (>= dnxcore50)) (&& (== net462) (< net45)) (== netcoreapp2.0) (== netcoreapp2.1) (== netstandard1.6) (== netstandard2.0)
      System.Runtime (>= 4.3) - restriction: || (&& (== net46) (>= dnxcore50)) (&& (== net46) (< net45)) (&& (== net462) (>= dnxcore50)) (&& (== net462) (< net45)) (== netcoreapp2.0) (== netcoreapp2.1) (== netstandard1.6) (== netstandard2.0)
      System.Runtime.Extensions (>= 4.3) - restriction: || (&& (== net46) (>= dnxcore50)) (&& (== net46) (< net45)) (&& (== net462) (>= dnxcore50)) (&& (== net462) (< net45)) (== netcoreapp2.0) (== netcoreapp2.1) (== netstandard1.6) (== netstandard2.0)
      System.Threading (>= 4.3) - restriction: || (&& (== net46) (>= dnxcore50)) (&& (== net46) (< net45)) (&& (== net462) (>= dnxcore50)) (&& (== net462) (< net45)) (== netcoreapp2.0) (== netcoreapp2.1) (== netstandard1.6) (== netstandard2.0)
      System.Threading.Tasks (>= 4.3) - restriction: || (&& (== net46) (>= dnxcore50)) (&& (== net46) (< net45)) (&& (== net462) (>= dnxcore50)) (&& (== net462) (< net45)) (== netcoreapp2.0) (== netcoreapp2.1) (== netstandard1.6) (== netstandard2.0)
    System.Linq.Queryable (4.3) - restriction: || (&& (== net46) (== netcoreapp2.0)) (&& (== net46) (== netcoreapp2.1)) (&& (== net46) (== netstandard2.0)) (&& (== net46) (< net45) (>= netstandard1.6)) (&& (== net462) (== netcoreapp2.0)) (&& (== net462) (== netcoreapp2.1)) (&& (== net462) (== netstandard2.0)) (&& (== net462) (< net45) (>= netstandard1.6)) (&& (== netcoreapp2.0) (< netstandard2.0)) (&& (== netcoreapp2.1) (< netstandard2.0)) (== netstandard1.6)
      System.Collections (>= 4.3) - restriction: || (&& (== net46) (>= dnxcore50)) (&& (== net46) (< net45)) (&& (== net462) (>= dnxcore50)) (&& (== net462) (< net45)) (== netcoreapp2.0) (== netcoreapp2.1) (== netstandard1.6) (== netstandard2.0)
      System.Diagnostics.Debug (>= 4.3) - restriction: || (&& (== net46) (>= dnxcore50)) (&& (== net46) (< net45)) (&& (== net462) (>= dnxcore50)) (&& (== net462) (< net45)) (== netcoreapp2.0) (== netcoreapp2.1) (== netstandard1.6) (== netstandard2.0)
      System.Linq (>= 4.3) - restriction: || (&& (== net46) (>= dnxcore50)) (&& (== net46) (< net45)) (&& (== net462) (>= dnxcore50)) (&& (== net462) (< net45)) (== netcoreapp2.0) (== netcoreapp2.1) (== netstandard1.6) (== netstandard2.0)
      System.Linq.Expressions (>= 4.3) - restriction: || (&& (== net46) (>= dnxcore50)) (&& (== net46) (< net45)) (&& (== net462) (>= dnxcore50)) (&& (== net462) (< net45)) (== netcoreapp2.0) (== netcoreapp2.1) (== netstandard1.6) (== netstandard2.0)
      System.Reflection (>= 4.3) - restriction: || (&& (== net46) (>= dnxcore50)) (&& (== net46) (< net45)) (&& (== net462) (>= dnxcore50)) (&& (== net462) (< net45)) (== netcoreapp2.0) (== netcoreapp2.1) (== netstandard1.6) (== netstandard2.0)
      System.Reflection.Extensions (>= 4.3) - restriction: || (&& (== net46) (>= dnxcore50)) (&& (== net46) (< net45)) (&& (== net462) (>= dnxcore50)) (&& (== net462) (< net45)) (== netcoreapp2.0) (== netcoreapp2.1) (== netstandard1.6) (== netstandard2.0)
      System.Resources.ResourceManager (>= 4.3) - restriction: || (&& (== net46) (>= dnxcore50)) (&& (== net46) (< net45)) (&& (== net462) (>= dnxcore50)) (&& (== net462) (< net45)) (== netcoreapp2.0) (== netcoreapp2.1) (== netstandard1.6) (== netstandard2.0)
      System.Runtime (>= 4.3) - restriction: || (&& (== net46) (>= dnxcore50)) (&& (== net46) (< net45)) (&& (== net462) (>= dnxcore50)) (&& (== net462) (< net45)) (== netcoreapp2.0) (== netcoreapp2.1) (== netstandard1.6) (== netstandard2.0)
    System.Memory (4.5.2) - restriction: || (&& (== net46) (== netcoreapp2.1)) (&& (== net46) (< net451) (>= netstandard2.0)) (&& (== net46) (>= netcoreapp2.0)) (&& (== net46) (>= uap10.1)) (&& (== net462) (== netcoreapp2.1)) (&& (== net462) (< net451) (>= netstandard2.0)) (&& (== net462) (>= netcoreapp2.0)) (&& (== net462) (>= uap10.1)) (== netcoreapp2.0) (&& (== netcoreapp2.1) (== netstandard1.6)) (&& (== netcoreapp2.1) (< netcoreapp2.0)) (&& (== netcoreapp2.1) (>= uap10.1)) (&& (== netstandard1.6) (>= netcoreapp2.0)) (&& (== netstandard1.6) (>= netstandard2.0)) (&& (== netstandard1.6) (>= uap10.1)) (== netstandard2.0)
      System.Buffers (>= 4.4) - restriction: || (== net46) (== net462) (&& (== netcoreapp2.0) (>= monotouch)) (&& (== netcoreapp2.0) (>= net461)) (&& (== netcoreapp2.0) (< netstandard1.1)) (&& (== netcoreapp2.0) (< netstandard2.0)) (&& (== netcoreapp2.0) (>= xamarinios)) (&& (== netcoreapp2.0) (>= xamarinmac)) (&& (== netcoreapp2.0) (>= xamarintvos)) (&& (== netcoreapp2.0) (>= xamarinwatchos)) (&& (== netcoreapp2.1) (>= monotouch)) (&& (== netcoreapp2.1) (>= net461)) (&& (== netcoreapp2.1) (< netcoreapp2.0)) (&& (== netcoreapp2.1) (< netstandard1.1)) (&& (== netcoreapp2.1) (< netstandard2.0)) (&& (== netcoreapp2.1) (>= xamarinios)) (&& (== netcoreapp2.1) (>= xamarinmac)) (&& (== netcoreapp2.1) (>= xamarintvos)) (&& (== netcoreapp2.1) (>= xamarinwatchos)) (== netstandard1.6) (== netstandard2.0)
      System.Numerics.Vectors (>= 4.4) - restriction: || (&& (== net46) (== netcoreapp2.0)) (&& (== net46) (== netcoreapp2.1)) (&& (== net46) (< net45) (>= netstandard2.0)) (&& (== net46) (>= net461)) (== net462) (&& (== netcoreapp2.0) (== netstandard1.6)) (&& (== netcoreapp2.0) (>= net461)) (&& (== netcoreapp2.1) (== netstandard1.6)) (&& (== netcoreapp2.1) (>= net461)) (&& (== netcoreapp2.1) (< netcoreapp2.0)) (&& (== netstandard1.6) (>= net461)) (&& (== netstandard1.6) (>= netstandard2.0)) (== netstandard2.0)
      System.Runtime.CompilerServices.Unsafe (>= 4.5.2) - restriction: || (== net46) (== net462) (== netcoreapp2.0) (&& (== netcoreapp2.1) (>= monotouch)) (&& (== netcoreapp2.1) (>= net461)) (&& (== netcoreapp2.1) (< netcoreapp2.0)) (&& (== netcoreapp2.1) (< netstandard1.1)) (&& (== netcoreapp2.1) (< netstandard2.0)) (&& (== netcoreapp2.1) (>= uap10.1)) (&& (== netcoreapp2.1) (>= xamarinios)) (&& (== netcoreapp2.1) (>= xamarinmac)) (&& (== netcoreapp2.1) (>= xamarintvos)) (&& (== netcoreapp2.1) (>= xamarinwatchos)) (== netstandard1.6) (== netstandard2.0)
    System.Net.Http (4.3.4) - restriction: || (== net46) (&& (== net462) (>= dnxcore50) (>= netstandard1.6)) (&& (== net462) (< net45)) (&& (== net462) (< net46) (>= netstandard2.0)) (&& (== net462) (< netstandard1.4)) (&& (== net462) (< netstandard1.5) (>= uap10.0)) (== netcoreapp2.0) (== netcoreapp2.1) (== netstandard1.6) (== netstandard2.0)
      Microsoft.NETCore.Platforms (>= 1.1.1) - restriction: || (&& (== net46) (>= dnxcore50)) (&& (== net46) (< net45)) (&& (== net462) (>= dnxcore50)) (&& (== net462) (< net45)) (== netcoreapp2.0) (== netcoreapp2.1) (== netstandard1.6) (== netstandard2.0)
      runtime.native.System (>= 4.3) - restriction: || (&& (== net46) (< net45) (>= netstandard1.6)) (&& (== net462) (< net45) (>= netstandard1.6)) (== netcoreapp2.0) (== netcoreapp2.1) (== netstandard1.6) (== netstandard2.0)
      runtime.native.System.Net.Http (>= 4.3) - restriction: || (&& (== net46) (< net45) (>= netstandard1.6)) (&& (== net462) (< net45) (>= netstandard1.6)) (== netcoreapp2.0) (== netcoreapp2.1) (== netstandard1.6) (== netstandard2.0)
      runtime.native.System.Security.Cryptography.OpenSsl (>= 4.3.2) - restriction: || (&& (== net46) (< net45) (>= netstandard1.6)) (&& (== net462) (< net45) (>= netstandard1.6)) (== netcoreapp2.0) (== netcoreapp2.1) (== netstandard1.6) (== netstandard2.0)
      System.Collections (>= 4.3) - restriction: || (&& (== net46) (>= dnxcore50)) (&& (== net46) (< net45)) (&& (== net462) (>= dnxcore50)) (&& (== net462) (< net45)) (== netcoreapp2.0) (== netcoreapp2.1) (== netstandard1.6) (== netstandard2.0)
      System.Diagnostics.Debug (>= 4.3) - restriction: || (&& (== net46) (>= dnxcore50)) (&& (== net46) (< net45)) (&& (== net462) (>= dnxcore50)) (&& (== net462) (< net45)) (== netcoreapp2.0) (== netcoreapp2.1) (== netstandard1.6) (== netstandard2.0)
      System.Diagnostics.DiagnosticSource (>= 4.3) - restriction: || (&& (== net46) (>= dnxcore50)) (&& (== net46) (< net45)) (&& (== net462) (>= dnxcore50)) (&& (== net462) (< net45)) (== netcoreapp2.0) (== netcoreapp2.1) (== netstandard1.6) (== netstandard2.0)
      System.Diagnostics.Tracing (>= 4.3) - restriction: || (&& (== net46) (>= dnxcore50)) (&& (== net46) (< net45)) (&& (== net462) (>= dnxcore50)) (&& (== net462) (< net45)) (== netcoreapp2.0) (== netcoreapp2.1) (== netstandard1.6) (== netstandard2.0)
      System.Globalization (>= 4.3) - restriction: || (&& (== net46) (>= dnxcore50)) (&& (== net46) (< net45)) (&& (== net462) (>= dnxcore50)) (&& (== net462) (< net45)) (== netcoreapp2.0) (== netcoreapp2.1) (== netstandard1.6) (== netstandard2.0)
      System.Globalization.Extensions (>= 4.3) - restriction: || (&& (== net46) (< net45) (>= netstandard1.6)) (&& (== net462) (< net45) (>= netstandard1.6)) (== netcoreapp2.0) (== netcoreapp2.1) (== netstandard1.6) (== netstandard2.0)
      System.IO (>= 4.3) - restriction: || (&& (== net46) (>= dnxcore50)) (&& (== net46) (< net45)) (&& (== net462) (>= dnxcore50)) (&& (== net462) (< net45)) (== netcoreapp2.0) (== netcoreapp2.1) (== netstandard1.6) (== netstandard2.0)
      System.IO.FileSystem (>= 4.3) - restriction: || (&& (== net46) (< net45) (>= netstandard1.6)) (&& (== net462) (< net45) (>= netstandard1.6)) (== netcoreapp2.0) (== netcoreapp2.1) (== netstandard1.6) (== netstandard2.0)
      System.Net.Primitives (>= 4.3) - restriction: || (&& (== net46) (>= dnxcore50)) (&& (== net46) (< net45)) (&& (== net462) (>= dnxcore50)) (&& (== net462) (< net45)) (== netcoreapp2.0) (== netcoreapp2.1) (== netstandard1.6) (== netstandard2.0)
      System.Resources.ResourceManager (>= 4.3) - restriction: || (&& (== net46) (>= dnxcore50)) (&& (== net46) (< net45)) (&& (== net462) (>= dnxcore50)) (&& (== net462) (< net45)) (== netcoreapp2.0) (== netcoreapp2.1) (== netstandard1.6) (== netstandard2.0)
      System.Runtime (>= 4.3) - restriction: || (&& (== net46) (>= dnxcore50)) (&& (== net46) (< net45)) (&& (== net462) (>= dnxcore50)) (&& (== net462) (< net45)) (== netcoreapp2.0) (== netcoreapp2.1) (== netstandard1.6) (== netstandard2.0)
      System.Runtime.Extensions (>= 4.3) - restriction: || (&& (== net46) (>= dnxcore50)) (&& (== net46) (< net45)) (&& (== net462) (>= dnxcore50)) (&& (== net462) (< net45)) (== netcoreapp2.0) (== netcoreapp2.1) (== netstandard1.6) (== netstandard2.0)
      System.Runtime.Handles (>= 4.3) - restriction: || (&& (== net46) (< net45)) (&& (== net462) (< net45)) (== netcoreapp2.0) (== netcoreapp2.1) (== netstandard1.6) (== netstandard2.0)
      System.Runtime.InteropServices (>= 4.3) - restriction: || (&& (== net46) (>= dnxcore50)) (&& (== net46) (< net45)) (&& (== net462) (>= dnxcore50)) (&& (== net462) (< net45)) (== netcoreapp2.0) (== netcoreapp2.1) (== netstandard1.6) (== netstandard2.0)
      System.Security.Cryptography.Algorithms (>= 4.3) - restriction: || (&& (== net46) (< net45) (>= netstandard1.6)) (&& (== net462) (< net45) (>= netstandard1.6)) (== netcoreapp2.0) (== netcoreapp2.1) (== netstandard1.6) (== netstandard2.0)
      System.Security.Cryptography.Encoding (>= 4.3) - restriction: || (&& (== net46) (< net45)) (&& (== net462) (< net45)) (== netcoreapp2.0) (== netcoreapp2.1) (== netstandard1.6) (== netstandard2.0)
      System.Security.Cryptography.OpenSsl (>= 4.3) - restriction: || (&& (== net46) (< net45) (>= netstandard1.6)) (&& (== net462) (< net45) (>= netstandard1.6)) (== netcoreapp2.0) (== netcoreapp2.1) (== netstandard1.6) (== netstandard2.0)
      System.Security.Cryptography.Primitives (>= 4.3) - restriction: || (&& (== net46) (< net45) (>= netstandard1.6)) (&& (== net462) (< net45) (>= netstandard1.6)) (== netcoreapp2.0) (== netcoreapp2.1) (== netstandard1.6) (== netstandard2.0)
      System.Security.Cryptography.X509Certificates (>= 4.3)
      System.Text.Encoding (>= 4.3) - restriction: || (&& (== net46) (>= dnxcore50)) (&& (== net46) (< net45)) (&& (== net462) (>= dnxcore50)) (&& (== net462) (< net45)) (== netcoreapp2.0) (== netcoreapp2.1) (== netstandard1.6) (== netstandard2.0)
      System.Threading (>= 4.3) - restriction: || (&& (== net46) (>= dnxcore50)) (&& (== net46) (< net45)) (&& (== net462) (>= dnxcore50)) (&& (== net462) (< net45)) (== netcoreapp2.0) (== netcoreapp2.1) (== netstandard1.6) (== netstandard2.0)
      System.Threading.Tasks (>= 4.3) - restriction: || (&& (== net46) (>= dnxcore50)) (&& (== net46) (< net45)) (&& (== net462) (>= dnxcore50)) (&& (== net462) (< net45)) (== netcoreapp2.0) (== netcoreapp2.1) (== netstandard1.6) (== netstandard2.0)
    System.Net.Http.WinHttpHandler (4.5.2) - restriction: || (&& (== net46) (< net45) (>= netstandard2.0)) (&& (== net462) (< net45) (>= netstandard2.0)) (== netcoreapp2.0) (== netcoreapp2.1) (&& (== netstandard1.6) (>= netstandard2.0)) (== netstandard2.0)
      System.Buffers (>= 4.4) - restriction: || (&& (== net46) (== netcoreapp2.1)) (&& (== net462) (== netcoreapp2.0)) (&& (== net462) (== netcoreapp2.1)) (&& (== net462) (< net46) (>= netstandard2.0)) (&& (== netcoreapp2.0) (== netstandard1.6)) (&& (== netcoreapp2.1) (== netstandard1.6)) (&& (== netcoreapp2.1) (< netcoreapp2.0)) (&& (== netstandard1.6) (>= netstandard2.0)) (== netstandard2.0)
      System.Memory (>= 4.5.1) - restriction: || (&& (== net46) (== netcoreapp2.1)) (&& (== net46) (>= net461)) (&& (== net46) (>= netcoreapp2.0)) (&& (== net46) (>= uap10.1)) (== net462) (== netcoreapp2.0) (&& (== netcoreapp2.1) (== netstandard1.6)) (&& (== netcoreapp2.1) (>= net461)) (&& (== netcoreapp2.1) (< netcoreapp2.0)) (&& (== netcoreapp2.1) (>= uap10.1)) (&& (== netstandard1.6) (>= net461)) (&& (== netstandard1.6) (>= netcoreapp2.0)) (&& (== netstandard1.6) (>= netstandard2.0)) (&& (== netstandard1.6) (>= uap10.1)) (== netstandard2.0)
    System.Net.NameResolution (4.3) - restriction: || (&& (== net46) (== netcoreapp2.0)) (&& (== net46) (== netcoreapp2.1)) (&& (== net46) (== netstandard2.0)) (&& (== net46) (< net451)) (&& (== net462) (== netcoreapp2.0)) (&& (== net462) (== netcoreapp2.1)) (&& (== net462) (== netstandard2.0)) (&& (== net462) (< net451)) (&& (== netcoreapp2.0) (< netstandard2.0)) (&& (== netcoreapp2.1) (< netstandard2.0)) (== netstandard1.6)
      Microsoft.NETCore.Platforms (>= 1.1) - restriction: || (&& (== net46) (>= dnxcore50)) (&& (== net462) (>= dnxcore50)) (&& (== net462) (< net46)) (== netcoreapp2.0) (== netcoreapp2.1) (== netstandard1.6) (== netstandard2.0)
      runtime.native.System (>= 4.3) - restriction: || (&& (== net462) (< net46)) (== netcoreapp2.0) (== netcoreapp2.1) (== netstandard1.6) (== netstandard2.0)
      System.Collections (>= 4.3) - restriction: || (&& (== net46) (>= dnxcore50)) (&& (== net462) (>= dnxcore50)) (&& (== net462) (< net46)) (== netcoreapp2.0) (== netcoreapp2.1) (== netstandard1.6) (== netstandard2.0)
      System.Diagnostics.Tracing (>= 4.3) - restriction: || (&& (== net46) (>= dnxcore50)) (&& (== net462) (>= dnxcore50)) (&& (== net462) (< net46)) (== netcoreapp2.0) (== netcoreapp2.1) (== netstandard1.6) (== netstandard2.0)
      System.Globalization (>= 4.3) - restriction: || (&& (== net46) (>= dnxcore50)) (&& (== net462) (>= dnxcore50)) (&& (== net462) (< net46)) (== netcoreapp2.0) (== netcoreapp2.1) (== netstandard1.6) (== netstandard2.0)
      System.Net.Primitives (>= 4.3) - restriction: || (&& (== net46) (>= dnxcore50)) (&& (== net462) (>= dnxcore50)) (&& (== net462) (< net46)) (== netcoreapp2.0) (== netcoreapp2.1) (== netstandard1.6) (== netstandard2.0)
      System.Resources.ResourceManager (>= 4.3) - restriction: || (&& (== net46) (>= dnxcore50)) (&& (== net462) (>= dnxcore50)) (&& (== net462) (< net46)) (== netcoreapp2.0) (== netcoreapp2.1) (== netstandard1.6) (== netstandard2.0)
      System.Runtime (>= 4.3) - restriction: || (&& (== net46) (>= dnxcore50)) (&& (== net462) (>= dnxcore50)) (&& (== net462) (< net46)) (== netcoreapp2.0) (== netcoreapp2.1) (== netstandard1.6) (== netstandard2.0)
      System.Runtime.Extensions (>= 4.3) - restriction: || (&& (== net46) (>= dnxcore50)) (&& (== net462) (>= dnxcore50)) (&& (== net462) (< net46)) (== netcoreapp2.0) (== netcoreapp2.1) (== netstandard1.6) (== netstandard2.0)
      System.Runtime.Handles (>= 4.3) - restriction: || (&& (== net46) (>= dnxcore50)) (&& (== net462) (>= dnxcore50)) (&& (== net462) (< net46)) (== netcoreapp2.0) (== netcoreapp2.1) (== netstandard1.6) (== netstandard2.0)
      System.Runtime.InteropServices (>= 4.3) - restriction: || (&& (== net46) (>= dnxcore50)) (&& (== net462) (>= dnxcore50)) (&& (== net462) (< net46)) (== netcoreapp2.0) (== netcoreapp2.1) (== netstandard1.6) (== netstandard2.0)
      System.Security.Principal.Windows (>= 4.3) - restriction: || (&& (== net462) (< net46)) (== netcoreapp2.0) (== netcoreapp2.1) (== netstandard1.6) (== netstandard2.0)
      System.Threading (>= 4.3) - restriction: || (&& (== net46) (>= dnxcore50)) (&& (== net462) (>= dnxcore50)) (&& (== net462) (< net46)) (== netcoreapp2.0) (== netcoreapp2.1) (== netstandard1.6) (== netstandard2.0)
      System.Threading.Tasks (>= 4.3) - restriction: || (&& (== net46) (>= dnxcore50)) (&& (== net462) (>= dnxcore50)) (&& (== net462) (< net46)) (== netcoreapp2.0) (== netcoreapp2.1) (== netstandard1.6) (== netstandard2.0)
    System.Net.Primitives (4.3) - restriction: || (&& (== net46) (== netcoreapp2.0)) (&& (== net46) (== netcoreapp2.1)) (&& (== net46) (== netstandard2.0)) (&& (== net46) (< net45)) (&& (== net46) (< portable-net45+win8+wpa81)) (&& (== net46) (>= uap10.0)) (&& (== net462) (== netcoreapp2.0)) (&& (== net462) (== netcoreapp2.1)) (&& (== net462) (== netstandard2.0)) (&& (== net462) (< net45)) (&& (== net462) (< netstandard1.5) (>= uap10.0)) (&& (== net462) (< portable-net45+win8+wpa81)) (&& (== netcoreapp2.0) (< netstandard1.2)) (&& (== netcoreapp2.0) (< netstandard1.3)) (&& (== netcoreapp2.0) (< netstandard1.4)) (&& (== netcoreapp2.0) (< netstandard1.5)) (&& (== netcoreapp2.0) (< netstandard1.6)) (&& (== netcoreapp2.0) (< netstandard2.0)) (&& (== netcoreapp2.0) (< portable-net45+win8+wpa81)) (&& (== netcoreapp2.1) (< netstandard1.2)) (&& (== netcoreapp2.1) (< netstandard1.3)) (&& (== netcoreapp2.1) (< netstandard1.4)) (&& (== netcoreapp2.1) (< netstandard1.5)) (&& (== netcoreapp2.1) (< netstandard1.6)) (&& (== netcoreapp2.1) (< netstandard2.0)) (&& (== netcoreapp2.1) (< portable-net45+win8+wpa81)) (== netstandard1.6) (&& (== netstandard2.0) (< netstandard1.2)) (&& (== netstandard2.0) (< netstandard1.3)) (&& (== netstandard2.0) (< netstandard1.4)) (&& (== netstandard2.0) (< netstandard1.5)) (&& (== netstandard2.0) (< netstandard1.6)) (&& (== netstandard2.0) (< portable-net45+win8+wpa81))
      Microsoft.NETCore.Platforms (>= 1.1) - restriction: || (&& (== net46) (>= dnxcore50)) (&& (== net46) (< net45)) (&& (== net46) (< netstandard1.1)) (&& (== net462) (>= dnxcore50)) (&& (== net462) (< net45)) (&& (== net462) (< netstandard1.1)) (== netcoreapp2.0) (== netcoreapp2.1) (== netstandard1.6) (== netstandard2.0)
      Microsoft.NETCore.Targets (>= 1.1) - restriction: || (&& (== net46) (>= dnxcore50)) (&& (== net46) (< net45)) (&& (== net46) (< netstandard1.1)) (&& (== net462) (>= dnxcore50)) (&& (== net462) (< net45)) (&& (== net462) (< netstandard1.1)) (== netcoreapp2.0) (== netcoreapp2.1) (== netstandard1.6) (== netstandard2.0)
      System.Runtime (>= 4.3) - restriction: || (&& (== net46) (>= dnxcore50)) (&& (== net46) (< net45)) (&& (== net46) (< netstandard1.1)) (&& (== net462) (>= dnxcore50)) (&& (== net462) (< net45)) (&& (== net462) (< netstandard1.1)) (== netcoreapp2.0) (== netcoreapp2.1) (== netstandard1.6) (== netstandard2.0)
      System.Runtime.Handles (>= 4.3) - restriction: || (&& (== net46) (>= dnxcore50)) (&& (== net46) (< net45)) (&& (== net462) (>= dnxcore50)) (&& (== net462) (< net45)) (== netcoreapp2.0) (== netcoreapp2.1) (== netstandard1.6) (== netstandard2.0)
    System.Net.Requests (4.3) - restriction: || (&& (== net46) (== netcoreapp2.0)) (&& (== net46) (== netcoreapp2.1)) (&& (== net46) (== netstandard2.0)) (&& (== net46) (< net45) (>= netstandard1.6)) (&& (== net462) (== netcoreapp2.0)) (&& (== net462) (== netcoreapp2.1)) (&& (== net462) (== netstandard2.0)) (&& (== net462) (< net45) (>= netstandard1.6)) (&& (== netcoreapp2.0) (< netstandard2.0)) (&& (== netcoreapp2.1) (< netstandard2.0)) (== netstandard1.6)
      Microsoft.NETCore.Platforms (>= 1.1) - restriction: || (&& (== net46) (< net45)) (&& (== net462) (< net45)) (== netcoreapp2.0) (== netcoreapp2.1) (== netstandard1.6) (== netstandard2.0)
      System.Collections (>= 4.3) - restriction: || (&& (== net46) (>= dnxcore50)) (&& (== net46) (< net45)) (&& (== net462) (>= dnxcore50)) (&& (== net462) (< net45)) (== netcoreapp2.0) (== netcoreapp2.1) (== netstandard1.6) (== netstandard2.0)
      System.Diagnostics.Debug (>= 4.3) - restriction: || (&& (== net46) (>= dnxcore50)) (&& (== net46) (< net45)) (&& (== net462) (>= dnxcore50)) (&& (== net462) (< net45)) (== netcoreapp2.0) (== netcoreapp2.1) (== netstandard1.6) (== netstandard2.0)
      System.Diagnostics.Tracing (>= 4.3) - restriction: || (&& (== net46) (>= dnxcore50)) (&& (== net46) (< net45)) (&& (== net462) (>= dnxcore50)) (&& (== net462) (< net45)) (== netcoreapp2.0) (== netcoreapp2.1) (== netstandard1.6) (== netstandard2.0)
      System.Globalization (>= 4.3) - restriction: || (&& (== net46) (>= dnxcore50)) (&& (== net46) (< net45)) (&& (== net462) (>= dnxcore50)) (&& (== net462) (< net45)) (== netcoreapp2.0) (== netcoreapp2.1) (== netstandard1.6) (== netstandard2.0)
      System.IO (>= 4.3) - restriction: || (&& (== net46) (>= dnxcore50)) (&& (== net46) (< net45)) (&& (== net46) (< netstandard1.1)) (&& (== net462) (>= dnxcore50)) (&& (== net462) (< net45)) (&& (== net462) (< netstandard1.1)) (== netcoreapp2.0) (== netcoreapp2.1) (== netstandard1.6) (== netstandard2.0)
      System.Net.Http (>= 4.3) - restriction: || (&& (== net46) (>= dnxcore50)) (&& (== net46) (< net45)) (&& (== net462) (>= dnxcore50)) (&& (== net462) (< net45)) (== netcoreapp2.0) (== netcoreapp2.1) (== netstandard1.6) (== netstandard2.0)
      System.Net.Primitives (>= 4.3) - restriction: || (&& (== net46) (>= dnxcore50)) (&& (== net46) (< net45)) (&& (== net46) (< netstandard1.1)) (&& (== net462) (>= dnxcore50)) (&& (== net462) (< net45)) (&& (== net462) (< netstandard1.1)) (== netcoreapp2.0) (== netcoreapp2.1) (== netstandard1.6) (== netstandard2.0)
      System.Net.WebHeaderCollection (>= 4.3) - restriction: || (&& (== net46) (>= dnxcore50)) (&& (== net46) (< net45)) (&& (== net462) (>= dnxcore50)) (&& (== net462) (< net45)) (== netcoreapp2.0) (== netcoreapp2.1) (== netstandard1.6) (== netstandard2.0)
      System.Resources.ResourceManager (>= 4.3) - restriction: || (&& (== net46) (>= dnxcore50)) (&& (== net46) (< net45)) (&& (== net462) (>= dnxcore50)) (&& (== net462) (< net45)) (== netcoreapp2.0) (== netcoreapp2.1) (== netstandard1.6) (== netstandard2.0)
      System.Runtime (>= 4.3) - restriction: || (&& (== net46) (>= dnxcore50)) (&& (== net46) (< net45)) (&& (== net46) (< netstandard1.1)) (&& (== net462) (>= dnxcore50)) (&& (== net462) (< net45)) (&& (== net462) (< netstandard1.1)) (== netcoreapp2.0) (== netcoreapp2.1) (== netstandard1.6) (== netstandard2.0)
      System.Threading (>= 4.3) - restriction: || (&& (== net46) (>= dnxcore50)) (&& (== net46) (< net45)) (&& (== net462) (>= dnxcore50)) (&& (== net462) (< net45)) (== netcoreapp2.0) (== netcoreapp2.1) (== netstandard1.6) (== netstandard2.0)
      System.Threading.Tasks (>= 4.3) - restriction: || (&& (== net46) (>= dnxcore50)) (&& (== net46) (< net45)) (&& (== net462) (>= dnxcore50)) (&& (== net462) (< net45)) (== netcoreapp2.0) (== netcoreapp2.1) (== netstandard1.6) (== netstandard2.0)
    System.Net.Security (4.3.2) - restriction: || (&& (== net46) (== netcoreapp2.0)) (&& (== net46) (== netcoreapp2.1)) (&& (== net46) (== netstandard2.0)) (&& (== net46) (< net451)) (&& (== net462) (== netcoreapp2.0)) (&& (== net462) (== netcoreapp2.1)) (&& (== net462) (== netstandard2.0)) (&& (== net462) (< net451)) (&& (== netcoreapp2.0) (< netstandard2.0)) (&& (== netcoreapp2.1) (< netstandard2.0)) (== netstandard1.6)
      Microsoft.NETCore.Platforms (>= 1.1) - restriction: || (&& (== net462) (< net46)) (== netcoreapp2.0) (== netcoreapp2.1) (== netstandard1.6) (== netstandard2.0)
      Microsoft.Win32.Primitives (>= 4.3) - restriction: || (&& (== net462) (< net46)) (== netcoreapp2.0) (== netcoreapp2.1) (== netstandard1.6) (== netstandard2.0)
      runtime.native.System (>= 4.3) - restriction: || (&& (== net462) (< net46) (>= netstandard1.6)) (== netcoreapp2.0) (== netcoreapp2.1) (== netstandard1.6) (== netstandard2.0)
      runtime.native.System.Net.Security (>= 4.3) - restriction: || (&& (== net462) (< net46) (>= netstandard1.6)) (== netcoreapp2.0) (== netcoreapp2.1) (== netstandard1.6) (== netstandard2.0)
      runtime.native.System.Security.Cryptography.OpenSsl (>= 4.3.2) - restriction: || (&& (== net462) (< net46) (>= netstandard1.6)) (== netcoreapp2.0) (== netcoreapp2.1) (== netstandard1.6) (== netstandard2.0)
      System.Collections (>= 4.3) - restriction: || (&& (== net462) (< net46)) (== netcoreapp2.0) (== netcoreapp2.1) (== netstandard1.6) (== netstandard2.0)
      System.Collections.Concurrent (>= 4.3) - restriction: || (&& (== net462) (< net46)) (== netcoreapp2.0) (== netcoreapp2.1) (== netstandard1.6) (== netstandard2.0)
      System.Diagnostics.Tracing (>= 4.3) - restriction: || (&& (== net462) (< net46)) (== netcoreapp2.0) (== netcoreapp2.1) (== netstandard1.6) (== netstandard2.0)
      System.Globalization (>= 4.3) - restriction: || (&& (== net462) (< net46)) (== netcoreapp2.0) (== netcoreapp2.1) (== netstandard1.6) (== netstandard2.0)
      System.Globalization.Extensions (>= 4.3) - restriction: || (&& (== net462) (< net46) (>= netstandard1.6)) (== netcoreapp2.0) (== netcoreapp2.1) (== netstandard1.6) (== netstandard2.0)
      System.IO (>= 4.3) - restriction: || (&& (== net462) (< net46)) (== netcoreapp2.0) (== netcoreapp2.1) (== netstandard1.6) (== netstandard2.0)
      System.Net.Primitives (>= 4.3) - restriction: || (&& (== net462) (< net46)) (== netcoreapp2.0) (== netcoreapp2.1) (== netstandard1.6) (== netstandard2.0)
      System.Resources.ResourceManager (>= 4.3) - restriction: || (&& (== net462) (< net46)) (== netcoreapp2.0) (== netcoreapp2.1) (== netstandard1.6) (== netstandard2.0)
      System.Runtime (>= 4.3) - restriction: || (&& (== net462) (< net46)) (== netcoreapp2.0) (== netcoreapp2.1) (== netstandard1.6) (== netstandard2.0)
      System.Runtime.Extensions (>= 4.3) - restriction: || (&& (== net462) (< net46)) (== netcoreapp2.0) (== netcoreapp2.1) (== netstandard1.6) (== netstandard2.0)
      System.Runtime.Handles (>= 4.3) - restriction: || (&& (== net462) (< net46)) (== netcoreapp2.0) (== netcoreapp2.1) (== netstandard1.6) (== netstandard2.0)
      System.Runtime.InteropServices (>= 4.3) - restriction: || (&& (== net462) (< net46)) (== netcoreapp2.0) (== netcoreapp2.1) (== netstandard1.6) (== netstandard2.0)
      System.Security.Claims (>= 4.3) - restriction: || (&& (== net462) (< net46)) (== netcoreapp2.0) (== netcoreapp2.1) (== netstandard1.6) (== netstandard2.0)
      System.Security.Cryptography.Algorithms (>= 4.3) - restriction: || (&& (== net462) (< net46) (>= netstandard1.6)) (== netcoreapp2.0) (== netcoreapp2.1) (== netstandard1.6) (== netstandard2.0)
      System.Security.Cryptography.Encoding (>= 4.3) - restriction: || (&& (== net462) (< net46)) (== netcoreapp2.0) (== netcoreapp2.1) (== netstandard1.6) (== netstandard2.0)
      System.Security.Cryptography.OpenSsl (>= 4.3) - restriction: || (&& (== net462) (< net46) (>= netstandard1.6)) (== netcoreapp2.0) (== netcoreapp2.1) (== netstandard1.6) (== netstandard2.0)
      System.Security.Cryptography.Primitives (>= 4.3) - restriction: || (&& (== net462) (< net46)) (== netcoreapp2.0) (== netcoreapp2.1) (== netstandard1.6) (== netstandard2.0)
      System.Security.Cryptography.X509Certificates (>= 4.3)
      System.Security.Principal (>= 4.3) - restriction: || (&& (== net462) (< net46)) (== netcoreapp2.0) (== netcoreapp2.1) (== netstandard1.6) (== netstandard2.0)
      System.Text.Encoding (>= 4.3) - restriction: || (&& (== net462) (< net46) (>= netstandard1.6)) (== netcoreapp2.0) (== netcoreapp2.1) (== netstandard1.6) (== netstandard2.0)
      System.Threading (>= 4.3) - restriction: || (&& (== net462) (< net46)) (== netcoreapp2.0) (== netcoreapp2.1) (== netstandard1.6) (== netstandard2.0)
      System.Threading.Tasks (>= 4.3) - restriction: || (&& (== net462) (< net46)) (== netcoreapp2.0) (== netcoreapp2.1) (== netstandard1.6) (== netstandard2.0)
      System.Threading.ThreadPool (>= 4.3) - restriction: || (&& (== net462) (< net46)) (== netcoreapp2.0) (== netcoreapp2.1) (== netstandard1.6) (== netstandard2.0)
    System.Net.Sockets (4.3) - restriction: || (== net46) (&& (== net462) (== netcoreapp2.0)) (&& (== net462) (== netcoreapp2.1)) (&& (== net462) (== netstandard2.0)) (&& (== net462) (< net45)) (&& (== net462) (< net451)) (&& (== net462) (< netstandard1.4)) (&& (== net462) (< netstandard1.5) (>= uap10.0)) (&& (== netcoreapp2.0) (< netstandard1.4)) (&& (== netcoreapp2.0) (< netstandard1.5)) (&& (== netcoreapp2.0) (< netstandard1.6)) (&& (== netcoreapp2.0) (< netstandard2.0)) (&& (== netcoreapp2.1) (< netstandard1.4)) (&& (== netcoreapp2.1) (< netstandard1.5)) (&& (== netcoreapp2.1) (< netstandard1.6)) (&& (== netcoreapp2.1) (< netstandard2.0)) (== netstandard1.6) (&& (== netstandard2.0) (< netstandard1.4)) (&& (== netstandard2.0) (< netstandard1.5)) (&& (== netstandard2.0) (< netstandard1.6))
      Microsoft.NETCore.Platforms (>= 1.1) - restriction: || (&& (== net462) (< net46)) (== netcoreapp2.0) (== netcoreapp2.1) (== netstandard1.6) (== netstandard2.0)
      Microsoft.NETCore.Targets (>= 1.1) - restriction: || (&& (== net462) (< net46)) (== netcoreapp2.0) (== netcoreapp2.1) (== netstandard1.6) (== netstandard2.0)
      System.IO (>= 4.3) - restriction: || (&& (== net462) (< net46)) (== netcoreapp2.0) (== netcoreapp2.1) (== netstandard1.6) (== netstandard2.0)
      System.Net.Primitives (>= 4.3) - restriction: || (&& (== net462) (< net46)) (== netcoreapp2.0) (== netcoreapp2.1) (== netstandard1.6) (== netstandard2.0)
      System.Runtime (>= 4.3) - restriction: || (&& (== net462) (< net46)) (== netcoreapp2.0) (== netcoreapp2.1) (== netstandard1.6) (== netstandard2.0)
      System.Threading.Tasks (>= 4.3) - restriction: || (&& (== net462) (< net46)) (== netcoreapp2.0) (== netcoreapp2.1) (== netstandard1.6) (== netstandard2.0)
    System.Net.WebHeaderCollection (4.3) - restriction: || (&& (== net46) (== netcoreapp2.0)) (&& (== net46) (== netcoreapp2.1)) (&& (== net46) (== netstandard2.0)) (&& (== net46) (>= dnxcore50) (>= netstandard1.6)) (&& (== net46) (< net45) (>= netstandard1.6)) (&& (== net462) (== netcoreapp2.0)) (&& (== net462) (== netcoreapp2.1)) (&& (== net462) (== netstandard2.0)) (&& (== net462) (>= dnxcore50) (>= netstandard1.6)) (&& (== net462) (< net45) (>= netstandard1.6)) (&& (== netcoreapp2.0) (>= dnxcore50)) (&& (== netcoreapp2.0) (< netstandard2.0)) (&& (== netcoreapp2.1) (>= dnxcore50)) (&& (== netcoreapp2.1) (< netstandard2.0)) (== netstandard1.6)
      System.Collections (>= 4.3) - restriction: || (&& (== net462) (< net46)) (== netcoreapp2.0) (== netcoreapp2.1) (== netstandard1.6) (== netstandard2.0)
      System.Resources.ResourceManager (>= 4.3) - restriction: || (&& (== net462) (< net46)) (== netcoreapp2.0) (== netcoreapp2.1) (== netstandard1.6) (== netstandard2.0)
      System.Runtime (>= 4.3) - restriction: || (&& (== net462) (< net46)) (== netcoreapp2.0) (== netcoreapp2.1) (== netstandard1.6) (== netstandard2.0)
      System.Runtime.Extensions (>= 4.3) - restriction: || (&& (== net462) (< net46)) (== netcoreapp2.0) (== netcoreapp2.1) (== netstandard1.6) (== netstandard2.0)
    System.Numerics.Vectors (4.5) - restriction: || (&& (== net46) (== netcoreapp2.0)) (&& (== net46) (== netcoreapp2.1)) (&& (== net46) (< net45) (>= netstandard2.0)) (&& (== net46) (< net451) (>= net461) (>= netstandard2.0)) (&& (== net46) (>= net461) (>= uap10.1)) (&& (== net46) (>= netcoreapp2.0)) (&& (== net46) (>= netstandard2.0) (>= uap10.1)) (&& (== net462) (== netcoreapp2.0)) (&& (== net462) (== netcoreapp2.1)) (&& (== net462) (< net45) (>= netstandard2.0)) (&& (== net462) (< net451) (>= netstandard2.0)) (&& (== net462) (>= netcoreapp2.0)) (&& (== net462) (>= uap10.1)) (&& (== netcoreapp2.0) (== netstandard1.6)) (&& (== netcoreapp2.0) (>= net461)) (&& (== netcoreapp2.1) (== netstandard1.6)) (&& (== netcoreapp2.1) (>= net461)) (&& (== netcoreapp2.1) (< netcoreapp2.0)) (&& (== netcoreapp2.1) (>= uap10.1)) (&& (== netstandard1.6) (>= net461) (>= uap10.1)) (&& (== netstandard1.6) (>= netcoreapp2.0)) (&& (== netstandard1.6) (>= netstandard2.0)) (== netstandard2.0)
    System.ObjectModel (4.3) - restriction: || (&& (== net46) (== netcoreapp2.0)) (&& (== net46) (== netcoreapp2.1)) (&& (== net46) (== netstandard2.0)) (&& (== net46) (< net45)) (&& (== net46) (< portable-net45+win8+wpa81)) (&& (== net46) (>= uap10.0)) (&& (== net462) (== netcoreapp2.0)) (&& (== net462) (== netcoreapp2.1)) (&& (== net462) (== netstandard2.0)) (&& (== net462) (< net45)) (&& (== net462) (< netstandard1.5) (>= uap10.0)) (&& (== net462) (< portable-net45+win8+wpa81)) (&& (== netcoreapp2.0) (< netstandard1.2)) (&& (== netcoreapp2.0) (< netstandard1.3)) (&& (== netcoreapp2.0) (< netstandard1.4)) (&& (== netcoreapp2.0) (< netstandard1.5)) (&& (== netcoreapp2.0) (< netstandard1.6)) (&& (== netcoreapp2.0) (< netstandard2.0)) (&& (== netcoreapp2.0) (< portable-net45+win8+wpa81)) (&& (== netcoreapp2.1) (< netstandard1.2)) (&& (== netcoreapp2.1) (< netstandard1.3)) (&& (== netcoreapp2.1) (< netstandard1.4)) (&& (== netcoreapp2.1) (< netstandard1.5)) (&& (== netcoreapp2.1) (< netstandard1.6)) (&& (== netcoreapp2.1) (< netstandard2.0)) (&& (== netcoreapp2.1) (< portable-net45+win8+wpa81)) (== netstandard1.6) (&& (== netstandard2.0) (< netstandard1.2)) (&& (== netstandard2.0) (< netstandard1.3)) (&& (== netstandard2.0) (< netstandard1.4)) (&& (== netstandard2.0) (< netstandard1.5)) (&& (== netstandard2.0) (< netstandard1.6)) (&& (== netstandard2.0) (< portable-net45+win8+wpa81))
      System.Collections (>= 4.3) - restriction: || (&& (== net46) (>= dnxcore50)) (&& (== net46) (< net45)) (&& (== net462) (>= dnxcore50)) (&& (== net462) (< net45)) (== netcoreapp2.0) (== netcoreapp2.1) (== netstandard1.6) (== netstandard2.0)
      System.Diagnostics.Debug (>= 4.3) - restriction: || (&& (== net46) (>= dnxcore50)) (&& (== net46) (< net45)) (&& (== net462) (>= dnxcore50)) (&& (== net462) (< net45)) (== netcoreapp2.0) (== netcoreapp2.1) (== netstandard1.6) (== netstandard2.0)
      System.Resources.ResourceManager (>= 4.3) - restriction: || (&& (== net46) (>= dnxcore50)) (&& (== net46) (< net45)) (&& (== net462) (>= dnxcore50)) (&& (== net462) (< net45)) (== netcoreapp2.0) (== netcoreapp2.1) (== netstandard1.6) (== netstandard2.0)
      System.Runtime (>= 4.3) - restriction: || (&& (== net46) (>= dnxcore50)) (&& (== net46) (< net45)) (&& (== net462) (>= dnxcore50)) (&& (== net462) (< net45)) (== netcoreapp2.0) (== netcoreapp2.1) (== netstandard1.6) (== netstandard2.0)
      System.Threading (>= 4.3) - restriction: || (&& (== net46) (>= dnxcore50)) (&& (== net46) (< net45)) (&& (== net462) (>= dnxcore50)) (&& (== net462) (< net45)) (== netcoreapp2.0) (== netcoreapp2.1) (== netstandard1.6) (== netstandard2.0)
    System.Reactive (4.1.3) - restriction: || (== net46) (== net462) (== netcoreapp2.0) (== netcoreapp2.1) (&& (== netstandard1.6) (>= net46)) (&& (== netstandard1.6) (>= netstandard2.0)) (&& (== netstandard1.6) (>= uap10.0)) (== netstandard2.0)
      System.Runtime.InteropServices.WindowsRuntime (>= 4.3) - restriction: || (&& (== net462) (< net46) (>= netstandard2.0)) (== netcoreapp2.0) (== netcoreapp2.1) (&& (== netstandard1.6) (>= netstandard2.0)) (== netstandard2.0)
      System.Threading.Tasks.Extensions (>= 4.5.2) - restriction: || (== net46) (== net462) (== netcoreapp2.0) (== netcoreapp2.1) (&& (== netstandard1.6) (>= net46)) (&& (== netstandard1.6) (>= netstandard2.0)) (&& (== netstandard1.6) (>= uap10.0)) (== netstandard2.0)
      System.ValueTuple (>= 4.5) - restriction: || (== net46) (== net462) (&& (== netcoreapp2.0) (>= net46)) (&& (== netcoreapp2.0) (>= uap10.0)) (&& (== netcoreapp2.1) (>= net46)) (&& (== netcoreapp2.1) (>= uap10.0)) (&& (== netstandard1.6) (>= net46)) (&& (== netstandard1.6) (>= uap10.0)) (&& (== netstandard2.0) (>= net46)) (&& (== netstandard2.0) (>= uap10.0))
    System.Reactive.Compatibility (4.1.3)
      System.Reactive.Core (>= 4.1.3)
      System.Reactive.Experimental (>= 4.1.3) - restriction: || (== net46) (== net462) (&& (== netcoreapp2.0) (>= net45)) (&& (== netcoreapp2.1) (>= net45)) (&& (== netstandard1.6) (>= net45)) (&& (== netstandard2.0) (>= net45))
      System.Reactive.Interfaces (>= 4.1.3)
      System.Reactive.Linq (>= 4.1.3)
      System.Reactive.PlatformServices (>= 4.1.3)
      System.Reactive.Providers (>= 4.1.3)
      System.Reactive.Runtime.Remoting (>= 4.1.3) - restriction: || (== net46) (== net462) (&& (== netcoreapp2.0) (>= net45)) (&& (== netcoreapp2.1) (>= net45)) (&& (== netstandard1.6) (>= net45)) (&& (== netstandard2.0) (>= net45))
      System.Reactive.Windows.Forms (>= 4.1.3) - restriction: || (== net46) (== net462) (&& (== netcoreapp2.0) (>= net45)) (&& (== netcoreapp2.1) (>= net45)) (&& (== netstandard1.6) (>= net45)) (&& (== netstandard2.0) (>= net45))
      System.Reactive.Windows.Threading (>= 4.1.3) - restriction: || (== net46) (== net462) (&& (== netcoreapp2.0) (>= net45)) (&& (== netcoreapp2.0) (>= uap10.0)) (&& (== netcoreapp2.1) (>= net45)) (&& (== netcoreapp2.1) (>= uap10.0)) (&& (== netstandard1.6) (>= net45)) (&& (== netstandard1.6) (>= uap10.0)) (&& (== netstandard2.0) (>= net45)) (&& (== netstandard2.0) (>= uap10.0))
    System.Reactive.Core (4.1.3)
      System.Reactive (>= 4.1.3) - restriction: || (== net46) (== net462) (== netcoreapp2.0) (== netcoreapp2.1) (&& (== netstandard1.6) (>= net46)) (&& (== netstandard1.6) (>= netstandard2.0)) (&& (== netstandard1.6) (>= uap10.0)) (== netstandard2.0)
      System.Threading.Tasks.Extensions (>= 4.5.2) - restriction: || (== net46) (== net462) (== netcoreapp2.0) (== netcoreapp2.1) (&& (== netstandard1.6) (>= net46)) (&& (== netstandard1.6) (>= netstandard2.0)) (&& (== netstandard1.6) (>= uap10.0)) (== netstandard2.0)
    System.Reactive.Experimental (4.1.3) - restriction: || (== net46) (== net462) (&& (== netcoreapp2.0) (>= net45)) (&& (== netcoreapp2.1) (>= net45)) (&& (== netstandard1.6) (>= net45)) (&& (== netstandard2.0) (>= net45))
      System.Reactive (>= 4.1.3) - restriction: || (== net46) (== net462) (&& (== netcoreapp2.0) (>= net46)) (&& (== netcoreapp2.1) (>= net46)) (&& (== netstandard1.6) (>= net46)) (&& (== netstandard2.0) (>= net46))
      System.Threading.Tasks.Extensions (>= 4.5.2) - restriction: || (== net46) (== net462) (&& (== netcoreapp2.0) (>= net46)) (&& (== netcoreapp2.1) (>= net46)) (&& (== netstandard1.6) (>= net46)) (&& (== netstandard2.0) (>= net46))
    System.Reactive.Interfaces (4.1.3)
      System.Reactive (>= 4.1.3) - restriction: || (== net46) (== net462) (== netcoreapp2.0) (== netcoreapp2.1) (&& (== netstandard1.6) (>= net46)) (&& (== netstandard1.6) (>= netstandard2.0)) (&& (== netstandard1.6) (>= uap10.0)) (== netstandard2.0)
      System.Threading.Tasks.Extensions (>= 4.5.2) - restriction: || (== net46) (== net462) (== netcoreapp2.0) (== netcoreapp2.1) (&& (== netstandard1.6) (>= net46)) (&& (== netstandard1.6) (>= netstandard2.0)) (&& (== netstandard1.6) (>= uap10.0)) (== netstandard2.0)
    System.Reactive.Linq (4.1.3)
      System.Reactive (>= 4.1.3) - restriction: || (== net46) (== net462) (== netcoreapp2.0) (== netcoreapp2.1) (&& (== netstandard1.6) (>= net46)) (&& (== netstandard1.6) (>= netstandard2.0)) (&& (== netstandard1.6) (>= uap10.0)) (== netstandard2.0)
      System.Threading.Tasks.Extensions (>= 4.5.2) - restriction: || (== net46) (== net462) (== netcoreapp2.0) (== netcoreapp2.1) (&& (== netstandard1.6) (>= net46)) (&& (== netstandard1.6) (>= netstandard2.0)) (&& (== netstandard1.6) (>= uap10.0)) (== netstandard2.0)
    System.Reactive.PlatformServices (4.1.3)
      System.Reactive (>= 4.1.3) - restriction: || (== net46) (== net462) (== netcoreapp2.0) (== netcoreapp2.1) (&& (== netstandard1.6) (>= net46)) (&& (== netstandard1.6) (>= netstandard2.0)) (&& (== netstandard1.6) (>= uap10.0)) (== netstandard2.0)
      System.Threading.Tasks.Extensions (>= 4.5.2) - restriction: || (== net46) (== net462) (== netcoreapp2.0) (== netcoreapp2.1) (&& (== netstandard1.6) (>= net46)) (&& (== netstandard1.6) (>= netstandard2.0)) (&& (== netstandard1.6) (>= uap10.0)) (== netstandard2.0)
    System.Reactive.Providers (4.1.3)
      System.Reactive (>= 4.1.3) - restriction: || (== net46) (== net462) (== netcoreapp2.0) (== netcoreapp2.1) (&& (== netstandard1.6) (>= net46)) (&& (== netstandard1.6) (>= netstandard2.0)) (&& (== netstandard1.6) (>= uap10.0)) (== netstandard2.0)
      System.Threading.Tasks.Extensions (>= 4.5.2) - restriction: || (== net46) (== net462) (== netcoreapp2.0) (== netcoreapp2.1) (&& (== netstandard1.6) (>= net46)) (&& (== netstandard1.6) (>= netstandard2.0)) (&& (== netstandard1.6) (>= uap10.0)) (== netstandard2.0)
    System.Reactive.Runtime.Remoting (4.1.3) - restriction: || (== net46) (== net462) (&& (== netcoreapp2.0) (>= net45)) (&& (== netcoreapp2.1) (>= net45)) (&& (== netstandard1.6) (>= net45)) (&& (== netstandard2.0) (>= net45))
      System.Reactive (>= 4.1.3) - restriction: || (== net46) (== net462) (&& (== netcoreapp2.0) (>= net46)) (&& (== netcoreapp2.1) (>= net46)) (&& (== netstandard1.6) (>= net46)) (&& (== netstandard2.0) (>= net46))
      System.Threading.Tasks.Extensions (>= 4.5.2) - restriction: || (== net46) (== net462) (&& (== netcoreapp2.0) (>= net46)) (&& (== netcoreapp2.1) (>= net46)) (&& (== netstandard1.6) (>= net46)) (&& (== netstandard2.0) (>= net46))
    System.Reactive.Windows.Forms (4.1.3) - restriction: || (== net46) (== net462) (&& (== netcoreapp2.0) (>= net45)) (&& (== netcoreapp2.1) (>= net45)) (&& (== netstandard1.6) (>= net45)) (&& (== netstandard2.0) (>= net45))
      System.Reactive (>= 4.1.3) - restriction: || (== net46) (== net462) (&& (== netcoreapp2.0) (>= net46)) (&& (== netcoreapp2.1) (>= net46)) (&& (== netstandard1.6) (>= net46)) (&& (== netstandard2.0) (>= net46))
      System.Threading.Tasks.Extensions (>= 4.5.2) - restriction: || (== net46) (== net462) (&& (== netcoreapp2.0) (>= net46)) (&& (== netcoreapp2.1) (>= net46)) (&& (== netstandard1.6) (>= net46)) (&& (== netstandard2.0) (>= net46))
    System.Reactive.Windows.Threading (4.1.3) - restriction: || (== net46) (== net462) (&& (== netcoreapp2.0) (>= net45)) (&& (== netcoreapp2.0) (>= uap10.0)) (&& (== netcoreapp2.1) (>= net45)) (&& (== netcoreapp2.1) (>= uap10.0)) (&& (== netstandard1.6) (>= net45)) (&& (== netstandard1.6) (>= uap10.0)) (&& (== netstandard2.0) (>= net45)) (&& (== netstandard2.0) (>= uap10.0))
      System.Reactive (>= 4.1.3) - restriction: || (== net46) (== net462) (&& (== netcoreapp2.0) (>= net46)) (&& (== netcoreapp2.0) (>= uap10.0)) (&& (== netcoreapp2.1) (>= net46)) (&& (== netcoreapp2.1) (>= uap10.0)) (&& (== netstandard1.6) (>= net46)) (&& (== netstandard1.6) (>= uap10.0)) (&& (== netstandard2.0) (>= net46)) (&& (== netstandard2.0) (>= uap10.0))
      System.Threading.Tasks.Extensions (>= 4.5.2) - restriction: || (== net46) (== net462) (&& (== netcoreapp2.0) (>= net46)) (&& (== netcoreapp2.0) (>= uap10.0)) (&& (== netcoreapp2.1) (>= net46)) (&& (== netcoreapp2.1) (>= uap10.0)) (&& (== netstandard1.6) (>= net46)) (&& (== netstandard1.6) (>= uap10.0)) (&& (== netstandard2.0) (>= net46)) (&& (== netstandard2.0) (>= uap10.0))
    System.Reflection (4.3) - restriction: || (&& (== net46) (== net462)) (&& (== net46) (< net45)) (&& (== net46) (>= netstandard1.5)) (&& (== net46) (< portable-net45+win8+wpa81)) (&& (== net46) (>= uap10.0)) (&& (== net462) (< net45)) (&& (== net462) (< netstandard1.5) (>= uap10.0)) (&& (== net462) (< portable-net45+win8+wpa81)) (== netcoreapp2.0) (== netcoreapp2.1) (== netstandard1.6) (== netstandard2.0)
      Microsoft.NETCore.Platforms (>= 1.1) - restriction: || (&& (== net46) (>= dnxcore50)) (&& (== net46) (< net45)) (&& (== net462) (>= dnxcore50)) (&& (== net462) (< net45)) (== netcoreapp2.0) (== netcoreapp2.1) (== netstandard1.6) (== netstandard2.0)
      Microsoft.NETCore.Targets (>= 1.1) - restriction: || (&& (== net46) (>= dnxcore50)) (&& (== net46) (< net45)) (&& (== net462) (>= dnxcore50)) (&& (== net462) (< net45)) (== netcoreapp2.0) (== netcoreapp2.1) (== netstandard1.6) (== netstandard2.0)
      System.IO (>= 4.3) - restriction: || (&& (== net46) (>= dnxcore50)) (&& (== net46) (< net45)) (&& (== net462) (>= dnxcore50)) (&& (== net462) (< net45)) (== netcoreapp2.0) (== netcoreapp2.1) (== netstandard1.6) (== netstandard2.0)
      System.Reflection.Primitives (>= 4.3) - restriction: || (&& (== net46) (>= dnxcore50)) (&& (== net46) (< net45)) (&& (== net462) (>= dnxcore50)) (&& (== net462) (< net45)) (== netcoreapp2.0) (== netcoreapp2.1) (== netstandard1.6) (== netstandard2.0)
      System.Runtime (>= 4.3) - restriction: || (&& (== net46) (>= dnxcore50)) (&& (== net46) (< net45)) (&& (== net462) (>= dnxcore50)) (&& (== net462) (< net45)) (== netcoreapp2.0) (== netcoreapp2.1) (== netstandard1.6) (== netstandard2.0)
    System.Reflection.Emit (4.3) - storage: packages, content: none, restriction: || (&& (== net46) (< net45) (>= netstandard1.6)) (&& (== net46) (< net45) (>= netstandard2.0)) (&& (== net46) (>= netstandard1.6) (< portable-net45+win8+wpa81)) (&& (== net46) (>= netstandard1.6) (>= uap10.0)) (&& (== net462) (< net45) (>= netstandard1.6)) (&& (== net462) (< net45) (>= netstandard2.0)) (&& (== net462) (< netstandard1.5) (>= netstandard1.6) (>= uap10.0)) (&& (== net462) (>= netstandard1.6) (< portable-net45+win8+wpa81)) (== netcoreapp2.0) (== netcoreapp2.1) (== netstandard1.6) (== netstandard2.0)
      System.IO (>= 4.3) - restriction: || (&& (== net46) (< net45)) (&& (== net462) (< net45)) (== netcoreapp2.0) (== netcoreapp2.1) (== netstandard1.6) (== netstandard2.0)
      System.Reflection (>= 4.3) - restriction: || (&& (== net46) (< net45)) (&& (== net462) (< net45)) (== netcoreapp2.0) (== netcoreapp2.1) (== netstandard1.6) (== netstandard2.0)
      System.Reflection.Emit.ILGeneration (>= 4.3) - restriction: || (&& (== net46) (< net45)) (&& (== net462) (< net45)) (== netcoreapp2.0) (== netcoreapp2.1) (== netstandard1.6) (== netstandard2.0)
      System.Reflection.Primitives (>= 4.3) - restriction: || (&& (== net46) (< net45)) (&& (== net462) (< net45)) (== netcoreapp2.0) (== netcoreapp2.1) (== netstandard1.6) (== netstandard2.0)
      System.Runtime (>= 4.3) - restriction: || (&& (== net46) (< net45)) (&& (== net462) (< net45)) (== netcoreapp2.0) (== netcoreapp2.1) (== netstandard1.6) (== netstandard2.0)
    System.Reflection.Emit.ILGeneration (4.3) - restriction: || (&& (== net46) (>= dnxcore50)) (&& (== net46) (< net45) (>= netstandard1.6)) (&& (== net46) (< net45) (>= netstandard2.0)) (&& (== net46) (>= netstandard1.6) (< portable-net45+win8+wpa81)) (&& (== net46) (>= netstandard1.6) (>= uap10.0)) (&& (== net462) (>= dnxcore50)) (&& (== net462) (< net45) (>= netstandard1.6)) (&& (== net462) (< net45) (>= netstandard2.0)) (&& (== net462) (< netstandard1.5) (>= netstandard1.6) (>= uap10.0)) (&& (== net462) (>= netstandard1.6) (< portable-net45+win8+wpa81)) (== netcoreapp2.0) (== netcoreapp2.1) (== netstandard1.6) (== netstandard2.0)
      System.Reflection (>= 4.3) - restriction: || (&& (== net46) (< net45)) (&& (== net462) (< net45)) (== netcoreapp2.0) (== netcoreapp2.1) (== netstandard1.6) (== netstandard2.0)
      System.Reflection.Primitives (>= 4.3) - restriction: || (&& (== net46) (< net45)) (&& (== net462) (< net45)) (== netcoreapp2.0) (== netcoreapp2.1) (== netstandard1.6) (== netstandard2.0)
      System.Runtime (>= 4.3) - restriction: || (&& (== net46) (< net45)) (&& (== net462) (< net45)) (== netcoreapp2.0) (== netcoreapp2.1) (== netstandard1.6) (== netstandard2.0)
    System.Reflection.Emit.Lightweight (4.3) - restriction: || (&& (== net46) (== netcoreapp2.0)) (&& (== net46) (== netcoreapp2.1)) (&& (== net46) (== netstandard2.0)) (&& (== net46) (>= dnxcore50)) (&& (== net46) (< net45) (>= netstandard1.6)) (&& (== net46) (>= netstandard1.6) (< portable-net45+win8+wpa81)) (&& (== net46) (>= netstandard1.6) (>= uap10.0)) (&& (== net462) (== netcoreapp2.0)) (&& (== net462) (== netcoreapp2.1)) (&& (== net462) (== netstandard2.0)) (&& (== net462) (>= dnxcore50)) (&& (== net462) (< net45) (>= netstandard1.6)) (&& (== net462) (< netstandard1.5) (>= netstandard1.6) (>= uap10.0)) (&& (== net462) (>= netstandard1.6) (< portable-net45+win8+wpa81)) (&& (== netcoreapp2.0) (>= dnxcore50)) (&& (== netcoreapp2.0) (< netstandard1.2)) (&& (== netcoreapp2.0) (< netstandard1.3)) (&& (== netcoreapp2.0) (< netstandard1.4)) (&& (== netcoreapp2.0) (< netstandard1.5)) (&& (== netcoreapp2.0) (< netstandard1.6)) (&& (== netcoreapp2.0) (< netstandard2.0)) (&& (== netcoreapp2.0) (< portable-net45+win8+wpa81)) (&& (== netcoreapp2.1) (>= dnxcore50)) (&& (== netcoreapp2.1) (< netstandard1.2)) (&& (== netcoreapp2.1) (< netstandard1.3)) (&& (== netcoreapp2.1) (< netstandard1.4)) (&& (== netcoreapp2.1) (< netstandard1.5)) (&& (== netcoreapp2.1) (< netstandard1.6)) (&& (== netcoreapp2.1) (< netstandard2.0)) (&& (== netcoreapp2.1) (< portable-net45+win8+wpa81)) (== netstandard1.6) (&& (== netstandard2.0) (>= dnxcore50)) (&& (== netstandard2.0) (< netstandard1.2)) (&& (== netstandard2.0) (< netstandard1.3)) (&& (== netstandard2.0) (< netstandard1.4)) (&& (== netstandard2.0) (< netstandard1.5)) (&& (== netstandard2.0) (< netstandard1.6)) (&& (== netstandard2.0) (< portable-net45+win8+wpa81))
      System.Reflection (>= 4.3) - restriction: || (&& (== net46) (< net45)) (&& (== net462) (< net45)) (== netcoreapp2.0) (== netcoreapp2.1) (== netstandard1.6) (== netstandard2.0)
      System.Reflection.Emit.ILGeneration (>= 4.3) - restriction: || (&& (== net46) (< net45)) (&& (== net462) (< net45)) (== netcoreapp2.0) (== netcoreapp2.1) (== netstandard1.6) (== netstandard2.0)
      System.Reflection.Primitives (>= 4.3) - restriction: || (&& (== net46) (< net45)) (&& (== net462) (< net45)) (== netcoreapp2.0) (== netcoreapp2.1) (== netstandard1.6) (== netstandard2.0)
      System.Runtime (>= 4.3) - restriction: || (&& (== net46) (< net45)) (&& (== net462) (< net45)) (== netcoreapp2.0) (== netcoreapp2.1) (== netstandard1.6) (== netstandard2.0)
    System.Reflection.Extensions (4.3) - restriction: || (&& (== net46) (== netcoreapp2.0)) (&& (== net46) (== netcoreapp2.1)) (&& (== net46) (== netstandard2.0)) (&& (== net46) (< net45)) (&& (== net46) (< portable-net45+win8+wpa81)) (&& (== net46) (>= uap10.0)) (&& (== net462) (== netcoreapp2.0)) (&& (== net462) (== netcoreapp2.1)) (&& (== net462) (== netstandard2.0)) (&& (== net462) (< net45)) (&& (== net462) (< netstandard1.5) (>= uap10.0)) (&& (== net462) (< portable-net45+win8+wpa81)) (&& (== netcoreapp2.0) (< netstandard1.2)) (&& (== netcoreapp2.0) (< netstandard1.3)) (&& (== netcoreapp2.0) (< netstandard1.4)) (&& (== netcoreapp2.0) (< netstandard1.5)) (&& (== netcoreapp2.0) (< netstandard1.6)) (&& (== netcoreapp2.0) (< netstandard2.0)) (&& (== netcoreapp2.0) (< portable-net45+win8+wpa81)) (&& (== netcoreapp2.1) (< netstandard1.2)) (&& (== netcoreapp2.1) (< netstandard1.3)) (&& (== netcoreapp2.1) (< netstandard1.4)) (&& (== netcoreapp2.1) (< netstandard1.5)) (&& (== netcoreapp2.1) (< netstandard1.6)) (&& (== netcoreapp2.1) (< netstandard2.0)) (&& (== netcoreapp2.1) (< portable-net45+win8+wpa81)) (== netstandard1.6) (&& (== netstandard2.0) (< netstandard1.2)) (&& (== netstandard2.0) (< netstandard1.3)) (&& (== netstandard2.0) (< netstandard1.4)) (&& (== netstandard2.0) (< netstandard1.5)) (&& (== netstandard2.0) (< netstandard1.6)) (&& (== netstandard2.0) (< portable-net45+win8+wpa81))
      Microsoft.NETCore.Platforms (>= 1.1) - restriction: || (&& (== net46) (>= dnxcore50)) (&& (== net46) (< net45)) (&& (== net462) (>= dnxcore50)) (&& (== net462) (< net45)) (== netcoreapp2.0) (== netcoreapp2.1) (== netstandard1.6) (== netstandard2.0)
      Microsoft.NETCore.Targets (>= 1.1) - restriction: || (&& (== net46) (>= dnxcore50)) (&& (== net46) (< net45)) (&& (== net462) (>= dnxcore50)) (&& (== net462) (< net45)) (== netcoreapp2.0) (== netcoreapp2.1) (== netstandard1.6) (== netstandard2.0)
      System.Reflection (>= 4.3) - restriction: || (&& (== net46) (>= dnxcore50)) (&& (== net46) (< net45)) (&& (== net462) (>= dnxcore50)) (&& (== net462) (< net45)) (== netcoreapp2.0) (== netcoreapp2.1) (== netstandard1.6) (== netstandard2.0)
      System.Runtime (>= 4.3) - restriction: || (&& (== net46) (>= dnxcore50)) (&& (== net46) (< net45)) (&& (== net462) (>= dnxcore50)) (&& (== net462) (< net45)) (== netcoreapp2.0) (== netcoreapp2.1) (== netstandard1.6) (== netstandard2.0)
    System.Reflection.Metadata (1.6) - storage: packages, content: none
      System.Collections.Immutable (>= 1.5) - restriction: || (== net46) (== net462) (== netcoreapp2.0) (&& (== netcoreapp2.1) (>= net45)) (&& (== netcoreapp2.1) (< netstandard1.1)) (&& (== netcoreapp2.1) (< netstandard2.0)) (== netstandard1.6) (== netstandard2.0)
    System.Reflection.Primitives (4.3) - restriction: || (&& (== net46) (< net45)) (&& (== net46) (< portable-net45+win8+wpa81)) (&& (== net46) (>= uap10.0)) (&& (== net462) (< net45)) (&& (== net462) (< netstandard1.5) (>= uap10.0)) (&& (== net462) (< portable-net45+win8+wpa81)) (== netcoreapp2.0) (== netcoreapp2.1) (== netstandard1.6) (== netstandard2.0)
      Microsoft.NETCore.Platforms (>= 1.1) - restriction: || (&& (== net46) (>= dnxcore50)) (&& (== net46) (< net45)) (&& (== net462) (>= dnxcore50)) (&& (== net462) (< net45)) (== netcoreapp2.0) (== netcoreapp2.1) (== netstandard1.6) (== netstandard2.0)
      Microsoft.NETCore.Targets (>= 1.1) - restriction: || (&& (== net46) (>= dnxcore50)) (&& (== net46) (< net45)) (&& (== net462) (>= dnxcore50)) (&& (== net462) (< net45)) (== netcoreapp2.0) (== netcoreapp2.1) (== netstandard1.6) (== netstandard2.0)
      System.Runtime (>= 4.3) - restriction: || (&& (== net46) (>= dnxcore50)) (&& (== net46) (< net45)) (&& (== net462) (>= dnxcore50)) (&& (== net462) (< net45)) (== netcoreapp2.0) (== netcoreapp2.1) (== netstandard1.6) (== netstandard2.0)
    System.Reflection.TypeExtensions (4.5.1) - restriction: || (&& (== net46) (< net45)) (&& (== net46) (< net451)) (&& (== net462) (< net45)) (&& (== net462) (< net451)) (== netcoreapp2.0) (== netcoreapp2.1) (== netstandard1.6) (== netstandard2.0)
      System.Reflection (>= 4.3) - restriction: || (&& (== net46) (== netcoreapp2.0)) (&& (== net46) (== netcoreapp2.1)) (&& (== net46) (== netstandard2.0)) (&& (== net46) (>= dnxcore50)) (&& (== net462) (== netcoreapp2.0)) (&& (== net462) (== netcoreapp2.1)) (&& (== net462) (== netstandard2.0)) (&& (== net462) (>= dnxcore50)) (&& (== net462) (< net46)) (&& (== netcoreapp2.0) (>= dnxcore50)) (&& (== netcoreapp2.0) (< netstandard1.5)) (&& (== netcoreapp2.0) (< netstandard2.0)) (&& (== netcoreapp2.1) (>= dnxcore50)) (&& (== netcoreapp2.1) (< netstandard1.5)) (&& (== netcoreapp2.1) (< netstandard2.0)) (== netstandard1.6) (&& (== netstandard2.0) (>= dnxcore50)) (&& (== netstandard2.0) (< netstandard1.5))
      System.Resources.ResourceManager (>= 4.3) - restriction: || (&& (== net46) (== netcoreapp2.0)) (&& (== net46) (== netcoreapp2.1)) (&& (== net46) (== netstandard2.0)) (&& (== net46) (>= dnxcore50)) (&& (== net462) (== netcoreapp2.0)) (&& (== net462) (== netcoreapp2.1)) (&& (== net462) (== netstandard2.0)) (&& (== net462) (>= dnxcore50)) (&& (== net462) (< net46)) (&& (== netcoreapp2.0) (>= dnxcore50)) (&& (== netcoreapp2.0) (< netstandard1.5)) (&& (== netcoreapp2.0) (< netstandard2.0)) (&& (== netcoreapp2.1) (>= dnxcore50)) (&& (== netcoreapp2.1) (< netstandard1.5)) (&& (== netcoreapp2.1) (< netstandard2.0)) (== netstandard1.6) (&& (== netstandard2.0) (>= dnxcore50)) (&& (== netstandard2.0) (< netstandard1.5))
      System.Runtime (>= 4.3) - restriction: || (&& (== net46) (== netcoreapp2.0)) (&& (== net46) (== netcoreapp2.1)) (&& (== net46) (== netstandard2.0)) (&& (== net46) (>= dnxcore50)) (&& (== net462) (== netcoreapp2.0)) (&& (== net462) (== netcoreapp2.1)) (&& (== net462) (== netstandard2.0)) (&& (== net462) (>= dnxcore50)) (&& (== net462) (< net46)) (&& (== netcoreapp2.0) (>= dnxcore50)) (&& (== netcoreapp2.0) (< netstandard1.5)) (&& (== netcoreapp2.0) (< netstandard2.0)) (&& (== netcoreapp2.1) (>= dnxcore50)) (&& (== netcoreapp2.1) (< netstandard1.5)) (&& (== netcoreapp2.1) (< netstandard2.0)) (== netstandard1.6) (&& (== netstandard2.0) (>= dnxcore50)) (&& (== netstandard2.0) (< netstandard1.5))
    System.Resources.ResourceManager (4.3) - restriction: || (&& (== net46) (>= dnxcore50)) (&& (== net46) (< net45)) (&& (== net46) (< portable-net45+win8+wpa81)) (&& (== net46) (>= uap10.0)) (&& (== net462) (>= dnxcore50)) (&& (== net462) (< net45)) (&& (== net462) (< net46) (>= netstandard1.6)) (&& (== net462) (< netstandard1.5) (>= uap10.0)) (&& (== net462) (< portable-net45+win8+wpa81)) (== netcoreapp2.0) (== netcoreapp2.1) (== netstandard1.6) (== netstandard2.0)
      Microsoft.NETCore.Platforms (>= 1.1) - restriction: || (&& (== net46) (>= dnxcore50)) (&& (== net46) (< net45)) (&& (== net462) (>= dnxcore50)) (&& (== net462) (< net45)) (== netcoreapp2.0) (== netcoreapp2.1) (== netstandard1.6) (== netstandard2.0)
      Microsoft.NETCore.Targets (>= 1.1) - restriction: || (&& (== net46) (>= dnxcore50)) (&& (== net46) (< net45)) (&& (== net462) (>= dnxcore50)) (&& (== net462) (< net45)) (== netcoreapp2.0) (== netcoreapp2.1) (== netstandard1.6) (== netstandard2.0)
      System.Globalization (>= 4.3) - restriction: || (&& (== net46) (>= dnxcore50)) (&& (== net46) (< net45)) (&& (== net462) (>= dnxcore50)) (&& (== net462) (< net45)) (== netcoreapp2.0) (== netcoreapp2.1) (== netstandard1.6) (== netstandard2.0)
      System.Reflection (>= 4.3) - restriction: || (&& (== net46) (>= dnxcore50)) (&& (== net46) (< net45)) (&& (== net462) (>= dnxcore50)) (&& (== net462) (< net45)) (== netcoreapp2.0) (== netcoreapp2.1) (== netstandard1.6) (== netstandard2.0)
      System.Runtime (>= 4.3) - restriction: || (&& (== net46) (>= dnxcore50)) (&& (== net46) (< net45)) (&& (== net462) (>= dnxcore50)) (&& (== net462) (< net45)) (== netcoreapp2.0) (== netcoreapp2.1) (== netstandard1.6) (== netstandard2.0)
    System.Resources.Writer (4.3) - restriction: || (&& (== net462) (< net46) (>= netstandard2.0)) (== netcoreapp2.0) (== netcoreapp2.1) (&& (== netstandard1.6) (>= netstandard2.0)) (== netstandard2.0)
      System.Collections (>= 4.3) - restriction: || (&& (== net462) (< net46)) (== netcoreapp2.0) (== netcoreapp2.1) (== netstandard1.6) (== netstandard2.0)
      System.IO (>= 4.3) - restriction: || (&& (== net462) (< net46)) (== netcoreapp2.0) (== netcoreapp2.1) (== netstandard1.6) (== netstandard2.0)
      System.Resources.ResourceManager (>= 4.3) - restriction: || (&& (== net462) (< net46)) (== netcoreapp2.0) (== netcoreapp2.1) (== netstandard1.6) (== netstandard2.0)
      System.Runtime (>= 4.3) - restriction: || (&& (== net462) (< net46)) (== netcoreapp2.0) (== netcoreapp2.1) (== netstandard1.6) (== netstandard2.0)
      System.Runtime.Extensions (>= 4.3) - restriction: || (&& (== net462) (< net46)) (== netcoreapp2.0) (== netcoreapp2.1) (== netstandard1.6) (== netstandard2.0)
      System.Text.Encoding (>= 4.3) - restriction: || (&& (== net462) (< net46)) (== netcoreapp2.0) (== netcoreapp2.1) (== netstandard1.6) (== netstandard2.0)
    System.Runtime (4.3.1) - restriction: || (&& (== net46) (>= dnxcore50)) (&& (== net46) (< net45)) (&& (== net46) (>= net463)) (&& (== net46) (< portable-net45+win8+wpa81)) (&& (== net46) (>= uap10.0)) (&& (== net462) (>= dnxcore50)) (&& (== net462) (< net45)) (&& (== net462) (< net46)) (&& (== net462) (>= net463)) (&& (== net462) (< netstandard1.3) (>= uap10.0)) (&& (== net462) (< netstandard1.5) (>= uap10.0)) (&& (== net462) (< portable-net45+win8+wpa81)) (== netcoreapp2.0) (== netcoreapp2.1) (== netstandard1.6) (== netstandard2.0)
      Microsoft.NETCore.Platforms (>= 1.1.1) - restriction: || (&& (== net46) (>= dnxcore50)) (&& (== net46) (< net45)) (&& (== net462) (>= dnxcore50)) (&& (== net462) (< net45)) (== netcoreapp2.0) (== netcoreapp2.1) (== netstandard1.6) (== netstandard2.0)
      Microsoft.NETCore.Targets (>= 1.1.3) - restriction: || (&& (== net46) (>= dnxcore50)) (&& (== net46) (< net45)) (&& (== net462) (>= dnxcore50)) (&& (== net462) (< net45)) (== netcoreapp2.0) (== netcoreapp2.1) (== netstandard1.6) (== netstandard2.0)
    System.Runtime.CompilerServices.Unsafe (4.5.2) - restriction: || (== net46) (== net462) (== netcoreapp2.0) (== netcoreapp2.1) (&& (== netstandard1.6) (>= net46)) (&& (== netstandard1.6) (>= net461)) (&& (== netstandard1.6) (>= netcoreapp2.0)) (&& (== netstandard1.6) (>= netstandard2.0)) (&& (== netstandard1.6) (>= uap10.0)) (&& (== netstandard1.6) (>= uap10.1)) (&& (== netstandard1.6) (>= xamarinios)) (== netstandard2.0)
    System.Runtime.Extensions (4.3.1) - restriction: || (&& (== net46) (>= dnxcore50)) (&& (== net46) (< net45)) (&& (== net46) (< portable-net45+win8+wpa81)) (&& (== net46) (>= uap10.0)) (&& (== net462) (>= dnxcore50)) (&& (== net462) (< net45)) (&& (== net462) (< net46) (>= netstandard1.6)) (&& (== net462) (< netstandard1.5) (>= uap10.0)) (&& (== net462) (< portable-net45+win8+wpa81)) (== netcoreapp2.0) (== netcoreapp2.1) (== netstandard1.6) (== netstandard2.0)
      Microsoft.NETCore.Platforms (>= 1.1.1) - restriction: || (&& (== net46) (>= dnxcore50)) (&& (== net46) (< net45)) (&& (== net462) (>= dnxcore50)) (&& (== net462) (< net45)) (== netcoreapp2.0) (== netcoreapp2.1) (== netstandard1.6) (== netstandard2.0)
      Microsoft.NETCore.Targets (>= 1.1.3) - restriction: || (&& (== net46) (>= dnxcore50)) (&& (== net46) (< net45)) (&& (== net462) (>= dnxcore50)) (&& (== net462) (< net45)) (== netcoreapp2.0) (== netcoreapp2.1) (== netstandard1.6) (== netstandard2.0)
      System.Runtime (>= 4.3.1) - restriction: || (&& (== net46) (>= dnxcore50)) (&& (== net46) (< net45)) (&& (== net462) (>= dnxcore50)) (&& (== net462) (< net45)) (== netcoreapp2.0) (== netcoreapp2.1) (== netstandard1.6) (== netstandard2.0)
    System.Runtime.Handles (4.3) - restriction: || (&& (== net46) (>= dnxcore50)) (&& (== net46) (< net45)) (&& (== net46) (>= uap10.0)) (&& (== net462) (>= dnxcore50)) (&& (== net462) (< net45)) (&& (== net462) (< net46) (>= netstandard1.6)) (&& (== net462) (< netstandard1.5) (>= uap10.0)) (== netcoreapp2.0) (== netcoreapp2.1) (== netstandard1.6) (== netstandard2.0)
      Microsoft.NETCore.Platforms (>= 1.1) - restriction: || (&& (== net462) (< net46)) (== netcoreapp2.0) (== netcoreapp2.1) (== netstandard1.6) (== netstandard2.0)
      Microsoft.NETCore.Targets (>= 1.1) - restriction: || (&& (== net462) (< net46)) (== netcoreapp2.0) (== netcoreapp2.1) (== netstandard1.6) (== netstandard2.0)
      System.Runtime (>= 4.3) - restriction: || (&& (== net462) (< net46)) (== netcoreapp2.0) (== netcoreapp2.1) (== netstandard1.6) (== netstandard2.0)
    System.Runtime.InteropServices (4.3) - restriction: || (&& (== net46) (>= dnxcore50)) (&& (== net46) (< net45)) (&& (== net46) (>= uap10.0)) (&& (== net462) (>= dnxcore50)) (&& (== net462) (< net45)) (&& (== net462) (< net46) (>= netstandard1.6)) (&& (== net462) (< netstandard1.5) (>= uap10.0)) (== netcoreapp2.0) (== netcoreapp2.1) (== netstandard1.6) (== netstandard2.0)
      Microsoft.NETCore.Platforms (>= 1.1) - restriction: || (&& (== net46) (>= dnxcore50)) (&& (== net46) (< net45)) (&& (== net46) (>= netcoreapp1.1)) (&& (== net462) (>= dnxcore50)) (&& (== net462) (< net45)) (&& (== net462) (>= netcoreapp1.1)) (== netcoreapp2.0) (== netcoreapp2.1) (== netstandard1.6) (== netstandard2.0)
      Microsoft.NETCore.Targets (>= 1.1) - restriction: || (&& (== net46) (>= dnxcore50)) (&& (== net46) (< net45)) (&& (== net46) (>= netcoreapp1.1)) (&& (== net462) (>= dnxcore50)) (&& (== net462) (< net45)) (&& (== net462) (>= netcoreapp1.1)) (== netcoreapp2.0) (== netcoreapp2.1) (== netstandard1.6) (== netstandard2.0)
      System.Reflection (>= 4.3) - restriction: || (&& (== net46) (>= dnxcore50)) (&& (== net46) (< net45)) (&& (== net46) (>= netcoreapp1.1)) (&& (== net462) (>= dnxcore50)) (&& (== net462) (< net45)) (&& (== net462) (>= netcoreapp1.1)) (== netcoreapp2.0) (== netcoreapp2.1) (== netstandard1.6) (== netstandard2.0)
      System.Reflection.Primitives (>= 4.3) - restriction: || (&& (== net46) (>= dnxcore50)) (&& (== net46) (< net45)) (&& (== net46) (>= netcoreapp1.1)) (&& (== net462) (>= dnxcore50)) (&& (== net462) (< net45)) (&& (== net462) (>= netcoreapp1.1)) (== netcoreapp2.0) (== netcoreapp2.1) (== netstandard1.6) (== netstandard2.0)
      System.Runtime (>= 4.3) - restriction: || (&& (== net46) (>= dnxcore50)) (&& (== net46) (< net45)) (&& (== net46) (>= net462)) (&& (== net46) (>= netcoreapp1.1)) (== net462) (== netcoreapp2.0) (== netcoreapp2.1) (== netstandard1.6) (== netstandard2.0)
      System.Runtime.Handles (>= 4.3) - restriction: || (&& (== net46) (>= dnxcore50)) (&& (== net46) (< net45)) (&& (== net46) (>= netcoreapp1.1)) (&& (== net462) (>= dnxcore50)) (&& (== net462) (< net45)) (&& (== net462) (>= netcoreapp1.1)) (== netcoreapp2.0) (== netcoreapp2.1) (== netstandard1.6) (== netstandard2.0)
    System.Runtime.InteropServices.RuntimeInformation (4.3)
      runtime.native.System (>= 4.3) - restriction: || (&& (== net46) (< net45)) (&& (== net462) (< net45)) (== netcoreapp2.0) (== netcoreapp2.1) (== netstandard1.6) (== netstandard2.0)
      System.Reflection (>= 4.3) - restriction: || (&& (== net46) (>= dnxcore50)) (&& (== net46) (< net45)) (&& (== net462) (>= dnxcore50)) (&& (== net462) (< net45)) (== netcoreapp2.0) (== netcoreapp2.1) (== netstandard1.6) (== netstandard2.0)
      System.Reflection.Extensions (>= 4.3) - restriction: || (&& (== net46) (>= dnxcore50)) (&& (== net46) (< net45)) (&& (== net462) (>= dnxcore50)) (&& (== net462) (< net45)) (== netcoreapp2.0) (== netcoreapp2.1) (== netstandard1.6) (== netstandard2.0)
      System.Resources.ResourceManager (>= 4.3) - restriction: || (&& (== net46) (>= dnxcore50)) (&& (== net46) (< net45)) (&& (== net462) (>= dnxcore50)) (&& (== net462) (< net45)) (== netcoreapp2.0) (== netcoreapp2.1) (== netstandard1.6) (== netstandard2.0)
      System.Runtime (>= 4.3) - restriction: || (&& (== net46) (>= dnxcore50)) (&& (== net46) (< net45)) (&& (== net462) (>= dnxcore50)) (&& (== net462) (< net45)) (== netcoreapp2.0) (== netcoreapp2.1) (== netstandard1.6) (== netstandard2.0)
      System.Runtime.InteropServices (>= 4.3) - restriction: || (&& (== net46) (< net45)) (&& (== net462) (< net45)) (== netcoreapp2.0) (== netcoreapp2.1) (== netstandard1.6) (== netstandard2.0)
      System.Threading (>= 4.3) - restriction: || (&& (== net46) (>= dnxcore50)) (&& (== net46) (< net45)) (&& (== net462) (>= dnxcore50)) (&& (== net462) (< net45)) (== netcoreapp2.0) (== netcoreapp2.1) (== netstandard1.6) (== netstandard2.0)
    System.Runtime.InteropServices.WindowsRuntime (4.3) - restriction: || (&& (== net462) (< net46) (>= netstandard2.0)) (== netcoreapp2.0) (== netcoreapp2.1) (&& (== netstandard1.6) (>= netstandard2.0)) (== netstandard2.0)
      System.Runtime (>= 4.3) - restriction: || (&& (== net46) (>= dnxcore50)) (&& (== net46) (< net45)) (&& (== net462) (>= dnxcore50)) (&& (== net462) (< net45)) (== netcoreapp2.0) (== netcoreapp2.1) (== netstandard1.6) (== netstandard2.0)
    System.Runtime.Loader (4.3)
      System.IO (>= 4.3) - restriction: || (&& (== net46) (== net462)) (&& (== net46) (>= netstandard1.5)) (== netcoreapp2.0) (== netcoreapp2.1) (== netstandard1.6) (== netstandard2.0)
      System.Reflection (>= 4.3) - restriction: || (&& (== net46) (== net462)) (&& (== net46) (>= netstandard1.5)) (== netcoreapp2.0) (== netcoreapp2.1) (== netstandard1.6) (== netstandard2.0)
      System.Runtime (>= 4.3) - restriction: || (&& (== net46) (== net462)) (&& (== net46) (>= netstandard1.5)) (== netcoreapp2.0) (== netcoreapp2.1) (== netstandard1.6) (== netstandard2.0)
    System.Runtime.Numerics (4.3)
      System.Globalization (>= 4.3) - restriction: || (&& (== net46) (>= dnxcore50)) (&& (== net46) (< net45)) (&& (== net462) (>= dnxcore50)) (&& (== net462) (< net45)) (== netcoreapp2.0) (== netcoreapp2.1) (== netstandard1.6) (== netstandard2.0)
      System.Resources.ResourceManager (>= 4.3) - restriction: || (&& (== net46) (>= dnxcore50)) (&& (== net46) (< net45)) (&& (== net462) (>= dnxcore50)) (&& (== net462) (< net45)) (== netcoreapp2.0) (== netcoreapp2.1) (== netstandard1.6) (== netstandard2.0)
      System.Runtime (>= 4.3) - restriction: || (&& (== net46) (>= dnxcore50)) (&& (== net46) (< net45)) (&& (== net462) (>= dnxcore50)) (&& (== net462) (< net45)) (== netcoreapp2.0) (== netcoreapp2.1) (== netstandard1.6) (== netstandard2.0)
      System.Runtime.Extensions (>= 4.3) - restriction: || (&& (== net46) (>= dnxcore50)) (&& (== net46) (< net45)) (&& (== net462) (>= dnxcore50)) (&& (== net462) (< net45)) (== netcoreapp2.0) (== netcoreapp2.1) (== netstandard1.6) (== netstandard2.0)
    System.Runtime.Serialization.Formatters (4.3) - restriction: || (&& (== net46) (== netcoreapp2.0)) (&& (== net46) (== netcoreapp2.1)) (&& (== net46) (== netstandard2.0)) (&& (== net46) (< net20)) (&& (== net462) (== netcoreapp2.0)) (&& (== net462) (== netcoreapp2.1)) (&& (== net462) (== netstandard2.0)) (&& (== net462) (< net20)) (&& (== netcoreapp2.0) (< netstandard2.0)) (&& (== netcoreapp2.1) (< netstandard2.0)) (== netstandard1.6)
      System.Collections (>= 4.3) - restriction: || (&& (== net462) (< net46)) (== netcoreapp2.0) (== netcoreapp2.1) (== netstandard1.6) (== netstandard2.0)
      System.Reflection (>= 4.3) - restriction: || (&& (== net462) (< net46)) (== netcoreapp2.0) (== netcoreapp2.1) (== netstandard1.6) (== netstandard2.0)
      System.Resources.ResourceManager (>= 4.3) - restriction: || (&& (== net462) (< net46)) (== netcoreapp2.0) (== netcoreapp2.1) (== netstandard1.6) (== netstandard2.0)
      System.Runtime (>= 4.3) - restriction: || (&& (== net462) (< net46)) (== netcoreapp2.0) (== netcoreapp2.1) (== netstandard1.6) (== netstandard2.0)
      System.Runtime.Serialization.Primitives (>= 4.3)
    System.Runtime.Serialization.Primitives (4.3) - restriction: || (&& (== net46) (< net20)) (&& (== net462) (< net20)) (&& (== net462) (< net46) (>= netstandard2.0)) (== netcoreapp2.0) (== netcoreapp2.1) (== netstandard1.6) (== netstandard2.0)
      System.Resources.ResourceManager (>= 4.3) - restriction: || (&& (== net46) (>= dnxcore50)) (&& (== net46) (< net45)) (&& (== net462) (>= dnxcore50)) (&& (== net462) (< net45)) (== netcoreapp2.0) (== netcoreapp2.1) (== netstandard1.6) (== netstandard2.0)
      System.Runtime (>= 4.3) - restriction: || (&& (== net46) (>= dnxcore50)) (&& (== net46) (< net45)) (&& (== net462) (>= dnxcore50)) (&& (== net462) (< net45)) (== netcoreapp2.0) (== netcoreapp2.1) (== netstandard1.6) (== netstandard2.0)
    System.Security.AccessControl (4.5) - restriction: || (&& (== net46) (>= monoandroid) (>= netstandard2.0)) (&& (== net46) (>= monotouch) (>= netstandard2.0)) (&& (== net46) (< net451) (>= netstandard2.0)) (&& (== net46) (>= netcoreapp2.0)) (&& (== net46) (>= netstandard2.0) (>= xamarinmac)) (&& (== net46) (>= netstandard2.0) (>= xamarintvos)) (&& (== net46) (>= netstandard2.0) (>= xamarinwatchos)) (&& (== net46) (>= xamarinios)) (&& (== net462) (>= monoandroid) (>= netstandard2.0)) (&& (== net462) (>= monotouch) (>= netstandard2.0)) (&& (== net462) (< net451) (>= netstandard2.0)) (&& (== net462) (>= netcoreapp2.0)) (&& (== net462) (>= netstandard2.0) (>= xamarinmac)) (&& (== net462) (>= netstandard2.0) (>= xamarintvos)) (&& (== net462) (>= netstandard2.0) (>= xamarinwatchos)) (&& (== net462) (>= xamarinios)) (== netcoreapp2.0) (== netcoreapp2.1) (&& (== netstandard1.6) (>= netcoreapp2.0)) (&& (== netstandard1.6) (>= netstandard2.0)) (&& (== netstandard1.6) (>= xamarinios)) (== netstandard2.0)
      Microsoft.NETCore.Platforms (>= 2.0) - restriction: || (&& (== net46) (>= netcoreapp2.0)) (&& (== net462) (>= netcoreapp2.0)) (== netcoreapp2.0) (== netcoreapp2.1) (&& (== netstandard1.6) (>= netcoreapp2.0)) (&& (== netstandard2.0) (>= netcoreapp2.0))
      System.Security.Principal.Windows (>= 4.5) - restriction: || (&& (== net46) (>= net461)) (&& (== net46) (>= netcoreapp2.0)) (== net462) (== netcoreapp2.0) (== netcoreapp2.1) (&& (== netstandard1.6) (>= net461)) (&& (== netstandard1.6) (>= netcoreapp2.0)) (&& (== netstandard1.6) (>= netstandard2.0)) (== netstandard2.0)
    System.Security.Claims (4.3) - restriction: || (&& (== net46) (== netcoreapp2.0)) (&& (== net46) (== netcoreapp2.1)) (&& (== net46) (== netstandard2.0)) (&& (== net46) (< net451)) (&& (== net46) (>= netcoreapp2.0)) (&& (== net462) (== netcoreapp2.0)) (&& (== net462) (== netcoreapp2.1)) (&& (== net462) (== netstandard2.0)) (&& (== net462) (< net451)) (&& (== net462) (>= netcoreapp2.0)) (&& (== netcoreapp2.0) (< netstandard2.0)) (&& (== netcoreapp2.1) (< netstandard2.0)) (== netstandard1.6)
      System.Collections (>= 4.3) - restriction: || (&& (== net462) (< net46)) (== netcoreapp2.0) (== netcoreapp2.1) (== netstandard1.6) (== netstandard2.0)
      System.Globalization (>= 4.3) - restriction: || (&& (== net462) (< net46)) (== netcoreapp2.0) (== netcoreapp2.1) (== netstandard1.6) (== netstandard2.0)
      System.IO (>= 4.3) - restriction: || (&& (== net462) (< net46)) (== netcoreapp2.0) (== netcoreapp2.1) (== netstandard1.6) (== netstandard2.0)
      System.Resources.ResourceManager (>= 4.3) - restriction: || (&& (== net462) (< net46)) (== netcoreapp2.0) (== netcoreapp2.1) (== netstandard1.6) (== netstandard2.0)
      System.Runtime (>= 4.3) - restriction: || (&& (== net462) (< net46)) (== netcoreapp2.0) (== netcoreapp2.1) (== netstandard1.6) (== netstandard2.0)
      System.Runtime.Extensions (>= 4.3) - restriction: || (&& (== net462) (< net46)) (== netcoreapp2.0) (== netcoreapp2.1) (== netstandard1.6) (== netstandard2.0)
      System.Security.Principal (>= 4.3) - restriction: || (&& (== net462) (< net46)) (== netcoreapp2.0) (== netcoreapp2.1) (== netstandard1.6) (== netstandard2.0)
    System.Security.Cryptography.Algorithms (4.3.1)
      Microsoft.NETCore.Platforms (>= 1.1) - restriction: || (&& (== net46) (>= dnxcore50)) (&& (== net462) (>= dnxcore50)) (&& (== net462) (< net46) (>= netstandard1.6)) (== netcoreapp2.0) (== netcoreapp2.1) (== netstandard1.6) (== netstandard2.0)
      runtime.native.System.Security.Cryptography.Apple (>= 4.3.1) - restriction: || (&& (== net462) (< net46) (>= netstandard1.6)) (== netcoreapp2.0) (== netcoreapp2.1) (== netstandard1.6) (== netstandard2.0)
      runtime.native.System.Security.Cryptography.OpenSsl (>= 4.3.2) - restriction: || (&& (== net462) (< net46) (>= netstandard1.6)) (== netcoreapp2.0) (== netcoreapp2.1) (== netstandard1.6) (== netstandard2.0)
      System.Collections (>= 4.3) - restriction: || (&& (== net462) (< net46) (>= netstandard1.6)) (== netcoreapp2.0) (== netcoreapp2.1) (== netstandard1.6) (== netstandard2.0)
      System.IO (>= 4.3) - restriction: || (&& (== net46) (>= dnxcore50)) (&& (== net46) (>= net463)) (&& (== net462) (>= dnxcore50)) (&& (== net462) (< net46)) (&& (== net462) (>= net463)) (== netcoreapp2.0) (== netcoreapp2.1) (== netstandard1.6) (== netstandard2.0)
      System.Resources.ResourceManager (>= 4.3) - restriction: || (&& (== net46) (>= dnxcore50)) (&& (== net462) (>= dnxcore50)) (&& (== net462) (< net46) (>= netstandard1.6)) (== netcoreapp2.0) (== netcoreapp2.1) (== netstandard1.6) (== netstandard2.0)
      System.Runtime (>= 4.3) - restriction: || (&& (== net46) (>= dnxcore50)) (&& (== net46) (>= net463)) (&& (== net462) (>= dnxcore50)) (&& (== net462) (< net46)) (&& (== net462) (>= net463)) (== netcoreapp2.0) (== netcoreapp2.1) (== netstandard1.6) (== netstandard2.0)
      System.Runtime.Extensions (>= 4.3) - restriction: || (&& (== net46) (>= dnxcore50)) (&& (== net462) (>= dnxcore50)) (&& (== net462) (< net46) (>= netstandard1.6)) (== netcoreapp2.0) (== netcoreapp2.1) (== netstandard1.6) (== netstandard2.0)
      System.Runtime.Handles (>= 4.3) - restriction: || (&& (== net46) (>= dnxcore50)) (&& (== net462) (>= dnxcore50)) (&& (== net462) (< net46) (>= netstandard1.6)) (== netcoreapp2.0) (== netcoreapp2.1) (== netstandard1.6) (== netstandard2.0)
      System.Runtime.InteropServices (>= 4.3) - restriction: || (&& (== net46) (>= dnxcore50)) (&& (== net462) (>= dnxcore50)) (&& (== net462) (< net46) (>= netstandard1.6)) (== netcoreapp2.0) (== netcoreapp2.1) (== netstandard1.6) (== netstandard2.0)
      System.Runtime.Numerics (>= 4.3) - restriction: || (&& (== net462) (< net46) (>= netstandard1.6)) (== netcoreapp2.0) (== netcoreapp2.1) (== netstandard1.6) (== netstandard2.0)
      System.Security.Cryptography.Encoding (>= 4.3) - restriction: || (&& (== net46) (>= dnxcore50)) (&& (== net46) (>= net463)) (&& (== net462) (>= dnxcore50)) (&& (== net462) (< net46) (>= netstandard1.6)) (&& (== net462) (>= net463)) (== netcoreapp2.0) (== netcoreapp2.1) (== netstandard1.6) (== netstandard2.0)
      System.Security.Cryptography.Primitives (>= 4.3)
      System.Text.Encoding (>= 4.3) - restriction: || (&& (== net46) (>= dnxcore50)) (&& (== net462) (>= dnxcore50)) (&& (== net462) (< net46) (>= netstandard1.6)) (== netcoreapp2.0) (== netcoreapp2.1) (== netstandard1.6) (== netstandard2.0)
    System.Security.Cryptography.Cng (4.5) - restriction: || (&& (== net46) (== net462) (>= netstandard1.6) (>= uap10.0)) (&& (== net46) (== netcoreapp2.0)) (&& (== net46) (== netcoreapp2.1)) (&& (== net46) (== netstandard2.0)) (&& (== net46) (>= dnxcore50)) (&& (== net462) (== netcoreapp2.0)) (&& (== net462) (== netcoreapp2.1)) (&& (== net462) (== netstandard2.0)) (&& (== net462) (>= dnxcore50)) (&& (== net462) (< net45) (>= netstandard1.6)) (&& (== net462) (< net46) (< netstandard1.4) (>= netstandard1.6)) (&& (== net462) (< netstandard1.5) (>= netstandard1.6) (>= uap10.0)) (&& (== netcoreapp2.0) (>= dnxcore50)) (&& (== netcoreapp2.0) (< netstandard1.4)) (&& (== netcoreapp2.0) (< netstandard1.5)) (&& (== netcoreapp2.0) (< netstandard1.6)) (&& (== netcoreapp2.0) (< netstandard2.0)) (&& (== netcoreapp2.1) (>= dnxcore50)) (&& (== netcoreapp2.1) (< netstandard1.4)) (&& (== netcoreapp2.1) (< netstandard1.5)) (&& (== netcoreapp2.1) (< netstandard1.6)) (&& (== netcoreapp2.1) (< netstandard2.0)) (== netstandard1.6) (&& (== netstandard2.0) (>= dnxcore50)) (&& (== netstandard2.0) (< netstandard1.4)) (&& (== netstandard2.0) (< netstandard1.5)) (&& (== netstandard2.0) (< netstandard1.6))
      System.IO (>= 4.3) - restriction: || (&& (== net46) (== netcoreapp2.0)) (&& (== net46) (== netcoreapp2.1)) (&& (== net46) (== netstandard2.0)) (&& (== net462) (== netcoreapp2.0)) (&& (== net462) (== netcoreapp2.1)) (&& (== net462) (== netstandard2.0)) (&& (== net462) (< net46)) (&& (== netcoreapp2.0) (< netstandard1.4)) (&& (== netcoreapp2.0) (< netstandard1.6)) (&& (== netcoreapp2.0) (< netstandard2.0)) (&& (== netcoreapp2.1) (< netstandard1.4)) (&& (== netcoreapp2.1) (< netstandard1.6)) (&& (== netcoreapp2.1) (< netstandard2.0)) (== netstandard1.6) (&& (== netstandard2.0) (< netstandard1.4)) (&& (== netstandard2.0) (< netstandard1.6))
      System.Resources.ResourceManager (>= 4.3) - restriction: || (&& (== net46) (== netcoreapp2.0)) (&& (== net46) (== netcoreapp2.1)) (&& (== net46) (== netstandard2.0)) (&& (== net462) (== netcoreapp2.0)) (&& (== net462) (== netcoreapp2.1)) (&& (== net462) (== netstandard2.0)) (&& (== net462) (< net46)) (&& (== netcoreapp2.0) (< netstandard1.4)) (&& (== netcoreapp2.0) (< netstandard1.6)) (&& (== netcoreapp2.0) (< netstandard2.0)) (&& (== netcoreapp2.1) (< netstandard1.4)) (&& (== netcoreapp2.1) (< netstandard1.6)) (&& (== netcoreapp2.1) (< netstandard2.0)) (== netstandard1.6) (&& (== netstandard2.0) (< netstandard1.4)) (&& (== netstandard2.0) (< netstandard1.6))
      System.Runtime (>= 4.3) - restriction: || (&& (== net46) (== netcoreapp2.0)) (&& (== net46) (== netcoreapp2.1)) (&& (== net46) (== netstandard2.0)) (&& (== net462) (== netcoreapp2.0)) (&& (== net462) (== netcoreapp2.1)) (&& (== net462) (== netstandard2.0)) (&& (== net462) (< net46)) (&& (== netcoreapp2.0) (< netstandard1.4)) (&& (== netcoreapp2.0) (< netstandard1.6)) (&& (== netcoreapp2.0) (< netstandard2.0)) (&& (== netcoreapp2.1) (< netstandard1.4)) (&& (== netcoreapp2.1) (< netstandard1.6)) (&& (== netcoreapp2.1) (< netstandard2.0)) (== netstandard1.6) (&& (== netstandard2.0) (< netstandard1.4)) (&& (== netstandard2.0) (< netstandard1.6))
      System.Runtime.Extensions (>= 4.3) - restriction: || (&& (== net46) (== netcoreapp2.0)) (&& (== net46) (== netcoreapp2.1)) (&& (== net46) (== netstandard2.0)) (&& (== net462) (== netcoreapp2.0)) (&& (== net462) (== netcoreapp2.1)) (&& (== net462) (== netstandard2.0)) (&& (== net462) (< net46)) (&& (== netcoreapp2.0) (< netstandard1.6)) (&& (== netcoreapp2.0) (< netstandard2.0)) (&& (== netcoreapp2.1) (< netstandard1.6)) (&& (== netcoreapp2.1) (< netstandard2.0)) (== netstandard1.6) (&& (== netstandard2.0) (< netstandard1.6))
      System.Runtime.Handles (>= 4.3) - restriction: || (&& (== net46) (== netcoreapp2.0)) (&& (== net46) (== netcoreapp2.1)) (&& (== net46) (== netstandard2.0)) (&& (== net462) (== netcoreapp2.0)) (&& (== net462) (== netcoreapp2.1)) (&& (== net462) (== netstandard2.0)) (&& (== net462) (< net46)) (&& (== netcoreapp2.0) (< netstandard1.4)) (&& (== netcoreapp2.0) (< netstandard1.6)) (&& (== netcoreapp2.0) (< netstandard2.0)) (&& (== netcoreapp2.1) (< netstandard1.4)) (&& (== netcoreapp2.1) (< netstandard1.6)) (&& (== netcoreapp2.1) (< netstandard2.0)) (== netstandard1.6) (&& (== netstandard2.0) (< netstandard1.4)) (&& (== netstandard2.0) (< netstandard1.6))
      System.Runtime.InteropServices (>= 4.3) - restriction: || (&& (== net46) (== netcoreapp2.0)) (&& (== net46) (== netcoreapp2.1)) (&& (== net46) (== netstandard2.0)) (&& (== net462) (== netcoreapp2.0)) (&& (== net462) (== netcoreapp2.1)) (&& (== net462) (== netstandard2.0)) (&& (== net462) (< net46)) (&& (== netcoreapp2.0) (< netstandard1.4)) (&& (== netcoreapp2.0) (< netstandard1.6)) (&& (== netcoreapp2.0) (< netstandard2.0)) (&& (== netcoreapp2.1) (< netstandard1.4)) (&& (== netcoreapp2.1) (< netstandard1.6)) (&& (== netcoreapp2.1) (< netstandard2.0)) (== netstandard1.6) (&& (== netstandard2.0) (< netstandard1.4)) (&& (== netstandard2.0) (< netstandard1.6))
      System.Security.Cryptography.Algorithms (>= 4.3) - restriction: || (== net46) (&& (== net462) (== netcoreapp2.0)) (&& (== net462) (== netcoreapp2.1)) (&& (== net462) (== netstandard2.0)) (&& (== net462) (< net46)) (&& (== net462) (< netstandard1.4)) (&& (== netcoreapp2.0) (< netstandard1.4)) (&& (== netcoreapp2.0) (< netstandard1.6)) (&& (== netcoreapp2.0) (< netstandard2.0)) (&& (== netcoreapp2.1) (< netstandard1.4)) (&& (== netcoreapp2.1) (< netstandard1.6)) (&& (== netcoreapp2.1) (< netstandard2.0)) (== netstandard1.6) (&& (== netstandard2.0) (< netstandard1.4)) (&& (== netstandard2.0) (< netstandard1.6))
      System.Security.Cryptography.Encoding (>= 4.3) - restriction: || (&& (== net46) (== netcoreapp2.0)) (&& (== net46) (== netcoreapp2.1)) (&& (== net46) (== netstandard2.0)) (&& (== net462) (== netcoreapp2.0)) (&& (== net462) (== netcoreapp2.1)) (&& (== net462) (== netstandard2.0)) (&& (== net462) (< net46)) (&& (== netcoreapp2.0) (< netstandard1.6)) (&& (== netcoreapp2.0) (< netstandard2.0)) (&& (== netcoreapp2.1) (< netstandard1.6)) (&& (== netcoreapp2.1) (< netstandard2.0)) (== netstandard1.6) (&& (== netstandard2.0) (< netstandard1.6))
      System.Security.Cryptography.Primitives (>= 4.3) - restriction: || (== net46) (&& (== net462) (== netcoreapp2.0)) (&& (== net462) (== netcoreapp2.1)) (&& (== net462) (== netstandard2.0)) (&& (== net462) (< net46)) (&& (== net462) (< netstandard1.4)) (&& (== netcoreapp2.0) (< netstandard1.4)) (&& (== netcoreapp2.0) (< netstandard1.6)) (&& (== netcoreapp2.0) (< netstandard2.0)) (&& (== netcoreapp2.1) (< netstandard1.4)) (&& (== netcoreapp2.1) (< netstandard1.6)) (&& (== netcoreapp2.1) (< netstandard2.0)) (== netstandard1.6) (&& (== netstandard2.0) (< netstandard1.4)) (&& (== netstandard2.0) (< netstandard1.6))
      System.Text.Encoding (>= 4.3) - restriction: || (&& (== net46) (== netcoreapp2.0)) (&& (== net46) (== netcoreapp2.1)) (&& (== net46) (== netstandard2.0)) (&& (== net462) (== netcoreapp2.0)) (&& (== net462) (== netcoreapp2.1)) (&& (== net462) (== netstandard2.0)) (&& (== net462) (< net46)) (&& (== netcoreapp2.0) (< netstandard1.6)) (&& (== netcoreapp2.0) (< netstandard2.0)) (&& (== netcoreapp2.1) (< netstandard1.6)) (&& (== netcoreapp2.1) (< netstandard2.0)) (== netstandard1.6) (&& (== netstandard2.0) (< netstandard1.6))
    System.Security.Cryptography.Csp (4.3) - restriction: || (&& (== net46) (== net462) (>= netstandard1.6) (>= uap10.0)) (&& (== net46) (< net35)) (&& (== net462) (< net35)) (&& (== net462) (< net45) (>= netstandard1.6)) (&& (== net462) (< net46) (< netstandard1.4) (>= netstandard1.6)) (&& (== net462) (< netstandard1.5) (>= netstandard1.6) (>= uap10.0)) (== netcoreapp2.0) (== netcoreapp2.1) (== netstandard1.6) (== netstandard2.0)
      Microsoft.NETCore.Platforms (>= 1.1) - restriction: || (&& (== net462) (< net46)) (== netcoreapp2.0) (== netcoreapp2.1) (== netstandard1.6) (== netstandard2.0)
      System.IO (>= 4.3) - restriction: || (&& (== net462) (< net46)) (== netcoreapp2.0) (== netcoreapp2.1) (== netstandard1.6) (== netstandard2.0)
      System.Reflection (>= 4.3) - restriction: || (&& (== net462) (< net46)) (== netcoreapp2.0) (== netcoreapp2.1) (== netstandard1.6) (== netstandard2.0)
      System.Resources.ResourceManager (>= 4.3) - restriction: || (&& (== net462) (< net46)) (== netcoreapp2.0) (== netcoreapp2.1) (== netstandard1.6) (== netstandard2.0)
      System.Runtime (>= 4.3) - restriction: || (&& (== net462) (< net46)) (== netcoreapp2.0) (== netcoreapp2.1) (== netstandard1.6) (== netstandard2.0)
      System.Runtime.Extensions (>= 4.3) - restriction: || (&& (== net462) (< net46)) (== netcoreapp2.0) (== netcoreapp2.1) (== netstandard1.6) (== netstandard2.0)
      System.Runtime.Handles (>= 4.3) - restriction: || (&& (== net462) (< net46)) (== netcoreapp2.0) (== netcoreapp2.1) (== netstandard1.6) (== netstandard2.0)
      System.Runtime.InteropServices (>= 4.3) - restriction: || (&& (== net462) (< net46)) (== netcoreapp2.0) (== netcoreapp2.1) (== netstandard1.6) (== netstandard2.0)
      System.Security.Cryptography.Algorithms (>= 4.3)
      System.Security.Cryptography.Encoding (>= 4.3) - restriction: || (&& (== net462) (< net46)) (== netcoreapp2.0) (== netcoreapp2.1) (== netstandard1.6) (== netstandard2.0)
      System.Security.Cryptography.Primitives (>= 4.3)
      System.Text.Encoding (>= 4.3) - restriction: || (&& (== net462) (< net46)) (== netcoreapp2.0) (== netcoreapp2.1) (== netstandard1.6) (== netstandard2.0)
      System.Threading (>= 4.3) - restriction: || (&& (== net462) (< net46)) (== netcoreapp2.0) (== netcoreapp2.1) (== netstandard1.6) (== netstandard2.0)
    System.Security.Cryptography.Encoding (4.3) - restriction: || (== net46) (&& (== net462) (>= dnxcore50)) (&& (== net462) (< net45)) (&& (== net462) (< net46) (>= netstandard1.6)) (&& (== net462) (>= net463)) (&& (== net462) (< netstandard1.4)) (&& (== net462) (< netstandard1.5) (>= uap10.0)) (== netcoreapp2.0) (== netcoreapp2.1) (== netstandard1.6) (== netstandard2.0)
      Microsoft.NETCore.Platforms (>= 1.1) - restriction: || (&& (== net462) (< net46)) (== netcoreapp2.0) (== netcoreapp2.1) (== netstandard1.6) (== netstandard2.0)
      runtime.native.System.Security.Cryptography.OpenSsl (>= 4.3) - restriction: || (&& (== net462) (< net46)) (== netcoreapp2.0) (== netcoreapp2.1) (== netstandard1.6) (== netstandard2.0)
      System.Collections (>= 4.3) - restriction: || (&& (== net462) (< net46)) (== netcoreapp2.0) (== netcoreapp2.1) (== netstandard1.6) (== netstandard2.0)
      System.Collections.Concurrent (>= 4.3) - restriction: || (&& (== net462) (< net46)) (== netcoreapp2.0) (== netcoreapp2.1) (== netstandard1.6) (== netstandard2.0)
      System.Linq (>= 4.3) - restriction: || (&& (== net462) (< net46)) (== netcoreapp2.0) (== netcoreapp2.1) (== netstandard1.6) (== netstandard2.0)
      System.Resources.ResourceManager (>= 4.3) - restriction: || (&& (== net462) (< net46)) (== netcoreapp2.0) (== netcoreapp2.1) (== netstandard1.6) (== netstandard2.0)
      System.Runtime (>= 4.3) - restriction: || (&& (== net462) (< net46)) (== netcoreapp2.0) (== netcoreapp2.1) (== netstandard1.6) (== netstandard2.0)
      System.Runtime.Extensions (>= 4.3) - restriction: || (&& (== net462) (< net46)) (== netcoreapp2.0) (== netcoreapp2.1) (== netstandard1.6) (== netstandard2.0)
      System.Runtime.Handles (>= 4.3) - restriction: || (&& (== net462) (< net46)) (== netcoreapp2.0) (== netcoreapp2.1) (== netstandard1.6) (== netstandard2.0)
      System.Runtime.InteropServices (>= 4.3) - restriction: || (&& (== net462) (< net46)) (== netcoreapp2.0) (== netcoreapp2.1) (== netstandard1.6) (== netstandard2.0)
      System.Security.Cryptography.Primitives (>= 4.3) - restriction: || (&& (== net462) (< net46)) (== netcoreapp2.0) (== netcoreapp2.1) (== netstandard1.6) (== netstandard2.0)
      System.Text.Encoding (>= 4.3) - restriction: || (&& (== net462) (< net46)) (== netcoreapp2.0) (== netcoreapp2.1) (== netstandard1.6) (== netstandard2.0)
    System.Security.Cryptography.OpenSsl (4.5) - restriction: || (&& (== net46) (== net462) (>= netstandard1.6) (>= uap10.0)) (&& (== net46) (== netcoreapp2.0)) (&& (== net46) (== netcoreapp2.1)) (&& (== net46) (== netstandard2.0)) (&& (== net46) (< net45) (>= netstandard1.6)) (&& (== net462) (== netcoreapp2.0)) (&& (== net462) (== netcoreapp2.1)) (&& (== net462) (== netstandard2.0)) (&& (== net462) (< net45) (>= netstandard1.6)) (&& (== net462) (< netstandard1.5) (>= netstandard1.6) (>= uap10.0)) (&& (== netcoreapp2.0) (< netstandard1.2)) (&& (== netcoreapp2.0) (< netstandard1.3)) (&& (== netcoreapp2.0) (< netstandard1.4)) (&& (== netcoreapp2.0) (< netstandard1.5)) (&& (== netcoreapp2.0) (< netstandard1.6)) (&& (== netcoreapp2.0) (< netstandard2.0)) (&& (== netcoreapp2.1) (< netstandard1.2)) (&& (== netcoreapp2.1) (< netstandard1.3)) (&& (== netcoreapp2.1) (< netstandard1.4)) (&& (== netcoreapp2.1) (< netstandard1.5)) (&& (== netcoreapp2.1) (< netstandard1.6)) (&& (== netcoreapp2.1) (< netstandard2.0)) (== netstandard1.6) (&& (== netstandard2.0) (< netstandard1.2)) (&& (== netstandard2.0) (< netstandard1.3)) (&& (== netstandard2.0) (< netstandard1.4)) (&& (== netstandard2.0) (< netstandard1.5)) (&& (== netstandard2.0) (< netstandard1.6))
      System.Collections (>= 4.3) - restriction: || (&& (== net46) (== netcoreapp2.0)) (&& (== net46) (== netcoreapp2.1)) (&& (== net46) (== netstandard2.0)) (&& (== net46) (>= netstandard1.6)) (&& (== net462) (== netcoreapp2.0)) (&& (== net462) (== netcoreapp2.1)) (&& (== net462) (== netstandard2.0)) (&& (== net462) (>= netstandard1.6)) (&& (== netcoreapp2.0) (< netstandard2.0)) (&& (== netcoreapp2.1) (< netstandard2.0)) (== netstandard1.6)
      System.IO (>= 4.3) - restriction: || (&& (== net46) (== netcoreapp2.0)) (&& (== net46) (== netcoreapp2.1)) (&& (== net46) (== netstandard2.0)) (&& (== net46) (>= netstandard1.6)) (&& (== net462) (== netcoreapp2.0)) (&& (== net462) (== netcoreapp2.1)) (&& (== net462) (== netstandard2.0)) (&& (== net462) (>= netstandard1.6)) (&& (== netcoreapp2.0) (< netstandard2.0)) (&& (== netcoreapp2.1) (< netstandard2.0)) (== netstandard1.6)
      System.Resources.ResourceManager (>= 4.3) - restriction: || (&& (== net46) (== netcoreapp2.0)) (&& (== net46) (== netcoreapp2.1)) (&& (== net46) (== netstandard2.0)) (&& (== net46) (>= netstandard1.6)) (&& (== net462) (== netcoreapp2.0)) (&& (== net462) (== netcoreapp2.1)) (&& (== net462) (== netstandard2.0)) (&& (== net462) (>= netstandard1.6)) (&& (== netcoreapp2.0) (< netstandard2.0)) (&& (== netcoreapp2.1) (< netstandard2.0)) (== netstandard1.6)
      System.Runtime (>= 4.3) - restriction: || (&& (== net46) (== netcoreapp2.0)) (&& (== net46) (== netcoreapp2.1)) (&& (== net46) (== netstandard2.0)) (&& (== net46) (>= netstandard1.6)) (&& (== net462) (== netcoreapp2.0)) (&& (== net462) (== netcoreapp2.1)) (&& (== net462) (== netstandard2.0)) (&& (== net462) (>= netstandard1.6)) (&& (== netcoreapp2.0) (< netstandard2.0)) (&& (== netcoreapp2.1) (< netstandard2.0)) (== netstandard1.6)
      System.Runtime.Extensions (>= 4.3) - restriction: || (&& (== net46) (== netcoreapp2.0)) (&& (== net46) (== netcoreapp2.1)) (&& (== net46) (== netstandard2.0)) (&& (== net46) (>= netstandard1.6)) (&& (== net462) (== netcoreapp2.0)) (&& (== net462) (== netcoreapp2.1)) (&& (== net462) (== netstandard2.0)) (&& (== net462) (>= netstandard1.6)) (&& (== netcoreapp2.0) (< netstandard2.0)) (&& (== netcoreapp2.1) (< netstandard2.0)) (== netstandard1.6)
      System.Runtime.Handles (>= 4.3) - restriction: || (&& (== net46) (== netcoreapp2.0)) (&& (== net46) (== netcoreapp2.1)) (&& (== net46) (== netstandard2.0)) (&& (== net46) (>= netstandard1.6)) (&& (== net462) (== netcoreapp2.0)) (&& (== net462) (== netcoreapp2.1)) (&& (== net462) (== netstandard2.0)) (&& (== net462) (>= netstandard1.6)) (&& (== netcoreapp2.0) (< netstandard2.0)) (&& (== netcoreapp2.1) (< netstandard2.0)) (== netstandard1.6)
      System.Runtime.InteropServices (>= 4.3) - restriction: || (&& (== net46) (== netcoreapp2.0)) (&& (== net46) (== netcoreapp2.1)) (&& (== net46) (== netstandard2.0)) (&& (== net46) (>= netstandard1.6)) (&& (== net462) (== netcoreapp2.0)) (&& (== net462) (== netcoreapp2.1)) (&& (== net462) (== netstandard2.0)) (&& (== net462) (>= netstandard1.6)) (&& (== netcoreapp2.0) (< netstandard2.0)) (&& (== netcoreapp2.1) (< netstandard2.0)) (== netstandard1.6)
      System.Runtime.Numerics (>= 4.3) - restriction: || (&& (== net46) (== netcoreapp2.0)) (&& (== net46) (== netcoreapp2.1)) (&& (== net46) (== netstandard2.0)) (&& (== net46) (>= netstandard1.6)) (&& (== net462) (== netcoreapp2.0)) (&& (== net462) (== netcoreapp2.1)) (&& (== net462) (== netstandard2.0)) (&& (== net462) (>= netstandard1.6)) (&& (== netcoreapp2.0) (< netstandard2.0)) (&& (== netcoreapp2.1) (< netstandard2.0)) (== netstandard1.6)
      System.Security.Cryptography.Algorithms (>= 4.3) - restriction: || (&& (== net46) (== netcoreapp2.0)) (&& (== net46) (== netcoreapp2.1)) (&& (== net46) (== netstandard2.0)) (&& (== net46) (>= netstandard1.6)) (&& (== net462) (== netcoreapp2.0)) (&& (== net462) (== netcoreapp2.1)) (&& (== net462) (== netstandard2.0)) (&& (== net462) (>= netstandard1.6)) (&& (== netcoreapp2.0) (< netstandard2.0)) (&& (== netcoreapp2.1) (< netstandard2.0)) (== netstandard1.6)
      System.Security.Cryptography.Encoding (>= 4.3) - restriction: || (&& (== net46) (== netcoreapp2.0)) (&& (== net46) (== netcoreapp2.1)) (&& (== net46) (== netstandard2.0)) (&& (== net46) (>= netstandard1.6)) (&& (== net462) (== netcoreapp2.0)) (&& (== net462) (== netcoreapp2.1)) (&& (== net462) (== netstandard2.0)) (&& (== net462) (>= netstandard1.6)) (&& (== netcoreapp2.0) (< netstandard2.0)) (&& (== netcoreapp2.1) (< netstandard2.0)) (== netstandard1.6)
      System.Security.Cryptography.Primitives (>= 4.3) - restriction: || (&& (== net46) (== netcoreapp2.0)) (&& (== net46) (== netcoreapp2.1)) (&& (== net46) (== netstandard2.0)) (&& (== net46) (>= netstandard1.6)) (&& (== net462) (== netcoreapp2.0)) (&& (== net462) (== netcoreapp2.1)) (&& (== net462) (== netstandard2.0)) (&& (== net462) (>= netstandard1.6)) (&& (== netcoreapp2.0) (< netstandard2.0)) (&& (== netcoreapp2.1) (< netstandard2.0)) (== netstandard1.6)
      System.Text.Encoding (>= 4.3) - restriction: || (&& (== net46) (== netcoreapp2.0)) (&& (== net46) (== netcoreapp2.1)) (&& (== net46) (== netstandard2.0)) (&& (== net46) (>= netstandard1.6)) (&& (== net462) (== netcoreapp2.0)) (&& (== net462) (== netcoreapp2.1)) (&& (== net462) (== netstandard2.0)) (&& (== net462) (>= netstandard1.6)) (&& (== netcoreapp2.0) (< netstandard2.0)) (&& (== netcoreapp2.1) (< netstandard2.0)) (== netstandard1.6)
    System.Security.Cryptography.Primitives (4.3)
      System.Diagnostics.Debug (>= 4.3) - restriction: || (&& (== net462) (< net46)) (== netcoreapp2.0) (== netcoreapp2.1) (== netstandard1.6) (== netstandard2.0)
      System.Globalization (>= 4.3) - restriction: || (&& (== net462) (< net46)) (== netcoreapp2.0) (== netcoreapp2.1) (== netstandard1.6) (== netstandard2.0)
      System.IO (>= 4.3) - restriction: || (&& (== net462) (< net46)) (== netcoreapp2.0) (== netcoreapp2.1) (== netstandard1.6) (== netstandard2.0)
      System.Resources.ResourceManager (>= 4.3) - restriction: || (&& (== net462) (< net46)) (== netcoreapp2.0) (== netcoreapp2.1) (== netstandard1.6) (== netstandard2.0)
      System.Runtime (>= 4.3) - restriction: || (&& (== net462) (< net46)) (== netcoreapp2.0) (== netcoreapp2.1) (== netstandard1.6) (== netstandard2.0)
      System.Threading (>= 4.3) - restriction: || (&& (== net462) (< net46)) (== netcoreapp2.0) (== netcoreapp2.1) (== netstandard1.6) (== netstandard2.0)
      System.Threading.Tasks (>= 4.3) - restriction: || (&& (== net462) (< net46)) (== netcoreapp2.0) (== netcoreapp2.1) (== netstandard1.6) (== netstandard2.0)
    System.Security.Cryptography.ProtectedData (4.5) - restriction: || (&& (== net46) (< net45) (>= netstandard2.0)) (&& (== net462) (< net45) (>= netstandard2.0)) (== netcoreapp2.0) (== netcoreapp2.1) (&& (== netstandard1.6) (>= netstandard2.0)) (== netstandard2.0)
      System.Memory (>= 4.5) - restriction: || (&& (== net462) (== netcoreapp2.1)) (&& (== net462) (< net46) (>= netstandard2.0)) (== netcoreapp2.0) (&& (== netcoreapp2.1) (== netstandard1.6)) (&& (== netstandard1.6) (>= netstandard2.0)) (== netstandard2.0)
    System.Security.Cryptography.X509Certificates (4.3.2) - restriction: || (== net46) (&& (== net462) (== netcoreapp2.0)) (&& (== net462) (== netcoreapp2.1)) (&& (== net462) (== netstandard2.0)) (&& (== net462) (< net45)) (&& (== net462) (< net451)) (&& (== net462) (< netstandard1.4)) (&& (== net462) (< netstandard1.5) (>= uap10.0)) (&& (== netcoreapp2.0) (< netstandard1.4)) (&& (== netcoreapp2.0) (< netstandard1.5)) (&& (== netcoreapp2.0) (< netstandard1.6)) (&& (== netcoreapp2.0) (< netstandard2.0)) (&& (== netcoreapp2.1) (< netstandard1.4)) (&& (== netcoreapp2.1) (< netstandard1.5)) (&& (== netcoreapp2.1) (< netstandard1.6)) (&& (== netcoreapp2.1) (< netstandard2.0)) (== netstandard1.6) (&& (== netstandard2.0) (< netstandard1.4)) (&& (== netstandard2.0) (< netstandard1.5)) (&& (== netstandard2.0) (< netstandard1.6))
      Microsoft.NETCore.Platforms (>= 1.1) - restriction: || (&& (== net46) (>= dnxcore50)) (&& (== net462) (>= dnxcore50)) (&& (== net462) (< net46) (>= netstandard1.6)) (== netcoreapp2.0) (== netcoreapp2.1) (== netstandard1.6) (== netstandard2.0)
      runtime.native.System (>= 4.3) - restriction: || (&& (== net462) (< net46) (>= netstandard1.6)) (== netcoreapp2.0) (== netcoreapp2.1) (== netstandard1.6) (== netstandard2.0)
      runtime.native.System.Net.Http (>= 4.3) - restriction: || (&& (== net462) (< net46) (>= netstandard1.6)) (== netcoreapp2.0) (== netcoreapp2.1) (== netstandard1.6) (== netstandard2.0)
      runtime.native.System.Security.Cryptography.OpenSsl (>= 4.3.2) - restriction: || (&& (== net462) (< net46) (>= netstandard1.6)) (== netcoreapp2.0) (== netcoreapp2.1) (== netstandard1.6) (== netstandard2.0)
      System.Collections (>= 4.3) - restriction: || (&& (== net46) (>= dnxcore50)) (&& (== net462) (>= dnxcore50)) (&& (== net462) (< net46) (>= netstandard1.6)) (== netcoreapp2.0) (== netcoreapp2.1) (== netstandard1.6) (== netstandard2.0)
      System.Diagnostics.Debug (>= 4.3) - restriction: || (&& (== net462) (< net46) (>= netstandard1.6)) (== netcoreapp2.0) (== netcoreapp2.1) (== netstandard1.6) (== netstandard2.0)
      System.Globalization (>= 4.3) - restriction: || (&& (== net46) (>= dnxcore50)) (&& (== net462) (>= dnxcore50)) (&& (== net462) (< net46) (>= netstandard1.6)) (== netcoreapp2.0) (== netcoreapp2.1) (== netstandard1.6) (== netstandard2.0)
      System.Globalization.Calendars (>= 4.3) - restriction: || (&& (== net46) (>= dnxcore50)) (&& (== net462) (>= dnxcore50)) (&& (== net462) (< net46) (>= netstandard1.6)) (== netcoreapp2.0) (== netcoreapp2.1) (== netstandard1.6) (== netstandard2.0)
      System.IO (>= 4.3) - restriction: || (&& (== net46) (>= dnxcore50)) (&& (== net462) (>= dnxcore50)) (&& (== net462) (< net46) (>= netstandard1.6)) (== netcoreapp2.0) (== netcoreapp2.1) (== netstandard1.6) (== netstandard2.0)
      System.IO.FileSystem (>= 4.3) - restriction: || (&& (== net46) (>= dnxcore50)) (&& (== net462) (>= dnxcore50)) (&& (== net462) (< net46) (>= netstandard1.6)) (== netcoreapp2.0) (== netcoreapp2.1) (== netstandard1.6) (== netstandard2.0)
      System.IO.FileSystem.Primitives (>= 4.3) - restriction: || (&& (== net462) (< net46) (>= netstandard1.6)) (== netcoreapp2.0) (== netcoreapp2.1) (== netstandard1.6) (== netstandard2.0)
      System.Resources.ResourceManager (>= 4.3) - restriction: || (&& (== net46) (>= dnxcore50)) (&& (== net462) (>= dnxcore50)) (&& (== net462) (< net46) (>= netstandard1.6)) (== netcoreapp2.0) (== netcoreapp2.1) (== netstandard1.6) (== netstandard2.0)
      System.Runtime (>= 4.3) - restriction: || (&& (== net46) (>= dnxcore50)) (&& (== net462) (>= dnxcore50)) (&& (== net462) (< net46)) (== netcoreapp2.0) (== netcoreapp2.1) (== netstandard1.6) (== netstandard2.0)
      System.Runtime.Extensions (>= 4.3) - restriction: || (&& (== net46) (>= dnxcore50)) (&& (== net462) (>= dnxcore50)) (&& (== net462) (< net46) (>= netstandard1.6)) (== netcoreapp2.0) (== netcoreapp2.1) (== netstandard1.6) (== netstandard2.0)
      System.Runtime.Handles (>= 4.3) - restriction: || (&& (== net46) (>= dnxcore50)) (&& (== net462) (>= dnxcore50)) (&& (== net462) (< net46)) (== netcoreapp2.0) (== netcoreapp2.1) (== netstandard1.6) (== netstandard2.0)
      System.Runtime.InteropServices (>= 4.3) - restriction: || (&& (== net46) (>= dnxcore50)) (&& (== net462) (>= dnxcore50)) (&& (== net462) (< net46) (>= netstandard1.6)) (== netcoreapp2.0) (== netcoreapp2.1) (== netstandard1.6) (== netstandard2.0)
      System.Runtime.Numerics (>= 4.3) - restriction: || (&& (== net46) (>= dnxcore50)) (&& (== net462) (>= dnxcore50)) (&& (== net462) (< net46) (>= netstandard1.6)) (== netcoreapp2.0) (== netcoreapp2.1) (== netstandard1.6) (== netstandard2.0)
      System.Security.Cryptography.Algorithms (>= 4.3)
      System.Security.Cryptography.Cng (>= 4.3) - restriction: || (&& (== net46) (>= dnxcore50)) (&& (== net462) (>= dnxcore50)) (&& (== net462) (< net46) (>= netstandard1.6)) (== netcoreapp2.0) (== netcoreapp2.1) (== netstandard1.6) (== netstandard2.0)
      System.Security.Cryptography.Csp (>= 4.3) - restriction: || (&& (== net462) (< net46) (>= netstandard1.6)) (== netcoreapp2.0) (== netcoreapp2.1) (== netstandard1.6) (== netstandard2.0)
      System.Security.Cryptography.Encoding (>= 4.3)
      System.Security.Cryptography.OpenSsl (>= 4.3) - restriction: || (&& (== net462) (< net46) (>= netstandard1.6)) (== netcoreapp2.0) (== netcoreapp2.1) (== netstandard1.6) (== netstandard2.0)
      System.Security.Cryptography.Primitives (>= 4.3) - restriction: || (&& (== net46) (>= dnxcore50)) (&& (== net462) (>= dnxcore50)) (&& (== net462) (< net46) (>= netstandard1.6)) (== netcoreapp2.0) (== netcoreapp2.1) (== netstandard1.6) (== netstandard2.0)
      System.Text.Encoding (>= 4.3) - restriction: || (&& (== net46) (>= dnxcore50)) (&& (== net462) (>= dnxcore50)) (&& (== net462) (< net46) (>= netstandard1.6)) (== netcoreapp2.0) (== netcoreapp2.1) (== netstandard1.6) (== netstandard2.0)
      System.Threading (>= 4.3) - restriction: || (&& (== net46) (>= dnxcore50)) (&& (== net462) (>= dnxcore50)) (&& (== net462) (< net46) (>= netstandard1.6)) (== netcoreapp2.0) (== netcoreapp2.1) (== netstandard1.6) (== netstandard2.0)
    System.Security.Principal (4.3) - restriction: || (&& (== net46) (== netcoreapp2.0)) (&& (== net46) (== netcoreapp2.1)) (&& (== net46) (== netstandard2.0)) (&& (== net46) (< net451)) (&& (== net462) (== netcoreapp2.0)) (&& (== net462) (== netcoreapp2.1)) (&& (== net462) (== netstandard2.0)) (&& (== net462) (< net451)) (&& (== netcoreapp2.0) (< netstandard2.0)) (&& (== netcoreapp2.1) (< netstandard2.0)) (== netstandard1.6)
      System.Runtime (>= 4.3) - restriction: || (&& (== net46) (>= dnxcore50)) (&& (== net46) (< net45)) (&& (== net462) (>= dnxcore50)) (&& (== net462) (< net45)) (== netcoreapp2.0) (== netcoreapp2.1) (== netstandard1.6) (== netstandard2.0)
    System.Security.Principal.Windows (4.5.1) - restriction: || (&& (== net46) (>= monoandroid) (>= netstandard2.0)) (&& (== net46) (>= monotouch) (>= netstandard2.0)) (&& (== net46) (< net451)) (&& (== net46) (>= netcoreapp2.0)) (&& (== net46) (>= netcoreapp2.1)) (&& (== net46) (>= netstandard2.0) (>= xamarinmac)) (&& (== net46) (>= netstandard2.0) (>= xamarintvos)) (&& (== net46) (>= netstandard2.0) (>= xamarinwatchos)) (&& (== net46) (>= xamarinios)) (&& (== net462) (>= monoandroid) (>= netstandard2.0)) (&& (== net462) (>= monotouch) (>= netstandard2.0)) (&& (== net462) (< net451)) (&& (== net462) (>= netcoreapp2.0)) (&& (== net462) (>= netcoreapp2.1)) (&& (== net462) (>= netstandard2.0) (>= xamarinmac)) (&& (== net462) (>= netstandard2.0) (>= xamarintvos)) (&& (== net462) (>= netstandard2.0) (>= xamarinwatchos)) (&& (== net462) (>= xamarinios)) (== netcoreapp2.0) (== netcoreapp2.1) (== netstandard1.6) (== netstandard2.0)
      Microsoft.NETCore.Platforms (>= 2.0) - restriction: || (&& (== net46) (>= netcoreapp2.0)) (&& (== net462) (>= netcoreapp2.0)) (== netcoreapp2.0) (== netcoreapp2.1) (&& (== netstandard1.6) (>= netcoreapp2.0)) (&& (== netstandard2.0) (>= netcoreapp2.0))
      Microsoft.Win32.Primitives (>= 4.3) - restriction: || (&& (== net46) (== netcoreapp2.0)) (&& (== net46) (== netcoreapp2.1)) (&& (== net462) (== netcoreapp2.0)) (&& (== net462) (== netcoreapp2.1)) (&& (== net462) (== netstandard2.0)) (&& (== net462) (< net46)) (&& (== netcoreapp2.0) (< netstandard2.0)) (&& (== netcoreapp2.1) (< netstandard2.0)) (== netstandard1.6)
      System.Collections (>= 4.3) - restriction: || (&& (== net46) (== netcoreapp2.0)) (&& (== net46) (== netcoreapp2.1)) (&& (== net462) (== netcoreapp2.0)) (&& (== net462) (== netcoreapp2.1)) (&& (== net462) (== netstandard2.0)) (&& (== net462) (< net46)) (&& (== netcoreapp2.0) (< netstandard2.0)) (&& (== netcoreapp2.1) (< netstandard2.0)) (== netstandard1.6)
      System.Diagnostics.Debug (>= 4.3) - restriction: || (&& (== net46) (== netcoreapp2.0)) (&& (== net46) (== netcoreapp2.1)) (&& (== net462) (== netcoreapp2.0)) (&& (== net462) (== netcoreapp2.1)) (&& (== net462) (== netstandard2.0)) (&& (== net462) (< net46)) (&& (== netcoreapp2.0) (< netstandard2.0)) (&& (== netcoreapp2.1) (< netstandard2.0)) (== netstandard1.6)
      System.Reflection (>= 4.3) - restriction: || (&& (== net46) (== netcoreapp2.0)) (&& (== net46) (== netcoreapp2.1)) (&& (== net462) (== netcoreapp2.0)) (&& (== net462) (== netcoreapp2.1)) (&& (== net462) (== netstandard2.0)) (&& (== net462) (< net46)) (&& (== netcoreapp2.0) (< netstandard2.0)) (&& (== netcoreapp2.1) (< netstandard2.0)) (== netstandard1.6)
      System.Resources.ResourceManager (>= 4.3) - restriction: || (&& (== net46) (== netcoreapp2.0)) (&& (== net46) (== netcoreapp2.1)) (&& (== net462) (== netcoreapp2.0)) (&& (== net462) (== netcoreapp2.1)) (&& (== net462) (== netstandard2.0)) (&& (== net462) (< net46)) (&& (== netcoreapp2.0) (< netstandard2.0)) (&& (== netcoreapp2.1) (< netstandard2.0)) (== netstandard1.6)
      System.Runtime (>= 4.3) - restriction: || (&& (== net46) (== netcoreapp2.0)) (&& (== net46) (== netcoreapp2.1)) (&& (== net462) (== netcoreapp2.0)) (&& (== net462) (== netcoreapp2.1)) (&& (== net462) (== netstandard2.0)) (&& (== net462) (< net46)) (&& (== netcoreapp2.0) (< netstandard2.0)) (&& (== netcoreapp2.1) (< netstandard2.0)) (== netstandard1.6)
      System.Runtime.Extensions (>= 4.3) - restriction: || (&& (== net46) (== netcoreapp2.0)) (&& (== net46) (== netcoreapp2.1)) (&& (== net462) (== netcoreapp2.0)) (&& (== net462) (== netcoreapp2.1)) (&& (== net462) (== netstandard2.0)) (&& (== net462) (< net46)) (&& (== netcoreapp2.0) (< netstandard2.0)) (&& (== netcoreapp2.1) (< netstandard2.0)) (== netstandard1.6)
      System.Runtime.Handles (>= 4.3) - restriction: || (&& (== net46) (== netcoreapp2.0)) (&& (== net46) (== netcoreapp2.1)) (&& (== net462) (== netcoreapp2.0)) (&& (== net462) (== netcoreapp2.1)) (&& (== net462) (== netstandard2.0)) (&& (== net462) (< net46)) (&& (== netcoreapp2.0) (< netstandard2.0)) (&& (== netcoreapp2.1) (< netstandard2.0)) (== netstandard1.6)
      System.Runtime.InteropServices (>= 4.3) - restriction: || (&& (== net46) (== netcoreapp2.0)) (&& (== net46) (== netcoreapp2.1)) (&& (== net462) (== netcoreapp2.0)) (&& (== net462) (== netcoreapp2.1)) (&& (== net462) (== netstandard2.0)) (&& (== net462) (< net46)) (&& (== netcoreapp2.0) (< netstandard2.0)) (&& (== netcoreapp2.1) (< netstandard2.0)) (== netstandard1.6)
      System.Security.Claims (>= 4.3) - restriction: || (== net46) (&& (== net462) (== netcoreapp2.0)) (&& (== net462) (== netcoreapp2.1)) (&& (== net462) (== netstandard2.0)) (&& (== net462) (< net46)) (&& (== net462) (< net461)) (&& (== netcoreapp2.0) (< netstandard2.0)) (&& (== netcoreapp2.1) (< netstandard2.0)) (== netstandard1.6)
      System.Security.Principal (>= 4.3) - restriction: || (&& (== net46) (== netcoreapp2.0)) (&& (== net46) (== netcoreapp2.1)) (&& (== net462) (== netcoreapp2.0)) (&& (== net462) (== netcoreapp2.1)) (&& (== net462) (== netstandard2.0)) (&& (== net462) (< net46)) (&& (== netcoreapp2.0) (< netstandard2.0)) (&& (== netcoreapp2.1) (< netstandard2.0)) (== netstandard1.6)
      System.Text.Encoding (>= 4.3) - restriction: || (&& (== net46) (== netcoreapp2.0)) (&& (== net46) (== netcoreapp2.1)) (&& (== net462) (== netcoreapp2.0)) (&& (== net462) (== netcoreapp2.1)) (&& (== net462) (== netstandard2.0)) (&& (== net462) (< net46)) (&& (== netcoreapp2.0) (< netstandard2.0)) (&& (== netcoreapp2.1) (< netstandard2.0)) (== netstandard1.6)
      System.Threading (>= 4.3) - restriction: || (&& (== net46) (== netcoreapp2.0)) (&& (== net46) (== netcoreapp2.1)) (&& (== net462) (== netcoreapp2.0)) (&& (== net462) (== netcoreapp2.1)) (&& (== net462) (== netstandard2.0)) (&& (== net462) (< net46)) (&& (== netcoreapp2.0) (< netstandard2.0)) (&& (== netcoreapp2.1) (< netstandard2.0)) (== netstandard1.6)
    System.Text.Encoding (4.3) - restriction: || (&& (== net46) (>= dnxcore50)) (&& (== net46) (< net45)) (&& (== net46) (< portable-net45+win8+wpa81)) (&& (== net46) (>= uap10.0)) (&& (== net462) (>= dnxcore50)) (&& (== net462) (< net45)) (&& (== net462) (< net46) (>= netstandard1.6)) (&& (== net462) (< net46) (>= netstandard2.0)) (&& (== net462) (< netstandard1.5) (>= uap10.0)) (&& (== net462) (< portable-net45+win8+wpa81)) (== netcoreapp2.0) (== netcoreapp2.1) (== netstandard1.6) (== netstandard2.0)
      Microsoft.NETCore.Platforms (>= 1.1) - restriction: || (&& (== net46) (>= dnxcore50)) (&& (== net46) (< net45)) (&& (== net462) (>= dnxcore50)) (&& (== net462) (< net45)) (== netcoreapp2.0) (== netcoreapp2.1) (== netstandard1.6) (== netstandard2.0)
      Microsoft.NETCore.Targets (>= 1.1) - restriction: || (&& (== net46) (>= dnxcore50)) (&& (== net46) (< net45)) (&& (== net462) (>= dnxcore50)) (&& (== net462) (< net45)) (== netcoreapp2.0) (== netcoreapp2.1) (== netstandard1.6) (== netstandard2.0)
      System.Runtime (>= 4.3) - restriction: || (&& (== net46) (>= dnxcore50)) (&& (== net46) (< net45)) (&& (== net462) (>= dnxcore50)) (&& (== net462) (< net45)) (== netcoreapp2.0) (== netcoreapp2.1) (== netstandard1.6) (== netstandard2.0)
    System.Text.Encoding.CodePages (4.5.1) - restriction: || (&& (== net46) (< net451)) (&& (== net46) (>= netcoreapp2.0)) (&& (== net462) (< net451)) (&& (== net462) (< net46) (>= netstandard2.0)) (&& (== net462) (>= netcoreapp2.0)) (== netcoreapp2.0) (== netcoreapp2.1) (== netstandard1.6) (== netstandard2.0)
      Microsoft.NETCore.Platforms (>= 2.1.2) - restriction: || (&& (== net46) (>= netcoreapp2.0)) (&& (== net462) (>= netcoreapp2.0)) (== netcoreapp2.0) (== netcoreapp2.1) (&& (== netstandard1.6) (>= netcoreapp2.0)) (&& (== netstandard2.0) (>= netcoreapp2.0))
      NETStandard.Library (>= 1.6.1) - restriction: || (&& (== net46) (== netcoreapp2.0)) (&& (== net46) (== netcoreapp2.1)) (&& (== net462) (== netcoreapp2.0)) (&& (== net462) (== netcoreapp2.1)) (&& (== net462) (== netstandard2.0)) (&& (== net462) (< net46)) (&& (== netcoreapp2.0) (< netstandard2.0)) (&& (== netcoreapp2.1) (< netstandard2.0)) (== netstandard1.6)
      System.Runtime.CompilerServices.Unsafe (>= 4.5.2) - restriction: || (&& (== net46) (>= net461)) (&& (== net46) (>= netcoreapp2.0)) (== net462) (== netcoreapp2.0) (== netcoreapp2.1) (&& (== netstandard1.6) (>= net461)) (&& (== netstandard1.6) (>= netcoreapp2.0)) (&& (== netstandard1.6) (>= netstandard2.0)) (== netstandard2.0)
    System.Text.Encoding.Extensions (4.3) - restriction: || (&& (== net46) (< net45)) (&& (== net46) (< portable-net45+win8+wpa81)) (&& (== net46) (>= uap10.0)) (&& (== net462) (< net45)) (&& (== net462) (< net46)) (&& (== net462) (< netstandard1.5) (>= uap10.0)) (&& (== net462) (< portable-net45+win8+wpa81)) (== netcoreapp2.0) (== netcoreapp2.1) (== netstandard1.6) (== netstandard2.0)
      Microsoft.NETCore.Platforms (>= 1.1) - restriction: || (&& (== net46) (>= dnxcore50)) (&& (== net46) (< net45)) (&& (== net462) (>= dnxcore50)) (&& (== net462) (< net45)) (== netcoreapp2.0) (== netcoreapp2.1) (== netstandard1.6) (== netstandard2.0)
      Microsoft.NETCore.Targets (>= 1.1) - restriction: || (&& (== net46) (>= dnxcore50)) (&& (== net46) (< net45)) (&& (== net462) (>= dnxcore50)) (&& (== net462) (< net45)) (== netcoreapp2.0) (== netcoreapp2.1) (== netstandard1.6) (== netstandard2.0)
      System.Runtime (>= 4.3) - restriction: || (&& (== net46) (>= dnxcore50)) (&& (== net46) (< net45)) (&& (== net462) (>= dnxcore50)) (&& (== net462) (< net45)) (== netcoreapp2.0) (== netcoreapp2.1) (== netstandard1.6) (== netstandard2.0)
      System.Text.Encoding (>= 4.3) - restriction: || (&& (== net46) (>= dnxcore50)) (&& (== net46) (< net45)) (&& (== net462) (>= dnxcore50)) (&& (== net462) (< net45)) (== netcoreapp2.0) (== netcoreapp2.1) (== netstandard1.6) (== netstandard2.0)
    System.Text.RegularExpressions (4.3) - restriction: || (&& (== net46) (== netcoreapp2.0)) (&& (== net46) (== netcoreapp2.1)) (&& (== net46) (== netstandard2.0)) (&& (== net46) (< net45)) (&& (== net46) (< portable-net45+win8+wpa81)) (&& (== net46) (>= uap10.0)) (&& (== net462) (== netcoreapp2.0)) (&& (== net462) (== netcoreapp2.1)) (&& (== net462) (== netstandard2.0)) (&& (== net462) (< net45)) (&& (== net462) (< netstandard1.5) (>= uap10.0)) (&& (== net462) (< portable-net45+win8+wpa81)) (&& (== netcoreapp2.0) (< netstandard1.2)) (&& (== netcoreapp2.0) (< netstandard1.3)) (&& (== netcoreapp2.0) (< netstandard1.4)) (&& (== netcoreapp2.0) (< netstandard1.5)) (&& (== netcoreapp2.0) (< netstandard1.6)) (&& (== netcoreapp2.0) (< netstandard2.0)) (&& (== netcoreapp2.0) (< portable-net45+win8+wpa81)) (&& (== netcoreapp2.1) (< netstandard1.2)) (&& (== netcoreapp2.1) (< netstandard1.3)) (&& (== netcoreapp2.1) (< netstandard1.4)) (&& (== netcoreapp2.1) (< netstandard1.5)) (&& (== netcoreapp2.1) (< netstandard1.6)) (&& (== netcoreapp2.1) (< netstandard2.0)) (&& (== netcoreapp2.1) (< portable-net45+win8+wpa81)) (== netstandard1.6) (&& (== netstandard2.0) (< netstandard1.2)) (&& (== netstandard2.0) (< netstandard1.3)) (&& (== netstandard2.0) (< netstandard1.4)) (&& (== netstandard2.0) (< netstandard1.5)) (&& (== netstandard2.0) (< netstandard1.6)) (&& (== netstandard2.0) (< portable-net45+win8+wpa81))
      System.Collections (>= 4.3) - restriction: || (&& (== net46) (== netcoreapp2.0)) (&& (== net46) (== netcoreapp2.1)) (&& (== net46) (>= dnxcore50)) (&& (== net46) (< net45) (>= netstandard1.6)) (&& (== net462) (== netcoreapp2.0)) (&& (== net462) (== netcoreapp2.1)) (&& (== net462) (>= dnxcore50)) (&& (== net462) (< net45) (>= netstandard1.6)) (&& (== netcoreapp2.0) (>= dnxcore50)) (&& (== netcoreapp2.0) (< netcoreapp1.1)) (&& (== netcoreapp2.1) (>= dnxcore50)) (&& (== netcoreapp2.1) (< netcoreapp1.1)) (== netstandard1.6) (== netstandard2.0)
      System.Globalization (>= 4.3) - restriction: || (&& (== net46) (== netcoreapp2.0)) (&& (== net46) (== netcoreapp2.1)) (&& (== net46) (>= dnxcore50)) (&& (== net46) (< net45) (>= netstandard1.6)) (&& (== net462) (== netcoreapp2.0)) (&& (== net462) (== netcoreapp2.1)) (&& (== net462) (>= dnxcore50)) (&& (== net462) (< net45) (>= netstandard1.6)) (&& (== netcoreapp2.0) (>= dnxcore50)) (&& (== netcoreapp2.0) (< netcoreapp1.1)) (&& (== netcoreapp2.1) (>= dnxcore50)) (&& (== netcoreapp2.1) (< netcoreapp1.1)) (== netstandard1.6) (== netstandard2.0)
      System.Resources.ResourceManager (>= 4.3) - restriction: || (&& (== net46) (== netcoreapp2.0)) (&& (== net46) (== netcoreapp2.1)) (&& (== net46) (>= dnxcore50)) (&& (== net46) (< net45) (>= netstandard1.6)) (&& (== net462) (== netcoreapp2.0)) (&& (== net462) (== netcoreapp2.1)) (&& (== net462) (>= dnxcore50)) (&& (== net462) (< net45) (>= netstandard1.6)) (&& (== netcoreapp2.0) (>= dnxcore50)) (&& (== netcoreapp2.0) (< netcoreapp1.1)) (&& (== netcoreapp2.1) (>= dnxcore50)) (&& (== netcoreapp2.1) (< netcoreapp1.1)) (== netstandard1.6) (== netstandard2.0)
      System.Runtime (>= 4.3) - restriction: || (&& (== net46) (>= dnxcore50)) (&& (== net46) (< net45)) (&& (== net46) (>= netcoreapp1.1)) (&& (== net462) (>= dnxcore50)) (&& (== net462) (< net45)) (&& (== net462) (>= netcoreapp1.1)) (== netcoreapp2.0) (== netcoreapp2.1) (== netstandard1.6) (== netstandard2.0)
      System.Runtime.Extensions (>= 4.3) - restriction: || (&& (== net46) (== netcoreapp2.0)) (&& (== net46) (== netcoreapp2.1)) (&& (== net46) (>= dnxcore50)) (&& (== net46) (< net45) (>= netstandard1.6)) (&& (== net462) (== netcoreapp2.0)) (&& (== net462) (== netcoreapp2.1)) (&& (== net462) (>= dnxcore50)) (&& (== net462) (< net45) (>= netstandard1.6)) (&& (== netcoreapp2.0) (>= dnxcore50)) (&& (== netcoreapp2.0) (< netcoreapp1.1)) (&& (== netcoreapp2.1) (>= dnxcore50)) (&& (== netcoreapp2.1) (< netcoreapp1.1)) (== netstandard1.6) (== netstandard2.0)
      System.Threading (>= 4.3) - restriction: || (&& (== net46) (== netcoreapp2.0)) (&& (== net46) (== netcoreapp2.1)) (&& (== net46) (>= dnxcore50)) (&& (== net46) (< net45) (>= netstandard1.6)) (&& (== net462) (== netcoreapp2.0)) (&& (== net462) (== netcoreapp2.1)) (&& (== net462) (>= dnxcore50)) (&& (== net462) (< net45) (>= netstandard1.6)) (&& (== netcoreapp2.0) (>= dnxcore50)) (&& (== netcoreapp2.0) (< netcoreapp1.1)) (&& (== netcoreapp2.1) (>= dnxcore50)) (&& (== netcoreapp2.1) (< netcoreapp1.1)) (== netstandard1.6) (== netstandard2.0)
    System.Threading (4.3) - restriction: || (&& (== net46) (< net45)) (&& (== net46) (< portable-net45+win8+wpa81)) (&& (== net46) (>= uap10.0)) (&& (== net462) (< net45)) (&& (== net462) (< net46)) (&& (== net462) (< netstandard1.5) (>= uap10.0)) (&& (== net462) (< portable-net45+win8+wpa81)) (== netcoreapp2.0) (== netcoreapp2.1) (== netstandard1.6) (== netstandard2.0)
      System.Runtime (>= 4.3) - restriction: || (&& (== net46) (>= dnxcore50)) (&& (== net46) (< net45)) (&& (== net462) (>= dnxcore50)) (&& (== net462) (< net45)) (== netcoreapp2.0) (== netcoreapp2.1) (== netstandard1.6) (== netstandard2.0)
      System.Threading.Tasks (>= 4.3) - restriction: || (&& (== net46) (>= dnxcore50)) (&& (== net46) (< net45)) (&& (== net462) (>= dnxcore50)) (&& (== net462) (< net45)) (== netcoreapp2.0) (== netcoreapp2.1) (== netstandard1.6) (== netstandard2.0)
    System.Threading.Overlapped (4.3) - restriction: || (&& (== net46) (< net451)) (&& (== net462) (< net451)) (&& (== net462) (< net46)) (== netcoreapp2.0) (== netcoreapp2.1) (== netstandard1.6) (== netstandard2.0)
      Microsoft.NETCore.Platforms (>= 1.1) - restriction: || (&& (== net46) (>= dnxcore50)) (&& (== net462) (>= dnxcore50)) (&& (== net462) (< net46)) (== netcoreapp2.0) (== netcoreapp2.1) (== netstandard1.6) (== netstandard2.0)
      System.Resources.ResourceManager (>= 4.3) - restriction: || (&& (== net46) (>= dnxcore50)) (&& (== net462) (>= dnxcore50)) (&& (== net462) (< net46)) (== netcoreapp2.0) (== netcoreapp2.1) (== netstandard1.6) (== netstandard2.0)
      System.Runtime (>= 4.3) - restriction: || (&& (== net46) (>= dnxcore50)) (&& (== net462) (>= dnxcore50)) (&& (== net462) (< net46)) (== netcoreapp2.0) (== netcoreapp2.1) (== netstandard1.6) (== netstandard2.0)
      System.Runtime.Handles (>= 4.3) - restriction: || (&& (== net46) (>= dnxcore50)) (&& (== net462) (>= dnxcore50)) (&& (== net462) (< net46)) (== netcoreapp2.0) (== netcoreapp2.1) (== netstandard1.6) (== netstandard2.0)
    System.Threading.Tasks (4.3) - restriction: || (&& (== net46) (>= dnxcore50)) (&& (== net46) (< net45)) (&& (== net46) (< portable-net45+win8+wpa81)) (&& (== net46) (>= uap10.0)) (&& (== net462) (>= dnxcore50)) (&& (== net462) (< net45)) (&& (== net462) (< netstandard1.5) (>= uap10.0)) (&& (== net462) (< portable-net45+win8+wpa81)) (== netcoreapp2.0) (== netcoreapp2.1) (== netstandard1.6) (== netstandard2.0)
      Microsoft.NETCore.Platforms (>= 1.1) - restriction: || (&& (== net46) (>= dnxcore50)) (&& (== net46) (< net45)) (&& (== net462) (>= dnxcore50)) (&& (== net462) (< net45)) (== netcoreapp2.0) (== netcoreapp2.1) (== netstandard1.6) (== netstandard2.0)
      Microsoft.NETCore.Targets (>= 1.1) - restriction: || (&& (== net46) (>= dnxcore50)) (&& (== net46) (< net45)) (&& (== net462) (>= dnxcore50)) (&& (== net462) (< net45)) (== netcoreapp2.0) (== netcoreapp2.1) (== netstandard1.6) (== netstandard2.0)
      System.Runtime (>= 4.3) - restriction: || (&& (== net46) (>= dnxcore50)) (&& (== net46) (< net45)) (&& (== net462) (>= dnxcore50)) (&& (== net462) (< net45)) (== netcoreapp2.0) (== netcoreapp2.1) (== netstandard1.6) (== netstandard2.0)
    System.Threading.Tasks.Dataflow (4.9) - restriction: || (== net46) (== net462) (== netcoreapp2.0) (== netcoreapp2.1) (&& (== netstandard1.6) (>= net46)) (&& (== netstandard1.6) (>= netstandard2.0)) (== netstandard2.0)
    System.Threading.Tasks.Extensions (4.5.2)
      System.Runtime.CompilerServices.Unsafe (>= 4.5.2) - restriction: || (== net46) (== net462) (== netcoreapp2.0) (&& (== netcoreapp2.1) (>= net45)) (&& (== netcoreapp2.1) (< netstandard1.0)) (&& (== netcoreapp2.1) (< netstandard2.0)) (&& (== netcoreapp2.1) (>= wp8)) (== netstandard1.6) (== netstandard2.0)
    System.Threading.Tasks.Parallel (4.3) - restriction: || (&& (== net46) (== netcoreapp2.0)) (&& (== net46) (== netcoreapp2.1)) (&& (== net46) (== netstandard2.0)) (&& (== net46) (< net45) (>= netstandard1.6)) (&& (== net462) (== netcoreapp2.0)) (&& (== net462) (== netcoreapp2.1)) (&& (== net462) (== netstandard2.0)) (&& (== net462) (< net45) (>= netstandard1.6)) (&& (== netcoreapp2.0) (< netstandard2.0)) (&& (== netcoreapp2.1) (< netstandard2.0)) (== netstandard1.6)
      System.Collections.Concurrent (>= 4.3) - restriction: || (&& (== net46) (>= dnxcore50)) (&& (== net46) (< net45)) (&& (== net462) (>= dnxcore50)) (&& (== net462) (< net45)) (== netcoreapp2.0) (== netcoreapp2.1) (== netstandard1.6) (== netstandard2.0)
      System.Diagnostics.Debug (>= 4.3) - restriction: || (&& (== net46) (>= dnxcore50)) (&& (== net46) (< net45)) (&& (== net462) (>= dnxcore50)) (&& (== net462) (< net45)) (== netcoreapp2.0) (== netcoreapp2.1) (== netstandard1.6) (== netstandard2.0)
      System.Diagnostics.Tracing (>= 4.3) - restriction: || (&& (== net46) (>= dnxcore50)) (&& (== net46) (< net45)) (&& (== net462) (>= dnxcore50)) (&& (== net462) (< net45)) (== netcoreapp2.0) (== netcoreapp2.1) (== netstandard1.6) (== netstandard2.0)
      System.Resources.ResourceManager (>= 4.3) - restriction: || (&& (== net46) (>= dnxcore50)) (&& (== net46) (< net45)) (&& (== net462) (>= dnxcore50)) (&& (== net462) (< net45)) (== netcoreapp2.0) (== netcoreapp2.1) (== netstandard1.6) (== netstandard2.0)
      System.Runtime (>= 4.3) - restriction: || (&& (== net46) (>= dnxcore50)) (&& (== net46) (< net45)) (&& (== net462) (>= dnxcore50)) (&& (== net462) (< net45)) (== netcoreapp2.0) (== netcoreapp2.1) (== netstandard1.6) (== netstandard2.0)
      System.Runtime.Extensions (>= 4.3) - restriction: || (&& (== net46) (>= dnxcore50)) (&& (== net46) (< net45)) (&& (== net462) (>= dnxcore50)) (&& (== net462) (< net45)) (== netcoreapp2.0) (== netcoreapp2.1) (== netstandard1.6) (== netstandard2.0)
      System.Threading (>= 4.3) - restriction: || (&& (== net46) (>= dnxcore50)) (&& (== net46) (< net45)) (&& (== net462) (>= dnxcore50)) (&& (== net462) (< net45)) (== netcoreapp2.0) (== netcoreapp2.1) (== netstandard1.6) (== netstandard2.0)
      System.Threading.Tasks (>= 4.3) - restriction: || (&& (== net46) (>= dnxcore50)) (&& (== net46) (< net45)) (&& (== net462) (>= dnxcore50)) (&& (== net462) (< net45)) (== netcoreapp2.0) (== netcoreapp2.1) (== netstandard1.6) (== netstandard2.0)
    System.Threading.Thread (4.3) - restriction: || (&& (== net46) (< net451)) (&& (== net462) (< net451)) (&& (== net462) (< net46)) (== netcoreapp2.0) (== netcoreapp2.1) (== netstandard1.6) (== netstandard2.0)
      System.Runtime (>= 4.3) - restriction: || (&& (== net462) (< net46)) (== netcoreapp2.0) (== netcoreapp2.1) (== netstandard1.6) (== netstandard2.0)
    System.Threading.ThreadPool (4.3) - restriction: || (&& (== net46) (< net451)) (&& (== net462) (< net451)) (&& (== net462) (< net46)) (== netcoreapp2.0) (== netcoreapp2.1) (== netstandard1.6) (== netstandard2.0)
      System.Runtime (>= 4.3) - restriction: || (&& (== net462) (< net46)) (== netcoreapp2.0) (== netcoreapp2.1) (== netstandard1.6) (== netstandard2.0)
      System.Runtime.Handles (>= 4.3) - restriction: || (&& (== net462) (< net46)) (== netcoreapp2.0) (== netcoreapp2.1) (== netstandard1.6) (== netstandard2.0)
    System.Threading.Timer (4.3) - restriction: || (&& (== net46) (== netcoreapp2.0)) (&& (== net46) (== netcoreapp2.1)) (&& (== net46) (== netstandard2.0)) (&& (== net46) (< net45)) (&& (== net46) (>= uap10.0)) (&& (== net462) (== netcoreapp2.0)) (&& (== net462) (== netcoreapp2.1)) (&& (== net462) (== netstandard2.0)) (&& (== net462) (< net45)) (&& (== net462) (< netstandard1.5) (>= uap10.0)) (&& (== netcoreapp2.0) (< netstandard1.3)) (&& (== netcoreapp2.0) (< netstandard1.4)) (&& (== netcoreapp2.0) (< netstandard1.5)) (&& (== netcoreapp2.0) (< netstandard1.6)) (&& (== netcoreapp2.0) (< netstandard2.0)) (&& (== netcoreapp2.1) (< netstandard1.3)) (&& (== netcoreapp2.1) (< netstandard1.4)) (&& (== netcoreapp2.1) (< netstandard1.5)) (&& (== netcoreapp2.1) (< netstandard1.6)) (&& (== netcoreapp2.1) (< netstandard2.0)) (== netstandard1.6) (&& (== netstandard2.0) (< netstandard1.3)) (&& (== netstandard2.0) (< netstandard1.4)) (&& (== netstandard2.0) (< netstandard1.5)) (&& (== netstandard2.0) (< netstandard1.6))
      Microsoft.NETCore.Platforms (>= 1.1) - restriction: || (&& (== net46) (>= dnxcore50)) (&& (== net46) (< net451)) (&& (== net462) (>= dnxcore50)) (&& (== net462) (< net451)) (== netcoreapp2.0) (== netcoreapp2.1) (== netstandard1.6) (== netstandard2.0)
      Microsoft.NETCore.Targets (>= 1.1) - restriction: || (&& (== net46) (>= dnxcore50)) (&& (== net46) (< net451)) (&& (== net462) (>= dnxcore50)) (&& (== net462) (< net451)) (== netcoreapp2.0) (== netcoreapp2.1) (== netstandard1.6) (== netstandard2.0)
      System.Runtime (>= 4.3) - restriction: || (&& (== net46) (>= dnxcore50)) (&& (== net46) (< net451)) (&& (== net462) (>= dnxcore50)) (&& (== net462) (< net451)) (== netcoreapp2.0) (== netcoreapp2.1) (== netstandard1.6) (== netstandard2.0)
    System.ValueTuple (4.5) - storage: packages, content: none, restriction: || (== net46) (== net462) (&& (== netcoreapp2.0) (>= net45)) (&& (== netcoreapp2.0) (>= net46)) (&& (== netcoreapp2.0) (>= uap10.0)) (&& (== netcoreapp2.1) (>= net45)) (&& (== netcoreapp2.1) (>= net46)) (&& (== netcoreapp2.1) (>= uap10.0)) (&& (== netstandard1.6) (>= net45)) (&& (== netstandard1.6) (>= net46)) (&& (== netstandard1.6) (>= uap10.0)) (&& (== netstandard2.0) (>= net45)) (&& (== netstandard2.0) (>= net46)) (&& (== netstandard2.0) (>= uap10.0))
    System.Xml.ReaderWriter (4.3.1) - restriction: || (== net46) (&& (== net462) (>= dnxcore50)) (&& (== net462) (< net45)) (&& (== net462) (< net46)) (&& (== net462) (< netstandard1.3) (>= uap10.0)) (&& (== net462) (< netstandard1.4)) (&& (== net462) (< netstandard1.5) (>= uap10.0)) (&& (== net462) (< portable-net45+win8+wpa81)) (== netcoreapp2.0) (== netcoreapp2.1) (== netstandard1.6) (== netstandard2.0)
      System.Collections (>= 4.3) - restriction: || (&& (== net46) (>= dnxcore50)) (&& (== net46) (< net45)) (&& (== net462) (>= dnxcore50)) (&& (== net462) (< net45)) (== netcoreapp2.0) (== netcoreapp2.1) (== netstandard1.6) (== netstandard2.0)
      System.Diagnostics.Debug (>= 4.3) - restriction: || (&& (== net46) (>= dnxcore50)) (&& (== net46) (< net45)) (&& (== net462) (>= dnxcore50)) (&& (== net462) (< net45)) (== netcoreapp2.0) (== netcoreapp2.1) (== netstandard1.6) (== netstandard2.0)
      System.Globalization (>= 4.3) - restriction: || (&& (== net46) (>= dnxcore50)) (&& (== net46) (< net45)) (&& (== net462) (>= dnxcore50)) (&& (== net462) (< net45)) (== netcoreapp2.0) (== netcoreapp2.1) (== netstandard1.6) (== netstandard2.0)
      System.IO (>= 4.3) - restriction: || (&& (== net46) (>= dnxcore50)) (&& (== net46) (< net45)) (&& (== net462) (>= dnxcore50)) (&& (== net462) (< net45)) (== netcoreapp2.0) (== netcoreapp2.1) (== netstandard1.6) (== netstandard2.0)
      System.IO.FileSystem (>= 4.3) - restriction: || (&& (== net46) (>= dnxcore50)) (&& (== net46) (< net45)) (&& (== net462) (>= dnxcore50)) (&& (== net462) (< net45)) (== netcoreapp2.0) (== netcoreapp2.1) (== netstandard1.6) (== netstandard2.0)
      System.IO.FileSystem.Primitives (>= 4.3) - restriction: || (&& (== net46) (>= dnxcore50)) (&& (== net46) (< net45)) (&& (== net462) (>= dnxcore50)) (&& (== net462) (< net45)) (== netcoreapp2.0) (== netcoreapp2.1) (== netstandard1.6) (== netstandard2.0)
      System.Resources.ResourceManager (>= 4.3) - restriction: || (&& (== net46) (>= dnxcore50)) (&& (== net46) (< net45)) (&& (== net462) (>= dnxcore50)) (&& (== net462) (< net45)) (== netcoreapp2.0) (== netcoreapp2.1) (== netstandard1.6) (== netstandard2.0)
      System.Runtime (>= 4.3) - restriction: || (&& (== net46) (>= dnxcore50)) (&& (== net46) (< net45)) (&& (== net462) (>= dnxcore50)) (&& (== net462) (< net45)) (== netcoreapp2.0) (== netcoreapp2.1) (== netstandard1.6) (== netstandard2.0)
      System.Runtime.Extensions (>= 4.3) - restriction: || (&& (== net46) (>= dnxcore50)) (&& (== net46) (< net45)) (&& (== net462) (>= dnxcore50)) (&& (== net462) (< net45)) (== netcoreapp2.0) (== netcoreapp2.1) (== netstandard1.6) (== netstandard2.0)
      System.Runtime.InteropServices (>= 4.3) - restriction: || (&& (== net46) (>= dnxcore50)) (&& (== net46) (< net45)) (&& (== net462) (>= dnxcore50)) (&& (== net462) (< net45)) (== netcoreapp2.0) (== netcoreapp2.1) (== netstandard1.6) (== netstandard2.0)
      System.Text.Encoding (>= 4.3) - restriction: || (&& (== net46) (>= dnxcore50)) (&& (== net46) (< net45)) (&& (== net462) (>= dnxcore50)) (&& (== net462) (< net45)) (== netcoreapp2.0) (== netcoreapp2.1) (== netstandard1.6) (== netstandard2.0)
      System.Text.Encoding.Extensions (>= 4.3) - restriction: || (&& (== net46) (>= dnxcore50)) (&& (== net46) (< net45)) (&& (== net462) (>= dnxcore50)) (&& (== net462) (< net45)) (== netcoreapp2.0) (== netcoreapp2.1) (== netstandard1.6) (== netstandard2.0)
      System.Text.RegularExpressions (>= 4.3) - restriction: || (&& (== net46) (>= dnxcore50)) (&& (== net46) (< net45)) (&& (== net462) (>= dnxcore50)) (&& (== net462) (< net45)) (== netcoreapp2.0) (== netcoreapp2.1) (== netstandard1.6) (== netstandard2.0)
      System.Threading.Tasks (>= 4.3) - restriction: || (&& (== net46) (>= dnxcore50)) (&& (== net46) (< net45)) (&& (== net462) (>= dnxcore50)) (&& (== net462) (< net45)) (== netcoreapp2.0) (== netcoreapp2.1) (== netstandard1.6) (== netstandard2.0)
      System.Threading.Tasks.Extensions (>= 4.3) - restriction: || (&& (== net46) (>= dnxcore50)) (&& (== net46) (< net45)) (&& (== net462) (>= dnxcore50)) (&& (== net462) (< net45)) (== netcoreapp2.0) (== netcoreapp2.1) (== netstandard1.6) (== netstandard2.0)
    System.Xml.XDocument (4.3) - restriction: || (&& (== net46) (< net45)) (&& (== net46) (< portable-net45+win8+wpa81)) (&& (== net46) (>= uap10.0)) (&& (== net462) (< net45)) (&& (== net462) (< net46)) (&& (== net462) (< netstandard1.5) (>= uap10.0)) (&& (== net462) (< portable-net45+win8+wpa81)) (== netcoreapp2.0) (== netcoreapp2.1) (== netstandard1.6) (== netstandard2.0)
      System.Collections (>= 4.3) - restriction: || (&& (== net46) (>= dnxcore50)) (&& (== net46) (< net45)) (&& (== net462) (>= dnxcore50)) (&& (== net462) (< net45)) (== netcoreapp2.0) (== netcoreapp2.1) (== netstandard1.6) (== netstandard2.0)
      System.Diagnostics.Debug (>= 4.3) - restriction: || (&& (== net46) (>= dnxcore50)) (&& (== net46) (< net45)) (&& (== net462) (>= dnxcore50)) (&& (== net462) (< net45)) (== netcoreapp2.0) (== netcoreapp2.1) (== netstandard1.6) (== netstandard2.0)
      System.Diagnostics.Tools (>= 4.3) - restriction: || (&& (== net46) (>= dnxcore50)) (&& (== net46) (< net45)) (&& (== net462) (>= dnxcore50)) (&& (== net462) (< net45)) (== netcoreapp2.0) (== netcoreapp2.1) (== netstandard1.6) (== netstandard2.0)
      System.Globalization (>= 4.3) - restriction: || (&& (== net46) (>= dnxcore50)) (&& (== net46) (< net45)) (&& (== net462) (>= dnxcore50)) (&& (== net462) (< net45)) (== netcoreapp2.0) (== netcoreapp2.1) (== netstandard1.6) (== netstandard2.0)
      System.IO (>= 4.3) - restriction: || (&& (== net46) (>= dnxcore50)) (&& (== net46) (< net45)) (&& (== net462) (>= dnxcore50)) (&& (== net462) (< net45)) (== netcoreapp2.0) (== netcoreapp2.1) (== netstandard1.6) (== netstandard2.0)
      System.Reflection (>= 4.3) - restriction: || (&& (== net46) (>= dnxcore50)) (&& (== net46) (< net45)) (&& (== net462) (>= dnxcore50)) (&& (== net462) (< net45)) (== netcoreapp2.0) (== netcoreapp2.1) (== netstandard1.6) (== netstandard2.0)
      System.Resources.ResourceManager (>= 4.3) - restriction: || (&& (== net46) (>= dnxcore50)) (&& (== net46) (< net45)) (&& (== net462) (>= dnxcore50)) (&& (== net462) (< net45)) (== netcoreapp2.0) (== netcoreapp2.1) (== netstandard1.6) (== netstandard2.0)
      System.Runtime (>= 4.3) - restriction: || (&& (== net46) (>= dnxcore50)) (&& (== net46) (< net45)) (&& (== net462) (>= dnxcore50)) (&& (== net462) (< net45)) (== netcoreapp2.0) (== netcoreapp2.1) (== netstandard1.6) (== netstandard2.0)
      System.Runtime.Extensions (>= 4.3) - restriction: || (&& (== net46) (>= dnxcore50)) (&& (== net46) (< net45)) (&& (== net462) (>= dnxcore50)) (&& (== net462) (< net45)) (== netcoreapp2.0) (== netcoreapp2.1) (== netstandard1.6) (== netstandard2.0)
      System.Text.Encoding (>= 4.3) - restriction: || (&& (== net46) (>= dnxcore50)) (&& (== net46) (< net45)) (&& (== net462) (>= dnxcore50)) (&& (== net462) (< net45)) (== netcoreapp2.0) (== netcoreapp2.1) (== netstandard1.6) (== netstandard2.0)
      System.Threading (>= 4.3) - restriction: || (&& (== net46) (>= dnxcore50)) (&& (== net46) (< net45)) (&& (== net462) (>= dnxcore50)) (&& (== net462) (< net45)) (== netcoreapp2.0) (== netcoreapp2.1) (== netstandard1.6) (== netstandard2.0)
      System.Xml.ReaderWriter (>= 4.3) - restriction: || (&& (== net46) (>= dnxcore50)) (&& (== net46) (< net45)) (&& (== net462) (>= dnxcore50)) (&& (== net462) (< net45)) (== netcoreapp2.0) (== netcoreapp2.1) (== netstandard1.6) (== netstandard2.0)
    System.Xml.XmlDocument (4.3)
      System.Collections (>= 4.3) - restriction: || (&& (== net462) (< net46)) (== netcoreapp2.0) (== netcoreapp2.1) (== netstandard1.6) (== netstandard2.0)
      System.Diagnostics.Debug (>= 4.3) - restriction: || (&& (== net462) (< net46)) (== netcoreapp2.0) (== netcoreapp2.1) (== netstandard1.6) (== netstandard2.0)
      System.Globalization (>= 4.3) - restriction: || (&& (== net462) (< net46)) (== netcoreapp2.0) (== netcoreapp2.1) (== netstandard1.6) (== netstandard2.0)
      System.IO (>= 4.3) - restriction: || (&& (== net462) (< net46)) (== netcoreapp2.0) (== netcoreapp2.1) (== netstandard1.6) (== netstandard2.0)
      System.Resources.ResourceManager (>= 4.3) - restriction: || (&& (== net462) (< net46)) (== netcoreapp2.0) (== netcoreapp2.1) (== netstandard1.6) (== netstandard2.0)
      System.Runtime (>= 4.3) - restriction: || (&& (== net462) (< net46)) (== netcoreapp2.0) (== netcoreapp2.1) (== netstandard1.6) (== netstandard2.0)
      System.Runtime.Extensions (>= 4.3) - restriction: || (&& (== net462) (< net46)) (== netcoreapp2.0) (== netcoreapp2.1) (== netstandard1.6) (== netstandard2.0)
      System.Text.Encoding (>= 4.3) - restriction: || (&& (== net462) (< net46)) (== netcoreapp2.0) (== netcoreapp2.1) (== netstandard1.6) (== netstandard2.0)
      System.Threading (>= 4.3) - restriction: || (&& (== net462) (< net46)) (== netcoreapp2.0) (== netcoreapp2.1) (== netstandard1.6) (== netstandard2.0)
      System.Xml.ReaderWriter (>= 4.3) - restriction: || (&& (== net462) (< net46)) (== netcoreapp2.0) (== netcoreapp2.1) (== netstandard1.6) (== netstandard2.0)
    System.Xml.XPath (4.3)
      System.Collections (>= 4.3) - restriction: || (&& (== net462) (< net46)) (== netcoreapp2.0) (== netcoreapp2.1) (== netstandard1.6) (== netstandard2.0)
      System.Diagnostics.Debug (>= 4.3) - restriction: || (&& (== net462) (< net46)) (== netcoreapp2.0) (== netcoreapp2.1) (== netstandard1.6) (== netstandard2.0)
      System.Globalization (>= 4.3) - restriction: || (&& (== net462) (< net46)) (== netcoreapp2.0) (== netcoreapp2.1) (== netstandard1.6) (== netstandard2.0)
      System.IO (>= 4.3) - restriction: || (&& (== net462) (< net46)) (== netcoreapp2.0) (== netcoreapp2.1) (== netstandard1.6) (== netstandard2.0)
      System.Resources.ResourceManager (>= 4.3) - restriction: || (&& (== net462) (< net46)) (== netcoreapp2.0) (== netcoreapp2.1) (== netstandard1.6) (== netstandard2.0)
      System.Runtime (>= 4.3) - restriction: || (&& (== net462) (< net46)) (== netcoreapp2.0) (== netcoreapp2.1) (== netstandard1.6) (== netstandard2.0)
      System.Runtime.Extensions (>= 4.3) - restriction: || (&& (== net462) (< net46)) (== netcoreapp2.0) (== netcoreapp2.1) (== netstandard1.6) (== netstandard2.0)
      System.Threading (>= 4.3) - restriction: || (&& (== net462) (< net46)) (== netcoreapp2.0) (== netcoreapp2.1) (== netstandard1.6) (== netstandard2.0)
      System.Xml.ReaderWriter (>= 4.3) - restriction: || (&& (== net462) (< net46)) (== netcoreapp2.0) (== netcoreapp2.1) (== netstandard1.6) (== netstandard2.0)
    System.Xml.XPath.XDocument (4.3)
      System.Diagnostics.Debug (>= 4.3) - restriction: || (&& (== net462) (< net46)) (== netcoreapp2.0) (== netcoreapp2.1) (== netstandard1.6) (== netstandard2.0)
      System.Linq (>= 4.3) - restriction: || (&& (== net462) (< net46)) (== netcoreapp2.0) (== netcoreapp2.1) (== netstandard1.6) (== netstandard2.0)
      System.Resources.ResourceManager (>= 4.3) - restriction: || (&& (== net462) (< net46)) (== netcoreapp2.0) (== netcoreapp2.1) (== netstandard1.6) (== netstandard2.0)
      System.Runtime (>= 4.3) - restriction: || (&& (== net462) (< net46)) (== netcoreapp2.0) (== netcoreapp2.1) (== netstandard1.6) (== netstandard2.0)
      System.Runtime.Extensions (>= 4.3) - restriction: || (&& (== net462) (< net46)) (== netcoreapp2.0) (== netcoreapp2.1) (== netstandard1.6) (== netstandard2.0)
      System.Threading (>= 4.3) - restriction: || (&& (== net462) (< net46)) (== netcoreapp2.0) (== netcoreapp2.1) (== netstandard1.6) (== netstandard2.0)
      System.Xml.ReaderWriter (>= 4.3) - restriction: || (&& (== net462) (< net46)) (== netcoreapp2.0) (== netcoreapp2.1) (== netstandard1.6) (== netstandard2.0)
      System.Xml.XDocument (>= 4.3) - restriction: || (&& (== net462) (< net46)) (== netcoreapp2.0) (== netcoreapp2.1) (== netstandard1.6) (== netstandard2.0)
      System.Xml.XPath (>= 4.3)
    System.Xml.XPath.XmlDocument (4.3)
      System.Collections (>= 4.3) - restriction: || (&& (== net462) (< net46)) (== netcoreapp2.0) (== netcoreapp2.1) (== netstandard1.6) (== netstandard2.0)
      System.Globalization (>= 4.3) - restriction: || (&& (== net462) (< net46)) (== netcoreapp2.0) (== netcoreapp2.1) (== netstandard1.6) (== netstandard2.0)
      System.IO (>= 4.3) - restriction: || (&& (== net462) (< net46)) (== netcoreapp2.0) (== netcoreapp2.1) (== netstandard1.6) (== netstandard2.0)
      System.Resources.ResourceManager (>= 4.3) - restriction: || (&& (== net462) (< net46)) (== netcoreapp2.0) (== netcoreapp2.1) (== netstandard1.6) (== netstandard2.0)
      System.Runtime (>= 4.3) - restriction: || (&& (== net462) (< net46)) (== netcoreapp2.0) (== netcoreapp2.1) (== netstandard1.6) (== netstandard2.0)
      System.Runtime.Extensions (>= 4.3) - restriction: || (&& (== net462) (< net46)) (== netcoreapp2.0) (== netcoreapp2.1) (== netstandard1.6) (== netstandard2.0)
      System.Threading (>= 4.3) - restriction: || (&& (== net462) (< net46)) (== netcoreapp2.0) (== netcoreapp2.1) (== netstandard1.6) (== netstandard2.0)
      System.Xml.ReaderWriter (>= 4.3) - restriction: || (&& (== net462) (< net46)) (== netcoreapp2.0) (== netcoreapp2.1) (== netstandard1.6) (== netstandard2.0)
      System.Xml.XmlDocument (>= 4.3)
      System.Xml.XPath (>= 4.3)

GROUP NetcoreBuild
STORAGE: NONE
NUGET
  remote: https://api.nuget.org/v3/index.json
    BlackFox.VsWhere (1.0) - restriction: || (>= net462) (>= netstandard2.0)
      FSharp.Core (>= 4.0.0.1) - restriction: >= net45
      FSharp.Core (>= 4.2.3) - restriction: && (< net45) (>= netstandard2.0)
    Chessie (0.6) - restriction: || (>= net45) (>= netstandard2.0)
      FSharp.Core  - restriction: < netstandard1.6
      FSharp.Core (>= 4.0.1.7-alpha) - restriction: >= netstandard1.6
      NETStandard.Library (>= 1.6) - restriction: >= netstandard1.6
    FParsec (1.0.3) - restriction: || (>= net46) (>= netstandard2.0)
      FSharp.Core (>= 4.0.0.1) - restriction: >= net40
      FSharp.Core (>= 4.2.3) - restriction: && (< net40) (>= netstandard1.6)
      NETStandard.Library (>= 1.6.1) - restriction: && (< net40) (>= netstandard1.6)
    FSharp.Compiler.Tools (10.2.1) - restriction: >= net45
    FSharp.Control.Reactive (4.1) - restriction: || (>= net46) (>= netstandard2.0)
      FSharp.Core (>= 4.2.3) - restriction: || (>= net46) (>= netstandard2.0)
      System.Reactive (>= 4.0) - restriction: || (>= net46) (>= netstandard2.0)
    FSharp.Core (4.3.4)
      System.Collections (>= 4.0.11) - restriction: && (< net45) (>= netstandard1.6) (< netstandard2.0)
      System.Console (>= 4.0) - restriction: && (< net45) (>= netstandard1.6) (< netstandard2.0)
      System.Diagnostics.Debug (>= 4.0.11) - restriction: && (< net45) (>= netstandard1.6) (< netstandard2.0)
      System.Diagnostics.Tools (>= 4.0.1) - restriction: && (< net45) (>= netstandard1.6) (< netstandard2.0)
      System.Globalization (>= 4.0.11) - restriction: && (< net45) (>= netstandard1.6) (< netstandard2.0)
      System.IO (>= 4.1) - restriction: && (< net45) (>= netstandard1.6) (< netstandard2.0)
      System.Linq (>= 4.1) - restriction: && (< net45) (>= netstandard1.6) (< netstandard2.0)
      System.Linq.Expressions (>= 4.1) - restriction: && (< net45) (>= netstandard1.6) (< netstandard2.0)
      System.Linq.Queryable (>= 4.0.1) - restriction: && (< net45) (>= netstandard1.6) (< netstandard2.0)
      System.Net.Requests (>= 4.0.11) - restriction: && (< net45) (>= netstandard1.6) (< netstandard2.0)
      System.Reflection (>= 4.1) - restriction: && (< net45) (>= netstandard1.6) (< netstandard2.0)
      System.Reflection.Extensions (>= 4.0.1) - restriction: && (< net45) (>= netstandard1.6) (< netstandard2.0)
      System.Resources.ResourceManager (>= 4.0.1) - restriction: && (< net45) (>= netstandard1.6) (< netstandard2.0)
      System.Runtime (>= 4.1) - restriction: && (< net45) (>= netstandard1.6) (< netstandard2.0)
      System.Runtime.Extensions (>= 4.1) - restriction: && (< net45) (>= netstandard1.6) (< netstandard2.0)
      System.Runtime.Numerics (>= 4.0.1) - restriction: && (< net45) (>= netstandard1.6) (< netstandard2.0)
      System.Text.RegularExpressions (>= 4.1) - restriction: && (< net45) (>= netstandard1.6) (< netstandard2.0)
      System.Threading (>= 4.0.11) - restriction: && (< net45) (>= netstandard1.6) (< netstandard2.0)
      System.Threading.Tasks (>= 4.0.11) - restriction: && (< net45) (>= netstandard1.6) (< netstandard2.0)
      System.Threading.Tasks.Parallel (>= 4.0.1) - restriction: && (< net45) (>= netstandard1.6) (< netstandard2.0)
      System.Threading.Thread (>= 4.0) - restriction: && (< net45) (>= netstandard1.6) (< netstandard2.0)
      System.Threading.ThreadPool (>= 4.0.10) - restriction: && (< net45) (>= netstandard1.6) (< netstandard2.0)
      System.Threading.Timer (>= 4.0.1) - restriction: && (< net45) (>= netstandard1.6) (< netstandard2.0)
    Microsoft.Build (15.9.20) - restriction: || (>= net462) (>= netstandard2.0)
      Microsoft.Build.Framework (>= 15.9.20) - restriction: || (>= net46) (>= netstandard2.0)
      Microsoft.VisualStudio.Setup.Configuration.Interop (>= 1.16.30) - restriction: >= net46
      Microsoft.Win32.Registry (>= 4.3) - restriction: || (&& (< net46) (>= netstandard2.0)) (>= netcoreapp2.1)
      System.Collections.Immutable (>= 1.5) - restriction: || (>= net46) (>= netstandard2.0)
      System.Diagnostics.TraceSource (>= 4.0) - restriction: || (&& (< net46) (>= netstandard2.0)) (>= netcoreapp2.1)
      System.IO.Compression (>= 4.3) - restriction: || (>= net46) (>= netstandard2.0)
      System.Reflection.Metadata (>= 1.6) - restriction: || (&& (< net46) (>= netstandard2.0)) (>= netcoreapp2.1)
      System.Reflection.TypeExtensions (>= 4.1) - restriction: || (&& (< net46) (>= netstandard2.0)) (>= netcoreapp2.1)
      System.Runtime.InteropServices.RuntimeInformation (>= 4.3) - restriction: || (>= net46) (>= netstandard2.0)
      System.Runtime.Loader (>= 4.0) - restriction: || (&& (< net46) (>= netstandard2.0)) (>= netcoreapp2.1)
      System.Security.Principal.Windows (>= 4.3) - restriction: >= netcoreapp2.1
      System.Text.Encoding.CodePages (>= 4.0.1) - restriction: || (&& (< net46) (>= netstandard2.0)) (>= netcoreapp2.1)
      System.Threading.Tasks.Dataflow (>= 4.5.24) - restriction: >= net46
      System.Threading.Tasks.Dataflow (>= 4.6) - restriction: || (&& (< net46) (>= netstandard2.0)) (>= netcoreapp2.1)
    Microsoft.Build.Framework (15.9.20) - restriction: || (>= net462) (>= netstandard2.0)
      System.Runtime.Serialization.Primitives (>= 4.1.1) - restriction: && (< net46) (>= netstandard2.0)
      System.Threading.Thread (>= 4.0) - restriction: && (< net46) (>= netstandard2.0)
    Microsoft.Build.Tasks.Core (15.9.20) - restriction: || (>= net462) (>= netstandard2.0)
      Microsoft.Build.Framework (>= 15.9.20) - restriction: || (>= net46) (>= netstandard2.0)
      Microsoft.Build.Utilities.Core (>= 15.9.20) - restriction: || (>= net46) (>= netstandard2.0)
      Microsoft.VisualStudio.Setup.Configuration.Interop (>= 1.16.30) - restriction: >= net46
      Microsoft.Win32.Registry (>= 4.3) - restriction: && (< net46) (>= netstandard2.0)
      System.CodeDom (>= 4.4) - restriction: && (< net46) (>= netstandard2.0)
      System.Collections.Immutable (>= 1.5) - restriction: || (>= net46) (>= netstandard2.0)
      System.Linq.Parallel (>= 4.0.1) - restriction: && (< net46) (>= netstandard2.0)
      System.Net.Http (>= 4.3) - restriction: && (< net46) (>= netstandard2.0)
      System.Reflection.Metadata (>= 1.6) - restriction: && (< net46) (>= netstandard2.0)
      System.Reflection.TypeExtensions (>= 4.1) - restriction: && (< net46) (>= netstandard2.0)
      System.Resources.Writer (>= 4.0) - restriction: && (< net46) (>= netstandard2.0)
      System.Threading.Tasks.Dataflow (>= 4.5.24) - restriction: >= net46
      System.Threading.Tasks.Dataflow (>= 4.6) - restriction: && (< net46) (>= netstandard2.0)
    Microsoft.Build.Utilities.Core (15.9.20) - restriction: || (>= net462) (>= netstandard2.0)
      Microsoft.Build.Framework (>= 15.9.20) - restriction: || (>= net46) (>= netstandard2.0)
      Microsoft.VisualStudio.Setup.Configuration.Interop (>= 1.16.30) - restriction: >= net46
      Microsoft.Win32.Registry (>= 4.3) - restriction: && (< net46) (>= netstandard2.0)
      System.Collections.Immutable (>= 1.5) - restriction: || (>= net46) (>= netstandard2.0)
      System.Runtime.InteropServices.RuntimeInformation (>= 4.3) - restriction: || (>= net46) (>= netstandard2.0)
      System.Text.Encoding.CodePages (>= 4.4) - restriction: && (< net46) (>= netstandard2.0)
    Microsoft.CSharp (4.5) - restriction: || (&& (< net20) (>= netstandard1.0) (< netstandard1.3)) (&& (< net20) (>= netstandard1.3) (< netstandard2.0))
      NETStandard.Library (>= 1.6.1) - restriction: || (>= dnxcore50) (&& (< monoandroid) (< monotouch) (< net45) (>= netstandard1.3) (< netstandard2.0) (< win8) (< wpa81) (< xamarinmac) (< xamarintvos) (< xamarinwatchos)) (&& (< monoandroid) (< net45) (>= netstandard1.0) (< netstandard1.3) (< win8) (< wp8) (< wpa81))
      System.Dynamic.Runtime (>= 4.3) - restriction: || (>= dnxcore50) (&& (< monoandroid) (< monotouch) (< net45) (>= netstandard1.3) (< netstandard2.0) (< win8) (< wpa81) (< xamarinmac) (< xamarintvos) (< xamarinwatchos)) (&& (< monoandroid) (< net45) (>= netstandard1.0) (< netstandard1.3) (< win8) (< wp8) (< wpa81))
      System.Reflection.TypeExtensions (>= 4.4) - restriction: || (>= dnxcore50) (&& (< monoandroid) (< monotouch) (< net45) (>= netstandard1.3) (< netstandard2.0) (< win8) (< wpa81) (< xamarinmac) (< xamarintvos) (< xamarinwatchos))
    Microsoft.NETCore.Platforms (2.2) - restriction: || (>= dnxcore50) (&& (< monoandroid) (< monotouch) (< net35) (>= netstandard1.3) (< xamarinios) (< xamarinmac) (< xamarintvos) (< xamarinwatchos)) (&& (< monoandroid) (< monotouch) (< net35) (>= netstandard1.6) (< xamarinios) (< xamarinmac) (< xamarintvos) (< xamarinwatchos)) (&& (< monoandroid) (< monotouch) (< net45) (>= netstandard1.6) (< win8) (< wpa81) (< xamarinios) (< xamarinmac) (< xamarintvos) (< xamarinwatchos)) (&& (< monoandroid) (< net45) (< netstandard1.2) (>= netstandard1.3) (< win8)) (&& (< monoandroid) (< net45) (>= netstandard1.3) (< netstandard1.5) (< win8) (< wpa81)) (&& (< monoandroid) (< net45) (>= netstandard1.5) (< netstandard1.6) (< win8) (< wpa81)) (&& (< monoandroid) (< net45) (< netstandard1.6) (>= netstandard2.0) (< win8) (< wpa81)) (&& (< monoandroid) (< net45) (>= netstandard2.0) (< xamarinios)) (&& (>= net45) (< netstandard1.3) (>= netstandard1.6)) (&& (< net45) (>= net46)) (&& (< net45) (< netstandard1.2) (>= netstandard1.6) (< win8)) (&& (< net45) (< netstandard1.3) (>= netstandard1.6) (< win8) (< wpa81)) (&& (< net45) (< netstandard1.4) (>= netstandard1.6) (< win8) (< wpa81)) (&& (< net45) (< netstandard1.5) (>= netstandard1.6) (< win8) (< wpa81)) (&& (< net45) (>= netstandard1.6) (< netstandard2.0) (< win8) (< wpa81)) (&& (< net46) (>= net461) (>= netstandard1.6) (< netstandard2.0)) (>= netcoreapp2.0) (&& (< netstandard1.0) (>= netstandard1.6) (< portable-net45+win8)) (&& (< netstandard1.0) (>= netstandard1.6) (>= win8)) (&& (< netstandard1.0) (>= netstandard1.6) (< win8)) (&& (< netstandard1.3) (>= netstandard1.6) (< win8) (>= wpa81)) (&& (>= netstandard1.6) (< netstandard2.0) (>= uap10.0)) (&& (>= netstandard1.6) (< portable-net45+win8+wpa81)) (&& (>= netstandard1.6) (>= wp8))
    Microsoft.NETCore.Targets (2.1) - restriction: || (>= dnxcore50) (&& (< monoandroid) (< monotouch) (< net35) (>= netstandard1.3) (< xamarinios) (< xamarinmac) (< xamarintvos) (< xamarinwatchos)) (&& (< monoandroid) (< monotouch) (< net45) (>= netstandard1.6) (< netstandard2.0) (< win8) (< wpa81) (< xamarinmac) (< xamarintvos) (< xamarinwatchos)) (&& (< monoandroid) (< monotouch) (< net45) (>= netstandard1.6) (< win8) (< wpa81) (< xamarinios) (< xamarinmac) (< xamarintvos) (< xamarinwatchos)) (&& (< monoandroid) (< net45) (< netstandard1.2) (>= netstandard1.3) (< win8)) (&& (< monoandroid) (< net45) (< netstandard1.2) (>= netstandard1.6) (< win8)) (&& (< monoandroid) (< net45) (>= netstandard1.3) (< netstandard1.5) (< win8) (< wpa81)) (&& (< monoandroid) (< net45) (< netstandard1.3) (>= netstandard1.6) (< win8) (< wpa81)) (&& (< monoandroid) (< net45) (>= netstandard1.5) (< netstandard1.6) (< win8) (< wpa81)) (&& (< monoandroid) (< net45) (< netstandard1.5) (>= netstandard1.6) (< win8) (< wpa81)) (&& (< monoandroid) (< net45) (>= netstandard2.0) (< xamarinios)) (&& (< net45) (>= net46))
    Microsoft.VisualStudio.Setup.Configuration.Interop (1.16.30) - restriction: || (&& (>= net46) (>= netstandard2.0)) (>= net462)
    Microsoft.Win32.Primitives (4.3) - restriction: || (&& (< monoandroid) (< net46) (>= netstandard2.0) (< xamarinios)) (&& (< net45) (< netstandard1.4) (>= netstandard1.6) (< win8) (< wpa81)) (&& (< net45) (< netstandard1.5) (>= netstandard1.6) (< win8) (< wpa81)) (&& (< net45) (>= netstandard1.6) (< netstandard2.0) (< win8) (< wpa81)) (&& (>= netstandard1.6) (< netstandard2.0) (>= uap10.0))
      Microsoft.NETCore.Platforms (>= 1.1) - restriction: && (< monoandroid) (< monotouch) (< net46) (>= netstandard1.3) (< xamarinios) (< xamarinmac) (< xamarintvos) (< xamarinwatchos)
      Microsoft.NETCore.Targets (>= 1.1) - restriction: && (< monoandroid) (< monotouch) (< net46) (>= netstandard1.3) (< xamarinios) (< xamarinmac) (< xamarintvos) (< xamarinwatchos)
      System.Runtime (>= 4.3) - restriction: && (< monoandroid) (< monotouch) (< net46) (>= netstandard1.3) (< xamarinios) (< xamarinmac) (< xamarintvos) (< xamarinwatchos)
    Microsoft.Win32.Registry (4.5) - restriction: || (&& (< net46) (>= netstandard2.0)) (>= netcoreapp2.1)
      System.Buffers (>= 4.4) - restriction: || (&& (>= monoandroid) (< netstandard2.0)) (>= monotouch) (&& (< net46) (< netcoreapp2.0) (>= netstandard2.0)) (>= xamarinios) (>= xamarinmac) (>= xamarintvos) (>= xamarinwatchos)
      System.Memory (>= 4.5) - restriction: || (&& (< net46) (< netcoreapp2.0) (>= netstandard2.0) (< xamarinios)) (&& (>= netcoreapp2.0) (< netcoreapp2.1)) (>= uap10.1)
      System.Security.AccessControl (>= 4.5) - restriction: || (&& (>= monoandroid) (< netstandard2.0)) (>= monotouch) (&& (< net46) (>= netstandard2.0)) (>= net461) (>= netcoreapp2.0) (>= xamarinios) (>= xamarinmac) (>= xamarintvos) (>= xamarinwatchos)
      System.Security.Principal.Windows (>= 4.5) - restriction: || (&& (>= monoandroid) (< netstandard2.0)) (>= monotouch) (&& (< net46) (>= netstandard2.0)) (>= net461) (>= netcoreapp2.0) (>= xamarinios) (>= xamarinmac) (>= xamarintvos) (>= xamarinwatchos)
    Mono.Cecil (0.10.3)
      System.Collections (>= 4.0.11) - restriction: && (< net35) (>= netstandard1.3)
      System.IO.FileSystem (>= 4.0.1) - restriction: && (< net35) (>= netstandard1.3)
      System.IO.FileSystem.Primitives (>= 4.0.1) - restriction: && (< net35) (>= netstandard1.3)
      System.Reflection (>= 4.1) - restriction: && (< net35) (>= netstandard1.3)
      System.Runtime.Extensions (>= 4.1) - restriction: && (< net35) (>= netstandard1.3)
      System.Security.Cryptography.Algorithms (>= 4.2) - restriction: && (< net35) (>= netstandard1.3)
      System.Security.Cryptography.Csp (>= 4.0) - restriction: && (< net35) (>= netstandard1.3)
      System.Threading (>= 4.0.11) - restriction: && (< net35) (>= netstandard1.3)
    MSBuild.StructuredLogger (2.0.68) - restriction: || (>= net462) (>= netstandard2.0)
      Microsoft.Build (>= 14.3) - restriction: >= net46
      Microsoft.Build (>= 15.8.166) - restriction: && (< net46) (>= netstandard2.0)
      Microsoft.Build.Framework (>= 14.3) - restriction: >= net46
      Microsoft.Build.Framework (>= 15.8.166) - restriction: && (< net46) (>= netstandard2.0)
      Microsoft.Build.Tasks.Core (>= 14.3) - restriction: >= net46
      Microsoft.Build.Tasks.Core (>= 15.8.166) - restriction: && (< net46) (>= netstandard2.0)
      Microsoft.Build.Utilities.Core (>= 14.3) - restriction: >= net46
      Microsoft.Build.Utilities.Core (>= 15.8.166) - restriction: && (< net46) (>= netstandard2.0)
    NETStandard.Library (2.0.3) - restriction: || (&& (>= dnxcore50) (>= netstandard1.0)) (&& (>= dnxcore50) (>= netstandard1.3)) (&& (< net20) (>= netstandard1.0) (< netstandard1.3)) (&& (< net20) (>= netstandard1.3)) (&& (< net40) (>= net46) (>= netstandard1.6)) (&& (>= net45) (>= netstandard1.6)) (&& (< net45) (>= netstandard1.1)) (&& (< net46) (>= netstandard1.6)) (>= netstandard2.0)
      Microsoft.NETCore.Platforms (>= 1.1) - restriction: || (&& (>= net45) (< netstandard1.3)) (&& (< net45) (>= netstandard1.1) (< netstandard1.2) (< win8)) (&& (< net45) (>= netstandard1.2) (< netstandard1.3) (< win8) (< wpa81)) (&& (< net45) (>= netstandard1.3) (< netstandard1.4) (< win8) (< wpa81)) (&& (< net45) (>= netstandard1.4) (< netstandard1.5) (< win8) (< wpa81)) (&& (< net45) (>= netstandard1.5) (< netstandard1.6) (< win8) (< wpa81)) (&& (< net45) (>= netstandard1.6) (< netstandard2.0) (< win8) (< wpa81)) (&& (< net45) (>= netstandard2.0) (< win8) (< wpa81)) (&& (>= net46) (< netstandard1.4)) (>= net461) (>= netcoreapp2.0) (&& (>= netstandard1.0) (< portable-net45+win8+wpa81)) (&& (< netstandard1.0) (>= portable-net45+win8) (< win8)) (&& (< netstandard1.0) (< portable-net45+win8) (>= portable-net45+win8+wpa81)) (&& (< netstandard1.0) (>= portable-net45+win8+wp8+wpa81) (< portable-net45+win8+wpa81)) (&& (< netstandard1.0) (>= win8)) (&& (< netstandard1.3) (< win8) (>= wpa81)) (>= uap10.0) (>= wp8)
      Microsoft.Win32.Primitives (>= 4.3) - restriction: || (&& (< net45) (>= netstandard1.3) (< netstandard1.4) (< win8) (< wpa81)) (&& (< net45) (>= netstandard1.4) (< netstandard1.5) (< win8) (< wpa81)) (&& (< net45) (>= netstandard1.5) (< netstandard1.6) (< win8) (< wpa81)) (&& (< net45) (>= netstandard1.6) (< netstandard2.0) (< win8) (< wpa81)) (&& (>= net46) (< netstandard1.4)) (&& (>= uap10.0) (< uap10.1))
      System.AppContext (>= 4.3) - restriction: || (&& (< net45) (>= netstandard1.3) (< netstandard1.4) (< win8) (< wpa81)) (&& (< net45) (>= netstandard1.4) (< netstandard1.5) (< win8) (< wpa81)) (&& (< net45) (>= netstandard1.5) (< netstandard1.6) (< win8) (< wpa81)) (&& (< net45) (>= netstandard1.6) (< netstandard2.0) (< win8) (< wpa81)) (&& (>= net46) (< netstandard1.4)) (&& (>= uap10.0) (< uap10.1))
      System.Collections (>= 4.3) - restriction: || (&& (< net45) (>= netstandard1.1) (< netstandard1.2) (< win8)) (&& (< net45) (>= netstandard1.2) (< netstandard1.3) (< win8) (< wpa81)) (&& (< net45) (>= netstandard1.3) (< netstandard1.4) (< win8) (< wpa81)) (&& (< net45) (>= netstandard1.4) (< netstandard1.5) (< win8) (< wpa81)) (&& (< net45) (>= netstandard1.5) (< netstandard1.6) (< win8) (< wpa81)) (&& (< net45) (>= netstandard1.6) (< netstandard2.0) (< win8) (< wpa81)) (&& (>= netstandard1.0) (< portable-net45+win8+wpa81) (< wp8)) (&& (>= uap10.0) (< uap10.1))
      System.Collections.Concurrent (>= 4.3) - restriction: || (&& (< net45) (>= netstandard1.1) (< netstandard1.2) (< win8)) (&& (< net45) (>= netstandard1.2) (< netstandard1.3) (< win8) (< wpa81)) (&& (< net45) (>= netstandard1.3) (< netstandard1.4) (< win8) (< wpa81)) (&& (< net45) (>= netstandard1.4) (< netstandard1.5) (< win8) (< wpa81)) (&& (< net45) (>= netstandard1.5) (< netstandard1.6) (< win8) (< wpa81)) (&& (< net45) (>= netstandard1.6) (< netstandard2.0) (< win8) (< wpa81)) (&& (>= uap10.0) (< uap10.1))
      System.Console (>= 4.3) - restriction: || (&& (< net45) (>= netstandard1.3) (< netstandard1.4) (< win8) (< wpa81)) (&& (< net45) (>= netstandard1.4) (< netstandard1.5) (< win8) (< wpa81)) (&& (< net45) (>= netstandard1.5) (< netstandard1.6) (< win8) (< wpa81)) (&& (< net45) (>= netstandard1.6) (< netstandard2.0) (< win8) (< wpa81)) (&& (>= net46) (< netstandard1.4)) (&& (>= uap10.0) (< uap10.1))
      System.Diagnostics.Debug (>= 4.3) - restriction: || (&& (< net45) (>= netstandard1.1) (< netstandard1.2) (< win8)) (&& (< net45) (>= netstandard1.2) (< netstandard1.3) (< win8) (< wpa81)) (&& (< net45) (>= netstandard1.3) (< netstandard1.4) (< win8) (< wpa81)) (&& (< net45) (>= netstandard1.4) (< netstandard1.5) (< win8) (< wpa81)) (&& (< net45) (>= netstandard1.5) (< netstandard1.6) (< win8) (< wpa81)) (&& (< net45) (>= netstandard1.6) (< netstandard2.0) (< win8) (< wpa81)) (&& (>= netstandard1.0) (< portable-net45+win8+wpa81) (< wp8)) (&& (>= uap10.0) (< uap10.1))
      System.Diagnostics.Tools (>= 4.3) - restriction: || (&& (< net45) (>= netstandard1.1) (< netstandard1.2) (< win8)) (&& (< net45) (>= netstandard1.2) (< netstandard1.3) (< win8) (< wpa81)) (&& (< net45) (>= netstandard1.3) (< netstandard1.4) (< win8) (< wpa81)) (&& (< net45) (>= netstandard1.4) (< netstandard1.5) (< win8) (< wpa81)) (&& (< net45) (>= netstandard1.5) (< netstandard1.6) (< win8) (< wpa81)) (&& (< net45) (>= netstandard1.6) (< netstandard2.0) (< win8) (< wpa81)) (&& (>= netstandard1.0) (< portable-net45+win8+wpa81) (< wp8)) (&& (>= uap10.0) (< uap10.1))
      System.Diagnostics.Tracing (>= 4.3) - restriction: || (&& (< net45) (>= netstandard1.1) (< netstandard1.2) (< win8)) (&& (< net45) (>= netstandard1.2) (< netstandard1.3) (< win8) (< wpa81)) (&& (< net45) (>= netstandard1.3) (< netstandard1.4) (< win8) (< wpa81)) (&& (< net45) (>= netstandard1.4) (< netstandard1.5) (< win8) (< wpa81)) (&& (< net45) (>= netstandard1.5) (< netstandard1.6) (< win8) (< wpa81)) (&& (< net45) (>= netstandard1.6) (< netstandard2.0) (< win8) (< wpa81)) (&& (>= uap10.0) (< uap10.1))
      System.Globalization (>= 4.3) - restriction: || (&& (< net45) (>= netstandard1.1) (< netstandard1.2) (< win8)) (&& (< net45) (>= netstandard1.2) (< netstandard1.3) (< win8) (< wpa81)) (&& (< net45) (>= netstandard1.3) (< netstandard1.4) (< win8) (< wpa81)) (&& (< net45) (>= netstandard1.4) (< netstandard1.5) (< win8) (< wpa81)) (&& (< net45) (>= netstandard1.5) (< netstandard1.6) (< win8) (< wpa81)) (&& (< net45) (>= netstandard1.6) (< netstandard2.0) (< win8) (< wpa81)) (&& (>= netstandard1.0) (< portable-net45+win8+wpa81) (< wp8)) (&& (>= uap10.0) (< uap10.1))
      System.Globalization.Calendars (>= 4.3) - restriction: || (&& (< net45) (>= netstandard1.3) (< netstandard1.4) (< win8) (< wpa81)) (&& (< net45) (>= netstandard1.4) (< netstandard1.5) (< win8) (< wpa81)) (&& (< net45) (>= netstandard1.5) (< netstandard1.6) (< win8) (< wpa81)) (&& (< net45) (>= netstandard1.6) (< netstandard2.0) (< win8) (< wpa81)) (&& (>= net46) (< netstandard1.4)) (&& (>= uap10.0) (< uap10.1))
      System.IO (>= 4.3) - restriction: || (&& (< net45) (>= netstandard1.1) (< netstandard1.2) (< win8)) (&& (< net45) (>= netstandard1.2) (< netstandard1.3) (< win8) (< wpa81)) (&& (< net45) (>= netstandard1.3) (< netstandard1.4) (< win8) (< wpa81)) (&& (< net45) (>= netstandard1.4) (< netstandard1.5) (< win8) (< wpa81)) (&& (< net45) (>= netstandard1.5) (< netstandard1.6) (< win8) (< wpa81)) (&& (< net45) (>= netstandard1.6) (< netstandard2.0) (< win8) (< wpa81)) (&& (>= netstandard1.0) (< portable-net45+win8+wpa81) (< wp8)) (&& (>= uap10.0) (< uap10.1))
      System.IO.Compression (>= 4.3) - restriction: || (&& (< net45) (>= netstandard1.1) (< netstandard1.2) (< win8)) (&& (< net45) (>= netstandard1.2) (< netstandard1.3) (< win8) (< wpa81)) (&& (< net45) (>= netstandard1.3) (< netstandard1.4) (< win8) (< wpa81)) (&& (< net45) (>= netstandard1.4) (< netstandard1.5) (< win8) (< wpa81)) (&& (< net45) (>= netstandard1.5) (< netstandard1.6) (< win8) (< wpa81)) (&& (< net45) (>= netstandard1.6) (< netstandard2.0) (< win8) (< wpa81)) (&& (>= net46) (< netstandard1.4)) (&& (>= uap10.0) (< uap10.1))
      System.IO.Compression.ZipFile (>= 4.3) - restriction: || (&& (< net45) (>= netstandard1.3) (< netstandard1.4) (< win8) (< wpa81)) (&& (< net45) (>= netstandard1.4) (< netstandard1.5) (< win8) (< wpa81)) (&& (< net45) (>= netstandard1.5) (< netstandard1.6) (< win8) (< wpa81)) (&& (< net45) (>= netstandard1.6) (< netstandard2.0) (< win8) (< wpa81)) (&& (>= net46) (< netstandard1.4)) (&& (>= uap10.0) (< uap10.1))
      System.IO.FileSystem (>= 4.3) - restriction: || (&& (< net45) (>= netstandard1.3) (< netstandard1.4) (< win8) (< wpa81)) (&& (< net45) (>= netstandard1.4) (< netstandard1.5) (< win8) (< wpa81)) (&& (< net45) (>= netstandard1.5) (< netstandard1.6) (< win8) (< wpa81)) (&& (< net45) (>= netstandard1.6) (< netstandard2.0) (< win8) (< wpa81)) (&& (>= net46) (< netstandard1.4)) (&& (>= uap10.0) (< uap10.1))
      System.IO.FileSystem.Primitives (>= 4.3) - restriction: || (&& (< net45) (>= netstandard1.3) (< netstandard1.4) (< win8) (< wpa81)) (&& (< net45) (>= netstandard1.4) (< netstandard1.5) (< win8) (< wpa81)) (&& (< net45) (>= netstandard1.5) (< netstandard1.6) (< win8) (< wpa81)) (&& (< net45) (>= netstandard1.6) (< netstandard2.0) (< win8) (< wpa81)) (&& (>= net46) (< netstandard1.4)) (&& (>= uap10.0) (< uap10.1))
      System.Linq (>= 4.3) - restriction: || (&& (< net45) (>= netstandard1.1) (< netstandard1.2) (< win8)) (&& (< net45) (>= netstandard1.2) (< netstandard1.3) (< win8) (< wpa81)) (&& (< net45) (>= netstandard1.3) (< netstandard1.4) (< win8) (< wpa81)) (&& (< net45) (>= netstandard1.4) (< netstandard1.5) (< win8) (< wpa81)) (&& (< net45) (>= netstandard1.5) (< netstandard1.6) (< win8) (< wpa81)) (&& (< net45) (>= netstandard1.6) (< netstandard2.0) (< win8) (< wpa81)) (&& (>= netstandard1.0) (< portable-net45+win8+wpa81) (< wp8)) (&& (>= uap10.0) (< uap10.1))
      System.Linq.Expressions (>= 4.3) - restriction: || (&& (< net45) (>= netstandard1.1) (< netstandard1.2) (< win8)) (&& (< net45) (>= netstandard1.2) (< netstandard1.3) (< win8) (< wpa81)) (&& (< net45) (>= netstandard1.3) (< netstandard1.4) (< win8) (< wpa81)) (&& (< net45) (>= netstandard1.4) (< netstandard1.5) (< win8) (< wpa81)) (&& (< net45) (>= netstandard1.5) (< netstandard1.6) (< win8) (< wpa81)) (&& (< net45) (>= netstandard1.6) (< netstandard2.0) (< win8) (< wpa81)) (&& (>= netstandard1.0) (< portable-net45+win8+wpa81) (< wp8)) (&& (>= uap10.0) (< uap10.1))
      System.Net.Http (>= 4.3.2) - restriction: || (&& (< net45) (>= netstandard1.1) (< netstandard1.2) (< win8)) (&& (< net45) (>= netstandard1.2) (< netstandard1.3) (< win8) (< wpa81)) (&& (< net45) (>= netstandard1.3) (< netstandard1.4) (< win8) (< wpa81)) (&& (< net45) (>= netstandard1.4) (< netstandard1.5) (< win8) (< wpa81)) (&& (< net45) (>= netstandard1.5) (< netstandard1.6) (< win8) (< wpa81)) (&& (< net45) (>= netstandard1.6) (< netstandard2.0) (< win8) (< wpa81)) (&& (>= net46) (< netstandard1.4)) (&& (>= uap10.0) (< uap10.1))
      System.Net.Primitives (>= 4.3) - restriction: || (&& (< net45) (>= netstandard1.1) (< netstandard1.2) (< win8)) (&& (< net45) (>= netstandard1.2) (< netstandard1.3) (< win8) (< wpa81)) (&& (< net45) (>= netstandard1.3) (< netstandard1.4) (< win8) (< wpa81)) (&& (< net45) (>= netstandard1.4) (< netstandard1.5) (< win8) (< wpa81)) (&& (< net45) (>= netstandard1.5) (< netstandard1.6) (< win8) (< wpa81)) (&& (< net45) (>= netstandard1.6) (< netstandard2.0) (< win8) (< wpa81)) (&& (>= netstandard1.0) (< portable-net45+win8+wpa81) (< wp8)) (&& (>= uap10.0) (< uap10.1))
      System.Net.Sockets (>= 4.3) - restriction: || (&& (< net45) (>= netstandard1.3) (< netstandard1.4) (< win8) (< wpa81)) (&& (< net45) (>= netstandard1.4) (< netstandard1.5) (< win8) (< wpa81)) (&& (< net45) (>= netstandard1.5) (< netstandard1.6) (< win8) (< wpa81)) (&& (< net45) (>= netstandard1.6) (< netstandard2.0) (< win8) (< wpa81)) (&& (>= net46) (< netstandard1.4)) (&& (>= uap10.0) (< uap10.1))
      System.ObjectModel (>= 4.3) - restriction: || (&& (< net45) (>= netstandard1.1) (< netstandard1.2) (< win8)) (&& (< net45) (>= netstandard1.2) (< netstandard1.3) (< win8) (< wpa81)) (&& (< net45) (>= netstandard1.3) (< netstandard1.4) (< win8) (< wpa81)) (&& (< net45) (>= netstandard1.4) (< netstandard1.5) (< win8) (< wpa81)) (&& (< net45) (>= netstandard1.5) (< netstandard1.6) (< win8) (< wpa81)) (&& (< net45) (>= netstandard1.6) (< netstandard2.0) (< win8) (< wpa81)) (&& (>= netstandard1.0) (< portable-net45+win8+wpa81) (< wp8)) (&& (>= uap10.0) (< uap10.1))
      System.Reflection (>= 4.3) - restriction: || (&& (< net45) (>= netstandard1.1) (< netstandard1.2) (< win8)) (&& (< net45) (>= netstandard1.2) (< netstandard1.3) (< win8) (< wpa81)) (&& (< net45) (>= netstandard1.3) (< netstandard1.4) (< win8) (< wpa81)) (&& (< net45) (>= netstandard1.4) (< netstandard1.5) (< win8) (< wpa81)) (&& (< net45) (>= netstandard1.5) (< netstandard1.6) (< win8) (< wpa81)) (&& (< net45) (>= netstandard1.6) (< netstandard2.0) (< win8) (< wpa81)) (&& (>= netstandard1.0) (< portable-net45+win8+wpa81) (< wp8)) (&& (>= uap10.0) (< uap10.1))
      System.Reflection.Extensions (>= 4.3) - restriction: || (&& (< net45) (>= netstandard1.1) (< netstandard1.2) (< win8)) (&& (< net45) (>= netstandard1.2) (< netstandard1.3) (< win8) (< wpa81)) (&& (< net45) (>= netstandard1.3) (< netstandard1.4) (< win8) (< wpa81)) (&& (< net45) (>= netstandard1.4) (< netstandard1.5) (< win8) (< wpa81)) (&& (< net45) (>= netstandard1.5) (< netstandard1.6) (< win8) (< wpa81)) (&& (< net45) (>= netstandard1.6) (< netstandard2.0) (< win8) (< wpa81)) (&& (>= netstandard1.0) (< portable-net45+win8+wpa81) (< wp8)) (&& (>= uap10.0) (< uap10.1))
      System.Reflection.Primitives (>= 4.3) - restriction: || (&& (< net45) (>= netstandard1.1) (< netstandard1.2) (< win8)) (&& (< net45) (>= netstandard1.2) (< netstandard1.3) (< win8) (< wpa81)) (&& (< net45) (>= netstandard1.3) (< netstandard1.4) (< win8) (< wpa81)) (&& (< net45) (>= netstandard1.4) (< netstandard1.5) (< win8) (< wpa81)) (&& (< net45) (>= netstandard1.5) (< netstandard1.6) (< win8) (< wpa81)) (&& (< net45) (>= netstandard1.6) (< netstandard2.0) (< win8) (< wpa81)) (&& (>= netstandard1.0) (< portable-net45+win8+wpa81) (< wp8)) (&& (>= uap10.0) (< uap10.1))
      System.Resources.ResourceManager (>= 4.3) - restriction: || (&& (< net45) (>= netstandard1.1) (< netstandard1.2) (< win8)) (&& (< net45) (>= netstandard1.2) (< netstandard1.3) (< win8) (< wpa81)) (&& (< net45) (>= netstandard1.3) (< netstandard1.4) (< win8) (< wpa81)) (&& (< net45) (>= netstandard1.4) (< netstandard1.5) (< win8) (< wpa81)) (&& (< net45) (>= netstandard1.5) (< netstandard1.6) (< win8) (< wpa81)) (&& (< net45) (>= netstandard1.6) (< netstandard2.0) (< win8) (< wpa81)) (&& (>= netstandard1.0) (< portable-net45+win8+wpa81) (< wp8)) (&& (>= uap10.0) (< uap10.1))
      System.Runtime (>= 4.3) - restriction: || (&& (< net45) (>= netstandard1.1) (< netstandard1.2) (< win8)) (&& (< net45) (>= netstandard1.2) (< netstandard1.3) (< win8) (< wpa81)) (&& (< net45) (>= netstandard1.3) (< netstandard1.4) (< win8) (< wpa81)) (&& (< net45) (>= netstandard1.4) (< netstandard1.5) (< win8) (< wpa81)) (&& (< net45) (>= netstandard1.5) (< netstandard1.6) (< win8) (< wpa81)) (&& (< net45) (>= netstandard1.6) (< netstandard2.0) (< win8) (< wpa81)) (&& (>= netstandard1.0) (< portable-net45+win8+wpa81) (< wp8)) (&& (>= uap10.0) (< uap10.1))
      System.Runtime.Extensions (>= 4.3) - restriction: || (&& (< net45) (>= netstandard1.1) (< netstandard1.2) (< win8)) (&& (< net45) (>= netstandard1.2) (< netstandard1.3) (< win8) (< wpa81)) (&& (< net45) (>= netstandard1.3) (< netstandard1.4) (< win8) (< wpa81)) (&& (< net45) (>= netstandard1.4) (< netstandard1.5) (< win8) (< wpa81)) (&& (< net45) (>= netstandard1.5) (< netstandard1.6) (< win8) (< wpa81)) (&& (< net45) (>= netstandard1.6) (< netstandard2.0) (< win8) (< wpa81)) (&& (>= netstandard1.0) (< portable-net45+win8+wpa81) (< wp8)) (&& (>= uap10.0) (< uap10.1))
      System.Runtime.Handles (>= 4.3) - restriction: || (&& (< net45) (>= netstandard1.3) (< netstandard1.4) (< win8) (< wpa81)) (&& (< net45) (>= netstandard1.4) (< netstandard1.5) (< win8) (< wpa81)) (&& (< net45) (>= netstandard1.5) (< netstandard1.6) (< win8) (< wpa81)) (&& (< net45) (>= netstandard1.6) (< netstandard2.0) (< win8) (< wpa81)) (&& (>= uap10.0) (< uap10.1))
      System.Runtime.InteropServices (>= 4.3) - restriction: || (&& (< net45) (>= netstandard1.1) (< netstandard1.2) (< win8)) (&& (< net45) (>= netstandard1.2) (< netstandard1.3) (< win8) (< wpa81)) (&& (< net45) (>= netstandard1.3) (< netstandard1.4) (< win8) (< wpa81)) (&& (< net45) (>= netstandard1.4) (< netstandard1.5) (< win8) (< wpa81)) (&& (< net45) (>= netstandard1.5) (< netstandard1.6) (< win8) (< wpa81)) (&& (< net45) (>= netstandard1.6) (< netstandard2.0) (< win8) (< wpa81)) (&& (>= uap10.0) (< uap10.1))
      System.Runtime.InteropServices.RuntimeInformation (>= 4.3) - restriction: || (&& (>= net45) (< netstandard1.3)) (&& (< net45) (>= netstandard1.1) (< netstandard1.2) (< win8)) (&& (< net45) (>= netstandard1.2) (< netstandard1.3) (< win8) (< wpa81)) (&& (< net45) (>= netstandard1.3) (< netstandard1.4) (< win8) (< wpa81)) (&& (< net45) (>= netstandard1.4) (< netstandard1.5) (< win8) (< wpa81)) (&& (< net45) (>= netstandard1.5) (< netstandard1.6) (< win8) (< wpa81)) (&& (< net45) (>= netstandard1.6) (< netstandard2.0) (< win8) (< wpa81)) (&& (>= net46) (< netstandard1.4)) (&& (< netstandard1.0) (>= portable-net45+win8) (< win8)) (&& (< netstandard1.0) (< portable-net45+win8) (>= portable-net45+win8+wpa81)) (&& (< netstandard1.0) (>= win8)) (&& (< netstandard1.3) (< win8) (>= wpa81)) (&& (>= uap10.0) (< uap10.1))
      System.Runtime.Numerics (>= 4.3) - restriction: || (&& (< net45) (>= netstandard1.1) (< netstandard1.2) (< win8)) (&& (< net45) (>= netstandard1.2) (< netstandard1.3) (< win8) (< wpa81)) (&& (< net45) (>= netstandard1.3) (< netstandard1.4) (< win8) (< wpa81)) (&& (< net45) (>= netstandard1.4) (< netstandard1.5) (< win8) (< wpa81)) (&& (< net45) (>= netstandard1.5) (< netstandard1.6) (< win8) (< wpa81)) (&& (< net45) (>= netstandard1.6) (< netstandard2.0) (< win8) (< wpa81)) (&& (>= uap10.0) (< uap10.1))
      System.Security.Cryptography.Algorithms (>= 4.3) - restriction: || (&& (< net45) (>= netstandard1.3) (< netstandard1.4) (< win8) (< wpa81)) (&& (< net45) (>= netstandard1.4) (< netstandard1.5) (< win8) (< wpa81)) (&& (< net45) (>= netstandard1.5) (< netstandard1.6) (< win8) (< wpa81)) (&& (< net45) (>= netstandard1.6) (< netstandard2.0) (< win8) (< wpa81)) (&& (>= net46) (< netstandard1.4)) (&& (>= uap10.0) (< uap10.1))
      System.Security.Cryptography.Encoding (>= 4.3) - restriction: || (&& (< net45) (>= netstandard1.3) (< netstandard1.4) (< win8) (< wpa81)) (&& (< net45) (>= netstandard1.4) (< netstandard1.5) (< win8) (< wpa81)) (&& (< net45) (>= netstandard1.5) (< netstandard1.6) (< win8) (< wpa81)) (&& (< net45) (>= netstandard1.6) (< netstandard2.0) (< win8) (< wpa81)) (&& (>= net46) (< netstandard1.4)) (&& (>= uap10.0) (< uap10.1))
      System.Security.Cryptography.Primitives (>= 4.3) - restriction: || (&& (< net45) (>= netstandard1.3) (< netstandard1.4) (< win8) (< wpa81)) (&& (< net45) (>= netstandard1.4) (< netstandard1.5) (< win8) (< wpa81)) (&& (< net45) (>= netstandard1.5) (< netstandard1.6) (< win8) (< wpa81)) (&& (< net45) (>= netstandard1.6) (< netstandard2.0) (< win8) (< wpa81)) (&& (>= net46) (< netstandard1.4)) (&& (>= uap10.0) (< uap10.1))
      System.Security.Cryptography.X509Certificates (>= 4.3) - restriction: || (&& (< net45) (>= netstandard1.3) (< netstandard1.4) (< win8) (< wpa81)) (&& (< net45) (>= netstandard1.4) (< netstandard1.5) (< win8) (< wpa81)) (&& (< net45) (>= netstandard1.5) (< netstandard1.6) (< win8) (< wpa81)) (&& (< net45) (>= netstandard1.6) (< netstandard2.0) (< win8) (< wpa81)) (&& (>= net46) (< netstandard1.4)) (&& (>= uap10.0) (< uap10.1))
      System.Text.Encoding (>= 4.3) - restriction: || (&& (< net45) (>= netstandard1.1) (< netstandard1.2) (< win8)) (&& (< net45) (>= netstandard1.2) (< netstandard1.3) (< win8) (< wpa81)) (&& (< net45) (>= netstandard1.3) (< netstandard1.4) (< win8) (< wpa81)) (&& (< net45) (>= netstandard1.4) (< netstandard1.5) (< win8) (< wpa81)) (&& (< net45) (>= netstandard1.5) (< netstandard1.6) (< win8) (< wpa81)) (&& (< net45) (>= netstandard1.6) (< netstandard2.0) (< win8) (< wpa81)) (&& (>= netstandard1.0) (< portable-net45+win8+wpa81) (< wp8)) (&& (>= uap10.0) (< uap10.1))
      System.Text.Encoding.Extensions (>= 4.3) - restriction: || (&& (< net45) (>= netstandard1.1) (< netstandard1.2) (< win8)) (&& (< net45) (>= netstandard1.2) (< netstandard1.3) (< win8) (< wpa81)) (&& (< net45) (>= netstandard1.3) (< netstandard1.4) (< win8) (< wpa81)) (&& (< net45) (>= netstandard1.4) (< netstandard1.5) (< win8) (< wpa81)) (&& (< net45) (>= netstandard1.5) (< netstandard1.6) (< win8) (< wpa81)) (&& (< net45) (>= netstandard1.6) (< netstandard2.0) (< win8) (< wpa81)) (&& (>= netstandard1.0) (< portable-net45+win8+wpa81) (< wp8)) (&& (>= uap10.0) (< uap10.1))
      System.Text.RegularExpressions (>= 4.3) - restriction: || (&& (< net45) (>= netstandard1.1) (< netstandard1.2) (< win8)) (&& (< net45) (>= netstandard1.2) (< netstandard1.3) (< win8) (< wpa81)) (&& (< net45) (>= netstandard1.3) (< netstandard1.4) (< win8) (< wpa81)) (&& (< net45) (>= netstandard1.4) (< netstandard1.5) (< win8) (< wpa81)) (&& (< net45) (>= netstandard1.5) (< netstandard1.6) (< win8) (< wpa81)) (&& (< net45) (>= netstandard1.6) (< netstandard2.0) (< win8) (< wpa81)) (&& (>= netstandard1.0) (< portable-net45+win8+wpa81) (< wp8)) (&& (>= uap10.0) (< uap10.1))
      System.Threading (>= 4.3) - restriction: || (&& (< net45) (>= netstandard1.1) (< netstandard1.2) (< win8)) (&& (< net45) (>= netstandard1.2) (< netstandard1.3) (< win8) (< wpa81)) (&& (< net45) (>= netstandard1.3) (< netstandard1.4) (< win8) (< wpa81)) (&& (< net45) (>= netstandard1.4) (< netstandard1.5) (< win8) (< wpa81)) (&& (< net45) (>= netstandard1.5) (< netstandard1.6) (< win8) (< wpa81)) (&& (< net45) (>= netstandard1.6) (< netstandard2.0) (< win8) (< wpa81)) (&& (>= netstandard1.0) (< portable-net45+win8+wpa81) (< wp8)) (&& (>= uap10.0) (< uap10.1))
      System.Threading.Tasks (>= 4.3) - restriction: || (&& (< net45) (>= netstandard1.1) (< netstandard1.2) (< win8)) (&& (< net45) (>= netstandard1.2) (< netstandard1.3) (< win8) (< wpa81)) (&& (< net45) (>= netstandard1.3) (< netstandard1.4) (< win8) (< wpa81)) (&& (< net45) (>= netstandard1.4) (< netstandard1.5) (< win8) (< wpa81)) (&& (< net45) (>= netstandard1.5) (< netstandard1.6) (< win8) (< wpa81)) (&& (< net45) (>= netstandard1.6) (< netstandard2.0) (< win8) (< wpa81)) (&& (>= netstandard1.0) (< portable-net45+win8+wpa81) (< wp8)) (&& (>= uap10.0) (< uap10.1))
      System.Threading.Timer (>= 4.3) - restriction: || (&& (< net45) (>= netstandard1.2) (< netstandard1.3) (< win8) (< wpa81)) (&& (< net45) (>= netstandard1.3) (< netstandard1.4) (< win8) (< wpa81)) (&& (< net45) (>= netstandard1.4) (< netstandard1.5) (< win8) (< wpa81)) (&& (< net45) (>= netstandard1.5) (< netstandard1.6) (< win8) (< wpa81)) (&& (< net45) (>= netstandard1.6) (< netstandard2.0) (< win8) (< wpa81)) (&& (>= uap10.0) (< uap10.1))
      System.Xml.ReaderWriter (>= 4.3) - restriction: || (&& (< net45) (>= netstandard1.1) (< netstandard1.2) (< win8)) (&& (< net45) (>= netstandard1.2) (< netstandard1.3) (< win8) (< wpa81)) (&& (< net45) (>= netstandard1.3) (< netstandard1.4) (< win8) (< wpa81)) (&& (< net45) (>= netstandard1.4) (< netstandard1.5) (< win8) (< wpa81)) (&& (< net45) (>= netstandard1.5) (< netstandard1.6) (< win8) (< wpa81)) (&& (< net45) (>= netstandard1.6) (< netstandard2.0) (< win8) (< wpa81)) (&& (>= net46) (< netstandard1.4)) (&& (>= netstandard1.0) (< portable-net45+win8+wpa81) (< wp8)) (&& (>= uap10.0) (< uap10.1))
      System.Xml.XDocument (>= 4.3) - restriction: || (&& (< net45) (>= netstandard1.1) (< netstandard1.2) (< win8)) (&& (< net45) (>= netstandard1.2) (< netstandard1.3) (< win8) (< wpa81)) (&& (< net45) (>= netstandard1.3) (< netstandard1.4) (< win8) (< wpa81)) (&& (< net45) (>= netstandard1.4) (< netstandard1.5) (< win8) (< wpa81)) (&& (< net45) (>= netstandard1.5) (< netstandard1.6) (< win8) (< wpa81)) (&& (< net45) (>= netstandard1.6) (< netstandard2.0) (< win8) (< wpa81)) (&& (>= netstandard1.0) (< portable-net45+win8+wpa81) (< wp8)) (&& (>= uap10.0) (< uap10.1))
    Newtonsoft.Json (12.0.1)
      Microsoft.CSharp (>= 4.3) - restriction: || (&& (< net20) (>= netstandard1.0) (< netstandard1.3)) (&& (< net20) (>= netstandard1.3) (< netstandard2.0))
      NETStandard.Library (>= 1.6.1) - restriction: || (&& (< net20) (>= netstandard1.0) (< netstandard1.3)) (&& (< net20) (>= netstandard1.3) (< netstandard2.0))
      System.ComponentModel.TypeConverter (>= 4.3) - restriction: || (&& (< net20) (>= netstandard1.0) (< netstandard1.3)) (&& (< net20) (>= netstandard1.3) (< netstandard2.0))
      System.Runtime.Serialization.Formatters (>= 4.3) - restriction: && (< net20) (>= netstandard1.3) (< netstandard2.0)
      System.Runtime.Serialization.Primitives (>= 4.3) - restriction: || (&& (< net20) (>= netstandard1.0) (< netstandard1.3)) (&& (< net20) (>= netstandard1.3) (< netstandard2.0))
      System.Xml.XmlDocument (>= 4.3) - restriction: && (< net20) (>= netstandard1.3) (< netstandard2.0)
    Octokit (0.32)
      NETStandard.Library (>= 1.6) - restriction: && (< net45) (>= netstandard1.1)
    Paket.Core (5.198)
      Chessie (>= 0.6) - restriction: || (>= net45) (>= netstandard2.0)
      FSharp.Compiler.Tools  - restriction: >= net45
      FSharp.Core (> 4.3) - restriction: >= net45
      Mono.Cecil (>= 0.10.0-beta6) - restriction: || (>= net45) (>= netstandard2.0)
      Newtonsoft.Json  - restriction: >= net45
      Newtonsoft.Json (>= 10.0.3) - restriction: && (< net45) (>= netstandard2.0)
      System.Net.Http.WinHttpHandler (>= 4.5) - restriction: && (< net45) (>= netstandard2.0)
      System.Security.Cryptography.ProtectedData (>= 4.4) - restriction: && (< net45) (>= netstandard2.0)
    runtime.debian.8-x64.runtime.native.System.Security.Cryptography.OpenSsl (4.3.3) - restriction: || (&& (< monoandroid) (< net45) (>= netstandard2.0) (< xamarinios)) (&& (< net45) (>= net46) (>= netstandard1.6))
    runtime.debian.9-x64.runtime.native.System.Security.Cryptography.OpenSsl (4.3.3) - restriction: || (&& (< monoandroid) (< net45) (>= netstandard2.0) (< xamarinios)) (&& (< net45) (>= net46) (>= netstandard1.6))
    runtime.fedora.23-x64.runtime.native.System.Security.Cryptography.OpenSsl (4.3.3) - restriction: || (&& (< monoandroid) (< net45) (>= netstandard2.0) (< xamarinios)) (&& (< net45) (>= net46) (>= netstandard1.6))
    runtime.fedora.24-x64.runtime.native.System.Security.Cryptography.OpenSsl (4.3.3) - restriction: || (&& (< monoandroid) (< net45) (>= netstandard2.0) (< xamarinios)) (&& (< net45) (>= net46) (>= netstandard1.6))
    runtime.fedora.27-x64.runtime.native.System.Security.Cryptography.OpenSsl (4.3.3) - restriction: || (&& (< monoandroid) (< net45) (>= netstandard2.0) (< xamarinios)) (&& (< net45) (>= net46) (>= netstandard1.6))
    runtime.fedora.28-x64.runtime.native.System.Security.Cryptography.OpenSsl (4.3.3) - restriction: || (&& (< monoandroid) (< net45) (>= netstandard2.0) (< xamarinios)) (&& (< net45) (>= net46) (>= netstandard1.6))
    runtime.native.System (4.3.1) - restriction: || (&& (< monoandroid) (< monotouch) (< net45) (>= netstandard1.6) (< netstandard2.0) (< win8) (< wpa81) (< xamarinmac) (< xamarintvos) (< xamarinwatchos)) (&& (< monoandroid) (< monotouch) (< net45) (>= netstandard1.6) (< win8) (< wpa81) (< xamarinios) (< xamarinmac) (< xamarintvos) (< xamarinwatchos)) (&& (< monoandroid) (< net45) (< netstandard1.2) (>= netstandard1.6) (< win8)) (&& (< monoandroid) (< net45) (< netstandard1.3) (>= netstandard1.6) (< win8) (< wpa81)) (&& (< monoandroid) (< net45) (< netstandard1.4) (>= netstandard1.6) (< win8) (< wpa81)) (&& (< monoandroid) (< net45) (< netstandard1.5) (>= netstandard1.6) (< win8) (< wpa81)) (&& (< monoandroid) (< net45) (>= netstandard2.0) (< xamarinios)) (&& (< monoandroid) (< netstandard1.0) (>= netstandard1.6) (< win8)) (&& (< net45) (>= net46)) (&& (< netstandard1.0) (>= netstandard1.6) (< portable-net45+win8)) (&& (>= netstandard1.6) (< netstandard2.0) (>= uap10.0) (< win8) (< wpa81))
      Microsoft.NETCore.Platforms (>= 1.1.1)
      Microsoft.NETCore.Targets (>= 1.1.3)
    runtime.native.System.IO.Compression (4.3.2) - restriction: || (&& (>= dnxcore50) (>= net46)) (&& (>= dnxcore50) (>= netstandard1.6)) (&& (< monoandroid) (< monotouch) (< net45) (>= netstandard1.6) (< win8) (< wpa81) (< xamarinios) (< xamarinmac) (< xamarintvos) (< xamarinwatchos)) (&& (< net45) (>= net46))
      Microsoft.NETCore.Platforms (>= 1.1.1)
      Microsoft.NETCore.Targets (>= 1.1.3)
    runtime.native.System.Net.Http (4.3.1) - restriction: || (&& (< monoandroid) (< monotouch) (< net45) (>= netstandard1.6) (< netstandard2.0) (< win8) (< wpa81) (< xamarinmac) (< xamarintvos) (< xamarinwatchos)) (&& (< monoandroid) (< net45) (< netstandard1.4) (>= netstandard1.6) (< win8) (< wpa81)) (&& (< monoandroid) (< net45) (< netstandard1.5) (>= netstandard1.6) (< win8) (< wpa81)) (&& (< monoandroid) (< net45) (>= netstandard2.0) (< xamarinios)) (&& (< net45) (>= net46) (>= netstandard1.6)) (&& (>= netstandard1.6) (< netstandard2.0) (>= uap10.0))
      Microsoft.NETCore.Platforms (>= 1.1.1)
      Microsoft.NETCore.Targets (>= 1.1.3)
    runtime.native.System.Security.Cryptography.Apple (4.3.1) - restriction: && (< monoandroid) (< monotouch) (< net35) (>= netstandard1.6) (< xamarinios) (< xamarinmac) (< xamarintvos) (< xamarinwatchos)
      runtime.osx.10.10-x64.runtime.native.System.Security.Cryptography.Apple (>= 4.3.1)
    runtime.native.System.Security.Cryptography.OpenSsl (4.3.3) - restriction: || (&& (< monoandroid) (< monotouch) (< net35) (>= netstandard1.6) (< xamarinios) (< xamarinmac) (< xamarintvos) (< xamarinwatchos)) (&& (< monoandroid) (< monotouch) (< net45) (>= netstandard1.6) (< netstandard2.0) (< win8) (< wpa81) (< xamarinmac) (< xamarintvos) (< xamarinwatchos)) (&& (< monoandroid) (< net45) (< netstandard1.4) (>= netstandard1.6) (< win8) (< wpa81)) (&& (< monoandroid) (< net45) (< netstandard1.5) (>= netstandard1.6) (< win8) (< wpa81)) (&& (< monoandroid) (< net45) (>= netstandard2.0) (< xamarinios)) (&& (< net45) (>= net46) (>= netstandard1.6)) (&& (>= netstandard1.6) (< netstandard2.0) (>= uap10.0))
      runtime.debian.8-x64.runtime.native.System.Security.Cryptography.OpenSsl (>= 4.3.3)
      runtime.debian.9-x64.runtime.native.System.Security.Cryptography.OpenSsl (>= 4.3.3)
      runtime.fedora.23-x64.runtime.native.System.Security.Cryptography.OpenSsl (>= 4.3.3)
      runtime.fedora.24-x64.runtime.native.System.Security.Cryptography.OpenSsl (>= 4.3.3)
      runtime.fedora.27-x64.runtime.native.System.Security.Cryptography.OpenSsl (>= 4.3.3)
      runtime.fedora.28-x64.runtime.native.System.Security.Cryptography.OpenSsl (>= 4.3.3)
      runtime.opensuse.13.2-x64.runtime.native.System.Security.Cryptography.OpenSsl (>= 4.3.3)
      runtime.opensuse.42.1-x64.runtime.native.System.Security.Cryptography.OpenSsl (>= 4.3.3)
      runtime.opensuse.42.3-x64.runtime.native.System.Security.Cryptography.OpenSsl (>= 4.3.3)
      runtime.osx.10.10-x64.runtime.native.System.Security.Cryptography.OpenSsl (>= 4.3.3)
      runtime.rhel.7-x64.runtime.native.System.Security.Cryptography.OpenSsl (>= 4.3.3)
      runtime.ubuntu.14.04-x64.runtime.native.System.Security.Cryptography.OpenSsl (>= 4.3.3)
      runtime.ubuntu.16.04-x64.runtime.native.System.Security.Cryptography.OpenSsl (>= 4.3.3)
      runtime.ubuntu.16.10-x64.runtime.native.System.Security.Cryptography.OpenSsl (>= 4.3.3)
      runtime.ubuntu.18.04-x64.runtime.native.System.Security.Cryptography.OpenSsl (>= 4.3.3)
    runtime.opensuse.13.2-x64.runtime.native.System.Security.Cryptography.OpenSsl (4.3.3) - restriction: || (&& (< monoandroid) (< net45) (>= netstandard2.0) (< xamarinios)) (&& (< net45) (>= net46) (>= netstandard1.6))
    runtime.opensuse.42.1-x64.runtime.native.System.Security.Cryptography.OpenSsl (4.3.3) - restriction: || (&& (< monoandroid) (< net45) (>= netstandard2.0) (< xamarinios)) (&& (< net45) (>= net46) (>= netstandard1.6))
    runtime.opensuse.42.3-x64.runtime.native.System.Security.Cryptography.OpenSsl (4.3.3) - restriction: || (&& (< monoandroid) (< net45) (>= netstandard2.0) (< xamarinios)) (&& (< net45) (>= net46) (>= netstandard1.6))
    runtime.osx.10.10-x64.runtime.native.System.Security.Cryptography.Apple (4.3.1) - restriction: && (< monoandroid) (< monotouch) (< net35) (>= netstandard1.6) (< xamarinios) (< xamarinmac) (< xamarintvos) (< xamarinwatchos)
    runtime.osx.10.10-x64.runtime.native.System.Security.Cryptography.OpenSsl (4.3.3) - restriction: || (&& (< monoandroid) (< net45) (>= netstandard2.0) (< xamarinios)) (&& (< net45) (>= net46) (>= netstandard1.6))
    runtime.rhel.7-x64.runtime.native.System.Security.Cryptography.OpenSsl (4.3.3) - restriction: || (&& (< monoandroid) (< net45) (>= netstandard2.0) (< xamarinios)) (&& (< net45) (>= net46) (>= netstandard1.6))
    runtime.ubuntu.14.04-x64.runtime.native.System.Security.Cryptography.OpenSsl (4.3.3) - restriction: || (&& (< monoandroid) (< net45) (>= netstandard2.0) (< xamarinios)) (&& (< net45) (>= net46) (>= netstandard1.6))
    runtime.ubuntu.16.04-x64.runtime.native.System.Security.Cryptography.OpenSsl (4.3.3) - restriction: || (&& (< monoandroid) (< net45) (>= netstandard2.0) (< xamarinios)) (&& (< net45) (>= net46) (>= netstandard1.6))
    runtime.ubuntu.16.10-x64.runtime.native.System.Security.Cryptography.OpenSsl (4.3.3) - restriction: || (&& (< monoandroid) (< net45) (>= netstandard2.0) (< xamarinios)) (&& (< net45) (>= net46) (>= netstandard1.6))
    runtime.ubuntu.18.04-x64.runtime.native.System.Security.Cryptography.OpenSsl (4.3.3) - restriction: || (&& (< monoandroid) (< net45) (>= netstandard2.0) (< xamarinios)) (&& (< net45) (>= net46) (>= netstandard1.6))
    Suave (2.5.3)
      FSharp.Core (>= 4.0 < 5.0) - restriction: || (>= net461) (>= netstandard2.0)
    System.AppContext (4.3)
      System.Collections (>= 4.3) - restriction: >= dnxcore50
      System.Resources.ResourceManager (>= 4.3) - restriction: >= dnxcore50
      System.Runtime (>= 4.3) - restriction: || (>= dnxcore50) (&& (< monoandroid) (< monotouch) (< net46) (>= netstandard1.6) (< xamarinios) (< xamarinmac) (< xamarintvos) (< xamarinwatchos)) (&& (< monoandroid) (< net46) (>= netstandard1.3) (< netstandard1.6))
      System.Threading (>= 4.3) - restriction: >= dnxcore50
    System.Buffers (4.5) - restriction: || (&& (>= dnxcore50) (>= net46)) (&& (>= dnxcore50) (>= netstandard1.6)) (&& (< monoandroid) (< monotouch) (< net45) (>= netstandard1.6) (< win8) (< wpa81) (< xamarinios) (< xamarinmac) (< xamarintvos) (< xamarinwatchos)) (&& (< monoandroid) (< monotouch) (< net46) (>= netstandard1.6) (< xamarinios) (< xamarinmac) (< xamarintvos) (< xamarinwatchos)) (&& (< monoandroid) (< net46) (< netcoreapp2.0) (>= netstandard2.0) (< xamarinios)) (&& (>= monotouch) (>= netstandard2.0)) (&& (< net45) (>= net46)) (&& (< net45) (< netcoreapp2.0) (>= netstandard2.0)) (&& (>= netstandard2.0) (>= xamarinmac)) (&& (>= netstandard2.0) (>= xamarintvos)) (&& (>= netstandard2.0) (>= xamarinwatchos))
    System.CodeDom (4.5) - restriction: && (< net46) (>= netstandard2.0)
    System.Collections (4.3) - restriction: || (>= dnxcore50) (&& (< monoandroid) (< monotouch) (< net20) (>= netstandard1.3) (< netstandard2.0) (< win8) (< wpa81) (< xamarinmac) (< xamarintvos) (< xamarinwatchos)) (&& (< monoandroid) (< monotouch) (< net20) (>= netstandard1.4) (< netstandard2.0) (< xamarinmac) (< xamarintvos) (< xamarinwatchos)) (&& (< monoandroid) (< monotouch) (< net20) (>= netstandard1.5) (< netstandard2.0) (< win8) (< wpa81) (< xamarinmac) (< xamarintvos) (< xamarinwatchos)) (&& (< monoandroid) (< monotouch) (< net35) (>= netstandard1.6) (< xamarinios) (< xamarinmac) (< xamarintvos) (< xamarinwatchos)) (&& (< monoandroid) (< monotouch) (< net45) (>= netstandard1.6) (< win8) (< wpa81) (< xamarinios) (< xamarinmac) (< xamarintvos) (< xamarinwatchos)) (&& (< monoandroid) (< net20) (>= netstandard1.0) (< netstandard1.3) (< win8) (< wp8) (< wpa81)) (&& (< monoandroid) (< net20) (>= netstandard1.3) (< netstandard1.5) (< win8) (< wpa81)) (&& (< monoandroid) (< net20) (< netstandard1.3) (>= netstandard1.5) (< win8) (< wpa81)) (&& (< monoandroid) (< net45) (< netstandard1.6) (>= netstandard2.0) (< win8) (< wpa81)) (&& (< monoandroid) (< net45) (>= netstandard2.0) (< xamarinios)) (&& (< net35) (>= netstandard1.3)) (&& (< net45) (>= net46)) (&& (< net45) (< netstandard1.2) (>= netstandard1.6) (< win8)) (&& (< net45) (< netstandard1.3) (>= netstandard1.6) (< win8) (< wpa81)) (&& (< net45) (< netstandard1.4) (>= netstandard1.6) (< win8) (< wpa81)) (&& (< net45) (< netstandard1.5) (>= netstandard1.6) (< win8) (< wpa81)) (&& (< net45) (>= netstandard1.6) (< netstandard2.0)) (&& (>= netstandard1.6) (< netstandard2.0) (>= uap10.0)) (&& (>= netstandard1.6) (< portable-net45+win8+wpa81))
    System.Collections.Concurrent (4.3) - restriction: || (&& (>= dnxcore50) (>= net46)) (&& (>= dnxcore50) (>= netstandard1.6)) (&& (>= dnxcore50) (>= netstandard2.0)) (&& (< monoandroid) (< net45) (< netstandard1.3) (>= netstandard2.0) (< win8) (< wpa81)) (&& (< monoandroid) (< net45) (>= netstandard2.0) (< win8) (< wpa81) (< xamarinios)) (&& (< net45) (>= net46)) (&& (< net45) (< netstandard1.2) (>= netstandard1.6) (< win8)) (&& (< net45) (< netstandard1.3) (>= netstandard1.6) (< win8) (< wpa81)) (&& (< net45) (< netstandard1.4) (>= netstandard1.6) (< win8) (< wpa81)) (&& (< net45) (< netstandard1.5) (>= netstandard1.6) (< win8) (< wpa81)) (&& (< net45) (>= netstandard1.6) (< netstandard2.0) (< win8) (< wpa81)) (&& (>= netstandard1.6) (< netstandard2.0) (>= uap10.0))
      System.Collections (>= 4.3) - restriction: || (>= dnxcore50) (&& (< monoandroid) (< monotouch) (< net45) (>= netstandard1.3) (< win8) (< wpa81) (< xamarinios) (< xamarinmac) (< xamarintvos) (< xamarinwatchos))
      System.Diagnostics.Debug (>= 4.3) - restriction: || (>= dnxcore50) (&& (< monoandroid) (< monotouch) (< net45) (>= netstandard1.3) (< win8) (< wpa81) (< xamarinios) (< xamarinmac) (< xamarintvos) (< xamarinwatchos))
      System.Diagnostics.Tracing (>= 4.3) - restriction: || (>= dnxcore50) (&& (< monoandroid) (< monotouch) (< net45) (>= netstandard1.3) (< win8) (< wpa81) (< xamarinios) (< xamarinmac) (< xamarintvos) (< xamarinwatchos))
      System.Globalization (>= 4.3) - restriction: || (>= dnxcore50) (&& (< monoandroid) (< monotouch) (< net45) (>= netstandard1.3) (< win8) (< wpa81) (< xamarinios) (< xamarinmac) (< xamarintvos) (< xamarinwatchos))
      System.Reflection (>= 4.3) - restriction: && (< monoandroid) (< monotouch) (< net45) (>= netstandard1.3) (< win8) (< wpa81) (< xamarinios) (< xamarinmac) (< xamarintvos) (< xamarinwatchos)
      System.Resources.ResourceManager (>= 4.3) - restriction: || (>= dnxcore50) (&& (< monoandroid) (< monotouch) (< net45) (>= netstandard1.3) (< win8) (< wpa81) (< xamarinios) (< xamarinmac) (< xamarintvos) (< xamarinwatchos))
      System.Runtime (>= 4.3) - restriction: || (>= dnxcore50) (&& (< monoandroid) (< monotouch) (< net45) (>= netstandard1.3) (< win8) (< wpa81) (< xamarinios) (< xamarinmac) (< xamarintvos) (< xamarinwatchos)) (&& (< monoandroid) (< net45) (>= netstandard1.1) (< netstandard1.3) (< win8) (< wpa81))
      System.Runtime.Extensions (>= 4.3) - restriction: || (>= dnxcore50) (&& (< monoandroid) (< monotouch) (< net45) (>= netstandard1.3) (< win8) (< wpa81) (< xamarinios) (< xamarinmac) (< xamarintvos) (< xamarinwatchos))
      System.Threading (>= 4.3) - restriction: || (>= dnxcore50) (&& (< monoandroid) (< monotouch) (< net45) (>= netstandard1.3) (< win8) (< wpa81) (< xamarinios) (< xamarinmac) (< xamarintvos) (< xamarinwatchos))
      System.Threading.Tasks (>= 4.3) - restriction: || (>= dnxcore50) (&& (< monoandroid) (< monotouch) (< net45) (>= netstandard1.3) (< win8) (< wpa81) (< xamarinios) (< xamarinmac) (< xamarintvos) (< xamarinwatchos)) (&& (< monoandroid) (< net45) (>= netstandard1.1) (< netstandard1.3) (< win8) (< wpa81))
    System.Collections.Immutable (1.5) - restriction: || (&& (>= dnxcore50) (>= net46)) (>= net462) (>= netstandard2.0)
    System.Collections.NonGeneric (4.3) - restriction: || (&& (< monoandroid) (< monotouch) (< net20) (>= netstandard1.5) (< netstandard2.0) (< win8) (< wpa81) (< xamarinmac) (< xamarintvos) (< xamarinwatchos)) (&& (< monoandroid) (< net20) (< netstandard1.3) (>= netstandard1.5) (< win8) (< wpa81)) (&& (< net20) (>= net462) (< netstandard1.3)) (&& (< net20) (>= net462) (< netstandard2.0))
      System.Diagnostics.Debug (>= 4.3) - restriction: && (< monoandroid) (< monotouch) (< net46) (>= netstandard1.3) (< xamarinios) (< xamarinmac) (< xamarintvos) (< xamarinwatchos)
      System.Globalization (>= 4.3) - restriction: && (< monoandroid) (< monotouch) (< net46) (>= netstandard1.3) (< xamarinios) (< xamarinmac) (< xamarintvos) (< xamarinwatchos)
      System.Resources.ResourceManager (>= 4.3) - restriction: && (< monoandroid) (< monotouch) (< net46) (>= netstandard1.3) (< xamarinios) (< xamarinmac) (< xamarintvos) (< xamarinwatchos)
      System.Runtime (>= 4.3) - restriction: && (< monoandroid) (< monotouch) (< net46) (>= netstandard1.3) (< xamarinios) (< xamarinmac) (< xamarintvos) (< xamarinwatchos)
      System.Runtime.Extensions (>= 4.3) - restriction: && (< monoandroid) (< monotouch) (< net46) (>= netstandard1.3) (< xamarinios) (< xamarinmac) (< xamarintvos) (< xamarinwatchos)
      System.Threading (>= 4.3) - restriction: && (< monoandroid) (< monotouch) (< net46) (>= netstandard1.3) (< xamarinios) (< xamarinmac) (< xamarintvos) (< xamarinwatchos)
    System.Collections.Specialized (4.3) - restriction: || (&& (< monoandroid) (< monotouch) (< net20) (>= netstandard1.5) (< netstandard2.0) (< win8) (< wpa81) (< xamarinmac) (< xamarintvos) (< xamarinwatchos)) (&& (< monoandroid) (< net20) (< netstandard1.3) (>= netstandard1.5) (< win8) (< wpa81))
      System.Collections.NonGeneric (>= 4.3) - restriction: && (< monoandroid) (< monotouch) (< net46) (>= netstandard1.3) (< xamarinios) (< xamarinmac) (< xamarintvos) (< xamarinwatchos)
      System.Globalization (>= 4.3) - restriction: && (< monoandroid) (< monotouch) (< net46) (>= netstandard1.3) (< xamarinios) (< xamarinmac) (< xamarintvos) (< xamarinwatchos)
      System.Globalization.Extensions (>= 4.3) - restriction: && (< monoandroid) (< monotouch) (< net46) (>= netstandard1.3) (< xamarinios) (< xamarinmac) (< xamarintvos) (< xamarinwatchos)
      System.Resources.ResourceManager (>= 4.3) - restriction: && (< monoandroid) (< monotouch) (< net46) (>= netstandard1.3) (< xamarinios) (< xamarinmac) (< xamarintvos) (< xamarinwatchos)
      System.Runtime (>= 4.3) - restriction: && (< monoandroid) (< monotouch) (< net46) (>= netstandard1.3) (< xamarinios) (< xamarinmac) (< xamarintvos) (< xamarinwatchos)
      System.Runtime.Extensions (>= 4.3) - restriction: && (< monoandroid) (< monotouch) (< net46) (>= netstandard1.3) (< xamarinios) (< xamarinmac) (< xamarintvos) (< xamarinwatchos)
      System.Threading (>= 4.3) - restriction: && (< monoandroid) (< monotouch) (< net46) (>= netstandard1.3) (< xamarinios) (< xamarinmac) (< xamarintvos) (< xamarinwatchos)
    System.ComponentModel (4.3) - restriction: || (&& (< monoandroid) (< monotouch) (< net20) (>= netstandard1.5) (< netstandard2.0) (< win8) (< wpa81) (< xamarinmac) (< xamarintvos) (< xamarinwatchos)) (&& (< monoandroid) (< net20) (>= netstandard1.0) (< netstandard1.3) (< win8) (< wp8) (< wpa81)) (&& (< monoandroid) (< net20) (>= netstandard1.3) (< netstandard1.5) (< win8) (< wpa81)) (&& (< monoandroid) (< net20) (< netstandard1.3) (>= netstandard1.5) (< win8) (< wpa81)) (&& (>= net46) (>= uap10.0)) (&& (>= netstandard2.0) (>= uap10.0))
      System.Runtime (>= 4.3) - restriction: || (>= dnxcore50) (&& (< monoandroid) (< monotouch) (< net45) (>= netstandard1.3) (< win8) (< wpa81) (< xamarinios) (< xamarinmac) (< xamarintvos) (< xamarinwatchos)) (&& (< monoandroid) (< net45) (>= netstandard1.0) (< netstandard1.3) (< win8) (< wp8) (< wpa81))
    System.ComponentModel.Primitives (4.3) - restriction: || (&& (< monoandroid) (< monotouch) (< net20) (>= netstandard1.5) (< netstandard2.0) (< win8) (< xamarinmac) (< xamarintvos) (< xamarinwatchos)) (&& (< monoandroid) (< net20) (>= netstandard1.0) (< netstandard1.3) (< win8)) (&& (< monoandroid) (< net20) (>= netstandard1.3) (< netstandard1.5) (< win8)) (&& (< monoandroid) (< net20) (< netstandard1.3) (>= netstandard1.5) (< win8)) (&& (< net20) (>= net45) (>= netstandard1.3) (< netstandard1.5)) (&& (< net20) (>= net45) (< netstandard1.3)) (&& (< net20) (>= net462) (< netstandard1.3)) (&& (< net20) (>= net462) (< netstandard2.0)) (&& (< netstandard1.0) (>= netstandard1.3) (>= win8)) (&& (>= netstandard1.3) (< netstandard2.0) (>= wpa81)) (&& (< netstandard1.3) (>= wpa81)) (>= wp8)
      System.ComponentModel (>= 4.3) - restriction: && (< monoandroid) (< monotouch) (< net45) (>= netstandard1.0) (< win8) (< wp8) (< wpa81) (< xamarinios) (< xamarinmac) (< xamarintvos) (< xamarinwatchos)
      System.Resources.ResourceManager (>= 4.3) - restriction: && (< monoandroid) (< monotouch) (< net45) (>= netstandard1.0) (< win8) (< wp8) (< wpa81) (< xamarinios) (< xamarinmac) (< xamarintvos) (< xamarinwatchos)
      System.Runtime (>= 4.3) - restriction: && (< monoandroid) (< monotouch) (< net45) (>= netstandard1.0) (< win8) (< wp8) (< wpa81) (< xamarinios) (< xamarinmac) (< xamarintvos) (< xamarinwatchos)
    System.ComponentModel.TypeConverter (4.3) - restriction: || (&& (< net20) (>= netstandard1.0) (< netstandard1.3)) (&& (< net20) (>= netstandard1.3) (< netstandard2.0))
      System.Collections (>= 4.3) - restriction: || (&& (< monoandroid) (< monotouch) (< net45) (>= netstandard1.5) (< win8) (< wpa81) (< xamarinios) (< xamarinmac) (< xamarintvos) (< xamarinwatchos)) (&& (< monoandroid) (< net45) (>= netstandard1.0) (< netstandard1.5) (< win8) (< wp8) (< wpa81))
      System.Collections.NonGeneric (>= 4.3) - restriction: || (&& (< monoandroid) (< monotouch) (< net45) (>= netstandard1.5) (< win8) (< wpa81) (< xamarinios) (< xamarinmac) (< xamarintvos) (< xamarinwatchos)) (>= net462)
      System.Collections.Specialized (>= 4.3) - restriction: && (< monoandroid) (< monotouch) (< net45) (>= netstandard1.5) (< win8) (< wpa81) (< xamarinios) (< xamarinmac) (< xamarintvos) (< xamarinwatchos)
      System.ComponentModel (>= 4.3) - restriction: || (&& (< monoandroid) (< monotouch) (< net45) (>= netstandard1.5) (< win8) (< wpa81) (< xamarinios) (< xamarinmac) (< xamarintvos) (< xamarinwatchos)) (&& (< monoandroid) (< net45) (>= netstandard1.0) (< netstandard1.5) (< win8) (< wp8) (< wpa81))
      System.ComponentModel.Primitives (>= 4.3) - restriction: || (&& (< monoandroid) (< monotouch) (< net45) (>= netstandard1.5) (< win8) (< xamarinios) (< xamarinmac) (< xamarintvos) (< xamarinwatchos)) (&& (< monoandroid) (< net45) (>= netstandard1.0) (< netstandard1.5) (< win8)) (&& (>= net45) (< netstandard1.5)) (>= net462) (&& (< netstandard1.0) (>= win8)) (>= wp8) (>= wpa81)
      System.Globalization (>= 4.3) - restriction: || (&& (< monoandroid) (< monotouch) (< net45) (>= netstandard1.5) (< win8) (< wpa81) (< xamarinios) (< xamarinmac) (< xamarintvos) (< xamarinwatchos)) (&& (< monoandroid) (< net45) (>= netstandard1.0) (< netstandard1.5) (< win8) (< wp8) (< wpa81))
      System.Linq (>= 4.3) - restriction: && (< monoandroid) (< monotouch) (< net45) (>= netstandard1.5) (< win8) (< wpa81) (< xamarinios) (< xamarinmac) (< xamarintvos) (< xamarinwatchos)
      System.Reflection (>= 4.3) - restriction: || (&& (< monoandroid) (< monotouch) (< net45) (>= netstandard1.5) (< win8) (< wpa81) (< xamarinios) (< xamarinmac) (< xamarintvos) (< xamarinwatchos)) (&& (< monoandroid) (< net45) (>= netstandard1.0) (< netstandard1.5) (< win8) (< wp8) (< wpa81))
      System.Reflection.Extensions (>= 4.3) - restriction: || (&& (< monoandroid) (< monotouch) (< net45) (>= netstandard1.5) (< win8) (< wpa81) (< xamarinios) (< xamarinmac) (< xamarintvos) (< xamarinwatchos)) (&& (< monoandroid) (< net45) (>= netstandard1.0) (< netstandard1.5) (< win8) (< wp8) (< wpa81))
      System.Reflection.Primitives (>= 4.3) - restriction: || (&& (< monoandroid) (< monotouch) (< net45) (>= netstandard1.5) (< win8) (< wpa81) (< xamarinios) (< xamarinmac) (< xamarintvos) (< xamarinwatchos)) (&& (< monoandroid) (< net45) (>= netstandard1.0) (< netstandard1.5) (< win8) (< wp8) (< wpa81))
      System.Reflection.TypeExtensions (>= 4.3) - restriction: && (< monoandroid) (< monotouch) (< net45) (>= netstandard1.5) (< win8) (< wpa81) (< xamarinios) (< xamarinmac) (< xamarintvos) (< xamarinwatchos)
      System.Resources.ResourceManager (>= 4.3) - restriction: || (&& (< monoandroid) (< monotouch) (< net45) (>= netstandard1.5) (< win8) (< wpa81) (< xamarinios) (< xamarinmac) (< xamarintvos) (< xamarinwatchos)) (&& (< monoandroid) (< net45) (>= netstandard1.0) (< netstandard1.5) (< win8) (< wp8) (< wpa81))
      System.Runtime (>= 4.3) - restriction: || (&& (< monoandroid) (< monotouch) (< net45) (>= netstandard1.5) (< win8) (< wpa81) (< xamarinios) (< xamarinmac) (< xamarintvos) (< xamarinwatchos)) (&& (< monoandroid) (< net45) (>= netstandard1.0) (< netstandard1.5) (< win8) (< wp8) (< wpa81))
      System.Runtime.Extensions (>= 4.3) - restriction: || (&& (< monoandroid) (< monotouch) (< net45) (>= netstandard1.5) (< win8) (< wpa81) (< xamarinios) (< xamarinmac) (< xamarintvos) (< xamarinwatchos)) (&& (< monoandroid) (< net45) (>= netstandard1.0) (< netstandard1.5) (< win8) (< wp8) (< wpa81))
      System.Threading (>= 4.3) - restriction: || (&& (< monoandroid) (< monotouch) (< net45) (>= netstandard1.5) (< win8) (< wpa81) (< xamarinios) (< xamarinmac) (< xamarintvos) (< xamarinwatchos)) (&& (< monoandroid) (< net45) (>= netstandard1.0) (< netstandard1.5) (< win8) (< wp8) (< wpa81))
    System.Console (4.3.1) - restriction: || (&& (< net45) (< netstandard1.4) (>= netstandard1.6) (< win8) (< wpa81)) (&& (< net45) (< netstandard1.5) (>= netstandard1.6) (< win8) (< wpa81)) (&& (< net45) (>= netstandard1.6) (< netstandard2.0)) (&& (>= netstandard1.6) (< netstandard2.0) (>= uap10.0))
      Microsoft.NETCore.Platforms (>= 1.1) - restriction: && (< monoandroid) (< monotouch) (< net46) (>= netstandard1.3) (< xamarinios) (< xamarinmac) (< xamarintvos) (< xamarinwatchos)
      Microsoft.NETCore.Targets (>= 1.1.2) - restriction: && (< monoandroid) (< monotouch) (< net46) (>= netstandard1.3) (< xamarinios) (< xamarinmac) (< xamarintvos) (< xamarinwatchos)
      System.IO (>= 4.3) - restriction: && (< monoandroid) (< monotouch) (< net46) (>= netstandard1.3) (< xamarinios) (< xamarinmac) (< xamarintvos) (< xamarinwatchos)
      System.Runtime (>= 4.3) - restriction: && (< monoandroid) (< monotouch) (< net46) (>= netstandard1.3) (< xamarinios) (< xamarinmac) (< xamarintvos) (< xamarinwatchos)
      System.Text.Encoding (>= 4.3) - restriction: && (< monoandroid) (< monotouch) (< net46) (>= netstandard1.3) (< xamarinios) (< xamarinmac) (< xamarintvos) (< xamarinwatchos)
    System.Diagnostics.Debug (4.3) - restriction: || (&& (>= dnxcore50) (>= net46)) (&& (>= dnxcore50) (>= netstandard1.0)) (&& (>= dnxcore50) (>= netstandard1.3)) (&& (>= dnxcore50) (>= netstandard1.6)) (&& (>= dnxcore50) (>= netstandard2.0)) (&& (< monoandroid) (< monotouch) (< net20) (>= netstandard1.3) (< netstandard2.0) (< win8) (< wpa81) (< xamarinmac) (< xamarintvos) (< xamarinwatchos)) (&& (< monoandroid) (< monotouch) (< net20) (>= netstandard1.5) (< netstandard2.0) (< win8) (< wpa81) (< xamarinmac) (< xamarintvos) (< xamarinwatchos)) (&& (< monoandroid) (< monotouch) (< net45) (>= netstandard1.6) (< win8) (< wpa81) (< xamarinios) (< xamarinmac) (< xamarintvos) (< xamarinwatchos)) (&& (< monoandroid) (< net20) (< netstandard1.3) (>= netstandard1.5) (< win8) (< wpa81)) (&& (< monoandroid) (< net45) (< netstandard1.6) (>= netstandard2.0) (< win8) (< wpa81)) (&& (< monoandroid) (< net45) (>= netstandard2.0) (< xamarinios)) (&& (< net20) (>= net462) (< netstandard1.3)) (&& (< net20) (>= net462) (< netstandard2.0)) (&& (< net45) (>= net46)) (&& (< net45) (< netstandard1.2) (>= netstandard1.6) (< win8)) (&& (< net45) (< netstandard1.3) (>= netstandard1.6) (< win8) (< wpa81)) (&& (< net45) (< netstandard1.4) (>= netstandard1.6) (< win8) (< wpa81)) (&& (< net45) (< netstandard1.5) (>= netstandard1.6) (< win8) (< wpa81)) (&& (< net45) (>= netstandard1.6) (< netstandard2.0)) (&& (>= netstandard1.6) (< netstandard2.0) (>= uap10.0)) (&& (>= netstandard1.6) (< portable-net45+win8+wpa81))
      Microsoft.NETCore.Platforms (>= 1.1) - restriction: || (>= dnxcore50) (&& (< monoandroid) (< monotouch) (< net45) (>= netstandard1.3) (< win8) (< wpa81) (< xamarinios) (< xamarinmac) (< xamarintvos) (< xamarinwatchos)) (&& (< monoandroid) (< net45) (>= netstandard1.0) (< netstandard1.3) (< win8) (< wp8) (< wpa81))
      Microsoft.NETCore.Targets (>= 1.1) - restriction: || (>= dnxcore50) (&& (< monoandroid) (< monotouch) (< net45) (>= netstandard1.3) (< win8) (< wpa81) (< xamarinios) (< xamarinmac) (< xamarintvos) (< xamarinwatchos)) (&& (< monoandroid) (< net45) (>= netstandard1.0) (< netstandard1.3) (< win8) (< wp8) (< wpa81))
      System.Runtime (>= 4.3) - restriction: || (>= dnxcore50) (&& (< monoandroid) (< monotouch) (< net45) (>= netstandard1.3) (< win8) (< wpa81) (< xamarinios) (< xamarinmac) (< xamarintvos) (< xamarinwatchos)) (&& (< monoandroid) (< net45) (>= netstandard1.0) (< netstandard1.3) (< win8) (< wp8) (< wpa81))
    System.Diagnostics.DiagnosticSource (4.5.1) - restriction: || (&& (>= dnxcore50) (>= net46)) (&& (>= dnxcore50) (>= netstandard2.0)) (&& (< monoandroid) (< net45) (< netstandard1.6) (>= netstandard2.0) (< win8) (< wpa81)) (&& (< monoandroid) (< net45) (>= netstandard2.0) (< xamarinios)) (&& (< net45) (>= net46) (>= netstandard1.6)) (&& (< net45) (>= net46) (< netstandard1.6))
    System.Diagnostics.FileVersionInfo (4.3) - restriction: || (>= net46) (>= netstandard1.6)
      Microsoft.NETCore.Platforms (>= 1.1) - restriction: || (>= dnxcore50) (&& (< monoandroid) (< monotouch) (< net46) (>= netstandard1.3) (< xamarinios) (< xamarinmac) (< xamarintvos) (< xamarinwatchos))
      System.Globalization (>= 4.3) - restriction: && (< monoandroid) (< monotouch) (< net46) (>= netstandard1.3) (< xamarinios) (< xamarinmac) (< xamarintvos) (< xamarinwatchos)
      System.IO (>= 4.3) - restriction: || (>= dnxcore50) (&& (< monoandroid) (< monotouch) (< net46) (>= netstandard1.3) (< xamarinios) (< xamarinmac) (< xamarintvos) (< xamarinwatchos))
      System.IO.FileSystem (>= 4.3) - restriction: || (>= dnxcore50) (&& (< monoandroid) (< monotouch) (< net46) (>= netstandard1.3) (< xamarinios) (< xamarinmac) (< xamarintvos) (< xamarinwatchos))
      System.IO.FileSystem.Primitives (>= 4.3) - restriction: || (>= dnxcore50) (&& (< monoandroid) (< monotouch) (< net46) (>= netstandard1.3) (< xamarinios) (< xamarinmac) (< xamarintvos) (< xamarinwatchos))
      System.Reflection.Metadata (>= 1.4.1) - restriction: || (>= dnxcore50) (&& (< monoandroid) (< monotouch) (< net46) (>= netstandard1.3) (< xamarinios) (< xamarinmac) (< xamarintvos) (< xamarinwatchos))
      System.Runtime (>= 4.3) - restriction: || (>= dnxcore50) (&& (< monoandroid) (< monotouch) (< net46) (>= netstandard1.3) (< xamarinios) (< xamarinmac) (< xamarintvos) (< xamarinwatchos))
      System.Runtime.Extensions (>= 4.3) - restriction: || (>= dnxcore50) (&& (< monoandroid) (< monotouch) (< net46) (>= netstandard1.3) (< xamarinios) (< xamarinmac) (< xamarintvos) (< xamarinwatchos))
      System.Runtime.InteropServices (>= 4.3) - restriction: && (< monoandroid) (< monotouch) (< net46) (>= netstandard1.3) (< xamarinios) (< xamarinmac) (< xamarintvos) (< xamarinwatchos)
    System.Diagnostics.Process (4.3) - restriction: || (>= net46) (>= netstandard1.6)
      Microsoft.NETCore.Platforms (>= 1.1) - restriction: && (< monoandroid) (< monotouch) (< net46) (>= netstandard1.4) (< xamarinios) (< xamarinmac) (< xamarintvos) (< xamarinwatchos)
      Microsoft.Win32.Primitives (>= 4.3) - restriction: && (< monoandroid) (< monotouch) (< net46) (>= netstandard1.4) (< xamarinios) (< xamarinmac) (< xamarintvos) (< xamarinwatchos)
      Microsoft.Win32.Registry (>= 4.3) - restriction: && (< monoandroid) (< monotouch) (< net46) (>= netstandard1.4) (< xamarinios) (< xamarinmac) (< xamarintvos) (< xamarinwatchos)
      runtime.native.System (>= 4.3) - restriction: && (< monoandroid) (< monotouch) (< net46) (>= netstandard1.4) (< xamarinios) (< xamarinmac) (< xamarintvos) (< xamarinwatchos)
      System.Collections (>= 4.3) - restriction: && (< monoandroid) (< monotouch) (< net46) (>= netstandard1.4) (< xamarinios) (< xamarinmac) (< xamarintvos) (< xamarinwatchos)
      System.Diagnostics.Debug (>= 4.3) - restriction: && (< monoandroid) (< monotouch) (< net46) (>= netstandard1.4) (< xamarinios) (< xamarinmac) (< xamarintvos) (< xamarinwatchos)
      System.Globalization (>= 4.3) - restriction: && (< monoandroid) (< monotouch) (< net46) (>= netstandard1.4) (< xamarinios) (< xamarinmac) (< xamarintvos) (< xamarinwatchos)
      System.IO (>= 4.3) - restriction: || (&& (< monoandroid) (< monotouch) (< net46) (>= netstandard1.4) (< xamarinios) (< xamarinmac) (< xamarintvos) (< xamarinwatchos)) (&& (< monoandroid) (< net46) (>= netstandard1.3) (< netstandard1.4))
      System.IO.FileSystem (>= 4.3) - restriction: && (< monoandroid) (< monotouch) (< net46) (>= netstandard1.4) (< xamarinios) (< xamarinmac) (< xamarintvos) (< xamarinwatchos)
      System.IO.FileSystem.Primitives (>= 4.3) - restriction: && (< monoandroid) (< monotouch) (< net46) (>= netstandard1.4) (< xamarinios) (< xamarinmac) (< xamarintvos) (< xamarinwatchos)
      System.Resources.ResourceManager (>= 4.3) - restriction: && (< monoandroid) (< monotouch) (< net46) (>= netstandard1.4) (< xamarinios) (< xamarinmac) (< xamarintvos) (< xamarinwatchos)
      System.Runtime (>= 4.3) - restriction: || (&& (< monoandroid) (< monotouch) (< net46) (>= netstandard1.4) (< xamarinios) (< xamarinmac) (< xamarintvos) (< xamarinwatchos)) (&& (< monoandroid) (< net46) (>= netstandard1.3) (< netstandard1.4))
      System.Runtime.Extensions (>= 4.3) - restriction: && (< monoandroid) (< monotouch) (< net46) (>= netstandard1.4) (< xamarinios) (< xamarinmac) (< xamarintvos) (< xamarinwatchos)
      System.Runtime.Handles (>= 4.3) - restriction: || (&& (< monoandroid) (< monotouch) (< net46) (>= netstandard1.4) (< xamarinios) (< xamarinmac) (< xamarintvos) (< xamarinwatchos)) (&& (< monoandroid) (< net46) (>= netstandard1.3) (< netstandard1.4))
      System.Runtime.InteropServices (>= 4.3) - restriction: && (< monoandroid) (< monotouch) (< net46) (>= netstandard1.4) (< xamarinios) (< xamarinmac) (< xamarintvos) (< xamarinwatchos)
      System.Text.Encoding (>= 4.3) - restriction: || (&& (< monoandroid) (< monotouch) (< net46) (>= netstandard1.4) (< xamarinios) (< xamarinmac) (< xamarintvos) (< xamarinwatchos)) (&& (< monoandroid) (< net46) (>= netstandard1.3) (< netstandard1.4))
      System.Text.Encoding.Extensions (>= 4.3) - restriction: && (< monoandroid) (< monotouch) (< net46) (>= netstandard1.4) (< xamarinios) (< xamarinmac) (< xamarintvos) (< xamarinwatchos)
      System.Threading (>= 4.3) - restriction: && (< monoandroid) (< monotouch) (< net46) (>= netstandard1.4) (< xamarinios) (< xamarinmac) (< xamarintvos) (< xamarinwatchos)
      System.Threading.Tasks (>= 4.3) - restriction: && (< monoandroid) (< monotouch) (< net46) (>= netstandard1.4) (< xamarinios) (< xamarinmac) (< xamarintvos) (< xamarinwatchos)
      System.Threading.Thread (>= 4.3) - restriction: && (< monoandroid) (< monotouch) (< net46) (>= netstandard1.4) (< xamarinios) (< xamarinmac) (< xamarintvos) (< xamarinwatchos)
      System.Threading.ThreadPool (>= 4.3) - restriction: && (< monoandroid) (< monotouch) (< net46) (>= netstandard1.4) (< xamarinios) (< xamarinmac) (< xamarintvos) (< xamarinwatchos)
    System.Diagnostics.Tools (4.3) - restriction: || (&& (>= dnxcore50) (>= netstandard2.0)) (&& (< monoandroid) (< net45) (>= netstandard2.0) (< win8) (< wpa81) (< xamarinios)) (&& (< net45) (< netstandard1.2) (>= netstandard1.6) (< win8)) (&& (< net45) (< netstandard1.3) (>= netstandard1.6) (< win8) (< wpa81)) (&& (< net45) (< netstandard1.4) (>= netstandard1.6) (< win8) (< wpa81)) (&& (< net45) (< netstandard1.5) (>= netstandard1.6) (< win8) (< wpa81)) (&& (< net45) (>= netstandard1.6) (< netstandard2.0)) (&& (>= netstandard1.6) (< netstandard2.0) (>= uap10.0)) (&& (>= netstandard1.6) (< portable-net45+win8+wpa81))
      Microsoft.NETCore.Platforms (>= 1.1) - restriction: || (>= dnxcore50) (&& (< monoandroid) (< monotouch) (< net45) (>= netstandard1.0) (< win8) (< wp8) (< wpa81) (< xamarinios) (< xamarinmac) (< xamarintvos) (< xamarinwatchos))
      Microsoft.NETCore.Targets (>= 1.1) - restriction: || (>= dnxcore50) (&& (< monoandroid) (< monotouch) (< net45) (>= netstandard1.0) (< win8) (< wp8) (< wpa81) (< xamarinios) (< xamarinmac) (< xamarintvos) (< xamarinwatchos))
      System.Runtime (>= 4.3) - restriction: || (>= dnxcore50) (&& (< monoandroid) (< monotouch) (< net45) (>= netstandard1.0) (< win8) (< wp8) (< wpa81) (< xamarinios) (< xamarinmac) (< xamarintvos) (< xamarinwatchos))
    System.Diagnostics.TraceSource (4.3) - restriction: || (&& (< net46) (>= netstandard2.0)) (>= netcoreapp2.1)
      Microsoft.NETCore.Platforms (>= 1.1) - restriction: && (< monoandroid) (< monotouch) (< net46) (>= netstandard1.3) (< xamarinios) (< xamarinmac) (< xamarintvos) (< xamarinwatchos)
      runtime.native.System (>= 4.3) - restriction: && (< monoandroid) (< monotouch) (< net46) (>= netstandard1.3) (< xamarinios) (< xamarinmac) (< xamarintvos) (< xamarinwatchos)
      System.Collections (>= 4.3) - restriction: && (< monoandroid) (< monotouch) (< net46) (>= netstandard1.3) (< xamarinios) (< xamarinmac) (< xamarintvos) (< xamarinwatchos)
      System.Diagnostics.Debug (>= 4.3) - restriction: && (< monoandroid) (< monotouch) (< net46) (>= netstandard1.3) (< xamarinios) (< xamarinmac) (< xamarintvos) (< xamarinwatchos)
      System.Globalization (>= 4.3) - restriction: && (< monoandroid) (< monotouch) (< net46) (>= netstandard1.3) (< xamarinios) (< xamarinmac) (< xamarintvos) (< xamarinwatchos)
      System.Resources.ResourceManager (>= 4.3) - restriction: && (< monoandroid) (< monotouch) (< net46) (>= netstandard1.3) (< xamarinios) (< xamarinmac) (< xamarintvos) (< xamarinwatchos)
      System.Runtime (>= 4.3) - restriction: && (< monoandroid) (< monotouch) (< net46) (>= netstandard1.3) (< xamarinios) (< xamarinmac) (< xamarintvos) (< xamarinwatchos)
      System.Runtime.Extensions (>= 4.3) - restriction: && (< monoandroid) (< monotouch) (< net46) (>= netstandard1.3) (< xamarinios) (< xamarinmac) (< xamarintvos) (< xamarinwatchos)
      System.Threading (>= 4.3) - restriction: && (< monoandroid) (< monotouch) (< net46) (>= netstandard1.3) (< xamarinios) (< xamarinmac) (< xamarintvos) (< xamarinwatchos)
    System.Diagnostics.Tracing (4.3) - restriction: || (&& (>= dnxcore50) (>= net46)) (&& (>= dnxcore50) (>= netstandard1.6)) (&& (>= dnxcore50) (>= netstandard2.0)) (&& (< monoandroid) (< net45) (< netstandard1.6) (>= netstandard2.0) (< win8) (< wpa81)) (&& (< monoandroid) (< net45) (>= netstandard2.0) (< xamarinios)) (&& (< net45) (>= net46)) (&& (< net45) (< netstandard1.2) (>= netstandard1.6) (< win8)) (&& (< net45) (< netstandard1.3) (>= netstandard1.6) (< win8) (< wpa81)) (&& (< net45) (< netstandard1.4) (>= netstandard1.6) (< win8) (< wpa81)) (&& (< net45) (< netstandard1.5) (>= netstandard1.6) (< win8) (< wpa81)) (&& (< net45) (>= netstandard1.6) (< netstandard2.0) (< win8) (< wpa81)) (&& (>= netstandard1.6) (< netstandard2.0) (>= uap10.0))
      Microsoft.NETCore.Platforms (>= 1.1) - restriction: || (>= dnxcore50) (&& (< monoandroid) (< monotouch) (< net45) (>= netstandard1.5) (< win8) (< wpa81) (< xamarinios) (< xamarinmac) (< xamarintvos) (< xamarinwatchos)) (&& (< monoandroid) (< net45) (>= netstandard1.1) (< netstandard1.2) (< win8)) (&& (< monoandroid) (< net45) (>= netstandard1.2) (< netstandard1.3) (< win8) (< wpa81)) (&& (< monoandroid) (< net45) (>= netstandard1.3) (< netstandard1.5) (< win8) (< wpa81))
      Microsoft.NETCore.Targets (>= 1.1) - restriction: || (>= dnxcore50) (&& (< monoandroid) (< monotouch) (< net45) (>= netstandard1.5) (< win8) (< wpa81) (< xamarinios) (< xamarinmac) (< xamarintvos) (< xamarinwatchos)) (&& (< monoandroid) (< net45) (>= netstandard1.1) (< netstandard1.2) (< win8)) (&& (< monoandroid) (< net45) (>= netstandard1.2) (< netstandard1.3) (< win8) (< wpa81)) (&& (< monoandroid) (< net45) (>= netstandard1.3) (< netstandard1.5) (< win8) (< wpa81))
      System.Runtime (>= 4.3) - restriction: || (>= dnxcore50) (&& (< monoandroid) (< monotouch) (< net45) (>= netstandard1.5) (< win8) (< wpa81) (< xamarinios) (< xamarinmac) (< xamarintvos) (< xamarinwatchos)) (&& (< monoandroid) (< net45) (>= netstandard1.1) (< netstandard1.2) (< win8)) (&& (< monoandroid) (< net45) (>= netstandard1.2) (< netstandard1.3) (< win8) (< wpa81)) (&& (< monoandroid) (< net45) (>= netstandard1.3) (< netstandard1.5) (< win8) (< wpa81))
    System.Dynamic.Runtime (4.3) - restriction: || (&& (>= dnxcore50) (>= netstandard1.0)) (&& (>= dnxcore50) (>= netstandard1.3)) (&& (< monoandroid) (< monotouch) (< net20) (>= netstandard1.3) (< netstandard2.0) (< win8) (< wpa81) (< xamarinmac) (< xamarintvos) (< xamarinwatchos)) (&& (< monoandroid) (< net20) (>= netstandard1.0) (< netstandard1.3) (< win8) (< wp8) (< wpa81)) (&& (>= net46) (>= uap10.0)) (&& (>= netstandard2.0) (>= uap10.0))
      System.Collections (>= 4.3) - restriction: || (>= dnxcore50) (&& (< monoandroid) (< monotouch) (< net45) (>= netstandard1.3) (< win8) (< wpa81) (< xamarinios) (< xamarinmac) (< xamarintvos) (< xamarinwatchos))
      System.Diagnostics.Debug (>= 4.3) - restriction: || (>= dnxcore50) (&& (< monoandroid) (< monotouch) (< net45) (>= netstandard1.3) (< win8) (< wpa81) (< xamarinios) (< xamarinmac) (< xamarintvos) (< xamarinwatchos))
      System.Linq (>= 4.3) - restriction: || (>= dnxcore50) (&& (< monoandroid) (< monotouch) (< net45) (>= netstandard1.3) (< win8) (< wpa81) (< xamarinios) (< xamarinmac) (< xamarintvos) (< xamarinwatchos))
      System.Linq.Expressions (>= 4.3) - restriction: || (>= dnxcore50) (&& (< monoandroid) (< monotouch) (< net45) (>= netstandard1.3) (< win8) (< wpa81) (< xamarinios) (< xamarinmac) (< xamarintvos) (< xamarinwatchos)) (&& (< monoandroid) (< net45) (>= netstandard1.0) (< netstandard1.3) (< win8) (< wp8) (< wpa81))
      System.ObjectModel (>= 4.3) - restriction: || (>= dnxcore50) (&& (< monoandroid) (< monotouch) (< net45) (>= netstandard1.3) (< win8) (< wpa81) (< xamarinios) (< xamarinmac) (< xamarintvos) (< xamarinwatchos)) (&& (< monoandroid) (< net45) (>= netstandard1.0) (< netstandard1.3) (< win8) (< wp8) (< wpa81))
      System.Reflection (>= 4.3) - restriction: || (>= dnxcore50) (&& (< monoandroid) (< monotouch) (< net45) (>= netstandard1.3) (< win8) (< wpa81) (< xamarinios) (< xamarinmac) (< xamarintvos) (< xamarinwatchos)) (&& (< monoandroid) (< net45) (>= netstandard1.0) (< netstandard1.3) (< win8) (< wp8) (< wpa81))
      System.Reflection.Emit (>= 4.3) - restriction: && (< monoandroid) (< monotouch) (< net45) (>= netstandard1.3) (< win8) (< wpa81) (< xamarinios) (< xamarinmac) (< xamarintvos) (< xamarinwatchos)
      System.Reflection.Emit.ILGeneration (>= 4.3) - restriction: && (< monoandroid) (< monotouch) (< net45) (>= netstandard1.3) (< win8) (< wpa81) (< xamarinios) (< xamarinmac) (< xamarintvos) (< xamarinwatchos)
      System.Reflection.Primitives (>= 4.3) - restriction: && (< monoandroid) (< monotouch) (< net45) (>= netstandard1.3) (< win8) (< wpa81) (< xamarinios) (< xamarinmac) (< xamarintvos) (< xamarinwatchos)
      System.Reflection.TypeExtensions (>= 4.3) - restriction: || (>= dnxcore50) (&& (< monoandroid) (< monotouch) (< net45) (>= netstandard1.3) (< win8) (< wpa81) (< xamarinios) (< xamarinmac) (< xamarintvos) (< xamarinwatchos))
      System.Resources.ResourceManager (>= 4.3) - restriction: || (>= dnxcore50) (&& (< monoandroid) (< monotouch) (< net45) (>= netstandard1.3) (< win8) (< wpa81) (< xamarinios) (< xamarinmac) (< xamarintvos) (< xamarinwatchos))
      System.Runtime (>= 4.3) - restriction: || (>= dnxcore50) (&& (< monoandroid) (< monotouch) (< net45) (>= netstandard1.3) (< win8) (< wpa81) (< xamarinios) (< xamarinmac) (< xamarintvos) (< xamarinwatchos)) (&& (< monoandroid) (< net45) (>= netstandard1.0) (< netstandard1.3) (< win8) (< wp8) (< wpa81))
      System.Runtime.Extensions (>= 4.3) - restriction: || (>= dnxcore50) (&& (< monoandroid) (< monotouch) (< net45) (>= netstandard1.3) (< win8) (< wpa81) (< xamarinios) (< xamarinmac) (< xamarintvos) (< xamarinwatchos))
      System.Threading (>= 4.3) - restriction: || (>= dnxcore50) (&& (< monoandroid) (< monotouch) (< net45) (>= netstandard1.3) (< win8) (< wpa81) (< xamarinios) (< xamarinmac) (< xamarintvos) (< xamarinwatchos))
    System.Globalization (4.3) - restriction: || (&& (>= dnxcore50) (>= net46)) (&& (>= dnxcore50) (>= netstandard1.6)) (&& (>= dnxcore50) (>= netstandard2.0)) (&& (< monoandroid) (< monotouch) (< net20) (>= netstandard1.5) (< netstandard2.0) (< win8) (< wpa81) (< xamarinmac) (< xamarintvos) (< xamarinwatchos)) (&& (< monoandroid) (< monotouch) (< net45) (>= netstandard1.6) (< win8) (< wpa81) (< xamarinios) (< xamarinmac) (< xamarintvos) (< xamarinwatchos)) (&& (< monoandroid) (< net20) (>= netstandard1.0) (< netstandard1.3) (< win8) (< wp8) (< wpa81)) (&& (< monoandroid) (< net20) (>= netstandard1.3) (< netstandard1.5) (< win8) (< wpa81)) (&& (< monoandroid) (< net20) (< netstandard1.3) (>= netstandard1.5) (< win8) (< wpa81)) (&& (< monoandroid) (< net45) (< netstandard1.6) (>= netstandard2.0) (< win8) (< wpa81)) (&& (< monoandroid) (< net45) (>= netstandard2.0) (< xamarinios)) (&& (< net20) (>= net462) (< netstandard1.3)) (&& (< net20) (>= net462) (< netstandard2.0)) (&& (< net45) (>= net46)) (&& (< net45) (< netstandard1.2) (>= netstandard1.6) (< win8)) (&& (< net45) (< netstandard1.3) (>= netstandard1.6) (< win8) (< wpa81)) (&& (< net45) (< netstandard1.4) (>= netstandard1.6) (< win8) (< wpa81)) (&& (< net45) (< netstandard1.5) (>= netstandard1.6) (< win8) (< wpa81)) (&& (< net45) (>= netstandard1.6) (< netstandard2.0)) (&& (>= netstandard1.6) (< netstandard2.0) (>= uap10.0)) (&& (>= netstandard1.6) (< portable-net45+win8+wpa81))
      Microsoft.NETCore.Platforms (>= 1.1) - restriction: || (>= dnxcore50) (&& (< monoandroid) (< monotouch) (< net45) (>= netstandard1.3) (< win8) (< wpa81) (< xamarinios) (< xamarinmac) (< xamarintvos) (< xamarinwatchos)) (&& (< monoandroid) (< net45) (>= netstandard1.0) (< netstandard1.3) (< win8) (< wp8) (< wpa81))
      Microsoft.NETCore.Targets (>= 1.1) - restriction: || (>= dnxcore50) (&& (< monoandroid) (< monotouch) (< net45) (>= netstandard1.3) (< win8) (< wpa81) (< xamarinios) (< xamarinmac) (< xamarintvos) (< xamarinwatchos)) (&& (< monoandroid) (< net45) (>= netstandard1.0) (< netstandard1.3) (< win8) (< wp8) (< wpa81))
      System.Runtime (>= 4.3) - restriction: || (>= dnxcore50) (&& (< monoandroid) (< monotouch) (< net45) (>= netstandard1.3) (< win8) (< wpa81) (< xamarinios) (< xamarinmac) (< xamarintvos) (< xamarinwatchos)) (&& (< monoandroid) (< net45) (>= netstandard1.0) (< netstandard1.3) (< win8) (< wp8) (< wpa81))
    System.Globalization.Calendars (4.3) - restriction: || (&& (>= dnxcore50) (>= netstandard1.6)) (&& (< net45) (< netstandard1.4) (>= netstandard1.6) (< win8) (< wpa81)) (&& (< net45) (< netstandard1.5) (>= netstandard1.6) (< win8) (< wpa81)) (&& (< net45) (>= netstandard1.6) (< netstandard2.0) (< win8) (< wpa81)) (&& (>= netstandard1.6) (< netstandard2.0) (>= uap10.0))
      Microsoft.NETCore.Platforms (>= 1.1) - restriction: && (< monoandroid) (< monotouch) (< net46) (>= netstandard1.3) (< xamarinios) (< xamarinmac) (< xamarintvos) (< xamarinwatchos)
      Microsoft.NETCore.Targets (>= 1.1) - restriction: && (< monoandroid) (< monotouch) (< net46) (>= netstandard1.3) (< xamarinios) (< xamarinmac) (< xamarintvos) (< xamarinwatchos)
      System.Globalization (>= 4.3) - restriction: && (< monoandroid) (< monotouch) (< net46) (>= netstandard1.3) (< xamarinios) (< xamarinmac) (< xamarintvos) (< xamarinwatchos)
      System.Runtime (>= 4.3) - restriction: && (< monoandroid) (< monotouch) (< net46) (>= netstandard1.3) (< xamarinios) (< xamarinmac) (< xamarintvos) (< xamarinwatchos)
    System.Globalization.Extensions (4.3) - restriction: || (&& (< monoandroid) (< monotouch) (< net20) (>= netstandard1.5) (< netstandard2.0) (< win8) (< wpa81) (< xamarinmac) (< xamarintvos) (< xamarinwatchos)) (&& (< monoandroid) (< net20) (< netstandard1.3) (>= netstandard1.5) (< win8) (< wpa81)) (&& (< monoandroid) (< net45) (>= netstandard2.0) (< xamarinios)) (&& (< net45) (>= net46) (>= netstandard1.6))
      Microsoft.NETCore.Platforms (>= 1.1) - restriction: && (< monoandroid) (< monotouch) (< net46) (>= netstandard1.3) (< xamarinios) (< xamarinmac) (< xamarintvos) (< xamarinwatchos)
      System.Globalization (>= 4.3) - restriction: && (< monoandroid) (< monotouch) (< net46) (>= netstandard1.3) (< xamarinios) (< xamarinmac) (< xamarintvos) (< xamarinwatchos)
      System.Resources.ResourceManager (>= 4.3) - restriction: && (< monoandroid) (< monotouch) (< net46) (>= netstandard1.3) (< xamarinios) (< xamarinmac) (< xamarintvos) (< xamarinwatchos)
      System.Runtime (>= 4.3) - restriction: && (< monoandroid) (< monotouch) (< net46) (>= netstandard1.3) (< xamarinios) (< xamarinmac) (< xamarintvos) (< xamarinwatchos)
      System.Runtime.Extensions (>= 4.3) - restriction: && (< monoandroid) (< monotouch) (< net46) (>= netstandard1.3) (< xamarinios) (< xamarinmac) (< xamarintvos) (< xamarinwatchos)
      System.Runtime.InteropServices (>= 4.3) - restriction: && (< monoandroid) (< monotouch) (< net46) (>= netstandard1.3) (< xamarinios) (< xamarinmac) (< xamarintvos) (< xamarinwatchos)
    System.IO (4.3) - restriction: || (&& (>= dnxcore50) (>= net46)) (&& (>= dnxcore50) (>= netstandard1.3)) (&& (>= dnxcore50) (>= netstandard1.6)) (&& (>= dnxcore50) (>= netstandard2.0)) (&& (< monoandroid) (< monotouch) (< net35) (>= netstandard1.6) (< xamarinios) (< xamarinmac) (< xamarintvos) (< xamarinwatchos)) (&& (< monoandroid) (< monotouch) (< net45) (>= netstandard1.6) (< win8) (< wpa81) (< xamarinios) (< xamarinmac) (< xamarintvos) (< xamarinwatchos)) (&& (< monoandroid) (< monotouch) (< net46) (>= netstandard1.6) (< xamarinios) (< xamarinmac) (< xamarintvos) (< xamarinwatchos)) (&& (< monoandroid) (< net35) (>= netstandard1.3) (< netstandard1.4)) (&& (< monoandroid) (< net35) (>= netstandard1.4) (< netstandard1.6)) (&& (< monoandroid) (< net45) (< netstandard1.3) (>= netstandard2.0) (< win8) (< wpa81)) (&& (< monoandroid) (< net45) (< netstandard1.6) (>= netstandard2.0) (< win8) (< wpa81)) (&& (< monoandroid) (< net45) (>= netstandard2.0) (< xamarinios)) (&& (< net35) (>= net463)) (&& (< net45) (>= net46)) (&& (< net45) (< netstandard1.2) (>= netstandard1.6) (< win8)) (&& (< net45) (< netstandard1.3) (>= netstandard1.6) (< win8) (< wpa81)) (&& (< net45) (< netstandard1.4) (>= netstandard1.6) (< win8) (< wpa81)) (&& (< net45) (< netstandard1.5) (>= netstandard1.6) (< win8) (< wpa81)) (&& (< net45) (>= netstandard1.6) (< netstandard2.0)) (&& (>= netstandard1.6) (< netstandard2.0) (>= uap10.0)) (&& (>= netstandard1.6) (< portable-net45+win8+wpa81))
      Microsoft.NETCore.Platforms (>= 1.1) - restriction: || (>= dnxcore50) (&& (< monoandroid) (< monotouch) (< net45) (>= netstandard1.5) (< win8) (< wpa81) (< xamarinios) (< xamarinmac) (< xamarintvos) (< xamarinwatchos)) (&& (< monoandroid) (< net45) (>= netstandard1.0) (< netstandard1.3) (< win8) (< wp8) (< wpa81)) (&& (< monoandroid) (< net45) (>= netstandard1.3) (< netstandard1.5) (< win8) (< wpa81))
      Microsoft.NETCore.Targets (>= 1.1) - restriction: || (>= dnxcore50) (&& (< monoandroid) (< monotouch) (< net45) (>= netstandard1.5) (< win8) (< wpa81) (< xamarinios) (< xamarinmac) (< xamarintvos) (< xamarinwatchos)) (&& (< monoandroid) (< net45) (>= netstandard1.0) (< netstandard1.3) (< win8) (< wp8) (< wpa81)) (&& (< monoandroid) (< net45) (>= netstandard1.3) (< netstandard1.5) (< win8) (< wpa81))
      System.Runtime (>= 4.3) - restriction: || (>= dnxcore50) (&& (< monoandroid) (< monotouch) (< net45) (>= netstandard1.5) (< win8) (< wpa81) (< xamarinios) (< xamarinmac) (< xamarintvos) (< xamarinwatchos)) (&& (< monoandroid) (< net45) (>= netstandard1.0) (< netstandard1.3) (< win8) (< wp8) (< wpa81)) (&& (< monoandroid) (< net45) (>= netstandard1.3) (< netstandard1.5) (< win8) (< wpa81))
      System.Text.Encoding (>= 4.3) - restriction: || (>= dnxcore50) (&& (< monoandroid) (< monotouch) (< net45) (>= netstandard1.5) (< win8) (< wpa81) (< xamarinios) (< xamarinmac) (< xamarintvos) (< xamarinwatchos)) (&& (< monoandroid) (< net45) (>= netstandard1.0) (< netstandard1.3) (< win8) (< wp8) (< wpa81)) (&& (< monoandroid) (< net45) (>= netstandard1.3) (< netstandard1.5) (< win8) (< wpa81))
      System.Threading.Tasks (>= 4.3) - restriction: || (>= dnxcore50) (&& (< monoandroid) (< monotouch) (< net45) (>= netstandard1.5) (< win8) (< wpa81) (< xamarinios) (< xamarinmac) (< xamarintvos) (< xamarinwatchos)) (&& (< monoandroid) (< net45) (>= netstandard1.0) (< netstandard1.3) (< win8) (< wp8) (< wpa81)) (&& (< monoandroid) (< net45) (>= netstandard1.3) (< netstandard1.5) (< win8) (< wpa81))
    System.IO.Compression (4.3) - restriction: || (>= net46) (>= netstandard1.6)
      Microsoft.NETCore.Platforms (>= 1.1) - restriction: && (< monoandroid) (< monotouch) (< net45) (>= netstandard1.3) (< win8) (< wpa81) (< xamarinios) (< xamarinmac) (< xamarintvos) (< xamarinwatchos)
      runtime.native.System (>= 4.3) - restriction: && (< monoandroid) (< monotouch) (< net45) (>= netstandard1.3) (< win8) (< wpa81) (< xamarinios) (< xamarinmac) (< xamarintvos) (< xamarinwatchos)
      runtime.native.System.IO.Compression (>= 4.3) - restriction: || (>= dnxcore50) (&& (< monoandroid) (< monotouch) (< net45) (>= netstandard1.3) (< win8) (< wpa81) (< xamarinios) (< xamarinmac) (< xamarintvos) (< xamarinwatchos))
      System.Buffers (>= 4.3) - restriction: || (>= dnxcore50) (&& (< monoandroid) (< monotouch) (< net45) (>= netstandard1.3) (< win8) (< wpa81) (< xamarinios) (< xamarinmac) (< xamarintvos) (< xamarinwatchos))
      System.Collections (>= 4.3) - restriction: || (>= dnxcore50) (&& (< monoandroid) (< monotouch) (< net45) (>= netstandard1.3) (< win8) (< wpa81) (< xamarinios) (< xamarinmac) (< xamarintvos) (< xamarinwatchos))
      System.Diagnostics.Debug (>= 4.3) - restriction: || (>= dnxcore50) (&& (< monoandroid) (< monotouch) (< net45) (>= netstandard1.3) (< win8) (< wpa81) (< xamarinios) (< xamarinmac) (< xamarintvos) (< xamarinwatchos))
      System.IO (>= 4.3) - restriction: || (>= dnxcore50) (&& (< monoandroid) (< monotouch) (< net45) (>= netstandard1.3) (< win8) (< wpa81) (< xamarinios) (< xamarinmac) (< xamarintvos) (< xamarinwatchos)) (&& (< monoandroid) (< net45) (>= netstandard1.1) (< netstandard1.3) (< win8) (< wpa81))
      System.Resources.ResourceManager (>= 4.3) - restriction: || (>= dnxcore50) (&& (< monoandroid) (< monotouch) (< net45) (>= netstandard1.3) (< win8) (< wpa81) (< xamarinios) (< xamarinmac) (< xamarintvos) (< xamarinwatchos))
      System.Runtime (>= 4.3) - restriction: || (>= dnxcore50) (&& (< monoandroid) (< monotouch) (< net45) (>= netstandard1.3) (< win8) (< wpa81) (< xamarinios) (< xamarinmac) (< xamarintvos) (< xamarinwatchos)) (&& (< monoandroid) (< net45) (>= netstandard1.1) (< netstandard1.3) (< win8) (< wpa81))
      System.Runtime.Extensions (>= 4.3) - restriction: || (>= dnxcore50) (&& (< monoandroid) (< monotouch) (< net45) (>= netstandard1.3) (< win8) (< wpa81) (< xamarinios) (< xamarinmac) (< xamarintvos) (< xamarinwatchos))
      System.Runtime.Handles (>= 4.3) - restriction: || (>= dnxcore50) (&& (< monoandroid) (< monotouch) (< net45) (>= netstandard1.3) (< win8) (< wpa81) (< xamarinios) (< xamarinmac) (< xamarintvos) (< xamarinwatchos))
      System.Runtime.InteropServices (>= 4.3) - restriction: || (>= dnxcore50) (&& (< monoandroid) (< monotouch) (< net45) (>= netstandard1.3) (< win8) (< wpa81) (< xamarinios) (< xamarinmac) (< xamarintvos) (< xamarinwatchos))
      System.Text.Encoding (>= 4.3) - restriction: || (>= dnxcore50) (&& (< monoandroid) (< monotouch) (< net45) (>= netstandard1.3) (< win8) (< wpa81) (< xamarinios) (< xamarinmac) (< xamarintvos) (< xamarinwatchos)) (&& (< monoandroid) (< net45) (>= netstandard1.1) (< netstandard1.3) (< win8) (< wpa81))
      System.Threading (>= 4.3) - restriction: || (>= dnxcore50) (&& (< monoandroid) (< monotouch) (< net45) (>= netstandard1.3) (< win8) (< wpa81) (< xamarinios) (< xamarinmac) (< xamarintvos) (< xamarinwatchos))
      System.Threading.Tasks (>= 4.3) - restriction: || (>= dnxcore50) (&& (< monoandroid) (< monotouch) (< net45) (>= netstandard1.3) (< win8) (< wpa81) (< xamarinios) (< xamarinmac) (< xamarintvos) (< xamarinwatchos))
    System.IO.Compression.ZipFile (4.3) - restriction: || (>= net46) (>= netstandard1.6)
      System.Buffers (>= 4.3) - restriction: && (< monoandroid) (< monotouch) (< net46) (>= netstandard1.3) (< xamarinios) (< xamarinmac) (< xamarintvos) (< xamarinwatchos)
      System.IO (>= 4.3) - restriction: && (< monoandroid) (< monotouch) (< net46) (>= netstandard1.3) (< xamarinios) (< xamarinmac) (< xamarintvos) (< xamarinwatchos)
      System.IO.Compression (>= 4.3) - restriction: && (< monoandroid) (< monotouch) (< net46) (>= netstandard1.3) (< xamarinios) (< xamarinmac) (< xamarintvos) (< xamarinwatchos)
      System.IO.FileSystem (>= 4.3) - restriction: && (< monoandroid) (< monotouch) (< net46) (>= netstandard1.3) (< xamarinios) (< xamarinmac) (< xamarintvos) (< xamarinwatchos)
      System.IO.FileSystem.Primitives (>= 4.3) - restriction: && (< monoandroid) (< monotouch) (< net46) (>= netstandard1.3) (< xamarinios) (< xamarinmac) (< xamarintvos) (< xamarinwatchos)
      System.Resources.ResourceManager (>= 4.3) - restriction: && (< monoandroid) (< monotouch) (< net46) (>= netstandard1.3) (< xamarinios) (< xamarinmac) (< xamarintvos) (< xamarinwatchos)
      System.Runtime (>= 4.3) - restriction: && (< monoandroid) (< monotouch) (< net46) (>= netstandard1.3) (< xamarinios) (< xamarinmac) (< xamarintvos) (< xamarinwatchos)
      System.Runtime.Extensions (>= 4.3) - restriction: && (< monoandroid) (< monotouch) (< net46) (>= netstandard1.3) (< xamarinios) (< xamarinmac) (< xamarintvos) (< xamarinwatchos)
      System.Text.Encoding (>= 4.3) - restriction: && (< monoandroid) (< monotouch) (< net46) (>= netstandard1.3) (< xamarinios) (< xamarinmac) (< xamarintvos) (< xamarinwatchos)
    System.IO.FileSystem (4.3) - restriction: || (&& (>= dnxcore50) (>= net46)) (&& (>= dnxcore50) (>= netstandard1.6)) (&& (>= dnxcore50) (>= netstandard2.0)) (&& (< monoandroid) (< monotouch) (< net46) (>= netstandard1.6) (< xamarinios) (< xamarinmac) (< xamarintvos) (< xamarinwatchos)) (&& (< monoandroid) (< net45) (>= netstandard2.0) (< xamarinios)) (&& (< net35) (>= netstandard1.3)) (&& (< net45) (>= net46)) (&& (< net45) (< netstandard1.4) (>= netstandard1.6) (< win8) (< wpa81)) (&& (< net45) (< netstandard1.5) (>= netstandard1.6) (< win8) (< wpa81)) (&& (< net45) (>= netstandard1.6) (< netstandard2.0) (< win8) (< wpa81)) (&& (>= netstandard1.6) (< netstandard2.0) (>= uap10.0))
      Microsoft.NETCore.Platforms (>= 1.1) - restriction: && (< monoandroid) (< monotouch) (< net46) (>= netstandard1.3) (< xamarinios) (< xamarinmac) (< xamarintvos) (< xamarinwatchos)
      Microsoft.NETCore.Targets (>= 1.1) - restriction: && (< monoandroid) (< monotouch) (< net46) (>= netstandard1.3) (< xamarinios) (< xamarinmac) (< xamarintvos) (< xamarinwatchos)
      System.IO (>= 4.3) - restriction: && (< monoandroid) (< monotouch) (< net46) (>= netstandard1.3) (< xamarinios) (< xamarinmac) (< xamarintvos) (< xamarinwatchos)
      System.IO.FileSystem.Primitives (>= 4.3) - restriction: || (&& (< monoandroid) (< monotouch) (>= netstandard1.3) (< xamarinios) (< xamarinmac) (< xamarintvos) (< xamarinwatchos)) (>= net46)
      System.Runtime (>= 4.3) - restriction: && (< monoandroid) (< monotouch) (< net46) (>= netstandard1.3) (< xamarinios) (< xamarinmac) (< xamarintvos) (< xamarinwatchos)
      System.Runtime.Handles (>= 4.3) - restriction: && (< monoandroid) (< monotouch) (< net46) (>= netstandard1.3) (< xamarinios) (< xamarinmac) (< xamarintvos) (< xamarinwatchos)
      System.Text.Encoding (>= 4.3) - restriction: && (< monoandroid) (< monotouch) (< net46) (>= netstandard1.3) (< xamarinios) (< xamarinmac) (< xamarintvos) (< xamarinwatchos)
      System.Threading.Tasks (>= 4.3) - restriction: && (< monoandroid) (< monotouch) (< net46) (>= netstandard1.3) (< xamarinios) (< xamarinmac) (< xamarintvos) (< xamarinwatchos)
    System.IO.FileSystem.Primitives (4.3) - restriction: || (&& (>= dnxcore50) (>= net46)) (&& (>= dnxcore50) (>= netstandard2.0)) (&& (< monoandroid) (< monotouch) (< net46) (>= netstandard1.6) (< xamarinios) (< xamarinmac) (< xamarintvos) (< xamarinwatchos)) (&& (< monoandroid) (< net45) (>= netstandard2.0) (< win8) (< wpa81) (< xamarinios)) (&& (< monoandroid) (< net46) (>= netstandard2.0) (< xamarinios)) (&& (< net35) (>= net46)) (&& (< net35) (>= netstandard1.3)) (&& (< net45) (>= net46)) (&& (< net45) (< netstandard1.4) (>= netstandard1.6) (< win8) (< wpa81)) (&& (< net45) (< netstandard1.5) (>= netstandard1.6) (< win8) (< wpa81)) (&& (< net45) (>= netstandard1.6) (< netstandard2.0) (< win8) (< wpa81)) (&& (>= netstandard1.6) (< netstandard2.0) (>= uap10.0))
      System.Runtime (>= 4.3) - restriction: && (< monoandroid) (< monotouch) (< net46) (>= netstandard1.3) (< xamarinios) (< xamarinmac) (< xamarintvos) (< xamarinwatchos)
    System.IO.FileSystem.Watcher (4.3) - restriction: || (>= net46) (>= netstandard1.6)
      Microsoft.NETCore.Platforms (>= 1.1) - restriction: && (< monoandroid) (< monotouch) (< net46) (>= netstandard1.3) (< xamarinios) (< xamarinmac) (< xamarintvos) (< xamarinwatchos)
      Microsoft.Win32.Primitives (>= 4.3) - restriction: && (< monoandroid) (< monotouch) (< net46) (>= netstandard1.3) (< xamarinios) (< xamarinmac) (< xamarintvos) (< xamarinwatchos)
      runtime.native.System (>= 4.3) - restriction: && (< monoandroid) (< monotouch) (< net46) (>= netstandard1.3) (< xamarinios) (< xamarinmac) (< xamarintvos) (< xamarinwatchos)
      System.Collections (>= 4.3) - restriction: && (< monoandroid) (< monotouch) (< net46) (>= netstandard1.3) (< xamarinios) (< xamarinmac) (< xamarintvos) (< xamarinwatchos)
      System.IO.FileSystem (>= 4.3) - restriction: && (< monoandroid) (< monotouch) (< net46) (>= netstandard1.3) (< xamarinios) (< xamarinmac) (< xamarintvos) (< xamarinwatchos)
      System.IO.FileSystem.Primitives (>= 4.3) - restriction: && (< monoandroid) (< monotouch) (< net46) (>= netstandard1.3) (< xamarinios) (< xamarinmac) (< xamarintvos) (< xamarinwatchos)
      System.Resources.ResourceManager (>= 4.3) - restriction: && (< monoandroid) (< monotouch) (< net46) (>= netstandard1.3) (< xamarinios) (< xamarinmac) (< xamarintvos) (< xamarinwatchos)
      System.Runtime (>= 4.3) - restriction: && (< monoandroid) (< monotouch) (< net46) (>= netstandard1.3) (< xamarinios) (< xamarinmac) (< xamarintvos) (< xamarinwatchos)
      System.Runtime.Extensions (>= 4.3) - restriction: && (< monoandroid) (< monotouch) (< net46) (>= netstandard1.3) (< xamarinios) (< xamarinmac) (< xamarintvos) (< xamarinwatchos)
      System.Runtime.Handles (>= 4.3) - restriction: && (< monoandroid) (< monotouch) (< net46) (>= netstandard1.3) (< xamarinios) (< xamarinmac) (< xamarintvos) (< xamarinwatchos)
      System.Runtime.InteropServices (>= 4.3) - restriction: && (< monoandroid) (< monotouch) (< net46) (>= netstandard1.3) (< xamarinios) (< xamarinmac) (< xamarintvos) (< xamarinwatchos)
      System.Text.Encoding (>= 4.3) - restriction: && (< monoandroid) (< monotouch) (< net46) (>= netstandard1.3) (< xamarinios) (< xamarinmac) (< xamarintvos) (< xamarinwatchos)
      System.Threading (>= 4.3) - restriction: && (< monoandroid) (< monotouch) (< net46) (>= netstandard1.3) (< xamarinios) (< xamarinmac) (< xamarintvos) (< xamarinwatchos)
      System.Threading.Overlapped (>= 4.3) - restriction: && (< monoandroid) (< monotouch) (< net46) (>= netstandard1.3) (< xamarinios) (< xamarinmac) (< xamarintvos) (< xamarinwatchos)
      System.Threading.Tasks (>= 4.3) - restriction: && (< monoandroid) (< monotouch) (< net46) (>= netstandard1.3) (< xamarinios) (< xamarinmac) (< xamarintvos) (< xamarinwatchos)
      System.Threading.Thread (>= 4.3) - restriction: && (< monoandroid) (< monotouch) (< net46) (>= netstandard1.3) (< xamarinios) (< xamarinmac) (< xamarintvos) (< xamarinwatchos)
    System.Linq (4.3) - restriction: || (&& (>= dnxcore50) (>= net46)) (&& (>= dnxcore50) (>= netstandard1.0)) (&& (>= dnxcore50) (>= netstandard1.3)) (&& (>= dnxcore50) (>= netstandard1.6)) (&& (>= dnxcore50) (>= netstandard2.0)) (&& (< monoandroid) (< monotouch) (< net20) (>= netstandard1.3) (< netstandard2.0) (< win8) (< wpa81) (< xamarinmac) (< xamarintvos) (< xamarinwatchos)) (&& (< monoandroid) (< monotouch) (< net20) (>= netstandard1.5) (< netstandard2.0) (< win8) (< wpa81) (< xamarinmac) (< xamarintvos) (< xamarinwatchos)) (&& (< monoandroid) (< net20) (< netstandard1.3) (>= netstandard1.5) (< win8) (< wpa81)) (&& (< monoandroid) (< net45) (< netstandard1.3) (>= netstandard2.0) (< win8) (< wpa81)) (&& (< monoandroid) (< net45) (>= netstandard2.0) (< win8) (< wpa81) (< xamarinios)) (&& (< monoandroid) (< net46) (>= netstandard2.0) (< xamarinios)) (&& (< net45) (>= net46)) (&& (< net45) (< netstandard1.2) (>= netstandard1.6) (< win8)) (&& (< net45) (< netstandard1.3) (>= netstandard1.6) (< win8) (< wpa81)) (&& (< net45) (< netstandard1.4) (>= netstandard1.6) (< win8) (< wpa81)) (&& (< net45) (< netstandard1.5) (>= netstandard1.6) (< win8) (< wpa81)) (&& (< net45) (>= netstandard1.6) (< netstandard2.0)) (&& (>= netstandard1.6) (< netstandard2.0) (>= uap10.0)) (&& (>= netstandard1.6) (< portable-net45+win8+wpa81))
      System.Collections (>= 4.3) - restriction: || (>= dnxcore50) (&& (< monoandroid) (< monotouch) (< net45) (>= netstandard1.6) (< xamarinios) (< xamarinmac) (< xamarintvos) (< xamarinwatchos)) (&& (< monoandroid) (< net45) (>= netstandard1.0) (< netstandard1.6) (< win8) (< wp8) (< wpa81))
      System.Diagnostics.Debug (>= 4.3) - restriction: || (>= dnxcore50) (&& (< monoandroid) (< monotouch) (< net45) (>= netstandard1.6) (< xamarinios) (< xamarinmac) (< xamarintvos) (< xamarinwatchos))
      System.Resources.ResourceManager (>= 4.3) - restriction: || (>= dnxcore50) (&& (< monoandroid) (< monotouch) (< net45) (>= netstandard1.6) (< xamarinios) (< xamarinmac) (< xamarintvos) (< xamarinwatchos))
      System.Runtime (>= 4.3) - restriction: || (>= dnxcore50) (&& (< monoandroid) (< monotouch) (< net45) (>= netstandard1.6) (< xamarinios) (< xamarinmac) (< xamarintvos) (< xamarinwatchos)) (&& (< monoandroid) (< net45) (>= netstandard1.0) (< netstandard1.6) (< win8) (< wp8) (< wpa81))
      System.Runtime.Extensions (>= 4.3) - restriction: || (>= dnxcore50) (&& (< monoandroid) (< monotouch) (< net45) (>= netstandard1.6) (< xamarinios) (< xamarinmac) (< xamarintvos) (< xamarinwatchos))
    System.Linq.Expressions (4.3) - restriction: || (&& (>= dnxcore50) (>= netstandard1.0)) (&& (>= dnxcore50) (>= netstandard1.3)) (&& (>= dnxcore50) (>= netstandard1.6)) (&& (< monoandroid) (< monotouch) (< net20) (>= netstandard1.3) (< netstandard2.0) (< win8) (< wpa81) (< xamarinmac) (< xamarintvos) (< xamarinwatchos)) (&& (< monoandroid) (< net20) (>= netstandard1.0) (< netstandard1.3) (< win8) (< wp8) (< wpa81)) (&& (< net45) (< netstandard1.2) (>= netstandard1.6) (< win8)) (&& (< net45) (< netstandard1.3) (>= netstandard1.6) (< win8) (< wpa81)) (&& (< net45) (< netstandard1.4) (>= netstandard1.6) (< win8) (< wpa81)) (&& (< net45) (< netstandard1.5) (>= netstandard1.6) (< win8) (< wpa81)) (&& (< net45) (>= netstandard1.6) (< netstandard2.0)) (&& (>= netstandard1.6) (< netstandard2.0) (>= uap10.0)) (&& (>= netstandard1.6) (< portable-net45+win8+wpa81))
      System.Collections (>= 4.3) - restriction: || (>= dnxcore50) (&& (< monoandroid) (< monotouch) (< net45) (>= netstandard1.6) (< win8) (< wpa81) (< xamarinios) (< xamarinmac) (< xamarintvos) (< xamarinwatchos))
      System.Diagnostics.Debug (>= 4.3) - restriction: || (>= dnxcore50) (&& (< monoandroid) (< monotouch) (< net45) (>= netstandard1.6) (< win8) (< wpa81) (< xamarinios) (< xamarinmac) (< xamarintvos) (< xamarinwatchos))
      System.Globalization (>= 4.3) - restriction: || (>= dnxcore50) (&& (< monoandroid) (< monotouch) (< net45) (>= netstandard1.6) (< win8) (< wpa81) (< xamarinios) (< xamarinmac) (< xamarintvos) (< xamarinwatchos))
      System.IO (>= 4.3) - restriction: || (>= dnxcore50) (&& (< monoandroid) (< monotouch) (< net45) (>= netstandard1.6) (< win8) (< wpa81) (< xamarinios) (< xamarinmac) (< xamarintvos) (< xamarinwatchos))
      System.Linq (>= 4.3) - restriction: || (>= dnxcore50) (&& (< monoandroid) (< monotouch) (< net45) (>= netstandard1.6) (< win8) (< wpa81) (< xamarinios) (< xamarinmac) (< xamarintvos) (< xamarinwatchos))
      System.ObjectModel (>= 4.3) - restriction: && (< monoandroid) (< monotouch) (< net45) (>= netstandard1.6) (< win8) (< wpa81) (< xamarinios) (< xamarinmac) (< xamarintvos) (< xamarinwatchos)
      System.Reflection (>= 4.3) - restriction: || (>= dnxcore50) (&& (< monoandroid) (< monotouch) (< net45) (>= netstandard1.6) (< win8) (< wpa81) (< xamarinios) (< xamarinmac) (< xamarintvos) (< xamarinwatchos)) (&& (< monoandroid) (< net45) (>= netstandard1.0) (< netstandard1.3) (< win8) (< wp8) (< wpa81)) (&& (< monoandroid) (< net45) (>= netstandard1.3) (< netstandard1.6) (< win8) (< wpa81))
      System.Reflection.Emit (>= 4.3) - restriction: && (< monoandroid) (< monotouch) (< net45) (>= netstandard1.6) (< win8) (< wpa81) (< xamarinios) (< xamarinmac) (< xamarintvos) (< xamarinwatchos)
      System.Reflection.Emit.ILGeneration (>= 4.3) - restriction: || (>= dnxcore50) (&& (< monoandroid) (< monotouch) (< net45) (>= netstandard1.6) (< win8) (< wpa81) (< xamarinios) (< xamarinmac) (< xamarintvos) (< xamarinwatchos))
      System.Reflection.Emit.Lightweight (>= 4.3) - restriction: || (>= dnxcore50) (&& (< monoandroid) (< monotouch) (< net45) (>= netstandard1.6) (< win8) (< wpa81) (< xamarinios) (< xamarinmac) (< xamarintvos) (< xamarinwatchos))
      System.Reflection.Extensions (>= 4.3) - restriction: || (>= dnxcore50) (&& (< monoandroid) (< monotouch) (< net45) (>= netstandard1.6) (< win8) (< wpa81) (< xamarinios) (< xamarinmac) (< xamarintvos) (< xamarinwatchos))
      System.Reflection.Primitives (>= 4.3) - restriction: || (>= dnxcore50) (&& (< monoandroid) (< monotouch) (< net45) (>= netstandard1.6) (< win8) (< wpa81) (< xamarinios) (< xamarinmac) (< xamarintvos) (< xamarinwatchos))
      System.Reflection.TypeExtensions (>= 4.3) - restriction: || (>= dnxcore50) (&& (< monoandroid) (< monotouch) (< net45) (>= netstandard1.6) (< win8) (< wpa81) (< xamarinios) (< xamarinmac) (< xamarintvos) (< xamarinwatchos))
      System.Resources.ResourceManager (>= 4.3) - restriction: || (>= dnxcore50) (&& (< monoandroid) (< monotouch) (< net45) (>= netstandard1.6) (< win8) (< wpa81) (< xamarinios) (< xamarinmac) (< xamarintvos) (< xamarinwatchos))
      System.Runtime (>= 4.3) - restriction: || (>= dnxcore50) (&& (< monoandroid) (< monotouch) (< net45) (>= netstandard1.6) (< win8) (< wpa81) (< xamarinios) (< xamarinmac) (< xamarintvos) (< xamarinwatchos)) (&& (< monoandroid) (< net45) (>= netstandard1.0) (< netstandard1.3) (< win8) (< wp8) (< wpa81)) (&& (< monoandroid) (< net45) (>= netstandard1.3) (< netstandard1.6) (< win8) (< wpa81))
      System.Runtime.Extensions (>= 4.3) - restriction: || (>= dnxcore50) (&& (< monoandroid) (< monotouch) (< net45) (>= netstandard1.6) (< win8) (< wpa81) (< xamarinios) (< xamarinmac) (< xamarintvos) (< xamarinwatchos))
      System.Threading (>= 4.3) - restriction: || (>= dnxcore50) (&& (< monoandroid) (< monotouch) (< net45) (>= netstandard1.6) (< win8) (< wpa81) (< xamarinios) (< xamarinmac) (< xamarintvos) (< xamarinwatchos))
    System.Linq.Parallel (4.3) - restriction: || (>= net46) (>= netstandard2.0)
      System.Collections (>= 4.3) - restriction: || (>= dnxcore50) (&& (< monoandroid) (< monotouch) (< net45) (>= netstandard1.3) (< win8) (< wpa81) (< xamarinios) (< xamarinmac) (< xamarintvos) (< xamarinwatchos)) (&& (< monoandroid) (< net45) (>= netstandard1.1) (< netstandard1.3) (< win8) (< wpa81))
      System.Collections.Concurrent (>= 4.3) - restriction: || (>= dnxcore50) (&& (< monoandroid) (< monotouch) (< net45) (>= netstandard1.3) (< win8) (< wpa81) (< xamarinios) (< xamarinmac) (< xamarintvos) (< xamarinwatchos)) (&& (< monoandroid) (< net45) (>= netstandard1.1) (< netstandard1.3) (< win8) (< wpa81))
      System.Diagnostics.Debug (>= 4.3) - restriction: || (>= dnxcore50) (&& (< monoandroid) (< monotouch) (< net45) (>= netstandard1.3) (< win8) (< wpa81) (< xamarinios) (< xamarinmac) (< xamarintvos) (< xamarinwatchos))
      System.Diagnostics.Tracing (>= 4.3) - restriction: || (>= dnxcore50) (&& (< monoandroid) (< monotouch) (< net45) (>= netstandard1.3) (< win8) (< wpa81) (< xamarinios) (< xamarinmac) (< xamarintvos) (< xamarinwatchos))
      System.Linq (>= 4.3) - restriction: || (>= dnxcore50) (&& (< monoandroid) (< monotouch) (< net45) (>= netstandard1.3) (< win8) (< wpa81) (< xamarinios) (< xamarinmac) (< xamarintvos) (< xamarinwatchos)) (&& (< monoandroid) (< net45) (>= netstandard1.1) (< netstandard1.3) (< win8) (< wpa81))
      System.Resources.ResourceManager (>= 4.3) - restriction: || (>= dnxcore50) (&& (< monoandroid) (< monotouch) (< net45) (>= netstandard1.3) (< win8) (< wpa81) (< xamarinios) (< xamarinmac) (< xamarintvos) (< xamarinwatchos))
      System.Runtime (>= 4.3) - restriction: || (>= dnxcore50) (&& (< monoandroid) (< monotouch) (< net45) (>= netstandard1.3) (< win8) (< wpa81) (< xamarinios) (< xamarinmac) (< xamarintvos) (< xamarinwatchos)) (&& (< monoandroid) (< net45) (>= netstandard1.1) (< netstandard1.3) (< win8) (< wpa81))
      System.Runtime.Extensions (>= 4.3) - restriction: || (>= dnxcore50) (&& (< monoandroid) (< monotouch) (< net45) (>= netstandard1.3) (< win8) (< wpa81) (< xamarinios) (< xamarinmac) (< xamarintvos) (< xamarinwatchos))
      System.Threading (>= 4.3) - restriction: || (>= dnxcore50) (&& (< monoandroid) (< monotouch) (< net45) (>= netstandard1.3) (< win8) (< wpa81) (< xamarinios) (< xamarinmac) (< xamarintvos) (< xamarinwatchos))
      System.Threading.Tasks (>= 4.3) - restriction: || (>= dnxcore50) (&& (< monoandroid) (< monotouch) (< net45) (>= netstandard1.3) (< win8) (< wpa81) (< xamarinios) (< xamarinmac) (< xamarintvos) (< xamarinwatchos)) (&& (< monoandroid) (< net45) (>= netstandard1.1) (< netstandard1.3) (< win8) (< wpa81))
    System.Linq.Queryable (4.3) - restriction: || (&& (< net45) (>= netstandard1.6) (< netstandard2.0)) (&& (>= net46) (>= uap10.0)) (&& (>= netstandard2.0) (>= uap10.0))
      System.Collections (>= 4.3) - restriction: || (>= dnxcore50) (&& (< monoandroid) (< monotouch) (< net45) (>= netstandard1.3) (< win8) (< wpa81) (< xamarinios) (< xamarinmac) (< xamarintvos) (< xamarinwatchos))
      System.Diagnostics.Debug (>= 4.3) - restriction: || (>= dnxcore50) (&& (< monoandroid) (< monotouch) (< net45) (>= netstandard1.3) (< win8) (< wpa81) (< xamarinios) (< xamarinmac) (< xamarintvos) (< xamarinwatchos))
      System.Linq (>= 4.3) - restriction: || (>= dnxcore50) (&& (< monoandroid) (< monotouch) (< net45) (>= netstandard1.3) (< win8) (< wpa81) (< xamarinios) (< xamarinmac) (< xamarintvos) (< xamarinwatchos)) (&& (< monoandroid) (< net45) (>= netstandard1.0) (< netstandard1.3) (< win8) (< wp8) (< wpa81))
      System.Linq.Expressions (>= 4.3) - restriction: || (>= dnxcore50) (&& (< monoandroid) (< monotouch) (< net45) (>= netstandard1.3) (< win8) (< wpa81) (< xamarinios) (< xamarinmac) (< xamarintvos) (< xamarinwatchos)) (&& (< monoandroid) (< net45) (>= netstandard1.0) (< netstandard1.3) (< win8) (< wp8) (< wpa81))
      System.Reflection (>= 4.3) - restriction: || (>= dnxcore50) (&& (< monoandroid) (< monotouch) (< net45) (>= netstandard1.3) (< win8) (< wpa81) (< xamarinios) (< xamarinmac) (< xamarintvos) (< xamarinwatchos))
      System.Reflection.Extensions (>= 4.3) - restriction: || (>= dnxcore50) (&& (< monoandroid) (< monotouch) (< net45) (>= netstandard1.3) (< win8) (< wpa81) (< xamarinios) (< xamarinmac) (< xamarintvos) (< xamarinwatchos))
      System.Resources.ResourceManager (>= 4.3) - restriction: || (>= dnxcore50) (&& (< monoandroid) (< monotouch) (< net45) (>= netstandard1.3) (< win8) (< wpa81) (< xamarinios) (< xamarinmac) (< xamarintvos) (< xamarinwatchos))
      System.Runtime (>= 4.3) - restriction: || (>= dnxcore50) (&& (< monoandroid) (< monotouch) (< net45) (>= netstandard1.3) (< win8) (< wpa81) (< xamarinios) (< xamarinmac) (< xamarintvos) (< xamarinwatchos)) (&& (< monoandroid) (< net45) (>= netstandard1.0) (< netstandard1.3) (< win8) (< wp8) (< wpa81))
    System.Memory (4.5.2) - restriction: || (&& (< monoandroid) (< net46) (< netcoreapp2.0) (>= netstandard2.0) (< xamarinios)) (&& (< net45) (>= net461) (>= netstandard2.0)) (&& (< net45) (< netcoreapp2.0) (>= netstandard2.0)) (&& (< net45) (< netcoreapp2.1) (>= netstandard2.0) (< xamarinios)) (&& (>= netcoreapp2.0) (< netcoreapp2.1)) (&& (>= netstandard2.0) (>= uap10.1))
      System.Buffers (>= 4.4) - restriction: || (&& (>= monoandroid) (< netstandard2.0)) (&& (< monoandroid) (< net45) (>= netstandard1.1) (< netstandard2.0) (< win8) (< wpa81)) (&& (< monoandroid) (< netstandard1.1) (>= portable-net45+win8+wpa81) (< win8)) (>= monotouch) (&& (>= net45) (< netstandard2.0)) (&& (< net45) (< netcoreapp2.0) (>= netstandard2.0)) (>= net461) (&& (< netstandard1.1) (>= win8)) (&& (< netstandard2.0) (< uap10.1) (>= wpa81)) (>= xamarinios) (>= xamarinmac) (>= xamarintvos) (>= xamarinwatchos)
      System.Numerics.Vectors (>= 4.4) - restriction: || (&& (< net45) (< netcoreapp2.0) (>= netstandard2.0) (< xamarinios)) (>= net461)
      System.Runtime.CompilerServices.Unsafe (>= 4.5.2) - restriction: || (&& (>= monoandroid) (< netstandard2.0)) (&& (< monoandroid) (< net45) (>= netstandard1.1) (< netstandard2.0) (< win8) (< wpa81)) (&& (< monoandroid) (< netstandard1.1) (>= portable-net45+win8+wpa81) (< win8)) (>= monotouch) (&& (>= net45) (< netstandard2.0)) (&& (< net45) (< netcoreapp2.0) (>= netstandard2.0)) (>= net461) (&& (>= netcoreapp2.0) (< netcoreapp2.1)) (&& (< netstandard1.1) (>= win8)) (&& (< netstandard2.0) (>= wpa81)) (>= uap10.1) (>= xamarinios) (>= xamarinmac) (>= xamarintvos) (>= xamarinwatchos)
    System.Net.Http (4.3.4) - restriction: || (>= net46) (>= netstandard1.6)
      Microsoft.NETCore.Platforms (>= 1.1.1) - restriction: || (>= dnxcore50) (&& (< monoandroid) (< monotouch) (< net45) (>= netstandard1.6) (< xamarinios) (< xamarinmac) (< xamarintvos) (< xamarinwatchos)) (&& (< monoandroid) (< net45) (>= netstandard1.3) (< netstandard1.6) (< win8) (< wpa81))
      runtime.native.System (>= 4.3) - restriction: && (< monoandroid) (< monotouch) (< net45) (>= netstandard1.6) (< xamarinios) (< xamarinmac) (< xamarintvos) (< xamarinwatchos)
      runtime.native.System.Net.Http (>= 4.3) - restriction: && (< monoandroid) (< monotouch) (< net45) (>= netstandard1.6) (< xamarinios) (< xamarinmac) (< xamarintvos) (< xamarinwatchos)
      runtime.native.System.Security.Cryptography.OpenSsl (>= 4.3.2) - restriction: && (< monoandroid) (< monotouch) (< net45) (>= netstandard1.6) (< xamarinios) (< xamarinmac) (< xamarintvos) (< xamarinwatchos)
      System.Collections (>= 4.3) - restriction: || (>= dnxcore50) (&& (< monoandroid) (< monotouch) (< net45) (>= netstandard1.6) (< xamarinios) (< xamarinmac) (< xamarintvos) (< xamarinwatchos)) (&& (< monoandroid) (< net45) (>= netstandard1.3) (< netstandard1.6) (< win8) (< wpa81))
      System.Diagnostics.Debug (>= 4.3) - restriction: || (>= dnxcore50) (&& (< monoandroid) (< monotouch) (< net45) (>= netstandard1.6) (< xamarinios) (< xamarinmac) (< xamarintvos) (< xamarinwatchos)) (&& (< monoandroid) (< net45) (>= netstandard1.3) (< netstandard1.6) (< win8) (< wpa81))
      System.Diagnostics.DiagnosticSource (>= 4.3) - restriction: || (>= dnxcore50) (&& (< monoandroid) (< monotouch) (< net45) (>= netstandard1.6) (< xamarinios) (< xamarinmac) (< xamarintvos) (< xamarinwatchos)) (&& (< monoandroid) (< net45) (>= netstandard1.3) (< netstandard1.6) (< win8) (< wpa81))
      System.Diagnostics.Tracing (>= 4.3) - restriction: || (>= dnxcore50) (&& (< monoandroid) (< monotouch) (< net45) (>= netstandard1.6) (< xamarinios) (< xamarinmac) (< xamarintvos) (< xamarinwatchos)) (&& (< monoandroid) (< net45) (>= netstandard1.3) (< netstandard1.6) (< win8) (< wpa81))
      System.Globalization (>= 4.3) - restriction: || (>= dnxcore50) (&& (< monoandroid) (< monotouch) (< net45) (>= netstandard1.6) (< xamarinios) (< xamarinmac) (< xamarintvos) (< xamarinwatchos)) (&& (< monoandroid) (< net45) (>= netstandard1.3) (< netstandard1.6) (< win8) (< wpa81))
      System.Globalization.Extensions (>= 4.3) - restriction: && (< monoandroid) (< monotouch) (< net45) (>= netstandard1.6) (< xamarinios) (< xamarinmac) (< xamarintvos) (< xamarinwatchos)
      System.IO (>= 4.3) - restriction: || (>= dnxcore50) (&& (< monoandroid) (< monotouch) (< net45) (>= netstandard1.6) (< xamarinios) (< xamarinmac) (< xamarintvos) (< xamarinwatchos)) (&& (< monoandroid) (< net45) (>= netstandard1.1) (< netstandard1.3) (< win8) (< wpa81)) (&& (< monoandroid) (< net45) (>= netstandard1.3) (< netstandard1.6) (< win8) (< wpa81))
      System.IO.FileSystem (>= 4.3) - restriction: && (< monoandroid) (< monotouch) (< net45) (>= netstandard1.6) (< xamarinios) (< xamarinmac) (< xamarintvos) (< xamarinwatchos)
      System.Net.Primitives (>= 4.3) - restriction: || (>= dnxcore50) (&& (< monoandroid) (< monotouch) (< net45) (>= netstandard1.6) (< xamarinios) (< xamarinmac) (< xamarintvos) (< xamarinwatchos)) (&& (< monoandroid) (< net45) (>= netstandard1.1) (< netstandard1.3) (< win8) (< wpa81)) (&& (< monoandroid) (< net45) (>= netstandard1.3) (< netstandard1.6) (< win8) (< wpa81))
      System.Resources.ResourceManager (>= 4.3) - restriction: || (>= dnxcore50) (&& (< monoandroid) (< monotouch) (< net45) (>= netstandard1.6) (< xamarinios) (< xamarinmac) (< xamarintvos) (< xamarinwatchos)) (&& (< monoandroid) (< net45) (>= netstandard1.3) (< netstandard1.6) (< win8) (< wpa81))
      System.Runtime (>= 4.3) - restriction: || (>= dnxcore50) (&& (< monoandroid) (< monotouch) (< net45) (>= netstandard1.6) (< xamarinios) (< xamarinmac) (< xamarintvos) (< xamarinwatchos)) (&& (< monoandroid) (< net45) (>= netstandard1.1) (< netstandard1.3) (< win8) (< wpa81)) (&& (< monoandroid) (< net45) (>= netstandard1.3) (< netstandard1.6) (< win8) (< wpa81))
      System.Runtime.Extensions (>= 4.3) - restriction: || (>= dnxcore50) (&& (< monoandroid) (< monotouch) (< net45) (>= netstandard1.6) (< xamarinios) (< xamarinmac) (< xamarintvos) (< xamarinwatchos)) (&& (< monoandroid) (< net45) (>= netstandard1.3) (< netstandard1.6) (< win8) (< wpa81))
      System.Runtime.Handles (>= 4.3) - restriction: || (&& (< monoandroid) (< monotouch) (< net45) (>= netstandard1.6) (< xamarinios) (< xamarinmac) (< xamarintvos) (< xamarinwatchos)) (&& (< monoandroid) (< net45) (>= netstandard1.3) (< netstandard1.6) (< win8) (< wpa81))
      System.Runtime.InteropServices (>= 4.3) - restriction: || (>= dnxcore50) (&& (< monoandroid) (< monotouch) (< net45) (>= netstandard1.6) (< xamarinios) (< xamarinmac) (< xamarintvos) (< xamarinwatchos)) (&& (< monoandroid) (< net45) (>= netstandard1.3) (< netstandard1.6) (< win8) (< wpa81))
      System.Security.Cryptography.Algorithms (>= 4.3) - restriction: && (< monoandroid) (< monotouch) (< net45) (>= netstandard1.6) (< xamarinios) (< xamarinmac) (< xamarintvos) (< xamarinwatchos)
      System.Security.Cryptography.Encoding (>= 4.3) - restriction: || (&& (< monoandroid) (< monotouch) (< net45) (>= netstandard1.6) (< xamarinios) (< xamarinmac) (< xamarintvos) (< xamarinwatchos)) (&& (< monoandroid) (< net45) (>= netstandard1.3) (< netstandard1.6) (< win8) (< wpa81))
      System.Security.Cryptography.OpenSsl (>= 4.3) - restriction: && (< monoandroid) (< monotouch) (< net45) (>= netstandard1.6) (< xamarinios) (< xamarinmac) (< xamarintvos) (< xamarinwatchos)
      System.Security.Cryptography.Primitives (>= 4.3) - restriction: && (< monoandroid) (< monotouch) (< net45) (>= netstandard1.6) (< xamarinios) (< xamarinmac) (< xamarintvos) (< xamarinwatchos)
      System.Security.Cryptography.X509Certificates (>= 4.3) - restriction: || (>= dnxcore50) (&& (< monoandroid) (< monotouch) (< net45) (>= netstandard1.6) (< xamarinios) (< xamarinmac) (< xamarintvos) (< xamarinwatchos)) (&& (< monoandroid) (< net45) (>= netstandard1.3) (< netstandard1.6) (< win8) (< wpa81)) (>= net46)
      System.Text.Encoding (>= 4.3) - restriction: || (>= dnxcore50) (&& (< monoandroid) (< monotouch) (< net45) (>= netstandard1.6) (< xamarinios) (< xamarinmac) (< xamarintvos) (< xamarinwatchos)) (&& (< monoandroid) (< net45) (>= netstandard1.1) (< netstandard1.3) (< win8) (< wpa81)) (&& (< monoandroid) (< net45) (>= netstandard1.3) (< netstandard1.6) (< win8) (< wpa81))
      System.Threading (>= 4.3) - restriction: || (>= dnxcore50) (&& (< monoandroid) (< monotouch) (< net45) (>= netstandard1.6) (< xamarinios) (< xamarinmac) (< xamarintvos) (< xamarinwatchos)) (&& (< monoandroid) (< net45) (>= netstandard1.3) (< netstandard1.6) (< win8) (< wpa81))
      System.Threading.Tasks (>= 4.3) - restriction: || (>= dnxcore50) (&& (< monoandroid) (< monotouch) (< net45) (>= netstandard1.6) (< xamarinios) (< xamarinmac) (< xamarintvos) (< xamarinwatchos)) (&& (< monoandroid) (< net45) (>= netstandard1.1) (< netstandard1.3) (< win8) (< wpa81)) (&& (< monoandroid) (< net45) (>= netstandard1.3) (< netstandard1.6) (< win8) (< wpa81))
    System.Net.Http.WinHttpHandler (4.5.2) - restriction: && (< net45) (>= netstandard2.0)
      System.Buffers (>= 4.4) - restriction: && (< net46) (< netcoreapp2.0) (>= netstandard2.0)
      System.Memory (>= 4.5.1) - restriction: || (&& (< net46) (< netcoreapp2.0) (>= netstandard2.0)) (>= net461) (&& (>= netcoreapp2.0) (< netcoreapp2.1)) (>= uap10.1)
    System.Net.Primitives (4.3) - restriction: || (&& (>= dnxcore50) (>= net46)) (&& (>= dnxcore50) (>= netstandard1.6)) (&& (>= dnxcore50) (>= netstandard2.0)) (&& (< monoandroid) (< net45) (< netstandard1.3) (>= netstandard2.0) (< win8) (< wpa81)) (&& (< monoandroid) (< net45) (< netstandard1.6) (>= netstandard2.0) (< win8) (< wpa81)) (&& (< monoandroid) (< net45) (>= netstandard2.0) (< xamarinios)) (&& (< monoandroid) (< netstandard1.1) (>= netstandard1.6) (< win8)) (&& (< net45) (>= net46) (< netstandard1.3)) (&& (< net45) (>= net46) (>= netstandard1.6)) (&& (< net45) (>= net46) (< netstandard1.6)) (&& (< net45) (< netstandard1.2) (>= netstandard1.6) (< win8)) (&& (< net45) (< netstandard1.3) (>= netstandard1.6) (< win8) (< wpa81)) (&& (< net45) (< netstandard1.4) (>= netstandard1.6) (< win8) (< wpa81)) (&& (< net45) (< netstandard1.5) (>= netstandard1.6) (< win8) (< wpa81)) (&& (< net45) (>= netstandard1.6) (< netstandard2.0) (< win8) (< wpa81)) (&& (>= netstandard1.6) (< netstandard2.0) (>= uap10.0)) (&& (>= netstandard1.6) (< portable-net45+win8+wpa81))
      Microsoft.NETCore.Platforms (>= 1.1) - restriction: || (>= dnxcore50) (&& (< monoandroid) (< monotouch) (< net45) (>= netstandard1.3) (< win8) (< wpa81) (< xamarinios) (< xamarinmac) (< xamarintvos) (< xamarinwatchos)) (&& (< monoandroid) (< net45) (>= netstandard1.1) (< netstandard1.3) (< win8) (< wpa81)) (&& (< monoandroid) (>= netstandard1.0) (< netstandard1.1) (< win8) (< wp8))
      Microsoft.NETCore.Targets (>= 1.1) - restriction: || (>= dnxcore50) (&& (< monoandroid) (< monotouch) (< net45) (>= netstandard1.3) (< win8) (< wpa81) (< xamarinios) (< xamarinmac) (< xamarintvos) (< xamarinwatchos)) (&& (< monoandroid) (< net45) (>= netstandard1.1) (< netstandard1.3) (< win8) (< wpa81)) (&& (< monoandroid) (>= netstandard1.0) (< netstandard1.1) (< win8) (< wp8))
      System.Runtime (>= 4.3) - restriction: || (>= dnxcore50) (&& (< monoandroid) (< monotouch) (< net45) (>= netstandard1.3) (< win8) (< wpa81) (< xamarinios) (< xamarinmac) (< xamarintvos) (< xamarinwatchos)) (&& (< monoandroid) (< net45) (>= netstandard1.1) (< netstandard1.3) (< win8) (< wpa81)) (&& (< monoandroid) (>= netstandard1.0) (< netstandard1.1) (< win8) (< wp8))
      System.Runtime.Handles (>= 4.3) - restriction: || (>= dnxcore50) (&& (< monoandroid) (< monotouch) (< net45) (>= netstandard1.3) (< win8) (< wpa81) (< xamarinios) (< xamarinmac) (< xamarintvos) (< xamarinwatchos))
    System.Net.Requests (4.3) - restriction: && (< net45) (>= netstandard1.6) (< netstandard2.0)
      Microsoft.NETCore.Platforms (>= 1.1) - restriction: && (< monoandroid) (< monotouch) (< net45) (>= netstandard1.3) (< win8) (< wpa81) (< xamarinios) (< xamarinmac) (< xamarintvos) (< xamarinwatchos)
      System.Collections (>= 4.3) - restriction: || (>= dnxcore50) (&& (< monoandroid) (< monotouch) (< net45) (>= netstandard1.3) (< win8) (< wpa81) (< xamarinios) (< xamarinmac) (< xamarintvos) (< xamarinwatchos))
      System.Diagnostics.Debug (>= 4.3) - restriction: || (>= dnxcore50) (&& (< monoandroid) (< monotouch) (< net45) (>= netstandard1.3) (< win8) (< wpa81) (< xamarinios) (< xamarinmac) (< xamarintvos) (< xamarinwatchos))
      System.Diagnostics.Tracing (>= 4.3) - restriction: || (>= dnxcore50) (&& (< monoandroid) (< monotouch) (< net45) (>= netstandard1.3) (< win8) (< wpa81) (< xamarinios) (< xamarinmac) (< xamarintvos) (< xamarinwatchos))
      System.Globalization (>= 4.3) - restriction: || (>= dnxcore50) (&& (< monoandroid) (< monotouch) (< net45) (>= netstandard1.3) (< win8) (< wpa81) (< xamarinios) (< xamarinmac) (< xamarintvos) (< xamarinwatchos))
      System.IO (>= 4.3) - restriction: || (>= dnxcore50) (&& (< monoandroid) (< monotouch) (< net45) (>= netstandard1.3) (< win8) (< wpa81) (< xamarinios) (< xamarinmac) (< xamarintvos) (< xamarinwatchos)) (&& (< monoandroid) (< net45) (>= netstandard1.1) (< netstandard1.3) (< win8) (< wpa81)) (&& (< monoandroid) (>= netstandard1.0) (< netstandard1.1) (< win8) (< wp8))
      System.Net.Http (>= 4.3) - restriction: || (>= dnxcore50) (&& (< monoandroid) (< monotouch) (< net45) (>= netstandard1.3) (< win8) (< wpa81) (< xamarinios) (< xamarinmac) (< xamarintvos) (< xamarinwatchos))
      System.Net.Primitives (>= 4.3) - restriction: || (>= dnxcore50) (&& (< monoandroid) (< monotouch) (< net45) (>= netstandard1.3) (< win8) (< wpa81) (< xamarinios) (< xamarinmac) (< xamarintvos) (< xamarinwatchos)) (&& (< monoandroid) (< net45) (>= netstandard1.1) (< netstandard1.3) (< win8) (< wpa81)) (&& (< monoandroid) (>= netstandard1.0) (< netstandard1.1) (< win8) (< wp8))
      System.Net.WebHeaderCollection (>= 4.3) - restriction: || (>= dnxcore50) (&& (< monoandroid) (< monotouch) (< net45) (>= netstandard1.3) (< win8) (< wpa81) (< xamarinios) (< xamarinmac) (< xamarintvos) (< xamarinwatchos))
      System.Resources.ResourceManager (>= 4.3) - restriction: || (>= dnxcore50) (&& (< monoandroid) (< monotouch) (< net45) (>= netstandard1.3) (< win8) (< wpa81) (< xamarinios) (< xamarinmac) (< xamarintvos) (< xamarinwatchos))
      System.Runtime (>= 4.3) - restriction: || (>= dnxcore50) (&& (< monoandroid) (< monotouch) (< net45) (>= netstandard1.3) (< win8) (< wpa81) (< xamarinios) (< xamarinmac) (< xamarintvos) (< xamarinwatchos)) (&& (< monoandroid) (< net45) (>= netstandard1.1) (< netstandard1.3) (< win8) (< wpa81)) (&& (< monoandroid) (>= netstandard1.0) (< netstandard1.1) (< win8) (< wp8))
      System.Threading (>= 4.3) - restriction: || (>= dnxcore50) (&& (< monoandroid) (< monotouch) (< net45) (>= netstandard1.3) (< win8) (< wpa81) (< xamarinios) (< xamarinmac) (< xamarintvos) (< xamarinwatchos))
      System.Threading.Tasks (>= 4.3) - restriction: || (>= dnxcore50) (&& (< monoandroid) (< monotouch) (< net45) (>= netstandard1.3) (< win8) (< wpa81) (< xamarinios) (< xamarinmac) (< xamarintvos) (< xamarinwatchos)) (&& (< monoandroid) (< net45) (>= netstandard1.1) (< netstandard1.3) (< win8) (< wpa81))
    System.Net.Sockets (4.3) - restriction: || (&& (< net45) (< netstandard1.4) (>= netstandard1.6) (< win8) (< wpa81)) (&& (< net45) (< netstandard1.5) (>= netstandard1.6) (< win8) (< wpa81)) (&& (< net45) (>= netstandard1.6) (< netstandard2.0) (< win8) (< wpa81)) (&& (>= netstandard1.6) (< netstandard2.0) (>= uap10.0))
      Microsoft.NETCore.Platforms (>= 1.1) - restriction: && (< monoandroid) (< monotouch) (< net46) (>= netstandard1.3) (< xamarinios) (< xamarinmac) (< xamarintvos) (< xamarinwatchos)
      Microsoft.NETCore.Targets (>= 1.1) - restriction: && (< monoandroid) (< monotouch) (< net46) (>= netstandard1.3) (< xamarinios) (< xamarinmac) (< xamarintvos) (< xamarinwatchos)
      System.IO (>= 4.3) - restriction: && (< monoandroid) (< monotouch) (< net46) (>= netstandard1.3) (< xamarinios) (< xamarinmac) (< xamarintvos) (< xamarinwatchos)
      System.Net.Primitives (>= 4.3) - restriction: && (< monoandroid) (< monotouch) (< net46) (>= netstandard1.3) (< xamarinios) (< xamarinmac) (< xamarintvos) (< xamarinwatchos)
      System.Runtime (>= 4.3) - restriction: && (< monoandroid) (< monotouch) (< net46) (>= netstandard1.3) (< xamarinios) (< xamarinmac) (< xamarintvos) (< xamarinwatchos)
      System.Threading.Tasks (>= 4.3) - restriction: && (< monoandroid) (< monotouch) (< net46) (>= netstandard1.3) (< xamarinios) (< xamarinmac) (< xamarintvos) (< xamarinwatchos)
    System.Net.WebHeaderCollection (4.3) - restriction: || (&& (>= dnxcore50) (>= netstandard1.6)) (&& (< monoandroid) (< monotouch) (< net45) (>= netstandard1.6) (< netstandard2.0) (< win8) (< wpa81) (< xamarinmac) (< xamarintvos) (< xamarinwatchos))
      System.Collections (>= 4.3) - restriction: && (< monoandroid) (< monotouch) (< net46) (>= netstandard1.3) (< xamarinios) (< xamarinmac) (< xamarintvos) (< xamarinwatchos)
      System.Resources.ResourceManager (>= 4.3) - restriction: && (< monoandroid) (< monotouch) (< net46) (>= netstandard1.3) (< xamarinios) (< xamarinmac) (< xamarintvos) (< xamarinwatchos)
      System.Runtime (>= 4.3) - restriction: && (< monoandroid) (< monotouch) (< net46) (>= netstandard1.3) (< xamarinios) (< xamarinmac) (< xamarintvos) (< xamarinwatchos)
      System.Runtime.Extensions (>= 4.3) - restriction: && (< monoandroid) (< monotouch) (< net46) (>= netstandard1.3) (< xamarinios) (< xamarinmac) (< xamarintvos) (< xamarinwatchos)
    System.Numerics.Vectors (4.5) - restriction: || (&& (< net45) (>= net461) (>= netstandard2.0)) (&& (< net45) (< netcoreapp2.0) (>= netstandard2.0) (< xamarinios)) (&& (>= net461) (>= netcoreapp2.0)) (&& (>= netstandard2.0) (>= uap10.1))
    System.ObjectModel (4.3) - restriction: || (&& (>= dnxcore50) (>= netstandard1.0)) (&& (>= dnxcore50) (>= netstandard1.3)) (&& (< monoandroid) (< monotouch) (< net20) (>= netstandard1.3) (< netstandard2.0) (< win8) (< wpa81) (< xamarinmac) (< xamarintvos) (< xamarinwatchos)) (&& (< monoandroid) (< net20) (>= netstandard1.0) (< netstandard1.3) (< win8) (< wp8) (< wpa81)) (&& (< net45) (< netstandard1.2) (>= netstandard1.6) (< win8)) (&& (< net45) (< netstandard1.3) (>= netstandard1.6) (< win8) (< wpa81)) (&& (< net45) (< netstandard1.4) (>= netstandard1.6) (< win8) (< wpa81)) (&& (< net45) (< netstandard1.5) (>= netstandard1.6) (< win8) (< wpa81)) (&& (< net45) (>= netstandard1.6) (< netstandard2.0) (< win8) (< wpa81)) (&& (>= netstandard1.6) (< netstandard2.0) (>= uap10.0)) (&& (>= netstandard1.6) (< portable-net45+win8+wpa81))
      System.Collections (>= 4.3) - restriction: || (>= dnxcore50) (&& (< monoandroid) (< monotouch) (< net45) (>= netstandard1.3) (< win8) (< wpa81) (< xamarinios) (< xamarinmac) (< xamarintvos) (< xamarinwatchos))
      System.Diagnostics.Debug (>= 4.3) - restriction: || (>= dnxcore50) (&& (< monoandroid) (< monotouch) (< net45) (>= netstandard1.3) (< win8) (< wpa81) (< xamarinios) (< xamarinmac) (< xamarintvos) (< xamarinwatchos))
      System.Resources.ResourceManager (>= 4.3) - restriction: || (>= dnxcore50) (&& (< monoandroid) (< monotouch) (< net45) (>= netstandard1.3) (< win8) (< wpa81) (< xamarinios) (< xamarinmac) (< xamarintvos) (< xamarinwatchos))
      System.Runtime (>= 4.3) - restriction: || (>= dnxcore50) (&& (< monoandroid) (< monotouch) (< net45) (>= netstandard1.3) (< win8) (< wpa81) (< xamarinios) (< xamarinmac) (< xamarintvos) (< xamarinwatchos)) (&& (< monoandroid) (< net45) (>= netstandard1.0) (< netstandard1.3) (< win8) (< wp8) (< wpa81))
      System.Threading (>= 4.3) - restriction: || (>= dnxcore50) (&& (< monoandroid) (< monotouch) (< net45) (>= netstandard1.3) (< win8) (< wpa81) (< xamarinios) (< xamarinmac) (< xamarintvos) (< xamarinwatchos))
    System.Reactive (4.1.3) - restriction: || (>= net46) (>= netstandard2.0)
      System.ComponentModel (>= 4.0.1) - restriction: && (>= uap10.0) (< uap10.1)
      System.Dynamic.Runtime (>= 4.0.11) - restriction: && (>= uap10.0) (< uap10.1)
      System.Linq.Queryable (>= 4.0.1) - restriction: && (>= uap10.0) (< uap10.1)
      System.Runtime.InteropServices.WindowsRuntime (>= 4.3) - restriction: && (< net46) (>= netstandard2.0) (< uap10.0)
      System.Threading.Tasks.Extensions (>= 4.5.2) - restriction: || (>= net46) (>= netstandard2.0) (>= uap10.0)
      System.ValueTuple (>= 4.5) - restriction: || (>= net46) (&& (>= uap10.0) (< uap10.1))
    System.Reactive.Compatibility (4.1.3) - restriction: || (>= net46) (>= netstandard2.0)
      System.Reactive.Core (>= 4.1.3) - restriction: || (>= net45) (>= netstandard1.3)
      System.Reactive.Experimental (>= 4.1.3) - restriction: >= net45
      System.Reactive.Interfaces (>= 4.1.3) - restriction: || (>= net45) (>= netstandard1.3)
      System.Reactive.Linq (>= 4.1.3) - restriction: || (>= net45) (>= netstandard1.3)
      System.Reactive.PlatformServices (>= 4.1.3) - restriction: || (>= net45) (>= netstandard1.3)
      System.Reactive.Providers (>= 4.1.3) - restriction: || (>= net45) (>= netstandard1.3)
      System.Reactive.Runtime.Remoting (>= 4.1.3) - restriction: >= net45
      System.Reactive.Windows.Forms (>= 4.1.3) - restriction: >= net45
      System.Reactive.Windows.Threading (>= 4.1.3) - restriction: || (>= net45) (>= uap10.0)
      System.Reactive.WindowsRuntime (>= 4.1.3) - restriction: >= uap10.0
    System.Reactive.Core (4.1.3) - restriction: || (>= net46) (>= netstandard2.0)
      System.Reactive (>= 4.1.3) - restriction: || (>= net46) (>= netstandard2.0) (>= uap10.0)
      System.Threading.Tasks.Extensions (>= 4.5.2) - restriction: || (>= net46) (>= netstandard2.0) (>= uap10.0)
    System.Reactive.Experimental (4.1.3) - restriction: || (&& (>= net45) (>= netstandard2.0)) (>= net46)
      System.Reactive (>= 4.1.3) - restriction: >= net46
      System.Threading.Tasks.Extensions (>= 4.5.2) - restriction: >= net46
    System.Reactive.Interfaces (4.1.3) - restriction: || (>= net46) (>= netstandard2.0)
      System.Reactive (>= 4.1.3) - restriction: || (>= net46) (>= netstandard2.0) (>= uap10.0)
      System.Threading.Tasks.Extensions (>= 4.5.2) - restriction: || (>= net46) (>= netstandard2.0) (>= uap10.0)
    System.Reactive.Linq (4.1.3) - restriction: || (>= net46) (>= netstandard2.0)
      System.Reactive (>= 4.1.3) - restriction: || (>= net46) (>= netstandard2.0) (>= uap10.0)
      System.Threading.Tasks.Extensions (>= 4.5.2) - restriction: || (>= net46) (>= netstandard2.0) (>= uap10.0)
    System.Reactive.PlatformServices (4.1.3) - restriction: || (>= net46) (>= netstandard2.0)
      System.Reactive (>= 4.1.3) - restriction: || (>= net46) (>= netstandard2.0) (>= uap10.0)
      System.Threading.Tasks.Extensions (>= 4.5.2) - restriction: || (>= net46) (>= netstandard2.0) (>= uap10.0)
    System.Reactive.Providers (4.1.3) - restriction: || (>= net46) (>= netstandard2.0)
      System.Reactive (>= 4.1.3) - restriction: || (>= net46) (>= netstandard2.0) (>= uap10.0)
      System.Threading.Tasks.Extensions (>= 4.5.2) - restriction: || (>= net46) (>= netstandard2.0) (>= uap10.0)
    System.Reactive.Runtime.Remoting (4.1.3) - restriction: || (&& (>= net45) (>= netstandard2.0)) (>= net46)
      System.Reactive (>= 4.1.3) - restriction: >= net46
      System.Threading.Tasks.Extensions (>= 4.5.2) - restriction: >= net46
    System.Reactive.Windows.Forms (4.1.3) - restriction: || (&& (>= net45) (>= netstandard2.0)) (>= net46)
      System.Reactive (>= 4.1.3) - restriction: >= net46
      System.Threading.Tasks.Extensions (>= 4.5.2) - restriction: >= net46
    System.Reactive.Windows.Threading (4.1.3) - restriction: || (&& (>= net45) (>= netstandard2.0)) (>= net46) (&& (>= netstandard2.0) (>= uap10.0))
      System.Reactive (>= 4.1.3) - restriction: || (>= net46) (>= uap10.0)
      System.Threading.Tasks.Extensions (>= 4.5.2) - restriction: || (>= net46) (>= uap10.0)
    System.Reactive.WindowsRuntime (4.1.3) - restriction: || (&& (>= net46) (>= uap10.0)) (&& (>= netstandard2.0) (>= uap10.0))
      System.Reactive (>= 4.1.3) - restriction: >= uap10.0
      System.Threading.Tasks.Extensions (>= 4.5.2) - restriction: >= uap10.0
    System.Reflection (4.3) - restriction: || (&& (>= dnxcore50) (>= netstandard1.0)) (&& (>= dnxcore50) (>= netstandard1.3)) (&& (>= dnxcore50) (>= netstandard1.5)) (&& (>= dnxcore50) (>= netstandard1.6)) (&& (>= dnxcore50) (>= netstandard2.0)) (&& (< monoandroid) (< monotouch) (< net20) (>= netstandard1.4) (< netstandard2.0) (< xamarinmac) (< xamarintvos) (< xamarinwatchos)) (&& (< monoandroid) (< monotouch) (< net20) (>= netstandard1.5) (< netstandard2.0) (< win8) (< wpa81) (< xamarinmac) (< xamarintvos) (< xamarinwatchos)) (&& (< monoandroid) (< net20) (>= netstandard1.0) (< netstandard1.3) (< win8) (< wp8) (< wpa81)) (&& (< monoandroid) (< net20) (>= netstandard1.3) (< netstandard1.5) (< win8) (< wpa81)) (&& (< monoandroid) (< net20) (< netstandard1.3) (>= netstandard1.5) (< win8) (< wpa81)) (&& (< monoandroid) (< net45) (>= netstandard2.0) (< win8) (< wpa81) (< xamarinios)) (&& (< monoandroid) (< net46) (>= netstandard2.0) (< xamarinios)) (&& (< net35) (>= netstandard1.3)) (&& (< net45) (< netstandard1.2) (>= netstandard1.6) (< win8)) (&& (< net45) (< netstandard1.3) (>= netstandard1.6) (< win8) (< wpa81)) (&& (< net45) (< netstandard1.4) (>= netstandard1.6) (< win8) (< wpa81)) (&& (< net45) (< netstandard1.5) (>= netstandard1.6) (< win8) (< wpa81)) (&& (< net45) (>= netstandard1.6) (< netstandard2.0)) (>= netcoreapp2.1) (&& (>= netstandard1.6) (< netstandard2.0) (>= uap10.0)) (&& (>= netstandard1.6) (< portable-net45+win8+wpa81))
      Microsoft.NETCore.Platforms (>= 1.1) - restriction: || (>= dnxcore50) (&& (< monoandroid) (< monotouch) (< net45) (>= netstandard1.5) (< win8) (< wpa81) (< xamarinios) (< xamarinmac) (< xamarintvos) (< xamarinwatchos)) (&& (< monoandroid) (< net45) (>= netstandard1.0) (< netstandard1.3) (< win8) (< wp8) (< wpa81)) (&& (< monoandroid) (< net45) (>= netstandard1.3) (< netstandard1.5) (< win8) (< wpa81))
      Microsoft.NETCore.Targets (>= 1.1) - restriction: || (>= dnxcore50) (&& (< monoandroid) (< monotouch) (< net45) (>= netstandard1.5) (< win8) (< wpa81) (< xamarinios) (< xamarinmac) (< xamarintvos) (< xamarinwatchos)) (&& (< monoandroid) (< net45) (>= netstandard1.0) (< netstandard1.3) (< win8) (< wp8) (< wpa81)) (&& (< monoandroid) (< net45) (>= netstandard1.3) (< netstandard1.5) (< win8) (< wpa81))
      System.IO (>= 4.3) - restriction: || (>= dnxcore50) (&& (< monoandroid) (< monotouch) (< net45) (>= netstandard1.5) (< win8) (< wpa81) (< xamarinios) (< xamarinmac) (< xamarintvos) (< xamarinwatchos)) (&& (< monoandroid) (< net45) (>= netstandard1.0) (< netstandard1.3) (< win8) (< wp8) (< wpa81)) (&& (< monoandroid) (< net45) (>= netstandard1.3) (< netstandard1.5) (< win8) (< wpa81))
      System.Reflection.Primitives (>= 4.3) - restriction: || (>= dnxcore50) (&& (< monoandroid) (< monotouch) (< net45) (>= netstandard1.5) (< win8) (< wpa81) (< xamarinios) (< xamarinmac) (< xamarintvos) (< xamarinwatchos)) (&& (< monoandroid) (< net45) (>= netstandard1.0) (< netstandard1.3) (< win8) (< wp8) (< wpa81)) (&& (< monoandroid) (< net45) (>= netstandard1.3) (< netstandard1.5) (< win8) (< wpa81))
      System.Runtime (>= 4.3) - restriction: || (>= dnxcore50) (&& (< monoandroid) (< monotouch) (< net45) (>= netstandard1.5) (< win8) (< wpa81) (< xamarinios) (< xamarinmac) (< xamarintvos) (< xamarinwatchos)) (&& (< monoandroid) (< net45) (>= netstandard1.0) (< netstandard1.3) (< win8) (< wp8) (< wpa81)) (&& (< monoandroid) (< net45) (>= netstandard1.3) (< netstandard1.5) (< win8) (< wpa81))
    System.Reflection.Emit (4.3) - restriction: || (&& (>= dnxcore50) (>= netstandard1.3)) (&& (< monoandroid) (< monotouch) (< net20) (>= netstandard1.3) (< netstandard2.0) (< win8) (< wpa81) (< xamarinmac) (< xamarintvos) (< xamarinwatchos)) (&& (< monoandroid) (< monotouch) (< net45) (>= netstandard1.6) (< netstandard2.0) (< win8) (< wpa81) (< xamarinmac) (< xamarintvos) (< xamarinwatchos))
      System.IO (>= 4.3) - restriction: && (< monoandroid) (< monotouch) (< net45) (>= netstandard1.1) (< xamarinios) (< xamarinmac) (< xamarintvos) (< xamarinwatchos)
      System.Reflection (>= 4.3) - restriction: && (< monoandroid) (< monotouch) (< net45) (>= netstandard1.1) (< xamarinios) (< xamarinmac) (< xamarintvos) (< xamarinwatchos)
      System.Reflection.Emit.ILGeneration (>= 4.3) - restriction: && (< monoandroid) (< monotouch) (< net45) (>= netstandard1.1) (< xamarinios) (< xamarinmac) (< xamarintvos) (< xamarinwatchos)
      System.Reflection.Primitives (>= 4.3) - restriction: && (< monoandroid) (< monotouch) (< net45) (>= netstandard1.1) (< xamarinios) (< xamarinmac) (< xamarintvos) (< xamarinwatchos)
      System.Runtime (>= 4.3) - restriction: && (< monoandroid) (< monotouch) (< net45) (>= netstandard1.1) (< xamarinios) (< xamarinmac) (< xamarintvos) (< xamarinwatchos)
    System.Reflection.Emit.ILGeneration (4.3) - restriction: || (&& (>= dnxcore50) (>= netstandard1.3)) (&& (>= dnxcore50) (>= netstandard1.6)) (&& (< monoandroid) (< monotouch) (< net20) (>= netstandard1.3) (< netstandard2.0) (< win8) (< wpa81) (< xamarinmac) (< xamarintvos) (< xamarinwatchos)) (&& (< monoandroid) (< monotouch) (< net45) (>= netstandard1.6) (< netstandard2.0) (< win8) (< wpa81) (< xamarinmac) (< xamarintvos) (< xamarinwatchos))
      System.Reflection (>= 4.3) - restriction: && (< monoandroid) (< monotouch) (< net45) (>= netstandard1.0) (< wp8) (< xamarinios) (< xamarinmac) (< xamarintvos) (< xamarinwatchos)
      System.Reflection.Primitives (>= 4.3) - restriction: && (< monoandroid) (< monotouch) (< net45) (>= netstandard1.0) (< wp8) (< xamarinios) (< xamarinmac) (< xamarintvos) (< xamarinwatchos)
      System.Runtime (>= 4.3) - restriction: && (< monoandroid) (< monotouch) (< net45) (>= netstandard1.0) (< wp8) (< xamarinios) (< xamarinmac) (< xamarintvos) (< xamarinwatchos)
    System.Reflection.Emit.Lightweight (4.3) - restriction: || (&& (>= dnxcore50) (>= netstandard1.6)) (&& (< monoandroid) (< monotouch) (< net45) (>= netstandard1.6) (< netstandard2.0) (< win8) (< wpa81) (< xamarinmac) (< xamarintvos) (< xamarinwatchos))
      System.Reflection (>= 4.3) - restriction: && (< monoandroid) (< monotouch) (< net45) (>= netstandard1.0) (< wp8) (< xamarinios) (< xamarinmac) (< xamarintvos) (< xamarinwatchos)
      System.Reflection.Emit.ILGeneration (>= 4.3) - restriction: && (< monoandroid) (< monotouch) (< net45) (>= netstandard1.0) (< wp8) (< xamarinios) (< xamarinmac) (< xamarintvos) (< xamarinwatchos)
      System.Reflection.Primitives (>= 4.3) - restriction: && (< monoandroid) (< monotouch) (< net45) (>= netstandard1.0) (< wp8) (< xamarinios) (< xamarinmac) (< xamarintvos) (< xamarinwatchos)
      System.Runtime (>= 4.3) - restriction: && (< monoandroid) (< monotouch) (< net45) (>= netstandard1.0) (< wp8) (< xamarinios) (< xamarinmac) (< xamarintvos) (< xamarinwatchos)
    System.Reflection.Extensions (4.3) - restriction: || (&& (>= dnxcore50) (>= netstandard1.6)) (&& (< monoandroid) (< monotouch) (< net20) (>= netstandard1.5) (< netstandard2.0) (< win8) (< wpa81) (< xamarinmac) (< xamarintvos) (< xamarinwatchos)) (&& (< monoandroid) (< net20) (>= netstandard1.0) (< netstandard1.3) (< win8) (< wp8) (< wpa81)) (&& (< monoandroid) (< net20) (>= netstandard1.3) (< netstandard1.5) (< win8) (< wpa81)) (&& (< monoandroid) (< net20) (< netstandard1.3) (>= netstandard1.5) (< win8) (< wpa81)) (&& (< net45) (< netstandard1.2) (>= netstandard1.6) (< win8)) (&& (< net45) (< netstandard1.3) (>= netstandard1.6) (< win8) (< wpa81)) (&& (< net45) (< netstandard1.4) (>= netstandard1.6) (< win8) (< wpa81)) (&& (< net45) (< netstandard1.5) (>= netstandard1.6) (< win8) (< wpa81)) (&& (< net45) (>= netstandard1.6) (< netstandard2.0)) (&& (>= netstandard1.6) (< netstandard2.0) (>= uap10.0)) (&& (>= netstandard1.6) (< portable-net45+win8+wpa81))
      Microsoft.NETCore.Platforms (>= 1.1) - restriction: || (>= dnxcore50) (&& (< monoandroid) (< monotouch) (< net45) (>= netstandard1.0) (< win8) (< wp8) (< wpa81) (< xamarinios) (< xamarinmac) (< xamarintvos) (< xamarinwatchos))
      Microsoft.NETCore.Targets (>= 1.1) - restriction: || (>= dnxcore50) (&& (< monoandroid) (< monotouch) (< net45) (>= netstandard1.0) (< win8) (< wp8) (< wpa81) (< xamarinios) (< xamarinmac) (< xamarintvos) (< xamarinwatchos))
      System.Reflection (>= 4.3) - restriction: || (>= dnxcore50) (&& (< monoandroid) (< monotouch) (< net45) (>= netstandard1.0) (< win8) (< wp8) (< wpa81) (< xamarinios) (< xamarinmac) (< xamarintvos) (< xamarinwatchos))
      System.Runtime (>= 4.3) - restriction: || (>= dnxcore50) (&& (< monoandroid) (< monotouch) (< net45) (>= netstandard1.0) (< win8) (< wp8) (< wpa81) (< xamarinios) (< xamarinmac) (< xamarintvos) (< xamarinwatchos))
    System.Reflection.Metadata (1.6) - restriction: || (&& (>= dnxcore50) (>= net46)) (&& (>= dnxcore50) (>= netstandard2.0)) (&& (< net46) (>= netstandard2.0)) (>= netcoreapp2.1)
      System.Collections.Immutable (>= 1.5) - restriction: || (>= net45) (&& (< netcoreapp2.1) (>= netstandard2.0)) (&& (>= netstandard1.1) (< netstandard2.0) (< win8) (< wpa81)) (&& (< netstandard1.1) (>= portable-net45+win8+wpa81) (< win8)) (&& (< netstandard1.1) (>= win8)) (&& (< netstandard2.0) (< uap10.1) (>= wpa81))
    System.Reflection.Primitives (4.3) - restriction: || (&& (>= dnxcore50) (>= netstandard1.3)) (&& (>= dnxcore50) (>= netstandard1.6)) (&& (< monoandroid) (< monotouch) (< net20) (>= netstandard1.3) (< netstandard2.0) (< win8) (< wpa81) (< xamarinmac) (< xamarintvos) (< xamarinwatchos)) (&& (< monoandroid) (< monotouch) (< net20) (>= netstandard1.5) (< netstandard2.0) (< win8) (< wpa81) (< xamarinmac) (< xamarintvos) (< xamarinwatchos)) (&& (< monoandroid) (< net20) (>= netstandard1.0) (< netstandard1.3) (< win8) (< wp8) (< wpa81)) (&& (< monoandroid) (< net20) (>= netstandard1.3) (< netstandard1.5) (< win8) (< wpa81)) (&& (< monoandroid) (< net20) (< netstandard1.3) (>= netstandard1.5) (< win8) (< wpa81)) (&& (< net45) (< netstandard1.2) (>= netstandard1.6) (< win8)) (&& (< net45) (< netstandard1.3) (>= netstandard1.6) (< win8) (< wpa81)) (&& (< net45) (< netstandard1.4) (>= netstandard1.6) (< win8) (< wpa81)) (&& (< net45) (< netstandard1.5) (>= netstandard1.6) (< win8) (< wpa81)) (&& (< net45) (>= netstandard1.6) (< netstandard2.0) (< win8) (< wpa81)) (&& (>= netstandard1.6) (< netstandard2.0) (>= uap10.0)) (&& (>= netstandard1.6) (< portable-net45+win8+wpa81))
      Microsoft.NETCore.Platforms (>= 1.1) - restriction: || (>= dnxcore50) (&& (< monoandroid) (< monotouch) (< net45) (>= netstandard1.0) (< win8) (< wp8) (< wpa81) (< xamarinios) (< xamarinmac) (< xamarintvos) (< xamarinwatchos))
      Microsoft.NETCore.Targets (>= 1.1) - restriction: || (>= dnxcore50) (&& (< monoandroid) (< monotouch) (< net45) (>= netstandard1.0) (< win8) (< wp8) (< wpa81) (< xamarinios) (< xamarinmac) (< xamarintvos) (< xamarinwatchos))
      System.Runtime (>= 4.3) - restriction: || (>= dnxcore50) (&& (< monoandroid) (< monotouch) (< net45) (>= netstandard1.0) (< win8) (< wp8) (< wpa81) (< xamarinios) (< xamarinmac) (< xamarintvos) (< xamarinwatchos))
    System.Reflection.TypeExtensions (4.5.1) - restriction: || (&& (>= dnxcore50) (>= netstandard1.0)) (&& (>= dnxcore50) (>= netstandard1.3)) (&& (>= dnxcore50) (>= netstandard1.6)) (&& (< monoandroid) (< monotouch) (< net20) (>= netstandard1.3) (< netstandard2.0) (< win8) (< wpa81) (< xamarinmac) (< xamarintvos) (< xamarinwatchos)) (&& (< monoandroid) (< monotouch) (< net20) (>= netstandard1.5) (< netstandard2.0) (< win8) (< wpa81) (< xamarinmac) (< xamarintvos) (< xamarinwatchos)) (&& (< monoandroid) (< monotouch) (< net45) (>= netstandard1.6) (< netstandard2.0) (< win8) (< wpa81) (< xamarinmac) (< xamarintvos) (< xamarinwatchos)) (&& (< monoandroid) (< net20) (< netstandard1.3) (>= netstandard1.5) (< win8) (< wpa81)) (&& (< net46) (>= netstandard2.0)) (>= netcoreapp2.1)
      System.Reflection (>= 4.3) - restriction: || (>= dnxcore50) (&& (< monoandroid) (< monotouch) (< net46) (>= netstandard1.5) (< netstandard2.0) (< xamarinmac) (< xamarintvos) (< xamarinwatchos)) (&& (< monoandroid) (< net46) (>= netstandard1.3) (< netstandard1.5) (< uap10.1))
      System.Resources.ResourceManager (>= 4.3) - restriction: || (>= dnxcore50) (&& (< monoandroid) (< monotouch) (< net46) (>= netstandard1.5) (< netstandard2.0) (< xamarinmac) (< xamarintvos) (< xamarinwatchos)) (&& (< monoandroid) (< net46) (>= netstandard1.3) (< netstandard1.5) (< uap10.1))
      System.Runtime (>= 4.3) - restriction: || (>= dnxcore50) (&& (< monoandroid) (< monotouch) (< net46) (>= netstandard1.5) (< netstandard2.0) (< xamarinmac) (< xamarintvos) (< xamarinwatchos)) (&& (< monoandroid) (< net46) (>= netstandard1.3) (< netstandard1.5) (< uap10.1))
    System.Resources.ResourceManager (4.3) - restriction: || (>= dnxcore50) (&& (< monoandroid) (< monotouch) (< net20) (>= netstandard1.3) (< netstandard2.0) (< win8) (< wpa81) (< xamarinmac) (< xamarintvos) (< xamarinwatchos)) (&& (< monoandroid) (< monotouch) (< net20) (>= netstandard1.4) (< netstandard2.0) (< xamarinmac) (< xamarintvos) (< xamarinwatchos)) (&& (< monoandroid) (< monotouch) (< net20) (>= netstandard1.5) (< netstandard2.0) (< win8) (< wpa81) (< xamarinmac) (< xamarintvos) (< xamarinwatchos)) (&& (< monoandroid) (< monotouch) (< net35) (>= netstandard1.3) (< xamarinios) (< xamarinmac) (< xamarintvos) (< xamarinwatchos)) (&& (< monoandroid) (< monotouch) (< net45) (>= netstandard1.6) (< win8) (< wpa81) (< xamarinios) (< xamarinmac) (< xamarintvos) (< xamarinwatchos)) (&& (< monoandroid) (< monotouch) (< net46) (>= netstandard1.6) (< xamarinios) (< xamarinmac) (< xamarintvos) (< xamarinwatchos)) (&& (< monoandroid) (< net20) (>= netstandard1.0) (< netstandard1.3) (< win8) (< wp8) (< wpa81)) (&& (< monoandroid) (< net20) (>= netstandard1.3) (< netstandard1.5) (< win8) (< wpa81)) (&& (< monoandroid) (< net20) (< netstandard1.3) (>= netstandard1.5) (< win8) (< wpa81)) (&& (< monoandroid) (< net45) (< netstandard1.6) (>= netstandard2.0) (< win8) (< wpa81)) (&& (< monoandroid) (< net45) (>= netstandard2.0) (< xamarinios)) (&& (< net20) (>= net462) (< netstandard1.3)) (&& (< net20) (>= net462) (< netstandard2.0)) (&& (< net45) (>= net46)) (&& (< net45) (< netstandard1.2) (>= netstandard1.6) (< win8)) (&& (< net45) (< netstandard1.3) (>= netstandard1.6) (< win8) (< wpa81)) (&& (< net45) (< netstandard1.4) (>= netstandard1.6) (< win8) (< wpa81)) (&& (< net45) (< netstandard1.5) (>= netstandard1.6) (< win8) (< wpa81)) (&& (< net45) (>= netstandard1.6) (< netstandard2.0)) (&& (>= netstandard1.6) (< netstandard2.0) (>= uap10.0)) (&& (>= netstandard1.6) (< portable-net45+win8+wpa81))
    System.Resources.Writer (4.3) - restriction: && (< net46) (>= netstandard2.0)
      System.Collections (>= 4.3) - restriction: && (< monoandroid) (< monotouch) (< net46) (>= netstandard1.3) (< xamarinios) (< xamarinmac) (< xamarintvos) (< xamarinwatchos)
      System.IO (>= 4.3) - restriction: && (< monoandroid) (< monotouch) (< net46) (>= netstandard1.3) (< xamarinios) (< xamarinmac) (< xamarintvos) (< xamarinwatchos)
      System.Resources.ResourceManager (>= 4.3) - restriction: && (< monoandroid) (< monotouch) (< net46) (>= netstandard1.3) (< xamarinios) (< xamarinmac) (< xamarintvos) (< xamarinwatchos)
      System.Runtime (>= 4.3) - restriction: && (< monoandroid) (< monotouch) (< net46) (>= netstandard1.3) (< xamarinios) (< xamarinmac) (< xamarintvos) (< xamarinwatchos)
      System.Runtime.Extensions (>= 4.3) - restriction: && (< monoandroid) (< monotouch) (< net46) (>= netstandard1.3) (< xamarinios) (< xamarinmac) (< xamarintvos) (< xamarinwatchos)
      System.Text.Encoding (>= 4.3) - restriction: && (< monoandroid) (< monotouch) (< net46) (>= netstandard1.3) (< xamarinios) (< xamarinmac) (< xamarintvos) (< xamarinwatchos)
    System.Runtime (4.3.1) - restriction: || (>= dnxcore50) (&& (< monoandroid) (< monotouch) (< net20) (>= netstandard1.4) (< netstandard2.0) (< xamarinmac) (< xamarintvos) (< xamarinwatchos)) (&& (< monoandroid) (< monotouch) (< net20) (>= netstandard1.5) (< netstandard2.0) (< win8) (< wpa81) (< xamarinmac) (< xamarintvos) (< xamarinwatchos)) (&& (< monoandroid) (< monotouch) (< net45) (>= netstandard1.6) (< win8) (< wpa81) (< xamarinios) (< xamarinmac) (< xamarintvos) (< xamarinwatchos)) (&& (< monoandroid) (< monotouch) (< net46) (>= netstandard1.6) (< xamarinios) (< xamarinmac) (< xamarintvos) (< xamarinwatchos)) (&& (< monoandroid) (< net20) (>= netstandard1.0) (< netstandard1.3) (< win8) (< wp8) (< wpa81)) (&& (< monoandroid) (< net20) (>= netstandard1.3) (< netstandard1.4)) (&& (< monoandroid) (< net20) (>= netstandard1.3) (< netstandard1.5) (< win8) (< wpa81)) (&& (< monoandroid) (< net20) (< netstandard1.3) (>= netstandard1.5) (< win8) (< wpa81)) (&& (< monoandroid) (< net45) (< netstandard1.3) (>= netstandard2.0) (< win8) (< wpa81)) (&& (< monoandroid) (< net45) (< netstandard1.6) (>= netstandard2.0) (< win8) (< wpa81)) (&& (< monoandroid) (< net45) (>= netstandard2.0) (< xamarinios)) (&& (< monoandroid) (< net46) (>= netstandard1.3) (< netstandard1.6)) (&& (< net20) (>= net462) (< netstandard1.3)) (&& (< net20) (>= net462) (< netstandard2.0)) (&& (< net45) (>= net46)) (&& (< net45) (< netstandard1.2) (>= netstandard1.6) (< win8)) (&& (< net45) (< netstandard1.3) (>= netstandard1.6) (< win8) (< wpa81)) (&& (< net45) (< netstandard1.4) (>= netstandard1.6) (< win8) (< wpa81)) (&& (< net45) (< netstandard1.5) (>= netstandard1.6) (< win8) (< wpa81)) (&& (< net45) (>= netstandard1.6) (< netstandard2.0)) (&& (>= netstandard1.6) (< netstandard2.0) (>= uap10.0)) (&& (>= netstandard1.6) (< portable-net45+win8+wpa81))
      Microsoft.NETCore.Platforms (>= 1.1.1) - restriction: || (>= dnxcore50) (&& (< monoandroid) (< monotouch) (< net45) (>= netstandard1.5) (< win8) (< wpa81) (< xamarinios) (< xamarinmac) (< xamarintvos) (< xamarinwatchos)) (&& (< monoandroid) (< net45) (>= netstandard1.0) (< netstandard1.2) (< win8) (< wp8)) (&& (< monoandroid) (< net45) (>= netstandard1.2) (< netstandard1.3) (< win8) (< wpa81)) (&& (< monoandroid) (< net45) (>= netstandard1.3) (< netstandard1.5) (< win8) (< wpa81))
      Microsoft.NETCore.Targets (>= 1.1.3) - restriction: || (>= dnxcore50) (&& (< monoandroid) (< monotouch) (< net45) (>= netstandard1.5) (< win8) (< wpa81) (< xamarinios) (< xamarinmac) (< xamarintvos) (< xamarinwatchos)) (&& (< monoandroid) (< net45) (>= netstandard1.0) (< netstandard1.2) (< win8) (< wp8)) (&& (< monoandroid) (< net45) (>= netstandard1.2) (< netstandard1.3) (< win8) (< wpa81)) (&& (< monoandroid) (< net45) (>= netstandard1.3) (< netstandard1.5) (< win8) (< wpa81))
    System.Runtime.CompilerServices.Unsafe (4.5.2) - restriction: || (&& (>= dnxcore50) (>= net46)) (&& (>= dnxcore50) (>= netstandard2.0)) (&& (< monoandroid) (< netstandard1.0) (>= netstandard2.0) (< win8)) (&& (< monoandroid) (< netstandard1.1) (>= netstandard2.0) (< win8)) (&& (>= monotouch) (>= netstandard2.0)) (&& (< net45) (>= net46)) (&& (< net45) (>= netstandard2.0)) (&& (>= net46) (< netstandard1.0)) (&& (>= net46) (< netstandard2.0) (>= wpa81)) (&& (>= net46) (>= wp8)) (&& (< net46) (>= netstandard2.0)) (&& (>= net461) (< netstandard1.1) (>= netstandard2.0)) (>= netcoreapp2.0) (&& (< netstandard1.1) (>= netstandard2.0) (>= win8)) (&& (>= netstandard2.0) (>= uap10.1)) (&& (>= netstandard2.0) (>= wp8)) (&& (>= netstandard2.0) (>= xamarinmac)) (&& (>= netstandard2.0) (>= xamarintvos)) (&& (>= netstandard2.0) (>= xamarinwatchos)) (>= xamarinios)
    System.Runtime.Extensions (4.3.1) - restriction: || (&& (>= dnxcore50) (>= net46)) (&& (>= dnxcore50) (>= netstandard1.0)) (&& (>= dnxcore50) (>= netstandard1.3)) (&& (>= dnxcore50) (>= netstandard1.6)) (&& (>= dnxcore50) (>= netstandard2.0)) (&& (< monoandroid) (< monotouch) (< net20) (>= netstandard1.3) (< netstandard2.0) (< win8) (< wpa81) (< xamarinmac) (< xamarintvos) (< xamarinwatchos)) (&& (< monoandroid) (< monotouch) (< net20) (>= netstandard1.5) (< netstandard2.0) (< win8) (< wpa81) (< xamarinmac) (< xamarintvos) (< xamarinwatchos)) (&& (< monoandroid) (< monotouch) (< net45) (>= netstandard1.6) (< win8) (< wpa81) (< xamarinios) (< xamarinmac) (< xamarintvos) (< xamarinwatchos)) (&& (< monoandroid) (< monotouch) (< net46) (>= netstandard1.6) (< xamarinios) (< xamarinmac) (< xamarintvos) (< xamarinwatchos)) (&& (< monoandroid) (< net20) (>= netstandard1.0) (< netstandard1.3) (< win8) (< wp8) (< wpa81)) (&& (< monoandroid) (< net20) (>= netstandard1.3) (< netstandard1.5) (< win8) (< wpa81)) (&& (< monoandroid) (< net20) (< netstandard1.3) (>= netstandard1.5) (< win8) (< wpa81)) (&& (< monoandroid) (< net45) (< netstandard1.6) (>= netstandard2.0) (< win8) (< wpa81)) (&& (< monoandroid) (< net45) (>= netstandard2.0) (< xamarinios)) (&& (< net20) (>= net462) (< netstandard1.3)) (&& (< net20) (>= net462) (< netstandard2.0)) (&& (< net35) (>= netstandard1.3)) (&& (< net45) (>= net46)) (&& (< net45) (< netstandard1.2) (>= netstandard1.6) (< win8)) (&& (< net45) (< netstandard1.3) (>= netstandard1.6) (< win8) (< wpa81)) (&& (< net45) (< netstandard1.4) (>= netstandard1.6) (< win8) (< wpa81)) (&& (< net45) (< netstandard1.5) (>= netstandard1.6) (< win8) (< wpa81)) (&& (< net45) (>= netstandard1.6) (< netstandard2.0)) (&& (>= netstandard1.6) (< netstandard2.0) (>= uap10.0)) (&& (>= netstandard1.6) (< portable-net45+win8+wpa81))
      Microsoft.NETCore.Platforms (>= 1.1.1) - restriction: || (>= dnxcore50) (&& (< monoandroid) (< monotouch) (< net45) (>= netstandard1.5) (< win8) (< wpa81) (< xamarinios) (< xamarinmac) (< xamarintvos) (< xamarinwatchos)) (&& (< monoandroid) (< net45) (>= netstandard1.0) (< netstandard1.3) (< win8) (< wp8) (< wpa81)) (&& (< monoandroid) (< net45) (>= netstandard1.3) (< netstandard1.5) (< win8) (< wpa81))
      Microsoft.NETCore.Targets (>= 1.1.3) - restriction: || (>= dnxcore50) (&& (< monoandroid) (< monotouch) (< net45) (>= netstandard1.5) (< win8) (< wpa81) (< xamarinios) (< xamarinmac) (< xamarintvos) (< xamarinwatchos)) (&& (< monoandroid) (< net45) (>= netstandard1.0) (< netstandard1.3) (< win8) (< wp8) (< wpa81)) (&& (< monoandroid) (< net45) (>= netstandard1.3) (< netstandard1.5) (< win8) (< wpa81))
      System.Runtime (>= 4.3.1) - restriction: || (>= dnxcore50) (&& (< monoandroid) (< monotouch) (< net45) (>= netstandard1.5) (< win8) (< wpa81) (< xamarinios) (< xamarinmac) (< xamarintvos) (< xamarinwatchos)) (&& (< monoandroid) (< net45) (>= netstandard1.0) (< netstandard1.3) (< win8) (< wp8) (< wpa81)) (&& (< monoandroid) (< net45) (>= netstandard1.3) (< netstandard1.5) (< win8) (< wpa81))
    System.Runtime.Handles (4.3) - restriction: || (&& (>= dnxcore50) (>= net46)) (&& (>= dnxcore50) (>= netstandard1.3)) (&& (>= dnxcore50) (>= netstandard1.6)) (&& (< monoandroid) (< monotouch) (< net35) (>= netstandard1.3) (< xamarinios) (< xamarinmac) (< xamarintvos) (< xamarinwatchos)) (&& (< monoandroid) (< monotouch) (< net35) (>= netstandard1.6) (< xamarinios) (< xamarinmac) (< xamarintvos) (< xamarinwatchos)) (&& (< monoandroid) (< monotouch) (< net45) (>= netstandard1.6) (< netstandard2.0) (< xamarinmac) (< xamarintvos) (< xamarinwatchos)) (&& (< monoandroid) (< monotouch) (< net45) (>= netstandard1.6) (< win8) (< wpa81) (< xamarinios) (< xamarinmac) (< xamarintvos) (< xamarinwatchos)) (&& (< monoandroid) (< net45) (< netstandard1.6) (>= netstandard2.0) (< win8) (< wpa81)) (&& (< monoandroid) (< net45) (>= netstandard2.0) (< xamarinios)) (&& (< net45) (>= net46)) (&& (< net45) (< netstandard1.4) (>= netstandard1.6) (< win8) (< wpa81)) (&& (< net45) (< netstandard1.5) (>= netstandard1.6) (< win8) (< wpa81)) (&& (< net45) (>= netstandard1.6) (< netstandard2.0) (< win8) (< wpa81)) (&& (>= netstandard1.6) (< netstandard2.0) (>= uap10.0))
      Microsoft.NETCore.Platforms (>= 1.1) - restriction: && (< monoandroid) (< monotouch) (< net46) (>= netstandard1.3) (< xamarinios) (< xamarinmac) (< xamarintvos) (< xamarinwatchos)
      Microsoft.NETCore.Targets (>= 1.1) - restriction: && (< monoandroid) (< monotouch) (< net46) (>= netstandard1.3) (< xamarinios) (< xamarinmac) (< xamarintvos) (< xamarinwatchos)
      System.Runtime (>= 4.3) - restriction: && (< monoandroid) (< monotouch) (< net46) (>= netstandard1.3) (< xamarinios) (< xamarinmac) (< xamarintvos) (< xamarinwatchos)
    System.Runtime.InteropServices (4.3) - restriction: || (&& (>= dnxcore50) (>= net46)) (&& (>= dnxcore50) (>= netstandard1.3)) (&& (>= dnxcore50) (>= netstandard1.6)) (&& (>= dnxcore50) (>= netstandard2.0)) (&& (< monoandroid) (< monotouch) (< net35) (>= netstandard1.3) (< xamarinios) (< xamarinmac) (< xamarintvos) (< xamarinwatchos)) (&& (< monoandroid) (< monotouch) (< net35) (>= netstandard1.6) (< xamarinios) (< xamarinmac) (< xamarintvos) (< xamarinwatchos)) (&& (< monoandroid) (< monotouch) (< net45) (>= netstandard1.6) (< win8) (< wpa81) (< xamarinios) (< xamarinmac) (< xamarintvos) (< xamarinwatchos)) (&& (< monoandroid) (< net45) (< netstandard1.6) (>= netstandard2.0) (< win8) (< wpa81)) (&& (< monoandroid) (< net45) (>= netstandard2.0) (< xamarinios)) (&& (< monoandroid) (< netstandard1.0) (>= netstandard1.6) (< win8)) (&& (< net45) (>= net46)) (&& (< net45) (< netstandard1.2) (>= netstandard1.6) (< win8)) (&& (< net45) (< netstandard1.3) (>= netstandard1.6) (< win8) (< wpa81)) (&& (< net45) (< netstandard1.4) (>= netstandard1.6) (< win8) (< wpa81)) (&& (< net45) (< netstandard1.5) (>= netstandard1.6) (< win8) (< wpa81)) (&& (< net45) (>= netstandard1.6) (< netstandard2.0) (< win8) (< wpa81)) (&& (< netstandard1.0) (>= netstandard1.6) (< portable-net45+win8)) (&& (>= netstandard1.6) (< netstandard2.0) (>= uap10.0))
      Microsoft.NETCore.Platforms (>= 1.1) - restriction: || (>= dnxcore50) (&& (< monoandroid) (< monotouch) (< net45) (>= netstandard1.5) (< win8) (< wpa81) (< xamarinios) (< xamarinmac) (< xamarintvos) (< xamarinwatchos)) (&& (< monoandroid) (< net45) (>= netstandard1.1) (< netstandard1.2) (< win8)) (&& (< monoandroid) (< net45) (>= netstandard1.2) (< netstandard1.3) (< win8) (< wpa81)) (&& (< monoandroid) (< net45) (>= netstandard1.3) (< netstandard1.5) (< win8) (< wpa81)) (>= netcoreapp1.1)
      Microsoft.NETCore.Targets (>= 1.1) - restriction: || (>= dnxcore50) (&& (< monoandroid) (< monotouch) (< net45) (>= netstandard1.5) (< win8) (< wpa81) (< xamarinios) (< xamarinmac) (< xamarintvos) (< xamarinwatchos)) (&& (< monoandroid) (< net45) (>= netstandard1.1) (< netstandard1.2) (< win8)) (&& (< monoandroid) (< net45) (>= netstandard1.2) (< netstandard1.3) (< win8) (< wpa81)) (&& (< monoandroid) (< net45) (>= netstandard1.3) (< netstandard1.5) (< win8) (< wpa81)) (>= netcoreapp1.1)
      System.Reflection (>= 4.3) - restriction: || (>= dnxcore50) (&& (< monoandroid) (< monotouch) (< net45) (>= netstandard1.5) (< win8) (< wpa81) (< xamarinios) (< xamarinmac) (< xamarintvos) (< xamarinwatchos)) (&& (< monoandroid) (< net45) (>= netstandard1.1) (< netstandard1.2) (< win8)) (&& (< monoandroid) (< net45) (>= netstandard1.2) (< netstandard1.3) (< win8) (< wpa81)) (&& (< monoandroid) (< net45) (>= netstandard1.3) (< netstandard1.5) (< win8) (< wpa81)) (>= netcoreapp1.1)
      System.Reflection.Primitives (>= 4.3) - restriction: || (>= dnxcore50) (&& (< monoandroid) (< monotouch) (< net45) (>= netstandard1.5) (< win8) (< wpa81) (< xamarinios) (< xamarinmac) (< xamarintvos) (< xamarinwatchos)) (&& (< monoandroid) (< net45) (>= netstandard1.1) (< netstandard1.2) (< win8)) (&& (< monoandroid) (< net45) (>= netstandard1.2) (< netstandard1.3) (< win8) (< wpa81)) (&& (< monoandroid) (< net45) (>= netstandard1.3) (< netstandard1.5) (< win8) (< wpa81)) (>= netcoreapp1.1)
      System.Runtime (>= 4.3) - restriction: || (>= dnxcore50) (&& (< monoandroid) (< monotouch) (< net45) (>= netstandard1.5) (< win8) (< wpa81) (< xamarinios) (< xamarinmac) (< xamarintvos) (< xamarinwatchos)) (&& (< monoandroid) (< net45) (>= netstandard1.1) (< netstandard1.2) (< win8)) (&& (< monoandroid) (< net45) (>= netstandard1.2) (< netstandard1.3) (< win8) (< wpa81)) (&& (< monoandroid) (< net45) (>= netstandard1.3) (< netstandard1.5) (< win8) (< wpa81)) (>= net462) (>= netcoreapp1.1)
      System.Runtime.Handles (>= 4.3) - restriction: || (>= dnxcore50) (&& (< monoandroid) (< monotouch) (< net45) (>= netstandard1.5) (< win8) (< wpa81) (< xamarinios) (< xamarinmac) (< xamarintvos) (< xamarinwatchos)) (&& (< monoandroid) (< net45) (>= netstandard1.3) (< netstandard1.5) (< win8) (< wpa81)) (>= netcoreapp1.1)
    System.Runtime.InteropServices.RuntimeInformation (4.3) - restriction: || (&& (>= net45) (< netstandard1.3) (>= netstandard1.6)) (&& (< net45) (< netstandard1.2) (>= netstandard1.6) (< win8)) (&& (< net45) (>= netstandard1.6) (< win8) (< wpa81)) (>= net462) (&& (< netstandard1.0) (>= netstandard1.6) (< portable-net45+win8)) (&& (< netstandard1.0) (>= netstandard1.6) (>= win8)) (&& (< netstandard1.0) (>= netstandard1.6) (< win8)) (&& (< netstandard1.3) (>= netstandard1.6) (< win8) (>= wpa81)) (&& (>= netstandard1.6) (>= uap10.0)) (>= netstandard2.0)
      runtime.native.System (>= 4.3) - restriction: && (< monoandroid) (< monotouch) (< net45) (>= netstandard1.1) (< win8) (< wpa81) (< xamarinios) (< xamarinmac) (< xamarintvos) (< xamarinwatchos)
      System.Reflection (>= 4.3) - restriction: || (>= dnxcore50) (&& (< monoandroid) (< monotouch) (< net45) (>= netstandard1.1) (< win8) (< wpa81) (< xamarinios) (< xamarinmac) (< xamarintvos) (< xamarinwatchos))
      System.Reflection.Extensions (>= 4.3) - restriction: || (>= dnxcore50) (&& (< monoandroid) (< monotouch) (< net45) (>= netstandard1.1) (< win8) (< wpa81) (< xamarinios) (< xamarinmac) (< xamarintvos) (< xamarinwatchos))
      System.Resources.ResourceManager (>= 4.3) - restriction: || (>= dnxcore50) (&& (< monoandroid) (< monotouch) (< net45) (>= netstandard1.1) (< win8) (< wpa81) (< xamarinios) (< xamarinmac) (< xamarintvos) (< xamarinwatchos))
      System.Runtime (>= 4.3) - restriction: || (>= dnxcore50) (&& (< monoandroid) (< monotouch) (< net45) (>= netstandard1.1) (< win8) (< wpa81) (< xamarinios) (< xamarinmac) (< xamarintvos) (< xamarinwatchos))
      System.Runtime.InteropServices (>= 4.3) - restriction: && (< monoandroid) (< monotouch) (< net45) (>= netstandard1.1) (< win8) (< wpa81) (< xamarinios) (< xamarinmac) (< xamarintvos) (< xamarinwatchos)
      System.Threading (>= 4.3) - restriction: || (>= dnxcore50) (&& (< monoandroid) (< monotouch) (< net45) (>= netstandard1.1) (< win8) (< wpa81) (< xamarinios) (< xamarinmac) (< xamarintvos) (< xamarinwatchos))
    System.Runtime.InteropServices.WindowsRuntime (4.3) - restriction: && (< net46) (>= netstandard2.0) (< uap10.0)
      System.Runtime (>= 4.3) - restriction: || (>= dnxcore50) (&& (< monoandroid) (< monotouch) (< net45) (>= netstandard1.0) (< win8) (< wp8) (< wpa81) (< xamarinios) (< xamarinmac) (< xamarintvos) (< xamarinwatchos))
    System.Runtime.Loader (4.3) - restriction: || (&& (< net46) (>= netstandard2.0)) (>= netcoreapp2.1)
      System.IO (>= 4.3) - restriction: && (< monoandroid) (< monotouch) (< net462) (>= netstandard1.5) (< xamarinios) (< xamarinmac) (< xamarintvos) (< xamarinwatchos)
      System.Reflection (>= 4.3) - restriction: && (< monoandroid) (< monotouch) (< net462) (>= netstandard1.5) (< xamarinios) (< xamarinmac) (< xamarintvos) (< xamarinwatchos)
      System.Runtime (>= 4.3) - restriction: && (< monoandroid) (< monotouch) (< net462) (>= netstandard1.5) (< xamarinios) (< xamarinmac) (< xamarintvos) (< xamarinwatchos)
    System.Runtime.Numerics (4.3) - restriction: || (>= net46) (>= netstandard1.6)
      System.Globalization (>= 4.3) - restriction: || (>= dnxcore50) (&& (< monoandroid) (< monotouch) (< net45) (>= netstandard1.3) (< win8) (< wpa81) (< xamarinios) (< xamarinmac) (< xamarintvos) (< xamarinwatchos))
      System.Resources.ResourceManager (>= 4.3) - restriction: || (>= dnxcore50) (&& (< monoandroid) (< monotouch) (< net45) (>= netstandard1.3) (< win8) (< wpa81) (< xamarinios) (< xamarinmac) (< xamarintvos) (< xamarinwatchos))
      System.Runtime (>= 4.3) - restriction: || (>= dnxcore50) (&& (< monoandroid) (< monotouch) (< net45) (>= netstandard1.3) (< win8) (< wpa81) (< xamarinios) (< xamarinmac) (< xamarintvos) (< xamarinwatchos)) (&& (< monoandroid) (< net45) (>= netstandard1.1) (< netstandard1.3) (< win8) (< wpa81))
      System.Runtime.Extensions (>= 4.3) - restriction: || (>= dnxcore50) (&& (< monoandroid) (< monotouch) (< net45) (>= netstandard1.3) (< win8) (< wpa81) (< xamarinios) (< xamarinmac) (< xamarintvos) (< xamarinwatchos))
    System.Runtime.Serialization.Formatters (4.3) - restriction: && (< net20) (>= netstandard1.3) (< netstandard2.0)
      System.Collections (>= 4.3) - restriction: && (< monoandroid) (< monotouch) (< net46) (>= netstandard1.4) (< xamarinios) (< xamarinmac) (< xamarintvos) (< xamarinwatchos)
      System.Reflection (>= 4.3) - restriction: && (< monoandroid) (< monotouch) (< net46) (>= netstandard1.4) (< xamarinios) (< xamarinmac) (< xamarintvos) (< xamarinwatchos)
      System.Resources.ResourceManager (>= 4.3) - restriction: && (< monoandroid) (< monotouch) (< net46) (>= netstandard1.4) (< xamarinios) (< xamarinmac) (< xamarintvos) (< xamarinwatchos)
      System.Runtime (>= 4.3) - restriction: || (&& (< monoandroid) (< monotouch) (< net46) (>= netstandard1.4) (< xamarinios) (< xamarinmac) (< xamarintvos) (< xamarinwatchos)) (&& (< monoandroid) (< net46) (>= netstandard1.3) (< netstandard1.4))
      System.Runtime.Serialization.Primitives (>= 4.3) - restriction: || (&& (< monoandroid) (< monotouch) (>= netstandard1.4) (< xamarinios) (< xamarinmac) (< xamarintvos) (< xamarinwatchos)) (&& (< monoandroid) (>= netstandard1.3) (< netstandard1.4)) (>= net46)
    System.Runtime.Serialization.Primitives (4.3) - restriction: || (&& (< monoandroid) (< monotouch) (< net20) (>= netstandard1.4) (< netstandard2.0) (< xamarinmac) (< xamarintvos) (< xamarinwatchos)) (&& (< monoandroid) (< net20) (>= netstandard1.3) (< netstandard1.4)) (&& (< net20) (>= net46) (< netstandard2.0)) (&& (< net20) (>= netstandard1.0) (< netstandard1.3)) (&& (< net20) (>= netstandard1.3) (< netstandard2.0)) (&& (< net46) (>= netstandard2.0))
      System.Resources.ResourceManager (>= 4.3) - restriction: || (>= dnxcore50) (&& (< monoandroid) (< monotouch) (< net45) (>= netstandard1.3) (< win8) (< wpa81) (< xamarinios) (< xamarinmac) (< xamarintvos) (< xamarinwatchos))
      System.Runtime (>= 4.3) - restriction: || (>= dnxcore50) (&& (< monoandroid) (< monotouch) (< net45) (>= netstandard1.3) (< win8) (< wpa81) (< xamarinios) (< xamarinmac) (< xamarintvos) (< xamarinwatchos)) (&& (< monoandroid) (< net45) (>= netstandard1.0) (< netstandard1.3) (< win8) (< wp8) (< wpa81))
    System.Security.AccessControl (4.5) - restriction: || (&& (< monoandroid) (< net46) (>= netstandard2.0) (< xamarinios)) (&& (>= monotouch) (>= netstandard2.0)) (&& (< net46) (>= net461) (>= netstandard2.0)) (>= netcoreapp2.0) (&& (>= netstandard2.0) (>= xamarinmac)) (&& (>= netstandard2.0) (>= xamarintvos)) (&& (>= netstandard2.0) (>= xamarinwatchos))
      Microsoft.NETCore.Platforms (>= 2.0) - restriction: >= netcoreapp2.0
      System.Security.Principal.Windows (>= 4.5) - restriction: || (&& (< net46) (>= netstandard2.0)) (>= net461) (>= netcoreapp2.0)
    System.Security.Cryptography.Algorithms (4.3.1) - restriction: || (&& (>= dnxcore50) (>= netstandard1.6)) (&& (< net35) (>= netstandard1.3)) (&& (< net45) (>= net461) (>= netstandard1.6)) (&& (< net45) (>= netstandard1.6) (< win8) (< wpa81)) (>= net46) (&& (>= netstandard1.6) (>= uap10.0)) (>= netstandard2.0)
      Microsoft.NETCore.Platforms (>= 1.1) - restriction: || (>= dnxcore50) (&& (< monoandroid) (< monotouch) (< net46) (>= netstandard1.6) (< xamarinios) (< xamarinmac) (< xamarintvos) (< xamarinwatchos))
      runtime.native.System.Security.Cryptography.Apple (>= 4.3.1) - restriction: && (< monoandroid) (< monotouch) (< net46) (>= netstandard1.6) (< xamarinios) (< xamarinmac) (< xamarintvos) (< xamarinwatchos)
      runtime.native.System.Security.Cryptography.OpenSsl (>= 4.3.2) - restriction: && (< monoandroid) (< monotouch) (< net46) (>= netstandard1.6) (< xamarinios) (< xamarinmac) (< xamarintvos) (< xamarinwatchos)
      System.Collections (>= 4.3) - restriction: && (< monoandroid) (< monotouch) (< net46) (>= netstandard1.6) (< xamarinios) (< xamarinmac) (< xamarintvos) (< xamarinwatchos)
      System.IO (>= 4.3) - restriction: || (>= dnxcore50) (&& (< monoandroid) (< monotouch) (< net46) (>= netstandard1.6) (< xamarinios) (< xamarinmac) (< xamarintvos) (< xamarinwatchos)) (&& (< monoandroid) (< net46) (>= netstandard1.3) (< netstandard1.4)) (&& (< monoandroid) (< net46) (>= netstandard1.4) (< netstandard1.6)) (>= net463)
      System.Resources.ResourceManager (>= 4.3) - restriction: || (>= dnxcore50) (&& (< monoandroid) (< monotouch) (< net46) (>= netstandard1.6) (< xamarinios) (< xamarinmac) (< xamarintvos) (< xamarinwatchos))
      System.Runtime (>= 4.3) - restriction: || (>= dnxcore50) (&& (< monoandroid) (< monotouch) (< net46) (>= netstandard1.6) (< xamarinios) (< xamarinmac) (< xamarintvos) (< xamarinwatchos)) (&& (< monoandroid) (< net46) (>= netstandard1.3) (< netstandard1.4)) (&& (< monoandroid) (< net46) (>= netstandard1.4) (< netstandard1.6)) (>= net463)
      System.Runtime.Extensions (>= 4.3) - restriction: || (>= dnxcore50) (&& (< monoandroid) (< monotouch) (< net46) (>= netstandard1.6) (< xamarinios) (< xamarinmac) (< xamarintvos) (< xamarinwatchos))
      System.Runtime.Handles (>= 4.3) - restriction: || (>= dnxcore50) (&& (< monoandroid) (< monotouch) (< net46) (>= netstandard1.6) (< xamarinios) (< xamarinmac) (< xamarintvos) (< xamarinwatchos))
      System.Runtime.InteropServices (>= 4.3) - restriction: || (>= dnxcore50) (&& (< monoandroid) (< monotouch) (< net46) (>= netstandard1.6) (< xamarinios) (< xamarinmac) (< xamarintvos) (< xamarinwatchos))
      System.Runtime.Numerics (>= 4.3) - restriction: && (< monoandroid) (< monotouch) (< net46) (>= netstandard1.6) (< xamarinios) (< xamarinmac) (< xamarintvos) (< xamarinwatchos)
      System.Security.Cryptography.Encoding (>= 4.3) - restriction: || (>= dnxcore50) (&& (< monoandroid) (< monotouch) (< net46) (>= netstandard1.6) (< xamarinios) (< xamarinmac) (< xamarintvos) (< xamarinwatchos)) (>= net463)
      System.Security.Cryptography.Primitives (>= 4.3) - restriction: || (>= dnxcore50) (&& (< monoandroid) (< monotouch) (< net46) (>= netstandard1.6) (< xamarinios) (< xamarinmac) (< xamarintvos) (< xamarinwatchos)) (&& (< monoandroid) (< net46) (>= netstandard1.3) (< netstandard1.4)) (&& (< monoandroid) (< net46) (>= netstandard1.4) (< netstandard1.6)) (&& (>= net46) (< netstandard1.4)) (&& (>= net461) (< netstandard1.6)) (>= net463)
      System.Text.Encoding (>= 4.3) - restriction: || (>= dnxcore50) (&& (< monoandroid) (< monotouch) (< net46) (>= netstandard1.6) (< xamarinios) (< xamarinmac) (< xamarintvos) (< xamarinwatchos))
    System.Security.Cryptography.Cng (4.5) - restriction: || (&& (>= dnxcore50) (>= netstandard1.6)) (&& (< monoandroid) (< monotouch) (< net45) (>= netstandard1.6) (< netstandard2.0) (< win8) (< wpa81) (< xamarinmac) (< xamarintvos) (< xamarinwatchos)) (&& (< monoandroid) (< net45) (< netstandard1.4) (>= netstandard1.6) (< win8) (< wpa81)) (&& (< monoandroid) (< net45) (< netstandard1.5) (>= netstandard1.6) (< win8) (< wpa81)) (&& (>= netstandard1.6) (< netstandard2.0) (>= uap10.0))
      System.IO (>= 4.3) - restriction: || (&& (< monoandroid) (< monotouch) (< net46) (>= netstandard1.6) (< netstandard2.0) (< xamarinmac) (< xamarintvos) (< xamarinwatchos)) (&& (< monoandroid) (< net46) (>= netstandard1.3) (< netstandard1.4)) (&& (< monoandroid) (< net46) (>= netstandard1.4) (< netstandard1.6) (< uap10.1))
      System.Resources.ResourceManager (>= 4.3) - restriction: || (&& (< monoandroid) (< monotouch) (< net46) (>= netstandard1.6) (< netstandard2.0) (< xamarinmac) (< xamarintvos) (< xamarinwatchos)) (&& (< monoandroid) (< net46) (>= netstandard1.3) (< netstandard1.4)) (&& (< monoandroid) (< net46) (>= netstandard1.4) (< netstandard1.6) (< uap10.1))
      System.Runtime (>= 4.3) - restriction: || (&& (< monoandroid) (< monotouch) (< net46) (>= netstandard1.6) (< netstandard2.0) (< xamarinmac) (< xamarintvos) (< xamarinwatchos)) (&& (< monoandroid) (< net46) (>= netstandard1.3) (< netstandard1.4)) (&& (< monoandroid) (< net46) (>= netstandard1.4) (< netstandard1.6) (< uap10.1))
      System.Runtime.Extensions (>= 4.3) - restriction: || (&& (< monoandroid) (< monotouch) (< net46) (>= netstandard1.6) (< netstandard2.0) (< xamarinmac) (< xamarintvos) (< xamarinwatchos)) (&& (< monoandroid) (< net46) (>= netstandard1.4) (< netstandard1.6) (< uap10.1))
      System.Runtime.Handles (>= 4.3) - restriction: || (&& (< monoandroid) (< monotouch) (< net46) (>= netstandard1.6) (< netstandard2.0) (< xamarinmac) (< xamarintvos) (< xamarinwatchos)) (&& (< monoandroid) (< net46) (>= netstandard1.3) (< netstandard1.4)) (&& (< monoandroid) (< net46) (>= netstandard1.4) (< netstandard1.6) (< uap10.1))
      System.Runtime.InteropServices (>= 4.3) - restriction: || (&& (< monoandroid) (< monotouch) (< net46) (>= netstandard1.6) (< netstandard2.0) (< xamarinmac) (< xamarintvos) (< xamarinwatchos)) (&& (< monoandroid) (< net46) (>= netstandard1.3) (< netstandard1.4)) (&& (< monoandroid) (< net46) (>= netstandard1.4) (< netstandard1.6) (< uap10.1))
      System.Security.Cryptography.Algorithms (>= 4.3) - restriction: || (&& (< monoandroid) (< monotouch) (< net46) (>= netstandard1.6) (< netstandard2.0) (< xamarinmac) (< xamarintvos) (< xamarinwatchos)) (&& (< monoandroid) (< net46) (>= netstandard1.3) (< netstandard1.4)) (&& (< monoandroid) (< net46) (>= netstandard1.4) (< netstandard1.6) (< uap10.1)) (&& (>= net46) (< netstandard1.4))
      System.Security.Cryptography.Encoding (>= 4.3) - restriction: || (&& (< monoandroid) (< monotouch) (< net46) (>= netstandard1.6) (< netstandard2.0) (< xamarinmac) (< xamarintvos) (< xamarinwatchos)) (&& (< monoandroid) (< net46) (>= netstandard1.4) (< netstandard1.6) (< uap10.1))
      System.Security.Cryptography.Primitives (>= 4.3) - restriction: || (&& (< monoandroid) (< monotouch) (< net46) (>= netstandard1.6) (< netstandard2.0) (< xamarinmac) (< xamarintvos) (< xamarinwatchos)) (&& (< monoandroid) (< net46) (>= netstandard1.3) (< netstandard1.4)) (&& (< monoandroid) (< net46) (>= netstandard1.4) (< netstandard1.6) (< uap10.1)) (&& (>= net46) (< netstandard1.4))
      System.Text.Encoding (>= 4.3) - restriction: || (&& (< monoandroid) (< monotouch) (< net46) (>= netstandard1.6) (< netstandard2.0) (< xamarinmac) (< xamarintvos) (< xamarinwatchos)) (&& (< monoandroid) (< net46) (>= netstandard1.4) (< netstandard1.6) (< uap10.1))
    System.Security.Cryptography.Csp (4.3) - restriction: || (&& (< monoandroid) (< monotouch) (< net45) (>= netstandard1.6) (< netstandard2.0) (< win8) (< wpa81) (< xamarinmac) (< xamarintvos) (< xamarinwatchos)) (&& (< monoandroid) (< net45) (< netstandard1.4) (>= netstandard1.6) (< win8) (< wpa81)) (&& (< monoandroid) (< net45) (< netstandard1.5) (>= netstandard1.6) (< win8) (< wpa81)) (&& (< net35) (>= netstandard1.3)) (&& (>= netstandard1.6) (< netstandard2.0) (>= uap10.0))
      Microsoft.NETCore.Platforms (>= 1.1) - restriction: && (< monoandroid) (< monotouch) (< net46) (>= netstandard1.3) (< xamarinios) (< xamarinmac) (< xamarintvos) (< xamarinwatchos)
      System.IO (>= 4.3) - restriction: && (< monoandroid) (< monotouch) (< net46) (>= netstandard1.3) (< xamarinios) (< xamarinmac) (< xamarintvos) (< xamarinwatchos)
      System.Reflection (>= 4.3) - restriction: && (< monoandroid) (< monotouch) (< net46) (>= netstandard1.3) (< xamarinios) (< xamarinmac) (< xamarintvos) (< xamarinwatchos)
      System.Resources.ResourceManager (>= 4.3) - restriction: && (< monoandroid) (< monotouch) (< net46) (>= netstandard1.3) (< xamarinios) (< xamarinmac) (< xamarintvos) (< xamarinwatchos)
      System.Runtime (>= 4.3) - restriction: && (< monoandroid) (< monotouch) (< net46) (>= netstandard1.3) (< xamarinios) (< xamarinmac) (< xamarintvos) (< xamarinwatchos)
      System.Runtime.Extensions (>= 4.3) - restriction: && (< monoandroid) (< monotouch) (< net46) (>= netstandard1.3) (< xamarinios) (< xamarinmac) (< xamarintvos) (< xamarinwatchos)
      System.Runtime.Handles (>= 4.3) - restriction: && (< monoandroid) (< monotouch) (< net46) (>= netstandard1.3) (< xamarinios) (< xamarinmac) (< xamarintvos) (< xamarinwatchos)
      System.Runtime.InteropServices (>= 4.3) - restriction: && (< monoandroid) (< monotouch) (< net46) (>= netstandard1.3) (< xamarinios) (< xamarinmac) (< xamarintvos) (< xamarinwatchos)
      System.Security.Cryptography.Algorithms (>= 4.3) - restriction: || (&& (< monoandroid) (< monotouch) (>= netstandard1.3) (< xamarinios) (< xamarinmac) (< xamarintvos) (< xamarinwatchos)) (>= net46)
      System.Security.Cryptography.Encoding (>= 4.3) - restriction: && (< monoandroid) (< monotouch) (< net46) (>= netstandard1.3) (< xamarinios) (< xamarinmac) (< xamarintvos) (< xamarinwatchos)
      System.Security.Cryptography.Primitives (>= 4.3) - restriction: || (&& (< monoandroid) (< monotouch) (>= netstandard1.3) (< xamarinios) (< xamarinmac) (< xamarintvos) (< xamarinwatchos)) (>= net46)
      System.Text.Encoding (>= 4.3) - restriction: && (< monoandroid) (< monotouch) (< net46) (>= netstandard1.3) (< xamarinios) (< xamarinmac) (< xamarintvos) (< xamarinwatchos)
      System.Threading (>= 4.3) - restriction: && (< monoandroid) (< monotouch) (< net46) (>= netstandard1.3) (< xamarinios) (< xamarinmac) (< xamarintvos) (< xamarinwatchos)
    System.Security.Cryptography.Encoding (4.3) - restriction: || (&& (>= dnxcore50) (>= netstandard1.3)) (&& (>= dnxcore50) (>= netstandard1.6)) (&& (< monoandroid) (< monotouch) (< net35) (>= netstandard1.3) (< xamarinios) (< xamarinmac) (< xamarintvos) (< xamarinwatchos)) (&& (< monoandroid) (< monotouch) (< net35) (>= netstandard1.6) (< xamarinios) (< xamarinmac) (< xamarintvos) (< xamarinwatchos)) (&& (< monoandroid) (< net45) (< netstandard1.6) (>= netstandard2.0) (< win8) (< wpa81)) (&& (< monoandroid) (< net45) (>= netstandard2.0) (< xamarinios)) (&& (< net35) (>= net463)) (&& (< net45) (>= net46) (>= netstandard1.6)) (&& (< net45) (>= net46) (< netstandard1.6)) (&& (< net45) (>= net461) (< netstandard1.4) (>= netstandard1.6)) (&& (< net45) (>= net461) (< netstandard1.5) (>= netstandard1.6)) (&& (< net45) (>= net461) (>= netstandard1.6) (< netstandard2.0)) (&& (< net45) (< netstandard1.4) (>= netstandard1.6) (< win8) (< wpa81)) (&& (< net45) (< netstandard1.5) (>= netstandard1.6) (< win8) (< wpa81)) (&& (< net45) (>= netstandard1.6) (< netstandard2.0) (< win8) (< wpa81)) (&& (< netstandard1.4) (>= netstandard1.6) (>= uap10.0)) (&& (>= netstandard1.6) (< netstandard2.0) (>= uap10.0))
      Microsoft.NETCore.Platforms (>= 1.1) - restriction: && (< monoandroid) (< monotouch) (< net46) (>= netstandard1.3) (< xamarinios) (< xamarinmac) (< xamarintvos) (< xamarinwatchos)
      runtime.native.System.Security.Cryptography.OpenSsl (>= 4.3) - restriction: && (< monoandroid) (< monotouch) (< net46) (>= netstandard1.3) (< xamarinios) (< xamarinmac) (< xamarintvos) (< xamarinwatchos)
      System.Collections (>= 4.3) - restriction: && (< monoandroid) (< monotouch) (< net46) (>= netstandard1.3) (< xamarinios) (< xamarinmac) (< xamarintvos) (< xamarinwatchos)
      System.Collections.Concurrent (>= 4.3) - restriction: && (< monoandroid) (< monotouch) (< net46) (>= netstandard1.3) (< xamarinios) (< xamarinmac) (< xamarintvos) (< xamarinwatchos)
      System.Linq (>= 4.3) - restriction: && (< monoandroid) (< monotouch) (< net46) (>= netstandard1.3) (< xamarinios) (< xamarinmac) (< xamarintvos) (< xamarinwatchos)
      System.Resources.ResourceManager (>= 4.3) - restriction: && (< monoandroid) (< monotouch) (< net46) (>= netstandard1.3) (< xamarinios) (< xamarinmac) (< xamarintvos) (< xamarinwatchos)
      System.Runtime (>= 4.3) - restriction: && (< monoandroid) (< monotouch) (< net46) (>= netstandard1.3) (< xamarinios) (< xamarinmac) (< xamarintvos) (< xamarinwatchos)
      System.Runtime.Extensions (>= 4.3) - restriction: && (< monoandroid) (< monotouch) (< net46) (>= netstandard1.3) (< xamarinios) (< xamarinmac) (< xamarintvos) (< xamarinwatchos)
      System.Runtime.Handles (>= 4.3) - restriction: && (< monoandroid) (< monotouch) (< net46) (>= netstandard1.3) (< xamarinios) (< xamarinmac) (< xamarintvos) (< xamarinwatchos)
      System.Runtime.InteropServices (>= 4.3) - restriction: && (< monoandroid) (< monotouch) (< net46) (>= netstandard1.3) (< xamarinios) (< xamarinmac) (< xamarintvos) (< xamarinwatchos)
      System.Security.Cryptography.Primitives (>= 4.3) - restriction: && (< monoandroid) (< monotouch) (< net46) (>= netstandard1.3) (< xamarinios) (< xamarinmac) (< xamarintvos) (< xamarinwatchos)
      System.Text.Encoding (>= 4.3) - restriction: && (< monoandroid) (< monotouch) (< net46) (>= netstandard1.3) (< xamarinios) (< xamarinmac) (< xamarintvos) (< xamarinwatchos)
    System.Security.Cryptography.OpenSsl (4.5) - restriction: || (&& (< monoandroid) (< monotouch) (< net45) (>= netstandard1.6) (< netstandard2.0) (< win8) (< wpa81) (< xamarinmac) (< xamarintvos) (< xamarinwatchos)) (&& (< monoandroid) (< net45) (< netstandard1.4) (>= netstandard1.6) (< win8) (< wpa81)) (&& (< monoandroid) (< net45) (< netstandard1.5) (>= netstandard1.6) (< win8) (< wpa81)) (&& (< monoandroid) (< net45) (>= netstandard2.0) (< xamarinios)) (&& (< net45) (>= net46) (>= netstandard1.6)) (&& (>= netstandard1.6) (< netstandard2.0) (>= uap10.0))
      Microsoft.NETCore.Platforms (>= 2.0) - restriction: && (>= netcoreapp2.0) (< netcoreapp2.1)
    System.Security.Cryptography.Primitives (4.3) - restriction: || (&& (>= dnxcore50) (>= netstandard1.3)) (&& (< monoandroid) (< monotouch) (< net35) (>= netstandard1.6) (< xamarinios) (< xamarinmac) (< xamarintvos) (< xamarinwatchos)) (&& (< monoandroid) (< net35) (>= netstandard1.3) (< netstandard1.4)) (&& (< monoandroid) (< net35) (>= netstandard1.4) (< netstandard1.6)) (&& (< monoandroid) (< net45) (>= netstandard2.0) (< xamarinios)) (&& (< net35) (>= net46) (< netstandard1.4)) (&& (< net35) (>= net461) (< netstandard1.6)) (&& (< net35) (>= net463)) (&& (< net45) (>= net46) (>= netstandard1.6)) (&& (< net45) (< netstandard1.4) (>= netstandard1.6) (< win8) (< wpa81)) (&& (< net45) (< netstandard1.5) (>= netstandard1.6) (< win8) (< wpa81)) (&& (< net45) (>= netstandard1.6) (< netstandard2.0) (< win8) (< wpa81)) (&& (>= netstandard1.6) (< netstandard2.0) (>= uap10.0))
      System.Diagnostics.Debug (>= 4.3) - restriction: && (< monoandroid) (< monotouch) (< net46) (>= netstandard1.3) (< xamarinios) (< xamarinmac) (< xamarintvos) (< xamarinwatchos)
      System.Globalization (>= 4.3) - restriction: && (< monoandroid) (< monotouch) (< net46) (>= netstandard1.3) (< xamarinios) (< xamarinmac) (< xamarintvos) (< xamarinwatchos)
      System.IO (>= 4.3) - restriction: && (< monoandroid) (< monotouch) (< net46) (>= netstandard1.3) (< xamarinios) (< xamarinmac) (< xamarintvos) (< xamarinwatchos)
      System.Resources.ResourceManager (>= 4.3) - restriction: && (< monoandroid) (< monotouch) (< net46) (>= netstandard1.3) (< xamarinios) (< xamarinmac) (< xamarintvos) (< xamarinwatchos)
      System.Runtime (>= 4.3) - restriction: && (< monoandroid) (< monotouch) (< net46) (>= netstandard1.3) (< xamarinios) (< xamarinmac) (< xamarintvos) (< xamarinwatchos)
      System.Threading (>= 4.3) - restriction: && (< monoandroid) (< monotouch) (< net46) (>= netstandard1.3) (< xamarinios) (< xamarinmac) (< xamarintvos) (< xamarinwatchos)
      System.Threading.Tasks (>= 4.3) - restriction: && (< monoandroid) (< monotouch) (< net46) (>= netstandard1.3) (< xamarinios) (< xamarinmac) (< xamarintvos) (< xamarinwatchos)
    System.Security.Cryptography.ProtectedData (4.5) - restriction: && (< net45) (>= netstandard2.0)
      System.Memory (>= 4.5) - restriction: && (< net46) (< netcoreapp2.1) (>= netstandard2.0) (< xamarinios)
    System.Security.Cryptography.X509Certificates (4.3.2) - restriction: || (&& (>= dnxcore50) (>= netstandard2.0)) (&& (< monoandroid) (< net45) (< netstandard1.6) (>= netstandard2.0) (< win8) (< wpa81)) (&& (< monoandroid) (< net45) (>= netstandard2.0) (< xamarinios)) (&& (< net45) (< netstandard1.4) (>= netstandard1.6) (< win8) (< wpa81)) (&& (< net45) (< netstandard1.5) (>= netstandard1.6) (< win8) (< wpa81)) (&& (< net45) (>= netstandard1.6) (< netstandard2.0) (< win8) (< wpa81)) (>= net46) (&& (>= netstandard1.6) (< netstandard2.0) (>= uap10.0))
      Microsoft.NETCore.Platforms (>= 1.1) - restriction: || (>= dnxcore50) (&& (< monoandroid) (< monotouch) (< net46) (>= netstandard1.6) (< xamarinios) (< xamarinmac) (< xamarintvos) (< xamarinwatchos))
      runtime.native.System (>= 4.3) - restriction: && (< monoandroid) (< monotouch) (< net46) (>= netstandard1.6) (< xamarinios) (< xamarinmac) (< xamarintvos) (< xamarinwatchos)
      runtime.native.System.Net.Http (>= 4.3) - restriction: && (< monoandroid) (< monotouch) (< net46) (>= netstandard1.6) (< xamarinios) (< xamarinmac) (< xamarintvos) (< xamarinwatchos)
      runtime.native.System.Security.Cryptography.OpenSsl (>= 4.3.2) - restriction: && (< monoandroid) (< monotouch) (< net46) (>= netstandard1.6) (< xamarinios) (< xamarinmac) (< xamarintvos) (< xamarinwatchos)
      System.Collections (>= 4.3) - restriction: || (>= dnxcore50) (&& (< monoandroid) (< monotouch) (< net46) (>= netstandard1.6) (< xamarinios) (< xamarinmac) (< xamarintvos) (< xamarinwatchos))
      System.Diagnostics.Debug (>= 4.3) - restriction: && (< monoandroid) (< monotouch) (< net46) (>= netstandard1.6) (< xamarinios) (< xamarinmac) (< xamarintvos) (< xamarinwatchos)
      System.Globalization (>= 4.3) - restriction: || (>= dnxcore50) (&& (< monoandroid) (< monotouch) (< net46) (>= netstandard1.6) (< xamarinios) (< xamarinmac) (< xamarintvos) (< xamarinwatchos))
      System.Globalization.Calendars (>= 4.3) - restriction: || (>= dnxcore50) (&& (< monoandroid) (< monotouch) (< net46) (>= netstandard1.6) (< xamarinios) (< xamarinmac) (< xamarintvos) (< xamarinwatchos))
      System.IO (>= 4.3) - restriction: || (>= dnxcore50) (&& (< monoandroid) (< monotouch) (< net46) (>= netstandard1.6) (< xamarinios) (< xamarinmac) (< xamarintvos) (< xamarinwatchos))
      System.IO.FileSystem (>= 4.3) - restriction: || (>= dnxcore50) (&& (< monoandroid) (< monotouch) (< net46) (>= netstandard1.6) (< xamarinios) (< xamarinmac) (< xamarintvos) (< xamarinwatchos))
      System.IO.FileSystem.Primitives (>= 4.3) - restriction: && (< monoandroid) (< monotouch) (< net46) (>= netstandard1.6) (< xamarinios) (< xamarinmac) (< xamarintvos) (< xamarinwatchos)
      System.Resources.ResourceManager (>= 4.3) - restriction: || (>= dnxcore50) (&& (< monoandroid) (< monotouch) (< net46) (>= netstandard1.6) (< xamarinios) (< xamarinmac) (< xamarintvos) (< xamarinwatchos))
      System.Runtime (>= 4.3) - restriction: || (>= dnxcore50) (&& (< monoandroid) (< monotouch) (< net46) (>= netstandard1.6) (< xamarinios) (< xamarinmac) (< xamarintvos) (< xamarinwatchos)) (&& (< monoandroid) (< net46) (>= netstandard1.3) (< netstandard1.4)) (&& (< monoandroid) (< net46) (>= netstandard1.4) (< netstandard1.6))
      System.Runtime.Extensions (>= 4.3) - restriction: || (>= dnxcore50) (&& (< monoandroid) (< monotouch) (< net46) (>= netstandard1.6) (< xamarinios) (< xamarinmac) (< xamarintvos) (< xamarinwatchos))
      System.Runtime.Handles (>= 4.3) - restriction: || (>= dnxcore50) (&& (< monoandroid) (< monotouch) (< net46) (>= netstandard1.6) (< xamarinios) (< xamarinmac) (< xamarintvos) (< xamarinwatchos)) (&& (< monoandroid) (< net46) (>= netstandard1.3) (< netstandard1.4)) (&& (< monoandroid) (< net46) (>= netstandard1.4) (< netstandard1.6))
      System.Runtime.InteropServices (>= 4.3) - restriction: || (>= dnxcore50) (&& (< monoandroid) (< monotouch) (< net46) (>= netstandard1.6) (< xamarinios) (< xamarinmac) (< xamarintvos) (< xamarinwatchos))
      System.Runtime.Numerics (>= 4.3) - restriction: || (>= dnxcore50) (&& (< monoandroid) (< monotouch) (< net46) (>= netstandard1.6) (< xamarinios) (< xamarinmac) (< xamarintvos) (< xamarinwatchos))
      System.Security.Cryptography.Algorithms (>= 4.3) - restriction: || (>= dnxcore50) (&& (< monoandroid) (< monotouch) (< net46) (>= netstandard1.6) (< xamarinios) (< xamarinmac) (< xamarintvos) (< xamarinwatchos)) (&& (< monoandroid) (< net46) (>= netstandard1.3) (< netstandard1.4)) (&& (< monoandroid) (< net46) (>= netstandard1.4) (< netstandard1.6)) (&& (>= net46) (< netstandard1.4)) (>= net461)
      System.Security.Cryptography.Cng (>= 4.3) - restriction: || (>= dnxcore50) (&& (< monoandroid) (< monotouch) (< net46) (>= netstandard1.6) (< xamarinios) (< xamarinmac) (< xamarintvos) (< xamarinwatchos))
      System.Security.Cryptography.Csp (>= 4.3) - restriction: && (< monoandroid) (< monotouch) (< net46) (>= netstandard1.6) (< xamarinios) (< xamarinmac) (< xamarintvos) (< xamarinwatchos)
      System.Security.Cryptography.Encoding (>= 4.3) - restriction: || (>= dnxcore50) (&& (< monoandroid) (< monotouch) (< net46) (>= netstandard1.6) (< xamarinios) (< xamarinmac) (< xamarintvos) (< xamarinwatchos)) (&& (< monoandroid) (< net46) (>= netstandard1.3) (< netstandard1.4)) (&& (< monoandroid) (< net46) (>= netstandard1.4) (< netstandard1.6)) (&& (>= net46) (< netstandard1.4)) (>= net461)
      System.Security.Cryptography.OpenSsl (>= 4.3) - restriction: && (< monoandroid) (< monotouch) (< net46) (>= netstandard1.6) (< xamarinios) (< xamarinmac) (< xamarintvos) (< xamarinwatchos)
      System.Security.Cryptography.Primitives (>= 4.3) - restriction: || (>= dnxcore50) (&& (< monoandroid) (< monotouch) (< net46) (>= netstandard1.6) (< xamarinios) (< xamarinmac) (< xamarintvos) (< xamarinwatchos))
      System.Text.Encoding (>= 4.3) - restriction: || (>= dnxcore50) (&& (< monoandroid) (< monotouch) (< net46) (>= netstandard1.6) (< xamarinios) (< xamarinmac) (< xamarintvos) (< xamarinwatchos))
      System.Threading (>= 4.3) - restriction: || (>= dnxcore50) (&& (< monoandroid) (< monotouch) (< net46) (>= netstandard1.6) (< xamarinios) (< xamarinmac) (< xamarintvos) (< xamarinwatchos))
    System.Security.Principal.Windows (4.5.1) - restriction: || (&& (< monoandroid) (< net46) (>= netstandard2.0) (< xamarinios)) (&& (>= monotouch) (>= netstandard2.0)) (&& (< net46) (>= net461) (>= netstandard2.0)) (>= netcoreapp2.0) (&& (>= netstandard2.0) (>= xamarinmac)) (&& (>= netstandard2.0) (>= xamarintvos)) (&& (>= netstandard2.0) (>= xamarinwatchos))
      Microsoft.NETCore.Platforms (>= 2.0) - restriction: >= netcoreapp2.0
    System.Text.Encoding (4.3) - restriction: || (&& (>= dnxcore50) (>= net46)) (&& (>= dnxcore50) (>= netstandard1.6)) (&& (>= dnxcore50) (>= netstandard2.0)) (&& (< monoandroid) (< monotouch) (< net35) (>= netstandard1.3) (< xamarinios) (< xamarinmac) (< xamarintvos) (< xamarinwatchos)) (&& (< monoandroid) (< monotouch) (< net45) (>= netstandard1.6) (< win8) (< wpa81) (< xamarinios) (< xamarinmac) (< xamarintvos) (< xamarinwatchos)) (&& (< monoandroid) (< monotouch) (< net46) (>= netstandard1.6) (< xamarinios) (< xamarinmac) (< xamarintvos) (< xamarinwatchos)) (&& (< monoandroid) (< net45) (< netstandard1.3) (>= netstandard2.0) (< win8) (< wpa81)) (&& (< monoandroid) (< net45) (< netstandard1.6) (>= netstandard2.0) (< win8) (< wpa81)) (&& (< monoandroid) (< net45) (>= netstandard2.0) (< xamarinios)) (&& (< net45) (>= net46)) (&& (< net45) (< netstandard1.2) (>= netstandard1.6) (< win8)) (&& (< net45) (< netstandard1.3) (>= netstandard1.6) (< win8) (< wpa81)) (&& (< net45) (< netstandard1.4) (>= netstandard1.6) (< win8) (< wpa81)) (&& (< net45) (< netstandard1.5) (>= netstandard1.6) (< win8) (< wpa81)) (&& (< net45) (>= netstandard1.6) (< netstandard2.0) (< win8) (< wpa81)) (&& (>= netstandard1.6) (< netstandard2.0) (>= uap10.0)) (&& (>= netstandard1.6) (< portable-net45+win8+wpa81))
      Microsoft.NETCore.Platforms (>= 1.1) - restriction: || (>= dnxcore50) (&& (< monoandroid) (< monotouch) (< net45) (>= netstandard1.3) (< win8) (< wpa81) (< xamarinios) (< xamarinmac) (< xamarintvos) (< xamarinwatchos)) (&& (< monoandroid) (< net45) (>= netstandard1.0) (< netstandard1.3) (< win8) (< wp8) (< wpa81))
      Microsoft.NETCore.Targets (>= 1.1) - restriction: || (>= dnxcore50) (&& (< monoandroid) (< monotouch) (< net45) (>= netstandard1.3) (< win8) (< wpa81) (< xamarinios) (< xamarinmac) (< xamarintvos) (< xamarinwatchos)) (&& (< monoandroid) (< net45) (>= netstandard1.0) (< netstandard1.3) (< win8) (< wp8) (< wpa81))
      System.Runtime (>= 4.3) - restriction: || (>= dnxcore50) (&& (< monoandroid) (< monotouch) (< net45) (>= netstandard1.3) (< win8) (< wpa81) (< xamarinios) (< xamarinmac) (< xamarintvos) (< xamarinwatchos)) (&& (< monoandroid) (< net45) (>= netstandard1.0) (< netstandard1.3) (< win8) (< wp8) (< wpa81))
    System.Text.Encoding.CodePages (4.5.1) - restriction: && (< net46) (>= netstandard2.0)
      Microsoft.NETCore.Platforms (>= 2.1.2) - restriction: >= netcoreapp2.0
      System.Runtime.CompilerServices.Unsafe (>= 4.5.2) - restriction: || (&& (< net46) (>= netstandard2.0) (< xamarinios)) (>= net461) (>= netcoreapp2.0)
    System.Text.Encoding.Extensions (4.3) - restriction: || (&& (>= dnxcore50) (>= net46)) (&& (>= dnxcore50) (>= netstandard2.0)) (&& (< monoandroid) (< net45) (>= netstandard2.0) (< win8) (< wpa81) (< xamarinios)) (&& (< monoandroid) (< net46) (>= netstandard2.0) (< xamarinios)) (&& (< net45) (>= net46)) (&& (< net45) (< netstandard1.2) (>= netstandard1.6) (< win8)) (&& (< net45) (< netstandard1.3) (>= netstandard1.6) (< win8) (< wpa81)) (&& (< net45) (< netstandard1.4) (>= netstandard1.6) (< win8) (< wpa81)) (&& (< net45) (< netstandard1.5) (>= netstandard1.6) (< win8) (< wpa81)) (&& (< net45) (>= netstandard1.6) (< netstandard2.0) (< win8) (< wpa81)) (&& (>= netstandard1.6) (< netstandard2.0) (>= uap10.0)) (&& (>= netstandard1.6) (< portable-net45+win8+wpa81))
      Microsoft.NETCore.Platforms (>= 1.1) - restriction: || (>= dnxcore50) (&& (< monoandroid) (< monotouch) (< net45) (>= netstandard1.3) (< win8) (< wpa81) (< xamarinios) (< xamarinmac) (< xamarintvos) (< xamarinwatchos)) (&& (< monoandroid) (< net45) (>= netstandard1.0) (< netstandard1.3) (< win8) (< wp8) (< wpa81))
      Microsoft.NETCore.Targets (>= 1.1) - restriction: || (>= dnxcore50) (&& (< monoandroid) (< monotouch) (< net45) (>= netstandard1.3) (< win8) (< wpa81) (< xamarinios) (< xamarinmac) (< xamarintvos) (< xamarinwatchos)) (&& (< monoandroid) (< net45) (>= netstandard1.0) (< netstandard1.3) (< win8) (< wp8) (< wpa81))
      System.Runtime (>= 4.3) - restriction: || (>= dnxcore50) (&& (< monoandroid) (< monotouch) (< net45) (>= netstandard1.3) (< win8) (< wpa81) (< xamarinios) (< xamarinmac) (< xamarintvos) (< xamarinwatchos)) (&& (< monoandroid) (< net45) (>= netstandard1.0) (< netstandard1.3) (< win8) (< wp8) (< wpa81))
      System.Text.Encoding (>= 4.3) - restriction: || (>= dnxcore50) (&& (< monoandroid) (< monotouch) (< net45) (>= netstandard1.3) (< win8) (< wpa81) (< xamarinios) (< xamarinmac) (< xamarintvos) (< xamarinwatchos)) (&& (< monoandroid) (< net45) (>= netstandard1.0) (< netstandard1.3) (< win8) (< wp8) (< wpa81))
    System.Text.RegularExpressions (4.3) - restriction: || (&& (>= dnxcore50) (>= net46)) (&& (>= dnxcore50) (>= netstandard2.0)) (&& (< monoandroid) (< net45) (>= netstandard2.0) (< win8) (< wpa81) (< xamarinios)) (&& (< net45) (>= net46)) (&& (< net45) (< netstandard1.2) (>= netstandard1.6) (< win8)) (&& (< net45) (< netstandard1.3) (>= netstandard1.6) (< win8) (< wpa81)) (&& (< net45) (< netstandard1.4) (>= netstandard1.6) (< win8) (< wpa81)) (&& (< net45) (< netstandard1.5) (>= netstandard1.6) (< win8) (< wpa81)) (&& (< net45) (>= netstandard1.6) (< netstandard2.0)) (&& (>= netstandard1.6) (< netstandard2.0) (>= uap10.0)) (&& (>= netstandard1.6) (< portable-net45+win8+wpa81))
      System.Collections (>= 4.3) - restriction: || (>= dnxcore50) (&& (< monoandroid) (< monotouch) (< net45) (< netcoreapp1.1) (>= netstandard1.6) (< win8) (< wpa81) (< xamarinios) (< xamarinmac) (< xamarintvos) (< xamarinwatchos))
      System.Globalization (>= 4.3) - restriction: || (>= dnxcore50) (&& (< monoandroid) (< monotouch) (< net45) (< netcoreapp1.1) (>= netstandard1.6) (< win8) (< wpa81) (< xamarinios) (< xamarinmac) (< xamarintvos) (< xamarinwatchos))
      System.Resources.ResourceManager (>= 4.3) - restriction: || (>= dnxcore50) (&& (< monoandroid) (< monotouch) (< net45) (< netcoreapp1.1) (>= netstandard1.6) (< win8) (< wpa81) (< xamarinios) (< xamarinmac) (< xamarintvos) (< xamarinwatchos))
      System.Runtime (>= 4.3) - restriction: || (>= dnxcore50) (&& (< monoandroid) (< monotouch) (< net45) (>= netstandard1.6) (< win8) (< wpa81) (< xamarinios) (< xamarinmac) (< xamarintvos) (< xamarinwatchos)) (&& (< monoandroid) (< net45) (>= netstandard1.0) (< netstandard1.3) (< win8) (< wp8) (< wpa81)) (&& (< monoandroid) (< net45) (>= netstandard1.3) (< netstandard1.6) (< win8) (< wpa81)) (>= netcoreapp1.1)
      System.Runtime.Extensions (>= 4.3) - restriction: || (>= dnxcore50) (&& (< monoandroid) (< monotouch) (< net45) (< netcoreapp1.1) (>= netstandard1.6) (< win8) (< wpa81) (< xamarinios) (< xamarinmac) (< xamarintvos) (< xamarinwatchos))
      System.Threading (>= 4.3) - restriction: || (>= dnxcore50) (&& (< monoandroid) (< monotouch) (< net45) (< netcoreapp1.1) (>= netstandard1.6) (< win8) (< wpa81) (< xamarinios) (< xamarinmac) (< xamarintvos) (< xamarinwatchos))
    System.Threading (4.3) - restriction: || (>= dnxcore50) (&& (< monoandroid) (< monotouch) (< net20) (>= netstandard1.3) (< netstandard2.0) (< win8) (< wpa81) (< xamarinmac) (< xamarintvos) (< xamarinwatchos)) (&& (< monoandroid) (< monotouch) (< net20) (>= netstandard1.5) (< netstandard2.0) (< win8) (< wpa81) (< xamarinmac) (< xamarintvos) (< xamarinwatchos)) (&& (< monoandroid) (< monotouch) (< net45) (>= netstandard1.6) (< win8) (< wpa81) (< xamarinios) (< xamarinmac) (< xamarintvos) (< xamarinwatchos)) (&& (< monoandroid) (< net20) (>= netstandard1.0) (< netstandard1.3) (< win8) (< wp8) (< wpa81)) (&& (< monoandroid) (< net20) (>= netstandard1.3) (< netstandard1.5) (< win8) (< wpa81)) (&& (< monoandroid) (< net20) (< netstandard1.3) (>= netstandard1.5) (< win8) (< wpa81)) (&& (< monoandroid) (< net45) (< netstandard1.6) (>= netstandard2.0) (< win8) (< wpa81)) (&& (< monoandroid) (< net45) (>= netstandard2.0) (< xamarinios)) (&& (< net20) (>= net462) (< netstandard1.3)) (&& (< net20) (>= net462) (< netstandard2.0)) (&& (< net35) (>= netstandard1.3)) (&& (< net45) (>= net46)) (&& (< net45) (< netstandard1.2) (>= netstandard1.6) (< win8)) (&& (< net45) (< netstandard1.3) (>= netstandard1.6) (< win8) (< wpa81)) (&& (< net45) (< netstandard1.4) (>= netstandard1.6) (< win8) (< wpa81)) (&& (< net45) (< netstandard1.5) (>= netstandard1.6) (< win8) (< wpa81)) (&& (< net45) (>= netstandard1.6) (< netstandard2.0)) (&& (>= netstandard1.6) (< netstandard2.0) (>= uap10.0)) (&& (>= netstandard1.6) (< portable-net45+win8+wpa81))
    System.Threading.Overlapped (4.3) - restriction: && (< monoandroid) (< net46) (>= netstandard2.0) (< xamarinios)
      Microsoft.NETCore.Platforms (>= 1.1) - restriction: || (>= dnxcore50) (&& (< net46) (>= netstandard1.3))
      System.Resources.ResourceManager (>= 4.3) - restriction: || (>= dnxcore50) (&& (< net46) (>= netstandard1.3))
      System.Runtime (>= 4.3) - restriction: || (>= dnxcore50) (&& (< net46) (>= netstandard1.3))
      System.Runtime.Handles (>= 4.3) - restriction: || (>= dnxcore50) (&& (< net46) (>= netstandard1.3))
    System.Threading.Tasks (4.3) - restriction: || (&& (>= dnxcore50) (>= net46)) (&& (>= dnxcore50) (>= netstandard1.6)) (&& (>= dnxcore50) (>= netstandard2.0)) (&& (< monoandroid) (< monotouch) (< net35) (>= netstandard1.3) (< xamarinios) (< xamarinmac) (< xamarintvos) (< xamarinwatchos)) (&& (< monoandroid) (< monotouch) (< net45) (>= netstandard1.6) (< win8) (< wpa81) (< xamarinios) (< xamarinmac) (< xamarintvos) (< xamarinwatchos)) (&& (< monoandroid) (< net45) (< netstandard1.3) (>= netstandard2.0) (< win8) (< wpa81)) (&& (< monoandroid) (< net45) (< netstandard1.6) (>= netstandard2.0) (< win8) (< wpa81)) (&& (< monoandroid) (< net45) (>= netstandard2.0) (< xamarinios)) (&& (< net45) (>= net46)) (&& (< net45) (< netstandard1.2) (>= netstandard1.6) (< win8)) (&& (< net45) (< netstandard1.3) (>= netstandard1.6) (< win8) (< wpa81)) (&& (< net45) (< netstandard1.4) (>= netstandard1.6) (< win8) (< wpa81)) (&& (< net45) (< netstandard1.5) (>= netstandard1.6) (< win8) (< wpa81)) (&& (< net45) (>= netstandard1.6) (< netstandard2.0)) (&& (>= netstandard1.6) (< netstandard2.0) (>= uap10.0)) (&& (>= netstandard1.6) (< portable-net45+win8+wpa81))
      Microsoft.NETCore.Platforms (>= 1.1) - restriction: || (>= dnxcore50) (&& (< monoandroid) (< monotouch) (< net45) (>= netstandard1.3) (< win8) (< wpa81) (< xamarinios) (< xamarinmac) (< xamarintvos) (< xamarinwatchos)) (&& (< monoandroid) (< net45) (>= netstandard1.0) (< netstandard1.3) (< win8) (< wp8) (< wpa81))
      Microsoft.NETCore.Targets (>= 1.1) - restriction: || (>= dnxcore50) (&& (< monoandroid) (< monotouch) (< net45) (>= netstandard1.3) (< win8) (< wpa81) (< xamarinios) (< xamarinmac) (< xamarintvos) (< xamarinwatchos)) (&& (< monoandroid) (< net45) (>= netstandard1.0) (< netstandard1.3) (< win8) (< wp8) (< wpa81))
      System.Runtime (>= 4.3) - restriction: || (>= dnxcore50) (&& (< monoandroid) (< monotouch) (< net45) (>= netstandard1.3) (< win8) (< wpa81) (< xamarinios) (< xamarinmac) (< xamarintvos) (< xamarinwatchos)) (&& (< monoandroid) (< net45) (>= netstandard1.0) (< netstandard1.3) (< win8) (< wp8) (< wpa81))
    System.Threading.Tasks.Dataflow (4.9) - restriction: || (>= net462) (>= netstandard2.0)
    System.Threading.Tasks.Extensions (4.5.2) - restriction: || (>= net46) (>= netstandard2.0)
      System.Runtime.CompilerServices.Unsafe (>= 4.5.2) - restriction: || (&& (< monoandroid) (< monotouch) (>= netstandard1.0) (< netstandard2.0) (< win8) (< wpa81) (< xamarinmac) (< xamarintvos) (< xamarinwatchos)) (&& (< monoandroid) (< netstandard1.0) (>= portable-net45+win8+wp8+wpa81) (< win8)) (>= net45) (&& (< netcoreapp2.1) (>= netstandard2.0) (< xamarinios)) (&& (< netstandard1.0) (>= win8)) (&& (< netstandard2.0) (>= wpa81)) (>= wp8)
    System.Threading.Tasks.Parallel (4.3) - restriction: && (< net45) (>= netstandard1.6) (< netstandard2.0)
      System.Collections.Concurrent (>= 4.3) - restriction: || (>= dnxcore50) (&& (< monoandroid) (< monotouch) (< net45) (>= netstandard1.3) (< win8) (< wpa81) (< xamarinios) (< xamarinmac) (< xamarintvos) (< xamarinwatchos)) (&& (< monoandroid) (< net45) (>= netstandard1.1) (< netstandard1.3) (< win8) (< wpa81))
      System.Diagnostics.Debug (>= 4.3) - restriction: || (>= dnxcore50) (&& (< monoandroid) (< monotouch) (< net45) (>= netstandard1.3) (< win8) (< wpa81) (< xamarinios) (< xamarinmac) (< xamarintvos) (< xamarinwatchos))
      System.Diagnostics.Tracing (>= 4.3) - restriction: || (>= dnxcore50) (&& (< monoandroid) (< monotouch) (< net45) (>= netstandard1.3) (< win8) (< wpa81) (< xamarinios) (< xamarinmac) (< xamarintvos) (< xamarinwatchos))
      System.Resources.ResourceManager (>= 4.3) - restriction: || (>= dnxcore50) (&& (< monoandroid) (< monotouch) (< net45) (>= netstandard1.3) (< win8) (< wpa81) (< xamarinios) (< xamarinmac) (< xamarintvos) (< xamarinwatchos))
      System.Runtime (>= 4.3) - restriction: || (>= dnxcore50) (&& (< monoandroid) (< monotouch) (< net45) (>= netstandard1.3) (< win8) (< wpa81) (< xamarinios) (< xamarinmac) (< xamarintvos) (< xamarinwatchos)) (&& (< monoandroid) (< net45) (>= netstandard1.1) (< netstandard1.3) (< win8) (< wpa81))
      System.Runtime.Extensions (>= 4.3) - restriction: || (>= dnxcore50) (&& (< monoandroid) (< monotouch) (< net45) (>= netstandard1.3) (< win8) (< wpa81) (< xamarinios) (< xamarinmac) (< xamarintvos) (< xamarinwatchos))
      System.Threading (>= 4.3) - restriction: || (>= dnxcore50) (&& (< monoandroid) (< monotouch) (< net45) (>= netstandard1.3) (< win8) (< wpa81) (< xamarinios) (< xamarinmac) (< xamarintvos) (< xamarinwatchos))
      System.Threading.Tasks (>= 4.3) - restriction: || (>= dnxcore50) (&& (< monoandroid) (< monotouch) (< net45) (>= netstandard1.3) (< win8) (< wpa81) (< xamarinios) (< xamarinmac) (< xamarintvos) (< xamarinwatchos)) (&& (< monoandroid) (< net45) (>= netstandard1.1) (< netstandard1.3) (< win8) (< wpa81))
    System.Threading.Thread (4.3) - restriction: || (&& (< net45) (>= netstandard1.6) (< netstandard2.0)) (&& (< net46) (>= netstandard2.0))
      System.Runtime (>= 4.3) - restriction: && (< monoandroid) (< monotouch) (< net46) (>= netstandard1.3) (< xamarinios) (< xamarinmac) (< xamarintvos) (< xamarinwatchos)
    System.Threading.ThreadPool (4.3) - restriction: || (&& (< monoandroid) (< net46) (>= netstandard2.0) (< xamarinios)) (&& (< net45) (>= netstandard1.6) (< netstandard2.0))
      System.Runtime (>= 4.3) - restriction: && (< monoandroid) (< monotouch) (< net46) (>= netstandard1.3) (< xamarinios) (< xamarinmac) (< xamarintvos) (< xamarinwatchos)
      System.Runtime.Handles (>= 4.3) - restriction: && (< monoandroid) (< monotouch) (< net46) (>= netstandard1.3) (< xamarinios) (< xamarinmac) (< xamarintvos) (< xamarinwatchos)
    System.Threading.Timer (4.3) - restriction: || (&& (< net45) (< netstandard1.3) (>= netstandard1.6) (< win8) (< wpa81)) (&& (< net45) (< netstandard1.4) (>= netstandard1.6) (< win8) (< wpa81)) (&& (< net45) (< netstandard1.5) (>= netstandard1.6) (< win8) (< wpa81)) (&& (< net45) (>= netstandard1.6) (< netstandard2.0)) (&& (>= netstandard1.6) (< netstandard2.0) (>= uap10.0))
      Microsoft.NETCore.Platforms (>= 1.1) - restriction: || (>= dnxcore50) (&& (< monoandroid) (< monotouch) (< net451) (>= netstandard1.2) (< win81) (< wpa81) (< xamarinios) (< xamarinmac) (< xamarintvos) (< xamarinwatchos))
      Microsoft.NETCore.Targets (>= 1.1) - restriction: || (>= dnxcore50) (&& (< monoandroid) (< monotouch) (< net451) (>= netstandard1.2) (< win81) (< wpa81) (< xamarinios) (< xamarinmac) (< xamarintvos) (< xamarinwatchos))
      System.Runtime (>= 4.3) - restriction: || (>= dnxcore50) (&& (< monoandroid) (< monotouch) (< net451) (>= netstandard1.2) (< win81) (< wpa81) (< xamarinios) (< xamarinmac) (< xamarintvos) (< xamarinwatchos))
    System.ValueTuple (4.5) - restriction: || (>= net46) (&& (>= netstandard2.0) (>= uap10.0))
    System.Xml.ReaderWriter (4.3.1) - restriction: || (&& (>= dnxcore50) (>= netstandard2.0)) (&& (< monoandroid) (< net45) (< netstandard1.3) (>= netstandard2.0) (< win8) (< wpa81)) (&& (< monoandroid) (>= netstandard2.0) (< xamarinios)) (>= net46) (>= netstandard1.6)
      System.Collections (>= 4.3) - restriction: || (>= dnxcore50) (&& (< monoandroid) (< monotouch) (< net45) (>= netstandard1.3) (< win8) (< wpa81) (< xamarinios) (< xamarinmac) (< xamarintvos) (< xamarinwatchos))
      System.Diagnostics.Debug (>= 4.3) - restriction: || (>= dnxcore50) (&& (< monoandroid) (< monotouch) (< net45) (>= netstandard1.3) (< win8) (< wpa81) (< xamarinios) (< xamarinmac) (< xamarintvos) (< xamarinwatchos))
      System.Globalization (>= 4.3) - restriction: || (>= dnxcore50) (&& (< monoandroid) (< monotouch) (< net45) (>= netstandard1.3) (< win8) (< wpa81) (< xamarinios) (< xamarinmac) (< xamarintvos) (< xamarinwatchos))
      System.IO (>= 4.3) - restriction: || (>= dnxcore50) (&& (< monoandroid) (< monotouch) (< net45) (>= netstandard1.3) (< win8) (< wpa81) (< xamarinios) (< xamarinmac) (< xamarintvos) (< xamarinwatchos)) (&& (< monoandroid) (< net45) (>= netstandard1.0) (< netstandard1.3) (< win8) (< wp8) (< wpa81))
      System.IO.FileSystem (>= 4.3) - restriction: || (>= dnxcore50) (&& (< monoandroid) (< monotouch) (< net45) (>= netstandard1.3) (< win8) (< wpa81) (< xamarinios) (< xamarinmac) (< xamarintvos) (< xamarinwatchos))
      System.IO.FileSystem.Primitives (>= 4.3) - restriction: || (>= dnxcore50) (&& (< monoandroid) (< monotouch) (< net45) (>= netstandard1.3) (< win8) (< wpa81) (< xamarinios) (< xamarinmac) (< xamarintvos) (< xamarinwatchos))
      System.Resources.ResourceManager (>= 4.3) - restriction: || (>= dnxcore50) (&& (< monoandroid) (< monotouch) (< net45) (>= netstandard1.3) (< win8) (< wpa81) (< xamarinios) (< xamarinmac) (< xamarintvos) (< xamarinwatchos))
      System.Runtime (>= 4.3) - restriction: || (>= dnxcore50) (&& (< monoandroid) (< monotouch) (< net45) (>= netstandard1.3) (< win8) (< wpa81) (< xamarinios) (< xamarinmac) (< xamarintvos) (< xamarinwatchos)) (&& (< monoandroid) (< net45) (>= netstandard1.0) (< netstandard1.3) (< win8) (< wp8) (< wpa81))
      System.Runtime.Extensions (>= 4.3) - restriction: || (>= dnxcore50) (&& (< monoandroid) (< monotouch) (< net45) (>= netstandard1.3) (< win8) (< wpa81) (< xamarinios) (< xamarinmac) (< xamarintvos) (< xamarinwatchos))
      System.Runtime.InteropServices (>= 4.3) - restriction: || (>= dnxcore50) (&& (< monoandroid) (< monotouch) (< net45) (>= netstandard1.3) (< win8) (< wpa81) (< xamarinios) (< xamarinmac) (< xamarintvos) (< xamarinwatchos))
      System.Text.Encoding (>= 4.3) - restriction: || (>= dnxcore50) (&& (< monoandroid) (< monotouch) (< net45) (>= netstandard1.3) (< win8) (< wpa81) (< xamarinios) (< xamarinmac) (< xamarintvos) (< xamarinwatchos)) (&& (< monoandroid) (< net45) (>= netstandard1.0) (< netstandard1.3) (< win8) (< wp8) (< wpa81))
      System.Text.Encoding.Extensions (>= 4.3) - restriction: || (>= dnxcore50) (&& (< monoandroid) (< monotouch) (< net45) (>= netstandard1.3) (< win8) (< wpa81) (< xamarinios) (< xamarinmac) (< xamarintvos) (< xamarinwatchos))
      System.Text.RegularExpressions (>= 4.3) - restriction: || (>= dnxcore50) (&& (< monoandroid) (< monotouch) (< net45) (>= netstandard1.3) (< win8) (< wpa81) (< xamarinios) (< xamarinmac) (< xamarintvos) (< xamarinwatchos))
      System.Threading.Tasks (>= 4.3) - restriction: || (>= dnxcore50) (&& (< monoandroid) (< monotouch) (< net45) (>= netstandard1.3) (< win8) (< wpa81) (< xamarinios) (< xamarinmac) (< xamarintvos) (< xamarinwatchos)) (&& (< monoandroid) (< net45) (>= netstandard1.0) (< netstandard1.3) (< win8) (< wp8) (< wpa81))
      System.Threading.Tasks.Extensions (>= 4.3) - restriction: || (>= dnxcore50) (&& (< monoandroid) (< monotouch) (< net45) (>= netstandard1.3) (< win8) (< wpa81) (< xamarinios) (< xamarinmac) (< xamarintvos) (< xamarinwatchos))
    System.Xml.XDocument (4.3) - restriction: || (&& (< net45) (< netstandard1.2) (>= netstandard1.6) (< win8)) (&& (< net45) (< netstandard1.3) (>= netstandard1.6) (< win8) (< wpa81)) (&& (< net45) (< netstandard1.4) (>= netstandard1.6) (< win8) (< wpa81)) (&& (< net45) (< netstandard1.5) (>= netstandard1.6) (< win8) (< wpa81)) (&& (< net45) (>= netstandard1.6) (< netstandard2.0) (< win8) (< wpa81)) (&& (< net46) (>= netstandard1.6) (< netstandard2.0)) (&& (< net46) (>= netstandard2.0)) (&& (>= netstandard1.6) (< netstandard2.0) (>= uap10.0)) (&& (>= netstandard1.6) (< portable-net45+win8+wpa81))
      System.Collections (>= 4.3) - restriction: || (>= dnxcore50) (&& (< monoandroid) (< monotouch) (< net45) (>= netstandard1.3) (< win8) (< wpa81) (< xamarinios) (< xamarinmac) (< xamarintvos) (< xamarinwatchos))
      System.Diagnostics.Debug (>= 4.3) - restriction: || (>= dnxcore50) (&& (< monoandroid) (< monotouch) (< net45) (>= netstandard1.3) (< win8) (< wpa81) (< xamarinios) (< xamarinmac) (< xamarintvos) (< xamarinwatchos))
      System.Diagnostics.Tools (>= 4.3) - restriction: || (>= dnxcore50) (&& (< monoandroid) (< monotouch) (< net45) (>= netstandard1.3) (< win8) (< wpa81) (< xamarinios) (< xamarinmac) (< xamarintvos) (< xamarinwatchos))
      System.Globalization (>= 4.3) - restriction: || (>= dnxcore50) (&& (< monoandroid) (< monotouch) (< net45) (>= netstandard1.3) (< win8) (< wpa81) (< xamarinios) (< xamarinmac) (< xamarintvos) (< xamarinwatchos))
      System.IO (>= 4.3) - restriction: || (>= dnxcore50) (&& (< monoandroid) (< monotouch) (< net45) (>= netstandard1.3) (< win8) (< wpa81) (< xamarinios) (< xamarinmac) (< xamarintvos) (< xamarinwatchos)) (&& (< monoandroid) (< net45) (>= netstandard1.0) (< netstandard1.3) (< win8) (< wp8) (< wpa81))
      System.Reflection (>= 4.3) - restriction: || (>= dnxcore50) (&& (< monoandroid) (< monotouch) (< net45) (>= netstandard1.3) (< win8) (< wpa81) (< xamarinios) (< xamarinmac) (< xamarintvos) (< xamarinwatchos))
      System.Resources.ResourceManager (>= 4.3) - restriction: || (>= dnxcore50) (&& (< monoandroid) (< monotouch) (< net45) (>= netstandard1.3) (< win8) (< wpa81) (< xamarinios) (< xamarinmac) (< xamarintvos) (< xamarinwatchos))
      System.Runtime (>= 4.3) - restriction: || (>= dnxcore50) (&& (< monoandroid) (< monotouch) (< net45) (>= netstandard1.3) (< win8) (< wpa81) (< xamarinios) (< xamarinmac) (< xamarintvos) (< xamarinwatchos)) (&& (< monoandroid) (< net45) (>= netstandard1.0) (< netstandard1.3) (< win8) (< wp8) (< wpa81))
      System.Runtime.Extensions (>= 4.3) - restriction: || (>= dnxcore50) (&& (< monoandroid) (< monotouch) (< net45) (>= netstandard1.3) (< win8) (< wpa81) (< xamarinios) (< xamarinmac) (< xamarintvos) (< xamarinwatchos))
      System.Text.Encoding (>= 4.3) - restriction: || (>= dnxcore50) (&& (< monoandroid) (< monotouch) (< net45) (>= netstandard1.3) (< win8) (< wpa81) (< xamarinios) (< xamarinmac) (< xamarintvos) (< xamarinwatchos))
      System.Threading (>= 4.3) - restriction: || (>= dnxcore50) (&& (< monoandroid) (< monotouch) (< net45) (>= netstandard1.3) (< win8) (< wpa81) (< xamarinios) (< xamarinmac) (< xamarintvos) (< xamarinwatchos))
      System.Xml.ReaderWriter (>= 4.3) - restriction: || (>= dnxcore50) (&& (< monoandroid) (< monotouch) (< net45) (>= netstandard1.3) (< win8) (< wpa81) (< xamarinios) (< xamarinmac) (< xamarintvos) (< xamarinwatchos)) (&& (< monoandroid) (< net45) (>= netstandard1.0) (< netstandard1.3) (< win8) (< wp8) (< wpa81))
    System.Xml.XmlDocument (4.3) - restriction: || (&& (< monoandroid) (>= netstandard2.0) (< xamarinios)) (&& (< net20) (>= netstandard1.3) (< netstandard2.0)) (>= net46) (>= netstandard1.6)
      System.Collections (>= 4.3) - restriction: && (< monoandroid) (< monotouch) (< net46) (>= netstandard1.3) (< xamarinios) (< xamarinmac) (< xamarintvos) (< xamarinwatchos)
      System.Diagnostics.Debug (>= 4.3) - restriction: && (< monoandroid) (< monotouch) (< net46) (>= netstandard1.3) (< xamarinios) (< xamarinmac) (< xamarintvos) (< xamarinwatchos)
      System.Globalization (>= 4.3) - restriction: && (< monoandroid) (< monotouch) (< net46) (>= netstandard1.3) (< xamarinios) (< xamarinmac) (< xamarintvos) (< xamarinwatchos)
      System.IO (>= 4.3) - restriction: && (< monoandroid) (< monotouch) (< net46) (>= netstandard1.3) (< xamarinios) (< xamarinmac) (< xamarintvos) (< xamarinwatchos)
      System.Resources.ResourceManager (>= 4.3) - restriction: && (< monoandroid) (< monotouch) (< net46) (>= netstandard1.3) (< xamarinios) (< xamarinmac) (< xamarintvos) (< xamarinwatchos)
      System.Runtime (>= 4.3) - restriction: && (< monoandroid) (< monotouch) (< net46) (>= netstandard1.3) (< xamarinios) (< xamarinmac) (< xamarintvos) (< xamarinwatchos)
      System.Runtime.Extensions (>= 4.3) - restriction: && (< monoandroid) (< monotouch) (< net46) (>= netstandard1.3) (< xamarinios) (< xamarinmac) (< xamarintvos) (< xamarinwatchos)
      System.Text.Encoding (>= 4.3) - restriction: && (< monoandroid) (< monotouch) (< net46) (>= netstandard1.3) (< xamarinios) (< xamarinmac) (< xamarintvos) (< xamarinwatchos)
      System.Threading (>= 4.3) - restriction: && (< monoandroid) (< monotouch) (< net46) (>= netstandard1.3) (< xamarinios) (< xamarinmac) (< xamarintvos) (< xamarinwatchos)
      System.Xml.ReaderWriter (>= 4.3) - restriction: && (< monoandroid) (< monotouch) (< net46) (>= netstandard1.3) (< xamarinios) (< xamarinmac) (< xamarintvos) (< xamarinwatchos)
    System.Xml.XPath (4.3) - restriction: || (&& (< monoandroid) (>= netstandard2.0) (< xamarinios)) (>= net46) (>= netstandard1.6)
      System.Collections (>= 4.3) - restriction: && (< monoandroid) (< monotouch) (< net46) (>= netstandard1.3) (< xamarinios) (< xamarinmac) (< xamarintvos) (< xamarinwatchos)
      System.Diagnostics.Debug (>= 4.3) - restriction: && (< monoandroid) (< monotouch) (< net46) (>= netstandard1.3) (< xamarinios) (< xamarinmac) (< xamarintvos) (< xamarinwatchos)
      System.Globalization (>= 4.3) - restriction: && (< monoandroid) (< monotouch) (< net46) (>= netstandard1.3) (< xamarinios) (< xamarinmac) (< xamarintvos) (< xamarinwatchos)
      System.IO (>= 4.3) - restriction: && (< monoandroid) (< monotouch) (< net46) (>= netstandard1.3) (< xamarinios) (< xamarinmac) (< xamarintvos) (< xamarinwatchos)
      System.Resources.ResourceManager (>= 4.3) - restriction: && (< monoandroid) (< monotouch) (< net46) (>= netstandard1.3) (< xamarinios) (< xamarinmac) (< xamarintvos) (< xamarinwatchos)
      System.Runtime (>= 4.3) - restriction: && (< monoandroid) (< monotouch) (< net46) (>= netstandard1.3) (< xamarinios) (< xamarinmac) (< xamarintvos) (< xamarinwatchos)
      System.Runtime.Extensions (>= 4.3) - restriction: && (< monoandroid) (< monotouch) (< net46) (>= netstandard1.3) (< xamarinios) (< xamarinmac) (< xamarintvos) (< xamarinwatchos)
      System.Threading (>= 4.3) - restriction: && (< monoandroid) (< monotouch) (< net46) (>= netstandard1.3) (< xamarinios) (< xamarinmac) (< xamarintvos) (< xamarinwatchos)
      System.Xml.ReaderWriter (>= 4.3) - restriction: && (< monoandroid) (< monotouch) (< net46) (>= netstandard1.3) (< xamarinios) (< xamarinmac) (< xamarintvos) (< xamarinwatchos)
    System.Xml.XPath.XDocument (4.3) - restriction: || (>= net46) (>= netstandard1.6)
      System.Diagnostics.Debug (>= 4.3) - restriction: && (< monoandroid) (< monotouch) (< net46) (>= netstandard1.3) (< xamarinios) (< xamarinmac) (< xamarintvos) (< xamarinwatchos)
      System.Linq (>= 4.3) - restriction: && (< monoandroid) (< monotouch) (< net46) (>= netstandard1.3) (< xamarinios) (< xamarinmac) (< xamarintvos) (< xamarinwatchos)
      System.Resources.ResourceManager (>= 4.3) - restriction: && (< monoandroid) (< monotouch) (< net46) (>= netstandard1.3) (< xamarinios) (< xamarinmac) (< xamarintvos) (< xamarinwatchos)
      System.Runtime (>= 4.3) - restriction: && (< monoandroid) (< monotouch) (< net46) (>= netstandard1.3) (< xamarinios) (< xamarinmac) (< xamarintvos) (< xamarinwatchos)
      System.Runtime.Extensions (>= 4.3) - restriction: && (< monoandroid) (< monotouch) (< net46) (>= netstandard1.3) (< xamarinios) (< xamarinmac) (< xamarintvos) (< xamarinwatchos)
      System.Threading (>= 4.3) - restriction: && (< monoandroid) (< monotouch) (< net46) (>= netstandard1.3) (< xamarinios) (< xamarinmac) (< xamarintvos) (< xamarinwatchos)
      System.Xml.ReaderWriter (>= 4.3) - restriction: && (< monoandroid) (< monotouch) (< net46) (>= netstandard1.3) (< xamarinios) (< xamarinmac) (< xamarintvos) (< xamarinwatchos)
      System.Xml.XDocument (>= 4.3) - restriction: && (< monoandroid) (< monotouch) (< net46) (>= netstandard1.3) (< xamarinios) (< xamarinmac) (< xamarintvos) (< xamarinwatchos)
      System.Xml.XPath (>= 4.3) - restriction: || (&& (< monoandroid) (< monotouch) (>= netstandard1.3) (< xamarinios) (< xamarinmac) (< xamarintvos) (< xamarinwatchos)) (>= net46)
    System.Xml.XPath.XmlDocument (4.3) - restriction: || (>= net46) (>= netstandard1.6)
      System.Collections (>= 4.3) - restriction: && (< monoandroid) (< monotouch) (< net46) (>= netstandard1.3) (< xamarinios) (< xamarinmac) (< xamarintvos) (< xamarinwatchos)
      System.Globalization (>= 4.3) - restriction: && (< monoandroid) (< monotouch) (< net46) (>= netstandard1.3) (< xamarinios) (< xamarinmac) (< xamarintvos) (< xamarinwatchos)
      System.IO (>= 4.3) - restriction: && (< monoandroid) (< monotouch) (< net46) (>= netstandard1.3) (< xamarinios) (< xamarinmac) (< xamarintvos) (< xamarinwatchos)
      System.Resources.ResourceManager (>= 4.3) - restriction: && (< monoandroid) (< monotouch) (< net46) (>= netstandard1.3) (< xamarinios) (< xamarinmac) (< xamarintvos) (< xamarinwatchos)
      System.Runtime (>= 4.3) - restriction: && (< monoandroid) (< monotouch) (< net46) (>= netstandard1.3) (< xamarinios) (< xamarinmac) (< xamarintvos) (< xamarinwatchos)
      System.Runtime.Extensions (>= 4.3) - restriction: && (< monoandroid) (< monotouch) (< net46) (>= netstandard1.3) (< xamarinios) (< xamarinmac) (< xamarintvos) (< xamarinwatchos)
      System.Threading (>= 4.3) - restriction: && (< monoandroid) (< monotouch) (< net46) (>= netstandard1.3) (< xamarinios) (< xamarinmac) (< xamarintvos) (< xamarinwatchos)
      System.Xml.ReaderWriter (>= 4.3) - restriction: && (< monoandroid) (< monotouch) (< net46) (>= netstandard1.3) (< xamarinios) (< xamarinmac) (< xamarintvos) (< xamarinwatchos)
      System.Xml.XmlDocument (>= 4.3) - restriction: || (&& (< monoandroid) (< monotouch) (>= netstandard1.3) (< xamarinios) (< xamarinmac) (< xamarintvos) (< xamarinwatchos)) (>= net46)
      System.Xml.XPath (>= 4.3) - restriction: || (&& (< monoandroid) (< monotouch) (>= netstandard1.3) (< xamarinios) (< xamarinmac) (< xamarintvos) (< xamarinwatchos)) (>= net46)
  remote: https://www.myget.org/F/fake-vsts/api/v3/index.json
    Fake.Api.GitHub (5.12.4)
      FSharp.Core (>= 4.3.4) - restriction: || (>= net46) (>= netstandard1.6)
      NETStandard.Library (>= 1.6.1) - restriction: && (< net46) (>= netstandard1.6) (< netstandard2.0)
      Octokit (>= 0.32) - restriction: || (>= net46) (>= netstandard1.6)
    Fake.BuildServer.AppVeyor (5.12.4)
      Fake.Core.Environment (>= 5.12.4) - restriction: || (>= net46) (>= netstandard2.0)
      Fake.Core.Process (>= 5.12.4) - restriction: || (>= net46) (>= netstandard2.0)
      Fake.Core.String (>= 5.12.4) - restriction: || (>= net46) (>= netstandard2.0)
      Fake.Core.Trace (>= 5.12.4) - restriction: || (>= net46) (>= netstandard2.0)
      Fake.IO.FileSystem (>= 5.12.4) - restriction: || (>= net46) (>= netstandard2.0)
      Fake.Net.Http (>= 5.12.4) - restriction: || (>= net46) (>= netstandard2.0)
      FSharp.Core (>= 4.3.4) - restriction: || (>= net46) (>= netstandard2.0)
      System.Diagnostics.FileVersionInfo (>= 4.3) - restriction: || (>= net46) (>= netstandard2.0)
      System.Diagnostics.Process (>= 4.3) - restriction: || (>= net46) (>= netstandard2.0)
      System.IO.FileSystem.Watcher (>= 4.3) - restriction: || (>= net46) (>= netstandard2.0)
      System.Net.Http (>= 4.3.4) - restriction: || (>= net46) (>= netstandard2.0)
      System.Xml.ReaderWriter (>= 4.3.1) - restriction: || (>= net46) (>= netstandard2.0)
      System.Xml.XDocument (>= 4.3) - restriction: && (< net46) (>= netstandard2.0)
      System.Xml.XmlDocument (>= 4.3) - restriction: || (>= net46) (>= netstandard2.0)
      System.Xml.XPath (>= 4.3) - restriction: || (>= net46) (>= netstandard2.0)
      System.Xml.XPath.XDocument (>= 4.3) - restriction: || (>= net46) (>= netstandard2.0)
      System.Xml.XPath.XmlDocument (>= 4.3) - restriction: || (>= net46) (>= netstandard2.0)
    Fake.BuildServer.GitLab (5.12.4)
      Fake.Core.Environment (>= 5.12.4) - restriction: || (>= net46) (>= netstandard1.6)
      Fake.Core.Trace (>= 5.12.4) - restriction: || (>= net46) (>= netstandard1.6)
      Fake.IO.FileSystem (>= 5.12.4) - restriction: || (>= net46) (>= netstandard1.6)
      FSharp.Core (>= 4.3.4) - restriction: || (>= net46) (>= netstandard1.6)
      NETStandard.Library (>= 1.6.1) - restriction: && (< net46) (>= netstandard1.6) (< netstandard2.0)
      System.Diagnostics.FileVersionInfo (>= 4.3) - restriction: || (>= net46) (>= netstandard1.6)
      System.Diagnostics.Process (>= 4.3) - restriction: || (>= net46) (>= netstandard1.6)
      System.IO.FileSystem.Watcher (>= 4.3) - restriction: || (>= net46) (>= netstandard1.6)
      System.Net.Http (>= 4.3.4) - restriction: || (>= net46) (>= netstandard1.6)
      System.Xml.ReaderWriter (>= 4.3.1) - restriction: || (>= net46) (>= netstandard1.6)
      System.Xml.XDocument (>= 4.3) - restriction: || (&& (< net46) (>= netstandard1.6) (< netstandard2.0)) (&& (< net46) (>= netstandard2.0))
      System.Xml.XmlDocument (>= 4.3) - restriction: || (>= net46) (>= netstandard1.6)
      System.Xml.XPath (>= 4.3) - restriction: || (>= net46) (>= netstandard1.6)
      System.Xml.XPath.XDocument (>= 4.3) - restriction: || (>= net46) (>= netstandard1.6)
      System.Xml.XPath.XmlDocument (>= 4.3) - restriction: || (>= net46) (>= netstandard1.6)
    Fake.BuildServer.TeamCity (5.12.4)
      Fake.Core.Environment (>= 5.12.4) - restriction: || (>= net46) (>= netstandard1.6)
      Fake.Core.String (>= 5.12.4) - restriction: || (>= net46) (>= netstandard1.6)
      Fake.Core.Trace (>= 5.12.4) - restriction: || (>= net46) (>= netstandard1.6)
      Fake.Core.Xml (>= 5.12.4) - restriction: || (>= net46) (>= netstandard1.6)
      Fake.IO.FileSystem (>= 5.12.4) - restriction: || (>= net46) (>= netstandard1.6)
      Fake.Net.Http (>= 5.12.4) - restriction: || (>= net46) (>= netstandard1.6)
      FSharp.Core (>= 4.3.4) - restriction: || (>= net46) (>= netstandard1.6)
      NETStandard.Library (>= 1.6.1) - restriction: && (< net46) (>= netstandard1.6) (< netstandard2.0)
      System.Diagnostics.FileVersionInfo (>= 4.3) - restriction: || (>= net46) (>= netstandard1.6)
      System.Diagnostics.Process (>= 4.3) - restriction: || (>= net46) (>= netstandard1.6)
      System.IO.FileSystem.Watcher (>= 4.3) - restriction: || (>= net46) (>= netstandard1.6)
      System.Net.Http (>= 4.3.4) - restriction: || (>= net46) (>= netstandard1.6)
      System.Xml.ReaderWriter (>= 4.3.1) - restriction: || (>= net46) (>= netstandard1.6)
      System.Xml.XDocument (>= 4.3) - restriction: || (&& (< net46) (>= netstandard1.6) (< netstandard2.0)) (&& (< net46) (>= netstandard2.0))
      System.Xml.XmlDocument (>= 4.3) - restriction: || (>= net46) (>= netstandard1.6)
      System.Xml.XPath (>= 4.3) - restriction: || (>= net46) (>= netstandard1.6)
      System.Xml.XPath.XDocument (>= 4.3) - restriction: || (>= net46) (>= netstandard1.6)
      System.Xml.XPath.XmlDocument (>= 4.3) - restriction: || (>= net46) (>= netstandard1.6)
    Fake.BuildServer.TeamFoundation (5.12.4)
      Fake.Core.Environment (>= 5.12.4) - restriction: || (>= net46) (>= netstandard2.0)
      Fake.Core.String (>= 5.12.4) - restriction: || (>= net46) (>= netstandard2.0)
      Fake.Core.Trace (>= 5.12.4) - restriction: || (>= net46) (>= netstandard2.0)
      Fake.Core.Vault (>= 5.12.4) - restriction: || (>= net46) (>= netstandard2.0)
      Fake.IO.FileSystem (>= 5.12.4) - restriction: || (>= net46) (>= netstandard2.0)
      FSharp.Core (>= 4.3.4) - restriction: || (>= net46) (>= netstandard2.0)
      System.Diagnostics.FileVersionInfo (>= 4.3) - restriction: || (>= net46) (>= netstandard2.0)
      System.Diagnostics.Process (>= 4.3) - restriction: || (>= net46) (>= netstandard2.0)
      System.IO.FileSystem.Watcher (>= 4.3) - restriction: || (>= net46) (>= netstandard2.0)
      System.Net.Http (>= 4.3.4) - restriction: || (>= net46) (>= netstandard2.0)
      System.Xml.ReaderWriter (>= 4.3.1) - restriction: || (>= net46) (>= netstandard2.0)
      System.Xml.XDocument (>= 4.3) - restriction: && (< net46) (>= netstandard2.0)
      System.Xml.XmlDocument (>= 4.3) - restriction: || (>= net46) (>= netstandard2.0)
      System.Xml.XPath (>= 4.3) - restriction: || (>= net46) (>= netstandard2.0)
      System.Xml.XPath.XDocument (>= 4.3) - restriction: || (>= net46) (>= netstandard2.0)
      System.Xml.XPath.XmlDocument (>= 4.3) - restriction: || (>= net46) (>= netstandard2.0)
    Fake.BuildServer.Travis (5.12.4)
      Fake.Core.Environment (>= 5.12.4) - restriction: || (>= net46) (>= netstandard1.6)
      Fake.Core.Trace (>= 5.12.4) - restriction: || (>= net46) (>= netstandard1.6)
      Fake.IO.FileSystem (>= 5.12.4) - restriction: || (>= net46) (>= netstandard1.6)
      FSharp.Core (>= 4.3.4) - restriction: || (>= net46) (>= netstandard1.6)
      NETStandard.Library (>= 1.6.1) - restriction: && (< net46) (>= netstandard1.6) (< netstandard2.0)
      System.Diagnostics.FileVersionInfo (>= 4.3) - restriction: || (>= net46) (>= netstandard1.6)
      System.Diagnostics.Process (>= 4.3) - restriction: || (>= net46) (>= netstandard1.6)
      System.IO.FileSystem.Watcher (>= 4.3) - restriction: || (>= net46) (>= netstandard1.6)
      System.Net.Http (>= 4.3.4) - restriction: || (>= net46) (>= netstandard1.6)
      System.Xml.ReaderWriter (>= 4.3.1) - restriction: || (>= net46) (>= netstandard1.6)
      System.Xml.XDocument (>= 4.3) - restriction: || (&& (< net46) (>= netstandard1.6) (< netstandard2.0)) (&& (< net46) (>= netstandard2.0))
      System.Xml.XmlDocument (>= 4.3) - restriction: || (>= net46) (>= netstandard1.6)
      System.Xml.XPath (>= 4.3) - restriction: || (>= net46) (>= netstandard1.6)
      System.Xml.XPath.XDocument (>= 4.3) - restriction: || (>= net46) (>= netstandard1.6)
      System.Xml.XPath.XmlDocument (>= 4.3) - restriction: || (>= net46) (>= netstandard1.6)
    Fake.Core.CommandLineParsing (5.12.4) - restriction: || (>= net46) (>= netstandard2.0)
      FParsec (>= 1.0.3) - restriction: || (>= net46) (>= netstandard1.6)
      FSharp.Core (>= 4.3.4) - restriction: || (>= net46) (>= netstandard1.6)
    Fake.Core.Context (5.12.4) - restriction: || (>= net46) (>= netstandard2.0)
      FSharp.Core (>= 4.3.4) - restriction: || (>= net46) (>= netstandard1.6)
    Fake.Core.Environment (5.12.4) - restriction: || (>= net46) (>= netstandard1.6)
      FSharp.Core (>= 4.3.4) - restriction: || (>= net46) (>= netstandard1.6)
      NETStandard.Library (>= 1.6.1) - restriction: && (< net46) (>= netstandard1.6) (< netstandard2.0)
    Fake.Core.FakeVar (5.12.4) - restriction: || (>= net46) (>= netstandard1.6)
      Fake.Core.Context (>= 5.12.4) - restriction: || (>= net46) (>= netstandard1.6)
      FSharp.Core (>= 4.3.4) - restriction: || (>= net46) (>= netstandard1.6)
    Fake.Core.Process (5.12.4) - restriction: || (>= net46) (>= netstandard2.0)
      Fake.Core.Environment (>= 5.12.4) - restriction: || (>= net46) (>= netstandard2.0)
      Fake.Core.FakeVar (>= 5.12.4) - restriction: || (>= net46) (>= netstandard2.0)
      Fake.Core.String (>= 5.12.4) - restriction: || (>= net46) (>= netstandard2.0)
      Fake.Core.Trace (>= 5.12.4) - restriction: || (>= net46) (>= netstandard2.0)
      Fake.IO.FileSystem (>= 5.12.4) - restriction: || (>= net46) (>= netstandard2.0)
      FSharp.Core (>= 4.3.4) - restriction: || (>= net46) (>= netstandard2.0)
      System.Diagnostics.Process (>= 4.3) - restriction: || (>= net46) (>= netstandard2.0)
    Fake.Core.ReleaseNotes (5.12.4)
      Fake.Core.SemVer (>= 5.12.4) - restriction: || (>= net46) (>= netstandard1.6)
      Fake.Core.String (>= 5.12.4) - restriction: || (>= net46) (>= netstandard1.6)
      FSharp.Core (>= 4.3.4) - restriction: || (>= net46) (>= netstandard1.6)
      NETStandard.Library (>= 1.6.1) - restriction: && (< net46) (>= netstandard1.6) (< netstandard2.0)
    Fake.Core.SemVer (5.12.4)
      FSharp.Core (>= 4.3.4) - restriction: || (>= net46) (>= netstandard1.6)
      NETStandard.Library (>= 1.6.1) - restriction: && (< net46) (>= netstandard1.6) (< netstandard2.0)
      System.Runtime.Numerics (>= 4.3) - restriction: || (>= net46) (>= netstandard1.6)
    Fake.Core.String (5.12.4) - restriction: || (>= net46) (>= netstandard1.6)
      FSharp.Core (>= 4.3.4) - restriction: || (>= net46) (>= netstandard1.6)
      NETStandard.Library (>= 1.6.1) - restriction: && (< net46) (>= netstandard1.6) (< netstandard2.0)
    Fake.Core.Target (5.12.4)
      Fake.Core.CommandLineParsing (>= 5.12.4) - restriction: || (>= net46) (>= netstandard2.0)
      Fake.Core.Context (>= 5.12.4) - restriction: || (>= net46) (>= netstandard2.0)
      Fake.Core.Environment (>= 5.12.4) - restriction: || (>= net46) (>= netstandard2.0)
      Fake.Core.FakeVar (>= 5.12.4) - restriction: || (>= net46) (>= netstandard2.0)
      Fake.Core.Process (>= 5.12.4) - restriction: || (>= net46) (>= netstandard2.0)
      Fake.Core.String (>= 5.12.4) - restriction: || (>= net46) (>= netstandard2.0)
      Fake.Core.Trace (>= 5.12.4) - restriction: || (>= net46) (>= netstandard2.0)
      FSharp.Control.Reactive (>= 4.1) - restriction: || (>= net46) (>= netstandard2.0)
      FSharp.Core (>= 4.3.4) - restriction: || (>= net46) (>= netstandard2.0)
      System.Reactive.Compatibility (>= 4.1.3) - restriction: || (>= net46) (>= netstandard2.0)
    Fake.Core.Tasks (5.12.4) - restriction: || (>= net46) (>= netstandard2.0)
      Fake.Core.Trace (>= 5.12.4) - restriction: || (>= net46) (>= netstandard1.6)
      FSharp.Core (>= 4.3.4) - restriction: || (>= net46) (>= netstandard1.6)
    Fake.Core.Trace (5.12.4) - restriction: || (>= net46) (>= netstandard1.6)
      Fake.Core.Environment (>= 5.12.4) - restriction: || (>= net46) (>= netstandard1.6)
      Fake.Core.FakeVar (>= 5.12.4) - restriction: || (>= net46) (>= netstandard1.6)
      FSharp.Core (>= 4.3.4) - restriction: || (>= net46) (>= netstandard1.6)
      NETStandard.Library (>= 1.6.1) - restriction: && (< net46) (>= netstandard1.6) (< netstandard2.0)
    Fake.Core.Vault (5.12.4) - restriction: || (>= net46) (>= netstandard2.0)
      FSharp.Core (>= 4.3.4) - restriction: || (>= net46) (>= netstandard2.0)
      Newtonsoft.Json (>= 12.0.1) - restriction: || (>= net46) (>= netstandard2.0)
      System.Security.Cryptography.Algorithms (>= 4.3.1) - restriction: || (>= net46) (>= netstandard2.0)
    Fake.Core.Xml (5.12.4) - restriction: || (>= net46) (>= netstandard1.6)
      Fake.Core.String (>= 5.12.4) - restriction: || (>= net46) (>= netstandard1.6)
      FSharp.Core (>= 4.3.4) - restriction: || (>= net46) (>= netstandard1.6)
      NETStandard.Library (>= 1.6.1) - restriction: && (< net46) (>= netstandard1.6) (< netstandard2.0)
      System.Xml.ReaderWriter (>= 4.3.1) - restriction: || (>= net46) (>= netstandard1.6)
      System.Xml.XDocument (>= 4.3) - restriction: || (&& (< net46) (>= netstandard1.6) (< netstandard2.0)) (&& (< net46) (>= netstandard2.0))
      System.Xml.XPath (>= 4.3) - restriction: || (>= net46) (>= netstandard1.6)
      System.Xml.XPath.XDocument (>= 4.3) - restriction: || (>= net46) (>= netstandard1.6)
      System.Xml.XPath.XmlDocument (>= 4.3) - restriction: || (>= net46) (>= netstandard1.6)
    Fake.DotNet.AssemblyInfoFile (5.12.4)
      Fake.Core.Environment (>= 5.12.4) - restriction: || (>= net46) (>= netstandard1.6)
      Fake.Core.String (>= 5.12.4) - restriction: || (>= net46) (>= netstandard1.6)
      Fake.Core.Trace (>= 5.12.4) - restriction: || (>= net46) (>= netstandard1.6)
      Fake.IO.FileSystem (>= 5.12.4) - restriction: || (>= net46) (>= netstandard1.6)
      FSharp.Core (>= 4.3.4) - restriction: || (>= net46) (>= netstandard1.6)
      NETStandard.Library (>= 1.6.1) - restriction: && (< net46) (>= netstandard1.6) (< netstandard2.0)
    Fake.DotNet.Cli (5.12.4)
      Fake.Core.Environment (>= 5.12.4) - restriction: || (>= net462) (>= netstandard2.0)
      Fake.Core.Process (>= 5.12.4) - restriction: || (>= net462) (>= netstandard2.0)
      Fake.Core.String (>= 5.12.4) - restriction: || (>= net462) (>= netstandard2.0)
      Fake.Core.Trace (>= 5.12.4) - restriction: || (>= net462) (>= netstandard2.0)
      Fake.DotNet.MsBuild (>= 5.12.4) - restriction: || (>= net462) (>= netstandard2.0)
      Fake.IO.FileSystem (>= 5.12.4) - restriction: || (>= net462) (>= netstandard2.0)
      FSharp.Core (>= 4.3.4) - restriction: || (>= net462) (>= netstandard2.0)
      Newtonsoft.Json (>= 12.0.1) - restriction: || (>= net462) (>= netstandard2.0)
    Fake.DotNet.FSFormatting (5.12.4)
      Fake.Core.Process (>= 5.12.4) - restriction: || (>= net46) (>= netstandard2.0)
      Fake.IO.FileSystem (>= 5.12.4) - restriction: || (>= net46) (>= netstandard2.0)
      FSharp.Core (>= 4.3.4) - restriction: || (>= net46) (>= netstandard2.0)
    Fake.DotNet.MsBuild (5.12.4)
      BlackFox.VsWhere (>= 1.0) - restriction: || (>= net462) (>= netstandard2.0)
      Fake.Core.Environment (>= 5.12.4) - restriction: || (>= net462) (>= netstandard2.0)
      Fake.Core.Process (>= 5.12.4) - restriction: || (>= net462) (>= netstandard2.0)
      Fake.Core.String (>= 5.12.4) - restriction: || (>= net462) (>= netstandard2.0)
      Fake.Core.Trace (>= 5.12.4) - restriction: || (>= net462) (>= netstandard2.0)
      Fake.IO.FileSystem (>= 5.12.4) - restriction: || (>= net462) (>= netstandard2.0)
      FSharp.Core (>= 4.3.4) - restriction: || (>= net462) (>= netstandard2.0)
      MSBuild.StructuredLogger (>= 2.0.68) - restriction: || (>= net462) (>= netstandard2.0)
    Fake.DotNet.NuGet (5.12.4)
      Fake.Core.Environment (>= 5.12.4) - restriction: || (>= net46) (>= netstandard2.0)
      Fake.Core.Process (>= 5.12.4) - restriction: || (>= net46) (>= netstandard2.0)
      Fake.Core.SemVer (>= 5.12.4) - restriction: || (>= net46) (>= netstandard2.0)
      Fake.Core.String (>= 5.12.4) - restriction: || (>= net46) (>= netstandard2.0)
      Fake.Core.Tasks (>= 5.12.4) - restriction: || (>= net46) (>= netstandard2.0)
      Fake.Core.Trace (>= 5.12.4) - restriction: || (>= net46) (>= netstandard2.0)
      Fake.Core.Xml (>= 5.12.4) - restriction: || (>= net46) (>= netstandard2.0)
      Fake.IO.FileSystem (>= 5.12.4) - restriction: || (>= net46) (>= netstandard2.0)
      Fake.Net.Http (>= 5.12.4) - restriction: || (>= net46) (>= netstandard2.0)
      FSharp.Core (>= 4.3.4) - restriction: || (>= net46) (>= netstandard2.0)
      Newtonsoft.Json (>= 12.0.1) - restriction: || (>= net46) (>= netstandard2.0)
      System.Net.Http (>= 4.3.4) - restriction: || (>= net46) (>= netstandard2.0)
    Fake.DotNet.Paket (5.12.4)
      Fake.Core.Process (>= 5.12.4) - restriction: || (>= net46) (>= netstandard2.0)
      Fake.Core.String (>= 5.12.4) - restriction: || (>= net46) (>= netstandard2.0)
      Fake.Core.Trace (>= 5.12.4) - restriction: || (>= net46) (>= netstandard2.0)
      Fake.IO.FileSystem (>= 5.12.4) - restriction: || (>= net46) (>= netstandard2.0)
      FSharp.Core (>= 4.3.4) - restriction: || (>= net46) (>= netstandard2.0)
    Fake.DotNet.Testing.MSpec (5.12.4)
      Fake.Core.Environment (>= 5.12.4) - restriction: || (>= net46) (>= netstandard2.0)
      Fake.Core.Process (>= 5.12.4) - restriction: || (>= net46) (>= netstandard2.0)
      Fake.Core.String (>= 5.12.4) - restriction: || (>= net46) (>= netstandard2.0)
      Fake.Core.Trace (>= 5.12.4) - restriction: || (>= net46) (>= netstandard2.0)
      Fake.IO.FileSystem (>= 5.12.4) - restriction: || (>= net46) (>= netstandard2.0)
      Fake.Testing.Common (>= 5.12.4) - restriction: || (>= net46) (>= netstandard2.0)
      FSharp.Core (>= 4.3.4) - restriction: || (>= net46) (>= netstandard2.0)
    Fake.DotNet.Testing.NUnit (5.12.4)
      Fake.Core.Environment (>= 5.12.4) - restriction: || (>= net46) (>= netstandard2.0)
      Fake.Core.Process (>= 5.12.4) - restriction: || (>= net46) (>= netstandard2.0)
      Fake.Core.String (>= 5.12.4) - restriction: || (>= net46) (>= netstandard2.0)
      Fake.Core.Trace (>= 5.12.4) - restriction: || (>= net46) (>= netstandard2.0)
      Fake.IO.FileSystem (>= 5.12.4) - restriction: || (>= net46) (>= netstandard2.0)
      Fake.Testing.Common (>= 5.12.4) - restriction: || (>= net46) (>= netstandard2.0)
      FSharp.Core (>= 4.3.4) - restriction: || (>= net46) (>= netstandard2.0)
      System.Linq.Parallel (>= 4.3) - restriction: || (>= net46) (>= netstandard2.0)
      System.Xml.XDocument (>= 4.3) - restriction: && (< net46) (>= netstandard2.0)
    Fake.DotNet.Testing.XUnit2 (5.12.4)
      Fake.Core.Process (>= 5.12.4) - restriction: || (>= net46) (>= netstandard2.0)
      Fake.Core.String (>= 5.12.4) - restriction: || (>= net46) (>= netstandard2.0)
      Fake.Core.Trace (>= 5.12.4) - restriction: || (>= net46) (>= netstandard2.0)
      Fake.IO.FileSystem (>= 5.12.4) - restriction: || (>= net46) (>= netstandard2.0)
      Fake.Testing.Common (>= 5.12.4) - restriction: || (>= net46) (>= netstandard2.0)
      FSharp.Core (>= 4.3.4) - restriction: || (>= net46) (>= netstandard2.0)
    Fake.IO.FileSystem (5.12.4)
      Fake.Core.String (>= 5.12.4) - restriction: || (>= net46) (>= netstandard1.6)
      FSharp.Core (>= 4.3.4) - restriction: || (>= net46) (>= netstandard1.6)
      NETStandard.Library (>= 1.6.1) - restriction: && (< net46) (>= netstandard1.6) (< netstandard2.0)
      System.Diagnostics.FileVersionInfo (>= 4.3) - restriction: || (>= net46) (>= netstandard1.6)
      System.IO.FileSystem.Watcher (>= 4.3) - restriction: || (>= net46) (>= netstandard1.6)
    Fake.IO.Zip (5.12.4)
      Fake.Core.String (>= 5.12.4) - restriction: || (>= net46) (>= netstandard1.6)
      Fake.IO.FileSystem (>= 5.12.4) - restriction: || (>= net46) (>= netstandard1.6)
      FSharp.Core (>= 4.3.4) - restriction: || (>= net46) (>= netstandard1.6)
      NETStandard.Library (>= 1.6.1) - restriction: && (< net46) (>= netstandard1.6) (< netstandard2.0)
      System.IO.Compression (>= 4.3) - restriction: || (>= net46) (>= netstandard1.6)
      System.IO.Compression.ZipFile (>= 4.3) - restriction: || (>= net46) (>= netstandard1.6)
    Fake.Net.Http (5.12.4) - restriction: || (>= net46) (>= netstandard1.6)
      Fake.Core.Trace (>= 5.12.4) - restriction: || (>= net46) (>= netstandard1.6)
      FSharp.Core (>= 4.3.4) - restriction: || (>= net46) (>= netstandard1.6)
      System.Net.Http (>= 4.3.4) - restriction: || (>= net46) (>= netstandard1.6)
    Fake.Testing.Common (5.12.4) - restriction: || (>= net46) (>= netstandard2.0)
      Fake.Core.Trace (>= 5.12.4) - restriction: || (>= net46) (>= netstandard1.6)
      FSharp.Core (>= 4.3.4) - restriction: || (>= net46) (>= netstandard1.6)
    Fake.Tools.Git (5.12.4)
      Fake.Core.Environment (>= 5.12.4) - restriction: || (>= net46) (>= netstandard2.0)
      Fake.Core.Process (>= 5.12.4) - restriction: || (>= net46) (>= netstandard2.0)
      Fake.Core.SemVer (>= 5.12.4) - restriction: || (>= net46) (>= netstandard2.0)
      Fake.Core.String (>= 5.12.4) - restriction: || (>= net46) (>= netstandard2.0)
      Fake.Core.Trace (>= 5.12.4) - restriction: || (>= net46) (>= netstandard2.0)
      Fake.IO.FileSystem (>= 5.12.4) - restriction: || (>= net46) (>= netstandard2.0)
      FSharp.Core (>= 4.3.4) - restriction: || (>= net46) (>= netstandard2.0)
    Fake.Windows.Chocolatey (5.12.4)
      Fake.Core.Environment (>= 5.12.4) - restriction: || (>= net46) (>= netstandard2.0)
      Fake.Core.Process (>= 5.12.4) - restriction: || (>= net46) (>= netstandard2.0)
      Fake.Core.String (>= 5.12.4) - restriction: || (>= net46) (>= netstandard2.0)
      Fake.Core.Trace (>= 5.12.4) - restriction: || (>= net46) (>= netstandard2.0)
      Fake.DotNet.NuGet (>= 5.12.4) - restriction: || (>= net46) (>= netstandard2.0)
      Fake.IO.FileSystem (>= 5.12.4) - restriction: || (>= net46) (>= netstandard2.0)
      FSharp.Core (>= 4.3.4) - restriction: || (>= net46) (>= netstandard2.0)

GROUP netcorerunner
STORAGE: NONE
RESTRICTION: || (== net46) (== net462) (== netcoreapp2.0) (== netcoreapp2.1) (== netstandard1.6) (== netstandard2.0)
NUGET
  remote: https://api.nuget.org/v3/index.json
    Chessie (0.6) - restriction: || (== net46) (== net462) (== netcoreapp2.0) (== netcoreapp2.1) (&& (== netstandard1.6) (>= net45)) (&& (== netstandard1.6) (>= netstandard2.0)) (== netstandard2.0)
      FSharp.Core  - restriction: || (== net46) (== net462) (&& (== netcoreapp2.0) (< netstandard1.6)) (&& (== netcoreapp2.1) (< netstandard1.6)) (&& (== netstandard2.0) (< netstandard1.6))
      FSharp.Core (>= 4.0.1.7-alpha) - restriction: || (&& (== net46) (>= netstandard1.6)) (&& (== net462) (>= netstandard1.6)) (== netcoreapp2.0) (== netcoreapp2.1) (== netstandard1.6) (== netstandard2.0)
      NETStandard.Library (>= 1.6) - restriction: || (&& (== net46) (>= netstandard1.6)) (&& (== net462) (>= netstandard1.6)) (== netcoreapp2.0) (== netcoreapp2.1) (== netstandard1.6) (== netstandard2.0)
    FSharp.Compiler.Tools (10.2.1) - restriction: || (== net46) (== net462) (&& (== netcoreapp2.0) (>= net45)) (&& (== netcoreapp2.1) (>= net45)) (&& (== netstandard1.6) (>= net45)) (&& (== netstandard2.0) (>= net45))
    FSharp.Core (4.6.2)
      System.Collections (>= 4.0.11) - restriction: || (&& (== net46) (== netcoreapp2.0)) (&& (== net46) (== netcoreapp2.1)) (&& (== net46) (== netstandard2.0)) (&& (== net46) (< net45) (>= netstandard1.6)) (&& (== net462) (== netcoreapp2.0)) (&& (== net462) (== netcoreapp2.1)) (&& (== net462) (== netstandard2.0)) (&& (== net462) (< net45) (>= netstandard1.6)) (&& (== netcoreapp2.0) (< netstandard2.0)) (&& (== netcoreapp2.1) (< netstandard2.0)) (== netstandard1.6)
      System.Console (>= 4.0) - restriction: || (&& (== net46) (== netcoreapp2.0)) (&& (== net46) (== netcoreapp2.1)) (&& (== net46) (== netstandard2.0)) (&& (== net46) (< net45) (>= netstandard1.6)) (&& (== net462) (== netcoreapp2.0)) (&& (== net462) (== netcoreapp2.1)) (&& (== net462) (== netstandard2.0)) (&& (== net462) (< net45) (>= netstandard1.6)) (&& (== netcoreapp2.0) (< netstandard2.0)) (&& (== netcoreapp2.1) (< netstandard2.0)) (== netstandard1.6)
      System.Diagnostics.Debug (>= 4.0.11) - restriction: || (&& (== net46) (== netcoreapp2.0)) (&& (== net46) (== netcoreapp2.1)) (&& (== net46) (== netstandard2.0)) (&& (== net46) (< net45) (>= netstandard1.6)) (&& (== net462) (== netcoreapp2.0)) (&& (== net462) (== netcoreapp2.1)) (&& (== net462) (== netstandard2.0)) (&& (== net462) (< net45) (>= netstandard1.6)) (&& (== netcoreapp2.0) (< netstandard2.0)) (&& (== netcoreapp2.1) (< netstandard2.0)) (== netstandard1.6)
      System.Diagnostics.Tools (>= 4.0.1) - restriction: || (&& (== net46) (== netcoreapp2.0)) (&& (== net46) (== netcoreapp2.1)) (&& (== net46) (== netstandard2.0)) (&& (== net46) (< net45) (>= netstandard1.6)) (&& (== net462) (== netcoreapp2.0)) (&& (== net462) (== netcoreapp2.1)) (&& (== net462) (== netstandard2.0)) (&& (== net462) (< net45) (>= netstandard1.6)) (&& (== netcoreapp2.0) (< netstandard2.0)) (&& (== netcoreapp2.1) (< netstandard2.0)) (== netstandard1.6)
      System.Globalization (>= 4.0.11) - restriction: || (&& (== net46) (== netcoreapp2.0)) (&& (== net46) (== netcoreapp2.1)) (&& (== net46) (== netstandard2.0)) (&& (== net46) (< net45) (>= netstandard1.6)) (&& (== net462) (== netcoreapp2.0)) (&& (== net462) (== netcoreapp2.1)) (&& (== net462) (== netstandard2.0)) (&& (== net462) (< net45) (>= netstandard1.6)) (&& (== netcoreapp2.0) (< netstandard2.0)) (&& (== netcoreapp2.1) (< netstandard2.0)) (== netstandard1.6)
      System.IO (>= 4.1) - restriction: || (&& (== net46) (== netcoreapp2.0)) (&& (== net46) (== netcoreapp2.1)) (&& (== net46) (== netstandard2.0)) (&& (== net46) (< net45) (>= netstandard1.6)) (&& (== net462) (== netcoreapp2.0)) (&& (== net462) (== netcoreapp2.1)) (&& (== net462) (== netstandard2.0)) (&& (== net462) (< net45) (>= netstandard1.6)) (&& (== netcoreapp2.0) (< netstandard2.0)) (&& (== netcoreapp2.1) (< netstandard2.0)) (== netstandard1.6)
      System.Linq (>= 4.1) - restriction: || (&& (== net46) (== netcoreapp2.0)) (&& (== net46) (== netcoreapp2.1)) (&& (== net46) (== netstandard2.0)) (&& (== net46) (< net45) (>= netstandard1.6)) (&& (== net462) (== netcoreapp2.0)) (&& (== net462) (== netcoreapp2.1)) (&& (== net462) (== netstandard2.0)) (&& (== net462) (< net45) (>= netstandard1.6)) (&& (== netcoreapp2.0) (< netstandard2.0)) (&& (== netcoreapp2.1) (< netstandard2.0)) (== netstandard1.6)
      System.Linq.Expressions (>= 4.1) - restriction: || (&& (== net46) (== netcoreapp2.0)) (&& (== net46) (== netcoreapp2.1)) (&& (== net46) (== netstandard2.0)) (&& (== net46) (< net45) (>= netstandard1.6)) (&& (== net462) (== netcoreapp2.0)) (&& (== net462) (== netcoreapp2.1)) (&& (== net462) (== netstandard2.0)) (&& (== net462) (< net45) (>= netstandard1.6)) (&& (== netcoreapp2.0) (< netstandard2.0)) (&& (== netcoreapp2.1) (< netstandard2.0)) (== netstandard1.6)
      System.Linq.Queryable (>= 4.0.1) - restriction: || (&& (== net46) (== netcoreapp2.0)) (&& (== net46) (== netcoreapp2.1)) (&& (== net46) (== netstandard2.0)) (&& (== net46) (< net45) (>= netstandard1.6)) (&& (== net462) (== netcoreapp2.0)) (&& (== net462) (== netcoreapp2.1)) (&& (== net462) (== netstandard2.0)) (&& (== net462) (< net45) (>= netstandard1.6)) (&& (== netcoreapp2.0) (< netstandard2.0)) (&& (== netcoreapp2.1) (< netstandard2.0)) (== netstandard1.6)
      System.Net.Requests (>= 4.0.11) - restriction: || (&& (== net46) (== netcoreapp2.0)) (&& (== net46) (== netcoreapp2.1)) (&& (== net46) (== netstandard2.0)) (&& (== net46) (< net45) (>= netstandard1.6)) (&& (== net462) (== netcoreapp2.0)) (&& (== net462) (== netcoreapp2.1)) (&& (== net462) (== netstandard2.0)) (&& (== net462) (< net45) (>= netstandard1.6)) (&& (== netcoreapp2.0) (< netstandard2.0)) (&& (== netcoreapp2.1) (< netstandard2.0)) (== netstandard1.6)
      System.Reflection (>= 4.1) - restriction: || (&& (== net46) (== netcoreapp2.0)) (&& (== net46) (== netcoreapp2.1)) (&& (== net46) (== netstandard2.0)) (&& (== net46) (< net45) (>= netstandard1.6)) (&& (== net462) (== netcoreapp2.0)) (&& (== net462) (== netcoreapp2.1)) (&& (== net462) (== netstandard2.0)) (&& (== net462) (< net45) (>= netstandard1.6)) (&& (== netcoreapp2.0) (< netstandard2.0)) (&& (== netcoreapp2.1) (< netstandard2.0)) (== netstandard1.6)
      System.Reflection.Extensions (>= 4.0.1) - restriction: || (&& (== net46) (== netcoreapp2.0)) (&& (== net46) (== netcoreapp2.1)) (&& (== net46) (== netstandard2.0)) (&& (== net46) (< net45) (>= netstandard1.6)) (&& (== net462) (== netcoreapp2.0)) (&& (== net462) (== netcoreapp2.1)) (&& (== net462) (== netstandard2.0)) (&& (== net462) (< net45) (>= netstandard1.6)) (&& (== netcoreapp2.0) (< netstandard2.0)) (&& (== netcoreapp2.1) (< netstandard2.0)) (== netstandard1.6)
      System.Resources.ResourceManager (>= 4.0.1) - restriction: || (&& (== net46) (== netcoreapp2.0)) (&& (== net46) (== netcoreapp2.1)) (&& (== net46) (== netstandard2.0)) (&& (== net46) (< net45) (>= netstandard1.6)) (&& (== net462) (== netcoreapp2.0)) (&& (== net462) (== netcoreapp2.1)) (&& (== net462) (== netstandard2.0)) (&& (== net462) (< net45) (>= netstandard1.6)) (&& (== netcoreapp2.0) (< netstandard2.0)) (&& (== netcoreapp2.1) (< netstandard2.0)) (== netstandard1.6)
      System.Runtime (>= 4.1) - restriction: || (&& (== net46) (== netcoreapp2.0)) (&& (== net46) (== netcoreapp2.1)) (&& (== net46) (== netstandard2.0)) (&& (== net46) (< net45) (>= netstandard1.6)) (&& (== net462) (== netcoreapp2.0)) (&& (== net462) (== netcoreapp2.1)) (&& (== net462) (== netstandard2.0)) (&& (== net462) (< net45) (>= netstandard1.6)) (&& (== netcoreapp2.0) (< netstandard2.0)) (&& (== netcoreapp2.1) (< netstandard2.0)) (== netstandard1.6)
      System.Runtime.Extensions (>= 4.1) - restriction: || (&& (== net46) (== netcoreapp2.0)) (&& (== net46) (== netcoreapp2.1)) (&& (== net46) (== netstandard2.0)) (&& (== net46) (< net45) (>= netstandard1.6)) (&& (== net462) (== netcoreapp2.0)) (&& (== net462) (== netcoreapp2.1)) (&& (== net462) (== netstandard2.0)) (&& (== net462) (< net45) (>= netstandard1.6)) (&& (== netcoreapp2.0) (< netstandard2.0)) (&& (== netcoreapp2.1) (< netstandard2.0)) (== netstandard1.6)
      System.Runtime.Numerics (>= 4.0.1) - restriction: || (&& (== net46) (== netcoreapp2.0)) (&& (== net46) (== netcoreapp2.1)) (&& (== net46) (== netstandard2.0)) (&& (== net46) (< net45) (>= netstandard1.6)) (&& (== net462) (== netcoreapp2.0)) (&& (== net462) (== netcoreapp2.1)) (&& (== net462) (== netstandard2.0)) (&& (== net462) (< net45) (>= netstandard1.6)) (&& (== netcoreapp2.0) (< netstandard2.0)) (&& (== netcoreapp2.1) (< netstandard2.0)) (== netstandard1.6)
      System.Text.RegularExpressions (>= 4.1) - restriction: || (&& (== net46) (== netcoreapp2.0)) (&& (== net46) (== netcoreapp2.1)) (&& (== net46) (== netstandard2.0)) (&& (== net46) (< net45) (>= netstandard1.6)) (&& (== net462) (== netcoreapp2.0)) (&& (== net462) (== netcoreapp2.1)) (&& (== net462) (== netstandard2.0)) (&& (== net462) (< net45) (>= netstandard1.6)) (&& (== netcoreapp2.0) (< netstandard2.0)) (&& (== netcoreapp2.1) (< netstandard2.0)) (== netstandard1.6)
      System.Threading (>= 4.0.11) - restriction: || (&& (== net46) (== netcoreapp2.0)) (&& (== net46) (== netcoreapp2.1)) (&& (== net46) (== netstandard2.0)) (&& (== net46) (< net45) (>= netstandard1.6)) (&& (== net462) (== netcoreapp2.0)) (&& (== net462) (== netcoreapp2.1)) (&& (== net462) (== netstandard2.0)) (&& (== net462) (< net45) (>= netstandard1.6)) (&& (== netcoreapp2.0) (< netstandard2.0)) (&& (== netcoreapp2.1) (< netstandard2.0)) (== netstandard1.6)
      System.Threading.Tasks (>= 4.0.11) - restriction: || (&& (== net46) (== netcoreapp2.0)) (&& (== net46) (== netcoreapp2.1)) (&& (== net46) (== netstandard2.0)) (&& (== net46) (< net45) (>= netstandard1.6)) (&& (== net462) (== netcoreapp2.0)) (&& (== net462) (== netcoreapp2.1)) (&& (== net462) (== netstandard2.0)) (&& (== net462) (< net45) (>= netstandard1.6)) (&& (== netcoreapp2.0) (< netstandard2.0)) (&& (== netcoreapp2.1) (< netstandard2.0)) (== netstandard1.6)
      System.Threading.Tasks.Parallel (>= 4.0.1) - restriction: || (&& (== net46) (== netcoreapp2.0)) (&& (== net46) (== netcoreapp2.1)) (&& (== net46) (== netstandard2.0)) (&& (== net46) (< net45) (>= netstandard1.6)) (&& (== net462) (== netcoreapp2.0)) (&& (== net462) (== netcoreapp2.1)) (&& (== net462) (== netstandard2.0)) (&& (== net462) (< net45) (>= netstandard1.6)) (&& (== netcoreapp2.0) (< netstandard2.0)) (&& (== netcoreapp2.1) (< netstandard2.0)) (== netstandard1.6)
      System.Threading.Thread (>= 4.0) - restriction: || (&& (== net46) (== netcoreapp2.0)) (&& (== net46) (== netcoreapp2.1)) (&& (== net46) (== netstandard2.0)) (&& (== net46) (< net45) (>= netstandard1.6)) (&& (== net462) (== netcoreapp2.0)) (&& (== net462) (== netcoreapp2.1)) (&& (== net462) (== netstandard2.0)) (&& (== net462) (< net45) (>= netstandard1.6)) (&& (== netcoreapp2.0) (< netstandard2.0)) (&& (== netcoreapp2.1) (< netstandard2.0)) (== netstandard1.6)
      System.Threading.ThreadPool (>= 4.0.10) - restriction: || (&& (== net46) (== netcoreapp2.0)) (&& (== net46) (== netcoreapp2.1)) (&& (== net46) (== netstandard2.0)) (&& (== net46) (< net45) (>= netstandard1.6)) (&& (== net462) (== netcoreapp2.0)) (&& (== net462) (== netcoreapp2.1)) (&& (== net462) (== netstandard2.0)) (&& (== net462) (< net45) (>= netstandard1.6)) (&& (== netcoreapp2.0) (< netstandard2.0)) (&& (== netcoreapp2.1) (< netstandard2.0)) (== netstandard1.6)
      System.Threading.Timer (>= 4.0.1) - restriction: || (&& (== net46) (== netcoreapp2.0)) (&& (== net46) (== netcoreapp2.1)) (&& (== net46) (== netstandard2.0)) (&& (== net46) (< net45) (>= netstandard1.6)) (&& (== net462) (== netcoreapp2.0)) (&& (== net462) (== netcoreapp2.1)) (&& (== net462) (== netstandard2.0)) (&& (== net462) (< net45) (>= netstandard1.6)) (&& (== netcoreapp2.0) (< netstandard2.0)) (&& (== netcoreapp2.1) (< netstandard2.0)) (== netstandard1.6)
    Microsoft.NETCore.App (2.2.2) - restriction: || (&& (== net46) (== netcoreapp1.1)) (&& (== net462) (== netcoreapp1.1)) (&& (== netcoreapp1.1) (== netcoreapp2.0)) (&& (== netcoreapp1.1) (== netcoreapp2.1)) (== netstandard1.6) (== netstandard2.0)
    Microsoft.NETCore.Platforms (2.2)
    Microsoft.NETCore.Targets (2.1) - restriction: || (&& (== net46) (== netcoreapp2.0)) (&& (== net46) (== netcoreapp2.1)) (&& (== net46) (== netstandard2.0)) (&& (== net46) (>= dnxcore50)) (&& (== net46) (< net45)) (&& (== net46) (< portable-net45+win8+wpa81)) (&& (== net46) (>= uap10.0)) (&& (== net462) (== netcoreapp2.0)) (&& (== net462) (== netcoreapp2.1)) (&& (== net462) (== netstandard2.0)) (&& (== net462) (>= dnxcore50)) (&& (== net462) (< net45)) (&& (== net462) (< netstandard1.2) (>= uap10.0)) (&& (== net462) (< netstandard1.3) (>= uap10.0)) (&& (== net462) (< netstandard1.5) (>= uap10.0)) (&& (== net462) (< portable-net45+win8+wpa81)) (&& (== netcoreapp2.0) (>= dnxcore50)) (&& (== netcoreapp2.0) (< netstandard1.2)) (&& (== netcoreapp2.0) (< netstandard1.3)) (&& (== netcoreapp2.0) (< netstandard1.4)) (&& (== netcoreapp2.0) (< netstandard1.5)) (&& (== netcoreapp2.0) (< netstandard1.6)) (&& (== netcoreapp2.0) (< netstandard2.0)) (&& (== netcoreapp2.0) (< portable-net45+win8+wpa81)) (&& (== netcoreapp2.1) (>= dnxcore50)) (&& (== netcoreapp2.1) (< netstandard1.2)) (&& (== netcoreapp2.1) (< netstandard1.3)) (&& (== netcoreapp2.1) (< netstandard1.4)) (&& (== netcoreapp2.1) (< netstandard1.5)) (&& (== netcoreapp2.1) (< netstandard1.6)) (&& (== netcoreapp2.1) (< netstandard2.0)) (&& (== netcoreapp2.1) (< portable-net45+win8+wpa81)) (== netstandard1.6) (&& (== netstandard2.0) (>= dnxcore50)) (&& (== netstandard2.0) (< netstandard1.2)) (&& (== netstandard2.0) (< netstandard1.3)) (&& (== netstandard2.0) (< netstandard1.4)) (&& (== netstandard2.0) (< netstandard1.5)) (&& (== netstandard2.0) (< netstandard1.6)) (&& (== netstandard2.0) (< portable-net45+win8+wpa81))
    Microsoft.Win32.Primitives (4.3) - restriction: || (== net46) (&& (== net462) (== netcoreapp2.0)) (&& (== net462) (== netcoreapp2.1)) (&& (== net462) (== netstandard2.0)) (&& (== net462) (< net45)) (&& (== net462) (< netstandard1.4)) (&& (== net462) (< netstandard1.5) (>= uap10.0)) (&& (== netcoreapp2.0) (< netstandard1.4)) (&& (== netcoreapp2.0) (< netstandard1.5)) (&& (== netcoreapp2.0) (< netstandard1.6)) (&& (== netcoreapp2.0) (< netstandard2.0)) (&& (== netcoreapp2.1) (< netstandard1.4)) (&& (== netcoreapp2.1) (< netstandard1.5)) (&& (== netcoreapp2.1) (< netstandard1.6)) (&& (== netcoreapp2.1) (< netstandard2.0)) (== netstandard1.6) (&& (== netstandard2.0) (< netstandard1.4)) (&& (== netstandard2.0) (< netstandard1.5)) (&& (== netstandard2.0) (< netstandard1.6))
      Microsoft.NETCore.Platforms (>= 1.1) - restriction: || (&& (== net462) (< net46)) (== netcoreapp2.0) (== netcoreapp2.1) (== netstandard1.6) (== netstandard2.0)
      Microsoft.NETCore.Targets (>= 1.1) - restriction: || (&& (== net462) (< net46)) (== netcoreapp2.0) (== netcoreapp2.1) (== netstandard1.6) (== netstandard2.0)
      System.Runtime (>= 4.3) - restriction: || (&& (== net462) (< net46)) (== netcoreapp2.0) (== netcoreapp2.1) (== netstandard1.6) (== netstandard2.0)
    Mono.Cecil (0.10.3)
      System.Collections (>= 4.0.11) - restriction: || (&& (== net46) (< net35)) (&& (== net462) (< net35)) (== netcoreapp2.0) (== netcoreapp2.1) (== netstandard1.6) (== netstandard2.0)
      System.IO.FileSystem (>= 4.0.1) - restriction: || (&& (== net46) (< net35)) (&& (== net462) (< net35)) (== netcoreapp2.0) (== netcoreapp2.1) (== netstandard1.6) (== netstandard2.0)
      System.IO.FileSystem.Primitives (>= 4.0.1) - restriction: || (&& (== net46) (< net35)) (&& (== net462) (< net35)) (== netcoreapp2.0) (== netcoreapp2.1) (== netstandard1.6) (== netstandard2.0)
      System.Reflection (>= 4.1) - restriction: || (&& (== net46) (< net35)) (&& (== net462) (< net35)) (== netcoreapp2.0) (== netcoreapp2.1) (== netstandard1.6) (== netstandard2.0)
      System.Runtime.Extensions (>= 4.1) - restriction: || (&& (== net46) (< net35)) (&& (== net462) (< net35)) (== netcoreapp2.0) (== netcoreapp2.1) (== netstandard1.6) (== netstandard2.0)
      System.Security.Cryptography.Algorithms (>= 4.2) - restriction: || (&& (== net46) (< net35)) (&& (== net462) (< net35)) (== netcoreapp2.0) (== netcoreapp2.1) (== netstandard1.6) (== netstandard2.0)
      System.Security.Cryptography.Csp (>= 4.0) - restriction: || (&& (== net46) (< net35)) (&& (== net462) (< net35)) (== netcoreapp2.0) (== netcoreapp2.1) (== netstandard1.6) (== netstandard2.0)
      System.Threading (>= 4.0.11) - restriction: || (&& (== net46) (< net35)) (&& (== net462) (< net35)) (== netcoreapp2.0) (== netcoreapp2.1) (== netstandard1.6) (== netstandard2.0)
    NETStandard.Library (2.0.3)
      Microsoft.NETCore.Platforms (>= 1.1)
      Microsoft.Win32.Primitives (>= 4.3) - restriction: || (== net46) (&& (== net462) (== netcoreapp2.0)) (&& (== net462) (== netcoreapp2.1)) (&& (== net462) (== netstandard2.0)) (&& (== net462) (< net45)) (&& (== net462) (< netstandard1.4)) (&& (== net462) (< netstandard1.5) (>= uap10.0)) (&& (== netcoreapp2.0) (< netstandard1.4)) (&& (== netcoreapp2.0) (< netstandard1.5)) (&& (== netcoreapp2.0) (< netstandard1.6)) (&& (== netcoreapp2.0) (< netstandard2.0)) (&& (== netcoreapp2.1) (< netstandard1.4)) (&& (== netcoreapp2.1) (< netstandard1.5)) (&& (== netcoreapp2.1) (< netstandard1.6)) (&& (== netcoreapp2.1) (< netstandard2.0)) (== netstandard1.6) (&& (== netstandard2.0) (< netstandard1.4)) (&& (== netstandard2.0) (< netstandard1.5)) (&& (== netstandard2.0) (< netstandard1.6))
      System.AppContext (>= 4.3) - restriction: || (== net46) (&& (== net462) (== netcoreapp2.0)) (&& (== net462) (== netcoreapp2.1)) (&& (== net462) (== netstandard2.0)) (&& (== net462) (< net45)) (&& (== net462) (< netstandard1.4)) (&& (== net462) (< netstandard1.5) (>= uap10.0)) (&& (== netcoreapp2.0) (< netstandard1.4)) (&& (== netcoreapp2.0) (< netstandard1.5)) (&& (== netcoreapp2.0) (< netstandard1.6)) (&& (== netcoreapp2.0) (< netstandard2.0)) (&& (== netcoreapp2.1) (< netstandard1.4)) (&& (== netcoreapp2.1) (< netstandard1.5)) (&& (== netcoreapp2.1) (< netstandard1.6)) (&& (== netcoreapp2.1) (< netstandard2.0)) (== netstandard1.6) (&& (== netstandard2.0) (< netstandard1.4)) (&& (== netstandard2.0) (< netstandard1.5)) (&& (== netstandard2.0) (< netstandard1.6))
      System.Collections (>= 4.3) - restriction: || (&& (== net46) (== netcoreapp2.0)) (&& (== net46) (== netcoreapp2.1)) (&& (== net46) (== netstandard2.0)) (&& (== net46) (< net45)) (&& (== net46) (< portable-net45+win8+wpa81)) (&& (== net46) (>= uap10.0)) (&& (== net462) (== netcoreapp2.0)) (&& (== net462) (== netcoreapp2.1)) (&& (== net462) (== netstandard2.0)) (&& (== net462) (< net45)) (&& (== net462) (< netstandard1.5) (>= uap10.0)) (&& (== net462) (< portable-net45+win8+wpa81)) (&& (== netcoreapp2.0) (< netstandard1.2)) (&& (== netcoreapp2.0) (< netstandard1.3)) (&& (== netcoreapp2.0) (< netstandard1.4)) (&& (== netcoreapp2.0) (< netstandard1.5)) (&& (== netcoreapp2.0) (< netstandard1.6)) (&& (== netcoreapp2.0) (< netstandard2.0)) (&& (== netcoreapp2.0) (< portable-net45+win8+wpa81)) (&& (== netcoreapp2.1) (< netstandard1.2)) (&& (== netcoreapp2.1) (< netstandard1.3)) (&& (== netcoreapp2.1) (< netstandard1.4)) (&& (== netcoreapp2.1) (< netstandard1.5)) (&& (== netcoreapp2.1) (< netstandard1.6)) (&& (== netcoreapp2.1) (< netstandard2.0)) (&& (== netcoreapp2.1) (< portable-net45+win8+wpa81)) (== netstandard1.6) (&& (== netstandard2.0) (< netstandard1.2)) (&& (== netstandard2.0) (< netstandard1.3)) (&& (== netstandard2.0) (< netstandard1.4)) (&& (== netstandard2.0) (< netstandard1.5)) (&& (== netstandard2.0) (< netstandard1.6)) (&& (== netstandard2.0) (< portable-net45+win8+wpa81))
      System.Collections.Concurrent (>= 4.3) - restriction: || (&& (== net46) (== netcoreapp2.0)) (&& (== net46) (== netcoreapp2.1)) (&& (== net46) (== netstandard2.0)) (&& (== net46) (< net45)) (&& (== net46) (>= uap10.0)) (&& (== net462) (== netcoreapp2.0)) (&& (== net462) (== netcoreapp2.1)) (&& (== net462) (== netstandard2.0)) (&& (== net462) (< net45)) (&& (== net462) (< netstandard1.5) (>= uap10.0)) (&& (== netcoreapp2.0) (< netstandard1.2)) (&& (== netcoreapp2.0) (< netstandard1.3)) (&& (== netcoreapp2.0) (< netstandard1.4)) (&& (== netcoreapp2.0) (< netstandard1.5)) (&& (== netcoreapp2.0) (< netstandard1.6)) (&& (== netcoreapp2.0) (< netstandard2.0)) (&& (== netcoreapp2.1) (< netstandard1.2)) (&& (== netcoreapp2.1) (< netstandard1.3)) (&& (== netcoreapp2.1) (< netstandard1.4)) (&& (== netcoreapp2.1) (< netstandard1.5)) (&& (== netcoreapp2.1) (< netstandard1.6)) (&& (== netcoreapp2.1) (< netstandard2.0)) (== netstandard1.6) (&& (== netstandard2.0) (< netstandard1.2)) (&& (== netstandard2.0) (< netstandard1.3)) (&& (== netstandard2.0) (< netstandard1.4)) (&& (== netstandard2.0) (< netstandard1.5)) (&& (== netstandard2.0) (< netstandard1.6))
      System.Console (>= 4.3) - restriction: || (== net46) (&& (== net462) (== netcoreapp2.0)) (&& (== net462) (== netcoreapp2.1)) (&& (== net462) (== netstandard2.0)) (&& (== net462) (< net45)) (&& (== net462) (< netstandard1.4)) (&& (== net462) (< netstandard1.5) (>= uap10.0)) (&& (== netcoreapp2.0) (< netstandard1.4)) (&& (== netcoreapp2.0) (< netstandard1.5)) (&& (== netcoreapp2.0) (< netstandard1.6)) (&& (== netcoreapp2.0) (< netstandard2.0)) (&& (== netcoreapp2.1) (< netstandard1.4)) (&& (== netcoreapp2.1) (< netstandard1.5)) (&& (== netcoreapp2.1) (< netstandard1.6)) (&& (== netcoreapp2.1) (< netstandard2.0)) (== netstandard1.6) (&& (== netstandard2.0) (< netstandard1.4)) (&& (== netstandard2.0) (< netstandard1.5)) (&& (== netstandard2.0) (< netstandard1.6))
      System.Diagnostics.Debug (>= 4.3) - restriction: || (&& (== net46) (== netcoreapp2.0)) (&& (== net46) (== netcoreapp2.1)) (&& (== net46) (== netstandard2.0)) (&& (== net46) (< net45)) (&& (== net46) (< portable-net45+win8+wpa81)) (&& (== net46) (>= uap10.0)) (&& (== net462) (== netcoreapp2.0)) (&& (== net462) (== netcoreapp2.1)) (&& (== net462) (== netstandard2.0)) (&& (== net462) (< net45)) (&& (== net462) (< netstandard1.5) (>= uap10.0)) (&& (== net462) (< portable-net45+win8+wpa81)) (&& (== netcoreapp2.0) (< netstandard1.2)) (&& (== netcoreapp2.0) (< netstandard1.3)) (&& (== netcoreapp2.0) (< netstandard1.4)) (&& (== netcoreapp2.0) (< netstandard1.5)) (&& (== netcoreapp2.0) (< netstandard1.6)) (&& (== netcoreapp2.0) (< netstandard2.0)) (&& (== netcoreapp2.0) (< portable-net45+win8+wpa81)) (&& (== netcoreapp2.1) (< netstandard1.2)) (&& (== netcoreapp2.1) (< netstandard1.3)) (&& (== netcoreapp2.1) (< netstandard1.4)) (&& (== netcoreapp2.1) (< netstandard1.5)) (&& (== netcoreapp2.1) (< netstandard1.6)) (&& (== netcoreapp2.1) (< netstandard2.0)) (&& (== netcoreapp2.1) (< portable-net45+win8+wpa81)) (== netstandard1.6) (&& (== netstandard2.0) (< netstandard1.2)) (&& (== netstandard2.0) (< netstandard1.3)) (&& (== netstandard2.0) (< netstandard1.4)) (&& (== netstandard2.0) (< netstandard1.5)) (&& (== netstandard2.0) (< netstandard1.6)) (&& (== netstandard2.0) (< portable-net45+win8+wpa81))
      System.Diagnostics.Tools (>= 4.3) - restriction: || (&& (== net46) (== netcoreapp2.0)) (&& (== net46) (== netcoreapp2.1)) (&& (== net46) (== netstandard2.0)) (&& (== net46) (< net45)) (&& (== net46) (< portable-net45+win8+wpa81)) (&& (== net46) (>= uap10.0)) (&& (== net462) (== netcoreapp2.0)) (&& (== net462) (== netcoreapp2.1)) (&& (== net462) (== netstandard2.0)) (&& (== net462) (< net45)) (&& (== net462) (< netstandard1.5) (>= uap10.0)) (&& (== net462) (< portable-net45+win8+wpa81)) (&& (== netcoreapp2.0) (< netstandard1.2)) (&& (== netcoreapp2.0) (< netstandard1.3)) (&& (== netcoreapp2.0) (< netstandard1.4)) (&& (== netcoreapp2.0) (< netstandard1.5)) (&& (== netcoreapp2.0) (< netstandard1.6)) (&& (== netcoreapp2.0) (< netstandard2.0)) (&& (== netcoreapp2.0) (< portable-net45+win8+wpa81)) (&& (== netcoreapp2.1) (< netstandard1.2)) (&& (== netcoreapp2.1) (< netstandard1.3)) (&& (== netcoreapp2.1) (< netstandard1.4)) (&& (== netcoreapp2.1) (< netstandard1.5)) (&& (== netcoreapp2.1) (< netstandard1.6)) (&& (== netcoreapp2.1) (< netstandard2.0)) (&& (== netcoreapp2.1) (< portable-net45+win8+wpa81)) (== netstandard1.6) (&& (== netstandard2.0) (< netstandard1.2)) (&& (== netstandard2.0) (< netstandard1.3)) (&& (== netstandard2.0) (< netstandard1.4)) (&& (== netstandard2.0) (< netstandard1.5)) (&& (== netstandard2.0) (< netstandard1.6)) (&& (== netstandard2.0) (< portable-net45+win8+wpa81))
      System.Diagnostics.Tracing (>= 4.3) - restriction: || (&& (== net46) (== netcoreapp2.0)) (&& (== net46) (== netcoreapp2.1)) (&& (== net46) (== netstandard2.0)) (&& (== net46) (< net45)) (&& (== net46) (>= uap10.0)) (&& (== net462) (== netcoreapp2.0)) (&& (== net462) (== netcoreapp2.1)) (&& (== net462) (== netstandard2.0)) (&& (== net462) (< net45)) (&& (== net462) (< netstandard1.5) (>= uap10.0)) (&& (== netcoreapp2.0) (< netstandard1.2)) (&& (== netcoreapp2.0) (< netstandard1.3)) (&& (== netcoreapp2.0) (< netstandard1.4)) (&& (== netcoreapp2.0) (< netstandard1.5)) (&& (== netcoreapp2.0) (< netstandard1.6)) (&& (== netcoreapp2.0) (< netstandard2.0)) (&& (== netcoreapp2.1) (< netstandard1.2)) (&& (== netcoreapp2.1) (< netstandard1.3)) (&& (== netcoreapp2.1) (< netstandard1.4)) (&& (== netcoreapp2.1) (< netstandard1.5)) (&& (== netcoreapp2.1) (< netstandard1.6)) (&& (== netcoreapp2.1) (< netstandard2.0)) (== netstandard1.6) (&& (== netstandard2.0) (< netstandard1.2)) (&& (== netstandard2.0) (< netstandard1.3)) (&& (== netstandard2.0) (< netstandard1.4)) (&& (== netstandard2.0) (< netstandard1.5)) (&& (== netstandard2.0) (< netstandard1.6))
      System.Globalization (>= 4.3) - restriction: || (&& (== net46) (== netcoreapp2.0)) (&& (== net46) (== netcoreapp2.1)) (&& (== net46) (== netstandard2.0)) (&& (== net46) (< net45)) (&& (== net46) (< portable-net45+win8+wpa81)) (&& (== net46) (>= uap10.0)) (&& (== net462) (== netcoreapp2.0)) (&& (== net462) (== netcoreapp2.1)) (&& (== net462) (== netstandard2.0)) (&& (== net462) (< net45)) (&& (== net462) (< netstandard1.5) (>= uap10.0)) (&& (== net462) (< portable-net45+win8+wpa81)) (&& (== netcoreapp2.0) (< netstandard1.2)) (&& (== netcoreapp2.0) (< netstandard1.3)) (&& (== netcoreapp2.0) (< netstandard1.4)) (&& (== netcoreapp2.0) (< netstandard1.5)) (&& (== netcoreapp2.0) (< netstandard1.6)) (&& (== netcoreapp2.0) (< netstandard2.0)) (&& (== netcoreapp2.0) (< portable-net45+win8+wpa81)) (&& (== netcoreapp2.1) (< netstandard1.2)) (&& (== netcoreapp2.1) (< netstandard1.3)) (&& (== netcoreapp2.1) (< netstandard1.4)) (&& (== netcoreapp2.1) (< netstandard1.5)) (&& (== netcoreapp2.1) (< netstandard1.6)) (&& (== netcoreapp2.1) (< netstandard2.0)) (&& (== netcoreapp2.1) (< portable-net45+win8+wpa81)) (== netstandard1.6) (&& (== netstandard2.0) (< netstandard1.2)) (&& (== netstandard2.0) (< netstandard1.3)) (&& (== netstandard2.0) (< netstandard1.4)) (&& (== netstandard2.0) (< netstandard1.5)) (&& (== netstandard2.0) (< netstandard1.6)) (&& (== netstandard2.0) (< portable-net45+win8+wpa81))
      System.Globalization.Calendars (>= 4.3) - restriction: || (== net46) (&& (== net462) (== netcoreapp2.0)) (&& (== net462) (== netcoreapp2.1)) (&& (== net462) (== netstandard2.0)) (&& (== net462) (< net45)) (&& (== net462) (< netstandard1.4)) (&& (== net462) (< netstandard1.5) (>= uap10.0)) (&& (== netcoreapp2.0) (< netstandard1.4)) (&& (== netcoreapp2.0) (< netstandard1.5)) (&& (== netcoreapp2.0) (< netstandard1.6)) (&& (== netcoreapp2.0) (< netstandard2.0)) (&& (== netcoreapp2.1) (< netstandard1.4)) (&& (== netcoreapp2.1) (< netstandard1.5)) (&& (== netcoreapp2.1) (< netstandard1.6)) (&& (== netcoreapp2.1) (< netstandard2.0)) (== netstandard1.6) (&& (== netstandard2.0) (< netstandard1.4)) (&& (== netstandard2.0) (< netstandard1.5)) (&& (== netstandard2.0) (< netstandard1.6))
      System.IO (>= 4.3) - restriction: || (&& (== net46) (== netcoreapp2.0)) (&& (== net46) (== netcoreapp2.1)) (&& (== net46) (== netstandard2.0)) (&& (== net46) (< net45)) (&& (== net46) (< portable-net45+win8+wpa81)) (&& (== net46) (>= uap10.0)) (&& (== net462) (== netcoreapp2.0)) (&& (== net462) (== netcoreapp2.1)) (&& (== net462) (== netstandard2.0)) (&& (== net462) (< net45)) (&& (== net462) (< netstandard1.5) (>= uap10.0)) (&& (== net462) (< portable-net45+win8+wpa81)) (&& (== netcoreapp2.0) (< netstandard1.2)) (&& (== netcoreapp2.0) (< netstandard1.3)) (&& (== netcoreapp2.0) (< netstandard1.4)) (&& (== netcoreapp2.0) (< netstandard1.5)) (&& (== netcoreapp2.0) (< netstandard1.6)) (&& (== netcoreapp2.0) (< netstandard2.0)) (&& (== netcoreapp2.0) (< portable-net45+win8+wpa81)) (&& (== netcoreapp2.1) (< netstandard1.2)) (&& (== netcoreapp2.1) (< netstandard1.3)) (&& (== netcoreapp2.1) (< netstandard1.4)) (&& (== netcoreapp2.1) (< netstandard1.5)) (&& (== netcoreapp2.1) (< netstandard1.6)) (&& (== netcoreapp2.1) (< netstandard2.0)) (&& (== netcoreapp2.1) (< portable-net45+win8+wpa81)) (== netstandard1.6) (&& (== netstandard2.0) (< netstandard1.2)) (&& (== netstandard2.0) (< netstandard1.3)) (&& (== netstandard2.0) (< netstandard1.4)) (&& (== netstandard2.0) (< netstandard1.5)) (&& (== netstandard2.0) (< netstandard1.6)) (&& (== netstandard2.0) (< portable-net45+win8+wpa81))
      System.IO.Compression (>= 4.3) - restriction: || (== net46) (&& (== net462) (== netcoreapp2.0)) (&& (== net462) (== netcoreapp2.1)) (&& (== net462) (== netstandard2.0)) (&& (== net462) (< net45)) (&& (== net462) (< netstandard1.4)) (&& (== net462) (< netstandard1.5) (>= uap10.0)) (&& (== netcoreapp2.0) (< netstandard1.2)) (&& (== netcoreapp2.0) (< netstandard1.3)) (&& (== netcoreapp2.0) (< netstandard1.4)) (&& (== netcoreapp2.0) (< netstandard1.5)) (&& (== netcoreapp2.0) (< netstandard1.6)) (&& (== netcoreapp2.0) (< netstandard2.0)) (&& (== netcoreapp2.1) (< netstandard1.2)) (&& (== netcoreapp2.1) (< netstandard1.3)) (&& (== netcoreapp2.1) (< netstandard1.4)) (&& (== netcoreapp2.1) (< netstandard1.5)) (&& (== netcoreapp2.1) (< netstandard1.6)) (&& (== netcoreapp2.1) (< netstandard2.0)) (== netstandard1.6) (&& (== netstandard2.0) (< netstandard1.2)) (&& (== netstandard2.0) (< netstandard1.3)) (&& (== netstandard2.0) (< netstandard1.4)) (&& (== netstandard2.0) (< netstandard1.5)) (&& (== netstandard2.0) (< netstandard1.6))
      System.IO.Compression.ZipFile (>= 4.3) - restriction: || (== net46) (&& (== net462) (== netcoreapp2.0)) (&& (== net462) (== netcoreapp2.1)) (&& (== net462) (== netstandard2.0)) (&& (== net462) (< net45)) (&& (== net462) (< netstandard1.4)) (&& (== net462) (< netstandard1.5) (>= uap10.0)) (&& (== netcoreapp2.0) (< netstandard1.4)) (&& (== netcoreapp2.0) (< netstandard1.5)) (&& (== netcoreapp2.0) (< netstandard1.6)) (&& (== netcoreapp2.0) (< netstandard2.0)) (&& (== netcoreapp2.1) (< netstandard1.4)) (&& (== netcoreapp2.1) (< netstandard1.5)) (&& (== netcoreapp2.1) (< netstandard1.6)) (&& (== netcoreapp2.1) (< netstandard2.0)) (== netstandard1.6) (&& (== netstandard2.0) (< netstandard1.4)) (&& (== netstandard2.0) (< netstandard1.5)) (&& (== netstandard2.0) (< netstandard1.6))
      System.IO.FileSystem (>= 4.3) - restriction: || (== net46) (&& (== net462) (== netcoreapp2.0)) (&& (== net462) (== netcoreapp2.1)) (&& (== net462) (== netstandard2.0)) (&& (== net462) (< net45)) (&& (== net462) (< netstandard1.4)) (&& (== net462) (< netstandard1.5) (>= uap10.0)) (&& (== netcoreapp2.0) (< netstandard1.4)) (&& (== netcoreapp2.0) (< netstandard1.5)) (&& (== netcoreapp2.0) (< netstandard1.6)) (&& (== netcoreapp2.0) (< netstandard2.0)) (&& (== netcoreapp2.1) (< netstandard1.4)) (&& (== netcoreapp2.1) (< netstandard1.5)) (&& (== netcoreapp2.1) (< netstandard1.6)) (&& (== netcoreapp2.1) (< netstandard2.0)) (== netstandard1.6) (&& (== netstandard2.0) (< netstandard1.4)) (&& (== netstandard2.0) (< netstandard1.5)) (&& (== netstandard2.0) (< netstandard1.6))
      System.IO.FileSystem.Primitives (>= 4.3) - restriction: || (== net46) (&& (== net462) (== netcoreapp2.0)) (&& (== net462) (== netcoreapp2.1)) (&& (== net462) (== netstandard2.0)) (&& (== net462) (< net45)) (&& (== net462) (< netstandard1.4)) (&& (== net462) (< netstandard1.5) (>= uap10.0)) (&& (== netcoreapp2.0) (< netstandard1.4)) (&& (== netcoreapp2.0) (< netstandard1.5)) (&& (== netcoreapp2.0) (< netstandard1.6)) (&& (== netcoreapp2.0) (< netstandard2.0)) (&& (== netcoreapp2.1) (< netstandard1.4)) (&& (== netcoreapp2.1) (< netstandard1.5)) (&& (== netcoreapp2.1) (< netstandard1.6)) (&& (== netcoreapp2.1) (< netstandard2.0)) (== netstandard1.6) (&& (== netstandard2.0) (< netstandard1.4)) (&& (== netstandard2.0) (< netstandard1.5)) (&& (== netstandard2.0) (< netstandard1.6))
      System.Linq (>= 4.3) - restriction: || (&& (== net46) (== netcoreapp2.0)) (&& (== net46) (== netcoreapp2.1)) (&& (== net46) (== netstandard2.0)) (&& (== net46) (< net45)) (&& (== net46) (< portable-net45+win8+wpa81)) (&& (== net46) (>= uap10.0)) (&& (== net462) (== netcoreapp2.0)) (&& (== net462) (== netcoreapp2.1)) (&& (== net462) (== netstandard2.0)) (&& (== net462) (< net45)) (&& (== net462) (< netstandard1.5) (>= uap10.0)) (&& (== net462) (< portable-net45+win8+wpa81)) (&& (== netcoreapp2.0) (< netstandard1.2)) (&& (== netcoreapp2.0) (< netstandard1.3)) (&& (== netcoreapp2.0) (< netstandard1.4)) (&& (== netcoreapp2.0) (< netstandard1.5)) (&& (== netcoreapp2.0) (< netstandard1.6)) (&& (== netcoreapp2.0) (< netstandard2.0)) (&& (== netcoreapp2.0) (< portable-net45+win8+wpa81)) (&& (== netcoreapp2.1) (< netstandard1.2)) (&& (== netcoreapp2.1) (< netstandard1.3)) (&& (== netcoreapp2.1) (< netstandard1.4)) (&& (== netcoreapp2.1) (< netstandard1.5)) (&& (== netcoreapp2.1) (< netstandard1.6)) (&& (== netcoreapp2.1) (< netstandard2.0)) (&& (== netcoreapp2.1) (< portable-net45+win8+wpa81)) (== netstandard1.6) (&& (== netstandard2.0) (< netstandard1.2)) (&& (== netstandard2.0) (< netstandard1.3)) (&& (== netstandard2.0) (< netstandard1.4)) (&& (== netstandard2.0) (< netstandard1.5)) (&& (== netstandard2.0) (< netstandard1.6)) (&& (== netstandard2.0) (< portable-net45+win8+wpa81))
      System.Linq.Expressions (>= 4.3) - restriction: || (&& (== net46) (== netcoreapp2.0)) (&& (== net46) (== netcoreapp2.1)) (&& (== net46) (== netstandard2.0)) (&& (== net46) (< net45)) (&& (== net46) (< portable-net45+win8+wpa81)) (&& (== net46) (>= uap10.0)) (&& (== net462) (== netcoreapp2.0)) (&& (== net462) (== netcoreapp2.1)) (&& (== net462) (== netstandard2.0)) (&& (== net462) (< net45)) (&& (== net462) (< netstandard1.5) (>= uap10.0)) (&& (== net462) (< portable-net45+win8+wpa81)) (&& (== netcoreapp2.0) (< netstandard1.2)) (&& (== netcoreapp2.0) (< netstandard1.3)) (&& (== netcoreapp2.0) (< netstandard1.4)) (&& (== netcoreapp2.0) (< netstandard1.5)) (&& (== netcoreapp2.0) (< netstandard1.6)) (&& (== netcoreapp2.0) (< netstandard2.0)) (&& (== netcoreapp2.0) (< portable-net45+win8+wpa81)) (&& (== netcoreapp2.1) (< netstandard1.2)) (&& (== netcoreapp2.1) (< netstandard1.3)) (&& (== netcoreapp2.1) (< netstandard1.4)) (&& (== netcoreapp2.1) (< netstandard1.5)) (&& (== netcoreapp2.1) (< netstandard1.6)) (&& (== netcoreapp2.1) (< netstandard2.0)) (&& (== netcoreapp2.1) (< portable-net45+win8+wpa81)) (== netstandard1.6) (&& (== netstandard2.0) (< netstandard1.2)) (&& (== netstandard2.0) (< netstandard1.3)) (&& (== netstandard2.0) (< netstandard1.4)) (&& (== netstandard2.0) (< netstandard1.5)) (&& (== netstandard2.0) (< netstandard1.6)) (&& (== netstandard2.0) (< portable-net45+win8+wpa81))
      System.Net.Http (>= 4.3.2) - restriction: || (== net46) (&& (== net462) (== netcoreapp2.0)) (&& (== net462) (== netcoreapp2.1)) (&& (== net462) (== netstandard2.0)) (&& (== net462) (< net45)) (&& (== net462) (< netstandard1.4)) (&& (== net462) (< netstandard1.5) (>= uap10.0)) (&& (== netcoreapp2.0) (< netstandard1.2)) (&& (== netcoreapp2.0) (< netstandard1.3)) (&& (== netcoreapp2.0) (< netstandard1.4)) (&& (== netcoreapp2.0) (< netstandard1.5)) (&& (== netcoreapp2.0) (< netstandard1.6)) (&& (== netcoreapp2.0) (< netstandard2.0)) (&& (== netcoreapp2.1) (< netstandard1.2)) (&& (== netcoreapp2.1) (< netstandard1.3)) (&& (== netcoreapp2.1) (< netstandard1.4)) (&& (== netcoreapp2.1) (< netstandard1.5)) (&& (== netcoreapp2.1) (< netstandard1.6)) (&& (== netcoreapp2.1) (< netstandard2.0)) (== netstandard1.6) (&& (== netstandard2.0) (< netstandard1.2)) (&& (== netstandard2.0) (< netstandard1.3)) (&& (== netstandard2.0) (< netstandard1.4)) (&& (== netstandard2.0) (< netstandard1.5)) (&& (== netstandard2.0) (< netstandard1.6))
      System.Net.Primitives (>= 4.3) - restriction: || (&& (== net46) (== netcoreapp2.0)) (&& (== net46) (== netcoreapp2.1)) (&& (== net46) (== netstandard2.0)) (&& (== net46) (< net45)) (&& (== net46) (< portable-net45+win8+wpa81)) (&& (== net46) (>= uap10.0)) (&& (== net462) (== netcoreapp2.0)) (&& (== net462) (== netcoreapp2.1)) (&& (== net462) (== netstandard2.0)) (&& (== net462) (< net45)) (&& (== net462) (< netstandard1.5) (>= uap10.0)) (&& (== net462) (< portable-net45+win8+wpa81)) (&& (== netcoreapp2.0) (< netstandard1.2)) (&& (== netcoreapp2.0) (< netstandard1.3)) (&& (== netcoreapp2.0) (< netstandard1.4)) (&& (== netcoreapp2.0) (< netstandard1.5)) (&& (== netcoreapp2.0) (< netstandard1.6)) (&& (== netcoreapp2.0) (< netstandard2.0)) (&& (== netcoreapp2.0) (< portable-net45+win8+wpa81)) (&& (== netcoreapp2.1) (< netstandard1.2)) (&& (== netcoreapp2.1) (< netstandard1.3)) (&& (== netcoreapp2.1) (< netstandard1.4)) (&& (== netcoreapp2.1) (< netstandard1.5)) (&& (== netcoreapp2.1) (< netstandard1.6)) (&& (== netcoreapp2.1) (< netstandard2.0)) (&& (== netcoreapp2.1) (< portable-net45+win8+wpa81)) (== netstandard1.6) (&& (== netstandard2.0) (< netstandard1.2)) (&& (== netstandard2.0) (< netstandard1.3)) (&& (== netstandard2.0) (< netstandard1.4)) (&& (== netstandard2.0) (< netstandard1.5)) (&& (== netstandard2.0) (< netstandard1.6)) (&& (== netstandard2.0) (< portable-net45+win8+wpa81))
      System.Net.Sockets (>= 4.3) - restriction: || (== net46) (&& (== net462) (== netcoreapp2.0)) (&& (== net462) (== netcoreapp2.1)) (&& (== net462) (== netstandard2.0)) (&& (== net462) (< net45)) (&& (== net462) (< netstandard1.4)) (&& (== net462) (< netstandard1.5) (>= uap10.0)) (&& (== netcoreapp2.0) (< netstandard1.4)) (&& (== netcoreapp2.0) (< netstandard1.5)) (&& (== netcoreapp2.0) (< netstandard1.6)) (&& (== netcoreapp2.0) (< netstandard2.0)) (&& (== netcoreapp2.1) (< netstandard1.4)) (&& (== netcoreapp2.1) (< netstandard1.5)) (&& (== netcoreapp2.1) (< netstandard1.6)) (&& (== netcoreapp2.1) (< netstandard2.0)) (== netstandard1.6) (&& (== netstandard2.0) (< netstandard1.4)) (&& (== netstandard2.0) (< netstandard1.5)) (&& (== netstandard2.0) (< netstandard1.6))
      System.ObjectModel (>= 4.3) - restriction: || (&& (== net46) (== netcoreapp2.0)) (&& (== net46) (== netcoreapp2.1)) (&& (== net46) (== netstandard2.0)) (&& (== net46) (< net45)) (&& (== net46) (< portable-net45+win8+wpa81)) (&& (== net46) (>= uap10.0)) (&& (== net462) (== netcoreapp2.0)) (&& (== net462) (== netcoreapp2.1)) (&& (== net462) (== netstandard2.0)) (&& (== net462) (< net45)) (&& (== net462) (< netstandard1.5) (>= uap10.0)) (&& (== net462) (< portable-net45+win8+wpa81)) (&& (== netcoreapp2.0) (< netstandard1.2)) (&& (== netcoreapp2.0) (< netstandard1.3)) (&& (== netcoreapp2.0) (< netstandard1.4)) (&& (== netcoreapp2.0) (< netstandard1.5)) (&& (== netcoreapp2.0) (< netstandard1.6)) (&& (== netcoreapp2.0) (< netstandard2.0)) (&& (== netcoreapp2.0) (< portable-net45+win8+wpa81)) (&& (== netcoreapp2.1) (< netstandard1.2)) (&& (== netcoreapp2.1) (< netstandard1.3)) (&& (== netcoreapp2.1) (< netstandard1.4)) (&& (== netcoreapp2.1) (< netstandard1.5)) (&& (== netcoreapp2.1) (< netstandard1.6)) (&& (== netcoreapp2.1) (< netstandard2.0)) (&& (== netcoreapp2.1) (< portable-net45+win8+wpa81)) (== netstandard1.6) (&& (== netstandard2.0) (< netstandard1.2)) (&& (== netstandard2.0) (< netstandard1.3)) (&& (== netstandard2.0) (< netstandard1.4)) (&& (== netstandard2.0) (< netstandard1.5)) (&& (== netstandard2.0) (< netstandard1.6)) (&& (== netstandard2.0) (< portable-net45+win8+wpa81))
      System.Reflection (>= 4.3) - restriction: || (&& (== net46) (== netcoreapp2.0)) (&& (== net46) (== netcoreapp2.1)) (&& (== net46) (== netstandard2.0)) (&& (== net46) (< net45)) (&& (== net46) (< portable-net45+win8+wpa81)) (&& (== net46) (>= uap10.0)) (&& (== net462) (== netcoreapp2.0)) (&& (== net462) (== netcoreapp2.1)) (&& (== net462) (== netstandard2.0)) (&& (== net462) (< net45)) (&& (== net462) (< netstandard1.5) (>= uap10.0)) (&& (== net462) (< portable-net45+win8+wpa81)) (&& (== netcoreapp2.0) (< netstandard1.2)) (&& (== netcoreapp2.0) (< netstandard1.3)) (&& (== netcoreapp2.0) (< netstandard1.4)) (&& (== netcoreapp2.0) (< netstandard1.5)) (&& (== netcoreapp2.0) (< netstandard1.6)) (&& (== netcoreapp2.0) (< netstandard2.0)) (&& (== netcoreapp2.0) (< portable-net45+win8+wpa81)) (&& (== netcoreapp2.1) (< netstandard1.2)) (&& (== netcoreapp2.1) (< netstandard1.3)) (&& (== netcoreapp2.1) (< netstandard1.4)) (&& (== netcoreapp2.1) (< netstandard1.5)) (&& (== netcoreapp2.1) (< netstandard1.6)) (&& (== netcoreapp2.1) (< netstandard2.0)) (&& (== netcoreapp2.1) (< portable-net45+win8+wpa81)) (== netstandard1.6) (&& (== netstandard2.0) (< netstandard1.2)) (&& (== netstandard2.0) (< netstandard1.3)) (&& (== netstandard2.0) (< netstandard1.4)) (&& (== netstandard2.0) (< netstandard1.5)) (&& (== netstandard2.0) (< netstandard1.6)) (&& (== netstandard2.0) (< portable-net45+win8+wpa81))
      System.Reflection.Extensions (>= 4.3) - restriction: || (&& (== net46) (== netcoreapp2.0)) (&& (== net46) (== netcoreapp2.1)) (&& (== net46) (== netstandard2.0)) (&& (== net46) (< net45)) (&& (== net46) (< portable-net45+win8+wpa81)) (&& (== net46) (>= uap10.0)) (&& (== net462) (== netcoreapp2.0)) (&& (== net462) (== netcoreapp2.1)) (&& (== net462) (== netstandard2.0)) (&& (== net462) (< net45)) (&& (== net462) (< netstandard1.5) (>= uap10.0)) (&& (== net462) (< portable-net45+win8+wpa81)) (&& (== netcoreapp2.0) (< netstandard1.2)) (&& (== netcoreapp2.0) (< netstandard1.3)) (&& (== netcoreapp2.0) (< netstandard1.4)) (&& (== netcoreapp2.0) (< netstandard1.5)) (&& (== netcoreapp2.0) (< netstandard1.6)) (&& (== netcoreapp2.0) (< netstandard2.0)) (&& (== netcoreapp2.0) (< portable-net45+win8+wpa81)) (&& (== netcoreapp2.1) (< netstandard1.2)) (&& (== netcoreapp2.1) (< netstandard1.3)) (&& (== netcoreapp2.1) (< netstandard1.4)) (&& (== netcoreapp2.1) (< netstandard1.5)) (&& (== netcoreapp2.1) (< netstandard1.6)) (&& (== netcoreapp2.1) (< netstandard2.0)) (&& (== netcoreapp2.1) (< portable-net45+win8+wpa81)) (== netstandard1.6) (&& (== netstandard2.0) (< netstandard1.2)) (&& (== netstandard2.0) (< netstandard1.3)) (&& (== netstandard2.0) (< netstandard1.4)) (&& (== netstandard2.0) (< netstandard1.5)) (&& (== netstandard2.0) (< netstandard1.6)) (&& (== netstandard2.0) (< portable-net45+win8+wpa81))
      System.Reflection.Primitives (>= 4.3) - restriction: || (&& (== net46) (== netcoreapp2.0)) (&& (== net46) (== netcoreapp2.1)) (&& (== net46) (== netstandard2.0)) (&& (== net46) (< net45)) (&& (== net46) (< portable-net45+win8+wpa81)) (&& (== net46) (>= uap10.0)) (&& (== net462) (== netcoreapp2.0)) (&& (== net462) (== netcoreapp2.1)) (&& (== net462) (== netstandard2.0)) (&& (== net462) (< net45)) (&& (== net462) (< netstandard1.5) (>= uap10.0)) (&& (== net462) (< portable-net45+win8+wpa81)) (&& (== netcoreapp2.0) (< netstandard1.2)) (&& (== netcoreapp2.0) (< netstandard1.3)) (&& (== netcoreapp2.0) (< netstandard1.4)) (&& (== netcoreapp2.0) (< netstandard1.5)) (&& (== netcoreapp2.0) (< netstandard1.6)) (&& (== netcoreapp2.0) (< netstandard2.0)) (&& (== netcoreapp2.0) (< portable-net45+win8+wpa81)) (&& (== netcoreapp2.1) (< netstandard1.2)) (&& (== netcoreapp2.1) (< netstandard1.3)) (&& (== netcoreapp2.1) (< netstandard1.4)) (&& (== netcoreapp2.1) (< netstandard1.5)) (&& (== netcoreapp2.1) (< netstandard1.6)) (&& (== netcoreapp2.1) (< netstandard2.0)) (&& (== netcoreapp2.1) (< portable-net45+win8+wpa81)) (== netstandard1.6) (&& (== netstandard2.0) (< netstandard1.2)) (&& (== netstandard2.0) (< netstandard1.3)) (&& (== netstandard2.0) (< netstandard1.4)) (&& (== netstandard2.0) (< netstandard1.5)) (&& (== netstandard2.0) (< netstandard1.6)) (&& (== netstandard2.0) (< portable-net45+win8+wpa81))
      System.Resources.ResourceManager (>= 4.3) - restriction: || (&& (== net46) (== netcoreapp2.0)) (&& (== net46) (== netcoreapp2.1)) (&& (== net46) (== netstandard2.0)) (&& (== net46) (< net45)) (&& (== net46) (< portable-net45+win8+wpa81)) (&& (== net46) (>= uap10.0)) (&& (== net462) (== netcoreapp2.0)) (&& (== net462) (== netcoreapp2.1)) (&& (== net462) (== netstandard2.0)) (&& (== net462) (< net45)) (&& (== net462) (< netstandard1.5) (>= uap10.0)) (&& (== net462) (< portable-net45+win8+wpa81)) (&& (== netcoreapp2.0) (< netstandard1.2)) (&& (== netcoreapp2.0) (< netstandard1.3)) (&& (== netcoreapp2.0) (< netstandard1.4)) (&& (== netcoreapp2.0) (< netstandard1.5)) (&& (== netcoreapp2.0) (< netstandard1.6)) (&& (== netcoreapp2.0) (< netstandard2.0)) (&& (== netcoreapp2.0) (< portable-net45+win8+wpa81)) (&& (== netcoreapp2.1) (< netstandard1.2)) (&& (== netcoreapp2.1) (< netstandard1.3)) (&& (== netcoreapp2.1) (< netstandard1.4)) (&& (== netcoreapp2.1) (< netstandard1.5)) (&& (== netcoreapp2.1) (< netstandard1.6)) (&& (== netcoreapp2.1) (< netstandard2.0)) (&& (== netcoreapp2.1) (< portable-net45+win8+wpa81)) (== netstandard1.6) (&& (== netstandard2.0) (< netstandard1.2)) (&& (== netstandard2.0) (< netstandard1.3)) (&& (== netstandard2.0) (< netstandard1.4)) (&& (== netstandard2.0) (< netstandard1.5)) (&& (== netstandard2.0) (< netstandard1.6)) (&& (== netstandard2.0) (< portable-net45+win8+wpa81))
      System.Runtime (>= 4.3) - restriction: || (&& (== net46) (== netcoreapp2.0)) (&& (== net46) (== netcoreapp2.1)) (&& (== net46) (== netstandard2.0)) (&& (== net46) (< net45)) (&& (== net46) (< portable-net45+win8+wpa81)) (&& (== net46) (>= uap10.0)) (&& (== net462) (== netcoreapp2.0)) (&& (== net462) (== netcoreapp2.1)) (&& (== net462) (== netstandard2.0)) (&& (== net462) (< net45)) (&& (== net462) (< netstandard1.5) (>= uap10.0)) (&& (== net462) (< portable-net45+win8+wpa81)) (&& (== netcoreapp2.0) (< netstandard1.2)) (&& (== netcoreapp2.0) (< netstandard1.3)) (&& (== netcoreapp2.0) (< netstandard1.4)) (&& (== netcoreapp2.0) (< netstandard1.5)) (&& (== netcoreapp2.0) (< netstandard1.6)) (&& (== netcoreapp2.0) (< netstandard2.0)) (&& (== netcoreapp2.0) (< portable-net45+win8+wpa81)) (&& (== netcoreapp2.1) (< netstandard1.2)) (&& (== netcoreapp2.1) (< netstandard1.3)) (&& (== netcoreapp2.1) (< netstandard1.4)) (&& (== netcoreapp2.1) (< netstandard1.5)) (&& (== netcoreapp2.1) (< netstandard1.6)) (&& (== netcoreapp2.1) (< netstandard2.0)) (&& (== netcoreapp2.1) (< portable-net45+win8+wpa81)) (== netstandard1.6) (&& (== netstandard2.0) (< netstandard1.2)) (&& (== netstandard2.0) (< netstandard1.3)) (&& (== netstandard2.0) (< netstandard1.4)) (&& (== netstandard2.0) (< netstandard1.5)) (&& (== netstandard2.0) (< netstandard1.6)) (&& (== netstandard2.0) (< portable-net45+win8+wpa81))
      System.Runtime.Extensions (>= 4.3) - restriction: || (&& (== net46) (== netcoreapp2.0)) (&& (== net46) (== netcoreapp2.1)) (&& (== net46) (== netstandard2.0)) (&& (== net46) (< net45)) (&& (== net46) (< portable-net45+win8+wpa81)) (&& (== net46) (>= uap10.0)) (&& (== net462) (== netcoreapp2.0)) (&& (== net462) (== netcoreapp2.1)) (&& (== net462) (== netstandard2.0)) (&& (== net462) (< net45)) (&& (== net462) (< netstandard1.5) (>= uap10.0)) (&& (== net462) (< portable-net45+win8+wpa81)) (&& (== netcoreapp2.0) (< netstandard1.2)) (&& (== netcoreapp2.0) (< netstandard1.3)) (&& (== netcoreapp2.0) (< netstandard1.4)) (&& (== netcoreapp2.0) (< netstandard1.5)) (&& (== netcoreapp2.0) (< netstandard1.6)) (&& (== netcoreapp2.0) (< netstandard2.0)) (&& (== netcoreapp2.0) (< portable-net45+win8+wpa81)) (&& (== netcoreapp2.1) (< netstandard1.2)) (&& (== netcoreapp2.1) (< netstandard1.3)) (&& (== netcoreapp2.1) (< netstandard1.4)) (&& (== netcoreapp2.1) (< netstandard1.5)) (&& (== netcoreapp2.1) (< netstandard1.6)) (&& (== netcoreapp2.1) (< netstandard2.0)) (&& (== netcoreapp2.1) (< portable-net45+win8+wpa81)) (== netstandard1.6) (&& (== netstandard2.0) (< netstandard1.2)) (&& (== netstandard2.0) (< netstandard1.3)) (&& (== netstandard2.0) (< netstandard1.4)) (&& (== netstandard2.0) (< netstandard1.5)) (&& (== netstandard2.0) (< netstandard1.6)) (&& (== netstandard2.0) (< portable-net45+win8+wpa81))
      System.Runtime.Handles (>= 4.3) - restriction: || (&& (== net46) (== netcoreapp2.0)) (&& (== net46) (== netcoreapp2.1)) (&& (== net46) (== netstandard2.0)) (&& (== net46) (< net45)) (&& (== net46) (>= uap10.0)) (&& (== net462) (== netcoreapp2.0)) (&& (== net462) (== netcoreapp2.1)) (&& (== net462) (== netstandard2.0)) (&& (== net462) (< net45)) (&& (== net462) (< netstandard1.5) (>= uap10.0)) (&& (== netcoreapp2.0) (< netstandard1.4)) (&& (== netcoreapp2.0) (< netstandard1.5)) (&& (== netcoreapp2.0) (< netstandard1.6)) (&& (== netcoreapp2.0) (< netstandard2.0)) (&& (== netcoreapp2.1) (< netstandard1.4)) (&& (== netcoreapp2.1) (< netstandard1.5)) (&& (== netcoreapp2.1) (< netstandard1.6)) (&& (== netcoreapp2.1) (< netstandard2.0)) (== netstandard1.6) (&& (== netstandard2.0) (< netstandard1.4)) (&& (== netstandard2.0) (< netstandard1.5)) (&& (== netstandard2.0) (< netstandard1.6))
      System.Runtime.InteropServices (>= 4.3) - restriction: || (&& (== net46) (== netcoreapp2.0)) (&& (== net46) (== netcoreapp2.1)) (&& (== net46) (== netstandard2.0)) (&& (== net46) (< net45)) (&& (== net46) (>= uap10.0)) (&& (== net462) (== netcoreapp2.0)) (&& (== net462) (== netcoreapp2.1)) (&& (== net462) (== netstandard2.0)) (&& (== net462) (< net45)) (&& (== net462) (< netstandard1.5) (>= uap10.0)) (&& (== netcoreapp2.0) (< netstandard1.2)) (&& (== netcoreapp2.0) (< netstandard1.3)) (&& (== netcoreapp2.0) (< netstandard1.4)) (&& (== netcoreapp2.0) (< netstandard1.5)) (&& (== netcoreapp2.0) (< netstandard1.6)) (&& (== netcoreapp2.0) (< netstandard2.0)) (&& (== netcoreapp2.1) (< netstandard1.2)) (&& (== netcoreapp2.1) (< netstandard1.3)) (&& (== netcoreapp2.1) (< netstandard1.4)) (&& (== netcoreapp2.1) (< netstandard1.5)) (&& (== netcoreapp2.1) (< netstandard1.6)) (&& (== netcoreapp2.1) (< netstandard2.0)) (== netstandard1.6) (&& (== netstandard2.0) (< netstandard1.2)) (&& (== netstandard2.0) (< netstandard1.3)) (&& (== netstandard2.0) (< netstandard1.4)) (&& (== netstandard2.0) (< netstandard1.5)) (&& (== netstandard2.0) (< netstandard1.6))
      System.Runtime.InteropServices.RuntimeInformation (>= 4.3) - restriction: || (== net46) (&& (== net462) (== netcoreapp2.0)) (&& (== net462) (== netcoreapp2.1)) (&& (== net462) (== netstandard2.0)) (&& (== net462) (< net45)) (&& (== net462) (< netstandard1.0)) (&& (== net462) (< netstandard1.3)) (&& (== net462) (< netstandard1.4)) (&& (== net462) (< netstandard1.5) (>= uap10.0)) (&& (== netcoreapp2.0) (< netstandard1.0)) (&& (== netcoreapp2.0) (< netstandard1.2)) (&& (== netcoreapp2.0) (< netstandard1.3)) (&& (== netcoreapp2.0) (< netstandard1.4)) (&& (== netcoreapp2.0) (< netstandard1.5)) (&& (== netcoreapp2.0) (< netstandard1.6)) (&& (== netcoreapp2.0) (< netstandard2.0)) (&& (== netcoreapp2.1) (< netstandard1.0)) (&& (== netcoreapp2.1) (< netstandard1.2)) (&& (== netcoreapp2.1) (< netstandard1.3)) (&& (== netcoreapp2.1) (< netstandard1.4)) (&& (== netcoreapp2.1) (< netstandard1.5)) (&& (== netcoreapp2.1) (< netstandard1.6)) (&& (== netcoreapp2.1) (< netstandard2.0)) (== netstandard1.6) (&& (== netstandard2.0) (< netstandard1.0)) (&& (== netstandard2.0) (< netstandard1.2)) (&& (== netstandard2.0) (< netstandard1.3)) (&& (== netstandard2.0) (< netstandard1.4)) (&& (== netstandard2.0) (< netstandard1.5)) (&& (== netstandard2.0) (< netstandard1.6))
      System.Runtime.Numerics (>= 4.3) - restriction: || (&& (== net46) (== netcoreapp2.0)) (&& (== net46) (== netcoreapp2.1)) (&& (== net46) (== netstandard2.0)) (&& (== net46) (< net45)) (&& (== net46) (>= uap10.0)) (&& (== net462) (== netcoreapp2.0)) (&& (== net462) (== netcoreapp2.1)) (&& (== net462) (== netstandard2.0)) (&& (== net462) (< net45)) (&& (== net462) (< netstandard1.5) (>= uap10.0)) (&& (== netcoreapp2.0) (< netstandard1.2)) (&& (== netcoreapp2.0) (< netstandard1.3)) (&& (== netcoreapp2.0) (< netstandard1.4)) (&& (== netcoreapp2.0) (< netstandard1.5)) (&& (== netcoreapp2.0) (< netstandard1.6)) (&& (== netcoreapp2.0) (< netstandard2.0)) (&& (== netcoreapp2.1) (< netstandard1.2)) (&& (== netcoreapp2.1) (< netstandard1.3)) (&& (== netcoreapp2.1) (< netstandard1.4)) (&& (== netcoreapp2.1) (< netstandard1.5)) (&& (== netcoreapp2.1) (< netstandard1.6)) (&& (== netcoreapp2.1) (< netstandard2.0)) (== netstandard1.6) (&& (== netstandard2.0) (< netstandard1.2)) (&& (== netstandard2.0) (< netstandard1.3)) (&& (== netstandard2.0) (< netstandard1.4)) (&& (== netstandard2.0) (< netstandard1.5)) (&& (== netstandard2.0) (< netstandard1.6))
      System.Security.Cryptography.Algorithms (>= 4.3) - restriction: || (== net46) (&& (== net462) (== netcoreapp2.0)) (&& (== net462) (== netcoreapp2.1)) (&& (== net462) (== netstandard2.0)) (&& (== net462) (< net45)) (&& (== net462) (< netstandard1.4)) (&& (== net462) (< netstandard1.5) (>= uap10.0)) (&& (== netcoreapp2.0) (< netstandard1.4)) (&& (== netcoreapp2.0) (< netstandard1.5)) (&& (== netcoreapp2.0) (< netstandard1.6)) (&& (== netcoreapp2.0) (< netstandard2.0)) (&& (== netcoreapp2.1) (< netstandard1.4)) (&& (== netcoreapp2.1) (< netstandard1.5)) (&& (== netcoreapp2.1) (< netstandard1.6)) (&& (== netcoreapp2.1) (< netstandard2.0)) (== netstandard1.6) (&& (== netstandard2.0) (< netstandard1.4)) (&& (== netstandard2.0) (< netstandard1.5)) (&& (== netstandard2.0) (< netstandard1.6))
      System.Security.Cryptography.Encoding (>= 4.3) - restriction: || (== net46) (&& (== net462) (== netcoreapp2.0)) (&& (== net462) (== netcoreapp2.1)) (&& (== net462) (== netstandard2.0)) (&& (== net462) (< net45)) (&& (== net462) (< netstandard1.4)) (&& (== net462) (< netstandard1.5) (>= uap10.0)) (&& (== netcoreapp2.0) (< netstandard1.4)) (&& (== netcoreapp2.0) (< netstandard1.5)) (&& (== netcoreapp2.0) (< netstandard1.6)) (&& (== netcoreapp2.0) (< netstandard2.0)) (&& (== netcoreapp2.1) (< netstandard1.4)) (&& (== netcoreapp2.1) (< netstandard1.5)) (&& (== netcoreapp2.1) (< netstandard1.6)) (&& (== netcoreapp2.1) (< netstandard2.0)) (== netstandard1.6) (&& (== netstandard2.0) (< netstandard1.4)) (&& (== netstandard2.0) (< netstandard1.5)) (&& (== netstandard2.0) (< netstandard1.6))
      System.Security.Cryptography.Primitives (>= 4.3) - restriction: || (== net46) (&& (== net462) (== netcoreapp2.0)) (&& (== net462) (== netcoreapp2.1)) (&& (== net462) (== netstandard2.0)) (&& (== net462) (< net45)) (&& (== net462) (< netstandard1.4)) (&& (== net462) (< netstandard1.5) (>= uap10.0)) (&& (== netcoreapp2.0) (< netstandard1.4)) (&& (== netcoreapp2.0) (< netstandard1.5)) (&& (== netcoreapp2.0) (< netstandard1.6)) (&& (== netcoreapp2.0) (< netstandard2.0)) (&& (== netcoreapp2.1) (< netstandard1.4)) (&& (== netcoreapp2.1) (< netstandard1.5)) (&& (== netcoreapp2.1) (< netstandard1.6)) (&& (== netcoreapp2.1) (< netstandard2.0)) (== netstandard1.6) (&& (== netstandard2.0) (< netstandard1.4)) (&& (== netstandard2.0) (< netstandard1.5)) (&& (== netstandard2.0) (< netstandard1.6))
      System.Security.Cryptography.X509Certificates (>= 4.3) - restriction: || (== net46) (&& (== net462) (== netcoreapp2.0)) (&& (== net462) (== netcoreapp2.1)) (&& (== net462) (== netstandard2.0)) (&& (== net462) (< net45)) (&& (== net462) (< netstandard1.4)) (&& (== net462) (< netstandard1.5) (>= uap10.0)) (&& (== netcoreapp2.0) (< netstandard1.4)) (&& (== netcoreapp2.0) (< netstandard1.5)) (&& (== netcoreapp2.0) (< netstandard1.6)) (&& (== netcoreapp2.0) (< netstandard2.0)) (&& (== netcoreapp2.1) (< netstandard1.4)) (&& (== netcoreapp2.1) (< netstandard1.5)) (&& (== netcoreapp2.1) (< netstandard1.6)) (&& (== netcoreapp2.1) (< netstandard2.0)) (== netstandard1.6) (&& (== netstandard2.0) (< netstandard1.4)) (&& (== netstandard2.0) (< netstandard1.5)) (&& (== netstandard2.0) (< netstandard1.6))
      System.Text.Encoding (>= 4.3) - restriction: || (&& (== net46) (== netcoreapp2.0)) (&& (== net46) (== netcoreapp2.1)) (&& (== net46) (== netstandard2.0)) (&& (== net46) (< net45)) (&& (== net46) (< portable-net45+win8+wpa81)) (&& (== net46) (>= uap10.0)) (&& (== net462) (== netcoreapp2.0)) (&& (== net462) (== netcoreapp2.1)) (&& (== net462) (== netstandard2.0)) (&& (== net462) (< net45)) (&& (== net462) (< netstandard1.5) (>= uap10.0)) (&& (== net462) (< portable-net45+win8+wpa81)) (&& (== netcoreapp2.0) (< netstandard1.2)) (&& (== netcoreapp2.0) (< netstandard1.3)) (&& (== netcoreapp2.0) (< netstandard1.4)) (&& (== netcoreapp2.0) (< netstandard1.5)) (&& (== netcoreapp2.0) (< netstandard1.6)) (&& (== netcoreapp2.0) (< netstandard2.0)) (&& (== netcoreapp2.0) (< portable-net45+win8+wpa81)) (&& (== netcoreapp2.1) (< netstandard1.2)) (&& (== netcoreapp2.1) (< netstandard1.3)) (&& (== netcoreapp2.1) (< netstandard1.4)) (&& (== netcoreapp2.1) (< netstandard1.5)) (&& (== netcoreapp2.1) (< netstandard1.6)) (&& (== netcoreapp2.1) (< netstandard2.0)) (&& (== netcoreapp2.1) (< portable-net45+win8+wpa81)) (== netstandard1.6) (&& (== netstandard2.0) (< netstandard1.2)) (&& (== netstandard2.0) (< netstandard1.3)) (&& (== netstandard2.0) (< netstandard1.4)) (&& (== netstandard2.0) (< netstandard1.5)) (&& (== netstandard2.0) (< netstandard1.6)) (&& (== netstandard2.0) (< portable-net45+win8+wpa81))
      System.Text.Encoding.Extensions (>= 4.3) - restriction: || (&& (== net46) (== netcoreapp2.0)) (&& (== net46) (== netcoreapp2.1)) (&& (== net46) (== netstandard2.0)) (&& (== net46) (< net45)) (&& (== net46) (< portable-net45+win8+wpa81)) (&& (== net46) (>= uap10.0)) (&& (== net462) (== netcoreapp2.0)) (&& (== net462) (== netcoreapp2.1)) (&& (== net462) (== netstandard2.0)) (&& (== net462) (< net45)) (&& (== net462) (< netstandard1.5) (>= uap10.0)) (&& (== net462) (< portable-net45+win8+wpa81)) (&& (== netcoreapp2.0) (< netstandard1.2)) (&& (== netcoreapp2.0) (< netstandard1.3)) (&& (== netcoreapp2.0) (< netstandard1.4)) (&& (== netcoreapp2.0) (< netstandard1.5)) (&& (== netcoreapp2.0) (< netstandard1.6)) (&& (== netcoreapp2.0) (< netstandard2.0)) (&& (== netcoreapp2.0) (< portable-net45+win8+wpa81)) (&& (== netcoreapp2.1) (< netstandard1.2)) (&& (== netcoreapp2.1) (< netstandard1.3)) (&& (== netcoreapp2.1) (< netstandard1.4)) (&& (== netcoreapp2.1) (< netstandard1.5)) (&& (== netcoreapp2.1) (< netstandard1.6)) (&& (== netcoreapp2.1) (< netstandard2.0)) (&& (== netcoreapp2.1) (< portable-net45+win8+wpa81)) (== netstandard1.6) (&& (== netstandard2.0) (< netstandard1.2)) (&& (== netstandard2.0) (< netstandard1.3)) (&& (== netstandard2.0) (< netstandard1.4)) (&& (== netstandard2.0) (< netstandard1.5)) (&& (== netstandard2.0) (< netstandard1.6)) (&& (== netstandard2.0) (< portable-net45+win8+wpa81))
      System.Text.RegularExpressions (>= 4.3) - restriction: || (&& (== net46) (== netcoreapp2.0)) (&& (== net46) (== netcoreapp2.1)) (&& (== net46) (== netstandard2.0)) (&& (== net46) (< net45)) (&& (== net46) (< portable-net45+win8+wpa81)) (&& (== net46) (>= uap10.0)) (&& (== net462) (== netcoreapp2.0)) (&& (== net462) (== netcoreapp2.1)) (&& (== net462) (== netstandard2.0)) (&& (== net462) (< net45)) (&& (== net462) (< netstandard1.5) (>= uap10.0)) (&& (== net462) (< portable-net45+win8+wpa81)) (&& (== netcoreapp2.0) (< netstandard1.2)) (&& (== netcoreapp2.0) (< netstandard1.3)) (&& (== netcoreapp2.0) (< netstandard1.4)) (&& (== netcoreapp2.0) (< netstandard1.5)) (&& (== netcoreapp2.0) (< netstandard1.6)) (&& (== netcoreapp2.0) (< netstandard2.0)) (&& (== netcoreapp2.0) (< portable-net45+win8+wpa81)) (&& (== netcoreapp2.1) (< netstandard1.2)) (&& (== netcoreapp2.1) (< netstandard1.3)) (&& (== netcoreapp2.1) (< netstandard1.4)) (&& (== netcoreapp2.1) (< netstandard1.5)) (&& (== netcoreapp2.1) (< netstandard1.6)) (&& (== netcoreapp2.1) (< netstandard2.0)) (&& (== netcoreapp2.1) (< portable-net45+win8+wpa81)) (== netstandard1.6) (&& (== netstandard2.0) (< netstandard1.2)) (&& (== netstandard2.0) (< netstandard1.3)) (&& (== netstandard2.0) (< netstandard1.4)) (&& (== netstandard2.0) (< netstandard1.5)) (&& (== netstandard2.0) (< netstandard1.6)) (&& (== netstandard2.0) (< portable-net45+win8+wpa81))
      System.Threading (>= 4.3) - restriction: || (&& (== net46) (== netcoreapp2.0)) (&& (== net46) (== netcoreapp2.1)) (&& (== net46) (== netstandard2.0)) (&& (== net46) (< net45)) (&& (== net46) (< portable-net45+win8+wpa81)) (&& (== net46) (>= uap10.0)) (&& (== net462) (== netcoreapp2.0)) (&& (== net462) (== netcoreapp2.1)) (&& (== net462) (== netstandard2.0)) (&& (== net462) (< net45)) (&& (== net462) (< netstandard1.5) (>= uap10.0)) (&& (== net462) (< portable-net45+win8+wpa81)) (&& (== netcoreapp2.0) (< netstandard1.2)) (&& (== netcoreapp2.0) (< netstandard1.3)) (&& (== netcoreapp2.0) (< netstandard1.4)) (&& (== netcoreapp2.0) (< netstandard1.5)) (&& (== netcoreapp2.0) (< netstandard1.6)) (&& (== netcoreapp2.0) (< netstandard2.0)) (&& (== netcoreapp2.0) (< portable-net45+win8+wpa81)) (&& (== netcoreapp2.1) (< netstandard1.2)) (&& (== netcoreapp2.1) (< netstandard1.3)) (&& (== netcoreapp2.1) (< netstandard1.4)) (&& (== netcoreapp2.1) (< netstandard1.5)) (&& (== netcoreapp2.1) (< netstandard1.6)) (&& (== netcoreapp2.1) (< netstandard2.0)) (&& (== netcoreapp2.1) (< portable-net45+win8+wpa81)) (== netstandard1.6) (&& (== netstandard2.0) (< netstandard1.2)) (&& (== netstandard2.0) (< netstandard1.3)) (&& (== netstandard2.0) (< netstandard1.4)) (&& (== netstandard2.0) (< netstandard1.5)) (&& (== netstandard2.0) (< netstandard1.6)) (&& (== netstandard2.0) (< portable-net45+win8+wpa81))
      System.Threading.Tasks (>= 4.3) - restriction: || (&& (== net46) (== netcoreapp2.0)) (&& (== net46) (== netcoreapp2.1)) (&& (== net46) (== netstandard2.0)) (&& (== net46) (< net45)) (&& (== net46) (< portable-net45+win8+wpa81)) (&& (== net46) (>= uap10.0)) (&& (== net462) (== netcoreapp2.0)) (&& (== net462) (== netcoreapp2.1)) (&& (== net462) (== netstandard2.0)) (&& (== net462) (< net45)) (&& (== net462) (< netstandard1.5) (>= uap10.0)) (&& (== net462) (< portable-net45+win8+wpa81)) (&& (== netcoreapp2.0) (< netstandard1.2)) (&& (== netcoreapp2.0) (< netstandard1.3)) (&& (== netcoreapp2.0) (< netstandard1.4)) (&& (== netcoreapp2.0) (< netstandard1.5)) (&& (== netcoreapp2.0) (< netstandard1.6)) (&& (== netcoreapp2.0) (< netstandard2.0)) (&& (== netcoreapp2.0) (< portable-net45+win8+wpa81)) (&& (== netcoreapp2.1) (< netstandard1.2)) (&& (== netcoreapp2.1) (< netstandard1.3)) (&& (== netcoreapp2.1) (< netstandard1.4)) (&& (== netcoreapp2.1) (< netstandard1.5)) (&& (== netcoreapp2.1) (< netstandard1.6)) (&& (== netcoreapp2.1) (< netstandard2.0)) (&& (== netcoreapp2.1) (< portable-net45+win8+wpa81)) (== netstandard1.6) (&& (== netstandard2.0) (< netstandard1.2)) (&& (== netstandard2.0) (< netstandard1.3)) (&& (== netstandard2.0) (< netstandard1.4)) (&& (== netstandard2.0) (< netstandard1.5)) (&& (== netstandard2.0) (< netstandard1.6)) (&& (== netstandard2.0) (< portable-net45+win8+wpa81))
      System.Threading.Timer (>= 4.3) - restriction: || (&& (== net46) (== netcoreapp2.0)) (&& (== net46) (== netcoreapp2.1)) (&& (== net46) (== netstandard2.0)) (&& (== net46) (< net45)) (&& (== net46) (>= uap10.0)) (&& (== net462) (== netcoreapp2.0)) (&& (== net462) (== netcoreapp2.1)) (&& (== net462) (== netstandard2.0)) (&& (== net462) (< net45)) (&& (== net462) (< netstandard1.5) (>= uap10.0)) (&& (== netcoreapp2.0) (< netstandard1.3)) (&& (== netcoreapp2.0) (< netstandard1.4)) (&& (== netcoreapp2.0) (< netstandard1.5)) (&& (== netcoreapp2.0) (< netstandard1.6)) (&& (== netcoreapp2.0) (< netstandard2.0)) (&& (== netcoreapp2.1) (< netstandard1.3)) (&& (== netcoreapp2.1) (< netstandard1.4)) (&& (== netcoreapp2.1) (< netstandard1.5)) (&& (== netcoreapp2.1) (< netstandard1.6)) (&& (== netcoreapp2.1) (< netstandard2.0)) (== netstandard1.6) (&& (== netstandard2.0) (< netstandard1.3)) (&& (== netstandard2.0) (< netstandard1.4)) (&& (== netstandard2.0) (< netstandard1.5)) (&& (== netstandard2.0) (< netstandard1.6))
      System.Xml.ReaderWriter (>= 4.3) - restriction: || (== net46) (&& (== net462) (== netcoreapp2.0)) (&& (== net462) (== netcoreapp2.1)) (&& (== net462) (== netstandard2.0)) (&& (== net462) (< net45)) (&& (== net462) (< netstandard1.4)) (&& (== net462) (< netstandard1.5) (>= uap10.0)) (&& (== net462) (< portable-net45+win8+wpa81)) (&& (== netcoreapp2.0) (< netstandard1.2)) (&& (== netcoreapp2.0) (< netstandard1.3)) (&& (== netcoreapp2.0) (< netstandard1.4)) (&& (== netcoreapp2.0) (< netstandard1.5)) (&& (== netcoreapp2.0) (< netstandard1.6)) (&& (== netcoreapp2.0) (< netstandard2.0)) (&& (== netcoreapp2.0) (< portable-net45+win8+wpa81)) (&& (== netcoreapp2.1) (< netstandard1.2)) (&& (== netcoreapp2.1) (< netstandard1.3)) (&& (== netcoreapp2.1) (< netstandard1.4)) (&& (== netcoreapp2.1) (< netstandard1.5)) (&& (== netcoreapp2.1) (< netstandard1.6)) (&& (== netcoreapp2.1) (< netstandard2.0)) (&& (== netcoreapp2.1) (< portable-net45+win8+wpa81)) (== netstandard1.6) (&& (== netstandard2.0) (< netstandard1.2)) (&& (== netstandard2.0) (< netstandard1.3)) (&& (== netstandard2.0) (< netstandard1.4)) (&& (== netstandard2.0) (< netstandard1.5)) (&& (== netstandard2.0) (< netstandard1.6)) (&& (== netstandard2.0) (< portable-net45+win8+wpa81))
      System.Xml.XDocument (>= 4.3) - restriction: || (&& (== net46) (== netcoreapp2.0)) (&& (== net46) (== netcoreapp2.1)) (&& (== net46) (== netstandard2.0)) (&& (== net46) (< net45)) (&& (== net46) (< portable-net45+win8+wpa81)) (&& (== net46) (>= uap10.0)) (&& (== net462) (== netcoreapp2.0)) (&& (== net462) (== netcoreapp2.1)) (&& (== net462) (== netstandard2.0)) (&& (== net462) (< net45)) (&& (== net462) (< netstandard1.5) (>= uap10.0)) (&& (== net462) (< portable-net45+win8+wpa81)) (&& (== netcoreapp2.0) (< netstandard1.2)) (&& (== netcoreapp2.0) (< netstandard1.3)) (&& (== netcoreapp2.0) (< netstandard1.4)) (&& (== netcoreapp2.0) (< netstandard1.5)) (&& (== netcoreapp2.0) (< netstandard1.6)) (&& (== netcoreapp2.0) (< netstandard2.0)) (&& (== netcoreapp2.0) (< portable-net45+win8+wpa81)) (&& (== netcoreapp2.1) (< netstandard1.2)) (&& (== netcoreapp2.1) (< netstandard1.3)) (&& (== netcoreapp2.1) (< netstandard1.4)) (&& (== netcoreapp2.1) (< netstandard1.5)) (&& (== netcoreapp2.1) (< netstandard1.6)) (&& (== netcoreapp2.1) (< netstandard2.0)) (&& (== netcoreapp2.1) (< portable-net45+win8+wpa81)) (== netstandard1.6) (&& (== netstandard2.0) (< netstandard1.2)) (&& (== netstandard2.0) (< netstandard1.3)) (&& (== netstandard2.0) (< netstandard1.4)) (&& (== netstandard2.0) (< netstandard1.5)) (&& (== netstandard2.0) (< netstandard1.6)) (&& (== netstandard2.0) (< portable-net45+win8+wpa81))
    Newtonsoft.Json (12.0.1) - restriction: || (== net46) (== net462) (== netcoreapp2.0) (== netcoreapp2.1) (&& (== netstandard1.6) (>= net45)) (&& (== netstandard1.6) (>= netstandard2.0)) (== netstandard2.0)
    Packaging.Targets (0.1.56)
      NETStandard.Library (>= 1.6.1) - restriction: || (&& (== net46) (== netcoreapp2.0)) (&& (== net46) (== netcoreapp2.1)) (&& (== net46) (== netstandard2.0)) (&& (== net46) (>= netstandard1.5)) (== net462) (&& (== netcoreapp2.0) (< netstandard2.0)) (&& (== netcoreapp2.1) (< netstandard2.0)) (== netstandard1.6)
      System.Globalization.Extensions (>= 4.3) - restriction: || (&& (== net46) (== netcoreapp2.0)) (&& (== net46) (== netcoreapp2.1)) (&& (== net46) (== netstandard2.0)) (&& (== net46) (>= netstandard1.5)) (== net462) (&& (== netcoreapp2.0) (< netstandard2.0)) (&& (== netcoreapp2.1) (< netstandard2.0)) (== netstandard1.6)
      System.Runtime.InteropServices (>= 4.3) - restriction: || (&& (== net46) (== netcoreapp2.0)) (&& (== net46) (== netcoreapp2.1)) (&& (== net46) (== netstandard2.0)) (&& (== net46) (>= netstandard1.5)) (== net462) (&& (== netcoreapp2.0) (< netstandard2.0)) (&& (== netcoreapp2.1) (< netstandard2.0)) (== netstandard1.6)
    Paket.Core (5.198)
      Chessie (>= 0.6) - restriction: || (== net46) (== net462) (== netcoreapp2.0) (== netcoreapp2.1) (&& (== netstandard1.6) (>= net45)) (&& (== netstandard1.6) (>= netstandard2.0)) (== netstandard2.0)
      FSharp.Compiler.Tools  - restriction: || (== net46) (== net462) (&& (== netcoreapp2.0) (>= net45)) (&& (== netcoreapp2.1) (>= net45)) (&& (== netstandard1.6) (>= net45)) (&& (== netstandard2.0) (>= net45))
      FSharp.Core (> 4.3) - restriction: || (== net46) (== net462) (&& (== netcoreapp2.0) (>= net45)) (&& (== netcoreapp2.1) (>= net45)) (&& (== netstandard1.6) (>= net45)) (&& (== netstandard2.0) (>= net45))
      Mono.Cecil (>= 0.10.0-beta6) - restriction: || (== net46) (== net462) (== netcoreapp2.0) (== netcoreapp2.1) (&& (== netstandard1.6) (>= net45)) (&& (== netstandard1.6) (>= netstandard2.0)) (== netstandard2.0)
      Newtonsoft.Json  - restriction: || (== net46) (== net462) (&& (== netcoreapp2.0) (>= net45)) (&& (== netcoreapp2.1) (>= net45)) (&& (== netstandard1.6) (>= net45)) (&& (== netstandard2.0) (>= net45))
      Newtonsoft.Json (>= 10.0.3) - restriction: || (&& (== net46) (< net45) (>= netstandard2.0)) (&& (== net462) (< net45) (>= netstandard2.0)) (== netcoreapp2.0) (== netcoreapp2.1) (&& (== netstandard1.6) (>= netstandard2.0)) (== netstandard2.0)
      System.Net.Http.WinHttpHandler (>= 4.5) - restriction: || (&& (== net46) (< net45) (>= netstandard2.0)) (&& (== net462) (< net45) (>= netstandard2.0)) (== netcoreapp2.0) (== netcoreapp2.1) (&& (== netstandard1.6) (>= netstandard2.0)) (== netstandard2.0)
      System.Security.Cryptography.ProtectedData (>= 4.4) - restriction: || (&& (== net46) (< net45) (>= netstandard2.0)) (&& (== net462) (< net45) (>= netstandard2.0)) (== netcoreapp2.0) (== netcoreapp2.1) (&& (== netstandard1.6) (>= netstandard2.0)) (== netstandard2.0)
    runtime.debian.8-x64.runtime.native.System.Security.Cryptography.OpenSsl (4.3.3) - restriction: || (&& (== net46) (== net462) (>= netstandard1.6) (>= uap10.0)) (&& (== net46) (== netcoreapp2.0)) (&& (== net46) (== netcoreapp2.1)) (&& (== net46) (== netstandard2.0)) (&& (== net46) (< net45) (>= netstandard1.6)) (&& (== net462) (== netcoreapp2.0)) (&& (== net462) (== netcoreapp2.1)) (&& (== net462) (== netstandard2.0)) (&& (== net462) (< net45) (>= netstandard1.6)) (&& (== net462) (< netstandard1.5) (>= netstandard1.6) (>= uap10.0)) (&& (== netcoreapp2.0) (< netstandard1.2)) (&& (== netcoreapp2.0) (< netstandard1.3)) (&& (== netcoreapp2.0) (< netstandard1.4)) (&& (== netcoreapp2.0) (< netstandard1.5)) (&& (== netcoreapp2.0) (< netstandard1.6)) (&& (== netcoreapp2.0) (< netstandard2.0)) (&& (== netcoreapp2.1) (< netstandard1.2)) (&& (== netcoreapp2.1) (< netstandard1.3)) (&& (== netcoreapp2.1) (< netstandard1.4)) (&& (== netcoreapp2.1) (< netstandard1.5)) (&& (== netcoreapp2.1) (< netstandard1.6)) (&& (== netcoreapp2.1) (< netstandard2.0)) (== netstandard1.6) (&& (== netstandard2.0) (< netstandard1.2)) (&& (== netstandard2.0) (< netstandard1.3)) (&& (== netstandard2.0) (< netstandard1.4)) (&& (== netstandard2.0) (< netstandard1.5)) (&& (== netstandard2.0) (< netstandard1.6))
    runtime.debian.9-x64.runtime.native.System.Security.Cryptography.OpenSsl (4.3.3) - restriction: || (&& (== net46) (== net462) (>= netstandard1.6) (>= uap10.0)) (&& (== net46) (== netcoreapp2.0)) (&& (== net46) (== netcoreapp2.1)) (&& (== net46) (== netstandard2.0)) (&& (== net46) (< net45) (>= netstandard1.6)) (&& (== net462) (== netcoreapp2.0)) (&& (== net462) (== netcoreapp2.1)) (&& (== net462) (== netstandard2.0)) (&& (== net462) (< net45) (>= netstandard1.6)) (&& (== net462) (< netstandard1.5) (>= netstandard1.6) (>= uap10.0)) (&& (== netcoreapp2.0) (< netstandard1.2)) (&& (== netcoreapp2.0) (< netstandard1.3)) (&& (== netcoreapp2.0) (< netstandard1.4)) (&& (== netcoreapp2.0) (< netstandard1.5)) (&& (== netcoreapp2.0) (< netstandard1.6)) (&& (== netcoreapp2.0) (< netstandard2.0)) (&& (== netcoreapp2.1) (< netstandard1.2)) (&& (== netcoreapp2.1) (< netstandard1.3)) (&& (== netcoreapp2.1) (< netstandard1.4)) (&& (== netcoreapp2.1) (< netstandard1.5)) (&& (== netcoreapp2.1) (< netstandard1.6)) (&& (== netcoreapp2.1) (< netstandard2.0)) (== netstandard1.6) (&& (== netstandard2.0) (< netstandard1.2)) (&& (== netstandard2.0) (< netstandard1.3)) (&& (== netstandard2.0) (< netstandard1.4)) (&& (== netstandard2.0) (< netstandard1.5)) (&& (== netstandard2.0) (< netstandard1.6))
    runtime.fedora.23-x64.runtime.native.System.Security.Cryptography.OpenSsl (4.3.3) - restriction: || (&& (== net46) (== net462) (>= netstandard1.6) (>= uap10.0)) (&& (== net46) (== netcoreapp2.0)) (&& (== net46) (== netcoreapp2.1)) (&& (== net46) (== netstandard2.0)) (&& (== net46) (< net45) (>= netstandard1.6)) (&& (== net462) (== netcoreapp2.0)) (&& (== net462) (== netcoreapp2.1)) (&& (== net462) (== netstandard2.0)) (&& (== net462) (< net45) (>= netstandard1.6)) (&& (== net462) (< netstandard1.5) (>= netstandard1.6) (>= uap10.0)) (&& (== netcoreapp2.0) (< netstandard1.2)) (&& (== netcoreapp2.0) (< netstandard1.3)) (&& (== netcoreapp2.0) (< netstandard1.4)) (&& (== netcoreapp2.0) (< netstandard1.5)) (&& (== netcoreapp2.0) (< netstandard1.6)) (&& (== netcoreapp2.0) (< netstandard2.0)) (&& (== netcoreapp2.1) (< netstandard1.2)) (&& (== netcoreapp2.1) (< netstandard1.3)) (&& (== netcoreapp2.1) (< netstandard1.4)) (&& (== netcoreapp2.1) (< netstandard1.5)) (&& (== netcoreapp2.1) (< netstandard1.6)) (&& (== netcoreapp2.1) (< netstandard2.0)) (== netstandard1.6) (&& (== netstandard2.0) (< netstandard1.2)) (&& (== netstandard2.0) (< netstandard1.3)) (&& (== netstandard2.0) (< netstandard1.4)) (&& (== netstandard2.0) (< netstandard1.5)) (&& (== netstandard2.0) (< netstandard1.6))
    runtime.fedora.24-x64.runtime.native.System.Security.Cryptography.OpenSsl (4.3.3) - restriction: || (&& (== net46) (== net462) (>= netstandard1.6) (>= uap10.0)) (&& (== net46) (== netcoreapp2.0)) (&& (== net46) (== netcoreapp2.1)) (&& (== net46) (== netstandard2.0)) (&& (== net46) (< net45) (>= netstandard1.6)) (&& (== net462) (== netcoreapp2.0)) (&& (== net462) (== netcoreapp2.1)) (&& (== net462) (== netstandard2.0)) (&& (== net462) (< net45) (>= netstandard1.6)) (&& (== net462) (< netstandard1.5) (>= netstandard1.6) (>= uap10.0)) (&& (== netcoreapp2.0) (< netstandard1.2)) (&& (== netcoreapp2.0) (< netstandard1.3)) (&& (== netcoreapp2.0) (< netstandard1.4)) (&& (== netcoreapp2.0) (< netstandard1.5)) (&& (== netcoreapp2.0) (< netstandard1.6)) (&& (== netcoreapp2.0) (< netstandard2.0)) (&& (== netcoreapp2.1) (< netstandard1.2)) (&& (== netcoreapp2.1) (< netstandard1.3)) (&& (== netcoreapp2.1) (< netstandard1.4)) (&& (== netcoreapp2.1) (< netstandard1.5)) (&& (== netcoreapp2.1) (< netstandard1.6)) (&& (== netcoreapp2.1) (< netstandard2.0)) (== netstandard1.6) (&& (== netstandard2.0) (< netstandard1.2)) (&& (== netstandard2.0) (< netstandard1.3)) (&& (== netstandard2.0) (< netstandard1.4)) (&& (== netstandard2.0) (< netstandard1.5)) (&& (== netstandard2.0) (< netstandard1.6))
    runtime.fedora.27-x64.runtime.native.System.Security.Cryptography.OpenSsl (4.3.3) - restriction: || (&& (== net46) (== net462) (>= netstandard1.6) (>= uap10.0)) (&& (== net46) (== netcoreapp2.0)) (&& (== net46) (== netcoreapp2.1)) (&& (== net46) (== netstandard2.0)) (&& (== net46) (< net45) (>= netstandard1.6)) (&& (== net462) (== netcoreapp2.0)) (&& (== net462) (== netcoreapp2.1)) (&& (== net462) (== netstandard2.0)) (&& (== net462) (< net45) (>= netstandard1.6)) (&& (== net462) (< netstandard1.5) (>= netstandard1.6) (>= uap10.0)) (&& (== netcoreapp2.0) (< netstandard1.2)) (&& (== netcoreapp2.0) (< netstandard1.3)) (&& (== netcoreapp2.0) (< netstandard1.4)) (&& (== netcoreapp2.0) (< netstandard1.5)) (&& (== netcoreapp2.0) (< netstandard1.6)) (&& (== netcoreapp2.0) (< netstandard2.0)) (&& (== netcoreapp2.1) (< netstandard1.2)) (&& (== netcoreapp2.1) (< netstandard1.3)) (&& (== netcoreapp2.1) (< netstandard1.4)) (&& (== netcoreapp2.1) (< netstandard1.5)) (&& (== netcoreapp2.1) (< netstandard1.6)) (&& (== netcoreapp2.1) (< netstandard2.0)) (== netstandard1.6) (&& (== netstandard2.0) (< netstandard1.2)) (&& (== netstandard2.0) (< netstandard1.3)) (&& (== netstandard2.0) (< netstandard1.4)) (&& (== netstandard2.0) (< netstandard1.5)) (&& (== netstandard2.0) (< netstandard1.6))
    runtime.fedora.28-x64.runtime.native.System.Security.Cryptography.OpenSsl (4.3.3) - restriction: || (&& (== net46) (== net462) (>= netstandard1.6) (>= uap10.0)) (&& (== net46) (== netcoreapp2.0)) (&& (== net46) (== netcoreapp2.1)) (&& (== net46) (== netstandard2.0)) (&& (== net46) (< net45) (>= netstandard1.6)) (&& (== net462) (== netcoreapp2.0)) (&& (== net462) (== netcoreapp2.1)) (&& (== net462) (== netstandard2.0)) (&& (== net462) (< net45) (>= netstandard1.6)) (&& (== net462) (< netstandard1.5) (>= netstandard1.6) (>= uap10.0)) (&& (== netcoreapp2.0) (< netstandard1.2)) (&& (== netcoreapp2.0) (< netstandard1.3)) (&& (== netcoreapp2.0) (< netstandard1.4)) (&& (== netcoreapp2.0) (< netstandard1.5)) (&& (== netcoreapp2.0) (< netstandard1.6)) (&& (== netcoreapp2.0) (< netstandard2.0)) (&& (== netcoreapp2.1) (< netstandard1.2)) (&& (== netcoreapp2.1) (< netstandard1.3)) (&& (== netcoreapp2.1) (< netstandard1.4)) (&& (== netcoreapp2.1) (< netstandard1.5)) (&& (== netcoreapp2.1) (< netstandard1.6)) (&& (== netcoreapp2.1) (< netstandard2.0)) (== netstandard1.6) (&& (== netstandard2.0) (< netstandard1.2)) (&& (== netstandard2.0) (< netstandard1.3)) (&& (== netstandard2.0) (< netstandard1.4)) (&& (== netstandard2.0) (< netstandard1.5)) (&& (== netstandard2.0) (< netstandard1.6))
    runtime.native.System (4.3.1) - restriction: || (&& (== net46) (== net462) (>= netstandard1.6) (>= uap10.0)) (&& (== net46) (== netcoreapp2.0)) (&& (== net46) (== netcoreapp2.1)) (&& (== net46) (== netstandard2.0)) (&& (== net46) (< net45) (>= netstandard1.6)) (&& (== net462) (== netcoreapp2.0)) (&& (== net462) (== netcoreapp2.1)) (&& (== net462) (== netstandard2.0)) (&& (== net462) (< net45) (>= netstandard1.6)) (&& (== net462) (< netstandard1.5) (>= netstandard1.6) (>= uap10.0)) (&& (== netcoreapp2.0) (< netstandard1.2)) (&& (== netcoreapp2.0) (< netstandard1.3)) (&& (== netcoreapp2.0) (< netstandard1.4)) (&& (== netcoreapp2.0) (< netstandard1.5)) (&& (== netcoreapp2.0) (< netstandard1.6)) (&& (== netcoreapp2.0) (< netstandard2.0)) (&& (== netcoreapp2.1) (< netstandard1.2)) (&& (== netcoreapp2.1) (< netstandard1.3)) (&& (== netcoreapp2.1) (< netstandard1.4)) (&& (== netcoreapp2.1) (< netstandard1.5)) (&& (== netcoreapp2.1) (< netstandard1.6)) (&& (== netcoreapp2.1) (< netstandard2.0)) (== netstandard1.6) (&& (== netstandard2.0) (< netstandard1.2)) (&& (== netstandard2.0) (< netstandard1.3)) (&& (== netstandard2.0) (< netstandard1.4)) (&& (== netstandard2.0) (< netstandard1.5)) (&& (== netstandard2.0) (< netstandard1.6))
      Microsoft.NETCore.Platforms (>= 1.1.1)
      Microsoft.NETCore.Targets (>= 1.1.3)
    runtime.native.System.IO.Compression (4.3.2) - restriction: || (&& (== net46) (== net462) (>= uap10.0)) (&& (== net46) (== netcoreapp2.0)) (&& (== net46) (== netcoreapp2.1)) (&& (== net46) (== netstandard2.0)) (&& (== net46) (>= dnxcore50)) (&& (== net46) (< net45)) (&& (== net462) (== netcoreapp2.0)) (&& (== net462) (== netcoreapp2.1)) (&& (== net462) (== netstandard2.0)) (&& (== net462) (>= dnxcore50)) (&& (== net462) (< net45)) (&& (== net462) (< netstandard1.5) (>= uap10.0)) (&& (== netcoreapp2.0) (>= dnxcore50)) (&& (== netcoreapp2.0) (< netstandard1.2)) (&& (== netcoreapp2.0) (< netstandard1.3)) (&& (== netcoreapp2.0) (< netstandard1.4)) (&& (== netcoreapp2.0) (< netstandard1.5)) (&& (== netcoreapp2.0) (< netstandard1.6)) (&& (== netcoreapp2.0) (< netstandard2.0)) (&& (== netcoreapp2.1) (>= dnxcore50)) (&& (== netcoreapp2.1) (< netstandard1.2)) (&& (== netcoreapp2.1) (< netstandard1.3)) (&& (== netcoreapp2.1) (< netstandard1.4)) (&& (== netcoreapp2.1) (< netstandard1.5)) (&& (== netcoreapp2.1) (< netstandard1.6)) (&& (== netcoreapp2.1) (< netstandard2.0)) (== netstandard1.6) (&& (== netstandard2.0) (>= dnxcore50)) (&& (== netstandard2.0) (< netstandard1.2)) (&& (== netstandard2.0) (< netstandard1.3)) (&& (== netstandard2.0) (< netstandard1.4)) (&& (== netstandard2.0) (< netstandard1.5)) (&& (== netstandard2.0) (< netstandard1.6))
      Microsoft.NETCore.Platforms (>= 1.1.1)
      Microsoft.NETCore.Targets (>= 1.1.3)
    runtime.native.System.Net.Http (4.3.1) - restriction: || (&& (== net46) (== net462) (>= netstandard1.6) (>= uap10.0)) (&& (== net46) (== netcoreapp2.0)) (&& (== net46) (== netcoreapp2.1)) (&& (== net46) (== netstandard2.0)) (&& (== net46) (< net45) (>= netstandard1.6)) (&& (== net462) (== netcoreapp2.0)) (&& (== net462) (== netcoreapp2.1)) (&& (== net462) (== netstandard2.0)) (&& (== net462) (< net45) (>= netstandard1.6)) (&& (== net462) (< netstandard1.5) (>= netstandard1.6) (>= uap10.0)) (&& (== netcoreapp2.0) (< netstandard1.2)) (&& (== netcoreapp2.0) (< netstandard1.3)) (&& (== netcoreapp2.0) (< netstandard1.4)) (&& (== netcoreapp2.0) (< netstandard1.5)) (&& (== netcoreapp2.0) (< netstandard1.6)) (&& (== netcoreapp2.0) (< netstandard2.0)) (&& (== netcoreapp2.1) (< netstandard1.2)) (&& (== netcoreapp2.1) (< netstandard1.3)) (&& (== netcoreapp2.1) (< netstandard1.4)) (&& (== netcoreapp2.1) (< netstandard1.5)) (&& (== netcoreapp2.1) (< netstandard1.6)) (&& (== netcoreapp2.1) (< netstandard2.0)) (== netstandard1.6) (&& (== netstandard2.0) (< netstandard1.2)) (&& (== netstandard2.0) (< netstandard1.3)) (&& (== netstandard2.0) (< netstandard1.4)) (&& (== netstandard2.0) (< netstandard1.5)) (&& (== netstandard2.0) (< netstandard1.6))
      Microsoft.NETCore.Platforms (>= 1.1.1)
      Microsoft.NETCore.Targets (>= 1.1.3)
    runtime.native.System.Security.Cryptography.Apple (4.3.1) - restriction: || (&& (== net46) (== net462) (>= netstandard1.6) (>= uap10.0)) (&& (== net46) (== netcoreapp2.0)) (&& (== net46) (== netcoreapp2.1)) (&& (== net46) (== netstandard2.0)) (&& (== net462) (== netcoreapp2.0)) (&& (== net462) (== netcoreapp2.1)) (&& (== net462) (== netstandard2.0)) (&& (== net462) (< net45) (>= netstandard1.6)) (&& (== net462) (< net46) (< netstandard1.4) (>= netstandard1.6)) (&& (== net462) (< netstandard1.5) (>= netstandard1.6) (>= uap10.0)) (&& (== netcoreapp2.0) (< netstandard1.4)) (&& (== netcoreapp2.0) (< netstandard1.5)) (&& (== netcoreapp2.0) (< netstandard1.6)) (&& (== netcoreapp2.0) (< netstandard2.0)) (&& (== netcoreapp2.1) (< netstandard1.4)) (&& (== netcoreapp2.1) (< netstandard1.5)) (&& (== netcoreapp2.1) (< netstandard1.6)) (&& (== netcoreapp2.1) (< netstandard2.0)) (== netstandard1.6) (&& (== netstandard2.0) (< netstandard1.4)) (&& (== netstandard2.0) (< netstandard1.5)) (&& (== netstandard2.0) (< netstandard1.6))
      runtime.osx.10.10-x64.runtime.native.System.Security.Cryptography.Apple (>= 4.3.1)
    runtime.native.System.Security.Cryptography.OpenSsl (4.3.3) - restriction: || (&& (== net46) (== net462) (>= netstandard1.6) (>= uap10.0)) (&& (== net46) (== netcoreapp2.0)) (&& (== net46) (== netcoreapp2.1)) (&& (== net46) (== netstandard2.0)) (&& (== net46) (< net45) (>= netstandard1.6)) (&& (== net462) (== netcoreapp2.0)) (&& (== net462) (== netcoreapp2.1)) (&& (== net462) (== netstandard2.0)) (&& (== net462) (< net45) (>= netstandard1.6)) (&& (== net462) (< netstandard1.5) (>= netstandard1.6) (>= uap10.0)) (&& (== netcoreapp2.0) (< netstandard1.2)) (&& (== netcoreapp2.0) (< netstandard1.3)) (&& (== netcoreapp2.0) (< netstandard1.4)) (&& (== netcoreapp2.0) (< netstandard1.5)) (&& (== netcoreapp2.0) (< netstandard1.6)) (&& (== netcoreapp2.0) (< netstandard2.0)) (&& (== netcoreapp2.1) (< netstandard1.2)) (&& (== netcoreapp2.1) (< netstandard1.3)) (&& (== netcoreapp2.1) (< netstandard1.4)) (&& (== netcoreapp2.1) (< netstandard1.5)) (&& (== netcoreapp2.1) (< netstandard1.6)) (&& (== netcoreapp2.1) (< netstandard2.0)) (== netstandard1.6) (&& (== netstandard2.0) (< netstandard1.2)) (&& (== netstandard2.0) (< netstandard1.3)) (&& (== netstandard2.0) (< netstandard1.4)) (&& (== netstandard2.0) (< netstandard1.5)) (&& (== netstandard2.0) (< netstandard1.6))
      runtime.debian.8-x64.runtime.native.System.Security.Cryptography.OpenSsl (>= 4.3.3)
      runtime.debian.9-x64.runtime.native.System.Security.Cryptography.OpenSsl (>= 4.3.3)
      runtime.fedora.23-x64.runtime.native.System.Security.Cryptography.OpenSsl (>= 4.3.3)
      runtime.fedora.24-x64.runtime.native.System.Security.Cryptography.OpenSsl (>= 4.3.3)
      runtime.fedora.27-x64.runtime.native.System.Security.Cryptography.OpenSsl (>= 4.3.3)
      runtime.fedora.28-x64.runtime.native.System.Security.Cryptography.OpenSsl (>= 4.3.3)
      runtime.opensuse.13.2-x64.runtime.native.System.Security.Cryptography.OpenSsl (>= 4.3.3)
      runtime.opensuse.42.1-x64.runtime.native.System.Security.Cryptography.OpenSsl (>= 4.3.3)
      runtime.opensuse.42.3-x64.runtime.native.System.Security.Cryptography.OpenSsl (>= 4.3.3)
      runtime.osx.10.10-x64.runtime.native.System.Security.Cryptography.OpenSsl (>= 4.3.3)
      runtime.rhel.7-x64.runtime.native.System.Security.Cryptography.OpenSsl (>= 4.3.3)
      runtime.ubuntu.14.04-x64.runtime.native.System.Security.Cryptography.OpenSsl (>= 4.3.3)
      runtime.ubuntu.16.04-x64.runtime.native.System.Security.Cryptography.OpenSsl (>= 4.3.3)
      runtime.ubuntu.16.10-x64.runtime.native.System.Security.Cryptography.OpenSsl (>= 4.3.3)
      runtime.ubuntu.18.04-x64.runtime.native.System.Security.Cryptography.OpenSsl (>= 4.3.3)
    runtime.opensuse.13.2-x64.runtime.native.System.Security.Cryptography.OpenSsl (4.3.3) - restriction: || (&& (== net46) (== net462) (>= netstandard1.6) (>= uap10.0)) (&& (== net46) (== netcoreapp2.0)) (&& (== net46) (== netcoreapp2.1)) (&& (== net46) (== netstandard2.0)) (&& (== net46) (< net45) (>= netstandard1.6)) (&& (== net462) (== netcoreapp2.0)) (&& (== net462) (== netcoreapp2.1)) (&& (== net462) (== netstandard2.0)) (&& (== net462) (< net45) (>= netstandard1.6)) (&& (== net462) (< netstandard1.5) (>= netstandard1.6) (>= uap10.0)) (&& (== netcoreapp2.0) (< netstandard1.2)) (&& (== netcoreapp2.0) (< netstandard1.3)) (&& (== netcoreapp2.0) (< netstandard1.4)) (&& (== netcoreapp2.0) (< netstandard1.5)) (&& (== netcoreapp2.0) (< netstandard1.6)) (&& (== netcoreapp2.0) (< netstandard2.0)) (&& (== netcoreapp2.1) (< netstandard1.2)) (&& (== netcoreapp2.1) (< netstandard1.3)) (&& (== netcoreapp2.1) (< netstandard1.4)) (&& (== netcoreapp2.1) (< netstandard1.5)) (&& (== netcoreapp2.1) (< netstandard1.6)) (&& (== netcoreapp2.1) (< netstandard2.0)) (== netstandard1.6) (&& (== netstandard2.0) (< netstandard1.2)) (&& (== netstandard2.0) (< netstandard1.3)) (&& (== netstandard2.0) (< netstandard1.4)) (&& (== netstandard2.0) (< netstandard1.5)) (&& (== netstandard2.0) (< netstandard1.6))
    runtime.opensuse.42.1-x64.runtime.native.System.Security.Cryptography.OpenSsl (4.3.3) - restriction: || (&& (== net46) (== net462) (>= netstandard1.6) (>= uap10.0)) (&& (== net46) (== netcoreapp2.0)) (&& (== net46) (== netcoreapp2.1)) (&& (== net46) (== netstandard2.0)) (&& (== net46) (< net45) (>= netstandard1.6)) (&& (== net462) (== netcoreapp2.0)) (&& (== net462) (== netcoreapp2.1)) (&& (== net462) (== netstandard2.0)) (&& (== net462) (< net45) (>= netstandard1.6)) (&& (== net462) (< netstandard1.5) (>= netstandard1.6) (>= uap10.0)) (&& (== netcoreapp2.0) (< netstandard1.2)) (&& (== netcoreapp2.0) (< netstandard1.3)) (&& (== netcoreapp2.0) (< netstandard1.4)) (&& (== netcoreapp2.0) (< netstandard1.5)) (&& (== netcoreapp2.0) (< netstandard1.6)) (&& (== netcoreapp2.0) (< netstandard2.0)) (&& (== netcoreapp2.1) (< netstandard1.2)) (&& (== netcoreapp2.1) (< netstandard1.3)) (&& (== netcoreapp2.1) (< netstandard1.4)) (&& (== netcoreapp2.1) (< netstandard1.5)) (&& (== netcoreapp2.1) (< netstandard1.6)) (&& (== netcoreapp2.1) (< netstandard2.0)) (== netstandard1.6) (&& (== netstandard2.0) (< netstandard1.2)) (&& (== netstandard2.0) (< netstandard1.3)) (&& (== netstandard2.0) (< netstandard1.4)) (&& (== netstandard2.0) (< netstandard1.5)) (&& (== netstandard2.0) (< netstandard1.6))
    runtime.opensuse.42.3-x64.runtime.native.System.Security.Cryptography.OpenSsl (4.3.3) - restriction: || (&& (== net46) (== net462) (>= netstandard1.6) (>= uap10.0)) (&& (== net46) (== netcoreapp2.0)) (&& (== net46) (== netcoreapp2.1)) (&& (== net46) (== netstandard2.0)) (&& (== net46) (< net45) (>= netstandard1.6)) (&& (== net462) (== netcoreapp2.0)) (&& (== net462) (== netcoreapp2.1)) (&& (== net462) (== netstandard2.0)) (&& (== net462) (< net45) (>= netstandard1.6)) (&& (== net462) (< netstandard1.5) (>= netstandard1.6) (>= uap10.0)) (&& (== netcoreapp2.0) (< netstandard1.2)) (&& (== netcoreapp2.0) (< netstandard1.3)) (&& (== netcoreapp2.0) (< netstandard1.4)) (&& (== netcoreapp2.0) (< netstandard1.5)) (&& (== netcoreapp2.0) (< netstandard1.6)) (&& (== netcoreapp2.0) (< netstandard2.0)) (&& (== netcoreapp2.1) (< netstandard1.2)) (&& (== netcoreapp2.1) (< netstandard1.3)) (&& (== netcoreapp2.1) (< netstandard1.4)) (&& (== netcoreapp2.1) (< netstandard1.5)) (&& (== netcoreapp2.1) (< netstandard1.6)) (&& (== netcoreapp2.1) (< netstandard2.0)) (== netstandard1.6) (&& (== netstandard2.0) (< netstandard1.2)) (&& (== netstandard2.0) (< netstandard1.3)) (&& (== netstandard2.0) (< netstandard1.4)) (&& (== netstandard2.0) (< netstandard1.5)) (&& (== netstandard2.0) (< netstandard1.6))
    runtime.osx.10.10-x64.runtime.native.System.Security.Cryptography.Apple (4.3.1) - restriction: || (&& (== net46) (== net462) (>= netstandard1.6) (>= uap10.0)) (&& (== net46) (== netcoreapp2.0)) (&& (== net46) (== netcoreapp2.1)) (&& (== net46) (== netstandard2.0)) (&& (== net462) (== netcoreapp2.0)) (&& (== net462) (== netcoreapp2.1)) (&& (== net462) (== netstandard2.0)) (&& (== net462) (< net45) (>= netstandard1.6)) (&& (== net462) (< net46) (< netstandard1.4) (>= netstandard1.6)) (&& (== net462) (< netstandard1.5) (>= netstandard1.6) (>= uap10.0)) (&& (== netcoreapp2.0) (< netstandard1.4)) (&& (== netcoreapp2.0) (< netstandard1.5)) (&& (== netcoreapp2.0) (< netstandard1.6)) (&& (== netcoreapp2.0) (< netstandard2.0)) (&& (== netcoreapp2.1) (< netstandard1.4)) (&& (== netcoreapp2.1) (< netstandard1.5)) (&& (== netcoreapp2.1) (< netstandard1.6)) (&& (== netcoreapp2.1) (< netstandard2.0)) (== netstandard1.6) (&& (== netstandard2.0) (< netstandard1.4)) (&& (== netstandard2.0) (< netstandard1.5)) (&& (== netstandard2.0) (< netstandard1.6))
    runtime.osx.10.10-x64.runtime.native.System.Security.Cryptography.OpenSsl (4.3.3) - restriction: || (&& (== net46) (== net462) (>= netstandard1.6) (>= uap10.0)) (&& (== net46) (== netcoreapp2.0)) (&& (== net46) (== netcoreapp2.1)) (&& (== net46) (== netstandard2.0)) (&& (== net46) (< net45) (>= netstandard1.6)) (&& (== net462) (== netcoreapp2.0)) (&& (== net462) (== netcoreapp2.1)) (&& (== net462) (== netstandard2.0)) (&& (== net462) (< net45) (>= netstandard1.6)) (&& (== net462) (< netstandard1.5) (>= netstandard1.6) (>= uap10.0)) (&& (== netcoreapp2.0) (< netstandard1.2)) (&& (== netcoreapp2.0) (< netstandard1.3)) (&& (== netcoreapp2.0) (< netstandard1.4)) (&& (== netcoreapp2.0) (< netstandard1.5)) (&& (== netcoreapp2.0) (< netstandard1.6)) (&& (== netcoreapp2.0) (< netstandard2.0)) (&& (== netcoreapp2.1) (< netstandard1.2)) (&& (== netcoreapp2.1) (< netstandard1.3)) (&& (== netcoreapp2.1) (< netstandard1.4)) (&& (== netcoreapp2.1) (< netstandard1.5)) (&& (== netcoreapp2.1) (< netstandard1.6)) (&& (== netcoreapp2.1) (< netstandard2.0)) (== netstandard1.6) (&& (== netstandard2.0) (< netstandard1.2)) (&& (== netstandard2.0) (< netstandard1.3)) (&& (== netstandard2.0) (< netstandard1.4)) (&& (== netstandard2.0) (< netstandard1.5)) (&& (== netstandard2.0) (< netstandard1.6))
    runtime.rhel.7-x64.runtime.native.System.Security.Cryptography.OpenSsl (4.3.3) - restriction: || (&& (== net46) (== net462) (>= netstandard1.6) (>= uap10.0)) (&& (== net46) (== netcoreapp2.0)) (&& (== net46) (== netcoreapp2.1)) (&& (== net46) (== netstandard2.0)) (&& (== net46) (< net45) (>= netstandard1.6)) (&& (== net462) (== netcoreapp2.0)) (&& (== net462) (== netcoreapp2.1)) (&& (== net462) (== netstandard2.0)) (&& (== net462) (< net45) (>= netstandard1.6)) (&& (== net462) (< netstandard1.5) (>= netstandard1.6) (>= uap10.0)) (&& (== netcoreapp2.0) (< netstandard1.2)) (&& (== netcoreapp2.0) (< netstandard1.3)) (&& (== netcoreapp2.0) (< netstandard1.4)) (&& (== netcoreapp2.0) (< netstandard1.5)) (&& (== netcoreapp2.0) (< netstandard1.6)) (&& (== netcoreapp2.0) (< netstandard2.0)) (&& (== netcoreapp2.1) (< netstandard1.2)) (&& (== netcoreapp2.1) (< netstandard1.3)) (&& (== netcoreapp2.1) (< netstandard1.4)) (&& (== netcoreapp2.1) (< netstandard1.5)) (&& (== netcoreapp2.1) (< netstandard1.6)) (&& (== netcoreapp2.1) (< netstandard2.0)) (== netstandard1.6) (&& (== netstandard2.0) (< netstandard1.2)) (&& (== netstandard2.0) (< netstandard1.3)) (&& (== netstandard2.0) (< netstandard1.4)) (&& (== netstandard2.0) (< netstandard1.5)) (&& (== netstandard2.0) (< netstandard1.6))
    runtime.ubuntu.14.04-x64.runtime.native.System.Security.Cryptography.OpenSsl (4.3.3) - restriction: || (&& (== net46) (== net462) (>= netstandard1.6) (>= uap10.0)) (&& (== net46) (== netcoreapp2.0)) (&& (== net46) (== netcoreapp2.1)) (&& (== net46) (== netstandard2.0)) (&& (== net46) (< net45) (>= netstandard1.6)) (&& (== net462) (== netcoreapp2.0)) (&& (== net462) (== netcoreapp2.1)) (&& (== net462) (== netstandard2.0)) (&& (== net462) (< net45) (>= netstandard1.6)) (&& (== net462) (< netstandard1.5) (>= netstandard1.6) (>= uap10.0)) (&& (== netcoreapp2.0) (< netstandard1.2)) (&& (== netcoreapp2.0) (< netstandard1.3)) (&& (== netcoreapp2.0) (< netstandard1.4)) (&& (== netcoreapp2.0) (< netstandard1.5)) (&& (== netcoreapp2.0) (< netstandard1.6)) (&& (== netcoreapp2.0) (< netstandard2.0)) (&& (== netcoreapp2.1) (< netstandard1.2)) (&& (== netcoreapp2.1) (< netstandard1.3)) (&& (== netcoreapp2.1) (< netstandard1.4)) (&& (== netcoreapp2.1) (< netstandard1.5)) (&& (== netcoreapp2.1) (< netstandard1.6)) (&& (== netcoreapp2.1) (< netstandard2.0)) (== netstandard1.6) (&& (== netstandard2.0) (< netstandard1.2)) (&& (== netstandard2.0) (< netstandard1.3)) (&& (== netstandard2.0) (< netstandard1.4)) (&& (== netstandard2.0) (< netstandard1.5)) (&& (== netstandard2.0) (< netstandard1.6))
    runtime.ubuntu.16.04-x64.runtime.native.System.Security.Cryptography.OpenSsl (4.3.3) - restriction: || (&& (== net46) (== net462) (>= netstandard1.6) (>= uap10.0)) (&& (== net46) (== netcoreapp2.0)) (&& (== net46) (== netcoreapp2.1)) (&& (== net46) (== netstandard2.0)) (&& (== net46) (< net45) (>= netstandard1.6)) (&& (== net462) (== netcoreapp2.0)) (&& (== net462) (== netcoreapp2.1)) (&& (== net462) (== netstandard2.0)) (&& (== net462) (< net45) (>= netstandard1.6)) (&& (== net462) (< netstandard1.5) (>= netstandard1.6) (>= uap10.0)) (&& (== netcoreapp2.0) (< netstandard1.2)) (&& (== netcoreapp2.0) (< netstandard1.3)) (&& (== netcoreapp2.0) (< netstandard1.4)) (&& (== netcoreapp2.0) (< netstandard1.5)) (&& (== netcoreapp2.0) (< netstandard1.6)) (&& (== netcoreapp2.0) (< netstandard2.0)) (&& (== netcoreapp2.1) (< netstandard1.2)) (&& (== netcoreapp2.1) (< netstandard1.3)) (&& (== netcoreapp2.1) (< netstandard1.4)) (&& (== netcoreapp2.1) (< netstandard1.5)) (&& (== netcoreapp2.1) (< netstandard1.6)) (&& (== netcoreapp2.1) (< netstandard2.0)) (== netstandard1.6) (&& (== netstandard2.0) (< netstandard1.2)) (&& (== netstandard2.0) (< netstandard1.3)) (&& (== netstandard2.0) (< netstandard1.4)) (&& (== netstandard2.0) (< netstandard1.5)) (&& (== netstandard2.0) (< netstandard1.6))
    runtime.ubuntu.16.10-x64.runtime.native.System.Security.Cryptography.OpenSsl (4.3.3) - restriction: || (&& (== net46) (== net462) (>= netstandard1.6) (>= uap10.0)) (&& (== net46) (== netcoreapp2.0)) (&& (== net46) (== netcoreapp2.1)) (&& (== net46) (== netstandard2.0)) (&& (== net46) (< net45) (>= netstandard1.6)) (&& (== net462) (== netcoreapp2.0)) (&& (== net462) (== netcoreapp2.1)) (&& (== net462) (== netstandard2.0)) (&& (== net462) (< net45) (>= netstandard1.6)) (&& (== net462) (< netstandard1.5) (>= netstandard1.6) (>= uap10.0)) (&& (== netcoreapp2.0) (< netstandard1.2)) (&& (== netcoreapp2.0) (< netstandard1.3)) (&& (== netcoreapp2.0) (< netstandard1.4)) (&& (== netcoreapp2.0) (< netstandard1.5)) (&& (== netcoreapp2.0) (< netstandard1.6)) (&& (== netcoreapp2.0) (< netstandard2.0)) (&& (== netcoreapp2.1) (< netstandard1.2)) (&& (== netcoreapp2.1) (< netstandard1.3)) (&& (== netcoreapp2.1) (< netstandard1.4)) (&& (== netcoreapp2.1) (< netstandard1.5)) (&& (== netcoreapp2.1) (< netstandard1.6)) (&& (== netcoreapp2.1) (< netstandard2.0)) (== netstandard1.6) (&& (== netstandard2.0) (< netstandard1.2)) (&& (== netstandard2.0) (< netstandard1.3)) (&& (== netstandard2.0) (< netstandard1.4)) (&& (== netstandard2.0) (< netstandard1.5)) (&& (== netstandard2.0) (< netstandard1.6))
    runtime.ubuntu.18.04-x64.runtime.native.System.Security.Cryptography.OpenSsl (4.3.3) - restriction: || (&& (== net46) (== net462) (>= netstandard1.6) (>= uap10.0)) (&& (== net46) (== netcoreapp2.0)) (&& (== net46) (== netcoreapp2.1)) (&& (== net46) (== netstandard2.0)) (&& (== net46) (< net45) (>= netstandard1.6)) (&& (== net462) (== netcoreapp2.0)) (&& (== net462) (== netcoreapp2.1)) (&& (== net462) (== netstandard2.0)) (&& (== net462) (< net45) (>= netstandard1.6)) (&& (== net462) (< netstandard1.5) (>= netstandard1.6) (>= uap10.0)) (&& (== netcoreapp2.0) (< netstandard1.2)) (&& (== netcoreapp2.0) (< netstandard1.3)) (&& (== netcoreapp2.0) (< netstandard1.4)) (&& (== netcoreapp2.0) (< netstandard1.5)) (&& (== netcoreapp2.0) (< netstandard1.6)) (&& (== netcoreapp2.0) (< netstandard2.0)) (&& (== netcoreapp2.1) (< netstandard1.2)) (&& (== netcoreapp2.1) (< netstandard1.3)) (&& (== netcoreapp2.1) (< netstandard1.4)) (&& (== netcoreapp2.1) (< netstandard1.5)) (&& (== netcoreapp2.1) (< netstandard1.6)) (&& (== netcoreapp2.1) (< netstandard2.0)) (== netstandard1.6) (&& (== netstandard2.0) (< netstandard1.2)) (&& (== netstandard2.0) (< netstandard1.3)) (&& (== netstandard2.0) (< netstandard1.4)) (&& (== netstandard2.0) (< netstandard1.5)) (&& (== netstandard2.0) (< netstandard1.6))
    System.AppContext (4.3) - restriction: || (== net46) (&& (== net462) (== netcoreapp2.0)) (&& (== net462) (== netcoreapp2.1)) (&& (== net462) (== netstandard2.0)) (&& (== net462) (< net45)) (&& (== net462) (< netstandard1.4)) (&& (== net462) (< netstandard1.5) (>= uap10.0)) (&& (== netcoreapp2.0) (< netstandard1.4)) (&& (== netcoreapp2.0) (< netstandard1.5)) (&& (== netcoreapp2.0) (< netstandard1.6)) (&& (== netcoreapp2.0) (< netstandard2.0)) (&& (== netcoreapp2.1) (< netstandard1.4)) (&& (== netcoreapp2.1) (< netstandard1.5)) (&& (== netcoreapp2.1) (< netstandard1.6)) (&& (== netcoreapp2.1) (< netstandard2.0)) (== netstandard1.6) (&& (== netstandard2.0) (< netstandard1.4)) (&& (== netstandard2.0) (< netstandard1.5)) (&& (== netstandard2.0) (< netstandard1.6))
      System.Runtime (>= 4.3) - restriction: || (&& (== net46) (>= dnxcore50)) (&& (== net462) (>= dnxcore50)) (&& (== net462) (< net46)) (== netcoreapp2.0) (== netcoreapp2.1) (== netstandard1.6) (== netstandard2.0)
    System.Buffers (4.5) - restriction: || (&& (== net46) (== net462) (>= uap10.0)) (&& (== net46) (== netcoreapp2.0)) (&& (== net46) (== netcoreapp2.1)) (&& (== net46) (>= dnxcore50)) (&& (== net46) (< net45)) (&& (== net462) (== netcoreapp2.0)) (&& (== net462) (== netcoreapp2.1)) (&& (== net462) (>= dnxcore50)) (&& (== net462) (< net45)) (&& (== net462) (< netstandard1.5) (>= uap10.0)) (&& (== netcoreapp2.0) (>= dnxcore50)) (&& (== netcoreapp2.0) (< netstandard1.2)) (&& (== netcoreapp2.0) (< netstandard1.3)) (&& (== netcoreapp2.0) (< netstandard1.4)) (&& (== netcoreapp2.0) (< netstandard1.5)) (&& (== netcoreapp2.0) (< netstandard1.6)) (&& (== netcoreapp2.0) (< netstandard2.0)) (&& (== netcoreapp2.1) (>= dnxcore50)) (&& (== netcoreapp2.1) (< netcoreapp2.0)) (&& (== netcoreapp2.1) (< netstandard1.2)) (&& (== netcoreapp2.1) (< netstandard1.3)) (&& (== netcoreapp2.1) (< netstandard1.4)) (&& (== netcoreapp2.1) (< netstandard1.5)) (&& (== netcoreapp2.1) (< netstandard1.6)) (&& (== netcoreapp2.1) (< netstandard2.0)) (== netstandard1.6) (== netstandard2.0)
    System.Collections (4.3) - restriction: || (&& (== net46) (< net35)) (&& (== net46) (< net45)) (&& (== net46) (< portable-net45+win8+wpa81)) (&& (== net46) (>= uap10.0)) (&& (== net462) (< net35)) (&& (== net462) (< net45)) (&& (== net462) (< netstandard1.5) (>= uap10.0)) (&& (== net462) (< portable-net45+win8+wpa81)) (== netcoreapp2.0) (== netcoreapp2.1) (== netstandard1.6) (== netstandard2.0)
      Microsoft.NETCore.Platforms (>= 1.1) - restriction: || (&& (== net46) (>= dnxcore50)) (&& (== net46) (< net45)) (&& (== net462) (>= dnxcore50)) (&& (== net462) (< net45)) (== netcoreapp2.0) (== netcoreapp2.1) (== netstandard1.6) (== netstandard2.0)
      Microsoft.NETCore.Targets (>= 1.1) - restriction: || (&& (== net46) (>= dnxcore50)) (&& (== net46) (< net45)) (&& (== net462) (>= dnxcore50)) (&& (== net462) (< net45)) (== netcoreapp2.0) (== netcoreapp2.1) (== netstandard1.6) (== netstandard2.0)
      System.Runtime (>= 4.3) - restriction: || (&& (== net46) (>= dnxcore50)) (&& (== net46) (< net45)) (&& (== net462) (>= dnxcore50)) (&& (== net462) (< net45)) (== netcoreapp2.0) (== netcoreapp2.1) (== netstandard1.6) (== netstandard2.0)
    System.Collections.Concurrent (4.3) - restriction: || (&& (== net46) (== netcoreapp2.0)) (&& (== net46) (== netcoreapp2.1)) (&& (== net46) (== netstandard2.0)) (&& (== net46) (< net45)) (&& (== net46) (>= uap10.0)) (&& (== net462) (== netcoreapp2.0)) (&& (== net462) (== netcoreapp2.1)) (&& (== net462) (== netstandard2.0)) (&& (== net462) (< net45)) (&& (== net462) (< netstandard1.5) (>= uap10.0)) (&& (== netcoreapp2.0) (< netstandard1.2)) (&& (== netcoreapp2.0) (< netstandard1.3)) (&& (== netcoreapp2.0) (< netstandard1.4)) (&& (== netcoreapp2.0) (< netstandard1.5)) (&& (== netcoreapp2.0) (< netstandard1.6)) (&& (== netcoreapp2.0) (< netstandard2.0)) (&& (== netcoreapp2.1) (< netstandard1.2)) (&& (== netcoreapp2.1) (< netstandard1.3)) (&& (== netcoreapp2.1) (< netstandard1.4)) (&& (== netcoreapp2.1) (< netstandard1.5)) (&& (== netcoreapp2.1) (< netstandard1.6)) (&& (== netcoreapp2.1) (< netstandard2.0)) (== netstandard1.6) (&& (== netstandard2.0) (< netstandard1.2)) (&& (== netstandard2.0) (< netstandard1.3)) (&& (== netstandard2.0) (< netstandard1.4)) (&& (== netstandard2.0) (< netstandard1.5)) (&& (== netstandard2.0) (< netstandard1.6))
      System.Collections (>= 4.3) - restriction: || (&& (== net46) (>= dnxcore50)) (&& (== net46) (< net45)) (&& (== net462) (>= dnxcore50)) (&& (== net462) (< net45)) (== netcoreapp2.0) (== netcoreapp2.1) (== netstandard1.6) (== netstandard2.0)
      System.Diagnostics.Debug (>= 4.3) - restriction: || (&& (== net46) (>= dnxcore50)) (&& (== net46) (< net45)) (&& (== net462) (>= dnxcore50)) (&& (== net462) (< net45)) (== netcoreapp2.0) (== netcoreapp2.1) (== netstandard1.6) (== netstandard2.0)
      System.Diagnostics.Tracing (>= 4.3) - restriction: || (&& (== net46) (>= dnxcore50)) (&& (== net46) (< net45)) (&& (== net462) (>= dnxcore50)) (&& (== net462) (< net45)) (== netcoreapp2.0) (== netcoreapp2.1) (== netstandard1.6) (== netstandard2.0)
      System.Globalization (>= 4.3) - restriction: || (&& (== net46) (>= dnxcore50)) (&& (== net46) (< net45)) (&& (== net462) (>= dnxcore50)) (&& (== net462) (< net45)) (== netcoreapp2.0) (== netcoreapp2.1) (== netstandard1.6) (== netstandard2.0)
      System.Reflection (>= 4.3) - restriction: || (&& (== net46) (< net45)) (&& (== net462) (< net45)) (== netcoreapp2.0) (== netcoreapp2.1) (== netstandard1.6) (== netstandard2.0)
      System.Resources.ResourceManager (>= 4.3) - restriction: || (&& (== net46) (>= dnxcore50)) (&& (== net46) (< net45)) (&& (== net462) (>= dnxcore50)) (&& (== net462) (< net45)) (== netcoreapp2.0) (== netcoreapp2.1) (== netstandard1.6) (== netstandard2.0)
      System.Runtime (>= 4.3) - restriction: || (&& (== net46) (>= dnxcore50)) (&& (== net46) (< net45)) (&& (== net462) (>= dnxcore50)) (&& (== net462) (< net45)) (== netcoreapp2.0) (== netcoreapp2.1) (== netstandard1.6) (== netstandard2.0)
      System.Runtime.Extensions (>= 4.3) - restriction: || (&& (== net46) (>= dnxcore50)) (&& (== net46) (< net45)) (&& (== net462) (>= dnxcore50)) (&& (== net462) (< net45)) (== netcoreapp2.0) (== netcoreapp2.1) (== netstandard1.6) (== netstandard2.0)
      System.Threading (>= 4.3) - restriction: || (&& (== net46) (>= dnxcore50)) (&& (== net46) (< net45)) (&& (== net462) (>= dnxcore50)) (&& (== net462) (< net45)) (== netcoreapp2.0) (== netcoreapp2.1) (== netstandard1.6) (== netstandard2.0)
      System.Threading.Tasks (>= 4.3) - restriction: || (&& (== net46) (>= dnxcore50)) (&& (== net46) (< net45)) (&& (== net462) (>= dnxcore50)) (&& (== net462) (< net45)) (== netcoreapp2.0) (== netcoreapp2.1) (== netstandard1.6) (== netstandard2.0)
    System.Console (4.3.1) - restriction: || (== net46) (&& (== net462) (== netcoreapp2.0)) (&& (== net462) (== netcoreapp2.1)) (&& (== net462) (== netstandard2.0)) (&& (== net462) (< net45)) (&& (== net462) (< netstandard1.4)) (&& (== net462) (< netstandard1.5) (>= uap10.0)) (&& (== netcoreapp2.0) (< netstandard1.4)) (&& (== netcoreapp2.0) (< netstandard1.5)) (&& (== netcoreapp2.0) (< netstandard1.6)) (&& (== netcoreapp2.0) (< netstandard2.0)) (&& (== netcoreapp2.1) (< netstandard1.4)) (&& (== netcoreapp2.1) (< netstandard1.5)) (&& (== netcoreapp2.1) (< netstandard1.6)) (&& (== netcoreapp2.1) (< netstandard2.0)) (== netstandard1.6) (&& (== netstandard2.0) (< netstandard1.4)) (&& (== netstandard2.0) (< netstandard1.5)) (&& (== netstandard2.0) (< netstandard1.6))
      Microsoft.NETCore.Platforms (>= 1.1) - restriction: || (&& (== net462) (< net46)) (== netcoreapp2.0) (== netcoreapp2.1) (== netstandard1.6) (== netstandard2.0)
      Microsoft.NETCore.Targets (>= 1.1.2) - restriction: || (&& (== net462) (< net46)) (== netcoreapp2.0) (== netcoreapp2.1) (== netstandard1.6) (== netstandard2.0)
      System.IO (>= 4.3) - restriction: || (&& (== net462) (< net46)) (== netcoreapp2.0) (== netcoreapp2.1) (== netstandard1.6) (== netstandard2.0)
      System.Runtime (>= 4.3) - restriction: || (&& (== net462) (< net46)) (== netcoreapp2.0) (== netcoreapp2.1) (== netstandard1.6) (== netstandard2.0)
      System.Text.Encoding (>= 4.3) - restriction: || (&& (== net462) (< net46)) (== netcoreapp2.0) (== netcoreapp2.1) (== netstandard1.6) (== netstandard2.0)
    System.Diagnostics.Debug (4.3) - restriction: || (&& (== net46) (== netcoreapp2.0)) (&& (== net46) (== netcoreapp2.1)) (&& (== net46) (== netstandard2.0)) (&& (== net46) (< net45)) (&& (== net46) (< portable-net45+win8+wpa81)) (&& (== net46) (>= uap10.0)) (&& (== net462) (== netcoreapp2.0)) (&& (== net462) (== netcoreapp2.1)) (&& (== net462) (== netstandard2.0)) (&& (== net462) (< net45)) (&& (== net462) (< netstandard1.5) (>= uap10.0)) (&& (== net462) (< portable-net45+win8+wpa81)) (&& (== netcoreapp2.0) (< netstandard1.2)) (&& (== netcoreapp2.0) (< netstandard1.3)) (&& (== netcoreapp2.0) (< netstandard1.4)) (&& (== netcoreapp2.0) (< netstandard1.5)) (&& (== netcoreapp2.0) (< netstandard1.6)) (&& (== netcoreapp2.0) (< netstandard2.0)) (&& (== netcoreapp2.0) (< portable-net45+win8+wpa81)) (&& (== netcoreapp2.1) (< netstandard1.2)) (&& (== netcoreapp2.1) (< netstandard1.3)) (&& (== netcoreapp2.1) (< netstandard1.4)) (&& (== netcoreapp2.1) (< netstandard1.5)) (&& (== netcoreapp2.1) (< netstandard1.6)) (&& (== netcoreapp2.1) (< netstandard2.0)) (&& (== netcoreapp2.1) (< portable-net45+win8+wpa81)) (== netstandard1.6) (&& (== netstandard2.0) (< netstandard1.2)) (&& (== netstandard2.0) (< netstandard1.3)) (&& (== netstandard2.0) (< netstandard1.4)) (&& (== netstandard2.0) (< netstandard1.5)) (&& (== netstandard2.0) (< netstandard1.6)) (&& (== netstandard2.0) (< portable-net45+win8+wpa81))
      Microsoft.NETCore.Platforms (>= 1.1) - restriction: || (&& (== net46) (>= dnxcore50)) (&& (== net46) (< net45)) (&& (== net462) (>= dnxcore50)) (&& (== net462) (< net45)) (== netcoreapp2.0) (== netcoreapp2.1) (== netstandard1.6) (== netstandard2.0)
      Microsoft.NETCore.Targets (>= 1.1) - restriction: || (&& (== net46) (>= dnxcore50)) (&& (== net46) (< net45)) (&& (== net462) (>= dnxcore50)) (&& (== net462) (< net45)) (== netcoreapp2.0) (== netcoreapp2.1) (== netstandard1.6) (== netstandard2.0)
      System.Runtime (>= 4.3) - restriction: || (&& (== net46) (>= dnxcore50)) (&& (== net46) (< net45)) (&& (== net462) (>= dnxcore50)) (&& (== net462) (< net45)) (== netcoreapp2.0) (== netcoreapp2.1) (== netstandard1.6) (== netstandard2.0)
    System.Diagnostics.DiagnosticSource (4.5.1) - restriction: || (&& (== net46) (== net462) (>= uap10.0)) (&& (== net46) (== netcoreapp2.0)) (&& (== net46) (== netcoreapp2.1)) (&& (== net46) (== netstandard2.0)) (&& (== net46) (>= dnxcore50)) (&& (== net46) (< net45)) (&& (== net462) (== netcoreapp2.0)) (&& (== net462) (== netcoreapp2.1)) (&& (== net462) (== netstandard2.0)) (&& (== net462) (>= dnxcore50)) (&& (== net462) (< net45)) (&& (== net462) (< netstandard1.5) (>= uap10.0)) (&& (== netcoreapp2.0) (>= dnxcore50)) (&& (== netcoreapp2.0) (< netstandard1.2)) (&& (== netcoreapp2.0) (< netstandard1.3)) (&& (== netcoreapp2.0) (< netstandard1.4)) (&& (== netcoreapp2.0) (< netstandard1.5)) (&& (== netcoreapp2.0) (< netstandard1.6)) (&& (== netcoreapp2.0) (< netstandard2.0)) (&& (== netcoreapp2.1) (>= dnxcore50)) (&& (== netcoreapp2.1) (< netstandard1.2)) (&& (== netcoreapp2.1) (< netstandard1.3)) (&& (== netcoreapp2.1) (< netstandard1.4)) (&& (== netcoreapp2.1) (< netstandard1.5)) (&& (== netcoreapp2.1) (< netstandard1.6)) (&& (== netcoreapp2.1) (< netstandard2.0)) (== netstandard1.6) (&& (== netstandard2.0) (>= dnxcore50)) (&& (== netstandard2.0) (< netstandard1.2)) (&& (== netstandard2.0) (< netstandard1.3)) (&& (== netstandard2.0) (< netstandard1.4)) (&& (== netstandard2.0) (< netstandard1.5)) (&& (== netstandard2.0) (< netstandard1.6))
      System.Collections (>= 4.3) - restriction: || (&& (== net46) (== netcoreapp2.0)) (&& (== net46) (== netcoreapp2.1)) (&& (== net46) (== netstandard2.0)) (&& (== net46) (< net45)) (&& (== net462) (== netcoreapp2.0)) (&& (== net462) (== netcoreapp2.1)) (&& (== net462) (== netstandard2.0)) (&& (== net462) (< net45)) (&& (== netcoreapp2.0) (< netstandard1.3)) (&& (== netcoreapp2.0) (< netstandard2.0)) (&& (== netcoreapp2.1) (< netstandard1.3)) (&& (== netcoreapp2.1) (< netstandard2.0)) (== netstandard1.6) (&& (== netstandard2.0) (< netstandard1.3))
      System.Diagnostics.Debug (>= 4.3) - restriction: || (&& (== net46) (== netcoreapp2.0)) (&& (== net46) (== netcoreapp2.1)) (&& (== net46) (== netstandard2.0)) (&& (== net46) (< net45)) (&& (== net462) (== netcoreapp2.0)) (&& (== net462) (== netcoreapp2.1)) (&& (== net462) (== netstandard2.0)) (&& (== net462) (< net45)) (&& (== netcoreapp2.0) (< netstandard2.0)) (&& (== netcoreapp2.1) (< netstandard2.0)) (== netstandard1.6)
      System.Diagnostics.Tracing (>= 4.3) - restriction: || (&& (== net46) (== netcoreapp2.0)) (&& (== net46) (== netcoreapp2.1)) (&& (== net46) (== netstandard2.0)) (&& (== net46) (< net45)) (&& (== net462) (== netcoreapp2.0)) (&& (== net462) (== netcoreapp2.1)) (&& (== net462) (== netstandard2.0)) (&& (== net462) (< net45)) (&& (== netcoreapp2.0) (< netstandard1.3)) (&& (== netcoreapp2.0) (< netstandard2.0)) (&& (== netcoreapp2.1) (< netstandard1.3)) (&& (== netcoreapp2.1) (< netstandard2.0)) (== netstandard1.6) (&& (== netstandard2.0) (< netstandard1.3))
      System.Reflection (>= 4.3) - restriction: || (&& (== net46) (== netcoreapp2.0)) (&& (== net46) (== netcoreapp2.1)) (&& (== net46) (== netstandard2.0)) (&& (== net46) (< net45)) (&& (== net462) (== netcoreapp2.0)) (&& (== net462) (== netcoreapp2.1)) (&& (== net462) (== netstandard2.0)) (&& (== net462) (< net45)) (&& (== netcoreapp2.0) (< netstandard1.3)) (&& (== netcoreapp2.0) (< netstandard2.0)) (&& (== netcoreapp2.1) (< netstandard1.3)) (&& (== netcoreapp2.1) (< netstandard2.0)) (== netstandard1.6) (&& (== netstandard2.0) (< netstandard1.3))
      System.Runtime (>= 4.3) - restriction: || (&& (== net46) (== netcoreapp2.0)) (&& (== net46) (== netcoreapp2.1)) (&& (== net46) (== netstandard2.0)) (&& (== net46) (< net45)) (&& (== net462) (== netcoreapp2.0)) (&& (== net462) (== netcoreapp2.1)) (&& (== net462) (== netstandard2.0)) (&& (== net462) (< net45)) (&& (== netcoreapp2.0) (< netstandard1.3)) (&& (== netcoreapp2.0) (< netstandard2.0)) (&& (== netcoreapp2.1) (< netstandard1.3)) (&& (== netcoreapp2.1) (< netstandard2.0)) (== netstandard1.6) (&& (== netstandard2.0) (< netstandard1.3))
      System.Runtime.Extensions (>= 4.3) - restriction: || (&& (== net46) (== netcoreapp2.0)) (&& (== net46) (== netcoreapp2.1)) (&& (== net46) (== netstandard2.0)) (&& (== net46) (< net45)) (&& (== net462) (== netcoreapp2.0)) (&& (== net462) (== netcoreapp2.1)) (&& (== net462) (== netstandard2.0)) (&& (== net462) (< net45)) (&& (== netcoreapp2.0) (< netstandard2.0)) (&& (== netcoreapp2.1) (< netstandard2.0)) (== netstandard1.6)
      System.Threading (>= 4.3) - restriction: || (&& (== net46) (== netcoreapp2.0)) (&& (== net46) (== netcoreapp2.1)) (&& (== net46) (== netstandard2.0)) (&& (== net46) (< net45)) (&& (== net462) (== netcoreapp2.0)) (&& (== net462) (== netcoreapp2.1)) (&& (== net462) (== netstandard2.0)) (&& (== net462) (< net45)) (&& (== netcoreapp2.0) (< netstandard1.3)) (&& (== netcoreapp2.0) (< netstandard2.0)) (&& (== netcoreapp2.1) (< netstandard1.3)) (&& (== netcoreapp2.1) (< netstandard2.0)) (== netstandard1.6) (&& (== netstandard2.0) (< netstandard1.3))
    System.Diagnostics.Tools (4.3) - restriction: || (&& (== net46) (== netcoreapp2.0)) (&& (== net46) (== netcoreapp2.1)) (&& (== net46) (== netstandard2.0)) (&& (== net46) (< net45)) (&& (== net46) (< portable-net45+win8+wpa81)) (&& (== net46) (>= uap10.0)) (&& (== net462) (== netcoreapp2.0)) (&& (== net462) (== netcoreapp2.1)) (&& (== net462) (== netstandard2.0)) (&& (== net462) (< net45)) (&& (== net462) (< netstandard1.5) (>= uap10.0)) (&& (== net462) (< portable-net45+win8+wpa81)) (&& (== netcoreapp2.0) (< netstandard1.2)) (&& (== netcoreapp2.0) (< netstandard1.3)) (&& (== netcoreapp2.0) (< netstandard1.4)) (&& (== netcoreapp2.0) (< netstandard1.5)) (&& (== netcoreapp2.0) (< netstandard1.6)) (&& (== netcoreapp2.0) (< netstandard2.0)) (&& (== netcoreapp2.0) (< portable-net45+win8+wpa81)) (&& (== netcoreapp2.1) (< netstandard1.2)) (&& (== netcoreapp2.1) (< netstandard1.3)) (&& (== netcoreapp2.1) (< netstandard1.4)) (&& (== netcoreapp2.1) (< netstandard1.5)) (&& (== netcoreapp2.1) (< netstandard1.6)) (&& (== netcoreapp2.1) (< netstandard2.0)) (&& (== netcoreapp2.1) (< portable-net45+win8+wpa81)) (== netstandard1.6) (&& (== netstandard2.0) (< netstandard1.2)) (&& (== netstandard2.0) (< netstandard1.3)) (&& (== netstandard2.0) (< netstandard1.4)) (&& (== netstandard2.0) (< netstandard1.5)) (&& (== netstandard2.0) (< netstandard1.6)) (&& (== netstandard2.0) (< portable-net45+win8+wpa81))
      Microsoft.NETCore.Platforms (>= 1.1) - restriction: || (&& (== net46) (>= dnxcore50)) (&& (== net46) (< net45)) (&& (== net462) (>= dnxcore50)) (&& (== net462) (< net45)) (== netcoreapp2.0) (== netcoreapp2.1) (== netstandard1.6) (== netstandard2.0)
      Microsoft.NETCore.Targets (>= 1.1) - restriction: || (&& (== net46) (>= dnxcore50)) (&& (== net46) (< net45)) (&& (== net462) (>= dnxcore50)) (&& (== net462) (< net45)) (== netcoreapp2.0) (== netcoreapp2.1) (== netstandard1.6) (== netstandard2.0)
      System.Runtime (>= 4.3) - restriction: || (&& (== net46) (>= dnxcore50)) (&& (== net46) (< net45)) (&& (== net462) (>= dnxcore50)) (&& (== net462) (< net45)) (== netcoreapp2.0) (== netcoreapp2.1) (== netstandard1.6) (== netstandard2.0)
    System.Diagnostics.Tracing (4.3) - restriction: || (&& (== net46) (== netcoreapp2.0)) (&& (== net46) (== netcoreapp2.1)) (&& (== net46) (== netstandard2.0)) (&& (== net46) (< net45)) (&& (== net46) (>= uap10.0)) (&& (== net462) (== netcoreapp2.0)) (&& (== net462) (== netcoreapp2.1)) (&& (== net462) (== netstandard2.0)) (&& (== net462) (< net45)) (&& (== net462) (< netstandard1.5) (>= uap10.0)) (&& (== netcoreapp2.0) (< netstandard1.2)) (&& (== netcoreapp2.0) (< netstandard1.3)) (&& (== netcoreapp2.0) (< netstandard1.4)) (&& (== netcoreapp2.0) (< netstandard1.5)) (&& (== netcoreapp2.0) (< netstandard1.6)) (&& (== netcoreapp2.0) (< netstandard2.0)) (&& (== netcoreapp2.1) (< netstandard1.2)) (&& (== netcoreapp2.1) (< netstandard1.3)) (&& (== netcoreapp2.1) (< netstandard1.4)) (&& (== netcoreapp2.1) (< netstandard1.5)) (&& (== netcoreapp2.1) (< netstandard1.6)) (&& (== netcoreapp2.1) (< netstandard2.0)) (== netstandard1.6) (&& (== netstandard2.0) (< netstandard1.2)) (&& (== netstandard2.0) (< netstandard1.3)) (&& (== netstandard2.0) (< netstandard1.4)) (&& (== netstandard2.0) (< netstandard1.5)) (&& (== netstandard2.0) (< netstandard1.6))
      Microsoft.NETCore.Platforms (>= 1.1) - restriction: || (&& (== net46) (>= dnxcore50)) (&& (== net46) (< net45)) (&& (== net462) (>= dnxcore50)) (&& (== net462) (< net45)) (== netcoreapp2.0) (== netcoreapp2.1) (== netstandard1.6) (== netstandard2.0)
      Microsoft.NETCore.Targets (>= 1.1) - restriction: || (&& (== net46) (>= dnxcore50)) (&& (== net46) (< net45)) (&& (== net462) (>= dnxcore50)) (&& (== net462) (< net45)) (== netcoreapp2.0) (== netcoreapp2.1) (== netstandard1.6) (== netstandard2.0)
      System.Runtime (>= 4.3) - restriction: || (&& (== net46) (>= dnxcore50)) (&& (== net46) (< net45)) (&& (== net462) (>= dnxcore50)) (&& (== net462) (< net45)) (== netcoreapp2.0) (== netcoreapp2.1) (== netstandard1.6) (== netstandard2.0)
    System.Globalization (4.3) - restriction: || (&& (== net46) (== netcoreapp2.0)) (&& (== net46) (== netcoreapp2.1)) (&& (== net46) (== netstandard2.0)) (&& (== net46) (< net45)) (&& (== net46) (< portable-net45+win8+wpa81)) (&& (== net46) (>= uap10.0)) (&& (== net462) (== netcoreapp2.0)) (&& (== net462) (== netcoreapp2.1)) (&& (== net462) (== netstandard2.0)) (&& (== net462) (< net45)) (&& (== net462) (< netstandard1.5) (>= uap10.0)) (&& (== net462) (< portable-net45+win8+wpa81)) (&& (== netcoreapp2.0) (< netstandard1.2)) (&& (== netcoreapp2.0) (< netstandard1.3)) (&& (== netcoreapp2.0) (< netstandard1.4)) (&& (== netcoreapp2.0) (< netstandard1.5)) (&& (== netcoreapp2.0) (< netstandard1.6)) (&& (== netcoreapp2.0) (< netstandard2.0)) (&& (== netcoreapp2.0) (< portable-net45+win8+wpa81)) (&& (== netcoreapp2.1) (< netstandard1.2)) (&& (== netcoreapp2.1) (< netstandard1.3)) (&& (== netcoreapp2.1) (< netstandard1.4)) (&& (== netcoreapp2.1) (< netstandard1.5)) (&& (== netcoreapp2.1) (< netstandard1.6)) (&& (== netcoreapp2.1) (< netstandard2.0)) (&& (== netcoreapp2.1) (< portable-net45+win8+wpa81)) (== netstandard1.6) (&& (== netstandard2.0) (< netstandard1.2)) (&& (== netstandard2.0) (< netstandard1.3)) (&& (== netstandard2.0) (< netstandard1.4)) (&& (== netstandard2.0) (< netstandard1.5)) (&& (== netstandard2.0) (< netstandard1.6)) (&& (== netstandard2.0) (< portable-net45+win8+wpa81))
      Microsoft.NETCore.Platforms (>= 1.1) - restriction: || (&& (== net46) (>= dnxcore50)) (&& (== net46) (< net45)) (&& (== net462) (>= dnxcore50)) (&& (== net462) (< net45)) (== netcoreapp2.0) (== netcoreapp2.1) (== netstandard1.6) (== netstandard2.0)
      Microsoft.NETCore.Targets (>= 1.1) - restriction: || (&& (== net46) (>= dnxcore50)) (&& (== net46) (< net45)) (&& (== net462) (>= dnxcore50)) (&& (== net462) (< net45)) (== netcoreapp2.0) (== netcoreapp2.1) (== netstandard1.6) (== netstandard2.0)
      System.Runtime (>= 4.3) - restriction: || (&& (== net46) (>= dnxcore50)) (&& (== net46) (< net45)) (&& (== net462) (>= dnxcore50)) (&& (== net462) (< net45)) (== netcoreapp2.0) (== netcoreapp2.1) (== netstandard1.6) (== netstandard2.0)
    System.Globalization.Calendars (4.3) - restriction: || (== net46) (&& (== net462) (== netcoreapp2.0)) (&& (== net462) (== netcoreapp2.1)) (&& (== net462) (== netstandard2.0)) (&& (== net462) (>= dnxcore50)) (&& (== net462) (< net45)) (&& (== net462) (< netstandard1.4)) (&& (== net462) (< netstandard1.5) (>= uap10.0)) (&& (== netcoreapp2.0) (>= dnxcore50)) (&& (== netcoreapp2.0) (< netstandard1.4)) (&& (== netcoreapp2.0) (< netstandard1.5)) (&& (== netcoreapp2.0) (< netstandard1.6)) (&& (== netcoreapp2.0) (< netstandard2.0)) (&& (== netcoreapp2.1) (>= dnxcore50)) (&& (== netcoreapp2.1) (< netstandard1.4)) (&& (== netcoreapp2.1) (< netstandard1.5)) (&& (== netcoreapp2.1) (< netstandard1.6)) (&& (== netcoreapp2.1) (< netstandard2.0)) (== netstandard1.6) (&& (== netstandard2.0) (>= dnxcore50)) (&& (== netstandard2.0) (< netstandard1.4)) (&& (== netstandard2.0) (< netstandard1.5)) (&& (== netstandard2.0) (< netstandard1.6))
      Microsoft.NETCore.Platforms (>= 1.1) - restriction: || (&& (== net462) (< net46)) (== netcoreapp2.0) (== netcoreapp2.1) (== netstandard1.6) (== netstandard2.0)
      Microsoft.NETCore.Targets (>= 1.1) - restriction: || (&& (== net462) (< net46)) (== netcoreapp2.0) (== netcoreapp2.1) (== netstandard1.6) (== netstandard2.0)
      System.Globalization (>= 4.3) - restriction: || (&& (== net462) (< net46)) (== netcoreapp2.0) (== netcoreapp2.1) (== netstandard1.6) (== netstandard2.0)
      System.Runtime (>= 4.3) - restriction: || (&& (== net462) (< net46)) (== netcoreapp2.0) (== netcoreapp2.1) (== netstandard1.6) (== netstandard2.0)
    System.Globalization.Extensions (4.3) - restriction: || (&& (== net46) (== netcoreapp2.0)) (&& (== net46) (== netcoreapp2.1)) (&& (== net46) (== netstandard2.0)) (&& (== net46) (< net45) (>= netstandard1.6)) (&& (== net46) (>= netstandard1.5)) (== net462) (&& (== netcoreapp2.0) (< netstandard1.2)) (&& (== netcoreapp2.0) (< netstandard1.3)) (&& (== netcoreapp2.0) (< netstandard1.4)) (&& (== netcoreapp2.0) (< netstandard1.5)) (&& (== netcoreapp2.0) (< netstandard1.6)) (&& (== netcoreapp2.0) (< netstandard2.0)) (&& (== netcoreapp2.1) (< netstandard1.2)) (&& (== netcoreapp2.1) (< netstandard1.3)) (&& (== netcoreapp2.1) (< netstandard1.4)) (&& (== netcoreapp2.1) (< netstandard1.5)) (&& (== netcoreapp2.1) (< netstandard1.6)) (&& (== netcoreapp2.1) (< netstandard2.0)) (== netstandard1.6) (&& (== netstandard2.0) (< netstandard1.2)) (&& (== netstandard2.0) (< netstandard1.3)) (&& (== netstandard2.0) (< netstandard1.4)) (&& (== netstandard2.0) (< netstandard1.5)) (&& (== netstandard2.0) (< netstandard1.6))
      Microsoft.NETCore.Platforms (>= 1.1) - restriction: || (&& (== net462) (< net46)) (== netcoreapp2.0) (== netcoreapp2.1) (== netstandard1.6) (== netstandard2.0)
      System.Globalization (>= 4.3) - restriction: || (&& (== net462) (< net46)) (== netcoreapp2.0) (== netcoreapp2.1) (== netstandard1.6) (== netstandard2.0)
      System.Resources.ResourceManager (>= 4.3) - restriction: || (&& (== net462) (< net46)) (== netcoreapp2.0) (== netcoreapp2.1) (== netstandard1.6) (== netstandard2.0)
      System.Runtime (>= 4.3) - restriction: || (&& (== net462) (< net46)) (== netcoreapp2.0) (== netcoreapp2.1) (== netstandard1.6) (== netstandard2.0)
      System.Runtime.Extensions (>= 4.3) - restriction: || (&& (== net462) (< net46)) (== netcoreapp2.0) (== netcoreapp2.1) (== netstandard1.6) (== netstandard2.0)
      System.Runtime.InteropServices (>= 4.3) - restriction: || (&& (== net462) (< net46)) (== netcoreapp2.0) (== netcoreapp2.1) (== netstandard1.6) (== netstandard2.0)
    System.IO (4.3) - restriction: || (&& (== net46) (< net35)) (&& (== net46) (< net45)) (&& (== net46) (< portable-net45+win8+wpa81)) (&& (== net46) (>= uap10.0)) (&& (== net462) (< net35)) (&& (== net462) (< net45)) (&& (== net462) (< netstandard1.5) (>= uap10.0)) (&& (== net462) (< portable-net45+win8+wpa81)) (== netcoreapp2.0) (== netcoreapp2.1) (== netstandard1.6) (== netstandard2.0)
      Microsoft.NETCore.Platforms (>= 1.1) - restriction: || (&& (== net46) (>= dnxcore50)) (&& (== net46) (< net45)) (&& (== net462) (>= dnxcore50)) (&& (== net462) (< net45)) (== netcoreapp2.0) (== netcoreapp2.1) (== netstandard1.6) (== netstandard2.0)
      Microsoft.NETCore.Targets (>= 1.1) - restriction: || (&& (== net46) (>= dnxcore50)) (&& (== net46) (< net45)) (&& (== net462) (>= dnxcore50)) (&& (== net462) (< net45)) (== netcoreapp2.0) (== netcoreapp2.1) (== netstandard1.6) (== netstandard2.0)
      System.Runtime (>= 4.3) - restriction: || (&& (== net46) (>= dnxcore50)) (&& (== net46) (< net45)) (&& (== net462) (>= dnxcore50)) (&& (== net462) (< net45)) (== netcoreapp2.0) (== netcoreapp2.1) (== netstandard1.6) (== netstandard2.0)
      System.Text.Encoding (>= 4.3) - restriction: || (&& (== net46) (>= dnxcore50)) (&& (== net46) (< net45)) (&& (== net462) (>= dnxcore50)) (&& (== net462) (< net45)) (== netcoreapp2.0) (== netcoreapp2.1) (== netstandard1.6) (== netstandard2.0)
      System.Threading.Tasks (>= 4.3) - restriction: || (&& (== net46) (>= dnxcore50)) (&& (== net46) (< net45)) (&& (== net462) (>= dnxcore50)) (&& (== net462) (< net45)) (== netcoreapp2.0) (== netcoreapp2.1) (== netstandard1.6) (== netstandard2.0)
    System.IO.Compression (4.3) - restriction: || (== net46) (&& (== net462) (== netcoreapp2.0)) (&& (== net462) (== netcoreapp2.1)) (&& (== net462) (== netstandard2.0)) (&& (== net462) (< net45)) (&& (== net462) (< netstandard1.4)) (&& (== net462) (< netstandard1.5) (>= uap10.0)) (&& (== netcoreapp2.0) (< netstandard1.2)) (&& (== netcoreapp2.0) (< netstandard1.3)) (&& (== netcoreapp2.0) (< netstandard1.4)) (&& (== netcoreapp2.0) (< netstandard1.5)) (&& (== netcoreapp2.0) (< netstandard1.6)) (&& (== netcoreapp2.0) (< netstandard2.0)) (&& (== netcoreapp2.1) (< netstandard1.2)) (&& (== netcoreapp2.1) (< netstandard1.3)) (&& (== netcoreapp2.1) (< netstandard1.4)) (&& (== netcoreapp2.1) (< netstandard1.5)) (&& (== netcoreapp2.1) (< netstandard1.6)) (&& (== netcoreapp2.1) (< netstandard2.0)) (== netstandard1.6) (&& (== netstandard2.0) (< netstandard1.2)) (&& (== netstandard2.0) (< netstandard1.3)) (&& (== netstandard2.0) (< netstandard1.4)) (&& (== netstandard2.0) (< netstandard1.5)) (&& (== netstandard2.0) (< netstandard1.6))
      Microsoft.NETCore.Platforms (>= 1.1) - restriction: || (&& (== net46) (< net45)) (&& (== net462) (< net45)) (== netcoreapp2.0) (== netcoreapp2.1) (== netstandard1.6) (== netstandard2.0)
      runtime.native.System (>= 4.3) - restriction: || (&& (== net46) (< net45)) (&& (== net462) (< net45)) (== netcoreapp2.0) (== netcoreapp2.1) (== netstandard1.6) (== netstandard2.0)
      runtime.native.System.IO.Compression (>= 4.3) - restriction: || (&& (== net46) (>= dnxcore50)) (&& (== net46) (< net45)) (&& (== net462) (>= dnxcore50)) (&& (== net462) (< net45)) (== netcoreapp2.0) (== netcoreapp2.1) (== netstandard1.6) (== netstandard2.0)
      System.Buffers (>= 4.3) - restriction: || (&& (== net46) (>= dnxcore50)) (&& (== net46) (< net45)) (&& (== net462) (>= dnxcore50)) (&& (== net462) (< net45)) (== netcoreapp2.0) (== netcoreapp2.1) (== netstandard1.6) (== netstandard2.0)
      System.Collections (>= 4.3) - restriction: || (&& (== net46) (>= dnxcore50)) (&& (== net46) (< net45)) (&& (== net462) (>= dnxcore50)) (&& (== net462) (< net45)) (== netcoreapp2.0) (== netcoreapp2.1) (== netstandard1.6) (== netstandard2.0)
      System.Diagnostics.Debug (>= 4.3) - restriction: || (&& (== net46) (>= dnxcore50)) (&& (== net46) (< net45)) (&& (== net462) (>= dnxcore50)) (&& (== net462) (< net45)) (== netcoreapp2.0) (== netcoreapp2.1) (== netstandard1.6) (== netstandard2.0)
      System.IO (>= 4.3) - restriction: || (&& (== net46) (>= dnxcore50)) (&& (== net46) (< net45)) (&& (== net462) (>= dnxcore50)) (&& (== net462) (< net45)) (== netcoreapp2.0) (== netcoreapp2.1) (== netstandard1.6) (== netstandard2.0)
      System.Resources.ResourceManager (>= 4.3) - restriction: || (&& (== net46) (>= dnxcore50)) (&& (== net46) (< net45)) (&& (== net462) (>= dnxcore50)) (&& (== net462) (< net45)) (== netcoreapp2.0) (== netcoreapp2.1) (== netstandard1.6) (== netstandard2.0)
      System.Runtime (>= 4.3) - restriction: || (&& (== net46) (>= dnxcore50)) (&& (== net46) (< net45)) (&& (== net462) (>= dnxcore50)) (&& (== net462) (< net45)) (== netcoreapp2.0) (== netcoreapp2.1) (== netstandard1.6) (== netstandard2.0)
      System.Runtime.Extensions (>= 4.3) - restriction: || (&& (== net46) (>= dnxcore50)) (&& (== net46) (< net45)) (&& (== net462) (>= dnxcore50)) (&& (== net462) (< net45)) (== netcoreapp2.0) (== netcoreapp2.1) (== netstandard1.6) (== netstandard2.0)
      System.Runtime.Handles (>= 4.3) - restriction: || (&& (== net46) (>= dnxcore50)) (&& (== net46) (< net45)) (&& (== net462) (>= dnxcore50)) (&& (== net462) (< net45)) (== netcoreapp2.0) (== netcoreapp2.1) (== netstandard1.6) (== netstandard2.0)
      System.Runtime.InteropServices (>= 4.3) - restriction: || (&& (== net46) (>= dnxcore50)) (&& (== net46) (< net45)) (&& (== net462) (>= dnxcore50)) (&& (== net462) (< net45)) (== netcoreapp2.0) (== netcoreapp2.1) (== netstandard1.6) (== netstandard2.0)
      System.Text.Encoding (>= 4.3) - restriction: || (&& (== net46) (>= dnxcore50)) (&& (== net46) (< net45)) (&& (== net462) (>= dnxcore50)) (&& (== net462) (< net45)) (== netcoreapp2.0) (== netcoreapp2.1) (== netstandard1.6) (== netstandard2.0)
      System.Threading (>= 4.3) - restriction: || (&& (== net46) (>= dnxcore50)) (&& (== net46) (< net45)) (&& (== net462) (>= dnxcore50)) (&& (== net462) (< net45)) (== netcoreapp2.0) (== netcoreapp2.1) (== netstandard1.6) (== netstandard2.0)
      System.Threading.Tasks (>= 4.3) - restriction: || (&& (== net46) (>= dnxcore50)) (&& (== net46) (< net45)) (&& (== net462) (>= dnxcore50)) (&& (== net462) (< net45)) (== netcoreapp2.0) (== netcoreapp2.1) (== netstandard1.6) (== netstandard2.0)
    System.IO.Compression.ZipFile (4.3) - restriction: || (== net46) (&& (== net462) (== netcoreapp2.0)) (&& (== net462) (== netcoreapp2.1)) (&& (== net462) (== netstandard2.0)) (&& (== net462) (< net45)) (&& (== net462) (< netstandard1.4)) (&& (== net462) (< netstandard1.5) (>= uap10.0)) (&& (== netcoreapp2.0) (< netstandard1.4)) (&& (== netcoreapp2.0) (< netstandard1.5)) (&& (== netcoreapp2.0) (< netstandard1.6)) (&& (== netcoreapp2.0) (< netstandard2.0)) (&& (== netcoreapp2.1) (< netstandard1.4)) (&& (== netcoreapp2.1) (< netstandard1.5)) (&& (== netcoreapp2.1) (< netstandard1.6)) (&& (== netcoreapp2.1) (< netstandard2.0)) (== netstandard1.6) (&& (== netstandard2.0) (< netstandard1.4)) (&& (== netstandard2.0) (< netstandard1.5)) (&& (== netstandard2.0) (< netstandard1.6))
      System.Buffers (>= 4.3) - restriction: || (&& (== net462) (< net46)) (== netcoreapp2.0) (== netcoreapp2.1) (== netstandard1.6) (== netstandard2.0)
      System.IO (>= 4.3) - restriction: || (&& (== net462) (< net46)) (== netcoreapp2.0) (== netcoreapp2.1) (== netstandard1.6) (== netstandard2.0)
      System.IO.Compression (>= 4.3) - restriction: || (&& (== net462) (< net46)) (== netcoreapp2.0) (== netcoreapp2.1) (== netstandard1.6) (== netstandard2.0)
      System.IO.FileSystem (>= 4.3) - restriction: || (&& (== net462) (< net46)) (== netcoreapp2.0) (== netcoreapp2.1) (== netstandard1.6) (== netstandard2.0)
      System.IO.FileSystem.Primitives (>= 4.3) - restriction: || (&& (== net462) (< net46)) (== netcoreapp2.0) (== netcoreapp2.1) (== netstandard1.6) (== netstandard2.0)
      System.Resources.ResourceManager (>= 4.3) - restriction: || (&& (== net462) (< net46)) (== netcoreapp2.0) (== netcoreapp2.1) (== netstandard1.6) (== netstandard2.0)
      System.Runtime (>= 4.3) - restriction: || (&& (== net462) (< net46)) (== netcoreapp2.0) (== netcoreapp2.1) (== netstandard1.6) (== netstandard2.0)
      System.Runtime.Extensions (>= 4.3) - restriction: || (&& (== net462) (< net46)) (== netcoreapp2.0) (== netcoreapp2.1) (== netstandard1.6) (== netstandard2.0)
      System.Text.Encoding (>= 4.3) - restriction: || (&& (== net462) (< net46)) (== netcoreapp2.0) (== netcoreapp2.1) (== netstandard1.6) (== netstandard2.0)
    System.IO.FileSystem (4.3) - restriction: || (== net46) (&& (== net462) (< net35)) (&& (== net462) (< net45)) (&& (== net462) (< netstandard1.4)) (&& (== net462) (< netstandard1.5) (>= uap10.0)) (== netcoreapp2.0) (== netcoreapp2.1) (== netstandard1.6) (== netstandard2.0)
      Microsoft.NETCore.Platforms (>= 1.1) - restriction: || (&& (== net462) (< net46)) (== netcoreapp2.0) (== netcoreapp2.1) (== netstandard1.6) (== netstandard2.0)
      Microsoft.NETCore.Targets (>= 1.1) - restriction: || (&& (== net462) (< net46)) (== netcoreapp2.0) (== netcoreapp2.1) (== netstandard1.6) (== netstandard2.0)
      System.IO (>= 4.3) - restriction: || (&& (== net462) (< net46)) (== netcoreapp2.0) (== netcoreapp2.1) (== netstandard1.6) (== netstandard2.0)
      System.IO.FileSystem.Primitives (>= 4.3)
      System.Runtime (>= 4.3) - restriction: || (&& (== net462) (< net46)) (== netcoreapp2.0) (== netcoreapp2.1) (== netstandard1.6) (== netstandard2.0)
      System.Runtime.Handles (>= 4.3) - restriction: || (&& (== net462) (< net46)) (== netcoreapp2.0) (== netcoreapp2.1) (== netstandard1.6) (== netstandard2.0)
      System.Text.Encoding (>= 4.3) - restriction: || (&& (== net462) (< net46)) (== netcoreapp2.0) (== netcoreapp2.1) (== netstandard1.6) (== netstandard2.0)
      System.Threading.Tasks (>= 4.3) - restriction: || (&& (== net462) (< net46)) (== netcoreapp2.0) (== netcoreapp2.1) (== netstandard1.6) (== netstandard2.0)
    System.IO.FileSystem.Primitives (4.3) - restriction: || (== net46) (&& (== net462) (< net35)) (&& (== net462) (< net45)) (&& (== net462) (< netstandard1.4)) (&& (== net462) (< netstandard1.5) (>= uap10.0)) (== netcoreapp2.0) (== netcoreapp2.1) (== netstandard1.6) (== netstandard2.0)
      System.Runtime (>= 4.3) - restriction: || (&& (== net462) (< net46)) (== netcoreapp2.0) (== netcoreapp2.1) (== netstandard1.6) (== netstandard2.0)
    System.Linq (4.3) - restriction: || (&& (== net46) (== netcoreapp2.0)) (&& (== net46) (== netcoreapp2.1)) (&& (== net46) (== netstandard2.0)) (&& (== net46) (< net45)) (&& (== net46) (< portable-net45+win8+wpa81)) (&& (== net46) (>= uap10.0)) (&& (== net462) (== netcoreapp2.0)) (&& (== net462) (== netcoreapp2.1)) (&& (== net462) (== netstandard2.0)) (&& (== net462) (< net45)) (&& (== net462) (< netstandard1.5) (>= uap10.0)) (&& (== net462) (< portable-net45+win8+wpa81)) (&& (== netcoreapp2.0) (< netstandard1.2)) (&& (== netcoreapp2.0) (< netstandard1.3)) (&& (== netcoreapp2.0) (< netstandard1.4)) (&& (== netcoreapp2.0) (< netstandard1.5)) (&& (== netcoreapp2.0) (< netstandard1.6)) (&& (== netcoreapp2.0) (< netstandard2.0)) (&& (== netcoreapp2.0) (< portable-net45+win8+wpa81)) (&& (== netcoreapp2.1) (< netstandard1.2)) (&& (== netcoreapp2.1) (< netstandard1.3)) (&& (== netcoreapp2.1) (< netstandard1.4)) (&& (== netcoreapp2.1) (< netstandard1.5)) (&& (== netcoreapp2.1) (< netstandard1.6)) (&& (== netcoreapp2.1) (< netstandard2.0)) (&& (== netcoreapp2.1) (< portable-net45+win8+wpa81)) (== netstandard1.6) (&& (== netstandard2.0) (< netstandard1.2)) (&& (== netstandard2.0) (< netstandard1.3)) (&& (== netstandard2.0) (< netstandard1.4)) (&& (== netstandard2.0) (< netstandard1.5)) (&& (== netstandard2.0) (< netstandard1.6)) (&& (== netstandard2.0) (< portable-net45+win8+wpa81))
      System.Collections (>= 4.3) - restriction: || (&& (== net46) (>= dnxcore50)) (&& (== net46) (< net45)) (&& (== net462) (>= dnxcore50)) (&& (== net462) (< net45)) (== netcoreapp2.0) (== netcoreapp2.1) (== netstandard1.6) (== netstandard2.0)
      System.Diagnostics.Debug (>= 4.3) - restriction: || (&& (== net46) (>= dnxcore50)) (&& (== net46) (< net45) (>= netstandard1.6)) (&& (== net462) (>= dnxcore50)) (&& (== net462) (< net45) (>= netstandard1.6)) (== netcoreapp2.0) (== netcoreapp2.1) (== netstandard1.6) (== netstandard2.0)
      System.Resources.ResourceManager (>= 4.3) - restriction: || (&& (== net46) (>= dnxcore50)) (&& (== net46) (< net45) (>= netstandard1.6)) (&& (== net462) (>= dnxcore50)) (&& (== net462) (< net45) (>= netstandard1.6)) (== netcoreapp2.0) (== netcoreapp2.1) (== netstandard1.6) (== netstandard2.0)
      System.Runtime (>= 4.3) - restriction: || (&& (== net46) (>= dnxcore50)) (&& (== net46) (< net45)) (&& (== net462) (>= dnxcore50)) (&& (== net462) (< net45)) (== netcoreapp2.0) (== netcoreapp2.1) (== netstandard1.6) (== netstandard2.0)
      System.Runtime.Extensions (>= 4.3) - restriction: || (&& (== net46) (>= dnxcore50)) (&& (== net46) (< net45) (>= netstandard1.6)) (&& (== net462) (>= dnxcore50)) (&& (== net462) (< net45) (>= netstandard1.6)) (== netcoreapp2.0) (== netcoreapp2.1) (== netstandard1.6) (== netstandard2.0)
    System.Linq.Expressions (4.3) - restriction: || (&& (== net46) (== netcoreapp2.0)) (&& (== net46) (== netcoreapp2.1)) (&& (== net46) (== netstandard2.0)) (&& (== net46) (< net45)) (&& (== net46) (< portable-net45+win8+wpa81)) (&& (== net46) (>= uap10.0)) (&& (== net462) (== netcoreapp2.0)) (&& (== net462) (== netcoreapp2.1)) (&& (== net462) (== netstandard2.0)) (&& (== net462) (< net45)) (&& (== net462) (< netstandard1.5) (>= uap10.0)) (&& (== net462) (< portable-net45+win8+wpa81)) (&& (== netcoreapp2.0) (< netstandard1.2)) (&& (== netcoreapp2.0) (< netstandard1.3)) (&& (== netcoreapp2.0) (< netstandard1.4)) (&& (== netcoreapp2.0) (< netstandard1.5)) (&& (== netcoreapp2.0) (< netstandard1.6)) (&& (== netcoreapp2.0) (< netstandard2.0)) (&& (== netcoreapp2.0) (< portable-net45+win8+wpa81)) (&& (== netcoreapp2.1) (< netstandard1.2)) (&& (== netcoreapp2.1) (< netstandard1.3)) (&& (== netcoreapp2.1) (< netstandard1.4)) (&& (== netcoreapp2.1) (< netstandard1.5)) (&& (== netcoreapp2.1) (< netstandard1.6)) (&& (== netcoreapp2.1) (< netstandard2.0)) (&& (== netcoreapp2.1) (< portable-net45+win8+wpa81)) (== netstandard1.6) (&& (== netstandard2.0) (< netstandard1.2)) (&& (== netstandard2.0) (< netstandard1.3)) (&& (== netstandard2.0) (< netstandard1.4)) (&& (== netstandard2.0) (< netstandard1.5)) (&& (== netstandard2.0) (< netstandard1.6)) (&& (== netstandard2.0) (< portable-net45+win8+wpa81))
      System.Collections (>= 4.3) - restriction: || (&& (== net46) (>= dnxcore50)) (&& (== net46) (< net45) (>= netstandard1.6)) (&& (== net462) (>= dnxcore50)) (&& (== net462) (< net45) (>= netstandard1.6)) (== netcoreapp2.0) (== netcoreapp2.1) (== netstandard1.6) (== netstandard2.0)
      System.Diagnostics.Debug (>= 4.3) - restriction: || (&& (== net46) (>= dnxcore50)) (&& (== net46) (< net45) (>= netstandard1.6)) (&& (== net462) (>= dnxcore50)) (&& (== net462) (< net45) (>= netstandard1.6)) (== netcoreapp2.0) (== netcoreapp2.1) (== netstandard1.6) (== netstandard2.0)
      System.Globalization (>= 4.3) - restriction: || (&& (== net46) (>= dnxcore50)) (&& (== net46) (< net45) (>= netstandard1.6)) (&& (== net462) (>= dnxcore50)) (&& (== net462) (< net45) (>= netstandard1.6)) (== netcoreapp2.0) (== netcoreapp2.1) (== netstandard1.6) (== netstandard2.0)
      System.IO (>= 4.3) - restriction: || (&& (== net46) (>= dnxcore50)) (&& (== net46) (< net45) (>= netstandard1.6)) (&& (== net462) (>= dnxcore50)) (&& (== net462) (< net45) (>= netstandard1.6)) (== netcoreapp2.0) (== netcoreapp2.1) (== netstandard1.6) (== netstandard2.0)
      System.Linq (>= 4.3) - restriction: || (&& (== net46) (>= dnxcore50)) (&& (== net46) (< net45) (>= netstandard1.6)) (&& (== net462) (>= dnxcore50)) (&& (== net462) (< net45) (>= netstandard1.6)) (== netcoreapp2.0) (== netcoreapp2.1) (== netstandard1.6) (== netstandard2.0)
      System.ObjectModel (>= 4.3) - restriction: || (&& (== net46) (< net45) (>= netstandard1.6)) (&& (== net462) (< net45) (>= netstandard1.6)) (== netcoreapp2.0) (== netcoreapp2.1) (== netstandard1.6) (== netstandard2.0)
      System.Reflection (>= 4.3) - restriction: || (&& (== net46) (>= dnxcore50)) (&& (== net46) (< net45)) (&& (== net462) (>= dnxcore50)) (&& (== net462) (< net45)) (== netcoreapp2.0) (== netcoreapp2.1) (== netstandard1.6) (== netstandard2.0)
      System.Reflection.Emit (>= 4.3) - restriction: || (&& (== net46) (< net45) (>= netstandard1.6)) (&& (== net462) (< net45) (>= netstandard1.6)) (== netcoreapp2.0) (== netcoreapp2.1) (== netstandard1.6) (== netstandard2.0)
      System.Reflection.Emit.ILGeneration (>= 4.3) - restriction: || (&& (== net46) (>= dnxcore50)) (&& (== net46) (< net45) (>= netstandard1.6)) (&& (== net462) (>= dnxcore50)) (&& (== net462) (< net45) (>= netstandard1.6)) (== netcoreapp2.0) (== netcoreapp2.1) (== netstandard1.6) (== netstandard2.0)
      System.Reflection.Emit.Lightweight (>= 4.3) - restriction: || (&& (== net46) (>= dnxcore50)) (&& (== net46) (< net45) (>= netstandard1.6)) (&& (== net462) (>= dnxcore50)) (&& (== net462) (< net45) (>= netstandard1.6)) (== netcoreapp2.0) (== netcoreapp2.1) (== netstandard1.6) (== netstandard2.0)
      System.Reflection.Extensions (>= 4.3) - restriction: || (&& (== net46) (>= dnxcore50)) (&& (== net46) (< net45) (>= netstandard1.6)) (&& (== net462) (>= dnxcore50)) (&& (== net462) (< net45) (>= netstandard1.6)) (== netcoreapp2.0) (== netcoreapp2.1) (== netstandard1.6) (== netstandard2.0)
      System.Reflection.Primitives (>= 4.3) - restriction: || (&& (== net46) (>= dnxcore50)) (&& (== net46) (< net45) (>= netstandard1.6)) (&& (== net462) (>= dnxcore50)) (&& (== net462) (< net45) (>= netstandard1.6)) (== netcoreapp2.0) (== netcoreapp2.1) (== netstandard1.6) (== netstandard2.0)
      System.Reflection.TypeExtensions (>= 4.3) - restriction: || (&& (== net46) (>= dnxcore50)) (&& (== net46) (< net45) (>= netstandard1.6)) (&& (== net462) (>= dnxcore50)) (&& (== net462) (< net45) (>= netstandard1.6)) (== netcoreapp2.0) (== netcoreapp2.1) (== netstandard1.6) (== netstandard2.0)
      System.Resources.ResourceManager (>= 4.3) - restriction: || (&& (== net46) (>= dnxcore50)) (&& (== net46) (< net45) (>= netstandard1.6)) (&& (== net462) (>= dnxcore50)) (&& (== net462) (< net45) (>= netstandard1.6)) (== netcoreapp2.0) (== netcoreapp2.1) (== netstandard1.6) (== netstandard2.0)
      System.Runtime (>= 4.3) - restriction: || (&& (== net46) (>= dnxcore50)) (&& (== net46) (< net45)) (&& (== net462) (>= dnxcore50)) (&& (== net462) (< net45)) (== netcoreapp2.0) (== netcoreapp2.1) (== netstandard1.6) (== netstandard2.0)
      System.Runtime.Extensions (>= 4.3) - restriction: || (&& (== net46) (>= dnxcore50)) (&& (== net46) (< net45) (>= netstandard1.6)) (&& (== net462) (>= dnxcore50)) (&& (== net462) (< net45) (>= netstandard1.6)) (== netcoreapp2.0) (== netcoreapp2.1) (== netstandard1.6) (== netstandard2.0)
      System.Threading (>= 4.3) - restriction: || (&& (== net46) (>= dnxcore50)) (&& (== net46) (< net45) (>= netstandard1.6)) (&& (== net462) (>= dnxcore50)) (&& (== net462) (< net45) (>= netstandard1.6)) (== netcoreapp2.0) (== netcoreapp2.1) (== netstandard1.6) (== netstandard2.0)
    System.Linq.Queryable (4.3) - restriction: || (&& (== net46) (== netcoreapp2.0)) (&& (== net46) (== netcoreapp2.1)) (&& (== net46) (== netstandard2.0)) (&& (== net46) (< net45) (>= netstandard1.6)) (&& (== net462) (== netcoreapp2.0)) (&& (== net462) (== netcoreapp2.1)) (&& (== net462) (== netstandard2.0)) (&& (== net462) (< net45) (>= netstandard1.6)) (&& (== netcoreapp2.0) (< netstandard2.0)) (&& (== netcoreapp2.1) (< netstandard2.0)) (== netstandard1.6)
      System.Collections (>= 4.3) - restriction: || (&& (== net46) (>= dnxcore50)) (&& (== net46) (< net45)) (&& (== net462) (>= dnxcore50)) (&& (== net462) (< net45)) (== netcoreapp2.0) (== netcoreapp2.1) (== netstandard1.6) (== netstandard2.0)
      System.Diagnostics.Debug (>= 4.3) - restriction: || (&& (== net46) (>= dnxcore50)) (&& (== net46) (< net45)) (&& (== net462) (>= dnxcore50)) (&& (== net462) (< net45)) (== netcoreapp2.0) (== netcoreapp2.1) (== netstandard1.6) (== netstandard2.0)
      System.Linq (>= 4.3) - restriction: || (&& (== net46) (>= dnxcore50)) (&& (== net46) (< net45)) (&& (== net462) (>= dnxcore50)) (&& (== net462) (< net45)) (== netcoreapp2.0) (== netcoreapp2.1) (== netstandard1.6) (== netstandard2.0)
      System.Linq.Expressions (>= 4.3) - restriction: || (&& (== net46) (>= dnxcore50)) (&& (== net46) (< net45)) (&& (== net462) (>= dnxcore50)) (&& (== net462) (< net45)) (== netcoreapp2.0) (== netcoreapp2.1) (== netstandard1.6) (== netstandard2.0)
      System.Reflection (>= 4.3) - restriction: || (&& (== net46) (>= dnxcore50)) (&& (== net46) (< net45)) (&& (== net462) (>= dnxcore50)) (&& (== net462) (< net45)) (== netcoreapp2.0) (== netcoreapp2.1) (== netstandard1.6) (== netstandard2.0)
      System.Reflection.Extensions (>= 4.3) - restriction: || (&& (== net46) (>= dnxcore50)) (&& (== net46) (< net45)) (&& (== net462) (>= dnxcore50)) (&& (== net462) (< net45)) (== netcoreapp2.0) (== netcoreapp2.1) (== netstandard1.6) (== netstandard2.0)
      System.Resources.ResourceManager (>= 4.3) - restriction: || (&& (== net46) (>= dnxcore50)) (&& (== net46) (< net45)) (&& (== net462) (>= dnxcore50)) (&& (== net462) (< net45)) (== netcoreapp2.0) (== netcoreapp2.1) (== netstandard1.6) (== netstandard2.0)
      System.Runtime (>= 4.3) - restriction: || (&& (== net46) (>= dnxcore50)) (&& (== net46) (< net45)) (&& (== net462) (>= dnxcore50)) (&& (== net462) (< net45)) (== netcoreapp2.0) (== netcoreapp2.1) (== netstandard1.6) (== netstandard2.0)
    System.Memory (4.5.2) - restriction: || (&& (== net46) (== netcoreapp2.1)) (&& (== net46) (< net45) (>= netstandard2.0)) (&& (== net46) (>= netcoreapp2.0)) (&& (== net46) (>= netstandard2.0) (>= uap10.1)) (&& (== net462) (== netcoreapp2.1)) (&& (== net462) (< net45) (>= netstandard2.0)) (&& (== net462) (>= netcoreapp2.0)) (&& (== net462) (>= netstandard2.0) (>= uap10.1)) (== netcoreapp2.0) (&& (== netcoreapp2.1) (== netstandard1.6)) (&& (== netcoreapp2.1) (>= net461)) (&& (== netcoreapp2.1) (< netcoreapp2.0)) (&& (== netcoreapp2.1) (>= uap10.1)) (&& (== netstandard1.6) (>= netcoreapp2.0)) (&& (== netstandard1.6) (>= netstandard2.0)) (== netstandard2.0)
      System.Buffers (>= 4.4) - restriction: || (== net46) (== net462) (&& (== netcoreapp2.0) (>= monotouch)) (&& (== netcoreapp2.0) (>= net461)) (&& (== netcoreapp2.0) (< netstandard1.1)) (&& (== netcoreapp2.0) (< netstandard2.0)) (&& (== netcoreapp2.0) (>= xamarinios)) (&& (== netcoreapp2.0) (>= xamarinmac)) (&& (== netcoreapp2.0) (>= xamarintvos)) (&& (== netcoreapp2.0) (>= xamarinwatchos)) (&& (== netcoreapp2.1) (>= monotouch)) (&& (== netcoreapp2.1) (>= net461)) (&& (== netcoreapp2.1) (< netcoreapp2.0)) (&& (== netcoreapp2.1) (< netstandard1.1)) (&& (== netcoreapp2.1) (< netstandard2.0)) (&& (== netcoreapp2.1) (>= xamarinios)) (&& (== netcoreapp2.1) (>= xamarinmac)) (&& (== netcoreapp2.1) (>= xamarintvos)) (&& (== netcoreapp2.1) (>= xamarinwatchos)) (== netstandard1.6) (== netstandard2.0)
      System.Numerics.Vectors (>= 4.4) - restriction: || (&& (== net46) (== netcoreapp2.0)) (&& (== net46) (== netcoreapp2.1)) (&& (== net46) (< net45) (>= netstandard2.0)) (&& (== net46) (>= net461)) (== net462) (&& (== netcoreapp2.0) (== netstandard1.6)) (&& (== netcoreapp2.0) (>= net461)) (&& (== netcoreapp2.1) (== netstandard1.6)) (&& (== netcoreapp2.1) (>= net461)) (&& (== netcoreapp2.1) (< netcoreapp2.0)) (&& (== netstandard1.6) (>= net461)) (&& (== netstandard1.6) (>= netstandard2.0)) (== netstandard2.0)
      System.Runtime.CompilerServices.Unsafe (>= 4.5.2) - restriction: || (== net46) (== net462) (== netcoreapp2.0) (&& (== netcoreapp2.1) (>= monotouch)) (&& (== netcoreapp2.1) (>= net461)) (&& (== netcoreapp2.1) (< netcoreapp2.0)) (&& (== netcoreapp2.1) (< netstandard1.1)) (&& (== netcoreapp2.1) (< netstandard2.0)) (&& (== netcoreapp2.1) (>= uap10.1)) (&& (== netcoreapp2.1) (>= xamarinios)) (&& (== netcoreapp2.1) (>= xamarinmac)) (&& (== netcoreapp2.1) (>= xamarintvos)) (&& (== netcoreapp2.1) (>= xamarinwatchos)) (== netstandard1.6) (== netstandard2.0)
    System.Net.Http (4.3.4) - restriction: || (== net46) (&& (== net462) (== netcoreapp2.0)) (&& (== net462) (== netcoreapp2.1)) (&& (== net462) (== netstandard2.0)) (&& (== net462) (>= dnxcore50) (>= netstandard1.6)) (&& (== net462) (< net45)) (&& (== net462) (< netstandard1.4)) (&& (== net462) (< netstandard1.5) (>= uap10.0)) (&& (== netcoreapp2.0) (>= dnxcore50)) (&& (== netcoreapp2.0) (< netstandard1.2)) (&& (== netcoreapp2.0) (< netstandard1.3)) (&& (== netcoreapp2.0) (< netstandard1.4)) (&& (== netcoreapp2.0) (< netstandard1.5)) (&& (== netcoreapp2.0) (< netstandard1.6)) (&& (== netcoreapp2.0) (< netstandard2.0)) (&& (== netcoreapp2.1) (>= dnxcore50)) (&& (== netcoreapp2.1) (< netstandard1.2)) (&& (== netcoreapp2.1) (< netstandard1.3)) (&& (== netcoreapp2.1) (< netstandard1.4)) (&& (== netcoreapp2.1) (< netstandard1.5)) (&& (== netcoreapp2.1) (< netstandard1.6)) (&& (== netcoreapp2.1) (< netstandard2.0)) (== netstandard1.6) (&& (== netstandard2.0) (< netstandard1.2)) (&& (== netstandard2.0) (< netstandard1.3)) (&& (== netstandard2.0) (< netstandard1.4)) (&& (== netstandard2.0) (< netstandard1.5)) (&& (== netstandard2.0) (< netstandard1.6))
      Microsoft.NETCore.Platforms (>= 1.1.1) - restriction: || (&& (== net46) (>= dnxcore50)) (&& (== net46) (< net45)) (&& (== net462) (>= dnxcore50)) (&& (== net462) (< net45)) (== netcoreapp2.0) (== netcoreapp2.1) (== netstandard1.6) (== netstandard2.0)
      runtime.native.System (>= 4.3) - restriction: || (&& (== net46) (< net45) (>= netstandard1.6)) (&& (== net462) (< net45) (>= netstandard1.6)) (== netcoreapp2.0) (== netcoreapp2.1) (== netstandard1.6) (== netstandard2.0)
      runtime.native.System.Net.Http (>= 4.3) - restriction: || (&& (== net46) (< net45) (>= netstandard1.6)) (&& (== net462) (< net45) (>= netstandard1.6)) (== netcoreapp2.0) (== netcoreapp2.1) (== netstandard1.6) (== netstandard2.0)
      runtime.native.System.Security.Cryptography.OpenSsl (>= 4.3.2) - restriction: || (&& (== net46) (< net45) (>= netstandard1.6)) (&& (== net462) (< net45) (>= netstandard1.6)) (== netcoreapp2.0) (== netcoreapp2.1) (== netstandard1.6) (== netstandard2.0)
      System.Collections (>= 4.3) - restriction: || (&& (== net46) (>= dnxcore50)) (&& (== net46) (< net45)) (&& (== net462) (>= dnxcore50)) (&& (== net462) (< net45)) (== netcoreapp2.0) (== netcoreapp2.1) (== netstandard1.6) (== netstandard2.0)
      System.Diagnostics.Debug (>= 4.3) - restriction: || (&& (== net46) (>= dnxcore50)) (&& (== net46) (< net45)) (&& (== net462) (>= dnxcore50)) (&& (== net462) (< net45)) (== netcoreapp2.0) (== netcoreapp2.1) (== netstandard1.6) (== netstandard2.0)
      System.Diagnostics.DiagnosticSource (>= 4.3) - restriction: || (&& (== net46) (>= dnxcore50)) (&& (== net46) (< net45)) (&& (== net462) (>= dnxcore50)) (&& (== net462) (< net45)) (== netcoreapp2.0) (== netcoreapp2.1) (== netstandard1.6) (== netstandard2.0)
      System.Diagnostics.Tracing (>= 4.3) - restriction: || (&& (== net46) (>= dnxcore50)) (&& (== net46) (< net45)) (&& (== net462) (>= dnxcore50)) (&& (== net462) (< net45)) (== netcoreapp2.0) (== netcoreapp2.1) (== netstandard1.6) (== netstandard2.0)
      System.Globalization (>= 4.3) - restriction: || (&& (== net46) (>= dnxcore50)) (&& (== net46) (< net45)) (&& (== net462) (>= dnxcore50)) (&& (== net462) (< net45)) (== netcoreapp2.0) (== netcoreapp2.1) (== netstandard1.6) (== netstandard2.0)
      System.Globalization.Extensions (>= 4.3) - restriction: || (&& (== net46) (< net45) (>= netstandard1.6)) (&& (== net462) (< net45) (>= netstandard1.6)) (== netcoreapp2.0) (== netcoreapp2.1) (== netstandard1.6) (== netstandard2.0)
      System.IO (>= 4.3) - restriction: || (&& (== net46) (>= dnxcore50)) (&& (== net46) (< net45)) (&& (== net462) (>= dnxcore50)) (&& (== net462) (< net45)) (== netcoreapp2.0) (== netcoreapp2.1) (== netstandard1.6) (== netstandard2.0)
      System.IO.FileSystem (>= 4.3) - restriction: || (&& (== net46) (< net45) (>= netstandard1.6)) (&& (== net462) (< net45) (>= netstandard1.6)) (== netcoreapp2.0) (== netcoreapp2.1) (== netstandard1.6) (== netstandard2.0)
      System.Net.Primitives (>= 4.3) - restriction: || (&& (== net46) (>= dnxcore50)) (&& (== net46) (< net45)) (&& (== net462) (>= dnxcore50)) (&& (== net462) (< net45)) (== netcoreapp2.0) (== netcoreapp2.1) (== netstandard1.6) (== netstandard2.0)
      System.Resources.ResourceManager (>= 4.3) - restriction: || (&& (== net46) (>= dnxcore50)) (&& (== net46) (< net45)) (&& (== net462) (>= dnxcore50)) (&& (== net462) (< net45)) (== netcoreapp2.0) (== netcoreapp2.1) (== netstandard1.6) (== netstandard2.0)
      System.Runtime (>= 4.3) - restriction: || (&& (== net46) (>= dnxcore50)) (&& (== net46) (< net45)) (&& (== net462) (>= dnxcore50)) (&& (== net462) (< net45)) (== netcoreapp2.0) (== netcoreapp2.1) (== netstandard1.6) (== netstandard2.0)
      System.Runtime.Extensions (>= 4.3) - restriction: || (&& (== net46) (>= dnxcore50)) (&& (== net46) (< net45)) (&& (== net462) (>= dnxcore50)) (&& (== net462) (< net45)) (== netcoreapp2.0) (== netcoreapp2.1) (== netstandard1.6) (== netstandard2.0)
      System.Runtime.Handles (>= 4.3) - restriction: || (&& (== net46) (< net45)) (&& (== net462) (< net45)) (== netcoreapp2.0) (== netcoreapp2.1) (== netstandard1.6) (== netstandard2.0)
      System.Runtime.InteropServices (>= 4.3) - restriction: || (&& (== net46) (>= dnxcore50)) (&& (== net46) (< net45)) (&& (== net462) (>= dnxcore50)) (&& (== net462) (< net45)) (== netcoreapp2.0) (== netcoreapp2.1) (== netstandard1.6) (== netstandard2.0)
      System.Security.Cryptography.Algorithms (>= 4.3) - restriction: || (&& (== net46) (< net45) (>= netstandard1.6)) (&& (== net462) (< net45) (>= netstandard1.6)) (== netcoreapp2.0) (== netcoreapp2.1) (== netstandard1.6) (== netstandard2.0)
      System.Security.Cryptography.Encoding (>= 4.3) - restriction: || (&& (== net46) (< net45)) (&& (== net462) (< net45)) (== netcoreapp2.0) (== netcoreapp2.1) (== netstandard1.6) (== netstandard2.0)
      System.Security.Cryptography.OpenSsl (>= 4.3) - restriction: || (&& (== net46) (< net45) (>= netstandard1.6)) (&& (== net462) (< net45) (>= netstandard1.6)) (== netcoreapp2.0) (== netcoreapp2.1) (== netstandard1.6) (== netstandard2.0)
      System.Security.Cryptography.Primitives (>= 4.3) - restriction: || (&& (== net46) (< net45) (>= netstandard1.6)) (&& (== net462) (< net45) (>= netstandard1.6)) (== netcoreapp2.0) (== netcoreapp2.1) (== netstandard1.6) (== netstandard2.0)
      System.Security.Cryptography.X509Certificates (>= 4.3)
      System.Text.Encoding (>= 4.3) - restriction: || (&& (== net46) (>= dnxcore50)) (&& (== net46) (< net45)) (&& (== net462) (>= dnxcore50)) (&& (== net462) (< net45)) (== netcoreapp2.0) (== netcoreapp2.1) (== netstandard1.6) (== netstandard2.0)
      System.Threading (>= 4.3) - restriction: || (&& (== net46) (>= dnxcore50)) (&& (== net46) (< net45)) (&& (== net462) (>= dnxcore50)) (&& (== net462) (< net45)) (== netcoreapp2.0) (== netcoreapp2.1) (== netstandard1.6) (== netstandard2.0)
      System.Threading.Tasks (>= 4.3) - restriction: || (&& (== net46) (>= dnxcore50)) (&& (== net46) (< net45)) (&& (== net462) (>= dnxcore50)) (&& (== net462) (< net45)) (== netcoreapp2.0) (== netcoreapp2.1) (== netstandard1.6) (== netstandard2.0)
    System.Net.Http.WinHttpHandler (4.5.2) - restriction: || (&& (== net46) (< net45) (>= netstandard2.0)) (&& (== net462) (< net45) (>= netstandard2.0)) (== netcoreapp2.0) (== netcoreapp2.1) (&& (== netstandard1.6) (>= netstandard2.0)) (== netstandard2.0)
      System.Buffers (>= 4.4) - restriction: || (&& (== net46) (== netcoreapp2.1)) (&& (== net462) (== netcoreapp2.0)) (&& (== net462) (== netcoreapp2.1)) (&& (== net462) (< net46) (>= netstandard2.0)) (&& (== netcoreapp2.0) (== netstandard1.6)) (&& (== netcoreapp2.1) (== netstandard1.6)) (&& (== netcoreapp2.1) (< netcoreapp2.0)) (&& (== netstandard1.6) (>= netstandard2.0)) (== netstandard2.0)
      System.Memory (>= 4.5.1) - restriction: || (&& (== net46) (== netcoreapp2.1)) (&& (== net46) (>= net461)) (&& (== net46) (>= netcoreapp2.0)) (&& (== net46) (>= uap10.1)) (== net462) (== netcoreapp2.0) (&& (== netcoreapp2.1) (== netstandard1.6)) (&& (== netcoreapp2.1) (>= net461)) (&& (== netcoreapp2.1) (< netcoreapp2.0)) (&& (== netcoreapp2.1) (>= uap10.1)) (&& (== netstandard1.6) (>= net461)) (&& (== netstandard1.6) (>= netcoreapp2.0)) (&& (== netstandard1.6) (>= netstandard2.0)) (&& (== netstandard1.6) (>= uap10.1)) (== netstandard2.0)
    System.Net.Primitives (4.3) - restriction: || (&& (== net46) (== netcoreapp2.0)) (&& (== net46) (== netcoreapp2.1)) (&& (== net46) (== netstandard2.0)) (&& (== net46) (< net45)) (&& (== net46) (< portable-net45+win8+wpa81)) (&& (== net46) (>= uap10.0)) (&& (== net462) (== netcoreapp2.0)) (&& (== net462) (== netcoreapp2.1)) (&& (== net462) (== netstandard2.0)) (&& (== net462) (< net45)) (&& (== net462) (< netstandard1.5) (>= uap10.0)) (&& (== net462) (< portable-net45+win8+wpa81)) (&& (== netcoreapp2.0) (< netstandard1.2)) (&& (== netcoreapp2.0) (< netstandard1.3)) (&& (== netcoreapp2.0) (< netstandard1.4)) (&& (== netcoreapp2.0) (< netstandard1.5)) (&& (== netcoreapp2.0) (< netstandard1.6)) (&& (== netcoreapp2.0) (< netstandard2.0)) (&& (== netcoreapp2.0) (< portable-net45+win8+wpa81)) (&& (== netcoreapp2.1) (< netstandard1.2)) (&& (== netcoreapp2.1) (< netstandard1.3)) (&& (== netcoreapp2.1) (< netstandard1.4)) (&& (== netcoreapp2.1) (< netstandard1.5)) (&& (== netcoreapp2.1) (< netstandard1.6)) (&& (== netcoreapp2.1) (< netstandard2.0)) (&& (== netcoreapp2.1) (< portable-net45+win8+wpa81)) (== netstandard1.6) (&& (== netstandard2.0) (< netstandard1.2)) (&& (== netstandard2.0) (< netstandard1.3)) (&& (== netstandard2.0) (< netstandard1.4)) (&& (== netstandard2.0) (< netstandard1.5)) (&& (== netstandard2.0) (< netstandard1.6)) (&& (== netstandard2.0) (< portable-net45+win8+wpa81))
      Microsoft.NETCore.Platforms (>= 1.1) - restriction: || (&& (== net46) (>= dnxcore50)) (&& (== net46) (< net45)) (&& (== net46) (< netstandard1.1)) (&& (== net462) (>= dnxcore50)) (&& (== net462) (< net45)) (&& (== net462) (< netstandard1.1)) (== netcoreapp2.0) (== netcoreapp2.1) (== netstandard1.6) (== netstandard2.0)
      Microsoft.NETCore.Targets (>= 1.1) - restriction: || (&& (== net46) (>= dnxcore50)) (&& (== net46) (< net45)) (&& (== net46) (< netstandard1.1)) (&& (== net462) (>= dnxcore50)) (&& (== net462) (< net45)) (&& (== net462) (< netstandard1.1)) (== netcoreapp2.0) (== netcoreapp2.1) (== netstandard1.6) (== netstandard2.0)
      System.Runtime (>= 4.3) - restriction: || (&& (== net46) (>= dnxcore50)) (&& (== net46) (< net45)) (&& (== net46) (< netstandard1.1)) (&& (== net462) (>= dnxcore50)) (&& (== net462) (< net45)) (&& (== net462) (< netstandard1.1)) (== netcoreapp2.0) (== netcoreapp2.1) (== netstandard1.6) (== netstandard2.0)
      System.Runtime.Handles (>= 4.3) - restriction: || (&& (== net46) (>= dnxcore50)) (&& (== net46) (< net45)) (&& (== net462) (>= dnxcore50)) (&& (== net462) (< net45)) (== netcoreapp2.0) (== netcoreapp2.1) (== netstandard1.6) (== netstandard2.0)
    System.Net.Requests (4.3) - restriction: || (&& (== net46) (== netcoreapp2.0)) (&& (== net46) (== netcoreapp2.1)) (&& (== net46) (== netstandard2.0)) (&& (== net46) (< net45) (>= netstandard1.6)) (&& (== net462) (== netcoreapp2.0)) (&& (== net462) (== netcoreapp2.1)) (&& (== net462) (== netstandard2.0)) (&& (== net462) (< net45) (>= netstandard1.6)) (&& (== netcoreapp2.0) (< netstandard2.0)) (&& (== netcoreapp2.1) (< netstandard2.0)) (== netstandard1.6)
      Microsoft.NETCore.Platforms (>= 1.1) - restriction: || (&& (== net46) (< net45)) (&& (== net462) (< net45)) (== netcoreapp2.0) (== netcoreapp2.1) (== netstandard1.6) (== netstandard2.0)
      System.Collections (>= 4.3) - restriction: || (&& (== net46) (>= dnxcore50)) (&& (== net46) (< net45)) (&& (== net462) (>= dnxcore50)) (&& (== net462) (< net45)) (== netcoreapp2.0) (== netcoreapp2.1) (== netstandard1.6) (== netstandard2.0)
      System.Diagnostics.Debug (>= 4.3) - restriction: || (&& (== net46) (>= dnxcore50)) (&& (== net46) (< net45)) (&& (== net462) (>= dnxcore50)) (&& (== net462) (< net45)) (== netcoreapp2.0) (== netcoreapp2.1) (== netstandard1.6) (== netstandard2.0)
      System.Diagnostics.Tracing (>= 4.3) - restriction: || (&& (== net46) (>= dnxcore50)) (&& (== net46) (< net45)) (&& (== net462) (>= dnxcore50)) (&& (== net462) (< net45)) (== netcoreapp2.0) (== netcoreapp2.1) (== netstandard1.6) (== netstandard2.0)
      System.Globalization (>= 4.3) - restriction: || (&& (== net46) (>= dnxcore50)) (&& (== net46) (< net45)) (&& (== net462) (>= dnxcore50)) (&& (== net462) (< net45)) (== netcoreapp2.0) (== netcoreapp2.1) (== netstandard1.6) (== netstandard2.0)
      System.IO (>= 4.3) - restriction: || (&& (== net46) (>= dnxcore50)) (&& (== net46) (< net45)) (&& (== net46) (< netstandard1.1)) (&& (== net462) (>= dnxcore50)) (&& (== net462) (< net45)) (&& (== net462) (< netstandard1.1)) (== netcoreapp2.0) (== netcoreapp2.1) (== netstandard1.6) (== netstandard2.0)
      System.Net.Http (>= 4.3) - restriction: || (&& (== net46) (>= dnxcore50)) (&& (== net46) (< net45)) (&& (== net462) (>= dnxcore50)) (&& (== net462) (< net45)) (== netcoreapp2.0) (== netcoreapp2.1) (== netstandard1.6) (== netstandard2.0)
      System.Net.Primitives (>= 4.3) - restriction: || (&& (== net46) (>= dnxcore50)) (&& (== net46) (< net45)) (&& (== net46) (< netstandard1.1)) (&& (== net462) (>= dnxcore50)) (&& (== net462) (< net45)) (&& (== net462) (< netstandard1.1)) (== netcoreapp2.0) (== netcoreapp2.1) (== netstandard1.6) (== netstandard2.0)
      System.Net.WebHeaderCollection (>= 4.3) - restriction: || (&& (== net46) (>= dnxcore50)) (&& (== net46) (< net45)) (&& (== net462) (>= dnxcore50)) (&& (== net462) (< net45)) (== netcoreapp2.0) (== netcoreapp2.1) (== netstandard1.6) (== netstandard2.0)
      System.Resources.ResourceManager (>= 4.3) - restriction: || (&& (== net46) (>= dnxcore50)) (&& (== net46) (< net45)) (&& (== net462) (>= dnxcore50)) (&& (== net462) (< net45)) (== netcoreapp2.0) (== netcoreapp2.1) (== netstandard1.6) (== netstandard2.0)
      System.Runtime (>= 4.3) - restriction: || (&& (== net46) (>= dnxcore50)) (&& (== net46) (< net45)) (&& (== net46) (< netstandard1.1)) (&& (== net462) (>= dnxcore50)) (&& (== net462) (< net45)) (&& (== net462) (< netstandard1.1)) (== netcoreapp2.0) (== netcoreapp2.1) (== netstandard1.6) (== netstandard2.0)
      System.Threading (>= 4.3) - restriction: || (&& (== net46) (>= dnxcore50)) (&& (== net46) (< net45)) (&& (== net462) (>= dnxcore50)) (&& (== net462) (< net45)) (== netcoreapp2.0) (== netcoreapp2.1) (== netstandard1.6) (== netstandard2.0)
      System.Threading.Tasks (>= 4.3) - restriction: || (&& (== net46) (>= dnxcore50)) (&& (== net46) (< net45)) (&& (== net462) (>= dnxcore50)) (&& (== net462) (< net45)) (== netcoreapp2.0) (== netcoreapp2.1) (== netstandard1.6) (== netstandard2.0)
    System.Net.Sockets (4.3) - restriction: || (== net46) (&& (== net462) (== netcoreapp2.0)) (&& (== net462) (== netcoreapp2.1)) (&& (== net462) (== netstandard2.0)) (&& (== net462) (< net45)) (&& (== net462) (< netstandard1.4)) (&& (== net462) (< netstandard1.5) (>= uap10.0)) (&& (== netcoreapp2.0) (< netstandard1.4)) (&& (== netcoreapp2.0) (< netstandard1.5)) (&& (== netcoreapp2.0) (< netstandard1.6)) (&& (== netcoreapp2.0) (< netstandard2.0)) (&& (== netcoreapp2.1) (< netstandard1.4)) (&& (== netcoreapp2.1) (< netstandard1.5)) (&& (== netcoreapp2.1) (< netstandard1.6)) (&& (== netcoreapp2.1) (< netstandard2.0)) (== netstandard1.6) (&& (== netstandard2.0) (< netstandard1.4)) (&& (== netstandard2.0) (< netstandard1.5)) (&& (== netstandard2.0) (< netstandard1.6))
      Microsoft.NETCore.Platforms (>= 1.1) - restriction: || (&& (== net462) (< net46)) (== netcoreapp2.0) (== netcoreapp2.1) (== netstandard1.6) (== netstandard2.0)
      Microsoft.NETCore.Targets (>= 1.1) - restriction: || (&& (== net462) (< net46)) (== netcoreapp2.0) (== netcoreapp2.1) (== netstandard1.6) (== netstandard2.0)
      System.IO (>= 4.3) - restriction: || (&& (== net462) (< net46)) (== netcoreapp2.0) (== netcoreapp2.1) (== netstandard1.6) (== netstandard2.0)
      System.Net.Primitives (>= 4.3) - restriction: || (&& (== net462) (< net46)) (== netcoreapp2.0) (== netcoreapp2.1) (== netstandard1.6) (== netstandard2.0)
      System.Runtime (>= 4.3) - restriction: || (&& (== net462) (< net46)) (== netcoreapp2.0) (== netcoreapp2.1) (== netstandard1.6) (== netstandard2.0)
      System.Threading.Tasks (>= 4.3) - restriction: || (&& (== net462) (< net46)) (== netcoreapp2.0) (== netcoreapp2.1) (== netstandard1.6) (== netstandard2.0)
    System.Net.WebHeaderCollection (4.3) - restriction: || (&& (== net46) (== netcoreapp2.0)) (&& (== net46) (== netcoreapp2.1)) (&& (== net46) (== netstandard2.0)) (&& (== net46) (>= dnxcore50) (>= netstandard1.6)) (&& (== net46) (< net45) (>= netstandard1.6)) (&& (== net462) (== netcoreapp2.0)) (&& (== net462) (== netcoreapp2.1)) (&& (== net462) (== netstandard2.0)) (&& (== net462) (>= dnxcore50) (>= netstandard1.6)) (&& (== net462) (< net45) (>= netstandard1.6)) (&& (== netcoreapp2.0) (>= dnxcore50)) (&& (== netcoreapp2.0) (< netstandard2.0)) (&& (== netcoreapp2.1) (>= dnxcore50)) (&& (== netcoreapp2.1) (< netstandard2.0)) (== netstandard1.6)
      System.Collections (>= 4.3) - restriction: || (&& (== net462) (< net46)) (== netcoreapp2.0) (== netcoreapp2.1) (== netstandard1.6) (== netstandard2.0)
      System.Resources.ResourceManager (>= 4.3) - restriction: || (&& (== net462) (< net46)) (== netcoreapp2.0) (== netcoreapp2.1) (== netstandard1.6) (== netstandard2.0)
      System.Runtime (>= 4.3) - restriction: || (&& (== net462) (< net46)) (== netcoreapp2.0) (== netcoreapp2.1) (== netstandard1.6) (== netstandard2.0)
      System.Runtime.Extensions (>= 4.3) - restriction: || (&& (== net462) (< net46)) (== netcoreapp2.0) (== netcoreapp2.1) (== netstandard1.6) (== netstandard2.0)
    System.Numerics.Vectors (4.5) - restriction: || (&& (== net46) (== netcoreapp2.0)) (&& (== net46) (== netcoreapp2.1)) (&& (== net46) (< net45) (>= netstandard2.0)) (&& (== net46) (>= netcoreapp2.0)) (&& (== net46) (>= netstandard2.0) (>= uap10.1)) (&& (== net462) (== netcoreapp2.0)) (&& (== net462) (== netcoreapp2.1)) (&& (== net462) (< net45) (>= netstandard2.0)) (&& (== net462) (>= netcoreapp2.0)) (&& (== net462) (>= netstandard2.0) (>= uap10.1)) (&& (== netcoreapp2.0) (== netstandard1.6)) (&& (== netcoreapp2.0) (>= net461)) (&& (== netcoreapp2.1) (== netstandard1.6)) (&& (== netcoreapp2.1) (>= net461)) (&& (== netcoreapp2.1) (< netcoreapp2.0)) (&& (== netcoreapp2.1) (>= uap10.1)) (&& (== netstandard1.6) (>= netcoreapp2.0)) (&& (== netstandard1.6) (>= netstandard2.0)) (== netstandard2.0)
    System.ObjectModel (4.3) - restriction: || (&& (== net46) (== netcoreapp2.0)) (&& (== net46) (== netcoreapp2.1)) (&& (== net46) (== netstandard2.0)) (&& (== net46) (< net45)) (&& (== net46) (< portable-net45+win8+wpa81)) (&& (== net46) (>= uap10.0)) (&& (== net462) (== netcoreapp2.0)) (&& (== net462) (== netcoreapp2.1)) (&& (== net462) (== netstandard2.0)) (&& (== net462) (< net45)) (&& (== net462) (< netstandard1.5) (>= uap10.0)) (&& (== net462) (< portable-net45+win8+wpa81)) (&& (== netcoreapp2.0) (< netstandard1.2)) (&& (== netcoreapp2.0) (< netstandard1.3)) (&& (== netcoreapp2.0) (< netstandard1.4)) (&& (== netcoreapp2.0) (< netstandard1.5)) (&& (== netcoreapp2.0) (< netstandard1.6)) (&& (== netcoreapp2.0) (< netstandard2.0)) (&& (== netcoreapp2.0) (< portable-net45+win8+wpa81)) (&& (== netcoreapp2.1) (< netstandard1.2)) (&& (== netcoreapp2.1) (< netstandard1.3)) (&& (== netcoreapp2.1) (< netstandard1.4)) (&& (== netcoreapp2.1) (< netstandard1.5)) (&& (== netcoreapp2.1) (< netstandard1.6)) (&& (== netcoreapp2.1) (< netstandard2.0)) (&& (== netcoreapp2.1) (< portable-net45+win8+wpa81)) (== netstandard1.6) (&& (== netstandard2.0) (< netstandard1.2)) (&& (== netstandard2.0) (< netstandard1.3)) (&& (== netstandard2.0) (< netstandard1.4)) (&& (== netstandard2.0) (< netstandard1.5)) (&& (== netstandard2.0) (< netstandard1.6)) (&& (== netstandard2.0) (< portable-net45+win8+wpa81))
      System.Collections (>= 4.3) - restriction: || (&& (== net46) (>= dnxcore50)) (&& (== net46) (< net45)) (&& (== net462) (>= dnxcore50)) (&& (== net462) (< net45)) (== netcoreapp2.0) (== netcoreapp2.1) (== netstandard1.6) (== netstandard2.0)
      System.Diagnostics.Debug (>= 4.3) - restriction: || (&& (== net46) (>= dnxcore50)) (&& (== net46) (< net45)) (&& (== net462) (>= dnxcore50)) (&& (== net462) (< net45)) (== netcoreapp2.0) (== netcoreapp2.1) (== netstandard1.6) (== netstandard2.0)
      System.Resources.ResourceManager (>= 4.3) - restriction: || (&& (== net46) (>= dnxcore50)) (&& (== net46) (< net45)) (&& (== net462) (>= dnxcore50)) (&& (== net462) (< net45)) (== netcoreapp2.0) (== netcoreapp2.1) (== netstandard1.6) (== netstandard2.0)
      System.Runtime (>= 4.3) - restriction: || (&& (== net46) (>= dnxcore50)) (&& (== net46) (< net45)) (&& (== net462) (>= dnxcore50)) (&& (== net462) (< net45)) (== netcoreapp2.0) (== netcoreapp2.1) (== netstandard1.6) (== netstandard2.0)
      System.Threading (>= 4.3) - restriction: || (&& (== net46) (>= dnxcore50)) (&& (== net46) (< net45)) (&& (== net462) (>= dnxcore50)) (&& (== net462) (< net45)) (== netcoreapp2.0) (== netcoreapp2.1) (== netstandard1.6) (== netstandard2.0)
    System.Reflection (4.3) - restriction: || (&& (== net46) (< net35)) (&& (== net46) (< net45)) (&& (== net46) (< portable-net45+win8+wpa81)) (&& (== net46) (>= uap10.0)) (&& (== net462) (< net35)) (&& (== net462) (< net45)) (&& (== net462) (< netstandard1.5) (>= uap10.0)) (&& (== net462) (< portable-net45+win8+wpa81)) (== netcoreapp2.0) (== netcoreapp2.1) (== netstandard1.6) (== netstandard2.0)
      Microsoft.NETCore.Platforms (>= 1.1) - restriction: || (&& (== net46) (>= dnxcore50)) (&& (== net46) (< net45)) (&& (== net462) (>= dnxcore50)) (&& (== net462) (< net45)) (== netcoreapp2.0) (== netcoreapp2.1) (== netstandard1.6) (== netstandard2.0)
      Microsoft.NETCore.Targets (>= 1.1) - restriction: || (&& (== net46) (>= dnxcore50)) (&& (== net46) (< net45)) (&& (== net462) (>= dnxcore50)) (&& (== net462) (< net45)) (== netcoreapp2.0) (== netcoreapp2.1) (== netstandard1.6) (== netstandard2.0)
      System.IO (>= 4.3) - restriction: || (&& (== net46) (>= dnxcore50)) (&& (== net46) (< net45)) (&& (== net462) (>= dnxcore50)) (&& (== net462) (< net45)) (== netcoreapp2.0) (== netcoreapp2.1) (== netstandard1.6) (== netstandard2.0)
      System.Reflection.Primitives (>= 4.3) - restriction: || (&& (== net46) (>= dnxcore50)) (&& (== net46) (< net45)) (&& (== net462) (>= dnxcore50)) (&& (== net462) (< net45)) (== netcoreapp2.0) (== netcoreapp2.1) (== netstandard1.6) (== netstandard2.0)
      System.Runtime (>= 4.3) - restriction: || (&& (== net46) (>= dnxcore50)) (&& (== net46) (< net45)) (&& (== net462) (>= dnxcore50)) (&& (== net462) (< net45)) (== netcoreapp2.0) (== netcoreapp2.1) (== netstandard1.6) (== netstandard2.0)
    System.Reflection.Emit (4.3) - restriction: || (&& (== net46) (== netcoreapp2.0)) (&& (== net46) (== netcoreapp2.1)) (&& (== net46) (== netstandard2.0)) (&& (== net46) (< net45) (>= netstandard1.6)) (&& (== net46) (>= netstandard1.6) (< portable-net45+win8+wpa81)) (&& (== net46) (>= netstandard1.6) (>= uap10.0)) (&& (== net462) (== netcoreapp2.0)) (&& (== net462) (== netcoreapp2.1)) (&& (== net462) (== netstandard2.0)) (&& (== net462) (< net45) (>= netstandard1.6)) (&& (== net462) (< netstandard1.5) (>= netstandard1.6) (>= uap10.0)) (&& (== net462) (>= netstandard1.6) (< portable-net45+win8+wpa81)) (&& (== netcoreapp2.0) (< netstandard1.2)) (&& (== netcoreapp2.0) (< netstandard1.3)) (&& (== netcoreapp2.0) (< netstandard1.4)) (&& (== netcoreapp2.0) (< netstandard1.5)) (&& (== netcoreapp2.0) (< netstandard1.6)) (&& (== netcoreapp2.0) (< netstandard2.0)) (&& (== netcoreapp2.0) (< portable-net45+win8+wpa81)) (&& (== netcoreapp2.1) (< netstandard1.2)) (&& (== netcoreapp2.1) (< netstandard1.3)) (&& (== netcoreapp2.1) (< netstandard1.4)) (&& (== netcoreapp2.1) (< netstandard1.5)) (&& (== netcoreapp2.1) (< netstandard1.6)) (&& (== netcoreapp2.1) (< netstandard2.0)) (&& (== netcoreapp2.1) (< portable-net45+win8+wpa81)) (== netstandard1.6) (&& (== netstandard2.0) (< netstandard1.2)) (&& (== netstandard2.0) (< netstandard1.3)) (&& (== netstandard2.0) (< netstandard1.4)) (&& (== netstandard2.0) (< netstandard1.5)) (&& (== netstandard2.0) (< netstandard1.6)) (&& (== netstandard2.0) (< portable-net45+win8+wpa81))
      System.IO (>= 4.3) - restriction: || (&& (== net46) (< net45)) (&& (== net462) (< net45)) (== netcoreapp2.0) (== netcoreapp2.1) (== netstandard1.6) (== netstandard2.0)
      System.Reflection (>= 4.3) - restriction: || (&& (== net46) (< net45)) (&& (== net462) (< net45)) (== netcoreapp2.0) (== netcoreapp2.1) (== netstandard1.6) (== netstandard2.0)
      System.Reflection.Emit.ILGeneration (>= 4.3) - restriction: || (&& (== net46) (< net45)) (&& (== net462) (< net45)) (== netcoreapp2.0) (== netcoreapp2.1) (== netstandard1.6) (== netstandard2.0)
      System.Reflection.Primitives (>= 4.3) - restriction: || (&& (== net46) (< net45)) (&& (== net462) (< net45)) (== netcoreapp2.0) (== netcoreapp2.1) (== netstandard1.6) (== netstandard2.0)
      System.Runtime (>= 4.3) - restriction: || (&& (== net46) (< net45)) (&& (== net462) (< net45)) (== netcoreapp2.0) (== netcoreapp2.1) (== netstandard1.6) (== netstandard2.0)
    System.Reflection.Emit.ILGeneration (4.3) - restriction: || (&& (== net46) (== netcoreapp2.0)) (&& (== net46) (== netcoreapp2.1)) (&& (== net46) (== netstandard2.0)) (&& (== net46) (>= dnxcore50)) (&& (== net46) (< net45) (>= netstandard1.6)) (&& (== net46) (>= netstandard1.6) (< portable-net45+win8+wpa81)) (&& (== net46) (>= netstandard1.6) (>= uap10.0)) (&& (== net462) (== netcoreapp2.0)) (&& (== net462) (== netcoreapp2.1)) (&& (== net462) (== netstandard2.0)) (&& (== net462) (>= dnxcore50)) (&& (== net462) (< net45) (>= netstandard1.6)) (&& (== net462) (< netstandard1.5) (>= netstandard1.6) (>= uap10.0)) (&& (== net462) (>= netstandard1.6) (< portable-net45+win8+wpa81)) (&& (== netcoreapp2.0) (>= dnxcore50)) (&& (== netcoreapp2.0) (< netstandard1.2)) (&& (== netcoreapp2.0) (< netstandard1.3)) (&& (== netcoreapp2.0) (< netstandard1.4)) (&& (== netcoreapp2.0) (< netstandard1.5)) (&& (== netcoreapp2.0) (< netstandard1.6)) (&& (== netcoreapp2.0) (< netstandard2.0)) (&& (== netcoreapp2.0) (< portable-net45+win8+wpa81)) (&& (== netcoreapp2.1) (>= dnxcore50)) (&& (== netcoreapp2.1) (< netstandard1.2)) (&& (== netcoreapp2.1) (< netstandard1.3)) (&& (== netcoreapp2.1) (< netstandard1.4)) (&& (== netcoreapp2.1) (< netstandard1.5)) (&& (== netcoreapp2.1) (< netstandard1.6)) (&& (== netcoreapp2.1) (< netstandard2.0)) (&& (== netcoreapp2.1) (< portable-net45+win8+wpa81)) (== netstandard1.6) (&& (== netstandard2.0) (>= dnxcore50)) (&& (== netstandard2.0) (< netstandard1.2)) (&& (== netstandard2.0) (< netstandard1.3)) (&& (== netstandard2.0) (< netstandard1.4)) (&& (== netstandard2.0) (< netstandard1.5)) (&& (== netstandard2.0) (< netstandard1.6)) (&& (== netstandard2.0) (< portable-net45+win8+wpa81))
      System.Reflection (>= 4.3) - restriction: || (&& (== net46) (< net45)) (&& (== net462) (< net45)) (== netcoreapp2.0) (== netcoreapp2.1) (== netstandard1.6) (== netstandard2.0)
      System.Reflection.Primitives (>= 4.3) - restriction: || (&& (== net46) (< net45)) (&& (== net462) (< net45)) (== netcoreapp2.0) (== netcoreapp2.1) (== netstandard1.6) (== netstandard2.0)
      System.Runtime (>= 4.3) - restriction: || (&& (== net46) (< net45)) (&& (== net462) (< net45)) (== netcoreapp2.0) (== netcoreapp2.1) (== netstandard1.6) (== netstandard2.0)
    System.Reflection.Emit.Lightweight (4.3) - restriction: || (&& (== net46) (== netcoreapp2.0)) (&& (== net46) (== netcoreapp2.1)) (&& (== net46) (== netstandard2.0)) (&& (== net46) (>= dnxcore50)) (&& (== net46) (< net45) (>= netstandard1.6)) (&& (== net46) (>= netstandard1.6) (< portable-net45+win8+wpa81)) (&& (== net46) (>= netstandard1.6) (>= uap10.0)) (&& (== net462) (== netcoreapp2.0)) (&& (== net462) (== netcoreapp2.1)) (&& (== net462) (== netstandard2.0)) (&& (== net462) (>= dnxcore50)) (&& (== net462) (< net45) (>= netstandard1.6)) (&& (== net462) (< netstandard1.5) (>= netstandard1.6) (>= uap10.0)) (&& (== net462) (>= netstandard1.6) (< portable-net45+win8+wpa81)) (&& (== netcoreapp2.0) (>= dnxcore50)) (&& (== netcoreapp2.0) (< netstandard1.2)) (&& (== netcoreapp2.0) (< netstandard1.3)) (&& (== netcoreapp2.0) (< netstandard1.4)) (&& (== netcoreapp2.0) (< netstandard1.5)) (&& (== netcoreapp2.0) (< netstandard1.6)) (&& (== netcoreapp2.0) (< netstandard2.0)) (&& (== netcoreapp2.0) (< portable-net45+win8+wpa81)) (&& (== netcoreapp2.1) (>= dnxcore50)) (&& (== netcoreapp2.1) (< netstandard1.2)) (&& (== netcoreapp2.1) (< netstandard1.3)) (&& (== netcoreapp2.1) (< netstandard1.4)) (&& (== netcoreapp2.1) (< netstandard1.5)) (&& (== netcoreapp2.1) (< netstandard1.6)) (&& (== netcoreapp2.1) (< netstandard2.0)) (&& (== netcoreapp2.1) (< portable-net45+win8+wpa81)) (== netstandard1.6) (&& (== netstandard2.0) (>= dnxcore50)) (&& (== netstandard2.0) (< netstandard1.2)) (&& (== netstandard2.0) (< netstandard1.3)) (&& (== netstandard2.0) (< netstandard1.4)) (&& (== netstandard2.0) (< netstandard1.5)) (&& (== netstandard2.0) (< netstandard1.6)) (&& (== netstandard2.0) (< portable-net45+win8+wpa81))
      System.Reflection (>= 4.3) - restriction: || (&& (== net46) (< net45)) (&& (== net462) (< net45)) (== netcoreapp2.0) (== netcoreapp2.1) (== netstandard1.6) (== netstandard2.0)
      System.Reflection.Emit.ILGeneration (>= 4.3) - restriction: || (&& (== net46) (< net45)) (&& (== net462) (< net45)) (== netcoreapp2.0) (== netcoreapp2.1) (== netstandard1.6) (== netstandard2.0)
      System.Reflection.Primitives (>= 4.3) - restriction: || (&& (== net46) (< net45)) (&& (== net462) (< net45)) (== netcoreapp2.0) (== netcoreapp2.1) (== netstandard1.6) (== netstandard2.0)
      System.Runtime (>= 4.3) - restriction: || (&& (== net46) (< net45)) (&& (== net462) (< net45)) (== netcoreapp2.0) (== netcoreapp2.1) (== netstandard1.6) (== netstandard2.0)
    System.Reflection.Extensions (4.3) - restriction: || (&& (== net46) (== netcoreapp2.0)) (&& (== net46) (== netcoreapp2.1)) (&& (== net46) (== netstandard2.0)) (&& (== net46) (< net45)) (&& (== net46) (< portable-net45+win8+wpa81)) (&& (== net46) (>= uap10.0)) (&& (== net462) (== netcoreapp2.0)) (&& (== net462) (== netcoreapp2.1)) (&& (== net462) (== netstandard2.0)) (&& (== net462) (< net45)) (&& (== net462) (< netstandard1.5) (>= uap10.0)) (&& (== net462) (< portable-net45+win8+wpa81)) (&& (== netcoreapp2.0) (< netstandard1.2)) (&& (== netcoreapp2.0) (< netstandard1.3)) (&& (== netcoreapp2.0) (< netstandard1.4)) (&& (== netcoreapp2.0) (< netstandard1.5)) (&& (== netcoreapp2.0) (< netstandard1.6)) (&& (== netcoreapp2.0) (< netstandard2.0)) (&& (== netcoreapp2.0) (< portable-net45+win8+wpa81)) (&& (== netcoreapp2.1) (< netstandard1.2)) (&& (== netcoreapp2.1) (< netstandard1.3)) (&& (== netcoreapp2.1) (< netstandard1.4)) (&& (== netcoreapp2.1) (< netstandard1.5)) (&& (== netcoreapp2.1) (< netstandard1.6)) (&& (== netcoreapp2.1) (< netstandard2.0)) (&& (== netcoreapp2.1) (< portable-net45+win8+wpa81)) (== netstandard1.6) (&& (== netstandard2.0) (< netstandard1.2)) (&& (== netstandard2.0) (< netstandard1.3)) (&& (== netstandard2.0) (< netstandard1.4)) (&& (== netstandard2.0) (< netstandard1.5)) (&& (== netstandard2.0) (< netstandard1.6)) (&& (== netstandard2.0) (< portable-net45+win8+wpa81))
      Microsoft.NETCore.Platforms (>= 1.1) - restriction: || (&& (== net46) (>= dnxcore50)) (&& (== net46) (< net45)) (&& (== net462) (>= dnxcore50)) (&& (== net462) (< net45)) (== netcoreapp2.0) (== netcoreapp2.1) (== netstandard1.6) (== netstandard2.0)
      Microsoft.NETCore.Targets (>= 1.1) - restriction: || (&& (== net46) (>= dnxcore50)) (&& (== net46) (< net45)) (&& (== net462) (>= dnxcore50)) (&& (== net462) (< net45)) (== netcoreapp2.0) (== netcoreapp2.1) (== netstandard1.6) (== netstandard2.0)
      System.Reflection (>= 4.3) - restriction: || (&& (== net46) (>= dnxcore50)) (&& (== net46) (< net45)) (&& (== net462) (>= dnxcore50)) (&& (== net462) (< net45)) (== netcoreapp2.0) (== netcoreapp2.1) (== netstandard1.6) (== netstandard2.0)
      System.Runtime (>= 4.3) - restriction: || (&& (== net46) (>= dnxcore50)) (&& (== net46) (< net45)) (&& (== net462) (>= dnxcore50)) (&& (== net462) (< net45)) (== netcoreapp2.0) (== netcoreapp2.1) (== netstandard1.6) (== netstandard2.0)
    System.Reflection.Primitives (4.3) - restriction: || (&& (== net46) (== netcoreapp2.0)) (&& (== net46) (== netcoreapp2.1)) (&& (== net46) (== netstandard2.0)) (&& (== net46) (< net45)) (&& (== net46) (< portable-net45+win8+wpa81)) (&& (== net46) (>= uap10.0)) (&& (== net462) (== netcoreapp2.0)) (&& (== net462) (== netcoreapp2.1)) (&& (== net462) (== netstandard2.0)) (&& (== net462) (< net45)) (&& (== net462) (< netstandard1.5) (>= uap10.0)) (&& (== net462) (< portable-net45+win8+wpa81)) (&& (== netcoreapp2.0) (< netstandard1.2)) (&& (== netcoreapp2.0) (< netstandard1.3)) (&& (== netcoreapp2.0) (< netstandard1.4)) (&& (== netcoreapp2.0) (< netstandard1.5)) (&& (== netcoreapp2.0) (< netstandard1.6)) (&& (== netcoreapp2.0) (< netstandard2.0)) (&& (== netcoreapp2.0) (< portable-net45+win8+wpa81)) (&& (== netcoreapp2.1) (< netstandard1.2)) (&& (== netcoreapp2.1) (< netstandard1.3)) (&& (== netcoreapp2.1) (< netstandard1.4)) (&& (== netcoreapp2.1) (< netstandard1.5)) (&& (== netcoreapp2.1) (< netstandard1.6)) (&& (== netcoreapp2.1) (< netstandard2.0)) (&& (== netcoreapp2.1) (< portable-net45+win8+wpa81)) (== netstandard1.6) (&& (== netstandard2.0) (< netstandard1.2)) (&& (== netstandard2.0) (< netstandard1.3)) (&& (== netstandard2.0) (< netstandard1.4)) (&& (== netstandard2.0) (< netstandard1.5)) (&& (== netstandard2.0) (< netstandard1.6)) (&& (== netstandard2.0) (< portable-net45+win8+wpa81))
      Microsoft.NETCore.Platforms (>= 1.1) - restriction: || (&& (== net46) (>= dnxcore50)) (&& (== net46) (< net45)) (&& (== net462) (>= dnxcore50)) (&& (== net462) (< net45)) (== netcoreapp2.0) (== netcoreapp2.1) (== netstandard1.6) (== netstandard2.0)
      Microsoft.NETCore.Targets (>= 1.1) - restriction: || (&& (== net46) (>= dnxcore50)) (&& (== net46) (< net45)) (&& (== net462) (>= dnxcore50)) (&& (== net462) (< net45)) (== netcoreapp2.0) (== netcoreapp2.1) (== netstandard1.6) (== netstandard2.0)
      System.Runtime (>= 4.3) - restriction: || (&& (== net46) (>= dnxcore50)) (&& (== net46) (< net45)) (&& (== net462) (>= dnxcore50)) (&& (== net462) (< net45)) (== netcoreapp2.0) (== netcoreapp2.1) (== netstandard1.6) (== netstandard2.0)
    System.Reflection.TypeExtensions (4.5.1) - restriction: || (&& (== net46) (== netcoreapp2.0)) (&& (== net46) (== netcoreapp2.1)) (&& (== net46) (== netstandard2.0)) (&& (== net46) (>= dnxcore50)) (&& (== net46) (< net45) (>= netstandard1.6)) (&& (== net46) (>= netstandard1.6) (< portable-net45+win8+wpa81)) (&& (== net46) (>= netstandard1.6) (>= uap10.0)) (&& (== net462) (== netcoreapp2.0)) (&& (== net462) (== netcoreapp2.1)) (&& (== net462) (== netstandard2.0)) (&& (== net462) (>= dnxcore50)) (&& (== net462) (< net45) (>= netstandard1.6)) (&& (== net462) (< netstandard1.5) (>= netstandard1.6) (>= uap10.0)) (&& (== net462) (>= netstandard1.6) (< portable-net45+win8+wpa81)) (&& (== netcoreapp2.0) (>= dnxcore50)) (&& (== netcoreapp2.0) (< netstandard1.2)) (&& (== netcoreapp2.0) (< netstandard1.3)) (&& (== netcoreapp2.0) (< netstandard1.4)) (&& (== netcoreapp2.0) (< netstandard1.5)) (&& (== netcoreapp2.0) (< netstandard1.6)) (&& (== netcoreapp2.0) (< netstandard2.0)) (&& (== netcoreapp2.0) (< portable-net45+win8+wpa81)) (&& (== netcoreapp2.1) (>= dnxcore50)) (&& (== netcoreapp2.1) (< netstandard1.2)) (&& (== netcoreapp2.1) (< netstandard1.3)) (&& (== netcoreapp2.1) (< netstandard1.4)) (&& (== netcoreapp2.1) (< netstandard1.5)) (&& (== netcoreapp2.1) (< netstandard1.6)) (&& (== netcoreapp2.1) (< netstandard2.0)) (&& (== netcoreapp2.1) (< portable-net45+win8+wpa81)) (== netstandard1.6) (&& (== netstandard2.0) (>= dnxcore50)) (&& (== netstandard2.0) (< netstandard1.2)) (&& (== netstandard2.0) (< netstandard1.3)) (&& (== netstandard2.0) (< netstandard1.4)) (&& (== netstandard2.0) (< netstandard1.5)) (&& (== netstandard2.0) (< netstandard1.6)) (&& (== netstandard2.0) (< portable-net45+win8+wpa81))
      System.Reflection (>= 4.3) - restriction: || (&& (== net46) (== netcoreapp2.0)) (&& (== net46) (== netcoreapp2.1)) (&& (== net46) (== netstandard2.0)) (&& (== net46) (>= dnxcore50)) (&& (== net462) (== netcoreapp2.0)) (&& (== net462) (== netcoreapp2.1)) (&& (== net462) (== netstandard2.0)) (&& (== net462) (>= dnxcore50)) (&& (== net462) (< net46)) (&& (== netcoreapp2.0) (>= dnxcore50)) (&& (== netcoreapp2.0) (< netstandard1.5)) (&& (== netcoreapp2.0) (< netstandard2.0)) (&& (== netcoreapp2.1) (>= dnxcore50)) (&& (== netcoreapp2.1) (< netstandard1.5)) (&& (== netcoreapp2.1) (< netstandard2.0)) (== netstandard1.6) (&& (== netstandard2.0) (>= dnxcore50)) (&& (== netstandard2.0) (< netstandard1.5))
      System.Resources.ResourceManager (>= 4.3) - restriction: || (&& (== net46) (== netcoreapp2.0)) (&& (== net46) (== netcoreapp2.1)) (&& (== net46) (== netstandard2.0)) (&& (== net46) (>= dnxcore50)) (&& (== net462) (== netcoreapp2.0)) (&& (== net462) (== netcoreapp2.1)) (&& (== net462) (== netstandard2.0)) (&& (== net462) (>= dnxcore50)) (&& (== net462) (< net46)) (&& (== netcoreapp2.0) (>= dnxcore50)) (&& (== netcoreapp2.0) (< netstandard1.5)) (&& (== netcoreapp2.0) (< netstandard2.0)) (&& (== netcoreapp2.1) (>= dnxcore50)) (&& (== netcoreapp2.1) (< netstandard1.5)) (&& (== netcoreapp2.1) (< netstandard2.0)) (== netstandard1.6) (&& (== netstandard2.0) (>= dnxcore50)) (&& (== netstandard2.0) (< netstandard1.5))
      System.Runtime (>= 4.3) - restriction: || (&& (== net46) (== netcoreapp2.0)) (&& (== net46) (== netcoreapp2.1)) (&& (== net46) (== netstandard2.0)) (&& (== net46) (>= dnxcore50)) (&& (== net462) (== netcoreapp2.0)) (&& (== net462) (== netcoreapp2.1)) (&& (== net462) (== netstandard2.0)) (&& (== net462) (>= dnxcore50)) (&& (== net462) (< net46)) (&& (== netcoreapp2.0) (>= dnxcore50)) (&& (== netcoreapp2.0) (< netstandard1.5)) (&& (== netcoreapp2.0) (< netstandard2.0)) (&& (== netcoreapp2.1) (>= dnxcore50)) (&& (== netcoreapp2.1) (< netstandard1.5)) (&& (== netcoreapp2.1) (< netstandard2.0)) (== netstandard1.6) (&& (== netstandard2.0) (>= dnxcore50)) (&& (== netstandard2.0) (< netstandard1.5))
    System.Resources.ResourceManager (4.3) - restriction: || (&& (== net46) (< net35)) (&& (== net46) (< net45)) (&& (== net46) (< portable-net45+win8+wpa81)) (&& (== net46) (>= uap10.0)) (&& (== net462) (< net35)) (&& (== net462) (< net45)) (&& (== net462) (< netstandard1.5) (>= uap10.0)) (&& (== net462) (< portable-net45+win8+wpa81)) (== netcoreapp2.0) (== netcoreapp2.1) (== netstandard1.6) (== netstandard2.0)
      Microsoft.NETCore.Platforms (>= 1.1) - restriction: || (&& (== net46) (>= dnxcore50)) (&& (== net46) (< net45)) (&& (== net462) (>= dnxcore50)) (&& (== net462) (< net45)) (== netcoreapp2.0) (== netcoreapp2.1) (== netstandard1.6) (== netstandard2.0)
      Microsoft.NETCore.Targets (>= 1.1) - restriction: || (&& (== net46) (>= dnxcore50)) (&& (== net46) (< net45)) (&& (== net462) (>= dnxcore50)) (&& (== net462) (< net45)) (== netcoreapp2.0) (== netcoreapp2.1) (== netstandard1.6) (== netstandard2.0)
      System.Globalization (>= 4.3) - restriction: || (&& (== net46) (>= dnxcore50)) (&& (== net46) (< net45)) (&& (== net462) (>= dnxcore50)) (&& (== net462) (< net45)) (== netcoreapp2.0) (== netcoreapp2.1) (== netstandard1.6) (== netstandard2.0)
      System.Reflection (>= 4.3) - restriction: || (&& (== net46) (>= dnxcore50)) (&& (== net46) (< net45)) (&& (== net462) (>= dnxcore50)) (&& (== net462) (< net45)) (== netcoreapp2.0) (== netcoreapp2.1) (== netstandard1.6) (== netstandard2.0)
      System.Runtime (>= 4.3) - restriction: || (&& (== net46) (>= dnxcore50)) (&& (== net46) (< net45)) (&& (== net462) (>= dnxcore50)) (&& (== net462) (< net45)) (== netcoreapp2.0) (== netcoreapp2.1) (== netstandard1.6) (== netstandard2.0)
    System.Runtime (4.3.1) - restriction: || (&& (== net46) (>= dnxcore50)) (&& (== net46) (< net35)) (&& (== net46) (< net45)) (&& (== net46) (< portable-net45+win8+wpa81)) (&& (== net46) (>= uap10.0)) (&& (== net462) (>= dnxcore50)) (&& (== net462) (< net35)) (&& (== net462) (< net45)) (&& (== net462) (< netstandard1.3) (>= uap10.0)) (&& (== net462) (< netstandard1.5) (>= uap10.0)) (&& (== net462) (< portable-net45+win8+wpa81)) (== netcoreapp2.0) (== netcoreapp2.1) (== netstandard1.6) (== netstandard2.0)
      Microsoft.NETCore.Platforms (>= 1.1.1) - restriction: || (&& (== net46) (>= dnxcore50)) (&& (== net46) (< net45)) (&& (== net462) (>= dnxcore50)) (&& (== net462) (< net45)) (== netcoreapp2.0) (== netcoreapp2.1) (== netstandard1.6) (== netstandard2.0)
      Microsoft.NETCore.Targets (>= 1.1.3) - restriction: || (&& (== net46) (>= dnxcore50)) (&& (== net46) (< net45)) (&& (== net462) (>= dnxcore50)) (&& (== net462) (< net45)) (== netcoreapp2.0) (== netcoreapp2.1) (== netstandard1.6) (== netstandard2.0)
    System.Runtime.CompilerServices.Unsafe (4.5.2) - restriction: || (&& (== net46) (== net462) (>= uap10.0)) (&& (== net46) (== netcoreapp2.1)) (&& (== net46) (>= dnxcore50)) (&& (== net46) (>= monoandroid) (>= netstandard2.0)) (&& (== net46) (>= monotouch) (>= netstandard2.0)) (&& (== net46) (< net45)) (&& (== net46) (>= netcoreapp2.0)) (&& (== net46) (< netstandard1.0)) (&& (== net46) (< netstandard1.1) (>= netstandard2.0)) (&& (== net46) (>= netstandard2.0) (>= uap10.1)) (&& (== net46) (>= netstandard2.0) (>= xamarinmac)) (&& (== net46) (>= netstandard2.0) (>= xamarintvos)) (&& (== net46) (>= netstandard2.0) (>= xamarinwatchos)) (&& (== net46) (>= wp8)) (&& (== net46) (>= wpa81)) (&& (== net46) (>= xamarinios)) (&& (== net462) (== netcoreapp2.1)) (&& (== net462) (>= dnxcore50)) (&& (== net462) (>= monoandroid) (>= netstandard2.0)) (&& (== net462) (>= monotouch) (>= netstandard2.0)) (&& (== net462) (< net45)) (&& (== net462) (>= netcoreapp2.0)) (&& (== net462) (< netstandard1.0)) (&& (== net462) (< netstandard1.1) (>= netstandard2.0)) (&& (== net462) (< netstandard1.5) (>= uap10.0)) (&& (== net462) (>= netstandard2.0) (>= uap10.1)) (&& (== net462) (>= netstandard2.0) (>= xamarinmac)) (&& (== net462) (>= netstandard2.0) (>= xamarintvos)) (&& (== net462) (>= netstandard2.0) (>= xamarinwatchos)) (&& (== net462) (< portable-net45+win8+wpa81)) (&& (== net462) (>= wp8)) (&& (== net462) (>= wpa81)) (&& (== net462) (>= xamarinios)) (== netcoreapp2.0) (&& (== netcoreapp2.1) (>= dnxcore50)) (&& (== netcoreapp2.1) (>= monotouch)) (&& (== netcoreapp2.1) (>= net461)) (&& (== netcoreapp2.1) (< netcoreapp2.0)) (&& (== netcoreapp2.1) (< netstandard1.0)) (&& (== netcoreapp2.1) (< netstandard1.1)) (&& (== netcoreapp2.1) (< netstandard1.2)) (&& (== netcoreapp2.1) (< netstandard1.3)) (&& (== netcoreapp2.1) (< netstandard1.4)) (&& (== netcoreapp2.1) (< netstandard1.5)) (&& (== netcoreapp2.1) (< netstandard1.6)) (&& (== netcoreapp2.1) (< netstandard2.0)) (&& (== netcoreapp2.1) (< portable-net45+win8+wpa81)) (&& (== netcoreapp2.1) (>= uap10.1)) (&& (== netcoreapp2.1) (>= wp8)) (&& (== netcoreapp2.1) (>= xamarinios)) (&& (== netcoreapp2.1) (>= xamarinmac)) (&& (== netcoreapp2.1) (>= xamarintvos)) (&& (== netcoreapp2.1) (>= xamarinwatchos)) (== netstandard1.6) (== netstandard2.0)
    System.Runtime.Extensions (4.3.1) - restriction: || (&& (== net46) (< net35)) (&& (== net46) (< net45)) (&& (== net46) (< portable-net45+win8+wpa81)) (&& (== net46) (>= uap10.0)) (&& (== net462) (< net35)) (&& (== net462) (< net45)) (&& (== net462) (< netstandard1.5) (>= uap10.0)) (&& (== net462) (< portable-net45+win8+wpa81)) (== netcoreapp2.0) (== netcoreapp2.1) (== netstandard1.6) (== netstandard2.0)
      Microsoft.NETCore.Platforms (>= 1.1.1) - restriction: || (&& (== net46) (>= dnxcore50)) (&& (== net46) (< net45)) (&& (== net462) (>= dnxcore50)) (&& (== net462) (< net45)) (== netcoreapp2.0) (== netcoreapp2.1) (== netstandard1.6) (== netstandard2.0)
      Microsoft.NETCore.Targets (>= 1.1.3) - restriction: || (&& (== net46) (>= dnxcore50)) (&& (== net46) (< net45)) (&& (== net462) (>= dnxcore50)) (&& (== net462) (< net45)) (== netcoreapp2.0) (== netcoreapp2.1) (== netstandard1.6) (== netstandard2.0)
      System.Runtime (>= 4.3.1) - restriction: || (&& (== net46) (>= dnxcore50)) (&& (== net46) (< net45)) (&& (== net462) (>= dnxcore50)) (&& (== net462) (< net45)) (== netcoreapp2.0) (== netcoreapp2.1) (== netstandard1.6) (== netstandard2.0)
    System.Runtime.Handles (4.3) - restriction: || (&& (== net46) (< net35)) (&& (== net46) (< net45)) (&& (== net46) (>= uap10.0)) (&& (== net462) (< net35)) (&& (== net462) (< net45)) (&& (== net462) (< netstandard1.5) (>= uap10.0)) (== netcoreapp2.0) (== netcoreapp2.1) (== netstandard1.6) (== netstandard2.0)
      Microsoft.NETCore.Platforms (>= 1.1) - restriction: || (&& (== net462) (< net46)) (== netcoreapp2.0) (== netcoreapp2.1) (== netstandard1.6) (== netstandard2.0)
      Microsoft.NETCore.Targets (>= 1.1) - restriction: || (&& (== net462) (< net46)) (== netcoreapp2.0) (== netcoreapp2.1) (== netstandard1.6) (== netstandard2.0)
      System.Runtime (>= 4.3) - restriction: || (&& (== net462) (< net46)) (== netcoreapp2.0) (== netcoreapp2.1) (== netstandard1.6) (== netstandard2.0)
    System.Runtime.InteropServices (4.3) - restriction: || (&& (== net46) (< net35)) (&& (== net46) (< net45)) (&& (== net46) (>= netstandard1.5)) (&& (== net46) (>= uap10.0)) (== net462) (== netcoreapp2.0) (== netcoreapp2.1) (== netstandard1.6) (== netstandard2.0)
      Microsoft.NETCore.Platforms (>= 1.1) - restriction: || (&& (== net46) (>= dnxcore50)) (&& (== net46) (< net45)) (&& (== net46) (>= netcoreapp1.1)) (&& (== net462) (>= dnxcore50)) (&& (== net462) (< net45)) (&& (== net462) (>= netcoreapp1.1)) (== netcoreapp2.0) (== netcoreapp2.1) (== netstandard1.6) (== netstandard2.0)
      Microsoft.NETCore.Targets (>= 1.1) - restriction: || (&& (== net46) (>= dnxcore50)) (&& (== net46) (< net45)) (&& (== net46) (>= netcoreapp1.1)) (&& (== net462) (>= dnxcore50)) (&& (== net462) (< net45)) (&& (== net462) (>= netcoreapp1.1)) (== netcoreapp2.0) (== netcoreapp2.1) (== netstandard1.6) (== netstandard2.0)
      System.Reflection (>= 4.3) - restriction: || (&& (== net46) (>= dnxcore50)) (&& (== net46) (< net45)) (&& (== net46) (>= netcoreapp1.1)) (&& (== net462) (>= dnxcore50)) (&& (== net462) (< net45)) (&& (== net462) (>= netcoreapp1.1)) (== netcoreapp2.0) (== netcoreapp2.1) (== netstandard1.6) (== netstandard2.0)
      System.Reflection.Primitives (>= 4.3) - restriction: || (&& (== net46) (>= dnxcore50)) (&& (== net46) (< net45)) (&& (== net46) (>= netcoreapp1.1)) (&& (== net462) (>= dnxcore50)) (&& (== net462) (< net45)) (&& (== net462) (>= netcoreapp1.1)) (== netcoreapp2.0) (== netcoreapp2.1) (== netstandard1.6) (== netstandard2.0)
      System.Runtime (>= 4.3) - restriction: || (&& (== net46) (>= dnxcore50)) (&& (== net46) (< net45)) (&& (== net46) (>= net462)) (&& (== net46) (>= netcoreapp1.1)) (== net462) (== netcoreapp2.0) (== netcoreapp2.1) (== netstandard1.6) (== netstandard2.0)
      System.Runtime.Handles (>= 4.3) - restriction: || (&& (== net46) (>= dnxcore50)) (&& (== net46) (< net45)) (&& (== net46) (>= netcoreapp1.1)) (&& (== net462) (>= dnxcore50)) (&& (== net462) (< net45)) (&& (== net462) (>= netcoreapp1.1)) (== netcoreapp2.0) (== netcoreapp2.1) (== netstandard1.6) (== netstandard2.0)
    System.Runtime.InteropServices.RuntimeInformation (4.3) - restriction: || (== net46) (&& (== net462) (== netcoreapp2.0)) (&& (== net462) (== netcoreapp2.1)) (&& (== net462) (== netstandard2.0)) (&& (== net462) (< net45)) (&& (== net462) (< netstandard1.0)) (&& (== net462) (< netstandard1.3)) (&& (== net462) (< netstandard1.4)) (&& (== net462) (< netstandard1.5) (>= uap10.0)) (&& (== netcoreapp2.0) (< netstandard1.0)) (&& (== netcoreapp2.0) (< netstandard1.2)) (&& (== netcoreapp2.0) (< netstandard1.3)) (&& (== netcoreapp2.0) (< netstandard1.4)) (&& (== netcoreapp2.0) (< netstandard1.5)) (&& (== netcoreapp2.0) (< netstandard1.6)) (&& (== netcoreapp2.0) (< netstandard2.0)) (&& (== netcoreapp2.1) (< netstandard1.0)) (&& (== netcoreapp2.1) (< netstandard1.2)) (&& (== netcoreapp2.1) (< netstandard1.3)) (&& (== netcoreapp2.1) (< netstandard1.4)) (&& (== netcoreapp2.1) (< netstandard1.5)) (&& (== netcoreapp2.1) (< netstandard1.6)) (&& (== netcoreapp2.1) (< netstandard2.0)) (== netstandard1.6) (&& (== netstandard2.0) (< netstandard1.0)) (&& (== netstandard2.0) (< netstandard1.2)) (&& (== netstandard2.0) (< netstandard1.3)) (&& (== netstandard2.0) (< netstandard1.4)) (&& (== netstandard2.0) (< netstandard1.5)) (&& (== netstandard2.0) (< netstandard1.6))
      runtime.native.System (>= 4.3) - restriction: || (&& (== net46) (< net45)) (&& (== net462) (< net45)) (== netcoreapp2.0) (== netcoreapp2.1) (== netstandard1.6) (== netstandard2.0)
      System.Reflection (>= 4.3) - restriction: || (&& (== net46) (>= dnxcore50)) (&& (== net46) (< net45)) (&& (== net462) (>= dnxcore50)) (&& (== net462) (< net45)) (== netcoreapp2.0) (== netcoreapp2.1) (== netstandard1.6) (== netstandard2.0)
      System.Reflection.Extensions (>= 4.3) - restriction: || (&& (== net46) (>= dnxcore50)) (&& (== net46) (< net45)) (&& (== net462) (>= dnxcore50)) (&& (== net462) (< net45)) (== netcoreapp2.0) (== netcoreapp2.1) (== netstandard1.6) (== netstandard2.0)
      System.Resources.ResourceManager (>= 4.3) - restriction: || (&& (== net46) (>= dnxcore50)) (&& (== net46) (< net45)) (&& (== net462) (>= dnxcore50)) (&& (== net462) (< net45)) (== netcoreapp2.0) (== netcoreapp2.1) (== netstandard1.6) (== netstandard2.0)
      System.Runtime (>= 4.3) - restriction: || (&& (== net46) (>= dnxcore50)) (&& (== net46) (< net45)) (&& (== net462) (>= dnxcore50)) (&& (== net462) (< net45)) (== netcoreapp2.0) (== netcoreapp2.1) (== netstandard1.6) (== netstandard2.0)
      System.Runtime.InteropServices (>= 4.3) - restriction: || (&& (== net46) (< net45)) (&& (== net462) (< net45)) (== netcoreapp2.0) (== netcoreapp2.1) (== netstandard1.6) (== netstandard2.0)
      System.Threading (>= 4.3) - restriction: || (&& (== net46) (>= dnxcore50)) (&& (== net46) (< net45)) (&& (== net462) (>= dnxcore50)) (&& (== net462) (< net45)) (== netcoreapp2.0) (== netcoreapp2.1) (== netstandard1.6) (== netstandard2.0)
    System.Runtime.Numerics (4.3) - restriction: || (&& (== net46) (== netcoreapp2.0)) (&& (== net46) (== netcoreapp2.1)) (&& (== net46) (== netstandard2.0)) (&& (== net46) (< net45)) (&& (== net46) (>= uap10.0)) (&& (== net462) (== netcoreapp2.0)) (&& (== net462) (== netcoreapp2.1)) (&& (== net462) (== netstandard2.0)) (&& (== net462) (< net45)) (&& (== net462) (< netstandard1.5) (>= uap10.0)) (&& (== netcoreapp2.0) (< netstandard1.2)) (&& (== netcoreapp2.0) (< netstandard1.3)) (&& (== netcoreapp2.0) (< netstandard1.4)) (&& (== netcoreapp2.0) (< netstandard1.5)) (&& (== netcoreapp2.0) (< netstandard1.6)) (&& (== netcoreapp2.0) (< netstandard2.0)) (&& (== netcoreapp2.1) (< netstandard1.2)) (&& (== netcoreapp2.1) (< netstandard1.3)) (&& (== netcoreapp2.1) (< netstandard1.4)) (&& (== netcoreapp2.1) (< netstandard1.5)) (&& (== netcoreapp2.1) (< netstandard1.6)) (&& (== netcoreapp2.1) (< netstandard2.0)) (== netstandard1.6) (&& (== netstandard2.0) (< netstandard1.2)) (&& (== netstandard2.0) (< netstandard1.3)) (&& (== netstandard2.0) (< netstandard1.4)) (&& (== netstandard2.0) (< netstandard1.5)) (&& (== netstandard2.0) (< netstandard1.6))
      System.Globalization (>= 4.3) - restriction: || (&& (== net46) (>= dnxcore50)) (&& (== net46) (< net45)) (&& (== net462) (>= dnxcore50)) (&& (== net462) (< net45)) (== netcoreapp2.0) (== netcoreapp2.1) (== netstandard1.6) (== netstandard2.0)
      System.Resources.ResourceManager (>= 4.3) - restriction: || (&& (== net46) (>= dnxcore50)) (&& (== net46) (< net45)) (&& (== net462) (>= dnxcore50)) (&& (== net462) (< net45)) (== netcoreapp2.0) (== netcoreapp2.1) (== netstandard1.6) (== netstandard2.0)
      System.Runtime (>= 4.3) - restriction: || (&& (== net46) (>= dnxcore50)) (&& (== net46) (< net45)) (&& (== net462) (>= dnxcore50)) (&& (== net462) (< net45)) (== netcoreapp2.0) (== netcoreapp2.1) (== netstandard1.6) (== netstandard2.0)
      System.Runtime.Extensions (>= 4.3) - restriction: || (&& (== net46) (>= dnxcore50)) (&& (== net46) (< net45)) (&& (== net462) (>= dnxcore50)) (&& (== net462) (< net45)) (== netcoreapp2.0) (== netcoreapp2.1) (== netstandard1.6) (== netstandard2.0)
    System.Security.Cryptography.Algorithms (4.3.1) - restriction: || (== net46) (&& (== net462) (< net35)) (&& (== net462) (< net45)) (&& (== net462) (< netstandard1.4)) (&& (== net462) (< netstandard1.5) (>= uap10.0)) (== netcoreapp2.0) (== netcoreapp2.1) (== netstandard1.6) (== netstandard2.0)
      Microsoft.NETCore.Platforms (>= 1.1) - restriction: || (&& (== net46) (>= dnxcore50)) (&& (== net462) (>= dnxcore50)) (&& (== net462) (< net46) (>= netstandard1.6)) (== netcoreapp2.0) (== netcoreapp2.1) (== netstandard1.6) (== netstandard2.0)
      runtime.native.System.Security.Cryptography.Apple (>= 4.3.1) - restriction: || (&& (== net462) (< net46) (>= netstandard1.6)) (== netcoreapp2.0) (== netcoreapp2.1) (== netstandard1.6) (== netstandard2.0)
      runtime.native.System.Security.Cryptography.OpenSsl (>= 4.3.2) - restriction: || (&& (== net462) (< net46) (>= netstandard1.6)) (== netcoreapp2.0) (== netcoreapp2.1) (== netstandard1.6) (== netstandard2.0)
      System.Collections (>= 4.3) - restriction: || (&& (== net462) (< net46) (>= netstandard1.6)) (== netcoreapp2.0) (== netcoreapp2.1) (== netstandard1.6) (== netstandard2.0)
      System.IO (>= 4.3) - restriction: || (&& (== net46) (>= dnxcore50)) (&& (== net46) (>= net463)) (&& (== net462) (>= dnxcore50)) (&& (== net462) (< net46)) (&& (== net462) (>= net463)) (== netcoreapp2.0) (== netcoreapp2.1) (== netstandard1.6) (== netstandard2.0)
      System.Resources.ResourceManager (>= 4.3) - restriction: || (&& (== net46) (>= dnxcore50)) (&& (== net462) (>= dnxcore50)) (&& (== net462) (< net46) (>= netstandard1.6)) (== netcoreapp2.0) (== netcoreapp2.1) (== netstandard1.6) (== netstandard2.0)
      System.Runtime (>= 4.3) - restriction: || (&& (== net46) (>= dnxcore50)) (&& (== net46) (>= net463)) (&& (== net462) (>= dnxcore50)) (&& (== net462) (< net46)) (&& (== net462) (>= net463)) (== netcoreapp2.0) (== netcoreapp2.1) (== netstandard1.6) (== netstandard2.0)
      System.Runtime.Extensions (>= 4.3) - restriction: || (&& (== net46) (>= dnxcore50)) (&& (== net462) (>= dnxcore50)) (&& (== net462) (< net46) (>= netstandard1.6)) (== netcoreapp2.0) (== netcoreapp2.1) (== netstandard1.6) (== netstandard2.0)
      System.Runtime.Handles (>= 4.3) - restriction: || (&& (== net46) (>= dnxcore50)) (&& (== net462) (>= dnxcore50)) (&& (== net462) (< net46) (>= netstandard1.6)) (== netcoreapp2.0) (== netcoreapp2.1) (== netstandard1.6) (== netstandard2.0)
      System.Runtime.InteropServices (>= 4.3) - restriction: || (&& (== net46) (>= dnxcore50)) (&& (== net462) (>= dnxcore50)) (&& (== net462) (< net46) (>= netstandard1.6)) (== netcoreapp2.0) (== netcoreapp2.1) (== netstandard1.6) (== netstandard2.0)
      System.Runtime.Numerics (>= 4.3) - restriction: || (&& (== net462) (< net46) (>= netstandard1.6)) (== netcoreapp2.0) (== netcoreapp2.1) (== netstandard1.6) (== netstandard2.0)
      System.Security.Cryptography.Encoding (>= 4.3) - restriction: || (&& (== net46) (>= dnxcore50)) (&& (== net46) (>= net463)) (&& (== net462) (>= dnxcore50)) (&& (== net462) (< net46) (>= netstandard1.6)) (&& (== net462) (>= net463)) (== netcoreapp2.0) (== netcoreapp2.1) (== netstandard1.6) (== netstandard2.0)
      System.Security.Cryptography.Primitives (>= 4.3)
      System.Text.Encoding (>= 4.3) - restriction: || (&& (== net46) (>= dnxcore50)) (&& (== net462) (>= dnxcore50)) (&& (== net462) (< net46) (>= netstandard1.6)) (== netcoreapp2.0) (== netcoreapp2.1) (== netstandard1.6) (== netstandard2.0)
    System.Security.Cryptography.Cng (4.5) - restriction: || (&& (== net46) (== net462) (>= netstandard1.6) (>= uap10.0)) (&& (== net46) (== netcoreapp2.0)) (&& (== net46) (== netcoreapp2.1)) (&& (== net46) (== netstandard2.0)) (&& (== net46) (>= dnxcore50)) (&& (== net462) (== netcoreapp2.0)) (&& (== net462) (== netcoreapp2.1)) (&& (== net462) (== netstandard2.0)) (&& (== net462) (>= dnxcore50)) (&& (== net462) (< net45) (>= netstandard1.6)) (&& (== net462) (< net46) (< netstandard1.4) (>= netstandard1.6)) (&& (== net462) (< netstandard1.5) (>= netstandard1.6) (>= uap10.0)) (&& (== netcoreapp2.0) (>= dnxcore50)) (&& (== netcoreapp2.0) (< netstandard1.4)) (&& (== netcoreapp2.0) (< netstandard1.5)) (&& (== netcoreapp2.0) (< netstandard1.6)) (&& (== netcoreapp2.0) (< netstandard2.0)) (&& (== netcoreapp2.1) (>= dnxcore50)) (&& (== netcoreapp2.1) (< netstandard1.4)) (&& (== netcoreapp2.1) (< netstandard1.5)) (&& (== netcoreapp2.1) (< netstandard1.6)) (&& (== netcoreapp2.1) (< netstandard2.0)) (== netstandard1.6) (&& (== netstandard2.0) (>= dnxcore50)) (&& (== netstandard2.0) (< netstandard1.4)) (&& (== netstandard2.0) (< netstandard1.5)) (&& (== netstandard2.0) (< netstandard1.6))
      System.IO (>= 4.3) - restriction: || (&& (== net46) (== netcoreapp2.0)) (&& (== net46) (== netcoreapp2.1)) (&& (== net46) (== netstandard2.0)) (&& (== net462) (== netcoreapp2.0)) (&& (== net462) (== netcoreapp2.1)) (&& (== net462) (== netstandard2.0)) (&& (== net462) (< net46)) (&& (== netcoreapp2.0) (< netstandard1.4)) (&& (== netcoreapp2.0) (< netstandard1.6)) (&& (== netcoreapp2.0) (< netstandard2.0)) (&& (== netcoreapp2.1) (< netstandard1.4)) (&& (== netcoreapp2.1) (< netstandard1.6)) (&& (== netcoreapp2.1) (< netstandard2.0)) (== netstandard1.6) (&& (== netstandard2.0) (< netstandard1.4)) (&& (== netstandard2.0) (< netstandard1.6))
      System.Resources.ResourceManager (>= 4.3) - restriction: || (&& (== net46) (== netcoreapp2.0)) (&& (== net46) (== netcoreapp2.1)) (&& (== net46) (== netstandard2.0)) (&& (== net462) (== netcoreapp2.0)) (&& (== net462) (== netcoreapp2.1)) (&& (== net462) (== netstandard2.0)) (&& (== net462) (< net46)) (&& (== netcoreapp2.0) (< netstandard1.4)) (&& (== netcoreapp2.0) (< netstandard1.6)) (&& (== netcoreapp2.0) (< netstandard2.0)) (&& (== netcoreapp2.1) (< netstandard1.4)) (&& (== netcoreapp2.1) (< netstandard1.6)) (&& (== netcoreapp2.1) (< netstandard2.0)) (== netstandard1.6) (&& (== netstandard2.0) (< netstandard1.4)) (&& (== netstandard2.0) (< netstandard1.6))
      System.Runtime (>= 4.3) - restriction: || (&& (== net46) (== netcoreapp2.0)) (&& (== net46) (== netcoreapp2.1)) (&& (== net46) (== netstandard2.0)) (&& (== net462) (== netcoreapp2.0)) (&& (== net462) (== netcoreapp2.1)) (&& (== net462) (== netstandard2.0)) (&& (== net462) (< net46)) (&& (== netcoreapp2.0) (< netstandard1.4)) (&& (== netcoreapp2.0) (< netstandard1.6)) (&& (== netcoreapp2.0) (< netstandard2.0)) (&& (== netcoreapp2.1) (< netstandard1.4)) (&& (== netcoreapp2.1) (< netstandard1.6)) (&& (== netcoreapp2.1) (< netstandard2.0)) (== netstandard1.6) (&& (== netstandard2.0) (< netstandard1.4)) (&& (== netstandard2.0) (< netstandard1.6))
      System.Runtime.Extensions (>= 4.3) - restriction: || (&& (== net46) (== netcoreapp2.0)) (&& (== net46) (== netcoreapp2.1)) (&& (== net46) (== netstandard2.0)) (&& (== net462) (== netcoreapp2.0)) (&& (== net462) (== netcoreapp2.1)) (&& (== net462) (== netstandard2.0)) (&& (== net462) (< net46)) (&& (== netcoreapp2.0) (< netstandard1.6)) (&& (== netcoreapp2.0) (< netstandard2.0)) (&& (== netcoreapp2.1) (< netstandard1.6)) (&& (== netcoreapp2.1) (< netstandard2.0)) (== netstandard1.6) (&& (== netstandard2.0) (< netstandard1.6))
      System.Runtime.Handles (>= 4.3) - restriction: || (&& (== net46) (== netcoreapp2.0)) (&& (== net46) (== netcoreapp2.1)) (&& (== net46) (== netstandard2.0)) (&& (== net462) (== netcoreapp2.0)) (&& (== net462) (== netcoreapp2.1)) (&& (== net462) (== netstandard2.0)) (&& (== net462) (< net46)) (&& (== netcoreapp2.0) (< netstandard1.4)) (&& (== netcoreapp2.0) (< netstandard1.6)) (&& (== netcoreapp2.0) (< netstandard2.0)) (&& (== netcoreapp2.1) (< netstandard1.4)) (&& (== netcoreapp2.1) (< netstandard1.6)) (&& (== netcoreapp2.1) (< netstandard2.0)) (== netstandard1.6) (&& (== netstandard2.0) (< netstandard1.4)) (&& (== netstandard2.0) (< netstandard1.6))
      System.Runtime.InteropServices (>= 4.3) - restriction: || (&& (== net46) (== netcoreapp2.0)) (&& (== net46) (== netcoreapp2.1)) (&& (== net46) (== netstandard2.0)) (&& (== net462) (== netcoreapp2.0)) (&& (== net462) (== netcoreapp2.1)) (&& (== net462) (== netstandard2.0)) (&& (== net462) (< net46)) (&& (== netcoreapp2.0) (< netstandard1.4)) (&& (== netcoreapp2.0) (< netstandard1.6)) (&& (== netcoreapp2.0) (< netstandard2.0)) (&& (== netcoreapp2.1) (< netstandard1.4)) (&& (== netcoreapp2.1) (< netstandard1.6)) (&& (== netcoreapp2.1) (< netstandard2.0)) (== netstandard1.6) (&& (== netstandard2.0) (< netstandard1.4)) (&& (== netstandard2.0) (< netstandard1.6))
      System.Security.Cryptography.Algorithms (>= 4.3) - restriction: || (== net46) (&& (== net462) (== netcoreapp2.0)) (&& (== net462) (== netcoreapp2.1)) (&& (== net462) (== netstandard2.0)) (&& (== net462) (< net46)) (&& (== net462) (< netstandard1.4)) (&& (== netcoreapp2.0) (< netstandard1.4)) (&& (== netcoreapp2.0) (< netstandard1.6)) (&& (== netcoreapp2.0) (< netstandard2.0)) (&& (== netcoreapp2.1) (< netstandard1.4)) (&& (== netcoreapp2.1) (< netstandard1.6)) (&& (== netcoreapp2.1) (< netstandard2.0)) (== netstandard1.6) (&& (== netstandard2.0) (< netstandard1.4)) (&& (== netstandard2.0) (< netstandard1.6))
      System.Security.Cryptography.Encoding (>= 4.3) - restriction: || (&& (== net46) (== netcoreapp2.0)) (&& (== net46) (== netcoreapp2.1)) (&& (== net46) (== netstandard2.0)) (&& (== net462) (== netcoreapp2.0)) (&& (== net462) (== netcoreapp2.1)) (&& (== net462) (== netstandard2.0)) (&& (== net462) (< net46)) (&& (== netcoreapp2.0) (< netstandard1.6)) (&& (== netcoreapp2.0) (< netstandard2.0)) (&& (== netcoreapp2.1) (< netstandard1.6)) (&& (== netcoreapp2.1) (< netstandard2.0)) (== netstandard1.6) (&& (== netstandard2.0) (< netstandard1.6))
      System.Security.Cryptography.Primitives (>= 4.3) - restriction: || (== net46) (&& (== net462) (== netcoreapp2.0)) (&& (== net462) (== netcoreapp2.1)) (&& (== net462) (== netstandard2.0)) (&& (== net462) (< net46)) (&& (== net462) (< netstandard1.4)) (&& (== netcoreapp2.0) (< netstandard1.4)) (&& (== netcoreapp2.0) (< netstandard1.6)) (&& (== netcoreapp2.0) (< netstandard2.0)) (&& (== netcoreapp2.1) (< netstandard1.4)) (&& (== netcoreapp2.1) (< netstandard1.6)) (&& (== netcoreapp2.1) (< netstandard2.0)) (== netstandard1.6) (&& (== netstandard2.0) (< netstandard1.4)) (&& (== netstandard2.0) (< netstandard1.6))
      System.Text.Encoding (>= 4.3) - restriction: || (&& (== net46) (== netcoreapp2.0)) (&& (== net46) (== netcoreapp2.1)) (&& (== net46) (== netstandard2.0)) (&& (== net462) (== netcoreapp2.0)) (&& (== net462) (== netcoreapp2.1)) (&& (== net462) (== netstandard2.0)) (&& (== net462) (< net46)) (&& (== netcoreapp2.0) (< netstandard1.6)) (&& (== netcoreapp2.0) (< netstandard2.0)) (&& (== netcoreapp2.1) (< netstandard1.6)) (&& (== netcoreapp2.1) (< netstandard2.0)) (== netstandard1.6) (&& (== netstandard2.0) (< netstandard1.6))
    System.Security.Cryptography.Csp (4.3) - restriction: || (&& (== net46) (== net462) (>= netstandard1.6) (>= uap10.0)) (&& (== net46) (< net35)) (&& (== net462) (< net35)) (&& (== net462) (< net45) (>= netstandard1.6)) (&& (== net462) (< net46) (< netstandard1.4) (>= netstandard1.6)) (&& (== net462) (< netstandard1.5) (>= netstandard1.6) (>= uap10.0)) (== netcoreapp2.0) (== netcoreapp2.1) (== netstandard1.6) (== netstandard2.0)
      Microsoft.NETCore.Platforms (>= 1.1) - restriction: || (&& (== net462) (< net46)) (== netcoreapp2.0) (== netcoreapp2.1) (== netstandard1.6) (== netstandard2.0)
      System.IO (>= 4.3) - restriction: || (&& (== net462) (< net46)) (== netcoreapp2.0) (== netcoreapp2.1) (== netstandard1.6) (== netstandard2.0)
      System.Reflection (>= 4.3) - restriction: || (&& (== net462) (< net46)) (== netcoreapp2.0) (== netcoreapp2.1) (== netstandard1.6) (== netstandard2.0)
      System.Resources.ResourceManager (>= 4.3) - restriction: || (&& (== net462) (< net46)) (== netcoreapp2.0) (== netcoreapp2.1) (== netstandard1.6) (== netstandard2.0)
      System.Runtime (>= 4.3) - restriction: || (&& (== net462) (< net46)) (== netcoreapp2.0) (== netcoreapp2.1) (== netstandard1.6) (== netstandard2.0)
      System.Runtime.Extensions (>= 4.3) - restriction: || (&& (== net462) (< net46)) (== netcoreapp2.0) (== netcoreapp2.1) (== netstandard1.6) (== netstandard2.0)
      System.Runtime.Handles (>= 4.3) - restriction: || (&& (== net462) (< net46)) (== netcoreapp2.0) (== netcoreapp2.1) (== netstandard1.6) (== netstandard2.0)
      System.Runtime.InteropServices (>= 4.3) - restriction: || (&& (== net462) (< net46)) (== netcoreapp2.0) (== netcoreapp2.1) (== netstandard1.6) (== netstandard2.0)
      System.Security.Cryptography.Algorithms (>= 4.3)
      System.Security.Cryptography.Encoding (>= 4.3) - restriction: || (&& (== net462) (< net46)) (== netcoreapp2.0) (== netcoreapp2.1) (== netstandard1.6) (== netstandard2.0)
      System.Security.Cryptography.Primitives (>= 4.3)
      System.Text.Encoding (>= 4.3) - restriction: || (&& (== net462) (< net46)) (== netcoreapp2.0) (== netcoreapp2.1) (== netstandard1.6) (== netstandard2.0)
      System.Threading (>= 4.3) - restriction: || (&& (== net462) (< net46)) (== netcoreapp2.0) (== netcoreapp2.1) (== netstandard1.6) (== netstandard2.0)
    System.Security.Cryptography.Encoding (4.3) - restriction: || (== net46) (&& (== net462) (< net35)) (&& (== net462) (< net45)) (&& (== net462) (< netstandard1.4)) (&& (== net462) (< netstandard1.5) (>= uap10.0)) (== netcoreapp2.0) (== netcoreapp2.1) (== netstandard1.6) (== netstandard2.0)
      Microsoft.NETCore.Platforms (>= 1.1) - restriction: || (&& (== net462) (< net46)) (== netcoreapp2.0) (== netcoreapp2.1) (== netstandard1.6) (== netstandard2.0)
      runtime.native.System.Security.Cryptography.OpenSsl (>= 4.3) - restriction: || (&& (== net462) (< net46)) (== netcoreapp2.0) (== netcoreapp2.1) (== netstandard1.6) (== netstandard2.0)
      System.Collections (>= 4.3) - restriction: || (&& (== net462) (< net46)) (== netcoreapp2.0) (== netcoreapp2.1) (== netstandard1.6) (== netstandard2.0)
      System.Collections.Concurrent (>= 4.3) - restriction: || (&& (== net462) (< net46)) (== netcoreapp2.0) (== netcoreapp2.1) (== netstandard1.6) (== netstandard2.0)
      System.Linq (>= 4.3) - restriction: || (&& (== net462) (< net46)) (== netcoreapp2.0) (== netcoreapp2.1) (== netstandard1.6) (== netstandard2.0)
      System.Resources.ResourceManager (>= 4.3) - restriction: || (&& (== net462) (< net46)) (== netcoreapp2.0) (== netcoreapp2.1) (== netstandard1.6) (== netstandard2.0)
      System.Runtime (>= 4.3) - restriction: || (&& (== net462) (< net46)) (== netcoreapp2.0) (== netcoreapp2.1) (== netstandard1.6) (== netstandard2.0)
      System.Runtime.Extensions (>= 4.3) - restriction: || (&& (== net462) (< net46)) (== netcoreapp2.0) (== netcoreapp2.1) (== netstandard1.6) (== netstandard2.0)
      System.Runtime.Handles (>= 4.3) - restriction: || (&& (== net462) (< net46)) (== netcoreapp2.0) (== netcoreapp2.1) (== netstandard1.6) (== netstandard2.0)
      System.Runtime.InteropServices (>= 4.3) - restriction: || (&& (== net462) (< net46)) (== netcoreapp2.0) (== netcoreapp2.1) (== netstandard1.6) (== netstandard2.0)
      System.Security.Cryptography.Primitives (>= 4.3) - restriction: || (&& (== net462) (< net46)) (== netcoreapp2.0) (== netcoreapp2.1) (== netstandard1.6) (== netstandard2.0)
      System.Text.Encoding (>= 4.3) - restriction: || (&& (== net462) (< net46)) (== netcoreapp2.0) (== netcoreapp2.1) (== netstandard1.6) (== netstandard2.0)
    System.Security.Cryptography.OpenSsl (4.5) - restriction: || (&& (== net46) (== net462) (>= netstandard1.6) (>= uap10.0)) (&& (== net46) (== netcoreapp2.0)) (&& (== net46) (== netcoreapp2.1)) (&& (== net46) (== netstandard2.0)) (&& (== net46) (< net45) (>= netstandard1.6)) (&& (== net462) (== netcoreapp2.0)) (&& (== net462) (== netcoreapp2.1)) (&& (== net462) (== netstandard2.0)) (&& (== net462) (< net45) (>= netstandard1.6)) (&& (== net462) (< netstandard1.5) (>= netstandard1.6) (>= uap10.0)) (&& (== netcoreapp2.0) (< netstandard1.2)) (&& (== netcoreapp2.0) (< netstandard1.3)) (&& (== netcoreapp2.0) (< netstandard1.4)) (&& (== netcoreapp2.0) (< netstandard1.5)) (&& (== netcoreapp2.0) (< netstandard1.6)) (&& (== netcoreapp2.0) (< netstandard2.0)) (&& (== netcoreapp2.1) (< netstandard1.2)) (&& (== netcoreapp2.1) (< netstandard1.3)) (&& (== netcoreapp2.1) (< netstandard1.4)) (&& (== netcoreapp2.1) (< netstandard1.5)) (&& (== netcoreapp2.1) (< netstandard1.6)) (&& (== netcoreapp2.1) (< netstandard2.0)) (== netstandard1.6) (&& (== netstandard2.0) (< netstandard1.2)) (&& (== netstandard2.0) (< netstandard1.3)) (&& (== netstandard2.0) (< netstandard1.4)) (&& (== netstandard2.0) (< netstandard1.5)) (&& (== netstandard2.0) (< netstandard1.6))
      System.Collections (>= 4.3) - restriction: || (&& (== net46) (== netcoreapp2.0)) (&& (== net46) (== netcoreapp2.1)) (&& (== net46) (== netstandard2.0)) (&& (== net46) (>= netstandard1.6)) (&& (== net462) (== netcoreapp2.0)) (&& (== net462) (== netcoreapp2.1)) (&& (== net462) (== netstandard2.0)) (&& (== net462) (>= netstandard1.6)) (&& (== netcoreapp2.0) (< netstandard2.0)) (&& (== netcoreapp2.1) (< netstandard2.0)) (== netstandard1.6)
      System.IO (>= 4.3) - restriction: || (&& (== net46) (== netcoreapp2.0)) (&& (== net46) (== netcoreapp2.1)) (&& (== net46) (== netstandard2.0)) (&& (== net46) (>= netstandard1.6)) (&& (== net462) (== netcoreapp2.0)) (&& (== net462) (== netcoreapp2.1)) (&& (== net462) (== netstandard2.0)) (&& (== net462) (>= netstandard1.6)) (&& (== netcoreapp2.0) (< netstandard2.0)) (&& (== netcoreapp2.1) (< netstandard2.0)) (== netstandard1.6)
      System.Resources.ResourceManager (>= 4.3) - restriction: || (&& (== net46) (== netcoreapp2.0)) (&& (== net46) (== netcoreapp2.1)) (&& (== net46) (== netstandard2.0)) (&& (== net46) (>= netstandard1.6)) (&& (== net462) (== netcoreapp2.0)) (&& (== net462) (== netcoreapp2.1)) (&& (== net462) (== netstandard2.0)) (&& (== net462) (>= netstandard1.6)) (&& (== netcoreapp2.0) (< netstandard2.0)) (&& (== netcoreapp2.1) (< netstandard2.0)) (== netstandard1.6)
      System.Runtime (>= 4.3) - restriction: || (&& (== net46) (== netcoreapp2.0)) (&& (== net46) (== netcoreapp2.1)) (&& (== net46) (== netstandard2.0)) (&& (== net46) (>= netstandard1.6)) (&& (== net462) (== netcoreapp2.0)) (&& (== net462) (== netcoreapp2.1)) (&& (== net462) (== netstandard2.0)) (&& (== net462) (>= netstandard1.6)) (&& (== netcoreapp2.0) (< netstandard2.0)) (&& (== netcoreapp2.1) (< netstandard2.0)) (== netstandard1.6)
      System.Runtime.Extensions (>= 4.3) - restriction: || (&& (== net46) (== netcoreapp2.0)) (&& (== net46) (== netcoreapp2.1)) (&& (== net46) (== netstandard2.0)) (&& (== net46) (>= netstandard1.6)) (&& (== net462) (== netcoreapp2.0)) (&& (== net462) (== netcoreapp2.1)) (&& (== net462) (== netstandard2.0)) (&& (== net462) (>= netstandard1.6)) (&& (== netcoreapp2.0) (< netstandard2.0)) (&& (== netcoreapp2.1) (< netstandard2.0)) (== netstandard1.6)
      System.Runtime.Handles (>= 4.3) - restriction: || (&& (== net46) (== netcoreapp2.0)) (&& (== net46) (== netcoreapp2.1)) (&& (== net46) (== netstandard2.0)) (&& (== net46) (>= netstandard1.6)) (&& (== net462) (== netcoreapp2.0)) (&& (== net462) (== netcoreapp2.1)) (&& (== net462) (== netstandard2.0)) (&& (== net462) (>= netstandard1.6)) (&& (== netcoreapp2.0) (< netstandard2.0)) (&& (== netcoreapp2.1) (< netstandard2.0)) (== netstandard1.6)
      System.Runtime.InteropServices (>= 4.3) - restriction: || (&& (== net46) (== netcoreapp2.0)) (&& (== net46) (== netcoreapp2.1)) (&& (== net46) (== netstandard2.0)) (&& (== net46) (>= netstandard1.6)) (&& (== net462) (== netcoreapp2.0)) (&& (== net462) (== netcoreapp2.1)) (&& (== net462) (== netstandard2.0)) (&& (== net462) (>= netstandard1.6)) (&& (== netcoreapp2.0) (< netstandard2.0)) (&& (== netcoreapp2.1) (< netstandard2.0)) (== netstandard1.6)
      System.Runtime.Numerics (>= 4.3) - restriction: || (&& (== net46) (== netcoreapp2.0)) (&& (== net46) (== netcoreapp2.1)) (&& (== net46) (== netstandard2.0)) (&& (== net46) (>= netstandard1.6)) (&& (== net462) (== netcoreapp2.0)) (&& (== net462) (== netcoreapp2.1)) (&& (== net462) (== netstandard2.0)) (&& (== net462) (>= netstandard1.6)) (&& (== netcoreapp2.0) (< netstandard2.0)) (&& (== netcoreapp2.1) (< netstandard2.0)) (== netstandard1.6)
      System.Security.Cryptography.Algorithms (>= 4.3) - restriction: || (&& (== net46) (== netcoreapp2.0)) (&& (== net46) (== netcoreapp2.1)) (&& (== net46) (== netstandard2.0)) (&& (== net46) (>= netstandard1.6)) (&& (== net462) (== netcoreapp2.0)) (&& (== net462) (== netcoreapp2.1)) (&& (== net462) (== netstandard2.0)) (&& (== net462) (>= netstandard1.6)) (&& (== netcoreapp2.0) (< netstandard2.0)) (&& (== netcoreapp2.1) (< netstandard2.0)) (== netstandard1.6)
      System.Security.Cryptography.Encoding (>= 4.3) - restriction: || (&& (== net46) (== netcoreapp2.0)) (&& (== net46) (== netcoreapp2.1)) (&& (== net46) (== netstandard2.0)) (&& (== net46) (>= netstandard1.6)) (&& (== net462) (== netcoreapp2.0)) (&& (== net462) (== netcoreapp2.1)) (&& (== net462) (== netstandard2.0)) (&& (== net462) (>= netstandard1.6)) (&& (== netcoreapp2.0) (< netstandard2.0)) (&& (== netcoreapp2.1) (< netstandard2.0)) (== netstandard1.6)
      System.Security.Cryptography.Primitives (>= 4.3) - restriction: || (&& (== net46) (== netcoreapp2.0)) (&& (== net46) (== netcoreapp2.1)) (&& (== net46) (== netstandard2.0)) (&& (== net46) (>= netstandard1.6)) (&& (== net462) (== netcoreapp2.0)) (&& (== net462) (== netcoreapp2.1)) (&& (== net462) (== netstandard2.0)) (&& (== net462) (>= netstandard1.6)) (&& (== netcoreapp2.0) (< netstandard2.0)) (&& (== netcoreapp2.1) (< netstandard2.0)) (== netstandard1.6)
      System.Text.Encoding (>= 4.3) - restriction: || (&& (== net46) (== netcoreapp2.0)) (&& (== net46) (== netcoreapp2.1)) (&& (== net46) (== netstandard2.0)) (&& (== net46) (>= netstandard1.6)) (&& (== net462) (== netcoreapp2.0)) (&& (== net462) (== netcoreapp2.1)) (&& (== net462) (== netstandard2.0)) (&& (== net462) (>= netstandard1.6)) (&& (== netcoreapp2.0) (< netstandard2.0)) (&& (== netcoreapp2.1) (< netstandard2.0)) (== netstandard1.6)
    System.Security.Cryptography.Primitives (4.3) - restriction: || (== net46) (&& (== net462) (< net35)) (&& (== net462) (< net45)) (&& (== net462) (< netstandard1.4)) (&& (== net462) (< netstandard1.5) (>= uap10.0)) (== netcoreapp2.0) (== netcoreapp2.1) (== netstandard1.6) (== netstandard2.0)
      System.Diagnostics.Debug (>= 4.3) - restriction: || (&& (== net462) (< net46)) (== netcoreapp2.0) (== netcoreapp2.1) (== netstandard1.6) (== netstandard2.0)
      System.Globalization (>= 4.3) - restriction: || (&& (== net462) (< net46)) (== netcoreapp2.0) (== netcoreapp2.1) (== netstandard1.6) (== netstandard2.0)
      System.IO (>= 4.3) - restriction: || (&& (== net462) (< net46)) (== netcoreapp2.0) (== netcoreapp2.1) (== netstandard1.6) (== netstandard2.0)
      System.Resources.ResourceManager (>= 4.3) - restriction: || (&& (== net462) (< net46)) (== netcoreapp2.0) (== netcoreapp2.1) (== netstandard1.6) (== netstandard2.0)
      System.Runtime (>= 4.3) - restriction: || (&& (== net462) (< net46)) (== netcoreapp2.0) (== netcoreapp2.1) (== netstandard1.6) (== netstandard2.0)
      System.Threading (>= 4.3) - restriction: || (&& (== net462) (< net46)) (== netcoreapp2.0) (== netcoreapp2.1) (== netstandard1.6) (== netstandard2.0)
      System.Threading.Tasks (>= 4.3) - restriction: || (&& (== net462) (< net46)) (== netcoreapp2.0) (== netcoreapp2.1) (== netstandard1.6) (== netstandard2.0)
    System.Security.Cryptography.ProtectedData (4.5) - restriction: || (&& (== net46) (< net45) (>= netstandard2.0)) (&& (== net462) (< net45) (>= netstandard2.0)) (== netcoreapp2.0) (== netcoreapp2.1) (&& (== netstandard1.6) (>= netstandard2.0)) (== netstandard2.0)
      System.Memory (>= 4.5) - restriction: || (&& (== net462) (== netcoreapp2.1)) (&& (== net462) (< net46) (>= netstandard2.0)) (== netcoreapp2.0) (&& (== netcoreapp2.1) (== netstandard1.6)) (&& (== netstandard1.6) (>= netstandard2.0)) (== netstandard2.0)
    System.Security.Cryptography.X509Certificates (4.3.2) - restriction: || (== net46) (&& (== net462) (== netcoreapp2.0)) (&& (== net462) (== netcoreapp2.1)) (&& (== net462) (== netstandard2.0)) (&& (== net462) (< net45)) (&& (== net462) (< netstandard1.4)) (&& (== net462) (< netstandard1.5) (>= uap10.0)) (&& (== netcoreapp2.0) (< netstandard1.4)) (&& (== netcoreapp2.0) (< netstandard1.5)) (&& (== netcoreapp2.0) (< netstandard1.6)) (&& (== netcoreapp2.0) (< netstandard2.0)) (&& (== netcoreapp2.1) (< netstandard1.4)) (&& (== netcoreapp2.1) (< netstandard1.5)) (&& (== netcoreapp2.1) (< netstandard1.6)) (&& (== netcoreapp2.1) (< netstandard2.0)) (== netstandard1.6) (&& (== netstandard2.0) (< netstandard1.4)) (&& (== netstandard2.0) (< netstandard1.5)) (&& (== netstandard2.0) (< netstandard1.6))
      Microsoft.NETCore.Platforms (>= 1.1) - restriction: || (&& (== net46) (>= dnxcore50)) (&& (== net462) (>= dnxcore50)) (&& (== net462) (< net46) (>= netstandard1.6)) (== netcoreapp2.0) (== netcoreapp2.1) (== netstandard1.6) (== netstandard2.0)
      runtime.native.System (>= 4.3) - restriction: || (&& (== net462) (< net46) (>= netstandard1.6)) (== netcoreapp2.0) (== netcoreapp2.1) (== netstandard1.6) (== netstandard2.0)
      runtime.native.System.Net.Http (>= 4.3) - restriction: || (&& (== net462) (< net46) (>= netstandard1.6)) (== netcoreapp2.0) (== netcoreapp2.1) (== netstandard1.6) (== netstandard2.0)
      runtime.native.System.Security.Cryptography.OpenSsl (>= 4.3.2) - restriction: || (&& (== net462) (< net46) (>= netstandard1.6)) (== netcoreapp2.0) (== netcoreapp2.1) (== netstandard1.6) (== netstandard2.0)
      System.Collections (>= 4.3) - restriction: || (&& (== net46) (>= dnxcore50)) (&& (== net462) (>= dnxcore50)) (&& (== net462) (< net46) (>= netstandard1.6)) (== netcoreapp2.0) (== netcoreapp2.1) (== netstandard1.6) (== netstandard2.0)
      System.Diagnostics.Debug (>= 4.3) - restriction: || (&& (== net462) (< net46) (>= netstandard1.6)) (== netcoreapp2.0) (== netcoreapp2.1) (== netstandard1.6) (== netstandard2.0)
      System.Globalization (>= 4.3) - restriction: || (&& (== net46) (>= dnxcore50)) (&& (== net462) (>= dnxcore50)) (&& (== net462) (< net46) (>= netstandard1.6)) (== netcoreapp2.0) (== netcoreapp2.1) (== netstandard1.6) (== netstandard2.0)
      System.Globalization.Calendars (>= 4.3) - restriction: || (&& (== net46) (>= dnxcore50)) (&& (== net462) (>= dnxcore50)) (&& (== net462) (< net46) (>= netstandard1.6)) (== netcoreapp2.0) (== netcoreapp2.1) (== netstandard1.6) (== netstandard2.0)
      System.IO (>= 4.3) - restriction: || (&& (== net46) (>= dnxcore50)) (&& (== net462) (>= dnxcore50)) (&& (== net462) (< net46) (>= netstandard1.6)) (== netcoreapp2.0) (== netcoreapp2.1) (== netstandard1.6) (== netstandard2.0)
      System.IO.FileSystem (>= 4.3) - restriction: || (&& (== net46) (>= dnxcore50)) (&& (== net462) (>= dnxcore50)) (&& (== net462) (< net46) (>= netstandard1.6)) (== netcoreapp2.0) (== netcoreapp2.1) (== netstandard1.6) (== netstandard2.0)
      System.IO.FileSystem.Primitives (>= 4.3) - restriction: || (&& (== net462) (< net46) (>= netstandard1.6)) (== netcoreapp2.0) (== netcoreapp2.1) (== netstandard1.6) (== netstandard2.0)
      System.Resources.ResourceManager (>= 4.3) - restriction: || (&& (== net46) (>= dnxcore50)) (&& (== net462) (>= dnxcore50)) (&& (== net462) (< net46) (>= netstandard1.6)) (== netcoreapp2.0) (== netcoreapp2.1) (== netstandard1.6) (== netstandard2.0)
      System.Runtime (>= 4.3) - restriction: || (&& (== net46) (>= dnxcore50)) (&& (== net462) (>= dnxcore50)) (&& (== net462) (< net46)) (== netcoreapp2.0) (== netcoreapp2.1) (== netstandard1.6) (== netstandard2.0)
      System.Runtime.Extensions (>= 4.3) - restriction: || (&& (== net46) (>= dnxcore50)) (&& (== net462) (>= dnxcore50)) (&& (== net462) (< net46) (>= netstandard1.6)) (== netcoreapp2.0) (== netcoreapp2.1) (== netstandard1.6) (== netstandard2.0)
      System.Runtime.Handles (>= 4.3) - restriction: || (&& (== net46) (>= dnxcore50)) (&& (== net462) (>= dnxcore50)) (&& (== net462) (< net46)) (== netcoreapp2.0) (== netcoreapp2.1) (== netstandard1.6) (== netstandard2.0)
      System.Runtime.InteropServices (>= 4.3) - restriction: || (&& (== net46) (>= dnxcore50)) (&& (== net462) (>= dnxcore50)) (&& (== net462) (< net46) (>= netstandard1.6)) (== netcoreapp2.0) (== netcoreapp2.1) (== netstandard1.6) (== netstandard2.0)
      System.Runtime.Numerics (>= 4.3) - restriction: || (&& (== net46) (>= dnxcore50)) (&& (== net462) (>= dnxcore50)) (&& (== net462) (< net46) (>= netstandard1.6)) (== netcoreapp2.0) (== netcoreapp2.1) (== netstandard1.6) (== netstandard2.0)
      System.Security.Cryptography.Algorithms (>= 4.3)
      System.Security.Cryptography.Cng (>= 4.3) - restriction: || (&& (== net46) (>= dnxcore50)) (&& (== net462) (>= dnxcore50)) (&& (== net462) (< net46) (>= netstandard1.6)) (== netcoreapp2.0) (== netcoreapp2.1) (== netstandard1.6) (== netstandard2.0)
      System.Security.Cryptography.Csp (>= 4.3) - restriction: || (&& (== net462) (< net46) (>= netstandard1.6)) (== netcoreapp2.0) (== netcoreapp2.1) (== netstandard1.6) (== netstandard2.0)
      System.Security.Cryptography.Encoding (>= 4.3)
      System.Security.Cryptography.OpenSsl (>= 4.3) - restriction: || (&& (== net462) (< net46) (>= netstandard1.6)) (== netcoreapp2.0) (== netcoreapp2.1) (== netstandard1.6) (== netstandard2.0)
      System.Security.Cryptography.Primitives (>= 4.3) - restriction: || (&& (== net46) (>= dnxcore50)) (&& (== net462) (>= dnxcore50)) (&& (== net462) (< net46) (>= netstandard1.6)) (== netcoreapp2.0) (== netcoreapp2.1) (== netstandard1.6) (== netstandard2.0)
      System.Text.Encoding (>= 4.3) - restriction: || (&& (== net46) (>= dnxcore50)) (&& (== net462) (>= dnxcore50)) (&& (== net462) (< net46) (>= netstandard1.6)) (== netcoreapp2.0) (== netcoreapp2.1) (== netstandard1.6) (== netstandard2.0)
      System.Threading (>= 4.3) - restriction: || (&& (== net46) (>= dnxcore50)) (&& (== net462) (>= dnxcore50)) (&& (== net462) (< net46) (>= netstandard1.6)) (== netcoreapp2.0) (== netcoreapp2.1) (== netstandard1.6) (== netstandard2.0)
    System.Text.Encoding (4.3) - restriction: || (&& (== net46) (< net35)) (&& (== net46) (< net45)) (&& (== net46) (< portable-net45+win8+wpa81)) (&& (== net46) (>= uap10.0)) (&& (== net462) (< net35)) (&& (== net462) (< net45)) (&& (== net462) (< netstandard1.5) (>= uap10.0)) (&& (== net462) (< portable-net45+win8+wpa81)) (== netcoreapp2.0) (== netcoreapp2.1) (== netstandard1.6) (== netstandard2.0)
      Microsoft.NETCore.Platforms (>= 1.1) - restriction: || (&& (== net46) (>= dnxcore50)) (&& (== net46) (< net45)) (&& (== net462) (>= dnxcore50)) (&& (== net462) (< net45)) (== netcoreapp2.0) (== netcoreapp2.1) (== netstandard1.6) (== netstandard2.0)
      Microsoft.NETCore.Targets (>= 1.1) - restriction: || (&& (== net46) (>= dnxcore50)) (&& (== net46) (< net45)) (&& (== net462) (>= dnxcore50)) (&& (== net462) (< net45)) (== netcoreapp2.0) (== netcoreapp2.1) (== netstandard1.6) (== netstandard2.0)
      System.Runtime (>= 4.3) - restriction: || (&& (== net46) (>= dnxcore50)) (&& (== net46) (< net45)) (&& (== net462) (>= dnxcore50)) (&& (== net462) (< net45)) (== netcoreapp2.0) (== netcoreapp2.1) (== netstandard1.6) (== netstandard2.0)
    System.Text.Encoding.Extensions (4.3) - restriction: || (&& (== net46) (== netcoreapp2.0)) (&& (== net46) (== netcoreapp2.1)) (&& (== net46) (== netstandard2.0)) (&& (== net46) (< net45)) (&& (== net46) (< portable-net45+win8+wpa81)) (&& (== net46) (>= uap10.0)) (&& (== net462) (== netcoreapp2.0)) (&& (== net462) (== netcoreapp2.1)) (&& (== net462) (== netstandard2.0)) (&& (== net462) (< net45)) (&& (== net462) (< netstandard1.5) (>= uap10.0)) (&& (== net462) (< portable-net45+win8+wpa81)) (&& (== netcoreapp2.0) (< netstandard1.2)) (&& (== netcoreapp2.0) (< netstandard1.3)) (&& (== netcoreapp2.0) (< netstandard1.4)) (&& (== netcoreapp2.0) (< netstandard1.5)) (&& (== netcoreapp2.0) (< netstandard1.6)) (&& (== netcoreapp2.0) (< netstandard2.0)) (&& (== netcoreapp2.0) (< portable-net45+win8+wpa81)) (&& (== netcoreapp2.1) (< netstandard1.2)) (&& (== netcoreapp2.1) (< netstandard1.3)) (&& (== netcoreapp2.1) (< netstandard1.4)) (&& (== netcoreapp2.1) (< netstandard1.5)) (&& (== netcoreapp2.1) (< netstandard1.6)) (&& (== netcoreapp2.1) (< netstandard2.0)) (&& (== netcoreapp2.1) (< portable-net45+win8+wpa81)) (== netstandard1.6) (&& (== netstandard2.0) (< netstandard1.2)) (&& (== netstandard2.0) (< netstandard1.3)) (&& (== netstandard2.0) (< netstandard1.4)) (&& (== netstandard2.0) (< netstandard1.5)) (&& (== netstandard2.0) (< netstandard1.6)) (&& (== netstandard2.0) (< portable-net45+win8+wpa81))
      Microsoft.NETCore.Platforms (>= 1.1) - restriction: || (&& (== net46) (>= dnxcore50)) (&& (== net46) (< net45)) (&& (== net462) (>= dnxcore50)) (&& (== net462) (< net45)) (== netcoreapp2.0) (== netcoreapp2.1) (== netstandard1.6) (== netstandard2.0)
      Microsoft.NETCore.Targets (>= 1.1) - restriction: || (&& (== net46) (>= dnxcore50)) (&& (== net46) (< net45)) (&& (== net462) (>= dnxcore50)) (&& (== net462) (< net45)) (== netcoreapp2.0) (== netcoreapp2.1) (== netstandard1.6) (== netstandard2.0)
      System.Runtime (>= 4.3) - restriction: || (&& (== net46) (>= dnxcore50)) (&& (== net46) (< net45)) (&& (== net462) (>= dnxcore50)) (&& (== net462) (< net45)) (== netcoreapp2.0) (== netcoreapp2.1) (== netstandard1.6) (== netstandard2.0)
      System.Text.Encoding (>= 4.3) - restriction: || (&& (== net46) (>= dnxcore50)) (&& (== net46) (< net45)) (&& (== net462) (>= dnxcore50)) (&& (== net462) (< net45)) (== netcoreapp2.0) (== netcoreapp2.1) (== netstandard1.6) (== netstandard2.0)
    System.Text.RegularExpressions (4.3) - restriction: || (&& (== net46) (== netcoreapp2.0)) (&& (== net46) (== netcoreapp2.1)) (&& (== net46) (== netstandard2.0)) (&& (== net46) (< net45)) (&& (== net46) (< portable-net45+win8+wpa81)) (&& (== net46) (>= uap10.0)) (&& (== net462) (== netcoreapp2.0)) (&& (== net462) (== netcoreapp2.1)) (&& (== net462) (== netstandard2.0)) (&& (== net462) (< net45)) (&& (== net462) (< netstandard1.5) (>= uap10.0)) (&& (== net462) (< portable-net45+win8+wpa81)) (&& (== netcoreapp2.0) (< netstandard1.2)) (&& (== netcoreapp2.0) (< netstandard1.3)) (&& (== netcoreapp2.0) (< netstandard1.4)) (&& (== netcoreapp2.0) (< netstandard1.5)) (&& (== netcoreapp2.0) (< netstandard1.6)) (&& (== netcoreapp2.0) (< netstandard2.0)) (&& (== netcoreapp2.0) (< portable-net45+win8+wpa81)) (&& (== netcoreapp2.1) (< netstandard1.2)) (&& (== netcoreapp2.1) (< netstandard1.3)) (&& (== netcoreapp2.1) (< netstandard1.4)) (&& (== netcoreapp2.1) (< netstandard1.5)) (&& (== netcoreapp2.1) (< netstandard1.6)) (&& (== netcoreapp2.1) (< netstandard2.0)) (&& (== netcoreapp2.1) (< portable-net45+win8+wpa81)) (== netstandard1.6) (&& (== netstandard2.0) (< netstandard1.2)) (&& (== netstandard2.0) (< netstandard1.3)) (&& (== netstandard2.0) (< netstandard1.4)) (&& (== netstandard2.0) (< netstandard1.5)) (&& (== netstandard2.0) (< netstandard1.6)) (&& (== netstandard2.0) (< portable-net45+win8+wpa81))
      System.Collections (>= 4.3) - restriction: || (&& (== net46) (== netcoreapp2.0)) (&& (== net46) (== netcoreapp2.1)) (&& (== net46) (>= dnxcore50)) (&& (== net46) (< net45) (>= netstandard1.6)) (&& (== net462) (== netcoreapp2.0)) (&& (== net462) (== netcoreapp2.1)) (&& (== net462) (>= dnxcore50)) (&& (== net462) (< net45) (>= netstandard1.6)) (&& (== netcoreapp2.0) (>= dnxcore50)) (&& (== netcoreapp2.0) (< netcoreapp1.1)) (&& (== netcoreapp2.1) (>= dnxcore50)) (&& (== netcoreapp2.1) (< netcoreapp1.1)) (== netstandard1.6) (== netstandard2.0)
      System.Globalization (>= 4.3) - restriction: || (&& (== net46) (== netcoreapp2.0)) (&& (== net46) (== netcoreapp2.1)) (&& (== net46) (>= dnxcore50)) (&& (== net46) (< net45) (>= netstandard1.6)) (&& (== net462) (== netcoreapp2.0)) (&& (== net462) (== netcoreapp2.1)) (&& (== net462) (>= dnxcore50)) (&& (== net462) (< net45) (>= netstandard1.6)) (&& (== netcoreapp2.0) (>= dnxcore50)) (&& (== netcoreapp2.0) (< netcoreapp1.1)) (&& (== netcoreapp2.1) (>= dnxcore50)) (&& (== netcoreapp2.1) (< netcoreapp1.1)) (== netstandard1.6) (== netstandard2.0)
      System.Resources.ResourceManager (>= 4.3) - restriction: || (&& (== net46) (== netcoreapp2.0)) (&& (== net46) (== netcoreapp2.1)) (&& (== net46) (>= dnxcore50)) (&& (== net46) (< net45) (>= netstandard1.6)) (&& (== net462) (== netcoreapp2.0)) (&& (== net462) (== netcoreapp2.1)) (&& (== net462) (>= dnxcore50)) (&& (== net462) (< net45) (>= netstandard1.6)) (&& (== netcoreapp2.0) (>= dnxcore50)) (&& (== netcoreapp2.0) (< netcoreapp1.1)) (&& (== netcoreapp2.1) (>= dnxcore50)) (&& (== netcoreapp2.1) (< netcoreapp1.1)) (== netstandard1.6) (== netstandard2.0)
      System.Runtime (>= 4.3) - restriction: || (&& (== net46) (>= dnxcore50)) (&& (== net46) (< net45)) (&& (== net46) (>= netcoreapp1.1)) (&& (== net462) (>= dnxcore50)) (&& (== net462) (< net45)) (&& (== net462) (>= netcoreapp1.1)) (== netcoreapp2.0) (== netcoreapp2.1) (== netstandard1.6) (== netstandard2.0)
      System.Runtime.Extensions (>= 4.3) - restriction: || (&& (== net46) (== netcoreapp2.0)) (&& (== net46) (== netcoreapp2.1)) (&& (== net46) (>= dnxcore50)) (&& (== net46) (< net45) (>= netstandard1.6)) (&& (== net462) (== netcoreapp2.0)) (&& (== net462) (== netcoreapp2.1)) (&& (== net462) (>= dnxcore50)) (&& (== net462) (< net45) (>= netstandard1.6)) (&& (== netcoreapp2.0) (>= dnxcore50)) (&& (== netcoreapp2.0) (< netcoreapp1.1)) (&& (== netcoreapp2.1) (>= dnxcore50)) (&& (== netcoreapp2.1) (< netcoreapp1.1)) (== netstandard1.6) (== netstandard2.0)
      System.Threading (>= 4.3) - restriction: || (&& (== net46) (== netcoreapp2.0)) (&& (== net46) (== netcoreapp2.1)) (&& (== net46) (>= dnxcore50)) (&& (== net46) (< net45) (>= netstandard1.6)) (&& (== net462) (== netcoreapp2.0)) (&& (== net462) (== netcoreapp2.1)) (&& (== net462) (>= dnxcore50)) (&& (== net462) (< net45) (>= netstandard1.6)) (&& (== netcoreapp2.0) (>= dnxcore50)) (&& (== netcoreapp2.0) (< netcoreapp1.1)) (&& (== netcoreapp2.1) (>= dnxcore50)) (&& (== netcoreapp2.1) (< netcoreapp1.1)) (== netstandard1.6) (== netstandard2.0)
    System.Threading (4.3) - restriction: || (&& (== net46) (< net35)) (&& (== net46) (< net45)) (&& (== net46) (< portable-net45+win8+wpa81)) (&& (== net46) (>= uap10.0)) (&& (== net462) (< net35)) (&& (== net462) (< net45)) (&& (== net462) (< netstandard1.5) (>= uap10.0)) (&& (== net462) (< portable-net45+win8+wpa81)) (== netcoreapp2.0) (== netcoreapp2.1) (== netstandard1.6) (== netstandard2.0)
      System.Runtime (>= 4.3) - restriction: || (&& (== net46) (>= dnxcore50)) (&& (== net46) (< net45)) (&& (== net462) (>= dnxcore50)) (&& (== net462) (< net45)) (== netcoreapp2.0) (== netcoreapp2.1) (== netstandard1.6) (== netstandard2.0)
      System.Threading.Tasks (>= 4.3) - restriction: || (&& (== net46) (>= dnxcore50)) (&& (== net46) (< net45)) (&& (== net462) (>= dnxcore50)) (&& (== net462) (< net45)) (== netcoreapp2.0) (== netcoreapp2.1) (== netstandard1.6) (== netstandard2.0)
    System.Threading.Tasks (4.3) - restriction: || (&& (== net46) (== netcoreapp2.0)) (&& (== net46) (== netcoreapp2.1)) (&& (== net46) (== netstandard2.0)) (&& (== net46) (< net45)) (&& (== net46) (< portable-net45+win8+wpa81)) (&& (== net46) (>= uap10.0)) (&& (== net462) (== netcoreapp2.0)) (&& (== net462) (== netcoreapp2.1)) (&& (== net462) (== netstandard2.0)) (&& (== net462) (< net45)) (&& (== net462) (< netstandard1.5) (>= uap10.0)) (&& (== net462) (< portable-net45+win8+wpa81)) (&& (== netcoreapp2.0) (< netstandard1.2)) (&& (== netcoreapp2.0) (< netstandard1.3)) (&& (== netcoreapp2.0) (< netstandard1.4)) (&& (== netcoreapp2.0) (< netstandard1.5)) (&& (== netcoreapp2.0) (< netstandard1.6)) (&& (== netcoreapp2.0) (< netstandard2.0)) (&& (== netcoreapp2.0) (< portable-net45+win8+wpa81)) (&& (== netcoreapp2.1) (< netstandard1.2)) (&& (== netcoreapp2.1) (< netstandard1.3)) (&& (== netcoreapp2.1) (< netstandard1.4)) (&& (== netcoreapp2.1) (< netstandard1.5)) (&& (== netcoreapp2.1) (< netstandard1.6)) (&& (== netcoreapp2.1) (< netstandard2.0)) (&& (== netcoreapp2.1) (< portable-net45+win8+wpa81)) (== netstandard1.6) (&& (== netstandard2.0) (< netstandard1.2)) (&& (== netstandard2.0) (< netstandard1.3)) (&& (== netstandard2.0) (< netstandard1.4)) (&& (== netstandard2.0) (< netstandard1.5)) (&& (== netstandard2.0) (< netstandard1.6)) (&& (== netstandard2.0) (< portable-net45+win8+wpa81))
      Microsoft.NETCore.Platforms (>= 1.1) - restriction: || (&& (== net46) (>= dnxcore50)) (&& (== net46) (< net45)) (&& (== net462) (>= dnxcore50)) (&& (== net462) (< net45)) (== netcoreapp2.0) (== netcoreapp2.1) (== netstandard1.6) (== netstandard2.0)
      Microsoft.NETCore.Targets (>= 1.1) - restriction: || (&& (== net46) (>= dnxcore50)) (&& (== net46) (< net45)) (&& (== net462) (>= dnxcore50)) (&& (== net462) (< net45)) (== netcoreapp2.0) (== netcoreapp2.1) (== netstandard1.6) (== netstandard2.0)
      System.Runtime (>= 4.3) - restriction: || (&& (== net46) (>= dnxcore50)) (&& (== net46) (< net45)) (&& (== net462) (>= dnxcore50)) (&& (== net462) (< net45)) (== netcoreapp2.0) (== netcoreapp2.1) (== netstandard1.6) (== netstandard2.0)
    System.Threading.Tasks.Extensions (4.5.2) - restriction: || (&& (== net46) (== net462) (>= uap10.0)) (&& (== net46) (== netcoreapp2.0)) (&& (== net46) (== netcoreapp2.1)) (&& (== net46) (== netstandard2.0)) (&& (== net46) (>= dnxcore50)) (&& (== net46) (< net45)) (&& (== net462) (== netcoreapp2.0)) (&& (== net462) (== netcoreapp2.1)) (&& (== net462) (== netstandard2.0)) (&& (== net462) (>= dnxcore50)) (&& (== net462) (< net45)) (&& (== net462) (< netstandard1.5) (>= uap10.0)) (&& (== net462) (< portable-net45+win8+wpa81)) (&& (== netcoreapp2.0) (>= dnxcore50)) (&& (== netcoreapp2.0) (< netstandard1.2)) (&& (== netcoreapp2.0) (< netstandard1.3)) (&& (== netcoreapp2.0) (< netstandard1.4)) (&& (== netcoreapp2.0) (< netstandard1.5)) (&& (== netcoreapp2.0) (< netstandard1.6)) (&& (== netcoreapp2.0) (< netstandard2.0)) (&& (== netcoreapp2.0) (< portable-net45+win8+wpa81)) (&& (== netcoreapp2.1) (>= dnxcore50)) (&& (== netcoreapp2.1) (< netstandard1.2)) (&& (== netcoreapp2.1) (< netstandard1.3)) (&& (== netcoreapp2.1) (< netstandard1.4)) (&& (== netcoreapp2.1) (< netstandard1.5)) (&& (== netcoreapp2.1) (< netstandard1.6)) (&& (== netcoreapp2.1) (< netstandard2.0)) (&& (== netcoreapp2.1) (< portable-net45+win8+wpa81)) (== netstandard1.6) (&& (== netstandard2.0) (>= dnxcore50)) (&& (== netstandard2.0) (< netstandard1.2)) (&& (== netstandard2.0) (< netstandard1.3)) (&& (== netstandard2.0) (< netstandard1.4)) (&& (== netstandard2.0) (< netstandard1.5)) (&& (== netstandard2.0) (< netstandard1.6)) (&& (== netstandard2.0) (< portable-net45+win8+wpa81))
      System.Collections (>= 4.3) - restriction: || (&& (== net46) (== netcoreapp2.0)) (&& (== net46) (== netcoreapp2.1)) (&& (== net46) (== netstandard2.0)) (&& (== net46) (< net45)) (&& (== net462) (== netcoreapp2.0)) (&& (== net462) (== netcoreapp2.1)) (&& (== net462) (== netstandard2.0)) (&& (== net462) (< net45)) (&& (== netcoreapp2.0) (< netstandard2.0)) (&& (== netcoreapp2.1) (< netstandard2.0)) (== netstandard1.6)
      System.Runtime (>= 4.3) - restriction: || (&& (== net46) (== netcoreapp2.0)) (&& (== net46) (== netcoreapp2.1)) (&& (== net46) (== netstandard2.0)) (&& (== net46) (< net45)) (&& (== net462) (== netcoreapp2.0)) (&& (== net462) (== netcoreapp2.1)) (&& (== net462) (== netstandard2.0)) (&& (== net462) (< net45)) (&& (== netcoreapp2.0) (< netstandard2.0)) (&& (== netcoreapp2.1) (< netstandard2.0)) (== netstandard1.6)
      System.Runtime.CompilerServices.Unsafe (>= 4.5.2) - restriction: || (== net46) (== net462) (== netcoreapp2.0) (&& (== netcoreapp2.1) (>= net45)) (&& (== netcoreapp2.1) (< netstandard1.0)) (&& (== netcoreapp2.1) (< netstandard2.0)) (&& (== netcoreapp2.1) (>= wp8)) (== netstandard1.6) (== netstandard2.0)
      System.Threading.Tasks (>= 4.3) - restriction: || (&& (== net46) (== netcoreapp2.0)) (&& (== net46) (== netcoreapp2.1)) (&& (== net46) (== netstandard2.0)) (&& (== net46) (< net45)) (&& (== net462) (== netcoreapp2.0)) (&& (== net462) (== netcoreapp2.1)) (&& (== net462) (== netstandard2.0)) (&& (== net462) (< net45)) (&& (== netcoreapp2.0) (< netstandard2.0)) (&& (== netcoreapp2.1) (< netstandard2.0)) (== netstandard1.6)
    System.Threading.Tasks.Parallel (4.3) - restriction: || (&& (== net46) (== netcoreapp2.0)) (&& (== net46) (== netcoreapp2.1)) (&& (== net46) (== netstandard2.0)) (&& (== net46) (< net45) (>= netstandard1.6)) (&& (== net462) (== netcoreapp2.0)) (&& (== net462) (== netcoreapp2.1)) (&& (== net462) (== netstandard2.0)) (&& (== net462) (< net45) (>= netstandard1.6)) (&& (== netcoreapp2.0) (< netstandard2.0)) (&& (== netcoreapp2.1) (< netstandard2.0)) (== netstandard1.6)
      System.Collections.Concurrent (>= 4.3) - restriction: || (&& (== net46) (>= dnxcore50)) (&& (== net46) (< net45)) (&& (== net462) (>= dnxcore50)) (&& (== net462) (< net45)) (== netcoreapp2.0) (== netcoreapp2.1) (== netstandard1.6) (== netstandard2.0)
      System.Diagnostics.Debug (>= 4.3) - restriction: || (&& (== net46) (>= dnxcore50)) (&& (== net46) (< net45)) (&& (== net462) (>= dnxcore50)) (&& (== net462) (< net45)) (== netcoreapp2.0) (== netcoreapp2.1) (== netstandard1.6) (== netstandard2.0)
      System.Diagnostics.Tracing (>= 4.3) - restriction: || (&& (== net46) (>= dnxcore50)) (&& (== net46) (< net45)) (&& (== net462) (>= dnxcore50)) (&& (== net462) (< net45)) (== netcoreapp2.0) (== netcoreapp2.1) (== netstandard1.6) (== netstandard2.0)
      System.Resources.ResourceManager (>= 4.3) - restriction: || (&& (== net46) (>= dnxcore50)) (&& (== net46) (< net45)) (&& (== net462) (>= dnxcore50)) (&& (== net462) (< net45)) (== netcoreapp2.0) (== netcoreapp2.1) (== netstandard1.6) (== netstandard2.0)
      System.Runtime (>= 4.3) - restriction: || (&& (== net46) (>= dnxcore50)) (&& (== net46) (< net45)) (&& (== net462) (>= dnxcore50)) (&& (== net462) (< net45)) (== netcoreapp2.0) (== netcoreapp2.1) (== netstandard1.6) (== netstandard2.0)
      System.Runtime.Extensions (>= 4.3) - restriction: || (&& (== net46) (>= dnxcore50)) (&& (== net46) (< net45)) (&& (== net462) (>= dnxcore50)) (&& (== net462) (< net45)) (== netcoreapp2.0) (== netcoreapp2.1) (== netstandard1.6) (== netstandard2.0)
      System.Threading (>= 4.3) - restriction: || (&& (== net46) (>= dnxcore50)) (&& (== net46) (< net45)) (&& (== net462) (>= dnxcore50)) (&& (== net462) (< net45)) (== netcoreapp2.0) (== netcoreapp2.1) (== netstandard1.6) (== netstandard2.0)
      System.Threading.Tasks (>= 4.3) - restriction: || (&& (== net46) (>= dnxcore50)) (&& (== net46) (< net45)) (&& (== net462) (>= dnxcore50)) (&& (== net462) (< net45)) (== netcoreapp2.0) (== netcoreapp2.1) (== netstandard1.6) (== netstandard2.0)
    System.Threading.Thread (4.3) - restriction: || (&& (== net46) (== netcoreapp2.0)) (&& (== net46) (== netcoreapp2.1)) (&& (== net46) (== netstandard2.0)) (&& (== net46) (< net45) (>= netstandard1.6)) (&& (== net462) (== netcoreapp2.0)) (&& (== net462) (== netcoreapp2.1)) (&& (== net462) (== netstandard2.0)) (&& (== net462) (< net45) (>= netstandard1.6)) (&& (== netcoreapp2.0) (< netstandard2.0)) (&& (== netcoreapp2.1) (< netstandard2.0)) (== netstandard1.6)
      System.Runtime (>= 4.3) - restriction: || (&& (== net462) (< net46)) (== netcoreapp2.0) (== netcoreapp2.1) (== netstandard1.6) (== netstandard2.0)
    System.Threading.ThreadPool (4.3) - restriction: || (&& (== net46) (== netcoreapp2.0)) (&& (== net46) (== netcoreapp2.1)) (&& (== net46) (== netstandard2.0)) (&& (== net46) (< net45) (>= netstandard1.6)) (&& (== net462) (== netcoreapp2.0)) (&& (== net462) (== netcoreapp2.1)) (&& (== net462) (== netstandard2.0)) (&& (== net462) (< net45) (>= netstandard1.6)) (&& (== netcoreapp2.0) (< netstandard2.0)) (&& (== netcoreapp2.1) (< netstandard2.0)) (== netstandard1.6)
      System.Runtime (>= 4.3) - restriction: || (&& (== net462) (< net46)) (== netcoreapp2.0) (== netcoreapp2.1) (== netstandard1.6) (== netstandard2.0)
      System.Runtime.Handles (>= 4.3) - restriction: || (&& (== net462) (< net46)) (== netcoreapp2.0) (== netcoreapp2.1) (== netstandard1.6) (== netstandard2.0)
    System.Threading.Timer (4.3) - restriction: || (&& (== net46) (== netcoreapp2.0)) (&& (== net46) (== netcoreapp2.1)) (&& (== net46) (== netstandard2.0)) (&& (== net46) (< net45)) (&& (== net46) (>= uap10.0)) (&& (== net462) (== netcoreapp2.0)) (&& (== net462) (== netcoreapp2.1)) (&& (== net462) (== netstandard2.0)) (&& (== net462) (< net45)) (&& (== net462) (< netstandard1.5) (>= uap10.0)) (&& (== netcoreapp2.0) (< netstandard1.3)) (&& (== netcoreapp2.0) (< netstandard1.4)) (&& (== netcoreapp2.0) (< netstandard1.5)) (&& (== netcoreapp2.0) (< netstandard1.6)) (&& (== netcoreapp2.0) (< netstandard2.0)) (&& (== netcoreapp2.1) (< netstandard1.3)) (&& (== netcoreapp2.1) (< netstandard1.4)) (&& (== netcoreapp2.1) (< netstandard1.5)) (&& (== netcoreapp2.1) (< netstandard1.6)) (&& (== netcoreapp2.1) (< netstandard2.0)) (== netstandard1.6) (&& (== netstandard2.0) (< netstandard1.3)) (&& (== netstandard2.0) (< netstandard1.4)) (&& (== netstandard2.0) (< netstandard1.5)) (&& (== netstandard2.0) (< netstandard1.6))
      Microsoft.NETCore.Platforms (>= 1.1) - restriction: || (&& (== net46) (>= dnxcore50)) (&& (== net46) (< net451)) (&& (== net462) (>= dnxcore50)) (&& (== net462) (< net451)) (== netcoreapp2.0) (== netcoreapp2.1) (== netstandard1.6) (== netstandard2.0)
      Microsoft.NETCore.Targets (>= 1.1) - restriction: || (&& (== net46) (>= dnxcore50)) (&& (== net46) (< net451)) (&& (== net462) (>= dnxcore50)) (&& (== net462) (< net451)) (== netcoreapp2.0) (== netcoreapp2.1) (== netstandard1.6) (== netstandard2.0)
      System.Runtime (>= 4.3) - restriction: || (&& (== net46) (>= dnxcore50)) (&& (== net46) (< net451)) (&& (== net462) (>= dnxcore50)) (&& (== net462) (< net451)) (== netcoreapp2.0) (== netcoreapp2.1) (== netstandard1.6) (== netstandard2.0)
    System.Xml.ReaderWriter (4.3.1) - restriction: || (== net46) (&& (== net462) (== netcoreapp2.0)) (&& (== net462) (== netcoreapp2.1)) (&& (== net462) (== netstandard2.0)) (&& (== net462) (>= dnxcore50)) (&& (== net462) (< net45)) (&& (== net462) (< netstandard1.3) (>= uap10.0)) (&& (== net462) (< netstandard1.4)) (&& (== net462) (< netstandard1.5) (>= uap10.0)) (&& (== net462) (< portable-net45+win8+wpa81)) (&& (== netcoreapp2.0) (>= dnxcore50)) (&& (== netcoreapp2.0) (< netstandard1.2)) (&& (== netcoreapp2.0) (< netstandard1.3)) (&& (== netcoreapp2.0) (< netstandard1.4)) (&& (== netcoreapp2.0) (< netstandard1.5)) (&& (== netcoreapp2.0) (< netstandard1.6)) (&& (== netcoreapp2.0) (< netstandard2.0)) (&& (== netcoreapp2.0) (< portable-net45+win8+wpa81)) (&& (== netcoreapp2.1) (>= dnxcore50)) (&& (== netcoreapp2.1) (< netstandard1.2)) (&& (== netcoreapp2.1) (< netstandard1.3)) (&& (== netcoreapp2.1) (< netstandard1.4)) (&& (== netcoreapp2.1) (< netstandard1.5)) (&& (== netcoreapp2.1) (< netstandard1.6)) (&& (== netcoreapp2.1) (< netstandard2.0)) (&& (== netcoreapp2.1) (< portable-net45+win8+wpa81)) (== netstandard1.6) (&& (== netstandard2.0) (>= dnxcore50)) (&& (== netstandard2.0) (< netstandard1.2)) (&& (== netstandard2.0) (< netstandard1.3)) (&& (== netstandard2.0) (< netstandard1.4)) (&& (== netstandard2.0) (< netstandard1.5)) (&& (== netstandard2.0) (< netstandard1.6)) (&& (== netstandard2.0) (< portable-net45+win8+wpa81))
      System.Collections (>= 4.3) - restriction: || (&& (== net46) (>= dnxcore50)) (&& (== net46) (< net45)) (&& (== net462) (>= dnxcore50)) (&& (== net462) (< net45)) (== netcoreapp2.0) (== netcoreapp2.1) (== netstandard1.6) (== netstandard2.0)
      System.Diagnostics.Debug (>= 4.3) - restriction: || (&& (== net46) (>= dnxcore50)) (&& (== net46) (< net45)) (&& (== net462) (>= dnxcore50)) (&& (== net462) (< net45)) (== netcoreapp2.0) (== netcoreapp2.1) (== netstandard1.6) (== netstandard2.0)
      System.Globalization (>= 4.3) - restriction: || (&& (== net46) (>= dnxcore50)) (&& (== net46) (< net45)) (&& (== net462) (>= dnxcore50)) (&& (== net462) (< net45)) (== netcoreapp2.0) (== netcoreapp2.1) (== netstandard1.6) (== netstandard2.0)
      System.IO (>= 4.3) - restriction: || (&& (== net46) (>= dnxcore50)) (&& (== net46) (< net45)) (&& (== net462) (>= dnxcore50)) (&& (== net462) (< net45)) (== netcoreapp2.0) (== netcoreapp2.1) (== netstandard1.6) (== netstandard2.0)
      System.IO.FileSystem (>= 4.3) - restriction: || (&& (== net46) (>= dnxcore50)) (&& (== net46) (< net45)) (&& (== net462) (>= dnxcore50)) (&& (== net462) (< net45)) (== netcoreapp2.0) (== netcoreapp2.1) (== netstandard1.6) (== netstandard2.0)
      System.IO.FileSystem.Primitives (>= 4.3) - restriction: || (&& (== net46) (>= dnxcore50)) (&& (== net46) (< net45)) (&& (== net462) (>= dnxcore50)) (&& (== net462) (< net45)) (== netcoreapp2.0) (== netcoreapp2.1) (== netstandard1.6) (== netstandard2.0)
      System.Resources.ResourceManager (>= 4.3) - restriction: || (&& (== net46) (>= dnxcore50)) (&& (== net46) (< net45)) (&& (== net462) (>= dnxcore50)) (&& (== net462) (< net45)) (== netcoreapp2.0) (== netcoreapp2.1) (== netstandard1.6) (== netstandard2.0)
      System.Runtime (>= 4.3) - restriction: || (&& (== net46) (>= dnxcore50)) (&& (== net46) (< net45)) (&& (== net462) (>= dnxcore50)) (&& (== net462) (< net45)) (== netcoreapp2.0) (== netcoreapp2.1) (== netstandard1.6) (== netstandard2.0)
      System.Runtime.Extensions (>= 4.3) - restriction: || (&& (== net46) (>= dnxcore50)) (&& (== net46) (< net45)) (&& (== net462) (>= dnxcore50)) (&& (== net462) (< net45)) (== netcoreapp2.0) (== netcoreapp2.1) (== netstandard1.6) (== netstandard2.0)
      System.Runtime.InteropServices (>= 4.3) - restriction: || (&& (== net46) (>= dnxcore50)) (&& (== net46) (< net45)) (&& (== net462) (>= dnxcore50)) (&& (== net462) (< net45)) (== netcoreapp2.0) (== netcoreapp2.1) (== netstandard1.6) (== netstandard2.0)
      System.Text.Encoding (>= 4.3) - restriction: || (&& (== net46) (>= dnxcore50)) (&& (== net46) (< net45)) (&& (== net462) (>= dnxcore50)) (&& (== net462) (< net45)) (== netcoreapp2.0) (== netcoreapp2.1) (== netstandard1.6) (== netstandard2.0)
      System.Text.Encoding.Extensions (>= 4.3) - restriction: || (&& (== net46) (>= dnxcore50)) (&& (== net46) (< net45)) (&& (== net462) (>= dnxcore50)) (&& (== net462) (< net45)) (== netcoreapp2.0) (== netcoreapp2.1) (== netstandard1.6) (== netstandard2.0)
      System.Text.RegularExpressions (>= 4.3) - restriction: || (&& (== net46) (>= dnxcore50)) (&& (== net46) (< net45)) (&& (== net462) (>= dnxcore50)) (&& (== net462) (< net45)) (== netcoreapp2.0) (== netcoreapp2.1) (== netstandard1.6) (== netstandard2.0)
      System.Threading.Tasks (>= 4.3) - restriction: || (&& (== net46) (>= dnxcore50)) (&& (== net46) (< net45)) (&& (== net462) (>= dnxcore50)) (&& (== net462) (< net45)) (== netcoreapp2.0) (== netcoreapp2.1) (== netstandard1.6) (== netstandard2.0)
      System.Threading.Tasks.Extensions (>= 4.3) - restriction: || (&& (== net46) (>= dnxcore50)) (&& (== net46) (< net45)) (&& (== net462) (>= dnxcore50)) (&& (== net462) (< net45)) (== netcoreapp2.0) (== netcoreapp2.1) (== netstandard1.6) (== netstandard2.0)
    System.Xml.XDocument (4.3) - restriction: || (&& (== net46) (== netcoreapp2.0)) (&& (== net46) (== netcoreapp2.1)) (&& (== net46) (== netstandard2.0)) (&& (== net46) (< net45)) (&& (== net46) (< portable-net45+win8+wpa81)) (&& (== net46) (>= uap10.0)) (&& (== net462) (== netcoreapp2.0)) (&& (== net462) (== netcoreapp2.1)) (&& (== net462) (== netstandard2.0)) (&& (== net462) (< net45)) (&& (== net462) (< netstandard1.5) (>= uap10.0)) (&& (== net462) (< portable-net45+win8+wpa81)) (&& (== netcoreapp2.0) (< netstandard1.2)) (&& (== netcoreapp2.0) (< netstandard1.3)) (&& (== netcoreapp2.0) (< netstandard1.4)) (&& (== netcoreapp2.0) (< netstandard1.5)) (&& (== netcoreapp2.0) (< netstandard1.6)) (&& (== netcoreapp2.0) (< netstandard2.0)) (&& (== netcoreapp2.0) (< portable-net45+win8+wpa81)) (&& (== netcoreapp2.1) (< netstandard1.2)) (&& (== netcoreapp2.1) (< netstandard1.3)) (&& (== netcoreapp2.1) (< netstandard1.4)) (&& (== netcoreapp2.1) (< netstandard1.5)) (&& (== netcoreapp2.1) (< netstandard1.6)) (&& (== netcoreapp2.1) (< netstandard2.0)) (&& (== netcoreapp2.1) (< portable-net45+win8+wpa81)) (== netstandard1.6) (&& (== netstandard2.0) (< netstandard1.2)) (&& (== netstandard2.0) (< netstandard1.3)) (&& (== netstandard2.0) (< netstandard1.4)) (&& (== netstandard2.0) (< netstandard1.5)) (&& (== netstandard2.0) (< netstandard1.6)) (&& (== netstandard2.0) (< portable-net45+win8+wpa81))
      System.Collections (>= 4.3) - restriction: || (&& (== net46) (>= dnxcore50)) (&& (== net46) (< net45)) (&& (== net462) (>= dnxcore50)) (&& (== net462) (< net45)) (== netcoreapp2.0) (== netcoreapp2.1) (== netstandard1.6) (== netstandard2.0)
      System.Diagnostics.Debug (>= 4.3) - restriction: || (&& (== net46) (>= dnxcore50)) (&& (== net46) (< net45)) (&& (== net462) (>= dnxcore50)) (&& (== net462) (< net45)) (== netcoreapp2.0) (== netcoreapp2.1) (== netstandard1.6) (== netstandard2.0)
      System.Diagnostics.Tools (>= 4.3) - restriction: || (&& (== net46) (>= dnxcore50)) (&& (== net46) (< net45)) (&& (== net462) (>= dnxcore50)) (&& (== net462) (< net45)) (== netcoreapp2.0) (== netcoreapp2.1) (== netstandard1.6) (== netstandard2.0)
      System.Globalization (>= 4.3) - restriction: || (&& (== net46) (>= dnxcore50)) (&& (== net46) (< net45)) (&& (== net462) (>= dnxcore50)) (&& (== net462) (< net45)) (== netcoreapp2.0) (== netcoreapp2.1) (== netstandard1.6) (== netstandard2.0)
      System.IO (>= 4.3) - restriction: || (&& (== net46) (>= dnxcore50)) (&& (== net46) (< net45)) (&& (== net462) (>= dnxcore50)) (&& (== net462) (< net45)) (== netcoreapp2.0) (== netcoreapp2.1) (== netstandard1.6) (== netstandard2.0)
      System.Reflection (>= 4.3) - restriction: || (&& (== net46) (>= dnxcore50)) (&& (== net46) (< net45)) (&& (== net462) (>= dnxcore50)) (&& (== net462) (< net45)) (== netcoreapp2.0) (== netcoreapp2.1) (== netstandard1.6) (== netstandard2.0)
      System.Resources.ResourceManager (>= 4.3) - restriction: || (&& (== net46) (>= dnxcore50)) (&& (== net46) (< net45)) (&& (== net462) (>= dnxcore50)) (&& (== net462) (< net45)) (== netcoreapp2.0) (== netcoreapp2.1) (== netstandard1.6) (== netstandard2.0)
      System.Runtime (>= 4.3) - restriction: || (&& (== net46) (>= dnxcore50)) (&& (== net46) (< net45)) (&& (== net462) (>= dnxcore50)) (&& (== net462) (< net45)) (== netcoreapp2.0) (== netcoreapp2.1) (== netstandard1.6) (== netstandard2.0)
      System.Runtime.Extensions (>= 4.3) - restriction: || (&& (== net46) (>= dnxcore50)) (&& (== net46) (< net45)) (&& (== net462) (>= dnxcore50)) (&& (== net462) (< net45)) (== netcoreapp2.0) (== netcoreapp2.1) (== netstandard1.6) (== netstandard2.0)
      System.Text.Encoding (>= 4.3) - restriction: || (&& (== net46) (>= dnxcore50)) (&& (== net46) (< net45)) (&& (== net462) (>= dnxcore50)) (&& (== net462) (< net45)) (== netcoreapp2.0) (== netcoreapp2.1) (== netstandard1.6) (== netstandard2.0)
      System.Threading (>= 4.3) - restriction: || (&& (== net46) (>= dnxcore50)) (&& (== net46) (< net45)) (&& (== net462) (>= dnxcore50)) (&& (== net462) (< net45)) (== netcoreapp2.0) (== netcoreapp2.1) (== netstandard1.6) (== netstandard2.0)
      System.Xml.ReaderWriter (>= 4.3) - restriction: || (&& (== net46) (>= dnxcore50)) (&& (== net46) (< net45)) (&& (== net462) (>= dnxcore50)) (&& (== net462) (< net45)) (== netcoreapp2.0) (== netcoreapp2.1) (== netstandard1.6) (== netstandard2.0)

GROUP TestAdapter
NUGET
  remote: https://api.nuget.org/v3/index.json
    Expecto (8.9.1) - version_in_path: true, restriction: >= net461
      FSharp.Core (>= 4.3.4) - restriction: || (>= net461) (>= netstandard2.0)
      Mono.Cecil (>= 0.10.3) - restriction: || (>= net461) (>= netstandard2.0)
    Expecto.VisualStudio.TestAdapter (10.0.2) - version_in_path: true
      Expecto (>= 8.0 < 9.0) - restriction: >= net461
      FSharp.Core (>= 4.0 < 5.0) - restriction: >= net461
      Microsoft.TestPlatform.ObjectModel (>= 15.0 < 16.0) - restriction: >= net461
      Mono.Cecil (>= 0.10 < 0.11) - restriction: >= net461
      Newtonsoft.Json (>= 11.0.2 < 12.0) - restriction: >= net461
    FSharp.Core (4.6.2) - version_in_path: true, restriction: >= net461
    Microsoft.TestPlatform.ObjectModel (15.9.0) - version_in_path: true, restriction: >= net461
      System.Reflection.Metadata (>= 1.3) - restriction: || (>= net451) (>= netstandard1.5)
      System.Runtime.InteropServices.RuntimeInformation (>= 4.3) - restriction: >= net451
    Mono.Cecil (0.10.3) - version_in_path: true, restriction: >= net461
    Newtonsoft.Json (11.0.2) - version_in_path: true, restriction: >= net461
    System.Collections.Immutable (1.5.0) - version_in_path: true, restriction: >= net461
    System.Reflection.Metadata (1.6.0) - version_in_path: true, restriction: >= net461
      System.Collections.Immutable (>= 1.5) - restriction: || (>= net45) (&& (< netcoreapp2.1) (>= netstandard2.0)) (&& (>= netstandard1.1) (< netstandard2.0) (< win8) (< wpa81)) (&& (< netstandard1.1) (>= portable-net45+win8+wpa81) (< win8)) (&& (< netstandard1.1) (>= win8)) (&& (< netstandard2.0) (< uap10.1) (>= wpa81))
    System.Runtime.InteropServices.RuntimeInformation (4.3.0) - version_in_path: true, restriction: >= net461
